{
  "aor": 0.000601875,
  "aqi": 0.0033500798125,
  "bids_meta": {
    "BandwidthPerPixelPhaseEncode": 31.25,
    "EchoTime": 0.025,
    "EffectiveEchoSpacing": 0.0005,
    "FlipAngle": 75,
    "ImageType": [
      "ORIGINAL",
      "PRIMARY",
      "M",
      "ND",
      "MOSAIC"
    ],
    "MagneticFieldStrength": 3,
    "Manufacturer": "Siemens",
    "ManufacturersModelName": "TrioTim",
    "Modality": "MR",
    "PhaseEncodingDirection": "j-",
    "PixelBandwidth": 3005,
    "RepetitionTime": 3,
    "ScanningSequence": "EP",
    "SequenceVariant": "SK",
    "SliceThickness": 3,
    "SliceTiming": [
      0,
      1.5225,
      0.055,
      1.58,
      0.1125,
      1.635,
      0.1675,
      1.6925,
      0.225,
      1.75,
      0.2825,
      1.805,
      0.3375,
      1.8625,
      0.395,
      1.9175,
      0.45,
      1.975,
      0.5075,
      2.03,
      0.5625,
      2.0875,
      0.62,
      2.145,
      0.6775,
      2.2,
      0.7325,
      2.2575,
      0.79,
      2.3125,
      0.845,
      2.37,
      0.9025,
      2.425,
      0.9575,
      2.4825,
      1.015,
      2.54,
      1.0725,
      2.595,
      1.1275,
      2.6525,
      1.185,
      2.7075,
      1.24,
      2.765,
      1.2975,
      2.8225,
      1.355,
      2.8775,
      1.41,
      2.935,
      1.4675
    ],
    "SpacingBetweenSlices": 3,
    "TaskName": "rest",
    "TotalReadoutTime": 0.0315,
    "dataset": "ds002843",
    "modality": "bold",
    "session_id": "scan2",
    "subject_id": "dmp0649",
    "task_id": "rest"
  },
  "dummy_trs": 0,
  "dvars_nstd": 20.92821641283019,
  "dvars_std": 1.089939117735849,
  "dvars_vstd": 0.9658754860377355,
  "efc": 0.595514356924635,
  "fber": 252.1154022216797,
  "fd_mean": 0.07935415888536622,
  "fd_num": 4,
  "fd_perc": 2.5,
  "fwhm_avg": 2.675406666666667,
  "fwhm_x": 2.494763333333333,
  "fwhm_y": 2.55544,
  "fwhm_z": 2.9760166666666668,
  "gcor": 0.0216756,
  "gsr_x": -0.007508781738579273,
  "gsr_y": 0.0547211579978466,
  "provenance": {
    "md5sum": "7c730636c859cf4bb794926fb50f15dc",
    "settings": {
      "fd_thres": 0.2,
      "testing": false
    },
    "software": "mriqc",
    "version": "21.0.0rc2",
    "webapi_port": null,
    "webapi_url": "https://mriqc.nimh.nih.gov/api/v1"
  },
  "size_t": 160,
  "size_x": 64,
  "size_y": 64,
  "size_z": 53,
  "snr": 2.6539872656266974,
  "spacing_tr": 3.0,
  "spacing_x": 3.0,
  "spacing_y": 3.0,
  "spacing_z": 3.0,
  "summary_bg_k": 23.365675474305046,
  "summary_bg_mad": 19.208966690216794,
  "summary_bg_mean": 83.57447814941406,
  "summary_bg_median": 41.10000228881836,
  "summary_bg_n": 124850.0,
  "summary_bg_p05": 27.01875114440918,
  "summary_bg_p95": 284.91876220703125,
  "summary_bg_stdv": 104.08340454101562,
  "summary_fg_k": 4.237555777180918,
  "summary_fg_mad": 200.4848488010768,
  "summary_fg_mean": 731.4404907226562,
  "summary_fg_median": 678.9000244140625,
  "summary_fg_n": 45125.0,
  "summary_fg_p05": 420.9462585449219,
  "summary_fg_p95": 1218.4150390624998,
  "summary_fg_stdv": 255.80096435546875,
  "tsnr": 68.95747405453585
}