{
  "aor": 0.0012479807692307695,
  "aqi": 0.0017894075,
  "bids_meta": {
    "BandwidthPerPixelPhaseEncode": 31.25,
    "EchoTime": 0.025,
    "EffectiveEchoSpacing": 0.0005,
    "FlipAngle": 75,
    "ImageType": [
      "ORIGINAL",
      "PRIMARY",
      "M",
      "ND",
      "MOSAIC"
    ],
    "MagneticFieldStrength": 3,
    "Manufacturer": "Siemens",
    "ManufacturersModelName": "TrioTim",
    "Modality": "MR",
    "PhaseEncodingDirection": "j-",
    "PixelBandwidth": 3005,
    "RepetitionTime": 3,
    "ScanningSequence": "EP",
    "SequenceVariant": "SK",
    "SliceThickness": 3,
    "SliceTiming": [
      0,
      1.5225,
      0.055,
      1.58,
      0.1125,
      1.6375,
      0.17,
      1.6925,
      0.225,
      1.75,
      0.2825,
      1.805,
      0.3375,
      1.8625,
      0.395,
      1.92,
      0.45,
      1.975,
      0.5075,
      2.0325,
      0.565,
      2.0875,
      0.62,
      2.145,
      0.6775,
      2.2,
      0.7325,
      2.2575,
      0.79,
      2.315,
      0.8475,
      2.37,
      0.9025,
      2.4275,
      0.96,
      2.4825,
      1.015,
      2.54,
      1.0725,
      2.595,
      1.1275,
      2.6525,
      1.185,
      2.71,
      1.2425,
      2.765,
      1.2975,
      2.8225,
      1.355,
      2.8775,
      1.41,
      2.935,
      1.4675
    ],
    "SpacingBetweenSlices": 3,
    "TaskName": "risk choice task",
    "TotalReadoutTime": 0.0315,
    "dataset": "ds002843",
    "modality": "bold",
    "run_id": 2,
    "session_id": "scan2",
    "subject_id": "dmp0649",
    "task_id": "risk"
  },
  "dummy_trs": 0,
  "dvars_nstd": 20.123760020000002,
  "dvars_std": 1.165596987669903,
  "dvars_vstd": 0.9824431221359221,
  "efc": 0.5963374353141145,
  "fber": 247.9442138671875,
  "fd_mean": 0.03482195611424753,
  "fd_num": 0,
  "fd_perc": 0.0,
  "fwhm_avg": 2.6423400000000004,
  "fwhm_x": 2.4575833333333335,
  "fwhm_y": 2.5206766666666667,
  "fwhm_z": 2.94876,
  "gcor": 0.0391012,
  "gsr_x": -0.005920146591961384,
  "gsr_y": 0.055179860442876816,
  "provenance": {
    "md5sum": "9b6dbc2cbc4343ca8ae4ef7dd1f2d628",
    "settings": {
      "fd_thres": 0.2,
      "testing": false
    },
    "software": "mriqc",
    "version": "21.0.0rc2",
    "webapi_port": null,
    "webapi_url": "https://mriqc.nimh.nih.gov/api/v1"
  },
  "size_t": 104,
  "size_x": 64,
  "size_y": 64,
  "size_z": 53,
  "snr": 2.6305848596241286,
  "spacing_tr": 3.0,
  "spacing_x": 3.0,
  "spacing_y": 3.0,
  "spacing_z": 3.0,
  "summary_bg_k": 23.807356227327553,
  "summary_bg_mad": 19.958103742209996,
  "summary_bg_mean": 85.3203353881836,
  "summary_bg_median": 41.92307662963867,
  "summary_bg_n": 124764.0,
  "summary_bg_p05": 27.39423179626465,
  "summary_bg_p95": 292.7678100585937,
  "summary_bg_stdv": 105.06512451171875,
  "summary_fg_k": 4.210932386084256,
  "summary_fg_mad": 203.28042812464872,
  "summary_fg_mean": 742.325439453125,
  "summary_fg_median": 687.9423828125,
  "summary_fg_n": 44822.0,
  "summary_fg_p05": 427.0202178955078,
  "summary_fg_p95": 1240.6158935546864,
  "summary_fg_stdv": 261.51397705078125,
  "tsnr": 84.5395204629749
}