{
  "aor": 0.008943365384615385,
  "aqi": 0.008021749615384615,
  "bids_meta": {
    "BandwidthPerPixelPhaseEncode": 31.25,
    "EchoTime": 0.025,
    "EffectiveEchoSpacing": 0.0005,
    "FlipAngle": 75,
    "ImageType": [
      "ORIGINAL",
      "PRIMARY",
      "M",
      "ND",
      "MOSAIC"
    ],
    "MagneticFieldStrength": 3,
    "Manufacturer": "Siemens",
    "ManufacturersModelName": "TrioTim",
    "Modality": "MR",
    "PhaseEncodingDirection": "j-",
    "PixelBandwidth": 3005,
    "RepetitionTime": 3,
    "ScanningSequence": "EP",
    "SequenceVariant": "SK",
    "SliceThickness": 3,
    "SliceTiming": [
      0,
      1.5225,
      0.055,
      1.58,
      0.1125,
      1.6375,
      0.17,
      1.6925,
      0.225,
      1.75,
      0.2825,
      1.805,
      0.3375,
      1.8625,
      0.395,
      1.92,
      0.45,
      1.975,
      0.5075,
      2.0325,
      0.565,
      2.0875,
      0.62,
      2.145,
      0.6775,
      2.2,
      0.7325,
      2.2575,
      0.79,
      2.315,
      0.8475,
      2.37,
      0.9025,
      2.4275,
      0.96,
      2.4825,
      1.015,
      2.54,
      1.0725,
      2.595,
      1.1275,
      2.6525,
      1.185,
      2.71,
      1.2425,
      2.765,
      1.2975,
      2.8225,
      1.355,
      2.8775,
      1.41,
      2.935,
      1.4675
    ],
    "SpacingBetweenSlices": 3,
    "TaskName": "risk choice task",
    "TotalReadoutTime": 0.0315,
    "dataset": "ds002843",
    "modality": "bold",
    "run_id": 4,
    "session_id": "scan1",
    "subject_id": "dmp0445",
    "task_id": "risk"
  },
  "dummy_trs": 0,
  "dvars_nstd": 26.176226532524282,
  "dvars_std": 1.0970216698058257,
  "dvars_vstd": 0.9634357222330096,
  "efc": 0.612772991404525,
  "fber": 314.4648132324219,
  "fd_mean": 0.21518014952303371,
  "fd_num": 27,
  "fd_perc": 25.96153846153846,
  "fwhm_avg": 2.3957288888888892,
  "fwhm_x": 2.1729266666666667,
  "fwhm_y": 2.4262366666666666,
  "fwhm_z": 2.5880233333333336,
  "gcor": 0.0190261,
  "gsr_x": -0.021485069766640663,
  "gsr_y": 0.07483325153589249,
  "provenance": {
    "md5sum": "81619cdf35b5de64267968767eefc22a",
    "settings": {
      "fd_thres": 0.2,
      "testing": false
    },
    "software": "mriqc",
    "version": "21.0.0rc2",
    "webapi_port": null,
    "webapi_url": "https://mriqc.nimh.nih.gov/api/v1"
  },
  "size_t": 104,
  "size_x": 64,
  "size_y": 64,
  "size_z": 53,
  "snr": 3.360222264132328,
  "spacing_tr": 3.0,
  "spacing_x": 3.0,
  "spacing_y": 3.0,
  "spacing_z": 3.0,
  "summary_bg_k": 11.953246147586968,
  "summary_bg_mad": 15.510302742371818,
  "summary_bg_mean": 96.49603271484375,
  "summary_bg_median": 39.1634635925293,
  "summary_bg_n": 123363.0,
  "summary_bg_p05": 26.625001907348633,
  "summary_bg_p95": 408.61154174804665,
  "summary_bg_stdv": 139.84490966796875,
  "summary_fg_k": 0.9056326049946288,
  "summary_fg_mad": 199.27457881991205,
  "summary_fg_mean": 754.9639282226562,
  "summary_fg_median": 726.7789306640625,
  "summary_fg_n": 45920.0,
  "summary_fg_p05": 453.6822280883789,
  "summary_fg_p95": 1148.513488769531,
  "summary_fg_stdv": 216.28659057617188,
  "tsnr": 47.92563639814034
}