{
  "bids_meta": {
    "EchoTime": 0.09,
    "FlipAngle": 180,
    "ImageType": [
      "ORIGINAL",
      "PRIMARY",
      "M",
      "ND",
      "NORM"
    ],
    "ImagingFrequency": 123.204,
    "MagneticFieldStrength": 3,
    "Manufacturer": "Siemens",
    "ManufacturersModelName": "TrioTim",
    "Modality": "MR",
    "PhaseEncodingDirection": "i",
    "RepetitionTime": 7,
    "ScanningSequence": "SE",
    "SequenceVariant": "SK_SP_OSP",
    "SliceThickness": 3,
    "SpacingBetweenSlices": 3,
    "dataset": "ds002843",
    "modality": "T2w",
    "session_id": "scan2",
    "subject_id": "dmp1241"
  },
  "cjv": 0.5338335765198513,
  "cnr": 2.433748481358419,
  "efc": 0.5784279185755332,
  "fber": 2791.175734072022,
  "fwhm_avg": 2.5949140366366756,
  "fwhm_x": 3.0736133333333338,
  "fwhm_y": 3.13796,
  "fwhm_z": 1.5731687765766933,
  "icvs_csf": 0.17907049288821167,
  "icvs_gm": 0.40269256570087864,
  "icvs_wm": 0.4182369414109097,
  "inu_med": 1.3192391395568848,
  "inu_range": 0.2879485785961151,
  "provenance": {
    "md5sum": "16d5b5bca0df324251dca9eaadcefc02",
    "settings": {
      "testing": false
    },
    "software": "mriqc",
    "version": "21.0.0rc2",
    "warnings": {
      "large_rot_frame": false,
      "small_air_mask": false
    },
    "webapi_port": null,
    "webapi_url": "https://mriqc.nimh.nih.gov/api/v1"
  },
  "qi_1": 0.0,
  "qi_2": 0.0010495722470966922,
  "rpve_csf": 13.955603576969953,
  "rpve_gm": 6.493113056035101,
  "rpve_wm": 7.425403035731121,
  "size_x": 256,
  "size_y": 256,
  "size_z": 44,
  "snr_csf": 2.873707199423093,
  "snr_gm": 8.622358952392576,
  "snr_total": 7.006721157107674,
  "snr_wm": 9.524097319507353,
  "snrd_csf": 146.05556575110066,
  "snrd_gm": 67.07833712477192,
  "snrd_total": 85.79180630954697,
  "snrd_wm": 44.24151605276833,
  "spacing_x": 0.75,
  "spacing_y": 0.75,
  "spacing_z": 3.0001485347747803,
  "summary_bg_k": 106.64506080290417,
  "summary_bg_mad": 14.779724037608428,
  "summary_bg_mean": 27.067222169504756,
  "summary_bg_median": 16.574585393071175,
  "summary_bg_n": 778631.0,
  "summary_bg_p05": 3.2428536638617516,
  "summary_bg_p95": 59.33221147954464,
  "summary_bg_stdv": 55.022483795913864,
  "summary_csf_k": 0.34953301206715404,
  "summary_csf_mad": 998.6107518422658,
  "summary_csf_mean": 3241.4168405554933,
  "summary_csf_median": 3294.979533866048,
  "summary_csf_n": 96355.0,
  "summary_csf_p05": 669.3490173593163,
  "summary_csf_p95": 4940.703747137636,
  "summary_csf_stdv": 1146.5894772991699,
  "summary_gm_k": 0.1099623340301017,
  "summary_gm_mad": 175.13082639744445,
  "summary_gm_mean": 1519.3819862481134,
  "summary_gm_median": 1513.2716569565237,
  "summary_gm_n": 194932.0,
  "summary_gm_p05": 1244.8954898491502,
  "summary_gm_p95": 1816.958897292614,
  "summary_gm_stdv": 175.50507741206238,
  "summary_wm_k": 0.30140167133504736,
  "summary_wm_mad": 99.89668897708829,
  "summary_wm_mean": 989.191972193017,
  "summary_wm_median": 998.0782943218946,
  "summary_wm_n": 241810.0,
  "summary_wm_p05": 799.3033752962947,
  "summary_wm_p95": 1145.8082945644855,
  "summary_wm_stdv": 104.79483746033789,
  "tpm_overlap_csf": 0.17815758287906647,
  "tpm_overlap_gm": 0.4347498118877411,
  "tpm_overlap_wm": 0.48863136768341064,
  "wm2max": 0.1881495233998234
}