{
  "bids_meta": {
    "EchoTime": 0.09,
    "FlipAngle": 180,
    "ImageType": [
      "ORIGINAL",
      "PRIMARY",
      "M",
      "ND",
      "NORM"
    ],
    "ImagingFrequency": 123.204,
    "MagneticFieldStrength": 3,
    "Manufacturer": "Siemens",
    "ManufacturersModelName": "TrioTim",
    "Modality": "MR",
    "PhaseEncodingDirection": "i",
    "RepetitionTime": 7,
    "ScanningSequence": "SE",
    "SequenceVariant": "SK_SP_OSP",
    "SliceThickness": 3,
    "SpacingBetweenSlices": 3,
    "dataset": "ds002843",
    "modality": "T2w",
    "session_id": "scan1",
    "subject_id": "dmp0793"
  },
  "cjv": 0.47355553571296255,
  "cnr": 2.727773681816036,
  "efc": 0.6027498281768481,
  "fber": 2737.8193756792657,
  "fwhm_avg": 2.7349085384500285,
  "fwhm_x": 3.1861464134544994,
  "fwhm_y": 3.343946400913684,
  "fwhm_z": 1.674632800981903,
  "icvs_csf": 0.14939901957453788,
  "icvs_gm": 0.4273701887889312,
  "icvs_wm": 0.42323079163653093,
  "inu_med": 1.2791231870651245,
  "inu_range": 0.3146349728107454,
  "provenance": {
    "md5sum": "22cc315d200e23b1fd7bf4af02460fb4",
    "settings": {
      "testing": false
    },
    "software": "mriqc",
    "version": "21.0.0rc2",
    "warnings": {
      "large_rot_frame": false,
      "small_air_mask": false
    },
    "webapi_port": null,
    "webapi_url": "https://mriqc.nimh.nih.gov/api/v1"
  },
  "qi_1": 0.0,
  "qi_2": 0.001759763798356368,
  "rpve_csf": 14.274718915343914,
  "rpve_gm": 5.3578052957828595,
  "rpve_wm": 6.325931666592059,
  "size_x": 256,
  "size_y": 256,
  "size_z": 44,
  "snr_csf": 2.72328408402903,
  "snr_gm": 8.412890354208571,
  "snr_total": 6.53449600449598,
  "snr_wm": 8.46731357525034,
  "snrd_csf": 167.6849056925163,
  "snrd_gm": 79.90393249028132,
  "snrd_total": 98.4843558932203,
  "snrd_wm": 47.86422949686324,
  "spacing_x": 0.7500000596046448,
  "spacing_y": 0.7500000596046448,
  "spacing_z": 3.0000009536743164,
  "summary_bg_k": 548.8927284469587,
  "summary_bg_mad": 13.610903166426786,
  "summary_bg_mean": 27.945425934343945,
  "summary_bg_median": 18.227779865264893,
  "summary_bg_n": 745123.0,
  "summary_bg_p05": 3.06013822555542,
  "summary_bg_p95": 60.13836860656738,
  "summary_bg_stdv": 82.58209630726608,
  "summary_csf_k": 0.3902414523091924,
  "summary_csf_mad": 1006.6150559170418,
  "summary_csf_mean": 3458.4377729238436,
  "summary_csf_median": 3483.767795562744,
  "summary_csf_n": 87581.0,
  "summary_csf_p05": 616.6843771934509,
  "summary_csf_p95": 5437.732577323914,
  "summary_csf_stdv": 1279.245131678912,
  "summary_gm_k": 0.05126415830831732,
  "summary_gm_mad": 199.4293203080794,
  "summary_gm_mean": 1669.0766928917951,
  "summary_gm_median": 1660.0584626197815,
  "summary_gm_n": 248719.0,
  "summary_gm_p05": 1362.8259062767029,
  "summary_gm_p95": 2005.0557851791382,
  "summary_gm_stdv": 197.3228053030735,
  "summary_wm_k": 0.19641864735379633,
  "summary_wm_mad": 115.79130664771772,
  "summary_wm_mean": 987.3037145065405,
  "summary_wm_median": 994.4118738174438,
  "summary_wm_n": 280970.0,
  "summary_wm_p05": 781.9318413734436,
  "summary_wm_p95": 1165.912663936615,
  "summary_wm_stdv": 117.44103904660194,
  "tpm_overlap_csf": 0.1700504720211029,
  "tpm_overlap_gm": 0.4425005316734314,
  "tpm_overlap_wm": 0.48268982768058777,
  "wm2max": 0.16950840645689066
}