{
  "aor": 0.012861442307692308,
  "aqi": 0.005595420096153846,
  "bids_meta": {
    "BandwidthPerPixelPhaseEncode": 31.25,
    "EchoTime": 0.025,
    "EffectiveEchoSpacing": 0.0005,
    "FlipAngle": 75,
    "ImageType": [
      "ORIGINAL",
      "PRIMARY",
      "M",
      "ND",
      "MOSAIC"
    ],
    "MagneticFieldStrength": 3,
    "Manufacturer": "Siemens",
    "ManufacturersModelName": "TrioTim",
    "Modality": "MR",
    "PhaseEncodingDirection": "j-",
    "PixelBandwidth": 3005,
    "RepetitionTime": 3,
    "ScanningSequence": "EP",
    "SequenceVariant": "SK",
    "SliceThickness": 3,
    "SliceTiming": [
      0,
      1.5225,
      0.055,
      1.58,
      0.1125,
      1.6375,
      0.17,
      1.6925,
      0.225,
      1.75,
      0.2825,
      1.805,
      0.3375,
      1.8625,
      0.395,
      1.92,
      0.45,
      1.975,
      0.5075,
      2.0325,
      0.565,
      2.0875,
      0.62,
      2.145,
      0.6775,
      2.2,
      0.7325,
      2.2575,
      0.79,
      2.315,
      0.8475,
      2.37,
      0.9025,
      2.4275,
      0.96,
      2.4825,
      1.015,
      2.54,
      1.0725,
      2.595,
      1.1275,
      2.6525,
      1.185,
      2.71,
      1.2425,
      2.765,
      1.2975,
      2.8225,
      1.355,
      2.8775,
      1.41,
      2.935,
      1.4675
    ],
    "SpacingBetweenSlices": 3,
    "TaskName": "intertemporal choice task",
    "TotalReadoutTime": 0.0315,
    "dataset": "ds002843",
    "modality": "bold",
    "run_id": 1,
    "session_id": "scan1",
    "subject_id": "dmp0109",
    "task_id": "itc"
  },
  "dummy_trs": 0,
  "dvars_nstd": 28.80672253009709,
  "dvars_std": 1.239899423786408,
  "dvars_vstd": 1.0467592162135921,
  "efc": 0.5652476128216021,
  "fber": 381.2021789550781,
  "fd_mean": 0.23549940377945863,
  "fd_num": 21,
  "fd_perc": 20.192307692307693,
  "fwhm_avg": 2.3568287615077685,
  "fwhm_x": 2.26201,
  "fwhm_y": 2.273753152631668,
  "fwhm_z": 2.5347231318916377,
  "gcor": 0.0138745,
  "gsr_x": 0.009379894472658634,
  "gsr_y": 0.06166844442486763,
  "provenance": {
    "md5sum": "8a5311504fcda731980e675ca6572385",
    "settings": {
      "fd_thres": 0.2,
      "testing": false
    },
    "software": "mriqc",
    "version": "21.0.0rc2",
    "webapi_port": null,
    "webapi_url": "https://mriqc.nimh.nih.gov/api/v1"
  },
  "size_t": 104,
  "size_x": 64,
  "size_y": 64,
  "size_z": 53,
  "snr": 3.427070522511596,
  "spacing_tr": 3.0,
  "spacing_x": 3.0,
  "spacing_y": 3.000000238418579,
  "spacing_z": 3.000000238418579,
  "summary_bg_k": 22.754319847089537,
  "summary_bg_mad": 12.124550526030365,
  "summary_bg_mean": 69.6203384399414,
  "summary_bg_median": 34.091346740722656,
  "summary_bg_n": 138724.0,
  "summary_bg_p05": 25.08654022216797,
  "summary_bg_p95": 238.21827697753918,
  "summary_bg_stdv": 86.51467895507812,
  "summary_fg_k": 2.3141940883552277,
  "summary_fg_mad": 179.63720295707077,
  "summary_fg_mean": 702.9872436523438,
  "summary_fg_median": 672.923095703125,
  "summary_fg_n": 37635.0,
  "summary_fg_p05": 445.2731018066406,
  "summary_fg_p95": 1061.7557861328123,
  "summary_fg_stdv": 196.3525848388672,
  "tsnr": 58.31205524248071
}