{
  "aor": 0.0043311875,
  "aqi": 0.0033261423125,
  "bids_meta": {
    "BandwidthPerPixelPhaseEncode": 31.25,
    "EchoTime": 0.025,
    "EffectiveEchoSpacing": 0.0005,
    "FlipAngle": 75,
    "ImageType": [
      "ORIGINAL",
      "PRIMARY",
      "M",
      "ND",
      "MOSAIC"
    ],
    "MagneticFieldStrength": 3,
    "Manufacturer": "Siemens",
    "ManufacturersModelName": "TrioTim",
    "Modality": "MR",
    "PhaseEncodingDirection": "j-",
    "PixelBandwidth": 3005,
    "RepetitionTime": 3,
    "ScanningSequence": "EP",
    "SequenceVariant": "SK",
    "SliceThickness": 3,
    "SliceTiming": [
      0,
      1.5225,
      0.055,
      1.58,
      0.1125,
      1.635,
      0.1675,
      1.6925,
      0.225,
      1.75,
      0.2825,
      1.805,
      0.3375,
      1.8625,
      0.395,
      1.9175,
      0.45,
      1.975,
      0.5075,
      2.03,
      0.5625,
      2.0875,
      0.62,
      2.145,
      0.6775,
      2.2,
      0.7325,
      2.2575,
      0.79,
      2.3125,
      0.845,
      2.37,
      0.9025,
      2.425,
      0.9575,
      2.4825,
      1.015,
      2.54,
      1.0725,
      2.595,
      1.1275,
      2.6525,
      1.185,
      2.7075,
      1.24,
      2.765,
      1.2975,
      2.8225,
      1.355,
      2.8775,
      1.41,
      2.935,
      1.4675
    ],
    "SpacingBetweenSlices": 3,
    "TaskName": "rest",
    "TotalReadoutTime": 0.0315,
    "dataset": "ds002843",
    "modality": "bold",
    "session_id": "scan1",
    "subject_id": "dmp0109",
    "task_id": "rest"
  },
  "dummy_trs": 0,
  "dvars_nstd": 23.432004317232703,
  "dvars_std": 1.2381955510691818,
  "dvars_vstd": 0.9999235952830189,
  "efc": 0.5642806172440336,
  "fber": 385.0945129394531,
  "fd_mean": 0.09293641071138106,
  "fd_num": 7,
  "fd_perc": 4.375,
  "fwhm_avg": 2.3858887603232692,
  "fwhm_x": 2.3044766666666665,
  "fwhm_y": 2.2981398173602567,
  "fwhm_z": 2.555049796942886,
  "gcor": 0.0205034,
  "gsr_x": 0.010181383229792118,
  "gsr_y": 0.06291098892688751,
  "provenance": {
    "md5sum": "50b19108f13990f085eddaada9a4cc2c",
    "settings": {
      "fd_thres": 0.2,
      "testing": false
    },
    "software": "mriqc",
    "version": "21.0.0rc2",
    "webapi_port": null,
    "webapi_url": "https://mriqc.nimh.nih.gov/api/v1"
  },
  "size_t": 160,
  "size_x": 64,
  "size_y": 64,
  "size_z": 53,
  "snr": 3.3877727027127342,
  "spacing_tr": 3.0,
  "spacing_x": 3.0,
  "spacing_y": 3.000000238418579,
  "spacing_z": 3.000000238418579,
  "summary_bg_k": 23.160858828448426,
  "summary_bg_mad": 11.823750430310724,
  "summary_bg_mean": 69.6219253540039,
  "summary_bg_median": 33.92499923706055,
  "summary_bg_n": 138878.0,
  "summary_bg_p05": 25.412500381469727,
  "summary_bg_p95": 240.41250610351562,
  "summary_bg_stdv": 86.73143005371094,
  "summary_fg_k": 2.6232047506956553,
  "summary_fg_mad": 180.4419381578258,
  "summary_fg_mean": 703.2321166992188,
  "summary_fg_median": 671.6749877929688,
  "summary_fg_n": 37585.0,
  "summary_fg_p05": 445.38124389648436,
  "summary_fg_p95": 1067.5787841796866,
  "summary_fg_stdv": 198.2618408203125,
  "tsnr": 72.75601907679811
}