{
  "aor": 0.0014606796116504851,
  "aqi": 0.0019357941747572818,
  "bids_meta": {
    "BandwidthPerPixelPhaseEncode": 31.25,
    "EchoTime": 0.025,
    "EffectiveEchoSpacing": 0.0005,
    "FlipAngle": 75,
    "ImageType": [
      "ORIGINAL",
      "PRIMARY",
      "M",
      "ND",
      "MOSAIC"
    ],
    "MagneticFieldStrength": 3,
    "Manufacturer": "Siemens",
    "ManufacturersModelName": "TrioTim",
    "Modality": "MR",
    "PhaseEncodingDirection": "j-",
    "PixelBandwidth": 3005,
    "RepetitionTime": 3,
    "ScanningSequence": "EP",
    "SequenceVariant": "SK",
    "SliceThickness": 3,
    "SliceTiming": [
      0,
      1.5225,
      0.055,
      1.58,
      0.1125,
      1.6375,
      0.17,
      1.6925,
      0.225,
      1.75,
      0.2825,
      1.805,
      0.3375,
      1.8625,
      0.395,
      1.92,
      0.45,
      1.975,
      0.5075,
      2.0325,
      0.565,
      2.0875,
      0.62,
      2.145,
      0.6775,
      2.2,
      0.7325,
      2.2575,
      0.79,
      2.315,
      0.8475,
      2.37,
      0.9025,
      2.4275,
      0.96,
      2.4825,
      1.015,
      2.54,
      1.0725,
      2.595,
      1.1275,
      2.6525,
      1.185,
      2.71,
      1.2425,
      2.765,
      1.2975,
      2.8225,
      1.355,
      2.8775,
      1.41,
      2.935,
      1.4675
    ],
    "SpacingBetweenSlices": 3,
    "TaskName": "intertemporal choice task",
    "TotalReadoutTime": 0.0315,
    "dataset": "ds002843",
    "modality": "bold",
    "run_id": 1,
    "session_id": "scan1",
    "subject_id": "dmp0558",
    "task_id": "itc"
  },
  "dummy_trs": 1,
  "dvars_nstd": 20.955766696470583,
  "dvars_std": 1.2102604563725492,
  "dvars_vstd": 1.0195829462745096,
  "efc": 0.5472098639880606,
  "fber": 470.69354248046875,
  "fd_mean": 0.07428590205732864,
  "fd_num": 2,
  "fd_perc": 1.941747572815534,
  "fwhm_avg": 2.3115422887322694,
  "fwhm_x": 2.1899366666666666,
  "fwhm_y": 2.23402,
  "fwhm_z": 2.5106701995301406,
  "gcor": 0.0243689,
  "gsr_x": -0.007824460975825787,
  "gsr_y": 0.052120696753263474,
  "provenance": {
    "md5sum": "3460c771dbab3a6470d162af15221c5a",
    "settings": {
      "fd_thres": 0.2,
      "testing": false
    },
    "software": "mriqc",
    "version": "21.0.0rc2",
    "webapi_port": null,
    "webapi_url": "https://mriqc.nimh.nih.gov/api/v1"
  },
  "size_t": 103,
  "size_x": 64,
  "size_y": 64,
  "size_z": 53,
  "snr": 3.365255776925214,
  "spacing_tr": 3.0,
  "spacing_x": 3.0,
  "spacing_y": 3.0,
  "spacing_z": 2.999999761581421,
  "summary_bg_k": 26.14632430075701,
  "summary_bg_mad": 6.7508781727231515,
  "summary_bg_mean": 55.92241287231445,
  "summary_bg_median": 29.37864112854004,
  "summary_bg_n": 137359.0,
  "summary_bg_p05": 24.514562606811523,
  "summary_bg_p95": 188.31262512207013,
  "summary_bg_stdv": 70.4766616821289,
  "summary_fg_k": 2.898505257036115,
  "summary_fg_mad": 170.15376103205935,
  "summary_fg_mean": 677.2598876953125,
  "summary_fg_median": 642.7378540039062,
  "summary_fg_n": 38709.0,
  "summary_fg_p05": 431.89515991210936,
  "summary_fg_p95": 1028.1728271484374,
  "summary_fg_stdv": 190.98980712890625,
  "tsnr": 99.61430295743048
}