{
  "bids_meta": {
    "EchoTime": 0.00311,
    "FlipAngle": 15,
    "ImageType": [
      "ORIGINAL",
      "PRIMARY",
      "M",
      "ND",
      "NORM"
    ],
    "InversionTime": 1.1,
    "MagneticFieldStrength": 3,
    "Manufacturer": "Siemens",
    "ManufacturersModelName": "TrioTim",
    "Modality": "MR",
    "RepetitionTime": 1.63,
    "ScanningSequence": "GR_IR",
    "SequenceVariant": "SP_MP",
    "SliceThickness": 1,
    "dataset": "ds002843",
    "modality": "T1w",
    "session_id": "scan2",
    "subject_id": "dmp0937"
  },
  "cjv": 0.44214721927419054,
  "cnr": 2.814699082786062,
  "efc": 0.6331895301042416,
  "fber": 9570.154296875,
  "fwhm_avg": 3.4746724444444443,
  "fwhm_x": 3.3407893333333334,
  "fwhm_y": 3.868608,
  "fwhm_z": 3.21462,
  "icvs_csf": 0.17741706107927258,
  "icvs_gm": 0.40777672018924044,
  "icvs_wm": 0.414806218731487,
  "inu_med": 0.9452935457229614,
  "inu_range": 0.20499340295791635,
  "provenance": {
    "md5sum": "41751253dc03211fff95e9a5ff6d6b46",
    "settings": {
      "testing": false
    },
    "software": "mriqc",
    "version": "21.0.0rc2",
    "warnings": {
      "large_rot_frame": true,
      "small_air_mask": false
    },
    "webapi_port": null,
    "webapi_url": "https://mriqc.nimh.nih.gov/api/v1"
  },
  "qi_1": 0.00041350385444664323,
  "qi_2": 0.0029562155847294965,
  "rpve_csf": 15.663965186599745,
  "rpve_gm": 7.328450688875888,
  "rpve_wm": 8.733900387763507,
  "size_x": 192,
  "size_y": 256,
  "size_z": 160,
  "snr_csf": 2.360421622054434,
  "snr_gm": 13.109387601731305,
  "snr_total": 15.608414168393963,
  "snr_wm": 31.35543328139615,
  "snrd_csf": 71.9020347163775,
  "snrd_gm": 137.31011719794895,
  "snrd_total": 126.86584131934767,
  "snrd_wm": 171.38537204371656,
  "spacing_x": 0.9375,
  "spacing_y": 0.9375,
  "spacing_z": 1.0,
  "summary_bg_k": 103.80970111530443,
  "summary_bg_mad": 3.8226654087443768,
  "summary_bg_mean": 8.92637825012207,
  "summary_bg_median": 5.13259744644165,
  "summary_bg_n": 1830286.0,
  "summary_bg_p05": 0.0,
  "summary_bg_p95": 28.16223430633545,
  "summary_bg_stdv": 15.415558815002441,
  "summary_csf_k": 24.042421749945376,
  "summary_csf_mad": 122.34167192512948,
  "summary_csf_mean": 456.93121337890625,
  "summary_csf_median": 419.54229736328125,
  "summary_csf_n": 25078.0,
  "summary_csf_p05": 285.2561065673828,
  "summary_csf_p95": 675.20703125,
  "summary_csf_stdv": 177.7368621826172,
  "summary_gm_k": 0.30450925547669705,
  "summary_gm_mad": 58.47894785097583,
  "summary_gm_mean": 803.8741455078125,
  "summary_gm_median": 801.1929321289062,
  "summary_gm_n": 23582.0,
  "summary_gm_p05": 709.2183959960937,
  "summary_gm_p95": 911.3245849609375,
  "summary_gm_stdv": 61.11467361450195,
  "summary_wm_k": 1.1613530645896866,
  "summary_wm_mad": 29.431518149012298,
  "summary_wm_mean": 1001.5165405273438,
  "summary_wm_median": 1000.0191650390625,
  "summary_wm_n": 281262.0,
  "summary_wm_p05": 952.3913757324219,
  "summary_wm_p95": 1055.7167846679688,
  "summary_wm_stdv": 31.892953872680664,
  "tpm_overlap_csf": 0.15782040357589722,
  "tpm_overlap_gm": 0.43151673674583435,
  "tpm_overlap_wm": 0.49373331665992737,
  "wm2max": 0.45383272162919847
}