{
  "bids_meta": {
    "EchoTime": 0.09,
    "FlipAngle": 180,
    "ImageType": [
      "ORIGINAL",
      "PRIMARY",
      "M",
      "ND",
      "NORM"
    ],
    "ImagingFrequency": 123.204,
    "MagneticFieldStrength": 3,
    "Manufacturer": "Siemens",
    "ManufacturersModelName": "TrioTim",
    "Modality": "MR",
    "PhaseEncodingDirection": "i",
    "RepetitionTime": 7,
    "ScanningSequence": "SE",
    "SequenceVariant": "SK_SP_OSP",
    "SliceThickness": 3,
    "SpacingBetweenSlices": 3,
    "dataset": "ds002843",
    "modality": "T2w",
    "session_id": "scan2",
    "subject_id": "dmp1032"
  },
  "cjv": 0.6126661875268636,
  "cnr": 2.2541906331659187,
  "efc": 0.5637662349790554,
  "fber": 3403.425956790123,
  "fwhm_avg": 2.7288446663150965,
  "fwhm_x": 3.1418933333333334,
  "fwhm_y": 3.3695733333333333,
  "fwhm_z": 1.675067332278622,
  "icvs_csf": 0.17075772615574575,
  "icvs_gm": 0.4316163934758761,
  "icvs_wm": 0.39762588036837815,
  "inu_med": 1.356974482536316,
  "inu_range": 0.3924084663391114,
  "provenance": {
    "md5sum": "9d07ac37237c10abeea3d5eb0e8ef611",
    "settings": {
      "testing": false
    },
    "software": "mriqc",
    "version": "21.0.0rc2",
    "warnings": {
      "large_rot_frame": false,
      "small_air_mask": false
    },
    "webapi_port": null,
    "webapi_url": "https://mriqc.nimh.nih.gov/api/v1"
  },
  "qi_1": 0.0,
  "qi_2": 0.002178675222423019,
  "rpve_csf": 14.90173994968317,
  "rpve_gm": 6.211112107385047,
  "rpve_wm": 7.57092916971793,
  "size_x": 256,
  "size_y": 256,
  "size_z": 44,
  "snr_csf": 3.1496230745181926,
  "snr_gm": 9.279005155028687,
  "snr_total": 6.5988930535094,
  "snr_wm": 7.368050930981319,
  "snrd_csf": 150.95748452146512,
  "snrd_gm": 73.42140494079547,
  "snrd_total": 91.3186136486815,
  "snrd_wm": 49.576951483783965,
  "spacing_x": 0.75,
  "spacing_y": 0.75,
  "spacing_z": 2.9999988079071045,
  "summary_bg_k": 221.93796124401354,
  "summary_bg_mad": 13.037959348623087,
  "summary_bg_mean": 22.856494419584973,
  "summary_bg_median": 17.702147290110588,
  "summary_bg_n": 939002.0,
  "summary_bg_p05": 2.9693924486637115,
  "summary_bg_p95": 48.30973099172115,
  "summary_bg_stdv": 39.83529580381791,
  "summary_csf_k": 0.8639969758393344,
  "summary_csf_mad": 771.610139632148,
  "summary_csf_mean": 2926.313961422079,
  "summary_csf_median": 3004.2257062345743,
  "summary_csf_n": 95518.0,
  "summary_csf_p05": 699.1777142584324,
  "summary_csf_p95": 4321.379672020674,
  "summary_csf_stdv": 953.831588462894,
  "summary_gm_k": 0.1306291370412449,
  "summary_gm_mad": 157.13280877301588,
  "summary_gm_mean": 1467.0732146980927,
  "summary_gm_median": 1461.1694995462894,
  "summary_gm_n": 217546.0,
  "summary_gm_p05": 1222.9328592419624,
  "summary_gm_p95": 1736.2951306551695,
  "summary_gm_stdv": 157.47012926816618,
  "summary_wm_k": -0.07895297965354953,
  "summary_wm_mad": 133.59675228654046,
  "summary_wm_mean": 983.7776691576815,
  "summary_wm_median": 986.637744769454,
  "summary_wm_n": 228692.0,
  "summary_wm_p05": 755.1393411755562,
  "summary_wm_p95": 1198.720890045166,
  "summary_wm_stdv": 133.90727030486346,
  "tpm_overlap_csf": 0.17420363426208496,
  "tpm_overlap_gm": 0.43899115920066833,
  "tpm_overlap_wm": 0.482178658246994,
  "wm2max": 0.2046370412444775
}