{
  "bids_meta": {
    "EchoTime": 0.00311,
    "FlipAngle": 15,
    "ImageType": [
      "ORIGINAL",
      "PRIMARY",
      "M",
      "ND",
      "NORM"
    ],
    "InversionTime": 1.1,
    "MagneticFieldStrength": 3,
    "Manufacturer": "Siemens",
    "ManufacturersModelName": "TrioTim",
    "Modality": "MR",
    "RepetitionTime": 1.63,
    "ScanningSequence": "GR_IR",
    "SequenceVariant": "SP_MP",
    "SliceThickness": 1,
    "dataset": "ds002843",
    "modality": "T1w",
    "session_id": "scan2",
    "subject_id": "dmp0521"
  },
  "cjv": 0.7032715024515863,
  "cnr": 1.966031653042311,
  "efc": 0.6188487779830584,
  "fber": 5478.30908203125,
  "fwhm_avg": 3.392817111111111,
  "fwhm_x": 3.23552,
  "fwhm_y": 3.8480213333333335,
  "fwhm_z": 3.09491,
  "icvs_csf": 0.2027307914263793,
  "icvs_gm": 0.4380878979680503,
  "icvs_wm": 0.3591813106055704,
  "inu_med": 1.2553354501724243,
  "inu_range": 0.299401193857193,
  "provenance": {
    "md5sum": "8a05b997a0b9b3aac797fc49e1972cd3",
    "settings": {
      "testing": false
    },
    "software": "mriqc",
    "version": "21.0.0rc2",
    "warnings": {
      "large_rot_frame": true,
      "small_air_mask": false
    },
    "webapi_port": null,
    "webapi_url": "https://mriqc.nimh.nih.gov/api/v1"
  },
  "qi_1": 3.3329778156996587e-06,
  "qi_2": 0.006899222112183243,
  "rpve_csf": 17.09323522566082,
  "rpve_gm": 8.2978519428868,
  "rpve_wm": 11.374827585197073,
  "size_x": 192,
  "size_y": 256,
  "size_z": 160,
  "snr_csf": 2.5410733529096716,
  "snr_gm": 12.330385238793998,
  "snr_total": 11.703287453549502,
  "snr_wm": 20.23840376894484,
  "snrd_csf": 32.415920299892754,
  "snrd_gm": 69.60499891438003,
  "snrd_total": 61.837831182643505,
  "snrd_wm": 83.49257433365771,
  "spacing_x": 0.9375,
  "spacing_y": 0.9375,
  "spacing_z": 1.0,
  "summary_bg_k": 979.8565875132662,
  "summary_bg_mad": 7.846925007858022,
  "summary_bg_mean": 10.993863105773926,
  "summary_bg_median": 7.948744297027588,
  "summary_bg_n": 1904387.0,
  "summary_bg_p05": 0.0,
  "summary_bg_p95": 29.14206314086914,
  "summary_bg_stdv": 12.053550720214844,
  "summary_csf_k": 86.3366606839388,
  "summary_csf_mad": 67.59348117037857,
  "summary_csf_mean": 415.0895080566406,
  "summary_csf_median": 388.26312255859375,
  "summary_csf_n": 35644.0,
  "summary_csf_p05": 283.83397369384767,
  "summary_csf_p95": 617.971853637695,
  "summary_csf_stdv": 152.79278564453125,
  "summary_gm_k": -0.2342066905334459,
  "summary_gm_mad": 68.82331979959945,
  "summary_gm_mean": 837.1329956054688,
  "summary_gm_median": 833.6969604492188,
  "summary_gm_n": 24752.0,
  "summary_gm_p05": 730.6921173095703,
  "summary_gm_p95": 954.0108428955077,
  "summary_gm_stdv": 67.61184692382812,
  "summary_wm_k": 0.38569752902064014,
  "summary_wm_mad": 48.15819401630667,
  "summary_wm_mean": 1003.796142578125,
  "summary_wm_median": 1000.0360107421875,
  "summary_wm_n": 167698.0,
  "summary_wm_p05": 929.2914764404297,
  "summary_wm_p95": 1090.4100341796875,
  "summary_wm_stdv": 49.41264343261719,
  "tpm_overlap_csf": 0.1899760216474533,
  "tpm_overlap_gm": 0.4553999900817871,
  "tpm_overlap_wm": 0.48330527544021606,
  "wm2max": 0.4109623354434447
}