{
  "aor": 0.0010484375,
  "aqi": 0.0053138570625,
  "bids_meta": {
    "BandwidthPerPixelPhaseEncode": 31.25,
    "EchoTime": 0.025,
    "EffectiveEchoSpacing": 0.0005,
    "FlipAngle": 75,
    "ImageType": [
      "ORIGINAL",
      "PRIMARY",
      "M",
      "ND",
      "MOSAIC"
    ],
    "MagneticFieldStrength": 3,
    "Manufacturer": "Siemens",
    "ManufacturersModelName": "TrioTim",
    "Modality": "MR",
    "PhaseEncodingDirection": "j-",
    "PixelBandwidth": 3005,
    "RepetitionTime": 3,
    "ScanningSequence": "EP",
    "SequenceVariant": "SK",
    "SliceThickness": 3,
    "SliceTiming": [
      0,
      1.5225,
      0.055,
      1.58,
      0.1125,
      1.635,
      0.1675,
      1.6925,
      0.225,
      1.75,
      0.2825,
      1.805,
      0.3375,
      1.8625,
      0.395,
      1.9175,
      0.45,
      1.975,
      0.5075,
      2.03,
      0.5625,
      2.0875,
      0.62,
      2.145,
      0.6775,
      2.2,
      0.7325,
      2.2575,
      0.79,
      2.3125,
      0.845,
      2.37,
      0.9025,
      2.425,
      0.9575,
      2.4825,
      1.015,
      2.54,
      1.0725,
      2.595,
      1.1275,
      2.6525,
      1.185,
      2.7075,
      1.24,
      2.765,
      1.2975,
      2.8225,
      1.355,
      2.8775,
      1.41,
      2.935,
      1.4675
    ],
    "SpacingBetweenSlices": 3,
    "TaskName": "rest",
    "TotalReadoutTime": 0.0315,
    "dataset": "ds002843",
    "modality": "bold",
    "session_id": "scan1",
    "subject_id": "dmp0005",
    "task_id": "rest"
  },
  "dummy_trs": 0,
  "dvars_nstd": 24.740940951572338,
  "dvars_std": 1.2258118928930812,
  "dvars_vstd": 0.9860615664779877,
  "efc": 0.5461299520507706,
  "fber": 468.40814208984375,
  "fd_mean": 0.11393090863142265,
  "fd_num": 13,
  "fd_perc": 8.125,
  "fwhm_avg": 2.2241544444444443,
  "fwhm_x": 2.1210566666666666,
  "fwhm_y": 2.1687433333333335,
  "fwhm_z": 2.3826633333333334,
  "gcor": 0.0374435,
  "gsr_x": 0.0066924020648002625,
  "gsr_y": 0.049236856400966644,
  "provenance": {
    "md5sum": "d56f90d284e65e44d923624febd92f9c",
    "settings": {
      "fd_thres": 0.2,
      "testing": false
    },
    "software": "mriqc",
    "version": "21.0.0rc2",
    "webapi_port": null,
    "webapi_url": "https://mriqc.nimh.nih.gov/api/v1"
  },
  "size_t": 160,
  "size_x": 64,
  "size_y": 64,
  "size_z": 53,
  "snr": 3.8525723849969755,
  "spacing_tr": 3.0,
  "spacing_x": 3.0,
  "spacing_y": 3.0,
  "spacing_z": 3.0,
  "summary_bg_k": 32.81693224633737,
  "summary_bg_mad": 7.50567373118461,
  "summary_bg_mean": 60.99433898925781,
  "summary_bg_median": 29.762500762939453,
  "summary_bg_n": 140262.0,
  "summary_bg_p05": 24.087499618530273,
  "summary_bg_p95": 211.4865653991696,
  "summary_bg_stdv": 84.58942413330078,
  "summary_fg_k": 1.2387546885854475,
  "summary_fg_mad": 162.22440910342337,
  "summary_fg_mean": 677.0263061523438,
  "summary_fg_median": 651.4249877929688,
  "summary_fg_n": 35503.0,
  "summary_fg_p05": 452.9756317138672,
  "summary_fg_p95": 982.5950317382814,
  "summary_fg_stdv": 169.0859375,
  "tsnr": 70.96798246912658
}