{
  "aor": 0.00278875,
  "aqi": 0.004354813076923076,
  "bids_meta": {
    "BandwidthPerPixelPhaseEncode": 31.25,
    "EchoTime": 0.025,
    "EffectiveEchoSpacing": 0.0005,
    "FlipAngle": 75,
    "ImageType": [
      "ORIGINAL",
      "PRIMARY",
      "M",
      "ND",
      "MOSAIC"
    ],
    "MagneticFieldStrength": 3,
    "Manufacturer": "Siemens",
    "ManufacturersModelName": "TrioTim",
    "Modality": "MR",
    "PhaseEncodingDirection": "j-",
    "PixelBandwidth": 3005,
    "RepetitionTime": 3,
    "ScanningSequence": "EP",
    "SequenceVariant": "SK",
    "SliceThickness": 3,
    "SliceTiming": [
      0,
      1.5225,
      0.055,
      1.58,
      0.1125,
      1.6375,
      0.17,
      1.6925,
      0.225,
      1.75,
      0.2825,
      1.805,
      0.3375,
      1.8625,
      0.395,
      1.92,
      0.45,
      1.975,
      0.5075,
      2.0325,
      0.565,
      2.0875,
      0.62,
      2.145,
      0.6775,
      2.2,
      0.7325,
      2.2575,
      0.79,
      2.315,
      0.8475,
      2.37,
      0.9025,
      2.4275,
      0.96,
      2.4825,
      1.015,
      2.54,
      1.0725,
      2.595,
      1.1275,
      2.6525,
      1.185,
      2.71,
      1.2425,
      2.765,
      1.2975,
      2.8225,
      1.355,
      2.8775,
      1.41,
      2.935,
      1.4675
    ],
    "SpacingBetweenSlices": 3,
    "TaskName": "risk choice task",
    "TotalReadoutTime": 0.0315,
    "dataset": "ds002843",
    "modality": "bold",
    "run_id": 4,
    "session_id": "scan2",
    "subject_id": "dmp1032",
    "task_id": "risk"
  },
  "dummy_trs": 0,
  "dvars_nstd": 22.566395584174767,
  "dvars_std": 1.109332681941747,
  "dvars_vstd": 0.9857668385436894,
  "efc": 0.5516404665589706,
  "fber": 383.15545654296875,
  "fd_mean": 0.19632567084989905,
  "fd_num": 24,
  "fd_perc": 23.076923076923077,
  "fwhm_avg": 2.4107323528704043,
  "fwhm_x": 2.3003933333333335,
  "fwhm_y": 2.343490186243867,
  "fwhm_z": 2.588313539034012,
  "gcor": 0.0301887,
  "gsr_x": 0.0006663431413471699,
  "gsr_y": 0.06096162274479866,
  "provenance": {
    "md5sum": "ed7ab46be95df93ee26ccb9bdc8f8264",
    "settings": {
      "fd_thres": 0.2,
      "testing": false
    },
    "software": "mriqc",
    "version": "21.0.0rc2",
    "webapi_port": null,
    "webapi_url": "https://mriqc.nimh.nih.gov/api/v1"
  },
  "size_t": 104,
  "size_x": 64,
  "size_y": 64,
  "size_z": 53,
  "snr": 3.3131891841506516,
  "spacing_tr": 3.0,
  "spacing_x": 3.0,
  "spacing_y": 2.999999761581421,
  "spacing_z": 2.999999761581421,
  "summary_bg_k": 48.63817990834075,
  "summary_bg_mad": 9.936286457152246,
  "summary_bg_mean": 59.9569206237793,
  "summary_bg_median": 31.39423179626465,
  "summary_bg_n": 139351.0,
  "summary_bg_p05": 24.13461685180664,
  "summary_bg_p95": 193.56731414794922,
  "summary_bg_stdv": 77.1376953125,
  "summary_fg_k": 2.335061813960256,
  "summary_fg_mad": 170.2284159899614,
  "summary_fg_mean": 654.576171875,
  "summary_fg_median": 620.3509521484375,
  "summary_fg_n": 37150.0,
  "summary_fg_p05": 415.8538650512695,
  "summary_fg_p95": 1002.7755218505858,
  "summary_fg_stdv": 187.23428344726562,
  "tsnr": 62.429681431502104
}