{
  "aor": 0.0014625786163522012,
  "aqi": 0.002643389937106918,
  "bids_meta": {
    "BandwidthPerPixelPhaseEncode": 31.25,
    "EchoTime": 0.025,
    "EffectiveEchoSpacing": 0.0005,
    "FlipAngle": 75,
    "ImageType": [
      "ORIGINAL",
      "PRIMARY",
      "M",
      "ND",
      "MOSAIC"
    ],
    "MagneticFieldStrength": 3,
    "Manufacturer": "Siemens",
    "ManufacturersModelName": "TrioTim",
    "Modality": "MR",
    "PhaseEncodingDirection": "j-",
    "PixelBandwidth": 3005,
    "RepetitionTime": 3,
    "ScanningSequence": "EP",
    "SequenceVariant": "SK",
    "SliceThickness": 3,
    "SliceTiming": [
      0,
      1.5225,
      0.055,
      1.58,
      0.1125,
      1.635,
      0.1675,
      1.6925,
      0.225,
      1.75,
      0.2825,
      1.805,
      0.3375,
      1.8625,
      0.395,
      1.9175,
      0.45,
      1.975,
      0.5075,
      2.03,
      0.5625,
      2.0875,
      0.62,
      2.145,
      0.6775,
      2.2,
      0.7325,
      2.2575,
      0.79,
      2.3125,
      0.845,
      2.37,
      0.9025,
      2.425,
      0.9575,
      2.4825,
      1.015,
      2.54,
      1.0725,
      2.595,
      1.1275,
      2.6525,
      1.185,
      2.7075,
      1.24,
      2.765,
      1.2975,
      2.8225,
      1.355,
      2.8775,
      1.41,
      2.935,
      1.4675
    ],
    "SpacingBetweenSlices": 3,
    "TaskName": "rest",
    "TotalReadoutTime": 0.0315,
    "dataset": "ds002843",
    "modality": "bold",
    "session_id": "scan1",
    "subject_id": "dmp0048",
    "task_id": "rest"
  },
  "dummy_trs": 1,
  "dvars_nstd": 18.761591440443052,
  "dvars_std": 1.1333161801265816,
  "dvars_vstd": 0.9917605310759494,
  "efc": 0.5539439517688605,
  "fber": 401.45111083984375,
  "fd_mean": 0.059941904528970316,
  "fd_num": 2,
  "fd_perc": 1.2578616352201257,
  "fwhm_avg": 2.354424444444444,
  "fwhm_x": 2.2117299999999998,
  "fwhm_y": 2.2607733333333333,
  "fwhm_z": 2.59077,
  "gcor": 0.0130801,
  "gsr_x": -0.016469288617372513,
  "gsr_y": 0.05295311659574509,
  "provenance": {
    "md5sum": "832dfde23a43a80b56fe6cca78953289",
    "settings": {
      "fd_thres": 0.2,
      "testing": false
    },
    "software": "mriqc",
    "version": "21.0.0rc2",
    "webapi_port": null,
    "webapi_url": "https://mriqc.nimh.nih.gov/api/v1"
  },
  "size_t": 159,
  "size_x": 64,
  "size_y": 64,
  "size_z": 53,
  "snr": 3.1088569943957607,
  "spacing_tr": 3.0,
  "spacing_x": 3.0,
  "spacing_y": 3.0,
  "spacing_z": 3.0,
  "summary_bg_k": 43.78780441653349,
  "summary_bg_mad": 6.5458287161915125,
  "summary_bg_mean": 57.89931106567383,
  "summary_bg_median": 29.01886749267578,
  "summary_bg_n": 137756.0,
  "summary_bg_p05": 24.12578582763672,
  "summary_bg_p95": 189.82546997070312,
  "summary_bg_stdv": 72.16465759277344,
  "summary_fg_k": 4.487265757860704,
  "summary_fg_mad": 156.69419604918497,
  "summary_fg_mean": 628.8776245117188,
  "summary_fg_median": 590.003173828125,
  "summary_fg_n": 37556.0,
  "summary_fg_p05": 402.9889678955078,
  "summary_fg_p95": 971.7012176513672,
  "summary_fg_stdv": 189.7788543701172,
  "tsnr": 79.9021934629418
}