{
  "aor": 0.014913,
  "aqi": 0.0067901540625000005,
  "bids_meta": {
    "BandwidthPerPixelPhaseEncode": 31.25,
    "EchoTime": 0.025,
    "EffectiveEchoSpacing": 0.0005,
    "FlipAngle": 75,
    "ImageType": [
      "ORIGINAL",
      "PRIMARY",
      "M",
      "ND",
      "MOSAIC"
    ],
    "MagneticFieldStrength": 3,
    "Manufacturer": "Siemens",
    "ManufacturersModelName": "TrioTim",
    "Modality": "MR",
    "PhaseEncodingDirection": "j-",
    "PixelBandwidth": 3005,
    "RepetitionTime": 3,
    "ScanningSequence": "EP",
    "SequenceVariant": "SK",
    "SliceThickness": 3,
    "SliceTiming": [
      0,
      1.5225,
      0.055,
      1.58,
      0.1125,
      1.635,
      0.1675,
      1.6925,
      0.225,
      1.75,
      0.2825,
      1.805,
      0.3375,
      1.8625,
      0.395,
      1.9175,
      0.45,
      1.975,
      0.5075,
      2.03,
      0.5625,
      2.0875,
      0.62,
      2.145,
      0.6775,
      2.2,
      0.7325,
      2.2575,
      0.79,
      2.3125,
      0.845,
      2.37,
      0.9025,
      2.425,
      0.9575,
      2.4825,
      1.015,
      2.54,
      1.0725,
      2.595,
      1.1275,
      2.6525,
      1.185,
      2.7075,
      1.24,
      2.765,
      1.2975,
      2.8225,
      1.355,
      2.8775,
      1.41,
      2.935,
      1.4675
    ],
    "SpacingBetweenSlices": 3,
    "TaskName": "rest",
    "TotalReadoutTime": 0.0315,
    "dataset": "ds002843",
    "modality": "bold",
    "session_id": "scan2",
    "subject_id": "dmp1172",
    "task_id": "rest"
  },
  "dummy_trs": 0,
  "dvars_nstd": 29.57215445911949,
  "dvars_std": 1.267981672012578,
  "dvars_vstd": 1.0907723657861639,
  "efc": 0.6015457024062626,
  "fber": 219.44235229492188,
  "fd_mean": 0.17961910741467477,
  "fd_num": 25,
  "fd_perc": 15.625,
  "fwhm_avg": 2.8285444444444443,
  "fwhm_x": 2.688943333333333,
  "fwhm_y": 2.65719,
  "fwhm_z": 3.1395,
  "gcor": 0.0298206,
  "gsr_x": 0.003655114909633994,
  "gsr_y": 0.09117040783166885,
  "provenance": {
    "md5sum": "be64058f2de0fed37d86b0881486e32c",
    "settings": {
      "fd_thres": 0.2,
      "testing": false
    },
    "software": "mriqc",
    "version": "21.0.0rc2",
    "webapi_port": null,
    "webapi_url": "https://mriqc.nimh.nih.gov/api/v1"
  },
  "size_t": 160,
  "size_x": 64,
  "size_y": 64,
  "size_z": 53,
  "snr": 2.526958833044491,
  "spacing_tr": 3.0,
  "spacing_x": 3.0,
  "spacing_y": 3.0,
  "spacing_z": 3.0,
  "summary_bg_k": 26.364864118097657,
  "summary_bg_mad": 20.52477729027624,
  "summary_bg_mean": 90.04967498779297,
  "summary_bg_median": 42.212501525878906,
  "summary_bg_n": 125981.0,
  "summary_bg_p05": 26.918750762939453,
  "summary_bg_p95": 312.28125,
  "summary_bg_stdv": 122.49638366699219,
  "summary_fg_k": 4.505211585346856,
  "summary_fg_mad": 190.37539111998495,
  "summary_fg_mean": 699.751220703125,
  "summary_fg_median": 641.078125,
  "summary_fg_n": 45098.0,
  "summary_fg_p05": 408.98781433105466,
  "summary_fg_p95": 1205.7631286621095,
  "summary_fg_stdv": 253.6927032470703,
  "tsnr": 53.973265898413956
}