{
  "aor": 0.002114423076923077,
  "aqi": 0.00301408375,
  "bids_meta": {
    "BandwidthPerPixelPhaseEncode": 31.25,
    "EchoTime": 0.025,
    "EffectiveEchoSpacing": 0.0005,
    "FlipAngle": 75,
    "ImageType": [
      "ORIGINAL",
      "PRIMARY",
      "M",
      "ND",
      "MOSAIC"
    ],
    "MagneticFieldStrength": 3,
    "Manufacturer": "Siemens",
    "ManufacturersModelName": "TrioTim",
    "Modality": "MR",
    "PhaseEncodingDirection": "j-",
    "PixelBandwidth": 3005,
    "RepetitionTime": 3,
    "ScanningSequence": "EP",
    "SequenceVariant": "SK",
    "SliceThickness": 3,
    "SliceTiming": [
      0,
      1.5225,
      0.055,
      1.58,
      0.1125,
      1.6375,
      0.17,
      1.6925,
      0.225,
      1.75,
      0.2825,
      1.805,
      0.3375,
      1.8625,
      0.395,
      1.92,
      0.45,
      1.975,
      0.5075,
      2.0325,
      0.565,
      2.0875,
      0.62,
      2.145,
      0.6775,
      2.2,
      0.7325,
      2.2575,
      0.79,
      2.315,
      0.8475,
      2.37,
      0.9025,
      2.4275,
      0.96,
      2.4825,
      1.015,
      2.54,
      1.0725,
      2.595,
      1.1275,
      2.6525,
      1.185,
      2.71,
      1.2425,
      2.765,
      1.2975,
      2.8225,
      1.355,
      2.8775,
      1.41,
      2.935,
      1.4675
    ],
    "SpacingBetweenSlices": 3,
    "TaskName": "intertemporal choice task",
    "TotalReadoutTime": 0.0315,
    "dataset": "ds002843",
    "modality": "bold",
    "run_id": 1,
    "session_id": "scan1",
    "subject_id": "dmp0273",
    "task_id": "itc"
  },
  "dummy_trs": 0,
  "dvars_nstd": 19.19128064271845,
  "dvars_std": 1.184874294660194,
  "dvars_vstd": 0.9962655598058247,
  "efc": 0.562519156146084,
  "fber": 363.94207763671875,
  "fd_mean": 0.04804658985746097,
  "fd_num": 1,
  "fd_perc": 0.9615384615384616,
  "fwhm_avg": 2.264038888888889,
  "fwhm_x": 2.1556866666666665,
  "fwhm_y": 2.2235066666666667,
  "fwhm_z": 2.412923333333333,
  "gcor": 0.033899,
  "gsr_x": 0.009010610170662403,
  "gsr_y": 0.039509695023298264,
  "provenance": {
    "md5sum": "af39bb2384b50b1d0726b7b57c9cc1df",
    "settings": {
      "fd_thres": 0.2,
      "testing": false
    },
    "software": "mriqc",
    "version": "21.0.0rc2",
    "webapi_port": null,
    "webapi_url": "https://mriqc.nimh.nih.gov/api/v1"
  },
  "size_t": 104,
  "size_x": 64,
  "size_y": 64,
  "size_z": 53,
  "snr": 3.656962061408812,
  "spacing_tr": 3.0,
  "spacing_x": 3.0,
  "spacing_y": 3.0,
  "spacing_z": 3.0,
  "summary_bg_k": 31.16523271202111,
  "summary_bg_mad": 14.597928665950754,
  "summary_bg_mean": 68.52888488769531,
  "summary_bg_median": 36.71154022216797,
  "summary_bg_n": 136373.0,
  "summary_bg_p05": 26.08654022216797,
  "summary_bg_p95": 222.20193481445312,
  "summary_bg_stdv": 82.73562622070312,
  "summary_fg_k": 0.9002543112983914,
  "summary_fg_mad": 183.35796081347974,
  "summary_fg_mean": 732.7999267578125,
  "summary_fg_median": 702.9039306640625,
  "summary_fg_n": 38600.0,
  "summary_fg_p05": 478.4504928588867,
  "summary_fg_p95": 1094.0197692871093,
  "summary_fg_stdv": 192.20730590820312,
  "tsnr": 89.56873745424673
}