{
  "aor": 0.0019955769230769233,
  "aqi": 0.0032081756730769234,
  "bids_meta": {
    "BandwidthPerPixelPhaseEncode": 31.25,
    "EchoTime": 0.025,
    "EffectiveEchoSpacing": 0.0005,
    "FlipAngle": 75,
    "ImageType": [
      "ORIGINAL",
      "PRIMARY",
      "M",
      "ND",
      "MOSAIC"
    ],
    "MagneticFieldStrength": 3,
    "Manufacturer": "Siemens",
    "ManufacturersModelName": "TrioTim",
    "Modality": "MR",
    "PhaseEncodingDirection": "j-",
    "PixelBandwidth": 3005,
    "RepetitionTime": 3,
    "ScanningSequence": "EP",
    "SequenceVariant": "SK",
    "SliceThickness": 3,
    "SliceTiming": [
      0,
      1.5225,
      0.055,
      1.58,
      0.1125,
      1.6375,
      0.17,
      1.6925,
      0.225,
      1.75,
      0.2825,
      1.805,
      0.3375,
      1.8625,
      0.395,
      1.92,
      0.45,
      1.975,
      0.5075,
      2.0325,
      0.565,
      2.0875,
      0.62,
      2.145,
      0.6775,
      2.2,
      0.7325,
      2.2575,
      0.79,
      2.315,
      0.8475,
      2.37,
      0.9025,
      2.4275,
      0.96,
      2.4825,
      1.015,
      2.54,
      1.0725,
      2.595,
      1.1275,
      2.6525,
      1.185,
      2.71,
      1.2425,
      2.765,
      1.2975,
      2.8225,
      1.355,
      2.8775,
      1.41,
      2.935,
      1.4675
    ],
    "SpacingBetweenSlices": 3,
    "TaskName": "risk choice task",
    "TotalReadoutTime": 0.0315,
    "dataset": "ds002843",
    "modality": "bold",
    "run_id": 1,
    "session_id": "scan1",
    "subject_id": "dmp0273",
    "task_id": "risk"
  },
  "dummy_trs": 0,
  "dvars_nstd": 20.736222702524277,
  "dvars_std": 1.1957331350485432,
  "dvars_vstd": 0.9914209626213591,
  "efc": 0.5632360556323512,
  "fber": 360.8208923339844,
  "fd_mean": 0.06880912165017852,
  "fd_num": 8,
  "fd_perc": 7.6923076923076925,
  "fwhm_avg": 2.2603744444444445,
  "fwhm_x": 2.1460666666666666,
  "fwhm_y": 2.2210666666666667,
  "fwhm_z": 2.41399,
  "gcor": 0.0538622,
  "gsr_x": 0.008368824608623981,
  "gsr_y": 0.039785921573638916,
  "provenance": {
    "md5sum": "af686885f28aada53921b9efca2f12c2",
    "settings": {
      "fd_thres": 0.2,
      "testing": false
    },
    "software": "mriqc",
    "version": "21.0.0rc2",
    "webapi_port": null,
    "webapi_url": "https://mriqc.nimh.nih.gov/api/v1"
  },
  "size_t": 104,
  "size_x": 64,
  "size_y": 64,
  "size_z": 53,
  "snr": 3.6537855107388575,
  "spacing_tr": 3.0,
  "spacing_x": 3.0,
  "spacing_y": 3.0,
  "spacing_z": 3.0,
  "summary_bg_k": 31.7182393488919,
  "summary_bg_mad": 14.612183803935004,
  "summary_bg_mean": 68.17830657958984,
  "summary_bg_median": 36.79807662963867,
  "summary_bg_n": 136091.0,
  "summary_bg_p05": 26.173078536987305,
  "summary_bg_p95": 221.53846740722656,
  "summary_bg_stdv": 80.83431243896484,
  "summary_fg_k": 0.9015926373194945,
  "summary_fg_mad": 182.91604870812864,
  "summary_fg_mean": 732.8370971679688,
  "summary_fg_median": 702.6154174804688,
  "summary_fg_n": 38510.0,
  "summary_fg_p05": 478.70626068115234,
  "summary_fg_p95": 1092.8452026367179,
  "summary_fg_stdv": 192.29544067382812,
  "tsnr": 83.40074682980776
}