{
  "aor": 0.0017165625,
  "aqi": 0.0036321141874999996,
  "bids_meta": {
    "BandwidthPerPixelPhaseEncode": 31.25,
    "EchoTime": 0.025,
    "EffectiveEchoSpacing": 0.0005,
    "FlipAngle": 75,
    "ImageType": [
      "ORIGINAL",
      "PRIMARY",
      "M",
      "ND",
      "MOSAIC"
    ],
    "MagneticFieldStrength": 3,
    "Manufacturer": "Siemens",
    "ManufacturersModelName": "TrioTim",
    "Modality": "MR",
    "PhaseEncodingDirection": "j-",
    "PixelBandwidth": 3005,
    "RepetitionTime": 3,
    "ScanningSequence": "EP",
    "SequenceVariant": "SK",
    "SliceThickness": 3,
    "SliceTiming": [
      0,
      1.5225,
      0.055,
      1.58,
      0.1125,
      1.635,
      0.1675,
      1.6925,
      0.225,
      1.75,
      0.2825,
      1.805,
      0.3375,
      1.8625,
      0.395,
      1.9175,
      0.45,
      1.975,
      0.5075,
      2.03,
      0.5625,
      2.0875,
      0.62,
      2.145,
      0.6775,
      2.2,
      0.7325,
      2.2575,
      0.79,
      2.3125,
      0.845,
      2.37,
      0.9025,
      2.425,
      0.9575,
      2.4825,
      1.015,
      2.54,
      1.0725,
      2.595,
      1.1275,
      2.6525,
      1.185,
      2.7075,
      1.24,
      2.765,
      1.2975,
      2.8225,
      1.355,
      2.8775,
      1.41,
      2.935,
      1.4675
    ],
    "SpacingBetweenSlices": 3,
    "TaskName": "rest",
    "TotalReadoutTime": 0.0315,
    "dataset": "ds002843",
    "modality": "bold",
    "session_id": "scan2",
    "subject_id": "dmp0715",
    "task_id": "rest"
  },
  "dummy_trs": 0,
  "dvars_nstd": 23.870485377735857,
  "dvars_std": 1.1513214356603778,
  "dvars_vstd": 0.9576178616981134,
  "efc": 0.531807398776415,
  "fber": 446.95379638671875,
  "fd_mean": 0.1459770372181288,
  "fd_num": 32,
  "fd_perc": 20.0,
  "fwhm_avg": 2.568012222222222,
  "fwhm_x": 2.499033333333333,
  "fwhm_y": 2.46582,
  "fwhm_z": 2.739183333333333,
  "gcor": 0.0338308,
  "gsr_x": -0.010961337946355343,
  "gsr_y": 0.04911475256085396,
  "provenance": {
    "md5sum": "c292871b480336bca60db560eedc826d",
    "settings": {
      "fd_thres": 0.2,
      "testing": false
    },
    "software": "mriqc",
    "version": "21.0.0rc2",
    "webapi_port": null,
    "webapi_url": "https://mriqc.nimh.nih.gov/api/v1"
  },
  "size_t": 160,
  "size_x": 64,
  "size_y": 64,
  "size_z": 53,
  "snr": 3.2810290386733993,
  "spacing_tr": 3.0,
  "spacing_x": 3.0,
  "spacing_y": 3.0,
  "spacing_z": 3.0,
  "summary_bg_k": 21.407071782351785,
  "summary_bg_mad": 10.804467060766752,
  "summary_bg_mean": 64.34066009521484,
  "summary_bg_median": 33.10000228881836,
  "summary_bg_n": 144012.0,
  "summary_bg_p05": 24.837499618530273,
  "summary_bg_p95": 226.2653121948241,
  "summary_bg_stdv": 80.06853485107422,
  "summary_fg_k": 2.186648510632404,
  "summary_fg_mad": 185.60326522917003,
  "summary_fg_mean": 751.6043701171875,
  "summary_fg_median": 711.2875366210938,
  "summary_fg_n": 33251.0,
  "summary_fg_p05": 471.3968811035156,
  "summary_fg_p95": 1166.890625,
  "summary_fg_stdv": 216.78468322753906,
  "tsnr": 65.51182154472917
}