{
  "aor": 0.0013325,
  "aqi": 0.0022091870673076924,
  "bids_meta": {
    "BandwidthPerPixelPhaseEncode": 31.25,
    "EchoTime": 0.025,
    "EffectiveEchoSpacing": 0.0005,
    "FlipAngle": 75,
    "ImageType": [
      "ORIGINAL",
      "PRIMARY",
      "M",
      "ND",
      "MOSAIC"
    ],
    "MagneticFieldStrength": 3,
    "Manufacturer": "Siemens",
    "ManufacturersModelName": "TrioTim",
    "Modality": "MR",
    "PhaseEncodingDirection": "j-",
    "PixelBandwidth": 3005,
    "RepetitionTime": 3,
    "ScanningSequence": "EP",
    "SequenceVariant": "SK",
    "SliceThickness": 3,
    "SliceTiming": [
      0,
      1.5225,
      0.055,
      1.58,
      0.1125,
      1.6375,
      0.17,
      1.6925,
      0.225,
      1.75,
      0.2825,
      1.805,
      0.3375,
      1.8625,
      0.395,
      1.92,
      0.45,
      1.975,
      0.5075,
      2.0325,
      0.565,
      2.0875,
      0.62,
      2.145,
      0.6775,
      2.2,
      0.7325,
      2.2575,
      0.79,
      2.315,
      0.8475,
      2.37,
      0.9025,
      2.4275,
      0.96,
      2.4825,
      1.015,
      2.54,
      1.0725,
      2.595,
      1.1275,
      2.6525,
      1.185,
      2.71,
      1.2425,
      2.765,
      1.2975,
      2.8225,
      1.355,
      2.8775,
      1.41,
      2.935,
      1.4675
    ],
    "SpacingBetweenSlices": 3,
    "TaskName": "risk choice task",
    "TotalReadoutTime": 0.0315,
    "dataset": "ds002843",
    "modality": "bold",
    "run_id": 1,
    "session_id": "scan1",
    "subject_id": "dmp0313",
    "task_id": "risk"
  },
  "dummy_trs": 0,
  "dvars_nstd": 17.77749027281554,
  "dvars_std": 1.1441253900970874,
  "dvars_vstd": 0.9902431220388352,
  "efc": 0.5665718641626697,
  "fber": 417.1702880859375,
  "fd_mean": 0.06900534526750318,
  "fd_num": 2,
  "fd_perc": 1.9230769230769231,
  "fwhm_avg": 2.4361211111111114,
  "fwhm_x": 2.3643033333333334,
  "fwhm_y": 2.40635,
  "fwhm_z": 2.53771,
  "gcor": 0.0226208,
  "gsr_x": -0.004061544314026833,
  "gsr_y": 0.05389728024601936,
  "provenance": {
    "md5sum": "47b421c38827b054406515af04cde101",
    "settings": {
      "fd_thres": 0.2,
      "testing": false
    },
    "software": "mriqc",
    "version": "21.0.0rc2",
    "webapi_port": null,
    "webapi_url": "https://mriqc.nimh.nih.gov/api/v1"
  },
  "size_t": 104,
  "size_x": 64,
  "size_y": 64,
  "size_z": 53,
  "snr": 3.4020378104265405,
  "spacing_tr": 3.0,
  "spacing_x": 3.0,
  "spacing_y": 3.0,
  "spacing_z": 3.0,
  "summary_bg_k": 15.624899899397786,
  "summary_bg_mad": 12.34551506222385,
  "summary_bg_mean": 75.41649627685547,
  "summary_bg_median": 35.605770111083984,
  "summary_bg_n": 134661.0,
  "summary_bg_p05": 26.288461685180664,
  "summary_bg_p95": 279.52886962890625,
  "summary_bg_stdv": 96.29225158691406,
  "summary_fg_k": 2.474767016846103,
  "summary_fg_mad": 188.50431164781452,
  "summary_fg_mean": 766.4046630859375,
  "summary_fg_median": 732.25,
  "summary_fg_n": 40378.0,
  "summary_fg_p05": 482.2163543701172,
  "summary_fg_p95": 1159.5481262207034,
  "summary_fg_stdv": 215.23597717285156,
  "tsnr": 91.33708304772153
}