{
  "aor": 0.002197019230769231,
  "aqi": 0.0030796627884615386,
  "bids_meta": {
    "BandwidthPerPixelPhaseEncode": 31.25,
    "EchoTime": 0.025,
    "EffectiveEchoSpacing": 0.0005,
    "FlipAngle": 75,
    "ImageType": [
      "ORIGINAL",
      "PRIMARY",
      "M",
      "ND",
      "MOSAIC"
    ],
    "MagneticFieldStrength": 3,
    "Manufacturer": "Siemens",
    "ManufacturersModelName": "TrioTim",
    "Modality": "MR",
    "PhaseEncodingDirection": "j-",
    "PixelBandwidth": 3005,
    "RepetitionTime": 3,
    "ScanningSequence": "EP",
    "SequenceVariant": "SK",
    "SliceThickness": 3,
    "SliceTiming": [
      0,
      1.5225,
      0.055,
      1.58,
      0.1125,
      1.6375,
      0.17,
      1.6925,
      0.225,
      1.75,
      0.2825,
      1.805,
      0.3375,
      1.8625,
      0.395,
      1.92,
      0.45,
      1.975,
      0.5075,
      2.0325,
      0.565,
      2.0875,
      0.62,
      2.145,
      0.6775,
      2.2,
      0.7325,
      2.2575,
      0.79,
      2.315,
      0.8475,
      2.37,
      0.9025,
      2.4275,
      0.96,
      2.4825,
      1.015,
      2.54,
      1.0725,
      2.595,
      1.1275,
      2.6525,
      1.185,
      2.71,
      1.2425,
      2.765,
      1.2975,
      2.8225,
      1.355,
      2.8775,
      1.41,
      2.935,
      1.4675
    ],
    "SpacingBetweenSlices": 3,
    "TaskName": "risk choice task",
    "TotalReadoutTime": 0.0315,
    "dataset": "ds002843",
    "modality": "bold",
    "run_id": 4,
    "session_id": "scan1",
    "subject_id": "dmp0313",
    "task_id": "risk"
  },
  "dummy_trs": 0,
  "dvars_nstd": 19.4961492668932,
  "dvars_std": 1.1521251929126215,
  "dvars_vstd": 0.9934680844660193,
  "efc": 0.5671752929415281,
  "fber": 403.1095886230469,
  "fd_mean": 0.0962006897090822,
  "fd_num": 3,
  "fd_perc": 2.8846153846153846,
  "fwhm_avg": 2.473133333333333,
  "fwhm_x": 2.40138,
  "fwhm_y": 2.4531033333333334,
  "fwhm_z": 2.5649166666666665,
  "gcor": 0.0284548,
  "gsr_x": -0.00411258777603507,
  "gsr_y": 0.05830748379230499,
  "provenance": {
    "md5sum": "8717afbc7753c78db95908fe8122dc81",
    "settings": {
      "fd_thres": 0.2,
      "testing": false
    },
    "software": "mriqc",
    "version": "21.0.0rc2",
    "webapi_port": null,
    "webapi_url": "https://mriqc.nimh.nih.gov/api/v1"
  },
  "size_t": 104,
  "size_x": 64,
  "size_y": 64,
  "size_z": 53,
  "snr": 3.339175196921458,
  "spacing_tr": 3.0,
  "spacing_x": 3.0,
  "spacing_y": 3.0,
  "spacing_z": 3.0,
  "summary_bg_k": 16.222096077144247,
  "summary_bg_mad": 12.858725480210698,
  "summary_bg_mean": 75.8262939453125,
  "summary_bg_median": 36.1634635925293,
  "summary_bg_n": 134450.0,
  "summary_bg_p05": 26.64423179626465,
  "summary_bg_p95": 279.9327087402344,
  "summary_bg_stdv": 95.4166259765625,
  "summary_fg_k": 2.342990306524749,
  "summary_fg_mad": 190.471582902106,
  "summary_fg_mean": 766.4606323242188,
  "summary_fg_median": 732.1057739257812,
  "summary_fg_n": 40504.0,
  "summary_fg_p05": 475.25291442871094,
  "summary_fg_p95": 1166.1880432128905,
  "summary_fg_stdv": 219.24478149414062,
  "tsnr": 81.709388804622
}