{
  "aor": 0.001158076923076923,
  "aqi": 0.0026175377884615383,
  "bids_meta": {
    "BandwidthPerPixelPhaseEncode": 31.25,
    "EchoTime": 0.025,
    "EffectiveEchoSpacing": 0.0005,
    "FlipAngle": 75,
    "ImageType": [
      "ORIGINAL",
      "PRIMARY",
      "M",
      "ND",
      "MOSAIC"
    ],
    "MagneticFieldStrength": 3,
    "Manufacturer": "Siemens",
    "ManufacturersModelName": "TrioTim",
    "Modality": "MR",
    "PhaseEncodingDirection": "j-",
    "PixelBandwidth": 3005,
    "RepetitionTime": 3,
    "ScanningSequence": "EP",
    "SequenceVariant": "SK",
    "SliceThickness": 3,
    "SliceTiming": [
      0,
      1.5225,
      0.055,
      1.58,
      0.1125,
      1.6375,
      0.17,
      1.6925,
      0.225,
      1.75,
      0.2825,
      1.805,
      0.3375,
      1.8625,
      0.395,
      1.92,
      0.45,
      1.975,
      0.5075,
      2.0325,
      0.565,
      2.0875,
      0.62,
      2.145,
      0.6775,
      2.2,
      0.7325,
      2.2575,
      0.79,
      2.315,
      0.8475,
      2.37,
      0.9025,
      2.4275,
      0.96,
      2.4825,
      1.015,
      2.54,
      1.0725,
      2.595,
      1.1275,
      2.6525,
      1.185,
      2.71,
      1.2425,
      2.765,
      1.2975,
      2.8225,
      1.355,
      2.8775,
      1.41,
      2.935,
      1.4675
    ],
    "SpacingBetweenSlices": 3,
    "TaskName": "intertemporal choice task",
    "TotalReadoutTime": 0.0315,
    "dataset": "ds002843",
    "modality": "bold",
    "run_id": 1,
    "session_id": "scan1",
    "subject_id": "dmp1100",
    "task_id": "itc"
  },
  "dummy_trs": 0,
  "dvars_nstd": 18.617699595048546,
  "dvars_std": 1.1407445751456318,
  "dvars_vstd": 0.9780044654368935,
  "efc": 0.5778504942852163,
  "fber": 319.42034912109375,
  "fd_mean": 0.04598588399626188,
  "fd_num": 1,
  "fd_perc": 0.9615384615384616,
  "fwhm_avg": 2.2825079038410814,
  "fwhm_x": 2.0887933333333333,
  "fwhm_y": 2.2261201769161363,
  "fwhm_z": 2.532610201273775,
  "gcor": 0.0551028,
  "gsr_x": 0.007635844871401787,
  "gsr_y": 0.05194392800331116,
  "provenance": {
    "md5sum": "b80b706fcce99929578523e07cfa802e",
    "settings": {
      "fd_thres": 0.2,
      "testing": false
    },
    "software": "mriqc",
    "version": "21.0.0rc2",
    "webapi_port": null,
    "webapi_url": "https://mriqc.nimh.nih.gov/api/v1"
  },
  "size_t": 104,
  "size_x": 64,
  "size_y": 64,
  "size_z": 53,
  "snr": 3.4178886726735964,
  "spacing_tr": 3.0,
  "spacing_x": 3.0,
  "spacing_y": 2.999999761581421,
  "spacing_z": 2.999999761581421,
  "summary_bg_k": 44.096261872125666,
  "summary_bg_mad": 11.276331640136714,
  "summary_bg_mean": 64.44861602783203,
  "summary_bg_median": 32.2884635925293,
  "summary_bg_n": 132846.0,
  "summary_bg_p05": 24.173078536987305,
  "summary_bg_p95": 215.91106414794922,
  "summary_bg_stdv": 87.24919891357422,
  "summary_fg_k": 1.2816276478526722,
  "summary_fg_mad": 152.28036871087085,
  "summary_fg_mean": 616.4695434570312,
  "summary_fg_median": 583.9904174804688,
  "summary_fg_n": 41809.0,
  "summary_fg_p05": 395.52886962890625,
  "summary_fg_p95": 941.4230957031249,
  "summary_fg_stdv": 170.86087036132812,
  "tsnr": 84.23219868517481
}