{
  "aor": 0.004430192307692308,
  "aqi": 0.0036707096153846155,
  "bids_meta": {
    "BandwidthPerPixelPhaseEncode": 31.25,
    "EchoTime": 0.025,
    "EffectiveEchoSpacing": 0.0005,
    "FlipAngle": 75,
    "ImageType": [
      "ORIGINAL",
      "PRIMARY",
      "M",
      "ND",
      "MOSAIC"
    ],
    "MagneticFieldStrength": 3,
    "Manufacturer": "Siemens",
    "ManufacturersModelName": "TrioTim",
    "Modality": "MR",
    "PhaseEncodingDirection": "j-",
    "PixelBandwidth": 3005,
    "RepetitionTime": 3,
    "ScanningSequence": "EP",
    "SequenceVariant": "SK",
    "SliceThickness": 3,
    "SliceTiming": [
      0,
      1.5225,
      0.055,
      1.58,
      0.1125,
      1.6375,
      0.17,
      1.6925,
      0.225,
      1.75,
      0.2825,
      1.805,
      0.3375,
      1.8625,
      0.395,
      1.92,
      0.45,
      1.975,
      0.5075,
      2.0325,
      0.565,
      2.0875,
      0.62,
      2.145,
      0.6775,
      2.2,
      0.7325,
      2.2575,
      0.79,
      2.315,
      0.8475,
      2.37,
      0.9025,
      2.4275,
      0.96,
      2.4825,
      1.015,
      2.54,
      1.0725,
      2.595,
      1.1275,
      2.6525,
      1.185,
      2.71,
      1.2425,
      2.765,
      1.2975,
      2.8225,
      1.355,
      2.8775,
      1.41,
      2.935,
      1.4675
    ],
    "SpacingBetweenSlices": 3,
    "TaskName": "intertemporal choice task",
    "TotalReadoutTime": 0.0315,
    "dataset": "ds002843",
    "modality": "bold",
    "run_id": 2,
    "session_id": "scan1",
    "subject_id": "dmp1100",
    "task_id": "itc"
  },
  "dummy_trs": 0,
  "dvars_nstd": 20.903426494466007,
  "dvars_std": 1.1551071990291266,
  "dvars_vstd": 1.005579099708738,
  "efc": 0.577879277722834,
  "fber": 319.4137878417969,
  "fd_mean": 0.11037854754436253,
  "fd_num": 9,
  "fd_perc": 8.653846153846153,
  "fwhm_avg": 2.272230125468052,
  "fwhm_x": 2.0804300000000002,
  "fwhm_y": 2.206720175374363,
  "fwhm_z": 2.5295402010297936,
  "gcor": 0.0582955,
  "gsr_x": 0.008723572827875614,
  "gsr_y": 0.0552595816552639,
  "provenance": {
    "md5sum": "56ebbaef54cbe4c0c693cc12aceffddd",
    "settings": {
      "fd_thres": 0.2,
      "testing": false
    },
    "software": "mriqc",
    "version": "21.0.0rc2",
    "webapi_port": null,
    "webapi_url": "https://mriqc.nimh.nih.gov/api/v1"
  },
  "size_t": 104,
  "size_x": 64,
  "size_y": 64,
  "size_z": 53,
  "snr": 3.441921625217932,
  "spacing_tr": 3.0,
  "spacing_x": 3.0,
  "spacing_y": 2.999999761581421,
  "spacing_z": 2.999999761581421,
  "summary_bg_k": 42.014922480798106,
  "summary_bg_mad": 11.461656917449915,
  "summary_bg_mean": 64.24211120605469,
  "summary_bg_median": 32.365386962890625,
  "summary_bg_n": 133069.0,
  "summary_bg_p05": 23.96154022216797,
  "summary_bg_p95": 216.5288543701172,
  "summary_bg_stdv": 85.85645294189453,
  "summary_fg_k": 1.250094694205444,
  "summary_fg_mad": 151.67450979342397,
  "summary_fg_mean": 617.0262451171875,
  "summary_fg_median": 585.2403564453125,
  "summary_fg_n": 41726.0,
  "summary_fg_p05": 395.86539459228516,
  "summary_fg_p95": 938.4735717773438,
  "summary_fg_stdv": 170.03099060058594,
  "tsnr": 70.71194315329194
}