{
  "bids_meta": {
    "EchoTime": 0.00311,
    "FlipAngle": 15,
    "ImageType": [
      "ORIGINAL",
      "PRIMARY",
      "M",
      "ND",
      "NORM"
    ],
    "InversionTime": 1.1,
    "MagneticFieldStrength": 3,
    "Manufacturer": "Siemens",
    "ManufacturersModelName": "TrioTim",
    "Modality": "MR",
    "RepetitionTime": 1.63,
    "ScanningSequence": "GR_IR",
    "SequenceVariant": "SP_MP",
    "SliceThickness": 1,
    "dataset": "ds002843",
    "modality": "T1w",
    "session_id": "scan1",
    "subject_id": "dmp0216"
  },
  "cjv": 0.47607904236469245,
  "cnr": 2.66311513130456,
  "efc": 0.645572859355598,
  "fber": 9491.126953125,
  "fwhm_avg": 3.325769777777778,
  "fwhm_x": 3.1802026666666667,
  "fwhm_y": 3.7146666666666666,
  "fwhm_z": 3.08244,
  "icvs_csf": 0.17434290007225406,
  "icvs_gm": 0.44069524617503125,
  "icvs_wm": 0.38496185375271463,
  "inu_med": 1.0925322771072388,
  "inu_range": 0.22380731105804452,
  "provenance": {
    "md5sum": "038a48e1de9306f16a1535e4a3986046",
    "settings": {
      "testing": false
    },
    "software": "mriqc",
    "version": "21.0.0rc2",
    "warnings": {
      "large_rot_frame": true,
      "small_air_mask": false
    },
    "webapi_port": null,
    "webapi_url": "https://mriqc.nimh.nih.gov/api/v1"
  },
  "qi_1": 0.0007296649460440709,
  "qi_2": 0.00898580405367225,
  "rpve_csf": 15.709307073594246,
  "rpve_gm": 6.824608328446166,
  "rpve_wm": 8.94787283669501,
  "size_x": 192,
  "size_y": 256,
  "size_z": 160,
  "snr_csf": 1.1190213011834502,
  "snr_gm": 13.128770736774545,
  "snr_total": 12.871927880656495,
  "snr_wm": 24.367991604011493,
  "snrd_csf": 69.29240321431384,
  "snrd_gm": 135.23690330815546,
  "snrd_total": 124.37109726731303,
  "snrd_wm": 168.5839852794698,
  "spacing_x": 0.9375,
  "spacing_y": 0.9375,
  "spacing_z": 1.0,
  "summary_bg_k": 18.38929180909411,
  "summary_bg_mad": 3.8862292273751513,
  "summary_bg_mean": 8.725802421569824,
  "summary_bg_median": 5.211342811584473,
  "summary_bg_n": 1605703.0,
  "summary_bg_p05": 0.0,
  "summary_bg_p95": 25.957180404663085,
  "summary_bg_stdv": 9.98100757598877,
  "summary_csf_k": 50.00252735466913,
  "summary_csf_mad": 103.868732423844,
  "summary_csf_mean": 485.32696533203125,
  "summary_csf_median": 411.038330078125,
  "summary_csf_n": 28262.0,
  "summary_csf_p05": 289.221696472168,
  "summary_csf_p95": 704.6978332519528,
  "summary_csf_stdv": 367.31298828125,
  "summary_gm_k": 0.6547152211151182,
  "summary_gm_mad": 55.353800822338115,
  "summary_gm_mean": 807.5802612304688,
  "summary_gm_median": 802.2171020507812,
  "summary_gm_n": 30806.0,
  "summary_gm_p05": 718.6553802490234,
  "summary_gm_p95": 922.7058868408203,
  "summary_gm_stdv": 61.10275650024414,
  "summary_wm_k": 0.7293007216286855,
  "summary_wm_mad": 38.820759090780044,
  "summary_wm_mean": 1003.109375,
  "summary_wm_median": 1000.0299682617188,
  "summary_wm_n": 243034.0,
  "summary_wm_p05": 941.4648010253907,
  "summary_wm_p95": 1075.0641052246094,
  "summary_wm_stdv": 41.0385856628418,
  "tpm_overlap_csf": 0.17010906338691711,
  "tpm_overlap_gm": 0.454400897026062,
  "tpm_overlap_wm": 0.47594624757766724,
  "wm2max": 0.3526631266058869
}