{
  "aor": 0.0012819375,
  "aqi": 0.0050589818125,
  "bids_meta": {
    "BandwidthPerPixelPhaseEncode": 31.25,
    "EchoTime": 0.025,
    "EffectiveEchoSpacing": 0.0005,
    "FlipAngle": 75,
    "ImageType": [
      "ORIGINAL",
      "PRIMARY",
      "M",
      "ND",
      "MOSAIC"
    ],
    "MagneticFieldStrength": 3,
    "Manufacturer": "Siemens",
    "ManufacturersModelName": "TrioTim",
    "Modality": "MR",
    "PhaseEncodingDirection": "j-",
    "PixelBandwidth": 3005,
    "RepetitionTime": 3,
    "ScanningSequence": "EP",
    "SequenceVariant": "SK",
    "SliceThickness": 3,
    "SliceTiming": [
      0,
      1.5225,
      0.055,
      1.58,
      0.1125,
      1.635,
      0.1675,
      1.6925,
      0.225,
      1.75,
      0.2825,
      1.805,
      0.3375,
      1.8625,
      0.395,
      1.9175,
      0.45,
      1.975,
      0.5075,
      2.03,
      0.5625,
      2.0875,
      0.62,
      2.145,
      0.6775,
      2.2,
      0.7325,
      2.2575,
      0.79,
      2.3125,
      0.845,
      2.37,
      0.9025,
      2.425,
      0.9575,
      2.4825,
      1.015,
      2.54,
      1.0725,
      2.595,
      1.1275,
      2.6525,
      1.185,
      2.7075,
      1.24,
      2.765,
      1.2975,
      2.8225,
      1.355,
      2.8775,
      1.41,
      2.935,
      1.4675
    ],
    "SpacingBetweenSlices": 3,
    "TaskName": "rest",
    "TotalReadoutTime": 0.0315,
    "dataset": "ds002843",
    "modality": "bold",
    "session_id": "scan1",
    "subject_id": "dmp0273",
    "task_id": "rest"
  },
  "dummy_trs": 0,
  "dvars_nstd": 20.705566399811328,
  "dvars_std": 1.1261075338993713,
  "dvars_vstd": 0.9537314782389941,
  "efc": 0.5616161237632217,
  "fber": 363.5232238769531,
  "fd_mean": 0.0916273330759677,
  "fd_num": 15,
  "fd_perc": 9.375,
  "fwhm_avg": 2.272061111111111,
  "fwhm_x": 2.15316,
  "fwhm_y": 2.23687,
  "fwhm_z": 2.426153333333333,
  "gcor": 0.0387635,
  "gsr_x": 0.009234287776052952,
  "gsr_y": 0.038363017141819,
  "provenance": {
    "md5sum": "9008a7a902f7fd4aaaf201cb4cdd98ef",
    "settings": {
      "fd_thres": 0.2,
      "testing": false
    },
    "software": "mriqc",
    "version": "21.0.0rc2",
    "webapi_port": null,
    "webapi_url": "https://mriqc.nimh.nih.gov/api/v1"
  },
  "size_t": 160,
  "size_x": 64,
  "size_y": 64,
  "size_z": 53,
  "snr": 3.6580955756854623,
  "spacing_tr": 3.0,
  "spacing_x": 3.0,
  "spacing_y": 3.0,
  "spacing_z": 3.0,
  "summary_bg_k": 31.006954357001767,
  "summary_bg_mad": 14.733362374238734,
  "summary_bg_mean": 67.17681884765625,
  "summary_bg_median": 36.681251525878906,
  "summary_bg_n": 136230.0,
  "summary_bg_p05": 25.76875114440918,
  "summary_bg_p95": 215.4187469482422,
  "summary_bg_stdv": 79.49783325195312,
  "summary_fg_k": 0.8823133057227861,
  "summary_fg_mad": 182.36007287618904,
  "summary_fg_mean": 731.6726684570312,
  "summary_fg_median": 701.8062744140625,
  "summary_fg_n": 38560.0,
  "summary_fg_p05": 475.9243927001953,
  "summary_fg_p95": 1089.9146667480468,
  "summary_fg_stdv": 191.84768676757812,
  "tsnr": 68.58635943755507
}