{
  "aor": 0.005235922330097087,
  "aqi": 0.002136127281553398,
  "bids_meta": {
    "BandwidthPerPixelPhaseEncode": 31.25,
    "EchoTime": 0.025,
    "EffectiveEchoSpacing": 0.0005,
    "FlipAngle": 75,
    "ImageType": [
      "ORIGINAL",
      "PRIMARY",
      "M",
      "ND",
      "MOSAIC"
    ],
    "MagneticFieldStrength": 3,
    "Manufacturer": "Siemens",
    "ManufacturersModelName": "TrioTim",
    "Modality": "MR",
    "PhaseEncodingDirection": "j-",
    "PixelBandwidth": 3005,
    "RepetitionTime": 3,
    "ScanningSequence": "EP",
    "SequenceVariant": "SK",
    "SliceThickness": 3,
    "SliceTiming": [
      0,
      1.5225,
      0.055,
      1.58,
      0.1125,
      1.6375,
      0.17,
      1.6925,
      0.225,
      1.75,
      0.2825,
      1.805,
      0.3375,
      1.8625,
      0.395,
      1.92,
      0.45,
      1.975,
      0.5075,
      2.0325,
      0.565,
      2.0875,
      0.62,
      2.145,
      0.6775,
      2.2,
      0.7325,
      2.2575,
      0.79,
      2.315,
      0.8475,
      2.37,
      0.9025,
      2.4275,
      0.96,
      2.4825,
      1.015,
      2.54,
      1.0725,
      2.595,
      1.1275,
      2.6525,
      1.185,
      2.71,
      1.2425,
      2.765,
      1.2975,
      2.8225,
      1.355,
      2.8775,
      1.41,
      2.935,
      1.4675
    ],
    "SpacingBetweenSlices": 3,
    "TaskName": "intertemporal choice task",
    "TotalReadoutTime": 0.0315,
    "dataset": "ds002843",
    "modality": "bold",
    "run_id": 2,
    "session_id": "scan1",
    "subject_id": "dmp0115",
    "task_id": "itc"
  },
  "dummy_trs": 1,
  "dvars_nstd": 24.195656009313733,
  "dvars_std": 1.2457475448039217,
  "dvars_vstd": 1.0912930703921568,
  "efc": 0.599604888510357,
  "fber": 228.21987915039062,
  "fd_mean": 0.09592467702793325,
  "fd_num": 9,
  "fd_perc": 8.737864077669903,
  "fwhm_avg": 2.509628888888889,
  "fwhm_x": 2.2342999999999997,
  "fwhm_y": 2.5462633333333335,
  "fwhm_z": 2.7483233333333335,
  "gcor": 0.0217278,
  "gsr_x": -0.020265839993953705,
  "gsr_y": 0.061175793409347534,
  "provenance": {
    "md5sum": "0ed83e0dc22160343c86b2201dc47e51",
    "settings": {
      "fd_thres": 0.2,
      "testing": false
    },
    "software": "mriqc",
    "version": "21.0.0rc2",
    "webapi_port": null,
    "webapi_url": "https://mriqc.nimh.nih.gov/api/v1"
  },
  "size_t": 103,
  "size_x": 64,
  "size_y": 64,
  "size_z": 53,
  "snr": 2.958515539992426,
  "spacing_tr": 3.0,
  "spacing_x": 3.0,
  "spacing_y": 3.0,
  "spacing_z": 3.0,
  "summary_bg_k": 42.31847234637504,
  "summary_bg_mad": 17.359398591711546,
  "summary_bg_mean": 71.6459732055664,
  "summary_bg_median": 38.6893196105957,
  "summary_bg_n": 126117.0,
  "summary_bg_p05": 26.339805603027344,
  "summary_bg_p95": 222.05825805664062,
  "summary_bg_stdv": 84.73593139648438,
  "summary_fg_k": 1.9867979821513417,
  "summary_fg_mad": 177.42284641483803,
  "summary_fg_mean": 637.334228515625,
  "summary_fg_median": 606.2718505859375,
  "summary_fg_n": 45469.0,
  "summary_fg_p05": 371.0582580566406,
  "summary_fg_p95": 1015.0757324218749,
  "summary_fg_stdv": 204.92208862304688,
  "tsnr": 78.82381693925709
}