{
  "aor": 0.0015700000000000002,
  "aqi": 0.0034240642767295604,
  "bids_meta": {
    "BandwidthPerPixelPhaseEncode": 31.25,
    "EchoTime": 0.025,
    "EffectiveEchoSpacing": 0.0005,
    "FlipAngle": 75,
    "ImageType": [
      "ORIGINAL",
      "PRIMARY",
      "M",
      "ND",
      "MOSAIC"
    ],
    "MagneticFieldStrength": 3,
    "Manufacturer": "Siemens",
    "ManufacturersModelName": "TrioTim",
    "Modality": "MR",
    "PhaseEncodingDirection": "j-",
    "PixelBandwidth": 3005,
    "RepetitionTime": 3,
    "ScanningSequence": "EP",
    "SequenceVariant": "SK",
    "SliceThickness": 3,
    "SliceTiming": [
      0,
      1.5225,
      0.055,
      1.58,
      0.1125,
      1.635,
      0.1675,
      1.6925,
      0.225,
      1.75,
      0.2825,
      1.805,
      0.3375,
      1.8625,
      0.395,
      1.9175,
      0.45,
      1.975,
      0.5075,
      2.03,
      0.5625,
      2.0875,
      0.62,
      2.145,
      0.6775,
      2.2,
      0.7325,
      2.2575,
      0.79,
      2.3125,
      0.845,
      2.37,
      0.9025,
      2.425,
      0.9575,
      2.4825,
      1.015,
      2.54,
      1.0725,
      2.595,
      1.1275,
      2.6525,
      1.185,
      2.7075,
      1.24,
      2.765,
      1.2975,
      2.8225,
      1.355,
      2.8775,
      1.41,
      2.935,
      1.4675
    ],
    "SpacingBetweenSlices": 3,
    "TaskName": "rest",
    "TotalReadoutTime": 0.0315,
    "dataset": "ds002843",
    "modality": "bold",
    "session_id": "scan1",
    "subject_id": "dmp0847",
    "task_id": "rest"
  },
  "dummy_trs": 1,
  "dvars_nstd": 27.822735508417715,
  "dvars_std": 1.2568925247468352,
  "dvars_vstd": 0.9863299355063293,
  "efc": 0.5780002960872181,
  "fber": 263.4410705566406,
  "fd_mean": 0.13532379239088344,
  "fd_num": 22,
  "fd_perc": 13.836477987421384,
  "fwhm_avg": 3.223307777777778,
  "fwhm_x": 3.074173333333333,
  "fwhm_y": 3.011616666666667,
  "fwhm_z": 3.5841333333333334,
  "gcor": 0.059743,
  "gsr_x": -0.018093187361955643,
  "gsr_y": 0.1227574571967125,
  "provenance": {
    "md5sum": "06ba555ae83ed528feca3f2394e7de1e",
    "settings": {
      "fd_thres": 0.2,
      "testing": false
    },
    "software": "mriqc",
    "version": "21.0.0rc2",
    "webapi_port": null,
    "webapi_url": "https://mriqc.nimh.nih.gov/api/v1"
  },
  "size_t": 159,
  "size_x": 64,
  "size_y": 64,
  "size_z": 53,
  "snr": 1.8683736667256616,
  "spacing_tr": 3.0,
  "spacing_x": 3.0,
  "spacing_y": 3.0,
  "spacing_z": 3.0,
  "summary_bg_k": 13.97809169410284,
  "summary_bg_mad": 20.16898137556876,
  "summary_bg_mean": 98.52000427246094,
  "summary_bg_median": 43.729557037353516,
  "summary_bg_n": 123016.0,
  "summary_bg_p05": 27.87421226501465,
  "summary_bg_p95": 391.3018798828125,
  "summary_bg_stdv": 136.31602478027344,
  "summary_fg_k": 4.732921118835626,
  "summary_fg_mad": 271.5306693201347,
  "summary_fg_mean": 839.1829223632812,
  "summary_fg_median": 734.5660400390625,
  "summary_fg_n": 48036.0,
  "summary_fg_p05": 425.86319732666016,
  "summary_fg_p95": 1650.7593688964844,
  "summary_fg_stdv": 393.1539001464844,
  "tsnr": 65.96039075520821
}