{
  "aor": 0.0018862500000000001,
  "aqi": 0.0030229338461538464,
  "bids_meta": {
    "BandwidthPerPixelPhaseEncode": 31.25,
    "EchoTime": 0.025,
    "EffectiveEchoSpacing": 0.0005,
    "FlipAngle": 75,
    "ImageType": [
      "ORIGINAL",
      "PRIMARY",
      "M",
      "ND",
      "MOSAIC"
    ],
    "MagneticFieldStrength": 3,
    "Manufacturer": "Siemens",
    "ManufacturersModelName": "TrioTim",
    "Modality": "MR",
    "PhaseEncodingDirection": "j-",
    "PixelBandwidth": 3005,
    "RepetitionTime": 3,
    "ScanningSequence": "EP",
    "SequenceVariant": "SK",
    "SliceThickness": 3,
    "SliceTiming": [
      0,
      1.5225,
      0.055,
      1.58,
      0.1125,
      1.6375,
      0.17,
      1.6925,
      0.225,
      1.75,
      0.2825,
      1.805,
      0.3375,
      1.8625,
      0.395,
      1.92,
      0.45,
      1.975,
      0.5075,
      2.0325,
      0.565,
      2.0875,
      0.62,
      2.145,
      0.6775,
      2.2,
      0.7325,
      2.2575,
      0.79,
      2.315,
      0.8475,
      2.37,
      0.9025,
      2.4275,
      0.96,
      2.4825,
      1.015,
      2.54,
      1.0725,
      2.595,
      1.1275,
      2.6525,
      1.185,
      2.71,
      1.2425,
      2.765,
      1.2975,
      2.8225,
      1.355,
      2.8775,
      1.41,
      2.935,
      1.4675
    ],
    "SpacingBetweenSlices": 3,
    "TaskName": "intertemporal choice task",
    "TotalReadoutTime": 0.0315,
    "dataset": "ds002843",
    "modality": "bold",
    "run_id": 2,
    "session_id": "scan2",
    "subject_id": "dmp0844",
    "task_id": "itc"
  },
  "dummy_trs": 0,
  "dvars_nstd": 22.520413167669908,
  "dvars_std": 1.2491495217475723,
  "dvars_vstd": 1.0068538844660193,
  "efc": 0.5678146263936816,
  "fber": 284.828369140625,
  "fd_mean": 0.08072232678201535,
  "fd_num": 4,
  "fd_perc": 3.8461538461538463,
  "fwhm_avg": 2.9512644444444445,
  "fwhm_x": 2.88639,
  "fwhm_y": 2.80918,
  "fwhm_z": 3.1582233333333334,
  "gcor": 0.0358053,
  "gsr_x": -0.02600577101111412,
  "gsr_y": 0.1039636954665184,
  "provenance": {
    "md5sum": "37de037ac805c5e41f5ff7b6b0403b6e",
    "settings": {
      "fd_thres": 0.2,
      "testing": false
    },
    "software": "mriqc",
    "version": "21.0.0rc2",
    "webapi_port": null,
    "webapi_url": "https://mriqc.nimh.nih.gov/api/v1"
  },
  "size_t": 104,
  "size_x": 64,
  "size_y": 64,
  "size_z": 53,
  "snr": 2.382429332929843,
  "spacing_tr": 3.0,
  "spacing_x": 3.0,
  "spacing_y": 3.0,
  "spacing_z": 3.0,
  "summary_bg_k": 13.717563547248872,
  "summary_bg_mad": 20.699410507141426,
  "summary_bg_mean": 111.7518310546875,
  "summary_bg_median": 43.89423370361328,
  "summary_bg_n": 142356.0,
  "summary_bg_p05": 29.307693481445312,
  "summary_bg_p95": 417.7932891845703,
  "summary_bg_stdv": 149.08033752441406,
  "summary_fg_k": 4.102287337409679,
  "summary_fg_mad": 225.29137919448476,
  "summary_fg_mean": 826.0037231445312,
  "summary_fg_median": 748.9615478515625,
  "summary_fg_n": 34760.0,
  "summary_fg_p05": 467.6990509033203,
  "summary_fg_p95": 1445.8528991699204,
  "summary_fg_stdv": 314.36431884765625,
  "tsnr": 91.34081219742075
}