{
  "aor": 0.0009364077669902912,
  "aqi": 0.003075056601941748,
  "bids_meta": {
    "BandwidthPerPixelPhaseEncode": 31.25,
    "EchoTime": 0.025,
    "EffectiveEchoSpacing": 0.0005,
    "FlipAngle": 75,
    "ImageType": [
      "ORIGINAL",
      "PRIMARY",
      "M",
      "ND",
      "MOSAIC"
    ],
    "MagneticFieldStrength": 3,
    "Manufacturer": "Siemens",
    "ManufacturersModelName": "TrioTim",
    "Modality": "MR",
    "PhaseEncodingDirection": "j-",
    "PixelBandwidth": 3005,
    "RepetitionTime": 3,
    "ScanningSequence": "EP",
    "SequenceVariant": "SK",
    "SliceThickness": 3,
    "SliceTiming": [
      0,
      1.5225,
      0.055,
      1.58,
      0.1125,
      1.6375,
      0.17,
      1.6925,
      0.225,
      1.75,
      0.2825,
      1.805,
      0.3375,
      1.8625,
      0.395,
      1.92,
      0.45,
      1.975,
      0.5075,
      2.0325,
      0.565,
      2.0875,
      0.62,
      2.145,
      0.6775,
      2.2,
      0.7325,
      2.2575,
      0.79,
      2.315,
      0.8475,
      2.37,
      0.9025,
      2.4275,
      0.96,
      2.4825,
      1.015,
      2.54,
      1.0725,
      2.595,
      1.1275,
      2.6525,
      1.185,
      2.71,
      1.2425,
      2.765,
      1.2975,
      2.8225,
      1.355,
      2.8775,
      1.41,
      2.935,
      1.4675
    ],
    "SpacingBetweenSlices": 3,
    "TaskName": "intertemporal choice task",
    "TotalReadoutTime": 0.0315,
    "dataset": "ds002843",
    "modality": "bold",
    "run_id": 3,
    "session_id": "scan2",
    "subject_id": "dmp0844",
    "task_id": "itc"
  },
  "dummy_trs": 1,
  "dvars_nstd": 22.237119225686282,
  "dvars_std": 1.2555420678431368,
  "dvars_vstd": 1.003664924705882,
  "efc": 0.5686041880691352,
  "fber": 278.85797119140625,
  "fd_mean": 0.061043032108512606,
  "fd_num": 0,
  "fd_perc": 0.0,
  "fwhm_avg": 3.1078555555555556,
  "fwhm_x": 3.0426466666666667,
  "fwhm_y": 2.94779,
  "fwhm_z": 3.33313,
  "gcor": 0.0497361,
  "gsr_x": -0.025901831686496735,
  "gsr_y": 0.1094779223203659,
  "provenance": {
    "md5sum": "f243c08f3d587dff0b90f9bfa5fd89cc",
    "settings": {
      "fd_thres": 0.2,
      "testing": false
    },
    "software": "mriqc",
    "version": "21.0.0rc2",
    "webapi_port": null,
    "webapi_url": "https://mriqc.nimh.nih.gov/api/v1"
  },
  "size_t": 103,
  "size_x": 64,
  "size_y": 64,
  "size_z": 53,
  "snr": 2.3247582654584855,
  "spacing_tr": 3.0,
  "spacing_x": 3.0,
  "spacing_y": 3.0,
  "spacing_z": 3.0,
  "summary_bg_k": 14.807203507723564,
  "summary_bg_mad": 19.331403649015463,
  "summary_bg_mean": 110.2108383178711,
  "summary_bg_median": 43.01941680908203,
  "summary_bg_n": 138748.0,
  "summary_bg_p05": 29.368932723999023,
  "summary_bg_p95": 430.2844665527343,
  "summary_bg_stdv": 152.51187133789062,
  "summary_fg_k": 3.9044641937076134,
  "summary_fg_mad": 228.7381759781077,
  "summary_fg_mean": 818.8898315429688,
  "summary_fg_median": 745.3155517578125,
  "summary_fg_n": 35410.0,
  "summary_fg_p05": 431.1208831787109,
  "summary_fg_p95": 1446.5112304687482,
  "summary_fg_stdv": 320.5946350097656,
  "tsnr": 89.74308616830967
}