{
  "aor": 0.0014129807692307692,
  "aqi": 0.0035405782692307696,
  "bids_meta": {
    "BandwidthPerPixelPhaseEncode": 31.25,
    "EchoTime": 0.025,
    "EffectiveEchoSpacing": 0.0005,
    "FlipAngle": 75,
    "ImageType": [
      "ORIGINAL",
      "PRIMARY",
      "M",
      "ND",
      "MOSAIC"
    ],
    "MagneticFieldStrength": 3,
    "Manufacturer": "Siemens",
    "ManufacturersModelName": "TrioTim",
    "Modality": "MR",
    "PhaseEncodingDirection": "j-",
    "PixelBandwidth": 3005,
    "RepetitionTime": 3,
    "ScanningSequence": "EP",
    "SequenceVariant": "SK",
    "SliceThickness": 3,
    "SliceTiming": [
      0,
      1.5225,
      0.055,
      1.58,
      0.1125,
      1.6375,
      0.17,
      1.6925,
      0.225,
      1.75,
      0.2825,
      1.805,
      0.3375,
      1.8625,
      0.395,
      1.92,
      0.45,
      1.975,
      0.5075,
      2.0325,
      0.565,
      2.0875,
      0.62,
      2.145,
      0.6775,
      2.2,
      0.7325,
      2.2575,
      0.79,
      2.315,
      0.8475,
      2.37,
      0.9025,
      2.4275,
      0.96,
      2.4825,
      1.015,
      2.54,
      1.0725,
      2.595,
      1.1275,
      2.6525,
      1.185,
      2.71,
      1.2425,
      2.765,
      1.2975,
      2.8225,
      1.355,
      2.8775,
      1.41,
      2.935,
      1.4675
    ],
    "SpacingBetweenSlices": 3,
    "TaskName": "risk choice task",
    "TotalReadoutTime": 0.0315,
    "dataset": "ds002843",
    "modality": "bold",
    "run_id": 2,
    "session_id": "scan2",
    "subject_id": "dmp0844",
    "task_id": "risk"
  },
  "dummy_trs": 0,
  "dvars_nstd": 22.76535624893205,
  "dvars_std": 1.233775088932039,
  "dvars_vstd": 0.9907981596116504,
  "efc": 0.5682436915037709,
  "fber": 282.7495422363281,
  "fd_mean": 0.06868810162552282,
  "fd_num": 2,
  "fd_perc": 1.9230769230769231,
  "fwhm_avg": 2.9582244444444448,
  "fwhm_x": 2.89371,
  "fwhm_y": 2.8085133333333334,
  "fwhm_z": 3.17245,
  "gcor": 0.0528091,
  "gsr_x": -0.025742288678884506,
  "gsr_y": 0.1045088917016983,
  "provenance": {
    "md5sum": "7571227c529b986bd0d1d06d21c48b11",
    "settings": {
      "fd_thres": 0.2,
      "testing": false
    },
    "software": "mriqc",
    "version": "21.0.0rc2",
    "webapi_port": null,
    "webapi_url": "https://mriqc.nimh.nih.gov/api/v1"
  },
  "size_t": 104,
  "size_x": 64,
  "size_y": 64,
  "size_z": 53,
  "snr": 2.3661611403563265,
  "spacing_tr": 3.0,
  "spacing_x": 3.0,
  "spacing_y": 3.0,
  "spacing_z": 3.0,
  "summary_bg_k": 13.906970781587134,
  "summary_bg_mad": 20.870480646470376,
  "summary_bg_mean": 112.98931884765625,
  "summary_bg_median": 44.01923370361328,
  "summary_bg_n": 142354.0,
  "summary_bg_p05": 29.288461685180664,
  "summary_bg_p95": 424.43367004394565,
  "summary_bg_stdv": 152.04537963867188,
  "summary_fg_k": 4.155814168418904,
  "summary_fg_mad": 226.22506386797969,
  "summary_fg_mean": 826.5977172851562,
  "summary_fg_median": 748.75,
  "summary_fg_n": 34753.0,
  "summary_fg_p05": 465.9000244140625,
  "summary_fg_p95": 1451.1980957031253,
  "summary_fg_stdv": 316.436279296875,
  "tsnr": 87.62686360208318
}