{
  "bids_meta": {
    "EchoTime": 0.00311,
    "FlipAngle": 15,
    "ImageType": [
      "ORIGINAL",
      "PRIMARY",
      "M",
      "ND",
      "NORM"
    ],
    "InversionTime": 1.1,
    "MagneticFieldStrength": 3,
    "Manufacturer": "Siemens",
    "ManufacturersModelName": "TrioTim",
    "Modality": "MR",
    "RepetitionTime": 1.63,
    "ScanningSequence": "GR_IR",
    "SequenceVariant": "SP_MP",
    "SliceThickness": 1,
    "dataset": "ds002843",
    "modality": "T1w",
    "session_id": "scan2",
    "subject_id": "dmp0313"
  },
  "cjv": 0.692921414563492,
  "cnr": 1.9764679355672377,
  "efc": 0.5717230077861516,
  "fber": 16680.740234375,
  "fwhm_avg": 3.3428455555555554,
  "fwhm_x": 3.2645973333333336,
  "fwhm_y": 3.632309333333333,
  "fwhm_z": 3.13163,
  "icvs_csf": 0.18091002586457539,
  "icvs_gm": 0.4286790693988815,
  "icvs_wm": 0.3904109047365431,
  "inu_med": 1.058855652809143,
  "inu_range": 0.28226823508739474,
  "provenance": {
    "md5sum": "c80f48f31bccb157b889550ff9b59825",
    "settings": {
      "testing": false
    },
    "software": "mriqc",
    "version": "21.0.0rc2",
    "warnings": {
      "large_rot_frame": true,
      "small_air_mask": false
    },
    "webapi_port": null,
    "webapi_url": "https://mriqc.nimh.nih.gov/api/v1"
  },
  "qi_1": 5.598920528122178e-06,
  "qi_2": 0.0038271450419267708,
  "rpve_csf": 17.2111774640156,
  "rpve_gm": 7.797015327383978,
  "rpve_wm": 10.027211174481074,
  "size_x": 192,
  "size_y": 256,
  "size_z": 160,
  "snr_csf": 1.156742175781563,
  "snr_gm": 11.710145107996322,
  "snr_total": 13.202034335691833,
  "snr_wm": 26.73921572329761,
  "snrd_csf": 93.19228288363756,
  "snrd_gm": 190.14200727262065,
  "snrd_total": 169.93438116270394,
  "snrd_wm": 226.4688533318536,
  "spacing_x": 0.9375,
  "spacing_y": 0.9375,
  "spacing_z": 1.0,
  "summary_bg_k": 17.522519245409526,
  "summary_bg_mad": 2.892896585740169,
  "summary_bg_mean": 6.408694267272949,
  "summary_bg_median": 3.8794116973876953,
  "summary_bg_n": 2289860.0,
  "summary_bg_p05": 0.0,
  "summary_bg_p95": 18.90684366226194,
  "summary_bg_stdv": 6.8948211669921875,
  "summary_csf_k": 24.501262310590306,
  "summary_csf_mad": 117.23798753037141,
  "summary_csf_mean": 502.18658447265625,
  "summary_csf_median": 411.5107116699219,
  "summary_csf_n": 22246.0,
  "summary_csf_p05": 281.0804748535156,
  "summary_csf_p95": 832.2554321289062,
  "summary_csf_stdv": 355.7417297363281,
  "summary_gm_k": -0.48916622406616517,
  "summary_gm_mad": 76.42197288744387,
  "summary_gm_mean": 843.260498046875,
  "summary_gm_median": 839.6132202148438,
  "summary_gm_n": 25052.0,
  "summary_gm_p05": 729.7857360839844,
  "summary_gm_p95": 964.9278594970704,
  "summary_gm_stdv": 71.69821166992188,
  "summary_wm_k": 0.8552184005609687,
  "summary_wm_mad": 34.72889822545439,
  "summary_wm_mean": 1002.5172729492188,
  "summary_wm_median": 1000.0222778320312,
  "summary_wm_n": 200204.0,
  "summary_wm_p05": 946.4339813232422,
  "summary_wm_p95": 1067.7549499511717,
  "summary_wm_stdv": 37.39899444580078,
  "tpm_overlap_csf": 0.18442875146865845,
  "tpm_overlap_gm": 0.4555056095123291,
  "tpm_overlap_wm": 0.4832943081855774,
  "wm2max": 0.45510797267999753
}