{
  "aor": 0.0057529375,
  "aqi": 0.0046818000625,
  "bids_meta": {
    "BandwidthPerPixelPhaseEncode": 31.25,
    "EchoTime": 0.025,
    "EffectiveEchoSpacing": 0.0005,
    "FlipAngle": 75,
    "ImageType": [
      "ORIGINAL",
      "PRIMARY",
      "M",
      "ND",
      "MOSAIC"
    ],
    "MagneticFieldStrength": 3,
    "Manufacturer": "Siemens",
    "ManufacturersModelName": "TrioTim",
    "Modality": "MR",
    "PhaseEncodingDirection": "j-",
    "PixelBandwidth": 3005,
    "RepetitionTime": 3,
    "ScanningSequence": "EP",
    "SequenceVariant": "SK",
    "SliceThickness": 3,
    "SliceTiming": [
      0,
      1.5225,
      0.055,
      1.58,
      0.1125,
      1.635,
      0.1675,
      1.6925,
      0.225,
      1.75,
      0.2825,
      1.805,
      0.3375,
      1.8625,
      0.395,
      1.9175,
      0.45,
      1.975,
      0.5075,
      2.03,
      0.5625,
      2.0875,
      0.62,
      2.145,
      0.6775,
      2.2,
      0.7325,
      2.2575,
      0.79,
      2.3125,
      0.845,
      2.37,
      0.9025,
      2.425,
      0.9575,
      2.4825,
      1.015,
      2.54,
      1.0725,
      2.595,
      1.1275,
      2.6525,
      1.185,
      2.7075,
      1.24,
      2.765,
      1.2975,
      2.8225,
      1.355,
      2.8775,
      1.41,
      2.935,
      1.4675
    ],
    "SpacingBetweenSlices": 3,
    "TaskName": "rest",
    "TotalReadoutTime": 0.0315,
    "dataset": "ds002843",
    "modality": "bold",
    "session_id": "scan2",
    "subject_id": "dmp0202",
    "task_id": "rest"
  },
  "dummy_trs": 0,
  "dvars_nstd": 20.27035536886792,
  "dvars_std": 1.1311416018238991,
  "dvars_vstd": 0.9750581477358492,
  "efc": 0.5445372258604562,
  "fber": 491.1728820800781,
  "fd_mean": 0.07230926048246057,
  "fd_num": 7,
  "fd_perc": 4.375,
  "fwhm_avg": 2.4473744444444443,
  "fwhm_x": 2.3535633333333332,
  "fwhm_y": 2.31364,
  "fwhm_z": 2.67492,
  "gcor": 0.0719875,
  "gsr_x": -0.005002413876354694,
  "gsr_y": 0.03718811273574829,
  "provenance": {
    "md5sum": "4850fb8792b97b80388e39e1cb1f1a6a",
    "settings": {
      "fd_thres": 0.2,
      "testing": false
    },
    "software": "mriqc",
    "version": "21.0.0rc2",
    "webapi_port": null,
    "webapi_url": "https://mriqc.nimh.nih.gov/api/v1"
  },
  "size_t": 160,
  "size_x": 64,
  "size_y": 64,
  "size_z": 53,
  "snr": 3.299947427997405,
  "spacing_tr": 3.0,
  "spacing_x": 3.0,
  "spacing_y": 3.0,
  "spacing_z": 3.0,
  "summary_bg_k": 30.62800857313315,
  "summary_bg_mad": 7.7836616471544104,
  "summary_bg_mean": 56.88599395751953,
  "summary_bg_median": 30.774999618530273,
  "summary_bg_n": 135542.0,
  "summary_bg_p05": 25.15625,
  "summary_bg_p95": 183.518440246582,
  "summary_bg_stdv": 69.54541778564453,
  "summary_fg_k": 2.073496445552256,
  "summary_fg_mad": 185.4828218970881,
  "summary_fg_mean": 725.2568359375,
  "summary_fg_median": 688.0187377929688,
  "summary_fg_n": 39993.0,
  "summary_fg_p05": 462.4412536621094,
  "summary_fg_p95": 1123.3862548828129,
  "summary_fg_stdv": 208.49124145507812,
  "tsnr": 74.62160507566296
}