{
  "aor": 0.0017568269230769232,
  "aqi": 0.002376600673076923,
  "bids_meta": {
    "BandwidthPerPixelPhaseEncode": 31.25,
    "EchoTime": 0.025,
    "EffectiveEchoSpacing": 0.0005,
    "FlipAngle": 75,
    "ImageType": [
      "ORIGINAL",
      "PRIMARY",
      "M",
      "ND",
      "MOSAIC"
    ],
    "MagneticFieldStrength": 3,
    "Manufacturer": "Siemens",
    "ManufacturersModelName": "TrioTim",
    "Modality": "MR",
    "PhaseEncodingDirection": "j-",
    "PixelBandwidth": 3005,
    "RepetitionTime": 3,
    "ScanningSequence": "EP",
    "SequenceVariant": "SK",
    "SliceThickness": 3,
    "SliceTiming": [
      0,
      1.5225,
      0.055,
      1.58,
      0.1125,
      1.6375,
      0.17,
      1.6925,
      0.225,
      1.75,
      0.2825,
      1.805,
      0.3375,
      1.8625,
      0.395,
      1.92,
      0.45,
      1.975,
      0.5075,
      2.0325,
      0.565,
      2.0875,
      0.62,
      2.145,
      0.6775,
      2.2,
      0.7325,
      2.2575,
      0.79,
      2.315,
      0.8475,
      2.37,
      0.9025,
      2.4275,
      0.96,
      2.4825,
      1.015,
      2.54,
      1.0725,
      2.595,
      1.1275,
      2.6525,
      1.185,
      2.71,
      1.2425,
      2.765,
      1.2975,
      2.8225,
      1.355,
      2.8775,
      1.41,
      2.935,
      1.4675
    ],
    "SpacingBetweenSlices": 3,
    "TaskName": "risk choice task",
    "TotalReadoutTime": 0.0315,
    "dataset": "ds002843",
    "modality": "bold",
    "run_id": 1,
    "session_id": "scan2",
    "subject_id": "dmp0614",
    "task_id": "risk"
  },
  "dummy_trs": 0,
  "dvars_nstd": 19.076715321067965,
  "dvars_std": 1.0866202566990286,
  "dvars_vstd": 0.9754619445631066,
  "efc": 0.5995291134456949,
  "fber": 260.3832092285156,
  "fd_mean": 0.0731157001007569,
  "fd_num": 3,
  "fd_perc": 2.8846153846153846,
  "fwhm_avg": 3.0206465014469313,
  "fwhm_x": 2.8251033333333333,
  "fwhm_y": 2.867603105436714,
  "fwhm_z": 3.3692330655707465,
  "gcor": 0.0299405,
  "gsr_x": -0.00365704414434731,
  "gsr_y": 0.04466980695724487,
  "provenance": {
    "md5sum": "0efdb05288417428f530a41240193c7d",
    "settings": {
      "fd_thres": 0.2,
      "testing": false
    },
    "software": "mriqc",
    "version": "21.0.0rc2",
    "webapi_port": null,
    "webapi_url": "https://mriqc.nimh.nih.gov/api/v1"
  },
  "size_t": 104,
  "size_x": 64,
  "size_y": 64,
  "size_z": 53,
  "snr": 2.2600276808707367,
  "spacing_tr": 3.0,
  "spacing_x": 3.0,
  "spacing_y": 3.000000238418579,
  "spacing_z": 3.000000238418579,
  "summary_bg_k": 24.446744650704318,
  "summary_bg_mad": 18.68221374975294,
  "summary_bg_mean": 91.76011657714844,
  "summary_bg_median": 42.07211685180664,
  "summary_bg_n": 119298.0,
  "summary_bg_p05": 28.423078536987305,
  "summary_bg_p95": 340.0153854370115,
  "summary_bg_stdv": 130.23374938964844,
  "summary_fg_k": 4.10570691201734,
  "summary_fg_mad": 242.17027698555995,
  "summary_fg_mean": 770.7208862304688,
  "summary_fg_median": 702.3798217773438,
  "summary_fg_n": 50864.0,
  "summary_fg_p05": 413.871159362793,
  "summary_fg_p95": 1391.852465820312,
  "summary_fg_stdv": 310.7806701660156,
  "tsnr": 74.52796417241916
}