{
  "aor": 0.0011276875,
  "aqi": 0.0029535515,
  "bids_meta": {
    "BandwidthPerPixelPhaseEncode": 31.25,
    "EchoTime": 0.025,
    "EffectiveEchoSpacing": 0.0005,
    "FlipAngle": 75,
    "ImageType": [
      "ORIGINAL",
      "PRIMARY",
      "M",
      "ND",
      "MOSAIC"
    ],
    "MagneticFieldStrength": 3,
    "Manufacturer": "Siemens",
    "ManufacturersModelName": "TrioTim",
    "Modality": "MR",
    "PhaseEncodingDirection": "j-",
    "PixelBandwidth": 3005,
    "RepetitionTime": 3,
    "ScanningSequence": "EP",
    "SequenceVariant": "SK",
    "SliceThickness": 3,
    "SliceTiming": [
      0,
      1.5225,
      0.055,
      1.58,
      0.1125,
      1.635,
      0.1675,
      1.6925,
      0.225,
      1.75,
      0.2825,
      1.805,
      0.3375,
      1.8625,
      0.395,
      1.9175,
      0.45,
      1.975,
      0.5075,
      2.03,
      0.5625,
      2.0875,
      0.62,
      2.145,
      0.6775,
      2.2,
      0.7325,
      2.2575,
      0.79,
      2.3125,
      0.845,
      2.37,
      0.9025,
      2.425,
      0.9575,
      2.4825,
      1.015,
      2.54,
      1.0725,
      2.595,
      1.1275,
      2.6525,
      1.185,
      2.7075,
      1.24,
      2.765,
      1.2975,
      2.8225,
      1.355,
      2.8775,
      1.41,
      2.935,
      1.4675
    ],
    "SpacingBetweenSlices": 3,
    "TaskName": "rest",
    "TotalReadoutTime": 0.0315,
    "dataset": "ds002843",
    "modality": "bold",
    "session_id": "scan2",
    "subject_id": "dmp0614",
    "task_id": "rest"
  },
  "dummy_trs": 0,
  "dvars_nstd": 19.477051548742146,
  "dvars_std": 1.1160235672327046,
  "dvars_vstd": 0.9833970791823903,
  "efc": 0.5991742882835948,
  "fber": 263.67279052734375,
  "fd_mean": 0.0649882742401989,
  "fd_num": 0,
  "fd_perc": 0.0,
  "fwhm_avg": 3.0107431690437836,
  "fwhm_x": 2.8305066666666665,
  "fwhm_y": 2.8314897749734103,
  "fwhm_z": 3.3702330654912735,
  "gcor": 0.0210744,
  "gsr_x": -0.0043445369228720665,
  "gsr_y": 0.05129840970039368,
  "provenance": {
    "md5sum": "0cd1cb1b7171b5a687f20c2552bed446",
    "settings": {
      "fd_thres": 0.2,
      "testing": false
    },
    "software": "mriqc",
    "version": "21.0.0rc2",
    "webapi_port": null,
    "webapi_url": "https://mriqc.nimh.nih.gov/api/v1"
  },
  "size_t": 160,
  "size_x": 64,
  "size_y": 64,
  "size_z": 53,
  "snr": 2.258072632624798,
  "spacing_tr": 3.0,
  "spacing_x": 3.0,
  "spacing_y": 3.000000238418579,
  "spacing_z": 3.000000238418579,
  "summary_bg_k": 24.452409550956872,
  "summary_bg_mad": 18.532527731320023,
  "summary_bg_mean": 91.16976928710938,
  "summary_bg_median": 41.71875,
  "summary_bg_n": 119610.0,
  "summary_bg_p05": 28.056249618530273,
  "summary_bg_p95": 336.8687438964844,
  "summary_bg_stdv": 129.6647186279297,
  "summary_fg_k": 4.165913924424348,
  "summary_fg_mad": 240.75608585575006,
  "summary_fg_mean": 766.16552734375,
  "summary_fg_median": 698.5250244140625,
  "summary_fg_n": 50993.0,
  "summary_fg_p05": 410.30999755859375,
  "summary_fg_p95": 1380.6938232421871,
  "summary_fg_stdv": 309.3426513671875,
  "tsnr": 73.81952170771547
}