{
  "aor": 0.0019211538461538463,
  "aqi": 0.002982210096153847,
  "bids_meta": {
    "BandwidthPerPixelPhaseEncode": 31.25,
    "EchoTime": 0.025,
    "EffectiveEchoSpacing": 0.0005,
    "FlipAngle": 75,
    "ImageType": [
      "ORIGINAL",
      "PRIMARY",
      "M",
      "ND",
      "MOSAIC"
    ],
    "MagneticFieldStrength": 3,
    "Manufacturer": "Siemens",
    "ManufacturersModelName": "TrioTim",
    "Modality": "MR",
    "PhaseEncodingDirection": "j-",
    "PixelBandwidth": 3005,
    "RepetitionTime": 3,
    "ScanningSequence": "EP",
    "SequenceVariant": "SK",
    "SliceThickness": 3,
    "SliceTiming": [
      0,
      1.5225,
      0.055,
      1.58,
      0.1125,
      1.6375,
      0.17,
      1.6925,
      0.225,
      1.75,
      0.2825,
      1.805,
      0.3375,
      1.8625,
      0.395,
      1.92,
      0.45,
      1.975,
      0.5075,
      2.0325,
      0.565,
      2.0875,
      0.62,
      2.145,
      0.6775,
      2.2,
      0.7325,
      2.2575,
      0.79,
      2.315,
      0.8475,
      2.37,
      0.9025,
      2.4275,
      0.96,
      2.4825,
      1.015,
      2.54,
      1.0725,
      2.595,
      1.1275,
      2.6525,
      1.185,
      2.71,
      1.2425,
      2.765,
      1.2975,
      2.8225,
      1.355,
      2.8775,
      1.41,
      2.935,
      1.4675
    ],
    "SpacingBetweenSlices": 3,
    "TaskName": "risk choice task",
    "TotalReadoutTime": 0.0315,
    "dataset": "ds002843",
    "modality": "bold",
    "run_id": 4,
    "session_id": "scan2",
    "subject_id": "dmp0097",
    "task_id": "risk"
  },
  "dummy_trs": 0,
  "dvars_nstd": 20.77725688213593,
  "dvars_std": 1.1803303516504855,
  "dvars_vstd": 0.998626878640777,
  "efc": 0.5482870468290431,
  "fber": 431.9681396484375,
  "fd_mean": 0.0722457346533971,
  "fd_num": 3,
  "fd_perc": 2.8846153846153846,
  "fwhm_avg": 2.2170711111111108,
  "fwhm_x": 2.0643,
  "fwhm_y": 2.19934,
  "fwhm_z": 2.3875733333333335,
  "gcor": 0.0618896,
  "gsr_x": 0.0004939942737109959,
  "gsr_y": 0.03131674975156784,
  "provenance": {
    "md5sum": "13fd1e2545272dad79f9f269c07e4cb4",
    "settings": {
      "fd_thres": 0.2,
      "testing": false
    },
    "software": "mriqc",
    "version": "21.0.0rc2",
    "webapi_port": null,
    "webapi_url": "https://mriqc.nimh.nih.gov/api/v1"
  },
  "size_t": 104,
  "size_x": 64,
  "size_y": 64,
  "size_z": 53,
  "snr": 4.3047226111748085,
  "spacing_tr": 3.0,
  "spacing_x": 3.0,
  "spacing_y": 3.0,
  "spacing_z": 3.0,
  "summary_bg_k": 24.193981447403775,
  "summary_bg_mad": 6.6574548452909585,
  "summary_bg_mean": 54.979427337646484,
  "summary_bg_median": 28.682693481445312,
  "summary_bg_n": 142002.0,
  "summary_bg_p05": 23.83654022216797,
  "summary_bg_p95": 185.05721282958967,
  "summary_bg_stdv": 68.11924743652344,
  "summary_fg_k": 0.6081985141385151,
  "summary_fg_mad": 135.6153913082568,
  "summary_fg_mean": 619.3887939453125,
  "summary_fg_median": 602.4327392578125,
  "summary_fg_n": 34379.0,
  "summary_fg_p05": 418.9384765625,
  "summary_fg_p95": 866.0452392578125,
  "summary_fg_stdv": 139.9449005126953,
  "tsnr": 87.05459042452276
}