{
  "aor": 0.0006358749999999999,
  "aqi": 0.0033846304375,
  "bids_meta": {
    "BandwidthPerPixelPhaseEncode": 31.25,
    "EchoTime": 0.025,
    "EffectiveEchoSpacing": 0.0005,
    "FlipAngle": 75,
    "ImageType": [
      "ORIGINAL",
      "PRIMARY",
      "M",
      "ND",
      "MOSAIC"
    ],
    "MagneticFieldStrength": 3,
    "Manufacturer": "Siemens",
    "ManufacturersModelName": "TrioTim",
    "Modality": "MR",
    "PhaseEncodingDirection": "j-",
    "PixelBandwidth": 3005,
    "RepetitionTime": 3,
    "ScanningSequence": "EP",
    "SequenceVariant": "SK",
    "SliceThickness": 3,
    "SliceTiming": [
      0,
      1.5225,
      0.055,
      1.58,
      0.1125,
      1.635,
      0.1675,
      1.6925,
      0.225,
      1.75,
      0.2825,
      1.805,
      0.3375,
      1.8625,
      0.395,
      1.9175,
      0.45,
      1.975,
      0.5075,
      2.03,
      0.5625,
      2.0875,
      0.62,
      2.145,
      0.6775,
      2.2,
      0.7325,
      2.2575,
      0.79,
      2.3125,
      0.845,
      2.37,
      0.9025,
      2.425,
      0.9575,
      2.4825,
      1.015,
      2.54,
      1.0725,
      2.595,
      1.1275,
      2.6525,
      1.185,
      2.7075,
      1.24,
      2.765,
      1.2975,
      2.8225,
      1.355,
      2.8775,
      1.41,
      2.935,
      1.4675
    ],
    "SpacingBetweenSlices": 3,
    "TaskName": "rest",
    "TotalReadoutTime": 0.0315,
    "dataset": "ds002843",
    "modality": "bold",
    "session_id": "scan2",
    "subject_id": "dmp0097",
    "task_id": "rest"
  },
  "dummy_trs": 0,
  "dvars_nstd": 18.82089445132077,
  "dvars_std": 1.16251390081761,
  "dvars_vstd": 0.9816603278616349,
  "efc": 0.5469702578606911,
  "fber": 433.6109924316406,
  "fd_mean": 0.050658370588547726,
  "fd_num": 0,
  "fd_perc": 0.0,
  "fwhm_avg": 2.223142222222222,
  "fwhm_x": 2.069096666666667,
  "fwhm_y": 2.20683,
  "fwhm_z": 2.3935,
  "gcor": 0.0738528,
  "gsr_x": -0.001066285651177168,
  "gsr_y": 0.033973563462495804,
  "provenance": {
    "md5sum": "403ca36d9dfcf24d7eaa6394b37b1a7d",
    "settings": {
      "fd_thres": 0.2,
      "testing": false
    },
    "software": "mriqc",
    "version": "21.0.0rc2",
    "webapi_port": null,
    "webapi_url": "https://mriqc.nimh.nih.gov/api/v1"
  },
  "size_t": 160,
  "size_x": 64,
  "size_y": 64,
  "size_z": 53,
  "snr": 4.278027135866586,
  "spacing_tr": 3.0,
  "spacing_x": 3.0,
  "spacing_y": 3.0,
  "spacing_z": 3.0,
  "summary_bg_k": 23.004615096752396,
  "summary_bg_mad": 6.6253786639469086,
  "summary_bg_mean": 53.47467041015625,
  "summary_bg_median": 28.45625114440918,
  "summary_bg_n": 141988.0,
  "summary_bg_p05": 23.606250762939453,
  "summary_bg_p95": 179.67032165527326,
  "summary_bg_stdv": 64.40617370605469,
  "summary_fg_k": 0.5743256772408469,
  "summary_fg_mad": 134.055057442675,
  "summary_fg_mean": 615.8599243164062,
  "summary_fg_median": 598.4500122070312,
  "summary_fg_n": 34476.0,
  "summary_fg_p05": 416.2781295776367,
  "summary_fg_p95": 864.3781433105469,
  "summary_fg_stdv": 139.88722229003906,
  "tsnr": 86.22054480016232
}