{
  "bids_meta": {
    "EchoTime": 0.00311,
    "FlipAngle": 15,
    "ImageType": [
      "ORIGINAL",
      "PRIMARY",
      "M",
      "ND",
      "NORM"
    ],
    "InversionTime": 1.1,
    "MagneticFieldStrength": 3,
    "Manufacturer": "Siemens",
    "ManufacturersModelName": "TrioTim",
    "Modality": "MR",
    "RepetitionTime": 1.63,
    "ScanningSequence": "GR_IR",
    "SequenceVariant": "SP_MP",
    "SliceThickness": 1,
    "dataset": "ds002843",
    "modality": "T1w",
    "session_id": "scan1",
    "subject_id": "dmp0060"
  },
  "cjv": 0.5163904101401228,
  "cnr": 2.421049484285574,
  "efc": 0.5985373202184201,
  "fber": 12340.0361328125,
  "fwhm_avg": 3.2561926666666667,
  "fwhm_x": 3.1134399999999998,
  "fwhm_y": 3.618208,
  "fwhm_z": 3.03693,
  "icvs_csf": 0.16849445930705878,
  "icvs_gm": 0.4514000649056921,
  "icvs_wm": 0.3801054757872491,
  "inu_med": 1.0034918785095215,
  "inu_range": 0.20303781032562251,
  "provenance": {
    "md5sum": "8d83c11136ecd275b2cef2711d5a39c3",
    "settings": {
      "testing": false
    },
    "software": "mriqc",
    "version": "21.0.0rc2",
    "warnings": {
      "large_rot_frame": true,
      "small_air_mask": false
    },
    "webapi_port": null,
    "webapi_url": "https://mriqc.nimh.nih.gov/api/v1"
  },
  "qi_1": 0.0006660496971778336,
  "qi_2": 0.003345033858709985,
  "rpve_csf": 17.45554161598298,
  "rpve_gm": 7.345419531403254,
  "rpve_wm": 9.948699163541967,
  "size_x": 192,
  "size_y": 256,
  "size_z": 160,
  "snr_csf": 1.019284829137005,
  "snr_gm": 12.499288791491653,
  "snr_total": 13.757949020795207,
  "snr_wm": 27.755273441756966,
  "snrd_csf": 69.88807874582979,
  "snrd_gm": 155.40617214509717,
  "snrd_total": 138.4358066964963,
  "snrd_wm": 190.0131691985619,
  "spacing_x": 0.9375,
  "spacing_y": 0.9375,
  "spacing_z": 1.0,
  "summary_bg_k": 28.037168906937055,
  "summary_bg_mad": 3.4479151940718213,
  "summary_bg_mean": 7.824657917022705,
  "summary_bg_median": 4.561122417449951,
  "summary_bg_n": 2237101.0,
  "summary_bg_p05": 0.0,
  "summary_bg_p95": 23.14715003967285,
  "summary_bg_stdv": 8.926868438720703,
  "summary_csf_k": 39.86440518033502,
  "summary_csf_mad": 82.83383837179093,
  "summary_csf_mean": 452.8766174316406,
  "summary_csf_median": 367.8137512207031,
  "summary_csf_n": 27918.0,
  "summary_csf_p05": 267.38892364501953,
  "summary_csf_p95": 712.1530334472656,
  "summary_csf_stdv": 360.8482666015625,
  "summary_gm_k": 0.08731600077234258,
  "summary_gm_mad": 60.17859239254574,
  "summary_gm_mean": 826.104248046875,
  "summary_gm_median": 817.8866577148438,
  "summary_gm_n": 32199.0,
  "summary_gm_p05": 729.3710144042968,
  "summary_gm_p95": 947.8305541992187,
  "summary_gm_stdv": 65.43363952636719,
  "summary_wm_k": 0.7265783863692472,
  "summary_wm_mad": 33.87317142618082,
  "summary_wm_mean": 1002.547607421875,
  "summary_wm_median": 1000.0197143554688,
  "summary_wm_n": 214756.0,
  "summary_wm_p05": 948.285400390625,
  "summary_wm_p95": 1065.4110717773438,
  "summary_wm_stdv": 36.029815673828125,
  "tpm_overlap_csf": 0.16789792478084564,
  "tpm_overlap_gm": 0.44759586453437805,
  "tpm_overlap_wm": 0.46770942211151123,
  "wm2max": 0.49275578552792243
}