{
  "aor": 0.023021844660194177,
  "aqi": 0.005631353689320389,
  "bids_meta": {
    "BandwidthPerPixelPhaseEncode": 31.25,
    "EchoTime": 0.025,
    "EffectiveEchoSpacing": 0.0005,
    "FlipAngle": 75,
    "ImageType": [
      "ORIGINAL",
      "PRIMARY",
      "M",
      "ND",
      "MOSAIC"
    ],
    "MagneticFieldStrength": 3,
    "Manufacturer": "Siemens",
    "ManufacturersModelName": "TrioTim",
    "Modality": "MR",
    "PhaseEncodingDirection": "j-",
    "PixelBandwidth": 3005,
    "RepetitionTime": 3,
    "ScanningSequence": "EP",
    "SequenceVariant": "SK",
    "SliceThickness": 3,
    "SliceTiming": [
      0,
      1.5225,
      0.055,
      1.58,
      0.1125,
      1.6375,
      0.17,
      1.6925,
      0.225,
      1.75,
      0.2825,
      1.805,
      0.3375,
      1.8625,
      0.395,
      1.92,
      0.45,
      1.975,
      0.5075,
      2.0325,
      0.565,
      2.0875,
      0.62,
      2.145,
      0.6775,
      2.2,
      0.7325,
      2.2575,
      0.79,
      2.315,
      0.8475,
      2.37,
      0.9025,
      2.4275,
      0.96,
      2.4825,
      1.015,
      2.54,
      1.0725,
      2.595,
      1.1275,
      2.6525,
      1.185,
      2.71,
      1.2425,
      2.765,
      1.2975,
      2.8225,
      1.355,
      2.8775,
      1.41,
      2.935,
      1.4675
    ],
    "SpacingBetweenSlices": 3,
    "TaskName": "risk choice task",
    "TotalReadoutTime": 0.0315,
    "dataset": "ds002843",
    "modality": "bold",
    "run_id": 1,
    "session_id": "scan1",
    "subject_id": "dmp0048",
    "task_id": "risk"
  },
  "dummy_trs": 1,
  "dvars_nstd": 22.48063942941176,
  "dvars_std": 1.1968297929411769,
  "dvars_vstd": 1.1154919527450982,
  "efc": 0.5543299483278475,
  "fber": 408.7795715332031,
  "fd_mean": 0.13590693074319696,
  "fd_num": 15,
  "fd_perc": 14.563106796116505,
  "fwhm_avg": 2.3267255555555555,
  "fwhm_x": 2.16862,
  "fwhm_y": 2.2237633333333333,
  "fwhm_z": 2.5877933333333334,
  "gcor": 0.0285052,
  "gsr_x": -0.013592749834060669,
  "gsr_y": 0.05349083989858627,
  "provenance": {
    "md5sum": "c279b375301db7086b11fbb70001f25d",
    "settings": {
      "fd_thres": 0.2,
      "testing": false
    },
    "software": "mriqc",
    "version": "21.0.0rc2",
    "webapi_port": null,
    "webapi_url": "https://mriqc.nimh.nih.gov/api/v1"
  },
  "size_t": 103,
  "size_x": 64,
  "size_y": 64,
  "size_z": 53,
  "snr": 3.2008746155961587,
  "spacing_tr": 3.0,
  "spacing_x": 3.0,
  "spacing_y": 3.0,
  "spacing_z": 3.0,
  "summary_bg_k": 45.21893788135358,
  "summary_bg_mad": 5.944802576133068,
  "summary_bg_mean": 57.1898307800293,
  "summary_bg_median": 28.69902992248535,
  "summary_bg_n": 137963.0,
  "summary_bg_p05": 24.37864112854004,
  "summary_bg_p95": 188.29028930664057,
  "summary_bg_stdv": 71.36304473876953,
  "summary_fg_k": 4.120454624495298,
  "summary_fg_mad": 155.11191815052288,
  "summary_fg_mean": 624.250732421875,
  "summary_fg_median": 587.4854125976562,
  "summary_fg_n": 37431.0,
  "summary_fg_p05": 401.5339813232422,
  "summary_fg_p95": 956.0145874023438,
  "summary_fg_stdv": 183.5365753173828,
  "tsnr": 55.795858091209084
}