{
  "bids_meta": {
    "EchoTime": 0.00311,
    "FlipAngle": 15,
    "ImageType": [
      "ORIGINAL",
      "PRIMARY",
      "M",
      "ND",
      "NORM"
    ],
    "InversionTime": 1.1,
    "MagneticFieldStrength": 3,
    "Manufacturer": "Siemens",
    "ManufacturersModelName": "TrioTim",
    "Modality": "MR",
    "RepetitionTime": 1.63,
    "ScanningSequence": "GR_IR",
    "SequenceVariant": "SP_MP",
    "SliceThickness": 1,
    "dataset": "ds002843",
    "modality": "T1w",
    "session_id": "scan1",
    "subject_id": "dmp0356"
  },
  "cjv": 0.4265128915981499,
  "cnr": 3.0675467136567978,
  "efc": 0.6100502374917207,
  "fber": 7399.31591796875,
  "fwhm_avg": 3.5654044444444444,
  "fwhm_x": 3.462261333333333,
  "fwhm_y": 3.9353920000000002,
  "fwhm_z": 3.29856,
  "icvs_csf": 0.20411432885389486,
  "icvs_gm": 0.41747267429078516,
  "icvs_wm": 0.37841299685532,
  "inu_med": 1.0453011989593506,
  "inu_range": 0.2157211810350418,
  "provenance": {
    "md5sum": "caf369df99eee6deb227badf78f91a01",
    "settings": {
      "testing": false
    },
    "software": "mriqc",
    "version": "21.0.0rc2",
    "warnings": {
      "large_rot_frame": true,
      "small_air_mask": false
    },
    "webapi_port": null,
    "webapi_url": "https://mriqc.nimh.nih.gov/api/v1"
  },
  "qi_1": 0.012519755577081345,
  "qi_2": 0.0029454578924069047,
  "rpve_csf": 14.549279008130812,
  "rpve_gm": 7.28896733460702,
  "rpve_wm": 9.262814210228909,
  "size_x": 192,
  "size_y": 256,
  "size_z": 160,
  "snr_csf": 1.9918823064156062,
  "snr_gm": 14.308253593444977,
  "snr_total": 13.856980560964928,
  "snr_wm": 25.270805783034206,
  "snrd_csf": 59.09575692626189,
  "snrd_gm": 121.05887162110581,
  "snrd_total": 111.14734147564333,
  "snrd_wm": 153.2873958795623,
  "spacing_x": 0.9375,
  "spacing_y": 0.9375,
  "spacing_z": 1.0,
  "summary_bg_k": 31.729672078185473,
  "summary_bg_mad": 4.27400340949042,
  "summary_bg_mean": 8.472335815429688,
  "summary_bg_median": 5.74999475479126,
  "summary_bg_n": 2075193.0,
  "summary_bg_p05": 0.0,
  "summary_bg_p95": 22.98386306762695,
  "summary_bg_stdv": 9.241755485534668,
  "summary_csf_k": 78.08992921336291,
  "summary_csf_mad": 87.4904526822883,
  "summary_csf_mean": 424.486328125,
  "summary_csf_median": 385.5311279296875,
  "summary_csf_n": 50852.0,
  "summary_csf_p05": 271.21070251464846,
  "summary_csf_p95": 649.3371124267578,
  "summary_csf_stdv": 193.54925537109375,
  "summary_gm_k": 0.5317593759490244,
  "summary_gm_mad": 52.119476573447294,
  "summary_gm_mean": 791.6224365234375,
  "summary_gm_median": 789.7684326171875,
  "summary_gm_n": 23515.0,
  "summary_gm_p05": 705.0575744628907,
  "summary_gm_p95": 885.7064514160156,
  "summary_gm_stdv": 55.19552993774414,
  "summary_wm_k": 0.6647423185309549,
  "summary_wm_mad": 37.55642082192261,
  "summary_wm_mean": 1002.2672119140625,
  "summary_wm_median": 1000.0220947265625,
  "summary_wm_n": 223525.0,
  "summary_wm_p05": 941.8935791015625,
  "summary_wm_p95": 1070.6949951171875,
  "summary_wm_stdv": 39.572139739990234,
  "tpm_overlap_csf": 0.18630154430866241,
  "tpm_overlap_gm": 0.45814695954322815,
  "tpm_overlap_wm": 0.4975702166557312,
  "wm2max": 0.43996381167935233
}