{
  "aor": 0.0037506875,
  "aqi": 0.007303374937500001,
  "bids_meta": {
    "BandwidthPerPixelPhaseEncode": 31.25,
    "EchoTime": 0.025,
    "EffectiveEchoSpacing": 0.0005,
    "FlipAngle": 75,
    "ImageType": [
      "ORIGINAL",
      "PRIMARY",
      "M",
      "ND",
      "MOSAIC"
    ],
    "MagneticFieldStrength": 3,
    "Manufacturer": "Siemens",
    "ManufacturersModelName": "TrioTim",
    "Modality": "MR",
    "PhaseEncodingDirection": "j-",
    "PixelBandwidth": 3005,
    "RepetitionTime": 3,
    "ScanningSequence": "EP",
    "SequenceVariant": "SK",
    "SliceThickness": 3,
    "SliceTiming": [
      0,
      1.5225,
      0.055,
      1.58,
      0.1125,
      1.635,
      0.1675,
      1.6925,
      0.225,
      1.75,
      0.2825,
      1.805,
      0.3375,
      1.8625,
      0.395,
      1.9175,
      0.45,
      1.975,
      0.5075,
      2.03,
      0.5625,
      2.0875,
      0.62,
      2.145,
      0.6775,
      2.2,
      0.7325,
      2.2575,
      0.79,
      2.3125,
      0.845,
      2.37,
      0.9025,
      2.425,
      0.9575,
      2.4825,
      1.015,
      2.54,
      1.0725,
      2.595,
      1.1275,
      2.6525,
      1.185,
      2.7075,
      1.24,
      2.765,
      1.2975,
      2.8225,
      1.355,
      2.8775,
      1.41,
      2.935,
      1.4675
    ],
    "SpacingBetweenSlices": 3,
    "TaskName": "rest",
    "TotalReadoutTime": 0.0315,
    "dataset": "ds002843",
    "modality": "bold",
    "session_id": "scan2",
    "subject_id": "dmp1057",
    "task_id": "rest"
  },
  "dummy_trs": 0,
  "dvars_nstd": 25.824653613459127,
  "dvars_std": 1.08763570591195,
  "dvars_vstd": 0.9516401155974844,
  "efc": 0.5965521384376784,
  "fber": 254.4474639892578,
  "fd_mean": 0.09044852360689051,
  "fd_num": 10,
  "fd_perc": 6.25,
  "fwhm_avg": 2.4052511111111112,
  "fwhm_x": 2.25977,
  "fwhm_y": 2.29962,
  "fwhm_z": 2.656363333333333,
  "gcor": 0.0279138,
  "gsr_x": 0.018961424008011818,
  "gsr_y": 0.03765740245580673,
  "provenance": {
    "md5sum": "22b53e8eded466a5e7c0e6c3c6c59ed4",
    "settings": {
      "fd_thres": 0.2,
      "testing": false
    },
    "software": "mriqc",
    "version": "21.0.0rc2",
    "webapi_port": null,
    "webapi_url": "https://mriqc.nimh.nih.gov/api/v1"
  },
  "size_t": 160,
  "size_x": 64,
  "size_y": 64,
  "size_z": 53,
  "snr": 2.9997689163236245,
  "spacing_tr": 3.0,
  "spacing_x": 3.0,
  "spacing_y": 3.0,
  "spacing_z": 3.0,
  "summary_bg_k": 46.09897703099287,
  "summary_bg_mad": 16.86460023550122,
  "summary_bg_mean": 68.77544403076172,
  "summary_bg_median": 37.26250076293945,
  "summary_bg_n": 125494.0,
  "summary_bg_p05": 23.89375114440918,
  "summary_bg_p95": 213.38563003540028,
  "summary_bg_stdv": 82.46683502197266,
  "summary_fg_k": 1.7538272345470816,
  "summary_fg_mad": 176.7169272310879,
  "summary_fg_mean": 643.0755615234375,
  "summary_fg_median": 600.7937622070312,
  "summary_fg_n": 47892.0,
  "summary_fg_p05": 393.3603118896484,
  "summary_fg_p95": 1022.8093749999998,
  "summary_fg_stdv": 200.27792358398438,
  "tsnr": 52.30004087695852
}