{
  "bids_meta": {
    "EchoTime": 0.09,
    "FlipAngle": 180,
    "ImageType": [
      "ORIGINAL",
      "PRIMARY",
      "M",
      "ND",
      "NORM"
    ],
    "ImagingFrequency": 123.204,
    "MagneticFieldStrength": 3,
    "Manufacturer": "Siemens",
    "ManufacturersModelName": "TrioTim",
    "Modality": "MR",
    "PhaseEncodingDirection": "i",
    "RepetitionTime": 7,
    "ScanningSequence": "SE",
    "SequenceVariant": "SK_SP_OSP",
    "SliceThickness": 3,
    "SpacingBetweenSlices": 3,
    "dataset": "ds002843",
    "modality": "T2w",
    "session_id": "scan2",
    "subject_id": "dmp0269"
  },
  "cjv": 0.4771886658529218,
  "cnr": 2.529144394454944,
  "efc": 0.6312481168850014,
  "fber": 1821.2572335600908,
  "fwhm_avg": 2.8614818181674164,
  "fwhm_x": 3.2851866666666667,
  "fwhm_y": 3.5198933333333335,
  "fwhm_z": 1.7793654545022501,
  "icvs_csf": 0.16078757838095126,
  "icvs_gm": 0.4200547945065672,
  "icvs_wm": 0.41915762711248156,
  "inu_med": 1.2568366527557373,
  "inu_range": 0.2738126993179322,
  "provenance": {
    "md5sum": "cb803b367fae3b9adb3de7656ed21043",
    "settings": {
      "testing": false
    },
    "software": "mriqc",
    "version": "21.0.0rc2",
    "warnings": {
      "large_rot_frame": false,
      "small_air_mask": false
    },
    "webapi_port": null,
    "webapi_url": "https://mriqc.nimh.nih.gov/api/v1"
  },
  "qi_1": 0.0,
  "qi_2": 0.00050117186602028,
  "rpve_csf": 12.265095822566753,
  "rpve_gm": 4.942773000958908,
  "rpve_wm": 5.714477441172897,
  "size_x": 256,
  "size_y": 256,
  "size_z": 44,
  "snr_csf": 3.0504025094442797,
  "snr_gm": 8.93679300676337,
  "snr_total": 6.7696412070123175,
  "snr_wm": 8.321728104829303,
  "snrd_csf": 125.23734685194151,
  "snrd_gm": 57.969192614418894,
  "snrd_total": 72.86857324812989,
  "snrd_wm": 35.39918027802929,
  "spacing_x": 0.75,
  "spacing_y": 0.75,
  "spacing_z": 2.9999964237213135,
  "summary_bg_k": 274.6709014451292,
  "summary_bg_mad": 18.378532704361703,
  "summary_bg_mean": 38.719158662851115,
  "summary_bg_median": 22.20406049489975,
  "summary_bg_n": 609414.0,
  "summary_bg_p05": 3.1330882906913757,
  "summary_bg_p95": 73.83190667629242,
  "summary_bg_stdv": 123.77303304271233,
  "summary_csf_k": 0.7131584241216875,
  "summary_csf_mad": 955.4817387289585,
  "summary_csf_mean": 3435.0683078539882,
  "summary_csf_median": 3513.2817437052727,
  "summary_csf_n": 113820.0,
  "summary_csf_p05": 756.974564215541,
  "summary_csf_p95": 5169.18701595068,
  "summary_csf_stdv": 1151.7385981997113,
  "summary_gm_k": -0.0116597420639728,
  "summary_gm_mad": 185.19906032856792,
  "summary_gm_mean": 1632.181474885978,
  "summary_gm_median": 1626.209044098854,
  "summary_gm_n": 276959.0,
  "summary_gm_p05": 1345.5933102369308,
  "summary_gm_p95": 1938.9729882478714,
  "summary_gm_stdv": 181.96752537913304,
  "summary_wm_k": 0.1377585482230934,
  "summary_wm_mad": 116.93593885522446,
  "summary_wm_mean": 985.3148084300777,
  "summary_wm_median": 993.052766919136,
  "summary_wm_n": 315094.0,
  "summary_wm_p05": 774.7786789804699,
  "summary_wm_p95": 1168.505711197853,
  "summary_wm_stdv": 119.33232840635597,
  "tpm_overlap_csf": 0.17138615250587463,
  "tpm_overlap_gm": 0.44687938690185547,
  "tpm_overlap_wm": 0.49447211623191833,
  "wm2max": 0.17754505601558696
}