{
  "bids_meta": {
    "EchoTime": 0.09,
    "FlipAngle": 180,
    "ImageType": [
      "ORIGINAL",
      "PRIMARY",
      "M",
      "ND",
      "NORM"
    ],
    "ImagingFrequency": 123.204,
    "MagneticFieldStrength": 3,
    "Manufacturer": "Siemens",
    "ManufacturersModelName": "TrioTim",
    "Modality": "MR",
    "PhaseEncodingDirection": "i",
    "RepetitionTime": 7,
    "ScanningSequence": "SE",
    "SequenceVariant": "SK_SP_OSP",
    "SliceThickness": 3,
    "SpacingBetweenSlices": 3,
    "dataset": "ds002843",
    "modality": "T2w",
    "session_id": "scan1",
    "subject_id": "dmp0812"
  },
  "cjv": 0.5607149709287673,
  "cnr": 2.3379665181853184,
  "efc": 0.6587570929962562,
  "fber": 2934.0277777777774,
  "fwhm_avg": 2.4821824361173275,
  "fwhm_x": 2.8537199999999996,
  "fwhm_y": 2.9779733333333334,
  "fwhm_z": 1.6148539750186504,
  "icvs_csf": 0.15041989211411955,
  "icvs_gm": 0.3926302699543535,
  "icvs_wm": 0.45694983793152694,
  "inu_med": 1.318090796470642,
  "inu_range": 0.38067510128021254,
  "provenance": {
    "md5sum": "0a7de2171affd9c13dd32b5ffec225e7",
    "settings": {
      "testing": false
    },
    "software": "mriqc",
    "version": "21.0.0rc2",
    "warnings": {
      "large_rot_frame": false,
      "small_air_mask": false
    },
    "webapi_port": null,
    "webapi_url": "https://mriqc.nimh.nih.gov/api/v1"
  },
  "qi_1": 0.0,
  "qi_2": 0.0008048965904063234,
  "rpve_csf": 15.353576172116558,
  "rpve_gm": 5.594450699033833,
  "rpve_wm": 5.690878119040693,
  "size_x": 256,
  "size_y": 256,
  "size_z": 44,
  "snr_csf": 2.6145995575833876,
  "snr_gm": 10.47081313763156,
  "snr_total": 7.787696688429148,
  "snr_wm": 10.2776773700725,
  "snrd_csf": 145.0995727828846,
  "snrd_gm": 90.7450459852599,
  "snrd_total": 100.10805093558513,
  "snrd_wm": 64.47953403861085,
  "spacing_x": 0.75,
  "spacing_y": 0.75,
  "spacing_z": 2.9999988079071045,
  "summary_bg_k": 123.71845943035575,
  "summary_bg_mad": 10.097635644774012,
  "summary_bg_mean": 25.50914963686434,
  "summary_bg_median": 16.709044277668,
  "summary_bg_n": 655863.0,
  "summary_bg_p05": 3.359970860183239,
  "summary_bg_p95": 53.759533762931824,
  "summary_bg_stdv": 52.817879744728366,
  "summary_csf_k": -0.42867377482304914,
  "summary_csf_mad": 666.9151755518409,
  "summary_csf_mean": 2087.597434849893,
  "summary_csf_median": 2236.4238475449383,
  "summary_csf_n": 94758.0,
  "summary_csf_p05": 497.91135746985674,
  "summary_csf_p95": 3281.4201900735497,
  "summary_csf_stdv": 855.3554751107948,
  "summary_gm_k": 0.255375879379649,
  "summary_gm_mad": 129.38437139503768,
  "summary_gm_mean": 1404.1880310141426,
  "summary_gm_median": 1398.6559780687094,
  "summary_gm_n": 225690.0,
  "summary_gm_p05": 1194.9690959230065,
  "summary_gm_p95": 1633.9946938175697,
  "summary_gm_stdv": 133.57633844277441,
  "summary_wm_k": -0.04590342671904457,
  "summary_wm_mad": 97.61047789948212,
  "summary_wm_mean": 988.2426129334139,
  "summary_wm_median": 993.8248944282532,
  "summary_wm_n": 301257.0,
  "summary_wm_p05": 820.3777500241995,
  "summary_wm_p95": 1137.0323010906577,
  "summary_wm_stdv": 96.69726040021648,
  "tpm_overlap_csf": 0.1710565984249115,
  "tpm_overlap_gm": 0.42533060908317566,
  "tpm_overlap_wm": 0.4909892678260803,
  "wm2max": 0.26192078521285467
}