{
  "aor": 0.002126407766990291,
  "aqi": 0.0019777882524271845,
  "bids_meta": {
    "BandwidthPerPixelPhaseEncode": 31.25,
    "EchoTime": 0.025,
    "EffectiveEchoSpacing": 0.0005,
    "FlipAngle": 75,
    "ImageType": [
      "ORIGINAL",
      "PRIMARY",
      "M",
      "ND",
      "MOSAIC"
    ],
    "MagneticFieldStrength": 3,
    "Manufacturer": "Siemens",
    "ManufacturersModelName": "TrioTim",
    "Modality": "MR",
    "PhaseEncodingDirection": "j-",
    "PixelBandwidth": 3005,
    "RepetitionTime": 3,
    "ScanningSequence": "EP",
    "SequenceVariant": "SK",
    "SliceThickness": 3,
    "SliceTiming": [
      0,
      1.5225,
      0.055,
      1.58,
      0.1125,
      1.6375,
      0.17,
      1.6925,
      0.225,
      1.75,
      0.2825,
      1.805,
      0.3375,
      1.8625,
      0.395,
      1.92,
      0.45,
      1.975,
      0.5075,
      2.0325,
      0.565,
      2.0875,
      0.62,
      2.145,
      0.6775,
      2.2,
      0.7325,
      2.2575,
      0.79,
      2.315,
      0.8475,
      2.37,
      0.9025,
      2.4275,
      0.96,
      2.4825,
      1.015,
      2.54,
      1.0725,
      2.595,
      1.1275,
      2.6525,
      1.185,
      2.71,
      1.2425,
      2.765,
      1.2975,
      2.8225,
      1.355,
      2.8775,
      1.41,
      2.935,
      1.4675
    ],
    "SpacingBetweenSlices": 3,
    "TaskName": "risk choice task",
    "TotalReadoutTime": 0.0315,
    "dataset": "ds002843",
    "modality": "bold",
    "run_id": 4,
    "session_id": "scan1",
    "subject_id": "dmp0859",
    "task_id": "risk"
  },
  "dummy_trs": 1,
  "dvars_nstd": 19.319183910392155,
  "dvars_std": 1.1567535482352944,
  "dvars_vstd": 1.0027105114705883,
  "efc": 0.5433932228020707,
  "fber": 423.43609619140625,
  "fd_mean": 0.08425456314064213,
  "fd_num": 5,
  "fd_perc": 4.854368932038835,
  "fwhm_avg": 2.632890140360914,
  "fwhm_x": 2.6002233333333336,
  "fwhm_y": 2.550573536034706,
  "fwhm_z": 2.7478735517147026,
  "gcor": 0.0185249,
  "gsr_x": -0.011079583317041397,
  "gsr_y": 0.05035821348428726,
  "provenance": {
    "md5sum": "9e8fe6e47f4385b82d9a89a998b9e183",
    "settings": {
      "fd_thres": 0.2,
      "testing": false
    },
    "software": "mriqc",
    "version": "21.0.0rc2",
    "webapi_port": null,
    "webapi_url": "https://mriqc.nimh.nih.gov/api/v1"
  },
  "size_t": 103,
  "size_x": 64,
  "size_y": 64,
  "size_z": 53,
  "snr": 2.736632993872138,
  "spacing_tr": 3.0,
  "spacing_x": 3.0,
  "spacing_y": 2.999999761581421,
  "spacing_z": 2.999999761581421,
  "summary_bg_k": 18.21658943222785,
  "summary_bg_mad": 12.177490505836586,
  "summary_bg_mean": 68.42858123779297,
  "summary_bg_median": 35.77669906616211,
  "summary_bg_n": 135647.0,
  "summary_bg_p05": 26.7281551361084,
  "summary_bg_p95": 239.83204498291013,
  "summary_bg_stdv": 82.01771545410156,
  "summary_fg_k": 2.1760714484753594,
  "summary_fg_mad": 230.08400126465096,
  "summary_fg_mean": 813.058837890625,
  "summary_fg_median": 754.41259765625,
  "summary_fg_n": 38872.0,
  "summary_fg_p05": 472.23543090820317,
  "summary_fg_p95": 1348.5349609374996,
  "summary_fg_stdv": 275.66827392578125,
  "tsnr": 85.32374556083232
}