{
  "aor": 0.003101509433962264,
  "aqi": 0.0033051708176100626,
  "bids_meta": {
    "BandwidthPerPixelPhaseEncode": 31.25,
    "EchoTime": 0.025,
    "EffectiveEchoSpacing": 0.0005,
    "FlipAngle": 75,
    "ImageType": [
      "ORIGINAL",
      "PRIMARY",
      "M",
      "ND",
      "MOSAIC"
    ],
    "MagneticFieldStrength": 3,
    "Manufacturer": "Siemens",
    "ManufacturersModelName": "TrioTim",
    "Modality": "MR",
    "PhaseEncodingDirection": "j-",
    "PixelBandwidth": 3005,
    "RepetitionTime": 3,
    "ScanningSequence": "EP",
    "SequenceVariant": "SK",
    "SliceThickness": 3,
    "SliceTiming": [
      0,
      1.5225,
      0.055,
      1.58,
      0.1125,
      1.635,
      0.1675,
      1.6925,
      0.225,
      1.75,
      0.2825,
      1.805,
      0.3375,
      1.8625,
      0.395,
      1.9175,
      0.45,
      1.975,
      0.5075,
      2.03,
      0.5625,
      2.0875,
      0.62,
      2.145,
      0.6775,
      2.2,
      0.7325,
      2.2575,
      0.79,
      2.3125,
      0.845,
      2.37,
      0.9025,
      2.425,
      0.9575,
      2.4825,
      1.015,
      2.54,
      1.0725,
      2.595,
      1.1275,
      2.6525,
      1.185,
      2.7075,
      1.24,
      2.765,
      1.2975,
      2.8225,
      1.355,
      2.8775,
      1.41,
      2.935,
      1.4675
    ],
    "SpacingBetweenSlices": 3,
    "TaskName": "rest",
    "TotalReadoutTime": 0.0315,
    "dataset": "ds002843",
    "modality": "bold",
    "session_id": "scan1",
    "subject_id": "dmp0859",
    "task_id": "rest"
  },
  "dummy_trs": 1,
  "dvars_nstd": 23.955124353860754,
  "dvars_std": 1.1688534625949367,
  "dvars_vstd": 0.9957998682911389,
  "efc": 0.5407222477175286,
  "fber": 439.48388671875,
  "fd_mean": 0.16727150665907478,
  "fd_num": 42,
  "fd_perc": 26.41509433962264,
  "fwhm_avg": 2.6207279175178324,
  "fwhm_x": 2.5871733333333333,
  "fwhm_y": 2.5361902015582882,
  "fwhm_z": 2.738820217661875,
  "gcor": 0.0181038,
  "gsr_x": -0.010265964083373547,
  "gsr_y": 0.048038676381111145,
  "provenance": {
    "md5sum": "3b194bd9c31c4df3d7ea0bcbb4065bd7",
    "settings": {
      "fd_thres": 0.2,
      "testing": false
    },
    "software": "mriqc",
    "version": "21.0.0rc2",
    "webapi_port": null,
    "webapi_url": "https://mriqc.nimh.nih.gov/api/v1"
  },
  "size_t": 159,
  "size_x": 64,
  "size_y": 64,
  "size_z": 53,
  "snr": 2.7860158511608795,
  "spacing_tr": 3.0,
  "spacing_x": 3.0,
  "spacing_y": 2.999999761581421,
  "spacing_z": 2.999999761581421,
  "summary_bg_k": 21.396157218597523,
  "summary_bg_mad": 11.543785854660108,
  "summary_bg_mean": 64.57786560058594,
  "summary_bg_median": 34.81132125854492,
  "summary_bg_n": 135632.0,
  "summary_bg_p05": 25.955974578857422,
  "summary_bg_p95": 222.04685058593748,
  "summary_bg_stdv": 76.83241271972656,
  "summary_fg_k": 2.0055299082473743,
  "summary_fg_mad": 224.47895227079437,
  "summary_fg_mean": 801.1392822265625,
  "summary_fg_median": 745.0093994140625,
  "summary_fg_n": 38954.0,
  "summary_fg_p05": 466.266015625,
  "summary_fg_p95": 1318.9278991699211,
  "summary_fg_stdv": 267.4068908691406,
  "tsnr": 65.66304253530689
}