{
  "aor": 0.0026578846153846158,
  "aqi": 0.001922087076923077,
  "bids_meta": {
    "BandwidthPerPixelPhaseEncode": 31.25,
    "EchoTime": 0.025,
    "EffectiveEchoSpacing": 0.0005,
    "FlipAngle": 75,
    "ImageType": [
      "ORIGINAL",
      "PRIMARY",
      "M",
      "ND",
      "MOSAIC"
    ],
    "MagneticFieldStrength": 3,
    "Manufacturer": "Siemens",
    "ManufacturersModelName": "TrioTim",
    "Modality": "MR",
    "PhaseEncodingDirection": "j-",
    "PixelBandwidth": 3005,
    "RepetitionTime": 3,
    "ScanningSequence": "EP",
    "SequenceVariant": "SK",
    "SliceThickness": 3,
    "SliceTiming": [
      0,
      1.5225,
      0.055,
      1.58,
      0.1125,
      1.6375,
      0.17,
      1.6925,
      0.225,
      1.75,
      0.2825,
      1.805,
      0.3375,
      1.8625,
      0.395,
      1.92,
      0.45,
      1.975,
      0.5075,
      2.0325,
      0.565,
      2.0875,
      0.62,
      2.145,
      0.6775,
      2.2,
      0.7325,
      2.2575,
      0.79,
      2.315,
      0.8475,
      2.37,
      0.9025,
      2.4275,
      0.96,
      2.4825,
      1.015,
      2.54,
      1.0725,
      2.595,
      1.1275,
      2.6525,
      1.185,
      2.71,
      1.2425,
      2.765,
      1.2975,
      2.8225,
      1.355,
      2.8775,
      1.41,
      2.935,
      1.4675
    ],
    "SpacingBetweenSlices": 3,
    "TaskName": "intertemporal choice task",
    "TotalReadoutTime": 0.0315,
    "dataset": "ds002843",
    "modality": "bold",
    "run_id": 4,
    "session_id": "scan1",
    "subject_id": "dmp0859",
    "task_id": "itc"
  },
  "dummy_trs": 0,
  "dvars_nstd": 18.987158627184463,
  "dvars_std": 1.1471535735922325,
  "dvars_vstd": 0.9986083973786408,
  "efc": 0.5433645672908423,
  "fber": 426.5444030761719,
  "fd_mean": 0.08295977389369265,
  "fd_num": 4,
  "fd_perc": 3.8461538461538463,
  "fwhm_avg": 2.6252356954529663,
  "fwhm_x": 2.5947566666666666,
  "fwhm_y": 2.5406702019143266,
  "fwhm_z": 2.7402802177779058,
  "gcor": 0.0274446,
  "gsr_x": -0.011522133834660053,
  "gsr_y": 0.050276611000299454,
  "provenance": {
    "md5sum": "938ae6cd7e7a70c44f454b66c1de7d57",
    "settings": {
      "fd_thres": 0.2,
      "testing": false
    },
    "software": "mriqc",
    "version": "21.0.0rc2",
    "webapi_port": null,
    "webapi_url": "https://mriqc.nimh.nih.gov/api/v1"
  },
  "size_t": 104,
  "size_x": 64,
  "size_y": 64,
  "size_z": 53,
  "snr": 2.739008946050098,
  "spacing_tr": 3.0,
  "spacing_x": 3.0,
  "spacing_y": 2.999999761581421,
  "spacing_z": 2.999999761581421,
  "summary_bg_k": 18.083269289365788,
  "summary_bg_mad": 11.903585989836882,
  "summary_bg_mean": 67.9175033569336,
  "summary_bg_median": 35.58654022216797,
  "summary_bg_n": 135413.0,
  "summary_bg_p05": 26.94230842590332,
  "summary_bg_p95": 236.48461914062494,
  "summary_bg_stdv": 81.03086853027344,
  "summary_fg_k": 2.226899301903196,
  "summary_fg_mad": 229.53250473018548,
  "summary_fg_mean": 812.4772338867188,
  "summary_fg_median": 754.1154174804688,
  "summary_fg_n": 38876.0,
  "summary_fg_p05": 471.0649185180664,
  "summary_fg_p95": 1344.2620239257812,
  "summary_fg_stdv": 275.3206481933594,
  "tsnr": 88.2844395947177
}