{
  "aor": 0.003671442307692307,
  "aqi": 0.0031438361538461542,
  "bids_meta": {
    "BandwidthPerPixelPhaseEncode": 31.25,
    "EchoTime": 0.025,
    "EffectiveEchoSpacing": 0.0005,
    "FlipAngle": 75,
    "ImageType": [
      "ORIGINAL",
      "PRIMARY",
      "M",
      "ND",
      "MOSAIC"
    ],
    "MagneticFieldStrength": 3,
    "Manufacturer": "Siemens",
    "ManufacturersModelName": "TrioTim",
    "Modality": "MR",
    "PhaseEncodingDirection": "j-",
    "PixelBandwidth": 3005,
    "RepetitionTime": 3,
    "ScanningSequence": "EP",
    "SequenceVariant": "SK",
    "SliceThickness": 3,
    "SliceTiming": [
      0,
      1.5225,
      0.055,
      1.58,
      0.1125,
      1.6375,
      0.17,
      1.6925,
      0.225,
      1.75,
      0.2825,
      1.805,
      0.3375,
      1.8625,
      0.395,
      1.92,
      0.45,
      1.975,
      0.5075,
      2.0325,
      0.565,
      2.0875,
      0.62,
      2.145,
      0.6775,
      2.2,
      0.7325,
      2.2575,
      0.79,
      2.315,
      0.8475,
      2.37,
      0.9025,
      2.4275,
      0.96,
      2.4825,
      1.015,
      2.54,
      1.0725,
      2.595,
      1.1275,
      2.6525,
      1.185,
      2.71,
      1.2425,
      2.765,
      1.2975,
      2.8225,
      1.355,
      2.8775,
      1.41,
      2.935,
      1.4675
    ],
    "SpacingBetweenSlices": 3,
    "TaskName": "intertemporal choice task",
    "TotalReadoutTime": 0.0315,
    "dataset": "ds002843",
    "modality": "bold",
    "run_id": 3,
    "session_id": "scan2",
    "subject_id": "dmp1241",
    "task_id": "itc"
  },
  "dummy_trs": 0,
  "dvars_nstd": 22.846715611747566,
  "dvars_std": 1.1281953605825241,
  "dvars_vstd": 0.9775588494174756,
  "efc": 0.5389056503457423,
  "fber": 400.32598876953125,
  "fd_mean": 0.14250245125410826,
  "fd_num": 21,
  "fd_perc": 20.192307692307693,
  "fwhm_avg": 2.70542,
  "fwhm_x": 2.6859466666666667,
  "fwhm_y": 2.690863333333333,
  "fwhm_z": 2.7394499999999997,
  "gcor": 0.051711,
  "gsr_x": -0.009958084672689438,
  "gsr_y": 0.07411803305149078,
  "provenance": {
    "md5sum": "a3e9333066d5432d3a8ce5654851a67b",
    "settings": {
      "fd_thres": 0.2,
      "testing": false
    },
    "software": "mriqc",
    "version": "21.0.0rc2",
    "webapi_port": null,
    "webapi_url": "https://mriqc.nimh.nih.gov/api/v1"
  },
  "size_t": 104,
  "size_x": 64,
  "size_y": 64,
  "size_z": 53,
  "snr": 2.7793918713832,
  "spacing_tr": 3.0,
  "spacing_x": 3.0,
  "spacing_y": 3.0,
  "spacing_z": 3.0,
  "summary_bg_k": 15.329185351221707,
  "summary_bg_mad": 14.041952834011152,
  "summary_bg_mean": 72.23234558105469,
  "summary_bg_median": 35.68269348144531,
  "summary_bg_n": 141744.0,
  "summary_bg_p05": 24.89423179626465,
  "summary_bg_p95": 252.92308044433594,
  "summary_bg_stdv": 87.4221420288086,
  "summary_fg_k": 2.808542914440392,
  "summary_fg_mad": 212.23309592169113,
  "summary_fg_mean": 769.3309936523438,
  "summary_fg_median": 716.6923828125,
  "summary_fg_n": 34756.0,
  "summary_fg_p05": 451.23077392578125,
  "summary_fg_p95": 1265.0913696289062,
  "summary_fg_stdv": 257.855712890625,
  "tsnr": 67.94224345777184
}