{
  "aor": 0.0037620625000000006,
  "aqi": 0.0038681101875,
  "bids_meta": {
    "BandwidthPerPixelPhaseEncode": 31.25,
    "EchoTime": 0.025,
    "EffectiveEchoSpacing": 0.0005,
    "FlipAngle": 75,
    "ImageType": [
      "ORIGINAL",
      "PRIMARY",
      "M",
      "ND",
      "MOSAIC"
    ],
    "MagneticFieldStrength": 3,
    "Manufacturer": "Siemens",
    "ManufacturersModelName": "TrioTim",
    "Modality": "MR",
    "PhaseEncodingDirection": "j-",
    "PixelBandwidth": 3005,
    "RepetitionTime": 3,
    "ScanningSequence": "EP",
    "SequenceVariant": "SK",
    "SliceThickness": 3,
    "SliceTiming": [
      0,
      1.5225,
      0.055,
      1.58,
      0.1125,
      1.635,
      0.1675,
      1.6925,
      0.225,
      1.75,
      0.2825,
      1.805,
      0.3375,
      1.8625,
      0.395,
      1.9175,
      0.45,
      1.975,
      0.5075,
      2.03,
      0.5625,
      2.0875,
      0.62,
      2.145,
      0.6775,
      2.2,
      0.7325,
      2.2575,
      0.79,
      2.3125,
      0.845,
      2.37,
      0.9025,
      2.425,
      0.9575,
      2.4825,
      1.015,
      2.54,
      1.0725,
      2.595,
      1.1275,
      2.6525,
      1.185,
      2.7075,
      1.24,
      2.765,
      1.2975,
      2.8225,
      1.355,
      2.8775,
      1.41,
      2.935,
      1.4675
    ],
    "SpacingBetweenSlices": 3,
    "TaskName": "rest",
    "TotalReadoutTime": 0.0315,
    "dataset": "ds002843",
    "modality": "bold",
    "session_id": "scan2",
    "subject_id": "dmp1241",
    "task_id": "rest"
  },
  "dummy_trs": 0,
  "dvars_nstd": 22.86892243169812,
  "dvars_std": 1.1908113100628928,
  "dvars_vstd": 1.0000707510691826,
  "efc": 0.5376366205627711,
  "fber": 407.0508728027344,
  "fd_mean": 0.12956189517466188,
  "fd_num": 20,
  "fd_perc": 12.5,
  "fwhm_avg": 2.7108155555555555,
  "fwhm_x": 2.7091333333333334,
  "fwhm_y": 2.6718933333333332,
  "fwhm_z": 2.75142,
  "gcor": 0.0226631,
  "gsr_x": -0.008731094188988209,
  "gsr_y": 0.07525211572647095,
  "provenance": {
    "md5sum": "b418757425a4bd03231d4939aa9a62c2",
    "settings": {
      "fd_thres": 0.2,
      "testing": false
    },
    "software": "mriqc",
    "version": "21.0.0rc2",
    "webapi_port": null,
    "webapi_url": "https://mriqc.nimh.nih.gov/api/v1"
  },
  "size_t": 160,
  "size_x": 64,
  "size_y": 64,
  "size_z": 53,
  "snr": 2.757546639418427,
  "spacing_tr": 3.0,
  "spacing_x": 3.0,
  "spacing_y": 3.0,
  "spacing_z": 3.0,
  "summary_bg_k": 17.63452657380497,
  "summary_bg_mad": 13.389754113718032,
  "summary_bg_mean": 70.43103790283203,
  "summary_bg_median": 35.10000228881836,
  "summary_bg_n": 141397.0,
  "summary_bg_p05": 25.0,
  "summary_bg_p95": 244.07125549316385,
  "summary_bg_stdv": 86.11172485351562,
  "summary_fg_k": 2.959831062801973,
  "summary_fg_mad": 211.5534190867793,
  "summary_fg_mean": 761.9347534179688,
  "summary_fg_median": 710.0812377929688,
  "summary_fg_n": 35094.0,
  "summary_fg_p05": 444.6506332397461,
  "summary_fg_p95": 1257.5202880859372,
  "summary_fg_stdv": 257.50103759765625,
  "tsnr": 65.23393672134262
}