{
  "bids_meta": {
    "EchoTime": 0.09,
    "FlipAngle": 180,
    "ImageType": [
      "ORIGINAL",
      "PRIMARY",
      "M",
      "ND",
      "NORM"
    ],
    "ImagingFrequency": 123.204,
    "MagneticFieldStrength": 3,
    "Manufacturer": "Siemens",
    "ManufacturersModelName": "TrioTim",
    "Modality": "MR",
    "PhaseEncodingDirection": "i",
    "RepetitionTime": 7,
    "ScanningSequence": "SE",
    "SequenceVariant": "SK_SP_OSP",
    "SliceThickness": 3,
    "SpacingBetweenSlices": 3,
    "dataset": "ds002843",
    "modality": "T2w",
    "session_id": "scan2",
    "subject_id": "dmp0217"
  },
  "cjv": 0.529368582387768,
  "cnr": 2.4242587954701897,
  "efc": 0.6430949747085505,
  "fber": 507.751111111111,
  "fwhm_avg": 2.916715742419267,
  "fwhm_x": 3.3894133333333336,
  "fwhm_y": 3.5972666666666666,
  "fwhm_z": 1.763467227257801,
  "icvs_csf": 0.18967412103937467,
  "icvs_gm": 0.37779899193086763,
  "icvs_wm": 0.4325268870297577,
  "inu_med": 1.1640270948410034,
  "inu_range": 0.27720108032226576,
  "provenance": {
    "md5sum": "369c20c047e9f880d9fe9ed895ed9b66",
    "settings": {
      "testing": false
    },
    "software": "mriqc",
    "version": "21.0.0rc2",
    "warnings": {
      "large_rot_frame": false,
      "small_air_mask": false
    },
    "webapi_port": null,
    "webapi_url": "https://mriqc.nimh.nih.gov/api/v1"
  },
  "qi_1": 0.0,
  "qi_2": 0.0006938341858833689,
  "rpve_csf": 9.977209469657085,
  "rpve_gm": 4.799944492168287,
  "rpve_wm": 5.058525020431823,
  "size_x": 256,
  "size_y": 256,
  "size_z": 44,
  "snr_csf": 3.172603382577006,
  "snr_gm": 8.010538256873122,
  "snr_total": 6.259558579285759,
  "snr_wm": 7.595534098407151,
  "snrd_csf": 58.69204518175371,
  "snrd_gm": 27.401085366907083,
  "snrd_total": 34.34423190530169,
  "snrd_wm": 16.939565167244275,
  "spacing_x": 0.75,
  "spacing_y": 0.75,
  "spacing_z": 2.9999990463256836,
  "summary_bg_k": 140.76467104278947,
  "summary_bg_mad": 39.36283772733362,
  "summary_bg_mean": 57.79843864957475,
  "summary_bg_median": 40.41328892111778,
  "summary_bg_n": 649175.0,
  "summary_bg_p05": 2.7465341985225677,
  "summary_bg_p95": 146.6126112639904,
  "summary_bg_stdv": 83.85434132378833,
  "summary_csf_k": 0.9352738643578591,
  "summary_csf_mad": 946.4532558971202,
  "summary_csf_mean": 3417.2991391795317,
  "summary_csf_median": 3526.41912356019,
  "summary_csf_n": 149939.0,
  "summary_csf_p05": 740.2563601732254,
  "summary_csf_p95": 4967.434066385031,
  "summary_csf_stdv": 1111.5185035084908,
  "summary_gm_k": 0.22891153263367192,
  "summary_gm_mad": 201.8557343554399,
  "summary_gm_mean": 1656.1603335474183,
  "summary_gm_median": 1646.3510710000992,
  "summary_gm_n": 240783.0,
  "summary_gm_p05": 1336.7774306237698,
  "summary_gm_p95": 2006.1339722722762,
  "summary_gm_stdv": 205.52272512269147,
  "summary_wm_k": 0.19394288558457484,
  "summary_wm_mad": 130.88628308349848,
  "summary_wm_mean": 1006.8978223073791,
  "summary_wm_median": 1017.7871015667915,
  "summary_wm_n": 341614.0,
  "summary_wm_p05": 768.375638872385,
  "summary_wm_p95": 1207.2979612648487,
  "summary_wm_stdv": 133.99789912140255,
  "tpm_overlap_csf": 0.15385335683822632,
  "tpm_overlap_gm": 0.38809365034103394,
  "tpm_overlap_wm": 0.44843682646751404,
  "wm2max": 0.18350311262026034
}