{
  "aor": 0.0013913461538461538,
  "aqi": 0.0027705448076923082,
  "bids_meta": {
    "BandwidthPerPixelPhaseEncode": 31.25,
    "EchoTime": 0.025,
    "EffectiveEchoSpacing": 0.0005,
    "FlipAngle": 75,
    "ImageType": [
      "ORIGINAL",
      "PRIMARY",
      "M",
      "ND",
      "MOSAIC"
    ],
    "MagneticFieldStrength": 3,
    "Manufacturer": "Siemens",
    "ManufacturersModelName": "TrioTim",
    "Modality": "MR",
    "PhaseEncodingDirection": "j-",
    "PixelBandwidth": 3005,
    "RepetitionTime": 3,
    "ScanningSequence": "EP",
    "SequenceVariant": "SK",
    "SliceThickness": 3,
    "SliceTiming": [
      0,
      1.5225,
      0.055,
      1.58,
      0.1125,
      1.6375,
      0.17,
      1.6925,
      0.225,
      1.75,
      0.2825,
      1.805,
      0.3375,
      1.8625,
      0.395,
      1.92,
      0.45,
      1.975,
      0.5075,
      2.0325,
      0.565,
      2.0875,
      0.62,
      2.145,
      0.6775,
      2.2,
      0.7325,
      2.2575,
      0.79,
      2.315,
      0.8475,
      2.37,
      0.9025,
      2.4275,
      0.96,
      2.4825,
      1.015,
      2.54,
      1.0725,
      2.595,
      1.1275,
      2.6525,
      1.185,
      2.71,
      1.2425,
      2.765,
      1.2975,
      2.8225,
      1.355,
      2.8775,
      1.41,
      2.935,
      1.4675
    ],
    "SpacingBetweenSlices": 3,
    "TaskName": "intertemporal choice task",
    "TotalReadoutTime": 0.0315,
    "dataset": "ds002843",
    "modality": "bold",
    "run_id": 2,
    "session_id": "scan1",
    "subject_id": "dmp1070",
    "task_id": "itc"
  },
  "dummy_trs": 0,
  "dvars_nstd": 24.370496083689318,
  "dvars_std": 1.1918438703883496,
  "dvars_vstd": 0.9943940605825247,
  "efc": 0.5231186810496529,
  "fber": 452.9726257324219,
  "fd_mean": 0.1293003501220011,
  "fd_num": 12,
  "fd_perc": 11.538461538461538,
  "fwhm_avg": 2.7701755555555554,
  "fwhm_x": 2.669973333333333,
  "fwhm_y": 2.6116,
  "fwhm_z": 3.0289533333333334,
  "gcor": 0.0266535,
  "gsr_x": -0.01719644106924534,
  "gsr_y": 0.029957182705402374,
  "provenance": {
    "md5sum": "4717fdfcf71df29ee2840b0c89abac85",
    "settings": {
      "fd_thres": 0.2,
      "testing": false
    },
    "software": "mriqc",
    "version": "21.0.0rc2",
    "webapi_port": null,
    "webapi_url": "https://mriqc.nimh.nih.gov/api/v1"
  },
  "size_t": 104,
  "size_x": 64,
  "size_y": 64,
  "size_z": 53,
  "snr": 2.405989163847574,
  "spacing_tr": 3.0,
  "spacing_x": 3.0,
  "spacing_y": 3.0,
  "spacing_z": 3.0,
  "summary_bg_k": 67.09865061475811,
  "summary_bg_mad": 8.35389261707826,
  "summary_bg_mean": 58.96331024169922,
  "summary_bg_median": 30.750001907348633,
  "summary_bg_n": 138261.0,
  "summary_bg_p05": 24.576923370361328,
  "summary_bg_p95": 190.375,
  "summary_bg_stdv": 89.38771057128906,
  "summary_fg_k": 4.002010089568866,
  "summary_fg_mad": 200.55045467317254,
  "summary_fg_mean": 730.682373046875,
  "summary_fg_median": 656.9807739257812,
  "summary_fg_n": 38311.0,
  "summary_fg_p05": 436.2163543701172,
  "summary_fg_p95": 1283.6971435546875,
  "summary_fg_stdv": 273.0570068359375,
  "tsnr": 82.59413411142305
}