{
  "aor": 0.011206477987421382,
  "aqi": 0.009211635408805029,
  "bids_meta": {
    "BandwidthPerPixelPhaseEncode": 31.25,
    "EchoTime": 0.025,
    "EffectiveEchoSpacing": 0.0005,
    "FlipAngle": 75,
    "ImageType": [
      "ORIGINAL",
      "PRIMARY",
      "M",
      "ND",
      "MOSAIC"
    ],
    "MagneticFieldStrength": 3,
    "Manufacturer": "Siemens",
    "ManufacturersModelName": "TrioTim",
    "Modality": "MR",
    "PhaseEncodingDirection": "j-",
    "PixelBandwidth": 3005,
    "RepetitionTime": 3,
    "ScanningSequence": "EP",
    "SequenceVariant": "SK",
    "SliceThickness": 3,
    "SliceTiming": [
      0,
      1.5225,
      0.055,
      1.58,
      0.1125,
      1.635,
      0.1675,
      1.6925,
      0.225,
      1.75,
      0.2825,
      1.805,
      0.3375,
      1.8625,
      0.395,
      1.9175,
      0.45,
      1.975,
      0.5075,
      2.03,
      0.5625,
      2.0875,
      0.62,
      2.145,
      0.6775,
      2.2,
      0.7325,
      2.2575,
      0.79,
      2.3125,
      0.845,
      2.37,
      0.9025,
      2.425,
      0.9575,
      2.4825,
      1.015,
      2.54,
      1.0725,
      2.595,
      1.1275,
      2.6525,
      1.185,
      2.7075,
      1.24,
      2.765,
      1.2975,
      2.8225,
      1.355,
      2.8775,
      1.41,
      2.935,
      1.4675
    ],
    "SpacingBetweenSlices": 3,
    "TaskName": "rest",
    "TotalReadoutTime": 0.0315,
    "dataset": "ds002843",
    "modality": "bold",
    "session_id": "scan1",
    "subject_id": "dmp1070",
    "task_id": "rest"
  },
  "dummy_trs": 1,
  "dvars_nstd": 23.556923196139238,
  "dvars_std": 1.123554805063291,
  "dvars_vstd": 0.9944794420886075,
  "efc": 0.5217163519689139,
  "fber": 446.7607116699219,
  "fd_mean": 0.1402480316231545,
  "fd_num": 28,
  "fd_perc": 17.61006289308176,
  "fwhm_avg": 2.829101111111111,
  "fwhm_x": 2.721163333333333,
  "fwhm_y": 2.6718100000000002,
  "fwhm_z": 3.09433,
  "gcor": 0.0145415,
  "gsr_x": -0.015927916392683983,
  "gsr_y": 0.03169650956988335,
  "provenance": {
    "md5sum": "fd40743cfeb07f0f6346297410b0fa4b",
    "settings": {
      "fd_thres": 0.2,
      "testing": false
    },
    "software": "mriqc",
    "version": "21.0.0rc2",
    "webapi_port": null,
    "webapi_url": "https://mriqc.nimh.nih.gov/api/v1"
  },
  "size_t": 159,
  "size_x": 64,
  "size_y": 64,
  "size_z": 53,
  "snr": 2.3866665361351798,
  "spacing_tr": 3.0,
  "spacing_x": 3.0,
  "spacing_y": 3.0,
  "spacing_z": 3.0,
  "summary_bg_k": 65.66805009140383,
  "summary_bg_mad": 9.054130671645623,
  "summary_bg_mean": 57.87298583984375,
  "summary_bg_median": 30.949684143066406,
  "summary_bg_n": 138168.0,
  "summary_bg_p05": 23.74842643737793,
  "summary_bg_p95": 183.03930130004863,
  "summary_bg_stdv": 86.24408721923828,
  "summary_fg_k": 4.022834682769244,
  "summary_fg_mad": 201.25628336606462,
  "summary_fg_mean": 728.6926879882812,
  "summary_fg_median": 654.42138671875,
  "summary_fg_n": 38328.0,
  "summary_fg_p05": 434.17042846679686,
  "summary_fg_p95": 1283.0625305175784,
  "summary_fg_stdv": 274.1953430175781,
  "tsnr": 47.928838974796236
}