{
  "aor": 0.00687951923076923,
  "aqi": 0.0028315592307692305,
  "bids_meta": {
    "BandwidthPerPixelPhaseEncode": 31.25,
    "EchoTime": 0.025,
    "EffectiveEchoSpacing": 0.0005,
    "FlipAngle": 75,
    "ImageType": [
      "ORIGINAL",
      "PRIMARY",
      "M",
      "ND",
      "MOSAIC"
    ],
    "MagneticFieldStrength": 3,
    "Manufacturer": "Siemens",
    "ManufacturersModelName": "TrioTim",
    "Modality": "MR",
    "PhaseEncodingDirection": "j-",
    "PixelBandwidth": 3005,
    "RepetitionTime": 3,
    "ScanningSequence": "EP",
    "SequenceVariant": "SK",
    "SliceThickness": 3,
    "SliceTiming": [
      0,
      1.5225,
      0.055,
      1.58,
      0.1125,
      1.6375,
      0.17,
      1.6925,
      0.225,
      1.75,
      0.2825,
      1.805,
      0.3375,
      1.8625,
      0.395,
      1.92,
      0.45,
      1.975,
      0.5075,
      2.0325,
      0.565,
      2.0875,
      0.62,
      2.145,
      0.6775,
      2.2,
      0.7325,
      2.2575,
      0.79,
      2.315,
      0.8475,
      2.37,
      0.9025,
      2.4275,
      0.96,
      2.4825,
      1.015,
      2.54,
      1.0725,
      2.595,
      1.1275,
      2.6525,
      1.185,
      2.71,
      1.2425,
      2.765,
      1.2975,
      2.8225,
      1.355,
      2.8775,
      1.41,
      2.935,
      1.4675
    ],
    "SpacingBetweenSlices": 3,
    "TaskName": "intertemporal choice task",
    "TotalReadoutTime": 0.0315,
    "dataset": "ds002843",
    "modality": "bold",
    "run_id": 1,
    "session_id": "scan1",
    "subject_id": "dmp0929",
    "task_id": "itc"
  },
  "dummy_trs": 0,
  "dvars_nstd": 27.934649717572825,
  "dvars_std": 1.292474405436893,
  "dvars_vstd": 1.0434523244660192,
  "efc": 0.5363281894518608,
  "fber": 532.9937744140625,
  "fd_mean": 0.21894060535612198,
  "fd_num": 34,
  "fd_perc": 32.69230769230769,
  "fwhm_avg": 3.0706177777777772,
  "fwhm_x": 2.9713999999999996,
  "fwhm_y": 3.0340366666666667,
  "fwhm_z": 3.2064166666666662,
  "gcor": 0.105512,
  "gsr_x": -0.013536437414586544,
  "gsr_y": 0.0796060562133789,
  "provenance": {
    "md5sum": "4c6e5919bf1e8d23fad1c73aad0d012c",
    "settings": {
      "fd_thres": 0.2,
      "testing": false
    },
    "software": "mriqc",
    "version": "21.0.0rc2",
    "webapi_port": null,
    "webapi_url": "https://mriqc.nimh.nih.gov/api/v1"
  },
  "size_t": 104,
  "size_x": 64,
  "size_y": 64,
  "size_z": 53,
  "snr": 2.3449376962967787,
  "spacing_tr": 3.0,
  "spacing_x": 3.0,
  "spacing_y": 3.0,
  "spacing_z": 3.0,
  "summary_bg_k": 30.382928041554536,
  "summary_bg_mad": 8.738801137528228,
  "summary_bg_mean": 64.99939727783203,
  "summary_bg_median": 33.5384635925293,
  "summary_bg_n": 131498.0,
  "summary_bg_p05": 27.14423179626465,
  "summary_bg_p95": 220.61683120727534,
  "summary_bg_stdv": 83.2178955078125,
  "summary_fg_k": 2.965746553846378,
  "summary_fg_mad": 255.92705919174256,
  "summary_fg_mean": 863.1820068359375,
  "summary_fg_median": 781.673095703125,
  "summary_fg_n": 43444.0,
  "summary_fg_p05": 479.5865478515625,
  "summary_fg_p95": 1542.5745666503904,
  "summary_fg_stdv": 333.3410949707031,
  "tsnr": 71.31025017006323
}