{
  "bids_meta": {
    "EchoTime": 0.00311,
    "FlipAngle": 15,
    "ImageType": [
      "ORIGINAL",
      "PRIMARY",
      "M",
      "ND",
      "NORM"
    ],
    "InversionTime": 1.1,
    "MagneticFieldStrength": 3,
    "Manufacturer": "Siemens",
    "ManufacturersModelName": "TrioTim",
    "Modality": "MR",
    "RepetitionTime": 1.63,
    "ScanningSequence": "GR_IR",
    "SequenceVariant": "SP_MP",
    "SliceThickness": 1,
    "dataset": "ds002843",
    "modality": "T1w",
    "session_id": "scan2",
    "subject_id": "dmp1165"
  },
  "cjv": 0.5800636563321679,
  "cnr": 2.2603977596281695,
  "efc": 0.6597692488959409,
  "fber": 4145.21044921875,
  "fwhm_avg": 3.862734666666667,
  "fwhm_x": 3.694784,
  "fwhm_y": 4.18352,
  "fwhm_z": 3.7099,
  "icvs_csf": 0.2022152502281931,
  "icvs_gm": 0.4004615826612835,
  "icvs_wm": 0.39732316711052335,
  "inu_med": 1.237505316734314,
  "inu_range": 0.3484627723693847,
  "provenance": {
    "md5sum": "681ec0cccdae881be7b82a497ad062fd",
    "settings": {
      "testing": false
    },
    "software": "mriqc",
    "version": "21.0.0rc2",
    "warnings": {
      "large_rot_frame": true,
      "small_air_mask": false
    },
    "webapi_port": null,
    "webapi_url": "https://mriqc.nimh.nih.gov/api/v1"
  },
  "qi_1": 3.9519527533424806e-05,
  "qi_2": 0.004938084118362378,
  "rpve_csf": 14.765034148009537,
  "rpve_gm": 7.3221647657833335,
  "rpve_wm": 8.611973429486502,
  "size_x": 192,
  "size_y": 256,
  "size_z": 160,
  "snr_csf": 3.41054248947358,
  "snr_gm": 13.384558223169728,
  "snr_total": 10.9453906068696,
  "snr_wm": 16.04107110796549,
  "snrd_csf": 23.32624018398307,
  "snrd_gm": 40.486411893682835,
  "snrd_total": 38.247789804218776,
  "snrd_wm": 50.93071733499042,
  "spacing_x": 0.9375,
  "spacing_y": 0.9375,
  "spacing_z": 1.0,
  "summary_bg_k": 17.76406888778676,
  "summary_bg_mad": 12.863685510368281,
  "summary_bg_mean": 22.466514587402344,
  "summary_bg_median": 11.585783958435059,
  "summary_bg_n": 2128539.0,
  "summary_bg_p05": 0.0,
  "summary_bg_p95": 79.64137954711913,
  "summary_bg_stdv": 28.585264205932617,
  "summary_csf_k": -0.09954799954552529,
  "summary_csf_mad": 146.5533154176307,
  "summary_csf_mean": 467.9294738769531,
  "summary_csf_median": 458.013671875,
  "summary_csf_n": 55346.0,
  "summary_csf_p05": 270.4273910522461,
  "summary_csf_p95": 701.8887329101562,
  "summary_csf_stdv": 134.2922821044922,
  "summary_gm_k": 0.12669837081125834,
  "summary_gm_mad": 58.261045864759915,
  "summary_gm_mean": 799.0696411132812,
  "summary_gm_median": 794.955810546875,
  "summary_gm_n": 28342.0,
  "summary_gm_p05": 708.818212890625,
  "summary_gm_p95": 903.5817077636716,
  "summary_gm_stdv": 59.3924560546875,
  "summary_wm_k": 0.8462705059219022,
  "summary_wm_mad": 60.69565715551821,
  "summary_wm_mean": 1005.7506713867188,
  "summary_wm_median": 1000.0310668945312,
  "summary_wm_n": 243459.0,
  "summary_wm_p05": 915.0606201171875,
  "summary_wm_p95": 1115.1446166992187,
  "summary_wm_stdv": 62.3417854309082,
  "tpm_overlap_csf": 0.17851164937019348,
  "tpm_overlap_gm": 0.4326241910457611,
  "tpm_overlap_wm": 0.4784299433231354,
  "wm2max": 0.4928566276478477
}