{
  "aor": 0.002979326923076923,
  "aqi": 0.0033575190384615384,
  "bids_meta": {
    "BandwidthPerPixelPhaseEncode": 31.25,
    "EchoTime": 0.025,
    "EffectiveEchoSpacing": 0.0005,
    "FlipAngle": 75,
    "ImageType": [
      "ORIGINAL",
      "PRIMARY",
      "M",
      "ND",
      "MOSAIC"
    ],
    "MagneticFieldStrength": 3,
    "Manufacturer": "Siemens",
    "ManufacturersModelName": "TrioTim",
    "Modality": "MR",
    "PhaseEncodingDirection": "j-",
    "PixelBandwidth": 3005,
    "RepetitionTime": 3,
    "ScanningSequence": "EP",
    "SequenceVariant": "SK",
    "SliceThickness": 3,
    "SliceTiming": [
      0,
      1.5225,
      0.055,
      1.58,
      0.1125,
      1.6375,
      0.17,
      1.6925,
      0.225,
      1.75,
      0.2825,
      1.805,
      0.3375,
      1.8625,
      0.395,
      1.92,
      0.45,
      1.975,
      0.5075,
      2.0325,
      0.565,
      2.0875,
      0.62,
      2.145,
      0.6775,
      2.2,
      0.7325,
      2.2575,
      0.79,
      2.315,
      0.8475,
      2.37,
      0.9025,
      2.4275,
      0.96,
      2.4825,
      1.015,
      2.54,
      1.0725,
      2.595,
      1.1275,
      2.6525,
      1.185,
      2.71,
      1.2425,
      2.765,
      1.2975,
      2.8225,
      1.355,
      2.8775,
      1.41,
      2.935,
      1.4675
    ],
    "SpacingBetweenSlices": 3,
    "TaskName": "intertemporal choice task",
    "TotalReadoutTime": 0.0315,
    "dataset": "ds002843",
    "modality": "bold",
    "run_id": 2,
    "session_id": "scan1",
    "subject_id": "dmp0971",
    "task_id": "itc"
  },
  "dummy_trs": 0,
  "dvars_nstd": 28.290024044174764,
  "dvars_std": 1.2281713058252433,
  "dvars_vstd": 0.9931356281553402,
  "efc": 0.5802521843200451,
  "fber": 287.3109436035156,
  "fd_mean": 0.14614556185251898,
  "fd_num": 21,
  "fd_perc": 20.192307692307693,
  "fwhm_avg": 2.5670533333333334,
  "fwhm_x": 2.513193333333333,
  "fwhm_y": 2.37002,
  "fwhm_z": 2.8179466666666664,
  "gcor": 0.0425887,
  "gsr_x": -0.014173694886267185,
  "gsr_y": 0.04897413030266762,
  "provenance": {
    "md5sum": "aa4ffbb717dd8a3fcbafc3502643299e",
    "settings": {
      "fd_thres": 0.2,
      "testing": false
    },
    "software": "mriqc",
    "version": "21.0.0rc2",
    "webapi_port": null,
    "webapi_url": "https://mriqc.nimh.nih.gov/api/v1"
  },
  "size_t": 104,
  "size_x": 64,
  "size_y": 64,
  "size_z": 53,
  "snr": 2.7626467529447476,
  "spacing_tr": 3.0,
  "spacing_x": 3.0,
  "spacing_y": 3.0,
  "spacing_z": 3.0,
  "summary_bg_k": 16.194079928635816,
  "summary_bg_mad": 18.218903384309254,
  "summary_bg_mean": 80.96084594726562,
  "summary_bg_median": 39.55769348144531,
  "summary_bg_n": 130965.0,
  "summary_bg_p05": 26.413461685180664,
  "summary_bg_p95": 271.16156005859364,
  "summary_bg_stdv": 96.71395874023438,
  "summary_fg_k": 2.7402972531366947,
  "summary_fg_mad": 217.9425261203235,
  "summary_fg_mean": 743.5783081054688,
  "summary_fg_median": 693.97119140625,
  "summary_fg_n": 42293.0,
  "summary_fg_p05": 431.1076965332031,
  "summary_fg_p95": 1216.4326904296877,
  "summary_fg_stdv": 251.19497680664062,
  "tsnr": 65.90803458634764
}