{
  "aor": 0.0024042499999999997,
  "aqi": 0.0064661695625000005,
  "bids_meta": {
    "BandwidthPerPixelPhaseEncode": 31.25,
    "EchoTime": 0.025,
    "EffectiveEchoSpacing": 0.0005,
    "FlipAngle": 75,
    "ImageType": [
      "ORIGINAL",
      "PRIMARY",
      "M",
      "ND",
      "MOSAIC"
    ],
    "MagneticFieldStrength": 3,
    "Manufacturer": "Siemens",
    "ManufacturersModelName": "TrioTim",
    "Modality": "MR",
    "PhaseEncodingDirection": "j-",
    "PixelBandwidth": 3005,
    "RepetitionTime": 3,
    "ScanningSequence": "EP",
    "SequenceVariant": "SK",
    "SliceThickness": 3,
    "SliceTiming": [
      0,
      1.5225,
      0.055,
      1.58,
      0.1125,
      1.635,
      0.1675,
      1.6925,
      0.225,
      1.75,
      0.2825,
      1.805,
      0.3375,
      1.8625,
      0.395,
      1.9175,
      0.45,
      1.975,
      0.5075,
      2.03,
      0.5625,
      2.0875,
      0.62,
      2.145,
      0.6775,
      2.2,
      0.7325,
      2.2575,
      0.79,
      2.3125,
      0.845,
      2.37,
      0.9025,
      2.425,
      0.9575,
      2.4825,
      1.015,
      2.54,
      1.0725,
      2.595,
      1.1275,
      2.6525,
      1.185,
      2.7075,
      1.24,
      2.765,
      1.2975,
      2.8225,
      1.355,
      2.8775,
      1.41,
      2.935,
      1.4675
    ],
    "SpacingBetweenSlices": 3,
    "TaskName": "rest",
    "TotalReadoutTime": 0.0315,
    "dataset": "ds002843",
    "modality": "bold",
    "session_id": "scan1",
    "subject_id": "dmp0971",
    "task_id": "rest"
  },
  "dummy_trs": 0,
  "dvars_nstd": 27.09280233572327,
  "dvars_std": 1.1040487881132068,
  "dvars_vstd": 0.9415746388679244,
  "efc": 0.5776458973464159,
  "fber": 280.57269287109375,
  "fd_mean": 0.16871203289823442,
  "fd_num": 41,
  "fd_perc": 25.625,
  "fwhm_avg": 2.601917777777778,
  "fwhm_x": 2.56664,
  "fwhm_y": 2.40145,
  "fwhm_z": 2.8376633333333334,
  "gcor": 0.0197388,
  "gsr_x": -0.015007974579930305,
  "gsr_y": 0.04879828542470932,
  "provenance": {
    "md5sum": "994889b5d92f797845f5c42e131f5578",
    "settings": {
      "fd_thres": 0.2,
      "testing": false
    },
    "software": "mriqc",
    "version": "21.0.0rc2",
    "webapi_port": null,
    "webapi_url": "https://mriqc.nimh.nih.gov/api/v1"
  },
  "size_t": 160,
  "size_x": 64,
  "size_y": 64,
  "size_z": 53,
  "snr": 2.6741464148764584,
  "spacing_tr": 3.0,
  "spacing_x": 3.0,
  "spacing_y": 3.0,
  "spacing_z": 3.0,
  "summary_bg_k": 16.32187936122622,
  "summary_bg_mad": 20.04292761028688,
  "summary_bg_mean": 81.52631378173828,
  "summary_bg_median": 40.625,
  "summary_bg_n": 131473.0,
  "summary_bg_p05": 25.42500114440918,
  "summary_bg_p95": 269.73376464843744,
  "summary_bg_stdv": 95.95140075683594,
  "summary_fg_k": 3.180697875380085,
  "summary_fg_mad": 222.23278819195247,
  "summary_fg_mean": 748.579833984375,
  "summary_fg_median": 695.4718627929688,
  "summary_fg_n": 42318.0,
  "summary_fg_p05": 429.85626220703125,
  "summary_fg_p95": 1238.4572326660157,
  "summary_fg_stdv": 260.06939697265625,
  "tsnr": 47.93903436418623
}