{
  "aor": 0.0025521249999999997,
  "aqi": 0.0049427530625,
  "bids_meta": {
    "BandwidthPerPixelPhaseEncode": 31.25,
    "EchoTime": 0.025,
    "EffectiveEchoSpacing": 0.0005,
    "FlipAngle": 75,
    "ImageType": [
      "ORIGINAL",
      "PRIMARY",
      "M",
      "ND",
      "MOSAIC"
    ],
    "MagneticFieldStrength": 3,
    "Manufacturer": "Siemens",
    "ManufacturersModelName": "TrioTim",
    "Modality": "MR",
    "PhaseEncodingDirection": "j-",
    "PixelBandwidth": 3005,
    "RepetitionTime": 3,
    "ScanningSequence": "EP",
    "SequenceVariant": "SK",
    "SliceThickness": 3,
    "SliceTiming": [
      0,
      1.5225,
      0.055,
      1.58,
      0.1125,
      1.635,
      0.1675,
      1.6925,
      0.225,
      1.75,
      0.2825,
      1.805,
      0.3375,
      1.8625,
      0.395,
      1.9175,
      0.45,
      1.975,
      0.5075,
      2.03,
      0.5625,
      2.0875,
      0.62,
      2.145,
      0.6775,
      2.2,
      0.7325,
      2.2575,
      0.79,
      2.3125,
      0.845,
      2.37,
      0.9025,
      2.425,
      0.9575,
      2.4825,
      1.015,
      2.54,
      1.0725,
      2.595,
      1.1275,
      2.6525,
      1.185,
      2.7075,
      1.24,
      2.765,
      1.2975,
      2.8225,
      1.355,
      2.8775,
      1.41,
      2.935,
      1.4675
    ],
    "SpacingBetweenSlices": 3,
    "TaskName": "rest",
    "TotalReadoutTime": 0.0315,
    "dataset": "ds002843",
    "modality": "bold",
    "session_id": "scan1",
    "subject_id": "dmp0598",
    "task_id": "rest"
  },
  "dummy_trs": 0,
  "dvars_nstd": 33.684649953270444,
  "dvars_std": 1.1851834511949688,
  "dvars_vstd": 0.9750445871069183,
  "efc": 0.5412641865452095,
  "fber": 391.67205810546875,
  "fd_mean": 0.16484504726062946,
  "fd_num": 39,
  "fd_perc": 24.375,
  "fwhm_avg": 2.623466666666667,
  "fwhm_x": 2.6079166666666667,
  "fwhm_y": 2.39759,
  "fwhm_z": 2.8648933333333333,
  "gcor": 0.0215053,
  "gsr_x": 0.00038487694109790027,
  "gsr_y": 0.049683522433042526,
  "provenance": {
    "md5sum": "c027a925e7d43c42449f10679d65bfb6",
    "settings": {
      "fd_thres": 0.2,
      "testing": false
    },
    "software": "mriqc",
    "version": "21.0.0rc2",
    "webapi_port": null,
    "webapi_url": "https://mriqc.nimh.nih.gov/api/v1"
  },
  "size_t": 160,
  "size_x": 64,
  "size_y": 64,
  "size_z": 53,
  "snr": 2.6834954978625496,
  "spacing_tr": 3.0,
  "spacing_x": 3.0,
  "spacing_y": 3.0,
  "spacing_z": 3.0,
  "summary_bg_k": 32.29721664012898,
  "summary_bg_mad": 10.79520023133323,
  "summary_bg_mean": 67.87315368652344,
  "summary_bg_median": 33.47500228881836,
  "summary_bg_n": 139907.0,
  "summary_bg_p05": 25.631250381469727,
  "summary_bg_p95": 236.49812774658193,
  "summary_bg_stdv": 93.531982421875,
  "summary_fg_k": 9.5697708898331,
  "summary_fg_mad": 184.0094497461049,
  "summary_fg_mean": 711.4264526367188,
  "summary_fg_median": 663.4312744140625,
  "summary_fg_n": 36869.0,
  "summary_fg_p05": 433.9487609863281,
  "summary_fg_p95": 1148.0850585937499,
  "summary_fg_stdv": 247.22317504882812,
  "tsnr": 55.97936545545235
}