{
  "aor": 0.004149326923076923,
  "aqi": 0.003090414423076923,
  "bids_meta": {
    "BandwidthPerPixelPhaseEncode": 31.25,
    "EchoTime": 0.025,
    "EffectiveEchoSpacing": 0.0005,
    "FlipAngle": 75,
    "ImageType": [
      "ORIGINAL",
      "PRIMARY",
      "M",
      "ND",
      "MOSAIC"
    ],
    "MagneticFieldStrength": 3,
    "Manufacturer": "Siemens",
    "ManufacturersModelName": "TrioTim",
    "Modality": "MR",
    "PhaseEncodingDirection": "j-",
    "PixelBandwidth": 3005,
    "RepetitionTime": 3,
    "ScanningSequence": "EP",
    "SequenceVariant": "SK",
    "SliceThickness": 3,
    "SliceTiming": [
      0,
      1.5225,
      0.055,
      1.58,
      0.1125,
      1.6375,
      0.17,
      1.6925,
      0.225,
      1.75,
      0.2825,
      1.805,
      0.3375,
      1.8625,
      0.395,
      1.92,
      0.45,
      1.975,
      0.5075,
      2.0325,
      0.565,
      2.0875,
      0.62,
      2.145,
      0.6775,
      2.2,
      0.7325,
      2.2575,
      0.79,
      2.315,
      0.8475,
      2.37,
      0.9025,
      2.4275,
      0.96,
      2.4825,
      1.015,
      2.54,
      1.0725,
      2.595,
      1.1275,
      2.6525,
      1.185,
      2.71,
      1.2425,
      2.765,
      1.2975,
      2.8225,
      1.355,
      2.8775,
      1.41,
      2.935,
      1.4675
    ],
    "SpacingBetweenSlices": 3,
    "TaskName": "intertemporal choice task",
    "TotalReadoutTime": 0.0315,
    "dataset": "ds002843",
    "modality": "bold",
    "run_id": 3,
    "session_id": "scan1",
    "subject_id": "dmp0598",
    "task_id": "itc"
  },
  "dummy_trs": 0,
  "dvars_nstd": 19.988360312427183,
  "dvars_std": 1.1445432214563105,
  "dvars_vstd": 1.0139460522330093,
  "efc": 0.5442214182471267,
  "fber": 379.1553955078125,
  "fd_mean": 0.13568720882681823,
  "fd_num": 18,
  "fd_perc": 17.307692307692307,
  "fwhm_avg": 2.494526666666667,
  "fwhm_x": 2.4764866666666667,
  "fwhm_y": 2.3142633333333333,
  "fwhm_z": 2.6928300000000003,
  "gcor": 0.0285353,
  "gsr_x": 0.014691161923110485,
  "gsr_y": 0.04147426411509514,
  "provenance": {
    "md5sum": "00a58865d02f961e3866217bd8dd1ff1",
    "settings": {
      "fd_thres": 0.2,
      "testing": false
    },
    "software": "mriqc",
    "version": "21.0.0rc2",
    "webapi_port": null,
    "webapi_url": "https://mriqc.nimh.nih.gov/api/v1"
  },
  "size_t": 104,
  "size_x": 64,
  "size_y": 64,
  "size_z": 53,
  "snr": 2.8649478739642142,
  "spacing_tr": 3.0,
  "spacing_x": 3.0,
  "spacing_y": 3.0,
  "spacing_z": 3.0,
  "summary_bg_k": 24.696875155256237,
  "summary_bg_mad": 11.233563398344648,
  "summary_bg_mean": 67.16912078857422,
  "summary_bg_median": 33.653846740722656,
  "summary_bg_n": 140005.0,
  "summary_bg_p05": 25.203846740722664,
  "summary_bg_p95": 232.81347351074197,
  "summary_bg_stdv": 90.21768951416016,
  "summary_fg_k": 8.447071355219153,
  "summary_fg_mad": 177.94787437332005,
  "summary_fg_mean": 702.2628784179688,
  "summary_fg_median": 658.581787109375,
  "summary_fg_n": 36330.0,
  "summary_fg_p05": 435.8504867553711,
  "summary_fg_p95": 1104.209191894531,
  "summary_fg_stdv": 229.87249755859375,
  "tsnr": 74.32561472058296
}