{
  "aor": 0.003648058252427184,
  "aqi": 0.006915228252427185,
  "bids_meta": {
    "BandwidthPerPixelPhaseEncode": 31.25,
    "EchoTime": 0.025,
    "EffectiveEchoSpacing": 0.0005,
    "FlipAngle": 75,
    "ImageType": [
      "ORIGINAL",
      "PRIMARY",
      "M",
      "ND",
      "MOSAIC"
    ],
    "MagneticFieldStrength": 3,
    "Manufacturer": "Siemens",
    "ManufacturersModelName": "TrioTim",
    "Modality": "MR",
    "PhaseEncodingDirection": "j-",
    "PixelBandwidth": 3005,
    "RepetitionTime": 3,
    "ScanningSequence": "EP",
    "SequenceVariant": "SK",
    "SliceThickness": 3,
    "SliceTiming": [
      0,
      1.5225,
      0.055,
      1.58,
      0.1125,
      1.6375,
      0.17,
      1.6925,
      0.225,
      1.75,
      0.2825,
      1.805,
      0.3375,
      1.8625,
      0.395,
      1.92,
      0.45,
      1.975,
      0.5075,
      2.0325,
      0.565,
      2.0875,
      0.62,
      2.145,
      0.6775,
      2.2,
      0.7325,
      2.2575,
      0.79,
      2.315,
      0.8475,
      2.37,
      0.9025,
      2.4275,
      0.96,
      2.4825,
      1.015,
      2.54,
      1.0725,
      2.595,
      1.1275,
      2.6525,
      1.185,
      2.71,
      1.2425,
      2.765,
      1.2975,
      2.8225,
      1.355,
      2.8775,
      1.41,
      2.935,
      1.4675
    ],
    "SpacingBetweenSlices": 3,
    "TaskName": "risk choice task",
    "TotalReadoutTime": 0.0315,
    "dataset": "ds002843",
    "modality": "bold",
    "run_id": 2,
    "session_id": "scan2",
    "subject_id": "dmp0521",
    "task_id": "risk"
  },
  "dummy_trs": 1,
  "dvars_nstd": 28.241192668137256,
  "dvars_std": 1.030371109901961,
  "dvars_vstd": 0.9158790436274508,
  "efc": 0.561497621284496,
  "fber": 285.1278076171875,
  "fd_mean": 0.16070232666879178,
  "fd_num": 19,
  "fd_perc": 18.446601941747574,
  "fwhm_avg": 2.6253622222222224,
  "fwhm_x": 2.45661,
  "fwhm_y": 2.46341,
  "fwhm_z": 2.9560666666666666,
  "gcor": 0.0162916,
  "gsr_x": -0.003341223578900099,
  "gsr_y": 0.0312013179063797,
  "provenance": {
    "md5sum": "5a1d1f133425e682931baa516ddfa4cf",
    "settings": {
      "fd_thres": 0.2,
      "testing": false
    },
    "software": "mriqc",
    "version": "21.0.0rc2",
    "webapi_port": null,
    "webapi_url": "https://mriqc.nimh.nih.gov/api/v1"
  },
  "size_t": 103,
  "size_x": 64,
  "size_y": 64,
  "size_z": 53,
  "snr": 2.6735208351393864,
  "spacing_tr": 3.0,
  "spacing_x": 3.0,
  "spacing_y": 3.0,
  "spacing_z": 3.0,
  "summary_bg_k": 17.56566323417281,
  "summary_bg_mad": 19.74883797726048,
  "summary_bg_mean": 72.73298645019531,
  "summary_bg_median": 41.0,
  "summary_bg_n": 134188.0,
  "summary_bg_p05": 26.504854202270508,
  "summary_bg_p95": 227.3912628173827,
  "summary_bg_stdv": 76.58038330078125,
  "summary_fg_k": 4.089349270363861,
  "summary_fg_mad": 202.68468156059043,
  "summary_fg_mean": 757.5549926757812,
  "summary_fg_median": 696.1407470703125,
  "summary_fg_n": 39888.0,
  "summary_fg_p05": 462.70582885742186,
  "summary_fg_p95": 1272.5791442871093,
  "summary_fg_stdv": 260.3802490234375,
  "tsnr": 43.424037334509194
}