{
  "aor": 0.004668113207547169,
  "aqi": 0.0030174969811320755,
  "bids_meta": {
    "BandwidthPerPixelPhaseEncode": 31.25,
    "EchoTime": 0.025,
    "EffectiveEchoSpacing": 0.0005,
    "FlipAngle": 75,
    "ImageType": [
      "ORIGINAL",
      "PRIMARY",
      "M",
      "ND",
      "MOSAIC"
    ],
    "MagneticFieldStrength": 3,
    "Manufacturer": "Siemens",
    "ManufacturersModelName": "TrioTim",
    "Modality": "MR",
    "PhaseEncodingDirection": "j-",
    "PixelBandwidth": 3005,
    "RepetitionTime": 3,
    "ScanningSequence": "EP",
    "SequenceVariant": "SK",
    "SliceThickness": 3,
    "SliceTiming": [
      0,
      1.5225,
      0.055,
      1.58,
      0.1125,
      1.635,
      0.1675,
      1.6925,
      0.225,
      1.75,
      0.2825,
      1.805,
      0.3375,
      1.8625,
      0.395,
      1.9175,
      0.45,
      1.975,
      0.5075,
      2.03,
      0.5625,
      2.0875,
      0.62,
      2.145,
      0.6775,
      2.2,
      0.7325,
      2.2575,
      0.79,
      2.3125,
      0.845,
      2.37,
      0.9025,
      2.425,
      0.9575,
      2.4825,
      1.015,
      2.54,
      1.0725,
      2.595,
      1.1275,
      2.6525,
      1.185,
      2.7075,
      1.24,
      2.765,
      1.2975,
      2.8225,
      1.355,
      2.8775,
      1.41,
      2.935,
      1.4675
    ],
    "SpacingBetweenSlices": 3,
    "TaskName": "rest",
    "TotalReadoutTime": 0.0315,
    "dataset": "ds002843",
    "modality": "bold",
    "session_id": "scan2",
    "subject_id": "dmp0098",
    "task_id": "rest"
  },
  "dummy_trs": 1,
  "dvars_nstd": 20.344178682848113,
  "dvars_std": 1.2044348371518987,
  "dvars_vstd": 1.0270554201265831,
  "efc": 0.5967874377099377,
  "fber": 301.35614013671875,
  "fd_mean": 0.07797753134116628,
  "fd_num": 3,
  "fd_perc": 1.8867924528301887,
  "fwhm_avg": 2.587141111111111,
  "fwhm_x": 2.4264633333333334,
  "fwhm_y": 2.5592133333333336,
  "fwhm_z": 2.7757466666666666,
  "gcor": 0.0225469,
  "gsr_x": 0.00495881075039506,
  "gsr_y": 0.06291012465953827,
  "provenance": {
    "md5sum": "70e98f3b4782c80bb9172be4b0322df3",
    "settings": {
      "fd_thres": 0.2,
      "testing": false
    },
    "software": "mriqc",
    "version": "21.0.0rc2",
    "webapi_port": null,
    "webapi_url": "https://mriqc.nimh.nih.gov/api/v1"
  },
  "size_t": 159,
  "size_x": 64,
  "size_y": 64,
  "size_z": 53,
  "snr": 2.959027453752143,
  "spacing_tr": 3.0,
  "spacing_x": 3.0,
  "spacing_y": 3.0,
  "spacing_z": 3.0,
  "summary_bg_k": 16.43142907419331,
  "summary_bg_mad": 14.425068504335743,
  "summary_bg_mean": 75.85267639160156,
  "summary_bg_median": 37.194969177246094,
  "summary_bg_n": 125522.0,
  "summary_bg_p05": 26.534589767456055,
  "summary_bg_p95": 267.34560089111324,
  "summary_bg_stdv": 93.3920669555664,
  "summary_fg_k": 5.562121766609312,
  "summary_fg_mad": 198.1791869830584,
  "summary_fg_mean": 701.2622680664062,
  "summary_fg_median": 662.1509399414062,
  "summary_fg_n": 47562.0,
  "summary_fg_p05": 421.36729125976564,
  "summary_fg_p95": 1092.9414733886717,
  "summary_fg_stdv": 223.77081298828125,
  "tsnr": 72.86071672756225
}