{
  "aor": 0.003949223300970874,
  "aqi": 0.0022693146601941746,
  "bids_meta": {
    "BandwidthPerPixelPhaseEncode": 31.25,
    "EchoTime": 0.025,
    "EffectiveEchoSpacing": 0.0005,
    "FlipAngle": 75,
    "ImageType": [
      "ORIGINAL",
      "PRIMARY",
      "M",
      "ND",
      "MOSAIC"
    ],
    "MagneticFieldStrength": 3,
    "Manufacturer": "Siemens",
    "ManufacturersModelName": "TrioTim",
    "Modality": "MR",
    "PhaseEncodingDirection": "j-",
    "PixelBandwidth": 3005,
    "RepetitionTime": 3,
    "ScanningSequence": "EP",
    "SequenceVariant": "SK",
    "SliceThickness": 3,
    "SliceTiming": [
      0,
      1.5225,
      0.055,
      1.58,
      0.1125,
      1.6375,
      0.17,
      1.6925,
      0.225,
      1.75,
      0.2825,
      1.805,
      0.3375,
      1.8625,
      0.395,
      1.92,
      0.45,
      1.975,
      0.5075,
      2.0325,
      0.565,
      2.0875,
      0.62,
      2.145,
      0.6775,
      2.2,
      0.7325,
      2.2575,
      0.79,
      2.315,
      0.8475,
      2.37,
      0.9025,
      2.4275,
      0.96,
      2.4825,
      1.015,
      2.54,
      1.0725,
      2.595,
      1.1275,
      2.6525,
      1.185,
      2.71,
      1.2425,
      2.765,
      1.2975,
      2.8225,
      1.355,
      2.8775,
      1.41,
      2.935,
      1.4675
    ],
    "SpacingBetweenSlices": 3,
    "TaskName": "risk choice task",
    "TotalReadoutTime": 0.0315,
    "dataset": "ds002843",
    "modality": "bold",
    "run_id": 3,
    "session_id": "scan2",
    "subject_id": "dmp0098",
    "task_id": "risk"
  },
  "dummy_trs": 1,
  "dvars_nstd": 21.63380383519608,
  "dvars_std": 1.2332960429411768,
  "dvars_vstd": 1.0418901295098038,
  "efc": 0.5990160859820214,
  "fber": 290.047607421875,
  "fd_mean": 0.0800818890531734,
  "fd_num": 5,
  "fd_perc": 4.854368932038835,
  "fwhm_avg": 2.6148611111111113,
  "fwhm_x": 2.4468666666666667,
  "fwhm_y": 2.5852033333333333,
  "fwhm_z": 2.8125133333333334,
  "gcor": 0.0254986,
  "gsr_x": 0.0028925789520144463,
  "gsr_y": 0.06506400555372238,
  "provenance": {
    "md5sum": "77c68a0fed47e8634f36e06baa802f10",
    "settings": {
      "fd_thres": 0.2,
      "testing": false
    },
    "software": "mriqc",
    "version": "21.0.0rc2",
    "webapi_port": null,
    "webapi_url": "https://mriqc.nimh.nih.gov/api/v1"
  },
  "size_t": 103,
  "size_x": 64,
  "size_y": 64,
  "size_z": 53,
  "snr": 2.9090606896342734,
  "spacing_tr": 3.0,
  "spacing_x": 3.0,
  "spacing_y": 3.0,
  "spacing_z": 3.0,
  "summary_bg_k": 15.299342143526001,
  "summary_bg_mad": 15.552926764358846,
  "summary_bg_mean": 80.0719223022461,
  "summary_bg_median": 38.46116638183594,
  "summary_bg_n": 125536.0,
  "summary_bg_p05": 27.39805793762207,
  "summary_bg_p95": 282.02911376953125,
  "summary_bg_stdv": 98.77483367919922,
  "summary_fg_k": 5.986828840754146,
  "summary_fg_mad": 201.5834530633917,
  "summary_fg_mean": 712.52880859375,
  "summary_fg_median": 671.3397827148438,
  "summary_fg_n": 47342.0,
  "summary_fg_p05": 426.49854583740233,
  "summary_fg_p95": 1118.3281372070312,
  "summary_fg_stdv": 230.77301025390625,
  "tsnr": 83.90893514081836
}