{
  "bids_meta": {
    "EchoTime": 0.09,
    "FlipAngle": 180,
    "ImageType": [
      "ORIGINAL",
      "PRIMARY",
      "M",
      "ND",
      "NORM"
    ],
    "ImagingFrequency": 123.204,
    "MagneticFieldStrength": 3,
    "Manufacturer": "Siemens",
    "ManufacturersModelName": "TrioTim",
    "Modality": "MR",
    "PhaseEncodingDirection": "i",
    "RepetitionTime": 7,
    "ScanningSequence": "SE",
    "SequenceVariant": "SK_SP_OSP",
    "SliceThickness": 3,
    "SpacingBetweenSlices": 3,
    "dataset": "ds002843",
    "modality": "T2w",
    "session_id": "scan2",
    "subject_id": "dmp0036"
  },
  "cjv": 0.5163016421379756,
  "cnr": 2.6228069056577255,
  "efc": 0.5943451045915362,
  "fber": 5327.993151010702,
  "fwhm_avg": 2.597080040148286,
  "fwhm_x": 3.0334533333333336,
  "fwhm_y": 3.1366669159465563,
  "fwhm_z": 1.621119871164968,
  "icvs_csf": 0.178551337186119,
  "icvs_gm": 0.418340650413921,
  "icvs_wm": 0.40310801239996,
  "inu_med": 1.3707855939865112,
  "inu_range": 0.34115879535675053,
  "provenance": {
    "md5sum": "cd2f8265fdebe460468598438d5530a9",
    "settings": {
      "testing": false
    },
    "software": "mriqc",
    "version": "21.0.0rc2",
    "warnings": {
      "large_rot_frame": false,
      "small_air_mask": false
    },
    "webapi_port": null,
    "webapi_url": "https://mriqc.nimh.nih.gov/api/v1"
  },
  "qi_1": 0.0,
  "qi_2": 0.0014827075572537414,
  "rpve_csf": 14.298346757419168,
  "rpve_gm": 6.1917140863513005,
  "rpve_wm": 7.444524289343903,
  "size_x": 256,
  "size_y": 256,
  "size_z": 44,
  "snr_csf": 2.8892242839281375,
  "snr_gm": 9.190513106340557,
  "snr_total": 6.855904567167587,
  "snr_wm": 8.487976311234066,
  "snrd_csf": 192.36879643613867,
  "snrd_gm": 101.76035963316396,
  "snrd_total": 119.90501491183316,
  "snrd_wm": 65.58588866619687,
  "spacing_x": 0.75,
  "spacing_y": 0.7499999403953552,
  "spacing_z": 3.000000238418579,
  "summary_bg_k": 291.7283985228086,
  "summary_bg_mad": 9.898554873335437,
  "summary_bg_mean": 20.379578882011543,
  "summary_bg_median": 13.23978703469038,
  "summary_bg_n": 869277.0,
  "summary_bg_p05": 3.281656615436077,
  "summary_bg_p95": 39.266718812286854,
  "summary_bg_stdv": 42.53699763683464,
  "summary_csf_k": 0.5984119408667672,
  "summary_csf_mad": 755.6456127034375,
  "summary_csf_mean": 2835.3472733897643,
  "summary_csf_median": 2906.5293161198497,
  "summary_csf_n": 99014.0,
  "summary_csf_p05": 571.8003750964999,
  "summary_csf_p95": 4327.147148884833,
  "summary_csf_stdv": 1005.9844280298456,
  "summary_gm_k": 0.05076785276837237,
  "summary_gm_mad": 167.60434438071357,
  "summary_gm_mean": 1544.044776337182,
  "summary_gm_median": 1537.5127046182752,
  "summary_gm_n": 213180.0,
  "summary_gm_p05": 1283.4672183543444,
  "summary_gm_p95": 1830.2591068297625,
  "summary_gm_stdv": 167.2930641289225,
  "summary_wm_k": 0.16357583435970824,
  "summary_wm_mad": 114.58835556759497,
  "summary_wm_mean": 981.1821842423977,
  "summary_wm_median": 990.9471372887492,
  "summary_wm_n": 235367.0,
  "summary_wm_p05": 772.3209103569388,
  "summary_wm_p95": 1156.2747343629599,
  "summary_wm_stdv": 116.74691302617823,
  "tpm_overlap_csf": 0.16951796412467957,
  "tpm_overlap_gm": 0.4364948272705078,
  "tpm_overlap_wm": 0.4812951683998108,
  "wm2max": 0.2032918562540626
}