{
  "aor": 0.0016482692307692307,
  "aqi": 0.004820367307692308,
  "bids_meta": {
    "BandwidthPerPixelPhaseEncode": 31.25,
    "EchoTime": 0.025,
    "EffectiveEchoSpacing": 0.0005,
    "FlipAngle": 75,
    "ImageType": [
      "ORIGINAL",
      "PRIMARY",
      "M",
      "ND",
      "MOSAIC"
    ],
    "MagneticFieldStrength": 3,
    "Manufacturer": "Siemens",
    "ManufacturersModelName": "TrioTim",
    "Modality": "MR",
    "PhaseEncodingDirection": "j-",
    "PixelBandwidth": 3005,
    "RepetitionTime": 3,
    "ScanningSequence": "EP",
    "SequenceVariant": "SK",
    "SliceThickness": 3,
    "SliceTiming": [
      0,
      1.5225,
      0.055,
      1.58,
      0.1125,
      1.6375,
      0.17,
      1.6925,
      0.225,
      1.75,
      0.2825,
      1.805,
      0.3375,
      1.8625,
      0.395,
      1.92,
      0.45,
      1.975,
      0.5075,
      2.0325,
      0.565,
      2.0875,
      0.62,
      2.145,
      0.6775,
      2.2,
      0.7325,
      2.2575,
      0.79,
      2.315,
      0.8475,
      2.37,
      0.9025,
      2.4275,
      0.96,
      2.4825,
      1.015,
      2.54,
      1.0725,
      2.595,
      1.1275,
      2.6525,
      1.185,
      2.71,
      1.2425,
      2.765,
      1.2975,
      2.8225,
      1.355,
      2.8775,
      1.41,
      2.935,
      1.4675
    ],
    "SpacingBetweenSlices": 3,
    "TaskName": "risk choice task",
    "TotalReadoutTime": 0.0315,
    "dataset": "ds002843",
    "modality": "bold",
    "run_id": 1,
    "session_id": "scan2",
    "subject_id": "dmp0730",
    "task_id": "risk"
  },
  "dummy_trs": 0,
  "dvars_nstd": 24.99749102165048,
  "dvars_std": 1.2172745050485432,
  "dvars_vstd": 0.9804821495145627,
  "efc": 0.5228113165780246,
  "fber": 515.075439453125,
  "fd_mean": 0.18028726096762138,
  "fd_num": 33,
  "fd_perc": 31.73076923076923,
  "fwhm_avg": 2.2584755555555556,
  "fwhm_x": 2.1904600000000003,
  "fwhm_y": 2.1738566666666665,
  "fwhm_z": 2.41111,
  "gcor": 0.0487243,
  "gsr_x": -0.007545483764261007,
  "gsr_y": 0.04047646373510361,
  "provenance": {
    "md5sum": "95fc370868decf38803db635bc869dbc",
    "settings": {
      "fd_thres": 0.2,
      "testing": false
    },
    "software": "mriqc",
    "version": "21.0.0rc2",
    "webapi_port": null,
    "webapi_url": "https://mriqc.nimh.nih.gov/api/v1"
  },
  "size_t": 104,
  "size_x": 64,
  "size_y": 64,
  "size_z": 53,
  "snr": 3.832955061007594,
  "spacing_tr": 3.0,
  "spacing_x": 3.0,
  "spacing_y": 3.0,
  "spacing_z": 3.0,
  "summary_bg_k": 36.68171892554284,
  "summary_bg_mad": 7.797916785138661,
  "summary_bg_mean": 55.928585052490234,
  "summary_bg_median": 29.980770111083984,
  "summary_bg_n": 145717.0,
  "summary_bg_p05": 24.288461685180664,
  "summary_bg_p95": 184.9038543701172,
  "summary_bg_stdv": 69.4014663696289,
  "summary_fg_k": 1.7080205538403392,
  "summary_fg_mad": 166.47200473547562,
  "summary_fg_mean": 714.0115356445312,
  "summary_fg_median": 686.1683349609375,
  "summary_fg_n": 32188.0,
  "summary_fg_p05": 477.10914916992186,
  "summary_fg_p95": 1044.1207031249999,
  "summary_fg_stdv": 179.01531982421875,
  "tsnr": 72.5658789887093
}