{
  "aor": 0.00255275,
  "aqi": 0.0028939609375,
  "bids_meta": {
    "BandwidthPerPixelPhaseEncode": 31.25,
    "EchoTime": 0.025,
    "EffectiveEchoSpacing": 0.0005,
    "FlipAngle": 75,
    "ImageType": [
      "ORIGINAL",
      "PRIMARY",
      "M",
      "ND",
      "MOSAIC"
    ],
    "MagneticFieldStrength": 3,
    "Manufacturer": "Siemens",
    "ManufacturersModelName": "TrioTim",
    "Modality": "MR",
    "PhaseEncodingDirection": "j-",
    "PixelBandwidth": 3005,
    "RepetitionTime": 3,
    "ScanningSequence": "EP",
    "SequenceVariant": "SK",
    "SliceThickness": 3,
    "SliceTiming": [
      0,
      1.5225,
      0.055,
      1.58,
      0.1125,
      1.635,
      0.1675,
      1.6925,
      0.225,
      1.75,
      0.2825,
      1.805,
      0.3375,
      1.8625,
      0.395,
      1.9175,
      0.45,
      1.975,
      0.5075,
      2.03,
      0.5625,
      2.0875,
      0.62,
      2.145,
      0.6775,
      2.2,
      0.7325,
      2.2575,
      0.79,
      2.3125,
      0.845,
      2.37,
      0.9025,
      2.425,
      0.9575,
      2.4825,
      1.015,
      2.54,
      1.0725,
      2.595,
      1.1275,
      2.6525,
      1.185,
      2.7075,
      1.24,
      2.765,
      1.2975,
      2.8225,
      1.355,
      2.8775,
      1.41,
      2.935,
      1.4675
    ],
    "SpacingBetweenSlices": 3,
    "TaskName": "rest",
    "TotalReadoutTime": 0.0315,
    "dataset": "ds002843",
    "modality": "bold",
    "session_id": "scan1",
    "subject_id": "dmp0199",
    "task_id": "rest"
  },
  "dummy_trs": 0,
  "dvars_nstd": 19.134668662138363,
  "dvars_std": 1.2158758281132072,
  "dvars_vstd": 0.9954634196226423,
  "efc": 0.5814330301785814,
  "fber": 287.67681884765625,
  "fd_mean": 0.04601323694735062,
  "fd_num": 1,
  "fd_perc": 0.625,
  "fwhm_avg": 2.6549844444444446,
  "fwhm_x": 2.50598,
  "fwhm_y": 2.5647033333333336,
  "fwhm_z": 2.89427,
  "gcor": 0.0461562,
  "gsr_x": 0.027459407225251198,
  "gsr_y": 0.06250500679016113,
  "provenance": {
    "md5sum": "700753500d3dea55dc926e34e73d45ea",
    "settings": {
      "fd_thres": 0.2,
      "testing": false
    },
    "software": "mriqc",
    "version": "21.0.0rc2",
    "webapi_port": null,
    "webapi_url": "https://mriqc.nimh.nih.gov/api/v1"
  },
  "size_t": 160,
  "size_x": 64,
  "size_y": 64,
  "size_z": 53,
  "snr": 2.8671917595571705,
  "spacing_tr": 3.0,
  "spacing_x": 3.0,
  "spacing_y": 3.0,
  "spacing_z": 3.0,
  "summary_bg_k": 12.178099911893302,
  "summary_bg_mad": 20.645234761554782,
  "summary_bg_mean": 98.56535339355469,
  "summary_bg_median": 41.9375,
  "summary_bg_n": 135895.0,
  "summary_bg_p05": 27.09375,
  "summary_bg_p95": 377.53313903808515,
  "summary_bg_stdv": 130.51014709472656,
  "summary_fg_k": 1.445851836702177,
  "summary_fg_mad": 214.81977709942444,
  "summary_fg_mean": 768.894287109375,
  "summary_fg_median": 713.5437622070312,
  "summary_fg_n": 39285.0,
  "summary_fg_p05": 463.4612609863281,
  "summary_fg_p95": 1252.3425537109372,
  "summary_fg_stdv": 248.8618621826172,
  "tsnr": 89.3942628223449
}