{
  "aor": 0.0011067307692307694,
  "aqi": 0.0037130434615384616,
  "bids_meta": {
    "BandwidthPerPixelPhaseEncode": 31.25,
    "EchoTime": 0.025,
    "EffectiveEchoSpacing": 0.0005,
    "FlipAngle": 75,
    "ImageType": [
      "ORIGINAL",
      "PRIMARY",
      "M",
      "ND",
      "MOSAIC"
    ],
    "MagneticFieldStrength": 3,
    "Manufacturer": "Siemens",
    "ManufacturersModelName": "TrioTim",
    "Modality": "MR",
    "PhaseEncodingDirection": "j-",
    "PixelBandwidth": 3005,
    "RepetitionTime": 3,
    "ScanningSequence": "EP",
    "SequenceVariant": "SK",
    "SliceThickness": 3,
    "SliceTiming": [
      0,
      1.5225,
      0.055,
      1.58,
      0.1125,
      1.6375,
      0.17,
      1.6925,
      0.225,
      1.75,
      0.2825,
      1.805,
      0.3375,
      1.8625,
      0.395,
      1.92,
      0.45,
      1.975,
      0.5075,
      2.0325,
      0.565,
      2.0875,
      0.62,
      2.145,
      0.6775,
      2.2,
      0.7325,
      2.2575,
      0.79,
      2.315,
      0.8475,
      2.37,
      0.9025,
      2.4275,
      0.96,
      2.4825,
      1.015,
      2.54,
      1.0725,
      2.595,
      1.1275,
      2.6525,
      1.185,
      2.71,
      1.2425,
      2.765,
      1.2975,
      2.8225,
      1.355,
      2.8775,
      1.41,
      2.935,
      1.4675
    ],
    "SpacingBetweenSlices": 3,
    "TaskName": "intertemporal choice task",
    "TotalReadoutTime": 0.0315,
    "dataset": "ds002843",
    "modality": "bold",
    "run_id": 2,
    "session_id": "scan2",
    "subject_id": "dmp0118",
    "task_id": "itc"
  },
  "dummy_trs": 0,
  "dvars_nstd": 18.629985290970875,
  "dvars_std": 1.088563974757282,
  "dvars_vstd": 0.979619869417476,
  "efc": 0.5647791463835737,
  "fber": 307.0252380371094,
  "fd_mean": 0.05349537566859758,
  "fd_num": 0,
  "fd_perc": 0.0,
  "fwhm_avg": 2.4298422222222222,
  "fwhm_x": 2.1574933333333335,
  "fwhm_y": 2.3865966666666667,
  "fwhm_z": 2.7454366666666665,
  "gcor": 0.0152083,
  "gsr_x": -0.01119798794388771,
  "gsr_y": 0.05709177628159523,
  "provenance": {
    "md5sum": "d9e0ea2ed2f2fd134ebbbfd43dda4ed3",
    "settings": {
      "fd_thres": 0.2,
      "testing": false
    },
    "software": "mriqc",
    "version": "21.0.0rc2",
    "webapi_port": null,
    "webapi_url": "https://mriqc.nimh.nih.gov/api/v1"
  },
  "size_t": 104,
  "size_x": 64,
  "size_y": 64,
  "size_z": 53,
  "snr": 3.5347800497845103,
  "spacing_tr": 3.0,
  "spacing_x": 3.0,
  "spacing_y": 3.0,
  "spacing_z": 3.0,
  "summary_bg_k": 41.5560864196022,
  "summary_bg_mad": 11.960606541773883,
  "summary_bg_mean": 63.95931625366211,
  "summary_bg_median": 33.355770111083984,
  "summary_bg_n": 140199.0,
  "summary_bg_p05": 24.81730842590332,
  "summary_bg_p95": 210.74134979248052,
  "summary_bg_stdv": 81.66559600830078,
  "summary_fg_k": 2.1291610425264285,
  "summary_fg_mad": 136.43503487787774,
  "summary_fg_mean": 627.4248657226562,
  "summary_fg_median": 598.8173217773438,
  "summary_fg_n": 34982.0,
  "summary_fg_p05": 405.2024154663086,
  "summary_fg_p95": 953.3909210205076,
  "summary_fg_stdv": 169.40481567382812,
  "tsnr": 80.6905632102862
}