{
  "aor": 0.0016625157232704401,
  "aqi": 0.004264606289308176,
  "bids_meta": {
    "BandwidthPerPixelPhaseEncode": 31.25,
    "EchoTime": 0.025,
    "EffectiveEchoSpacing": 0.0005,
    "FlipAngle": 75,
    "ImageType": [
      "ORIGINAL",
      "PRIMARY",
      "M",
      "ND",
      "MOSAIC"
    ],
    "MagneticFieldStrength": 3,
    "Manufacturer": "Siemens",
    "ManufacturersModelName": "TrioTim",
    "Modality": "MR",
    "PhaseEncodingDirection": "j-",
    "PixelBandwidth": 3005,
    "RepetitionTime": 3,
    "ScanningSequence": "EP",
    "SequenceVariant": "SK",
    "SliceThickness": 3,
    "SliceTiming": [
      0,
      1.5225,
      0.055,
      1.58,
      0.1125,
      1.635,
      0.1675,
      1.6925,
      0.225,
      1.75,
      0.2825,
      1.805,
      0.3375,
      1.8625,
      0.395,
      1.9175,
      0.45,
      1.975,
      0.5075,
      2.03,
      0.5625,
      2.0875,
      0.62,
      2.145,
      0.6775,
      2.2,
      0.7325,
      2.2575,
      0.79,
      2.3125,
      0.845,
      2.37,
      0.9025,
      2.425,
      0.9575,
      2.4825,
      1.015,
      2.54,
      1.0725,
      2.595,
      1.1275,
      2.6525,
      1.185,
      2.7075,
      1.24,
      2.765,
      1.2975,
      2.8225,
      1.355,
      2.8775,
      1.41,
      2.935,
      1.4675
    ],
    "SpacingBetweenSlices": 3,
    "TaskName": "rest",
    "TotalReadoutTime": 0.0315,
    "dataset": "ds002843",
    "modality": "bold",
    "session_id": "scan1",
    "subject_id": "dmp1114",
    "task_id": "rest"
  },
  "dummy_trs": 1,
  "dvars_nstd": 23.029531237151893,
  "dvars_std": 1.1466885942405056,
  "dvars_vstd": 0.9787010897468349,
  "efc": 0.5867774109490643,
  "fber": 312.1269226074219,
  "fd_mean": 0.13722575678085028,
  "fd_num": 27,
  "fd_perc": 16.9811320754717,
  "fwhm_avg": 2.8810633333333335,
  "fwhm_x": 2.7475466666666666,
  "fwhm_y": 2.8442600000000002,
  "fwhm_z": 3.0513833333333333,
  "gcor": 0.0263028,
  "gsr_x": -0.010358967818319798,
  "gsr_y": 0.1271924078464508,
  "provenance": {
    "md5sum": "49f2a7ed3d5aab684844c96370540308",
    "settings": {
      "fd_thres": 0.2,
      "testing": false
    },
    "software": "mriqc",
    "version": "21.0.0rc2",
    "webapi_port": null,
    "webapi_url": "https://mriqc.nimh.nih.gov/api/v1"
  },
  "size_t": 159,
  "size_x": 64,
  "size_y": 64,
  "size_z": 53,
  "snr": 2.495663481051492,
  "spacing_tr": 3.0,
  "spacing_x": 3.0,
  "spacing_y": 3.0,
  "spacing_z": 3.0,
  "summary_bg_k": 13.505514301358993,
  "summary_bg_mad": 14.45303866299518,
  "summary_bg_mean": 87.66077423095703,
  "summary_bg_median": 37.201255798339844,
  "summary_bg_n": 127926.0,
  "summary_bg_p05": 25.937105178833008,
  "summary_bg_p95": 359.40406799316406,
  "summary_bg_stdv": 123.43610382080078,
  "summary_fg_k": 3.3674163053024238,
  "summary_fg_mad": 216.3620127933936,
  "summary_fg_mean": 727.1642456054688,
  "summary_fg_median": 673.1414794921875,
  "summary_fg_n": 44176.0,
  "summary_fg_p05": 401.08331298828125,
  "summary_fg_p95": 1260.1587829589844,
  "summary_fg_stdv": 269.7214050292969,
  "tsnr": 65.45446994714439
}