{
  "aor": 0.009776956521739131,
  "aqi": 0.0019949917391304346,
  "bids_meta": {
    "BandwidthPerPixelPhaseEncode": 31.25,
    "EchoTime": 0.025,
    "EffectiveEchoSpacing": 0.0005,
    "FlipAngle": 75,
    "ImageType": [
      "ORIGINAL",
      "PRIMARY",
      "M",
      "ND",
      "MOSAIC"
    ],
    "MagneticFieldStrength": 3,
    "Manufacturer": "Siemens",
    "ManufacturersModelName": "TrioTim",
    "Modality": "MR",
    "PhaseEncodingDirection": "j-",
    "PixelBandwidth": 3005,
    "RepetitionTime": 3,
    "ScanningSequence": "EP",
    "SequenceVariant": "SK",
    "SliceThickness": 3,
    "SliceTiming": [
      0,
      1.5225,
      0.055,
      1.58,
      0.1125,
      1.6375,
      0.17,
      1.6925,
      0.225,
      1.75,
      0.2825,
      1.805,
      0.3375,
      1.8625,
      0.395,
      1.92,
      0.45,
      1.975,
      0.5075,
      2.0325,
      0.565,
      2.0875,
      0.62,
      2.145,
      0.6775,
      2.2,
      0.7325,
      2.2575,
      0.79,
      2.315,
      0.8475,
      2.37,
      0.9025,
      2.4275,
      0.96,
      2.4825,
      1.015,
      2.54,
      1.0725,
      2.595,
      1.1275,
      2.6525,
      1.185,
      2.71,
      1.2425,
      2.765,
      1.2975,
      2.8225,
      1.355,
      2.8775,
      1.41,
      2.935,
      1.4675
    ],
    "SpacingBetweenSlices": 3,
    "TaskName": "risk choice task",
    "TotalReadoutTime": 0.0315,
    "dataset": "ds002843",
    "modality": "bold",
    "run_id": 4,
    "session_id": "scan1",
    "subject_id": "dmp0510",
    "task_id": "risk"
  },
  "dummy_trs": 1,
  "dvars_nstd": 24.344407775,
  "dvars_std": 1.2627880195454546,
  "dvars_vstd": 1.0974068095454548,
  "efc": 0.5502911416455781,
  "fber": 462.73052978515625,
  "fd_mean": 0.11539055517921937,
  "fd_num": 1,
  "fd_perc": 4.3478260869565215,
  "fwhm_avg": 2.2608865458604233,
  "fwhm_x": 2.222376666666667,
  "fwhm_y": 2.20985982437612,
  "fwhm_z": 2.350423146538484,
  "gcor": 0.0304406,
  "gsr_x": 0.0040231323800981045,
  "gsr_y": 0.054909348487854004,
  "provenance": {
    "md5sum": "6cd680a32ea0bedfbaa0edc1e5bf0d43",
    "settings": {
      "fd_thres": 0.2,
      "testing": false
    },
    "software": "mriqc",
    "version": "21.0.0rc2",
    "webapi_port": null,
    "webapi_url": "https://mriqc.nimh.nih.gov/api/v1"
  },
  "size_t": 23,
  "size_x": 64,
  "size_y": 64,
  "size_z": 53,
  "snr": 3.341432453904687,
  "spacing_tr": 3.0,
  "spacing_x": 3.0,
  "spacing_y": 3.000000238418579,
  "spacing_z": 3.000000238418579,
  "summary_bg_k": 16.822134445656616,
  "summary_bg_mad": 8.251004511460533,
  "summary_bg_mean": 62.6130485534668,
  "summary_bg_median": 31.130435943603516,
  "summary_bg_n": 136997.0,
  "summary_bg_p05": 24.913043975830078,
  "summary_bg_p95": 223.0,
  "summary_bg_stdv": 78.1165771484375,
  "summary_fg_k": 3.401058416842746,
  "summary_fg_mad": 173.52888905609635,
  "summary_fg_mean": 711.544921875,
  "summary_fg_median": 672.2174072265625,
  "summary_fg_n": 38861.0,
  "summary_fg_p05": 463.86956787109375,
  "summary_fg_p95": 1081.8260498046875,
  "summary_fg_stdv": 201.173828125,
  "tsnr": 90.28658215980977
}