{
  "aor": 0.00289125,
  "aqi": 0.0028899633653846155,
  "bids_meta": {
    "BandwidthPerPixelPhaseEncode": 31.25,
    "EchoTime": 0.025,
    "EffectiveEchoSpacing": 0.0005,
    "FlipAngle": 75,
    "ImageType": [
      "ORIGINAL",
      "PRIMARY",
      "M",
      "ND",
      "MOSAIC"
    ],
    "MagneticFieldStrength": 3,
    "Manufacturer": "Siemens",
    "ManufacturersModelName": "TrioTim",
    "Modality": "MR",
    "PhaseEncodingDirection": "j-",
    "PixelBandwidth": 3005,
    "RepetitionTime": 3,
    "ScanningSequence": "EP",
    "SequenceVariant": "SK",
    "SliceThickness": 3,
    "SliceTiming": [
      0,
      1.5225,
      0.055,
      1.58,
      0.1125,
      1.6375,
      0.17,
      1.6925,
      0.225,
      1.75,
      0.2825,
      1.805,
      0.3375,
      1.8625,
      0.395,
      1.92,
      0.45,
      1.975,
      0.5075,
      2.0325,
      0.565,
      2.0875,
      0.62,
      2.145,
      0.6775,
      2.2,
      0.7325,
      2.2575,
      0.79,
      2.315,
      0.8475,
      2.37,
      0.9025,
      2.4275,
      0.96,
      2.4825,
      1.015,
      2.54,
      1.0725,
      2.595,
      1.1275,
      2.6525,
      1.185,
      2.71,
      1.2425,
      2.765,
      1.2975,
      2.8225,
      1.355,
      2.8775,
      1.41,
      2.935,
      1.4675
    ],
    "SpacingBetweenSlices": 3,
    "TaskName": "intertemporal choice task",
    "TotalReadoutTime": 0.0315,
    "dataset": "ds002843",
    "modality": "bold",
    "run_id": 4,
    "session_id": "scan1",
    "subject_id": "dmp0510",
    "task_id": "itc"
  },
  "dummy_trs": 0,
  "dvars_nstd": 25.410474129126218,
  "dvars_std": 1.2247121652427184,
  "dvars_vstd": 1.0086646097087375,
  "efc": 0.5503846131941088,
  "fber": 459.5253601074219,
  "fd_mean": 0.13205870371795825,
  "fd_num": 9,
  "fd_perc": 8.653846153846153,
  "fwhm_avg": 2.2741954338009367,
  "fwhm_x": 2.226503333333333,
  "fwhm_y": 2.2273631563184138,
  "fwhm_z": 2.368719811751063,
  "gcor": 0.0705326,
  "gsr_x": 0.0027273991145193577,
  "gsr_y": 0.05497307330369949,
  "provenance": {
    "md5sum": "90b8532510f0053614afdf6761992889",
    "settings": {
      "fd_thres": 0.2,
      "testing": false
    },
    "software": "mriqc",
    "version": "21.0.0rc2",
    "webapi_port": null,
    "webapi_url": "https://mriqc.nimh.nih.gov/api/v1"
  },
  "size_t": 104,
  "size_x": 64,
  "size_y": 64,
  "size_z": 53,
  "snr": 3.343884874058232,
  "spacing_tr": 3.0,
  "spacing_x": 3.0,
  "spacing_y": 3.000000238418579,
  "spacing_z": 3.000000238418579,
  "summary_bg_k": 16.63898302538728,
  "summary_bg_mad": 8.410915996854579,
  "summary_bg_mean": 62.80245590209961,
  "summary_bg_median": 31.346155166625977,
  "summary_bg_n": 136922.0,
  "summary_bg_p05": 25.163461685180664,
  "summary_bg_p95": 222.51828002929682,
  "summary_bg_stdv": 77.74021911621094,
  "summary_fg_k": 3.2555391994958027,
  "summary_fg_mad": 175.50303761560065,
  "summary_fg_mean": 714.6095581054688,
  "summary_fg_median": 675.6009521484375,
  "summary_fg_n": 38830.0,
  "summary_fg_p05": 466.0355987548828,
  "summary_fg_p95": 1085.8212280273435,
  "summary_fg_stdv": 202.0381317138672,
  "tsnr": 80.75992769701406
}