{
  "aor": 0.002393846153846154,
  "aqi": 0.0023260104807692307,
  "bids_meta": {
    "BandwidthPerPixelPhaseEncode": 31.25,
    "EchoTime": 0.025,
    "EffectiveEchoSpacing": 0.0005,
    "FlipAngle": 75,
    "ImageType": [
      "ORIGINAL",
      "PRIMARY",
      "M",
      "ND",
      "MOSAIC"
    ],
    "MagneticFieldStrength": 3,
    "Manufacturer": "Siemens",
    "ManufacturersModelName": "TrioTim",
    "Modality": "MR",
    "PhaseEncodingDirection": "j-",
    "PixelBandwidth": 3005,
    "RepetitionTime": 3,
    "ScanningSequence": "EP",
    "SequenceVariant": "SK",
    "SliceThickness": 3,
    "SliceTiming": [
      0,
      1.5225,
      0.055,
      1.58,
      0.1125,
      1.6375,
      0.17,
      1.6925,
      0.225,
      1.75,
      0.2825,
      1.805,
      0.3375,
      1.8625,
      0.395,
      1.92,
      0.45,
      1.975,
      0.5075,
      2.0325,
      0.565,
      2.0875,
      0.62,
      2.145,
      0.6775,
      2.2,
      0.7325,
      2.2575,
      0.79,
      2.315,
      0.8475,
      2.37,
      0.9025,
      2.4275,
      0.96,
      2.4825,
      1.015,
      2.54,
      1.0725,
      2.595,
      1.1275,
      2.6525,
      1.185,
      2.71,
      1.2425,
      2.765,
      1.2975,
      2.8225,
      1.355,
      2.8775,
      1.41,
      2.935,
      1.4675
    ],
    "SpacingBetweenSlices": 3,
    "TaskName": "risk choice task",
    "TotalReadoutTime": 0.0315,
    "dataset": "ds002843",
    "modality": "bold",
    "run_id": 3,
    "session_id": "scan1",
    "subject_id": "dmp0982",
    "task_id": "risk"
  },
  "dummy_trs": 0,
  "dvars_nstd": 23.050968910776703,
  "dvars_std": 1.250145220776699,
  "dvars_vstd": 1.0138607592233004,
  "efc": 0.5992659262205438,
  "fber": 293.5274658203125,
  "fd_mean": 0.06067647455658213,
  "fd_num": 1,
  "fd_perc": 0.9615384615384616,
  "fwhm_avg": 2.62692,
  "fwhm_x": 2.4138800000000002,
  "fwhm_y": 2.6048899999999997,
  "fwhm_z": 2.86199,
  "gcor": 0.0286025,
  "gsr_x": -0.02895420975983143,
  "gsr_y": 0.08066365867853165,
  "provenance": {
    "md5sum": "e765e9cd43f55e774f9cf807bfadbcdf",
    "settings": {
      "fd_thres": 0.2,
      "testing": false
    },
    "software": "mriqc",
    "version": "21.0.0rc2",
    "webapi_port": null,
    "webapi_url": "https://mriqc.nimh.nih.gov/api/v1"
  },
  "size_t": 104,
  "size_x": 64,
  "size_y": 64,
  "size_z": 53,
  "snr": 3.0051874598931416,
  "spacing_tr": 3.0,
  "spacing_x": 3.0,
  "spacing_y": 3.0,
  "spacing_z": 3.0,
  "summary_bg_k": 12.323381035657194,
  "summary_bg_mad": 16.978646995053854,
  "summary_bg_mean": 106.5827865600586,
  "summary_bg_median": 40.05769348144531,
  "summary_bg_n": 129509.0,
  "summary_bg_p05": 27.71154022216797,
  "summary_bg_p95": 445.6865539550778,
  "summary_bg_stdv": 159.36782836914062,
  "summary_fg_k": 1.0433322870929498,
  "summary_fg_mad": 219.68171516686698,
  "summary_fg_mean": 760.4237670898438,
  "summary_fg_median": 722.9375,
  "summary_fg_n": 40714.0,
  "summary_fg_p05": 436.8072280883789,
  "summary_fg_p95": 1207.920764160156,
  "summary_fg_stdv": 240.56024169921875,
  "tsnr": 88.60206440091133
}