{
  "aor": 0.006195384615384616,
  "aqi": 0.002680868461538461,
  "bids_meta": {
    "BandwidthPerPixelPhaseEncode": 31.25,
    "EchoTime": 0.025,
    "EffectiveEchoSpacing": 0.0005,
    "FlipAngle": 75,
    "ImageType": [
      "ORIGINAL",
      "PRIMARY",
      "M",
      "ND",
      "MOSAIC"
    ],
    "MagneticFieldStrength": 3,
    "Manufacturer": "Siemens",
    "ManufacturersModelName": "TrioTim",
    "Modality": "MR",
    "PhaseEncodingDirection": "j-",
    "PixelBandwidth": 3005,
    "RepetitionTime": 3,
    "ScanningSequence": "EP",
    "SequenceVariant": "SK",
    "SliceThickness": 3,
    "SliceTiming": [
      0,
      1.5225,
      0.055,
      1.58,
      0.1125,
      1.6375,
      0.17,
      1.6925,
      0.225,
      1.75,
      0.2825,
      1.805,
      0.3375,
      1.8625,
      0.395,
      1.92,
      0.45,
      1.975,
      0.5075,
      2.0325,
      0.565,
      2.0875,
      0.62,
      2.145,
      0.6775,
      2.2,
      0.7325,
      2.2575,
      0.79,
      2.315,
      0.8475,
      2.37,
      0.9025,
      2.4275,
      0.96,
      2.4825,
      1.015,
      2.54,
      1.0725,
      2.595,
      1.1275,
      2.6525,
      1.185,
      2.71,
      1.2425,
      2.765,
      1.2975,
      2.8225,
      1.355,
      2.8775,
      1.41,
      2.935,
      1.4675
    ],
    "SpacingBetweenSlices": 3,
    "TaskName": "intertemporal choice task",
    "TotalReadoutTime": 0.0315,
    "dataset": "ds002843",
    "modality": "bold",
    "run_id": 1,
    "session_id": "scan1",
    "subject_id": "dmp0982",
    "task_id": "itc"
  },
  "dummy_trs": 0,
  "dvars_nstd": 23.312455871747574,
  "dvars_std": 1.276276661262136,
  "dvars_vstd": 1.0514376501941747,
  "efc": 0.5983032374980854,
  "fber": 298.2509765625,
  "fd_mean": 0.07128259872411995,
  "fd_num": 8,
  "fd_perc": 7.6923076923076925,
  "fwhm_avg": 2.63367,
  "fwhm_x": 2.4131966666666664,
  "fwhm_y": 2.6334133333333334,
  "fwhm_z": 2.8544,
  "gcor": 0.0419961,
  "gsr_x": -0.028413200750947,
  "gsr_y": 0.08246397972106934,
  "provenance": {
    "md5sum": "f91cd505948c10057864e3b34f2a349a",
    "settings": {
      "fd_thres": 0.2,
      "testing": false
    },
    "software": "mriqc",
    "version": "21.0.0rc2",
    "webapi_port": null,
    "webapi_url": "https://mriqc.nimh.nih.gov/api/v1"
  },
  "size_t": 104,
  "size_x": 64,
  "size_y": 64,
  "size_z": 53,
  "snr": 3.0151555756033637,
  "spacing_tr": 3.0,
  "spacing_x": 3.0,
  "spacing_y": 3.0,
  "spacing_z": 3.0,
  "summary_bg_k": 11.930622616623953,
  "summary_bg_mad": 16.458313249833854,
  "summary_bg_mean": 104.7818832397461,
  "summary_bg_median": 39.591346740722656,
  "summary_bg_n": 129630.0,
  "summary_bg_p05": 27.682693481445312,
  "summary_bg_p95": 438.7755050659176,
  "summary_bg_stdv": 155.59776306152344,
  "summary_fg_k": 0.982494835710888,
  "summary_fg_mad": 219.909842620044,
  "summary_fg_mean": 759.1353759765625,
  "summary_fg_median": 721.6635131835938,
  "summary_fg_n": 40664.0,
  "summary_fg_p05": 437.4000244140625,
  "summary_fg_p95": 1204.4793884277344,
  "summary_fg_stdv": 239.34242248535156,
  "tsnr": 82.784053476993
}