{
  "aor": 0.00110475,
  "aqi": 0.010191184624999999,
  "bids_meta": {
    "BandwidthPerPixelPhaseEncode": 31.25,
    "EchoTime": 0.025,
    "EffectiveEchoSpacing": 0.0005,
    "FlipAngle": 75,
    "ImageType": [
      "ORIGINAL",
      "PRIMARY",
      "M",
      "ND",
      "MOSAIC"
    ],
    "MagneticFieldStrength": 3,
    "Manufacturer": "Siemens",
    "ManufacturersModelName": "TrioTim",
    "Modality": "MR",
    "PhaseEncodingDirection": "j-",
    "PixelBandwidth": 3005,
    "RepetitionTime": 3,
    "ScanningSequence": "EP",
    "SequenceVariant": "SK",
    "SliceThickness": 3,
    "SliceTiming": [
      0,
      1.5225,
      0.055,
      1.58,
      0.1125,
      1.635,
      0.1675,
      1.6925,
      0.225,
      1.75,
      0.2825,
      1.805,
      0.3375,
      1.8625,
      0.395,
      1.9175,
      0.45,
      1.975,
      0.5075,
      2.03,
      0.5625,
      2.0875,
      0.62,
      2.145,
      0.6775,
      2.2,
      0.7325,
      2.2575,
      0.79,
      2.3125,
      0.845,
      2.37,
      0.9025,
      2.425,
      0.9575,
      2.4825,
      1.015,
      2.54,
      1.0725,
      2.595,
      1.1275,
      2.6525,
      1.185,
      2.7075,
      1.24,
      2.765,
      1.2975,
      2.8225,
      1.355,
      2.8775,
      1.41,
      2.935,
      1.4675
    ],
    "SpacingBetweenSlices": 3,
    "TaskName": "rest",
    "TotalReadoutTime": 0.0315,
    "dataset": "ds002843",
    "modality": "bold",
    "session_id": "scan2",
    "subject_id": "dmp0509",
    "task_id": "rest"
  },
  "dummy_trs": 0,
  "dvars_nstd": 20.660217170691823,
  "dvars_std": 0.9979773060377354,
  "dvars_vstd": 0.9065274710062895,
  "efc": 0.5696629068679123,
  "fber": 323.33734130859375,
  "fd_mean": 0.08842224779045438,
  "fd_num": 13,
  "fd_perc": 8.125,
  "fwhm_avg": 2.643192222222222,
  "fwhm_x": 2.4754766666666668,
  "fwhm_y": 2.5600166666666664,
  "fwhm_z": 2.894083333333333,
  "gcor": 0.0161541,
  "gsr_x": -0.010445846244692802,
  "gsr_y": 0.047468870878219604,
  "provenance": {
    "md5sum": "72634695323156fc0bafb1bac728440c",
    "settings": {
      "fd_thres": 0.2,
      "testing": false
    },
    "software": "mriqc",
    "version": "21.0.0rc2",
    "webapi_port": null,
    "webapi_url": "https://mriqc.nimh.nih.gov/api/v1"
  },
  "size_t": 160,
  "size_x": 64,
  "size_y": 64,
  "size_z": 53,
  "snr": 2.8584627124132695,
  "spacing_tr": 3.0,
  "spacing_x": 3.0,
  "spacing_y": 3.0,
  "spacing_z": 3.0,
  "summary_bg_k": 26.655254504476332,
  "summary_bg_mad": 13.436082605207018,
  "summary_bg_mean": 67.59954833984375,
  "summary_bg_median": 35.07500076293945,
  "summary_bg_n": 132198.0,
  "summary_bg_p05": 25.08125114440918,
  "summary_bg_p95": 220.5768737792968,
  "summary_bg_stdv": 82.81263732910156,
  "summary_fg_k": 2.6840198935733808,
  "summary_fg_mad": 179.81185031313254,
  "summary_fg_mean": 687.9625854492188,
  "summary_fg_median": 640.3624877929688,
  "summary_fg_n": 41841.0,
  "summary_fg_p05": 415.7062683105469,
  "summary_fg_p95": 1135.5,
  "summary_fg_stdv": 224.0207061767578,
  "tsnr": 52.87867507827468
}