{
  "aor": 0.0018459223300970873,
  "aqi": 0.0023486216504854367,
  "bids_meta": {
    "BandwidthPerPixelPhaseEncode": 31.25,
    "EchoTime": 0.025,
    "EffectiveEchoSpacing": 0.0005,
    "FlipAngle": 75,
    "ImageType": [
      "ORIGINAL",
      "PRIMARY",
      "M",
      "ND",
      "MOSAIC"
    ],
    "MagneticFieldStrength": 3,
    "Manufacturer": "Siemens",
    "ManufacturersModelName": "TrioTim",
    "Modality": "MR",
    "PhaseEncodingDirection": "j-",
    "PixelBandwidth": 3005,
    "RepetitionTime": 3,
    "ScanningSequence": "EP",
    "SequenceVariant": "SK",
    "SliceThickness": 3,
    "SliceTiming": [
      0,
      1.5225,
      0.055,
      1.58,
      0.1125,
      1.6375,
      0.17,
      1.6925,
      0.225,
      1.75,
      0.2825,
      1.805,
      0.3375,
      1.8625,
      0.395,
      1.92,
      0.45,
      1.975,
      0.5075,
      2.0325,
      0.565,
      2.0875,
      0.62,
      2.145,
      0.6775,
      2.2,
      0.7325,
      2.2575,
      0.79,
      2.315,
      0.8475,
      2.37,
      0.9025,
      2.4275,
      0.96,
      2.4825,
      1.015,
      2.54,
      1.0725,
      2.595,
      1.1275,
      2.6525,
      1.185,
      2.71,
      1.2425,
      2.765,
      1.2975,
      2.8225,
      1.355,
      2.8775,
      1.41,
      2.935,
      1.4675
    ],
    "SpacingBetweenSlices": 3,
    "TaskName": "risk choice task",
    "TotalReadoutTime": 0.0315,
    "dataset": "ds002843",
    "modality": "bold",
    "run_id": 1,
    "session_id": "scan2",
    "subject_id": "dmp0509",
    "task_id": "risk"
  },
  "dummy_trs": 1,
  "dvars_nstd": 19.479711196078437,
  "dvars_std": 1.2122169625490198,
  "dvars_vstd": 1.0149930288235294,
  "efc": 0.5695681560554875,
  "fber": 332.5333557128906,
  "fd_mean": 0.042438432823507836,
  "fd_num": 2,
  "fd_perc": 1.941747572815534,
  "fwhm_avg": 2.614945555555556,
  "fwhm_x": 2.45353,
  "fwhm_y": 2.5464233333333333,
  "fwhm_z": 2.844883333333333,
  "gcor": 0.0118913,
  "gsr_x": -0.010513519868254662,
  "gsr_y": 0.04700924828648567,
  "provenance": {
    "md5sum": "9d613caecd53d397c13a5648a7da1b24",
    "settings": {
      "fd_thres": 0.2,
      "testing": false
    },
    "software": "mriqc",
    "version": "21.0.0rc2",
    "webapi_port": null,
    "webapi_url": "https://mriqc.nimh.nih.gov/api/v1"
  },
  "size_t": 103,
  "size_x": 64,
  "size_y": 64,
  "size_z": 53,
  "snr": 2.869937895704605,
  "spacing_tr": 3.0,
  "spacing_x": 3.0,
  "spacing_y": 3.0,
  "spacing_z": 3.0,
  "summary_bg_k": 21.274009025966198,
  "summary_bg_mad": 12.501362942522999,
  "summary_bg_mean": 67.9542007446289,
  "summary_bg_median": 34.60679626464844,
  "summary_bg_n": 132388.0,
  "summary_bg_p05": 25.62135887145996,
  "summary_bg_p95": 227.4466094970703,
  "summary_bg_stdv": 82.23573303222656,
  "summary_fg_k": 2.608516897487304,
  "summary_fg_mad": 179.03498629666095,
  "summary_fg_mean": 691.41455078125,
  "summary_fg_median": 643.41748046875,
  "summary_fg_n": 41689.0,
  "summary_fg_p05": 418.8932189941406,
  "summary_fg_p95": 1139.6698974609374,
  "summary_fg_stdv": 224.18943786621094,
  "tsnr": 88.4076561225811
}