{
  "aor": 0.010634615384615383,
  "aqi": 0.005923871057692307,
  "bids_meta": {
    "BandwidthPerPixelPhaseEncode": 31.25,
    "EchoTime": 0.025,
    "EffectiveEchoSpacing": 0.0005,
    "FlipAngle": 75,
    "ImageType": [
      "ORIGINAL",
      "PRIMARY",
      "M",
      "ND",
      "MOSAIC"
    ],
    "MagneticFieldStrength": 3,
    "Manufacturer": "Siemens",
    "ManufacturersModelName": "TrioTim",
    "Modality": "MR",
    "PhaseEncodingDirection": "j-",
    "PixelBandwidth": 3005,
    "RepetitionTime": 3,
    "ScanningSequence": "EP",
    "SequenceVariant": "SK",
    "SliceThickness": 3,
    "SliceTiming": [
      0,
      1.5225,
      0.055,
      1.58,
      0.1125,
      1.6375,
      0.17,
      1.6925,
      0.225,
      1.75,
      0.2825,
      1.805,
      0.3375,
      1.8625,
      0.395,
      1.92,
      0.45,
      1.975,
      0.5075,
      2.0325,
      0.565,
      2.0875,
      0.62,
      2.145,
      0.6775,
      2.2,
      0.7325,
      2.2575,
      0.79,
      2.315,
      0.8475,
      2.37,
      0.9025,
      2.4275,
      0.96,
      2.4825,
      1.015,
      2.54,
      1.0725,
      2.595,
      1.1275,
      2.6525,
      1.185,
      2.71,
      1.2425,
      2.765,
      1.2975,
      2.8225,
      1.355,
      2.8775,
      1.41,
      2.935,
      1.4675
    ],
    "SpacingBetweenSlices": 3,
    "TaskName": "risk choice task",
    "TotalReadoutTime": 0.0315,
    "dataset": "ds002843",
    "modality": "bold",
    "run_id": 4,
    "session_id": "scan1",
    "subject_id": "dmp0290",
    "task_id": "risk"
  },
  "dummy_trs": 0,
  "dvars_nstd": 43.444521820194176,
  "dvars_std": 1.7448533641747572,
  "dvars_vstd": 1.0590019832038833,
  "efc": 0.6167807972584269,
  "fber": 193.26881408691406,
  "fd_mean": 0.177835922193489,
  "fd_num": 15,
  "fd_perc": 14.423076923076923,
  "fwhm_avg": 2.6666544444444447,
  "fwhm_x": 2.5056966666666667,
  "fwhm_y": 2.5168633333333332,
  "fwhm_z": 2.977403333333333,
  "gcor": 0.0358013,
  "gsr_x": 0.02819632925093174,
  "gsr_y": 0.10721199959516525,
  "provenance": {
    "md5sum": "f09d72652c99b7f8c5ac9e50ff2bf15d",
    "settings": {
      "fd_thres": 0.2,
      "testing": false
    },
    "software": "mriqc",
    "version": "21.0.0rc2",
    "webapi_port": null,
    "webapi_url": "https://mriqc.nimh.nih.gov/api/v1"
  },
  "size_t": 104,
  "size_x": 64,
  "size_y": 64,
  "size_z": 53,
  "snr": 2.428015962285626,
  "spacing_tr": 3.0,
  "spacing_x": 3.0,
  "spacing_y": 3.0,
  "spacing_z": 3.0,
  "summary_bg_k": 27.42334533335733,
  "summary_bg_mad": 21.69731258362868,
  "summary_bg_mean": 96.87966918945312,
  "summary_bg_median": 44.00961685180664,
  "summary_bg_n": 121277.0,
  "summary_bg_p05": 28.14423179626465,
  "summary_bg_p95": 380.06155395507807,
  "summary_bg_stdv": 135.9188232421875,
  "summary_fg_k": 4.81321675514578,
  "summary_fg_mad": 207.37898531347108,
  "summary_fg_mean": 688.368408203125,
  "summary_fg_median": 631.9952392578125,
  "summary_fg_n": 47538.0,
  "summary_fg_p05": 389.8269348144531,
  "summary_fg_p95": 1189.224530029297,
  "summary_fg_stdv": 260.2901306152344,
  "tsnr": 59.060204814886674
}