{
  "bids_meta": {
    "EchoTime": 0.00311,
    "FlipAngle": 15,
    "ImageType": [
      "ORIGINAL",
      "PRIMARY",
      "M",
      "ND",
      "NORM"
    ],
    "InversionTime": 1.1,
    "MagneticFieldStrength": 3,
    "Manufacturer": "Siemens",
    "ManufacturersModelName": "TrioTim",
    "Modality": "MR",
    "RepetitionTime": 1.63,
    "ScanningSequence": "GR_IR",
    "SequenceVariant": "SP_MP",
    "SliceThickness": 1,
    "dataset": "ds002843",
    "modality": "T1w",
    "session_id": "scan1",
    "subject_id": "dmp0985"
  },
  "cjv": 0.5898152140511669,
  "cnr": 2.3084127175873665,
  "efc": 0.6165535306986473,
  "fber": 8333.0263671875,
  "fwhm_avg": 3.3511900000000003,
  "fwhm_x": 3.2312746666666663,
  "fwhm_y": 3.7066453333333333,
  "fwhm_z": 3.11565,
  "icvs_csf": 0.20114813427124306,
  "icvs_gm": 0.40821959378142775,
  "icvs_wm": 0.3906322719473292,
  "inu_med": 1.191074252128601,
  "inu_range": 0.3119421601295471,
  "provenance": {
    "md5sum": "48a81a1b037c5f62d00ac0f7a3210b4b",
    "settings": {
      "testing": false
    },
    "software": "mriqc",
    "version": "21.0.0rc2",
    "warnings": {
      "large_rot_frame": true,
      "small_air_mask": false
    },
    "webapi_port": null,
    "webapi_url": "https://mriqc.nimh.nih.gov/api/v1"
  },
  "qi_1": 0.0008470703022563289,
  "qi_2": 0.008733532013176025,
  "rpve_csf": 14.702683701354246,
  "rpve_gm": 7.332925551176501,
  "rpve_wm": 9.035697247866937,
  "size_x": 192,
  "size_y": 256,
  "size_z": 160,
  "snr_csf": 2.521031124400525,
  "snr_gm": 13.044192014778497,
  "snr_total": 12.888911414957038,
  "snr_wm": 23.101511105692094,
  "snrd_csf": 43.048270363515165,
  "snrd_gm": 85.72844397816796,
  "snrd_total": 77.68558358425757,
  "snrd_wm": 104.28003641108958,
  "spacing_x": 0.9375,
  "spacing_y": 0.9375,
  "spacing_z": 1.0,
  "summary_bg_k": 20.155407142120833,
  "summary_bg_mad": 6.282616260639825,
  "summary_bg_mean": 9.33296012878418,
  "summary_bg_median": 6.358975410461426,
  "summary_bg_n": 2178388.0,
  "summary_bg_p05": 0.0,
  "summary_bg_p95": 27.182506465911864,
  "summary_bg_stdv": 9.676460266113281,
  "summary_csf_k": 19.368825396822952,
  "summary_csf_mad": 127.17218704210958,
  "summary_csf_mean": 454.80731201171875,
  "summary_csf_median": 412.8236083984375,
  "summary_csf_n": 41991.0,
  "summary_csf_p05": 274.83079528808594,
  "summary_csf_p95": 717.1824645996094,
  "summary_csf_stdv": 163.74993896484375,
  "summary_gm_k": -0.12298237046702587,
  "summary_gm_mad": 63.478703495248425,
  "summary_gm_mean": 823.503173828125,
  "summary_gm_median": 822.1172485351562,
  "summary_gm_n": 23521.0,
  "summary_gm_p05": 721.3787841796875,
  "summary_gm_p95": 930.3319702148438,
  "summary_gm_stdv": 63.024200439453125,
  "summary_wm_k": 0.661434132853675,
  "summary_wm_mad": 41.452821433832,
  "summary_wm_mean": 1002.9324340820312,
  "summary_wm_median": 1000.0230102539062,
  "summary_wm_n": 218970.0,
  "summary_wm_p05": 937.459814453125,
  "summary_wm_p95": 1078.3658142089844,
  "summary_wm_stdv": 43.288108825683594,
  "tpm_overlap_csf": 0.18599741160869598,
  "tpm_overlap_gm": 0.4414655566215515,
  "tpm_overlap_wm": 0.4761931300163269,
  "wm2max": 0.4563356416940884
}