{
  "aor": 0.0006448427672955976,
  "aqi": 0.0037610974842767304,
  "bids_meta": {
    "BandwidthPerPixelPhaseEncode": 31.25,
    "EchoTime": 0.025,
    "EffectiveEchoSpacing": 0.0005,
    "FlipAngle": 75,
    "ImageType": [
      "ORIGINAL",
      "PRIMARY",
      "M",
      "ND",
      "MOSAIC"
    ],
    "MagneticFieldStrength": 3,
    "Manufacturer": "Siemens",
    "ManufacturersModelName": "TrioTim",
    "Modality": "MR",
    "PhaseEncodingDirection": "j-",
    "PixelBandwidth": 3005,
    "RepetitionTime": 3,
    "ScanningSequence": "EP",
    "SequenceVariant": "SK",
    "SliceThickness": 3,
    "SliceTiming": [
      0,
      1.5225,
      0.055,
      1.58,
      0.1125,
      1.635,
      0.1675,
      1.6925,
      0.225,
      1.75,
      0.2825,
      1.805,
      0.3375,
      1.8625,
      0.395,
      1.9175,
      0.45,
      1.975,
      0.5075,
      2.03,
      0.5625,
      2.0875,
      0.62,
      2.145,
      0.6775,
      2.2,
      0.7325,
      2.2575,
      0.79,
      2.3125,
      0.845,
      2.37,
      0.9025,
      2.425,
      0.9575,
      2.4825,
      1.015,
      2.54,
      1.0725,
      2.595,
      1.1275,
      2.6525,
      1.185,
      2.7075,
      1.24,
      2.765,
      1.2975,
      2.8225,
      1.355,
      2.8775,
      1.41,
      2.935,
      1.4675
    ],
    "SpacingBetweenSlices": 3,
    "TaskName": "rest",
    "TotalReadoutTime": 0.0315,
    "dataset": "ds002843",
    "modality": "bold",
    "session_id": "scan1",
    "subject_id": "dmp1205",
    "task_id": "rest"
  },
  "dummy_trs": 1,
  "dvars_nstd": 23.10742770582279,
  "dvars_std": 1.1666644579746839,
  "dvars_vstd": 0.9684925917088608,
  "efc": 0.5396499687214736,
  "fber": 442.2149658203125,
  "fd_mean": 0.12408526493412306,
  "fd_num": 22,
  "fd_perc": 13.836477987421384,
  "fwhm_avg": 2.550871111111111,
  "fwhm_x": 2.48576,
  "fwhm_y": 2.4882966666666664,
  "fwhm_z": 2.6785566666666667,
  "gcor": 0.0181944,
  "gsr_x": -0.008101346902549267,
  "gsr_y": 0.04074180871248245,
  "provenance": {
    "md5sum": "c6b445a30a2891a7e5eb426a55d42976",
    "settings": {
      "fd_thres": 0.2,
      "testing": false
    },
    "software": "mriqc",
    "version": "21.0.0rc2",
    "webapi_port": null,
    "webapi_url": "https://mriqc.nimh.nih.gov/api/v1"
  },
  "size_t": 159,
  "size_x": 64,
  "size_y": 64,
  "size_z": 53,
  "snr": 2.9819475644987734,
  "spacing_tr": 3.0,
  "spacing_x": 3.0,
  "spacing_y": 3.0,
  "spacing_z": 3.0,
  "summary_bg_k": 22.445839156470285,
  "summary_bg_mad": 10.03320782181644,
  "summary_bg_mean": 62.221431732177734,
  "summary_bg_median": 32.345909118652344,
  "summary_bg_n": 139058.0,
  "summary_bg_p05": 24.924528121948242,
  "summary_bg_p95": 214.5257774353026,
  "summary_bg_stdv": 76.10236358642578,
  "summary_fg_k": 3.1275561934784415,
  "summary_fg_mad": 184.2436400867722,
  "summary_fg_mean": 731.2327880859375,
  "summary_fg_median": 684.1509399414062,
  "summary_fg_n": 37395.0,
  "summary_fg_p05": 456.06603088378904,
  "summary_fg_p95": 1176.528845214843,
  "summary_fg_stdv": 229.42784118652344,
  "tsnr": 77.92350270831957
}