{
  "aor": 0.0015214423076923079,
  "aqi": 0.0023994922115384617,
  "bids_meta": {
    "BandwidthPerPixelPhaseEncode": 31.25,
    "EchoTime": 0.025,
    "EffectiveEchoSpacing": 0.0005,
    "FlipAngle": 75,
    "ImageType": [
      "ORIGINAL",
      "PRIMARY",
      "M",
      "ND",
      "MOSAIC"
    ],
    "MagneticFieldStrength": 3,
    "Manufacturer": "Siemens",
    "ManufacturersModelName": "TrioTim",
    "Modality": "MR",
    "PhaseEncodingDirection": "j-",
    "PixelBandwidth": 3005,
    "RepetitionTime": 3,
    "ScanningSequence": "EP",
    "SequenceVariant": "SK",
    "SliceThickness": 3,
    "SliceTiming": [
      0,
      1.5225,
      0.055,
      1.58,
      0.1125,
      1.6375,
      0.17,
      1.6925,
      0.225,
      1.75,
      0.2825,
      1.805,
      0.3375,
      1.8625,
      0.395,
      1.92,
      0.45,
      1.975,
      0.5075,
      2.0325,
      0.565,
      2.0875,
      0.62,
      2.145,
      0.6775,
      2.2,
      0.7325,
      2.2575,
      0.79,
      2.315,
      0.8475,
      2.37,
      0.9025,
      2.4275,
      0.96,
      2.4825,
      1.015,
      2.54,
      1.0725,
      2.595,
      1.1275,
      2.6525,
      1.185,
      2.71,
      1.2425,
      2.765,
      1.2975,
      2.8225,
      1.355,
      2.8775,
      1.41,
      2.935,
      1.4675
    ],
    "SpacingBetweenSlices": 3,
    "TaskName": "risk choice task",
    "TotalReadoutTime": 0.0315,
    "dataset": "ds002843",
    "modality": "bold",
    "run_id": 4,
    "session_id": "scan1",
    "subject_id": "dmp1205",
    "task_id": "risk"
  },
  "dummy_trs": 0,
  "dvars_nstd": 23.647155076407767,
  "dvars_std": 1.2106327825242715,
  "dvars_vstd": 0.9961263092233009,
  "efc": 0.5427152982224444,
  "fber": 429.22943115234375,
  "fd_mean": 0.1381465036437044,
  "fd_num": 17,
  "fd_perc": 16.346153846153847,
  "fwhm_avg": 2.5415466666666666,
  "fwhm_x": 2.4675566666666664,
  "fwhm_y": 2.4644933333333334,
  "fwhm_z": 2.6925899999999996,
  "gcor": 0.032357,
  "gsr_x": -0.008549576625227928,
  "gsr_y": 0.04513506218791008,
  "provenance": {
    "md5sum": "52b982883ce8f84e7be59551bd031d28",
    "settings": {
      "fd_thres": 0.2,
      "testing": false
    },
    "software": "mriqc",
    "version": "21.0.0rc2",
    "webapi_port": null,
    "webapi_url": "https://mriqc.nimh.nih.gov/api/v1"
  },
  "size_t": 104,
  "size_x": 64,
  "size_y": 64,
  "size_z": 53,
  "snr": 2.9548772510501085,
  "spacing_tr": 3.0,
  "spacing_x": 3.0,
  "spacing_y": 3.0,
  "spacing_z": 3.0,
  "summary_bg_k": 19.982079643252053,
  "summary_bg_mad": 10.706097842373548,
  "summary_bg_mean": 65.00012969970703,
  "summary_bg_median": 33.153846740722656,
  "summary_bg_n": 138912.0,
  "summary_bg_p05": 25.41875095367432,
  "summary_bg_p95": 226.47981262206997,
  "summary_bg_stdv": 79.68453979492188,
  "summary_fg_k": 3.36262683876544,
  "summary_fg_mad": 186.4800311529433,
  "summary_fg_mean": 739.5557250976562,
  "summary_fg_median": 691.3557739257812,
  "summary_fg_n": 37465.0,
  "summary_fg_p05": 459.4134826660156,
  "summary_fg_p95": 1193.4461914062495,
  "summary_fg_stdv": 233.9679412841797,
  "tsnr": 86.3145302850753
}