{
  "aor": 0.0007234375,
  "aqi": 0.0070173011875,
  "bids_meta": {
    "BandwidthPerPixelPhaseEncode": 31.25,
    "EchoTime": 0.025,
    "EffectiveEchoSpacing": 0.0005,
    "FlipAngle": 75,
    "ImageType": [
      "ORIGINAL",
      "PRIMARY",
      "M",
      "ND",
      "MOSAIC"
    ],
    "MagneticFieldStrength": 3,
    "Manufacturer": "Siemens",
    "ManufacturersModelName": "TrioTim",
    "Modality": "MR",
    "PhaseEncodingDirection": "j-",
    "PixelBandwidth": 3005,
    "RepetitionTime": 3,
    "ScanningSequence": "EP",
    "SequenceVariant": "SK",
    "SliceThickness": 3,
    "SliceTiming": [
      0,
      1.5225,
      0.055,
      1.58,
      0.1125,
      1.635,
      0.1675,
      1.6925,
      0.225,
      1.75,
      0.2825,
      1.805,
      0.3375,
      1.8625,
      0.395,
      1.9175,
      0.45,
      1.975,
      0.5075,
      2.03,
      0.5625,
      2.0875,
      0.62,
      2.145,
      0.6775,
      2.2,
      0.7325,
      2.2575,
      0.79,
      2.3125,
      0.845,
      2.37,
      0.9025,
      2.425,
      0.9575,
      2.4825,
      1.015,
      2.54,
      1.0725,
      2.595,
      1.1275,
      2.6525,
      1.185,
      2.7075,
      1.24,
      2.765,
      1.2975,
      2.8225,
      1.355,
      2.8775,
      1.41,
      2.935,
      1.4675
    ],
    "SpacingBetweenSlices": 3,
    "TaskName": "rest",
    "TotalReadoutTime": 0.0315,
    "dataset": "ds002843",
    "modality": "bold",
    "session_id": "scan1",
    "subject_id": "dmp0498",
    "task_id": "rest"
  },
  "dummy_trs": 0,
  "dvars_nstd": 28.016246891257868,
  "dvars_std": 1.1695274722012587,
  "dvars_vstd": 0.9348090587421387,
  "efc": 0.5686217992687442,
  "fber": 347.3638000488281,
  "fd_mean": 0.13535747663315592,
  "fd_num": 34,
  "fd_perc": 21.25,
  "fwhm_avg": 2.887554444444444,
  "fwhm_x": 2.7696466666666666,
  "fwhm_y": 2.7216666666666662,
  "fwhm_z": 3.17135,
  "gcor": 0.0507357,
  "gsr_x": -0.002953597344458103,
  "gsr_y": 0.05362623184919357,
  "provenance": {
    "md5sum": "e400b868d6418121b7e6fe4f3656b28c",
    "settings": {
      "fd_thres": 0.2,
      "testing": false
    },
    "software": "mriqc",
    "version": "21.0.0rc2",
    "webapi_port": null,
    "webapi_url": "https://mriqc.nimh.nih.gov/api/v1"
  },
  "size_t": 160,
  "size_x": 64,
  "size_y": 64,
  "size_z": 53,
  "snr": 2.3644471318670104,
  "spacing_tr": 3.0,
  "spacing_x": 3.0,
  "spacing_y": 3.0,
  "spacing_z": 3.0,
  "summary_bg_k": 43.12799221548835,
  "summary_bg_mad": 17.86535842969609,
  "summary_bg_mean": 101.4774398803711,
  "summary_bg_median": 41.00625228881836,
  "summary_bg_n": 130128.0,
  "summary_bg_p05": 26.918750762939453,
  "summary_bg_p95": 395.09218749999945,
  "summary_bg_stdv": 162.99942016601562,
  "summary_fg_k": 3.629609230079314,
  "summary_fg_mad": 251.92188856844132,
  "summary_fg_mean": 855.2113647460938,
  "summary_fg_median": 773.6187744140625,
  "summary_fg_n": 43574.0,
  "summary_fg_p05": 483.5687561035156,
  "summary_fg_p95": 1503.6640380859374,
  "summary_fg_stdv": 327.18426513671875,
  "tsnr": 58.935429406818
}