{
  "aor": 0.0028995192307692307,
  "aqi": 0.0019069405769230768,
  "bids_meta": {
    "BandwidthPerPixelPhaseEncode": 31.25,
    "EchoTime": 0.025,
    "EffectiveEchoSpacing": 0.0005,
    "FlipAngle": 75,
    "ImageType": [
      "ORIGINAL",
      "PRIMARY",
      "M",
      "ND",
      "MOSAIC"
    ],
    "MagneticFieldStrength": 3,
    "Manufacturer": "Siemens",
    "ManufacturersModelName": "TrioTim",
    "Modality": "MR",
    "PhaseEncodingDirection": "j-",
    "PixelBandwidth": 3005,
    "RepetitionTime": 3,
    "ScanningSequence": "EP",
    "SequenceVariant": "SK",
    "SliceThickness": 3,
    "SliceTiming": [
      0,
      1.5225,
      0.055,
      1.58,
      0.1125,
      1.6375,
      0.17,
      1.6925,
      0.225,
      1.75,
      0.2825,
      1.805,
      0.3375,
      1.8625,
      0.395,
      1.92,
      0.45,
      1.975,
      0.5075,
      2.0325,
      0.565,
      2.0875,
      0.62,
      2.145,
      0.6775,
      2.2,
      0.7325,
      2.2575,
      0.79,
      2.315,
      0.8475,
      2.37,
      0.9025,
      2.4275,
      0.96,
      2.4825,
      1.015,
      2.54,
      1.0725,
      2.595,
      1.1275,
      2.6525,
      1.185,
      2.71,
      1.2425,
      2.765,
      1.2975,
      2.8225,
      1.355,
      2.8775,
      1.41,
      2.935,
      1.4675
    ],
    "SpacingBetweenSlices": 3,
    "TaskName": "risk choice task",
    "TotalReadoutTime": 0.0315,
    "dataset": "ds002843",
    "modality": "bold",
    "run_id": 4,
    "session_id": "scan1",
    "subject_id": "dmp0701",
    "task_id": "risk"
  },
  "dummy_trs": 0,
  "dvars_nstd": 24.909137189223294,
  "dvars_std": 1.2163703723300965,
  "dvars_vstd": 1.0226946052427182,
  "efc": 0.5971165923098958,
  "fber": 215.0906982421875,
  "fd_mean": 0.07766365360462907,
  "fd_num": 4,
  "fd_perc": 3.8461538461538463,
  "fwhm_avg": 3.0755577777777776,
  "fwhm_x": 2.7623866666666665,
  "fwhm_y": 3.05532,
  "fwhm_z": 3.4089666666666667,
  "gcor": 0.0241396,
  "gsr_x": -0.006143153645098209,
  "gsr_y": 0.07235811650753021,
  "provenance": {
    "md5sum": "b660213fab5c17774a28182a2970caec",
    "settings": {
      "fd_thres": 0.2,
      "testing": false
    },
    "software": "mriqc",
    "version": "21.0.0rc2",
    "webapi_port": null,
    "webapi_url": "https://mriqc.nimh.nih.gov/api/v1"
  },
  "size_t": 104,
  "size_x": 64,
  "size_y": 64,
  "size_z": 53,
  "snr": 2.038234357561431,
  "spacing_tr": 3.0,
  "spacing_x": 3.0,
  "spacing_y": 3.0,
  "spacing_z": 3.0,
  "summary_bg_k": 17.017574495557437,
  "summary_bg_mad": 20.642387127365108,
  "summary_bg_mean": 86.2504653930664,
  "summary_bg_median": 40.19231033325195,
  "summary_bg_n": 119496.0,
  "summary_bg_p05": 25.14423179626465,
  "summary_bg_p95": 311.7427978515625,
  "summary_bg_stdv": 111.22367095947266,
  "summary_fg_k": 2.9812036003986604,
  "summary_fg_mad": 243.04697504118963,
  "summary_fg_mean": 694.058349609375,
  "summary_fg_median": 620.1009521484375,
  "summary_fg_n": 50380.0,
  "summary_fg_p05": 352.1235580444336,
  "summary_fg_p95": 1299.3082214355468,
  "summary_fg_stdv": 304.2313537597656,
  "tsnr": 75.8274714415893
}