{
  "aor": 0.0042743125,
  "aqi": 0.0067552200625,
  "bids_meta": {
    "BandwidthPerPixelPhaseEncode": 31.25,
    "EchoTime": 0.025,
    "EffectiveEchoSpacing": 0.0005,
    "FlipAngle": 75,
    "ImageType": [
      "ORIGINAL",
      "PRIMARY",
      "M",
      "ND",
      "MOSAIC"
    ],
    "MagneticFieldStrength": 3,
    "Manufacturer": "Siemens",
    "ManufacturersModelName": "TrioTim",
    "Modality": "MR",
    "PhaseEncodingDirection": "j-",
    "PixelBandwidth": 3005,
    "RepetitionTime": 3,
    "ScanningSequence": "EP",
    "SequenceVariant": "SK",
    "SliceThickness": 3,
    "SliceTiming": [
      0,
      1.5225,
      0.055,
      1.58,
      0.1125,
      1.635,
      0.1675,
      1.6925,
      0.225,
      1.75,
      0.2825,
      1.805,
      0.3375,
      1.8625,
      0.395,
      1.9175,
      0.45,
      1.975,
      0.5075,
      2.03,
      0.5625,
      2.0875,
      0.62,
      2.145,
      0.6775,
      2.2,
      0.7325,
      2.2575,
      0.79,
      2.3125,
      0.845,
      2.37,
      0.9025,
      2.425,
      0.9575,
      2.4825,
      1.015,
      2.54,
      1.0725,
      2.595,
      1.1275,
      2.6525,
      1.185,
      2.7075,
      1.24,
      2.765,
      1.2975,
      2.8225,
      1.355,
      2.8775,
      1.41,
      2.935,
      1.4675
    ],
    "SpacingBetweenSlices": 3,
    "TaskName": "rest",
    "TotalReadoutTime": 0.0315,
    "dataset": "ds002843",
    "modality": "bold",
    "session_id": "scan1",
    "subject_id": "dmp1039",
    "task_id": "rest"
  },
  "dummy_trs": 0,
  "dvars_nstd": 31.31290852025155,
  "dvars_std": 1.1875059317610057,
  "dvars_vstd": 0.9950484453459115,
  "efc": 0.5579706907283954,
  "fber": 296.9658203125,
  "fd_mean": 0.2354827005173972,
  "fd_num": 76,
  "fd_perc": 47.5,
  "fwhm_avg": 2.896432222222222,
  "fwhm_x": 2.7261399999999996,
  "fwhm_y": 2.63088,
  "fwhm_z": 3.3322766666666666,
  "gcor": 0.0228193,
  "gsr_x": -0.00798788946121931,
  "gsr_y": 0.03985137119889259,
  "provenance": {
    "md5sum": "1376a71002653c917411b44ef13189c1",
    "settings": {
      "fd_thres": 0.2,
      "testing": false
    },
    "software": "mriqc",
    "version": "21.0.0rc2",
    "webapi_port": null,
    "webapi_url": "https://mriqc.nimh.nih.gov/api/v1"
  },
  "size_t": 160,
  "size_x": 64,
  "size_y": 64,
  "size_z": 53,
  "snr": 2.2761754920675012,
  "spacing_tr": 3.0,
  "spacing_x": 3.0,
  "spacing_y": 3.0,
  "spacing_z": 3.0,
  "summary_bg_k": 21.308120555194353,
  "summary_bg_mad": 18.384269771740914,
  "summary_bg_mean": 71.24492645263672,
  "summary_bg_median": 39.025001525878906,
  "summary_bg_n": 130866.0,
  "summary_bg_p05": 25.225000381469727,
  "summary_bg_p95": 225.62187576293945,
  "summary_bg_stdv": 79.17192077636719,
  "summary_fg_k": 4.316493008943376,
  "summary_fg_mad": 213.98119831775384,
  "summary_fg_mean": 761.9214477539062,
  "summary_fg_median": 685.1781005859375,
  "summary_fg_n": 42370.0,
  "summary_fg_p05": 435.4843933105469,
  "summary_fg_p95": 1368.9253417968741,
  "summary_fg_stdv": 301.0180969238281,
  "tsnr": 55.07729255594313
}