{
  "aor": 0.004100679611650485,
  "aqi": 0.006404568834951455,
  "bids_meta": {
    "BandwidthPerPixelPhaseEncode": 31.25,
    "EchoTime": 0.025,
    "EffectiveEchoSpacing": 0.0005,
    "FlipAngle": 75,
    "ImageType": [
      "ORIGINAL",
      "PRIMARY",
      "M",
      "ND",
      "MOSAIC"
    ],
    "MagneticFieldStrength": 3,
    "Manufacturer": "Siemens",
    "ManufacturersModelName": "TrioTim",
    "Modality": "MR",
    "PhaseEncodingDirection": "j-",
    "PixelBandwidth": 3005,
    "RepetitionTime": 3,
    "ScanningSequence": "EP",
    "SequenceVariant": "SK",
    "SliceThickness": 3,
    "SliceTiming": [
      0,
      1.5225,
      0.055,
      1.58,
      0.1125,
      1.6375,
      0.17,
      1.6925,
      0.225,
      1.75,
      0.2825,
      1.805,
      0.3375,
      1.8625,
      0.395,
      1.92,
      0.45,
      1.975,
      0.5075,
      2.0325,
      0.565,
      2.0875,
      0.62,
      2.145,
      0.6775,
      2.2,
      0.7325,
      2.2575,
      0.79,
      2.315,
      0.8475,
      2.37,
      0.9025,
      2.4275,
      0.96,
      2.4825,
      1.015,
      2.54,
      1.0725,
      2.595,
      1.1275,
      2.6525,
      1.185,
      2.71,
      1.2425,
      2.765,
      1.2975,
      2.8225,
      1.355,
      2.8775,
      1.41,
      2.935,
      1.4675
    ],
    "SpacingBetweenSlices": 3,
    "TaskName": "intertemporal choice task",
    "TotalReadoutTime": 0.0315,
    "dataset": "ds002843",
    "modality": "bold",
    "run_id": 3,
    "session_id": "scan1",
    "subject_id": "dmp0171",
    "task_id": "itc"
  },
  "dummy_trs": 1,
  "dvars_nstd": 30.47456004598039,
  "dvars_std": 1.1714352966666668,
  "dvars_vstd": 0.984404882254902,
  "efc": 0.572859957907848,
  "fber": 357.467529296875,
  "fd_mean": 0.2698743042386889,
  "fd_num": 51,
  "fd_perc": 49.51456310679612,
  "fwhm_avg": 2.812898888888889,
  "fwhm_x": 2.5926233333333335,
  "fwhm_y": 2.6615166666666665,
  "fwhm_z": 3.184556666666667,
  "gcor": 0.00561207,
  "gsr_x": -0.020211754366755486,
  "gsr_y": 0.07438700646162033,
  "provenance": {
    "md5sum": "197b8b2c56a098136d2a7abe0439fb50",
    "settings": {
      "fd_thres": 0.2,
      "testing": false
    },
    "software": "mriqc",
    "version": "21.0.0rc2",
    "webapi_port": null,
    "webapi_url": "https://mriqc.nimh.nih.gov/api/v1"
  },
  "size_t": 103,
  "size_x": 64,
  "size_y": 64,
  "size_z": 53,
  "snr": 2.503949717685484,
  "spacing_tr": 3.0,
  "spacing_x": 3.0,
  "spacing_y": 3.0,
  "spacing_z": 3.0,
  "summary_bg_k": 16.697894202907115,
  "summary_bg_mad": 12.019151299101386,
  "summary_bg_mean": 76.1431655883789,
  "summary_bg_median": 35.03883361816406,
  "summary_bg_n": 128455.0,
  "summary_bg_p05": 25.165048599243164,
  "summary_bg_p95": 282.2485382080076,
  "summary_bg_stdv": 101.1932601928711,
  "summary_fg_k": 2.824631474253854,
  "summary_fg_mad": 223.52748614369006,
  "summary_fg_mean": 748.4144897460938,
  "summary_fg_median": 691.91259765625,
  "summary_fg_n": 42976.0,
  "summary_fg_p05": 407.3058166503906,
  "summary_fg_p95": 1286.7985534667969,
  "summary_fg_stdv": 276.32525634765625,
  "tsnr": 54.093621908221394
}