{
  "aor": 0.008013942307692307,
  "aqi": 0.005817308557692307,
  "bids_meta": {
    "BandwidthPerPixelPhaseEncode": 31.25,
    "EchoTime": 0.025,
    "EffectiveEchoSpacing": 0.0005,
    "FlipAngle": 75,
    "ImageType": [
      "ORIGINAL",
      "PRIMARY",
      "M",
      "ND",
      "MOSAIC"
    ],
    "MagneticFieldStrength": 3,
    "Manufacturer": "Siemens",
    "ManufacturersModelName": "TrioTim",
    "Modality": "MR",
    "PhaseEncodingDirection": "j-",
    "PixelBandwidth": 3005,
    "RepetitionTime": 3,
    "ScanningSequence": "EP",
    "SequenceVariant": "SK",
    "SliceThickness": 3,
    "SliceTiming": [
      0,
      1.5225,
      0.055,
      1.58,
      0.1125,
      1.6375,
      0.17,
      1.6925,
      0.225,
      1.75,
      0.2825,
      1.805,
      0.3375,
      1.8625,
      0.395,
      1.92,
      0.45,
      1.975,
      0.5075,
      2.0325,
      0.565,
      2.0875,
      0.62,
      2.145,
      0.6775,
      2.2,
      0.7325,
      2.2575,
      0.79,
      2.315,
      0.8475,
      2.37,
      0.9025,
      2.4275,
      0.96,
      2.4825,
      1.015,
      2.54,
      1.0725,
      2.595,
      1.1275,
      2.6525,
      1.185,
      2.71,
      1.2425,
      2.765,
      1.2975,
      2.8225,
      1.355,
      2.8775,
      1.41,
      2.935,
      1.4675
    ],
    "SpacingBetweenSlices": 3,
    "TaskName": "risk choice task",
    "TotalReadoutTime": 0.0315,
    "dataset": "ds002843",
    "modality": "bold",
    "run_id": 3,
    "session_id": "scan1",
    "subject_id": "dmp0171",
    "task_id": "risk"
  },
  "dummy_trs": 0,
  "dvars_nstd": 30.140528854757292,
  "dvars_std": 1.1836084645631062,
  "dvars_vstd": 0.9882092108737868,
  "efc": 0.5743779324446159,
  "fber": 362.8776550292969,
  "fd_mean": 0.2659323458522626,
  "fd_num": 37,
  "fd_perc": 35.57692307692308,
  "fwhm_avg": 2.786007777777778,
  "fwhm_x": 2.5364999999999998,
  "fwhm_y": 2.650873333333333,
  "fwhm_z": 3.17065,
  "gcor": 0.00666701,
  "gsr_x": -0.021367106586694717,
  "gsr_y": 0.07149947434663773,
  "provenance": {
    "md5sum": "2b2864bf05bc8f89186f5d5678a69664",
    "settings": {
      "fd_thres": 0.2,
      "testing": false
    },
    "software": "mriqc",
    "version": "21.0.0rc2",
    "webapi_port": null,
    "webapi_url": "https://mriqc.nimh.nih.gov/api/v1"
  },
  "size_t": 104,
  "size_x": 64,
  "size_y": 64,
  "size_z": 53,
  "snr": 2.578184406809239,
  "spacing_tr": 3.0,
  "spacing_x": 3.0,
  "spacing_y": 3.0,
  "spacing_z": 3.0,
  "summary_bg_k": 16.75909407110231,
  "summary_bg_mad": 11.946351403789633,
  "summary_bg_mean": 76.08270263671875,
  "summary_bg_median": 34.903846740722656,
  "summary_bg_n": 128392.0,
  "summary_bg_p05": 25.163461685180664,
  "summary_bg_p95": 284.8793258666992,
  "summary_bg_stdv": 101.60010528564453,
  "summary_fg_k": 2.552426586153275,
  "summary_fg_mad": 220.03811341134843,
  "summary_fg_mean": 747.7969970703125,
  "summary_fg_median": 692.8173217773438,
  "summary_fg_n": 42889.0,
  "summary_fg_p05": 412.4980895996094,
  "summary_fg_p95": 1269.7904296875,
  "summary_fg_stdv": 268.7198181152344,
  "tsnr": 55.19544599717483
}