{
  "bids_meta": {
    "EchoTime": 0.00311,
    "FlipAngle": 15,
    "ImageType": [
      "ORIGINAL",
      "PRIMARY",
      "M",
      "ND",
      "NORM"
    ],
    "InversionTime": 1.1,
    "MagneticFieldStrength": 3,
    "Manufacturer": "Siemens",
    "ManufacturersModelName": "TrioTim",
    "Modality": "MR",
    "RepetitionTime": 1.63,
    "ScanningSequence": "GR_IR",
    "SequenceVariant": "SP_MP",
    "SliceThickness": 1,
    "dataset": "ds002843",
    "modality": "T1w",
    "session_id": "scan1",
    "subject_id": "dmp1052"
  },
  "cjv": 0.6049293277134239,
  "cnr": 2.1769561166539675,
  "efc": 0.5856422003625263,
  "fber": 8223.232421875,
  "fwhm_avg": 3.586669555555556,
  "fwhm_x": 3.443178666666667,
  "fwhm_y": 3.91952,
  "fwhm_z": 3.39731,
  "icvs_csf": 0.21642893335655053,
  "icvs_gm": 0.4027204799184042,
  "icvs_wm": 0.3808505867250453,
  "inu_med": 1.0465370416641235,
  "inu_range": 0.22773851752281193,
  "provenance": {
    "md5sum": "d093938243e1bf956cbe469a8108c7af",
    "settings": {
      "testing": false
    },
    "software": "mriqc",
    "version": "21.0.0rc2",
    "warnings": {
      "large_rot_frame": true,
      "small_air_mask": false
    },
    "webapi_port": null,
    "webapi_url": "https://mriqc.nimh.nih.gov/api/v1"
  },
  "qi_1": 5.9683653383694965e-05,
  "qi_2": 0.009819148591542646,
  "rpve_csf": 14.797297554749045,
  "rpve_gm": 8.00519408143969,
  "rpve_wm": 10.253693098559197,
  "size_x": 192,
  "size_y": 256,
  "size_z": 160,
  "snr_csf": 3.4618524136334594,
  "snr_gm": 12.359872790447646,
  "snr_total": 13.307899982120944,
  "snr_wm": 24.101974742281723,
  "snrd_csf": 42.57986445910036,
  "snrd_gm": 90.86239029508823,
  "snrd_total": 81.11534003246994,
  "snrd_wm": 109.90376534322124,
  "spacing_x": 0.9375,
  "spacing_y": 0.9375,
  "spacing_z": 1.0,
  "summary_bg_k": 35.40245461204198,
  "summary_bg_mad": 5.961166928766,
  "summary_bg_mean": 10.21229076385498,
  "summary_bg_median": 6.023100852966309,
  "summary_bg_n": 2367719.0,
  "summary_bg_p05": 0.0,
  "summary_bg_p95": 32.07352676391602,
  "summary_bg_stdv": 11.770922660827637,
  "summary_csf_k": 2.051846087261212,
  "summary_csf_mad": 101.6322282441003,
  "summary_csf_mean": 409.0272216796875,
  "summary_csf_median": 387.439453125,
  "summary_csf_n": 35753.0,
  "summary_csf_p05": 260.37501220703126,
  "summary_csf_p95": 621.2447265625,
  "summary_csf_stdv": 111.91523742675781,
  "summary_gm_k": -0.07270456215702437,
  "summary_gm_mad": 66.73239278776475,
  "summary_gm_mean": 831.1022338867188,
  "summary_gm_median": 826.7681274414062,
  "summary_gm_n": 16281.0,
  "summary_gm_p05": 726.6771850585938,
  "summary_gm_p95": 946.7527465820312,
  "summary_gm_stdv": 66.8892593383789,
  "summary_wm_k": 1.751037382204209,
  "summary_wm_mad": 38.07755767350792,
  "summary_wm_mean": 1003.310546875,
  "summary_wm_median": 1000.0279541015625,
  "summary_wm_n": 224462.0,
  "summary_wm_p05": 942.4508361816406,
  "summary_wm_p95": 1075.1344787597654,
  "summary_wm_stdv": 41.4914436340332,
  "tpm_overlap_csf": 0.16374161839485168,
  "tpm_overlap_gm": 0.4247942566871643,
  "tpm_overlap_wm": 0.4765832722187042,
  "wm2max": 0.5181599772797628
}