{
  "aor": 0.007361826923076923,
  "aqi": 0.0024243704807692303,
  "bids_meta": {
    "BandwidthPerPixelPhaseEncode": 31.25,
    "EchoTime": 0.025,
    "EffectiveEchoSpacing": 0.0005,
    "FlipAngle": 75,
    "ImageType": [
      "ORIGINAL",
      "PRIMARY",
      "M",
      "ND",
      "MOSAIC"
    ],
    "MagneticFieldStrength": 3,
    "Manufacturer": "Siemens",
    "ManufacturersModelName": "TrioTim",
    "Modality": "MR",
    "PhaseEncodingDirection": "j-",
    "PixelBandwidth": 3005,
    "RepetitionTime": 3,
    "ScanningSequence": "EP",
    "SequenceVariant": "SK",
    "SliceThickness": 3,
    "SliceTiming": [
      0,
      1.5225,
      0.055,
      1.58,
      0.1125,
      1.6375,
      0.17,
      1.6925,
      0.225,
      1.75,
      0.2825,
      1.805,
      0.3375,
      1.8625,
      0.395,
      1.92,
      0.45,
      1.975,
      0.5075,
      2.0325,
      0.565,
      2.0875,
      0.62,
      2.145,
      0.6775,
      2.2,
      0.7325,
      2.2575,
      0.79,
      2.315,
      0.8475,
      2.37,
      0.9025,
      2.4275,
      0.96,
      2.4825,
      1.015,
      2.54,
      1.0725,
      2.595,
      1.1275,
      2.6525,
      1.185,
      2.71,
      1.2425,
      2.765,
      1.2975,
      2.8225,
      1.355,
      2.8775,
      1.41,
      2.935,
      1.4675
    ],
    "SpacingBetweenSlices": 3,
    "TaskName": "intertemporal choice task",
    "TotalReadoutTime": 0.0315,
    "dataset": "ds002843",
    "modality": "bold",
    "run_id": 1,
    "session_id": "scan2",
    "subject_id": "dmp0559",
    "task_id": "itc"
  },
  "dummy_trs": 0,
  "dvars_nstd": 22.590611393009713,
  "dvars_std": 1.2101138040776702,
  "dvars_vstd": 1.049643931359223,
  "efc": 0.5925110717225293,
  "fber": 295.0586853027344,
  "fd_mean": 0.06643270970903617,
  "fd_num": 8,
  "fd_perc": 7.6923076923076925,
  "fwhm_avg": 2.330652222222222,
  "fwhm_x": 2.112973333333333,
  "fwhm_y": 2.36403,
  "fwhm_z": 2.514953333333333,
  "gcor": 0.0669389,
  "gsr_x": 0.0022928123362362385,
  "gsr_y": 0.07753656804561615,
  "provenance": {
    "md5sum": "f0bee6a3ac90750abed9b33867f276da",
    "settings": {
      "fd_thres": 0.2,
      "testing": false
    },
    "software": "mriqc",
    "version": "21.0.0rc2",
    "webapi_port": null,
    "webapi_url": "https://mriqc.nimh.nih.gov/api/v1"
  },
  "size_t": 104,
  "size_x": 64,
  "size_y": 64,
  "size_z": 53,
  "snr": 3.514190727155622,
  "spacing_tr": 3.0,
  "spacing_x": 3.0,
  "spacing_y": 3.0,
  "spacing_z": 3.0,
  "summary_bg_k": 22.696835988589886,
  "summary_bg_mad": 11.66124016058668,
  "summary_bg_mean": 67.2576675415039,
  "summary_bg_median": 33.39423370361328,
  "summary_bg_n": 130974.0,
  "summary_bg_p05": 24.721155166625977,
  "summary_bg_p95": 230.243756866455,
  "summary_bg_stdv": 81.94632720947266,
  "summary_fg_k": 0.5097526699232717,
  "summary_fg_mad": 162.23802797756187,
  "summary_fg_mean": 609.5015258789062,
  "summary_fg_median": 584.9375,
  "summary_fg_n": 42394.0,
  "summary_fg_p05": 381.9711608886719,
  "summary_fg_p95": 917.7726409912109,
  "summary_fg_stdv": 166.4481658935547,
  "tsnr": 73.91525791352615
}