{
  "aor": 0.0048276874999999995,
  "aqi": 0.0031883721875,
  "bids_meta": {
    "BandwidthPerPixelPhaseEncode": 31.25,
    "EchoTime": 0.025,
    "EffectiveEchoSpacing": 0.0005,
    "FlipAngle": 75,
    "ImageType": [
      "ORIGINAL",
      "PRIMARY",
      "M",
      "ND",
      "MOSAIC"
    ],
    "MagneticFieldStrength": 3,
    "Manufacturer": "Siemens",
    "ManufacturersModelName": "TrioTim",
    "Modality": "MR",
    "PhaseEncodingDirection": "j-",
    "PixelBandwidth": 3005,
    "RepetitionTime": 3,
    "ScanningSequence": "EP",
    "SequenceVariant": "SK",
    "SliceThickness": 3,
    "SliceTiming": [
      0,
      1.5225,
      0.055,
      1.58,
      0.1125,
      1.635,
      0.1675,
      1.6925,
      0.225,
      1.75,
      0.2825,
      1.805,
      0.3375,
      1.8625,
      0.395,
      1.9175,
      0.45,
      1.975,
      0.5075,
      2.03,
      0.5625,
      2.0875,
      0.62,
      2.145,
      0.6775,
      2.2,
      0.7325,
      2.2575,
      0.79,
      2.3125,
      0.845,
      2.37,
      0.9025,
      2.425,
      0.9575,
      2.4825,
      1.015,
      2.54,
      1.0725,
      2.595,
      1.1275,
      2.6525,
      1.185,
      2.7075,
      1.24,
      2.765,
      1.2975,
      2.8225,
      1.355,
      2.8775,
      1.41,
      2.935,
      1.4675
    ],
    "SpacingBetweenSlices": 3,
    "TaskName": "rest",
    "TotalReadoutTime": 0.0315,
    "dataset": "ds002843",
    "modality": "bold",
    "session_id": "scan2",
    "subject_id": "dmp0559",
    "task_id": "rest"
  },
  "dummy_trs": 0,
  "dvars_nstd": 22.757967234842766,
  "dvars_std": 1.1836294256603772,
  "dvars_vstd": 1.0179562159119502,
  "efc": 0.5919750175087614,
  "fber": 298.215576171875,
  "fd_mean": 0.07101526673071783,
  "fd_num": 11,
  "fd_perc": 6.875,
  "fwhm_avg": 2.333702222222222,
  "fwhm_x": 2.0996466666666667,
  "fwhm_y": 2.37069,
  "fwhm_z": 2.53077,
  "gcor": 0.040723,
  "gsr_x": 0.0035484060645103455,
  "gsr_y": 0.07605701684951782,
  "provenance": {
    "md5sum": "0bc84bf2a9e25c732447d9a7dac1303c",
    "settings": {
      "fd_thres": 0.2,
      "testing": false
    },
    "software": "mriqc",
    "version": "21.0.0rc2",
    "webapi_port": null,
    "webapi_url": "https://mriqc.nimh.nih.gov/api/v1"
  },
  "size_t": 160,
  "size_x": 64,
  "size_y": 64,
  "size_z": 53,
  "snr": 3.5350541521923176,
  "spacing_tr": 3.0,
  "spacing_x": 3.0,
  "spacing_y": 3.0,
  "spacing_z": 3.0,
  "summary_bg_k": 22.566529993520955,
  "summary_bg_mad": 10.961991849779382,
  "summary_bg_mean": 66.24540710449219,
  "summary_bg_median": 32.993751525878906,
  "summary_bg_n": 131106.0,
  "summary_bg_p05": 25.125,
  "summary_bg_p95": 226.82343673706055,
  "summary_bg_stdv": 80.38081359863281,
  "summary_fg_k": 0.4521300957463801,
  "summary_fg_mad": 161.2144406365813,
  "summary_fg_mean": 606.0907592773438,
  "summary_fg_median": 581.46875,
  "summary_fg_n": 42283.0,
  "summary_fg_p05": 380.33189086914064,
  "summary_fg_p95": 910.8299987792971,
  "summary_fg_stdv": 164.4845733642578,
  "tsnr": 66.97417573595885
}