{
  "aor": 0.0025451456310679613,
  "aqi": 0.0017669898834951456,
  "bids_meta": {
    "BandwidthPerPixelPhaseEncode": 31.25,
    "EchoTime": 0.025,
    "EffectiveEchoSpacing": 0.0005,
    "FlipAngle": 75,
    "ImageType": [
      "ORIGINAL",
      "PRIMARY",
      "M",
      "ND",
      "MOSAIC"
    ],
    "MagneticFieldStrength": 3,
    "Manufacturer": "Siemens",
    "ManufacturersModelName": "TrioTim",
    "Modality": "MR",
    "PhaseEncodingDirection": "j-",
    "PixelBandwidth": 3005,
    "RepetitionTime": 3,
    "ScanningSequence": "EP",
    "SequenceVariant": "SK",
    "SliceThickness": 3,
    "SliceTiming": [
      0,
      1.5225,
      0.055,
      1.58,
      0.1125,
      1.6375,
      0.17,
      1.6925,
      0.225,
      1.75,
      0.2825,
      1.805,
      0.3375,
      1.8625,
      0.395,
      1.92,
      0.45,
      1.975,
      0.5075,
      2.0325,
      0.565,
      2.0875,
      0.62,
      2.145,
      0.6775,
      2.2,
      0.7325,
      2.2575,
      0.79,
      2.315,
      0.8475,
      2.37,
      0.9025,
      2.4275,
      0.96,
      2.4825,
      1.015,
      2.54,
      1.0725,
      2.595,
      1.1275,
      2.6525,
      1.185,
      2.71,
      1.2425,
      2.765,
      1.2975,
      2.8225,
      1.355,
      2.8775,
      1.41,
      2.935,
      1.4675
    ],
    "SpacingBetweenSlices": 3,
    "TaskName": "intertemporal choice task",
    "TotalReadoutTime": 0.0315,
    "dataset": "ds002843",
    "modality": "bold",
    "run_id": 2,
    "session_id": "scan1",
    "subject_id": "dmp0587",
    "task_id": "itc"
  },
  "dummy_trs": 1,
  "dvars_nstd": 20.583718374509807,
  "dvars_std": 1.214341582941177,
  "dvars_vstd": 1.0085232147058827,
  "efc": 0.5722245901737664,
  "fber": 364.03094482421875,
  "fd_mean": 0.05159615345058706,
  "fd_num": 2,
  "fd_perc": 1.941747572815534,
  "fwhm_avg": 2.6585268115724574,
  "fwhm_x": 2.50557,
  "fwhm_y": 2.7084702152498736,
  "fwhm_z": 2.7615402194674985,
  "gcor": 0.0262045,
  "gsr_x": -0.005500519182533026,
  "gsr_y": 0.09503599256277084,
  "provenance": {
    "md5sum": "c39438f62127bdb519ff9050b65b35c7",
    "settings": {
      "fd_thres": 0.2,
      "testing": false
    },
    "software": "mriqc",
    "version": "21.0.0rc2",
    "webapi_port": null,
    "webapi_url": "https://mriqc.nimh.nih.gov/api/v1"
  },
  "size_t": 103,
  "size_x": 64,
  "size_y": 64,
  "size_z": 53,
  "snr": 2.3404931078107523,
  "spacing_tr": 3.0,
  "spacing_x": 3.0,
  "spacing_y": 2.999999761581421,
  "spacing_z": 2.999999761581421,
  "summary_bg_k": 13.426218772008678,
  "summary_bg_mad": 13.588121385949574,
  "summary_bg_mean": 88.7491683959961,
  "summary_bg_median": 38.90291213989258,
  "summary_bg_n": 126504.0,
  "summary_bg_p05": 28.922330856323242,
  "summary_bg_p95": 349.1203933715817,
  "summary_bg_stdv": 123.19158172607422,
  "summary_fg_k": 3.2243045457525463,
  "summary_fg_mad": 253.40978450214362,
  "summary_fg_mean": 840.4461059570312,
  "summary_fg_median": 764.6796264648438,
  "summary_fg_n": 44978.0,
  "summary_fg_p05": 465.6529083251953,
  "summary_fg_p95": 1486.8184631347656,
  "summary_fg_stdv": 326.71368408203125,
  "tsnr": 86.13444273965433
}