{
  "aor": 0.0021550961538461537,
  "aqi": 0.0018088717307692308,
  "bids_meta": {
    "BandwidthPerPixelPhaseEncode": 31.25,
    "EchoTime": 0.025,
    "EffectiveEchoSpacing": 0.0005,
    "FlipAngle": 75,
    "ImageType": [
      "ORIGINAL",
      "PRIMARY",
      "M",
      "ND",
      "MOSAIC"
    ],
    "MagneticFieldStrength": 3,
    "Manufacturer": "Siemens",
    "ManufacturersModelName": "TrioTim",
    "Modality": "MR",
    "PhaseEncodingDirection": "j-",
    "PixelBandwidth": 3005,
    "RepetitionTime": 3,
    "ScanningSequence": "EP",
    "SequenceVariant": "SK",
    "SliceThickness": 3,
    "SliceTiming": [
      0,
      1.5225,
      0.055,
      1.58,
      0.1125,
      1.6375,
      0.17,
      1.6925,
      0.225,
      1.75,
      0.2825,
      1.805,
      0.3375,
      1.8625,
      0.395,
      1.92,
      0.45,
      1.975,
      0.5075,
      2.0325,
      0.565,
      2.0875,
      0.62,
      2.145,
      0.6775,
      2.2,
      0.7325,
      2.2575,
      0.79,
      2.315,
      0.8475,
      2.37,
      0.9025,
      2.4275,
      0.96,
      2.4825,
      1.015,
      2.54,
      1.0725,
      2.595,
      1.1275,
      2.6525,
      1.185,
      2.71,
      1.2425,
      2.765,
      1.2975,
      2.8225,
      1.355,
      2.8775,
      1.41,
      2.935,
      1.4675
    ],
    "SpacingBetweenSlices": 3,
    "TaskName": "risk choice task",
    "TotalReadoutTime": 0.0315,
    "dataset": "ds002843",
    "modality": "bold",
    "run_id": 2,
    "session_id": "scan1",
    "subject_id": "dmp0587",
    "task_id": "risk"
  },
  "dummy_trs": 0,
  "dvars_nstd": 20.216129451165045,
  "dvars_std": 1.1607091993203882,
  "dvars_vstd": 0.9735127418446607,
  "efc": 0.572079649574562,
  "fber": 363.0059509277344,
  "fd_mean": 0.051889054426112496,
  "fd_num": 3,
  "fd_perc": 2.8846153846153846,
  "fwhm_avg": 2.6781368124825984,
  "fwhm_x": 2.5300433333333334,
  "fwhm_y": 2.734013550613209,
  "fwhm_z": 2.7703535535012525,
  "gcor": 0.0216943,
  "gsr_x": -0.00229682307690382,
  "gsr_y": 0.09515424072742462,
  "provenance": {
    "md5sum": "4410d078587dc3a99c774d683545cd38",
    "settings": {
      "fd_thres": 0.2,
      "testing": false
    },
    "software": "mriqc",
    "version": "21.0.0rc2",
    "webapi_port": null,
    "webapi_url": "https://mriqc.nimh.nih.gov/api/v1"
  },
  "size_t": 104,
  "size_x": 64,
  "size_y": 64,
  "size_z": 53,
  "snr": 2.324989714649031,
  "spacing_tr": 3.0,
  "spacing_x": 3.0,
  "spacing_y": 2.999999761581421,
  "spacing_z": 2.999999761581421,
  "summary_bg_k": 12.954795939634751,
  "summary_bg_mad": 13.9706771440899,
  "summary_bg_mean": 91.63011932373047,
  "summary_bg_median": 39.26923370361328,
  "summary_bg_n": 127309.0,
  "summary_bg_p05": 28.980770111083984,
  "summary_bg_p95": 363.798095703125,
  "summary_bg_stdv": 128.48147583007812,
  "summary_fg_k": 3.1649069621405284,
  "summary_fg_mad": 255.371128605232,
  "summary_fg_mean": 842.34912109375,
  "summary_fg_median": 766.7548217773438,
  "summary_fg_n": 45072.0,
  "summary_fg_p05": 462.9399185180664,
  "summary_fg_p95": 1494.6702697753904,
  "summary_fg_stdv": 329.7848205566406,
  "tsnr": 85.53184666158631
}