{
  "aor": 0.0017789308176100632,
  "aqi": 0.0017799173584905658,
  "bids_meta": {
    "BandwidthPerPixelPhaseEncode": 31.25,
    "EchoTime": 0.025,
    "EffectiveEchoSpacing": 0.0005,
    "FlipAngle": 75,
    "ImageType": [
      "ORIGINAL",
      "PRIMARY",
      "M",
      "ND",
      "MOSAIC"
    ],
    "MagneticFieldStrength": 3,
    "Manufacturer": "Siemens",
    "ManufacturersModelName": "TrioTim",
    "Modality": "MR",
    "PhaseEncodingDirection": "j-",
    "PixelBandwidth": 3005,
    "RepetitionTime": 3,
    "ScanningSequence": "EP",
    "SequenceVariant": "SK",
    "SliceThickness": 3,
    "SliceTiming": [
      0,
      1.5225,
      0.055,
      1.58,
      0.1125,
      1.635,
      0.1675,
      1.6925,
      0.225,
      1.75,
      0.2825,
      1.805,
      0.3375,
      1.8625,
      0.395,
      1.9175,
      0.45,
      1.975,
      0.5075,
      2.03,
      0.5625,
      2.0875,
      0.62,
      2.145,
      0.6775,
      2.2,
      0.7325,
      2.2575,
      0.79,
      2.3125,
      0.845,
      2.37,
      0.9025,
      2.425,
      0.9575,
      2.4825,
      1.015,
      2.54,
      1.0725,
      2.595,
      1.1275,
      2.6525,
      1.185,
      2.7075,
      1.24,
      2.765,
      1.2975,
      2.8225,
      1.355,
      2.8775,
      1.41,
      2.935,
      1.4675
    ],
    "SpacingBetweenSlices": 3,
    "TaskName": "rest",
    "TotalReadoutTime": 0.0315,
    "dataset": "ds002843",
    "modality": "bold",
    "session_id": "scan1",
    "subject_id": "dmp0587",
    "task_id": "rest"
  },
  "dummy_trs": 1,
  "dvars_nstd": 20.330048222911383,
  "dvars_std": 1.2231474361392405,
  "dvars_vstd": 0.9968336662025319,
  "efc": 0.570699323832802,
  "fber": 368.2608337402344,
  "fd_mean": 0.04323194353497519,
  "fd_num": 0,
  "fd_perc": 0.0,
  "fwhm_avg": 2.6492279221217836,
  "fwhm_x": 2.49888,
  "fwhm_y": 2.7059768817183874,
  "fwhm_z": 2.742826884646963,
  "gcor": 0.0209152,
  "gsr_x": -0.004455416928976774,
  "gsr_y": 0.09590104222297668,
  "provenance": {
    "md5sum": "a56b1bd4e2d68288345a373ad29b177f",
    "settings": {
      "fd_thres": 0.2,
      "testing": false
    },
    "software": "mriqc",
    "version": "21.0.0rc2",
    "webapi_port": null,
    "webapi_url": "https://mriqc.nimh.nih.gov/api/v1"
  },
  "size_t": 159,
  "size_x": 64,
  "size_y": 64,
  "size_z": 53,
  "snr": 2.354778866352332,
  "spacing_tr": 3.0,
  "spacing_x": 3.0,
  "spacing_y": 2.999999761581421,
  "spacing_z": 2.999999761581421,
  "summary_bg_k": 13.25071409710106,
  "summary_bg_mad": 13.926203715191207,
  "summary_bg_mean": 86.39852142333984,
  "summary_bg_median": 38.48113250732422,
  "summary_bg_n": 126922.0,
  "summary_bg_p05": 27.616352081298828,
  "summary_bg_p95": 340.2682159423827,
  "summary_bg_stdv": 119.08563232421875,
  "summary_fg_k": 3.1831408492990603,
  "summary_fg_mad": 249.49677881777967,
  "summary_fg_mean": 829.266845703125,
  "summary_fg_median": 755.760986328125,
  "summary_fg_n": 45341.0,
  "summary_fg_p05": 458.918212890625,
  "summary_fg_p95": 1466.867919921875,
  "summary_fg_stdv": 320.9442138671875,
  "tsnr": 81.75910675199702
}