{
  "aor": 0.001743300970873786,
  "aqi": 0.0011945687475728157,
  "bids_meta": {
    "BandwidthPerPixelPhaseEncode": 31.25,
    "EchoTime": 0.025,
    "EffectiveEchoSpacing": 0.0005,
    "FlipAngle": 75,
    "ImageType": [
      "ORIGINAL",
      "PRIMARY",
      "M",
      "ND",
      "MOSAIC"
    ],
    "MagneticFieldStrength": 3,
    "Manufacturer": "Siemens",
    "ManufacturersModelName": "TrioTim",
    "Modality": "MR",
    "PhaseEncodingDirection": "j-",
    "PixelBandwidth": 3005,
    "RepetitionTime": 3,
    "ScanningSequence": "EP",
    "SequenceVariant": "SK",
    "SliceThickness": 3,
    "SliceTiming": [
      0,
      1.5225,
      0.055,
      1.58,
      0.1125,
      1.6375,
      0.17,
      1.6925,
      0.225,
      1.75,
      0.2825,
      1.805,
      0.3375,
      1.8625,
      0.395,
      1.92,
      0.45,
      1.975,
      0.5075,
      2.0325,
      0.565,
      2.0875,
      0.62,
      2.145,
      0.6775,
      2.2,
      0.7325,
      2.2575,
      0.79,
      2.315,
      0.8475,
      2.37,
      0.9025,
      2.4275,
      0.96,
      2.4825,
      1.015,
      2.54,
      1.0725,
      2.595,
      1.1275,
      2.6525,
      1.185,
      2.71,
      1.2425,
      2.765,
      1.2975,
      2.8225,
      1.355,
      2.8775,
      1.41,
      2.935,
      1.4675
    ],
    "SpacingBetweenSlices": 3,
    "TaskName": "intertemporal choice task",
    "TotalReadoutTime": 0.0315,
    "dataset": "ds002843",
    "modality": "bold",
    "run_id": 4,
    "session_id": "scan1",
    "subject_id": "dmp0587",
    "task_id": "itc"
  },
  "dummy_trs": 1,
  "dvars_nstd": 21.034219760392162,
  "dvars_std": 1.2515362175490194,
  "dvars_vstd": 1.0211234383333332,
  "efc": 0.5740921022485388,
  "fber": 360.062255859375,
  "fd_mean": 0.055763822204079404,
  "fd_num": 0,
  "fd_perc": 0.0,
  "fwhm_avg": 2.63141458825192,
  "fwhm_x": 2.4656933333333333,
  "fwhm_y": 2.6959635475892663,
  "fwhm_z": 2.732586883833161,
  "gcor": 0.017934,
  "gsr_x": -0.007907401770353317,
  "gsr_y": 0.09524831175804138,
  "provenance": {
    "md5sum": "58c77ce93b583332531ab1ac4a1f4c68",
    "settings": {
      "fd_thres": 0.2,
      "testing": false
    },
    "software": "mriqc",
    "version": "21.0.0rc2",
    "webapi_port": null,
    "webapi_url": "https://mriqc.nimh.nih.gov/api/v1"
  },
  "size_t": 103,
  "size_x": 64,
  "size_y": 64,
  "size_z": 53,
  "snr": 2.3501734545868898,
  "spacing_tr": 3.0,
  "spacing_x": 3.0,
  "spacing_y": 2.999999761581421,
  "spacing_z": 2.999999761581421,
  "summary_bg_k": 13.418363635582217,
  "summary_bg_mad": 13.732066890574114,
  "summary_bg_mean": 89.27167510986328,
  "summary_bg_median": 39.05825424194336,
  "summary_bg_n": 126161.0,
  "summary_bg_p05": 28.941747665405273,
  "summary_bg_p95": 350.88348388671875,
  "summary_bg_stdv": 124.04750061035156,
  "summary_fg_k": 3.1575588518387514,
  "summary_fg_mad": 252.2726763797229,
  "summary_fg_mean": 836.0350341796875,
  "summary_fg_median": 762.873779296875,
  "summary_fg_n": 45442.0,
  "summary_fg_p05": 460.9034088134766,
  "summary_fg_p95": 1475.7538635253898,
  "summary_fg_stdv": 324.599609375,
  "tsnr": 95.3912996230647
}