{
  "bids_meta": {
    "EchoTime": 0.09,
    "FlipAngle": 180,
    "ImageType": [
      "ORIGINAL",
      "PRIMARY",
      "M",
      "ND",
      "NORM"
    ],
    "ImagingFrequency": 123.204,
    "MagneticFieldStrength": 3,
    "Manufacturer": "Siemens",
    "ManufacturersModelName": "TrioTim",
    "Modality": "MR",
    "PhaseEncodingDirection": "i",
    "RepetitionTime": 7,
    "ScanningSequence": "SE",
    "SequenceVariant": "SK_SP_OSP",
    "SliceThickness": 3,
    "SpacingBetweenSlices": 3,
    "dataset": "ds002843",
    "modality": "T2w",
    "session_id": "scan2",
    "subject_id": "dmp0154"
  },
  "cjv": 0.6195949569874157,
  "cnr": 2.222541134913916,
  "efc": 0.5592664249861449,
  "fber": 4119.592156272347,
  "fwhm_avg": 2.5994467947382702,
  "fwhm_x": 2.9935733333333334,
  "fwhm_y": 3.1932533333333333,
  "fwhm_z": 1.611513717548144,
  "icvs_csf": 0.15675386276587483,
  "icvs_gm": 0.4160529718202146,
  "icvs_wm": 0.42719316541391056,
  "inu_med": 1.3558381795883179,
  "inu_range": 0.4027054369449614,
  "provenance": {
    "md5sum": "cb3f18064a6474e895307b10ce8428a2",
    "settings": {
      "testing": false
    },
    "software": "mriqc",
    "version": "21.0.0rc2",
    "warnings": {
      "large_rot_frame": false,
      "small_air_mask": false
    },
    "webapi_port": null,
    "webapi_url": "https://mriqc.nimh.nih.gov/api/v1"
  },
  "qi_1": 0.0,
  "qi_2": 0.002437271665745924,
  "rpve_csf": 17.35725870625611,
  "rpve_gm": 6.810128107912989,
  "rpve_wm": 7.680546000671701,
  "size_x": 256,
  "size_y": 256,
  "size_z": 44,
  "snr_csf": 2.8882669619486334,
  "snr_gm": 8.633918668237305,
  "snr_total": 6.379556580896593,
  "snr_wm": 7.616484112503839,
  "snrd_csf": 157.05090073137885,
  "snrd_gm": 81.02464966474628,
  "snrd_total": 97.49919212938109,
  "snrd_wm": 54.42202599201816,
  "spacing_x": 0.75,
  "spacing_y": 0.75,
  "spacing_z": 2.9999992847442627,
  "summary_bg_k": 778.9172162346707,
  "summary_bg_mad": 11.848454467700689,
  "summary_bg_mean": 21.24393376329321,
  "summary_bg_median": 16.099143363535404,
  "summary_bg_n": 879284.0,
  "summary_bg_p05": 2.663887031376362,
  "summary_bg_p95": 47.02339716255665,
  "summary_bg_stdv": 36.82256993451987,
  "summary_csf_k": 0.5986284979480394,
  "summary_csf_mad": 767.3162143321815,
  "summary_csf_mean": 2786.9225458742403,
  "summary_csf_median": 2840.3405919112265,
  "summary_csf_n": 78776.0,
  "summary_csf_p05": 609.103560782969,
  "summary_csf_p95": 4253.995946757495,
  "summary_csf_stdv": 983.400288587345,
  "summary_gm_k": 0.09048299284812611,
  "summary_gm_mad": 169.14098044471274,
  "summary_gm_mean": 1470.7613296708014,
  "summary_gm_median": 1465.3695096075535,
  "summary_gm_n": 194995.0,
  "summary_gm_p05": 1204.5402228832245,
  "summary_gm_p95": 1760.3660430386662,
  "summary_gm_stdv": 169.72197775495636,
  "summary_wm_k": -0.09490096230708689,
  "summary_wm_mad": 128.95926529337996,
  "summary_wm_mean": 981.3334689761889,
  "summary_wm_median": 984.2483475059271,
  "summary_wm_n": 230617.0,
  "summary_wm_p05": 760.9451215714216,
  "summary_wm_p95": 1190.5258606746793,
  "summary_wm_stdv": 129.22579487063012,
  "tpm_overlap_csf": 0.1706874668598175,
  "tpm_overlap_gm": 0.42263662815093994,
  "tpm_overlap_wm": 0.4929492771625519,
  "wm2max": 0.20102844097062034
}