{
  "aor": 0.001940192307692308,
  "aqi": 0.0037393532692307696,
  "bids_meta": {
    "BandwidthPerPixelPhaseEncode": 31.25,
    "EchoTime": 0.025,
    "EffectiveEchoSpacing": 0.0005,
    "FlipAngle": 75,
    "ImageType": [
      "ORIGINAL",
      "PRIMARY",
      "M",
      "ND",
      "MOSAIC"
    ],
    "MagneticFieldStrength": 3,
    "Manufacturer": "Siemens",
    "ManufacturersModelName": "TrioTim",
    "Modality": "MR",
    "PhaseEncodingDirection": "j-",
    "PixelBandwidth": 3005,
    "RepetitionTime": 3,
    "ScanningSequence": "EP",
    "SequenceVariant": "SK",
    "SliceThickness": 3,
    "SliceTiming": [
      0,
      1.5225,
      0.055,
      1.58,
      0.1125,
      1.6375,
      0.17,
      1.6925,
      0.225,
      1.75,
      0.2825,
      1.805,
      0.3375,
      1.8625,
      0.395,
      1.92,
      0.45,
      1.975,
      0.5075,
      2.0325,
      0.565,
      2.0875,
      0.62,
      2.145,
      0.6775,
      2.2,
      0.7325,
      2.2575,
      0.79,
      2.315,
      0.8475,
      2.37,
      0.9025,
      2.4275,
      0.96,
      2.4825,
      1.015,
      2.54,
      1.0725,
      2.595,
      1.1275,
      2.6525,
      1.185,
      2.71,
      1.2425,
      2.765,
      1.2975,
      2.8225,
      1.355,
      2.8775,
      1.41,
      2.935,
      1.4675
    ],
    "SpacingBetweenSlices": 3,
    "TaskName": "risk choice task",
    "TotalReadoutTime": 0.0315,
    "dataset": "ds002843",
    "modality": "bold",
    "run_id": 4,
    "session_id": "scan2",
    "subject_id": "dmp0985",
    "task_id": "risk"
  },
  "dummy_trs": 0,
  "dvars_nstd": 26.44991998737864,
  "dvars_std": 1.2218754168932038,
  "dvars_vstd": 1.0041413281553393,
  "efc": 0.5914383236630465,
  "fber": 297.76922607421875,
  "fd_mean": 0.1618291929661882,
  "fd_num": 25,
  "fd_perc": 24.03846153846154,
  "fwhm_avg": 2.636136666666667,
  "fwhm_x": 2.48033,
  "fwhm_y": 2.5199666666666665,
  "fwhm_z": 2.908113333333333,
  "gcor": 0.0293255,
  "gsr_x": -0.004023831337690353,
  "gsr_y": 0.047388333827257156,
  "provenance": {
    "md5sum": "f11919f82a91dbeadb9ed81909bd46de",
    "settings": {
      "fd_thres": 0.2,
      "testing": false
    },
    "software": "mriqc",
    "version": "21.0.0rc2",
    "webapi_port": null,
    "webapi_url": "https://mriqc.nimh.nih.gov/api/v1"
  },
  "size_t": 104,
  "size_x": 64,
  "size_y": 64,
  "size_z": 53,
  "snr": 2.9375593772450483,
  "spacing_tr": 3.0,
  "spacing_x": 3.0,
  "spacing_y": 3.0,
  "spacing_z": 3.0,
  "summary_bg_k": 32.369859025683986,
  "summary_bg_mad": 15.809671951398338,
  "summary_bg_mean": 75.61637115478516,
  "summary_bg_median": 37.33654022216797,
  "summary_bg_n": 127248.0,
  "summary_bg_p05": 25.94230842590332,
  "summary_bg_p95": 251.2817382812499,
  "summary_bg_stdv": 93.6563720703125,
  "summary_fg_k": 2.466384830244868,
  "summary_fg_mad": 198.3266418362722,
  "summary_fg_mean": 706.5223388671875,
  "summary_fg_median": 665.375,
  "summary_fg_n": 44946.0,
  "summary_fg_p05": 422.00724029541016,
  "summary_fg_p95": 1135.5433349609375,
  "summary_fg_stdv": 226.5035400390625,
  "tsnr": 73.31746907765046
}