{
  "aor": 0.003991386138613861,
  "aqi": 0.002383294356435644,
  "bids_meta": {
    "BandwidthPerPixelPhaseEncode": 31.25,
    "EchoTime": 0.025,
    "EffectiveEchoSpacing": 0.0005,
    "FlipAngle": 75,
    "ImageType": [
      "ORIGINAL",
      "PRIMARY",
      "M",
      "ND",
      "MOSAIC"
    ],
    "MagneticFieldStrength": 3,
    "Manufacturer": "Siemens",
    "ManufacturersModelName": "TrioTim",
    "Modality": "MR",
    "PhaseEncodingDirection": "j-",
    "PixelBandwidth": 3005,
    "RepetitionTime": 3,
    "ScanningSequence": "EP",
    "SequenceVariant": "SK",
    "SliceThickness": 3,
    "SliceTiming": [
      0,
      1.5225,
      0.055,
      1.58,
      0.1125,
      1.6375,
      0.17,
      1.6925,
      0.225,
      1.75,
      0.2825,
      1.805,
      0.3375,
      1.8625,
      0.395,
      1.92,
      0.45,
      1.975,
      0.5075,
      2.0325,
      0.565,
      2.0875,
      0.62,
      2.145,
      0.6775,
      2.2,
      0.7325,
      2.2575,
      0.79,
      2.315,
      0.8475,
      2.37,
      0.9025,
      2.4275,
      0.96,
      2.4825,
      1.015,
      2.54,
      1.0725,
      2.595,
      1.1275,
      2.6525,
      1.185,
      2.71,
      1.2425,
      2.765,
      1.2975,
      2.8225,
      1.355,
      2.8775,
      1.41,
      2.935,
      1.4675
    ],
    "SpacingBetweenSlices": 3,
    "TaskName": "risk choice task",
    "TotalReadoutTime": 0.0315,
    "dataset": "ds002843",
    "modality": "bold",
    "run_id": 2,
    "session_id": "scan1",
    "subject_id": "dmp0969",
    "task_id": "risk"
  },
  "dummy_trs": 3,
  "dvars_nstd": 23.262494754499997,
  "dvars_std": 1.2243939435,
  "dvars_vstd": 1.0131611161,
  "efc": 0.6079596757186229,
  "fber": 182.8120574951172,
  "fd_mean": 0.07942784084880933,
  "fd_num": 4,
  "fd_perc": 3.9603960396039604,
  "fwhm_avg": 2.958138888888889,
  "fwhm_x": 2.9069533333333335,
  "fwhm_y": 2.8093533333333336,
  "fwhm_z": 3.15811,
  "gcor": 0.0193105,
  "gsr_x": -0.014683453366160393,
  "gsr_y": 0.09921347349882126,
  "provenance": {
    "md5sum": "7284f0e9f022aee3a9496bb4d3ec05d5",
    "settings": {
      "fd_thres": 0.2,
      "testing": false
    },
    "software": "mriqc",
    "version": "21.0.0rc2",
    "webapi_port": null,
    "webapi_url": "https://mriqc.nimh.nih.gov/api/v1"
  },
  "size_t": 101,
  "size_x": 64,
  "size_y": 64,
  "size_z": 53,
  "snr": 2.208352519096906,
  "spacing_tr": 3.0,
  "spacing_x": 3.0,
  "spacing_y": 3.0,
  "spacing_z": 3.0,
  "summary_bg_k": 14.055276619164431,
  "summary_bg_mad": 28.191462536348226,
  "summary_bg_mean": 109.60062408447266,
  "summary_bg_median": 50.10395812988281,
  "summary_bg_n": 122522.0,
  "summary_bg_p05": 29.712871551513672,
  "summary_bg_p95": 385.61089019775375,
  "summary_bg_stdv": 136.7572784423828,
  "summary_fg_k": 4.073182314214905,
  "summary_fg_mad": 243.93208874661923,
  "summary_fg_mean": 791.42236328125,
  "summary_fg_median": 716.2029418945312,
  "summary_fg_n": 46140.0,
  "summary_fg_p05": 419.2272262573242,
  "summary_fg_p95": 1445.5529968261694,
  "summary_fg_stdv": 324.3119812011719,
  "tsnr": 80.45930679515004
}