{
  "aor": 0.0011032038834951456,
  "aqi": 0.0019917978640776697,
  "bids_meta": {
    "BandwidthPerPixelPhaseEncode": 31.25,
    "EchoTime": 0.025,
    "EffectiveEchoSpacing": 0.0005,
    "FlipAngle": 75,
    "ImageType": [
      "ORIGINAL",
      "PRIMARY",
      "M",
      "ND",
      "MOSAIC"
    ],
    "MagneticFieldStrength": 3,
    "Manufacturer": "Siemens",
    "ManufacturersModelName": "TrioTim",
    "Modality": "MR",
    "PhaseEncodingDirection": "j-",
    "PixelBandwidth": 3005,
    "RepetitionTime": 3,
    "ScanningSequence": "EP",
    "SequenceVariant": "SK",
    "SliceThickness": 3,
    "SliceTiming": [
      0,
      1.5225,
      0.055,
      1.58,
      0.1125,
      1.6375,
      0.17,
      1.6925,
      0.225,
      1.75,
      0.2825,
      1.805,
      0.3375,
      1.8625,
      0.395,
      1.92,
      0.45,
      1.975,
      0.5075,
      2.0325,
      0.565,
      2.0875,
      0.62,
      2.145,
      0.6775,
      2.2,
      0.7325,
      2.2575,
      0.79,
      2.315,
      0.8475,
      2.37,
      0.9025,
      2.4275,
      0.96,
      2.4825,
      1.015,
      2.54,
      1.0725,
      2.595,
      1.1275,
      2.6525,
      1.185,
      2.71,
      1.2425,
      2.765,
      1.2975,
      2.8225,
      1.355,
      2.8775,
      1.41,
      2.935,
      1.4675
    ],
    "SpacingBetweenSlices": 3,
    "TaskName": "intertemporal choice task",
    "TotalReadoutTime": 0.0315,
    "dataset": "ds002843",
    "modality": "bold",
    "run_id": 1,
    "session_id": "scan1",
    "subject_id": "dmp0969",
    "task_id": "itc"
  },
  "dummy_trs": 1,
  "dvars_nstd": 22.592670440686266,
  "dvars_std": 1.223540980196078,
  "dvars_vstd": 1.0078890428431373,
  "efc": 0.6068744335151075,
  "fber": 186.03245544433594,
  "fd_mean": 0.06640797438528859,
  "fd_num": 1,
  "fd_perc": 0.970873786407767,
  "fwhm_avg": 2.943821111111111,
  "fwhm_x": 2.89585,
  "fwhm_y": 2.78825,
  "fwhm_z": 3.1473633333333333,
  "gcor": 0.0307619,
  "gsr_x": -0.019124943763017654,
  "gsr_y": 0.10172545909881592,
  "provenance": {
    "md5sum": "2f6b31de72a9314e90b819d83d990845",
    "settings": {
      "fd_thres": 0.2,
      "testing": false
    },
    "software": "mriqc",
    "version": "21.0.0rc2",
    "webapi_port": null,
    "webapi_url": "https://mriqc.nimh.nih.gov/api/v1"
  },
  "size_t": 103,
  "size_x": 64,
  "size_y": 64,
  "size_z": 53,
  "snr": 2.202267860887757,
  "spacing_tr": 3.0,
  "spacing_x": 3.0,
  "spacing_y": 3.0,
  "spacing_z": 3.0,
  "summary_bg_k": 14.906762906937793,
  "summary_bg_mad": 26.974726700590942,
  "summary_bg_mean": 106.8822250366211,
  "summary_bg_median": 49.47572708129883,
  "summary_bg_n": 121914.0,
  "summary_bg_p05": 30.02912712097168,
  "summary_bg_p95": 371.7995086669921,
  "summary_bg_stdv": 132.75228881835938,
  "summary_fg_k": 4.2024853736897505,
  "summary_fg_mad": 242.91641935571914,
  "summary_fg_mean": 791.334716796875,
  "summary_fg_median": 715.7669677734375,
  "summary_fg_n": 46272.0,
  "summary_fg_p05": 418.3999984741211,
  "summary_fg_p95": 1447.0432067871088,
  "summary_fg_stdv": 325.01007080078125,
  "tsnr": 84.75345201883465
}