{
  "aor": 0.009521249999999998,
  "aqi": 0.0072087575,
  "bids_meta": {
    "BandwidthPerPixelPhaseEncode": 31.25,
    "EchoTime": 0.025,
    "EffectiveEchoSpacing": 0.0005,
    "FlipAngle": 75,
    "ImageType": [
      "ORIGINAL",
      "PRIMARY",
      "M",
      "ND",
      "MOSAIC"
    ],
    "MagneticFieldStrength": 3,
    "Manufacturer": "Siemens",
    "ManufacturersModelName": "TrioTim",
    "Modality": "MR",
    "PhaseEncodingDirection": "j-",
    "PixelBandwidth": 3005,
    "RepetitionTime": 3,
    "ScanningSequence": "EP",
    "SequenceVariant": "SK",
    "SliceThickness": 3,
    "SliceTiming": [
      0,
      1.5225,
      0.055,
      1.58,
      0.1125,
      1.6375,
      0.17,
      1.6925,
      0.225,
      1.75,
      0.2825,
      1.805,
      0.3375,
      1.8625,
      0.395,
      1.92,
      0.45,
      1.975,
      0.5075,
      2.0325,
      0.565,
      2.0875,
      0.62,
      2.145,
      0.6775,
      2.2,
      0.7325,
      2.2575,
      0.79,
      2.315,
      0.8475,
      2.37,
      0.9025,
      2.4275,
      0.96,
      2.4825,
      1.015,
      2.54,
      1.0725,
      2.595,
      1.1275,
      2.6525,
      1.185,
      2.71,
      1.2425,
      2.765,
      1.2975,
      2.8225,
      1.355,
      2.8775,
      1.41,
      2.935,
      1.4675
    ],
    "SpacingBetweenSlices": 3,
    "TaskName": "risk choice task",
    "TotalReadoutTime": 0.0315,
    "dataset": "ds002843",
    "modality": "bold",
    "run_id": 1,
    "session_id": "scan2",
    "subject_id": "dmp0442",
    "task_id": "risk"
  },
  "dummy_trs": 0,
  "dvars_nstd": 39.24670902718448,
  "dvars_std": 1.2366248069902914,
  "dvars_vstd": 1.007390581067961,
  "efc": 0.585054242483679,
  "fber": 252.39698791503906,
  "fd_mean": 0.3156641480851709,
  "fd_num": 58,
  "fd_perc": 55.76923076923077,
  "fwhm_avg": 2.822976666666667,
  "fwhm_x": 2.5841133333333333,
  "fwhm_y": 2.7156333333333333,
  "fwhm_z": 3.1691833333333332,
  "gcor": 0.0280226,
  "gsr_x": 0.006548515986651182,
  "gsr_y": 0.05703828111290932,
  "provenance": {
    "md5sum": "87c9cc675be1994f4a8190a33fc4c1fa",
    "settings": {
      "fd_thres": 0.2,
      "testing": false
    },
    "software": "mriqc",
    "version": "21.0.0rc2",
    "webapi_port": null,
    "webapi_url": "https://mriqc.nimh.nih.gov/api/v1"
  },
  "size_t": 104,
  "size_x": 64,
  "size_y": 64,
  "size_z": 53,
  "snr": 2.4771702446284882,
  "spacing_tr": 3.0,
  "spacing_x": 3.0,
  "spacing_y": 3.0,
  "spacing_z": 3.0,
  "summary_bg_k": 12.10494941967636,
  "summary_bg_mad": 22.652452074002497,
  "summary_bg_mean": 92.22150421142578,
  "summary_bg_median": 44.71154022216797,
  "summary_bg_n": 129322.0,
  "summary_bg_p05": 27.682693481445312,
  "summary_bg_p95": 329.7293319702148,
  "summary_bg_stdv": 112.35991668701172,
  "summary_fg_k": 1.820435192318973,
  "summary_fg_mad": 244.69352407179105,
  "summary_fg_mean": 795.7427368164062,
  "summary_fg_median": 732.3221435546875,
  "summary_fg_n": 42506.0,
  "summary_fg_p05": 427.7644500732422,
  "summary_fg_p95": 1380.4400024414062,
  "summary_fg_stdv": 295.6250305175781,
  "tsnr": 47.35484748787712
}