{
  "aor": 0.00975903846153846,
  "aqi": 0.007257780961538462,
  "bids_meta": {
    "BandwidthPerPixelPhaseEncode": 31.25,
    "EchoTime": 0.025,
    "EffectiveEchoSpacing": 0.0005,
    "FlipAngle": 75,
    "ImageType": [
      "ORIGINAL",
      "PRIMARY",
      "M",
      "ND",
      "MOSAIC"
    ],
    "MagneticFieldStrength": 3,
    "Manufacturer": "Siemens",
    "ManufacturersModelName": "TrioTim",
    "Modality": "MR",
    "PhaseEncodingDirection": "j-",
    "PixelBandwidth": 3005,
    "RepetitionTime": 3,
    "ScanningSequence": "EP",
    "SequenceVariant": "SK",
    "SliceThickness": 3,
    "SliceTiming": [
      0,
      1.5225,
      0.055,
      1.58,
      0.1125,
      1.6375,
      0.17,
      1.6925,
      0.225,
      1.75,
      0.2825,
      1.805,
      0.3375,
      1.8625,
      0.395,
      1.92,
      0.45,
      1.975,
      0.5075,
      2.0325,
      0.565,
      2.0875,
      0.62,
      2.145,
      0.6775,
      2.2,
      0.7325,
      2.2575,
      0.79,
      2.315,
      0.8475,
      2.37,
      0.9025,
      2.4275,
      0.96,
      2.4825,
      1.015,
      2.54,
      1.0725,
      2.595,
      1.1275,
      2.6525,
      1.185,
      2.71,
      1.2425,
      2.765,
      1.2975,
      2.8225,
      1.355,
      2.8775,
      1.41,
      2.935,
      1.4675
    ],
    "SpacingBetweenSlices": 3,
    "TaskName": "intertemporal choice task",
    "TotalReadoutTime": 0.0315,
    "dataset": "ds002843",
    "modality": "bold",
    "run_id": 3,
    "session_id": "scan2",
    "subject_id": "dmp0442",
    "task_id": "itc"
  },
  "dummy_trs": 0,
  "dvars_nstd": 38.46468351378641,
  "dvars_std": 1.2918536630097093,
  "dvars_vstd": 1.0549741901941745,
  "efc": 0.5876074826478318,
  "fber": 251.94593811035156,
  "fd_mean": 0.35371821955036137,
  "fd_num": 58,
  "fd_perc": 55.76923076923077,
  "fwhm_avg": 2.773501111111111,
  "fwhm_x": 2.5532766666666666,
  "fwhm_y": 2.6494266666666664,
  "fwhm_z": 3.1178000000000003,
  "gcor": 0.0367798,
  "gsr_x": 0.006537098437547684,
  "gsr_y": 0.05868063494563103,
  "provenance": {
    "md5sum": "dfea8e249f6f4f78726613d160a8482b",
    "settings": {
      "fd_thres": 0.2,
      "testing": false
    },
    "software": "mriqc",
    "version": "21.0.0rc2",
    "webapi_port": null,
    "webapi_url": "https://mriqc.nimh.nih.gov/api/v1"
  },
  "size_t": 104,
  "size_x": 64,
  "size_y": 64,
  "size_z": 53,
  "snr": 2.517350969159149,
  "spacing_tr": 3.0,
  "spacing_x": 3.0,
  "spacing_y": 3.0,
  "spacing_z": 3.0,
  "summary_bg_k": 11.138723282090606,
  "summary_bg_mad": 22.595431522065493,
  "summary_bg_mean": 93.31433868408203,
  "summary_bg_median": 44.69231033325195,
  "summary_bg_n": 129545.0,
  "summary_bg_p05": 27.432693481445312,
  "summary_bg_p95": 335.9288635253904,
  "summary_bg_stdv": 113.51496887207031,
  "summary_fg_k": 1.9570828664019118,
  "summary_fg_mad": 238.6134433185323,
  "summary_fg_mean": 789.0209350585938,
  "summary_fg_median": 727.3557739257812,
  "summary_fg_n": 42345.0,
  "summary_fg_p05": 428.97308349609375,
  "summary_fg_p95": 1357.7019287109372,
  "summary_fg_stdv": 288.9335632324219,
  "tsnr": 45.64105850830674
}