{
  "aor": 0.001596923076923077,
  "aqi": 0.0021196155769230766,
  "bids_meta": {
    "BandwidthPerPixelPhaseEncode": 31.25,
    "EchoTime": 0.025,
    "EffectiveEchoSpacing": 0.0005,
    "FlipAngle": 75,
    "ImageType": [
      "ORIGINAL",
      "PRIMARY",
      "M",
      "ND",
      "MOSAIC"
    ],
    "MagneticFieldStrength": 3,
    "Manufacturer": "Siemens",
    "ManufacturersModelName": "TrioTim",
    "Modality": "MR",
    "PhaseEncodingDirection": "j-",
    "PixelBandwidth": 3005,
    "RepetitionTime": 3,
    "ScanningSequence": "EP",
    "SequenceVariant": "SK",
    "SliceThickness": 3,
    "SliceTiming": [
      0,
      1.5225,
      0.055,
      1.58,
      0.1125,
      1.6375,
      0.17,
      1.6925,
      0.225,
      1.75,
      0.2825,
      1.805,
      0.3375,
      1.8625,
      0.395,
      1.92,
      0.45,
      1.975,
      0.5075,
      2.0325,
      0.565,
      2.0875,
      0.62,
      2.145,
      0.6775,
      2.2,
      0.7325,
      2.2575,
      0.79,
      2.315,
      0.8475,
      2.37,
      0.9025,
      2.4275,
      0.96,
      2.4825,
      1.015,
      2.54,
      1.0725,
      2.595,
      1.1275,
      2.6525,
      1.185,
      2.71,
      1.2425,
      2.765,
      1.2975,
      2.8225,
      1.355,
      2.8775,
      1.41,
      2.935,
      1.4675
    ],
    "SpacingBetweenSlices": 3,
    "TaskName": "risk choice task",
    "TotalReadoutTime": 0.0315,
    "dataset": "ds002843",
    "modality": "bold",
    "run_id": 1,
    "session_id": "scan1",
    "subject_id": "dmp1192",
    "task_id": "risk"
  },
  "dummy_trs": 0,
  "dvars_nstd": 21.715704593883494,
  "dvars_std": 1.1763518041747572,
  "dvars_vstd": 1.001311061941748,
  "efc": 0.5950354005226749,
  "fber": 346.13531494140625,
  "fd_mean": 0.05542493981252659,
  "fd_num": 1,
  "fd_perc": 0.9615384615384616,
  "fwhm_avg": 2.3839788888888886,
  "fwhm_x": 2.1655933333333333,
  "fwhm_y": 2.3765199999999997,
  "fwhm_z": 2.6098233333333334,
  "gcor": 0.0208825,
  "gsr_x": 0.008646690286695957,
  "gsr_y": 0.06287716329097748,
  "provenance": {
    "md5sum": "f3287f5e12c14061c24b495650ab0279",
    "settings": {
      "fd_thres": 0.2,
      "testing": false
    },
    "software": "mriqc",
    "version": "21.0.0rc2",
    "webapi_port": null,
    "webapi_url": "https://mriqc.nimh.nih.gov/api/v1"
  },
  "size_t": 104,
  "size_x": 64,
  "size_y": 64,
  "size_z": 53,
  "snr": 3.534241298730488,
  "spacing_tr": 3.0,
  "spacing_x": 3.0,
  "spacing_y": 3.0,
  "spacing_z": 3.0,
  "summary_bg_k": 33.44989014480965,
  "summary_bg_mad": 9.03817317439406,
  "summary_bg_mean": 61.77573776245117,
  "summary_bg_median": 31.173078536987305,
  "summary_bg_n": 125862.0,
  "summary_bg_p05": 24.653846740722656,
  "summary_bg_p95": 210.97068023681638,
  "summary_bg_stdv": 80.80713653564453,
  "summary_fg_k": 0.3248041158612329,
  "summary_fg_mad": 166.53616275384235,
  "summary_fg_mean": 622.6123657226562,
  "summary_fg_median": 598.269287109375,
  "summary_fg_n": 45920.0,
  "summary_fg_p05": 389.2779083251953,
  "summary_fg_p95": 932.8755401611328,
  "summary_fg_stdv": 169.27615356445312,
  "tsnr": 85.13285881490447
}