{
  "bids_meta": {
    "EchoTime": 0.09,
    "FlipAngle": 180,
    "ImageType": [
      "ORIGINAL",
      "PRIMARY",
      "M",
      "ND",
      "NORM"
    ],
    "ImagingFrequency": 123.204,
    "MagneticFieldStrength": 3,
    "Manufacturer": "Siemens",
    "ManufacturersModelName": "TrioTim",
    "Modality": "MR",
    "PhaseEncodingDirection": "i",
    "RepetitionTime": 7,
    "ScanningSequence": "SE",
    "SequenceVariant": "SK_SP_OSP",
    "SliceThickness": 3,
    "SpacingBetweenSlices": 3,
    "dataset": "ds002843",
    "modality": "T2w",
    "session_id": "scan1",
    "subject_id": "dmp0224"
  },
  "cjv": 0.5253513823665505,
  "cnr": 2.562379085040995,
  "efc": 0.5939146118105358,
  "fber": 2420.7364715494036,
  "fwhm_avg": 2.494068929566457,
  "fwhm_x": 2.835013333333333,
  "fwhm_y": 3.111666666666667,
  "fwhm_z": 1.5355267886993718,
  "icvs_csf": 0.16390131319620777,
  "icvs_gm": 0.41994056493014714,
  "icvs_wm": 0.41615812187364504,
  "inu_med": 1.3495043516159058,
  "inu_range": 0.32204160690307626,
  "provenance": {
    "md5sum": "ab4d6d689d8295dff0a2d95a69ababfa",
    "settings": {
      "testing": false
    },
    "software": "mriqc",
    "version": "21.0.0rc2",
    "warnings": {
      "large_rot_frame": false,
      "small_air_mask": false
    },
    "webapi_port": null,
    "webapi_url": "https://mriqc.nimh.nih.gov/api/v1"
  },
  "qi_1": 0.0,
  "qi_2": 0.0011038643867195153,
  "rpve_csf": 15.036501464483639,
  "rpve_gm": 5.889267242104909,
  "rpve_wm": 6.8058767717730015,
  "size_x": 256,
  "size_y": 256,
  "size_z": 44,
  "snr_csf": 2.8102280009588814,
  "snr_gm": 9.486865366526517,
  "snr_total": 6.7725054184900495,
  "snr_wm": 8.02042288798475,
  "snrd_csf": 139.05534337348874,
  "snrd_gm": 76.03253040961383,
  "snrd_total": 88.0570979531978,
  "snrd_wm": 49.083420076490825,
  "spacing_x": 0.75,
  "spacing_y": 0.75,
  "spacing_z": 2.999999761581421,
  "summary_bg_k": 645.9914700620487,
  "summary_bg_mad": 13.50211391247212,
  "summary_bg_mean": 26.968459492740465,
  "summary_bg_median": 18.332348093390465,
  "summary_bg_n": 810244.0,
  "summary_bg_p05": 3.0751035511493683,
  "summary_bg_p95": 58.07214783132076,
  "summary_bg_stdv": 61.58141386072677,
  "summary_csf_k": 0.31131266423576376,
  "summary_csf_mad": 773.8289441005126,
  "summary_csf_mean": 2736.5319567411457,
  "summary_csf_median": 2865.8782364577055,
  "summary_csf_n": 95192.0,
  "summary_csf_p05": 548.4979412935675,
  "summary_csf_p95": 4156.29221875146,
  "summary_csf_stdv": 1019.7973909212499,
  "summary_gm_k": 0.02803952351201433,
  "summary_gm_mad": 165.70776165306694,
  "summary_gm_mean": 1572.2531952649397,
  "summary_gm_median": 1567.0018057376146,
  "summary_gm_n": 223090.0,
  "summary_gm_p05": 1311.8864842057228,
  "summary_gm_p95": 1853.2229824215174,
  "summary_gm_stdv": 165.17555938161954,
  "summary_wm_k": -0.018870043060347896,
  "summary_wm_mad": 126.07818055931759,
  "summary_wm_mean": 1006.0817902524709,
  "summary_wm_median": 1011.5907951146364,
  "summary_wm_n": 250009.0,
  "summary_wm_p05": 787.2265090942383,
  "summary_wm_p95": 1203.4299474209547,
  "summary_wm_stdv": 126.12661278986894,
  "tpm_overlap_csf": 0.15068107843399048,
  "tpm_overlap_gm": 0.4326223134994507,
  "tpm_overlap_wm": 0.467629611492157,
  "wm2max": 0.20876250915303882
}