{
  "aor": 0.00146925,
  "aqi": 0.0032904914374999998,
  "bids_meta": {
    "BandwidthPerPixelPhaseEncode": 31.25,
    "EchoTime": 0.025,
    "EffectiveEchoSpacing": 0.0005,
    "FlipAngle": 75,
    "ImageType": [
      "ORIGINAL",
      "PRIMARY",
      "M",
      "ND",
      "MOSAIC"
    ],
    "MagneticFieldStrength": 3,
    "Manufacturer": "Siemens",
    "ManufacturersModelName": "TrioTim",
    "Modality": "MR",
    "PhaseEncodingDirection": "j-",
    "PixelBandwidth": 3005,
    "RepetitionTime": 3,
    "ScanningSequence": "EP",
    "SequenceVariant": "SK",
    "SliceThickness": 3,
    "SliceTiming": [
      0,
      1.5225,
      0.055,
      1.58,
      0.1125,
      1.635,
      0.1675,
      1.6925,
      0.225,
      1.75,
      0.2825,
      1.805,
      0.3375,
      1.8625,
      0.395,
      1.9175,
      0.45,
      1.975,
      0.5075,
      2.03,
      0.5625,
      2.0875,
      0.62,
      2.145,
      0.6775,
      2.2,
      0.7325,
      2.2575,
      0.79,
      2.3125,
      0.845,
      2.37,
      0.9025,
      2.425,
      0.9575,
      2.4825,
      1.015,
      2.54,
      1.0725,
      2.595,
      1.1275,
      2.6525,
      1.185,
      2.7075,
      1.24,
      2.765,
      1.2975,
      2.8225,
      1.355,
      2.8775,
      1.41,
      2.935,
      1.4675
    ],
    "SpacingBetweenSlices": 3,
    "TaskName": "rest",
    "TotalReadoutTime": 0.0315,
    "dataset": "ds002843",
    "modality": "bold",
    "session_id": "scan1",
    "subject_id": "dmp0034",
    "task_id": "rest"
  },
  "dummy_trs": 0,
  "dvars_nstd": 19.961458230188686,
  "dvars_std": 1.0957455056603773,
  "dvars_vstd": 0.9693161338364781,
  "efc": 0.5351336981117871,
  "fber": 398.72119140625,
  "fd_mean": 0.07259868457315469,
  "fd_num": 11,
  "fd_perc": 6.875,
  "fwhm_avg": 3.2229477777777777,
  "fwhm_x": 3.11843,
  "fwhm_y": 3.0293799999999997,
  "fwhm_z": 3.5210333333333335,
  "gcor": 0.0484771,
  "gsr_x": 0.0077498359605669975,
  "gsr_y": 0.0727943629026413,
  "provenance": {
    "md5sum": "0832fc8b37312c1ad913581198573acc",
    "settings": {
      "fd_thres": 0.2,
      "testing": false
    },
    "software": "mriqc",
    "version": "21.0.0rc2",
    "webapi_port": null,
    "webapi_url": "https://mriqc.nimh.nih.gov/api/v1"
  },
  "size_t": 160,
  "size_x": 64,
  "size_y": 64,
  "size_z": 53,
  "snr": 2.3291690686220465,
  "spacing_tr": 3.0,
  "spacing_x": 3.0,
  "spacing_y": 3.0,
  "spacing_z": 3.0,
  "summary_bg_k": 33.378344128952456,
  "summary_bg_mad": 13.834533648133986,
  "summary_bg_mean": 74.63874816894531,
  "summary_bg_median": 36.04375076293945,
  "summary_bg_n": 138765.0,
  "summary_bg_p05": 26.043750762939453,
  "summary_bg_p95": 258.5862487792968,
  "summary_bg_stdv": 104.87065887451172,
  "summary_fg_k": 1.9960133413917145,
  "summary_fg_mad": 244.82392139825996,
  "summary_fg_mean": 806.7791137695312,
  "summary_fg_median": 725.0812377929688,
  "summary_fg_n": 37547.0,
  "summary_fg_p05": 453.7431396484375,
  "summary_fg_p95": 1445.0587402343747,
  "summary_fg_stdv": 311.300537109375,
  "tsnr": 73.35671575507149
}