{
  "aor": 0.02097701923076923,
  "aqi": 0.02335523644230769,
  "bids_meta": {
    "BandwidthPerPixelPhaseEncode": 31.25,
    "EchoTime": 0.025,
    "EffectiveEchoSpacing": 0.0005,
    "FlipAngle": 75,
    "ImageType": [
      "ORIGINAL",
      "PRIMARY",
      "M",
      "ND",
      "MOSAIC"
    ],
    "MagneticFieldStrength": 3,
    "Manufacturer": "Siemens",
    "ManufacturersModelName": "TrioTim",
    "Modality": "MR",
    "PhaseEncodingDirection": "j-",
    "PixelBandwidth": 3005,
    "RepetitionTime": 3,
    "ScanningSequence": "EP",
    "SequenceVariant": "SK",
    "SliceThickness": 3,
    "SliceTiming": [
      0,
      1.5225,
      0.055,
      1.58,
      0.1125,
      1.6375,
      0.17,
      1.6925,
      0.225,
      1.75,
      0.2825,
      1.805,
      0.3375,
      1.8625,
      0.395,
      1.92,
      0.45,
      1.975,
      0.5075,
      2.0325,
      0.565,
      2.0875,
      0.62,
      2.145,
      0.6775,
      2.2,
      0.7325,
      2.2575,
      0.79,
      2.315,
      0.8475,
      2.37,
      0.9025,
      2.4275,
      0.96,
      2.4825,
      1.015,
      2.54,
      1.0725,
      2.595,
      1.1275,
      2.6525,
      1.185,
      2.71,
      1.2425,
      2.765,
      1.2975,
      2.8225,
      1.355,
      2.8775,
      1.41,
      2.935,
      1.4675
    ],
    "SpacingBetweenSlices": 3,
    "TaskName": "intertemporal choice task",
    "TotalReadoutTime": 0.0315,
    "dataset": "ds002843",
    "modality": "bold",
    "run_id": 3,
    "session_id": "scan1",
    "subject_id": "dmp0034",
    "task_id": "itc"
  },
  "dummy_trs": 0,
  "dvars_nstd": 72.16202130339803,
  "dvars_std": 1.1393952168932036,
  "dvars_vstd": 1.0048522187378632,
  "efc": 0.5384087416071347,
  "fber": 375.1705017089844,
  "fd_mean": 1.5226217263450816,
  "fd_num": 78,
  "fd_perc": 75.0,
  "fwhm_avg": 3.2663999999999995,
  "fwhm_x": 3.1146833333333332,
  "fwhm_y": 3.1127833333333332,
  "fwhm_z": 3.571733333333333,
  "gcor": 0.111329,
  "gsr_x": 0.009470256976783276,
  "gsr_y": 0.06943637132644653,
  "provenance": {
    "md5sum": "a657a68252608a32466ee35419ef076e",
    "settings": {
      "fd_thres": 0.2,
      "testing": false
    },
    "software": "mriqc",
    "version": "21.0.0rc2",
    "webapi_port": null,
    "webapi_url": "https://mriqc.nimh.nih.gov/api/v1"
  },
  "size_t": 104,
  "size_x": 64,
  "size_y": 64,
  "size_z": 53,
  "snr": 2.480336310107582,
  "spacing_tr": 3.0,
  "spacing_x": 3.0,
  "spacing_y": 3.0,
  "spacing_z": 3.0,
  "summary_bg_k": 23.821061070283967,
  "summary_bg_mad": 17.249505928111873,
  "summary_bg_mean": 74.87356567382812,
  "summary_bg_median": 37.95192337036133,
  "summary_bg_n": 139015.0,
  "summary_bg_p05": 21.673078536987305,
  "summary_bg_p95": 257.8740386962887,
  "summary_bg_stdv": 99.5750503540039,
  "summary_fg_k": 1.7628120920204076,
  "summary_fg_mad": 238.21419765275797,
  "summary_fg_mean": 803.9208984375,
  "summary_fg_median": 732.0385131835938,
  "summary_fg_n": 37325.0,
  "summary_fg_p05": 460.43463134765625,
  "summary_fg_p95": 1404.557788085937,
  "summary_fg_stdv": 295.1328430175781,
  "tsnr": 19.53943117777817
}