{
  "aor": 0.0023046875,
  "aqi": 0.008494533374999998,
  "bids_meta": {
    "BandwidthPerPixelPhaseEncode": 31.25,
    "EchoTime": 0.025,
    "EffectiveEchoSpacing": 0.0005,
    "FlipAngle": 75,
    "ImageType": [
      "ORIGINAL",
      "PRIMARY",
      "M",
      "ND",
      "MOSAIC"
    ],
    "MagneticFieldStrength": 3,
    "Manufacturer": "Siemens",
    "ManufacturersModelName": "TrioTim",
    "Modality": "MR",
    "PhaseEncodingDirection": "j-",
    "PixelBandwidth": 3005,
    "RepetitionTime": 3,
    "ScanningSequence": "EP",
    "SequenceVariant": "SK",
    "SliceThickness": 3,
    "SliceTiming": [
      0,
      1.5225,
      0.055,
      1.58,
      0.1125,
      1.635,
      0.1675,
      1.6925,
      0.225,
      1.75,
      0.2825,
      1.805,
      0.3375,
      1.8625,
      0.395,
      1.9175,
      0.45,
      1.975,
      0.5075,
      2.03,
      0.5625,
      2.0875,
      0.62,
      2.145,
      0.6775,
      2.2,
      0.7325,
      2.2575,
      0.79,
      2.3125,
      0.845,
      2.37,
      0.9025,
      2.425,
      0.9575,
      2.4825,
      1.015,
      2.54,
      1.0725,
      2.595,
      1.1275,
      2.6525,
      1.185,
      2.7075,
      1.24,
      2.765,
      1.2975,
      2.8225,
      1.355,
      2.8775,
      1.41,
      2.935,
      1.4675
    ],
    "SpacingBetweenSlices": 3,
    "TaskName": "rest",
    "TotalReadoutTime": 0.0315,
    "dataset": "ds002843",
    "modality": "bold",
    "session_id": "scan1",
    "subject_id": "dmp0148",
    "task_id": "rest"
  },
  "dummy_trs": 0,
  "dvars_nstd": 21.361924489308183,
  "dvars_std": 0.9708688793710696,
  "dvars_vstd": 0.8939886920754719,
  "efc": 0.610811325507145,
  "fber": 200.90135192871094,
  "fd_mean": 0.09020133690058305,
  "fd_num": 12,
  "fd_perc": 7.5,
  "fwhm_avg": 2.950759837698243,
  "fwhm_x": 2.7255933333333338,
  "fwhm_y": 2.7422864487293204,
  "fwhm_z": 3.384399731032075,
  "gcor": 0.0291709,
  "gsr_x": -0.013809096068143845,
  "gsr_y": 0.10348186641931534,
  "provenance": {
    "md5sum": "ba444969906c25fa651e5645f1971835",
    "settings": {
      "fd_thres": 0.2,
      "testing": false
    },
    "software": "mriqc",
    "version": "21.0.0rc2",
    "webapi_port": null,
    "webapi_url": "https://mriqc.nimh.nih.gov/api/v1"
  },
  "size_t": 160,
  "size_x": 64,
  "size_y": 64,
  "size_z": 53,
  "snr": 2.3297885975665755,
  "spacing_tr": 3.0,
  "spacing_x": 3.0,
  "spacing_y": 3.000000238418579,
  "spacing_z": 3.000000238418579,
  "summary_bg_k": 11.185556962275632,
  "summary_bg_mad": 22.90620257920796,
  "summary_bg_mean": 108.3394775390625,
  "summary_bg_median": 44.96875,
  "summary_bg_n": 126736.0,
  "summary_bg_p05": 28.075000762939453,
  "summary_bg_p95": 405.93282318115234,
  "summary_bg_stdv": 142.8703155517578,
  "summary_fg_k": 4.0416552603030445,
  "summary_fg_mad": 209.9039969714344,
  "summary_fg_mean": 724.4259033203125,
  "summary_fg_median": 654.6031494140625,
  "summary_fg_n": 44530.0,
  "summary_fg_p05": 416.75281524658203,
  "summary_fg_p95": 1288.7297119140624,
  "summary_fg_stdv": 280.9678955078125,
  "tsnr": 52.08482292154804
}