{
  "bids_meta": {
    "EchoTime": 0.00311,
    "FlipAngle": 15,
    "ImageType": [
      "ORIGINAL",
      "PRIMARY",
      "M",
      "ND",
      "NORM"
    ],
    "InversionTime": 1.1,
    "MagneticFieldStrength": 3,
    "Manufacturer": "Siemens",
    "ManufacturersModelName": "TrioTim",
    "Modality": "MR",
    "RepetitionTime": 1.63,
    "ScanningSequence": "GR_IR",
    "SequenceVariant": "SP_MP",
    "SliceThickness": 1,
    "dataset": "ds002843",
    "modality": "T1w",
    "session_id": "scan1",
    "subject_id": "dmp0492"
  },
  "cjv": 0.5850651790391317,
  "cnr": 2.2602094703699276,
  "efc": 0.5436669339780521,
  "fber": 14308.54296875,
  "fwhm_avg": 3.5457286666666668,
  "fwhm_x": 3.466218666666667,
  "fwhm_y": 3.919157333333333,
  "fwhm_z": 3.25181,
  "icvs_csf": 0.20859159774183872,
  "icvs_gm": 0.41002666217776296,
  "icvs_wm": 0.3813817400803984,
  "inu_med": 1.1711466312408447,
  "inu_range": 0.29688163101673115,
  "provenance": {
    "md5sum": "8b5185cc03956a59aca3aa1dfdb806f5",
    "settings": {
      "testing": false
    },
    "software": "mriqc",
    "version": "21.0.0rc2",
    "warnings": {
      "large_rot_frame": true,
      "small_air_mask": false
    },
    "webapi_port": null,
    "webapi_url": "https://mriqc.nimh.nih.gov/api/v1"
  },
  "qi_1": 5.1757732119949984e-05,
  "qi_2": 0.0038588564025684603,
  "rpve_csf": 18.075612803730937,
  "rpve_gm": 9.278060040062083,
  "rpve_wm": 11.874997517442829,
  "size_x": 192,
  "size_y": 256,
  "size_z": 160,
  "snr_csf": 3.091192913439823,
  "snr_gm": 12.697717384103077,
  "snr_total": 13.144402571949657,
  "snr_wm": 23.64429741830607,
  "snrd_csf": 42.229544750509135,
  "snrd_gm": 90.11615174479141,
  "snrd_total": 80.57952025847845,
  "snrd_wm": 109.3928642801348,
  "spacing_x": 0.9375,
  "spacing_y": 0.9375,
  "spacing_z": 1.0,
  "summary_bg_k": 16.53201199704708,
  "summary_bg_mad": 5.989022913413114,
  "summary_bg_mean": 8.197709083557129,
  "summary_bg_median": 6.067466735839844,
  "summary_bg_n": 2571812.0,
  "summary_bg_p05": 0.0,
  "summary_bg_p95": 24.830104923248243,
  "summary_bg_stdv": 8.997797012329102,
  "summary_csf_k": 58.10002593470839,
  "summary_csf_mad": 82.9443955776295,
  "summary_csf_mean": 409.1591491699219,
  "summary_csf_median": 386.04742431640625,
  "summary_csf_n": 33038.0,
  "summary_csf_p05": 273.5910705566406,
  "summary_csf_p95": 616.3764404296874,
  "summary_csf_stdv": 124.88433837890625,
  "summary_gm_k": 0.15944539427657434,
  "summary_gm_mad": 63.66294288226487,
  "summary_gm_mean": 825.5543212890625,
  "summary_gm_median": 823.8096923828125,
  "summary_gm_n": 17689.0,
  "summary_gm_p05": 722.0095458984375,
  "summary_gm_p95": 935.2789184570311,
  "summary_gm_stdv": 64.8767318725586,
  "summary_wm_k": 1.1785403871208473,
  "summary_wm_mad": 39.43772576105417,
  "summary_wm_mean": 1004.3856201171875,
  "summary_wm_median": 1000.030517578125,
  "summary_wm_n": 170143.0,
  "summary_wm_p05": 944.3357971191406,
  "summary_wm_p95": 1079.3864868164062,
  "summary_wm_stdv": 42.29466247558594,
  "tpm_overlap_csf": 0.17937231063842773,
  "tpm_overlap_gm": 0.4474216103553772,
  "tpm_overlap_wm": 0.4852173626422882,
  "wm2max": 0.4652961041541562
}