{
  "aor": 0.005602115384615385,
  "aqi": 0.0032592459615384613,
  "bids_meta": {
    "BandwidthPerPixelPhaseEncode": 31.25,
    "EchoTime": 0.025,
    "EffectiveEchoSpacing": 0.0005,
    "FlipAngle": 75,
    "ImageType": [
      "ORIGINAL",
      "PRIMARY",
      "M",
      "ND",
      "MOSAIC"
    ],
    "MagneticFieldStrength": 3,
    "Manufacturer": "Siemens",
    "ManufacturersModelName": "TrioTim",
    "Modality": "MR",
    "PhaseEncodingDirection": "j-",
    "PixelBandwidth": 3005,
    "RepetitionTime": 3,
    "ScanningSequence": "EP",
    "SequenceVariant": "SK",
    "SliceThickness": 3,
    "SliceTiming": [
      0,
      1.5225,
      0.055,
      1.58,
      0.1125,
      1.6375,
      0.17,
      1.6925,
      0.225,
      1.75,
      0.2825,
      1.805,
      0.3375,
      1.8625,
      0.395,
      1.92,
      0.45,
      1.975,
      0.5075,
      2.0325,
      0.565,
      2.0875,
      0.62,
      2.145,
      0.6775,
      2.2,
      0.7325,
      2.2575,
      0.79,
      2.315,
      0.8475,
      2.37,
      0.9025,
      2.4275,
      0.96,
      2.4825,
      1.015,
      2.54,
      1.0725,
      2.595,
      1.1275,
      2.6525,
      1.185,
      2.71,
      1.2425,
      2.765,
      1.2975,
      2.8225,
      1.355,
      2.8775,
      1.41,
      2.935,
      1.4675
    ],
    "SpacingBetweenSlices": 3,
    "TaskName": "risk choice task",
    "TotalReadoutTime": 0.0315,
    "dataset": "ds002843",
    "modality": "bold",
    "run_id": 3,
    "session_id": "scan1",
    "subject_id": "dmp0928",
    "task_id": "risk"
  },
  "dummy_trs": 0,
  "dvars_nstd": 25.489713853106807,
  "dvars_std": 1.2386838842718444,
  "dvars_vstd": 1.0290422640776702,
  "efc": 0.5480351171261602,
  "fber": 531.8156127929688,
  "fd_mean": 0.1416757847915932,
  "fd_num": 18,
  "fd_perc": 17.307692307692307,
  "fwhm_avg": 2.430323465526998,
  "fwhm_x": 2.3008266666666666,
  "fwhm_y": 2.4544468617285777,
  "fwhm_z": 2.5356968681857484,
  "gcor": 0.0302759,
  "gsr_x": -0.007449075113981962,
  "gsr_y": 0.06216849759221077,
  "provenance": {
    "md5sum": "49cc11f0adb82bee9af7b0af2f6f56f4",
    "settings": {
      "fd_thres": 0.2,
      "testing": false
    },
    "software": "mriqc",
    "version": "21.0.0rc2",
    "webapi_port": null,
    "webapi_url": "https://mriqc.nimh.nih.gov/api/v1"
  },
  "size_t": 104,
  "size_x": 64,
  "size_y": 64,
  "size_z": 53,
  "snr": 3.0499895536167454,
  "spacing_tr": 3.0,
  "spacing_x": 3.0,
  "spacing_y": 2.999999761581421,
  "spacing_z": 2.999999761581421,
  "summary_bg_k": 26.924394188808602,
  "summary_bg_mad": 6.20127063491974,
  "summary_bg_mean": 56.26128005981445,
  "summary_bg_median": 30.182693481445312,
  "summary_bg_n": 131354.0,
  "summary_bg_p05": 25.56730842590332,
  "summary_bg_p95": 189.7254920959467,
  "summary_bg_stdv": 71.23904418945312,
  "summary_fg_k": 2.8374431129971125,
  "summary_fg_mad": 195.62508251422778,
  "summary_fg_mean": 741.659912109375,
  "summary_fg_median": 697.235595703125,
  "summary_fg_n": 43514.0,
  "summary_fg_p05": 458.66636657714844,
  "summary_fg_p95": 1171.6322692871092,
  "summary_fg_stdv": 228.59999084472656,
  "tsnr": 72.93202814739197
}