{
  "aor": 0.008375961538461539,
  "aqi": 0.0032202633653846155,
  "bids_meta": {
    "BandwidthPerPixelPhaseEncode": 31.25,
    "EchoTime": 0.025,
    "EffectiveEchoSpacing": 0.0005,
    "FlipAngle": 75,
    "ImageType": [
      "ORIGINAL",
      "PRIMARY",
      "M",
      "ND",
      "MOSAIC"
    ],
    "MagneticFieldStrength": 3,
    "Manufacturer": "Siemens",
    "ManufacturersModelName": "TrioTim",
    "Modality": "MR",
    "PhaseEncodingDirection": "j-",
    "PixelBandwidth": 3005,
    "RepetitionTime": 3,
    "ScanningSequence": "EP",
    "SequenceVariant": "SK",
    "SliceThickness": 3,
    "SliceTiming": [
      0,
      1.5225,
      0.055,
      1.58,
      0.1125,
      1.6375,
      0.17,
      1.6925,
      0.225,
      1.75,
      0.2825,
      1.805,
      0.3375,
      1.8625,
      0.395,
      1.92,
      0.45,
      1.975,
      0.5075,
      2.0325,
      0.565,
      2.0875,
      0.62,
      2.145,
      0.6775,
      2.2,
      0.7325,
      2.2575,
      0.79,
      2.315,
      0.8475,
      2.37,
      0.9025,
      2.4275,
      0.96,
      2.4825,
      1.015,
      2.54,
      1.0725,
      2.595,
      1.1275,
      2.6525,
      1.185,
      2.71,
      1.2425,
      2.765,
      1.2975,
      2.8225,
      1.355,
      2.8775,
      1.41,
      2.935,
      1.4675
    ],
    "SpacingBetweenSlices": 3,
    "TaskName": "intertemporal choice task",
    "TotalReadoutTime": 0.0315,
    "dataset": "ds002843",
    "modality": "bold",
    "run_id": 4,
    "session_id": "scan1",
    "subject_id": "dmp0928",
    "task_id": "itc"
  },
  "dummy_trs": 0,
  "dvars_nstd": 23.898493368737874,
  "dvars_std": 1.2503392514563105,
  "dvars_vstd": 1.0383182716504855,
  "efc": 0.5480293177965068,
  "fber": 526.18701171875,
  "fd_mean": 0.09630466521535018,
  "fd_num": 6,
  "fd_perc": 5.769230769230769,
  "fwhm_avg": 2.4370956877239647,
  "fwhm_x": 2.3220966666666665,
  "fwhm_y": 2.4557035284951154,
  "fwhm_z": 2.533486868010113,
  "gcor": 0.021485,
  "gsr_x": -0.007461318746209145,
  "gsr_y": 0.06410543620586395,
  "provenance": {
    "md5sum": "81d242460587c7c011589db86fd9522e",
    "settings": {
      "fd_thres": 0.2,
      "testing": false
    },
    "software": "mriqc",
    "version": "21.0.0rc2",
    "webapi_port": null,
    "webapi_url": "https://mriqc.nimh.nih.gov/api/v1"
  },
  "size_t": 104,
  "size_x": 64,
  "size_y": 64,
  "size_z": 53,
  "snr": 3.030726327982201,
  "spacing_tr": 3.0,
  "spacing_x": 3.0,
  "spacing_y": 2.999999761581421,
  "spacing_z": 2.999999761581421,
  "summary_bg_k": 26.818549895067314,
  "summary_bg_mad": 6.671709983275209,
  "summary_bg_mean": 56.604331970214844,
  "summary_bg_median": 30.326923370361328,
  "summary_bg_n": 131316.0,
  "summary_bg_p05": 24.932693481445312,
  "summary_bg_p95": 191.1947250366211,
  "summary_bg_stdv": 71.34410095214844,
  "summary_fg_k": 2.9808025369441236,
  "summary_fg_mad": 196.5873170534416,
  "summary_fg_mean": 743.5768432617188,
  "summary_fg_median": 698.1538696289062,
  "summary_fg_n": 43603.0,
  "summary_fg_p05": 459.32981872558594,
  "summary_fg_p95": 1176.4308105468751,
  "summary_fg_stdv": 230.35595703125,
  "tsnr": 76.19666748214513
}