{
  "aor": 0.0043113125,
  "aqi": 0.005381252125,
  "bids_meta": {
    "BandwidthPerPixelPhaseEncode": 31.25,
    "EchoTime": 0.025,
    "EffectiveEchoSpacing": 0.0005,
    "FlipAngle": 75,
    "ImageType": [
      "ORIGINAL",
      "PRIMARY",
      "M",
      "ND",
      "MOSAIC"
    ],
    "MagneticFieldStrength": 3,
    "Manufacturer": "Siemens",
    "ManufacturersModelName": "TrioTim",
    "Modality": "MR",
    "PhaseEncodingDirection": "j-",
    "PixelBandwidth": 3005,
    "RepetitionTime": 3,
    "ScanningSequence": "EP",
    "SequenceVariant": "SK",
    "SliceThickness": 3,
    "SliceTiming": [
      0,
      1.5225,
      0.055,
      1.58,
      0.1125,
      1.635,
      0.1675,
      1.6925,
      0.225,
      1.75,
      0.2825,
      1.805,
      0.3375,
      1.8625,
      0.395,
      1.9175,
      0.45,
      1.975,
      0.5075,
      2.03,
      0.5625,
      2.0875,
      0.62,
      2.145,
      0.6775,
      2.2,
      0.7325,
      2.2575,
      0.79,
      2.3125,
      0.845,
      2.37,
      0.9025,
      2.425,
      0.9575,
      2.4825,
      1.015,
      2.54,
      1.0725,
      2.595,
      1.1275,
      2.6525,
      1.185,
      2.7075,
      1.24,
      2.765,
      1.2975,
      2.8225,
      1.355,
      2.8775,
      1.41,
      2.935,
      1.4675
    ],
    "SpacingBetweenSlices": 3,
    "TaskName": "rest",
    "TotalReadoutTime": 0.0315,
    "dataset": "ds002843",
    "modality": "bold",
    "session_id": "scan1",
    "subject_id": "dmp0928",
    "task_id": "rest"
  },
  "dummy_trs": 0,
  "dvars_nstd": 27.246206523333328,
  "dvars_std": 1.157301754528302,
  "dvars_vstd": 0.9655732000000005,
  "efc": 0.5467641258052179,
  "fber": 538.4969482421875,
  "fd_mean": 0.1796321974719768,
  "fd_num": 51,
  "fd_perc": 31.875,
  "fwhm_avg": 2.430889021056857,
  "fwhm_x": 2.3034933333333334,
  "fwhm_y": 2.445570194356457,
  "fwhm_z": 2.54360353548078,
  "gcor": 0.0468041,
  "gsr_x": -0.008095134980976582,
  "gsr_y": 0.05912239849567413,
  "provenance": {
    "md5sum": "fbca0c62acbfbb95ba0cf099834c4133",
    "settings": {
      "fd_thres": 0.2,
      "testing": false
    },
    "software": "mriqc",
    "version": "21.0.0rc2",
    "webapi_port": null,
    "webapi_url": "https://mriqc.nimh.nih.gov/api/v1"
  },
  "size_t": 160,
  "size_x": 64,
  "size_y": 64,
  "size_z": 53,
  "snr": 3.121903050434959,
  "spacing_tr": 3.0,
  "spacing_x": 3.0,
  "spacing_y": 2.999999761581421,
  "spacing_z": 2.999999761581421,
  "summary_bg_k": 67.51949368194086,
  "summary_bg_mad": 6.0045378538119625,
  "summary_bg_mean": 54.89006423950195,
  "summary_bg_median": 29.743749618530273,
  "summary_bg_n": 131306.0,
  "summary_bg_p05": 25.09375,
  "summary_bg_p95": 177.62969207763672,
  "summary_bg_stdv": 76.61164855957031,
  "summary_fg_k": 2.416682820342559,
  "summary_fg_mad": 192.8262907651946,
  "summary_fg_mean": 733.8877563476562,
  "summary_fg_median": 691.909423828125,
  "summary_fg_n": 43558.0,
  "summary_fg_p05": 455.5265625,
  "summary_fg_p95": 1149.6447326660157,
  "summary_fg_stdv": 221.62811279296875,
  "tsnr": 61.31288839969784
}