{
  "aor": 0.001125886075949367,
  "aqi": 0.0034383640506329117,
  "bids_meta": {
    "BandwidthPerPixelPhaseEncode": 31.25,
    "EchoTime": 0.025,
    "EffectiveEchoSpacing": 0.0005,
    "FlipAngle": 75,
    "ImageType": [
      "ORIGINAL",
      "PRIMARY",
      "M",
      "ND",
      "MOSAIC"
    ],
    "MagneticFieldStrength": 3,
    "Manufacturer": "Siemens",
    "ManufacturersModelName": "TrioTim",
    "Modality": "MR",
    "PhaseEncodingDirection": "j-",
    "PixelBandwidth": 3005,
    "RepetitionTime": 3,
    "ScanningSequence": "EP",
    "SequenceVariant": "SK",
    "SliceThickness": 3,
    "SliceTiming": [
      0,
      1.5225,
      0.055,
      1.58,
      0.1125,
      1.635,
      0.1675,
      1.6925,
      0.225,
      1.75,
      0.2825,
      1.805,
      0.3375,
      1.8625,
      0.395,
      1.9175,
      0.45,
      1.975,
      0.5075,
      2.03,
      0.5625,
      2.0875,
      0.62,
      2.145,
      0.6775,
      2.2,
      0.7325,
      2.2575,
      0.79,
      2.3125,
      0.845,
      2.37,
      0.9025,
      2.425,
      0.9575,
      2.4825,
      1.015,
      2.54,
      1.0725,
      2.595,
      1.1275,
      2.6525,
      1.185,
      2.7075,
      1.24,
      2.765,
      1.2975,
      2.8225,
      1.355,
      2.8775,
      1.41,
      2.935,
      1.4675
    ],
    "SpacingBetweenSlices": 3,
    "TaskName": "rest",
    "TotalReadoutTime": 0.0315,
    "dataset": "ds002843",
    "modality": "bold",
    "session_id": "scan1",
    "subject_id": "dmp1057",
    "task_id": "rest"
  },
  "dummy_trs": 2,
  "dvars_nstd": 22.052640781656034,
  "dvars_std": 1.1725681719745225,
  "dvars_vstd": 0.9799779845222932,
  "efc": 0.58661724710952,
  "fber": 275.380126953125,
  "fd_mean": 0.05708971628247806,
  "fd_num": 3,
  "fd_perc": 1.8987341772151898,
  "fwhm_avg": 2.550284306751898,
  "fwhm_x": 2.453133333333333,
  "fwhm_y": 2.5115531337330235,
  "fwhm_z": 2.6861664531893372,
  "gcor": 0.010116,
  "gsr_x": 0.01112229935824871,
  "gsr_y": 0.05458275228738785,
  "provenance": {
    "md5sum": "1904a130583f095656cf26f4ec0ab08a",
    "settings": {
      "fd_thres": 0.2,
      "testing": false
    },
    "software": "mriqc",
    "version": "21.0.0rc2",
    "webapi_port": null,
    "webapi_url": "https://mriqc.nimh.nih.gov/api/v1"
  },
  "size_t": 158,
  "size_x": 64,
  "size_y": 64,
  "size_z": 53,
  "snr": 2.65928630827601,
  "spacing_tr": 3.0,
  "spacing_x": 3.0,
  "spacing_y": 3.000000238418579,
  "spacing_z": 3.000000238418579,
  "summary_bg_k": 27.252617091501463,
  "summary_bg_mad": 19.789926482499748,
  "summary_bg_mean": 76.63134765625,
  "summary_bg_median": 40.936710357666016,
  "summary_bg_n": 125495.0,
  "summary_bg_p05": 25.892406463623047,
  "summary_bg_p95": 255.32406158447236,
  "summary_bg_stdv": 90.39614868164062,
  "summary_fg_k": 2.650292962632527,
  "summary_fg_mad": 211.5053684411478,
  "summary_fg_mean": 743.1353759765625,
  "summary_fg_median": 685.2278442382812,
  "summary_fg_n": 47905.0,
  "summary_fg_p05": 439.0430419921875,
  "summary_fg_p95": 1248.0784912109375,
  "summary_fg_stdv": 257.6708984375,
  "tsnr": 70.79896923154593
}