{
  "aor": 0.006065288461538461,
  "aqi": 0.003352210865384615,
  "bids_meta": {
    "BandwidthPerPixelPhaseEncode": 31.25,
    "EchoTime": 0.025,
    "EffectiveEchoSpacing": 0.0005,
    "FlipAngle": 75,
    "ImageType": [
      "ORIGINAL",
      "PRIMARY",
      "M",
      "ND",
      "MOSAIC"
    ],
    "MagneticFieldStrength": 3,
    "Manufacturer": "Siemens",
    "ManufacturersModelName": "TrioTim",
    "Modality": "MR",
    "PhaseEncodingDirection": "j-",
    "PixelBandwidth": 3005,
    "RepetitionTime": 3,
    "ScanningSequence": "EP",
    "SequenceVariant": "SK",
    "SliceThickness": 3,
    "SliceTiming": [
      0,
      1.5225,
      0.055,
      1.58,
      0.1125,
      1.6375,
      0.17,
      1.6925,
      0.225,
      1.75,
      0.2825,
      1.805,
      0.3375,
      1.8625,
      0.395,
      1.92,
      0.45,
      1.975,
      0.5075,
      2.0325,
      0.565,
      2.0875,
      0.62,
      2.145,
      0.6775,
      2.2,
      0.7325,
      2.2575,
      0.79,
      2.315,
      0.8475,
      2.37,
      0.9025,
      2.4275,
      0.96,
      2.4825,
      1.015,
      2.54,
      1.0725,
      2.595,
      1.1275,
      2.6525,
      1.185,
      2.71,
      1.2425,
      2.765,
      1.2975,
      2.8225,
      1.355,
      2.8775,
      1.41,
      2.935,
      1.4675
    ],
    "SpacingBetweenSlices": 3,
    "TaskName": "risk choice task",
    "TotalReadoutTime": 0.0315,
    "dataset": "ds002843",
    "modality": "bold",
    "run_id": 4,
    "session_id": "scan2",
    "subject_id": "dmp0813",
    "task_id": "risk"
  },
  "dummy_trs": 0,
  "dvars_nstd": 22.177135485631066,
  "dvars_std": 1.1442863761165052,
  "dvars_vstd": 0.9910788318446598,
  "efc": 0.5784330710626004,
  "fber": 344.9316711425781,
  "fd_mean": 0.0803724995549401,
  "fd_num": 11,
  "fd_perc": 10.576923076923077,
  "fwhm_avg": 2.507209026175969,
  "fwhm_x": 2.3392133333333334,
  "fwhm_y": 2.428276859648773,
  "fwhm_z": 2.7541368855458006,
  "gcor": 0.0356121,
  "gsr_x": -0.0074820322915911674,
  "gsr_y": 0.04928614944219589,
  "provenance": {
    "md5sum": "45c8f80ad43f1cc050b74e427b1fafcd",
    "settings": {
      "fd_thres": 0.2,
      "testing": false
    },
    "software": "mriqc",
    "version": "21.0.0rc2",
    "webapi_port": null,
    "webapi_url": "https://mriqc.nimh.nih.gov/api/v1"
  },
  "size_t": 104,
  "size_x": 64,
  "size_y": 64,
  "size_z": 53,
  "snr": 2.8882124379047043,
  "spacing_tr": 3.0,
  "spacing_x": 3.0,
  "spacing_y": 2.999999761581421,
  "spacing_z": 2.999999761581421,
  "summary_bg_k": 41.30994602227733,
  "summary_bg_mad": 11.262073674313148,
  "summary_bg_mean": 72.52359771728516,
  "summary_bg_median": 34.31731033325195,
  "summary_bg_n": 128897.0,
  "summary_bg_p05": 26.163461685180664,
  "summary_bg_p95": 249.72308349609372,
  "summary_bg_stdv": 98.8115234375,
  "summary_fg_k": 2.9240099264481527,
  "summary_fg_mad": 193.5365987555608,
  "summary_fg_mean": 699.7056274414062,
  "summary_fg_median": 650.4615478515625,
  "summary_fg_n": 43540.0,
  "summary_fg_p05": 428.03800201416016,
  "summary_fg_p95": 1123.75,
  "summary_fg_stdv": 225.2099151611328,
  "tsnr": 74.26640650583431
}