{
  "aor": 0.003236153846153846,
  "aqi": 0.0031142253846153847,
  "bids_meta": {
    "BandwidthPerPixelPhaseEncode": 31.25,
    "EchoTime": 0.025,
    "EffectiveEchoSpacing": 0.0005,
    "FlipAngle": 75,
    "ImageType": [
      "ORIGINAL",
      "PRIMARY",
      "M",
      "ND",
      "MOSAIC"
    ],
    "MagneticFieldStrength": 3,
    "Manufacturer": "Siemens",
    "ManufacturersModelName": "TrioTim",
    "Modality": "MR",
    "PhaseEncodingDirection": "j-",
    "PixelBandwidth": 3005,
    "RepetitionTime": 3,
    "ScanningSequence": "EP",
    "SequenceVariant": "SK",
    "SliceThickness": 3,
    "SliceTiming": [
      0,
      1.5225,
      0.055,
      1.58,
      0.1125,
      1.6375,
      0.17,
      1.6925,
      0.225,
      1.75,
      0.2825,
      1.805,
      0.3375,
      1.8625,
      0.395,
      1.92,
      0.45,
      1.975,
      0.5075,
      2.0325,
      0.565,
      2.0875,
      0.62,
      2.145,
      0.6775,
      2.2,
      0.7325,
      2.2575,
      0.79,
      2.315,
      0.8475,
      2.37,
      0.9025,
      2.4275,
      0.96,
      2.4825,
      1.015,
      2.54,
      1.0725,
      2.595,
      1.1275,
      2.6525,
      1.185,
      2.71,
      1.2425,
      2.765,
      1.2975,
      2.8225,
      1.355,
      2.8775,
      1.41,
      2.935,
      1.4675
    ],
    "SpacingBetweenSlices": 3,
    "TaskName": "risk choice task",
    "TotalReadoutTime": 0.0315,
    "dataset": "ds002843",
    "modality": "bold",
    "run_id": 2,
    "session_id": "scan2",
    "subject_id": "dmp0813",
    "task_id": "risk"
  },
  "dummy_trs": 0,
  "dvars_nstd": 22.36079422446602,
  "dvars_std": 1.2243927934951455,
  "dvars_vstd": 1.020456594466019,
  "efc": 0.5752155518003587,
  "fber": 353.9029541015625,
  "fd_mean": 0.07079646904886581,
  "fd_num": 6,
  "fd_perc": 5.769230769230769,
  "fwhm_avg": 2.532069027050259,
  "fwhm_x": 2.3807899999999997,
  "fwhm_y": 2.444250194251553,
  "fwhm_z": 2.771166886899224,
  "gcor": 0.0320194,
  "gsr_x": -0.005359267350286245,
  "gsr_y": 0.047788217663764954,
  "provenance": {
    "md5sum": "69225d691f3089a1ab23df429d2288e2",
    "settings": {
      "fd_thres": 0.2,
      "testing": false
    },
    "software": "mriqc",
    "version": "21.0.0rc2",
    "webapi_port": null,
    "webapi_url": "https://mriqc.nimh.nih.gov/api/v1"
  },
  "size_t": 104,
  "size_x": 64,
  "size_y": 64,
  "size_z": 53,
  "snr": 2.8655942767395723,
  "spacing_tr": 3.0,
  "spacing_x": 3.0,
  "spacing_y": 2.999999761581421,
  "spacing_z": 2.999999761581421,
  "summary_bg_k": 39.684001127972365,
  "summary_bg_mad": 10.649074462597232,
  "summary_bg_mean": 71.45547485351562,
  "summary_bg_median": 33.93269348144531,
  "summary_bg_n": 129410.0,
  "summary_bg_p05": 26.346155166625977,
  "summary_bg_p95": 245.03942871093727,
  "summary_bg_stdv": 97.24546813964844,
  "summary_fg_k": 3.0685304627727934,
  "summary_fg_mad": 193.1944980666533,
  "summary_fg_mean": 700.9866333007812,
  "summary_fg_median": 650.6153564453125,
  "summary_fg_n": 43466.0,
  "summary_fg_p05": 429.12500762939453,
  "summary_fg_p95": 1130.3750305175781,
  "summary_fg_stdv": 227.04116821289062,
  "tsnr": 84.26828488707542
}