{
  "bids_meta": {
    "EchoTime": 0.00311,
    "FlipAngle": 15,
    "ImageType": [
      "ORIGINAL",
      "PRIMARY",
      "M",
      "ND",
      "NORM"
    ],
    "InversionTime": 1.1,
    "MagneticFieldStrength": 3,
    "Manufacturer": "Siemens",
    "ManufacturersModelName": "TrioTim",
    "Modality": "MR",
    "RepetitionTime": 1.63,
    "ScanningSequence": "GR_IR",
    "SequenceVariant": "SP_MP",
    "SliceThickness": 1,
    "dataset": "ds002843",
    "modality": "T1w",
    "session_id": "scan1",
    "subject_id": "dmp0219"
  },
  "cjv": 0.40492936649378275,
  "cnr": 3.2891797941012144,
  "efc": 0.5949161890270037,
  "fber": 6748.68408203125,
  "fwhm_avg": 3.6166124444444443,
  "fwhm_x": 3.4592853333333333,
  "fwhm_y": 4.088512,
  "fwhm_z": 3.30204,
  "icvs_csf": 0.18068533287072483,
  "icvs_gm": 0.420249605802615,
  "icvs_wm": 0.39906506132666014,
  "inu_med": 1.0269429683685303,
  "inu_range": 0.21703845262527466,
  "provenance": {
    "md5sum": "20d8c97ef964b0d33a86097e7a9c913a",
    "settings": {
      "testing": false
    },
    "software": "mriqc",
    "version": "21.0.0rc2",
    "warnings": {
      "large_rot_frame": true,
      "small_air_mask": false
    },
    "webapi_port": null,
    "webapi_url": "https://mriqc.nimh.nih.gov/api/v1"
  },
  "qi_1": 2.6628443438142885e-06,
  "qi_2": 0.0048743339033167086,
  "rpve_csf": 16.985238781211805,
  "rpve_gm": 7.731902600082543,
  "rpve_wm": 9.45665727280813,
  "size_x": 192,
  "size_y": 256,
  "size_z": 160,
  "snr_csf": 3.278279930353961,
  "snr_gm": 15.069960247679704,
  "snr_total": 15.37922412170981,
  "snr_wm": 27.789432187095763,
  "snrd_csf": 55.08887017657806,
  "snrd_gm": 116.83676293916982,
  "snrd_total": 106.67056618763917,
  "snrd_wm": 148.0860654471696,
  "spacing_x": 0.9375,
  "spacing_y": 0.9375,
  "spacing_z": 1.0,
  "summary_bg_k": 8.850606198684995,
  "summary_bg_mad": 4.42410034832372,
  "summary_bg_mean": 8.789115905761719,
  "summary_bg_median": 5.934545040130615,
  "summary_bg_n": 2406754.0,
  "summary_bg_p05": 0.0,
  "summary_bg_p95": 26.385681056976328,
  "summary_bg_stdv": 8.957242012023926,
  "summary_csf_k": 6.0234614205498485,
  "summary_csf_mad": 84.3994433298549,
  "summary_csf_mean": 404.74639892578125,
  "summary_csf_median": 372.01214599609375,
  "summary_csf_n": 38480.0,
  "summary_csf_p05": 273.39107208251954,
  "summary_csf_p95": 618.1487304687499,
  "summary_csf_stdv": 113.47637176513672,
  "summary_gm_k": 0.11638795580071015,
  "summary_gm_mad": 52.13924882593408,
  "summary_gm_mean": 790.0470581054688,
  "summary_gm_median": 788.9923095703125,
  "summary_gm_n": 26082.0,
  "summary_gm_p05": 706.1085723876953,
  "summary_gm_p95": 876.658267211914,
  "summary_gm_stdv": 52.35429763793945,
  "summary_wm_k": 1.027630840764953,
  "summary_wm_mad": 33.31090647960583,
  "summary_wm_mean": 1002.113525390625,
  "summary_wm_median": 1000.0171508789062,
  "summary_wm_n": 248304.0,
  "summary_wm_p05": 947.332894897461,
  "summary_wm_p95": 1064.0429260253907,
  "summary_wm_stdv": 35.98544692993164,
  "tpm_overlap_csf": 0.18181215226650238,
  "tpm_overlap_gm": 0.4488830268383026,
  "tpm_overlap_wm": 0.503017246723175,
  "wm2max": 0.5052015718594922
}