{
  "aor": 0.0038258125000000002,
  "aqi": 0.003807160375,
  "bids_meta": {
    "BandwidthPerPixelPhaseEncode": 31.25,
    "EchoTime": 0.025,
    "EffectiveEchoSpacing": 0.0005,
    "FlipAngle": 75,
    "ImageType": [
      "ORIGINAL",
      "PRIMARY",
      "M",
      "ND",
      "MOSAIC"
    ],
    "MagneticFieldStrength": 3,
    "Manufacturer": "Siemens",
    "ManufacturersModelName": "TrioTim",
    "Modality": "MR",
    "PhaseEncodingDirection": "j-",
    "PixelBandwidth": 3005,
    "RepetitionTime": 3,
    "ScanningSequence": "EP",
    "SequenceVariant": "SK",
    "SliceThickness": 3,
    "SliceTiming": [
      0,
      1.5225,
      0.055,
      1.58,
      0.1125,
      1.635,
      0.1675,
      1.6925,
      0.225,
      1.75,
      0.2825,
      1.805,
      0.3375,
      1.8625,
      0.395,
      1.9175,
      0.45,
      1.975,
      0.5075,
      2.03,
      0.5625,
      2.0875,
      0.62,
      2.145,
      0.6775,
      2.2,
      0.7325,
      2.2575,
      0.79,
      2.3125,
      0.845,
      2.37,
      0.9025,
      2.425,
      0.9575,
      2.4825,
      1.015,
      2.54,
      1.0725,
      2.595,
      1.1275,
      2.6525,
      1.185,
      2.7075,
      1.24,
      2.765,
      1.2975,
      2.8225,
      1.355,
      2.8775,
      1.41,
      2.935,
      1.4675
    ],
    "SpacingBetweenSlices": 3,
    "TaskName": "rest",
    "TotalReadoutTime": 0.0315,
    "dataset": "ds002843",
    "modality": "bold",
    "session_id": "scan2",
    "subject_id": "dmp1221",
    "task_id": "rest"
  },
  "dummy_trs": 0,
  "dvars_nstd": 23.443435483647818,
  "dvars_std": 1.2411340580503136,
  "dvars_vstd": 1.024668713522013,
  "efc": 0.6066584937697793,
  "fber": 252.5147247314453,
  "fd_mean": 0.07169940009995182,
  "fd_num": 8,
  "fd_perc": 5.0,
  "fwhm_avg": 2.8388600000000004,
  "fwhm_x": 2.6000133333333335,
  "fwhm_y": 2.67785,
  "fwhm_z": 3.238716666666667,
  "gcor": 0.0500207,
  "gsr_x": -0.018830277025699615,
  "gsr_y": 0.0899227112531662,
  "provenance": {
    "md5sum": "c45625f08d65b9cb070dc62fc0d66ef7",
    "settings": {
      "fd_thres": 0.2,
      "testing": false
    },
    "software": "mriqc",
    "version": "21.0.0rc2",
    "webapi_port": null,
    "webapi_url": "https://mriqc.nimh.nih.gov/api/v1"
  },
  "size_t": 160,
  "size_x": 64,
  "size_y": 64,
  "size_z": 53,
  "snr": 2.8054449688916074,
  "spacing_tr": 3.0,
  "spacing_x": 3.0,
  "spacing_y": 3.0,
  "spacing_z": 3.0,
  "summary_bg_k": 17.130945302124577,
  "summary_bg_mad": 15.33566669766732,
  "summary_bg_mean": 79.28195190429688,
  "summary_bg_median": 37.60625076293945,
  "summary_bg_n": 124253.0,
  "summary_bg_p05": 26.4375,
  "summary_bg_p95": 281.081243896484,
  "summary_bg_stdv": 97.11680603027344,
  "summary_fg_k": 3.5125355001263925,
  "summary_fg_mad": 178.83891522995276,
  "summary_fg_mean": 666.9562377929688,
  "summary_fg_median": 623.0906372070312,
  "summary_fg_n": 46006.0,
  "summary_fg_p05": 393.67032623291016,
  "summary_fg_p95": 1092.1859130859375,
  "summary_fg_stdv": 222.09805297851562,
  "tsnr": 69.1658747382462
}