{
  "aor": 0.0017642500000000002,
  "aqi": 0.0034142524374999998,
  "bids_meta": {
    "BandwidthPerPixelPhaseEncode": 31.25,
    "EchoTime": 0.025,
    "EffectiveEchoSpacing": 0.0005,
    "FlipAngle": 75,
    "ImageType": [
      "ORIGINAL",
      "PRIMARY",
      "M",
      "ND",
      "MOSAIC"
    ],
    "MagneticFieldStrength": 3,
    "Manufacturer": "Siemens",
    "ManufacturersModelName": "TrioTim",
    "Modality": "MR",
    "PhaseEncodingDirection": "j-",
    "PixelBandwidth": 3005,
    "RepetitionTime": 3,
    "ScanningSequence": "EP",
    "SequenceVariant": "SK",
    "SliceThickness": 3,
    "SliceTiming": [
      0,
      1.5225,
      0.055,
      1.58,
      0.1125,
      1.635,
      0.1675,
      1.6925,
      0.225,
      1.75,
      0.2825,
      1.805,
      0.3375,
      1.8625,
      0.395,
      1.9175,
      0.45,
      1.975,
      0.5075,
      2.03,
      0.5625,
      2.0875,
      0.62,
      2.145,
      0.6775,
      2.2,
      0.7325,
      2.2575,
      0.79,
      2.3125,
      0.845,
      2.37,
      0.9025,
      2.425,
      0.9575,
      2.4825,
      1.015,
      2.54,
      1.0725,
      2.595,
      1.1275,
      2.6525,
      1.185,
      2.7075,
      1.24,
      2.765,
      1.2975,
      2.8225,
      1.355,
      2.8775,
      1.41,
      2.935,
      1.4675
    ],
    "SpacingBetweenSlices": 3,
    "TaskName": "rest",
    "TotalReadoutTime": 0.0315,
    "dataset": "ds002843",
    "modality": "bold",
    "session_id": "scan1",
    "subject_id": "dmp1135",
    "task_id": "rest"
  },
  "dummy_trs": 0,
  "dvars_nstd": 26.653393031823903,
  "dvars_std": 1.1632239945911949,
  "dvars_vstd": 0.9954638974842765,
  "efc": 0.6272540028332328,
  "fber": 169.12452697753906,
  "fd_mean": 0.12386037928018662,
  "fd_num": 22,
  "fd_perc": 13.75,
  "fwhm_avg": 2.7133244444444444,
  "fwhm_x": 2.5472766666666664,
  "fwhm_y": 2.570073333333333,
  "fwhm_z": 3.022623333333333,
  "gcor": 0.0082824,
  "gsr_x": 0.00021718580683227628,
  "gsr_y": 0.0787862092256546,
  "provenance": {
    "md5sum": "6849b6bfef539630c3c081e1c66503ea",
    "settings": {
      "fd_thres": 0.2,
      "testing": false
    },
    "software": "mriqc",
    "version": "21.0.0rc2",
    "webapi_port": null,
    "webapi_url": "https://mriqc.nimh.nih.gov/api/v1"
  },
  "size_t": 160,
  "size_x": 64,
  "size_y": 64,
  "size_z": 53,
  "snr": 2.498404658690491,
  "spacing_tr": 3.0,
  "spacing_x": 3.0,
  "spacing_y": 3.0,
  "spacing_z": 3.0,
  "summary_bg_k": 14.136630516673605,
  "summary_bg_mad": 26.200361080153684,
  "summary_bg_mean": 87.19798278808594,
  "summary_bg_median": 46.959373474121094,
  "summary_bg_n": 114668.0,
  "summary_bg_p05": 28.08125114440918,
  "summary_bg_p95": 288.35312499999964,
  "summary_bg_stdv": 98.84307098388672,
  "summary_fg_k": 3.211649500157236,
  "summary_fg_mad": 213.7124857147355,
  "summary_fg_mean": 693.4946899414062,
  "summary_fg_median": 640.0750122070312,
  "summary_fg_n": 53592.0,
  "summary_fg_p05": 381.02907409667966,
  "summary_fg_p95": 1181.839434814453,
  "summary_fg_stdv": 256.19110107421875,
  "tsnr": 66.27544175286312
}