{
  "bids_meta": {
    "EchoTime": 0.00311,
    "FlipAngle": 15,
    "ImageType": [
      "ORIGINAL",
      "PRIMARY",
      "M",
      "ND",
      "NORM"
    ],
    "InversionTime": 1.1,
    "MagneticFieldStrength": 3,
    "Manufacturer": "Siemens",
    "ManufacturersModelName": "TrioTim",
    "Modality": "MR",
    "RepetitionTime": 1.63,
    "ScanningSequence": "GR_IR",
    "SequenceVariant": "SP_MP",
    "SliceThickness": 1,
    "dataset": "ds002843",
    "modality": "T1w",
    "session_id": "scan2",
    "subject_id": "dmp0267"
  },
  "cjv": 0.4214006175401738,
  "cnr": 3.0953001609940607,
  "efc": 0.6126062765050444,
  "fber": 20597.8359375,
  "fwhm_avg": 3.8380677777777774,
  "fwhm_x": 3.734058666666667,
  "fwhm_y": 4.343754666666666,
  "fwhm_z": 3.43639,
  "icvs_csf": 0.18170272999075576,
  "icvs_gm": 0.40566487715958116,
  "icvs_wm": 0.4126323928496631,
  "inu_med": 1.0698692798614502,
  "inu_range": 0.2808290153741837,
  "provenance": {
    "md5sum": "442e351260a781b852f35e639242763e",
    "settings": {
      "testing": false
    },
    "software": "mriqc",
    "version": "21.0.0rc2",
    "warnings": {
      "large_rot_frame": true,
      "small_air_mask": false
    },
    "webapi_port": null,
    "webapi_url": "https://mriqc.nimh.nih.gov/api/v1"
  },
  "qi_1": 0.005980245610061931,
  "qi_2": 0.005125091673599981,
  "rpve_csf": 16.27825970459189,
  "rpve_gm": 7.57144860053001,
  "rpve_wm": 8.811490508191842,
  "size_x": 192,
  "size_y": 256,
  "size_z": 160,
  "snr_csf": 2.752619557095849,
  "snr_gm": 13.276395292465502,
  "snr_total": 14.095873780611706,
  "snr_wm": 26.25860649227377,
  "snrd_csf": 30.520423249345072,
  "snrd_gm": 67.3072108685815,
  "snrd_total": 61.36334861504591,
  "snrd_wm": 86.26241172721114,
  "spacing_x": 0.9375,
  "spacing_y": 0.9375,
  "spacing_z": 1.0,
  "summary_bg_k": 15.359618030221942,
  "summary_bg_mad": 7.594980431534761,
  "summary_bg_mean": 9.947836875915527,
  "summary_bg_median": 5.12273645401001,
  "summary_bg_n": 2381279.0,
  "summary_bg_p05": 0.0,
  "summary_bg_p95": 30.710371017456055,
  "summary_bg_stdv": 11.646517753601074,
  "summary_csf_k": 12.023666883924376,
  "summary_csf_mad": 75.92920491986135,
  "summary_csf_mean": 397.5142822265625,
  "summary_csf_median": 353.8225402832031,
  "summary_csf_n": 56145.0,
  "summary_csf_p05": 263.70607299804686,
  "summary_csf_p95": 648.6003906249999,
  "summary_csf_stdv": 128.53915405273438,
  "summary_gm_k": 0.20213788533258326,
  "summary_gm_mad": 58.09811707481733,
  "summary_gm_mean": 783.0623779296875,
  "summary_gm_median": 780.2908935546875,
  "summary_gm_n": 21443.0,
  "summary_gm_p05": 691.9370483398437,
  "summary_gm_p95": 884.6461791992188,
  "summary_gm_stdv": 58.771427154541016,
  "summary_wm_k": 1.4547913408776187,
  "summary_wm_mad": 34.50348549801924,
  "summary_wm_mean": 1002.333740234375,
  "summary_wm_median": 1000.0380859375,
  "summary_wm_n": 260404.0,
  "summary_wm_p05": 945.6467102050781,
  "summary_wm_p95": 1067.644970703125,
  "summary_wm_stdv": 38.084129333496094,
  "tpm_overlap_csf": 0.15866442024707794,
  "tpm_overlap_gm": 0.40821725130081177,
  "tpm_overlap_wm": 0.44707876443862915,
  "wm2max": 0.507957817243514
}