{
  "aor": 0.003181826923076923,
  "aqi": 0.004279544326923077,
  "bids_meta": {
    "BandwidthPerPixelPhaseEncode": 31.25,
    "EchoTime": 0.025,
    "EffectiveEchoSpacing": 0.0005,
    "FlipAngle": 75,
    "ImageType": [
      "ORIGINAL",
      "PRIMARY",
      "M",
      "ND",
      "MOSAIC"
    ],
    "MagneticFieldStrength": 3,
    "Manufacturer": "Siemens",
    "ManufacturersModelName": "TrioTim",
    "Modality": "MR",
    "PhaseEncodingDirection": "j-",
    "PixelBandwidth": 3005,
    "RepetitionTime": 3,
    "ScanningSequence": "EP",
    "SequenceVariant": "SK",
    "SliceThickness": 3,
    "SliceTiming": [
      0,
      1.5225,
      0.055,
      1.58,
      0.1125,
      1.6375,
      0.17,
      1.6925,
      0.225,
      1.75,
      0.2825,
      1.805,
      0.3375,
      1.8625,
      0.395,
      1.92,
      0.45,
      1.975,
      0.5075,
      2.0325,
      0.565,
      2.0875,
      0.62,
      2.145,
      0.6775,
      2.2,
      0.7325,
      2.2575,
      0.79,
      2.315,
      0.8475,
      2.37,
      0.9025,
      2.4275,
      0.96,
      2.4825,
      1.015,
      2.54,
      1.0725,
      2.595,
      1.1275,
      2.6525,
      1.185,
      2.71,
      1.2425,
      2.765,
      1.2975,
      2.8225,
      1.355,
      2.8775,
      1.41,
      2.935,
      1.4675
    ],
    "SpacingBetweenSlices": 3,
    "TaskName": "intertemporal choice task",
    "TotalReadoutTime": 0.0315,
    "dataset": "ds002843",
    "modality": "bold",
    "run_id": 3,
    "session_id": "scan1",
    "subject_id": "dmp0760",
    "task_id": "itc"
  },
  "dummy_trs": 0,
  "dvars_nstd": 27.678032625436888,
  "dvars_std": 1.147293382718447,
  "dvars_vstd": 0.996293258932039,
  "efc": 0.599817800664469,
  "fber": 250.15733337402344,
  "fd_mean": 0.1764086304385258,
  "fd_num": 26,
  "fd_perc": 25.0,
  "fwhm_avg": 2.5164722222222227,
  "fwhm_x": 2.2092466666666666,
  "fwhm_y": 2.5113866666666667,
  "fwhm_z": 2.8287833333333334,
  "gcor": 0.0308739,
  "gsr_x": -0.011689803563058376,
  "gsr_y": 0.060711171478033066,
  "provenance": {
    "md5sum": "33a4d451d0c5d6fea387d1ae7dca4699",
    "settings": {
      "fd_thres": 0.2,
      "testing": false
    },
    "software": "mriqc",
    "version": "21.0.0rc2",
    "webapi_port": null,
    "webapi_url": "https://mriqc.nimh.nih.gov/api/v1"
  },
  "size_t": 104,
  "size_x": 64,
  "size_y": 64,
  "size_z": 53,
  "snr": 3.145219085603926,
  "spacing_tr": 3.0,
  "spacing_x": 3.0,
  "spacing_y": 3.0,
  "spacing_z": 3.0,
  "summary_bg_k": 34.50041441151549,
  "summary_bg_mad": 16.322882369385187,
  "summary_bg_mean": 73.10566711425781,
  "summary_bg_median": 37.740386962890625,
  "summary_bg_n": 126658.0,
  "summary_bg_p05": 26.038461685180664,
  "summary_bg_p95": 232.4067382812499,
  "summary_bg_stdv": 86.73643493652344,
  "summary_fg_k": 1.1288496329625044,
  "summary_fg_mad": 176.61503452490885,
  "summary_fg_mean": 653.3360595703125,
  "summary_fg_median": 619.5769653320312,
  "summary_fg_n": 43909.0,
  "summary_fg_p05": 391.5269470214844,
  "summary_fg_p95": 1026.4730712890623,
  "summary_fg_stdv": 196.9878387451172,
  "tsnr": 64.23947988823056
}