{
  "aor": 0.0085150625,
  "aqi": 0.00680647725,
  "bids_meta": {
    "BandwidthPerPixelPhaseEncode": 31.25,
    "EchoTime": 0.025,
    "EffectiveEchoSpacing": 0.0005,
    "FlipAngle": 75,
    "ImageType": [
      "ORIGINAL",
      "PRIMARY",
      "M",
      "ND",
      "MOSAIC"
    ],
    "MagneticFieldStrength": 3,
    "Manufacturer": "Siemens",
    "ManufacturersModelName": "TrioTim",
    "Modality": "MR",
    "PhaseEncodingDirection": "j-",
    "PixelBandwidth": 3005,
    "RepetitionTime": 3,
    "ScanningSequence": "EP",
    "SequenceVariant": "SK",
    "SliceThickness": 3,
    "SliceTiming": [
      0,
      1.5225,
      0.055,
      1.58,
      0.1125,
      1.635,
      0.1675,
      1.6925,
      0.225,
      1.75,
      0.2825,
      1.805,
      0.3375,
      1.8625,
      0.395,
      1.9175,
      0.45,
      1.975,
      0.5075,
      2.03,
      0.5625,
      2.0875,
      0.62,
      2.145,
      0.6775,
      2.2,
      0.7325,
      2.2575,
      0.79,
      2.3125,
      0.845,
      2.37,
      0.9025,
      2.425,
      0.9575,
      2.4825,
      1.015,
      2.54,
      1.0725,
      2.595,
      1.1275,
      2.6525,
      1.185,
      2.7075,
      1.24,
      2.765,
      1.2975,
      2.8225,
      1.355,
      2.8775,
      1.41,
      2.935,
      1.4675
    ],
    "SpacingBetweenSlices": 3,
    "TaskName": "rest",
    "TotalReadoutTime": 0.0315,
    "dataset": "ds002843",
    "modality": "bold",
    "session_id": "scan1",
    "subject_id": "dmp0909",
    "task_id": "rest"
  },
  "dummy_trs": 0,
  "dvars_nstd": 32.48976866993711,
  "dvars_std": 1.2146497756603774,
  "dvars_vstd": 1.0333898416981135,
  "efc": 0.5833684711661318,
  "fber": 280.12261962890625,
  "fd_mean": 0.3249665158044226,
  "fd_num": 114,
  "fd_perc": 71.25,
  "fwhm_avg": 3.0067877777777774,
  "fwhm_x": 2.84566,
  "fwhm_y": 2.9572299999999996,
  "fwhm_z": 3.217473333333333,
  "gcor": 0.0485217,
  "gsr_x": -0.014121548272669315,
  "gsr_y": 0.08552360534667969,
  "provenance": {
    "md5sum": "e5ac81f20571ced162480584216144b1",
    "settings": {
      "fd_thres": 0.2,
      "testing": false
    },
    "software": "mriqc",
    "version": "21.0.0rc2",
    "webapi_port": null,
    "webapi_url": "https://mriqc.nimh.nih.gov/api/v1"
  },
  "size_t": 160,
  "size_x": 64,
  "size_y": 64,
  "size_z": 53,
  "snr": 2.163093958742347,
  "spacing_tr": 3.0,
  "spacing_x": 3.0,
  "spacing_y": 3.0,
  "spacing_z": 3.0,
  "summary_bg_k": 25.291580413429266,
  "summary_bg_mad": 17.9209537506186,
  "summary_bg_mean": 84.73069763183594,
  "summary_bg_median": 42.04375076293945,
  "summary_bg_n": 121622.0,
  "summary_bg_p05": 29.131250381469727,
  "summary_bg_p95": 292.349380493164,
  "summary_bg_stdv": 109.89884948730469,
  "summary_fg_k": 3.3076580935095503,
  "summary_fg_mad": 257.99133664587765,
  "summary_fg_mean": 825.06591796875,
  "summary_fg_median": 740.1812744140625,
  "summary_fg_n": 48733.0,
  "summary_fg_p05": 437.8187561035156,
  "summary_fg_p95": 1512.5200439453126,
  "summary_fg_stdv": 342.182861328125,
  "tsnr": 50.795273654162884
}