{
  "aor": 0.0015482692307692307,
  "aqi": 0.0018151361153846155,
  "bids_meta": {
    "BandwidthPerPixelPhaseEncode": 31.25,
    "EchoTime": 0.025,
    "EffectiveEchoSpacing": 0.0005,
    "FlipAngle": 75,
    "ImageType": [
      "ORIGINAL",
      "PRIMARY",
      "M",
      "ND",
      "MOSAIC"
    ],
    "MagneticFieldStrength": 3,
    "Manufacturer": "Siemens",
    "ManufacturersModelName": "TrioTim",
    "Modality": "MR",
    "PhaseEncodingDirection": "j-",
    "PixelBandwidth": 3005,
    "RepetitionTime": 3,
    "ScanningSequence": "EP",
    "SequenceVariant": "SK",
    "SliceThickness": 3,
    "SliceTiming": [
      0,
      1.5225,
      0.055,
      1.58,
      0.1125,
      1.6375,
      0.17,
      1.6925,
      0.225,
      1.75,
      0.2825,
      1.805,
      0.3375,
      1.8625,
      0.395,
      1.92,
      0.45,
      1.975,
      0.5075,
      2.0325,
      0.565,
      2.0875,
      0.62,
      2.145,
      0.6775,
      2.2,
      0.7325,
      2.2575,
      0.79,
      2.315,
      0.8475,
      2.37,
      0.9025,
      2.4275,
      0.96,
      2.4825,
      1.015,
      2.54,
      1.0725,
      2.595,
      1.1275,
      2.6525,
      1.185,
      2.71,
      1.2425,
      2.765,
      1.2975,
      2.8225,
      1.355,
      2.8775,
      1.41,
      2.935,
      1.4675
    ],
    "SpacingBetweenSlices": 3,
    "TaskName": "risk choice task",
    "TotalReadoutTime": 0.0315,
    "dataset": "ds002843",
    "modality": "bold",
    "run_id": 1,
    "session_id": "scan1",
    "subject_id": "dmp0909",
    "task_id": "risk"
  },
  "dummy_trs": 0,
  "dvars_nstd": 25.11879583902912,
  "dvars_std": 1.223518719902913,
  "dvars_vstd": 1.0084357844660197,
  "efc": 0.5837979200553893,
  "fber": 287.2550354003906,
  "fd_mean": 0.18558172898361744,
  "fd_num": 38,
  "fd_perc": 36.53846153846154,
  "fwhm_avg": 2.9749055555555555,
  "fwhm_x": 2.805816666666667,
  "fwhm_y": 2.9274400000000003,
  "fwhm_z": 3.1914599999999997,
  "gcor": 0.0819481,
  "gsr_x": -0.013374226167798042,
  "gsr_y": 0.0866742953658104,
  "provenance": {
    "md5sum": "6bff493aa5ad54bac5bb3aff69adc1db",
    "settings": {
      "fd_thres": 0.2,
      "testing": false
    },
    "software": "mriqc",
    "version": "21.0.0rc2",
    "webapi_port": null,
    "webapi_url": "https://mriqc.nimh.nih.gov/api/v1"
  },
  "size_t": 104,
  "size_x": 64,
  "size_y": 64,
  "size_z": 53,
  "snr": 2.1911461083476667,
  "spacing_tr": 3.0,
  "spacing_x": 3.0,
  "spacing_y": 3.0,
  "spacing_z": 3.0,
  "summary_bg_k": 24.19497645711133,
  "summary_bg_mad": 17.33504523953532,
  "summary_bg_mean": 83.46404266357422,
  "summary_bg_median": 41.47115707397461,
  "summary_bg_n": 121422.0,
  "summary_bg_p05": 29.01923179626465,
  "summary_bg_p95": 289.56732177734375,
  "summary_bg_stdv": 106.53081512451172,
  "summary_fg_k": 3.2960096147386073,
  "summary_fg_mad": 255.86290117337583,
  "summary_fg_mean": 822.0105590820312,
  "summary_fg_median": 739.0865478515625,
  "summary_fg_n": 48779.0,
  "summary_fg_p05": 439.0711669921875,
  "summary_fg_p95": 1499.2895263671876,
  "summary_fg_stdv": 337.3024597167969,
  "tsnr": 82.03746354812756
}