{
  "aor": 0.0034181553398058254,
  "aqi": 0.0033778521359223296,
  "bids_meta": {
    "BandwidthPerPixelPhaseEncode": 31.25,
    "EchoTime": 0.025,
    "EffectiveEchoSpacing": 0.0005,
    "FlipAngle": 75,
    "ImageType": [
      "ORIGINAL",
      "PRIMARY",
      "M",
      "ND",
      "MOSAIC"
    ],
    "MagneticFieldStrength": 3,
    "Manufacturer": "Siemens",
    "ManufacturersModelName": "TrioTim",
    "Modality": "MR",
    "PhaseEncodingDirection": "j-",
    "PixelBandwidth": 3005,
    "RepetitionTime": 3,
    "ScanningSequence": "EP",
    "SequenceVariant": "SK",
    "SliceThickness": 3,
    "SliceTiming": [
      0,
      1.5225,
      0.055,
      1.58,
      0.1125,
      1.6375,
      0.17,
      1.6925,
      0.225,
      1.75,
      0.2825,
      1.805,
      0.3375,
      1.8625,
      0.395,
      1.92,
      0.45,
      1.975,
      0.5075,
      2.0325,
      0.565,
      2.0875,
      0.62,
      2.145,
      0.6775,
      2.2,
      0.7325,
      2.2575,
      0.79,
      2.315,
      0.8475,
      2.37,
      0.9025,
      2.4275,
      0.96,
      2.4825,
      1.015,
      2.54,
      1.0725,
      2.595,
      1.1275,
      2.6525,
      1.185,
      2.71,
      1.2425,
      2.765,
      1.2975,
      2.8225,
      1.355,
      2.8775,
      1.41,
      2.935,
      1.4675
    ],
    "SpacingBetweenSlices": 3,
    "TaskName": "risk choice task",
    "TotalReadoutTime": 0.0315,
    "dataset": "ds002843",
    "modality": "bold",
    "run_id": 3,
    "session_id": "scan2",
    "subject_id": "dmp0847",
    "task_id": "risk"
  },
  "dummy_trs": 1,
  "dvars_nstd": 29.03168609068627,
  "dvars_std": 1.321171735784314,
  "dvars_vstd": 1.0174155865686274,
  "efc": 0.5989816737832694,
  "fber": 265.1687316894531,
  "fd_mean": 0.10588537554629329,
  "fd_num": 14,
  "fd_perc": 13.592233009708737,
  "fwhm_avg": 2.9284455555555557,
  "fwhm_x": 2.767526666666667,
  "fwhm_y": 2.7222233333333334,
  "fwhm_z": 3.295586666666667,
  "gcor": 0.0429979,
  "gsr_x": -0.018581708893179893,
  "gsr_y": 0.12582151591777802,
  "provenance": {
    "md5sum": "3af8a80cde051795b9a0e5f21371f1c4",
    "settings": {
      "fd_thres": 0.2,
      "testing": false
    },
    "software": "mriqc",
    "version": "21.0.0rc2",
    "webapi_port": null,
    "webapi_url": "https://mriqc.nimh.nih.gov/api/v1"
  },
  "size_t": 103,
  "size_x": 64,
  "size_y": 64,
  "size_z": 53,
  "snr": 2.191791834956866,
  "spacing_tr": 3.0,
  "spacing_x": 3.0,
  "spacing_y": 3.0,
  "spacing_z": 3.0,
  "summary_bg_k": 13.047706918947497,
  "summary_bg_mad": 17.057125191709066,
  "summary_bg_mean": 96.24060821533203,
  "summary_bg_median": 41.05825424194336,
  "summary_bg_n": 121047.0,
  "summary_bg_p05": 28.359224319458008,
  "summary_bg_p95": 388.56796264648426,
  "summary_bg_stdv": 134.45884704589844,
  "summary_fg_k": 4.6222541483799695,
  "summary_fg_mad": 228.8316982799159,
  "summary_fg_mean": 773.2922973632812,
  "summary_fg_median": 697.5728149414062,
  "summary_fg_n": 49096.0,
  "summary_fg_p05": 421.5533981323242,
  "summary_fg_p95": 1411.7767333984375,
  "summary_fg_stdv": 318.26275634765625,
  "tsnr": 73.84895592485555
}