{
  "bids_meta": {
    "EchoTime": 0.00311,
    "FlipAngle": 15,
    "ImageType": [
      "ORIGINAL",
      "PRIMARY",
      "M",
      "ND",
      "NORM"
    ],
    "InversionTime": 1.1,
    "MagneticFieldStrength": 3,
    "Manufacturer": "Siemens",
    "ManufacturersModelName": "TrioTim",
    "Modality": "MR",
    "RepetitionTime": 1.63,
    "ScanningSequence": "GR_IR",
    "SequenceVariant": "SP_MP",
    "SliceThickness": 1,
    "dataset": "ds002843",
    "modality": "T1w",
    "session_id": "scan2",
    "subject_id": "dmp0985"
  },
  "cjv": 0.598924731151457,
  "cnr": 2.2058722130781336,
  "efc": 0.6466325363564647,
  "fber": 9284.447265625,
  "fwhm_avg": 3.2282555555555557,
  "fwhm_x": 3.0614293333333333,
  "fwhm_y": 3.5697173333333336,
  "fwhm_z": 3.05362,
  "icvs_csf": 0.19158238970564445,
  "icvs_gm": 0.4218497282047454,
  "icvs_wm": 0.3865678820896101,
  "inu_med": 1.151275634765625,
  "inu_range": 0.2890086770057678,
  "provenance": {
    "md5sum": "7d2e7e061d189e387189051d7dfb48c4",
    "settings": {
      "testing": false
    },
    "software": "mriqc",
    "version": "21.0.0rc2",
    "warnings": {
      "large_rot_frame": true,
      "small_air_mask": false
    },
    "webapi_port": null,
    "webapi_url": "https://mriqc.nimh.nih.gov/api/v1"
  },
  "qi_1": 0.000629980287713578,
  "qi_2": 0.003420511477348077,
  "rpve_csf": 15.28362797318846,
  "rpve_gm": 7.200094118576243,
  "rpve_wm": 9.10190662955317,
  "size_x": 192,
  "size_y": 256,
  "size_z": 160,
  "snr_csf": 2.0121104386756268,
  "snr_gm": 13.12449754841245,
  "snr_total": 11.931382435232338,
  "snr_wm": 20.65753931860894,
  "snrd_csf": 33.29996241449357,
  "snrd_gm": 68.309256046947,
  "snrd_total": 61.515785035974396,
  "snrd_wm": 82.93813664648263,
  "spacing_x": 0.9375,
  "spacing_y": 0.9375,
  "spacing_z": 1.0,
  "summary_bg_k": 13.727627657745206,
  "summary_bg_mad": 7.8994584857627865,
  "summary_bg_mean": 10.229418754577637,
  "summary_bg_median": 8.007025718688965,
  "summary_bg_n": 1570387.0,
  "summary_bg_p05": 0.0,
  "summary_bg_p95": 29.278520011901854,
  "summary_bg_stdv": 10.60348892211914,
  "summary_csf_k": 27.613663289951685,
  "summary_csf_mad": 104.76402635080565,
  "summary_csf_mean": 450.5245361328125,
  "summary_csf_median": 401.5220031738281,
  "summary_csf_n": 34317.0,
  "summary_csf_p05": 279.3415222167969,
  "summary_csf_p95": 714.8950805664061,
  "summary_csf_stdv": 199.5497589111328,
  "summary_gm_k": 0.3049159265272232,
  "summary_gm_mad": 58.593509277283694,
  "summary_gm_mean": 826.486083984375,
  "summary_gm_median": 823.6546630859375,
  "summary_gm_n": 23276.0,
  "summary_gm_p05": 728.5411376953125,
  "summary_gm_p95": 937.1355743408203,
  "summary_gm_stdv": 62.75569534301758,
  "summary_wm_k": 0.48745670578899203,
  "summary_wm_mad": 47.051490822195134,
  "summary_wm_mean": 1004.5685424804688,
  "summary_wm_median": 1000.0457763671875,
  "summary_wm_n": 215234.0,
  "summary_wm_p05": 933.9970428466797,
  "summary_wm_p95": 1091.0356750488281,
  "summary_wm_stdv": 48.410579681396484,
  "tpm_overlap_csf": 0.18394936621189117,
  "tpm_overlap_gm": 0.4459261894226074,
  "tpm_overlap_wm": 0.4777992069721222,
  "wm2max": 0.4203375770638802
}