{
  "aor": 0.004194038461538462,
  "aqi": 0.0034467599999999997,
  "bids_meta": {
    "BandwidthPerPixelPhaseEncode": 31.25,
    "EchoTime": 0.025,
    "EffectiveEchoSpacing": 0.0005,
    "FlipAngle": 75,
    "ImageType": [
      "ORIGINAL",
      "PRIMARY",
      "M",
      "ND",
      "MOSAIC"
    ],
    "MagneticFieldStrength": 3,
    "Manufacturer": "Siemens",
    "ManufacturersModelName": "TrioTim",
    "Modality": "MR",
    "PhaseEncodingDirection": "j-",
    "PixelBandwidth": 3005,
    "RepetitionTime": 3,
    "ScanningSequence": "EP",
    "SequenceVariant": "SK",
    "SliceThickness": 3,
    "SliceTiming": [
      0,
      1.5225,
      0.055,
      1.58,
      0.1125,
      1.6375,
      0.17,
      1.6925,
      0.225,
      1.75,
      0.2825,
      1.805,
      0.3375,
      1.8625,
      0.395,
      1.92,
      0.45,
      1.975,
      0.5075,
      2.0325,
      0.565,
      2.0875,
      0.62,
      2.145,
      0.6775,
      2.2,
      0.7325,
      2.2575,
      0.79,
      2.315,
      0.8475,
      2.37,
      0.9025,
      2.4275,
      0.96,
      2.4825,
      1.015,
      2.54,
      1.0725,
      2.595,
      1.1275,
      2.6525,
      1.185,
      2.71,
      1.2425,
      2.765,
      1.2975,
      2.8225,
      1.355,
      2.8775,
      1.41,
      2.935,
      1.4675
    ],
    "SpacingBetweenSlices": 3,
    "TaskName": "risk choice task",
    "TotalReadoutTime": 0.0315,
    "dataset": "ds002843",
    "modality": "bold",
    "run_id": 1,
    "session_id": "scan1",
    "subject_id": "dmp0157",
    "task_id": "risk"
  },
  "dummy_trs": 0,
  "dvars_nstd": 23.889300336796115,
  "dvars_std": 1.2022605146601946,
  "dvars_vstd": 0.9989818150485438,
  "efc": 0.5384404247095792,
  "fber": 421.5042419433594,
  "fd_mean": 0.16974329042224537,
  "fd_num": 28,
  "fd_perc": 26.923076923076923,
  "fwhm_avg": 2.764697708200178,
  "fwhm_x": 2.7148833333333333,
  "fwhm_y": 2.6264664579338666,
  "fwhm_z": 2.9527433333333337,
  "gcor": 0.0459312,
  "gsr_x": 0.0009301134268753231,
  "gsr_y": 0.023483341559767723,
  "provenance": {
    "md5sum": "a653d7f33bdde526ed78099dbbd97fdc",
    "settings": {
      "fd_thres": 0.2,
      "testing": false
    },
    "software": "mriqc",
    "version": "21.0.0rc2",
    "webapi_port": null,
    "webapi_url": "https://mriqc.nimh.nih.gov/api/v1"
  },
  "size_t": 104,
  "size_x": 64,
  "size_y": 64,
  "size_z": 53,
  "snr": 2.8343406624955607,
  "spacing_tr": 3.0,
  "spacing_x": 3.0,
  "spacing_y": 3.000000238418579,
  "spacing_z": 3.0,
  "summary_bg_k": 26.092449691707422,
  "summary_bg_mad": 15.6100943639402,
  "summary_bg_mean": 71.34488677978516,
  "summary_bg_median": 37.31731033325195,
  "summary_bg_n": 139259.0,
  "summary_bg_p05": 25.63461685180664,
  "summary_bg_p95": 243.51155090332043,
  "summary_bg_stdv": 87.99137115478516,
  "summary_fg_k": 1.4533770163162174,
  "summary_fg_mad": 239.45455584422868,
  "summary_fg_mean": 834.0435180664062,
  "summary_fg_median": 777.5673217773438,
  "summary_fg_n": 36462.0,
  "summary_fg_p05": 489.79905700683594,
  "summary_fg_p95": 1370.4586669921873,
  "summary_fg_stdv": 274.334228515625,
  "tsnr": 69.55800949840341
}