{
  "aor": 0.008615673076923078,
  "aqi": 0.006047378557692307,
  "bids_meta": {
    "BandwidthPerPixelPhaseEncode": 31.25,
    "EchoTime": 0.025,
    "EffectiveEchoSpacing": 0.0005,
    "FlipAngle": 75,
    "ImageType": [
      "ORIGINAL",
      "PRIMARY",
      "M",
      "ND",
      "MOSAIC"
    ],
    "MagneticFieldStrength": 3,
    "Manufacturer": "Siemens",
    "ManufacturersModelName": "TrioTim",
    "Modality": "MR",
    "PhaseEncodingDirection": "j-",
    "PixelBandwidth": 3005,
    "RepetitionTime": 3,
    "ScanningSequence": "EP",
    "SequenceVariant": "SK",
    "SliceThickness": 3,
    "SliceTiming": [
      0,
      1.5225,
      0.055,
      1.58,
      0.1125,
      1.6375,
      0.17,
      1.6925,
      0.225,
      1.75,
      0.2825,
      1.805,
      0.3375,
      1.8625,
      0.395,
      1.92,
      0.45,
      1.975,
      0.5075,
      2.0325,
      0.565,
      2.0875,
      0.62,
      2.145,
      0.6775,
      2.2,
      0.7325,
      2.2575,
      0.79,
      2.315,
      0.8475,
      2.37,
      0.9025,
      2.4275,
      0.96,
      2.4825,
      1.015,
      2.54,
      1.0725,
      2.595,
      1.1275,
      2.6525,
      1.185,
      2.71,
      1.2425,
      2.765,
      1.2975,
      2.8225,
      1.355,
      2.8775,
      1.41,
      2.935,
      1.4675
    ],
    "SpacingBetweenSlices": 3,
    "TaskName": "risk choice task",
    "TotalReadoutTime": 0.0315,
    "dataset": "ds002843",
    "modality": "bold",
    "run_id": 3,
    "session_id": "scan1",
    "subject_id": "dmp0157",
    "task_id": "risk"
  },
  "dummy_trs": 0,
  "dvars_nstd": 29.188456100291265,
  "dvars_std": 1.1773297756310679,
  "dvars_vstd": 0.9789295743689321,
  "efc": 0.5421473903377129,
  "fber": 439.2454833984375,
  "fd_mean": 0.26832288583087,
  "fd_num": 65,
  "fd_perc": 62.5,
  "fwhm_avg": 2.673238820389559,
  "fwhm_x": 2.6086533333333333,
  "fwhm_y": 2.5857631278353432,
  "fwhm_z": 2.8253,
  "gcor": 0.0562492,
  "gsr_x": 0.007240158971399069,
  "gsr_y": 0.026059096679091454,
  "provenance": {
    "md5sum": "d7b2d4cb1eba56d23a4337d75d4ac7c2",
    "settings": {
      "fd_thres": 0.2,
      "testing": false
    },
    "software": "mriqc",
    "version": "21.0.0rc2",
    "webapi_port": null,
    "webapi_url": "https://mriqc.nimh.nih.gov/api/v1"
  },
  "size_t": 104,
  "size_x": 64,
  "size_y": 64,
  "size_z": 53,
  "snr": 3.063166595046419,
  "spacing_tr": 3.0,
  "spacing_x": 3.0,
  "spacing_y": 3.000000238418579,
  "spacing_z": 3.0,
  "summary_bg_k": 29.2433539067867,
  "summary_bg_mad": 12.117421543118583,
  "summary_bg_mean": 66.39503479003906,
  "summary_bg_median": 34.64423370361328,
  "summary_bg_n": 138503.0,
  "summary_bg_p05": 25.798078536987305,
  "summary_bg_p95": 224.36058044433565,
  "summary_bg_stdv": 84.27915954589844,
  "summary_fg_k": 1.2754453116387765,
  "summary_fg_mad": 214.54966188810613,
  "summary_fg_mean": 781.7369384765625,
  "summary_fg_median": 736.8125,
  "summary_fg_n": 36942.0,
  "summary_fg_p05": 472.98269805908205,
  "summary_fg_p95": 1250.4899047851557,
  "summary_fg_stdv": 240.53622436523438,
  "tsnr": 53.70306617952883
}