{
  "aor": 0.004276826923076923,
  "aqi": 0.005093499038461539,
  "bids_meta": {
    "BandwidthPerPixelPhaseEncode": 31.25,
    "EchoTime": 0.025,
    "EffectiveEchoSpacing": 0.0005,
    "FlipAngle": 75,
    "ImageType": [
      "ORIGINAL",
      "PRIMARY",
      "M",
      "ND",
      "MOSAIC"
    ],
    "MagneticFieldStrength": 3,
    "Manufacturer": "Siemens",
    "ManufacturersModelName": "TrioTim",
    "Modality": "MR",
    "PhaseEncodingDirection": "j-",
    "PixelBandwidth": 3005,
    "RepetitionTime": 3,
    "ScanningSequence": "EP",
    "SequenceVariant": "SK",
    "SliceThickness": 3,
    "SliceTiming": [
      0,
      1.5225,
      0.055,
      1.58,
      0.1125,
      1.6375,
      0.17,
      1.6925,
      0.225,
      1.75,
      0.2825,
      1.805,
      0.3375,
      1.8625,
      0.395,
      1.92,
      0.45,
      1.975,
      0.5075,
      2.0325,
      0.565,
      2.0875,
      0.62,
      2.145,
      0.6775,
      2.2,
      0.7325,
      2.2575,
      0.79,
      2.315,
      0.8475,
      2.37,
      0.9025,
      2.4275,
      0.96,
      2.4825,
      1.015,
      2.54,
      1.0725,
      2.595,
      1.1275,
      2.6525,
      1.185,
      2.71,
      1.2425,
      2.765,
      1.2975,
      2.8225,
      1.355,
      2.8775,
      1.41,
      2.935,
      1.4675
    ],
    "SpacingBetweenSlices": 3,
    "TaskName": "intertemporal choice task",
    "TotalReadoutTime": 0.0315,
    "dataset": "ds002843",
    "modality": "bold",
    "run_id": 4,
    "session_id": "scan1",
    "subject_id": "dmp0157",
    "task_id": "itc"
  },
  "dummy_trs": 0,
  "dvars_nstd": 30.977198109902904,
  "dvars_std": 1.272205626796117,
  "dvars_vstd": 1.0183498131067963,
  "efc": 0.5418680843874957,
  "fber": 432.00054931640625,
  "fd_mean": 0.2832383555207324,
  "fd_num": 75,
  "fd_perc": 72.11538461538461,
  "fwhm_avg": 2.6899932649790856,
  "fwhm_x": 2.63436,
  "fwhm_y": 2.5802864616039227,
  "fwhm_z": 2.8553333333333337,
  "gcor": 0.0586598,
  "gsr_x": 0.004990885965526104,
  "gsr_y": 0.02705058827996254,
  "provenance": {
    "md5sum": "2405f5311ecdd875f3130612df85d6a1",
    "settings": {
      "fd_thres": 0.2,
      "testing": false
    },
    "software": "mriqc",
    "version": "21.0.0rc2",
    "webapi_port": null,
    "webapi_url": "https://mriqc.nimh.nih.gov/api/v1"
  },
  "size_t": 104,
  "size_x": 64,
  "size_y": 64,
  "size_z": 53,
  "snr": 2.9985052759114743,
  "spacing_tr": 3.0,
  "spacing_x": 3.0,
  "spacing_y": 3.000000238418579,
  "spacing_z": 3.0,
  "summary_bg_k": 30.220432927452592,
  "summary_bg_mad": 12.673397375058183,
  "summary_bg_mean": 67.5772476196289,
  "summary_bg_median": 35.20192337036133,
  "summary_bg_n": 138445.0,
  "summary_bg_p05": 26.028846740722656,
  "summary_bg_p95": 228.6250122070307,
  "summary_bg_stdv": 85.4213638305664,
  "summary_fg_k": 1.3603583819620733,
  "summary_fg_mad": 219.84568460167728,
  "summary_fg_mean": 790.0283813476562,
  "summary_fg_median": 743.78369140625,
  "summary_fg_n": 36908.0,
  "summary_fg_p05": 473.10577392578125,
  "summary_fg_p95": 1277.0217102050785,
  "summary_fg_stdv": 248.04812622070312,
  "tsnr": 61.33427380118519
}