{
  "aor": 0.0068656730769230765,
  "aqi": 0.0054804081730769234,
  "bids_meta": {
    "BandwidthPerPixelPhaseEncode": 31.25,
    "EchoTime": 0.025,
    "EffectiveEchoSpacing": 0.0005,
    "FlipAngle": 75,
    "ImageType": [
      "ORIGINAL",
      "PRIMARY",
      "M",
      "ND",
      "MOSAIC"
    ],
    "MagneticFieldStrength": 3,
    "Manufacturer": "Siemens",
    "ManufacturersModelName": "TrioTim",
    "Modality": "MR",
    "PhaseEncodingDirection": "j-",
    "PixelBandwidth": 3005,
    "RepetitionTime": 3,
    "ScanningSequence": "EP",
    "SequenceVariant": "SK",
    "SliceThickness": 3,
    "SliceTiming": [
      0,
      1.5225,
      0.055,
      1.58,
      0.1125,
      1.6375,
      0.17,
      1.6925,
      0.225,
      1.75,
      0.2825,
      1.805,
      0.3375,
      1.8625,
      0.395,
      1.92,
      0.45,
      1.975,
      0.5075,
      2.0325,
      0.565,
      2.0875,
      0.62,
      2.145,
      0.6775,
      2.2,
      0.7325,
      2.2575,
      0.79,
      2.315,
      0.8475,
      2.37,
      0.9025,
      2.4275,
      0.96,
      2.4825,
      1.015,
      2.54,
      1.0725,
      2.595,
      1.1275,
      2.6525,
      1.185,
      2.71,
      1.2425,
      2.765,
      1.2975,
      2.8225,
      1.355,
      2.8775,
      1.41,
      2.935,
      1.4675
    ],
    "SpacingBetweenSlices": 3,
    "TaskName": "risk choice task",
    "TotalReadoutTime": 0.0315,
    "dataset": "ds002843",
    "modality": "bold",
    "run_id": 1,
    "session_id": "scan1",
    "subject_id": "dmp0330",
    "task_id": "risk"
  },
  "dummy_trs": 0,
  "dvars_nstd": 22.96276405436893,
  "dvars_std": 1.1216554666019414,
  "dvars_vstd": 0.9674723325242718,
  "efc": 0.5413795335063296,
  "fber": 444.77935791015625,
  "fd_mean": 0.13121002110382182,
  "fd_num": 17,
  "fd_perc": 16.346153846153847,
  "fwhm_avg": 2.6882933333333336,
  "fwhm_x": 2.4973433333333332,
  "fwhm_y": 2.5683366666666667,
  "fwhm_z": 2.9992,
  "gcor": 0.0218542,
  "gsr_x": 0.002013733610510826,
  "gsr_y": 0.04019714891910553,
  "provenance": {
    "md5sum": "f9b26f8f837679b227f1b4510e9db97e",
    "settings": {
      "fd_thres": 0.2,
      "testing": false
    },
    "software": "mriqc",
    "version": "21.0.0rc2",
    "webapi_port": null,
    "webapi_url": "https://mriqc.nimh.nih.gov/api/v1"
  },
  "size_t": 104,
  "size_x": 64,
  "size_y": 64,
  "size_z": 53,
  "snr": 2.7049922811790945,
  "spacing_tr": 3.0,
  "spacing_x": 3.0,
  "spacing_y": 3.0,
  "spacing_z": 3.0,
  "summary_bg_k": 32.94573933545823,
  "summary_bg_mad": 9.32328724543633,
  "summary_bg_mean": 62.3429069519043,
  "summary_bg_median": 32.903846740722656,
  "summary_bg_n": 134590.0,
  "summary_bg_p05": 25.971155166625977,
  "summary_bg_p95": 211.13558959960915,
  "summary_bg_stdv": 83.51300048828125,
  "summary_fg_k": 2.5379455560901487,
  "summary_fg_mad": 211.19950934089456,
  "summary_fg_mean": 766.4931030273438,
  "summary_fg_median": 708.8269653320312,
  "summary_fg_n": 39605.0,
  "summary_fg_p05": 451.3461608886719,
  "summary_fg_p95": 1285.084667968748,
  "summary_fg_stdv": 262.0406799316406,
  "tsnr": 57.82955067593139
}