{
  "aor": 0.002417980769230769,
  "aqi": 0.0038020589423076925,
  "bids_meta": {
    "BandwidthPerPixelPhaseEncode": 31.25,
    "EchoTime": 0.025,
    "EffectiveEchoSpacing": 0.0005,
    "FlipAngle": 75,
    "ImageType": [
      "ORIGINAL",
      "PRIMARY",
      "M",
      "ND",
      "MOSAIC"
    ],
    "MagneticFieldStrength": 3,
    "Manufacturer": "Siemens",
    "ManufacturersModelName": "TrioTim",
    "Modality": "MR",
    "PhaseEncodingDirection": "j-",
    "PixelBandwidth": 3005,
    "RepetitionTime": 3,
    "ScanningSequence": "EP",
    "SequenceVariant": "SK",
    "SliceThickness": 3,
    "SliceTiming": [
      0,
      1.5225,
      0.055,
      1.58,
      0.1125,
      1.6375,
      0.17,
      1.6925,
      0.225,
      1.75,
      0.2825,
      1.805,
      0.3375,
      1.8625,
      0.395,
      1.92,
      0.45,
      1.975,
      0.5075,
      2.0325,
      0.565,
      2.0875,
      0.62,
      2.145,
      0.6775,
      2.2,
      0.7325,
      2.2575,
      0.79,
      2.315,
      0.8475,
      2.37,
      0.9025,
      2.4275,
      0.96,
      2.4825,
      1.015,
      2.54,
      1.0725,
      2.595,
      1.1275,
      2.6525,
      1.185,
      2.71,
      1.2425,
      2.765,
      1.2975,
      2.8225,
      1.355,
      2.8775,
      1.41,
      2.935,
      1.4675
    ],
    "SpacingBetweenSlices": 3,
    "TaskName": "risk choice task",
    "TotalReadoutTime": 0.0315,
    "dataset": "ds002843",
    "modality": "bold",
    "run_id": 4,
    "session_id": "scan1",
    "subject_id": "dmp1266",
    "task_id": "risk"
  },
  "dummy_trs": 0,
  "dvars_nstd": 26.408117220485444,
  "dvars_std": 1.265487676504855,
  "dvars_vstd": 0.9851069650485434,
  "efc": 0.5758139061657704,
  "fber": 306.1124572753906,
  "fd_mean": 0.11537943396037413,
  "fd_num": 12,
  "fd_perc": 11.538461538461538,
  "fwhm_avg": 2.8544622222222222,
  "fwhm_x": 2.8100733333333334,
  "fwhm_y": 2.7674866666666667,
  "fwhm_z": 2.9858266666666666,
  "gcor": 0.0252859,
  "gsr_x": -0.016324840486049652,
  "gsr_y": 0.07839632034301758,
  "provenance": {
    "md5sum": "cbfbc8c7aa5557ad336d10abe454a30f",
    "settings": {
      "fd_thres": 0.2,
      "testing": false
    },
    "software": "mriqc",
    "version": "21.0.0rc2",
    "webapi_port": null,
    "webapi_url": "https://mriqc.nimh.nih.gov/api/v1"
  },
  "size_t": 104,
  "size_x": 64,
  "size_y": 64,
  "size_z": 53,
  "snr": 2.545528072629475,
  "spacing_tr": 3.0,
  "spacing_x": 3.0,
  "spacing_y": 3.0,
  "spacing_z": 3.0,
  "summary_bg_k": 28.20715047790621,
  "summary_bg_mad": 15.282209223266552,
  "summary_bg_mean": 83.02816009521484,
  "summary_bg_median": 38.490386962890625,
  "summary_bg_n": 129946.0,
  "summary_bg_p05": 27.432693481445312,
  "summary_bg_p95": 306.9399185180664,
  "summary_bg_stdv": 110.48719787597656,
  "summary_fg_k": 2.8546685949297324,
  "summary_fg_mad": 223.4523787314977,
  "summary_fg_mean": 755.1044921875,
  "summary_fg_median": 701.331787109375,
  "summary_fg_n": 41990.0,
  "summary_fg_p05": 411.60577392578125,
  "summary_fg_p95": 1290.4322448730466,
  "summary_fg_stdv": 275.511962890625,
  "tsnr": 74.37461039074697
}