{
  "aor": 0.011072075471698114,
  "aqi": 0.007890704716981133,
  "bids_meta": {
    "BandwidthPerPixelPhaseEncode": 31.25,
    "EchoTime": 0.025,
    "EffectiveEchoSpacing": 0.0005,
    "FlipAngle": 75,
    "ImageType": [
      "ORIGINAL",
      "PRIMARY",
      "M",
      "ND",
      "MOSAIC"
    ],
    "MagneticFieldStrength": 3,
    "Manufacturer": "Siemens",
    "ManufacturersModelName": "TrioTim",
    "Modality": "MR",
    "PhaseEncodingDirection": "j-",
    "PixelBandwidth": 3005,
    "RepetitionTime": 3,
    "ScanningSequence": "EP",
    "SequenceVariant": "SK",
    "SliceThickness": 3,
    "SliceTiming": [
      0,
      1.5225,
      0.055,
      1.58,
      0.1125,
      1.635,
      0.1675,
      1.6925,
      0.225,
      1.75,
      0.2825,
      1.805,
      0.3375,
      1.8625,
      0.395,
      1.9175,
      0.45,
      1.975,
      0.5075,
      2.03,
      0.5625,
      2.0875,
      0.62,
      2.145,
      0.6775,
      2.2,
      0.7325,
      2.2575,
      0.79,
      2.3125,
      0.845,
      2.37,
      0.9025,
      2.425,
      0.9575,
      2.4825,
      1.015,
      2.54,
      1.0725,
      2.595,
      1.1275,
      2.6525,
      1.185,
      2.7075,
      1.24,
      2.765,
      1.2975,
      2.8225,
      1.355,
      2.8775,
      1.41,
      2.935,
      1.4675
    ],
    "SpacingBetweenSlices": 3,
    "TaskName": "rest",
    "TotalReadoutTime": 0.0315,
    "dataset": "ds002843",
    "modality": "bold",
    "session_id": "scan1",
    "subject_id": "dmp0848",
    "task_id": "rest"
  },
  "dummy_trs": 1,
  "dvars_nstd": 25.765692445063284,
  "dvars_std": 1.208504664050632,
  "dvars_vstd": 1.0301402901898733,
  "efc": 0.576758471983062,
  "fber": 341.9770812988281,
  "fd_mean": 0.17106303491664013,
  "fd_num": 49,
  "fd_perc": 30.81761006289308,
  "fwhm_avg": 2.7448333333333337,
  "fwhm_x": 2.62562,
  "fwhm_y": 2.5486933333333335,
  "fwhm_z": 3.0601866666666666,
  "gcor": 0.0291969,
  "gsr_x": -0.00890206079930067,
  "gsr_y": 0.07447519153356552,
  "provenance": {
    "md5sum": "ee933b23d69f970cc753f296993830c6",
    "settings": {
      "fd_thres": 0.2,
      "testing": false
    },
    "software": "mriqc",
    "version": "21.0.0rc2",
    "webapi_port": null,
    "webapi_url": "https://mriqc.nimh.nih.gov/api/v1"
  },
  "size_t": 159,
  "size_x": 64,
  "size_y": 64,
  "size_z": 53,
  "snr": 2.710032106544408,
  "spacing_tr": 3.0,
  "spacing_x": 3.0,
  "spacing_y": 3.0,
  "spacing_z": 3.0,
  "summary_bg_k": 20.84164281419582,
  "summary_bg_mad": 12.979762658548704,
  "summary_bg_mean": 80.33186340332031,
  "summary_bg_median": 35.46540832519531,
  "summary_bg_n": 132450.0,
  "summary_bg_p05": 25.55974769592285,
  "summary_bg_p95": 302.19840393066397,
  "summary_bg_stdv": 109.3738021850586,
  "summary_fg_k": 5.332689020016051,
  "summary_fg_mad": 190.21133119431659,
  "summary_fg_mean": 720.127685546875,
  "summary_fg_median": 668.3773193359375,
  "summary_fg_n": 42205.0,
  "summary_fg_p05": 435.10438842773436,
  "summary_fg_p95": 1190.7697265624995,
  "summary_fg_stdv": 246.6278533935547,
  "tsnr": 50.53954374277964
}