{
  "bids_meta": {
    "EchoTime": 0.00311,
    "FlipAngle": 15,
    "ImageType": [
      "ORIGINAL",
      "PRIMARY",
      "M",
      "ND",
      "NORM"
    ],
    "InversionTime": 1.1,
    "MagneticFieldStrength": 3,
    "Manufacturer": "Siemens",
    "ManufacturersModelName": "TrioTim",
    "Modality": "MR",
    "RepetitionTime": 1.63,
    "ScanningSequence": "GR_IR",
    "SequenceVariant": "SP_MP",
    "SliceThickness": 1,
    "dataset": "ds002843",
    "modality": "T1w",
    "session_id": "scan1",
    "subject_id": "dmp0870"
  },
  "cjv": 0.5396591023104848,
  "cnr": 2.5249579389300476,
  "efc": 0.6393904430211369,
  "fber": 3537.0712890625,
  "fwhm_avg": 3.5403362222222223,
  "fwhm_x": 3.335136,
  "fwhm_y": 3.9550826666666667,
  "fwhm_z": 3.33079,
  "icvs_csf": 0.21185338849467383,
  "icvs_gm": 0.4041982361291,
  "icvs_wm": 0.3839483753762261,
  "inu_med": 1.2228649854660034,
  "inu_range": 0.3167886734008789,
  "provenance": {
    "md5sum": "eb800911d189a880132aeb47b0cbae79",
    "settings": {
      "testing": false
    },
    "software": "mriqc",
    "version": "21.0.0rc2",
    "warnings": {
      "large_rot_frame": true,
      "small_air_mask": false
    },
    "webapi_port": null,
    "webapi_url": "https://mriqc.nimh.nih.gov/api/v1"
  },
  "qi_1": 0.001162179940865016,
  "qi_2": 0.00356702346034132,
  "rpve_csf": 15.11798875362747,
  "rpve_gm": 7.909341723535423,
  "rpve_wm": 9.771469021156161,
  "size_x": 192,
  "size_y": 256,
  "size_z": 160,
  "snr_csf": 2.446953224784818,
  "snr_gm": 13.899050831240878,
  "snr_total": 12.578041506138604,
  "snr_wm": 21.388120462390113,
  "snrd_csf": 27.554812859759455,
  "snrd_gm": 53.251697016574866,
  "snrd_total": 48.900978932586064,
  "snrd_wm": 65.89642692142388,
  "spacing_x": 0.9375,
  "spacing_y": 0.9375,
  "spacing_z": 1.0,
  "summary_bg_k": 12.176165328843211,
  "summary_bg_mad": 9.942305513133098,
  "summary_bg_mean": 13.828788757324219,
  "summary_bg_median": 10.07330322265625,
  "summary_bg_n": 1973470.0,
  "summary_bg_p05": 0.0,
  "summary_bg_p95": 40.619500541686975,
  "summary_bg_stdv": 14.464332580566406,
  "summary_csf_k": 53.197198701108675,
  "summary_csf_mad": 119.95110705953338,
  "summary_csf_mean": 463.222412109375,
  "summary_csf_median": 418.16998291015625,
  "summary_csf_n": 52936.0,
  "summary_csf_p05": 292.4580535888672,
  "summary_csf_p95": 698.3934020996094,
  "summary_csf_stdv": 170.8925323486328,
  "summary_gm_k": 0.08829209470074417,
  "summary_gm_mad": 57.82221044858298,
  "summary_gm_mean": 809.5126953125,
  "summary_gm_median": 808.1441650390625,
  "summary_gm_n": 18348.0,
  "summary_gm_p05": 716.7834838867187,
  "summary_gm_p95": 907.5944152832031,
  "summary_gm_stdv": 58.14225387573242,
  "summary_wm_k": 0.6316973734310456,
  "summary_wm_mad": 45.735979973103014,
  "summary_wm_mean": 1003.57763671875,
  "summary_wm_median": 1000.0397338867188,
  "summary_wm_n": 223266.0,
  "summary_wm_p05": 933.6032562255859,
  "summary_wm_p95": 1084.445068359375,
  "summary_wm_stdv": 46.75667953491211,
  "tpm_overlap_csf": 0.18020300567150116,
  "tpm_overlap_gm": 0.4492141902446747,
  "tpm_overlap_wm": 0.4974842965602875,
  "wm2max": 0.4560521746753801
}