{
  "aor": 0.006687211538461539,
  "aqi": 0.0038323174038461536,
  "bids_meta": {
    "BandwidthPerPixelPhaseEncode": 31.25,
    "EchoTime": 0.025,
    "EffectiveEchoSpacing": 0.0005,
    "FlipAngle": 75,
    "ImageType": [
      "ORIGINAL",
      "PRIMARY",
      "M",
      "ND",
      "MOSAIC"
    ],
    "MagneticFieldStrength": 3,
    "Manufacturer": "Siemens",
    "ManufacturersModelName": "TrioTim",
    "Modality": "MR",
    "PhaseEncodingDirection": "j-",
    "PixelBandwidth": 3005,
    "RepetitionTime": 3,
    "ScanningSequence": "EP",
    "SequenceVariant": "SK",
    "SliceThickness": 3,
    "SliceTiming": [
      0,
      1.5225,
      0.055,
      1.58,
      0.1125,
      1.6375,
      0.17,
      1.6925,
      0.225,
      1.75,
      0.2825,
      1.805,
      0.3375,
      1.8625,
      0.395,
      1.92,
      0.45,
      1.975,
      0.5075,
      2.0325,
      0.565,
      2.0875,
      0.62,
      2.145,
      0.6775,
      2.2,
      0.7325,
      2.2575,
      0.79,
      2.315,
      0.8475,
      2.37,
      0.9025,
      2.4275,
      0.96,
      2.4825,
      1.015,
      2.54,
      1.0725,
      2.595,
      1.1275,
      2.6525,
      1.185,
      2.71,
      1.2425,
      2.765,
      1.2975,
      2.8225,
      1.355,
      2.8775,
      1.41,
      2.935,
      1.4675
    ],
    "SpacingBetweenSlices": 3,
    "TaskName": "intertemporal choice task",
    "TotalReadoutTime": 0.0315,
    "dataset": "ds002843",
    "modality": "bold",
    "run_id": 3,
    "session_id": "scan1",
    "subject_id": "dmp0913",
    "task_id": "itc"
  },
  "dummy_trs": 0,
  "dvars_nstd": 24.071162862621364,
  "dvars_std": 1.1937994168932042,
  "dvars_vstd": 1.0267158243689318,
  "efc": 0.6023996963398502,
  "fber": 228.07212829589844,
  "fd_mean": 0.1551415195732371,
  "fd_num": 20,
  "fd_perc": 19.23076923076923,
  "fwhm_avg": 2.4072033333333334,
  "fwhm_x": 2.3455766666666666,
  "fwhm_y": 2.31236,
  "fwhm_z": 2.5636733333333335,
  "gcor": 0.0512666,
  "gsr_x": -0.022784361615777016,
  "gsr_y": 0.07316567003726959,
  "provenance": {
    "md5sum": "47e7a2a3186cd92a0a83a265bca67e99",
    "settings": {
      "fd_thres": 0.2,
      "testing": false
    },
    "software": "mriqc",
    "version": "21.0.0rc2",
    "webapi_port": null,
    "webapi_url": "https://mriqc.nimh.nih.gov/api/v1"
  },
  "size_t": 104,
  "size_x": 64,
  "size_y": 64,
  "size_z": 53,
  "snr": 2.9741508371067544,
  "spacing_tr": 3.0,
  "spacing_x": 3.0,
  "spacing_y": 3.0,
  "spacing_z": 3.0,
  "summary_bg_k": 21.88632022838621,
  "summary_bg_mad": 23.2369381819106,
  "summary_bg_mean": 88.5748519897461,
  "summary_bg_median": 45.00961685180664,
  "summary_bg_n": 127728.0,
  "summary_bg_p05": 28.14423179626465,
  "summary_bg_p95": 300.57020568847645,
  "summary_bg_stdv": 104.31416320800781,
  "summary_fg_k": 2.8041107427978904,
  "summary_fg_mad": 201.20624192155572,
  "summary_fg_mean": 743.3046875,
  "summary_fg_median": 699.360595703125,
  "summary_fg_n": 45434.0,
  "summary_fg_p05": 449.4327087402344,
  "summary_fg_p95": 1183.6735778808593,
  "summary_fg_stdv": 235.1437225341797,
  "tsnr": 66.41545561468229
}