{
  "aor": 0.010039618320610686,
  "aqi": 0.0049979414503816795,
  "bids_meta": {
    "BandwidthPerPixelPhaseEncode": 31.25,
    "EchoTime": 0.025,
    "EffectiveEchoSpacing": 0.0005,
    "FlipAngle": 75,
    "ImageType": [
      "ORIGINAL",
      "PRIMARY",
      "M",
      "ND",
      "MOSAIC"
    ],
    "MagneticFieldStrength": 3,
    "Manufacturer": "Siemens",
    "ManufacturersModelName": "TrioTim",
    "Modality": "MR",
    "PhaseEncodingDirection": "j-",
    "PixelBandwidth": 3005,
    "RepetitionTime": 3,
    "ScanningSequence": "EP",
    "SequenceVariant": "SK",
    "SliceThickness": 3,
    "SliceTiming": [
      0,
      1.5225,
      0.055,
      1.58,
      0.1125,
      1.6375,
      0.17,
      1.6925,
      0.225,
      1.75,
      0.2825,
      1.805,
      0.3375,
      1.8625,
      0.395,
      1.92,
      0.45,
      1.975,
      0.5075,
      2.0325,
      0.565,
      2.0875,
      0.62,
      2.145,
      0.6775,
      2.2,
      0.7325,
      2.2575,
      0.79,
      2.315,
      0.8475,
      2.37,
      0.9025,
      2.4275,
      0.96,
      2.4825,
      1.015,
      2.54,
      1.0725,
      2.595,
      1.1275,
      2.6525,
      1.185,
      2.71,
      1.2425,
      2.765,
      1.2975,
      2.8225,
      1.355,
      2.8775,
      1.41,
      2.935,
      1.4675
    ],
    "SpacingBetweenSlices": 3,
    "TaskName": "intertemporal choice task",
    "TotalReadoutTime": 0.0315,
    "dataset": "ds002843",
    "modality": "bold",
    "run_id": 4,
    "session_id": "scan1",
    "subject_id": "dmp0018",
    "task_id": "itc"
  },
  "dummy_trs": 0,
  "dvars_nstd": 31.973562350923086,
  "dvars_std": 1.3149206306923076,
  "dvars_vstd": 1.074326445846154,
  "efc": 0.6075117201450303,
  "fber": 208.45269775390625,
  "fd_mean": 0.26883884699874444,
  "fd_num": 60,
  "fd_perc": 45.80152671755725,
  "fwhm_avg": 2.7444811111111114,
  "fwhm_x": 2.612886666666667,
  "fwhm_y": 2.69833,
  "fwhm_z": 2.9222266666666665,
  "gcor": 0.0656323,
  "gsr_x": -0.006489741615951061,
  "gsr_y": 0.11980964243412018,
  "provenance": {
    "md5sum": "901edb10932bcde7a9ab61c339db05aa",
    "settings": {
      "fd_thres": 0.2,
      "testing": false
    },
    "software": "mriqc",
    "version": "21.0.0rc2",
    "webapi_port": null,
    "webapi_url": "https://mriqc.nimh.nih.gov/api/v1"
  },
  "size_t": 131,
  "size_x": 64,
  "size_y": 64,
  "size_z": 53,
  "snr": 2.3924278414019753,
  "spacing_tr": 3.0,
  "spacing_x": 3.0,
  "spacing_y": 3.0,
  "spacing_z": 3.0,
  "summary_bg_k": 15.83888335131904,
  "summary_bg_mad": 25.724848588068053,
  "summary_bg_mean": 101.98503112792969,
  "summary_bg_median": 47.51908493041992,
  "summary_bg_n": 122417.0,
  "summary_bg_p05": 28.572519302368164,
  "summary_bg_p95": 367.9007568359375,
  "summary_bg_stdv": 129.68667602539062,
  "summary_fg_k": 2.983922842860511,
  "summary_fg_mad": 230.90117895838966,
  "summary_fg_mean": 781.0957641601562,
  "summary_fg_median": 709.511474609375,
  "summary_fg_n": 49007.0,
  "summary_fg_p05": 441.9686981201172,
  "summary_fg_p95": 1380.2694824218745,
  "summary_fg_stdv": 296.56243896484375,
  "tsnr": 57.52783530391753
}