{
  "aor": 0.01081259541984733,
  "aqi": 0.006776925419847328,
  "bids_meta": {
    "BandwidthPerPixelPhaseEncode": 31.25,
    "EchoTime": 0.025,
    "EffectiveEchoSpacing": 0.0005,
    "FlipAngle": 75,
    "ImageType": [
      "ORIGINAL",
      "PRIMARY",
      "M",
      "ND",
      "MOSAIC"
    ],
    "MagneticFieldStrength": 3,
    "Manufacturer": "Siemens",
    "ManufacturersModelName": "TrioTim",
    "Modality": "MR",
    "PhaseEncodingDirection": "j-",
    "PixelBandwidth": 3005,
    "RepetitionTime": 3,
    "ScanningSequence": "EP",
    "SequenceVariant": "SK",
    "SliceThickness": 3,
    "SliceTiming": [
      0,
      1.5225,
      0.055,
      1.58,
      0.1125,
      1.6375,
      0.17,
      1.6925,
      0.225,
      1.75,
      0.2825,
      1.805,
      0.3375,
      1.8625,
      0.395,
      1.92,
      0.45,
      1.975,
      0.5075,
      2.0325,
      0.565,
      2.0875,
      0.62,
      2.145,
      0.6775,
      2.2,
      0.7325,
      2.2575,
      0.79,
      2.315,
      0.8475,
      2.37,
      0.9025,
      2.4275,
      0.96,
      2.4825,
      1.015,
      2.54,
      1.0725,
      2.595,
      1.1275,
      2.6525,
      1.185,
      2.71,
      1.2425,
      2.765,
      1.2975,
      2.8225,
      1.355,
      2.8775,
      1.41,
      2.935,
      1.4675
    ],
    "SpacingBetweenSlices": 3,
    "TaskName": "risk choice task",
    "TotalReadoutTime": 0.0315,
    "dataset": "ds002843",
    "modality": "bold",
    "run_id": 4,
    "session_id": "scan1",
    "subject_id": "dmp0018",
    "task_id": "risk"
  },
  "dummy_trs": 0,
  "dvars_nstd": 32.34927049753845,
  "dvars_std": 1.2161446892307697,
  "dvars_vstd": 1.0324428241538464,
  "efc": 0.6078017719119582,
  "fber": 206.83734130859375,
  "fd_mean": 0.33861959825190613,
  "fd_num": 75,
  "fd_perc": 57.25190839694657,
  "fwhm_avg": 2.754221111111111,
  "fwhm_x": 2.6176133333333333,
  "fwhm_y": 2.7068666666666665,
  "fwhm_z": 2.9381833333333334,
  "gcor": 0.0387975,
  "gsr_x": -0.006518153939396143,
  "gsr_y": 0.11880965530872345,
  "provenance": {
    "md5sum": "7907559d5937e0dfe3d8e991e870c92e",
    "settings": {
      "fd_thres": 0.2,
      "testing": false
    },
    "software": "mriqc",
    "version": "21.0.0rc2",
    "webapi_port": null,
    "webapi_url": "https://mriqc.nimh.nih.gov/api/v1"
  },
  "size_t": 131,
  "size_x": 64,
  "size_y": 64,
  "size_z": 53,
  "snr": 2.3839920256758313,
  "spacing_tr": 3.0,
  "spacing_x": 3.0,
  "spacing_y": 3.0,
  "spacing_z": 3.0,
  "summary_bg_k": 15.735571588791064,
  "summary_bg_mad": 26.50576207043797,
  "summary_bg_mean": 101.25279235839844,
  "summary_bg_median": 47.66412353515625,
  "summary_bg_n": 122048.0,
  "summary_bg_p05": 27.274808883666992,
  "summary_bg_p95": 364.35268096923795,
  "summary_bg_stdv": 128.380126953125,
  "summary_fg_k": 2.9828694116158063,
  "summary_fg_mad": 231.04822660274218,
  "summary_fg_mean": 779.8003540039062,
  "summary_fg_median": 708.1908569335938,
  "summary_fg_n": 49101.0,
  "summary_fg_p05": 439.3893127441406,
  "summary_fg_p95": 1374.992431640625,
  "summary_fg_stdv": 297.0578918457031,
  "tsnr": 52.261232018936425
}