{
  "aor": 0.0022218750000000003,
  "aqi": 0.0028614451249999997,
  "bids_meta": {
    "BandwidthPerPixelPhaseEncode": 31.25,
    "EchoTime": 0.025,
    "EffectiveEchoSpacing": 0.0005,
    "FlipAngle": 75,
    "ImageType": [
      "ORIGINAL",
      "PRIMARY",
      "M",
      "ND",
      "MOSAIC"
    ],
    "MagneticFieldStrength": 3,
    "Manufacturer": "Siemens",
    "ManufacturersModelName": "TrioTim",
    "Modality": "MR",
    "PhaseEncodingDirection": "j-",
    "PixelBandwidth": 3005,
    "RepetitionTime": 3,
    "ScanningSequence": "EP",
    "SequenceVariant": "SK",
    "SliceThickness": 3,
    "SliceTiming": [
      0,
      1.5225,
      0.055,
      1.58,
      0.1125,
      1.635,
      0.1675,
      1.6925,
      0.225,
      1.75,
      0.2825,
      1.805,
      0.3375,
      1.8625,
      0.395,
      1.9175,
      0.45,
      1.975,
      0.5075,
      2.03,
      0.5625,
      2.0875,
      0.62,
      2.145,
      0.6775,
      2.2,
      0.7325,
      2.2575,
      0.79,
      2.3125,
      0.845,
      2.37,
      0.9025,
      2.425,
      0.9575,
      2.4825,
      1.015,
      2.54,
      1.0725,
      2.595,
      1.1275,
      2.6525,
      1.185,
      2.7075,
      1.24,
      2.765,
      1.2975,
      2.8225,
      1.355,
      2.8775,
      1.41,
      2.935,
      1.4675
    ],
    "SpacingBetweenSlices": 3,
    "TaskName": "rest",
    "TotalReadoutTime": 0.0315,
    "dataset": "ds002843",
    "modality": "bold",
    "session_id": "scan2",
    "subject_id": "dmp1083",
    "task_id": "rest"
  },
  "dummy_trs": 0,
  "dvars_nstd": 22.395677770440244,
  "dvars_std": 1.232015865220126,
  "dvars_vstd": 0.9909037059119498,
  "efc": 0.5287969070543724,
  "fber": 547.9903564453125,
  "fd_mean": 0.08751634690604498,
  "fd_num": 11,
  "fd_perc": 6.875,
  "fwhm_avg": 2.5040311111111113,
  "fwhm_x": 2.4240266666666668,
  "fwhm_y": 2.4971733333333335,
  "fwhm_z": 2.5908933333333333,
  "gcor": 0.058732,
  "gsr_x": -0.006667869631201029,
  "gsr_y": 0.039043039083480835,
  "provenance": {
    "md5sum": "0639603b1d1b934b71cca919e794a0c0",
    "settings": {
      "fd_thres": 0.2,
      "testing": false
    },
    "software": "mriqc",
    "version": "21.0.0rc2",
    "webapi_port": null,
    "webapi_url": "https://mriqc.nimh.nih.gov/api/v1"
  },
  "size_t": 160,
  "size_x": 64,
  "size_y": 64,
  "size_z": 53,
  "snr": 3.3380230078079314,
  "spacing_tr": 3.0,
  "spacing_x": 3.0,
  "spacing_y": 3.0,
  "spacing_z": 3.0,
  "summary_bg_k": 22.15739429799539,
  "summary_bg_mad": 7.941186436167042,
  "summary_bg_mean": 56.56487274169922,
  "summary_bg_median": 30.28125,
  "summary_bg_n": 139571.0,
  "summary_bg_p05": 24.256250381469727,
  "summary_bg_p95": 195.125,
  "summary_bg_stdv": 68.6570816040039,
  "summary_fg_k": 2.177046848481206,
  "summary_fg_mad": 195.73127353616482,
  "summary_fg_mean": 755.6625366210938,
  "summary_fg_median": 718.96875,
  "summary_fg_n": 36107.0,
  "summary_fg_p05": 476.8025146484375,
  "summary_fg_p95": 1149.8981567382812,
  "summary_fg_stdv": 215.38461303710938,
  "tsnr": 78.39958116342314
}