{
  "aor": 0.005872692307692309,
  "aqi": 0.00706034576923077,
  "bids_meta": {
    "BandwidthPerPixelPhaseEncode": 31.25,
    "EchoTime": 0.025,
    "EffectiveEchoSpacing": 0.0005,
    "FlipAngle": 75,
    "ImageType": [
      "ORIGINAL",
      "PRIMARY",
      "M",
      "ND",
      "MOSAIC"
    ],
    "MagneticFieldStrength": 3,
    "Manufacturer": "Siemens",
    "ManufacturersModelName": "TrioTim",
    "Modality": "MR",
    "PhaseEncodingDirection": "j-",
    "PixelBandwidth": 3005,
    "RepetitionTime": 3,
    "ScanningSequence": "EP",
    "SequenceVariant": "SK",
    "SliceThickness": 3,
    "SliceTiming": [
      0,
      1.5225,
      0.055,
      1.58,
      0.1125,
      1.6375,
      0.17,
      1.6925,
      0.225,
      1.75,
      0.2825,
      1.805,
      0.3375,
      1.8625,
      0.395,
      1.92,
      0.45,
      1.975,
      0.5075,
      2.0325,
      0.565,
      2.0875,
      0.62,
      2.145,
      0.6775,
      2.2,
      0.7325,
      2.2575,
      0.79,
      2.315,
      0.8475,
      2.37,
      0.9025,
      2.4275,
      0.96,
      2.4825,
      1.015,
      2.54,
      1.0725,
      2.595,
      1.1275,
      2.6525,
      1.185,
      2.71,
      1.2425,
      2.765,
      1.2975,
      2.8225,
      1.355,
      2.8775,
      1.41,
      2.935,
      1.4675
    ],
    "SpacingBetweenSlices": 3,
    "TaskName": "intertemporal choice task",
    "TotalReadoutTime": 0.0315,
    "dataset": "ds002843",
    "modality": "bold",
    "run_id": 3,
    "session_id": "scan2",
    "subject_id": "dmp1052",
    "task_id": "itc"
  },
  "dummy_trs": 0,
  "dvars_nstd": 34.39205273368931,
  "dvars_std": 1.1306597124271844,
  "dvars_vstd": 0.9531225450485439,
  "efc": 0.5296622864366177,
  "fber": 419.6553039550781,
  "fd_mean": 0.2839018015456359,
  "fd_num": 46,
  "fd_perc": 44.23076923076923,
  "fwhm_avg": 2.970234444444445,
  "fwhm_x": 2.8585733333333336,
  "fwhm_y": 2.83712,
  "fwhm_z": 3.21501,
  "gcor": 0.033286,
  "gsr_x": -0.00975124817341566,
  "gsr_y": 0.06656303256750107,
  "provenance": {
    "md5sum": "3d2f8dacc2b06443b7bc514ffd2ecd98",
    "settings": {
      "fd_thres": 0.2,
      "testing": false
    },
    "software": "mriqc",
    "version": "21.0.0rc2",
    "webapi_port": null,
    "webapi_url": "https://mriqc.nimh.nih.gov/api/v1"
  },
  "size_t": 104,
  "size_x": 64,
  "size_y": 64,
  "size_z": 53,
  "snr": 2.024247831359432,
  "spacing_tr": 3.0,
  "spacing_x": 3.0,
  "spacing_y": 3.0,
  "spacing_z": 3.0,
  "summary_bg_k": 39.83006392056006,
  "summary_bg_mad": 12.502327235729235,
  "summary_bg_mean": 64.31608581542969,
  "summary_bg_median": 34.30769348144531,
  "summary_bg_n": 132157.0,
  "summary_bg_p05": 22.346155166625977,
  "summary_bg_p95": 216.09231567382804,
  "summary_bg_stdv": 85.35823822021484,
  "summary_fg_k": 3.822313238856923,
  "summary_fg_mad": 251.21556217582992,
  "summary_fg_mean": 803.8013305664062,
  "summary_fg_median": 708.3846435546875,
  "summary_fg_n": 42701.0,
  "summary_fg_p05": 428.8846435546875,
  "summary_fg_p95": 1524.115478515625,
  "summary_fg_stdv": 349.9454650878906,
  "tsnr": 43.8247104594484
}