{
  "aor": 0.008330288461538462,
  "aqi": 0.00408629673076923,
  "bids_meta": {
    "BandwidthPerPixelPhaseEncode": 31.25,
    "EchoTime": 0.025,
    "EffectiveEchoSpacing": 0.0005,
    "FlipAngle": 75,
    "ImageType": [
      "ORIGINAL",
      "PRIMARY",
      "M",
      "ND",
      "MOSAIC"
    ],
    "MagneticFieldStrength": 3,
    "Manufacturer": "Siemens",
    "ManufacturersModelName": "TrioTim",
    "Modality": "MR",
    "PhaseEncodingDirection": "j-",
    "PixelBandwidth": 3005,
    "RepetitionTime": 3,
    "ScanningSequence": "EP",
    "SequenceVariant": "SK",
    "SliceThickness": 3,
    "SliceTiming": [
      0,
      1.5225,
      0.055,
      1.58,
      0.1125,
      1.6375,
      0.17,
      1.6925,
      0.225,
      1.75,
      0.2825,
      1.805,
      0.3375,
      1.8625,
      0.395,
      1.92,
      0.45,
      1.975,
      0.5075,
      2.0325,
      0.565,
      2.0875,
      0.62,
      2.145,
      0.6775,
      2.2,
      0.7325,
      2.2575,
      0.79,
      2.315,
      0.8475,
      2.37,
      0.9025,
      2.4275,
      0.96,
      2.4825,
      1.015,
      2.54,
      1.0725,
      2.595,
      1.1275,
      2.6525,
      1.185,
      2.71,
      1.2425,
      2.765,
      1.2975,
      2.8225,
      1.355,
      2.8775,
      1.41,
      2.935,
      1.4675
    ],
    "SpacingBetweenSlices": 3,
    "TaskName": "risk choice task",
    "TotalReadoutTime": 0.0315,
    "dataset": "ds002843",
    "modality": "bold",
    "run_id": 3,
    "session_id": "scan2",
    "subject_id": "dmp1052",
    "task_id": "risk"
  },
  "dummy_trs": 0,
  "dvars_nstd": 32.13305013970874,
  "dvars_std": 1.270394825728155,
  "dvars_vstd": 1.0271389911650486,
  "efc": 0.5278976271789328,
  "fber": 430.06170654296875,
  "fd_mean": 0.21574114776495648,
  "fd_num": 35,
  "fd_perc": 33.65384615384615,
  "fwhm_avg": 3.0297633333333334,
  "fwhm_x": 2.95173,
  "fwhm_y": 2.8780366666666666,
  "fwhm_z": 3.2595233333333336,
  "gcor": 0.0438524,
  "gsr_x": -0.010706967674195766,
  "gsr_y": 0.06771814078092575,
  "provenance": {
    "md5sum": "bfddf262a6fb577876d9c1670dc361a4",
    "settings": {
      "fd_thres": 0.2,
      "testing": false
    },
    "software": "mriqc",
    "version": "21.0.0rc2",
    "webapi_port": null,
    "webapi_url": "https://mriqc.nimh.nih.gov/api/v1"
  },
  "size_t": 104,
  "size_x": 64,
  "size_y": 64,
  "size_z": 53,
  "snr": 1.9638569432676112,
  "spacing_tr": 3.0,
  "spacing_x": 3.0,
  "spacing_y": 3.0,
  "spacing_z": 3.0,
  "summary_bg_k": 37.49124214468005,
  "summary_bg_mad": 11.033980155207882,
  "summary_bg_mean": 65.68833923339844,
  "summary_bg_median": 34.028846740722656,
  "summary_bg_n": 132389.0,
  "summary_bg_p05": 25.39423179626465,
  "summary_bg_p95": 219.4961639404296,
  "summary_bg_stdv": 88.99398040771484,
  "summary_fg_k": 3.997972107509665,
  "summary_fg_mad": 257.55942378034257,
  "summary_fg_mean": 809.37255859375,
  "summary_fg_median": 710.0673217773438,
  "summary_fg_n": 42683.0,
  "summary_fg_p05": 426.0038757324219,
  "summary_fg_p95": 1553.0683715820314,
  "summary_fg_stdv": 361.5635070800781,
  "tsnr": 58.17861090565566
}