{
  "bids_meta": {
    "EchoTime": 0.09,
    "FlipAngle": 180,
    "ImageType": [
      "ORIGINAL",
      "PRIMARY",
      "M",
      "ND",
      "NORM"
    ],
    "ImagingFrequency": 123.204,
    "MagneticFieldStrength": 3,
    "Manufacturer": "Siemens",
    "ManufacturersModelName": "TrioTim",
    "Modality": "MR",
    "PhaseEncodingDirection": "i",
    "RepetitionTime": 7,
    "ScanningSequence": "SE",
    "SequenceVariant": "SK_SP_OSP",
    "SliceThickness": 3,
    "SpacingBetweenSlices": 3,
    "dataset": "ds002843",
    "modality": "T2w",
    "session_id": "scan2",
    "subject_id": "dmp1221"
  },
  "cjv": 0.5191493287245078,
  "cnr": 2.602429426291739,
  "efc": 0.6393687436354292,
  "fber": 838.3200574693442,
  "fwhm_avg": 2.703214311771159,
  "fwhm_x": 2.98364,
  "fwhm_y": 3.4565866666666665,
  "fwhm_z": 1.6694162686468121,
  "icvs_csf": 0.11550606230617728,
  "icvs_gm": 0.4218267793751219,
  "icvs_wm": 0.4626671583187008,
  "inu_med": 1.1652495861053467,
  "inu_range": 0.3042152225971222,
  "provenance": {
    "md5sum": "efe989075853c4d818fd4cf72c8cd2ae",
    "settings": {
      "testing": false
    },
    "software": "mriqc",
    "version": "21.0.0rc2",
    "warnings": {
      "large_rot_frame": false,
      "small_air_mask": false
    },
    "webapi_port": null,
    "webapi_url": "https://mriqc.nimh.nih.gov/api/v1"
  },
  "qi_1": 0.0,
  "qi_2": 0.0007179242448163533,
  "rpve_csf": 19.109998394745467,
  "rpve_gm": 5.242825745977778,
  "rpve_wm": 5.457789637488673,
  "size_x": 256,
  "size_y": 256,
  "size_z": 44,
  "snr_csf": 2.300415590928902,
  "snr_gm": 9.399690617729034,
  "snr_total": 6.469037085012825,
  "snr_wm": 7.707005046380541,
  "snrd_csf": 57.62202723983845,
  "snrd_gm": 34.870202671823414,
  "snrd_total": 38.19631252661754,
  "snrd_wm": 22.09670766819076,
  "spacing_x": 0.75,
  "spacing_y": 0.75,
  "spacing_z": 3.0000007152557373,
  "summary_bg_k": 168.81827123629512,
  "summary_bg_mad": 29.909403551762683,
  "summary_bg_mean": 50.60138287746517,
  "summary_bg_median": 33.66173964738846,
  "summary_bg_n": 804727.0,
  "summary_bg_p05": 3.4013604521751404,
  "summary_bg_p95": 144.03002190589905,
  "summary_bg_stdv": 66.30352755807398,
  "summary_csf_k": 0.042499077404570595,
  "summary_csf_mad": 763.9070337377527,
  "summary_csf_mean": 2560.0437118181117,
  "summary_csf_median": 2630.6590890288353,
  "summary_csf_n": 68193.0,
  "summary_csf_p05": 468.56672435998917,
  "summary_csf_p95": 4552.122794950008,
  "summary_csf_stdv": 1143.5498050850792,
  "summary_gm_k": -0.029273723666010554,
  "summary_gm_mad": 170.41404349260134,
  "summary_gm_mean": 1601.0951926664811,
  "summary_gm_median": 1591.95397990942,
  "summary_gm_n": 259425.0,
  "summary_gm_p05": 1338.3766937851906,
  "summary_gm_p95": 1894.2059069871902,
  "summary_gm_stdv": 169.3620541795658,
  "summary_wm_k": -0.16040821456909438,
  "summary_wm_mad": 132.33172152843838,
  "summary_wm_mean": 1000.9938124858959,
  "summary_wm_median": 1008.7965947985649,
  "summary_wm_n": 311475.0,
  "summary_wm_p05": 772.8125523924828,
  "summary_wm_p95": 1204.6680415272713,
  "summary_wm_stdv": 130.89325481691358,
  "tpm_overlap_csf": 0.15714670717716217,
  "tpm_overlap_gm": 0.4391288161277771,
  "tpm_overlap_wm": 0.48577940464019775,
  "wm2max": 0.1965538517790626
}