{
  "bids_meta": {
    "EchoTime": 0.09,
    "FlipAngle": 180,
    "ImageType": [
      "ORIGINAL",
      "PRIMARY",
      "M",
      "ND",
      "NORM"
    ],
    "ImagingFrequency": 123.204,
    "MagneticFieldStrength": 3,
    "Manufacturer": "Siemens",
    "ManufacturersModelName": "TrioTim",
    "Modality": "MR",
    "PhaseEncodingDirection": "i",
    "RepetitionTime": 7,
    "ScanningSequence": "SE",
    "SequenceVariant": "SK_SP_OSP",
    "SliceThickness": 3,
    "SpacingBetweenSlices": 3,
    "dataset": "ds002843",
    "modality": "T2w",
    "session_id": "scan1",
    "subject_id": "dmp0755"
  },
  "cjv": 0.6084876680624257,
  "cnr": 2.2613788518264504,
  "efc": 0.6569948501861059,
  "fber": 2605.4560553765186,
  "fwhm_avg": 2.7450600935190845,
  "fwhm_x": 3.15356,
  "fwhm_y": 3.3165066666666667,
  "fwhm_z": 1.7651136138905867,
  "icvs_csf": 0.16099995379713913,
  "icvs_gm": 0.4173846207437436,
  "icvs_wm": 0.42161542545911723,
  "inu_med": 1.157387137413025,
  "inu_range": 0.4098132848739624,
  "provenance": {
    "md5sum": "ccaf26b3c3e12e11aa9f56eceaba10f8",
    "settings": {
      "testing": false
    },
    "software": "mriqc",
    "version": "21.0.0rc2",
    "warnings": {
      "large_rot_frame": false,
      "small_air_mask": true
    },
    "webapi_port": null,
    "webapi_url": "https://mriqc.nimh.nih.gov/api/v1"
  },
  "qi_1": 0.0,
  "qi_2": 0.0015619359228612822,
  "rpve_csf": 9.895000815527647,
  "rpve_gm": 3.990724640852762,
  "rpve_wm": 4.639342570352376,
  "size_x": 256,
  "size_y": 256,
  "size_z": 32,
  "snr_csf": 3.1836926162482424,
  "snr_gm": 9.688306680581148,
  "snr_total": 7.354390434040721,
  "snr_wm": 9.191172005292774,
  "snrd_csf": 110.09316199984775,
  "snrd_gm": 59.8686803720628,
  "snrd_total": 70.73556445536161,
  "snrd_wm": 42.24485099417431,
  "spacing_x": 0.75,
  "spacing_y": 0.75,
  "spacing_z": 2.999999523162842,
  "summary_bg_k": 128.25137264283345,
  "summary_bg_mad": 15.342914527154042,
  "summary_bg_mean": 24.415664076554005,
  "summary_bg_median": 18.386416129767895,
  "summary_bg_n": 480840.0,
  "summary_bg_p05": 2.3108610436320305,
  "summary_bg_p95": 64.30222034454346,
  "summary_bg_stdv": 27.96568571976997,
  "summary_csf_k": 0.6821336604860373,
  "summary_csf_mad": 643.3596877939641,
  "summary_csf_mean": 2534.0944203818017,
  "summary_csf_median": 2578.318091377616,
  "summary_csf_n": 95785.0,
  "summary_csf_p05": 724.4047010689974,
  "summary_csf_p95": 3760.2330901980404,
  "summary_csf_stdv": 809.8472256088876,
  "summary_gm_k": 0.02227093464178287,
  "summary_gm_mad": 144.49152515863514,
  "summary_gm_mean": 1406.8109102935487,
  "summary_gm_median": 1402.0898201689124,
  "summary_gm_n": 229028.0,
  "summary_gm_p05": 1177.9362989366055,
  "summary_gm_p95": 1652.868479512632,
  "summary_gm_stdv": 144.7194856061522,
  "summary_wm_k": 0.05349564571036369,
  "summary_wm_mad": 106.65560001400286,
  "summary_wm_mean": 985.2371350530924,
  "summary_wm_median": 989.3499433323741,
  "summary_wm_n": 273800.0,
  "summary_wm_p05": 800.356675240025,
  "summary_wm_p95": 1154.9281607195735,
  "summary_wm_stdv": 107.64112955987936,
  "tpm_overlap_csf": 0.1910502165555954,
  "tpm_overlap_gm": 0.44283270835876465,
  "tpm_overlap_wm": 0.5024637579917908,
  "wm2max": 0.23321495903793482
}