{
  "aor": 0.0016444554455445543,
  "aqi": 0.0029168994059405938,
  "bids_meta": {
    "BandwidthPerPixelPhaseEncode": 31.25,
    "EchoTime": 0.025,
    "EffectiveEchoSpacing": 0.0005,
    "FlipAngle": 75,
    "ImageType": [
      "ORIGINAL",
      "PRIMARY",
      "M",
      "ND",
      "MOSAIC"
    ],
    "MagneticFieldStrength": 3,
    "Manufacturer": "Siemens",
    "ManufacturersModelName": "TrioTim",
    "Modality": "MR",
    "PhaseEncodingDirection": "j-",
    "PixelBandwidth": 3005,
    "RepetitionTime": 3,
    "ScanningSequence": "EP",
    "SequenceVariant": "SK",
    "SliceThickness": 3,
    "SliceTiming": [
      0,
      1.5225,
      0.055,
      1.58,
      0.1125,
      1.6375,
      0.17,
      1.6925,
      0.225,
      1.75,
      0.2825,
      1.805,
      0.3375,
      1.8625,
      0.395,
      1.92,
      0.45,
      1.975,
      0.5075,
      2.0325,
      0.565,
      2.0875,
      0.62,
      2.145,
      0.6775,
      2.2,
      0.7325,
      2.2575,
      0.79,
      2.315,
      0.8475,
      2.37,
      0.9025,
      2.4275,
      0.96,
      2.4825,
      1.015,
      2.54,
      1.0725,
      2.595,
      1.1275,
      2.6525,
      1.185,
      2.71,
      1.2425,
      2.765,
      1.2975,
      2.8225,
      1.355,
      2.8775,
      1.41,
      2.935,
      1.4675
    ],
    "SpacingBetweenSlices": 3,
    "TaskName": "intertemporal choice task",
    "TotalReadoutTime": 0.0315,
    "dataset": "ds002843",
    "modality": "bold",
    "run_id": 1,
    "session_id": "scan1",
    "subject_id": "dmp0730",
    "task_id": "itc"
  },
  "dummy_trs": 3,
  "dvars_nstd": 21.197279653600006,
  "dvars_std": 1.2122390768000002,
  "dvars_vstd": 1.0059385623,
  "efc": 0.5140791465209921,
  "fber": 554.7898559570312,
  "fd_mean": 0.10737359860384606,
  "fd_num": 4,
  "fd_perc": 3.9603960396039604,
  "fwhm_avg": 2.276098888888889,
  "fwhm_x": 2.1938166666666667,
  "fwhm_y": 2.1827166666666664,
  "fwhm_z": 2.4517633333333335,
  "gcor": 0.0115068,
  "gsr_x": -0.007199601735919714,
  "gsr_y": 0.033504586666822433,
  "provenance": {
    "md5sum": "153ec12e581a24d31e00be3a35a288e5",
    "settings": {
      "fd_thres": 0.2,
      "testing": false
    },
    "software": "mriqc",
    "version": "21.0.0rc2",
    "webapi_port": null,
    "webapi_url": "https://mriqc.nimh.nih.gov/api/v1"
  },
  "size_t": 101,
  "size_x": 64,
  "size_y": 64,
  "size_z": 53,
  "snr": 3.750823772283064,
  "spacing_tr": 3.0,
  "spacing_x": 3.0,
  "spacing_y": 3.0,
  "spacing_z": 3.0,
  "summary_bg_k": 29.988961325641114,
  "summary_bg_mad": 6.664371740254156,
  "summary_bg_mean": 53.07230758666992,
  "summary_bg_median": 29.346534729003906,
  "summary_bg_n": 146574.0,
  "summary_bg_p05": 24.20792007446289,
  "summary_bg_p95": 176.3267364501953,
  "summary_bg_stdv": 63.67648696899414,
  "summary_fg_k": 1.411603518970444,
  "summary_fg_mad": 172.53968824117973,
  "summary_fg_mean": 724.3568115234375,
  "summary_fg_median": 695.6732177734375,
  "summary_fg_n": 31568.0,
  "summary_fg_p05": 479.0237518310547,
  "summary_fg_p95": 1068.4717590332032,
  "summary_fg_stdv": 185.46917724609375,
  "tsnr": 86.63529189303517
}