{
  "bids_meta": {
    "EchoTime": 0.00311,
    "FlipAngle": 15,
    "ImageType": [
      "ORIGINAL",
      "PRIMARY",
      "M",
      "ND",
      "NORM"
    ],
    "InversionTime": 1.1,
    "MagneticFieldStrength": 3,
    "Manufacturer": "Siemens",
    "ManufacturersModelName": "TrioTim",
    "Modality": "MR",
    "RepetitionTime": 1.63,
    "ScanningSequence": "GR_IR",
    "SequenceVariant": "SP_MP",
    "SliceThickness": 1,
    "dataset": "ds002843",
    "modality": "T1w",
    "session_id": "scan2",
    "subject_id": "dmp0848"
  },
  "cjv": 1.4181933318923865,
  "cnr": 1.044537994098666,
  "efc": 0.6258242951211118,
  "fber": 9373.4794921875,
  "fwhm_avg": 3.798939555555556,
  "fwhm_x": 3.6472320000000003,
  "fwhm_y": 4.289866666666667,
  "fwhm_z": 3.45972,
  "icvs_csf": 0.18134770655892915,
  "icvs_gm": 0.44684419700562167,
  "icvs_wm": 0.37180809643544915,
  "inu_med": 1.1144386529922485,
  "inu_range": 0.38787800073623646,
  "provenance": {
    "md5sum": "3c9dc50261e8d18f8099405cd0db3c47",
    "settings": {
      "testing": false
    },
    "software": "mriqc",
    "version": "21.0.0rc2",
    "warnings": {
      "large_rot_frame": true,
      "small_air_mask": false
    },
    "webapi_port": null,
    "webapi_url": "https://mriqc.nimh.nih.gov/api/v1"
  },
  "qi_1": 0.0,
  "qi_2": 0.008290619795166342,
  "rpve_csf": 17.11517675728151,
  "rpve_gm": 7.617143378839557,
  "rpve_wm": 10.470845009264329,
  "size_x": 192,
  "size_y": 256,
  "size_z": 160,
  "snr_csf": 3.0822389049744103,
  "snr_gm": 9.919080231868513,
  "snr_total": 12.537023714885962,
  "snr_wm": 24.609752007814958,
  "snrd_csf": 49.31253930577588,
  "snrd_gm": 99.61741383985253,
  "snrd_total": 86.69492957918298,
  "snrd_wm": 111.15483559192052,
  "spacing_x": 0.9375,
  "spacing_y": 0.9375,
  "spacing_z": 1.0,
  "summary_bg_k": 17.390563014939705,
  "summary_bg_mad": 5.894140774374569,
  "summary_bg_mean": 8.205195426940918,
  "summary_bg_median": 5.996699810028076,
  "summary_bg_n": 1744995.0,
  "summary_bg_p05": 0.0,
  "summary_bg_p95": 21.527784347534173,
  "summary_bg_stdv": 7.75102424621582,
  "summary_csf_k": -0.07154451222421443,
  "summary_csf_mad": 159.082521266044,
  "summary_csf_mean": 472.8505554199219,
  "summary_csf_median": 443.6557922363281,
  "summary_csf_n": 27549.0,
  "summary_csf_p05": 282.2969055175781,
  "summary_csf_p95": 714.121533203125,
  "summary_csf_stdv": 143.9368438720703,
  "summary_gm_k": -0.8699152930600169,
  "summary_gm_mad": 106.9766635667352,
  "summary_gm_mean": 888.8706665039062,
  "summary_gm_median": 896.2394409179688,
  "summary_gm_n": 46971.0,
  "summary_gm_p05": 740.0931701660156,
  "summary_gm_p95": 1024.928466796875,
  "summary_gm_stdv": 90.35413360595703,
  "summary_wm_k": 0.36840572376489034,
  "summary_wm_mad": 40.23187353141581,
  "summary_wm_mean": 1001.882080078125,
  "summary_wm_median": 1000.0394897460938,
  "summary_wm_n": 212240.0,
  "summary_wm_p05": 939.3635162353515,
  "summary_wm_p95": 1070.8150756835937,
  "summary_wm_stdv": 40.635807037353516,
  "tpm_overlap_csf": 0.16612814366817474,
  "tpm_overlap_gm": 0.4279942214488983,
  "tpm_overlap_wm": 0.4485796093940735,
  "wm2max": 0.5423076677583825
}