{
  "aor": 0.0014061635220125786,
  "aqi": 0.0039911728301886785,
  "bids_meta": {
    "BandwidthPerPixelPhaseEncode": 31.25,
    "EchoTime": 0.025,
    "EffectiveEchoSpacing": 0.0005,
    "FlipAngle": 75,
    "ImageType": [
      "ORIGINAL",
      "PRIMARY",
      "M",
      "ND",
      "MOSAIC"
    ],
    "MagneticFieldStrength": 3,
    "Manufacturer": "Siemens",
    "ManufacturersModelName": "TrioTim",
    "Modality": "MR",
    "PhaseEncodingDirection": "j-",
    "PixelBandwidth": 3005,
    "RepetitionTime": 3,
    "ScanningSequence": "EP",
    "SequenceVariant": "SK",
    "SliceThickness": 3,
    "SliceTiming": [
      0,
      1.5225,
      0.055,
      1.58,
      0.1125,
      1.635,
      0.1675,
      1.6925,
      0.225,
      1.75,
      0.2825,
      1.805,
      0.3375,
      1.8625,
      0.395,
      1.9175,
      0.45,
      1.975,
      0.5075,
      2.03,
      0.5625,
      2.0875,
      0.62,
      2.145,
      0.6775,
      2.2,
      0.7325,
      2.2575,
      0.79,
      2.3125,
      0.845,
      2.37,
      0.9025,
      2.425,
      0.9575,
      2.4825,
      1.015,
      2.54,
      1.0725,
      2.595,
      1.1275,
      2.6525,
      1.185,
      2.7075,
      1.24,
      2.765,
      1.2975,
      2.8225,
      1.355,
      2.8775,
      1.41,
      2.935,
      1.4675
    ],
    "SpacingBetweenSlices": 3,
    "TaskName": "rest",
    "TotalReadoutTime": 0.0315,
    "dataset": "ds002843",
    "modality": "bold",
    "session_id": "scan1",
    "subject_id": "dmp0267",
    "task_id": "rest"
  },
  "dummy_trs": 1,
  "dvars_nstd": 25.3375302086076,
  "dvars_std": 1.1513001728481018,
  "dvars_vstd": 0.9989170220253158,
  "efc": 0.5969467060647561,
  "fber": 258.03717041015625,
  "fd_mean": 0.14863624260314276,
  "fd_num": 37,
  "fd_perc": 23.270440251572328,
  "fwhm_avg": 2.420948888888889,
  "fwhm_x": 2.2233033333333334,
  "fwhm_y": 2.4393866666666666,
  "fwhm_z": 2.6001566666666664,
  "gcor": 0.0170048,
  "gsr_x": -0.030476273968815804,
  "gsr_y": 0.05559994652867317,
  "provenance": {
    "md5sum": "31724d33aea8b338828f10df26972a7e",
    "settings": {
      "fd_thres": 0.2,
      "testing": false
    },
    "software": "mriqc",
    "version": "21.0.0rc2",
    "webapi_port": null,
    "webapi_url": "https://mriqc.nimh.nih.gov/api/v1"
  },
  "size_t": 159,
  "size_x": 64,
  "size_y": 64,
  "size_z": 53,
  "snr": 3.003932497013507,
  "spacing_tr": 3.0,
  "spacing_x": 3.0,
  "spacing_y": 3.0,
  "spacing_z": 3.0,
  "summary_bg_k": 25.457329035656826,
  "summary_bg_mad": 13.707074446712816,
  "summary_bg_mean": 65.93197631835938,
  "summary_bg_median": 34.92452621459961,
  "summary_bg_n": 126729.0,
  "summary_bg_p05": 25.12578582763672,
  "summary_bg_p95": 195.77735595703092,
  "summary_bg_stdv": 72.91865539550781,
  "summary_fg_k": 1.7351967108969308,
  "summary_fg_mad": 182.99414231863707,
  "summary_fg_mean": 623.5560913085938,
  "summary_fg_median": 589.1068725585938,
  "summary_fg_n": 46009.0,
  "summary_fg_p05": 366.6377197265625,
  "summary_fg_p95": 986.3056274414062,
  "summary_fg_stdv": 196.10975646972656,
  "tsnr": 68.8938140089158
}