{
  "aor": 0.004640288461538462,
  "aqi": 0.004575993173076923,
  "bids_meta": {
    "BandwidthPerPixelPhaseEncode": 31.25,
    "EchoTime": 0.025,
    "EffectiveEchoSpacing": 0.0005,
    "FlipAngle": 75,
    "ImageType": [
      "ORIGINAL",
      "PRIMARY",
      "M",
      "ND",
      "MOSAIC"
    ],
    "MagneticFieldStrength": 3,
    "Manufacturer": "Siemens",
    "ManufacturersModelName": "TrioTim",
    "Modality": "MR",
    "PhaseEncodingDirection": "j-",
    "PixelBandwidth": 3005,
    "RepetitionTime": 3,
    "ScanningSequence": "EP",
    "SequenceVariant": "SK",
    "SliceThickness": 3,
    "SliceTiming": [
      0,
      1.5225,
      0.055,
      1.58,
      0.1125,
      1.6375,
      0.17,
      1.6925,
      0.225,
      1.75,
      0.2825,
      1.805,
      0.3375,
      1.8625,
      0.395,
      1.92,
      0.45,
      1.975,
      0.5075,
      2.0325,
      0.565,
      2.0875,
      0.62,
      2.145,
      0.6775,
      2.2,
      0.7325,
      2.2575,
      0.79,
      2.315,
      0.8475,
      2.37,
      0.9025,
      2.4275,
      0.96,
      2.4825,
      1.015,
      2.54,
      1.0725,
      2.595,
      1.1275,
      2.6525,
      1.185,
      2.71,
      1.2425,
      2.765,
      1.2975,
      2.8225,
      1.355,
      2.8775,
      1.41,
      2.935,
      1.4675
    ],
    "SpacingBetweenSlices": 3,
    "TaskName": "risk choice task",
    "TotalReadoutTime": 0.0315,
    "dataset": "ds002843",
    "modality": "bold",
    "run_id": 3,
    "session_id": "scan1",
    "subject_id": "dmp0154",
    "task_id": "risk"
  },
  "dummy_trs": 0,
  "dvars_nstd": 19.92723899213592,
  "dvars_std": 1.1601409619417475,
  "dvars_vstd": 1.0278673184466016,
  "efc": 0.5565371902507695,
  "fber": 356.8604431152344,
  "fd_mean": 0.10812819270206629,
  "fd_num": 11,
  "fd_perc": 10.576923076923077,
  "fwhm_avg": 2.40516653467771,
  "fwhm_x": 2.2330833333333335,
  "fwhm_y": 2.262593153518585,
  "fwhm_z": 2.7198231171812126,
  "gcor": 0.0295186,
  "gsr_x": -0.014929888769984245,
  "gsr_y": 0.04645046591758728,
  "provenance": {
    "md5sum": "1d0b00083098bd9ad2ecb8fedc5da38a",
    "settings": {
      "fd_thres": 0.2,
      "testing": false
    },
    "software": "mriqc",
    "version": "21.0.0rc2",
    "webapi_port": null,
    "webapi_url": "https://mriqc.nimh.nih.gov/api/v1"
  },
  "size_t": 104,
  "size_x": 64,
  "size_y": 64,
  "size_z": 53,
  "snr": 3.5804684836698044,
  "spacing_tr": 3.0,
  "spacing_x": 3.0,
  "spacing_y": 3.000000238418579,
  "spacing_z": 3.000000238418579,
  "summary_bg_k": 26.343965402538473,
  "summary_bg_mad": 10.805886636102617,
  "summary_bg_mean": 62.19780349731445,
  "summary_bg_median": 32.375,
  "summary_bg_n": 141945.0,
  "summary_bg_p05": 24.56730842590332,
  "summary_bg_p95": 208.89231872558582,
  "summary_bg_stdv": 71.32953643798828,
  "summary_fg_k": 1.799136420305902,
  "summary_fg_mad": 144.65343722988172,
  "summary_fg_mean": 654.4920654296875,
  "summary_fg_median": 620.625,
  "summary_fg_n": 34667.0,
  "summary_fg_p05": 429.548095703125,
  "summary_fg_p95": 985.0317749023435,
  "summary_fg_stdv": 173.33375549316406,
  "tsnr": 73.44669093284756
}