{
  "aor": 0.006033270440251572,
  "aqi": 0.0042459594968553465,
  "bids_meta": {
    "BandwidthPerPixelPhaseEncode": 31.25,
    "EchoTime": 0.025,
    "EffectiveEchoSpacing": 0.0005,
    "FlipAngle": 75,
    "ImageType": [
      "ORIGINAL",
      "PRIMARY",
      "M",
      "ND",
      "MOSAIC"
    ],
    "MagneticFieldStrength": 3,
    "Manufacturer": "Siemens",
    "ManufacturersModelName": "TrioTim",
    "Modality": "MR",
    "PhaseEncodingDirection": "j-",
    "PixelBandwidth": 3005,
    "RepetitionTime": 3,
    "ScanningSequence": "EP",
    "SequenceVariant": "SK",
    "SliceThickness": 3,
    "SliceTiming": [
      0,
      1.5225,
      0.055,
      1.58,
      0.1125,
      1.635,
      0.1675,
      1.6925,
      0.225,
      1.75,
      0.2825,
      1.805,
      0.3375,
      1.8625,
      0.395,
      1.9175,
      0.45,
      1.975,
      0.5075,
      2.03,
      0.5625,
      2.0875,
      0.62,
      2.145,
      0.6775,
      2.2,
      0.7325,
      2.2575,
      0.79,
      2.3125,
      0.845,
      2.37,
      0.9025,
      2.425,
      0.9575,
      2.4825,
      1.015,
      2.54,
      1.0725,
      2.595,
      1.1275,
      2.6525,
      1.185,
      2.7075,
      1.24,
      2.765,
      1.2975,
      2.8225,
      1.355,
      2.8775,
      1.41,
      2.935,
      1.4675
    ],
    "SpacingBetweenSlices": 3,
    "TaskName": "rest",
    "TotalReadoutTime": 0.0315,
    "dataset": "ds002843",
    "modality": "bold",
    "session_id": "scan2",
    "subject_id": "dmp0357",
    "task_id": "rest"
  },
  "dummy_trs": 1,
  "dvars_nstd": 18.562324735189875,
  "dvars_std": 1.0864514601265827,
  "dvars_vstd": 1.0148094767721516,
  "efc": 0.5536036675730235,
  "fber": 358.6184387207031,
  "fd_mean": 0.14225521322569273,
  "fd_num": 26,
  "fd_perc": 16.352201257861637,
  "fwhm_avg": 2.3346401274873694,
  "fwhm_x": 2.1914333333333333,
  "fwhm_y": 2.274380180751497,
  "fwhm_z": 2.5381068683772776,
  "gcor": 0.023552,
  "gsr_x": -0.01624547317624092,
  "gsr_y": 0.03471044823527336,
  "provenance": {
    "md5sum": "5b5f387b73e87216623e4bba2467ce0d",
    "settings": {
      "fd_thres": 0.2,
      "testing": false
    },
    "software": "mriqc",
    "version": "21.0.0rc2",
    "webapi_port": null,
    "webapi_url": "https://mriqc.nimh.nih.gov/api/v1"
  },
  "size_t": 159,
  "size_x": 64,
  "size_y": 64,
  "size_z": 53,
  "snr": 3.3922500502056203,
  "spacing_tr": 3.0,
  "spacing_x": 3.0,
  "spacing_y": 2.999999761581421,
  "spacing_z": 2.999999761581421,
  "summary_bg_k": 41.289578224410405,
  "summary_bg_mad": 11.683650787153866,
  "summary_bg_mean": 65.86119842529297,
  "summary_bg_median": 33.76100540161133,
  "summary_bg_n": 140400.0,
  "summary_bg_p05": 25.01886749267578,
  "summary_bg_p95": 220.51571655273438,
  "summary_bg_stdv": 86.30297088623047,
  "summary_fg_k": 1.2785150548958848,
  "summary_fg_mad": 169.08655709749235,
  "summary_fg_mean": 683.7227172851562,
  "summary_fg_median": 650.072265625,
  "summary_fg_n": 35888.0,
  "summary_fg_p05": 426.65879821777344,
  "summary_fg_p95": 1050.1990112304688,
  "summary_fg_stdv": 191.63186645507812,
  "tsnr": 70.63422950450331
}