{
  "aor": 0.007595288461538461,
  "aqi": 0.00346167,
  "bids_meta": {
    "BandwidthPerPixelPhaseEncode": 31.25,
    "EchoTime": 0.025,
    "EffectiveEchoSpacing": 0.0005,
    "FlipAngle": 75,
    "ImageType": [
      "ORIGINAL",
      "PRIMARY",
      "M",
      "ND",
      "MOSAIC"
    ],
    "MagneticFieldStrength": 3,
    "Manufacturer": "Siemens",
    "ManufacturersModelName": "TrioTim",
    "Modality": "MR",
    "PhaseEncodingDirection": "j-",
    "PixelBandwidth": 3005,
    "RepetitionTime": 3,
    "ScanningSequence": "EP",
    "SequenceVariant": "SK",
    "SliceThickness": 3,
    "SliceTiming": [
      0,
      1.5225,
      0.055,
      1.58,
      0.1125,
      1.6375,
      0.17,
      1.6925,
      0.225,
      1.75,
      0.2825,
      1.805,
      0.3375,
      1.8625,
      0.395,
      1.92,
      0.45,
      1.975,
      0.5075,
      2.0325,
      0.565,
      2.0875,
      0.62,
      2.145,
      0.6775,
      2.2,
      0.7325,
      2.2575,
      0.79,
      2.315,
      0.8475,
      2.37,
      0.9025,
      2.4275,
      0.96,
      2.4825,
      1.015,
      2.54,
      1.0725,
      2.595,
      1.1275,
      2.6525,
      1.185,
      2.71,
      1.2425,
      2.765,
      1.2975,
      2.8225,
      1.355,
      2.8775,
      1.41,
      2.935,
      1.4675
    ],
    "SpacingBetweenSlices": 3,
    "TaskName": "risk choice task",
    "TotalReadoutTime": 0.0315,
    "dataset": "ds002843",
    "modality": "bold",
    "run_id": 1,
    "session_id": "scan2",
    "subject_id": "dmp0357",
    "task_id": "risk"
  },
  "dummy_trs": 0,
  "dvars_nstd": 21.674868925728152,
  "dvars_std": 1.1358342113592235,
  "dvars_vstd": 1.023296753883495,
  "efc": 0.5547328311702371,
  "fber": 355.2819519042969,
  "fd_mean": 0.1584167759221781,
  "fd_num": 17,
  "fd_perc": 16.346153846153847,
  "fwhm_avg": 2.3577945744262903,
  "fwhm_x": 2.1667333333333336,
  "fwhm_y": 2.321550184500232,
  "fwhm_z": 2.585100205445306,
  "gcor": 0.0271995,
  "gsr_x": -0.019958749413490295,
  "gsr_y": 0.038283318281173706,
  "provenance": {
    "md5sum": "d66214c6c96d3ad21eb8438e91c310e2",
    "settings": {
      "fd_thres": 0.2,
      "testing": false
    },
    "software": "mriqc",
    "version": "21.0.0rc2",
    "webapi_port": null,
    "webapi_url": "https://mriqc.nimh.nih.gov/api/v1"
  },
  "size_t": 104,
  "size_x": 64,
  "size_y": 64,
  "size_z": 53,
  "snr": 3.418221103716462,
  "spacing_tr": 3.0,
  "spacing_x": 3.0,
  "spacing_y": 2.999999761581421,
  "spacing_z": 2.999999761581421,
  "summary_bg_k": 51.59239514455045,
  "summary_bg_mad": 10.706100670212862,
  "summary_bg_mean": 63.09333419799805,
  "summary_bg_median": 33.39423370361328,
  "summary_bg_n": 138760.0,
  "summary_bg_p05": 25.76923179626465,
  "summary_bg_p95": 203.6826934814453,
  "summary_bg_stdv": 81.1290054321289,
  "summary_fg_k": 1.1010232288852055,
  "summary_fg_mad": 167.80488982931584,
  "summary_fg_mean": 681.8689575195312,
  "summary_fg_median": 648.3557739257812,
  "summary_fg_n": 36001.0,
  "summary_fg_p05": 425.2500305175781,
  "summary_fg_p95": 1047.3558349609375,
  "summary_fg_stdv": 189.67373657226562,
  "tsnr": 72.43046924821101
}