{
  "aor": 0.010616442307692308,
  "aqi": 0.004385030288461538,
  "bids_meta": {
    "BandwidthPerPixelPhaseEncode": 31.25,
    "EchoTime": 0.025,
    "EffectiveEchoSpacing": 0.0005,
    "FlipAngle": 75,
    "ImageType": [
      "ORIGINAL",
      "PRIMARY",
      "M",
      "ND",
      "MOSAIC"
    ],
    "MagneticFieldStrength": 3,
    "Manufacturer": "Siemens",
    "ManufacturersModelName": "TrioTim",
    "Modality": "MR",
    "PhaseEncodingDirection": "j-",
    "PixelBandwidth": 3005,
    "RepetitionTime": 3,
    "ScanningSequence": "EP",
    "SequenceVariant": "SK",
    "SliceThickness": 3,
    "SliceTiming": [
      0,
      1.5225,
      0.055,
      1.58,
      0.1125,
      1.6375,
      0.17,
      1.6925,
      0.225,
      1.75,
      0.2825,
      1.805,
      0.3375,
      1.8625,
      0.395,
      1.92,
      0.45,
      1.975,
      0.5075,
      2.0325,
      0.565,
      2.0875,
      0.62,
      2.145,
      0.6775,
      2.2,
      0.7325,
      2.2575,
      0.79,
      2.315,
      0.8475,
      2.37,
      0.9025,
      2.4275,
      0.96,
      2.4825,
      1.015,
      2.54,
      1.0725,
      2.595,
      1.1275,
      2.6525,
      1.185,
      2.71,
      1.2425,
      2.765,
      1.2975,
      2.8225,
      1.355,
      2.8775,
      1.41,
      2.935,
      1.4675
    ],
    "SpacingBetweenSlices": 3,
    "TaskName": "intertemporal choice task",
    "TotalReadoutTime": 0.0315,
    "dataset": "ds002843",
    "modality": "bold",
    "run_id": 3,
    "session_id": "scan1",
    "subject_id": "dmp0019",
    "task_id": "itc"
  },
  "dummy_trs": 0,
  "dvars_nstd": 26.711899775631068,
  "dvars_std": 1.1573532170873788,
  "dvars_vstd": 1.032075562135922,
  "efc": 0.58873349072744,
  "fber": 311.49066162109375,
  "fd_mean": 0.1655329435759875,
  "fd_num": 25,
  "fd_perc": 24.03846153846154,
  "fwhm_avg": 2.4313244444444444,
  "fwhm_x": 2.28229,
  "fwhm_y": 2.3405866666666664,
  "fwhm_z": 2.6710966666666667,
  "gcor": 0.0202374,
  "gsr_x": 0.005525905638933182,
  "gsr_y": 0.05487002804875374,
  "provenance": {
    "md5sum": "55492aec868dd79e66cb9b9e6ae82697",
    "settings": {
      "fd_thres": 0.2,
      "testing": false
    },
    "software": "mriqc",
    "version": "21.0.0rc2",
    "webapi_port": null,
    "webapi_url": "https://mriqc.nimh.nih.gov/api/v1"
  },
  "size_t": 104,
  "size_x": 64,
  "size_y": 64,
  "size_z": 53,
  "snr": 2.9916749985554465,
  "spacing_tr": 3.0,
  "spacing_x": 3.0,
  "spacing_y": 3.0,
  "spacing_z": 3.0,
  "summary_bg_k": 20.178783822171965,
  "summary_bg_mad": 16.436923473259192,
  "summary_bg_mean": 81.02433776855469,
  "summary_bg_median": 38.94231033325195,
  "summary_bg_n": 128075.0,
  "summary_bg_p05": 27.057693481445312,
  "summary_bg_p95": 277.94520568847645,
  "summary_bg_stdv": 100.77781677246094,
  "summary_fg_k": 2.151130539764055,
  "summary_fg_mad": 208.61210423629674,
  "summary_fg_mean": 749.3978271484375,
  "summary_fg_median": 703.90869140625,
  "summary_fg_n": 44500.0,
  "summary_fg_p05": 453.29713439941406,
  "summary_fg_p95": 1194.3389526367184,
  "summary_fg_stdv": 235.28651428222656,
  "tsnr": 60.487782769836485
}