{
  "aor": 0.01409567307692308,
  "aqi": 0.0037943174038461537,
  "bids_meta": {
    "BandwidthPerPixelPhaseEncode": 31.25,
    "EchoTime": 0.025,
    "EffectiveEchoSpacing": 0.0005,
    "FlipAngle": 75,
    "ImageType": [
      "ORIGINAL",
      "PRIMARY",
      "M",
      "ND",
      "MOSAIC"
    ],
    "MagneticFieldStrength": 3,
    "Manufacturer": "Siemens",
    "ManufacturersModelName": "TrioTim",
    "Modality": "MR",
    "PhaseEncodingDirection": "j-",
    "PixelBandwidth": 3005,
    "RepetitionTime": 3,
    "ScanningSequence": "EP",
    "SequenceVariant": "SK",
    "SliceThickness": 3,
    "SliceTiming": [
      0,
      1.5225,
      0.055,
      1.58,
      0.1125,
      1.6375,
      0.17,
      1.6925,
      0.225,
      1.75,
      0.2825,
      1.805,
      0.3375,
      1.8625,
      0.395,
      1.92,
      0.45,
      1.975,
      0.5075,
      2.0325,
      0.565,
      2.0875,
      0.62,
      2.145,
      0.6775,
      2.2,
      0.7325,
      2.2575,
      0.79,
      2.315,
      0.8475,
      2.37,
      0.9025,
      2.4275,
      0.96,
      2.4825,
      1.015,
      2.54,
      1.0725,
      2.595,
      1.1275,
      2.6525,
      1.185,
      2.71,
      1.2425,
      2.765,
      1.2975,
      2.8225,
      1.355,
      2.8775,
      1.41,
      2.935,
      1.4675
    ],
    "SpacingBetweenSlices": 3,
    "TaskName": "risk choice task",
    "TotalReadoutTime": 0.0315,
    "dataset": "ds002843",
    "modality": "bold",
    "run_id": 3,
    "session_id": "scan1",
    "subject_id": "dmp1231",
    "task_id": "risk"
  },
  "dummy_trs": 0,
  "dvars_nstd": 25.973378134660194,
  "dvars_std": 1.263947050679612,
  "dvars_vstd": 1.0904973175728154,
  "efc": 0.5708350110898388,
  "fber": 321.8823547363281,
  "fd_mean": 0.21333014469189554,
  "fd_num": 19,
  "fd_perc": 18.26923076923077,
  "fwhm_avg": 2.6125255555555555,
  "fwhm_x": 2.4643566666666668,
  "fwhm_y": 2.549796666666667,
  "fwhm_z": 2.823423333333333,
  "gcor": 0.0845428,
  "gsr_x": 0.008828493766486645,
  "gsr_y": 0.05218883603811264,
  "provenance": {
    "md5sum": "c2ecc5a21d3ac60678871dcb2df7b959",
    "settings": {
      "fd_thres": 0.2,
      "testing": false
    },
    "software": "mriqc",
    "version": "21.0.0rc2",
    "webapi_port": null,
    "webapi_url": "https://mriqc.nimh.nih.gov/api/v1"
  },
  "size_t": 104,
  "size_x": 64,
  "size_y": 64,
  "size_z": 53,
  "snr": 2.9952922594010007,
  "spacing_tr": 3.0,
  "spacing_x": 3.0,
  "spacing_y": 3.0,
  "spacing_z": 3.0,
  "summary_bg_k": 29.304234754450825,
  "summary_bg_mad": 15.524557880356069,
  "summary_bg_mean": 73.0715103149414,
  "summary_bg_median": 37.38461685180664,
  "summary_bg_n": 133162.0,
  "summary_bg_p05": 26.163461685180664,
  "summary_bg_p95": 253.94184112548825,
  "summary_bg_stdv": 95.55082702636719,
  "summary_fg_k": 1.7663594114154213,
  "summary_fg_mad": 197.47838053278883,
  "summary_fg_mean": 731.9939575195312,
  "summary_fg_median": 685.3029174804688,
  "summary_fg_n": 40686.0,
  "summary_fg_p05": 446.40386962890625,
  "summary_fg_p95": 1185.7356567382812,
  "summary_fg_stdv": 228.79052734375,
  "tsnr": 61.30651829007547
}