{
  "bids_meta": {
    "EchoTime": 0.09,
    "FlipAngle": 180,
    "ImageType": [
      "ORIGINAL",
      "PRIMARY",
      "M",
      "ND",
      "NORM"
    ],
    "ImagingFrequency": 123.204,
    "MagneticFieldStrength": 3,
    "Manufacturer": "Siemens",
    "ManufacturersModelName": "TrioTim",
    "Modality": "MR",
    "PhaseEncodingDirection": "i",
    "RepetitionTime": 7,
    "ScanningSequence": "SE",
    "SequenceVariant": "SK_SP_OSP",
    "SliceThickness": 3,
    "SpacingBetweenSlices": 3,
    "dataset": "ds002843",
    "modality": "T2w",
    "session_id": "scan1",
    "subject_id": "dmp1225"
  },
  "cjv": 0.5257601046310104,
  "cnr": 2.614931031880555,
  "efc": 0.6250388825358102,
  "fber": 2462.640625,
  "fwhm_avg": 2.8664185161133773,
  "fwhm_x": 3.4143866666666667,
  "fwhm_y": 3.4258933333333332,
  "fwhm_z": 1.758975548340131,
  "icvs_csf": 0.19747483561781148,
  "icvs_gm": 0.4154553425002149,
  "icvs_wm": 0.38706982188197364,
  "inu_med": 1.3090474605560303,
  "inu_range": 0.32561866044998156,
  "provenance": {
    "md5sum": "85dd5ff6822321681c9ca2cb81c9339a",
    "settings": {
      "testing": false
    },
    "software": "mriqc",
    "version": "21.0.0rc2",
    "warnings": {
      "large_rot_frame": false,
      "small_air_mask": false
    },
    "webapi_port": null,
    "webapi_url": "https://mriqc.nimh.nih.gov/api/v1"
  },
  "qi_1": 0.0,
  "qi_2": 0.0030338205066702127,
  "rpve_csf": 10.134469102885822,
  "rpve_gm": 4.908767931358091,
  "rpve_wm": 6.024776746629312,
  "size_x": 256,
  "size_y": 256,
  "size_z": 44,
  "snr_csf": 3.6595687244604345,
  "snr_gm": 9.332818145049917,
  "snr_total": 6.851187306694331,
  "snr_wm": 7.561175050572639,
  "snrd_csf": 147.3723231717181,
  "snrd_gm": 70.32564310748984,
  "snrd_total": 87.54286883339724,
  "snrd_wm": 44.930640220983776,
  "spacing_x": 0.75,
  "spacing_y": 0.75,
  "spacing_z": 3.000001907348633,
  "summary_bg_k": 1357.5121171113651,
  "summary_bg_mad": 14.511130347442517,
  "summary_bg_mean": 25.036095068145357,
  "summary_bg_median": 21.239110842347145,
  "summary_bg_n": 683973.0,
  "summary_bg_p05": 3.1320347785949707,
  "summary_bg_p95": 58.82352818548679,
  "summary_bg_stdv": 33.02284506188401,
  "summary_csf_k": 1.7586460314047931,
  "summary_csf_mad": 715.1085035219672,
  "summary_csf_mean": 3149.9397621957833,
  "summary_csf_median": 3264.265371903777,
  "summary_csf_n": 146545.0,
  "summary_csf_p05": 1012.2736404418947,
  "summary_csf_p95": 4337.378787919879,
  "summary_csf_stdv": 891.9778477311311,
  "summary_gm_k": 0.034071706427902804,
  "summary_gm_mad": 168.18400072685876,
  "summary_gm_mean": 1561.2367206416,
  "summary_gm_median": 1557.6979219168425,
  "summary_gm_n": 265831.0,
  "summary_gm_p05": 1295.781513556838,
  "summary_gm_p95": 1840.853441119194,
  "summary_gm_stdv": 166.90510495752164,
  "summary_wm_k": 0.24027195383979905,
  "summary_wm_mad": 127.55283575401972,
  "summary_wm_mean": 984.8868269480472,
  "summary_wm_median": 995.2040508985519,
  "summary_wm_n": 290253.0,
  "summary_wm_p05": 750.7683116465807,
  "summary_wm_p95": 1183.4197658747435,
  "summary_wm_stdv": 131.62006300175452,
  "tpm_overlap_csf": 0.16848516464233398,
  "tpm_overlap_gm": 0.43960002064704895,
  "tpm_overlap_wm": 0.4720798432826996,
  "wm2max": 0.20756350554265648
}