{
  "bids_meta": {
    "EchoTime": 0.00311,
    "FlipAngle": 15,
    "ImageType": [
      "ORIGINAL",
      "PRIMARY",
      "M",
      "ND",
      "NORM"
    ],
    "InversionTime": 1.1,
    "MagneticFieldStrength": 3,
    "Manufacturer": "Siemens",
    "ManufacturersModelName": "TrioTim",
    "Modality": "MR",
    "RepetitionTime": 1.63,
    "ScanningSequence": "GR_IR",
    "SequenceVariant": "SP_MP",
    "SliceThickness": 1,
    "dataset": "ds002843",
    "modality": "T1w",
    "session_id": "scan2",
    "subject_id": "dmp1135"
  },
  "cjv": 0.4855129982787108,
  "cnr": 2.666966011335117,
  "efc": 0.6732365702436455,
  "fber": 5147.5947265625,
  "fwhm_avg": 3.7445117777777774,
  "fwhm_x": 3.554666666666667,
  "fwhm_y": 4.259338666666666,
  "fwhm_z": 3.41953,
  "icvs_csf": 0.20413380711781967,
  "icvs_gm": 0.3954335037794188,
  "icvs_wm": 0.40043268910276153,
  "inu_med": 1.1260123252868652,
  "inu_range": 0.3576729476451872,
  "provenance": {
    "md5sum": "d3064fb3985d5b5c860000a398ed1432",
    "settings": {
      "testing": false
    },
    "software": "mriqc",
    "version": "21.0.0rc2",
    "warnings": {
      "large_rot_frame": true,
      "small_air_mask": false
    },
    "webapi_port": null,
    "webapi_url": "https://mriqc.nimh.nih.gov/api/v1"
  },
  "qi_1": 0.004086507119552782,
  "qi_2": 0.0067051387800816705,
  "rpve_csf": 13.286165647426003,
  "rpve_gm": 6.848311823506541,
  "rpve_wm": 8.064591026275357,
  "size_x": 192,
  "size_y": 256,
  "size_z": 160,
  "snr_csf": 2.4833280553780153,
  "snr_gm": 12.958087023803172,
  "snr_total": 13.123833976598364,
  "snr_wm": 23.930086850613908,
  "snrd_csf": 33.67074976490342,
  "snrd_gm": 65.86274256549368,
  "snrd_total": 60.65682830934853,
  "snrd_wm": 82.43699259764851,
  "spacing_x": 0.9375,
  "spacing_y": 0.9375,
  "spacing_z": 1.0,
  "summary_bg_k": 50.07764917913673,
  "summary_bg_mad": 7.947315777881158,
  "summary_bg_mean": 11.487175941467285,
  "summary_bg_median": 8.046367645263672,
  "summary_bg_n": 1739839.0,
  "summary_bg_p05": 0.0,
  "summary_bg_p95": 31.849666213989256,
  "summary_bg_stdv": 11.643836975097656,
  "summary_csf_k": 36.422055787274715,
  "summary_csf_mad": 119.23093556563832,
  "summary_csf_mean": 452.6573181152344,
  "summary_csf_median": 408.4524841308594,
  "summary_csf_n": 51315.0,
  "summary_csf_p05": 281.08984375,
  "summary_csf_p95": 683.2827270507812,
  "summary_csf_stdv": 164.47625732421875,
  "summary_gm_k": 0.26035701306340453,
  "summary_gm_mad": 59.33702741255904,
  "summary_gm_mean": 802.7760620117188,
  "summary_gm_median": 798.9664916992188,
  "summary_gm_n": 20978.0,
  "summary_gm_p05": 708.6795654296875,
  "summary_gm_p95": 912.5952728271484,
  "summary_gm_stdv": 61.656280517578125,
  "summary_wm_k": 1.511820031338904,
  "summary_wm_mad": 38.279533268704725,
  "summary_wm_mean": 1004.1254272460938,
  "summary_wm_median": 1000.0250854492188,
  "summary_wm_n": 278365.0,
  "summary_wm_p05": 944.32666015625,
  "summary_wm_p95": 1077.3864990234374,
  "summary_wm_stdv": 41.789371490478516,
  "tpm_overlap_csf": 0.18039917945861816,
  "tpm_overlap_gm": 0.4370526075363159,
  "tpm_overlap_wm": 0.4891292452812195,
  "wm2max": 0.4240024618389722
}