{
  "bids_meta": {
    "EchoTime": 0.09,
    "FlipAngle": 180,
    "ImageType": [
      "ORIGINAL",
      "PRIMARY",
      "M",
      "ND",
      "NORM"
    ],
    "ImagingFrequency": 123.204,
    "MagneticFieldStrength": 3,
    "Manufacturer": "Siemens",
    "ManufacturersModelName": "TrioTim",
    "Modality": "MR",
    "PhaseEncodingDirection": "i",
    "RepetitionTime": 7,
    "ScanningSequence": "SE",
    "SequenceVariant": "SK_SP_OSP",
    "SliceThickness": 3,
    "SpacingBetweenSlices": 3,
    "dataset": "ds002843",
    "modality": "T2w",
    "session_id": "scan2",
    "subject_id": "dmp1135"
  },
  "cjv": 0.5403186794055523,
  "cnr": 2.4339345581468437,
  "efc": 0.6740139176963394,
  "fber": 4299.822749652822,
  "fwhm_avg": 2.7478535490262925,
  "fwhm_x": 3.2202933333333337,
  "fwhm_y": 3.39484,
  "fwhm_z": 1.6284273137455438,
  "icvs_csf": 0.19236706725525335,
  "icvs_gm": 0.38292646514127515,
  "icvs_wm": 0.42470646760347147,
  "inu_med": 1.2716273069381714,
  "inu_range": 0.3371124863624573,
  "provenance": {
    "md5sum": "0c8ecbac312ad7b7691c3937a99afc9e",
    "settings": {
      "testing": false
    },
    "software": "mriqc",
    "version": "21.0.0rc2",
    "warnings": {
      "large_rot_frame": true,
      "small_air_mask": false
    },
    "webapi_port": null,
    "webapi_url": "https://mriqc.nimh.nih.gov/api/v1"
  },
  "qi_1": 0.0,
  "qi_2": 0.0016562971392040848,
  "rpve_csf": 9.886803888830915,
  "rpve_gm": 4.809742131262254,
  "rpve_wm": 5.197477319604762,
  "size_x": 256,
  "size_y": 256,
  "size_z": 44,
  "snr_csf": 3.0156942294037545,
  "snr_gm": 9.764499236780647,
  "snr_total": 7.739619164513715,
  "snr_wm": 10.438664027356742,
  "snrd_csf": 142.44932825484477,
  "snrd_gm": 76.08274436093724,
  "snrd_total": 90.46322297312112,
  "snrd_wm": 52.85759630358138,
  "spacing_x": 0.75,
  "spacing_y": 0.75,
  "spacing_z": 2.9999988079071045,
  "summary_bg_k": 202.52011869165776,
  "summary_bg_mad": 12.364831988396014,
  "summary_bg_mean": 21.45358972775396,
  "summary_bg_median": 17.07704547047615,
  "summary_bg_n": 622284.0,
  "summary_bg_p05": 2.8792692944407463,
  "summary_bg_p95": 44.08260574936867,
  "summary_bg_stdv": 40.9268826957667,
  "summary_csf_k": 0.308742292114617,
  "summary_csf_mad": 717.3074557077831,
  "summary_csf_mean": 2539.587966093504,
  "summary_csf_median": 2688.542524971068,
  "summary_csf_n": 152157.0,
  "summary_csf_p05": 577.1445658132434,
  "summary_csf_p95": 3666.50123360008,
  "summary_csf_stdv": 891.5140215404432,
  "summary_gm_k": 0.24216778555507013,
  "summary_gm_mad": 144.69797434039623,
  "summary_gm_mean": 1441.198464755591,
  "summary_gm_median": 1435.961096741259,
  "summary_gm_n": 256807.0,
  "summary_gm_p05": 1210.186669997871,
  "summary_gm_p95": 1689.9325055405498,
  "summary_gm_stdv": 147.0590827158252,
  "summary_wm_k": 0.2770331576427778,
  "summary_wm_mad": 92.14743838971316,
  "summary_wm_mean": 990.2058083007046,
  "summary_wm_median": 997.6171679496765,
  "summary_wm_n": 341453.0,
  "summary_wm_p05": 819.4996122866869,
  "summary_wm_p95": 1133.5385356768966,
  "summary_wm_stdv": 95.56928975710105,
  "tpm_overlap_csf": 0.17199252545833588,
  "tpm_overlap_gm": 0.4131980836391449,
  "tpm_overlap_wm": 0.47420331835746765,
  "wm2max": 0.24078600527198657
}