{
  "aor": 0.02131951923076923,
  "aqi": 0.009073848461538461,
  "bids_meta": {
    "BandwidthPerPixelPhaseEncode": 31.25,
    "EchoTime": 0.025,
    "EffectiveEchoSpacing": 0.0005,
    "FlipAngle": 75,
    "ImageType": [
      "ORIGINAL",
      "PRIMARY",
      "M",
      "ND",
      "MOSAIC"
    ],
    "MagneticFieldStrength": 3,
    "Manufacturer": "Siemens",
    "ManufacturersModelName": "TrioTim",
    "Modality": "MR",
    "PhaseEncodingDirection": "j-",
    "PixelBandwidth": 3005,
    "RepetitionTime": 3,
    "ScanningSequence": "EP",
    "SequenceVariant": "SK",
    "SliceThickness": 3,
    "SliceTiming": [
      0,
      1.5225,
      0.055,
      1.58,
      0.1125,
      1.6375,
      0.17,
      1.6925,
      0.225,
      1.75,
      0.2825,
      1.805,
      0.3375,
      1.8625,
      0.395,
      1.92,
      0.45,
      1.975,
      0.5075,
      2.0325,
      0.565,
      2.0875,
      0.62,
      2.145,
      0.6775,
      2.2,
      0.7325,
      2.2575,
      0.79,
      2.315,
      0.8475,
      2.37,
      0.9025,
      2.4275,
      0.96,
      2.4825,
      1.015,
      2.54,
      1.0725,
      2.595,
      1.1275,
      2.6525,
      1.185,
      2.71,
      1.2425,
      2.765,
      1.2975,
      2.8225,
      1.355,
      2.8775,
      1.41,
      2.935,
      1.4675
    ],
    "SpacingBetweenSlices": 3,
    "TaskName": "risk choice task",
    "TotalReadoutTime": 0.0315,
    "dataset": "ds002843",
    "modality": "bold",
    "run_id": 1,
    "session_id": "scan2",
    "subject_id": "dmp0445",
    "task_id": "risk"
  },
  "dummy_trs": 0,
  "dvars_nstd": 32.213744525242724,
  "dvars_std": 1.2075661385436895,
  "dvars_vstd": 1.0635726629126214,
  "efc": 0.6033040506287365,
  "fber": 310.645751953125,
  "fd_mean": 0.3342513329004419,
  "fd_num": 40,
  "fd_perc": 38.46153846153846,
  "fwhm_avg": 2.6351211111111112,
  "fwhm_x": 2.39829,
  "fwhm_y": 2.62452,
  "fwhm_z": 2.8825533333333335,
  "gcor": 0.0273397,
  "gsr_x": -0.016252819448709488,
  "gsr_y": 0.06778667867183685,
  "provenance": {
    "md5sum": "fa75ccf2582ff12b8e08c8b04a85658c",
    "settings": {
      "fd_thres": 0.2,
      "testing": false
    },
    "software": "mriqc",
    "version": "21.0.0rc2",
    "webapi_port": null,
    "webapi_url": "https://mriqc.nimh.nih.gov/api/v1"
  },
  "size_t": 104,
  "size_x": 64,
  "size_y": 64,
  "size_z": 53,
  "snr": 3.004321558659645,
  "spacing_tr": 3.0,
  "spacing_x": 3.0,
  "spacing_y": 3.0,
  "spacing_z": 3.0,
  "summary_bg_k": 12.020696165153744,
  "summary_bg_mad": 16.65076468221952,
  "summary_bg_mean": 98.177978515625,
  "summary_bg_median": 40.778846740722656,
  "summary_bg_n": 125357.0,
  "summary_bg_p05": 27.76923179626465,
  "summary_bg_p95": 399.55963134765625,
  "summary_bg_stdv": 136.90252685546875,
  "summary_fg_k": 1.2248008422010175,
  "summary_fg_mad": 217.72154744493344,
  "summary_fg_mean": 788.444580078125,
  "summary_fg_median": 743.7596435546875,
  "summary_fg_n": 45344.0,
  "summary_fg_p05": 466.9754913330078,
  "summary_fg_p95": 1263.5245605468747,
  "summary_fg_stdv": 247.56053161621094,
  "tsnr": 42.7398900676053
}