{
  "aor": 0.006584903846153845,
  "aqi": 0.007850609807692309,
  "bids_meta": {
    "BandwidthPerPixelPhaseEncode": 31.25,
    "EchoTime": 0.025,
    "EffectiveEchoSpacing": 0.0005,
    "FlipAngle": 75,
    "ImageType": [
      "ORIGINAL",
      "PRIMARY",
      "M",
      "ND",
      "MOSAIC"
    ],
    "MagneticFieldStrength": 3,
    "Manufacturer": "Siemens",
    "ManufacturersModelName": "TrioTim",
    "Modality": "MR",
    "PhaseEncodingDirection": "j-",
    "PixelBandwidth": 3005,
    "RepetitionTime": 3,
    "ScanningSequence": "EP",
    "SequenceVariant": "SK",
    "SliceThickness": 3,
    "SliceTiming": [
      0,
      1.5225,
      0.055,
      1.58,
      0.1125,
      1.6375,
      0.17,
      1.6925,
      0.225,
      1.75,
      0.2825,
      1.805,
      0.3375,
      1.8625,
      0.395,
      1.92,
      0.45,
      1.975,
      0.5075,
      2.0325,
      0.565,
      2.0875,
      0.62,
      2.145,
      0.6775,
      2.2,
      0.7325,
      2.2575,
      0.79,
      2.315,
      0.8475,
      2.37,
      0.9025,
      2.4275,
      0.96,
      2.4825,
      1.015,
      2.54,
      1.0725,
      2.595,
      1.1275,
      2.6525,
      1.185,
      2.71,
      1.2425,
      2.765,
      1.2975,
      2.8225,
      1.355,
      2.8775,
      1.41,
      2.935,
      1.4675
    ],
    "SpacingBetweenSlices": 3,
    "TaskName": "intertemporal choice task",
    "TotalReadoutTime": 0.0315,
    "dataset": "ds002843",
    "modality": "bold",
    "run_id": 2,
    "session_id": "scan2",
    "subject_id": "dmp0445",
    "task_id": "itc"
  },
  "dummy_trs": 0,
  "dvars_nstd": 30.662564027475725,
  "dvars_std": 1.1895895404854366,
  "dvars_vstd": 1.005201297864078,
  "efc": 0.6037325613911383,
  "fber": 313.70050048828125,
  "fd_mean": 0.2772950438662738,
  "fd_num": 55,
  "fd_perc": 52.88461538461539,
  "fwhm_avg": 2.6420044444444444,
  "fwhm_x": 2.39181,
  "fwhm_y": 2.5999766666666666,
  "fwhm_z": 2.934226666666667,
  "gcor": 0.0243817,
  "gsr_x": -0.016233552247285843,
  "gsr_y": 0.0673207938671112,
  "provenance": {
    "md5sum": "d6b0930e4778647fc5cbe0e124cbe0ba",
    "settings": {
      "fd_thres": 0.2,
      "testing": false
    },
    "software": "mriqc",
    "version": "21.0.0rc2",
    "webapi_port": null,
    "webapi_url": "https://mriqc.nimh.nih.gov/api/v1"
  },
  "size_t": 104,
  "size_x": 64,
  "size_y": 64,
  "size_z": 53,
  "snr": 3.038209916525477,
  "spacing_tr": 3.0,
  "spacing_x": 3.0,
  "spacing_y": 3.0,
  "spacing_z": 3.0,
  "summary_bg_k": 12.098611022798943,
  "summary_bg_mad": 15.952231814758786,
  "summary_bg_mean": 98.07709503173828,
  "summary_bg_median": 40.31731033325195,
  "summary_bg_n": 125500.0,
  "summary_bg_p05": 27.980770111083984,
  "summary_bg_p95": 403.55818939208973,
  "summary_bg_stdv": 138.41575622558594,
  "summary_fg_k": 1.2566506509828468,
  "summary_fg_mad": 216.95889049317773,
  "summary_fg_mean": 785.9035034179688,
  "summary_fg_median": 743.5625,
  "summary_fg_n": 45152.0,
  "summary_fg_p05": 466.9783874511719,
  "summary_fg_p95": 1254.7971313476562,
  "summary_fg_stdv": 244.7343292236328,
  "tsnr": 50.61261393874884
}