{
  "aor": 0.0023320000000000003,
  "aqi": 0.00477352375,
  "bids_meta": {
    "BandwidthPerPixelPhaseEncode": 31.25,
    "EchoTime": 0.025,
    "EffectiveEchoSpacing": 0.0005,
    "FlipAngle": 75,
    "ImageType": [
      "ORIGINAL",
      "PRIMARY",
      "M",
      "ND",
      "MOSAIC"
    ],
    "MagneticFieldStrength": 3,
    "Manufacturer": "Siemens",
    "ManufacturersModelName": "TrioTim",
    "Modality": "MR",
    "PhaseEncodingDirection": "j-",
    "PixelBandwidth": 3005,
    "RepetitionTime": 3,
    "ScanningSequence": "EP",
    "SequenceVariant": "SK",
    "SliceThickness": 3,
    "SliceTiming": [
      0,
      1.5225,
      0.055,
      1.58,
      0.1125,
      1.635,
      0.1675,
      1.6925,
      0.225,
      1.75,
      0.2825,
      1.805,
      0.3375,
      1.8625,
      0.395,
      1.9175,
      0.45,
      1.975,
      0.5075,
      2.03,
      0.5625,
      2.0875,
      0.62,
      2.145,
      0.6775,
      2.2,
      0.7325,
      2.2575,
      0.79,
      2.3125,
      0.845,
      2.37,
      0.9025,
      2.425,
      0.9575,
      2.4825,
      1.015,
      2.54,
      1.0725,
      2.595,
      1.1275,
      2.6525,
      1.185,
      2.7075,
      1.24,
      2.765,
      1.2975,
      2.8225,
      1.355,
      2.8775,
      1.41,
      2.935,
      1.4675
    ],
    "SpacingBetweenSlices": 3,
    "TaskName": "rest",
    "TotalReadoutTime": 0.0315,
    "dataset": "ds002843",
    "modality": "bold",
    "session_id": "scan2",
    "subject_id": "dmp0445",
    "task_id": "rest"
  },
  "dummy_trs": 0,
  "dvars_nstd": 29.33283053729559,
  "dvars_std": 1.2302101582389942,
  "dvars_vstd": 0.999545472515723,
  "efc": 0.6009893078965782,
  "fber": 320.01263427734375,
  "fd_mean": 0.1779520444995195,
  "fd_num": 57,
  "fd_perc": 35.625,
  "fwhm_avg": 2.6962011111111113,
  "fwhm_x": 2.44109,
  "fwhm_y": 2.6560833333333336,
  "fwhm_z": 2.99143,
  "gcor": 0.0512747,
  "gsr_x": -0.019609253853559494,
  "gsr_y": 0.06729244440793991,
  "provenance": {
    "md5sum": "b7604ec0c9541772772509fe2aef4bba",
    "settings": {
      "fd_thres": 0.2,
      "testing": false
    },
    "software": "mriqc",
    "version": "21.0.0rc2",
    "webapi_port": null,
    "webapi_url": "https://mriqc.nimh.nih.gov/api/v1"
  },
  "size_t": 160,
  "size_x": 64,
  "size_y": 64,
  "size_z": 53,
  "snr": 2.9700323309588836,
  "spacing_tr": 3.0,
  "spacing_x": 3.0,
  "spacing_y": 3.0,
  "spacing_z": 3.0,
  "summary_bg_k": 14.787209346987026,
  "summary_bg_mad": 15.520994802819835,
  "summary_bg_mean": 95.96459197998047,
  "summary_bg_median": 40.03750228881836,
  "summary_bg_n": 125050.0,
  "summary_bg_p05": 28.21875,
  "summary_bg_p95": 386.2171997070309,
  "summary_bg_stdv": 136.05166625976562,
  "summary_fg_k": 1.2181877207704312,
  "summary_fg_mad": 220.31465347358923,
  "summary_fg_mean": 788.6256713867188,
  "summary_fg_median": 743.5625,
  "summary_fg_n": 45447.0,
  "summary_fg_p05": 464.95751037597654,
  "summary_fg_p95": 1271.7363159179686,
  "summary_fg_stdv": 250.35226440429688,
  "tsnr": 60.957176966476254
}