{
  "aor": 0.0017025624999999999,
  "aqi": 0.0037896677500000005,
  "bids_meta": {
    "BandwidthPerPixelPhaseEncode": 31.25,
    "EchoTime": 0.025,
    "EffectiveEchoSpacing": 0.0005,
    "FlipAngle": 75,
    "ImageType": [
      "ORIGINAL",
      "PRIMARY",
      "M",
      "ND",
      "MOSAIC"
    ],
    "MagneticFieldStrength": 3,
    "Manufacturer": "Siemens",
    "ManufacturersModelName": "TrioTim",
    "Modality": "MR",
    "PhaseEncodingDirection": "j-",
    "PixelBandwidth": 3005,
    "RepetitionTime": 3,
    "ScanningSequence": "EP",
    "SequenceVariant": "SK",
    "SliceThickness": 3,
    "SliceTiming": [
      0,
      1.5225,
      0.055,
      1.58,
      0.1125,
      1.635,
      0.1675,
      1.6925,
      0.225,
      1.75,
      0.2825,
      1.805,
      0.3375,
      1.8625,
      0.395,
      1.9175,
      0.45,
      1.975,
      0.5075,
      2.03,
      0.5625,
      2.0875,
      0.62,
      2.145,
      0.6775,
      2.2,
      0.7325,
      2.2575,
      0.79,
      2.3125,
      0.845,
      2.37,
      0.9025,
      2.425,
      0.9575,
      2.4825,
      1.015,
      2.54,
      1.0725,
      2.595,
      1.1275,
      2.6525,
      1.185,
      2.7075,
      1.24,
      2.765,
      1.2975,
      2.8225,
      1.355,
      2.8775,
      1.41,
      2.935,
      1.4675
    ],
    "SpacingBetweenSlices": 3,
    "TaskName": "rest",
    "TotalReadoutTime": 0.0315,
    "dataset": "ds002843",
    "modality": "bold",
    "session_id": "scan2",
    "subject_id": "dmp0723",
    "task_id": "rest"
  },
  "dummy_trs": 0,
  "dvars_nstd": 18.956128084402515,
  "dvars_std": 1.1309283414465419,
  "dvars_vstd": 1.0013642763522015,
  "efc": 0.562384833437201,
  "fber": 296.9578552246094,
  "fd_mean": 0.06418926468505991,
  "fd_num": 2,
  "fd_perc": 1.25,
  "fwhm_avg": 2.4368576428505335,
  "fwhm_x": 2.21724,
  "fwhm_y": 2.411136475046756,
  "fwhm_z": 2.682196453504844,
  "gcor": 0.0127682,
  "gsr_x": -0.0010334595572203398,
  "gsr_y": 0.06250596791505814,
  "provenance": {
    "md5sum": "7ae3b171d0b7fd53c3d4a7aacada99d4",
    "settings": {
      "fd_thres": 0.2,
      "testing": false
    },
    "software": "mriqc",
    "version": "21.0.0rc2",
    "webapi_port": null,
    "webapi_url": "https://mriqc.nimh.nih.gov/api/v1"
  },
  "size_t": 160,
  "size_x": 64,
  "size_y": 64,
  "size_z": 53,
  "snr": 3.4283234606163204,
  "spacing_tr": 3.0,
  "spacing_x": 3.0,
  "spacing_y": 3.000000238418579,
  "spacing_z": 3.000000238418579,
  "summary_bg_k": 66.48542270410077,
  "summary_bg_mad": 12.426063237257253,
  "summary_bg_mean": 67.6111068725586,
  "summary_bg_median": 34.03750228881836,
  "summary_bg_n": 141275.0,
  "summary_bg_p05": 25.14375114440918,
  "summary_bg_p95": 220.42000427246066,
  "summary_bg_stdv": 95.21607971191406,
  "summary_fg_k": 2.3766260217389545,
  "summary_fg_mad": 145.05870053771724,
  "summary_fg_mean": 629.9716186523438,
  "summary_fg_median": 598.3375244140625,
  "summary_fg_n": 34130.0,
  "summary_fg_p05": 404.655940246582,
  "summary_fg_p95": 958.8490722656248,
  "summary_fg_stdv": 174.52517700195312,
  "tsnr": 82.0100085362792
}