{
  "aor": 0.0008153125000000001,
  "aqi": 0.006610544874999999,
  "bids_meta": {
    "BandwidthPerPixelPhaseEncode": 31.25,
    "EchoTime": 0.025,
    "EffectiveEchoSpacing": 0.0005,
    "FlipAngle": 75,
    "ImageType": [
      "ORIGINAL",
      "PRIMARY",
      "M",
      "ND",
      "MOSAIC"
    ],
    "MagneticFieldStrength": 3,
    "Manufacturer": "Siemens",
    "ManufacturersModelName": "TrioTim",
    "Modality": "MR",
    "PhaseEncodingDirection": "j-",
    "PixelBandwidth": 3005,
    "RepetitionTime": 3,
    "ScanningSequence": "EP",
    "SequenceVariant": "SK",
    "SliceThickness": 3,
    "SliceTiming": [
      0,
      1.5225,
      0.055,
      1.58,
      0.1125,
      1.635,
      0.1675,
      1.6925,
      0.225,
      1.75,
      0.2825,
      1.805,
      0.3375,
      1.8625,
      0.395,
      1.9175,
      0.45,
      1.975,
      0.5075,
      2.03,
      0.5625,
      2.0875,
      0.62,
      2.145,
      0.6775,
      2.2,
      0.7325,
      2.2575,
      0.79,
      2.3125,
      0.845,
      2.37,
      0.9025,
      2.425,
      0.9575,
      2.4825,
      1.015,
      2.54,
      1.0725,
      2.595,
      1.1275,
      2.6525,
      1.185,
      2.7075,
      1.24,
      2.765,
      1.2975,
      2.8225,
      1.355,
      2.8775,
      1.41,
      2.935,
      1.4675
    ],
    "SpacingBetweenSlices": 3,
    "TaskName": "rest",
    "TotalReadoutTime": 0.0315,
    "dataset": "ds002843",
    "modality": "bold",
    "session_id": "scan1",
    "subject_id": "dmp0330",
    "task_id": "rest"
  },
  "dummy_trs": 0,
  "dvars_nstd": 20.8873817818239,
  "dvars_std": 0.9841961209433963,
  "dvars_vstd": 0.8873369355345909,
  "efc": 0.5395285665779213,
  "fber": 438.0494689941406,
  "fd_mean": 0.12445699684160764,
  "fd_num": 24,
  "fd_perc": 15.0,
  "fwhm_avg": 2.8347833333333328,
  "fwhm_x": 2.6502233333333334,
  "fwhm_y": 2.72856,
  "fwhm_z": 3.1255666666666664,
  "gcor": 0.0188714,
  "gsr_x": -0.00035784998908638954,
  "gsr_y": 0.04066677764058113,
  "provenance": {
    "md5sum": "b3b5b9c87d04d599b51773759bcdbadd",
    "settings": {
      "fd_thres": 0.2,
      "testing": false
    },
    "software": "mriqc",
    "version": "21.0.0rc2",
    "webapi_port": null,
    "webapi_url": "https://mriqc.nimh.nih.gov/api/v1"
  },
  "size_t": 160,
  "size_x": 64,
  "size_y": 64,
  "size_z": 53,
  "snr": 2.5407804635829394,
  "spacing_tr": 3.0,
  "spacing_x": 3.0,
  "spacing_y": 3.0,
  "spacing_z": 3.0,
  "summary_bg_k": 32.66242098039763,
  "summary_bg_mad": 10.04462946480759,
  "summary_bg_mean": 64.26042175292969,
  "summary_bg_median": 33.39374923706055,
  "summary_bg_n": 134471.0,
  "summary_bg_p05": 25.556249618530273,
  "summary_bg_p95": 218.75625610351562,
  "summary_bg_stdv": 87.5587387084961,
  "summary_fg_k": 2.6446681994600567,
  "summary_fg_mad": 222.40888340174322,
  "summary_fg_mean": 777.03759765625,
  "summary_fg_median": 712.65625,
  "summary_fg_n": 39733.0,
  "summary_fg_p05": 444.9162536621094,
  "summary_fg_p95": 1338.2713134765627,
  "summary_fg_stdv": 280.4836120605469,
  "tsnr": 51.76369571685791
}