{
  "aor": 0.005934230769230769,
  "aqi": 0.0055421447115384615,
  "bids_meta": {
    "BandwidthPerPixelPhaseEncode": 31.25,
    "EchoTime": 0.025,
    "EffectiveEchoSpacing": 0.0005,
    "FlipAngle": 75,
    "ImageType": [
      "ORIGINAL",
      "PRIMARY",
      "M",
      "ND",
      "MOSAIC"
    ],
    "MagneticFieldStrength": 3,
    "Manufacturer": "Siemens",
    "ManufacturersModelName": "TrioTim",
    "Modality": "MR",
    "PhaseEncodingDirection": "j-",
    "PixelBandwidth": 3005,
    "RepetitionTime": 3,
    "ScanningSequence": "EP",
    "SequenceVariant": "SK",
    "SliceThickness": 3,
    "SliceTiming": [
      0,
      1.5225,
      0.055,
      1.58,
      0.1125,
      1.6375,
      0.17,
      1.6925,
      0.225,
      1.75,
      0.2825,
      1.805,
      0.3375,
      1.8625,
      0.395,
      1.92,
      0.45,
      1.975,
      0.5075,
      2.0325,
      0.565,
      2.0875,
      0.62,
      2.145,
      0.6775,
      2.2,
      0.7325,
      2.2575,
      0.79,
      2.315,
      0.8475,
      2.37,
      0.9025,
      2.4275,
      0.96,
      2.4825,
      1.015,
      2.54,
      1.0725,
      2.595,
      1.1275,
      2.6525,
      1.185,
      2.71,
      1.2425,
      2.765,
      1.2975,
      2.8225,
      1.355,
      2.8775,
      1.41,
      2.935,
      1.4675
    ],
    "SpacingBetweenSlices": 3,
    "TaskName": "intertemporal choice task",
    "TotalReadoutTime": 0.0315,
    "dataset": "ds002843",
    "modality": "bold",
    "run_id": 1,
    "session_id": "scan1",
    "subject_id": "dmp0556",
    "task_id": "itc"
  },
  "dummy_trs": 0,
  "dvars_nstd": 23.35409911582525,
  "dvars_std": 1.068075924660194,
  "dvars_vstd": 0.9510897415533981,
  "efc": 0.6071751458144863,
  "fber": 243.64097595214844,
  "fd_mean": 0.13332752412845472,
  "fd_num": 14,
  "fd_perc": 13.461538461538462,
  "fwhm_avg": 3.052177777777778,
  "fwhm_x": 2.8548566666666666,
  "fwhm_y": 2.7632100000000004,
  "fwhm_z": 3.5384666666666664,
  "gcor": 0.0155181,
  "gsr_x": -0.02505248785018921,
  "gsr_y": 0.0726122036576271,
  "provenance": {
    "md5sum": "900e45334eb585e5fb42e36116ef0321",
    "settings": {
      "fd_thres": 0.2,
      "testing": false
    },
    "software": "mriqc",
    "version": "21.0.0rc2",
    "webapi_port": null,
    "webapi_url": "https://mriqc.nimh.nih.gov/api/v1"
  },
  "size_t": 104,
  "size_x": 64,
  "size_y": 64,
  "size_z": 53,
  "snr": 2.4454704957807696,
  "spacing_tr": 3.0,
  "spacing_x": 3.0,
  "spacing_y": 3.0,
  "spacing_z": 3.0,
  "summary_bg_k": 40.930164826964564,
  "summary_bg_mad": 20.49982726400466,
  "summary_bg_mean": 93.16584777832031,
  "summary_bg_median": 43.490386962890625,
  "summary_bg_n": 120608.0,
  "summary_bg_p05": 28.500001907348633,
  "summary_bg_p95": 314.986061096191,
  "summary_bg_stdv": 122.49557495117188,
  "summary_fg_k": 5.009919171012012,
  "summary_fg_mad": 218.1849511290745,
  "summary_fg_mean": 773.0992431640625,
  "summary_fg_median": 711.9327392578125,
  "summary_fg_n": 49740.0,
  "summary_fg_p05": 431.77886962890625,
  "summary_fg_p95": 1335.0543212890611,
  "summary_fg_stdv": 291.1200866699219,
  "tsnr": 61.42441840446554
}