{
  "aor": 0.007620673076923077,
  "aqi": 0.006649647115384615,
  "bids_meta": {
    "BandwidthPerPixelPhaseEncode": 31.25,
    "EchoTime": 0.025,
    "EffectiveEchoSpacing": 0.0005,
    "FlipAngle": 75,
    "ImageType": [
      "ORIGINAL",
      "PRIMARY",
      "M",
      "ND",
      "MOSAIC"
    ],
    "MagneticFieldStrength": 3,
    "Manufacturer": "Siemens",
    "ManufacturersModelName": "TrioTim",
    "Modality": "MR",
    "PhaseEncodingDirection": "j-",
    "PixelBandwidth": 3005,
    "RepetitionTime": 3,
    "ScanningSequence": "EP",
    "SequenceVariant": "SK",
    "SliceThickness": 3,
    "SliceTiming": [
      0,
      1.5225,
      0.055,
      1.58,
      0.1125,
      1.6375,
      0.17,
      1.6925,
      0.225,
      1.75,
      0.2825,
      1.805,
      0.3375,
      1.8625,
      0.395,
      1.92,
      0.45,
      1.975,
      0.5075,
      2.0325,
      0.565,
      2.0875,
      0.62,
      2.145,
      0.6775,
      2.2,
      0.7325,
      2.2575,
      0.79,
      2.315,
      0.8475,
      2.37,
      0.9025,
      2.4275,
      0.96,
      2.4825,
      1.015,
      2.54,
      1.0725,
      2.595,
      1.1275,
      2.6525,
      1.185,
      2.71,
      1.2425,
      2.765,
      1.2975,
      2.8225,
      1.355,
      2.8775,
      1.41,
      2.935,
      1.4675
    ],
    "SpacingBetweenSlices": 3,
    "TaskName": "risk choice task",
    "TotalReadoutTime": 0.0315,
    "dataset": "ds002843",
    "modality": "bold",
    "run_id": 4,
    "session_id": "scan1",
    "subject_id": "dmp0556",
    "task_id": "risk"
  },
  "dummy_trs": 0,
  "dvars_nstd": 30.251744872135912,
  "dvars_std": 1.1565240862135928,
  "dvars_vstd": 1.0034710465048546,
  "efc": 0.6098315372906353,
  "fber": 230.37387084960938,
  "fd_mean": 0.30448868312683447,
  "fd_num": 52,
  "fd_perc": 50.0,
  "fwhm_avg": 3.0703433333333336,
  "fwhm_x": 2.862486666666667,
  "fwhm_y": 2.773843333333333,
  "fwhm_z": 3.5747,
  "gcor": 0.0285124,
  "gsr_x": -0.02551352232694626,
  "gsr_y": 0.07178531587123871,
  "provenance": {
    "md5sum": "43820e17b45b34f17e0166072bc69002",
    "settings": {
      "fd_thres": 0.2,
      "testing": false
    },
    "software": "mriqc",
    "version": "21.0.0rc2",
    "webapi_port": null,
    "webapi_url": "https://mriqc.nimh.nih.gov/api/v1"
  },
  "size_t": 104,
  "size_x": 64,
  "size_y": 64,
  "size_z": 53,
  "snr": 2.431209249551249,
  "spacing_tr": 3.0,
  "spacing_x": 3.0,
  "spacing_y": 3.0,
  "spacing_z": 3.0,
  "summary_bg_k": 41.28779758893267,
  "summary_bg_mad": 22.48138476251286,
  "summary_bg_mean": 94.90530395507812,
  "summary_bg_median": 44.64423370361328,
  "summary_bg_n": 119851.0,
  "summary_bg_p05": 27.673078536987305,
  "summary_bg_p95": 320.048095703125,
  "summary_bg_stdv": 124.3805160522461,
  "summary_fg_k": 4.982785373281076,
  "summary_fg_mad": 219.90273908768606,
  "summary_fg_mean": 774.8721313476562,
  "summary_fg_median": 713.3413696289062,
  "summary_fg_n": 49850.0,
  "summary_fg_p05": 430.6245330810547,
  "summary_fg_p95": 1341.1034118652342,
  "summary_fg_stdv": 293.40716552734375,
  "tsnr": 56.53769172728062
}