{
  "aor": 0.006167669902912621,
  "aqi": 0.005969432718446602,
  "bids_meta": {
    "BandwidthPerPixelPhaseEncode": 31.25,
    "EchoTime": 0.025,
    "EffectiveEchoSpacing": 0.0005,
    "FlipAngle": 75,
    "ImageType": [
      "ORIGINAL",
      "PRIMARY",
      "M",
      "ND",
      "MOSAIC"
    ],
    "MagneticFieldStrength": 3,
    "Manufacturer": "Siemens",
    "ManufacturersModelName": "TrioTim",
    "Modality": "MR",
    "PhaseEncodingDirection": "j-",
    "PixelBandwidth": 3005,
    "RepetitionTime": 3,
    "ScanningSequence": "EP",
    "SequenceVariant": "SK",
    "SliceThickness": 3,
    "SliceTiming": [
      0,
      1.5225,
      0.055,
      1.58,
      0.1125,
      1.6375,
      0.17,
      1.6925,
      0.225,
      1.75,
      0.2825,
      1.805,
      0.3375,
      1.8625,
      0.395,
      1.92,
      0.45,
      1.975,
      0.5075,
      2.0325,
      0.565,
      2.0875,
      0.62,
      2.145,
      0.6775,
      2.2,
      0.7325,
      2.2575,
      0.79,
      2.315,
      0.8475,
      2.37,
      0.9025,
      2.4275,
      0.96,
      2.4825,
      1.015,
      2.54,
      1.0725,
      2.595,
      1.1275,
      2.6525,
      1.185,
      2.71,
      1.2425,
      2.765,
      1.2975,
      2.8225,
      1.355,
      2.8775,
      1.41,
      2.935,
      1.4675
    ],
    "SpacingBetweenSlices": 3,
    "TaskName": "risk choice task",
    "TotalReadoutTime": 0.0315,
    "dataset": "ds002843",
    "modality": "bold",
    "run_id": 2,
    "session_id": "scan1",
    "subject_id": "dmp0556",
    "task_id": "risk"
  },
  "dummy_trs": 1,
  "dvars_nstd": 28.85230904049021,
  "dvars_std": 1.1247822233333336,
  "dvars_vstd": 0.991525065392157,
  "efc": 0.6086175158551114,
  "fber": 236.79058837890625,
  "fd_mean": 0.3095110467022827,
  "fd_num": 49,
  "fd_perc": 47.57281553398058,
  "fwhm_avg": 3.0510222222222225,
  "fwhm_x": 2.8470333333333335,
  "fwhm_y": 2.7757,
  "fwhm_z": 3.530333333333333,
  "gcor": 0.0369319,
  "gsr_x": -0.024698620662093163,
  "gsr_y": 0.07607588171958923,
  "provenance": {
    "md5sum": "620326ebf3df9c93222635bef0ec99e4",
    "settings": {
      "fd_thres": 0.2,
      "testing": false
    },
    "software": "mriqc",
    "version": "21.0.0rc2",
    "webapi_port": null,
    "webapi_url": "https://mriqc.nimh.nih.gov/api/v1"
  },
  "size_t": 103,
  "size_x": 64,
  "size_y": 64,
  "size_z": 53,
  "snr": 2.452172759702466,
  "spacing_tr": 3.0,
  "spacing_x": 3.0,
  "spacing_y": 3.0,
  "spacing_z": 3.0,
  "summary_bg_k": 40.448701159233096,
  "summary_bg_mad": 22.15267106492007,
  "summary_bg_mean": 94.60836791992188,
  "summary_bg_median": 44.28155517578125,
  "summary_bg_n": 120550.0,
  "summary_bg_p05": 27.543689727783203,
  "summary_bg_p95": 319.17136383056607,
  "summary_bg_stdv": 125.09622955322266,
  "summary_fg_k": 4.905680892006892,
  "summary_fg_mad": 218.0288996443447,
  "summary_fg_mean": 773.1697387695312,
  "summary_fg_median": 712.4854736328125,
  "summary_fg_n": 49774.0,
  "summary_fg_p05": 431.21019592285154,
  "summary_fg_p95": 1333.179150390625,
  "summary_fg_stdv": 290.5498046875,
  "tsnr": 56.17988627322484
}