{
  "aor": 0.015138942307692308,
  "aqi": 0.009593000576923076,
  "bids_meta": {
    "BandwidthPerPixelPhaseEncode": 31.25,
    "EchoTime": 0.025,
    "EffectiveEchoSpacing": 0.0005,
    "FlipAngle": 75,
    "ImageType": [
      "ORIGINAL",
      "PRIMARY",
      "M",
      "ND",
      "MOSAIC"
    ],
    "MagneticFieldStrength": 3,
    "Manufacturer": "Siemens",
    "ManufacturersModelName": "TrioTim",
    "Modality": "MR",
    "PhaseEncodingDirection": "j-",
    "PixelBandwidth": 3005,
    "RepetitionTime": 3,
    "ScanningSequence": "EP",
    "SequenceVariant": "SK",
    "SliceThickness": 3,
    "SliceTiming": [
      0,
      1.5225,
      0.055,
      1.58,
      0.1125,
      1.6375,
      0.17,
      1.6925,
      0.225,
      1.75,
      0.2825,
      1.805,
      0.3375,
      1.8625,
      0.395,
      1.92,
      0.45,
      1.975,
      0.5075,
      2.0325,
      0.565,
      2.0875,
      0.62,
      2.145,
      0.6775,
      2.2,
      0.7325,
      2.2575,
      0.79,
      2.315,
      0.8475,
      2.37,
      0.9025,
      2.4275,
      0.96,
      2.4825,
      1.015,
      2.54,
      1.0725,
      2.595,
      1.1275,
      2.6525,
      1.185,
      2.71,
      1.2425,
      2.765,
      1.2975,
      2.8225,
      1.355,
      2.8775,
      1.41,
      2.935,
      1.4675
    ],
    "SpacingBetweenSlices": 3,
    "TaskName": "intertemporal choice task",
    "TotalReadoutTime": 0.0315,
    "dataset": "ds002843",
    "modality": "bold",
    "run_id": 4,
    "session_id": "scan1",
    "subject_id": "dmp0556",
    "task_id": "itc"
  },
  "dummy_trs": 0,
  "dvars_nstd": 29.728904483203873,
  "dvars_std": 1.0761126254368931,
  "dvars_vstd": 0.9420255544660194,
  "efc": 0.6098876543334575,
  "fber": 231.14242553710938,
  "fd_mean": 0.25552188874521214,
  "fd_num": 43,
  "fd_perc": 41.34615384615385,
  "fwhm_avg": 3.0638,
  "fwhm_x": 2.8279666666666667,
  "fwhm_y": 2.7988666666666666,
  "fwhm_z": 3.5645666666666664,
  "gcor": 0.0266083,
  "gsr_x": -0.025425449013710022,
  "gsr_y": 0.07302439212799072,
  "provenance": {
    "md5sum": "1178c1e893b1851c4a7cd8e87a90b762",
    "settings": {
      "fd_thres": 0.2,
      "testing": false
    },
    "software": "mriqc",
    "version": "21.0.0rc2",
    "webapi_port": null,
    "webapi_url": "https://mriqc.nimh.nih.gov/api/v1"
  },
  "size_t": 104,
  "size_x": 64,
  "size_y": 64,
  "size_z": 53,
  "snr": 2.44724871721668,
  "spacing_tr": 3.0,
  "spacing_x": 3.0,
  "spacing_y": 3.0,
  "spacing_z": 3.0,
  "summary_bg_k": 41.58355969161662,
  "summary_bg_mad": 22.80926424750788,
  "summary_bg_mean": 95.81434631347656,
  "summary_bg_median": 45.00961685180664,
  "summary_bg_n": 120299.0,
  "summary_bg_p05": 28.153846740722656,
  "summary_bg_p95": 321.18559265136696,
  "summary_bg_stdv": 125.78819274902344,
  "summary_fg_k": 4.866407852268903,
  "summary_fg_mad": 219.66755334758008,
  "summary_fg_mean": 776.8890380859375,
  "summary_fg_median": 715.875,
  "summary_fg_n": 49877.0,
  "summary_fg_p05": 432.423095703125,
  "summary_fg_p95": 1342.5211914062497,
  "summary_fg_stdv": 292.5194396972656,
  "tsnr": 45.325815696269274
}