{
  "aor": 0.0020399375,
  "aqi": 0.005080727875000001,
  "bids_meta": {
    "BandwidthPerPixelPhaseEncode": 31.25,
    "EchoTime": 0.025,
    "EffectiveEchoSpacing": 0.0005,
    "FlipAngle": 75,
    "ImageType": [
      "ORIGINAL",
      "PRIMARY",
      "M",
      "ND",
      "MOSAIC"
    ],
    "MagneticFieldStrength": 3,
    "Manufacturer": "Siemens",
    "ManufacturersModelName": "TrioTim",
    "Modality": "MR",
    "PhaseEncodingDirection": "j-",
    "PixelBandwidth": 3005,
    "RepetitionTime": 3,
    "ScanningSequence": "EP",
    "SequenceVariant": "SK",
    "SliceThickness": 3,
    "SliceTiming": [
      0,
      1.5225,
      0.055,
      1.58,
      0.1125,
      1.635,
      0.1675,
      1.6925,
      0.225,
      1.75,
      0.2825,
      1.805,
      0.3375,
      1.8625,
      0.395,
      1.9175,
      0.45,
      1.975,
      0.5075,
      2.03,
      0.5625,
      2.0875,
      0.62,
      2.145,
      0.6775,
      2.2,
      0.7325,
      2.2575,
      0.79,
      2.3125,
      0.845,
      2.37,
      0.9025,
      2.425,
      0.9575,
      2.4825,
      1.015,
      2.54,
      1.0725,
      2.595,
      1.1275,
      2.6525,
      1.185,
      2.7075,
      1.24,
      2.765,
      1.2975,
      2.8225,
      1.355,
      2.8775,
      1.41,
      2.935,
      1.4675
    ],
    "SpacingBetweenSlices": 3,
    "TaskName": "rest",
    "TotalReadoutTime": 0.0315,
    "dataset": "ds002843",
    "modality": "bold",
    "session_id": "scan1",
    "subject_id": "dmp0556",
    "task_id": "rest"
  },
  "dummy_trs": 0,
  "dvars_nstd": 24.928188539748422,
  "dvars_std": 1.155974666163522,
  "dvars_vstd": 0.988060382893082,
  "efc": 0.6061026962499121,
  "fber": 247.85867309570312,
  "fd_mean": 0.1653948556095899,
  "fd_num": 39,
  "fd_perc": 24.375,
  "fwhm_avg": 3.020992222222222,
  "fwhm_x": 2.822426666666667,
  "fwhm_y": 2.7421166666666665,
  "fwhm_z": 3.4984333333333333,
  "gcor": 0.0259838,
  "gsr_x": -0.024407939985394478,
  "gsr_y": 0.07497730106115341,
  "provenance": {
    "md5sum": "2aca8dbe404f57d6957b19abfada238a",
    "settings": {
      "fd_thres": 0.2,
      "testing": false
    },
    "software": "mriqc",
    "version": "21.0.0rc2",
    "webapi_port": null,
    "webapi_url": "https://mriqc.nimh.nih.gov/api/v1"
  },
  "size_t": 160,
  "size_x": 64,
  "size_y": 64,
  "size_z": 53,
  "snr": 2.463742944504374,
  "spacing_tr": 3.0,
  "spacing_x": 3.0,
  "spacing_y": 3.0,
  "spacing_z": 3.0,
  "summary_bg_k": 44.19301671864274,
  "summary_bg_mad": 20.677667250652455,
  "summary_bg_mean": 91.11065673828125,
  "summary_bg_median": 42.91250228881836,
  "summary_bg_n": 120520.0,
  "summary_bg_p05": 26.787500381469727,
  "summary_bg_p95": 306.4378128051757,
  "summary_bg_stdv": 121.80146789550781,
  "summary_fg_k": 5.0560303877064605,
  "summary_fg_mad": 215.59817946048312,
  "summary_fg_mean": 766.9605102539062,
  "summary_fg_median": 707.0750122070312,
  "summary_fg_n": 49775.0,
  "summary_fg_p05": 429.76813049316405,
  "summary_fg_p95": 1318.4543823242159,
  "summary_fg_stdv": 286.98931884765625,
  "tsnr": 67.5817645015195
}