{
  "bids_meta": {
    "EchoTime": 0.00311,
    "FlipAngle": 15,
    "ImageType": [
      "ORIGINAL",
      "PRIMARY",
      "M",
      "ND",
      "NORM"
    ],
    "InversionTime": 1.1,
    "MagneticFieldStrength": 3,
    "Manufacturer": "Siemens",
    "ManufacturersModelName": "TrioTim",
    "Modality": "MR",
    "RepetitionTime": 1.63,
    "ScanningSequence": "GR_IR",
    "SequenceVariant": "SP_MP",
    "SliceThickness": 1,
    "dataset": "ds002843",
    "modality": "T1w",
    "session_id": "scan2",
    "subject_id": "dmp0847"
  },
  "cjv": 1.0816687874392554,
  "cnr": 1.3402258947092485,
  "efc": 0.639004038326631,
  "fber": 8798.126953125,
  "fwhm_avg": 3.7135331111111114,
  "fwhm_x": 3.564405333333333,
  "fwhm_y": 4.113824,
  "fwhm_z": 3.46237,
  "icvs_csf": 0.1892426622082716,
  "icvs_gm": 0.43443383173369227,
  "icvs_wm": 0.3763235060580361,
  "inu_med": 1.0836310386657715,
  "inu_range": 0.3889864921569822,
  "provenance": {
    "md5sum": "188de9103be43d1264a83214ca36873f",
    "settings": {
      "testing": false
    },
    "software": "mriqc",
    "version": "21.0.0rc2",
    "warnings": {
      "large_rot_frame": true,
      "small_air_mask": false
    },
    "webapi_port": null,
    "webapi_url": "https://mriqc.nimh.nih.gov/api/v1"
  },
  "qi_1": 0.0001963825156402884,
  "qi_2": 0.009206689230522406,
  "rpve_csf": 14.55519500610361,
  "rpve_gm": 6.786887966657673,
  "rpve_wm": 9.09113147048575,
  "size_x": 192,
  "size_y": 256,
  "size_z": 160,
  "snr_csf": 1.1763140653550443,
  "snr_gm": 10.07920698016892,
  "snr_total": 11.519256145268798,
  "snr_wm": 23.30224739028243,
  "snrd_csf": 44.91983366636054,
  "snrd_gm": 94.79801315446815,
  "snrd_total": 82.88142828254236,
  "snrd_wm": 108.92643802679841,
  "spacing_x": 0.9375,
  "spacing_y": 0.9375,
  "spacing_z": 1.0,
  "summary_bg_k": 9.997936185494703,
  "summary_bg_mad": 6.014614859209081,
  "summary_bg_mean": 8.616806030273438,
  "summary_bg_median": 6.083229064941406,
  "summary_bg_n": 1826015.0,
  "summary_bg_p05": 0.0,
  "summary_bg_p95": 23.714128303527794,
  "summary_bg_stdv": 8.3206205368042,
  "summary_csf_k": 37.778589699403824,
  "summary_csf_mad": 121.76676088114017,
  "summary_csf_mean": 497.33843994140625,
  "summary_csf_median": 412.39581298828125,
  "summary_csf_n": 39477.0,
  "summary_csf_p05": 279.54229736328125,
  "summary_csf_p95": 768.8130371093747,
  "summary_csf_stdv": 350.5786437988281,
  "summary_gm_k": -0.6923103671372668,
  "summary_gm_mad": 99.06586226400215,
  "summary_gm_mean": 872.3123168945312,
  "summary_gm_median": 870.312744140625,
  "summary_gm_n": 43879.0,
  "summary_gm_p05": 734.7511901855469,
  "summary_gm_p95": 1010.1451538085937,
  "summary_gm_stdv": 86.34635925292969,
  "summary_wm_k": 0.6112119585234019,
  "summary_wm_mad": 41.236231565058,
  "summary_wm_mean": 1002.9881591796875,
  "summary_wm_median": 1000.0216674804688,
  "summary_wm_n": 243331.0,
  "summary_wm_p05": 938.3763732910156,
  "summary_wm_p95": 1078.0140991210938,
  "summary_wm_stdv": 42.915157318115234,
  "tpm_overlap_csf": 0.18595878779888153,
  "tpm_overlap_gm": 0.4492552876472473,
  "tpm_overlap_wm": 0.4710891544818878,
  "wm2max": 0.5040652466480309
}