{
  "aor": 0.0025939375,
  "aqi": 0.0075252073125,
  "bids_meta": {
    "BandwidthPerPixelPhaseEncode": 31.25,
    "EchoTime": 0.025,
    "EffectiveEchoSpacing": 0.0005,
    "FlipAngle": 75,
    "ImageType": [
      "ORIGINAL",
      "PRIMARY",
      "M",
      "ND",
      "MOSAIC"
    ],
    "MagneticFieldStrength": 3,
    "Manufacturer": "Siemens",
    "ManufacturersModelName": "TrioTim",
    "Modality": "MR",
    "PhaseEncodingDirection": "j-",
    "PixelBandwidth": 3005,
    "RepetitionTime": 3,
    "ScanningSequence": "EP",
    "SequenceVariant": "SK",
    "SliceThickness": 3,
    "SliceTiming": [
      0,
      1.5225,
      0.055,
      1.58,
      0.1125,
      1.635,
      0.1675,
      1.6925,
      0.225,
      1.75,
      0.2825,
      1.805,
      0.3375,
      1.8625,
      0.395,
      1.9175,
      0.45,
      1.975,
      0.5075,
      2.03,
      0.5625,
      2.0875,
      0.62,
      2.145,
      0.6775,
      2.2,
      0.7325,
      2.2575,
      0.79,
      2.3125,
      0.845,
      2.37,
      0.9025,
      2.425,
      0.9575,
      2.4825,
      1.015,
      2.54,
      1.0725,
      2.595,
      1.1275,
      2.6525,
      1.185,
      2.7075,
      1.24,
      2.765,
      1.2975,
      2.8225,
      1.355,
      2.8775,
      1.41,
      2.935,
      1.4675
    ],
    "SpacingBetweenSlices": 3,
    "TaskName": "rest",
    "TotalReadoutTime": 0.0315,
    "dataset": "ds002843",
    "modality": "bold",
    "session_id": "scan2",
    "subject_id": "dmp1205",
    "task_id": "rest"
  },
  "dummy_trs": 0,
  "dvars_nstd": 23.298176147232713,
  "dvars_std": 1.0862232596855346,
  "dvars_vstd": 0.9298131527672953,
  "efc": 0.5567202529140187,
  "fber": 390.5957336425781,
  "fd_mean": 0.13441176452722553,
  "fd_num": 33,
  "fd_perc": 20.625,
  "fwhm_avg": 2.2012566666666666,
  "fwhm_x": 2.09994,
  "fwhm_y": 2.1481666666666666,
  "fwhm_z": 2.355663333333333,
  "gcor": 0.0100386,
  "gsr_x": -0.011383827775716782,
  "gsr_y": 0.03503816947340965,
  "provenance": {
    "md5sum": "5d7d5f12e1d1a4f1e5ebc35c73e5a57d",
    "settings": {
      "fd_thres": 0.2,
      "testing": false
    },
    "software": "mriqc",
    "version": "21.0.0rc2",
    "webapi_port": null,
    "webapi_url": "https://mriqc.nimh.nih.gov/api/v1"
  },
  "size_t": 160,
  "size_x": 64,
  "size_y": 64,
  "size_z": 53,
  "snr": 3.7549960379850846,
  "spacing_tr": 3.0,
  "spacing_x": 3.0,
  "spacing_y": 3.0,
  "spacing_z": 3.0,
  "summary_bg_k": 26.441373085681686,
  "summary_bg_mad": 10.077060539985606,
  "summary_bg_mean": 59.32958221435547,
  "summary_bg_median": 31.315624237060547,
  "summary_bg_n": 138682.0,
  "summary_bg_p05": 23.681249618530273,
  "summary_bg_p95": 195.00594329833973,
  "summary_bg_stdv": 72.44297790527344,
  "summary_fg_k": 2.025413044433895,
  "summary_fg_mad": 148.77452664236174,
  "summary_fg_mean": 651.2399291992188,
  "summary_fg_median": 622.0843505859375,
  "summary_fg_n": 37662.0,
  "summary_fg_p05": 438.58905639648435,
  "summary_fg_p95": 960.7912628173826,
  "summary_fg_stdv": 165.66624450683594,
  "tsnr": 54.51769938133657
}