{
  "aor": 0.005825576923076923,
  "aqi": 0.004237489326923077,
  "bids_meta": {
    "BandwidthPerPixelPhaseEncode": 31.25,
    "EchoTime": 0.025,
    "EffectiveEchoSpacing": 0.0005,
    "FlipAngle": 75,
    "ImageType": [
      "ORIGINAL",
      "PRIMARY",
      "M",
      "ND",
      "MOSAIC"
    ],
    "MagneticFieldStrength": 3,
    "Manufacturer": "Siemens",
    "ManufacturersModelName": "TrioTim",
    "Modality": "MR",
    "PhaseEncodingDirection": "j-",
    "PixelBandwidth": 3005,
    "RepetitionTime": 3,
    "ScanningSequence": "EP",
    "SequenceVariant": "SK",
    "SliceThickness": 3,
    "SliceTiming": [
      0,
      1.5225,
      0.055,
      1.58,
      0.1125,
      1.6375,
      0.17,
      1.6925,
      0.225,
      1.75,
      0.2825,
      1.805,
      0.3375,
      1.8625,
      0.395,
      1.92,
      0.45,
      1.975,
      0.5075,
      2.0325,
      0.565,
      2.0875,
      0.62,
      2.145,
      0.6775,
      2.2,
      0.7325,
      2.2575,
      0.79,
      2.315,
      0.8475,
      2.37,
      0.9025,
      2.4275,
      0.96,
      2.4825,
      1.015,
      2.54,
      1.0725,
      2.595,
      1.1275,
      2.6525,
      1.185,
      2.71,
      1.2425,
      2.765,
      1.2975,
      2.8225,
      1.355,
      2.8775,
      1.41,
      2.935,
      1.4675
    ],
    "SpacingBetweenSlices": 3,
    "TaskName": "intertemporal choice task",
    "TotalReadoutTime": 0.0315,
    "dataset": "ds002843",
    "modality": "bold",
    "run_id": 1,
    "session_id": "scan2",
    "subject_id": "dmp1205",
    "task_id": "itc"
  },
  "dummy_trs": 0,
  "dvars_nstd": 24.610059349514565,
  "dvars_std": 1.186201193980583,
  "dvars_vstd": 1.0057660235922328,
  "efc": 0.5563151953230092,
  "fber": 391.8067626953125,
  "fd_mean": 0.16344230288802075,
  "fd_num": 17,
  "fd_perc": 16.346153846153847,
  "fwhm_avg": 2.1994000000000002,
  "fwhm_x": 2.10545,
  "fwhm_y": 2.1439166666666667,
  "fwhm_z": 2.3488333333333333,
  "gcor": 0.0397651,
  "gsr_x": -0.008457471616566181,
  "gsr_y": 0.03712185099720955,
  "provenance": {
    "md5sum": "ab9d76ee79be9ce7afed3179e12e22ae",
    "settings": {
      "fd_thres": 0.2,
      "testing": false
    },
    "software": "mriqc",
    "version": "21.0.0rc2",
    "webapi_port": null,
    "webapi_url": "https://mriqc.nimh.nih.gov/api/v1"
  },
  "size_t": 104,
  "size_x": 64,
  "size_y": 64,
  "size_z": 53,
  "snr": 3.777471951900881,
  "spacing_tr": 3.0,
  "spacing_x": 3.0,
  "spacing_y": 3.0,
  "spacing_z": 3.0,
  "summary_bg_k": 29.186091706703785,
  "summary_bg_mad": 10.036078078720628,
  "summary_bg_mean": 57.574745178222656,
  "summary_bg_median": 31.00961685180664,
  "summary_bg_n": 137869.0,
  "summary_bg_p05": 23.14423179626465,
  "summary_bg_p95": 187.4480895996093,
  "summary_bg_stdv": 69.5726547241211,
  "summary_fg_k": 1.911590151561379,
  "summary_fg_mad": 147.88246776357585,
  "summary_fg_mean": 648.08544921875,
  "summary_fg_median": 620.0865478515625,
  "summary_fg_n": 37766.0,
  "summary_fg_p05": 438.1466598510742,
  "summary_fg_p95": 950.2789001464844,
  "summary_fg_stdv": 164.15167236328125,
  "tsnr": 71.84352255379781
}