{
  "bids_meta": {
    "EchoTime": 0.00311,
    "FlipAngle": 15,
    "ImageType": [
      "ORIGINAL",
      "PRIMARY",
      "M",
      "ND",
      "NORM"
    ],
    "InversionTime": 1.1,
    "MagneticFieldStrength": 3,
    "Manufacturer": "Siemens",
    "ManufacturersModelName": "TrioTim",
    "Modality": "MR",
    "RepetitionTime": 1.63,
    "ScanningSequence": "GR_IR",
    "SequenceVariant": "SP_MP",
    "SliceThickness": 1,
    "dataset": "ds002843",
    "modality": "T1w",
    "session_id": "scan1",
    "subject_id": "dmp0169"
  },
  "cjv": 0.499178453149401,
  "cnr": 2.6286792474864344,
  "efc": 0.5843809249073427,
  "fber": 12642.4375,
  "fwhm_avg": 3.52528,
  "fwhm_x": 3.407648,
  "fwhm_y": 3.9238720000000002,
  "fwhm_z": 3.24432,
  "icvs_csf": 0.17013942208447144,
  "icvs_gm": 0.4322195462233632,
  "icvs_wm": 0.3976410316921653,
  "inu_med": 0.9639899730682373,
  "inu_range": 0.22463580965995789,
  "provenance": {
    "md5sum": "15a970efd389b6ad2782f70586cc371c",
    "settings": {
      "testing": false
    },
    "software": "mriqc",
    "version": "21.0.0rc2",
    "warnings": {
      "large_rot_frame": true,
      "small_air_mask": false
    },
    "webapi_port": null,
    "webapi_url": "https://mriqc.nimh.nih.gov/api/v1"
  },
  "qi_1": 0.0031093138766800205,
  "qi_2": 0.0037564102160500897,
  "rpve_csf": 17.264572009662867,
  "rpve_gm": 7.548617033519932,
  "rpve_wm": 9.573032904060556,
  "size_x": 192,
  "size_y": 256,
  "size_z": 160,
  "snr_csf": 3.508328343660825,
  "snr_gm": 12.657985788106293,
  "snr_total": 14.960309711079491,
  "snr_wm": 28.71461500147136,
  "snrd_csf": 73.71457562853429,
  "snrd_gm": 158.226513128373,
  "snrd_total": 142.58839226403413,
  "snrd_wm": 195.8240880351951,
  "spacing_x": 0.9375,
  "spacing_y": 0.9375,
  "spacing_z": 1.0,
  "summary_bg_k": 14.101232250742854,
  "summary_bg_mad": 3.3455866471584437,
  "summary_bg_mean": 6.854460716247559,
  "summary_bg_median": 4.486836910247803,
  "summary_bg_n": 2179714.0,
  "summary_bg_p05": 0.0,
  "summary_bg_p95": 18.20953369140623,
  "summary_bg_stdv": 6.881288528442383,
  "summary_csf_k": 15.48214134579436,
  "summary_csf_mad": 70.54379986123838,
  "summary_csf_mean": 399.6707763671875,
  "summary_csf_median": 376.43841552734375,
  "summary_csf_n": 26562.0,
  "summary_csf_p05": 275.82586669921875,
  "summary_csf_p95": 603.5466064453122,
  "summary_csf_stdv": 107.29649353027344,
  "summary_gm_k": -0.08659631410033253,
  "summary_gm_mad": 63.475988769506536,
  "summary_gm_mean": 814.45556640625,
  "summary_gm_median": 808.0157470703125,
  "summary_gm_n": 28085.0,
  "summary_gm_p05": 719.4761840820313,
  "summary_gm_p95": 930.868896484375,
  "summary_gm_stdv": 63.83332824707031,
  "summary_wm_k": 1.0045245002496204,
  "summary_wm_mad": 32.36609143056915,
  "summary_wm_mean": 1002.62890625,
  "summary_wm_median": 1000.015380859375,
  "summary_wm_n": 243334.0,
  "summary_wm_p05": 951.0557373046875,
  "summary_wm_p95": 1063.3104553222656,
  "summary_wm_stdv": 34.82593536376953,
  "tpm_overlap_csf": 0.1734328269958496,
  "tpm_overlap_gm": 0.44123604893684387,
  "tpm_overlap_wm": 0.48774927854537964,
  "wm2max": 0.4747407535036138
}