{
  "bids_meta": {
    "EchoTime": 0.09,
    "FlipAngle": 180,
    "ImageType": [
      "ORIGINAL",
      "PRIMARY",
      "M",
      "ND",
      "NORM"
    ],
    "ImagingFrequency": 123.204,
    "MagneticFieldStrength": 3,
    "Manufacturer": "Siemens",
    "ManufacturersModelName": "TrioTim",
    "Modality": "MR",
    "PhaseEncodingDirection": "i",
    "RepetitionTime": 7,
    "ScanningSequence": "SE",
    "SequenceVariant": "SK_SP_OSP",
    "SliceThickness": 3,
    "SpacingBetweenSlices": 3,
    "dataset": "ds002843",
    "modality": "T2w",
    "session_id": "scan1",
    "subject_id": "dmp0800"
  },
  "cjv": 0.6302544010309529,
  "cnr": 2.242616604585236,
  "efc": 0.5426739527903003,
  "fber": 3757.9751216873983,
  "fwhm_avg": 2.5863232917309724,
  "fwhm_x": 3.0542133333333332,
  "fwhm_y": 3.13432,
  "fwhm_z": 1.5704365418595838,
  "icvs_csf": 0.17435800770384896,
  "icvs_gm": 0.4222717140157747,
  "icvs_wm": 0.4033702782803764,
  "inu_med": 1.3658506870269775,
  "inu_range": 0.4140997350215909,
  "provenance": {
    "md5sum": "091a6e5843c3d60c00cb423ede740237",
    "settings": {
      "testing": false
    },
    "software": "mriqc",
    "version": "21.0.0rc2",
    "warnings": {
      "large_rot_frame": false,
      "small_air_mask": false
    },
    "webapi_port": null,
    "webapi_url": "https://mriqc.nimh.nih.gov/api/v1"
  },
  "qi_1": 0.0,
  "qi_2": 0.004257644521984043,
  "rpve_csf": 15.636774628140813,
  "rpve_gm": 6.730211959492506,
  "rpve_wm": 8.011563904673055,
  "size_x": 256,
  "size_y": 256,
  "size_z": 44,
  "snr_csf": 2.931429919865455,
  "snr_gm": 9.877728898373228,
  "snr_total": 7.056342914744697,
  "snr_wm": 8.359869925995406,
  "snrd_csf": 152.16110496421928,
  "snrd_gm": 77.54428916318761,
  "snrd_total": 94.75521396809192,
  "snrd_wm": 54.56024777686885,
  "spacing_x": 0.75,
  "spacing_y": 0.75,
  "spacing_z": 3.000000238418579,
  "summary_bg_k": 1362.2430984951104,
  "summary_bg_mad": 11.951114810744881,
  "summary_bg_mean": 18.295800044978964,
  "summary_bg_median": 16.45767990499735,
  "summary_bg_n": 882493.0,
  "summary_bg_p05": 2.7989251539111137,
  "summary_bg_p95": 41.64800629019737,
  "summary_bg_stdv": 16.459168341660735,
  "summary_csf_k": 0.4580330181723138,
  "summary_csf_mad": 742.2970199118209,
  "summary_csf_mean": 2706.277406515878,
  "summary_csf_median": 2775.7500536367297,
  "summary_csf_n": 88022.0,
  "summary_csf_p05": 606.1464270316064,
  "summary_csf_p95": 4103.336232639849,
  "summary_csf_stdv": 946.8874788431116,
  "summary_gm_k": 0.031263035923653426,
  "summary_gm_mad": 143.74535314034816,
  "summary_gm_mean": 1419.9575471500727,
  "summary_gm_median": 1414.5767727866769,
  "summary_gm_n": 189955.0,
  "summary_gm_p05": 1196.3725677877665,
  "summary_gm_p95": 1663.4571974724531,
  "summary_gm_stdv": 143.20832894719544,
  "summary_wm_k": -0.10107001834532747,
  "summary_wm_mad": 120.50707434167755,
  "summary_wm_mean": 989.2236515752733,
  "summary_wm_median": 995.297784730792,
  "summary_wm_n": 211856.0,
  "summary_wm_p05": 781.459902971983,
  "summary_wm_p95": 1173.9811665564775,
  "summary_wm_stdv": 119.05633036671088,
  "tpm_overlap_csf": 0.16116231679916382,
  "tpm_overlap_gm": 0.4366702437400818,
  "tpm_overlap_wm": 0.4708608090877533,
  "wm2max": 0.21695516314058097
}