{
  "bids_meta": {
    "EchoTime": 0.09,
    "FlipAngle": 180,
    "ImageType": [
      "ORIGINAL",
      "PRIMARY",
      "M",
      "ND",
      "NORM"
    ],
    "ImagingFrequency": 123.204,
    "MagneticFieldStrength": 3,
    "Manufacturer": "Siemens",
    "ManufacturersModelName": "TrioTim",
    "Modality": "MR",
    "PhaseEncodingDirection": "i",
    "RepetitionTime": 7,
    "ScanningSequence": "SE",
    "SequenceVariant": "SK_SP_OSP",
    "SliceThickness": 3,
    "SpacingBetweenSlices": 3,
    "dataset": "ds002843",
    "modality": "T2w",
    "session_id": "scan2",
    "subject_id": "dmp0290"
  },
  "cjv": 0.5734540081505058,
  "cnr": 2.278469255842138,
  "efc": 0.6458743113676769,
  "fber": 4626.158982111363,
  "fwhm_avg": 2.723592134273508,
  "fwhm_x": 3.13104,
  "fwhm_y": 3.3797599999999997,
  "fwhm_z": 1.6599764028205233,
  "icvs_csf": 0.16758062367988757,
  "icvs_gm": 0.4155847347487343,
  "icvs_wm": 0.41683464157137806,
  "inu_med": 1.2479355335235596,
  "inu_range": 0.4680422008037566,
  "provenance": {
    "md5sum": "9e6f985fecec787c42ff3c4fb1e99c89",
    "settings": {
      "testing": false
    },
    "software": "mriqc",
    "version": "21.0.0rc2",
    "warnings": {
      "large_rot_frame": false,
      "small_air_mask": false
    },
    "webapi_port": null,
    "webapi_url": "https://mriqc.nimh.nih.gov/api/v1"
  },
  "qi_1": 0.0,
  "qi_2": 0.0004820413737934938,
  "rpve_csf": 12.068089004681113,
  "rpve_gm": 4.826201693235749,
  "rpve_wm": 5.470431301285685,
  "size_x": 256,
  "size_y": 256,
  "size_z": 44,
  "snr_csf": 2.729120870949436,
  "snr_gm": 9.583785404653486,
  "snr_total": 6.831537493291553,
  "snr_wm": 8.181706204271737,
  "snrd_csf": 177.12134430151124,
  "snrd_gm": 98.7976230272255,
  "snrd_total": 114.18987290623416,
  "snrd_wm": 66.65065138996577,
  "spacing_x": 0.75,
  "spacing_y": 0.75,
  "spacing_z": 3.000000476837158,
  "summary_bg_k": 376.9821435835535,
  "summary_bg_mad": 9.881269782849461,
  "summary_bg_mean": 23.721549866143512,
  "summary_bg_median": 13.422197252511978,
  "summary_bg_n": 733087.0,
  "summary_bg_p05": 2.221605062484741,
  "summary_bg_p95": 46.28343880176544,
  "summary_bg_stdv": 77.54198757372518,
  "summary_csf_k": 0.42691746071412195,
  "summary_csf_mad": 746.1731084632295,
  "summary_csf_mean": 2609.2142412159924,
  "summary_csf_median": 2671.4800876379013,
  "summary_csf_n": 120656.0,
  "summary_csf_p05": 563.1768833398819,
  "summary_csf_p95": 4167.823664098978,
  "summary_csf_stdv": 978.8753020814687,
  "summary_gm_k": 0.008016772017471752,
  "summary_gm_mad": 155.35551936368876,
  "summary_gm_mean": 1492.129801992691,
  "summary_gm_median": 1490.1415956616402,
  "summary_gm_n": 256884.0,
  "summary_gm_p05": 1240.0258923768997,
  "summary_gm_p95": 1750.9024898707867,
  "summary_gm_stdv": 155.48539875673424,
  "summary_wm_k": -0.032175137866701675,
  "summary_wm_mad": 122.69243313704747,
  "summary_wm_mean": 996.8304026943506,
  "summary_wm_median": 1005.2762907743454,
  "summary_wm_n": 297658.0,
  "summary_wm_p05": 781.3570138514042,
  "summary_wm_p95": 1185.133733958006,
  "summary_wm_stdv": 122.8685774129736,
  "tpm_overlap_csf": 0.14650028944015503,
  "tpm_overlap_gm": 0.42142289876937866,
  "tpm_overlap_wm": 0.45091819763183594,
  "wm2max": 0.20804431504828635
}