{
  "aor": 0.0038814423076923075,
  "aqi": 0.002540653846153846,
  "bids_meta": {
    "BandwidthPerPixelPhaseEncode": 31.25,
    "EchoTime": 0.025,
    "EffectiveEchoSpacing": 0.0005,
    "FlipAngle": 75,
    "ImageType": [
      "ORIGINAL",
      "PRIMARY",
      "M",
      "ND",
      "MOSAIC"
    ],
    "MagneticFieldStrength": 3,
    "Manufacturer": "Siemens",
    "ManufacturersModelName": "TrioTim",
    "Modality": "MR",
    "PhaseEncodingDirection": "j-",
    "PixelBandwidth": 3005,
    "RepetitionTime": 3,
    "ScanningSequence": "EP",
    "SequenceVariant": "SK",
    "SliceThickness": 3,
    "SliceTiming": [
      0,
      1.5225,
      0.055,
      1.58,
      0.1125,
      1.6375,
      0.17,
      1.6925,
      0.225,
      1.75,
      0.2825,
      1.805,
      0.3375,
      1.8625,
      0.395,
      1.92,
      0.45,
      1.975,
      0.5075,
      2.0325,
      0.565,
      2.0875,
      0.62,
      2.145,
      0.6775,
      2.2,
      0.7325,
      2.2575,
      0.79,
      2.315,
      0.8475,
      2.37,
      0.9025,
      2.4275,
      0.96,
      2.4825,
      1.015,
      2.54,
      1.0725,
      2.595,
      1.1275,
      2.6525,
      1.185,
      2.71,
      1.2425,
      2.765,
      1.2975,
      2.8225,
      1.355,
      2.8775,
      1.41,
      2.935,
      1.4675
    ],
    "SpacingBetweenSlices": 3,
    "TaskName": "intertemporal choice task",
    "TotalReadoutTime": 0.0315,
    "dataset": "ds002843",
    "modality": "bold",
    "run_id": 3,
    "session_id": "scan1",
    "subject_id": "dmp0062",
    "task_id": "itc"
  },
  "dummy_trs": 0,
  "dvars_nstd": 23.97485425621359,
  "dvars_std": 1.230141238932039,
  "dvars_vstd": 1.0197650915533976,
  "efc": 0.5549356371395856,
  "fber": 472.7135314941406,
  "fd_mean": 0.15315494139723734,
  "fd_num": 19,
  "fd_perc": 18.26923076923077,
  "fwhm_avg": 2.509637777777778,
  "fwhm_x": 2.317833333333333,
  "fwhm_y": 2.4012233333333333,
  "fwhm_z": 2.8098566666666667,
  "gcor": 0.0399514,
  "gsr_x": 0.004012717865407467,
  "gsr_y": 0.03623029589653015,
  "provenance": {
    "md5sum": "fa7a255c8a1e4b39fc5d56f3ac3e1d78",
    "settings": {
      "fd_thres": 0.2,
      "testing": false
    },
    "software": "mriqc",
    "version": "21.0.0rc2",
    "webapi_port": null,
    "webapi_url": "https://mriqc.nimh.nih.gov/api/v1"
  },
  "size_t": 104,
  "size_x": 64,
  "size_y": 64,
  "size_z": 53,
  "snr": 3.0512739655684915,
  "spacing_tr": 3.0,
  "spacing_x": 3.0,
  "spacing_y": 3.0,
  "spacing_z": 3.0,
  "summary_bg_k": 29.83448191891995,
  "summary_bg_mad": 7.883453268722793,
  "summary_bg_mean": 58.26213073730469,
  "summary_bg_median": 30.721155166625977,
  "summary_bg_n": 131642.0,
  "summary_bg_p05": 24.923078536987305,
  "summary_bg_p95": 197.17308044433594,
  "summary_bg_stdv": 75.9905014038086,
  "summary_fg_k": 3.367088048292401,
  "summary_fg_mad": 190.21504131949717,
  "summary_fg_mean": 718.3199462890625,
  "summary_fg_median": 676.6057739257812,
  "summary_fg_n": 42391.0,
  "summary_fg_p05": 441.98558044433594,
  "summary_fg_p95": 1130.65869140625,
  "summary_fg_stdv": 221.7427215576172,
  "tsnr": 81.3955296096392
}