{
  "aor": 0.006799615384615385,
  "aqi": 0.006143377692307693,
  "bids_meta": {
    "BandwidthPerPixelPhaseEncode": 31.25,
    "EchoTime": 0.025,
    "EffectiveEchoSpacing": 0.0005,
    "FlipAngle": 75,
    "ImageType": [
      "ORIGINAL",
      "PRIMARY",
      "M",
      "ND",
      "MOSAIC"
    ],
    "MagneticFieldStrength": 3,
    "Manufacturer": "Siemens",
    "ManufacturersModelName": "TrioTim",
    "Modality": "MR",
    "PhaseEncodingDirection": "j-",
    "PixelBandwidth": 3005,
    "RepetitionTime": 3,
    "ScanningSequence": "EP",
    "SequenceVariant": "SK",
    "SliceThickness": 3,
    "SliceTiming": [
      0,
      1.5225,
      0.055,
      1.58,
      0.1125,
      1.6375,
      0.17,
      1.6925,
      0.225,
      1.75,
      0.2825,
      1.805,
      0.3375,
      1.8625,
      0.395,
      1.92,
      0.45,
      1.975,
      0.5075,
      2.0325,
      0.565,
      2.0875,
      0.62,
      2.145,
      0.6775,
      2.2,
      0.7325,
      2.2575,
      0.79,
      2.315,
      0.8475,
      2.37,
      0.9025,
      2.4275,
      0.96,
      2.4825,
      1.015,
      2.54,
      1.0725,
      2.595,
      1.1275,
      2.6525,
      1.185,
      2.71,
      1.2425,
      2.765,
      1.2975,
      2.8225,
      1.355,
      2.8775,
      1.41,
      2.935,
      1.4675
    ],
    "SpacingBetweenSlices": 3,
    "TaskName": "intertemporal choice task",
    "TotalReadoutTime": 0.0315,
    "dataset": "ds002843",
    "modality": "bold",
    "run_id": 2,
    "session_id": "scan2",
    "subject_id": "dmp0800",
    "task_id": "itc"
  },
  "dummy_trs": 0,
  "dvars_nstd": 28.445429792524266,
  "dvars_std": 1.2264559310679612,
  "dvars_vstd": 1.019752361359223,
  "efc": 0.5412546773502631,
  "fber": 479.154296875,
  "fd_mean": 0.28221154633412127,
  "fd_num": 49,
  "fd_perc": 47.11538461538461,
  "fwhm_avg": 2.222898888888889,
  "fwhm_x": 2.1273433333333336,
  "fwhm_y": 2.1153633333333333,
  "fwhm_z": 2.42599,
  "gcor": 0.0357548,
  "gsr_x": -0.010536896996200085,
  "gsr_y": 0.03889835625886917,
  "provenance": {
    "md5sum": "f039ad95b4424e2d95cce63e214a6421",
    "settings": {
      "fd_thres": 0.2,
      "testing": false
    },
    "software": "mriqc",
    "version": "21.0.0rc2",
    "webapi_port": null,
    "webapi_url": "https://mriqc.nimh.nih.gov/api/v1"
  },
  "size_t": 104,
  "size_x": 64,
  "size_y": 64,
  "size_z": 53,
  "snr": 4.275135504119828,
  "spacing_tr": 3.0,
  "spacing_x": 3.0,
  "spacing_y": 3.0,
  "spacing_z": 3.0,
  "summary_bg_k": 20.036887112849197,
  "summary_bg_mad": 7.327477436783192,
  "summary_bg_mean": 53.77506637573242,
  "summary_bg_median": 28.807693481445312,
  "summary_bg_n": 142666.0,
  "summary_bg_p05": 22.685097217559814,
  "summary_bg_p95": 183.60577392578125,
  "summary_bg_stdv": 62.08169937133789,
  "summary_fg_k": 0.8256874768425737,
  "summary_fg_mad": 141.95916242191137,
  "summary_fg_mean": 658.594970703125,
  "summary_fg_median": 640.3654174804688,
  "summary_fg_n": 34289.0,
  "summary_fg_p05": 444.7557800292969,
  "summary_fg_p95": 927.9596435546873,
  "summary_fg_stdv": 149.78614807128906,
  "tsnr": 56.10201585618779
}