{
  "aor": 0.0008186538461538462,
  "aqi": 0.0027474298076923076,
  "bids_meta": {
    "BandwidthPerPixelPhaseEncode": 31.25,
    "EchoTime": 0.025,
    "EffectiveEchoSpacing": 0.0005,
    "FlipAngle": 75,
    "ImageType": [
      "ORIGINAL",
      "PRIMARY",
      "M",
      "ND",
      "MOSAIC"
    ],
    "MagneticFieldStrength": 3,
    "Manufacturer": "Siemens",
    "ManufacturersModelName": "TrioTim",
    "Modality": "MR",
    "PhaseEncodingDirection": "j-",
    "PixelBandwidth": 3005,
    "RepetitionTime": 3,
    "ScanningSequence": "EP",
    "SequenceVariant": "SK",
    "SliceThickness": 3,
    "SliceTiming": [
      0,
      1.5225,
      0.055,
      1.58,
      0.1125,
      1.6375,
      0.17,
      1.6925,
      0.225,
      1.75,
      0.2825,
      1.805,
      0.3375,
      1.8625,
      0.395,
      1.92,
      0.45,
      1.975,
      0.5075,
      2.0325,
      0.565,
      2.0875,
      0.62,
      2.145,
      0.6775,
      2.2,
      0.7325,
      2.2575,
      0.79,
      2.315,
      0.8475,
      2.37,
      0.9025,
      2.4275,
      0.96,
      2.4825,
      1.015,
      2.54,
      1.0725,
      2.595,
      1.1275,
      2.6525,
      1.185,
      2.71,
      1.2425,
      2.765,
      1.2975,
      2.8225,
      1.355,
      2.8775,
      1.41,
      2.935,
      1.4675
    ],
    "SpacingBetweenSlices": 3,
    "TaskName": "risk choice task",
    "TotalReadoutTime": 0.0315,
    "dataset": "ds002843",
    "modality": "bold",
    "run_id": 3,
    "session_id": "scan2",
    "subject_id": "dmp0954",
    "task_id": "risk"
  },
  "dummy_trs": 0,
  "dvars_nstd": 23.007196926504843,
  "dvars_std": 1.1808952354368933,
  "dvars_vstd": 0.9885173841747571,
  "efc": 0.5537262210540805,
  "fber": 407.9858093261719,
  "fd_mean": 0.05714076571976654,
  "fd_num": 0,
  "fd_perc": 0.0,
  "fwhm_avg": 2.403487777777778,
  "fwhm_x": 2.2840000000000003,
  "fwhm_y": 2.34679,
  "fwhm_z": 2.5796733333333335,
  "gcor": 0.0823142,
  "gsr_x": -0.008061934262514114,
  "gsr_y": 0.04377063363790512,
  "provenance": {
    "md5sum": "ef2d29335242dc1082022c9a577c0f7e",
    "settings": {
      "fd_thres": 0.2,
      "testing": false
    },
    "software": "mriqc",
    "version": "21.0.0rc2",
    "webapi_port": null,
    "webapi_url": "https://mriqc.nimh.nih.gov/api/v1"
  },
  "size_t": 104,
  "size_x": 64,
  "size_y": 64,
  "size_z": 53,
  "snr": 3.254262420507384,
  "spacing_tr": 3.0,
  "spacing_x": 3.0,
  "spacing_y": 3.0,
  "spacing_z": 3.0,
  "summary_bg_k": 27.713929608819356,
  "summary_bg_mad": 7.740896233201658,
  "summary_bg_mean": 57.72184753417969,
  "summary_bg_median": 30.048078536987305,
  "summary_bg_n": 135547.0,
  "summary_bg_p05": 24.44230842590332,
  "summary_bg_p95": 201.57405090332028,
  "summary_bg_stdv": 72.6912841796875,
  "summary_fg_k": 2.688709707460042,
  "summary_fg_mad": 154.51847910334516,
  "summary_fg_mean": 651.5938720703125,
  "summary_fg_median": 610.8365478515625,
  "summary_fg_n": 39271.0,
  "summary_fg_p05": 424.0577087402344,
  "summary_fg_p95": 1018.8558044433594,
  "summary_fg_stdv": 187.70114135742188,
  "tsnr": 82.05670813750476
}