{
  "aor": 0.001079375,
  "aqi": 0.004314286,
  "bids_meta": {
    "BandwidthPerPixelPhaseEncode": 31.25,
    "EchoTime": 0.025,
    "EffectiveEchoSpacing": 0.0005,
    "FlipAngle": 75,
    "ImageType": [
      "ORIGINAL",
      "PRIMARY",
      "M",
      "ND",
      "MOSAIC"
    ],
    "MagneticFieldStrength": 3,
    "Manufacturer": "Siemens",
    "ManufacturersModelName": "TrioTim",
    "Modality": "MR",
    "PhaseEncodingDirection": "j-",
    "PixelBandwidth": 3005,
    "RepetitionTime": 3,
    "ScanningSequence": "EP",
    "SequenceVariant": "SK",
    "SliceThickness": 3,
    "SliceTiming": [
      0,
      1.5225,
      0.055,
      1.58,
      0.1125,
      1.635,
      0.1675,
      1.6925,
      0.225,
      1.75,
      0.2825,
      1.805,
      0.3375,
      1.8625,
      0.395,
      1.9175,
      0.45,
      1.975,
      0.5075,
      2.03,
      0.5625,
      2.0875,
      0.62,
      2.145,
      0.6775,
      2.2,
      0.7325,
      2.2575,
      0.79,
      2.3125,
      0.845,
      2.37,
      0.9025,
      2.425,
      0.9575,
      2.4825,
      1.015,
      2.54,
      1.0725,
      2.595,
      1.1275,
      2.6525,
      1.185,
      2.7075,
      1.24,
      2.765,
      1.2975,
      2.8225,
      1.355,
      2.8775,
      1.41,
      2.935,
      1.4675
    ],
    "SpacingBetweenSlices": 3,
    "TaskName": "rest",
    "TotalReadoutTime": 0.0315,
    "dataset": "ds002843",
    "modality": "bold",
    "session_id": "scan1",
    "subject_id": "dmp0773",
    "task_id": "rest"
  },
  "dummy_trs": 0,
  "dvars_nstd": 23.490308941823894,
  "dvars_std": 1.1335236747798745,
  "dvars_vstd": 0.9792018721383643,
  "efc": 0.5891263953114553,
  "fber": 259.04547119140625,
  "fd_mean": 0.09895868271198846,
  "fd_num": 12,
  "fd_perc": 7.5,
  "fwhm_avg": 2.934771111111111,
  "fwhm_x": 2.75127,
  "fwhm_y": 2.68961,
  "fwhm_z": 3.363433333333333,
  "gcor": 0.0673014,
  "gsr_x": -0.013981117866933346,
  "gsr_y": 0.0571601428091526,
  "provenance": {
    "md5sum": "5da85bb3fe6dcd5afef81c2a59744f2f",
    "settings": {
      "fd_thres": 0.2,
      "testing": false
    },
    "software": "mriqc",
    "version": "21.0.0rc2",
    "webapi_port": null,
    "webapi_url": "https://mriqc.nimh.nih.gov/api/v1"
  },
  "size_t": 160,
  "size_x": 64,
  "size_y": 64,
  "size_z": 53,
  "snr": 2.509170114496541,
  "spacing_tr": 3.0,
  "spacing_x": 3.0,
  "spacing_y": 3.0,
  "spacing_z": 3.0,
  "summary_bg_k": 30.55008062330664,
  "summary_bg_mad": 18.13407951623237,
  "summary_bg_mean": 86.08643341064453,
  "summary_bg_median": 39.681251525878906,
  "summary_bg_n": 128840.0,
  "summary_bg_p05": 26.587499618530273,
  "summary_bg_p95": 284.6253128051757,
  "summary_bg_stdv": 112.74158477783203,
  "summary_fg_k": 4.326871168112866,
  "summary_fg_mad": 189.71752258186632,
  "summary_fg_mean": 718.0145874023438,
  "summary_fg_median": 655.8187866210938,
  "summary_fg_n": 43741.0,
  "summary_fg_p05": 424.35626220703125,
  "summary_fg_p95": 1247.3812255859375,
  "summary_fg_stdv": 261.3658142089844,
  "tsnr": 65.23477510549128
}