{
  "aor": 0.007572142857142857,
  "aqi": 0.00434054193877551,
  "bids_meta": {
    "BandwidthPerPixelPhaseEncode": 31.25,
    "EchoTime": 0.025,
    "EffectiveEchoSpacing": 0.0005,
    "FlipAngle": 75,
    "ImageType": [
      "ORIGINAL",
      "PRIMARY",
      "M",
      "ND",
      "MOSAIC"
    ],
    "MagneticFieldStrength": 3,
    "Manufacturer": "Siemens",
    "ManufacturersModelName": "TrioTim",
    "Modality": "MR",
    "PhaseEncodingDirection": "j-",
    "PixelBandwidth": 3005,
    "RepetitionTime": 3,
    "ScanningSequence": "EP",
    "SequenceVariant": "SK",
    "SliceThickness": 3,
    "SliceTiming": [
      0,
      1.5225,
      0.055,
      1.58,
      0.1125,
      1.6375,
      0.17,
      1.6925,
      0.225,
      1.75,
      0.2825,
      1.805,
      0.3375,
      1.8625,
      0.395,
      1.92,
      0.45,
      1.975,
      0.5075,
      2.0325,
      0.565,
      2.0875,
      0.62,
      2.145,
      0.6775,
      2.2,
      0.7325,
      2.2575,
      0.79,
      2.315,
      0.8475,
      2.37,
      0.9025,
      2.4275,
      0.96,
      2.4825,
      1.015,
      2.54,
      1.0725,
      2.595,
      1.1275,
      2.6525,
      1.185,
      2.71,
      1.2425,
      2.765,
      1.2975,
      2.8225,
      1.355,
      2.8775,
      1.41,
      2.935,
      1.4675
    ],
    "SpacingBetweenSlices": 3,
    "TaskName": "risk choice task",
    "TotalReadoutTime": 0.0315,
    "dataset": "ds002843",
    "modality": "bold",
    "run_id": 3,
    "session_id": "scan1",
    "subject_id": "dmp1000",
    "task_id": "risk"
  },
  "dummy_trs": 6,
  "dvars_nstd": 21.842035175876287,
  "dvars_std": 1.1250000173195873,
  "dvars_vstd": 1.0208280652577322,
  "efc": 0.6051259782667482,
  "fber": 206.28688049316406,
  "fd_mean": 0.08737763672388284,
  "fd_num": 7,
  "fd_perc": 7.142857142857143,
  "fwhm_avg": 2.828203402464837,
  "fwhm_x": 2.7363866666666667,
  "fwhm_y": 2.609626874061177,
  "fwhm_z": 3.1385966666666665,
  "gcor": 0.0117529,
  "gsr_x": -0.021143238991498947,
  "gsr_y": 0.06797698140144348,
  "provenance": {
    "md5sum": "a7b6ce9e8f187c804b152f3190773c38",
    "settings": {
      "fd_thres": 0.2,
      "testing": false
    },
    "software": "mriqc",
    "version": "21.0.0rc2",
    "webapi_port": null,
    "webapi_url": "https://mriqc.nimh.nih.gov/api/v1"
  },
  "size_t": 98,
  "size_x": 64,
  "size_y": 64,
  "size_z": 53,
  "snr": 2.3074579316686106,
  "spacing_tr": 3.0,
  "spacing_x": 3.0,
  "spacing_y": 2.999999761581421,
  "spacing_z": 3.0,
  "summary_bg_k": 27.70811030047438,
  "summary_bg_mad": 23.161876015147268,
  "summary_bg_mean": 88.94654846191406,
  "summary_bg_median": 43.591835021972656,
  "summary_bg_n": 121937.0,
  "summary_bg_p05": 26.448978424072266,
  "summary_bg_p95": 297.0367370605466,
  "summary_bg_stdv": 110.40543365478516,
  "summary_fg_k": 4.763286789294507,
  "summary_fg_mad": 209.81848311056478,
  "summary_fg_mean": 707.9205932617188,
  "summary_fg_median": 641.7857055664062,
  "summary_fg_n": 49873.0,
  "summary_fg_p05": 401.1346862792969,
  "summary_fg_p95": 1244.0489990234364,
  "summary_fg_stdv": 278.1325988769531,
  "tsnr": 60.348780867643654
}