{
  "bids_meta": {
    "EchoTime": 0.09,
    "FlipAngle": 180,
    "ImageType": [
      "ORIGINAL",
      "PRIMARY",
      "M",
      "ND",
      "NORM"
    ],
    "ImagingFrequency": 123.204,
    "MagneticFieldStrength": 3,
    "Manufacturer": "Siemens",
    "ManufacturersModelName": "TrioTim",
    "Modality": "MR",
    "PhaseEncodingDirection": "i",
    "RepetitionTime": 7,
    "ScanningSequence": "SE",
    "SequenceVariant": "SK_SP_OSP",
    "SliceThickness": 3,
    "SpacingBetweenSlices": 3,
    "dataset": "ds002843",
    "modality": "T2w",
    "session_id": "scan2",
    "subject_id": "dmp0389"
  },
  "cjv": 0.5168581497105321,
  "cnr": 2.680381210352389,
  "efc": 0.6117436219144364,
  "fber": 3781.0442137639366,
  "fwhm_avg": 2.777810232010068,
  "fwhm_x": 3.11736,
  "fwhm_y": 3.464453333333333,
  "fwhm_z": 1.7516173626968714,
  "icvs_csf": 0.12531114315081826,
  "icvs_gm": 0.4509049755932383,
  "icvs_wm": 0.42378388125594346,
  "inu_med": 1.25288987159729,
  "inu_range": 0.3345752000808715,
  "provenance": {
    "md5sum": "e44da6fe5335e41afdff7958ef3936cb",
    "settings": {
      "testing": false
    },
    "software": "mriqc",
    "version": "21.0.0rc2",
    "warnings": {
      "large_rot_frame": false,
      "small_air_mask": false
    },
    "webapi_port": null,
    "webapi_url": "https://mriqc.nimh.nih.gov/api/v1"
  },
  "qi_1": 0.0,
  "qi_2": 0.0034872413373109464,
  "rpve_csf": 15.957034550286753,
  "rpve_gm": 4.901086210015826,
  "rpve_wm": 5.768451396620604,
  "size_x": 256,
  "size_y": 256,
  "size_z": 44,
  "snr_csf": 2.6389976330153204,
  "snr_gm": 9.697076404893908,
  "snr_total": 6.73768624592651,
  "snr_wm": 7.8769846998703015,
  "snrd_csf": 161.63243256620498,
  "snrd_gm": 85.14528656157367,
  "snrd_total": 100.5007128762785,
  "snrd_wm": 54.724419501056836,
  "spacing_x": 0.75,
  "spacing_y": 0.75,
  "spacing_z": 2.9999988079071045,
  "summary_bg_k": 1695.618021605443,
  "summary_bg_mad": 11.939919483268868,
  "summary_bg_mean": 20.223630462135255,
  "summary_bg_median": 15.980872973799706,
  "summary_bg_n": 726195.0,
  "summary_bg_p05": 2.642506554722786,
  "summary_bg_p95": 45.30011236667633,
  "summary_bg_stdv": 33.83724738243082,
  "summary_csf_k": 0.14471483442187383,
  "summary_csf_mad": 851.8386306344632,
  "summary_csf_mean": 2928.8339260865196,
  "summary_csf_median": 2945.7656402885914,
  "summary_csf_n": 77367.0,
  "summary_csf_p05": 559.5822213739157,
  "summary_csf_p95": 4645.400689557195,
  "summary_csf_stdv": 1116.2369248700882,
  "summary_gm_k": 0.03367575591184213,
  "summary_gm_mad": 159.6964230887211,
  "summary_gm_mean": 1558.5551749862163,
  "summary_gm_median": 1551.7805158495903,
  "summary_gm_n": 292732.0,
  "summary_gm_p05": 1307.411576360464,
  "summary_gm_p95": 1834.1512162685394,
  "summary_gm_stdv": 160.02533140299883,
  "summary_wm_k": -0.06017625093619916,
  "summary_wm_mad": 126.86164450973172,
  "summary_wm_mean": 991.8285633501837,
  "summary_wm_median": 997.3574739396572,
  "summary_wm_n": 301668.0,
  "summary_wm_p05": 773.2477513700724,
  "summary_wm_p95": 1190.6379533708096,
  "summary_wm_stdv": 126.61644764694408,
  "tpm_overlap_csf": 0.18479181826114655,
  "tpm_overlap_gm": 0.4647194445133209,
  "tpm_overlap_wm": 0.5012009739875793,
  "wm2max": 0.2007323361938897
}