{
  "bids_meta": {
    "EchoTime": 0.00311,
    "FlipAngle": 15,
    "ImageType": [
      "ORIGINAL",
      "PRIMARY",
      "M",
      "ND",
      "NORM"
    ],
    "InversionTime": 1.1,
    "MagneticFieldStrength": 3,
    "Manufacturer": "Siemens",
    "ManufacturersModelName": "TrioTim",
    "Modality": "MR",
    "RepetitionTime": 1.63,
    "ScanningSequence": "GR_IR",
    "SequenceVariant": "SP_MP",
    "SliceThickness": 1,
    "dataset": "ds002843",
    "modality": "T1w",
    "session_id": "scan1",
    "subject_id": "dmp0723"
  },
  "cjv": 0.6943980985317405,
  "cnr": 1.9507974031691733,
  "efc": 0.5817834009183456,
  "fber": 7641.22314453125,
  "fwhm_avg": 3.337728666666667,
  "fwhm_x": 3.140704,
  "fwhm_y": 3.752672,
  "fwhm_z": 3.11981,
  "icvs_csf": 0.16189476421179827,
  "icvs_gm": 0.47424052448776843,
  "icvs_wm": 0.3638647113004333,
  "inu_med": 1.1580970287322998,
  "inu_range": 0.3487203091382981,
  "provenance": {
    "md5sum": "0094ef347176ba280171a241c1dea960",
    "settings": {
      "testing": false
    },
    "software": "mriqc",
    "version": "21.0.0rc2",
    "warnings": {
      "large_rot_frame": true,
      "small_air_mask": false
    },
    "webapi_port": null,
    "webapi_url": "https://mriqc.nimh.nih.gov/api/v1"
  },
  "qi_1": 0.00018317438066681744,
  "qi_2": 0.0061126089846739555,
  "rpve_csf": 21.53079334538639,
  "rpve_gm": 8.616417264594299,
  "rpve_wm": 12.613532435407187,
  "size_x": 192,
  "size_y": 256,
  "size_z": 160,
  "snr_csf": 1.3468851419142336,
  "snr_gm": 10.042827753063715,
  "snr_total": 12.928558035351548,
  "snr_wm": 27.3959612110767,
  "snrd_csf": 45.40669591379231,
  "snrd_gm": 87.32609013815973,
  "snrd_total": 79.68313442166023,
  "snrd_wm": 106.31661721302868,
  "spacing_x": 0.9375,
  "spacing_y": 0.9375,
  "spacing_z": 1.0,
  "summary_bg_k": 5461.932976999807,
  "summary_bg_mad": 6.162249987179178,
  "summary_bg_mean": 8.677349090576172,
  "summary_bg_median": 6.242490291595459,
  "summary_bg_n": 2031713.0,
  "summary_bg_p05": 0.0,
  "summary_bg_p95": 25.053762054443354,
  "summary_bg_stdv": 19.040245056152344,
  "summary_csf_k": 24.504152900115702,
  "summary_csf_mad": 145.68899198684116,
  "summary_csf_mean": 506.2059020996094,
  "summary_csf_median": 427.09796142578125,
  "summary_csf_n": 14218.0,
  "summary_csf_p05": 271.2200103759766,
  "summary_csf_p95": 841.4729888916011,
  "summary_csf_stdv": 317.08935546875,
  "summary_gm_k": -0.6339207139157175,
  "summary_gm_mad": 89.65879462319597,
  "summary_gm_mean": 833.7374877929688,
  "summary_gm_median": 821.3941650390625,
  "summary_gm_n": 43895.0,
  "summary_gm_p05": 716.3931518554688,
  "summary_gm_p95": 975.3045104980469,
  "summary_gm_stdv": 81.78820037841797,
  "summary_wm_k": 1.0205795502244817,
  "summary_wm_mad": 34.378743850179276,
  "summary_wm_mean": 1001.1076049804688,
  "summary_wm_median": 1000.0201416015625,
  "summary_wm_n": 174379.0,
  "summary_wm_p05": 944.3206726074219,
  "summary_wm_p95": 1061.6056030273437,
  "summary_wm_stdv": 36.50236129760742,
  "tpm_overlap_csf": 0.16729462146759033,
  "tpm_overlap_gm": 0.4551950693130493,
  "tpm_overlap_wm": 0.4635705053806305,
  "wm2max": 0.40011157931859453
}