{
  "aor": 0.0016146875000000002,
  "aqi": 0.0038220885624999992,
  "bids_meta": {
    "BandwidthPerPixelPhaseEncode": 31.25,
    "EchoTime": 0.025,
    "EffectiveEchoSpacing": 0.0005,
    "FlipAngle": 75,
    "ImageType": [
      "ORIGINAL",
      "PRIMARY",
      "M",
      "ND",
      "MOSAIC"
    ],
    "MagneticFieldStrength": 3,
    "Manufacturer": "Siemens",
    "ManufacturersModelName": "TrioTim",
    "Modality": "MR",
    "PhaseEncodingDirection": "j-",
    "PixelBandwidth": 3005,
    "RepetitionTime": 3,
    "ScanningSequence": "EP",
    "SequenceVariant": "SK",
    "SliceThickness": 3,
    "SliceTiming": [
      0,
      1.5225,
      0.055,
      1.58,
      0.1125,
      1.635,
      0.1675,
      1.6925,
      0.225,
      1.75,
      0.2825,
      1.805,
      0.3375,
      1.8625,
      0.395,
      1.9175,
      0.45,
      1.975,
      0.5075,
      2.03,
      0.5625,
      2.0875,
      0.62,
      2.145,
      0.6775,
      2.2,
      0.7325,
      2.2575,
      0.79,
      2.3125,
      0.845,
      2.37,
      0.9025,
      2.425,
      0.9575,
      2.4825,
      1.015,
      2.54,
      1.0725,
      2.595,
      1.1275,
      2.6525,
      1.185,
      2.7075,
      1.24,
      2.765,
      1.2975,
      2.8225,
      1.355,
      2.8775,
      1.41,
      2.935,
      1.4675
    ],
    "SpacingBetweenSlices": 3,
    "TaskName": "rest",
    "TotalReadoutTime": 0.0315,
    "dataset": "ds002843",
    "modality": "bold",
    "session_id": "scan2",
    "subject_id": "dmp0556",
    "task_id": "rest"
  },
  "dummy_trs": 0,
  "dvars_nstd": 26.600944686792452,
  "dvars_std": 1.3188677954088055,
  "dvars_vstd": 1.0057915724528306,
  "efc": 0.58521730598805,
  "fber": 262.0033264160156,
  "fd_mean": 0.1307935605000625,
  "fd_num": 21,
  "fd_perc": 13.125,
  "fwhm_avg": 3.413599073324748,
  "fwhm_x": 3.2785766666666665,
  "fwhm_y": 3.1338535823896394,
  "fwhm_z": 3.8283669709179375,
  "gcor": 0.0485225,
  "gsr_x": -0.028665607795119286,
  "gsr_y": 0.07813675701618195,
  "provenance": {
    "md5sum": "eef3322f3f1cbdcbb42d9cd38f1da3e2",
    "settings": {
      "fd_thres": 0.2,
      "testing": false
    },
    "software": "mriqc",
    "version": "21.0.0rc2",
    "webapi_port": null,
    "webapi_url": "https://mriqc.nimh.nih.gov/api/v1"
  },
  "size_t": 160,
  "size_x": 64,
  "size_y": 64,
  "size_z": 53,
  "snr": 1.9893851554889912,
  "spacing_tr": 3.0,
  "spacing_x": 3.0,
  "spacing_y": 2.999999761581421,
  "spacing_z": 2.999999761581421,
  "summary_bg_k": 31.529335117123075,
  "summary_bg_mad": 26.167931418895325,
  "summary_bg_mean": 109.50798034667969,
  "summary_bg_median": 49.75625228881836,
  "summary_bg_n": 123336.0,
  "summary_bg_p05": 30.45625114440918,
  "summary_bg_p95": 384.14688873291016,
  "summary_bg_stdv": 147.28277587890625,
  "summary_fg_k": 4.382095108561919,
  "summary_fg_mad": 317.1101001087886,
  "summary_fg_mean": 935.6058349609375,
  "summary_fg_median": 834.5687866210938,
  "summary_fg_n": 49215.0,
  "summary_fg_p05": 470.45563049316405,
  "summary_fg_p95": 1771.1663085937491,
  "summary_fg_stdv": 419.50665283203125,
  "tsnr": 79.1025956440717
}