{
  "aor": 0.0005563125000000001,
  "aqi": 0.004419924875,
  "bids_meta": {
    "BandwidthPerPixelPhaseEncode": 31.25,
    "EchoTime": 0.025,
    "EffectiveEchoSpacing": 0.0005,
    "FlipAngle": 75,
    "ImageType": [
      "ORIGINAL",
      "PRIMARY",
      "M",
      "ND",
      "MOSAIC"
    ],
    "MagneticFieldStrength": 3,
    "Manufacturer": "Siemens",
    "ManufacturersModelName": "TrioTim",
    "Modality": "MR",
    "PhaseEncodingDirection": "j-",
    "PixelBandwidth": 3005,
    "RepetitionTime": 3,
    "ScanningSequence": "EP",
    "SequenceVariant": "SK",
    "SliceThickness": 3,
    "SliceTiming": [
      0,
      1.5225,
      0.055,
      1.58,
      0.1125,
      1.635,
      0.1675,
      1.6925,
      0.225,
      1.75,
      0.2825,
      1.805,
      0.3375,
      1.8625,
      0.395,
      1.9175,
      0.45,
      1.975,
      0.5075,
      2.03,
      0.5625,
      2.0875,
      0.62,
      2.145,
      0.6775,
      2.2,
      0.7325,
      2.2575,
      0.79,
      2.3125,
      0.845,
      2.37,
      0.9025,
      2.425,
      0.9575,
      2.4825,
      1.015,
      2.54,
      1.0725,
      2.595,
      1.1275,
      2.6525,
      1.185,
      2.7075,
      1.24,
      2.765,
      1.2975,
      2.8225,
      1.355,
      2.8775,
      1.41,
      2.935,
      1.4675
    ],
    "SpacingBetweenSlices": 3,
    "TaskName": "rest",
    "TotalReadoutTime": 0.0315,
    "dataset": "ds002843",
    "modality": "bold",
    "session_id": "scan2",
    "subject_id": "dmp0812",
    "task_id": "rest"
  },
  "dummy_trs": 0,
  "dvars_nstd": 25.870116875786163,
  "dvars_std": 1.1800865345911953,
  "dvars_vstd": 0.9810222464150946,
  "efc": 0.5960292179998902,
  "fber": 206.13287353515625,
  "fd_mean": 0.08069029404158191,
  "fd_num": 1,
  "fd_perc": 0.625,
  "fwhm_avg": 2.600573333333333,
  "fwhm_x": 2.3838033333333333,
  "fwhm_y": 2.523143333333333,
  "fwhm_z": 2.894773333333333,
  "gcor": 0.0384072,
  "gsr_x": -0.01248671393841505,
  "gsr_y": 0.05038393661379814,
  "provenance": {
    "md5sum": "57cd4477df7e8412bec925ca8fc1a2cb",
    "settings": {
      "fd_thres": 0.2,
      "testing": false
    },
    "software": "mriqc",
    "version": "21.0.0rc2",
    "webapi_port": null,
    "webapi_url": "https://mriqc.nimh.nih.gov/api/v1"
  },
  "size_t": 160,
  "size_x": 64,
  "size_y": 64,
  "size_z": 53,
  "snr": 3.1292426690156043,
  "spacing_tr": 3.0,
  "spacing_x": 3.0,
  "spacing_y": 3.0,
  "spacing_z": 3.0,
  "summary_bg_k": 88.0770895569099,
  "summary_bg_mad": 19.005107754036548,
  "summary_bg_mean": 78.15312957763672,
  "summary_bg_median": 40.20000076293945,
  "summary_bg_n": 131144.0,
  "summary_bg_p05": 26.6875,
  "summary_bg_p95": 246.5025047302244,
  "summary_bg_stdv": 111.0284652709961,
  "summary_fg_k": 1.9904245244930037,
  "summary_fg_mad": 158.42069375288511,
  "summary_fg_mean": 623.7640380859375,
  "summary_fg_median": 590.565673828125,
  "summary_fg_n": 41782.0,
  "summary_fg_p05": 370.87155761718753,
  "summary_fg_p95": 981.6246887207031,
  "summary_fg_stdv": 188.7225341796875,
  "tsnr": 66.96132124308497
}