{
  "aor": 0.0027574038461538465,
  "aqi": 0.0019718315480769227,
  "bids_meta": {
    "BandwidthPerPixelPhaseEncode": 31.25,
    "EchoTime": 0.025,
    "EffectiveEchoSpacing": 0.0005,
    "FlipAngle": 75,
    "ImageType": [
      "ORIGINAL",
      "PRIMARY",
      "M",
      "ND",
      "MOSAIC"
    ],
    "MagneticFieldStrength": 3,
    "Manufacturer": "Siemens",
    "ManufacturersModelName": "TrioTim",
    "Modality": "MR",
    "PhaseEncodingDirection": "j-",
    "PixelBandwidth": 3005,
    "RepetitionTime": 3,
    "ScanningSequence": "EP",
    "SequenceVariant": "SK",
    "SliceThickness": 3,
    "SliceTiming": [
      0,
      1.5225,
      0.055,
      1.58,
      0.1125,
      1.6375,
      0.17,
      1.6925,
      0.225,
      1.75,
      0.2825,
      1.805,
      0.3375,
      1.8625,
      0.395,
      1.92,
      0.45,
      1.975,
      0.5075,
      2.0325,
      0.565,
      2.0875,
      0.62,
      2.145,
      0.6775,
      2.2,
      0.7325,
      2.2575,
      0.79,
      2.315,
      0.8475,
      2.37,
      0.9025,
      2.4275,
      0.96,
      2.4825,
      1.015,
      2.54,
      1.0725,
      2.595,
      1.1275,
      2.6525,
      1.185,
      2.71,
      1.2425,
      2.765,
      1.2975,
      2.8225,
      1.355,
      2.8775,
      1.41,
      2.935,
      1.4675
    ],
    "SpacingBetweenSlices": 3,
    "TaskName": "risk choice task",
    "TotalReadoutTime": 0.0315,
    "dataset": "ds002843",
    "modality": "bold",
    "run_id": 1,
    "session_id": "scan2",
    "subject_id": "dmp0019",
    "task_id": "risk"
  },
  "dummy_trs": 0,
  "dvars_nstd": 22.303095678252436,
  "dvars_std": 1.2283378225242723,
  "dvars_vstd": 1.0016562024271844,
  "efc": 0.5685376237045109,
  "fber": 343.63812255859375,
  "fd_mean": 0.06073439342108444,
  "fd_num": 2,
  "fd_perc": 1.9230769230769231,
  "fwhm_avg": 2.72951,
  "fwhm_x": 2.6321600000000003,
  "fwhm_y": 2.55695,
  "fwhm_z": 2.99942,
  "gcor": 0.0190623,
  "gsr_x": 0.0012736058561131358,
  "gsr_y": 0.046342525631189346,
  "provenance": {
    "md5sum": "dc463c57927679dc187c26283ac07a34",
    "settings": {
      "fd_thres": 0.2,
      "testing": false
    },
    "software": "mriqc",
    "version": "21.0.0rc2",
    "webapi_port": null,
    "webapi_url": "https://mriqc.nimh.nih.gov/api/v1"
  },
  "size_t": 104,
  "size_x": 64,
  "size_y": 64,
  "size_z": 53,
  "snr": 2.33948462175269,
  "spacing_tr": 3.0,
  "spacing_x": 3.0,
  "spacing_y": 3.0,
  "spacing_z": 3.0,
  "summary_bg_k": 21.35179782705509,
  "summary_bg_mad": 17.89102107147492,
  "summary_bg_mean": 86.85459899902344,
  "summary_bg_median": 40.84615707397461,
  "summary_bg_n": 128651.0,
  "summary_bg_p05": 27.826923370361328,
  "summary_bg_p95": 305.60577392578125,
  "summary_bg_stdv": 111.48480224609375,
  "summary_fg_k": 3.5451101833426018,
  "summary_fg_mad": 253.68180002148125,
  "summary_fg_mean": 858.8277587890625,
  "summary_fg_median": 778.0577392578125,
  "summary_fg_n": 44445.0,
  "summary_fg_p05": 482.6365661621094,
  "summary_fg_p95": 1527.5307861328122,
  "summary_fg_stdv": 332.57281494140625,
  "tsnr": 87.63258547359146
}