{
  "aor": 0.0007015624999999999,
  "aqi": 0.0042991871875,
  "bids_meta": {
    "BandwidthPerPixelPhaseEncode": 31.25,
    "EchoTime": 0.025,
    "EffectiveEchoSpacing": 0.0005,
    "FlipAngle": 75,
    "ImageType": [
      "ORIGINAL",
      "PRIMARY",
      "M",
      "ND",
      "MOSAIC"
    ],
    "MagneticFieldStrength": 3,
    "Manufacturer": "Siemens",
    "ManufacturersModelName": "TrioTim",
    "Modality": "MR",
    "PhaseEncodingDirection": "j-",
    "PixelBandwidth": 3005,
    "RepetitionTime": 3,
    "ScanningSequence": "EP",
    "SequenceVariant": "SK",
    "SliceThickness": 3,
    "SliceTiming": [
      0,
      1.5225,
      0.055,
      1.58,
      0.1125,
      1.635,
      0.1675,
      1.6925,
      0.225,
      1.75,
      0.2825,
      1.805,
      0.3375,
      1.8625,
      0.395,
      1.9175,
      0.45,
      1.975,
      0.5075,
      2.03,
      0.5625,
      2.0875,
      0.62,
      2.145,
      0.6775,
      2.2,
      0.7325,
      2.2575,
      0.79,
      2.3125,
      0.845,
      2.37,
      0.9025,
      2.425,
      0.9575,
      2.4825,
      1.015,
      2.54,
      1.0725,
      2.595,
      1.1275,
      2.6525,
      1.185,
      2.7075,
      1.24,
      2.765,
      1.2975,
      2.8225,
      1.355,
      2.8775,
      1.41,
      2.935,
      1.4675
    ],
    "SpacingBetweenSlices": 3,
    "TaskName": "rest",
    "TotalReadoutTime": 0.0315,
    "dataset": "ds002843",
    "modality": "bold",
    "session_id": "scan2",
    "subject_id": "dmp0118",
    "task_id": "rest"
  },
  "dummy_trs": 0,
  "dvars_nstd": 18.54262421566038,
  "dvars_std": 1.0428508167295605,
  "dvars_vstd": 0.9490920907547176,
  "efc": 0.5629808851276032,
  "fber": 308.5614013671875,
  "fd_mean": 0.06255806797312335,
  "fd_num": 3,
  "fd_perc": 1.875,
  "fwhm_avg": 2.439836666666667,
  "fwhm_x": 2.204826666666667,
  "fwhm_y": 2.3908366666666665,
  "fwhm_z": 2.7238466666666667,
  "gcor": 0.0234241,
  "gsr_x": -0.007198257837444544,
  "gsr_y": 0.0568932443857193,
  "provenance": {
    "md5sum": "adb620b1ff7e7b893a4ed49bcb62b889",
    "settings": {
      "fd_thres": 0.2,
      "testing": false
    },
    "software": "mriqc",
    "version": "21.0.0rc2",
    "webapi_port": null,
    "webapi_url": "https://mriqc.nimh.nih.gov/api/v1"
  },
  "size_t": 160,
  "size_x": 64,
  "size_y": 64,
  "size_z": 53,
  "snr": 3.560776090459063,
  "spacing_tr": 3.0,
  "spacing_x": 3.0,
  "spacing_y": 3.0,
  "spacing_z": 3.0,
  "summary_bg_k": 40.57996474397209,
  "summary_bg_mad": 11.619897149809107,
  "summary_bg_mean": 63.09370422363281,
  "summary_bg_median": 32.962501525878906,
  "summary_bg_n": 140786.0,
  "summary_bg_p05": 24.67500114440918,
  "summary_bg_p95": 206.90469360351562,
  "summary_bg_stdv": 81.49105834960938,
  "summary_fg_k": 2.1367500071020666,
  "summary_fg_mad": 136.02409326869872,
  "summary_fg_mean": 622.3206176757812,
  "summary_fg_median": 594.234375,
  "summary_fg_n": 34906.0,
  "summary_fg_p05": 402.7515640258789,
  "summary_fg_p95": 943.8687744140625,
  "summary_fg_stdv": 166.88099670410156,
  "tsnr": 72.96750155836344
}