{
  "aor": 0.0026238461538461533,
  "aqi": 0.004170603557692307,
  "bids_meta": {
    "BandwidthPerPixelPhaseEncode": 31.25,
    "EchoTime": 0.025,
    "EffectiveEchoSpacing": 0.0005,
    "FlipAngle": 75,
    "ImageType": [
      "ORIGINAL",
      "PRIMARY",
      "M",
      "ND",
      "MOSAIC"
    ],
    "MagneticFieldStrength": 3,
    "Manufacturer": "Siemens",
    "ManufacturersModelName": "TrioTim",
    "Modality": "MR",
    "PhaseEncodingDirection": "j-",
    "PixelBandwidth": 3005,
    "RepetitionTime": 3,
    "ScanningSequence": "EP",
    "SequenceVariant": "SK",
    "SliceThickness": 3,
    "SliceTiming": [
      0,
      1.5225,
      0.055,
      1.58,
      0.1125,
      1.6375,
      0.17,
      1.6925,
      0.225,
      1.75,
      0.2825,
      1.805,
      0.3375,
      1.8625,
      0.395,
      1.92,
      0.45,
      1.975,
      0.5075,
      2.0325,
      0.565,
      2.0875,
      0.62,
      2.145,
      0.6775,
      2.2,
      0.7325,
      2.2575,
      0.79,
      2.315,
      0.8475,
      2.37,
      0.9025,
      2.4275,
      0.96,
      2.4825,
      1.015,
      2.54,
      1.0725,
      2.595,
      1.1275,
      2.6525,
      1.185,
      2.71,
      1.2425,
      2.765,
      1.2975,
      2.8225,
      1.355,
      2.8775,
      1.41,
      2.935,
      1.4675
    ],
    "SpacingBetweenSlices": 3,
    "TaskName": "intertemporal choice task",
    "TotalReadoutTime": 0.0315,
    "dataset": "ds002843",
    "modality": "bold",
    "run_id": 3,
    "session_id": "scan2",
    "subject_id": "dmp0118",
    "task_id": "itc"
  },
  "dummy_trs": 0,
  "dvars_nstd": 18.495755222912617,
  "dvars_std": 1.107614959514563,
  "dvars_vstd": 0.9988011981553401,
  "efc": 0.5654123393690355,
  "fber": 304.8471984863281,
  "fd_mean": 0.05987778040580919,
  "fd_num": 2,
  "fd_perc": 1.9230769230769231,
  "fwhm_avg": 2.453312222222222,
  "fwhm_x": 2.167613333333333,
  "fwhm_y": 2.405343333333333,
  "fwhm_z": 2.78698,
  "gcor": 0.00618515,
  "gsr_x": -0.01211542822420597,
  "gsr_y": 0.05896841362118721,
  "provenance": {
    "md5sum": "3ac38ae06673495b5af83f9ad3762618",
    "settings": {
      "fd_thres": 0.2,
      "testing": false
    },
    "software": "mriqc",
    "version": "21.0.0rc2",
    "webapi_port": null,
    "webapi_url": "https://mriqc.nimh.nih.gov/api/v1"
  },
  "size_t": 104,
  "size_x": 64,
  "size_y": 64,
  "size_z": 53,
  "snr": 3.525545595038806,
  "spacing_tr": 3.0,
  "spacing_x": 3.0,
  "spacing_y": 3.0,
  "spacing_z": 3.0,
  "summary_bg_k": 39.80228361830451,
  "summary_bg_mad": 12.060398163342267,
  "summary_bg_mean": 64.84930419921875,
  "summary_bg_median": 33.5,
  "summary_bg_n": 140450.0,
  "summary_bg_p05": 24.951923370361328,
  "summary_bg_p95": 214.61538696289062,
  "summary_bg_stdv": 83.29341125488281,
  "summary_fg_k": 2.210743521895565,
  "summary_fg_mad": 136.24258344549204,
  "summary_fg_mean": 627.586669921875,
  "summary_fg_median": 599.173095703125,
  "summary_fg_n": 34961.0,
  "summary_fg_p05": 404.0192565917969,
  "summary_fg_p95": 954.3846435546875,
  "summary_fg_stdv": 169.94944763183594,
  "tsnr": 79.5274188357871
}