{
  "aor": 0.003689423076923077,
  "aqi": 0.0025196067307692305,
  "bids_meta": {
    "BandwidthPerPixelPhaseEncode": 31.25,
    "EchoTime": 0.025,
    "EffectiveEchoSpacing": 0.0005,
    "FlipAngle": 75,
    "ImageType": [
      "ORIGINAL",
      "PRIMARY",
      "M",
      "ND",
      "MOSAIC"
    ],
    "MagneticFieldStrength": 3,
    "Manufacturer": "Siemens",
    "ManufacturersModelName": "TrioTim",
    "Modality": "MR",
    "PhaseEncodingDirection": "j-",
    "PixelBandwidth": 3005,
    "RepetitionTime": 3,
    "ScanningSequence": "EP",
    "SequenceVariant": "SK",
    "SliceThickness": 3,
    "SliceTiming": [
      0,
      1.5225,
      0.055,
      1.58,
      0.1125,
      1.6375,
      0.17,
      1.6925,
      0.225,
      1.75,
      0.2825,
      1.805,
      0.3375,
      1.8625,
      0.395,
      1.92,
      0.45,
      1.975,
      0.5075,
      2.0325,
      0.565,
      2.0875,
      0.62,
      2.145,
      0.6775,
      2.2,
      0.7325,
      2.2575,
      0.79,
      2.315,
      0.8475,
      2.37,
      0.9025,
      2.4275,
      0.96,
      2.4825,
      1.015,
      2.54,
      1.0725,
      2.595,
      1.1275,
      2.6525,
      1.185,
      2.71,
      1.2425,
      2.765,
      1.2975,
      2.8225,
      1.355,
      2.8775,
      1.41,
      2.935,
      1.4675
    ],
    "SpacingBetweenSlices": 3,
    "TaskName": "risk choice task",
    "TotalReadoutTime": 0.0315,
    "dataset": "ds002843",
    "modality": "bold",
    "run_id": 3,
    "session_id": "scan1",
    "subject_id": "dmp1052",
    "task_id": "risk"
  },
  "dummy_trs": 0,
  "dvars_nstd": 25.88120132679611,
  "dvars_std": 1.249969098058252,
  "dvars_vstd": 1.0150117856310683,
  "efc": 0.5412458930715235,
  "fber": 423.9187316894531,
  "fd_mean": 0.14089193170809156,
  "fd_num": 22,
  "fd_perc": 21.153846153846153,
  "fwhm_avg": 2.819497777777778,
  "fwhm_x": 2.749356666666667,
  "fwhm_y": 2.6807433333333335,
  "fwhm_z": 3.0283933333333333,
  "gcor": 0.0495359,
  "gsr_x": -0.009928370825946331,
  "gsr_y": 0.06623305380344391,
  "provenance": {
    "md5sum": "da6b8ae8ee7c1a7a03d1971bf7b8c48c",
    "settings": {
      "fd_thres": 0.2,
      "testing": false
    },
    "software": "mriqc",
    "version": "21.0.0rc2",
    "webapi_port": null,
    "webapi_url": "https://mriqc.nimh.nih.gov/api/v1"
  },
  "size_t": 104,
  "size_x": 64,
  "size_y": 64,
  "size_z": 53,
  "snr": 2.242912581912213,
  "spacing_tr": 3.0,
  "spacing_x": 3.0,
  "spacing_y": 3.0,
  "spacing_z": 3.0,
  "summary_bg_k": 27.556793632639927,
  "summary_bg_mad": 10.791631498118365,
  "summary_bg_mean": 65.3551025390625,
  "summary_bg_median": 33.75,
  "summary_bg_n": 132058.0,
  "summary_bg_p05": 25.923078536987305,
  "summary_bg_p95": 226.6745223999023,
  "summary_bg_stdv": 83.55175018310547,
  "summary_fg_k": 4.220219731910895,
  "summary_fg_mad": 227.6650448923376,
  "summary_fg_mean": 776.9937133789062,
  "summary_fg_median": 698.9135131835938,
  "summary_fg_n": 43077.0,
  "summary_fg_p05": 432.9865417480469,
  "summary_fg_p95": 1410.9039306640614,
  "summary_fg_stdv": 311.6061706542969,
  "tsnr": 76.22881410829723
}