{
  "aor": 0.0020948750000000004,
  "aqi": 0.0044979711875,
  "bids_meta": {
    "BandwidthPerPixelPhaseEncode": 31.25,
    "EchoTime": 0.025,
    "EffectiveEchoSpacing": 0.0005,
    "FlipAngle": 75,
    "ImageType": [
      "ORIGINAL",
      "PRIMARY",
      "M",
      "ND",
      "MOSAIC"
    ],
    "MagneticFieldStrength": 3,
    "Manufacturer": "Siemens",
    "ManufacturersModelName": "TrioTim",
    "Modality": "MR",
    "PhaseEncodingDirection": "j-",
    "PixelBandwidth": 3005,
    "RepetitionTime": 3,
    "ScanningSequence": "EP",
    "SequenceVariant": "SK",
    "SliceThickness": 3,
    "SliceTiming": [
      0,
      1.5225,
      0.055,
      1.58,
      0.1125,
      1.635,
      0.1675,
      1.6925,
      0.225,
      1.75,
      0.2825,
      1.805,
      0.3375,
      1.8625,
      0.395,
      1.9175,
      0.45,
      1.975,
      0.5075,
      2.03,
      0.5625,
      2.0875,
      0.62,
      2.145,
      0.6775,
      2.2,
      0.7325,
      2.2575,
      0.79,
      2.3125,
      0.845,
      2.37,
      0.9025,
      2.425,
      0.9575,
      2.4825,
      1.015,
      2.54,
      1.0725,
      2.595,
      1.1275,
      2.6525,
      1.185,
      2.7075,
      1.24,
      2.765,
      1.2975,
      2.8225,
      1.355,
      2.8775,
      1.41,
      2.935,
      1.4675
    ],
    "SpacingBetweenSlices": 3,
    "TaskName": "rest",
    "TotalReadoutTime": 0.0315,
    "dataset": "ds002843",
    "modality": "bold",
    "session_id": "scan1",
    "subject_id": "dmp1001",
    "task_id": "rest"
  },
  "dummy_trs": 0,
  "dvars_nstd": 22.088835956226422,
  "dvars_std": 1.2060786240880499,
  "dvars_vstd": 0.9908041857861638,
  "efc": 0.5465044778768404,
  "fber": 441.3795471191406,
  "fd_mean": 0.07211336207581691,
  "fd_num": 7,
  "fd_perc": 4.375,
  "fwhm_avg": 2.8480966666666667,
  "fwhm_x": 2.7379533333333335,
  "fwhm_y": 2.75318,
  "fwhm_z": 3.0531566666666667,
  "gcor": 0.0655352,
  "gsr_x": 0.001375241787172854,
  "gsr_y": 0.06513409316539764,
  "provenance": {
    "md5sum": "b34960b82bf083dc6bc1fdf3e2611370",
    "settings": {
      "fd_thres": 0.2,
      "testing": false
    },
    "software": "mriqc",
    "version": "21.0.0rc2",
    "webapi_port": null,
    "webapi_url": "https://mriqc.nimh.nih.gov/api/v1"
  },
  "size_t": 160,
  "size_x": 64,
  "size_y": 64,
  "size_z": 53,
  "snr": 2.482689005308635,
  "spacing_tr": 3.0,
  "spacing_x": 3.0,
  "spacing_y": 3.0,
  "spacing_z": 3.0,
  "summary_bg_k": 34.75324763854308,
  "summary_bg_mad": 10.109494443002935,
  "summary_bg_mean": 64.27906036376953,
  "summary_bg_median": 33.025001525878906,
  "summary_bg_n": 131402.0,
  "summary_bg_p05": 25.743749618530273,
  "summary_bg_p95": 211.54187240600575,
  "summary_bg_stdv": 85.80455780029297,
  "summary_fg_k": 4.157887451488951,
  "summary_fg_mad": 218.62822059729652,
  "summary_fg_mean": 765.5720825195312,
  "summary_fg_median": 699.7718505859375,
  "summary_fg_n": 43418.0,
  "summary_fg_p05": 442.0221832275391,
  "summary_fg_p95": 1317.3422119140625,
  "summary_fg_stdv": 281.8572082519531,
  "tsnr": 69.18009596632328
}