{
  "aor": 0.004528058252427184,
  "aqi": 0.002164575873786407,
  "bids_meta": {
    "BandwidthPerPixelPhaseEncode": 31.25,
    "EchoTime": 0.025,
    "EffectiveEchoSpacing": 0.0005,
    "FlipAngle": 75,
    "ImageType": [
      "ORIGINAL",
      "PRIMARY",
      "M",
      "ND",
      "MOSAIC"
    ],
    "MagneticFieldStrength": 3,
    "Manufacturer": "Siemens",
    "ManufacturersModelName": "TrioTim",
    "Modality": "MR",
    "PhaseEncodingDirection": "j-",
    "PixelBandwidth": 3005,
    "RepetitionTime": 3,
    "ScanningSequence": "EP",
    "SequenceVariant": "SK",
    "SliceThickness": 3,
    "SliceTiming": [
      0,
      1.5225,
      0.055,
      1.58,
      0.1125,
      1.6375,
      0.17,
      1.6925,
      0.225,
      1.75,
      0.2825,
      1.805,
      0.3375,
      1.8625,
      0.395,
      1.92,
      0.45,
      1.975,
      0.5075,
      2.0325,
      0.565,
      2.0875,
      0.62,
      2.145,
      0.6775,
      2.2,
      0.7325,
      2.2575,
      0.79,
      2.315,
      0.8475,
      2.37,
      0.9025,
      2.4275,
      0.96,
      2.4825,
      1.015,
      2.54,
      1.0725,
      2.595,
      1.1275,
      2.6525,
      1.185,
      2.71,
      1.2425,
      2.765,
      1.2975,
      2.8225,
      1.355,
      2.8775,
      1.41,
      2.935,
      1.4675
    ],
    "SpacingBetweenSlices": 3,
    "TaskName": "risk choice task",
    "TotalReadoutTime": 0.0315,
    "dataset": "ds002843",
    "modality": "bold",
    "run_id": 1,
    "session_id": "scan1",
    "subject_id": "dmp0596",
    "task_id": "risk"
  },
  "dummy_trs": 1,
  "dvars_nstd": 20.526631410784322,
  "dvars_std": 1.2238096749999998,
  "dvars_vstd": 1.0330425504901959,
  "efc": 0.5517335969704628,
  "fber": 438.3077392578125,
  "fd_mean": 0.10955689273432558,
  "fd_num": 11,
  "fd_perc": 10.679611650485437,
  "fwhm_avg": 2.619545555555556,
  "fwhm_x": 2.55231,
  "fwhm_y": 2.5845333333333333,
  "fwhm_z": 2.7217933333333337,
  "gcor": 0.0129957,
  "gsr_x": 0.008447108790278435,
  "gsr_y": 0.04105325788259506,
  "provenance": {
    "md5sum": "a1a804abd56cdde9b86dd1297a6b6358",
    "settings": {
      "fd_thres": 0.2,
      "testing": false
    },
    "software": "mriqc",
    "version": "21.0.0rc2",
    "webapi_port": null,
    "webapi_url": "https://mriqc.nimh.nih.gov/api/v1"
  },
  "size_t": 103,
  "size_x": 64,
  "size_y": 64,
  "size_z": 53,
  "snr": 2.9904310366259366,
  "spacing_tr": 3.0,
  "spacing_x": 3.0,
  "spacing_y": 3.0,
  "spacing_z": 3.0,
  "summary_bg_k": 15.245232410085912,
  "summary_bg_mad": 11.975970192769408,
  "summary_bg_mean": 67.942626953125,
  "summary_bg_median": 35.436893463134766,
  "summary_bg_n": 133825.0,
  "summary_bg_p05": 26.718446731567383,
  "summary_bg_p95": 240.0291290283203,
  "summary_bg_stdv": 82.2662353515625,
  "summary_fg_k": 2.6508603870502885,
  "summary_fg_mad": 208.75906138979119,
  "summary_fg_mean": 798.9865112304688,
  "summary_fg_median": 745.7572631835938,
  "summary_fg_n": 41283.0,
  "summary_fg_p05": 496.7097106933594,
  "summary_fg_p95": 1284.6184326171876,
  "summary_fg_stdv": 249.378173828125,
  "tsnr": 89.2794480768498
}