{
  "aor": 0.010999423076923077,
  "aqi": 0.010152141923076924,
  "bids_meta": {
    "BandwidthPerPixelPhaseEncode": 31.25,
    "EchoTime": 0.025,
    "EffectiveEchoSpacing": 0.0005,
    "FlipAngle": 75,
    "ImageType": [
      "ORIGINAL",
      "PRIMARY",
      "M",
      "ND",
      "MOSAIC"
    ],
    "MagneticFieldStrength": 3,
    "Manufacturer": "Siemens",
    "ManufacturersModelName": "TrioTim",
    "Modality": "MR",
    "PhaseEncodingDirection": "j-",
    "PixelBandwidth": 3005,
    "RepetitionTime": 3,
    "ScanningSequence": "EP",
    "SequenceVariant": "SK",
    "SliceThickness": 3,
    "SliceTiming": [
      0,
      1.5225,
      0.055,
      1.58,
      0.1125,
      1.6375,
      0.17,
      1.6925,
      0.225,
      1.75,
      0.2825,
      1.805,
      0.3375,
      1.8625,
      0.395,
      1.92,
      0.45,
      1.975,
      0.5075,
      2.0325,
      0.565,
      2.0875,
      0.62,
      2.145,
      0.6775,
      2.2,
      0.7325,
      2.2575,
      0.79,
      2.315,
      0.8475,
      2.37,
      0.9025,
      2.4275,
      0.96,
      2.4825,
      1.015,
      2.54,
      1.0725,
      2.595,
      1.1275,
      2.6525,
      1.185,
      2.71,
      1.2425,
      2.765,
      1.2975,
      2.8225,
      1.355,
      2.8775,
      1.41,
      2.935,
      1.4675
    ],
    "SpacingBetweenSlices": 3,
    "TaskName": "intertemporal choice task",
    "TotalReadoutTime": 0.0315,
    "dataset": "ds002843",
    "modality": "bold",
    "run_id": 4,
    "session_id": "scan1",
    "subject_id": "dmp0596",
    "task_id": "itc"
  },
  "dummy_trs": 0,
  "dvars_nstd": 34.563562763495135,
  "dvars_std": 0.9874287733980579,
  "dvars_vstd": 0.9119075156310679,
  "efc": 0.5592488459271447,
  "fber": 423.031982421875,
  "fd_mean": 0.5151067110262495,
  "fd_num": 42,
  "fd_perc": 40.38461538461539,
  "fwhm_avg": 2.497114444444444,
  "fwhm_x": 2.419236666666667,
  "fwhm_y": 2.4683466666666667,
  "fwhm_z": 2.60376,
  "gcor": 0.0389997,
  "gsr_x": 0.015129628591239452,
  "gsr_y": 0.04180450737476349,
  "provenance": {
    "md5sum": "7f4cd577362fd9685fa9e0791f181454",
    "settings": {
      "fd_thres": 0.2,
      "testing": false
    },
    "software": "mriqc",
    "version": "21.0.0rc2",
    "webapi_port": null,
    "webapi_url": "https://mriqc.nimh.nih.gov/api/v1"
  },
  "size_t": 104,
  "size_x": 64,
  "size_y": 64,
  "size_z": 53,
  "snr": 3.320829924001314,
  "spacing_tr": 3.0,
  "spacing_x": 3.0,
  "spacing_y": 3.0,
  "spacing_z": 3.0,
  "summary_bg_k": 15.5083082133951,
  "summary_bg_mad": 12.359767372368784,
  "summary_bg_mean": 66.91822052001953,
  "summary_bg_median": 35.04807662963867,
  "summary_bg_n": 133597.0,
  "summary_bg_p05": 25.115385055541992,
  "summary_bg_p95": 234.29231262207026,
  "summary_bg_stdv": 81.66323852539062,
  "summary_fg_k": 2.206519747589204,
  "summary_fg_mad": 190.45737583739012,
  "summary_fg_mean": 759.2938232421875,
  "summary_fg_median": 718.2885131835938,
  "summary_fg_n": 41529.0,
  "summary_fg_p05": 485.71923828125,
  "summary_fg_p95": 1169.4192871093749,
  "summary_fg_stdv": 216.2952880859375,
  "tsnr": 36.59076628787443
}