{
  "bids_meta": {
    "EchoTime": 0.09,
    "FlipAngle": 180,
    "ImageType": [
      "ORIGINAL",
      "PRIMARY",
      "M",
      "ND",
      "NORM"
    ],
    "ImagingFrequency": 123.204,
    "MagneticFieldStrength": 3,
    "Manufacturer": "Siemens",
    "ManufacturersModelName": "TrioTim",
    "Modality": "MR",
    "PhaseEncodingDirection": "i",
    "RepetitionTime": 7,
    "ScanningSequence": "SE",
    "SequenceVariant": "SK_SP_OSP",
    "SliceThickness": 3,
    "SpacingBetweenSlices": 3,
    "dataset": "ds002843",
    "modality": "T2w",
    "session_id": "scan2",
    "subject_id": "dmp0097"
  },
  "cjv": 0.5863505581063023,
  "cnr": 2.3483067586952426,
  "efc": 0.5600117514521324,
  "fber": 3493.7849133808054,
  "fwhm_avg": 2.4528274428073042,
  "fwhm_x": 2.8844266666666667,
  "fwhm_y": 2.893466666666667,
  "fwhm_z": 1.5805889950885803,
  "icvs_csf": 0.15071357425543253,
  "icvs_gm": 0.42843820684268175,
  "icvs_wm": 0.4208482189018858,
  "inu_med": 1.453377366065979,
  "inu_range": 0.3782438516616822,
  "provenance": {
    "md5sum": "4be3bd8f4d59ab55cba141432372f9f4",
    "settings": {
      "testing": false
    },
    "software": "mriqc",
    "version": "21.0.0rc2",
    "warnings": {
      "large_rot_frame": true,
      "small_air_mask": false
    },
    "webapi_port": null,
    "webapi_url": "https://mriqc.nimh.nih.gov/api/v1"
  },
  "qi_1": 0.0,
  "qi_2": 0.006137276685649002,
  "rpve_csf": 17.67162470687959,
  "rpve_gm": 6.60466497479821,
  "rpve_wm": 7.795224114765224,
  "size_x": 256,
  "size_y": 256,
  "size_z": 44,
  "snr_csf": 2.8301230430588458,
  "snr_gm": 8.955908169644793,
  "snr_total": 6.593976815918059,
  "snr_wm": 7.995899235050537,
  "snrd_csf": 176.55225285317906,
  "snrd_gm": 95.50024022365362,
  "snrd_total": 112.03290473049663,
  "snrd_wm": 64.04622111465721,
  "spacing_x": 0.75,
  "spacing_y": 0.75,
  "spacing_z": 3.000001907348633,
  "summary_bg_k": 949.7654992812035,
  "summary_bg_mad": 10.044317894355622,
  "summary_bg_mean": 20.146709713531692,
  "summary_bg_median": 16.731677018105984,
  "summary_bg_n": 836315.0,
  "summary_bg_p05": 3.2847464084625244,
  "summary_bg_p95": 43.11229661107063,
  "summary_bg_stdv": 19.046454528133395,
  "summary_csf_k": 0.4771245472907193,
  "summary_csf_mad": 721.2124621416863,
  "summary_csf_mean": 2664.04531124081,
  "summary_csf_median": 2706.836337223649,
  "summary_csf_n": 72455.0,
  "summary_csf_p05": 578.8339061662555,
  "summary_csf_p95": 4140.248345714062,
  "summary_csf_stdv": 956.431086756809,
  "summary_gm_k": 0.18426385077807295,
  "summary_gm_mad": 160.1003397706381,
  "summary_gm_mean": 1471.4769976722484,
  "summary_gm_median": 1464.1757115721703,
  "summary_gm_n": 204708.0,
  "summary_gm_p05": 1217.5117859616876,
  "summary_gm_p95": 1754.3625270947814,
  "summary_gm_stdv": 163.48672938342784,
  "summary_wm_k": -0.0749686396260203,
  "summary_wm_mad": 122.66242761894895,
  "summary_wm_mean": 980.0310509578569,
  "summary_wm_median": 981.9338794797659,
  "summary_wm_n": 228586.0,
  "summary_wm_p05": 772.9418892413378,
  "summary_wm_p95": 1179.9424989148974,
  "summary_wm_stdv": 122.80441545956702,
  "tpm_overlap_csf": 0.17450128495693207,
  "tpm_overlap_gm": 0.45135894417762756,
  "tpm_overlap_wm": 0.5055520534515381,
  "wm2max": 0.21289475441212471
}