{
  "bids_meta": {
    "EchoTime": 0.00311,
    "FlipAngle": 15,
    "ImageType": [
      "ORIGINAL",
      "PRIMARY",
      "M",
      "ND",
      "NORM"
    ],
    "InversionTime": 1.1,
    "MagneticFieldStrength": 3,
    "Manufacturer": "Siemens",
    "ManufacturersModelName": "TrioTim",
    "Modality": "MR",
    "RepetitionTime": 1.63,
    "ScanningSequence": "GR_IR",
    "SequenceVariant": "SP_MP",
    "SliceThickness": 1,
    "dataset": "ds002843",
    "modality": "T1w",
    "session_id": "scan2",
    "subject_id": "dmp0097"
  },
  "cjv": 0.45197367826619356,
  "cnr": 2.872212318861693,
  "efc": 0.5660975415076128,
  "fber": 7553.4970703125,
  "fwhm_avg": 3.196974666666667,
  "fwhm_x": 3.071616,
  "fwhm_y": 3.561408,
  "fwhm_z": 2.9579,
  "icvs_csf": 0.1764500736423268,
  "icvs_gm": 0.4242391713027405,
  "icvs_wm": 0.3993107550549327,
  "inu_med": 1.0784202814102173,
  "inu_range": 0.20337619781494143,
  "provenance": {
    "md5sum": "a8f1175d7e8b983fb4edf0cc638cdfc8",
    "settings": {
      "testing": false
    },
    "software": "mriqc",
    "version": "21.0.0rc2",
    "warnings": {
      "large_rot_frame": true,
      "small_air_mask": false
    },
    "webapi_port": null,
    "webapi_url": "https://mriqc.nimh.nih.gov/api/v1"
  },
  "qi_1": 0.006906094649405049,
  "qi_2": 0.0029229429829289695,
  "rpve_csf": 20.256839933714364,
  "rpve_gm": 9.159286138849263,
  "rpve_wm": 11.622700889323045,
  "size_x": 192,
  "size_y": 256,
  "size_z": 160,
  "snr_csf": 2.967097661711727,
  "snr_gm": 13.827431055857904,
  "snr_total": 14.89470715145329,
  "snr_wm": 27.88959273679024,
  "snrd_csf": 34.26860752445523,
  "snrd_gm": 63.05228750098148,
  "snrd_total": 58.6426175082863,
  "snrd_wm": 78.60695749942218,
  "spacing_x": 0.9375,
  "spacing_y": 0.9375,
  "spacing_z": 1.0,
  "summary_bg_k": 28.110035048760118,
  "summary_bg_mad": 8.334556028585862,
  "summary_bg_mean": 9.57968807220459,
  "summary_bg_median": 8.465845108032227,
  "summary_bg_n": 2168588.0,
  "summary_bg_p05": 0.0,
  "summary_bg_p95": 25.464391517639157,
  "summary_bg_stdv": 9.792808532714844,
  "summary_csf_k": 12.609163311676085,
  "summary_csf_mad": 132.68267308929023,
  "summary_csf_mean": 461.3323974609375,
  "summary_csf_median": 435.9605712890625,
  "summary_csf_n": 16955.0,
  "summary_csf_p05": 278.7287231445313,
  "summary_csf_p95": 679.5171325683593,
  "summary_csf_stdv": 146.9273223876953,
  "summary_gm_k": 0.2966101692055254,
  "summary_gm_mad": 55.01608894004668,
  "summary_gm_mean": 803.0256958007812,
  "summary_gm_median": 802.1426391601562,
  "summary_gm_n": 18465.0,
  "summary_gm_p05": 710.1188842773438,
  "summary_gm_p95": 903.33125,
  "summary_gm_stdv": 58.009395599365234,
  "summary_wm_k": 0.5052134994925854,
  "summary_wm_mad": 34.42245093462375,
  "summary_wm_mean": 1002.2377319335938,
  "summary_wm_median": 1000.0270385742188,
  "summary_wm_n": 191161.0,
  "summary_wm_p05": 947.4627075195312,
  "summary_wm_p95": 1064.5926513671875,
  "summary_wm_stdv": 35.856544494628906,
  "tpm_overlap_csf": 0.17051424086093903,
  "tpm_overlap_gm": 0.4565722346305847,
  "tpm_overlap_wm": 0.5041671395301819,
  "wm2max": 0.47004386880624816
}