{
  "bids_meta": {
    "EchoTime": 0.00311,
    "FlipAngle": 15,
    "ImageType": [
      "ORIGINAL",
      "PRIMARY",
      "M",
      "ND",
      "NORM"
    ],
    "InversionTime": 1.1,
    "MagneticFieldStrength": 3,
    "Manufacturer": "Siemens",
    "ManufacturersModelName": "TrioTim",
    "Modality": "MR",
    "RepetitionTime": 1.63,
    "ScanningSequence": "GR_IR",
    "SequenceVariant": "SP_MP",
    "SliceThickness": 1,
    "dataset": "ds002843",
    "modality": "T1w",
    "session_id": "scan1",
    "subject_id": "dmp0952"
  },
  "cjv": 0.878249839328121,
  "cnr": 1.6141418295191894,
  "efc": 0.5836655958068856,
  "fber": 9159.8564453125,
  "fwhm_avg": 3.5713322222222224,
  "fwhm_x": 3.3760106666666667,
  "fwhm_y": 4.004096,
  "fwhm_z": 3.33389,
  "icvs_csf": 0.1866499342683063,
  "icvs_gm": 0.43219207405954174,
  "icvs_wm": 0.381157991672152,
  "inu_med": 1.1297242641448975,
  "inu_range": 0.38673380613327013,
  "provenance": {
    "md5sum": "5074fce0f3ecea613e30a8c275f15826",
    "settings": {
      "testing": false
    },
    "software": "mriqc",
    "version": "21.0.0rc2",
    "warnings": {
      "large_rot_frame": true,
      "small_air_mask": false
    },
    "webapi_port": null,
    "webapi_url": "https://mriqc.nimh.nih.gov/api/v1"
  },
  "qi_1": 0.00029289533806927054,
  "qi_2": 0.009315137768492146,
  "rpve_csf": 16.56839924148805,
  "rpve_gm": 7.689423570403278,
  "rpve_wm": 10.059341646700066,
  "size_x": 192,
  "size_y": 256,
  "size_z": 160,
  "snr_csf": 1.6493090159634902,
  "snr_gm": 10.151143739426544,
  "snr_total": 13.258643902423188,
  "snr_wm": 27.975478951879534,
  "snrd_csf": 41.91935382077552,
  "snrd_gm": 96.41739427441256,
  "snrd_total": 83.82871007627561,
  "snrd_wm": 113.14938213363877,
  "spacing_x": 0.9375,
  "spacing_y": 0.9375,
  "spacing_z": 1.0,
  "summary_bg_k": 15.700258793244547,
  "summary_bg_mad": 5.79010050097615,
  "summary_bg_mean": 8.216529846191406,
  "summary_bg_median": 5.861515045166016,
  "summary_bg_n": 2295491.0,
  "summary_bg_p05": 0.0,
  "summary_bg_p95": 23.36469268798828,
  "summary_bg_stdv": 8.290505409240723,
  "summary_csf_k": 55.53792510946766,
  "summary_csf_mad": 80.66959114221062,
  "summary_csf_mean": 425.0005187988281,
  "summary_csf_median": 370.48358154296875,
  "summary_csf_n": 31624.0,
  "summary_csf_p05": 265.68729095458986,
  "summary_csf_p95": 693.441079711914,
  "summary_csf_stdv": 224.6260223388672,
  "summary_gm_k": -0.708933993722209,
  "summary_gm_mad": 96.09016088745562,
  "summary_gm_mean": 853.4953002929688,
  "summary_gm_median": 852.1376953125,
  "summary_gm_n": 33304.0,
  "summary_gm_p05": 719.2066040039062,
  "summary_gm_p95": 988.4387695312499,
  "summary_gm_stdv": 83.94373321533203,
  "summary_wm_k": 1.0827665721433188,
  "summary_wm_mad": 33.78317826783707,
  "summary_wm_mean": 1002.17138671875,
  "summary_wm_median": 1000.01513671875,
  "summary_wm_n": 215148.0,
  "summary_wm_p05": 948.6127044677735,
  "summary_wm_p95": 1062.9073608398437,
  "summary_wm_stdv": 35.74604797363281,
  "tpm_overlap_csf": 0.18360520899295807,
  "tpm_overlap_gm": 0.4431014060974121,
  "tpm_overlap_wm": 0.4736081063747406,
  "wm2max": 0.4768615103448995
}