{
  "bids_meta": {
    "EchoTime": 0.00311,
    "FlipAngle": 15,
    "ImageType": [
      "ORIGINAL",
      "PRIMARY",
      "M",
      "ND",
      "NORM"
    ],
    "InversionTime": 1.1,
    "MagneticFieldStrength": 3,
    "Manufacturer": "Siemens",
    "ManufacturersModelName": "TrioTim",
    "Modality": "MR",
    "RepetitionTime": 1.63,
    "ScanningSequence": "GR_IR",
    "SequenceVariant": "SP_MP",
    "SliceThickness": 1,
    "dataset": "ds002843",
    "modality": "T1w",
    "session_id": "scan1",
    "subject_id": "dmp0971"
  },
  "cjv": 0.4384120826670118,
  "cnr": 2.8847541254268965,
  "efc": 0.6046563542566453,
  "fber": 9403.1181640625,
  "fwhm_avg": 3.352951555555556,
  "fwhm_x": 3.180832,
  "fwhm_y": 3.7926826666666664,
  "fwhm_z": 3.08534,
  "icvs_csf": 0.1837446754963724,
  "icvs_gm": 0.4150861730337948,
  "icvs_wm": 0.4011691514698328,
  "inu_med": 1.014068365097046,
  "inu_range": 0.18985760807991015,
  "provenance": {
    "md5sum": "566d2a612c00805f48326fe9ce03bd16",
    "settings": {
      "testing": false
    },
    "software": "mriqc",
    "version": "21.0.0rc2",
    "warnings": {
      "large_rot_frame": true,
      "small_air_mask": false
    },
    "webapi_port": null,
    "webapi_url": "https://mriqc.nimh.nih.gov/api/v1"
  },
  "qi_1": 7.585183608019003e-05,
  "qi_2": 0.006089228739360647,
  "rpve_csf": 16.8255602140907,
  "rpve_gm": 7.927845133031069,
  "rpve_wm": 9.749906165462614,
  "size_x": 192,
  "size_y": 256,
  "size_z": 160,
  "snr_csf": 1.785133468581853,
  "snr_gm": 13.735973125699694,
  "snr_total": 13.862344920658908,
  "snr_wm": 26.065928167695173,
  "snrd_csf": 68.13619907263026,
  "snrd_gm": 134.08540604634382,
  "snrd_total": 123.45725416501476,
  "snrd_wm": 168.15015737607018,
  "spacing_x": 0.9375,
  "spacing_y": 0.9375,
  "spacing_z": 1.0,
  "summary_bg_k": 18.89628264987228,
  "summary_bg_mad": 3.8962790148188686,
  "summary_bg_mean": 8.250069618225098,
  "summary_bg_median": 5.236435890197754,
  "summary_bg_n": 2040010.0,
  "summary_bg_p05": 0.0,
  "summary_bg_p95": 26.143949222564686,
  "summary_bg_stdv": 9.480965614318848,
  "summary_csf_k": 59.210914836796505,
  "summary_csf_mad": 107.07086454997888,
  "summary_csf_mean": 455.6596374511719,
  "summary_csf_median": 405.2250061035156,
  "summary_csf_n": 31345.0,
  "summary_csf_p05": 279.0363708496094,
  "summary_csf_p95": 703.4456176757812,
  "summary_csf_stdv": 226.9962158203125,
  "summary_gm_k": 0.40769446199405257,
  "summary_gm_mad": 54.422695138297996,
  "summary_gm_mean": 799.3974609375,
  "summary_gm_median": 797.443359375,
  "summary_gm_n": 26570.0,
  "summary_gm_p05": 707.5732147216797,
  "summary_gm_p95": 900.7858032226562,
  "summary_gm_stdv": 58.054012298583984,
  "summary_wm_k": 1.3509273356712166,
  "summary_wm_mad": 34.39634432207255,
  "summary_wm_mean": 1003.8492431640625,
  "summary_wm_median": 1000.0359497070312,
  "summary_wm_n": 243378.0,
  "summary_wm_p05": 948.5048400878907,
  "summary_wm_p95": 1072.1216186523438,
  "summary_wm_stdv": 38.36555862426758,
  "tpm_overlap_csf": 0.18291227519512177,
  "tpm_overlap_gm": 0.46060553193092346,
  "tpm_overlap_wm": 0.5157115459442139,
  "wm2max": 0.4614719881637413
}