{
  "bids_meta": {
    "EchoTime": 0.09,
    "FlipAngle": 180,
    "ImageType": [
      "ORIGINAL",
      "PRIMARY",
      "M",
      "ND",
      "NORM"
    ],
    "ImagingFrequency": 123.204,
    "MagneticFieldStrength": 3,
    "Manufacturer": "Siemens",
    "ManufacturersModelName": "TrioTim",
    "Modality": "MR",
    "PhaseEncodingDirection": "i",
    "RepetitionTime": 7,
    "ScanningSequence": "SE",
    "SequenceVariant": "SK_SP_OSP",
    "SliceThickness": 3,
    "SpacingBetweenSlices": 3,
    "dataset": "ds002843",
    "modality": "T2w",
    "session_id": "scan1",
    "subject_id": "dmp0996"
  },
  "cjv": 0.507911535346358,
  "cnr": 2.575752788150681,
  "efc": 0.6073025495474423,
  "fber": 2098.122132963989,
  "fwhm_avg": 2.69767701173663,
  "fwhm_x": 3.122453333333333,
  "fwhm_y": 3.342333333333333,
  "fwhm_z": 1.6282443685432235,
  "icvs_csf": 0.18348297261422863,
  "icvs_gm": 0.38651535215182353,
  "icvs_wm": 0.43000167523394783,
  "inu_med": 1.2966952323913574,
  "inu_range": 0.3253215253353119,
  "provenance": {
    "md5sum": "97ee818c5a350a383a7e40fd37fcbe92",
    "settings": {
      "testing": false
    },
    "software": "mriqc",
    "version": "21.0.0rc2",
    "warnings": {
      "large_rot_frame": false,
      "small_air_mask": false
    },
    "webapi_port": null,
    "webapi_url": "https://mriqc.nimh.nih.gov/api/v1"
  },
  "qi_1": 0.00047103899623958254,
  "qi_2": 0.0010378975201065386,
  "rpve_csf": 11.74102895243911,
  "rpve_gm": 5.5934047061603875,
  "rpve_wm": 6.140423305918946,
  "size_x": 256,
  "size_y": 256,
  "size_z": 44,
  "snr_csf": 3.0981937887722992,
  "snr_gm": 8.26471690172329,
  "snr_total": 6.6804560715966135,
  "snr_wm": 8.678457524294254,
  "snrd_csf": 110.16477406963658,
  "snrd_gm": 52.79770742976853,
  "snrd_total": 65.38570125794566,
  "snrd_wm": 33.194622274431865,
  "spacing_x": 0.75,
  "spacing_y": 0.75,
  "spacing_z": 2.999998092651367,
  "summary_bg_k": 301.468245124698,
  "summary_bg_mad": 19.664304956875586,
  "summary_bg_mean": 32.92408976013708,
  "summary_bg_median": 23.75746877491474,
  "summary_bg_n": 759664.0,
  "summary_bg_p05": 3.352280870079994,
  "summary_bg_p95": 82.49525967240334,
  "summary_bg_stdv": 47.2772677177075,
  "summary_csf_k": 0.7910976718558302,
  "summary_csf_mad": 870.4156084208227,
  "summary_csf_mean": 3212.511059735532,
  "summary_csf_median": 3306.660699978471,
  "summary_csf_n": 118295.0,
  "summary_csf_p05": 700.1457224175335,
  "summary_csf_p95": 4703.876791493593,
  "summary_csf_stdv": 1067.2820840319087,
  "summary_gm_k": 0.3424311519824945,
  "summary_gm_mad": 188.43158156478583,
  "summary_gm_mean": 1591.911750475158,
  "summary_gm_median": 1584.754343494773,
  "summary_gm_n": 222153.0,
  "summary_gm_p05": 1296.1666859835386,
  "summary_gm_p95": 1917.5046576857567,
  "summary_gm_stdv": 191.74894863633943,
  "summary_wm_k": 0.2647226666491229,
  "summary_wm_mad": 110.4226355270706,
  "summary_wm_mean": 986.9221266404936,
  "summary_wm_median": 996.3561751246452,
  "summary_wm_n": 300611.0,
  "summary_wm_p05": 780.6441887021065,
  "summary_wm_p95": 1157.994413599372,
  "summary_wm_stdv": 114.80778872462919,
  "tpm_overlap_csf": 0.18123102188110352,
  "tpm_overlap_gm": 0.4256995618343353,
  "tpm_overlap_wm": 0.48991966247558594,
  "wm2max": 0.1885886305250083
}