{
  "bids_meta": {
    "EchoTime": 0.00311,
    "FlipAngle": 15,
    "ImageType": [
      "ORIGINAL",
      "PRIMARY",
      "M",
      "ND",
      "NORM"
    ],
    "InversionTime": 1.1,
    "MagneticFieldStrength": 3,
    "Manufacturer": "Siemens",
    "ManufacturersModelName": "TrioTim",
    "Modality": "MR",
    "RepetitionTime": 1.63,
    "ScanningSequence": "GR_IR",
    "SequenceVariant": "SP_MP",
    "SliceThickness": 1,
    "dataset": "ds002843",
    "modality": "T1w",
    "session_id": "scan1",
    "subject_id": "dmp0996"
  },
  "cjv": 0.49178863832484115,
  "cnr": 2.586388136380564,
  "efc": 0.6383666678098886,
  "fber": 8766.533203125,
  "fwhm_avg": 3.455487777777778,
  "fwhm_x": 3.2936853333333334,
  "fwhm_y": 3.8479680000000003,
  "fwhm_z": 3.22481,
  "icvs_csf": 0.20035587023614918,
  "icvs_gm": 0.3951145276299003,
  "icvs_wm": 0.40452960213395056,
  "inu_med": 1.091721534729004,
  "inu_range": 0.2442290186882019,
  "provenance": {
    "md5sum": "9cbb6a94b683f8831ffe7faf7737bf6e",
    "settings": {
      "testing": false
    },
    "software": "mriqc",
    "version": "21.0.0rc2",
    "warnings": {
      "large_rot_frame": true,
      "small_air_mask": false
    },
    "webapi_port": null,
    "webapi_url": "https://mriqc.nimh.nih.gov/api/v1"
  },
  "qi_1": 0.001348552232139061,
  "qi_2": 0.0032330966111268704,
  "rpve_csf": 15.311068999430407,
  "rpve_gm": 7.855468786019973,
  "rpve_wm": 9.401051987693501,
  "size_x": 192,
  "size_y": 256,
  "size_z": 160,
  "snr_csf": 2.986445783138284,
  "snr_gm": 12.932187747623491,
  "snr_total": 13.780969923128792,
  "snr_wm": 25.4242762386246,
  "snrd_csf": 33.0349778995352,
  "snrd_gm": 66.47870677865022,
  "snrd_total": 60.644657141406036,
  "snrd_wm": 82.42028674603269,
  "spacing_x": 0.9375,
  "spacing_y": 0.9375,
  "spacing_z": 1.0,
  "summary_bg_k": 43.098434061731204,
  "summary_bg_mad": 7.948925171931007,
  "summary_bg_mean": 10.87812614440918,
  "summary_bg_median": 8.057329177856445,
  "summary_bg_n": 1800039.0,
  "summary_bg_p05": 0.0,
  "summary_bg_p95": 32.009512329101554,
  "summary_bg_stdv": 12.479757308959961,
  "summary_csf_k": 41.65725560634488,
  "summary_csf_mad": 108.69603511536286,
  "summary_csf_mean": 425.1571350097656,
  "summary_csf_median": 400.82122802734375,
  "summary_csf_n": 35624.0,
  "summary_csf_p05": 264.9668960571289,
  "summary_csf_p95": 645.4934814453123,
  "summary_csf_stdv": 134.21157836914062,
  "summary_gm_k": 0.7388130471328229,
  "summary_gm_mad": 57.439660346121286,
  "summary_gm_mean": 808.7616577148438,
  "summary_gm_median": 806.6019287109375,
  "summary_gm_n": 13410.0,
  "summary_gm_p05": 710.2784698486328,
  "summary_gm_p95": 915.7634979248046,
  "summary_gm_stdv": 62.369327545166016,
  "summary_wm_k": 0.717843869292671,
  "summary_wm_mad": 37.68356047750124,
  "summary_wm_mean": 1002.7005004882812,
  "summary_wm_median": 1000.02490234375,
  "summary_wm_n": 244527.0,
  "summary_wm_p05": 943.2764465332032,
  "summary_wm_p95": 1070.7309204101562,
  "summary_wm_stdv": 39.3333854675293,
  "tpm_overlap_csf": 0.18811257183551788,
  "tpm_overlap_gm": 0.43985235691070557,
  "tpm_overlap_wm": 0.4992836117744446,
  "wm2max": 0.45786368099242664
}