{
  "aor": 0.0015950961538461538,
  "aqi": 0.0034968135576923074,
  "bids_meta": {
    "BandwidthPerPixelPhaseEncode": 31.25,
    "EchoTime": 0.025,
    "EffectiveEchoSpacing": 0.0005,
    "FlipAngle": 75,
    "ImageType": [
      "ORIGINAL",
      "PRIMARY",
      "M",
      "ND",
      "MOSAIC"
    ],
    "MagneticFieldStrength": 3,
    "Manufacturer": "Siemens",
    "ManufacturersModelName": "TrioTim",
    "Modality": "MR",
    "PhaseEncodingDirection": "j-",
    "PixelBandwidth": 3005,
    "RepetitionTime": 3,
    "ScanningSequence": "EP",
    "SequenceVariant": "SK",
    "SliceThickness": 3,
    "SliceTiming": [
      0,
      1.5225,
      0.055,
      1.58,
      0.1125,
      1.6375,
      0.17,
      1.6925,
      0.225,
      1.75,
      0.2825,
      1.805,
      0.3375,
      1.8625,
      0.395,
      1.92,
      0.45,
      1.975,
      0.5075,
      2.0325,
      0.565,
      2.0875,
      0.62,
      2.145,
      0.6775,
      2.2,
      0.7325,
      2.2575,
      0.79,
      2.315,
      0.8475,
      2.37,
      0.9025,
      2.4275,
      0.96,
      2.4825,
      1.015,
      2.54,
      1.0725,
      2.595,
      1.1275,
      2.6525,
      1.185,
      2.71,
      1.2425,
      2.765,
      1.2975,
      2.8225,
      1.355,
      2.8775,
      1.41,
      2.935,
      1.4675
    ],
    "SpacingBetweenSlices": 3,
    "TaskName": "risk choice task",
    "TotalReadoutTime": 0.0315,
    "dataset": "ds002843",
    "modality": "bold",
    "run_id": 3,
    "session_id": "scan2",
    "subject_id": "dmp0801",
    "task_id": "risk"
  },
  "dummy_trs": 0,
  "dvars_nstd": 21.8293730353398,
  "dvars_std": 1.135260095048544,
  "dvars_vstd": 0.98369639,
  "efc": 0.6032522830831543,
  "fber": 289.1170959472656,
  "fd_mean": 0.08024647270934944,
  "fd_num": 3,
  "fd_perc": 2.8846153846153846,
  "fwhm_avg": 2.4849288888888883,
  "fwhm_x": 2.3434666666666666,
  "fwhm_y": 2.4352,
  "fwhm_z": 2.6761199999999996,
  "gcor": 0.0239088,
  "gsr_x": -0.008319073356688023,
  "gsr_y": 0.12181190401315689,
  "provenance": {
    "md5sum": "00dd910041d35987c7173f0c8f56b6f7",
    "settings": {
      "fd_thres": 0.2,
      "testing": false
    },
    "software": "mriqc",
    "version": "21.0.0rc2",
    "webapi_port": null,
    "webapi_url": "https://mriqc.nimh.nih.gov/api/v1"
  },
  "size_t": 104,
  "size_x": 64,
  "size_y": 64,
  "size_z": 53,
  "snr": 3.0551181193431747,
  "spacing_tr": 3.0,
  "spacing_x": 3.0,
  "spacing_y": 3.0,
  "spacing_z": 3.0,
  "summary_bg_k": 14.88795667331522,
  "summary_bg_mad": 14.298559456924234,
  "summary_bg_mean": 94.95893859863281,
  "summary_bg_median": 37.365386962890625,
  "summary_bg_n": 128740.0,
  "summary_bg_p05": 26.500001907348633,
  "summary_bg_p95": 390.8298202514642,
  "summary_bg_stdv": 139.91261291503906,
  "summary_fg_k": 5.250286770587431,
  "summary_fg_mad": 169.48711488070862,
  "summary_fg_mean": 691.2904663085938,
  "summary_fg_median": 650.0673217773438,
  "summary_fg_n": 43089.0,
  "summary_fg_p05": 433.8904113769531,
  "summary_fg_p95": 1081.4673828124996,
  "summary_fg_stdv": 212.7772979736328,
  "tsnr": 73.81051714438945
}