{
  "aor": 0.0036164375,
  "aqi": 0.006703178875000002,
  "bids_meta": {
    "BandwidthPerPixelPhaseEncode": 31.25,
    "EchoTime": 0.025,
    "EffectiveEchoSpacing": 0.0005,
    "FlipAngle": 75,
    "ImageType": [
      "ORIGINAL",
      "PRIMARY",
      "M",
      "ND",
      "MOSAIC"
    ],
    "MagneticFieldStrength": 3,
    "Manufacturer": "Siemens",
    "ManufacturersModelName": "TrioTim",
    "Modality": "MR",
    "PhaseEncodingDirection": "j-",
    "PixelBandwidth": 3005,
    "RepetitionTime": 3,
    "ScanningSequence": "EP",
    "SequenceVariant": "SK",
    "SliceThickness": 3,
    "SliceTiming": [
      0,
      1.5225,
      0.055,
      1.58,
      0.1125,
      1.635,
      0.1675,
      1.6925,
      0.225,
      1.75,
      0.2825,
      1.805,
      0.3375,
      1.8625,
      0.395,
      1.9175,
      0.45,
      1.975,
      0.5075,
      2.03,
      0.5625,
      2.0875,
      0.62,
      2.145,
      0.6775,
      2.2,
      0.7325,
      2.2575,
      0.79,
      2.3125,
      0.845,
      2.37,
      0.9025,
      2.425,
      0.9575,
      2.4825,
      1.015,
      2.54,
      1.0725,
      2.595,
      1.1275,
      2.6525,
      1.185,
      2.7075,
      1.24,
      2.765,
      1.2975,
      2.8225,
      1.355,
      2.8775,
      1.41,
      2.935,
      1.4675
    ],
    "SpacingBetweenSlices": 3,
    "TaskName": "rest",
    "TotalReadoutTime": 0.0315,
    "dataset": "ds002843",
    "modality": "bold",
    "session_id": "scan2",
    "subject_id": "dmp0801",
    "task_id": "rest"
  },
  "dummy_trs": 0,
  "dvars_nstd": 30.038512859622642,
  "dvars_std": 1.165836330754717,
  "dvars_vstd": 0.9871269588679245,
  "efc": 0.5983302299662515,
  "fber": 297.8750915527344,
  "fd_mean": 0.18280523924193526,
  "fd_num": 43,
  "fd_perc": 26.875,
  "fwhm_avg": 2.515,
  "fwhm_x": 2.4030400000000003,
  "fwhm_y": 2.434626666666667,
  "fwhm_z": 2.707333333333333,
  "gcor": 0.0274339,
  "gsr_x": -0.01397503912448883,
  "gsr_y": 0.12274669110774994,
  "provenance": {
    "md5sum": "48fd576a549168016f90cf39a6466dc1",
    "settings": {
      "fd_thres": 0.2,
      "testing": false
    },
    "software": "mriqc",
    "version": "21.0.0rc2",
    "webapi_port": null,
    "webapi_url": "https://mriqc.nimh.nih.gov/api/v1"
  },
  "size_t": 160,
  "size_x": 64,
  "size_y": 64,
  "size_z": 53,
  "snr": 3.0331082522483332,
  "spacing_tr": 3.0,
  "spacing_x": 3.0,
  "spacing_y": 3.0,
  "spacing_z": 3.0,
  "summary_bg_k": 15.87960905143439,
  "summary_bg_mad": 15.187405910248897,
  "summary_bg_mean": 95.07186126708984,
  "summary_bg_median": 37.70000076293945,
  "summary_bg_n": 130608.0,
  "summary_bg_p05": 25.668750762939453,
  "summary_bg_p95": 385.7434417724608,
  "summary_bg_stdv": 138.53878784179688,
  "summary_fg_k": 5.144730389690894,
  "summary_fg_mad": 172.00040797255275,
  "summary_fg_mean": 704.916748046875,
  "summary_fg_median": 661.8250122070312,
  "summary_fg_n": 42483.0,
  "summary_fg_p05": 440.9131317138672,
  "summary_fg_p95": 1117.234423828125,
  "summary_fg_stdv": 218.19769287109375,
  "tsnr": 54.162444757763296
}