{
  "aor": 0.006132692307692308,
  "aqi": 0.007137379711538461,
  "bids_meta": {
    "BandwidthPerPixelPhaseEncode": 31.25,
    "EchoTime": 0.025,
    "EffectiveEchoSpacing": 0.0005,
    "FlipAngle": 75,
    "ImageType": [
      "ORIGINAL",
      "PRIMARY",
      "M",
      "ND",
      "MOSAIC"
    ],
    "MagneticFieldStrength": 3,
    "Manufacturer": "Siemens",
    "ManufacturersModelName": "TrioTim",
    "Modality": "MR",
    "PhaseEncodingDirection": "j-",
    "PixelBandwidth": 3005,
    "RepetitionTime": 3,
    "ScanningSequence": "EP",
    "SequenceVariant": "SK",
    "SliceThickness": 3,
    "SliceTiming": [
      0,
      1.5225,
      0.055,
      1.58,
      0.1125,
      1.6375,
      0.17,
      1.6925,
      0.225,
      1.75,
      0.2825,
      1.805,
      0.3375,
      1.8625,
      0.395,
      1.92,
      0.45,
      1.975,
      0.5075,
      2.0325,
      0.565,
      2.0875,
      0.62,
      2.145,
      0.6775,
      2.2,
      0.7325,
      2.2575,
      0.79,
      2.315,
      0.8475,
      2.37,
      0.9025,
      2.4275,
      0.96,
      2.4825,
      1.015,
      2.54,
      1.0725,
      2.595,
      1.1275,
      2.6525,
      1.185,
      2.71,
      1.2425,
      2.765,
      1.2975,
      2.8225,
      1.355,
      2.8775,
      1.41,
      2.935,
      1.4675
    ],
    "SpacingBetweenSlices": 3,
    "TaskName": "intertemporal choice task",
    "TotalReadoutTime": 0.0315,
    "dataset": "ds002843",
    "modality": "bold",
    "run_id": 4,
    "session_id": "scan2",
    "subject_id": "dmp0801",
    "task_id": "itc"
  },
  "dummy_trs": 0,
  "dvars_nstd": 24.610087699611636,
  "dvars_std": 1.1135616018446608,
  "dvars_vstd": 0.9803506733009708,
  "efc": 0.6040855955837867,
  "fber": 288.5323181152344,
  "fd_mean": 0.13083726118711905,
  "fd_num": 14,
  "fd_perc": 13.461538461538462,
  "fwhm_avg": 2.506908888888889,
  "fwhm_x": 2.37222,
  "fwhm_y": 2.45952,
  "fwhm_z": 2.6889866666666666,
  "gcor": 0.0378102,
  "gsr_x": -0.007133756298571825,
  "gsr_y": 0.12207295745611191,
  "provenance": {
    "md5sum": "56cce76c820de70f98a9de31f6320a6a",
    "settings": {
      "fd_thres": 0.2,
      "testing": false
    },
    "software": "mriqc",
    "version": "21.0.0rc2",
    "webapi_port": null,
    "webapi_url": "https://mriqc.nimh.nih.gov/api/v1"
  },
  "size_t": 104,
  "size_x": 64,
  "size_y": 64,
  "size_z": 53,
  "snr": 3.065632712228398,
  "spacing_tr": 3.0,
  "spacing_x": 3.0,
  "spacing_y": 3.0,
  "spacing_z": 3.0,
  "summary_bg_k": 14.335415245775874,
  "summary_bg_mad": 13.728325659161069,
  "summary_bg_mean": 95.29654693603516,
  "summary_bg_median": 37.30769348144531,
  "summary_bg_n": 128882.0,
  "summary_bg_p05": 27.298078536987305,
  "summary_bg_p95": 392.37451934814453,
  "summary_bg_stdv": 139.85536193847656,
  "summary_fg_k": 5.1269725016020615,
  "summary_fg_mad": 169.14496894637207,
  "summary_fg_mean": 690.5079345703125,
  "summary_fg_median": 649.5769653320312,
  "summary_fg_n": 43097.0,
  "summary_fg_p05": 433.82500610351565,
  "summary_fg_p95": 1079.6654541015623,
  "summary_fg_stdv": 211.88755798339844,
  "tsnr": 57.700679786503315
}