{
  "bids_meta": {
    "EchoTime": 0.00311,
    "FlipAngle": 15,
    "ImageType": [
      "ORIGINAL",
      "PRIMARY",
      "M",
      "ND",
      "NORM"
    ],
    "InversionTime": 1.1,
    "MagneticFieldStrength": 3,
    "Manufacturer": "Siemens",
    "ManufacturersModelName": "TrioTim",
    "Modality": "MR",
    "RepetitionTime": 1.63,
    "ScanningSequence": "GR_IR",
    "SequenceVariant": "SP_MP",
    "SliceThickness": 1,
    "dataset": "ds002843",
    "modality": "T1w",
    "session_id": "scan1",
    "subject_id": "dmp0954"
  },
  "cjv": 1.0599712614453107,
  "cnr": 1.4058557889798167,
  "efc": 0.5764769544666867,
  "fber": 14368.984375,
  "fwhm_avg": 3.5493626666666667,
  "fwhm_x": 3.4581226666666667,
  "fwhm_y": 3.8988053333333337,
  "fwhm_z": 3.29116,
  "icvs_csf": 0.16873885261289323,
  "icvs_gm": 0.45064730432718686,
  "icvs_wm": 0.3806138430599199,
  "inu_med": 1.0860437154769897,
  "inu_range": 0.3423524975776673,
  "provenance": {
    "md5sum": "f48ff84b9f2dff4efcee7e70653d66f6",
    "settings": {
      "testing": false
    },
    "software": "mriqc",
    "version": "21.0.0rc2",
    "warnings": {
      "large_rot_frame": true,
      "small_air_mask": false
    },
    "webapi_port": null,
    "webapi_url": "https://mriqc.nimh.nih.gov/api/v1"
  },
  "qi_1": 0.0006285997450562945,
  "qi_2": 0.007874122629786883,
  "rpve_csf": 19.133203432336742,
  "rpve_gm": 8.084009245617743,
  "rpve_wm": 10.901513726965025,
  "size_x": 192,
  "size_y": 256,
  "size_z": 160,
  "snr_csf": 2.244407958611677,
  "snr_gm": 9.376964957945962,
  "snr_total": 12.919441601394956,
  "snr_wm": 27.13695188762723,
  "snrd_csf": 40.49640270696817,
  "snrd_gm": 92.63380844166447,
  "snrd_total": 80.26582674293866,
  "snrd_wm": 107.66726908018335,
  "spacing_x": 0.9375,
  "spacing_y": 0.9375,
  "spacing_z": 1.0,
  "summary_bg_k": 29.00084930604654,
  "summary_bg_mad": 6.085061638731279,
  "summary_bg_mean": 8.096969604492188,
  "summary_bg_median": 6.168369293212891,
  "summary_bg_n": 2195849.0,
  "summary_bg_p05": 0.0,
  "summary_bg_p95": 22.620021057128902,
  "summary_bg_stdv": 9.374955177307129,
  "summary_csf_k": 61.669911558422086,
  "summary_csf_mad": 89.95171353074619,
  "summary_csf_mean": 411.0826721191406,
  "summary_csf_median": 376.1401672363281,
  "summary_csf_n": 25484.0,
  "summary_csf_p05": 259.5548553466797,
  "summary_csf_p95": 646.3722412109373,
  "summary_csf_stdv": 167.58663940429688,
  "summary_gm_k": -1.007333120211469,
  "summary_gm_mad": 114.79760744741161,
  "summary_gm_mean": 863.1477661132812,
  "summary_gm_median": 860.4047241210938,
  "summary_gm_n": 45503.0,
  "summary_gm_p05": 720.99111328125,
  "summary_gm_p95": 1004.7451599121094,
  "summary_gm_stdv": 91.75626373291016,
  "summary_wm_k": 1.8780607670720562,
  "summary_wm_mad": 33.21077834515903,
  "summary_wm_mean": 1001.4468383789062,
  "summary_wm_median": 1000.0390625,
  "summary_wm_n": 194414.0,
  "summary_wm_p05": 946.5837921142578,
  "summary_wm_p95": 1062.2816345214844,
  "summary_wm_stdv": 36.85146713256836,
  "tpm_overlap_csf": 0.17464855313301086,
  "tpm_overlap_gm": 0.4468506872653961,
  "tpm_overlap_wm": 0.4644714891910553,
  "wm2max": 0.4813152314618454
}