{
  "bids_meta": {
    "EchoTime": 0.00311,
    "FlipAngle": 15,
    "ImageType": [
      "ORIGINAL",
      "PRIMARY",
      "M",
      "ND",
      "NORM"
    ],
    "InversionTime": 1.1,
    "MagneticFieldStrength": 3,
    "Manufacturer": "Siemens",
    "ManufacturersModelName": "TrioTim",
    "Modality": "MR",
    "RepetitionTime": 1.63,
    "ScanningSequence": "GR_IR",
    "SequenceVariant": "SP_MP",
    "SliceThickness": 1,
    "dataset": "ds002843",
    "modality": "T1w",
    "session_id": "scan1",
    "subject_id": "dmp1114"
  },
  "cjv": 0.4397874104132315,
  "cnr": 2.9196130745576987,
  "efc": 0.6214142197130659,
  "fber": 6982.46337890625,
  "fwhm_avg": 3.495096,
  "fwhm_x": 3.2877440000000004,
  "fwhm_y": 3.959744,
  "fwhm_z": 3.2378,
  "icvs_csf": 0.1684259448457963,
  "icvs_gm": 0.44993814799159226,
  "icvs_wm": 0.3816359071626115,
  "inu_med": 1.0256465673446655,
  "inu_range": 0.21782014966011043,
  "provenance": {
    "md5sum": "bf2199fd8e4f876b24d5df31903b6e6f",
    "settings": {
      "testing": false
    },
    "software": "mriqc",
    "version": "21.0.0rc2",
    "warnings": {
      "large_rot_frame": true,
      "small_air_mask": false
    },
    "webapi_port": null,
    "webapi_url": "https://mriqc.nimh.nih.gov/api/v1"
  },
  "qi_1": 0.0026777106257127197,
  "qi_2": 0.008598650303418377,
  "rpve_csf": 17.027722806956096,
  "rpve_gm": 7.086650354055707,
  "rpve_wm": 9.454833275842946,
  "size_x": 192,
  "size_y": 256,
  "size_z": 160,
  "snr_csf": 1.8324626591854982,
  "snr_gm": 13.514697004511437,
  "snr_total": 13.890418039085437,
  "snr_wm": 26.324094453559375,
  "snrd_csf": 47.18647298577779,
  "snrd_gm": 77.18481271963373,
  "snrd_total": 73.87144279533412,
  "snrd_wm": 97.24304268059085,
  "spacing_x": 0.9375,
  "spacing_y": 0.9375,
  "spacing_z": 1.0,
  "summary_bg_k": 8.92919485485273,
  "summary_bg_mad": 6.737305957933345,
  "summary_bg_mean": 9.635621070861816,
  "summary_bg_median": 6.819304943084717,
  "summary_bg_n": 2039775.0,
  "summary_bg_p05": 0.0,
  "summary_bg_p95": 29.06808395385741,
  "summary_bg_stdv": 9.951435089111328,
  "summary_csf_k": 42.613460450838666,
  "summary_csf_mad": 137.82612821616704,
  "summary_csf_mean": 520.4781494140625,
  "summary_csf_median": 485.2572937011719,
  "summary_csf_n": 38003.0,
  "summary_csf_p05": 313.8546508789062,
  "summary_csf_p95": 709.0365783691407,
  "summary_csf_stdv": 264.8080749511719,
  "summary_gm_k": 0.4654410315775741,
  "summary_gm_mad": 54.17904850296314,
  "summary_gm_mean": 799.140380859375,
  "summary_gm_median": 793.7548828125,
  "summary_gm_n": 39372.0,
  "summary_gm_p05": 712.5501190185547,
  "summary_gm_p95": 909.7475341796874,
  "summary_gm_stdv": 58.731971740722656,
  "summary_wm_k": 0.6998384979927943,
  "summary_wm_mad": 36.53821768699676,
  "summary_wm_mean": 1002.1879272460938,
  "summary_wm_median": 1000.0301513671875,
  "summary_wm_n": 231427.0,
  "summary_wm_p05": 944.4841796875,
  "summary_wm_p95": 1066.8999999999999,
  "summary_wm_stdv": 37.98907470703125,
  "tpm_overlap_csf": 0.1596282422542572,
  "tpm_overlap_gm": 0.4517890512943268,
  "tpm_overlap_wm": 0.48697972297668457,
  "wm2max": 0.5871690097178596
}