{
  "aor": 0.008193522012578615,
  "aqi": 0.005680872830188679,
  "bids_meta": {
    "BandwidthPerPixelPhaseEncode": 31.25,
    "EchoTime": 0.025,
    "EffectiveEchoSpacing": 0.0005,
    "FlipAngle": 75,
    "ImageType": [
      "ORIGINAL",
      "PRIMARY",
      "M",
      "ND",
      "MOSAIC"
    ],
    "MagneticFieldStrength": 3,
    "Manufacturer": "Siemens",
    "ManufacturersModelName": "TrioTim",
    "Modality": "MR",
    "PhaseEncodingDirection": "j-",
    "PixelBandwidth": 3005,
    "RepetitionTime": 3,
    "ScanningSequence": "EP",
    "SequenceVariant": "SK",
    "SliceThickness": 3,
    "SliceTiming": [
      0,
      1.5225,
      0.055,
      1.58,
      0.1125,
      1.635,
      0.1675,
      1.6925,
      0.225,
      1.75,
      0.2825,
      1.805,
      0.3375,
      1.8625,
      0.395,
      1.9175,
      0.45,
      1.975,
      0.5075,
      2.03,
      0.5625,
      2.0875,
      0.62,
      2.145,
      0.6775,
      2.2,
      0.7325,
      2.2575,
      0.79,
      2.3125,
      0.845,
      2.37,
      0.9025,
      2.425,
      0.9575,
      2.4825,
      1.015,
      2.54,
      1.0725,
      2.595,
      1.1275,
      2.6525,
      1.185,
      2.7075,
      1.24,
      2.765,
      1.2975,
      2.8225,
      1.355,
      2.8775,
      1.41,
      2.935,
      1.4675
    ],
    "SpacingBetweenSlices": 3,
    "TaskName": "rest",
    "TotalReadoutTime": 0.0315,
    "dataset": "ds002843",
    "modality": "bold",
    "session_id": "scan2",
    "subject_id": "dmp1266",
    "task_id": "rest"
  },
  "dummy_trs": 1,
  "dvars_nstd": 26.757951929303804,
  "dvars_std": 1.2636471703797467,
  "dvars_vstd": 1.0284963501898736,
  "efc": 0.5738878038046471,
  "fber": 341.5552062988281,
  "fd_mean": 0.13683101707865705,
  "fd_num": 19,
  "fd_perc": 11.949685534591195,
  "fwhm_avg": 2.707654444444444,
  "fwhm_x": 2.6587366666666665,
  "fwhm_y": 2.60061,
  "fwhm_z": 2.8636166666666667,
  "gcor": 0.0287423,
  "gsr_x": -0.007821796461939812,
  "gsr_y": 0.08795291930437088,
  "provenance": {
    "md5sum": "ed6b7fc72fc93ec03b0a2cfd87e5737e",
    "settings": {
      "fd_thres": 0.2,
      "testing": false
    },
    "software": "mriqc",
    "version": "21.0.0rc2",
    "webapi_port": null,
    "webapi_url": "https://mriqc.nimh.nih.gov/api/v1"
  },
  "size_t": 159,
  "size_x": 64,
  "size_y": 64,
  "size_z": 53,
  "snr": 2.7378060687453285,
  "spacing_tr": 3.0,
  "spacing_x": 3.0,
  "spacing_y": 3.0,
  "spacing_z": 3.0,
  "summary_bg_k": 32.91311268251678,
  "summary_bg_mad": 13.091657432383025,
  "summary_bg_mean": 77.67243957519531,
  "summary_bg_median": 35.440250396728516,
  "summary_bg_n": 132000.0,
  "summary_bg_p05": 25.84276580810547,
  "summary_bg_p95": 287.5037719726561,
  "summary_bg_stdv": 107.4369888305664,
  "summary_fg_k": 3.063315552713526,
  "summary_fg_mad": 197.62900256603484,
  "summary_fg_mean": 723.3033447265625,
  "summary_fg_median": 673.9496459960938,
  "summary_fg_n": 41504.0,
  "summary_fg_p05": 420.67388610839845,
  "summary_fg_p95": 1200.1247985839843,
  "summary_fg_stdv": 246.16116333007812,
  "tsnr": 65.60427562985569
}