{
  "aor": 0.0032299038461538455,
  "aqi": 0.0037305778846153845,
  "bids_meta": {
    "BandwidthPerPixelPhaseEncode": 31.25,
    "EchoTime": 0.025,
    "EffectiveEchoSpacing": 0.0005,
    "FlipAngle": 75,
    "ImageType": [
      "ORIGINAL",
      "PRIMARY",
      "M",
      "ND",
      "MOSAIC"
    ],
    "MagneticFieldStrength": 3,
    "Manufacturer": "Siemens",
    "ManufacturersModelName": "TrioTim",
    "Modality": "MR",
    "PhaseEncodingDirection": "j-",
    "PixelBandwidth": 3005,
    "RepetitionTime": 3,
    "ScanningSequence": "EP",
    "SequenceVariant": "SK",
    "SliceThickness": 3,
    "SliceTiming": [
      0,
      1.5225,
      0.055,
      1.58,
      0.1125,
      1.6375,
      0.17,
      1.6925,
      0.225,
      1.75,
      0.2825,
      1.805,
      0.3375,
      1.8625,
      0.395,
      1.92,
      0.45,
      1.975,
      0.5075,
      2.0325,
      0.565,
      2.0875,
      0.62,
      2.145,
      0.6775,
      2.2,
      0.7325,
      2.2575,
      0.79,
      2.315,
      0.8475,
      2.37,
      0.9025,
      2.4275,
      0.96,
      2.4825,
      1.015,
      2.54,
      1.0725,
      2.595,
      1.1275,
      2.6525,
      1.185,
      2.71,
      1.2425,
      2.765,
      1.2975,
      2.8225,
      1.355,
      2.8775,
      1.41,
      2.935,
      1.4675
    ],
    "SpacingBetweenSlices": 3,
    "TaskName": "intertemporal choice task",
    "TotalReadoutTime": 0.0315,
    "dataset": "ds002843",
    "modality": "bold",
    "run_id": 4,
    "session_id": "scan2",
    "subject_id": "dmp1266",
    "task_id": "itc"
  },
  "dummy_trs": 0,
  "dvars_nstd": 28.447746295533978,
  "dvars_std": 1.2944361738834957,
  "dvars_vstd": 1.017284611747573,
  "efc": 0.5773617301934012,
  "fber": 319.893310546875,
  "fd_mean": 0.15042399499893275,
  "fd_num": 26,
  "fd_perc": 25.0,
  "fwhm_avg": 2.7323322222222224,
  "fwhm_x": 2.6614766666666667,
  "fwhm_y": 2.63421,
  "fwhm_z": 2.90131,
  "gcor": 0.0472745,
  "gsr_x": -0.007684927433729172,
  "gsr_y": 0.09025418013334274,
  "provenance": {
    "md5sum": "f3565eb2246736f425af6d5cf5933210",
    "settings": {
      "fd_thres": 0.2,
      "testing": false
    },
    "software": "mriqc",
    "version": "21.0.0rc2",
    "webapi_port": null,
    "webapi_url": "https://mriqc.nimh.nih.gov/api/v1"
  },
  "size_t": 104,
  "size_x": 64,
  "size_y": 64,
  "size_z": 53,
  "snr": 2.6984838468374335,
  "spacing_tr": 3.0,
  "spacing_x": 3.0,
  "spacing_y": 3.0,
  "spacing_z": 3.0,
  "summary_bg_k": 28.821934121683313,
  "summary_bg_mad": 14.070463109979654,
  "summary_bg_mean": 80.50711059570312,
  "summary_bg_median": 36.5384635925293,
  "summary_bg_n": 131698.0,
  "summary_bg_p05": 26.38461685180664,
  "summary_bg_p95": 299.6553115844726,
  "summary_bg_stdv": 109.25877380371094,
  "summary_fg_k": 3.069829462834859,
  "summary_fg_mad": 200.9496098480888,
  "summary_fg_mean": 725.401123046875,
  "summary_fg_median": 675.09619140625,
  "summary_fg_n": 41500.0,
  "summary_fg_p05": 418.61490631103516,
  "summary_fg_p95": 1209.61304321289,
  "summary_fg_stdv": 250.173095703125,
  "tsnr": 74.64893343765289
}