{
  "aor": 0.0010216352201257862,
  "aqi": 0.0022071718490566036,
  "bids_meta": {
    "BandwidthPerPixelPhaseEncode": 31.25,
    "EchoTime": 0.025,
    "EffectiveEchoSpacing": 0.0005,
    "FlipAngle": 75,
    "ImageType": [
      "ORIGINAL",
      "PRIMARY",
      "M",
      "ND",
      "MOSAIC"
    ],
    "MagneticFieldStrength": 3,
    "Manufacturer": "Siemens",
    "ManufacturersModelName": "TrioTim",
    "Modality": "MR",
    "PhaseEncodingDirection": "j-",
    "PixelBandwidth": 3005,
    "RepetitionTime": 3,
    "ScanningSequence": "EP",
    "SequenceVariant": "SK",
    "SliceThickness": 3,
    "SliceTiming": [
      0,
      1.5225,
      0.055,
      1.58,
      0.1125,
      1.635,
      0.1675,
      1.6925,
      0.225,
      1.75,
      0.2825,
      1.805,
      0.3375,
      1.8625,
      0.395,
      1.9175,
      0.45,
      1.975,
      0.5075,
      2.03,
      0.5625,
      2.0875,
      0.62,
      2.145,
      0.6775,
      2.2,
      0.7325,
      2.2575,
      0.79,
      2.3125,
      0.845,
      2.37,
      0.9025,
      2.425,
      0.9575,
      2.4825,
      1.015,
      2.54,
      1.0725,
      2.595,
      1.1275,
      2.6525,
      1.185,
      2.7075,
      1.24,
      2.765,
      1.2975,
      2.8225,
      1.355,
      2.8775,
      1.41,
      2.935,
      1.4675
    ],
    "SpacingBetweenSlices": 3,
    "TaskName": "rest",
    "TotalReadoutTime": 0.0315,
    "dataset": "ds002843",
    "modality": "bold",
    "session_id": "scan2",
    "subject_id": "dmp0106",
    "task_id": "rest"
  },
  "dummy_trs": 1,
  "dvars_nstd": 20.798975715189883,
  "dvars_std": 1.2209562560759495,
  "dvars_vstd": 1.0044936013291141,
  "efc": 0.5540362293377566,
  "fber": 379.2176513671875,
  "fd_mean": 0.051130226585065705,
  "fd_num": 0,
  "fd_perc": 0.0,
  "fwhm_avg": 2.7322344444444444,
  "fwhm_x": 2.682206666666667,
  "fwhm_y": 2.5695200000000002,
  "fwhm_z": 2.944976666666667,
  "gcor": 0.0296824,
  "gsr_x": 0.00278442888520658,
  "gsr_y": 0.05997318774461746,
  "provenance": {
    "md5sum": "cc32cf015a717810621888af7941bfe3",
    "settings": {
      "fd_thres": 0.2,
      "testing": false
    },
    "software": "mriqc",
    "version": "21.0.0rc2",
    "webapi_port": null,
    "webapi_url": "https://mriqc.nimh.nih.gov/api/v1"
  },
  "size_t": 159,
  "size_x": 64,
  "size_y": 64,
  "size_z": 53,
  "snr": 2.5611549820094783,
  "spacing_tr": 3.0,
  "spacing_x": 3.0,
  "spacing_y": 3.0,
  "spacing_z": 3.0,
  "summary_bg_k": 14.91458044190323,
  "summary_bg_mad": 11.711623773652617,
  "summary_bg_mean": 73.39759063720703,
  "summary_bg_median": 34.440250396728516,
  "summary_bg_n": 135502.0,
  "summary_bg_p05": 25.974842071533203,
  "summary_bg_p95": 271.2012634277344,
  "summary_bg_stdv": 94.42449188232422,
  "summary_fg_k": 2.737220228364645,
  "summary_fg_mad": 207.093396165424,
  "summary_fg_mean": 736.5667724609375,
  "summary_fg_median": 676.42138671875,
  "summary_fg_n": 39612.0,
  "summary_fg_p05": 427.819482421875,
  "summary_fg_p95": 1269.1037231445307,
  "summary_fg_stdv": 264.1046142578125,
  "tsnr": 88.36696711136028
}