{
  "aor": 0.0018641747572815536,
  "aqi": 0.0024302785436893207,
  "bids_meta": {
    "BandwidthPerPixelPhaseEncode": 31.25,
    "EchoTime": 0.025,
    "EffectiveEchoSpacing": 0.0005,
    "FlipAngle": 75,
    "ImageType": [
      "ORIGINAL",
      "PRIMARY",
      "M",
      "ND",
      "MOSAIC"
    ],
    "MagneticFieldStrength": 3,
    "Manufacturer": "Siemens",
    "ManufacturersModelName": "TrioTim",
    "Modality": "MR",
    "PhaseEncodingDirection": "j-",
    "PixelBandwidth": 3005,
    "RepetitionTime": 3,
    "ScanningSequence": "EP",
    "SequenceVariant": "SK",
    "SliceThickness": 3,
    "SliceTiming": [
      0,
      1.5225,
      0.055,
      1.58,
      0.1125,
      1.6375,
      0.17,
      1.6925,
      0.225,
      1.75,
      0.2825,
      1.805,
      0.3375,
      1.8625,
      0.395,
      1.92,
      0.45,
      1.975,
      0.5075,
      2.0325,
      0.565,
      2.0875,
      0.62,
      2.145,
      0.6775,
      2.2,
      0.7325,
      2.2575,
      0.79,
      2.315,
      0.8475,
      2.37,
      0.9025,
      2.4275,
      0.96,
      2.4825,
      1.015,
      2.54,
      1.0725,
      2.595,
      1.1275,
      2.6525,
      1.185,
      2.71,
      1.2425,
      2.765,
      1.2975,
      2.8225,
      1.355,
      2.8775,
      1.41,
      2.935,
      1.4675
    ],
    "SpacingBetweenSlices": 3,
    "TaskName": "risk choice task",
    "TotalReadoutTime": 0.0315,
    "dataset": "ds002843",
    "modality": "bold",
    "run_id": 4,
    "session_id": "scan1",
    "subject_id": "dmp1183",
    "task_id": "risk"
  },
  "dummy_trs": 1,
  "dvars_nstd": 21.00034899784313,
  "dvars_std": 1.218683185196079,
  "dvars_vstd": 1.0098377301960781,
  "efc": 0.5727096870424183,
  "fber": 359.9466552734375,
  "fd_mean": 0.06252781996796543,
  "fd_num": 2,
  "fd_perc": 1.941747572815534,
  "fwhm_avg": 2.428901111111111,
  "fwhm_x": 2.3080700000000003,
  "fwhm_y": 2.24527,
  "fwhm_z": 2.733363333333333,
  "gcor": 0.046828,
  "gsr_x": 0.00597093440592289,
  "gsr_y": 0.023326631635427475,
  "provenance": {
    "md5sum": "9c5475e52f5b9303447fffc984a65497",
    "settings": {
      "fd_thres": 0.2,
      "testing": false
    },
    "software": "mriqc",
    "version": "21.0.0rc2",
    "webapi_port": null,
    "webapi_url": "https://mriqc.nimh.nih.gov/api/v1"
  },
  "size_t": 103,
  "size_x": 64,
  "size_y": 64,
  "size_z": 53,
  "snr": 3.031561056089271,
  "spacing_tr": 3.0,
  "spacing_x": 3.0,
  "spacing_y": 3.0,
  "spacing_z": 3.0,
  "summary_bg_k": 36.979342819944264,
  "summary_bg_mad": 12.796436663630836,
  "summary_bg_mean": 65.41173553466797,
  "summary_bg_median": 34.708736419677734,
  "summary_bg_n": 128051.0,
  "summary_bg_p05": 25.39805793762207,
  "summary_bg_p95": 211.5873794555664,
  "summary_bg_stdv": 85.11268615722656,
  "summary_fg_k": 3.961849625601962,
  "summary_fg_mad": 183.2093295791111,
  "summary_fg_mean": 713.4229736328125,
  "summary_fg_median": 666.5242919921875,
  "summary_fg_n": 45293.0,
  "summary_fg_p05": 451.9184509277344,
  "summary_fg_p95": 1114.877685546875,
  "summary_fg_stdv": 219.85931396484375,
  "tsnr": 90.69164934754372
}