{
  "aor": 0.0006413125,
  "aqi": 0.0020598264374999996,
  "bids_meta": {
    "BandwidthPerPixelPhaseEncode": 31.25,
    "EchoTime": 0.025,
    "EffectiveEchoSpacing": 0.0005,
    "FlipAngle": 75,
    "ImageType": [
      "ORIGINAL",
      "PRIMARY",
      "M",
      "ND",
      "MOSAIC"
    ],
    "MagneticFieldStrength": 3,
    "Manufacturer": "Siemens",
    "ManufacturersModelName": "TrioTim",
    "Modality": "MR",
    "PhaseEncodingDirection": "j-",
    "PixelBandwidth": 3005,
    "RepetitionTime": 3,
    "ScanningSequence": "EP",
    "SequenceVariant": "SK",
    "SliceThickness": 3,
    "SliceTiming": [
      0,
      1.5225,
      0.055,
      1.58,
      0.1125,
      1.635,
      0.1675,
      1.6925,
      0.225,
      1.75,
      0.2825,
      1.805,
      0.3375,
      1.8625,
      0.395,
      1.9175,
      0.45,
      1.975,
      0.5075,
      2.03,
      0.5625,
      2.0875,
      0.62,
      2.145,
      0.6775,
      2.2,
      0.7325,
      2.2575,
      0.79,
      2.3125,
      0.845,
      2.37,
      0.9025,
      2.425,
      0.9575,
      2.4825,
      1.015,
      2.54,
      1.0725,
      2.595,
      1.1275,
      2.6525,
      1.185,
      2.7075,
      1.24,
      2.765,
      1.2975,
      2.8225,
      1.355,
      2.8775,
      1.41,
      2.935,
      1.4675
    ],
    "SpacingBetweenSlices": 3,
    "TaskName": "rest",
    "TotalReadoutTime": 0.0315,
    "dataset": "ds002843",
    "modality": "bold",
    "session_id": "scan1",
    "subject_id": "dmp1183",
    "task_id": "rest"
  },
  "dummy_trs": 0,
  "dvars_nstd": 19.947356733522017,
  "dvars_std": 1.1895837120125787,
  "dvars_vstd": 0.975392657484277,
  "efc": 0.5713146924080056,
  "fber": 368.7855529785156,
  "fd_mean": 0.04116262549492539,
  "fd_num": 0,
  "fd_perc": 0.0,
  "fwhm_avg": 2.4431277777777782,
  "fwhm_x": 2.29874,
  "fwhm_y": 2.2686033333333335,
  "fwhm_z": 2.7620400000000003,
  "gcor": 0.0333577,
  "gsr_x": 0.007037883158773184,
  "gsr_y": 0.02343411184847355,
  "provenance": {
    "md5sum": "30e0e6a53a9d949f218138ec176f3a0b",
    "settings": {
      "fd_thres": 0.2,
      "testing": false
    },
    "software": "mriqc",
    "version": "21.0.0rc2",
    "webapi_port": null,
    "webapi_url": "https://mriqc.nimh.nih.gov/api/v1"
  },
  "size_t": 160,
  "size_x": 64,
  "size_y": 64,
  "size_z": 53,
  "snr": 3.0615209352408486,
  "spacing_tr": 3.0,
  "spacing_x": 3.0,
  "spacing_y": 3.0,
  "spacing_z": 3.0,
  "summary_bg_k": 41.977712817825136,
  "summary_bg_mad": 12.111008003553362,
  "summary_bg_mean": 62.86714553833008,
  "summary_bg_median": 33.95000076293945,
  "summary_bg_n": 127747.0,
  "summary_bg_p05": 25.012500762939453,
  "summary_bg_p95": 199.78999786376949,
  "summary_bg_stdv": 81.71536254882812,
  "summary_fg_k": 3.711521945989027,
  "summary_fg_mad": 181.34078385096643,
  "summary_fg_mean": 707.177734375,
  "summary_fg_median": 660.9000244140625,
  "summary_fg_n": 45437.0,
  "summary_fg_p05": 449.07874755859376,
  "summary_fg_p95": 1101.1925048828125,
  "summary_fg_stdv": 215.8707275390625,
  "tsnr": 86.4330691723153
}