{
  "aor": 0.003573106796116505,
  "aqi": 0.00422587427184466,
  "bids_meta": {
    "BandwidthPerPixelPhaseEncode": 31.25,
    "EchoTime": 0.025,
    "EffectiveEchoSpacing": 0.0005,
    "FlipAngle": 75,
    "ImageType": [
      "ORIGINAL",
      "PRIMARY",
      "M",
      "ND",
      "MOSAIC"
    ],
    "MagneticFieldStrength": 3,
    "Manufacturer": "Siemens",
    "ManufacturersModelName": "TrioTim",
    "Modality": "MR",
    "PhaseEncodingDirection": "j-",
    "PixelBandwidth": 3005,
    "RepetitionTime": 3,
    "ScanningSequence": "EP",
    "SequenceVariant": "SK",
    "SliceThickness": 3,
    "SliceTiming": [
      0,
      1.5225,
      0.055,
      1.58,
      0.1125,
      1.6375,
      0.17,
      1.6925,
      0.225,
      1.75,
      0.2825,
      1.805,
      0.3375,
      1.8625,
      0.395,
      1.92,
      0.45,
      1.975,
      0.5075,
      2.0325,
      0.565,
      2.0875,
      0.62,
      2.145,
      0.6775,
      2.2,
      0.7325,
      2.2575,
      0.79,
      2.315,
      0.8475,
      2.37,
      0.9025,
      2.4275,
      0.96,
      2.4825,
      1.015,
      2.54,
      1.0725,
      2.595,
      1.1275,
      2.6525,
      1.185,
      2.71,
      1.2425,
      2.765,
      1.2975,
      2.8225,
      1.355,
      2.8775,
      1.41,
      2.935,
      1.4675
    ],
    "SpacingBetweenSlices": 3,
    "TaskName": "intertemporal choice task",
    "TotalReadoutTime": 0.0315,
    "dataset": "ds002843",
    "modality": "bold",
    "run_id": 4,
    "session_id": "scan1",
    "subject_id": "dmp1231",
    "task_id": "itc"
  },
  "dummy_trs": 1,
  "dvars_nstd": 24.66683518637255,
  "dvars_std": 1.1632277823529413,
  "dvars_vstd": 0.9960977811764706,
  "efc": 0.5716380050361806,
  "fber": 316.58697509765625,
  "fd_mean": 0.12412290400078667,
  "fd_num": 15,
  "fd_perc": 14.563106796116505,
  "fwhm_avg": 2.6156622222222223,
  "fwhm_x": 2.4655133333333334,
  "fwhm_y": 2.55817,
  "fwhm_z": 2.8233033333333335,
  "gcor": 0.0411087,
  "gsr_x": 0.00888295378535986,
  "gsr_y": 0.04997663199901581,
  "provenance": {
    "md5sum": "7a999dad56c939b71b9634b57e3d5fce",
    "settings": {
      "fd_thres": 0.2,
      "testing": false
    },
    "software": "mriqc",
    "version": "21.0.0rc2",
    "webapi_port": null,
    "webapi_url": "https://mriqc.nimh.nih.gov/api/v1"
  },
  "size_t": 103,
  "size_x": 64,
  "size_y": 64,
  "size_z": 53,
  "snr": 3.0120224115841108,
  "spacing_tr": 3.0,
  "spacing_x": 3.0,
  "spacing_y": 3.0,
  "spacing_z": 3.0,
  "summary_bg_k": 29.940394962198347,
  "summary_bg_mad": 15.646491483756764,
  "summary_bg_mean": 72.59791564941406,
  "summary_bg_median": 37.53398132324219,
  "summary_bg_n": 132573.0,
  "summary_bg_p05": 25.970874786376953,
  "summary_bg_p95": 249.88349609374973,
  "summary_bg_stdv": 94.96024322509766,
  "summary_fg_k": 1.7784867643202045,
  "summary_fg_mad": 196.09215107812042,
  "summary_fg_mean": 730.9086303710938,
  "summary_fg_median": 684.966064453125,
  "summary_fg_n": 40650.0,
  "summary_fg_p05": 447.1844787597656,
  "summary_fg_p95": 1182.0505310058584,
  "summary_fg_stdv": 227.4078826904297,
  "tsnr": 62.559231624007225
}