{
  "bids_meta": {
    "EchoTime": 0.09,
    "FlipAngle": 180,
    "ImageType": [
      "ORIGINAL",
      "PRIMARY",
      "M",
      "ND",
      "NORM"
    ],
    "ImagingFrequency": 123.204,
    "MagneticFieldStrength": 3,
    "Manufacturer": "Siemens",
    "ManufacturersModelName": "TrioTim",
    "Modality": "MR",
    "PhaseEncodingDirection": "i",
    "RepetitionTime": 7,
    "ScanningSequence": "SE",
    "SequenceVariant": "SK_SP_OSP",
    "SliceThickness": 3,
    "SpacingBetweenSlices": 3,
    "dataset": "ds002843",
    "modality": "T2w",
    "session_id": "scan2",
    "subject_id": "dmp0110"
  },
  "cjv": 0.538839363955267,
  "cnr": 2.451410030760667,
  "efc": 0.586893250398116,
  "fber": 3870.441353788844,
  "fwhm_avg": 2.548440459884763,
  "fwhm_x": 2.9024666666666668,
  "fwhm_y": 3.1646666666666667,
  "fwhm_z": 1.5781880463209557,
  "icvs_csf": 0.1700885343004794,
  "icvs_gm": 0.41397478645781555,
  "icvs_wm": 0.415936679241705,
  "inu_med": 1.4085383415222168,
  "inu_range": 0.39032161831855783,
  "provenance": {
    "md5sum": "e8d1271b2c0b822530d5879edb645e91",
    "settings": {
      "testing": false
    },
    "software": "mriqc",
    "version": "21.0.0rc2",
    "warnings": {
      "large_rot_frame": false,
      "small_air_mask": false
    },
    "webapi_port": null,
    "webapi_url": "https://mriqc.nimh.nih.gov/api/v1"
  },
  "qi_1": 0.0,
  "qi_2": 0.0008553867773350964,
  "rpve_csf": 13.445698326130852,
  "rpve_gm": 5.562963988147393,
  "rpve_wm": 6.425906017210232,
  "size_x": 256,
  "size_y": 256,
  "size_z": 44,
  "snr_csf": 2.5741567850654614,
  "snr_gm": 9.375958994076687,
  "snr_total": 6.902710065359069,
  "snr_wm": 8.75801441693506,
  "snrd_csf": 200.59556603294715,
  "snrd_gm": 107.71052661329178,
  "snrd_total": 126.71362049345753,
  "snrd_wm": 71.83476883413364,
  "spacing_x": 0.75,
  "spacing_y": 0.75,
  "spacing_z": 2.99999737739563,
  "summary_bg_k": 329.07617238484426,
  "summary_bg_mad": 9.071119402362193,
  "summary_bg_mean": 22.92245441003584,
  "summary_bg_median": 14.896918058395386,
  "summary_bg_n": 885884.0,
  "summary_bg_p05": 2.9261803328990936,
  "summary_bg_p95": 47.52826237678528,
  "summary_bg_stdv": 53.49693196038892,
  "summary_csf_k": -0.025437788068706002,
  "summary_csf_mad": 841.6421219409094,
  "summary_csf_mean": 2665.2566125313365,
  "summary_csf_median": 2777.4771687090397,
  "summary_csf_n": 103641.0,
  "summary_csf_p05": 499.57878774404526,
  "summary_csf_p95": 4226.557138413191,
  "summary_csf_stdv": 1078.9800315509494,
  "summary_gm_k": 0.14393386892563553,
  "summary_gm_mad": 156.7068743132715,
  "summary_gm_mean": 1497.2861381328003,
  "summary_gm_median": 1491.376576334238,
  "summary_gm_n": 232459.0,
  "summary_gm_p05": 1246.7301660776138,
  "summary_gm_p95": 1768.831675171852,
  "summary_gm_stdv": 159.0635549329765,
  "summary_wm_k": 0.032134690145566136,
  "summary_wm_mad": 110.95688080570565,
  "summary_wm_mean": 986.2953245132273,
  "summary_wm_median": 994.6352967917919,
  "summary_wm_n": 268407.0,
  "summary_wm_p05": 784.0389849543571,
  "summary_wm_p95": 1160.7181987166405,
  "summary_wm_stdv": 113.56837253176397,
  "tpm_overlap_csf": 0.13980627059936523,
  "tpm_overlap_gm": 0.40778329968452454,
  "tpm_overlap_wm": 0.44378921389579773,
  "wm2max": 0.20842307569172697
}