{
  "aor": 0.006068125,
  "aqi": 0.005141743999999999,
  "bids_meta": {
    "BandwidthPerPixelPhaseEncode": 31.25,
    "EchoTime": 0.025,
    "EffectiveEchoSpacing": 0.0005,
    "FlipAngle": 75,
    "ImageType": [
      "ORIGINAL",
      "PRIMARY",
      "M",
      "ND",
      "MOSAIC"
    ],
    "MagneticFieldStrength": 3,
    "Manufacturer": "Siemens",
    "ManufacturersModelName": "TrioTim",
    "Modality": "MR",
    "PhaseEncodingDirection": "j-",
    "PixelBandwidth": 3005,
    "RepetitionTime": 3,
    "ScanningSequence": "EP",
    "SequenceVariant": "SK",
    "SliceThickness": 3,
    "SliceTiming": [
      0,
      1.5225,
      0.055,
      1.58,
      0.1125,
      1.635,
      0.1675,
      1.6925,
      0.225,
      1.75,
      0.2825,
      1.805,
      0.3375,
      1.8625,
      0.395,
      1.9175,
      0.45,
      1.975,
      0.5075,
      2.03,
      0.5625,
      2.0875,
      0.62,
      2.145,
      0.6775,
      2.2,
      0.7325,
      2.2575,
      0.79,
      2.3125,
      0.845,
      2.37,
      0.9025,
      2.425,
      0.9575,
      2.4825,
      1.015,
      2.54,
      1.0725,
      2.595,
      1.1275,
      2.6525,
      1.185,
      2.7075,
      1.24,
      2.765,
      1.2975,
      2.8225,
      1.355,
      2.8775,
      1.41,
      2.935,
      1.4675
    ],
    "SpacingBetweenSlices": 3,
    "TaskName": "rest",
    "TotalReadoutTime": 0.0315,
    "dataset": "ds002843",
    "modality": "bold",
    "session_id": "scan1",
    "subject_id": "dmp0445",
    "task_id": "rest"
  },
  "dummy_trs": 0,
  "dvars_nstd": 25.40502582999999,
  "dvars_std": 1.1948873419496853,
  "dvars_vstd": 1.0262709156603764,
  "efc": 0.6067877847073454,
  "fber": 306.4410095214844,
  "fd_mean": 0.1325516907516207,
  "fd_num": 22,
  "fd_perc": 13.75,
  "fwhm_avg": 2.531961111111111,
  "fwhm_x": 2.320856666666667,
  "fwhm_y": 2.5441233333333333,
  "fwhm_z": 2.7309033333333335,
  "gcor": 0.0547978,
  "gsr_x": -0.024645736441016197,
  "gsr_y": 0.07235884666442871,
  "provenance": {
    "md5sum": "3c1dd0829639c1f84619e0548584f3f2",
    "settings": {
      "fd_thres": 0.2,
      "testing": false
    },
    "software": "mriqc",
    "version": "21.0.0rc2",
    "webapi_port": null,
    "webapi_url": "https://mriqc.nimh.nih.gov/api/v1"
  },
  "size_t": 160,
  "size_x": 64,
  "size_y": 64,
  "size_z": 53,
  "snr": 3.130875009327841,
  "spacing_tr": 3.0,
  "spacing_x": 3.0,
  "spacing_y": 3.0,
  "spacing_z": 3.0,
  "summary_bg_k": 13.79851740858495,
  "summary_bg_mad": 17.642968662488116,
  "summary_bg_mean": 98.89956665039062,
  "summary_bg_median": 41.13125228881836,
  "summary_bg_n": 124313.0,
  "summary_bg_p05": 26.80000114440918,
  "summary_bg_p95": 404.53625488281244,
  "summary_bg_stdv": 141.93545532226562,
  "summary_fg_k": 1.0073513513704624,
  "summary_fg_mad": 219.2027923005681,
  "summary_fg_mean": 788.4094848632812,
  "summary_fg_median": 751.4375,
  "summary_fg_n": 45569.0,
  "summary_fg_p05": 465.51625366210936,
  "summary_fg_p95": 1235.1624755859375,
  "summary_fg_stdv": 240.0061492919922,
  "tsnr": 58.20116523653269
}