{
  "aor": 0.002434519230769231,
  "aqi": 0.0027036826923076923,
  "bids_meta": {
    "BandwidthPerPixelPhaseEncode": 31.25,
    "EchoTime": 0.025,
    "EffectiveEchoSpacing": 0.0005,
    "FlipAngle": 75,
    "ImageType": [
      "ORIGINAL",
      "PRIMARY",
      "M",
      "ND",
      "MOSAIC"
    ],
    "MagneticFieldStrength": 3,
    "Manufacturer": "Siemens",
    "ManufacturersModelName": "TrioTim",
    "Modality": "MR",
    "PhaseEncodingDirection": "j-",
    "PixelBandwidth": 3005,
    "RepetitionTime": 3,
    "ScanningSequence": "EP",
    "SequenceVariant": "SK",
    "SliceThickness": 3,
    "SliceTiming": [
      0,
      1.5225,
      0.055,
      1.58,
      0.1125,
      1.6375,
      0.17,
      1.6925,
      0.225,
      1.75,
      0.2825,
      1.805,
      0.3375,
      1.8625,
      0.395,
      1.92,
      0.45,
      1.975,
      0.5075,
      2.0325,
      0.565,
      2.0875,
      0.62,
      2.145,
      0.6775,
      2.2,
      0.7325,
      2.2575,
      0.79,
      2.315,
      0.8475,
      2.37,
      0.9025,
      2.4275,
      0.96,
      2.4825,
      1.015,
      2.54,
      1.0725,
      2.595,
      1.1275,
      2.6525,
      1.185,
      2.71,
      1.2425,
      2.765,
      1.2975,
      2.8225,
      1.355,
      2.8775,
      1.41,
      2.935,
      1.4675
    ],
    "SpacingBetweenSlices": 3,
    "TaskName": "intertemporal choice task",
    "TotalReadoutTime": 0.0315,
    "dataset": "ds002843",
    "modality": "bold",
    "run_id": 4,
    "session_id": "scan2",
    "subject_id": "dmp0821",
    "task_id": "itc"
  },
  "dummy_trs": 0,
  "dvars_nstd": 23.329658341359227,
  "dvars_std": 1.1876075429126216,
  "dvars_vstd": 0.9968223746601946,
  "efc": 0.5684543009828735,
  "fber": 354.1979064941406,
  "fd_mean": 0.06918273060021445,
  "fd_num": 5,
  "fd_perc": 4.8076923076923075,
  "fwhm_avg": 2.8909122222222217,
  "fwhm_x": 2.83248,
  "fwhm_y": 2.667123333333333,
  "fwhm_z": 3.173133333333333,
  "gcor": 0.0195857,
  "gsr_x": -0.007670903112739325,
  "gsr_y": 0.07255862653255463,
  "provenance": {
    "md5sum": "c48d6a3aec1e109191e990ef645dd8a4",
    "settings": {
      "fd_thres": 0.2,
      "testing": false
    },
    "software": "mriqc",
    "version": "21.0.0rc2",
    "webapi_port": null,
    "webapi_url": "https://mriqc.nimh.nih.gov/api/v1"
  },
  "size_t": 104,
  "size_x": 64,
  "size_y": 64,
  "size_z": 53,
  "snr": 2.240540357934622,
  "spacing_tr": 3.0,
  "spacing_x": 3.0,
  "spacing_y": 3.0,
  "spacing_z": 3.0,
  "summary_bg_k": 14.919183524644065,
  "summary_bg_mad": 13.785346211098071,
  "summary_bg_mean": 80.10477447509766,
  "summary_bg_median": 37.67307662963867,
  "summary_bg_n": 127527.0,
  "summary_bg_p05": 27.51923179626465,
  "summary_bg_p95": 295.56443786621094,
  "summary_bg_stdv": 104.38053131103516,
  "summary_fg_k": 5.4728832449481715,
  "summary_fg_mad": 234.84277975390154,
  "summary_fg_mean": 807.98779296875,
  "summary_fg_median": 727.7019653320312,
  "summary_fg_n": 45160.0,
  "summary_fg_p05": 455.1625213623047,
  "summary_fg_p95": 1445.4515136718742,
  "summary_fg_stdv": 324.7850036621094,
  "tsnr": 79.13933222880587
}