{
  "aor": 0.00522875,
  "aqi": 0.0034424404807692306,
  "bids_meta": {
    "BandwidthPerPixelPhaseEncode": 31.25,
    "EchoTime": 0.025,
    "EffectiveEchoSpacing": 0.0005,
    "FlipAngle": 75,
    "ImageType": [
      "ORIGINAL",
      "PRIMARY",
      "M",
      "ND",
      "MOSAIC"
    ],
    "MagneticFieldStrength": 3,
    "Manufacturer": "Siemens",
    "ManufacturersModelName": "TrioTim",
    "Modality": "MR",
    "PhaseEncodingDirection": "j-",
    "PixelBandwidth": 3005,
    "RepetitionTime": 3,
    "ScanningSequence": "EP",
    "SequenceVariant": "SK",
    "SliceThickness": 3,
    "SliceTiming": [
      0,
      1.5225,
      0.055,
      1.58,
      0.1125,
      1.6375,
      0.17,
      1.6925,
      0.225,
      1.75,
      0.2825,
      1.805,
      0.3375,
      1.8625,
      0.395,
      1.92,
      0.45,
      1.975,
      0.5075,
      2.0325,
      0.565,
      2.0875,
      0.62,
      2.145,
      0.6775,
      2.2,
      0.7325,
      2.2575,
      0.79,
      2.315,
      0.8475,
      2.37,
      0.9025,
      2.4275,
      0.96,
      2.4825,
      1.015,
      2.54,
      1.0725,
      2.595,
      1.1275,
      2.6525,
      1.185,
      2.71,
      1.2425,
      2.765,
      1.2975,
      2.8225,
      1.355,
      2.8775,
      1.41,
      2.935,
      1.4675
    ],
    "SpacingBetweenSlices": 3,
    "TaskName": "risk choice task",
    "TotalReadoutTime": 0.0315,
    "dataset": "ds002843",
    "modality": "bold",
    "run_id": 3,
    "session_id": "scan2",
    "subject_id": "dmp0821",
    "task_id": "risk"
  },
  "dummy_trs": 0,
  "dvars_nstd": 25.804208690776683,
  "dvars_std": 1.2118243170873788,
  "dvars_vstd": 1.0122767699999997,
  "efc": 0.5688992716073797,
  "fber": 356.93426513671875,
  "fd_mean": 0.10905957408900058,
  "fd_num": 13,
  "fd_perc": 12.5,
  "fwhm_avg": 2.887148888888889,
  "fwhm_x": 2.8276866666666667,
  "fwhm_y": 2.660876666666667,
  "fwhm_z": 3.172883333333333,
  "gcor": 0.0299915,
  "gsr_x": -0.006443516351282597,
  "gsr_y": 0.07246503978967667,
  "provenance": {
    "md5sum": "c02cebd244b4a9bf4f5c87ca7fe1c72a",
    "settings": {
      "fd_thres": 0.2,
      "testing": false
    },
    "software": "mriqc",
    "version": "21.0.0rc2",
    "webapi_port": null,
    "webapi_url": "https://mriqc.nimh.nih.gov/api/v1"
  },
  "size_t": 104,
  "size_x": 64,
  "size_y": 64,
  "size_z": 53,
  "snr": 2.2645838188973872,
  "spacing_tr": 3.0,
  "spacing_x": 3.0,
  "spacing_y": 3.0,
  "spacing_z": 3.0,
  "summary_bg_k": 15.521754821356026,
  "summary_bg_mad": 13.343417138711104,
  "summary_bg_mean": 79.32233428955078,
  "summary_bg_median": 37.29807662963867,
  "summary_bg_n": 127442.0,
  "summary_bg_p05": 27.548078536987305,
  "summary_bg_p95": 293.54665374755854,
  "summary_bg_stdv": 104.13993072509766,
  "summary_fg_k": 5.336925426011579,
  "summary_fg_mad": 231.99874257583684,
  "summary_fg_mean": 802.9090576171875,
  "summary_fg_median": 723.8654174804688,
  "summary_fg_n": 45201.0,
  "summary_fg_p05": 454.3269348144531,
  "summary_fg_p95": 1430.6539306640625,
  "summary_fg_stdv": 319.642578125,
  "tsnr": 68.8039607196115
}