{
  "aor": 0.0030850961538461535,
  "aqi": 0.0035796874038461542,
  "bids_meta": {
    "BandwidthPerPixelPhaseEncode": 31.25,
    "EchoTime": 0.025,
    "EffectiveEchoSpacing": 0.0005,
    "FlipAngle": 75,
    "ImageType": [
      "ORIGINAL",
      "PRIMARY",
      "M",
      "ND",
      "MOSAIC"
    ],
    "MagneticFieldStrength": 3,
    "Manufacturer": "Siemens",
    "ManufacturersModelName": "TrioTim",
    "Modality": "MR",
    "PhaseEncodingDirection": "j-",
    "PixelBandwidth": 3005,
    "RepetitionTime": 3,
    "ScanningSequence": "EP",
    "SequenceVariant": "SK",
    "SliceThickness": 3,
    "SliceTiming": [
      0,
      1.5225,
      0.055,
      1.58,
      0.1125,
      1.6375,
      0.17,
      1.6925,
      0.225,
      1.75,
      0.2825,
      1.805,
      0.3375,
      1.8625,
      0.395,
      1.92,
      0.45,
      1.975,
      0.5075,
      2.0325,
      0.565,
      2.0875,
      0.62,
      2.145,
      0.6775,
      2.2,
      0.7325,
      2.2575,
      0.79,
      2.315,
      0.8475,
      2.37,
      0.9025,
      2.4275,
      0.96,
      2.4825,
      1.015,
      2.54,
      1.0725,
      2.595,
      1.1275,
      2.6525,
      1.185,
      2.71,
      1.2425,
      2.765,
      1.2975,
      2.8225,
      1.355,
      2.8775,
      1.41,
      2.935,
      1.4675
    ],
    "SpacingBetweenSlices": 3,
    "TaskName": "intertemporal choice task",
    "TotalReadoutTime": 0.0315,
    "dataset": "ds002843",
    "modality": "bold",
    "run_id": 2,
    "session_id": "scan2",
    "subject_id": "dmp0821",
    "task_id": "itc"
  },
  "dummy_trs": 0,
  "dvars_nstd": 25.353782931359223,
  "dvars_std": 1.1773613699029126,
  "dvars_vstd": 0.9891403628155341,
  "efc": 0.566782132504734,
  "fber": 351.03924560546875,
  "fd_mean": 0.10906736606994914,
  "fd_num": 10,
  "fd_perc": 9.615384615384615,
  "fwhm_avg": 2.9264311111111105,
  "fwhm_x": 2.8368599999999997,
  "fwhm_y": 2.711983333333333,
  "fwhm_z": 3.23045,
  "gcor": 0.0543992,
  "gsr_x": -0.013777592219412327,
  "gsr_y": 0.07303445041179657,
  "provenance": {
    "md5sum": "51f04d45e9e99b59f4de1fcc3dfe4d4f",
    "settings": {
      "fd_thres": 0.2,
      "testing": false
    },
    "software": "mriqc",
    "version": "21.0.0rc2",
    "webapi_port": null,
    "webapi_url": "https://mriqc.nimh.nih.gov/api/v1"
  },
  "size_t": 104,
  "size_x": 64,
  "size_y": 64,
  "size_z": 53,
  "snr": 2.220840122760176,
  "spacing_tr": 3.0,
  "spacing_x": 3.0,
  "spacing_y": 3.0,
  "spacing_z": 3.0,
  "summary_bg_k": 16.457744601248553,
  "summary_bg_mad": 14.483884734237435,
  "summary_bg_mean": 77.2528076171875,
  "summary_bg_median": 37.81731033325195,
  "summary_bg_n": 126661.0,
  "summary_bg_p05": 26.490385055541992,
  "summary_bg_p95": 279.3365478515625,
  "summary_bg_stdv": 97.93759155273438,
  "summary_fg_k": 5.323383931923935,
  "summary_fg_mad": 237.30195931262398,
  "summary_fg_mean": 813.2249145507812,
  "summary_fg_median": 731.3077392578125,
  "summary_fg_n": 45201.0,
  "summary_fg_p05": 456.5096435546875,
  "summary_fg_p95": 1465.1539306640625,
  "summary_fg_stdv": 329.2896423339844,
  "tsnr": 68.27076329640113
}