{
  "bids_meta": {
    "EchoTime": 0.00311,
    "FlipAngle": 15,
    "ImageType": [
      "ORIGINAL",
      "PRIMARY",
      "M",
      "ND",
      "NORM"
    ],
    "InversionTime": 1.1,
    "MagneticFieldStrength": 3,
    "Manufacturer": "Siemens",
    "ManufacturersModelName": "TrioTim",
    "Modality": "MR",
    "RepetitionTime": 1.63,
    "ScanningSequence": "GR_IR",
    "SequenceVariant": "SP_MP",
    "SliceThickness": 1,
    "dataset": "ds002843",
    "modality": "T1w",
    "session_id": "scan2",
    "subject_id": "dmp0202"
  },
  "cjv": 0.42508203770440783,
  "cnr": 3.0271125013303677,
  "efc": 0.5595705341838046,
  "fber": 13106.1748046875,
  "fwhm_avg": 3.409608,
  "fwhm_x": 3.277344,
  "fwhm_y": 3.80752,
  "fwhm_z": 3.14396,
  "icvs_csf": 0.17385542041436147,
  "icvs_gm": 0.4450976258104191,
  "icvs_wm": 0.3810469537752194,
  "inu_med": 1.0474319458007812,
  "inu_range": 0.24306809902191162,
  "provenance": {
    "md5sum": "07aee9d4f72b2e5f26bf55f3abfc2681",
    "settings": {
      "testing": false
    },
    "software": "mriqc",
    "version": "21.0.0rc2",
    "warnings": {
      "large_rot_frame": true,
      "small_air_mask": false
    },
    "webapi_port": null,
    "webapi_url": "https://mriqc.nimh.nih.gov/api/v1"
  },
  "qi_1": 0.0028838611866375094,
  "qi_2": 0.00798871210369767,
  "rpve_csf": 18.17566289095441,
  "rpve_gm": 7.9366106881577885,
  "rpve_wm": 10.647994962223528,
  "size_x": 192,
  "size_y": 256,
  "size_z": 160,
  "snr_csf": 1.7688723132872424,
  "snr_gm": 12.4290222984436,
  "snr_total": 14.266844022139118,
  "snr_wm": 28.60263745468651,
  "snrd_csf": 38.61202207110769,
  "snrd_gm": 82.25261284216288,
  "snrd_total": 75.40848524618973,
  "snrd_wm": 105.36082082529859,
  "spacing_x": 0.9375,
  "spacing_y": 0.9375,
  "spacing_z": 1.0,
  "summary_bg_k": 18.776323939746522,
  "summary_bg_mad": 6.2181365755510765,
  "summary_bg_mean": 8.39589786529541,
  "summary_bg_median": 6.302605152130127,
  "summary_bg_n": 2653169.0,
  "summary_bg_p05": 0.0,
  "summary_bg_p95": 23.55556335449219,
  "summary_bg_stdv": 9.06113052368164,
  "summary_csf_k": 64.6565128968979,
  "summary_csf_mad": 74.00577648630141,
  "summary_csf_mean": 405.8716125488281,
  "summary_csf_median": 366.4806823730469,
  "summary_csf_n": 27567.0,
  "summary_csf_p05": 264.21251220703124,
  "summary_csf_p95": 618.0112304687498,
  "summary_csf_stdv": 207.17947387695312,
  "summary_gm_k": 0.03740447281025716,
  "summary_gm_mad": 60.88654762060229,
  "summary_gm_mean": 787.3108520507812,
  "summary_gm_median": 780.6893310546875,
  "summary_gm_n": 33750.0,
  "summary_gm_p05": 693.2062774658203,
  "summary_gm_p95": 900.6146453857422,
  "summary_gm_stdv": 62.810874938964844,
  "summary_wm_k": 1.0434755756412502,
  "summary_wm_mad": 32.34600246007914,
  "summary_wm_mean": 1001.3482666015625,
  "summary_wm_median": 1000.0177001953125,
  "summary_wm_n": 216552.0,
  "summary_wm_p05": 947.36767578125,
  "summary_wm_p95": 1060.411151123047,
  "summary_wm_stdv": 34.96234893798828,
  "tpm_overlap_csf": 0.18015649914741516,
  "tpm_overlap_gm": 0.46283113956451416,
  "tpm_overlap_wm": 0.5016533732414246,
  "wm2max": 0.5070196886554947
}