{
  "aor": 0.009020192307692309,
  "aqi": 0.007646139807692307,
  "bids_meta": {
    "BandwidthPerPixelPhaseEncode": 31.25,
    "EchoTime": 0.025,
    "EffectiveEchoSpacing": 0.0005,
    "FlipAngle": 75,
    "ImageType": [
      "ORIGINAL",
      "PRIMARY",
      "M",
      "ND",
      "MOSAIC"
    ],
    "MagneticFieldStrength": 3,
    "Manufacturer": "Siemens",
    "ManufacturersModelName": "TrioTim",
    "Modality": "MR",
    "PhaseEncodingDirection": "j-",
    "PixelBandwidth": 3005,
    "RepetitionTime": 3,
    "ScanningSequence": "EP",
    "SequenceVariant": "SK",
    "SliceThickness": 3,
    "SliceTiming": [
      0,
      1.5225,
      0.055,
      1.58,
      0.1125,
      1.6375,
      0.17,
      1.6925,
      0.225,
      1.75,
      0.2825,
      1.805,
      0.3375,
      1.8625,
      0.395,
      1.92,
      0.45,
      1.975,
      0.5075,
      2.0325,
      0.565,
      2.0875,
      0.62,
      2.145,
      0.6775,
      2.2,
      0.7325,
      2.2575,
      0.79,
      2.315,
      0.8475,
      2.37,
      0.9025,
      2.4275,
      0.96,
      2.4825,
      1.015,
      2.54,
      1.0725,
      2.595,
      1.1275,
      2.6525,
      1.185,
      2.71,
      1.2425,
      2.765,
      1.2975,
      2.8225,
      1.355,
      2.8775,
      1.41,
      2.935,
      1.4675
    ],
    "SpacingBetweenSlices": 3,
    "TaskName": "risk choice task",
    "TotalReadoutTime": 0.0315,
    "dataset": "ds002843",
    "modality": "bold",
    "run_id": 3,
    "session_id": "scan2",
    "subject_id": "dmp0596",
    "task_id": "risk"
  },
  "dummy_trs": 0,
  "dvars_nstd": 30.11612392135921,
  "dvars_std": 1.1399098174757283,
  "dvars_vstd": 1.0070533914563107,
  "efc": 0.5670940596842512,
  "fber": 405.3642578125,
  "fd_mean": 0.2742243922767316,
  "fd_num": 52,
  "fd_perc": 50.0,
  "fwhm_avg": 2.350442222222222,
  "fwhm_x": 2.2440666666666664,
  "fwhm_y": 2.2390166666666667,
  "fwhm_z": 2.568243333333333,
  "gcor": 0.0165806,
  "gsr_x": 0.004761276766657829,
  "gsr_y": 0.035229261964559555,
  "provenance": {
    "md5sum": "8702abc66d7e8ce1c81a9381e5eb85c4",
    "settings": {
      "fd_thres": 0.2,
      "testing": false
    },
    "software": "mriqc",
    "version": "21.0.0rc2",
    "webapi_port": null,
    "webapi_url": "https://mriqc.nimh.nih.gov/api/v1"
  },
  "size_t": 104,
  "size_x": 64,
  "size_y": 64,
  "size_z": 53,
  "snr": 3.5326545578888315,
  "spacing_tr": 3.0,
  "spacing_x": 3.0,
  "spacing_y": 3.0,
  "spacing_z": 3.0,
  "summary_bg_k": 17.606555749963032,
  "summary_bg_mad": 10.378218357378529,
  "summary_bg_mean": 62.55021286010742,
  "summary_bg_median": 33.26923370361328,
  "summary_bg_n": 132663.0,
  "summary_bg_p05": 25.605770111083984,
  "summary_bg_p95": 212.92115783691395,
  "summary_bg_stdv": 74.38941955566406,
  "summary_fg_k": 1.3316679785814634,
  "summary_fg_mad": 175.645605962479,
  "summary_fg_mean": 710.6510009765625,
  "summary_fg_median": 675.28369140625,
  "summary_fg_n": 42164.0,
  "summary_fg_p05": 461.65819549560547,
  "summary_fg_p95": 1071.5851013183594,
  "summary_fg_stdv": 191.15248107910156,
  "tsnr": 48.71474892273545
}