{
  "bids_meta": {
    "EchoTime": 0.09,
    "FlipAngle": 180,
    "ImageType": [
      "ORIGINAL",
      "PRIMARY",
      "M",
      "ND",
      "NORM"
    ],
    "ImagingFrequency": 123.204,
    "MagneticFieldStrength": 3,
    "Manufacturer": "Siemens",
    "ManufacturersModelName": "TrioTim",
    "Modality": "MR",
    "PhaseEncodingDirection": "i",
    "RepetitionTime": 7,
    "ScanningSequence": "SE",
    "SequenceVariant": "SK_SP_OSP",
    "SliceThickness": 3,
    "SpacingBetweenSlices": 3,
    "dataset": "ds002843",
    "modality": "T2w",
    "session_id": "scan2",
    "subject_id": "dmp1172"
  },
  "cjv": 0.5399234806779395,
  "cnr": 2.254921802717837,
  "efc": 0.6579194310357385,
  "fber": 919.754582542875,
  "fwhm_avg": 2.6000913629988704,
  "fwhm_x": 2.94552,
  "fwhm_y": 3.2700133333333334,
  "fwhm_z": 1.5847407556632784,
  "icvs_csf": 0.16485912141662137,
  "icvs_gm": 0.409992661437352,
  "icvs_wm": 0.42514821714602663,
  "inu_med": 1.1999199390411377,
  "inu_range": 0.2779029309749603,
  "provenance": {
    "md5sum": "8e942def699c083cc73e983879b99cfd",
    "settings": {
      "testing": false
    },
    "software": "mriqc",
    "version": "21.0.0rc2",
    "warnings": {
      "large_rot_frame": false,
      "small_air_mask": false
    },
    "webapi_port": null,
    "webapi_url": "https://mriqc.nimh.nih.gov/api/v1"
  },
  "qi_1": 4.439117503440316e-05,
  "qi_2": 0.00040632363388463564,
  "rpve_csf": 12.660207870164518,
  "rpve_gm": 5.060096949633483,
  "rpve_wm": 5.714971371857349,
  "size_x": 256,
  "size_y": 256,
  "size_z": 44,
  "snr_csf": 2.7788560412134102,
  "snr_gm": 9.179571224265297,
  "snr_total": 6.702450750652648,
  "snr_wm": 8.148924986479237,
  "snrd_csf": 68.08677039781585,
  "snrd_gm": 37.469204131309304,
  "snrd_total": 43.376522147075576,
  "snrd_wm": 24.57359191210156,
  "spacing_x": 0.75,
  "spacing_y": 0.75,
  "spacing_z": 2.9999985694885254,
  "summary_bg_k": 334.1386127586904,
  "summary_bg_mad": 27.021910790212512,
  "summary_bg_mean": 51.689280882716076,
  "summary_bg_median": 30.579180896282196,
  "summary_bg_n": 698306.0,
  "summary_bg_p05": 3.138922542333603,
  "summary_bg_p95": 135.37869158387184,
  "summary_bg_stdv": 108.74369895157537,
  "summary_csf_k": 0.33485334057634475,
  "summary_csf_mad": 763.9694667299526,
  "summary_csf_mean": 2710.665221520114,
  "summary_csf_median": 2808.3231197297573,
  "summary_csf_n": 108810.0,
  "summary_csf_p05": 547.7369208589197,
  "summary_csf_p95": 4160.950659339129,
  "summary_csf_stdv": 1010.5993881436336,
  "summary_gm_k": 0.15327986261342952,
  "summary_gm_mad": 164.38329064045945,
  "summary_gm_mean": 1553.1118689088853,
  "summary_gm_median": 1545.4637020528316,
  "summary_gm_n": 246950.0,
  "summary_gm_p05": 1289.0846092402935,
  "summary_gm_p95": 1843.1550657451153,
  "summary_gm_stdv": 168.35868856945478,
  "summary_wm_k": 0.0530501443487692,
  "summary_wm_mad": 122.79957236885464,
  "summary_wm_mean": 1005.0777786181171,
  "summary_wm_median": 1013.5682144761086,
  "summary_wm_n": 296963.0,
  "summary_wm_p05": 785.0344022810459,
  "summary_wm_p95": 1195.2206996679306,
  "summary_wm_stdv": 124.38039491098434,
  "tpm_overlap_csf": 0.16456903517246246,
  "tpm_overlap_gm": 0.4140070378780365,
  "tpm_overlap_wm": 0.46482595801353455,
  "wm2max": 0.21422666895817066
}