{
  "bids_meta": {
    "EchoTime": 0.09,
    "FlipAngle": 180,
    "ImageType": [
      "ORIGINAL",
      "PRIMARY",
      "M",
      "ND",
      "NORM"
    ],
    "ImagingFrequency": 123.204,
    "MagneticFieldStrength": 3,
    "Manufacturer": "Siemens",
    "ManufacturersModelName": "TrioTim",
    "Modality": "MR",
    "PhaseEncodingDirection": "i",
    "RepetitionTime": 7,
    "ScanningSequence": "SE",
    "SequenceVariant": "SK_SP_OSP",
    "SliceThickness": 3,
    "SpacingBetweenSlices": 3,
    "dataset": "ds002843",
    "modality": "T2w",
    "session_id": "scan2",
    "subject_id": "dmp0219"
  },
  "cjv": 0.5178903029735644,
  "cnr": 2.6154825342357353,
  "efc": 0.6111904135154675,
  "fber": 1980.8949800462087,
  "fwhm_avg": 2.9185664398220754,
  "fwhm_x": 3.3514933333333334,
  "fwhm_y": 3.6915866666666663,
  "fwhm_z": 1.7126193194662254,
  "icvs_csf": 0.16915416111560863,
  "icvs_gm": 0.41364173630721307,
  "icvs_wm": 0.4172041025771783,
  "inu_med": 1.3313771486282349,
  "inu_range": 0.310819149017334,
  "provenance": {
    "md5sum": "665f6032c18f387de697837b001afcf9",
    "settings": {
      "testing": false
    },
    "software": "mriqc",
    "version": "21.0.0rc2",
    "warnings": {
      "large_rot_frame": false,
      "small_air_mask": false
    },
    "webapi_port": null,
    "webapi_url": "https://mriqc.nimh.nih.gov/api/v1"
  },
  "qi_1": 0.0,
  "qi_2": 0.003522542960817572,
  "rpve_csf": 12.531735648762984,
  "rpve_gm": 5.319187490713472,
  "rpve_wm": 6.078417930494152,
  "size_x": 256,
  "size_y": 256,
  "size_z": 44,
  "snr_csf": 3.174270859117132,
  "snr_gm": 9.262990176051245,
  "snr_total": 6.919682541986397,
  "snr_wm": 8.321786590790817,
  "snrd_csf": 125.22043508235596,
  "snrd_gm": 57.61237102049013,
  "snrd_total": 73.26111607154628,
  "snrd_wm": 36.95054211179279,
  "spacing_x": 0.75,
  "spacing_y": 0.75,
  "spacing_z": 3.0000011920928955,
  "summary_bg_k": 1126.7884065138912,
  "summary_bg_mad": 17.696033332334107,
  "summary_bg_mean": 29.9732610776791,
  "summary_bg_median": 24.008779227733612,
  "summary_bg_n": 760815.0,
  "summary_bg_p05": 3.9785977005958557,
  "summary_bg_p95": 72.57510977983475,
  "summary_bg_stdv": 54.07627766168549,
  "summary_csf_k": 0.8065467888747193,
  "summary_csf_mad": 907.9895723625225,
  "summary_csf_mean": 3240.0268477737104,
  "summary_csf_median": 3382.3568176031113,
  "summary_csf_n": 114082.0,
  "summary_csf_p05": 673.068976521492,
  "summary_csf_p95": 4653.312993407249,
  "summary_csf_stdv": 1065.5492689354455,
  "summary_gm_k": -0.022713431531619754,
  "summary_gm_mad": 170.45144749995382,
  "summary_gm_mean": 1562.9764355439354,
  "summary_gm_median": 1556.1804730296135,
  "summary_gm_n": 249615.0,
  "summary_gm_p05": 1299.903903901577,
  "summary_gm_p95": 1847.0296842455864,
  "summary_gm_stdv": 167.99946089638473,
  "summary_wm_k": 0.07284362068049877,
  "summary_wm_mad": 118.5837635948366,
  "summary_wm_mean": 990.7451419996074,
  "summary_wm_median": 998.0792507529259,
  "summary_wm_n": 292151.0,
  "summary_wm_p05": 780.9026935100555,
  "summary_wm_p95": 1175.3326379656792,
  "summary_wm_stdv": 119.93548881672677,
  "tpm_overlap_csf": 0.16600680351257324,
  "tpm_overlap_gm": 0.4158582389354706,
  "tpm_overlap_wm": 0.4679023325443268,
  "wm2max": 0.19282441126830593
}