{
  "bids_meta": {
    "EchoTime": 0.00311,
    "FlipAngle": 15,
    "ImageType": [
      "ORIGINAL",
      "PRIMARY",
      "M",
      "ND",
      "NORM"
    ],
    "InversionTime": 1.1,
    "MagneticFieldStrength": 3,
    "Manufacturer": "Siemens",
    "ManufacturersModelName": "TrioTim",
    "Modality": "MR",
    "RepetitionTime": 1.63,
    "ScanningSequence": "GR_IR",
    "SequenceVariant": "SP_MP",
    "SliceThickness": 1,
    "dataset": "ds002843",
    "modality": "T1w",
    "session_id": "scan1",
    "subject_id": "dmp0090"
  },
  "cjv": 0.40714187852918987,
  "cnr": 3.25738052632786,
  "efc": 0.6143091054326104,
  "fber": 10529.8681640625,
  "fwhm_avg": 3.236960444444444,
  "fwhm_x": 3.1127466666666668,
  "fwhm_y": 3.503114666666667,
  "fwhm_z": 3.09502,
  "icvs_csf": 0.17840227000953043,
  "icvs_gm": 0.4142499047407708,
  "icvs_wm": 0.40734782524969876,
  "inu_med": 1.0149909257888794,
  "inu_range": 0.21774756312370303,
  "provenance": {
    "md5sum": "2be927398887a1e3befbcb3a9387f78e",
    "settings": {
      "testing": false
    },
    "software": "mriqc",
    "version": "21.0.0rc2",
    "warnings": {
      "large_rot_frame": true,
      "small_air_mask": false
    },
    "webapi_port": null,
    "webapi_url": "https://mriqc.nimh.nih.gov/api/v1"
  },
  "qi_1": 0.0017354277032912656,
  "qi_2": 0.003516557516427268,
  "rpve_csf": 15.739292817590039,
  "rpve_gm": 7.32698840784071,
  "rpve_wm": 8.834782974983435,
  "size_x": 192,
  "size_y": 256,
  "size_z": 160,
  "snr_csf": 3.093171733281148,
  "snr_gm": 14.324210568132639,
  "snr_total": 15.591649346189177,
  "snr_wm": 29.357565737153738,
  "snrd_csf": 43.04719312558424,
  "snrd_gm": 72.61878216749407,
  "snrd_total": 69.313000282033,
  "snrd_wm": 92.2730255530207,
  "spacing_x": 0.9375,
  "spacing_y": 0.9375,
  "spacing_z": 1.0,
  "summary_bg_k": 11.201600778759529,
  "summary_bg_mad": 7.100124104618489,
  "summary_bg_mean": 9.021322250366211,
  "summary_bg_median": 7.19929313659668,
  "summary_bg_n": 2297382.0,
  "summary_bg_p05": 0.0,
  "summary_bg_p95": 27.17460803985591,
  "summary_bg_stdv": 9.855879783630371,
  "summary_csf_k": 9.297077260176394,
  "summary_csf_mad": 155.46689116398986,
  "summary_csf_mean": 477.6191711425781,
  "summary_csf_median": 466.5294494628906,
  "summary_csf_n": 31316.0,
  "summary_csf_p05": 282.4111862182617,
  "summary_csf_p95": 681.3197326660156,
  "summary_csf_stdv": 150.82318115234375,
  "summary_gm_k": 0.27969865122073,
  "summary_gm_mad": 54.629828712404404,
  "summary_gm_mean": 789.0866088867188,
  "summary_gm_median": 787.0153198242188,
  "summary_gm_n": 23942.0,
  "summary_gm_p05": 704.3613677978516,
  "summary_gm_p95": 883.3941650390625,
  "summary_gm_stdv": 54.94186782836914,
  "summary_wm_k": 0.9047504479518929,
  "summary_wm_mad": 32.09357821151217,
  "summary_wm_mean": 1002.021728515625,
  "summary_wm_median": 1000.0206909179688,
  "summary_wm_n": 271401.0,
  "summary_wm_p05": 950.24169921875,
  "summary_wm_p95": 1060.2567138671875,
  "summary_wm_stdv": 34.063411712646484,
  "tpm_overlap_csf": 0.17507371306419373,
  "tpm_overlap_gm": 0.43404507637023926,
  "tpm_overlap_wm": 0.48463132977485657,
  "wm2max": 0.561272356685921
}