{
  "bids_meta": {
    "EchoTime": 0.00311,
    "FlipAngle": 15,
    "ImageType": [
      "ORIGINAL",
      "PRIMARY",
      "M",
      "ND",
      "NORM"
    ],
    "InversionTime": 1.1,
    "MagneticFieldStrength": 3,
    "Manufacturer": "Siemens",
    "ManufacturersModelName": "TrioTim",
    "Modality": "MR",
    "RepetitionTime": 1.63,
    "ScanningSequence": "GR_IR",
    "SequenceVariant": "SP_MP",
    "SliceThickness": 1,
    "dataset": "ds002843",
    "modality": "T1w",
    "session_id": "scan2",
    "subject_id": "dmp0801"
  },
  "cjv": 0.476965979773957,
  "cnr": 2.717156603199068,
  "efc": 0.6047200191708929,
  "fber": 10934.96484375,
  "fwhm_avg": 3.4631602222222226,
  "fwhm_x": 3.3027306666666667,
  "fwhm_y": 3.8465599999999998,
  "fwhm_z": 3.24019,
  "icvs_csf": 0.1662662493669078,
  "icvs_gm": 0.4301305691161364,
  "icvs_wm": 0.4036031815169558,
  "inu_med": 0.9858285188674927,
  "inu_range": 0.16991937160491943,
  "provenance": {
    "md5sum": "8f7ad1eb8f09d372e4489aecc6cb8704",
    "settings": {
      "testing": false
    },
    "software": "mriqc",
    "version": "21.0.0rc2",
    "warnings": {
      "large_rot_frame": true,
      "small_air_mask": false
    },
    "webapi_port": null,
    "webapi_url": "https://mriqc.nimh.nih.gov/api/v1"
  },
  "qi_1": 0.0002904338919267532,
  "qi_2": 0.010353744284907719,
  "rpve_csf": 18.48081557547338,
  "rpve_gm": 7.894103853009059,
  "rpve_wm": 9.88065598414792,
  "size_x": 192,
  "size_y": 256,
  "size_z": 160,
  "snr_csf": 2.9118627596296403,
  "snr_gm": 13.341196759601496,
  "snr_total": 14.309707517710208,
  "snr_wm": 26.67606303389949,
  "snrd_csf": 35.74432784768063,
  "snrd_gm": 75.51959504914687,
  "snrd_total": 68.34697870268053,
  "snrd_wm": 93.77701321121407,
  "spacing_x": 0.9375,
  "spacing_y": 0.9375,
  "spacing_z": 1.0,
  "summary_bg_k": 21.11501717948902,
  "summary_bg_mad": 6.986298976972127,
  "summary_bg_mean": 8.817633628845215,
  "summary_bg_median": 7.093170642852783,
  "summary_bg_n": 2354818.0,
  "summary_bg_p05": 0.0,
  "summary_bg_p95": 26.06211395263671,
  "summary_bg_stdv": 9.232131004333496,
  "summary_csf_k": 2.1827074768688606,
  "summary_csf_mad": 82.47361688855631,
  "summary_csf_mean": 426.5558776855469,
  "summary_csf_median": 381.17340087890625,
  "summary_csf_n": 25056.0,
  "summary_csf_p05": 284.1186828613281,
  "summary_csf_p95": 693.6130981445312,
  "summary_csf_stdv": 130.90101623535156,
  "summary_gm_k": 0.2826286521780048,
  "summary_gm_mad": 57.01059794261516,
  "summary_gm_mean": 811.741455078125,
  "summary_gm_median": 805.332275390625,
  "summary_gm_n": 29153.0,
  "summary_gm_p05": 723.7857177734375,
  "summary_gm_p95": 923.1516967773438,
  "summary_gm_stdv": 60.363285064697266,
  "summary_wm_k": 0.6354073280280907,
  "summary_wm_mad": 35.85229698287857,
  "summary_wm_mean": 1002.0988159179688,
  "summary_wm_median": 1000.0272827148438,
  "summary_wm_n": 240288.0,
  "summary_wm_p05": 944.9776275634765,
  "summary_wm_p95": 1066.6705688476563,
  "summary_wm_stdv": 37.487735748291016,
  "tpm_overlap_csf": 0.14567850530147552,
  "tpm_overlap_gm": 0.42200160026550293,
  "tpm_overlap_wm": 0.47223880887031555,
  "wm2max": 0.585232509579627
}