{
  "bids_meta": {
    "EchoTime": 0.09,
    "FlipAngle": 180,
    "ImageType": [
      "ORIGINAL",
      "PRIMARY",
      "M",
      "ND",
      "NORM"
    ],
    "ImagingFrequency": 123.204,
    "MagneticFieldStrength": 3,
    "Manufacturer": "Siemens",
    "ManufacturersModelName": "TrioTim",
    "Modality": "MR",
    "PhaseEncodingDirection": "i",
    "RepetitionTime": 7,
    "ScanningSequence": "SE",
    "SequenceVariant": "SK_SP_OSP",
    "SliceThickness": 3,
    "SpacingBetweenSlices": 3,
    "dataset": "ds002843",
    "modality": "T2w",
    "session_id": "scan1",
    "subject_id": "dmp0357"
  },
  "cjv": 0.5534548895742831,
  "cnr": 2.463353161737208,
  "efc": 0.5906996671304138,
  "fber": 2777.0350058532777,
  "fwhm_avg": 2.7216208470286816,
  "fwhm_x": 3.11364,
  "fwhm_y": 3.382333602137057,
  "fwhm_z": 1.6688889389489878,
  "icvs_csf": 0.1726988882296297,
  "icvs_gm": 0.407918592596046,
  "icvs_wm": 0.4193825191743243,
  "inu_med": 1.4003509283065796,
  "inu_range": 0.3780654191970825,
  "provenance": {
    "md5sum": "d61f35d66602eb4626ab69660b514aaa",
    "settings": {
      "testing": false
    },
    "software": "mriqc",
    "version": "21.0.0rc2",
    "warnings": {
      "large_rot_frame": false,
      "small_air_mask": false
    },
    "webapi_port": null,
    "webapi_url": "https://mriqc.nimh.nih.gov/api/v1"
  },
  "qi_1": 0.0,
  "qi_2": 0.0010221230015274951,
  "rpve_csf": 15.485784271198204,
  "rpve_gm": 6.591851203233977,
  "rpve_wm": 7.466969823111903,
  "size_x": 256,
  "size_y": 256,
  "size_z": 44,
  "snr_csf": 2.920488938097341,
  "snr_gm": 9.540995033449844,
  "snr_total": 7.298775070607409,
  "snr_wm": 9.434841240275041,
  "snrd_csf": 145.29208295161726,
  "snrd_gm": 82.39572239672295,
  "snrd_total": 94.54749861699294,
  "snrd_wm": 55.95469050263861,
  "spacing_x": 0.75,
  "spacing_y": 0.7499999403953552,
  "spacing_z": 3.000001907348633,
  "summary_bg_k": 95.74219660144483,
  "summary_bg_mad": 11.670827949782394,
  "summary_bg_mean": 25.589689672787227,
  "summary_bg_median": 18.94736909866333,
  "summary_bg_n": 885394.0,
  "summary_bg_p05": 3.7528605461120605,
  "summary_bg_p95": 56.475974559783936,
  "summary_bg_stdv": 41.63210423656874,
  "summary_csf_k": 0.28805565192200655,
  "summary_csf_mad": 685.0504591918782,
  "summary_csf_mean": 2480.5860818231417,
  "summary_csf_median": 2588.283845424652,
  "summary_csf_n": 94190.0,
  "summary_csf_p05": 574.5537962913513,
  "summary_csf_p95": 3749.8399510383606,
  "summary_csf_stdv": 886.2454748343846,
  "summary_gm_k": -0.03408151036561158,
  "summary_gm_mad": 155.5205677959375,
  "summary_gm_mean": 1474.853330645819,
  "summary_gm_median": 1467.8261394500732,
  "summary_gm_n": 199843.0,
  "summary_gm_p05": 1234.4165201187134,
  "summary_gm_p95": 1737.025233745575,
  "summary_gm_stdv": 153.84375129126565,
  "summary_wm_k": 0.040942245659933096,
  "summary_wm_mad": 105.1731588497832,
  "summary_wm_mean": 993.0352945001086,
  "summary_wm_median": 996.7963743209839,
  "summary_wm_n": 236760.0,
  "summary_wm_p05": 812.6316080093384,
  "summary_wm_p95": 1160.1831078529358,
  "summary_wm_stdv": 105.650348941329,
  "tpm_overlap_csf": 0.17260204255580902,
  "tpm_overlap_gm": 0.44148901104927063,
  "tpm_overlap_wm": 0.4972957968711853,
  "wm2max": 0.2389382689159352
}