{
  "aor": 0.007737403846153846,
  "aqi": 0.004570029230769231,
  "bids_meta": {
    "BandwidthPerPixelPhaseEncode": 31.25,
    "EchoTime": 0.025,
    "EffectiveEchoSpacing": 0.0005,
    "FlipAngle": 75,
    "ImageType": [
      "ORIGINAL",
      "PRIMARY",
      "M",
      "ND",
      "MOSAIC"
    ],
    "MagneticFieldStrength": 3,
    "Manufacturer": "Siemens",
    "ManufacturersModelName": "TrioTim",
    "Modality": "MR",
    "PhaseEncodingDirection": "j-",
    "PixelBandwidth": 3005,
    "RepetitionTime": 3,
    "ScanningSequence": "EP",
    "SequenceVariant": "SK",
    "SliceThickness": 3,
    "SliceTiming": [
      0,
      1.5225,
      0.055,
      1.58,
      0.1125,
      1.6375,
      0.17,
      1.6925,
      0.225,
      1.75,
      0.2825,
      1.805,
      0.3375,
      1.8625,
      0.395,
      1.92,
      0.45,
      1.975,
      0.5075,
      2.0325,
      0.565,
      2.0875,
      0.62,
      2.145,
      0.6775,
      2.2,
      0.7325,
      2.2575,
      0.79,
      2.315,
      0.8475,
      2.37,
      0.9025,
      2.4275,
      0.96,
      2.4825,
      1.015,
      2.54,
      1.0725,
      2.595,
      1.1275,
      2.6525,
      1.185,
      2.71,
      1.2425,
      2.765,
      1.2975,
      2.8225,
      1.355,
      2.8775,
      1.41,
      2.935,
      1.4675
    ],
    "SpacingBetweenSlices": 3,
    "TaskName": "intertemporal choice task",
    "TotalReadoutTime": 0.0315,
    "dataset": "ds002843",
    "modality": "bold",
    "run_id": 2,
    "session_id": "scan1",
    "subject_id": "dmp0090",
    "task_id": "itc"
  },
  "dummy_trs": 0,
  "dvars_nstd": 22.837279958640774,
  "dvars_std": 1.2048597486407764,
  "dvars_vstd": 1.0394257493203882,
  "efc": 0.5940542051158816,
  "fber": 251.23193359375,
  "fd_mean": 0.13410271076802183,
  "fd_num": 13,
  "fd_perc": 12.5,
  "fwhm_avg": 2.6691777777777776,
  "fwhm_x": 2.4397800000000003,
  "fwhm_y": 2.5844366666666665,
  "fwhm_z": 2.9833166666666666,
  "gcor": 0.0384332,
  "gsr_x": -0.004811597056686878,
  "gsr_y": 0.036402732133865356,
  "provenance": {
    "md5sum": "9ae12487fbcd804db7fa0a8ef36df4d6",
    "settings": {
      "fd_thres": 0.2,
      "testing": false
    },
    "software": "mriqc",
    "version": "21.0.0rc2",
    "webapi_port": null,
    "webapi_url": "https://mriqc.nimh.nih.gov/api/v1"
  },
  "size_t": 104,
  "size_x": 64,
  "size_y": 64,
  "size_z": 53,
  "snr": 2.9495972816293556,
  "spacing_tr": 3.0,
  "spacing_x": 3.0,
  "spacing_y": 3.0,
  "spacing_z": 3.0,
  "summary_bg_k": 58.45003321772667,
  "summary_bg_mad": 16.786192734828873,
  "summary_bg_mean": 73.74806213378906,
  "summary_bg_median": 38.283653259277344,
  "summary_bg_n": 126856.0,
  "summary_bg_p05": 25.750001907348633,
  "summary_bg_p95": 229.5288543701172,
  "summary_bg_stdv": 94.12586975097656,
  "summary_fg_k": 1.793325135763089,
  "summary_fg_mad": 183.91398189084836,
  "summary_fg_mean": 660.7030029296875,
  "summary_fg_median": 619.1923217773438,
  "summary_fg_n": 45297.0,
  "summary_fg_p05": 399.00771484375,
  "summary_fg_p95": 1067.6173339843747,
  "summary_fg_stdv": 209.9220428466797,
  "tsnr": 65.49832447059453
}