{
  "aor": 0.007142115384615385,
  "aqi": 0.003267601730769231,
  "bids_meta": {
    "BandwidthPerPixelPhaseEncode": 31.25,
    "EchoTime": 0.025,
    "EffectiveEchoSpacing": 0.0005,
    "FlipAngle": 75,
    "ImageType": [
      "ORIGINAL",
      "PRIMARY",
      "M",
      "ND",
      "MOSAIC"
    ],
    "MagneticFieldStrength": 3,
    "Manufacturer": "Siemens",
    "ManufacturersModelName": "TrioTim",
    "Modality": "MR",
    "PhaseEncodingDirection": "j-",
    "PixelBandwidth": 3005,
    "RepetitionTime": 3,
    "ScanningSequence": "EP",
    "SequenceVariant": "SK",
    "SliceThickness": 3,
    "SliceTiming": [
      0,
      1.5225,
      0.055,
      1.58,
      0.1125,
      1.6375,
      0.17,
      1.6925,
      0.225,
      1.75,
      0.2825,
      1.805,
      0.3375,
      1.8625,
      0.395,
      1.92,
      0.45,
      1.975,
      0.5075,
      2.0325,
      0.565,
      2.0875,
      0.62,
      2.145,
      0.6775,
      2.2,
      0.7325,
      2.2575,
      0.79,
      2.315,
      0.8475,
      2.37,
      0.9025,
      2.4275,
      0.96,
      2.4825,
      1.015,
      2.54,
      1.0725,
      2.595,
      1.1275,
      2.6525,
      1.185,
      2.71,
      1.2425,
      2.765,
      1.2975,
      2.8225,
      1.355,
      2.8775,
      1.41,
      2.935,
      1.4675
    ],
    "SpacingBetweenSlices": 3,
    "TaskName": "intertemporal choice task",
    "TotalReadoutTime": 0.0315,
    "dataset": "ds002843",
    "modality": "bold",
    "run_id": 2,
    "session_id": "scan1",
    "subject_id": "dmp0216",
    "task_id": "itc"
  },
  "dummy_trs": 0,
  "dvars_nstd": 26.32870096388351,
  "dvars_std": 1.277437950388349,
  "dvars_vstd": 1.0505199959223306,
  "efc": 0.6014371781859111,
  "fber": 247.41539001464844,
  "fd_mean": 0.16963855842853418,
  "fd_num": 25,
  "fd_perc": 24.03846153846154,
  "fwhm_avg": 2.5378100000000003,
  "fwhm_x": 2.3542033333333334,
  "fwhm_y": 2.522273333333333,
  "fwhm_z": 2.7369533333333336,
  "gcor": 0.0496625,
  "gsr_x": -0.001312530366703868,
  "gsr_y": 0.056994419544935226,
  "provenance": {
    "md5sum": "674a3519163482292a3638b94b1d44f5",
    "settings": {
      "fd_thres": 0.2,
      "testing": false
    },
    "software": "mriqc",
    "version": "21.0.0rc2",
    "webapi_port": null,
    "webapi_url": "https://mriqc.nimh.nih.gov/api/v1"
  },
  "size_t": 104,
  "size_x": 64,
  "size_y": 64,
  "size_z": 53,
  "snr": 2.938960009328142,
  "spacing_tr": 3.0,
  "spacing_x": 3.0,
  "spacing_y": 3.0,
  "spacing_z": 3.0,
  "summary_bg_k": 41.89693397411407,
  "summary_bg_mad": 19.972364535872874,
  "summary_bg_mean": 74.22325134277344,
  "summary_bg_median": 40.88461685180664,
  "summary_bg_n": 121894.0,
  "summary_bg_p05": 26.44230842590332,
  "summary_bg_p95": 228.12212142944318,
  "summary_bg_stdv": 89.39585876464844,
  "summary_fg_k": 0.9656955855259692,
  "summary_fg_mad": 208.02762378406726,
  "summary_fg_mean": 708.7022094726562,
  "summary_fg_median": 664.5673828125,
  "summary_fg_n": 49518.0,
  "summary_fg_p05": 414.02598571777344,
  "summary_fg_p95": 1136.6087097167967,
  "summary_fg_stdv": 226.12103271484375,
  "tsnr": 71.51655982015654
}