{
  "aor": 0.017830865384615386,
  "aqi": 0.010082435096153846,
  "bids_meta": {
    "BandwidthPerPixelPhaseEncode": 31.25,
    "EchoTime": 0.025,
    "EffectiveEchoSpacing": 0.0005,
    "FlipAngle": 75,
    "ImageType": [
      "ORIGINAL",
      "PRIMARY",
      "M",
      "ND",
      "MOSAIC"
    ],
    "MagneticFieldStrength": 3,
    "Manufacturer": "Siemens",
    "ManufacturersModelName": "TrioTim",
    "Modality": "MR",
    "PhaseEncodingDirection": "j-",
    "PixelBandwidth": 3005,
    "RepetitionTime": 3,
    "ScanningSequence": "EP",
    "SequenceVariant": "SK",
    "SliceThickness": 3,
    "SliceTiming": [
      0,
      1.5225,
      0.055,
      1.58,
      0.1125,
      1.6375,
      0.17,
      1.6925,
      0.225,
      1.75,
      0.2825,
      1.805,
      0.3375,
      1.8625,
      0.395,
      1.92,
      0.45,
      1.975,
      0.5075,
      2.0325,
      0.565,
      2.0875,
      0.62,
      2.145,
      0.6775,
      2.2,
      0.7325,
      2.2575,
      0.79,
      2.315,
      0.8475,
      2.37,
      0.9025,
      2.4275,
      0.96,
      2.4825,
      1.015,
      2.54,
      1.0725,
      2.595,
      1.1275,
      2.6525,
      1.185,
      2.71,
      1.2425,
      2.765,
      1.2975,
      2.8225,
      1.355,
      2.8775,
      1.41,
      2.935,
      1.4675
    ],
    "SpacingBetweenSlices": 3,
    "TaskName": "risk choice task",
    "TotalReadoutTime": 0.0315,
    "dataset": "ds002843",
    "modality": "bold",
    "run_id": 1,
    "session_id": "scan1",
    "subject_id": "dmp0216",
    "task_id": "risk"
  },
  "dummy_trs": 0,
  "dvars_nstd": 53.422059864466014,
  "dvars_std": 1.3013571378640778,
  "dvars_vstd": 1.0869205803883495,
  "efc": 0.6020408201754185,
  "fber": 230.05967712402344,
  "fd_mean": 0.6416208418644369,
  "fd_num": 78,
  "fd_perc": 75.0,
  "fwhm_avg": 2.572171111111111,
  "fwhm_x": 2.40257,
  "fwhm_y": 2.5390966666666666,
  "fwhm_z": 2.774846666666667,
  "gcor": 0.0601812,
  "gsr_x": -0.005471944343298674,
  "gsr_y": 0.05345185846090317,
  "provenance": {
    "md5sum": "6a5b2d5febc8c41e01c5466fd4a835b0",
    "settings": {
      "fd_thres": 0.2,
      "testing": false
    },
    "software": "mriqc",
    "version": "21.0.0rc2",
    "webapi_port": null,
    "webapi_url": "https://mriqc.nimh.nih.gov/api/v1"
  },
  "size_t": 104,
  "size_x": 64,
  "size_y": 64,
  "size_z": 53,
  "snr": 2.8971508352722286,
  "spacing_tr": 3.0,
  "spacing_x": 3.0,
  "spacing_y": 3.0,
  "spacing_z": 3.0,
  "summary_bg_k": 52.65124252457062,
  "summary_bg_mad": 22.28893050228788,
  "summary_bg_mean": 76.64815521240234,
  "summary_bg_median": 43.091346740722656,
  "summary_bg_n": 121998.0,
  "summary_bg_p05": 26.971155166625977,
  "summary_bg_p95": 229.51251220703114,
  "summary_bg_stdv": 91.33709716796875,
  "summary_fg_k": 0.9928231707113908,
  "summary_fg_mad": 214.52115726781628,
  "summary_fg_mean": 722.7564086914062,
  "summary_fg_median": 677.0288696289062,
  "summary_fg_n": 49364.0,
  "summary_fg_p05": 418.69664764404297,
  "summary_fg_p95": 1164.8885192871094,
  "summary_fg_stdv": 233.68545532226562,
  "tsnr": 35.113338861381635
}