{
  "aor": 0.006061634615384615,
  "aqi": 0.003998508173076923,
  "bids_meta": {
    "BandwidthPerPixelPhaseEncode": 31.25,
    "EchoTime": 0.025,
    "EffectiveEchoSpacing": 0.0005,
    "FlipAngle": 75,
    "ImageType": [
      "ORIGINAL",
      "PRIMARY",
      "M",
      "ND",
      "MOSAIC"
    ],
    "MagneticFieldStrength": 3,
    "Manufacturer": "Siemens",
    "ManufacturersModelName": "TrioTim",
    "Modality": "MR",
    "PhaseEncodingDirection": "j-",
    "PixelBandwidth": 3005,
    "RepetitionTime": 3,
    "ScanningSequence": "EP",
    "SequenceVariant": "SK",
    "SliceThickness": 3,
    "SliceTiming": [
      0,
      1.5225,
      0.055,
      1.58,
      0.1125,
      1.6375,
      0.17,
      1.6925,
      0.225,
      1.75,
      0.2825,
      1.805,
      0.3375,
      1.8625,
      0.395,
      1.92,
      0.45,
      1.975,
      0.5075,
      2.0325,
      0.565,
      2.0875,
      0.62,
      2.145,
      0.6775,
      2.2,
      0.7325,
      2.2575,
      0.79,
      2.315,
      0.8475,
      2.37,
      0.9025,
      2.4275,
      0.96,
      2.4825,
      1.015,
      2.54,
      1.0725,
      2.595,
      1.1275,
      2.6525,
      1.185,
      2.71,
      1.2425,
      2.765,
      1.2975,
      2.8225,
      1.355,
      2.8775,
      1.41,
      2.935,
      1.4675
    ],
    "SpacingBetweenSlices": 3,
    "TaskName": "risk choice task",
    "TotalReadoutTime": 0.0315,
    "dataset": "ds002843",
    "modality": "bold",
    "run_id": 1,
    "session_id": "scan2",
    "subject_id": "dmp0793",
    "task_id": "risk"
  },
  "dummy_trs": 0,
  "dvars_nstd": 25.928192508932028,
  "dvars_std": 1.2126387226213593,
  "dvars_vstd": 1.0148833976699028,
  "efc": 0.570371661707387,
  "fber": 291.94525146484375,
  "fd_mean": 0.13853899611676698,
  "fd_num": 19,
  "fd_perc": 18.26923076923077,
  "fwhm_avg": 2.875211111111111,
  "fwhm_x": 2.79247,
  "fwhm_y": 2.7733600000000003,
  "fwhm_z": 3.0598033333333334,
  "gcor": 0.0154549,
  "gsr_x": 0.008419211022555828,
  "gsr_y": 0.08187811076641083,
  "provenance": {
    "md5sum": "d8064fbcfac65654ead97511aaa79497",
    "settings": {
      "fd_thres": 0.2,
      "testing": false
    },
    "software": "mriqc",
    "version": "21.0.0rc2",
    "webapi_port": null,
    "webapi_url": "https://mriqc.nimh.nih.gov/api/v1"
  },
  "size_t": 104,
  "size_x": 64,
  "size_y": 64,
  "size_z": 53,
  "snr": 2.2995308298789334,
  "spacing_tr": 3.0,
  "spacing_x": 3.0,
  "spacing_y": 3.0,
  "spacing_z": 3.0,
  "summary_bg_k": 19.346529198944513,
  "summary_bg_mad": 19.05999611513044,
  "summary_bg_mean": 85.52078247070312,
  "summary_bg_median": 41.76923370361328,
  "summary_bg_n": 130333.0,
  "summary_bg_p05": 27.951923370361328,
  "summary_bg_p95": 302.3327026367185,
  "summary_bg_stdv": 108.7977294921875,
  "summary_fg_k": 4.524956349953413,
  "summary_fg_mad": 241.84233811593933,
  "summary_fg_mean": 805.3527221679688,
  "summary_fg_median": 732.8029174804688,
  "summary_fg_n": 43006.0,
  "summary_fg_p05": 450.04088592529297,
  "summary_fg_p95": 1440.3630065917969,
  "summary_fg_stdv": 318.6712646484375,
  "tsnr": 66.64843470975757
}