{
  "bids_meta": {
    "EchoTime": 0.00311,
    "FlipAngle": 15,
    "ImageType": [
      "ORIGINAL",
      "PRIMARY",
      "M",
      "ND",
      "NORM"
    ],
    "InversionTime": 1.1,
    "MagneticFieldStrength": 3,
    "Manufacturer": "Siemens",
    "ManufacturersModelName": "TrioTim",
    "Modality": "MR",
    "RepetitionTime": 1.63,
    "ScanningSequence": "GR_IR",
    "SequenceVariant": "SP_MP",
    "SliceThickness": 1,
    "dataset": "ds002843",
    "modality": "T1w",
    "session_id": "scan1",
    "subject_id": "dmp0115"
  },
  "cjv": 0.538267342588653,
  "cnr": 2.4769308806933297,
  "efc": 0.6301136444861827,
  "fber": 5211.1103515625,
  "fwhm_avg": 3.516871555555556,
  "fwhm_x": 3.3490773333333332,
  "fwhm_y": 3.9241173333333332,
  "fwhm_z": 3.27742,
  "icvs_csf": 0.19247674420731017,
  "icvs_gm": 0.4162418824119856,
  "icvs_wm": 0.39128137338070423,
  "inu_med": 1.2268140316009521,
  "inu_range": 0.2894461750984192,
  "provenance": {
    "md5sum": "2cdeecc6501c6dce8839812ebac995ba",
    "settings": {
      "testing": false
    },
    "software": "mriqc",
    "version": "21.0.0rc2",
    "warnings": {
      "large_rot_frame": true,
      "small_air_mask": false
    },
    "webapi_port": null,
    "webapi_url": "https://mriqc.nimh.nih.gov/api/v1"
  },
  "qi_1": 0.0029284370115993494,
  "qi_2": 0.008492337044156476,
  "rpve_csf": 16.44766140402424,
  "rpve_gm": 7.784512098749903,
  "rpve_wm": 9.545453818088715,
  "size_x": 192,
  "size_y": 256,
  "size_z": 160,
  "snr_csf": 1.4946839273586932,
  "snr_gm": 13.158497085632138,
  "snr_total": 11.504676762094308,
  "snr_wm": 19.860849273292093,
  "snrd_csf": 29.44163211067563,
  "snrd_gm": 49.15966178212469,
  "snrd_total": 46.7150544123515,
  "snrd_wm": 61.54386934425419,
  "spacing_x": 0.9375,
  "spacing_y": 0.9375,
  "spacing_z": 1.0,
  "summary_bg_k": 163.86110157322486,
  "summary_bg_mad": 10.645612833796404,
  "summary_bg_mean": 17.3818302154541,
  "summary_bg_median": 10.763364791870117,
  "summary_bg_n": 2110445.0,
  "summary_bg_p05": 0.0,
  "summary_bg_p95": 53.88988647460937,
  "summary_bg_stdv": 19.493860244750977,
  "summary_csf_k": 42.968948938002846,
  "summary_csf_mad": 162.82001993119462,
  "summary_csf_mean": 527.3906860351562,
  "summary_csf_median": 478.41064453125,
  "summary_csf_n": 52585.0,
  "summary_csf_p05": 289.2391357421875,
  "summary_csf_p95": 752.0647705078122,
  "summary_csf_stdv": 320.0717468261719,
  "summary_gm_k": 0.17183693287332602,
  "summary_gm_mad": 58.916878358572134,
  "summary_gm_mean": 800.538330078125,
  "summary_gm_median": 798.8179931640625,
  "summary_gm_n": 21823.0,
  "summary_gm_p05": 703.3923217773438,
  "summary_gm_p95": 904.3513671874996,
  "summary_gm_stdv": 60.705997467041016,
  "summary_wm_k": 0.33626365155547067,
  "summary_wm_mad": 49.40226233295798,
  "summary_wm_mean": 1002.82275390625,
  "summary_wm_median": 1000.0546875,
  "summary_wm_n": 209042.0,
  "summary_wm_p05": 925.3779479980469,
  "summary_wm_p95": 1089.8236328125,
  "summary_wm_stdv": 50.35294723510742,
  "tpm_overlap_csf": 0.17106880247592926,
  "tpm_overlap_gm": 0.44104206562042236,
  "tpm_overlap_wm": 0.4844164550304413,
  "wm2max": 0.422806278706061
}