{
  "aor": 0.001783980582524272,
  "aqi": 0.0024137298543689322,
  "bids_meta": {
    "BandwidthPerPixelPhaseEncode": 31.25,
    "EchoTime": 0.025,
    "EffectiveEchoSpacing": 0.0005,
    "FlipAngle": 75,
    "ImageType": [
      "ORIGINAL",
      "PRIMARY",
      "M",
      "ND",
      "MOSAIC"
    ],
    "MagneticFieldStrength": 3,
    "Manufacturer": "Siemens",
    "ManufacturersModelName": "TrioTim",
    "Modality": "MR",
    "PhaseEncodingDirection": "j-",
    "PixelBandwidth": 3005,
    "RepetitionTime": 3,
    "ScanningSequence": "EP",
    "SequenceVariant": "SK",
    "SliceThickness": 3,
    "SliceTiming": [
      0,
      1.5225,
      0.055,
      1.58,
      0.1125,
      1.6375,
      0.17,
      1.6925,
      0.225,
      1.75,
      0.2825,
      1.805,
      0.3375,
      1.8625,
      0.395,
      1.92,
      0.45,
      1.975,
      0.5075,
      2.0325,
      0.565,
      2.0875,
      0.62,
      2.145,
      0.6775,
      2.2,
      0.7325,
      2.2575,
      0.79,
      2.315,
      0.8475,
      2.37,
      0.9025,
      2.4275,
      0.96,
      2.4825,
      1.015,
      2.54,
      1.0725,
      2.595,
      1.1275,
      2.6525,
      1.185,
      2.71,
      1.2425,
      2.765,
      1.2975,
      2.8225,
      1.355,
      2.8775,
      1.41,
      2.935,
      1.4675
    ],
    "SpacingBetweenSlices": 3,
    "TaskName": "intertemporal choice task",
    "TotalReadoutTime": 0.0315,
    "dataset": "ds002843",
    "modality": "bold",
    "run_id": 1,
    "session_id": "scan1",
    "subject_id": "dmp0140",
    "task_id": "itc"
  },
  "dummy_trs": 1,
  "dvars_nstd": 18.61877213235294,
  "dvars_std": 1.132002564117647,
  "dvars_vstd": 0.9896084723529409,
  "efc": 0.5628946200990095,
  "fber": 357.0581359863281,
  "fd_mean": 0.07784673982814767,
  "fd_num": 0,
  "fd_perc": 0.0,
  "fwhm_avg": 2.6617177777777776,
  "fwhm_x": 2.5511133333333333,
  "fwhm_y": 2.58648,
  "fwhm_z": 2.84756,
  "gcor": 0.00443327,
  "gsr_x": -0.0027561758179217577,
  "gsr_y": 0.07468044757843018,
  "provenance": {
    "md5sum": "b2ed223a0800b24fb3c2ba16ec08c965",
    "settings": {
      "fd_thres": 0.2,
      "testing": false
    },
    "software": "mriqc",
    "version": "21.0.0rc2",
    "webapi_port": null,
    "webapi_url": "https://mriqc.nimh.nih.gov/api/v1"
  },
  "size_t": 103,
  "size_x": 64,
  "size_y": 64,
  "size_z": 53,
  "snr": 2.692687689189447,
  "spacing_tr": 3.0,
  "spacing_x": 3.0,
  "spacing_y": 3.0,
  "spacing_z": 3.0,
  "summary_bg_k": 27.13024222556062,
  "summary_bg_mad": 11.860817748044816,
  "summary_bg_mean": 72.71036529541016,
  "summary_bg_median": 34.766990661621094,
  "summary_bg_n": 133714.0,
  "summary_bg_p05": 25.69902992248535,
  "summary_bg_p95": 265.2402908325191,
  "summary_bg_stdv": 97.24539947509766,
  "summary_fg_k": 3.341200534759846,
  "summary_fg_mad": 194.13456234564168,
  "summary_fg_mean": 729.2255859375,
  "summary_fg_median": 677.58251953125,
  "summary_fg_n": 39959.0,
  "summary_fg_p05": 426.0281707763672,
  "summary_fg_p95": 1233.9981201171875,
  "summary_fg_stdv": 251.6348419189453,
  "tsnr": 81.56488408148289
}