{
  "aor": 0.001395375,
  "aqi": 0.0081558253125,
  "bids_meta": {
    "BandwidthPerPixelPhaseEncode": 31.25,
    "EchoTime": 0.025,
    "EffectiveEchoSpacing": 0.0005,
    "FlipAngle": 75,
    "ImageType": [
      "ORIGINAL",
      "PRIMARY",
      "M",
      "ND",
      "MOSAIC"
    ],
    "MagneticFieldStrength": 3,
    "Manufacturer": "Siemens",
    "ManufacturersModelName": "TrioTim",
    "Modality": "MR",
    "PhaseEncodingDirection": "j-",
    "PixelBandwidth": 3005,
    "RepetitionTime": 3,
    "ScanningSequence": "EP",
    "SequenceVariant": "SK",
    "SliceThickness": 3,
    "SliceTiming": [
      0,
      1.5225,
      0.055,
      1.58,
      0.1125,
      1.635,
      0.1675,
      1.6925,
      0.225,
      1.75,
      0.2825,
      1.805,
      0.3375,
      1.8625,
      0.395,
      1.9175,
      0.45,
      1.975,
      0.5075,
      2.03,
      0.5625,
      2.0875,
      0.62,
      2.145,
      0.6775,
      2.2,
      0.7325,
      2.2575,
      0.79,
      2.3125,
      0.845,
      2.37,
      0.9025,
      2.425,
      0.9575,
      2.4825,
      1.015,
      2.54,
      1.0725,
      2.595,
      1.1275,
      2.6525,
      1.185,
      2.7075,
      1.24,
      2.765,
      1.2975,
      2.8225,
      1.355,
      2.8775,
      1.41,
      2.935,
      1.4675
    ],
    "SpacingBetweenSlices": 3,
    "TaskName": "rest",
    "TotalReadoutTime": 0.0315,
    "dataset": "ds002843",
    "modality": "bold",
    "session_id": "scan1",
    "subject_id": "dmp0140",
    "task_id": "rest"
  },
  "dummy_trs": 0,
  "dvars_nstd": 20.988910963018863,
  "dvars_std": 1.0321199848427678,
  "dvars_vstd": 0.8995196972955971,
  "efc": 0.5615282809758252,
  "fber": 352.9456787109375,
  "fd_mean": 0.1484866539458733,
  "fd_num": 26,
  "fd_perc": 16.25,
  "fwhm_avg": 2.706525555555556,
  "fwhm_x": 2.606246666666667,
  "fwhm_y": 2.61456,
  "fwhm_z": 2.8987700000000003,
  "gcor": 0.0286529,
  "gsr_x": -0.0027384755667299032,
  "gsr_y": 0.07443094998598099,
  "provenance": {
    "md5sum": "bbf233cdbd9b499452be2ee5f5c49dac",
    "settings": {
      "fd_thres": 0.2,
      "testing": false
    },
    "software": "mriqc",
    "version": "21.0.0rc2",
    "webapi_port": null,
    "webapi_url": "https://mriqc.nimh.nih.gov/api/v1"
  },
  "size_t": 160,
  "size_x": 64,
  "size_y": 64,
  "size_z": 53,
  "snr": 2.654236902734862,
  "spacing_tr": 3.0,
  "spacing_x": 3.0,
  "spacing_y": 3.0,
  "spacing_z": 3.0,
  "summary_bg_k": 27.64557957390543,
  "summary_bg_mad": 12.574321196836362,
  "summary_bg_mean": 73.7564926147461,
  "summary_bg_median": 35.46875,
  "summary_bg_n": 133907.0,
  "summary_bg_p05": 25.943750381469727,
  "summary_bg_p95": 264.3418731689453,
  "summary_bg_stdv": 96.96131896972656,
  "summary_fg_k": 3.3853455339792005,
  "summary_fg_mad": 197.5799112755356,
  "summary_fg_mean": 736.5487670898438,
  "summary_fg_median": 682.7093505859375,
  "summary_fg_n": 39862.0,
  "summary_fg_p05": 429.4818862915039,
  "summary_fg_p95": 1253.256921386718,
  "summary_fg_stdv": 257.2117004394531,
  "tsnr": 46.12165005505085
}