{
  "bids_meta": {
    "EchoTime": 0.00311,
    "FlipAngle": 15,
    "ImageType": [
      "ORIGINAL",
      "PRIMARY",
      "M",
      "ND",
      "NORM"
    ],
    "InversionTime": 1.1,
    "MagneticFieldStrength": 3,
    "Manufacturer": "Siemens",
    "ManufacturersModelName": "TrioTim",
    "Modality": "MR",
    "RepetitionTime": 1.63,
    "ScanningSequence": "GR_IR",
    "SequenceVariant": "SP_MP",
    "SliceThickness": 1,
    "dataset": "ds002843",
    "modality": "T1w",
    "session_id": "scan2",
    "subject_id": "dmp1057"
  },
  "cjv": 0.4515132517865786,
  "cnr": 2.8465966929236806,
  "efc": 0.6384059040783779,
  "fber": 8330.8388671875,
  "fwhm_avg": 3.4652995555555557,
  "fwhm_x": 3.366410666666667,
  "fwhm_y": 3.7982080000000003,
  "fwhm_z": 3.23128,
  "icvs_csf": 0.20224626029503823,
  "icvs_gm": 0.4068620495564607,
  "icvs_wm": 0.39089169014850106,
  "inu_med": 1.0607106685638428,
  "inu_range": 0.22607339620590194,
  "provenance": {
    "md5sum": "316a6a06567ab0120ba872a60f02ac1e",
    "settings": {
      "testing": false
    },
    "software": "mriqc",
    "version": "21.0.0rc2",
    "warnings": {
      "large_rot_frame": true,
      "small_air_mask": false
    },
    "webapi_port": null,
    "webapi_url": "https://mriqc.nimh.nih.gov/api/v1"
  },
  "qi_1": 0.00012740011805059326,
  "qi_2": 0.0033674049065833367,
  "rpve_csf": 14.680746988588933,
  "rpve_gm": 7.482086435011809,
  "rpve_wm": 9.21454179269134,
  "size_x": 192,
  "size_y": 256,
  "size_z": 160,
  "snr_csf": 2.409153090121401,
  "snr_gm": 13.348207018648216,
  "snr_total": 13.810370561541292,
  "snr_wm": 25.67375157585426,
  "snrd_csf": 32.42702127860317,
  "snrd_gm": 65.33342509734894,
  "snrd_total": 59.96075992687647,
  "snrd_wm": 82.1218334046773,
  "spacing_x": 0.9375,
  "spacing_y": 0.9375,
  "spacing_z": 1.0,
  "summary_bg_k": 12.244111999336438,
  "summary_bg_mad": 7.977792816092874,
  "summary_bg_mean": 9.591804504394531,
  "summary_bg_median": 8.09334659576416,
  "summary_bg_n": 1737853.0,
  "summary_bg_p05": 0.0,
  "summary_bg_p95": 26.918493652343745,
  "summary_bg_stdv": 9.402472496032715,
  "summary_csf_k": 55.86856919046272,
  "summary_csf_mad": 87.8448827506069,
  "summary_csf_mean": 432.0833740234375,
  "summary_csf_median": 394.87359619140625,
  "summary_csf_n": 50646.0,
  "summary_csf_p05": 288.75494384765625,
  "summary_csf_p95": 643.567138671875,
  "summary_csf_stdv": 163.90394592285156,
  "summary_gm_k": 0.21294765447865016,
  "summary_gm_mad": 57.77207851321603,
  "summary_gm_mean": 796.8209228515625,
  "summary_gm_median": 795.5847778320312,
  "summary_gm_n": 19840.0,
  "summary_gm_p05": 701.8707580566406,
  "summary_gm_p95": 898.2909851074218,
  "summary_gm_stdv": 59.600868225097656,
  "summary_wm_k": 1.4845759443425015,
  "summary_wm_mad": 34.534161898902624,
  "summary_wm_mean": 1003.7316284179688,
  "summary_wm_median": 1000.0222778320312,
  "summary_wm_n": 248026.0,
  "summary_wm_p05": 947.2703399658203,
  "summary_wm_p95": 1073.5814514160156,
  "summary_wm_stdv": 38.95107650756836,
  "tpm_overlap_csf": 0.17455804347991943,
  "tpm_overlap_gm": 0.44399377703666687,
  "tpm_overlap_wm": 0.4950781464576721,
  "wm2max": 0.4771899376134709
}