{
  "aor": 0.002017596153846154,
  "aqi": 0.004141361634615385,
  "bids_meta": {
    "BandwidthPerPixelPhaseEncode": 31.25,
    "EchoTime": 0.025,
    "EffectiveEchoSpacing": 0.0005,
    "FlipAngle": 75,
    "ImageType": [
      "ORIGINAL",
      "PRIMARY",
      "M",
      "ND",
      "MOSAIC"
    ],
    "MagneticFieldStrength": 3,
    "Manufacturer": "Siemens",
    "ManufacturersModelName": "TrioTim",
    "Modality": "MR",
    "PhaseEncodingDirection": "j-",
    "PixelBandwidth": 3005,
    "RepetitionTime": 3,
    "ScanningSequence": "EP",
    "SequenceVariant": "SK",
    "SliceThickness": 3,
    "SliceTiming": [
      0,
      1.5225,
      0.055,
      1.58,
      0.1125,
      1.6375,
      0.17,
      1.6925,
      0.225,
      1.75,
      0.2825,
      1.805,
      0.3375,
      1.8625,
      0.395,
      1.92,
      0.45,
      1.975,
      0.5075,
      2.0325,
      0.565,
      2.0875,
      0.62,
      2.145,
      0.6775,
      2.2,
      0.7325,
      2.2575,
      0.79,
      2.315,
      0.8475,
      2.37,
      0.9025,
      2.4275,
      0.96,
      2.4825,
      1.015,
      2.54,
      1.0725,
      2.595,
      1.1275,
      2.6525,
      1.185,
      2.71,
      1.2425,
      2.765,
      1.2975,
      2.8225,
      1.355,
      2.8775,
      1.41,
      2.935,
      1.4675
    ],
    "SpacingBetweenSlices": 3,
    "TaskName": "risk choice task",
    "TotalReadoutTime": 0.0315,
    "dataset": "ds002843",
    "modality": "bold",
    "run_id": 2,
    "session_id": "scan1",
    "subject_id": "dmp0772",
    "task_id": "risk"
  },
  "dummy_trs": 0,
  "dvars_nstd": 24.539522171359224,
  "dvars_std": 1.2190958680582522,
  "dvars_vstd": 0.9971991029126211,
  "efc": 0.5255425876341098,
  "fber": 455.6734619140625,
  "fd_mean": 0.12882081445273957,
  "fd_num": 17,
  "fd_perc": 16.346153846153847,
  "fwhm_avg": 2.094253333333333,
  "fwhm_x": 1.9839466666666665,
  "fwhm_y": 2.0771933333333332,
  "fwhm_z": 2.22162,
  "gcor": 0.0509027,
  "gsr_x": 0.01431198325008154,
  "gsr_y": 0.028521539643406868,
  "provenance": {
    "md5sum": "157876e56dcd90f5d7792ee0e99bc7be",
    "settings": {
      "fd_thres": 0.2,
      "testing": false
    },
    "software": "mriqc",
    "version": "21.0.0rc2",
    "webapi_port": null,
    "webapi_url": "https://mriqc.nimh.nih.gov/api/v1"
  },
  "size_t": 104,
  "size_x": 64,
  "size_y": 64,
  "size_z": 53,
  "snr": 4.318093441679631,
  "spacing_tr": 3.0,
  "spacing_x": 3.0,
  "spacing_y": 3.0,
  "spacing_z": 3.0,
  "summary_bg_k": 42.357016009309056,
  "summary_bg_mad": 7.341732574767443,
  "summary_bg_mean": 49.5477294921875,
  "summary_bg_median": 29.355770111083984,
  "summary_bg_n": 145838.0,
  "summary_bg_p05": 24.00961685180664,
  "summary_bg_p95": 141.37788619995106,
  "summary_bg_stdv": 56.45182418823242,
  "summary_fg_k": 0.7104500023767648,
  "summary_fg_mad": 142.47948485577413,
  "summary_fg_mean": 644.9175415039062,
  "summary_fg_median": 628.0240478515625,
  "summary_fg_n": 31772.0,
  "summary_fg_p05": 440.5120330810547,
  "summary_fg_p95": 902.6264862060544,
  "summary_fg_stdv": 145.43783569335938,
  "tsnr": 79.13139484357089
}