{
  "aor": 0.001060576923076923,
  "aqi": 0.0027944195192307693,
  "bids_meta": {
    "BandwidthPerPixelPhaseEncode": 31.25,
    "EchoTime": 0.025,
    "EffectiveEchoSpacing": 0.0005,
    "FlipAngle": 75,
    "ImageType": [
      "ORIGINAL",
      "PRIMARY",
      "M",
      "ND",
      "MOSAIC"
    ],
    "MagneticFieldStrength": 3,
    "Manufacturer": "Siemens",
    "ManufacturersModelName": "TrioTim",
    "Modality": "MR",
    "PhaseEncodingDirection": "j-",
    "PixelBandwidth": 3005,
    "RepetitionTime": 3,
    "ScanningSequence": "EP",
    "SequenceVariant": "SK",
    "SliceThickness": 3,
    "SliceTiming": [
      0,
      1.5225,
      0.055,
      1.58,
      0.1125,
      1.6375,
      0.17,
      1.6925,
      0.225,
      1.75,
      0.2825,
      1.805,
      0.3375,
      1.8625,
      0.395,
      1.92,
      0.45,
      1.975,
      0.5075,
      2.0325,
      0.565,
      2.0875,
      0.62,
      2.145,
      0.6775,
      2.2,
      0.7325,
      2.2575,
      0.79,
      2.315,
      0.8475,
      2.37,
      0.9025,
      2.4275,
      0.96,
      2.4825,
      1.015,
      2.54,
      1.0725,
      2.595,
      1.1275,
      2.6525,
      1.185,
      2.71,
      1.2425,
      2.765,
      1.2975,
      2.8225,
      1.355,
      2.8775,
      1.41,
      2.935,
      1.4675
    ],
    "SpacingBetweenSlices": 3,
    "TaskName": "risk choice task",
    "TotalReadoutTime": 0.0315,
    "dataset": "ds002843",
    "modality": "bold",
    "run_id": 2,
    "session_id": "scan2",
    "subject_id": "dmp0700",
    "task_id": "risk"
  },
  "dummy_trs": 0,
  "dvars_nstd": 20.087645817766994,
  "dvars_std": 1.0885113147572818,
  "dvars_vstd": 0.9907706691262137,
  "efc": 0.615086710725568,
  "fber": 177.734130859375,
  "fd_mean": 0.05590112121151342,
  "fd_num": 0,
  "fd_perc": 0.0,
  "fwhm_avg": 2.362797777777778,
  "fwhm_x": 1.9963066666666667,
  "fwhm_y": 2.43275,
  "fwhm_z": 2.659336666666667,
  "gcor": 0.0264417,
  "gsr_x": -0.001528208376839757,
  "gsr_y": 0.05544601008296013,
  "provenance": {
    "md5sum": "6c0c87aa557d0befd98d5b3aa3737f74",
    "settings": {
      "fd_thres": 0.2,
      "testing": false
    },
    "software": "mriqc",
    "version": "21.0.0rc2",
    "webapi_port": null,
    "webapi_url": "https://mriqc.nimh.nih.gov/api/v1"
  },
  "size_t": 104,
  "size_x": 64,
  "size_y": 64,
  "size_z": 53,
  "snr": 3.276552705340908,
  "spacing_tr": 3.0,
  "spacing_x": 3.0,
  "spacing_y": 3.0,
  "spacing_z": 3.0,
  "summary_bg_k": 17.17005249513053,
  "summary_bg_mad": 21.58326865191536,
  "summary_bg_mean": 77.65129089355469,
  "summary_bg_median": 42.115386962890625,
  "summary_bg_n": 127422.0,
  "summary_bg_p05": 26.663461685180664,
  "summary_bg_p95": 246.27500839233377,
  "summary_bg_stdv": 85.61166381835938,
  "summary_fg_k": 1.2788937408953966,
  "summary_fg_mad": 161.11897278132471,
  "summary_fg_mean": 613.57861328125,
  "summary_fg_median": 585.6442260742188,
  "summary_fg_n": 41973.0,
  "summary_fg_p05": 365.98846435546875,
  "summary_fg_p95": 938.7692749023438,
  "summary_fg_stdv": 178.7357940673828,
  "tsnr": 75.3161999701988
}