{
  "aor": 0.002786875,
  "aqi": 0.0071547533750000005,
  "bids_meta": {
    "BandwidthPerPixelPhaseEncode": 31.25,
    "EchoTime": 0.025,
    "EffectiveEchoSpacing": 0.0005,
    "FlipAngle": 75,
    "ImageType": [
      "ORIGINAL",
      "PRIMARY",
      "M",
      "ND",
      "MOSAIC"
    ],
    "MagneticFieldStrength": 3,
    "Manufacturer": "Siemens",
    "ManufacturersModelName": "TrioTim",
    "Modality": "MR",
    "PhaseEncodingDirection": "j-",
    "PixelBandwidth": 3005,
    "RepetitionTime": 3,
    "ScanningSequence": "EP",
    "SequenceVariant": "SK",
    "SliceThickness": 3,
    "SliceTiming": [
      0,
      1.5225,
      0.055,
      1.58,
      0.1125,
      1.635,
      0.1675,
      1.6925,
      0.225,
      1.75,
      0.2825,
      1.805,
      0.3375,
      1.8625,
      0.395,
      1.9175,
      0.45,
      1.975,
      0.5075,
      2.03,
      0.5625,
      2.0875,
      0.62,
      2.145,
      0.6775,
      2.2,
      0.7325,
      2.2575,
      0.79,
      2.3125,
      0.845,
      2.37,
      0.9025,
      2.425,
      0.9575,
      2.4825,
      1.015,
      2.54,
      1.0725,
      2.595,
      1.1275,
      2.6525,
      1.185,
      2.7075,
      1.24,
      2.765,
      1.2975,
      2.8225,
      1.355,
      2.8775,
      1.41,
      2.935,
      1.4675
    ],
    "SpacingBetweenSlices": 3,
    "TaskName": "rest",
    "TotalReadoutTime": 0.0315,
    "dataset": "ds002843",
    "modality": "bold",
    "session_id": "scan2",
    "subject_id": "dmp0700",
    "task_id": "rest"
  },
  "dummy_trs": 0,
  "dvars_nstd": 37.66296850987421,
  "dvars_std": 1.1605847578616357,
  "dvars_vstd": 0.9926598930817612,
  "efc": 0.6122707950418216,
  "fber": 180.93499755859375,
  "fd_mean": 0.2297545549833192,
  "fd_num": 79,
  "fd_perc": 49.375,
  "fwhm_avg": 2.4047,
  "fwhm_x": 2.028846666666667,
  "fwhm_y": 2.47249,
  "fwhm_z": 2.712763333333333,
  "gcor": 0.0456019,
  "gsr_x": -0.0028048763051629066,
  "gsr_y": 0.052647244185209274,
  "provenance": {
    "md5sum": "96147ec63f92d65c9354fabebe993b6a",
    "settings": {
      "fd_thres": 0.2,
      "testing": false
    },
    "software": "mriqc",
    "version": "21.0.0rc2",
    "webapi_port": null,
    "webapi_url": "https://mriqc.nimh.nih.gov/api/v1"
  },
  "size_t": 160,
  "size_x": 64,
  "size_y": 64,
  "size_z": 53,
  "snr": 3.33023667945545,
  "spacing_tr": 3.0,
  "spacing_x": 3.0,
  "spacing_y": 3.0,
  "spacing_z": 3.0,
  "summary_bg_k": 18.58059424353602,
  "summary_bg_mad": 21.65525695734386,
  "summary_bg_mean": 75.45760345458984,
  "summary_bg_median": 41.6875,
  "summary_bg_n": 127627.0,
  "summary_bg_p05": 25.681249618530273,
  "summary_bg_p95": 235.05375518798814,
  "summary_bg_stdv": 83.09698486328125,
  "summary_fg_k": 1.1848821179591873,
  "summary_fg_mad": 158.39746022507742,
  "summary_fg_mean": 609.4132080078125,
  "summary_fg_median": 582.5375366210938,
  "summary_fg_n": 41891.0,
  "summary_fg_p05": 365.4125061035156,
  "summary_fg_p95": 927.4343872070312,
  "summary_fg_stdv": 174.9216766357422,
  "tsnr": 45.98425019416027
}