{
  "aor": 0.0020175961538461537,
  "aqi": 0.003107564326923077,
  "bids_meta": {
    "BandwidthPerPixelPhaseEncode": 31.25,
    "EchoTime": 0.025,
    "EffectiveEchoSpacing": 0.0005,
    "FlipAngle": 75,
    "ImageType": [
      "ORIGINAL",
      "PRIMARY",
      "M",
      "ND",
      "MOSAIC"
    ],
    "MagneticFieldStrength": 3,
    "Manufacturer": "Siemens",
    "ManufacturersModelName": "TrioTim",
    "Modality": "MR",
    "PhaseEncodingDirection": "j-",
    "PixelBandwidth": 3005,
    "RepetitionTime": 3,
    "ScanningSequence": "EP",
    "SequenceVariant": "SK",
    "SliceThickness": 3,
    "SliceTiming": [
      0,
      1.5225,
      0.055,
      1.58,
      0.1125,
      1.6375,
      0.17,
      1.6925,
      0.225,
      1.75,
      0.2825,
      1.805,
      0.3375,
      1.8625,
      0.395,
      1.92,
      0.45,
      1.975,
      0.5075,
      2.0325,
      0.565,
      2.0875,
      0.62,
      2.145,
      0.6775,
      2.2,
      0.7325,
      2.2575,
      0.79,
      2.315,
      0.8475,
      2.37,
      0.9025,
      2.4275,
      0.96,
      2.4825,
      1.015,
      2.54,
      1.0725,
      2.595,
      1.1275,
      2.6525,
      1.185,
      2.71,
      1.2425,
      2.765,
      1.2975,
      2.8225,
      1.355,
      2.8775,
      1.41,
      2.935,
      1.4675
    ],
    "SpacingBetweenSlices": 3,
    "TaskName": "intertemporal choice task",
    "TotalReadoutTime": 0.0315,
    "dataset": "ds002843",
    "modality": "bold",
    "run_id": 3,
    "session_id": "scan2",
    "subject_id": "dmp0700",
    "task_id": "itc"
  },
  "dummy_trs": 0,
  "dvars_nstd": 20.469010593689323,
  "dvars_std": 1.081297452815534,
  "dvars_vstd": 0.9903485445631075,
  "efc": 0.6159571645212599,
  "fber": 175.3203582763672,
  "fd_mean": 0.06049884419583634,
  "fd_num": 1,
  "fd_perc": 0.9615384615384616,
  "fwhm_avg": 2.3560544444444442,
  "fwhm_x": 1.99312,
  "fwhm_y": 2.4271966666666667,
  "fwhm_z": 2.6478466666666667,
  "gcor": 0.0206862,
  "gsr_x": -0.0021152168046683073,
  "gsr_y": 0.05438906326889992,
  "provenance": {
    "md5sum": "8e1e07c73965053c1393a65ff5524147",
    "settings": {
      "fd_thres": 0.2,
      "testing": false
    },
    "software": "mriqc",
    "version": "21.0.0rc2",
    "webapi_port": null,
    "webapi_url": "https://mriqc.nimh.nih.gov/api/v1"
  },
  "size_t": 104,
  "size_x": 64,
  "size_y": 64,
  "size_z": 53,
  "snr": 3.2604540233293924,
  "spacing_tr": 3.0,
  "spacing_x": 3.0,
  "spacing_y": 3.0,
  "spacing_z": 3.0,
  "summary_bg_k": 16.416604099614446,
  "summary_bg_mad": 22.010942586318077,
  "summary_bg_mean": 78.23036193847656,
  "summary_bg_median": 42.490386962890625,
  "summary_bg_n": 127359.0,
  "summary_bg_p05": 26.56730842590332,
  "summary_bg_p95": 247.62501525878906,
  "summary_bg_stdv": 85.9349365234375,
  "summary_fg_k": 1.3184203413166191,
  "summary_fg_mad": 161.63929521518747,
  "summary_fg_mean": 614.3479614257812,
  "summary_fg_median": 586.110595703125,
  "summary_fg_n": 42042.0,
  "summary_fg_p05": 365.4524154663086,
  "summary_fg_p95": 940.2490966796875,
  "summary_fg_stdv": 179.7613525390625,
  "tsnr": 71.7296521179378
}