{
  "bids_meta": {
    "EchoTime": 0.09,
    "FlipAngle": 180,
    "ImageType": [
      "ORIGINAL",
      "PRIMARY",
      "M",
      "ND",
      "NORM"
    ],
    "ImagingFrequency": 123.204,
    "MagneticFieldStrength": 3,
    "Manufacturer": "Siemens",
    "ManufacturersModelName": "TrioTim",
    "Modality": "MR",
    "PhaseEncodingDirection": "i",
    "RepetitionTime": 7,
    "ScanningSequence": "SE",
    "SequenceVariant": "SK_SP_OSP",
    "SliceThickness": 3,
    "SpacingBetweenSlices": 3,
    "dataset": "ds002843",
    "modality": "T2w",
    "session_id": "scan2",
    "subject_id": "dmp0812"
  },
  "cjv": 0.530054739024518,
  "cnr": 2.4679066875366784,
  "efc": 0.6423206614714738,
  "fber": 3160.0879635974893,
  "fwhm_avg": 2.505563627638186,
  "fwhm_x": 2.9350133333333335,
  "fwhm_y": 2.9945866666666667,
  "fwhm_z": 1.5870908829145574,
  "icvs_csf": 0.1626683067895982,
  "icvs_gm": 0.38436347542016347,
  "icvs_wm": 0.4529682177902383,
  "inu_med": 1.3482294082641602,
  "inu_range": 0.33623371124267565,
  "provenance": {
    "md5sum": "f6cb7233c8f0a3174f1620a06de85214",
    "settings": {
      "testing": false
    },
    "software": "mriqc",
    "version": "21.0.0rc2",
    "warnings": {
      "large_rot_frame": false,
      "small_air_mask": false
    },
    "webapi_port": null,
    "webapi_url": "https://mriqc.nimh.nih.gov/api/v1"
  },
  "qi_1": 0.0,
  "qi_2": 0.0011355717010683476,
  "rpve_csf": 13.901162223944397,
  "rpve_gm": 5.625040542963454,
  "rpve_wm": 5.759645998541842,
  "size_x": 256,
  "size_y": 256,
  "size_z": 44,
  "snr_csf": 2.733696336808305,
  "snr_gm": 9.64616144774059,
  "snr_total": 7.561574643765205,
  "snr_wm": 10.304866146746717,
  "snrd_csf": 156.16538861586656,
  "snrd_gm": 93.39794946157936,
  "snrd_total": 104.50750722549195,
  "snrd_wm": 63.959183599029934,
  "spacing_x": 0.75,
  "spacing_y": 0.75,
  "spacing_z": 2.9999983310699463,
  "summary_bg_k": 149.16831597945858,
  "summary_bg_mad": 10.218436002615679,
  "summary_bg_mean": 23.91698444451634,
  "summary_bg_median": 16.708437204360962,
  "summary_bg_n": 783080.0,
  "summary_bg_p05": 0.0,
  "summary_bg_p95": 50.02088388055563,
  "summary_bg_stdv": 49.375350497291436,
  "summary_csf_k": -0.15687070877452491,
  "summary_csf_mad": 679.5259941739426,
  "summary_csf_mean": 2294.4280901918155,
  "summary_csf_median": 2435.7768611982465,
  "summary_csf_n": 103246.0,
  "summary_csf_p05": 532.7380774877965,
  "summary_csf_p95": 3534.434928184375,
  "summary_csf_stdv": 891.0152281313552,
  "summary_gm_k": 0.3080910204791141,
  "summary_gm_mad": 147.39319809833523,
  "summary_gm_mean": 1463.751806870512,
  "summary_gm_median": 1456.7668687552214,
  "summary_gm_n": 219985.0,
  "summary_gm_p05": 1230.1795747175813,
  "summary_gm_p95": 1722.0133093744516,
  "summary_gm_stdv": 151.02002652393173,
  "summary_wm_k": 0.07949375540150161,
  "summary_wm_mad": 95.99136850942001,
  "summary_wm_mean": 990.7884791414237,
  "summary_wm_median": 997.5981288328767,
  "summary_wm_n": 304487.0,
  "summary_wm_p05": 819.7577003389597,
  "summary_wm_p95": 1137.218007221818,
  "summary_wm_stdv": 96.80829197227106,
  "tpm_overlap_csf": 0.17432552576065063,
  "tpm_overlap_gm": 0.4178841710090637,
  "tpm_overlap_wm": 0.4917798340320587,
  "wm2max": 0.24717433907578737
}