{
  "aor": 0.006251625000000001,
  "aqi": 0.01178881525,
  "bids_meta": {
    "BandwidthPerPixelPhaseEncode": 31.25,
    "EchoTime": 0.025,
    "EffectiveEchoSpacing": 0.0005,
    "FlipAngle": 75,
    "ImageType": [
      "ORIGINAL",
      "PRIMARY",
      "M",
      "ND",
      "MOSAIC"
    ],
    "MagneticFieldStrength": 3,
    "Manufacturer": "Siemens",
    "ManufacturersModelName": "TrioTim",
    "Modality": "MR",
    "PhaseEncodingDirection": "j-",
    "PixelBandwidth": 3005,
    "RepetitionTime": 3,
    "ScanningSequence": "EP",
    "SequenceVariant": "SK",
    "SliceThickness": 3,
    "SliceTiming": [
      0,
      1.5225,
      0.055,
      1.58,
      0.1125,
      1.635,
      0.1675,
      1.6925,
      0.225,
      1.75,
      0.2825,
      1.805,
      0.3375,
      1.8625,
      0.395,
      1.9175,
      0.45,
      1.975,
      0.5075,
      2.03,
      0.5625,
      2.0875,
      0.62,
      2.145,
      0.6775,
      2.2,
      0.7325,
      2.2575,
      0.79,
      2.3125,
      0.845,
      2.37,
      0.9025,
      2.425,
      0.9575,
      2.4825,
      1.015,
      2.54,
      1.0725,
      2.595,
      1.1275,
      2.6525,
      1.185,
      2.7075,
      1.24,
      2.765,
      1.2975,
      2.8225,
      1.355,
      2.8775,
      1.41,
      2.935,
      1.4675
    ],
    "SpacingBetweenSlices": 3,
    "TaskName": "rest",
    "TotalReadoutTime": 0.0315,
    "dataset": "ds002843",
    "modality": "bold",
    "session_id": "scan2",
    "subject_id": "dmp0800",
    "task_id": "rest"
  },
  "dummy_trs": 0,
  "dvars_nstd": 24.992954602389936,
  "dvars_std": 1.0876792818239,
  "dvars_vstd": 0.9289125889937109,
  "efc": 0.5383458871078034,
  "fber": 471.5443115234375,
  "fd_mean": 0.19386500251188896,
  "fd_num": 54,
  "fd_perc": 33.75,
  "fwhm_avg": 2.2963066666666667,
  "fwhm_x": 2.16977,
  "fwhm_y": 2.19308,
  "fwhm_z": 2.5260700000000003,
  "gcor": 0.0233888,
  "gsr_x": -0.014082079753279686,
  "gsr_y": 0.03520263731479645,
  "provenance": {
    "md5sum": "e0b75a3a8160933585072047912e81ea",
    "settings": {
      "fd_thres": 0.2,
      "testing": false
    },
    "software": "mriqc",
    "version": "21.0.0rc2",
    "webapi_port": null,
    "webapi_url": "https://mriqc.nimh.nih.gov/api/v1"
  },
  "size_t": 160,
  "size_x": 64,
  "size_y": 64,
  "size_z": 53,
  "snr": 4.1766749820815114,
  "spacing_tr": 3.0,
  "spacing_x": 3.0,
  "spacing_y": 3.0,
  "spacing_z": 3.0,
  "summary_bg_k": 19.732830931364656,
  "summary_bg_mad": 10.220690740526582,
  "summary_bg_mean": 56.91045379638672,
  "summary_bg_median": 30.700000762939453,
  "summary_bg_n": 143041.0,
  "summary_bg_p05": 22.11250114440918,
  "summary_bg_p95": 191.6875,
  "summary_bg_stdv": 64.80218505859375,
  "summary_fg_k": 0.8445110259293624,
  "summary_fg_mad": 150.3497462540949,
  "summary_fg_mean": 684.239990234375,
  "summary_fg_median": 663.159423828125,
  "summary_fg_n": 34088.0,
  "summary_fg_p05": 458.82969360351564,
  "summary_fg_p95": 973.3231170654294,
  "summary_fg_stdv": 158.77455139160156,
  "tsnr": 37.63699386850931
}