{
  "aor": 0.0011675,
  "aqi": 0.0036830727884615386,
  "bids_meta": {
    "BandwidthPerPixelPhaseEncode": 31.25,
    "EchoTime": 0.025,
    "EffectiveEchoSpacing": 0.0005,
    "FlipAngle": 75,
    "ImageType": [
      "ORIGINAL",
      "PRIMARY",
      "M",
      "ND",
      "MOSAIC"
    ],
    "MagneticFieldStrength": 3,
    "Manufacturer": "Siemens",
    "ManufacturersModelName": "TrioTim",
    "Modality": "MR",
    "PhaseEncodingDirection": "j-",
    "PixelBandwidth": 3005,
    "RepetitionTime": 3,
    "ScanningSequence": "EP",
    "SequenceVariant": "SK",
    "SliceThickness": 3,
    "SliceTiming": [
      0,
      1.5225,
      0.055,
      1.58,
      0.1125,
      1.6375,
      0.17,
      1.6925,
      0.225,
      1.75,
      0.2825,
      1.805,
      0.3375,
      1.8625,
      0.395,
      1.92,
      0.45,
      1.975,
      0.5075,
      2.0325,
      0.565,
      2.0875,
      0.62,
      2.145,
      0.6775,
      2.2,
      0.7325,
      2.2575,
      0.79,
      2.315,
      0.8475,
      2.37,
      0.9025,
      2.4275,
      0.96,
      2.4825,
      1.015,
      2.54,
      1.0725,
      2.595,
      1.1275,
      2.6525,
      1.185,
      2.71,
      1.2425,
      2.765,
      1.2975,
      2.8225,
      1.355,
      2.8775,
      1.41,
      2.935,
      1.4675
    ],
    "SpacingBetweenSlices": 3,
    "TaskName": "intertemporal choice task",
    "TotalReadoutTime": 0.0315,
    "dataset": "ds002843",
    "modality": "bold",
    "run_id": 3,
    "session_id": "scan1",
    "subject_id": "dmp0528",
    "task_id": "itc"
  },
  "dummy_trs": 0,
  "dvars_nstd": 25.49666613970874,
  "dvars_std": 1.2106454666019417,
  "dvars_vstd": 0.9742272077669908,
  "efc": 0.5502369861407268,
  "fber": 470.3809814453125,
  "fd_mean": 0.14211146813312553,
  "fd_num": 18,
  "fd_perc": 17.307692307692307,
  "fwhm_avg": 2.455962222222222,
  "fwhm_x": 2.32198,
  "fwhm_y": 2.37515,
  "fwhm_z": 2.6707566666666662,
  "gcor": 0.0219317,
  "gsr_x": 0.005170072428882122,
  "gsr_y": 0.05092061311006546,
  "provenance": {
    "md5sum": "92b40ddb5cea7d19889eb191a6f7e89c",
    "settings": {
      "fd_thres": 0.2,
      "testing": false
    },
    "software": "mriqc",
    "version": "21.0.0rc2",
    "webapi_port": null,
    "webapi_url": "https://mriqc.nimh.nih.gov/api/v1"
  },
  "size_t": 104,
  "size_x": 64,
  "size_y": 64,
  "size_z": 53,
  "snr": 3.4382876869375956,
  "spacing_tr": 3.0,
  "spacing_x": 3.0,
  "spacing_y": 3.0,
  "spacing_z": 3.0,
  "summary_bg_k": 19.81970294194285,
  "summary_bg_mad": 9.180730209915195,
  "summary_bg_mean": 50.959190368652344,
  "summary_bg_median": 28.096155166625977,
  "summary_bg_n": 135324.0,
  "summary_bg_p05": 21.26923179626465,
  "summary_bg_p95": 165.7115478515625,
  "summary_bg_stdv": 57.87510299682617,
  "summary_fg_k": 2.430918192821264,
  "summary_fg_mad": 158.95207869414605,
  "summary_fg_mean": 646.2659301757812,
  "summary_fg_median": 617.1346435546875,
  "summary_fg_n": 40074.0,
  "summary_fg_p05": 409.11490631103516,
  "summary_fg_p95": 972.3591888427734,
  "summary_fg_stdv": 179.48670959472656,
  "tsnr": 73.71930130384862
}