{
  "aor": 0.0021561538461538463,
  "aqi": 0.0027811998076923074,
  "bids_meta": {
    "BandwidthPerPixelPhaseEncode": 31.25,
    "EchoTime": 0.025,
    "EffectiveEchoSpacing": 0.0005,
    "FlipAngle": 75,
    "ImageType": [
      "ORIGINAL",
      "PRIMARY",
      "M",
      "ND",
      "MOSAIC"
    ],
    "MagneticFieldStrength": 3,
    "Manufacturer": "Siemens",
    "ManufacturersModelName": "TrioTim",
    "Modality": "MR",
    "PhaseEncodingDirection": "j-",
    "PixelBandwidth": 3005,
    "RepetitionTime": 3,
    "ScanningSequence": "EP",
    "SequenceVariant": "SK",
    "SliceThickness": 3,
    "SliceTiming": [
      0,
      1.5225,
      0.055,
      1.58,
      0.1125,
      1.6375,
      0.17,
      1.6925,
      0.225,
      1.75,
      0.2825,
      1.805,
      0.3375,
      1.8625,
      0.395,
      1.92,
      0.45,
      1.975,
      0.5075,
      2.0325,
      0.565,
      2.0875,
      0.62,
      2.145,
      0.6775,
      2.2,
      0.7325,
      2.2575,
      0.79,
      2.315,
      0.8475,
      2.37,
      0.9025,
      2.4275,
      0.96,
      2.4825,
      1.015,
      2.54,
      1.0725,
      2.595,
      1.1275,
      2.6525,
      1.185,
      2.71,
      1.2425,
      2.765,
      1.2975,
      2.8225,
      1.355,
      2.8775,
      1.41,
      2.935,
      1.4675
    ],
    "SpacingBetweenSlices": 3,
    "TaskName": "intertemporal choice task",
    "TotalReadoutTime": 0.0315,
    "dataset": "ds002843",
    "modality": "bold",
    "run_id": 4,
    "session_id": "scan1",
    "subject_id": "dmp0418",
    "task_id": "itc"
  },
  "dummy_trs": 0,
  "dvars_nstd": 26.0595265361165,
  "dvars_std": 1.3215621828155335,
  "dvars_vstd": 1.0015839317475728,
  "efc": 0.5556049053668616,
  "fber": 442.73431396484375,
  "fd_mean": 0.07548434428980724,
  "fd_num": 4,
  "fd_perc": 3.8461538461538463,
  "fwhm_avg": 2.3889844444444446,
  "fwhm_x": 2.2755033333333334,
  "fwhm_y": 2.33607,
  "fwhm_z": 2.55538,
  "gcor": 0.0467341,
  "gsr_x": -0.0033521736040711403,
  "gsr_y": 0.06313081085681915,
  "provenance": {
    "md5sum": "7193375ef216fb6abf6cbf41e05a8a97",
    "settings": {
      "fd_thres": 0.2,
      "testing": false
    },
    "software": "mriqc",
    "version": "21.0.0rc2",
    "webapi_port": null,
    "webapi_url": "https://mriqc.nimh.nih.gov/api/v1"
  },
  "size_t": 104,
  "size_x": 64,
  "size_y": 64,
  "size_z": 53,
  "snr": 3.1228942328492213,
  "spacing_tr": 3.0,
  "spacing_x": 3.0,
  "spacing_y": 3.0,
  "spacing_z": 3.0,
  "summary_bg_k": 23.531431450551185,
  "summary_bg_mad": 8.88135817304936,
  "summary_bg_mean": 57.76051712036133,
  "summary_bg_median": 31.778846740722656,
  "summary_bg_n": 132523.0,
  "summary_bg_p05": 25.365385055541992,
  "summary_bg_p95": 186.72789001464827,
  "summary_bg_stdv": 64.96514129638672,
  "summary_fg_k": 2.079343984177049,
  "summary_fg_mad": 189.3739287938008,
  "summary_fg_mean": 720.4778442382812,
  "summary_fg_median": 676.923095703125,
  "summary_fg_n": 41135.0,
  "summary_fg_p05": 453.09039306640625,
  "summary_fg_p95": 1137.9038696289053,
  "summary_fg_stdv": 216.75881958007812,
  "tsnr": 82.39528216188774
}