{
  "bids_meta": {
    "EchoTime": 0.00311,
    "FlipAngle": 15,
    "ImageType": [
      "ORIGINAL",
      "PRIMARY",
      "M",
      "ND",
      "NORM"
    ],
    "InversionTime": 1.1,
    "MagneticFieldStrength": 3,
    "Manufacturer": "Siemens",
    "ManufacturersModelName": "TrioTim",
    "Modality": "MR",
    "RepetitionTime": 1.63,
    "ScanningSequence": "GR_IR",
    "SequenceVariant": "SP_MP",
    "SliceThickness": 1,
    "dataset": "ds002843",
    "modality": "T1w",
    "session_id": "scan2",
    "subject_id": "dmp0098"
  },
  "cjv": 0.4952989308080758,
  "cnr": 2.6746829837714476,
  "efc": 0.6421493839889755,
  "fber": 7684.35791015625,
  "fwhm_avg": 3.824845111111111,
  "fwhm_x": 3.7132373333333333,
  "fwhm_y": 4.254848,
  "fwhm_z": 3.50645,
  "icvs_csf": 0.2043598304374342,
  "icvs_gm": 0.41810683876423815,
  "icvs_wm": 0.3775333307983276,
  "inu_med": 1.1259220838546753,
  "inu_range": 0.296278640627861,
  "provenance": {
    "md5sum": "65fd46e141eca8649f1a44452f91da89",
    "settings": {
      "testing": false
    },
    "software": "mriqc",
    "version": "21.0.0rc2",
    "warnings": {
      "large_rot_frame": true,
      "small_air_mask": false
    },
    "webapi_port": null,
    "webapi_url": "https://mriqc.nimh.nih.gov/api/v1"
  },
  "qi_1": 0.0013060876464045018,
  "qi_2": 0.003036351286629407,
  "rpve_csf": 14.519726861712066,
  "rpve_gm": 7.2149021070366715,
  "rpve_wm": 9.201059064732231,
  "size_x": 192,
  "size_y": 256,
  "size_z": 160,
  "snr_csf": 2.903131620633834,
  "snr_gm": 13.83161374739114,
  "snr_total": 13.078863605136036,
  "snr_wm": 22.501845447383133,
  "snrd_csf": 29.114521763920564,
  "snrd_gm": 63.009281710993804,
  "snrd_total": 56.88418111955155,
  "snrd_wm": 78.52873988374027,
  "spacing_x": 0.9375,
  "spacing_y": 0.9375,
  "spacing_z": 1.0,
  "summary_bg_k": 32.7569742010928,
  "summary_bg_mad": 8.342987408241918,
  "summary_bg_mean": 9.981138229370117,
  "summary_bg_median": 8.48879337310791,
  "summary_bg_n": 1745729.0,
  "summary_bg_p05": 0.0,
  "summary_bg_p95": 28.42685279846191,
  "summary_bg_stdv": 10.930264472961426,
  "summary_csf_k": 35.92963405127958,
  "summary_csf_mad": 82.67810360506436,
  "summary_csf_mean": 409.79229736328125,
  "summary_csf_median": 370.76568603515625,
  "summary_csf_n": 62589.0,
  "summary_csf_p05": 278.89154663085935,
  "summary_csf_p95": 646.6428588867187,
  "summary_csf_stdv": 127.7113037109375,
  "summary_gm_k": 0.41281865554155717,
  "summary_gm_mad": 55.940181582586916,
  "summary_gm_mean": 804.7540893554688,
  "summary_gm_median": 802.4064331054688,
  "summary_gm_n": 27989.0,
  "summary_gm_p05": 715.1807250976562,
  "summary_gm_p95": 903.9978637695311,
  "summary_gm_stdv": 58.01145935058594,
  "summary_wm_k": 0.8296415532440582,
  "summary_wm_mad": 41.94880182687577,
  "summary_wm_mean": 1004.2772827148438,
  "summary_wm_median": 1000.0426025390625,
  "summary_wm_n": 230822.0,
  "summary_wm_p05": 939.4503387451172,
  "summary_wm_p95": 1083.1841064453124,
  "summary_wm_stdv": 44.442596435546875,
  "tpm_overlap_csf": 0.16833971440792084,
  "tpm_overlap_gm": 0.44148463010787964,
  "tpm_overlap_wm": 0.46833422780036926,
  "wm2max": 0.4584412587041957
}