{
  "aor": 0.0037300961538461537,
  "aqi": 0.0043998775,
  "bids_meta": {
    "BandwidthPerPixelPhaseEncode": 31.25,
    "EchoTime": 0.025,
    "EffectiveEchoSpacing": 0.0005,
    "FlipAngle": 75,
    "ImageType": [
      "ORIGINAL",
      "PRIMARY",
      "M",
      "ND",
      "MOSAIC"
    ],
    "MagneticFieldStrength": 3,
    "Manufacturer": "Siemens",
    "ManufacturersModelName": "TrioTim",
    "Modality": "MR",
    "PhaseEncodingDirection": "j-",
    "PixelBandwidth": 3005,
    "RepetitionTime": 3,
    "ScanningSequence": "EP",
    "SequenceVariant": "SK",
    "SliceThickness": 3,
    "SliceTiming": [
      0,
      1.5225,
      0.055,
      1.58,
      0.1125,
      1.6375,
      0.17,
      1.6925,
      0.225,
      1.75,
      0.2825,
      1.805,
      0.3375,
      1.8625,
      0.395,
      1.92,
      0.45,
      1.975,
      0.5075,
      2.0325,
      0.565,
      2.0875,
      0.62,
      2.145,
      0.6775,
      2.2,
      0.7325,
      2.2575,
      0.79,
      2.315,
      0.8475,
      2.37,
      0.9025,
      2.4275,
      0.96,
      2.4825,
      1.015,
      2.54,
      1.0725,
      2.595,
      1.1275,
      2.6525,
      1.185,
      2.71,
      1.2425,
      2.765,
      1.2975,
      2.8225,
      1.355,
      2.8775,
      1.41,
      2.935,
      1.4675
    ],
    "SpacingBetweenSlices": 3,
    "TaskName": "intertemporal choice task",
    "TotalReadoutTime": 0.0315,
    "dataset": "ds002843",
    "modality": "bold",
    "run_id": 4,
    "session_id": "scan2",
    "subject_id": "dmp0267",
    "task_id": "itc"
  },
  "dummy_trs": 0,
  "dvars_nstd": 35.00364249873787,
  "dvars_std": 1.2331127045631067,
  "dvars_vstd": 1.026763984271845,
  "efc": 0.6028470549236254,
  "fber": 209.28866577148438,
  "fd_mean": 0.3244762570467111,
  "fd_num": 67,
  "fd_perc": 64.42307692307692,
  "fwhm_avg": 2.5554466666666666,
  "fwhm_x": 2.3217833333333333,
  "fwhm_y": 2.5716533333333333,
  "fwhm_z": 2.7729033333333333,
  "gcor": 0.0149574,
  "gsr_x": -0.008734391070902348,
  "gsr_y": 0.043123338371515274,
  "provenance": {
    "md5sum": "40731b9fb8b8008483ddcee3d726989f",
    "settings": {
      "fd_thres": 0.2,
      "testing": false
    },
    "software": "mriqc",
    "version": "21.0.0rc2",
    "webapi_port": null,
    "webapi_url": "https://mriqc.nimh.nih.gov/api/v1"
  },
  "size_t": 104,
  "size_x": 64,
  "size_y": 64,
  "size_z": 53,
  "snr": 2.9243219659989492,
  "spacing_tr": 3.0,
  "spacing_x": 3.0,
  "spacing_y": 3.0,
  "spacing_z": 3.0,
  "summary_bg_k": 21.262831000776053,
  "summary_bg_mad": 17.805481760051475,
  "summary_bg_mean": 68.28559875488281,
  "summary_bg_median": 38.05769348144531,
  "summary_bg_n": 126936.0,
  "summary_bg_p05": 25.538461685180664,
  "summary_bg_p95": 202.7163543701172,
  "summary_bg_stdv": 71.05200958251953,
  "summary_fg_k": 1.7991924747095034,
  "summary_fg_mad": 181.73283549352476,
  "summary_fg_mean": 606.5693969726562,
  "summary_fg_median": 573.0096435546875,
  "summary_fg_n": 46468.0,
  "summary_fg_p05": 345.48077392578125,
  "summary_fg_p95": 971.1240783691408,
  "summary_fg_stdv": 195.9440460205078,
  "tsnr": 59.24005722627044
}