{
  "aor": 0.019013431372549017,
  "aqi": 0.005863725196078431,
  "bids_meta": {
    "BandwidthPerPixelPhaseEncode": 31.25,
    "EchoTime": 0.025,
    "EffectiveEchoSpacing": 0.0005,
    "FlipAngle": 75,
    "ImageType": [
      "ORIGINAL",
      "PRIMARY",
      "M",
      "ND",
      "MOSAIC"
    ],
    "MagneticFieldStrength": 3,
    "Manufacturer": "Siemens",
    "ManufacturersModelName": "TrioTim",
    "Modality": "MR",
    "PhaseEncodingDirection": "j-",
    "PixelBandwidth": 3005,
    "RepetitionTime": 3,
    "ScanningSequence": "EP",
    "SequenceVariant": "SK",
    "SliceThickness": 3,
    "SliceTiming": [
      0,
      1.5225,
      0.055,
      1.58,
      0.1125,
      1.6375,
      0.17,
      1.6925,
      0.225,
      1.75,
      0.2825,
      1.805,
      0.3375,
      1.8625,
      0.395,
      1.92,
      0.45,
      1.975,
      0.5075,
      2.0325,
      0.565,
      2.0875,
      0.62,
      2.145,
      0.6775,
      2.2,
      0.7325,
      2.2575,
      0.79,
      2.315,
      0.8475,
      2.37,
      0.9025,
      2.4275,
      0.96,
      2.4825,
      1.015,
      2.54,
      1.0725,
      2.595,
      1.1275,
      2.6525,
      1.185,
      2.71,
      1.2425,
      2.765,
      1.2975,
      2.8225,
      1.355,
      2.8775,
      1.41,
      2.935,
      1.4675
    ],
    "SpacingBetweenSlices": 3,
    "TaskName": "risk choice task",
    "TotalReadoutTime": 0.0315,
    "dataset": "ds002843",
    "modality": "bold",
    "run_id": 3,
    "session_id": "scan2",
    "subject_id": "dmp0678",
    "task_id": "risk"
  },
  "dummy_trs": 2,
  "dvars_nstd": 30.82989316910893,
  "dvars_std": 1.2830261406930694,
  "dvars_vstd": 1.0998244660396042,
  "efc": 0.5821654087579675,
  "fber": 302.1318359375,
  "fd_mean": 0.240462931120967,
  "fd_num": 23,
  "fd_perc": 22.54901960784314,
  "fwhm_avg": 2.5182155555555554,
  "fwhm_x": 2.41262,
  "fwhm_y": 2.4554933333333335,
  "fwhm_z": 2.686533333333333,
  "gcor": 0.0658701,
  "gsr_x": 0.010248037986457348,
  "gsr_y": 0.05466453358530998,
  "provenance": {
    "md5sum": "7937db585349ee9d21a4d87c629bc769",
    "settings": {
      "fd_thres": 0.2,
      "testing": false
    },
    "software": "mriqc",
    "version": "21.0.0rc2",
    "webapi_port": null,
    "webapi_url": "https://mriqc.nimh.nih.gov/api/v1"
  },
  "size_t": 102,
  "size_x": 64,
  "size_y": 64,
  "size_z": 53,
  "snr": 3.3310570909891895,
  "spacing_tr": 3.0,
  "spacing_x": 3.0,
  "spacing_y": 3.0,
  "spacing_z": 3.0,
  "summary_bg_k": 12.906799569011865,
  "summary_bg_mad": 20.39304805149022,
  "summary_bg_mean": 83.6584243774414,
  "summary_bg_median": 40.156864166259766,
  "summary_bg_n": 134744.0,
  "summary_bg_p05": 23.89215850830078,
  "summary_bg_p95": 290.83431854247993,
  "summary_bg_stdv": 102.16143798828125,
  "summary_fg_k": 2.1129367930526257,
  "summary_fg_mad": 177.83960206164755,
  "summary_fg_mean": 741.1740112304688,
  "summary_fg_median": 702.3284912109375,
  "summary_fg_n": 39304.0,
  "summary_fg_p05": 471.325016784668,
  "summary_fg_p95": 1139.9652343749995,
  "summary_fg_stdv": 210.83984375,
  "tsnr": 50.957453083246946
}