{
  "aor": 0.008188625000000001,
  "aqi": 0.007403629,
  "bids_meta": {
    "BandwidthPerPixelPhaseEncode": 31.25,
    "EchoTime": 0.025,
    "EffectiveEchoSpacing": 0.0005,
    "FlipAngle": 75,
    "ImageType": [
      "ORIGINAL",
      "PRIMARY",
      "M",
      "ND",
      "MOSAIC"
    ],
    "MagneticFieldStrength": 3,
    "Manufacturer": "Siemens",
    "ManufacturersModelName": "TrioTim",
    "Modality": "MR",
    "PhaseEncodingDirection": "j-",
    "PixelBandwidth": 3005,
    "RepetitionTime": 3,
    "ScanningSequence": "EP",
    "SequenceVariant": "SK",
    "SliceThickness": 3,
    "SliceTiming": [
      0,
      1.5225,
      0.055,
      1.58,
      0.1125,
      1.635,
      0.1675,
      1.6925,
      0.225,
      1.75,
      0.2825,
      1.805,
      0.3375,
      1.8625,
      0.395,
      1.9175,
      0.45,
      1.975,
      0.5075,
      2.03,
      0.5625,
      2.0875,
      0.62,
      2.145,
      0.6775,
      2.2,
      0.7325,
      2.2575,
      0.79,
      2.3125,
      0.845,
      2.37,
      0.9025,
      2.425,
      0.9575,
      2.4825,
      1.015,
      2.54,
      1.0725,
      2.595,
      1.1275,
      2.6525,
      1.185,
      2.7075,
      1.24,
      2.765,
      1.2975,
      2.8225,
      1.355,
      2.8775,
      1.41,
      2.935,
      1.4675
    ],
    "SpacingBetweenSlices": 3,
    "TaskName": "rest",
    "TotalReadoutTime": 0.0315,
    "dataset": "ds002843",
    "modality": "bold",
    "session_id": "scan2",
    "subject_id": "dmp0678",
    "task_id": "rest"
  },
  "dummy_trs": 0,
  "dvars_nstd": 27.66446174754717,
  "dvars_std": 1.1037853233962267,
  "dvars_vstd": 0.9223994798742138,
  "efc": 0.57783224345366,
  "fber": 306.5747375488281,
  "fd_mean": 0.16841971851579673,
  "fd_num": 27,
  "fd_perc": 16.875,
  "fwhm_avg": 2.6184499999999997,
  "fwhm_x": 2.4856266666666667,
  "fwhm_y": 2.5125366666666666,
  "fwhm_z": 2.8571866666666668,
  "gcor": 0.035853,
  "gsr_x": 0.006491140462458134,
  "gsr_y": 0.049350522458553314,
  "provenance": {
    "md5sum": "c6e6e40d3545ca3f685da7f117f5e312",
    "settings": {
      "fd_thres": 0.2,
      "testing": false
    },
    "software": "mriqc",
    "version": "21.0.0rc2",
    "webapi_port": null,
    "webapi_url": "https://mriqc.nimh.nih.gov/api/v1"
  },
  "size_t": 160,
  "size_x": 64,
  "size_y": 64,
  "size_z": 53,
  "snr": 3.255383202609083,
  "spacing_tr": 3.0,
  "spacing_x": 3.0,
  "spacing_y": 3.0,
  "spacing_z": 3.0,
  "summary_bg_k": 14.657248081350758,
  "summary_bg_mad": 18.56032539178128,
  "summary_bg_mean": 83.08765411376953,
  "summary_bg_median": 39.96875,
  "summary_bg_n": 135430.0,
  "summary_bg_p05": 26.4375,
  "summary_bg_p95": 286.85812225341755,
  "summary_bg_stdv": 101.98555755615234,
  "summary_fg_k": 1.8885183217469574,
  "summary_fg_mad": 186.5483517507809,
  "summary_fg_mean": 752.5540771484375,
  "summary_fg_median": 711.3312377929688,
  "summary_fg_n": 39318.0,
  "summary_fg_p05": 475.74625091552736,
  "summary_fg_p95": 1170.0181945800782,
  "summary_fg_stdv": 218.50643920898438,
  "tsnr": 50.82589866966009
}