{
  "bids_meta": {
    "EchoTime": 0.00311,
    "FlipAngle": 15,
    "ImageType": [
      "ORIGINAL",
      "PRIMARY",
      "M",
      "ND",
      "NORM"
    ],
    "InversionTime": 1.1,
    "MagneticFieldStrength": 3,
    "Manufacturer": "Siemens",
    "ManufacturersModelName": "TrioTim",
    "Modality": "MR",
    "RepetitionTime": 1.63,
    "ScanningSequence": "GR_IR",
    "SequenceVariant": "SP_MP",
    "SliceThickness": 1,
    "dataset": "ds002843",
    "modality": "T1w",
    "session_id": "scan1",
    "subject_id": "dmp1062"
  },
  "cjv": 0.5879750326541308,
  "cnr": 2.2560170192219533,
  "efc": 0.556440713750272,
  "fber": 15552.09765625,
  "fwhm_avg": 3.5315102222222223,
  "fwhm_x": 3.3824213333333333,
  "fwhm_y": 3.9470293333333335,
  "fwhm_z": 3.26508,
  "icvs_csf": 0.1766857655106635,
  "icvs_gm": 0.42957926427408016,
  "icvs_wm": 0.39373497021525633,
  "inu_med": 1.0407953262329102,
  "inu_range": 0.2486779600381851,
  "provenance": {
    "md5sum": "8a7a07b970748f1781572bd538d5cd94",
    "settings": {
      "testing": false
    },
    "software": "mriqc",
    "version": "21.0.0rc2",
    "warnings": {
      "large_rot_frame": true,
      "small_air_mask": false
    },
    "webapi_port": null,
    "webapi_url": "https://mriqc.nimh.nih.gov/api/v1"
  },
  "qi_1": 3.3298248971390297e-05,
  "qi_2": 0.0037799548905431673,
  "rpve_csf": 18.89499215398592,
  "rpve_gm": 8.484416473445954,
  "rpve_wm": 10.95678961856519,
  "size_x": 192,
  "size_y": 256,
  "size_z": 160,
  "snr_csf": 2.56177741428188,
  "snr_gm": 12.279886833160512,
  "snr_total": 13.946341574030415,
  "snr_wm": 26.99736047464885,
  "snrd_csf": 41.87582378971988,
  "snrd_gm": 93.10432191257746,
  "snrd_total": 82.57730162941563,
  "snrd_wm": 112.75175918594954,
  "spacing_x": 0.9375,
  "spacing_y": 0.9375,
  "spacing_z": 1.0,
  "summary_bg_k": 17.48398419824911,
  "summary_bg_mad": 5.810506012729419,
  "summary_bg_mean": 7.4282732009887695,
  "summary_bg_median": 4.005472660064697,
  "summary_bg_n": 2400658.0,
  "summary_bg_p05": 0.0,
  "summary_bg_p95": 23.70221223831176,
  "summary_bg_stdv": 8.511090278625488,
  "summary_csf_k": 24.136082092904918,
  "summary_csf_mad": 95.49233303366185,
  "summary_csf_mean": 409.76800537109375,
  "summary_csf_median": 371.4031677246094,
  "summary_csf_n": 21663.0,
  "summary_csf_p05": 257.71674194335935,
  "summary_csf_p95": 653.6635803222655,
  "summary_csf_stdv": 144.97535705566406,
  "summary_gm_k": -0.366599298832762,
  "summary_gm_mad": 67.77602385380632,
  "summary_gm_mean": 830.2100219726562,
  "summary_gm_median": 825.7566528320312,
  "summary_gm_n": 21997.0,
  "summary_gm_p05": 724.1668334960938,
  "summary_gm_p95": 948.2348144531251,
  "summary_gm_stdv": 67.24311828613281,
  "summary_wm_k": 0.9420086774064034,
  "summary_wm_mad": 34.682250188122865,
  "summary_wm_mean": 1002.6259155273438,
  "summary_wm_median": 1000.0128173828125,
  "summary_wm_n": 196213.0,
  "summary_wm_p05": 947.2275390625,
  "summary_wm_p95": 1066.580419921875,
  "summary_wm_stdv": 37.041038513183594,
  "tpm_overlap_csf": 0.1757667362689972,
  "tpm_overlap_gm": 0.4449729323387146,
  "tpm_overlap_wm": 0.4856571853160858,
  "wm2max": 0.473598892560896
}