{
  "bids_meta": {
    "EchoTime": 0.09,
    "FlipAngle": 180,
    "ImageType": [
      "ORIGINAL",
      "PRIMARY",
      "M",
      "ND",
      "NORM"
    ],
    "ImagingFrequency": 123.204,
    "MagneticFieldStrength": 3,
    "Manufacturer": "Siemens",
    "ManufacturersModelName": "TrioTim",
    "Modality": "MR",
    "PhaseEncodingDirection": "i",
    "RepetitionTime": 7,
    "ScanningSequence": "SE",
    "SequenceVariant": "SK_SP_OSP",
    "SliceThickness": 3,
    "SpacingBetweenSlices": 3,
    "dataset": "ds002843",
    "modality": "T2w",
    "session_id": "scan1",
    "subject_id": "dmp0801"
  },
  "cjv": 0.507965085308186,
  "cnr": 2.6588269019412576,
  "efc": 0.6310882980140837,
  "fber": 3221.4053769238308,
  "fwhm_avg": 2.6765559076749423,
  "fwhm_x": 3.0803066666666665,
  "fwhm_y": 3.287853333333333,
  "fwhm_z": 1.6615077230248279,
  "icvs_csf": 0.15026918574630002,
  "icvs_gm": 0.4089125372537031,
  "icvs_wm": 0.44081827699999687,
  "inu_med": 1.3519190549850464,
  "inu_range": 0.3457854688167572,
  "provenance": {
    "md5sum": "82bbfb34b7376691173908900312a272",
    "settings": {
      "testing": false
    },
    "software": "mriqc",
    "version": "21.0.0rc2",
    "warnings": {
      "large_rot_frame": false,
      "small_air_mask": false
    },
    "webapi_port": null,
    "webapi_url": "https://mriqc.nimh.nih.gov/api/v1"
  },
  "qi_1": 0.0,
  "qi_2": 0.0023877598281650757,
  "rpve_csf": 15.261954022988506,
  "rpve_gm": 5.540033776082807,
  "rpve_wm": 5.945330879562874,
  "size_x": 256,
  "size_y": 256,
  "size_z": 44,
  "snr_csf": 2.637998692874323,
  "snr_gm": 10.373184877109178,
  "snr_total": 7.66337520517245,
  "snr_wm": 9.978942045533849,
  "snrd_csf": 130.11669935668837,
  "snrd_gm": 77.27869391490411,
  "snrd_total": 86.62426057960498,
  "snrd_wm": 52.47738846722243,
  "spacing_x": 0.75,
  "spacing_y": 0.75,
  "spacing_z": 2.999998092651367,
  "summary_bg_k": 525.646776505119,
  "summary_bg_mad": 12.442016857276005,
  "summary_bg_mean": 20.753260799801716,
  "summary_bg_median": 14.565447576344013,
  "summary_bg_n": 769560.0,
  "summary_bg_p05": 2.893797531723976,
  "summary_bg_p95": 46.10784067213535,
  "summary_bg_stdv": 37.28757815736901,
  "summary_csf_k": -0.2929517034450435,
  "summary_csf_mad": 723.9966705742503,
  "summary_csf_mean": 2307.594332417445,
  "summary_csf_median": 2471.1101722568274,
  "summary_csf_n": 94408.0,
  "summary_csf_p05": 497.829635374248,
  "summary_csf_p95": 3623.9653479244553,
  "summary_csf_stdv": 936.7317320887427,
  "summary_gm_k": 0.08991419395331057,
  "summary_gm_mad": 139.43639581430006,
  "summary_gm_mean": 1472.7570765741905,
  "summary_gm_median": 1467.6376481726766,
  "summary_gm_n": 239250.0,
  "summary_gm_p05": 1249.0594746097922,
  "summary_gm_p95": 1715.2502569705248,
  "summary_gm_stdv": 141.48350756235206,
  "summary_wm_k": 0.011080674076749286,
  "summary_wm_mad": 99.82215823423738,
  "summary_wm_mean": 989.9982010316735,
  "summary_wm_median": 996.6238699257374,
  "summary_wm_n": 290598.0,
  "summary_wm_p05": 813.8323258385062,
  "summary_wm_p95": 1142.1818857714534,
  "summary_wm_stdv": 99.87252662613545,
  "tpm_overlap_csf": 0.15059086680412292,
  "tpm_overlap_gm": 0.4272787570953369,
  "tpm_overlap_wm": 0.4700568616390228,
  "wm2max": 0.2488966323396717
}