{
  "aor": 0.0014094374999999999,
  "aqi": 0.0016296846875,
  "bids_meta": {
    "BandwidthPerPixelPhaseEncode": 31.25,
    "EchoTime": 0.025,
    "EffectiveEchoSpacing": 0.0005,
    "FlipAngle": 75,
    "ImageType": [
      "ORIGINAL",
      "PRIMARY",
      "M",
      "ND",
      "MOSAIC"
    ],
    "MagneticFieldStrength": 3,
    "Manufacturer": "Siemens",
    "ManufacturersModelName": "TrioTim",
    "Modality": "MR",
    "PhaseEncodingDirection": "j-",
    "PixelBandwidth": 3005,
    "RepetitionTime": 3,
    "ScanningSequence": "EP",
    "SequenceVariant": "SK",
    "SliceThickness": 3,
    "SliceTiming": [
      0,
      1.5225,
      0.055,
      1.58,
      0.1125,
      1.635,
      0.1675,
      1.6925,
      0.225,
      1.75,
      0.2825,
      1.805,
      0.3375,
      1.8625,
      0.395,
      1.9175,
      0.45,
      1.975,
      0.5075,
      2.03,
      0.5625,
      2.0875,
      0.62,
      2.145,
      0.6775,
      2.2,
      0.7325,
      2.2575,
      0.79,
      2.3125,
      0.845,
      2.37,
      0.9025,
      2.425,
      0.9575,
      2.4825,
      1.015,
      2.54,
      1.0725,
      2.595,
      1.1275,
      2.6525,
      1.185,
      2.7075,
      1.24,
      2.765,
      1.2975,
      2.8225,
      1.355,
      2.8775,
      1.41,
      2.935,
      1.4675
    ],
    "SpacingBetweenSlices": 3,
    "TaskName": "rest",
    "TotalReadoutTime": 0.0315,
    "dataset": "ds002843",
    "modality": "bold",
    "session_id": "scan2",
    "subject_id": "dmp0169",
    "task_id": "rest"
  },
  "dummy_trs": 0,
  "dvars_nstd": 18.079045044088055,
  "dvars_std": 1.151027162075471,
  "dvars_vstd": 1.0011288340251567,
  "efc": 0.565197550961212,
  "fber": 449.6598815917969,
  "fd_mean": 0.06001279087680695,
  "fd_num": 3,
  "fd_perc": 1.875,
  "fwhm_avg": 2.34675,
  "fwhm_x": 2.2628,
  "fwhm_y": 2.31436,
  "fwhm_z": 2.46309,
  "gcor": 0.0174787,
  "gsr_x": 0.003716480452567339,
  "gsr_y": 0.04963065683841705,
  "provenance": {
    "md5sum": "8ef7fec3529f4cb6044b1ded6d8c34a6",
    "settings": {
      "fd_thres": 0.2,
      "testing": false
    },
    "software": "mriqc",
    "version": "21.0.0rc2",
    "webapi_port": null,
    "webapi_url": "https://mriqc.nimh.nih.gov/api/v1"
  },
  "size_t": 160,
  "size_x": 64,
  "size_y": 64,
  "size_z": 53,
  "snr": 3.3697100109705067,
  "spacing_tr": 3.0,
  "spacing_x": 3.0,
  "spacing_y": 3.0,
  "spacing_z": 3.0,
  "summary_bg_k": 30.471182729382164,
  "summary_bg_mad": 7.829992966482711,
  "summary_bg_mean": 57.137752532958984,
  "summary_bg_median": 31.399999618530273,
  "summary_bg_n": 128907.0,
  "summary_bg_p05": 25.53125,
  "summary_bg_p95": 188.966877746582,
  "summary_bg_stdv": 70.30302429199219,
  "summary_fg_k": 1.827397744154311,
  "summary_fg_mad": 179.24655392281244,
  "summary_fg_mean": 707.9598388671875,
  "summary_fg_median": 673.28125,
  "summary_fg_n": 44745.0,
  "summary_fg_p05": 446.2487487792969,
  "summary_fg_p95": 1077.060009765625,
  "summary_fg_stdv": 199.8016815185547,
  "tsnr": 91.70892713218927
}