{
  "aor": 0.008053365384615385,
  "aqi": 0.004597354230769231,
  "bids_meta": {
    "BandwidthPerPixelPhaseEncode": 31.25,
    "EchoTime": 0.025,
    "EffectiveEchoSpacing": 0.0005,
    "FlipAngle": 75,
    "ImageType": [
      "ORIGINAL",
      "PRIMARY",
      "M",
      "ND",
      "MOSAIC"
    ],
    "MagneticFieldStrength": 3,
    "Manufacturer": "Siemens",
    "ManufacturersModelName": "TrioTim",
    "Modality": "MR",
    "PhaseEncodingDirection": "j-",
    "PixelBandwidth": 3005,
    "RepetitionTime": 3,
    "ScanningSequence": "EP",
    "SequenceVariant": "SK",
    "SliceThickness": 3,
    "SliceTiming": [
      0,
      1.5225,
      0.055,
      1.58,
      0.1125,
      1.6375,
      0.17,
      1.6925,
      0.225,
      1.75,
      0.2825,
      1.805,
      0.3375,
      1.8625,
      0.395,
      1.92,
      0.45,
      1.975,
      0.5075,
      2.0325,
      0.565,
      2.0875,
      0.62,
      2.145,
      0.6775,
      2.2,
      0.7325,
      2.2575,
      0.79,
      2.315,
      0.8475,
      2.37,
      0.9025,
      2.4275,
      0.96,
      2.4825,
      1.015,
      2.54,
      1.0725,
      2.595,
      1.1275,
      2.6525,
      1.185,
      2.71,
      1.2425,
      2.765,
      1.2975,
      2.8225,
      1.355,
      2.8775,
      1.41,
      2.935,
      1.4675
    ],
    "SpacingBetweenSlices": 3,
    "TaskName": "risk choice task",
    "TotalReadoutTime": 0.0315,
    "dataset": "ds002843",
    "modality": "bold",
    "run_id": 3,
    "session_id": "scan1",
    "subject_id": "dmp1221",
    "task_id": "risk"
  },
  "dummy_trs": 0,
  "dvars_nstd": 26.00738723543691,
  "dvars_std": 1.184864778252428,
  "dvars_vstd": 1.020986319126214,
  "efc": 0.603110583285815,
  "fber": 254.50479125976562,
  "fd_mean": 0.1276425829929135,
  "fd_num": 16,
  "fd_perc": 15.384615384615385,
  "fwhm_avg": 2.871602222222222,
  "fwhm_x": 2.6265633333333334,
  "fwhm_y": 2.6737333333333333,
  "fwhm_z": 3.3145100000000003,
  "gcor": 0.0435696,
  "gsr_x": -0.018249787390232086,
  "gsr_y": 0.0826236829161644,
  "provenance": {
    "md5sum": "65ae53f2770a4fd811a22169c17b2293",
    "settings": {
      "fd_thres": 0.2,
      "testing": false
    },
    "software": "mriqc",
    "version": "21.0.0rc2",
    "webapi_port": null,
    "webapi_url": "https://mriqc.nimh.nih.gov/api/v1"
  },
  "size_t": 104,
  "size_x": 64,
  "size_y": 64,
  "size_z": 53,
  "snr": 2.650275176838643,
  "spacing_tr": 3.0,
  "spacing_x": 3.0,
  "spacing_y": 3.0,
  "spacing_z": 3.0,
  "summary_bg_k": 16.28978592117321,
  "summary_bg_mad": 15.396255982819184,
  "summary_bg_mean": 77.95906829833984,
  "summary_bg_median": 37.33654022216797,
  "summary_bg_n": 123665.0,
  "summary_bg_p05": 25.596155166625977,
  "summary_bg_p95": 277.45001220703114,
  "summary_bg_stdv": 94.09241485595703,
  "summary_fg_k": 4.028333373578869,
  "summary_fg_mad": 182.28876608003532,
  "summary_fg_mean": 672.026611328125,
  "summary_fg_median": 623.6923217773438,
  "summary_fg_n": 45995.0,
  "summary_fg_p05": 387.6557830810547,
  "summary_fg_p95": 1128.1231201171872,
  "summary_fg_stdv": 235.32859802246094,
  "tsnr": 59.09039244055748
}