{
  "aor": 0.0065873749999999995,
  "aqi": 0.011530227437499999,
  "bids_meta": {
    "BandwidthPerPixelPhaseEncode": 31.25,
    "EchoTime": 0.025,
    "EffectiveEchoSpacing": 0.0005,
    "FlipAngle": 75,
    "ImageType": [
      "ORIGINAL",
      "PRIMARY",
      "M",
      "ND",
      "MOSAIC"
    ],
    "MagneticFieldStrength": 3,
    "Manufacturer": "Siemens",
    "ManufacturersModelName": "TrioTim",
    "Modality": "MR",
    "PhaseEncodingDirection": "j-",
    "PixelBandwidth": 3005,
    "RepetitionTime": 3,
    "ScanningSequence": "EP",
    "SequenceVariant": "SK",
    "SliceThickness": 3,
    "SliceTiming": [
      0,
      1.5225,
      0.055,
      1.58,
      0.1125,
      1.635,
      0.1675,
      1.6925,
      0.225,
      1.75,
      0.2825,
      1.805,
      0.3375,
      1.8625,
      0.395,
      1.9175,
      0.45,
      1.975,
      0.5075,
      2.03,
      0.5625,
      2.0875,
      0.62,
      2.145,
      0.6775,
      2.2,
      0.7325,
      2.2575,
      0.79,
      2.3125,
      0.845,
      2.37,
      0.9025,
      2.425,
      0.9575,
      2.4825,
      1.015,
      2.54,
      1.0725,
      2.595,
      1.1275,
      2.6525,
      1.185,
      2.7075,
      1.24,
      2.765,
      1.2975,
      2.8225,
      1.355,
      2.8775,
      1.41,
      2.935,
      1.4675
    ],
    "SpacingBetweenSlices": 3,
    "TaskName": "rest",
    "TotalReadoutTime": 0.0315,
    "dataset": "ds002843",
    "modality": "bold",
    "session_id": "scan1",
    "subject_id": "dmp0217",
    "task_id": "rest"
  },
  "dummy_trs": 0,
  "dvars_nstd": 30.017457050503133,
  "dvars_std": 1.0662258045283015,
  "dvars_vstd": 0.9415670572327045,
  "efc": 0.609275995623547,
  "fber": 183.50193786621094,
  "fd_mean": 0.24549929696800543,
  "fd_num": 66,
  "fd_perc": 41.25,
  "fwhm_avg": 2.9502276161594874,
  "fwhm_x": 2.7497966666666667,
  "fwhm_y": 2.730286449682995,
  "fwhm_z": 3.3705997321288006,
  "gcor": 0.0105774,
  "gsr_x": -0.004020733758807182,
  "gsr_y": 0.05875570699572563,
  "provenance": {
    "md5sum": "58a90472c5a81e5809a347187ce1c903",
    "settings": {
      "fd_thres": 0.2,
      "testing": false
    },
    "software": "mriqc",
    "version": "21.0.0rc2",
    "webapi_port": null,
    "webapi_url": "https://mriqc.nimh.nih.gov/api/v1"
  },
  "size_t": 160,
  "size_x": 64,
  "size_y": 64,
  "size_z": 53,
  "snr": 2.036149751420002,
  "spacing_tr": 3.0,
  "spacing_x": 3.0,
  "spacing_y": 3.000000238418579,
  "spacing_z": 3.000000238418579,
  "summary_bg_k": 30.32788637923374,
  "summary_bg_mad": 25.815811695296656,
  "summary_bg_mean": 98.5272216796875,
  "summary_bg_median": 47.34375,
  "summary_bg_n": 117854.0,
  "summary_bg_p05": 27.887500762939453,
  "summary_bg_p95": 332.99188690185537,
  "summary_bg_stdv": 127.51950073242188,
  "summary_fg_k": 6.277746842764644,
  "summary_fg_mad": 241.33061231359258,
  "summary_fg_mean": 742.8721313476562,
  "summary_fg_median": 661.5187377929688,
  "summary_fg_n": 52347.0,
  "summary_fg_p05": 399.1393707275391,
  "summary_fg_p95": 1363.4231567382808,
  "summary_fg_stdv": 324.88397216796875,
  "tsnr": 42.956873764283955
}