{
  "aor": 0.005965096153846153,
  "aqi": 0.0027554400961538462,
  "bids_meta": {
    "BandwidthPerPixelPhaseEncode": 31.25,
    "EchoTime": 0.025,
    "EffectiveEchoSpacing": 0.0005,
    "FlipAngle": 75,
    "ImageType": [
      "ORIGINAL",
      "PRIMARY",
      "M",
      "ND",
      "MOSAIC"
    ],
    "MagneticFieldStrength": 3,
    "Manufacturer": "Siemens",
    "ManufacturersModelName": "TrioTim",
    "Modality": "MR",
    "PhaseEncodingDirection": "j-",
    "PixelBandwidth": 3005,
    "RepetitionTime": 3,
    "ScanningSequence": "EP",
    "SequenceVariant": "SK",
    "SliceThickness": 3,
    "SliceTiming": [
      0,
      1.5225,
      0.055,
      1.58,
      0.1125,
      1.6375,
      0.17,
      1.6925,
      0.225,
      1.75,
      0.2825,
      1.805,
      0.3375,
      1.8625,
      0.395,
      1.92,
      0.45,
      1.975,
      0.5075,
      2.0325,
      0.565,
      2.0875,
      0.62,
      2.145,
      0.6775,
      2.2,
      0.7325,
      2.2575,
      0.79,
      2.315,
      0.8475,
      2.37,
      0.9025,
      2.4275,
      0.96,
      2.4825,
      1.015,
      2.54,
      1.0725,
      2.595,
      1.1275,
      2.6525,
      1.185,
      2.71,
      1.2425,
      2.765,
      1.2975,
      2.8225,
      1.355,
      2.8775,
      1.41,
      2.935,
      1.4675
    ],
    "SpacingBetweenSlices": 3,
    "TaskName": "risk choice task",
    "TotalReadoutTime": 0.0315,
    "dataset": "ds002843",
    "modality": "bold",
    "run_id": 2,
    "session_id": "scan2",
    "subject_id": "dmp0937",
    "task_id": "risk"
  },
  "dummy_trs": 0,
  "dvars_nstd": 21.292321029223295,
  "dvars_std": 1.2203117840776698,
  "dvars_vstd": 1.0034600695145635,
  "efc": 0.5862700122465249,
  "fber": 259.0600280761719,
  "fd_mean": 0.08434002931867667,
  "fd_num": 8,
  "fd_perc": 7.6923076923076925,
  "fwhm_avg": 2.7672744444444444,
  "fwhm_x": 2.66512,
  "fwhm_y": 2.5630833333333336,
  "fwhm_z": 3.07362,
  "gcor": 0.0447893,
  "gsr_x": -0.02269854210317135,
  "gsr_y": 0.05645003169775009,
  "provenance": {
    "md5sum": "4215f54124769c2a1f3aa12fe61be7fc",
    "settings": {
      "fd_thres": 0.2,
      "testing": false
    },
    "software": "mriqc",
    "version": "21.0.0rc2",
    "webapi_port": null,
    "webapi_url": "https://mriqc.nimh.nih.gov/api/v1"
  },
  "size_t": 104,
  "size_x": 64,
  "size_y": 64,
  "size_z": 53,
  "snr": 2.4001846466815797,
  "spacing_tr": 3.0,
  "spacing_x": 3.0,
  "spacing_y": 3.0,
  "spacing_z": 3.0,
  "summary_bg_k": 33.05085875203169,
  "summary_bg_mad": 19.915338328257242,
  "summary_bg_mean": 75.94261169433594,
  "summary_bg_median": 41.0,
  "summary_bg_n": 122746.0,
  "summary_bg_p05": 26.798078536987305,
  "summary_bg_p95": 233.1706771850586,
  "summary_bg_stdv": 91.6392822265625,
  "summary_fg_k": 5.714427273733303,
  "summary_fg_mad": 210.97857591093356,
  "summary_fg_mean": 754.5034790039062,
  "summary_fg_median": 687.8557739257812,
  "summary_fg_n": 48072.0,
  "summary_fg_p05": 434.67069244384766,
  "summary_fg_p95": 1315.2087219238279,
  "summary_fg_stdv": 286.58154296875,
  "tsnr": 73.02355015091598
}