{
  "aor": 0.0013402884615384618,
  "aqi": 0.002309634423076923,
  "bids_meta": {
    "BandwidthPerPixelPhaseEncode": 31.25,
    "EchoTime": 0.025,
    "EffectiveEchoSpacing": 0.0005,
    "FlipAngle": 75,
    "ImageType": [
      "ORIGINAL",
      "PRIMARY",
      "M",
      "ND",
      "MOSAIC"
    ],
    "MagneticFieldStrength": 3,
    "Manufacturer": "Siemens",
    "ManufacturersModelName": "TrioTim",
    "Modality": "MR",
    "PhaseEncodingDirection": "j-",
    "PixelBandwidth": 3005,
    "RepetitionTime": 3,
    "ScanningSequence": "EP",
    "SequenceVariant": "SK",
    "SliceThickness": 3,
    "SliceTiming": [
      0,
      1.5225,
      0.055,
      1.58,
      0.1125,
      1.6375,
      0.17,
      1.6925,
      0.225,
      1.75,
      0.2825,
      1.805,
      0.3375,
      1.8625,
      0.395,
      1.92,
      0.45,
      1.975,
      0.5075,
      2.0325,
      0.565,
      2.0875,
      0.62,
      2.145,
      0.6775,
      2.2,
      0.7325,
      2.2575,
      0.79,
      2.315,
      0.8475,
      2.37,
      0.9025,
      2.4275,
      0.96,
      2.4825,
      1.015,
      2.54,
      1.0725,
      2.595,
      1.1275,
      2.6525,
      1.185,
      2.71,
      1.2425,
      2.765,
      1.2975,
      2.8225,
      1.355,
      2.8775,
      1.41,
      2.935,
      1.4675
    ],
    "SpacingBetweenSlices": 3,
    "TaskName": "intertemporal choice task",
    "TotalReadoutTime": 0.0315,
    "dataset": "ds002843",
    "modality": "bold",
    "run_id": 1,
    "session_id": "scan2",
    "subject_id": "dmp0937",
    "task_id": "itc"
  },
  "dummy_trs": 0,
  "dvars_nstd": 22.729238065533984,
  "dvars_std": 1.2333646438834946,
  "dvars_vstd": 0.9817939235922332,
  "efc": 0.585600061745172,
  "fber": 260.4508056640625,
  "fd_mean": 0.0785511194329254,
  "fd_num": 7,
  "fd_perc": 6.730769230769231,
  "fwhm_avg": 2.7891422222222224,
  "fwhm_x": 2.6898133333333334,
  "fwhm_y": 2.57955,
  "fwhm_z": 3.0980633333333336,
  "gcor": 0.0400382,
  "gsr_x": -0.02149699255824089,
  "gsr_y": 0.056209366768598557,
  "provenance": {
    "md5sum": "1caa208fa52f14eff32a5dd709080358",
    "settings": {
      "fd_thres": 0.2,
      "testing": false
    },
    "software": "mriqc",
    "version": "21.0.0rc2",
    "webapi_port": null,
    "webapi_url": "https://mriqc.nimh.nih.gov/api/v1"
  },
  "size_t": 104,
  "size_x": 64,
  "size_y": 64,
  "size_z": 53,
  "snr": 2.4094740139144206,
  "spacing_tr": 3.0,
  "spacing_x": 3.0,
  "spacing_y": 3.0,
  "spacing_z": 3.0,
  "summary_bg_k": 32.38502177207127,
  "summary_bg_mad": 19.81555236236749,
  "summary_bg_mean": 75.7082748413086,
  "summary_bg_median": 40.84615707397461,
  "summary_bg_n": 122927.0,
  "summary_bg_p05": 26.596155166625977,
  "summary_bg_p95": 233.27597045898435,
  "summary_bg_stdv": 91.88773345947266,
  "summary_fg_k": 5.588807370307341,
  "summary_fg_mad": 210.41549654663598,
  "summary_fg_mean": 753.3289184570312,
  "summary_fg_median": 686.7404174804688,
  "summary_fg_n": 47951.0,
  "summary_fg_p05": 435.52886962890625,
  "summary_fg_p95": 1315.0433349609375,
  "summary_fg_stdv": 285.0137634277344,
  "tsnr": 81.26109152915888
}