{
  "aor": 0.011488365384615385,
  "aqi": 0.008759464134615385,
  "bids_meta": {
    "BandwidthPerPixelPhaseEncode": 31.25,
    "EchoTime": 0.025,
    "EffectiveEchoSpacing": 0.0005,
    "FlipAngle": 75,
    "ImageType": [
      "ORIGINAL",
      "PRIMARY",
      "M",
      "ND",
      "MOSAIC"
    ],
    "MagneticFieldStrength": 3,
    "Manufacturer": "Siemens",
    "ManufacturersModelName": "TrioTim",
    "Modality": "MR",
    "PhaseEncodingDirection": "j-",
    "PixelBandwidth": 3005,
    "RepetitionTime": 3,
    "ScanningSequence": "EP",
    "SequenceVariant": "SK",
    "SliceThickness": 3,
    "SliceTiming": [
      0,
      1.5225,
      0.055,
      1.58,
      0.1125,
      1.6375,
      0.17,
      1.6925,
      0.225,
      1.75,
      0.2825,
      1.805,
      0.3375,
      1.8625,
      0.395,
      1.92,
      0.45,
      1.975,
      0.5075,
      2.0325,
      0.565,
      2.0875,
      0.62,
      2.145,
      0.6775,
      2.2,
      0.7325,
      2.2575,
      0.79,
      2.315,
      0.8475,
      2.37,
      0.9025,
      2.4275,
      0.96,
      2.4825,
      1.015,
      2.54,
      1.0725,
      2.595,
      1.1275,
      2.6525,
      1.185,
      2.71,
      1.2425,
      2.765,
      1.2975,
      2.8225,
      1.355,
      2.8775,
      1.41,
      2.935,
      1.4675
    ],
    "SpacingBetweenSlices": 3,
    "TaskName": "intertemporal choice task",
    "TotalReadoutTime": 0.0315,
    "dataset": "ds002843",
    "modality": "bold",
    "run_id": 3,
    "session_id": "scan2",
    "subject_id": "dmp0267",
    "task_id": "itc"
  },
  "dummy_trs": 0,
  "dvars_nstd": 45.78188192495146,
  "dvars_std": 1.2681755883495147,
  "dvars_vstd": 1.0622365093203887,
  "efc": 0.602930121792484,
  "fber": 198.43853759765625,
  "fd_mean": 0.5481802750713715,
  "fd_num": 78,
  "fd_perc": 75.0,
  "fwhm_avg": 2.550044444444444,
  "fwhm_x": 2.2956966666666667,
  "fwhm_y": 2.5741166666666664,
  "fwhm_z": 2.78032,
  "gcor": 0.0184011,
  "gsr_x": -0.015210510231554508,
  "gsr_y": 0.043616265058517456,
  "provenance": {
    "md5sum": "3f61a8c1d47f3d7a7fb6ba40e0403b9f",
    "settings": {
      "fd_thres": 0.2,
      "testing": false
    },
    "software": "mriqc",
    "version": "21.0.0rc2",
    "webapi_port": null,
    "webapi_url": "https://mriqc.nimh.nih.gov/api/v1"
  },
  "size_t": 104,
  "size_x": 64,
  "size_y": 64,
  "size_z": 53,
  "snr": 2.9160901902901224,
  "spacing_tr": 3.0,
  "spacing_x": 3.0,
  "spacing_y": 3.0,
  "spacing_z": 3.0,
  "summary_bg_k": 21.45490488433104,
  "summary_bg_mad": 20.79920212870981,
  "summary_bg_mean": 67.7601547241211,
  "summary_bg_median": 39.34615707397461,
  "summary_bg_n": 126255.0,
  "summary_bg_p05": 23.182693481445312,
  "summary_bg_p95": 197.33270263671852,
  "summary_bg_stdv": 69.2668685913086,
  "summary_fg_k": 1.804278467425232,
  "summary_fg_mad": 182.64520956994582,
  "summary_fg_mean": 610.8699340820312,
  "summary_fg_median": 576.2115478515625,
  "summary_fg_n": 46701.0,
  "summary_fg_p05": 348.923095703125,
  "summary_fg_p95": 978.1827392578125,
  "summary_fg_stdv": 197.59518432617188,
  "tsnr": 41.072025689296424
}