{
  "aor": 0.006415374999999999,
  "aqi": 0.0094045084375,
  "bids_meta": {
    "BandwidthPerPixelPhaseEncode": 31.25,
    "EchoTime": 0.025,
    "EffectiveEchoSpacing": 0.0005,
    "FlipAngle": 75,
    "ImageType": [
      "ORIGINAL",
      "PRIMARY",
      "M",
      "ND",
      "MOSAIC"
    ],
    "MagneticFieldStrength": 3,
    "Manufacturer": "Siemens",
    "ManufacturersModelName": "TrioTim",
    "Modality": "MR",
    "PhaseEncodingDirection": "j-",
    "PixelBandwidth": 3005,
    "RepetitionTime": 3,
    "ScanningSequence": "EP",
    "SequenceVariant": "SK",
    "SliceThickness": 3,
    "SliceTiming": [
      0,
      1.5225,
      0.055,
      1.58,
      0.1125,
      1.635,
      0.1675,
      1.6925,
      0.225,
      1.75,
      0.2825,
      1.805,
      0.3375,
      1.8625,
      0.395,
      1.9175,
      0.45,
      1.975,
      0.5075,
      2.03,
      0.5625,
      2.0875,
      0.62,
      2.145,
      0.6775,
      2.2,
      0.7325,
      2.2575,
      0.79,
      2.3125,
      0.845,
      2.37,
      0.9025,
      2.425,
      0.9575,
      2.4825,
      1.015,
      2.54,
      1.0725,
      2.595,
      1.1275,
      2.6525,
      1.185,
      2.7075,
      1.24,
      2.765,
      1.2975,
      2.8225,
      1.355,
      2.8775,
      1.41,
      2.935,
      1.4675
    ],
    "SpacingBetweenSlices": 3,
    "TaskName": "rest",
    "TotalReadoutTime": 0.0315,
    "dataset": "ds002843",
    "modality": "bold",
    "session_id": "scan1",
    "subject_id": "dmp0010",
    "task_id": "rest"
  },
  "dummy_trs": 0,
  "dvars_nstd": 35.26627880062893,
  "dvars_std": 1.0815914426415094,
  "dvars_vstd": 0.9384757269182391,
  "efc": 0.5518038285582502,
  "fber": 396.02978515625,
  "fd_mean": 0.35960149442577927,
  "fd_num": 97,
  "fd_perc": 60.625,
  "fwhm_avg": 2.4342144444444442,
  "fwhm_x": 2.31682,
  "fwhm_y": 2.37909,
  "fwhm_z": 2.606733333333333,
  "gcor": 0.0299725,
  "gsr_x": -0.0030269220005720854,
  "gsr_y": 0.047256506979465485,
  "provenance": {
    "md5sum": "9a12f13b878ad3d50c734a62e8357d24",
    "settings": {
      "fd_thres": 0.2,
      "testing": false
    },
    "software": "mriqc",
    "version": "21.0.0rc2",
    "webapi_port": null,
    "webapi_url": "https://mriqc.nimh.nih.gov/api/v1"
  },
  "size_t": 160,
  "size_x": 64,
  "size_y": 64,
  "size_z": 53,
  "snr": 2.998170292784016,
  "spacing_tr": 3.0,
  "spacing_x": 3.0,
  "spacing_y": 3.0,
  "spacing_z": 3.0,
  "summary_bg_k": 50.60210693128822,
  "summary_bg_mad": 8.11724488404672,
  "summary_bg_mean": 60.04538345336914,
  "summary_bg_median": 30.274999618530273,
  "summary_bg_n": 135621.0,
  "summary_bg_p05": 24.01875114440918,
  "summary_bg_p95": 205.0749969482422,
  "summary_bg_stdv": 84.33081817626953,
  "summary_fg_k": 3.2269435482525965,
  "summary_fg_mad": 170.96720597790295,
  "summary_fg_mean": 648.9165649414062,
  "summary_fg_median": 606.890625,
  "summary_fg_n": 39516.0,
  "summary_fg_p05": 407.68750762939453,
  "summary_fg_p95": 1028.015625,
  "summary_fg_stdv": 202.4177703857422,
  "tsnr": 41.10790638544131
}