{
  "aor": 0.0021278294573643408,
  "aqi": 0.003375146744186047,
  "bids_meta": {
    "BandwidthPerPixelPhaseEncode": 31.25,
    "EchoTime": 0.025,
    "EffectiveEchoSpacing": 0.0005,
    "FlipAngle": 75,
    "ImageType": [
      "ORIGINAL",
      "PRIMARY",
      "M",
      "ND",
      "MOSAIC"
    ],
    "MagneticFieldStrength": 3,
    "Manufacturer": "Siemens",
    "ManufacturersModelName": "TrioTim",
    "Modality": "MR",
    "PhaseEncodingDirection": "j-",
    "PixelBandwidth": 3005,
    "RepetitionTime": 3,
    "ScanningSequence": "EP",
    "SequenceVariant": "SK",
    "SliceThickness": 3,
    "SliceTiming": [
      0,
      1.5225,
      0.055,
      1.58,
      0.1125,
      1.6375,
      0.17,
      1.6925,
      0.225,
      1.75,
      0.2825,
      1.805,
      0.3375,
      1.8625,
      0.395,
      1.92,
      0.45,
      1.975,
      0.5075,
      2.0325,
      0.565,
      2.0875,
      0.62,
      2.145,
      0.6775,
      2.2,
      0.7325,
      2.2575,
      0.79,
      2.315,
      0.8475,
      2.37,
      0.9025,
      2.4275,
      0.96,
      2.4825,
      1.015,
      2.54,
      1.0725,
      2.595,
      1.1275,
      2.6525,
      1.185,
      2.71,
      1.2425,
      2.765,
      1.2975,
      2.8225,
      1.355,
      2.8775,
      1.41,
      2.935,
      1.4675
    ],
    "SpacingBetweenSlices": 3,
    "TaskName": "intertemporal choice task",
    "TotalReadoutTime": 0.0315,
    "dataset": "ds002843",
    "modality": "bold",
    "run_id": 4,
    "session_id": "scan1",
    "subject_id": "dmp0010",
    "task_id": "itc"
  },
  "dummy_trs": 2,
  "dvars_nstd": 22.422369867656247,
  "dvars_std": 1.1711886792968749,
  "dvars_vstd": 0.9934050992187501,
  "efc": 0.552419580912622,
  "fber": 396.8151550292969,
  "fd_mean": 0.12078813086738438,
  "fd_num": 11,
  "fd_perc": 8.527131782945736,
  "fwhm_avg": 2.4242855555555556,
  "fwhm_x": 2.3140133333333335,
  "fwhm_y": 2.374643333333333,
  "fwhm_z": 2.5842,
  "gcor": 0.013797,
  "gsr_x": 0.0019468807149678469,
  "gsr_y": 0.05413655936717987,
  "provenance": {
    "md5sum": "89ef6c49c867092362e97f8007462e9a",
    "settings": {
      "fd_thres": 0.2,
      "testing": false
    },
    "software": "mriqc",
    "version": "21.0.0rc2",
    "webapi_port": null,
    "webapi_url": "https://mriqc.nimh.nih.gov/api/v1"
  },
  "size_t": 129,
  "size_x": 64,
  "size_y": 64,
  "size_z": 53,
  "snr": 2.9590110653865813,
  "spacing_tr": 3.0,
  "spacing_x": 3.0,
  "spacing_y": 3.0,
  "spacing_z": 3.0,
  "summary_bg_k": 49.77605339929519,
  "summary_bg_mad": 6.9647815941484,
  "summary_bg_mean": 58.18620681762695,
  "summary_bg_median": 29.325580596923828,
  "summary_bg_n": 134811.0,
  "summary_bg_p05": 24.023256301879883,
  "summary_bg_p95": 201.87596893310547,
  "summary_bg_stdv": 82.2442398071289,
  "summary_fg_k": 4.030623977422231,
  "summary_fg_mad": 166.35599545543874,
  "summary_fg_mean": 634.2865600585938,
  "summary_fg_median": 592.2906494140625,
  "summary_fg_n": 39546.0,
  "summary_fg_p05": 400.2577362060547,
  "summary_fg_p95": 1008.3371887207031,
  "summary_fg_stdv": 200.16253662109375,
  "tsnr": 75.19183990196325
}