{
  "bids_meta": {
    "EchoTime": 0.00311,
    "FlipAngle": 15,
    "ImageType": [
      "ORIGINAL",
      "PRIMARY",
      "M",
      "ND",
      "NORM"
    ],
    "InversionTime": 1.1,
    "MagneticFieldStrength": 3,
    "Manufacturer": "Siemens",
    "ManufacturersModelName": "TrioTim",
    "Modality": "MR",
    "RepetitionTime": 1.63,
    "ScanningSequence": "GR_IR",
    "SequenceVariant": "SP_MP",
    "SliceThickness": 1,
    "dataset": "ds002843",
    "modality": "T1w",
    "session_id": "scan1",
    "subject_id": "dmp0574"
  },
  "cjv": 0.6743921217363456,
  "cnr": 2.0059694794589618,
  "efc": 0.5934855214598604,
  "fber": 10490.802734375,
  "fwhm_avg": 3.539044666666667,
  "fwhm_x": 3.381685333333333,
  "fwhm_y": 3.9425386666666666,
  "fwhm_z": 3.29291,
  "icvs_csf": 0.1896557571025888,
  "icvs_gm": 0.42249624752608733,
  "icvs_wm": 0.3878479953713238,
  "inu_med": 1.050241470336914,
  "inu_range": 0.30749732851982103,
  "provenance": {
    "md5sum": "fa498621de451382af8882e54ca40444",
    "settings": {
      "testing": false
    },
    "software": "mriqc",
    "version": "21.0.0rc2",
    "warnings": {
      "large_rot_frame": true,
      "small_air_mask": false
    },
    "webapi_port": null,
    "webapi_url": "https://mriqc.nimh.nih.gov/api/v1"
  },
  "qi_1": 0.00032708115570227,
  "qi_2": 0.0034575413027710584,
  "rpve_csf": 15.495727603311058,
  "rpve_gm": 7.3910545240711825,
  "rpve_wm": 9.438051983124828,
  "size_x": 192,
  "size_y": 256,
  "size_z": 160,
  "snr_csf": 1.8592876929229085,
  "snr_gm": 10.164939885274427,
  "snr_total": 13.265161117244027,
  "snr_wm": 27.771255773534744,
  "snrd_csf": 48.123596982411314,
  "snrd_gm": 100.6717052269119,
  "snrd_total": 90.42917460329899,
  "snrd_wm": 122.49222160057379,
  "spacing_x": 0.9375,
  "spacing_y": 0.9375,
  "spacing_z": 1.0,
  "summary_bg_k": 21.25615324049185,
  "summary_bg_mad": 5.348460221679173,
  "summary_bg_mean": 7.281703948974609,
  "summary_bg_median": 5.41745138168335,
  "summary_bg_n": 2358805.0,
  "summary_bg_p05": 0.0,
  "summary_bg_p95": 20.463180541992188,
  "summary_bg_stdv": 7.251490116119385,
  "summary_csf_k": 59.23523534473076,
  "summary_csf_mad": 97.06809559054341,
  "summary_csf_mean": 441.91265869140625,
  "summary_csf_median": 392.87567138671875,
  "summary_csf_n": 39298.0,
  "summary_csf_p05": 280.2256301879883,
  "summary_csf_p95": 664.0410400390628,
  "summary_csf_stdv": 211.3017120361328,
  "summary_gm_k": -0.5891308551810805,
  "summary_gm_mad": 87.95295145784874,
  "summary_gm_mean": 828.748779296875,
  "summary_gm_median": 821.87255859375,
  "summary_gm_n": 33649.0,
  "summary_gm_p05": 707.369091796875,
  "summary_gm_p95": 967.903173828125,
  "summary_gm_stdv": 80.85245513916016,
  "summary_wm_k": 1.8332484140409075,
  "summary_wm_mad": 32.183435633568806,
  "summary_wm_mean": 1002.2526245117188,
  "summary_wm_median": 1000.0128173828125,
  "summary_wm_n": 244731.0,
  "summary_wm_p05": 949.1762390136719,
  "summary_wm_p95": 1063.6134643554688,
  "summary_wm_stdv": 36.00884246826172,
  "tpm_overlap_csf": 0.16678708791732788,
  "tpm_overlap_gm": 0.4413556456565857,
  "tpm_overlap_wm": 0.48325657844543457,
  "wm2max": 0.6003707551898008
}