{
  "bids_meta": {
    "EchoTime": 0.00311,
    "FlipAngle": 15,
    "ImageType": [
      "ORIGINAL",
      "PRIMARY",
      "M",
      "ND",
      "NORM"
    ],
    "InversionTime": 1.1,
    "MagneticFieldStrength": 3,
    "Manufacturer": "Siemens",
    "ManufacturersModelName": "TrioTim",
    "Modality": "MR",
    "RepetitionTime": 1.63,
    "ScanningSequence": "GR_IR",
    "SequenceVariant": "SP_MP",
    "SliceThickness": 1,
    "dataset": "ds002843",
    "modality": "T1w",
    "session_id": "scan1",
    "subject_id": "dmp0700"
  },
  "cjv": 0.6403156235620109,
  "cnr": 2.099531250916629,
  "efc": 0.6555253797385078,
  "fber": 4672.453125,
  "fwhm_avg": 3.5343506666666666,
  "fwhm_x": 3.410912,
  "fwhm_y": 3.9448,
  "fwhm_z": 3.24734,
  "icvs_csf": 0.19848306667310917,
  "icvs_gm": 0.4109568962621585,
  "icvs_wm": 0.39056003706473236,
  "inu_med": 1.1786916255950928,
  "inu_range": 0.3465273916721343,
  "provenance": {
    "md5sum": "51e5435989972534b49ad42f7fd02d7f",
    "settings": {
      "testing": false
    },
    "software": "mriqc",
    "version": "21.0.0rc2",
    "warnings": {
      "large_rot_frame": true,
      "small_air_mask": false
    },
    "webapi_port": null,
    "webapi_url": "https://mriqc.nimh.nih.gov/api/v1"
  },
  "qi_1": 0.009287499262116054,
  "qi_2": 0.005365990557211336,
  "rpve_csf": 16.96144852175202,
  "rpve_gm": 8.402972219064525,
  "rpve_wm": 10.348483132518883,
  "size_x": 192,
  "size_y": 256,
  "size_z": 160,
  "snr_csf": 3.905730656239707,
  "snr_gm": 13.050707886457747,
  "snr_total": 12.41102931600116,
  "snr_wm": 20.276649405306024,
  "snrd_csf": 31.605408271196442,
  "snrd_gm": 63.12981626331588,
  "snrd_total": 57.038218617968994,
  "snrd_wm": 76.37943131939466,
  "spacing_x": 0.9375,
  "spacing_y": 0.9375,
  "spacing_z": 1.0,
  "summary_bg_k": 984.122592518316,
  "summary_bg_mad": 8.577783260002395,
  "summary_bg_mean": 13.842763900756836,
  "summary_bg_median": 8.678654670715332,
  "summary_bg_n": 1697279.0,
  "summary_bg_p05": 0.0,
  "summary_bg_p95": 40.01722869873046,
  "summary_bg_stdv": 19.588769912719727,
  "summary_csf_k": 1.0000330396983221,
  "summary_csf_mad": 90.40839826867607,
  "summary_csf_mean": 434.3891906738281,
  "summary_csf_median": 413.8135986328125,
  "summary_csf_n": 34108.0,
  "summary_csf_p05": 295.2066818237305,
  "summary_csf_p95": 642.7626892089843,
  "summary_csf_stdv": 105.94881439208984,
  "summary_gm_k": 0.3826906952265543,
  "summary_gm_mad": 60.10140369061793,
  "summary_gm_mean": 830.49072265625,
  "summary_gm_median": 826.566650390625,
  "summary_gm_n": 19461.0,
  "summary_gm_p05": 733.0478515625,
  "summary_gm_p95": 943.1859130859375,
  "summary_gm_stdv": 63.333377838134766,
  "summary_wm_k": 0.03979673572157383,
  "summary_wm_mad": 50.97983470700079,
  "summary_wm_mean": 1002.107666015625,
  "summary_wm_median": 1000.0455322265625,
  "summary_wm_n": 205997.0,
  "summary_wm_p05": 926.505419921875,
  "summary_wm_p95": 1085.2951904296874,
  "summary_wm_stdv": 49.31993865966797,
  "tpm_overlap_csf": 0.16328778862953186,
  "tpm_overlap_gm": 0.43605390191078186,
  "tpm_overlap_wm": 0.47613489627838135,
  "wm2max": 0.44487667598858127
}