{
  "bids_meta": {
    "EchoTime": 0.09,
    "FlipAngle": 180,
    "ImageType": [
      "ORIGINAL",
      "PRIMARY",
      "M",
      "ND",
      "NORM"
    ],
    "ImagingFrequency": 123.204,
    "MagneticFieldStrength": 3,
    "Manufacturer": "Siemens",
    "ManufacturersModelName": "TrioTim",
    "Modality": "MR",
    "PhaseEncodingDirection": "i",
    "RepetitionTime": 7,
    "ScanningSequence": "SE",
    "SequenceVariant": "SK_SP_OSP",
    "SliceThickness": 3,
    "SpacingBetweenSlices": 3,
    "dataset": "ds002843",
    "modality": "T2w",
    "session_id": "scan2",
    "subject_id": "dmp0614"
  },
  "cjv": 0.4921948511629455,
  "cnr": 2.8100751798688215,
  "efc": 0.6334795152764235,
  "fber": 2265.1408553109923,
  "fwhm_avg": 2.680484754138695,
  "fwhm_x": 3.081026666666667,
  "fwhm_y": 3.2903466666666668,
  "fwhm_z": 1.6700809290827514,
  "icvs_csf": 0.15247326759652644,
  "icvs_gm": 0.4235763321306077,
  "icvs_wm": 0.42395040027286585,
  "inu_med": 1.3533320426940918,
  "inu_range": 0.28279437422752385,
  "provenance": {
    "md5sum": "97d5539249070437993e502714dc08dd",
    "settings": {
      "testing": false
    },
    "software": "mriqc",
    "version": "21.0.0rc2",
    "warnings": {
      "large_rot_frame": false,
      "small_air_mask": false
    },
    "webapi_port": null,
    "webapi_url": "https://mriqc.nimh.nih.gov/api/v1"
  },
  "qi_1": 0.0,
  "qi_2": 0.0030479869587260243,
  "rpve_csf": 12.571386776538336,
  "rpve_gm": 4.696997242572517,
  "rpve_wm": 5.418034483024127,
  "size_x": 256,
  "size_y": 256,
  "size_z": 44,
  "snr_csf": 2.8709672207791614,
  "snr_gm": 9.459458234616568,
  "snr_total": 6.8451448905157095,
  "snr_wm": 8.205009216151398,
  "snrd_csf": 148.04033464868064,
  "snrd_gm": 76.42170412676522,
  "snrd_total": 90.82772289224472,
  "snrd_wm": 48.02112990128834,
  "spacing_x": 0.75,
  "spacing_y": 0.75,
  "spacing_z": 2.9999983310699463,
  "summary_bg_k": 806.3909827874454,
  "summary_bg_mad": 13.538402536047483,
  "summary_bg_mean": 24.75819745779321,
  "summary_bg_median": 21.240695014595985,
  "summary_bg_n": 656121.0,
  "summary_bg_p05": 3.0769231095910072,
  "summary_bg_p95": 54.59057129919529,
  "summary_bg_stdv": 33.474214941583746,
  "summary_csf_k": 0.4727325527596573,
  "summary_csf_mad": 830.1100946287376,
  "summary_csf_mean": 2991.709209394092,
  "summary_csf_median": 3059.255615606904,
  "summary_csf_n": 106591.0,
  "summary_csf_p05": 607.990080896765,
  "summary_csf_p95": 4589.97523483634,
  "summary_csf_stdv": 1065.5786116228962,
  "summary_gm_k": 0.044707580217036025,
  "summary_gm_mad": 167.0226834610206,
  "summary_gm_mean": 1585.6145701772743,
  "summary_gm_median": 1579.2555998936296,
  "summary_gm_n": 281111.0,
  "summary_gm_p05": 1324.168748550117,
  "summary_gm_p95": 1870.5707394629717,
  "summary_gm_stdv": 166.9496023734373,
  "summary_wm_k": -0.04743752939136581,
  "summary_wm_mad": 121.84562282442735,
  "summary_wm_mean": 983.0720462406636,
  "summary_wm_median": 992.35733063519,
  "summary_wm_n": 320618.0,
  "summary_wm_p05": 768.8337550610304,
  "summary_wm_p95": 1165.359813861549,
  "summary_wm_stdv": 120.9451149806103,
  "tpm_overlap_csf": 0.16632531583309174,
  "tpm_overlap_gm": 0.4193025231361389,
  "tpm_overlap_wm": 0.4600149393081665,
  "wm2max": 0.1985660662151695
}