{
  "bids_meta": {
    "EchoTime": 0.09,
    "FlipAngle": 180,
    "ImageType": [
      "ORIGINAL",
      "PRIMARY",
      "M",
      "ND",
      "NORM"
    ],
    "ImagingFrequency": 123.204,
    "MagneticFieldStrength": 3,
    "Manufacturer": "Siemens",
    "ManufacturersModelName": "TrioTim",
    "Modality": "MR",
    "PhaseEncodingDirection": "i",
    "RepetitionTime": 7,
    "ScanningSequence": "SE",
    "SequenceVariant": "SK_SP_OSP",
    "SliceThickness": 3,
    "SpacingBetweenSlices": 3,
    "dataset": "ds002843",
    "modality": "T2w",
    "session_id": "scan2",
    "subject_id": "dmp0010"
  },
  "cjv": 0.5361066501613824,
  "cnr": 2.544641895756645,
  "efc": 0.5626262403549273,
  "fber": 3026.5641831944477,
  "fwhm_avg": 2.94714306107587,
  "fwhm_x": 3.469106666666667,
  "fwhm_y": 3.6594266666666666,
  "fwhm_z": 1.7128958498942775,
  "icvs_csf": 0.19855852964156087,
  "icvs_gm": 0.4037377935249769,
  "icvs_wm": 0.39770367683346225,
  "inu_med": 1.3601927757263184,
  "inu_range": 0.3518459439277648,
  "provenance": {
    "md5sum": "d6b6a60de575f0b5275fa072649f2a60",
    "settings": {
      "testing": false
    },
    "software": "mriqc",
    "version": "21.0.0rc2",
    "warnings": {
      "large_rot_frame": false,
      "small_air_mask": false
    },
    "webapi_port": null,
    "webapi_url": "https://mriqc.nimh.nih.gov/api/v1"
  },
  "qi_1": 0.0,
  "qi_2": 0.0030122458017818924,
  "rpve_csf": 12.535416501841645,
  "rpve_gm": 6.300301059324414,
  "rpve_wm": 7.403905825567303,
  "size_x": 256,
  "size_y": 256,
  "size_z": 44,
  "snr_csf": 3.5077120397617954,
  "snr_gm": 8.92281376869109,
  "snr_total": 6.88025666326574,
  "snr_wm": 8.210244181344336,
  "snrd_csf": 159.12248256728634,
  "snrd_gm": 72.31982530110433,
  "snrd_total": 92.76393720427019,
  "snrd_wm": 46.84950374441992,
  "spacing_x": 0.75,
  "spacing_y": 0.75,
  "spacing_z": 3.0000014305114746,
  "summary_bg_k": 2074.9422824267417,
  "summary_bg_mad": 13.936585729569385,
  "summary_bg_mean": 23.770352379740864,
  "summary_bg_median": 18.905787378549576,
  "summary_bg_n": 897427.0,
  "summary_bg_p05": 3.168567717075348,
  "summary_bg_p95": 59.885929852724075,
  "summary_bg_stdv": 29.596054198743026,
  "summary_csf_k": 1.3896311720462329,
  "summary_csf_mad": 794.0722048836669,
  "summary_csf_mean": 3244.537451895284,
  "summary_csf_median": 3384.980892151594,
  "summary_csf_n": 120155.0,
  "summary_csf_p05": 859.8119738131762,
  "summary_csf_p95": 4498.024797913431,
  "summary_csf_stdv": 965.0070381659332,
  "summary_gm_k": 0.11156911907547018,
  "summary_gm_mad": 172.24993598344184,
  "summary_gm_mean": 1545.905167471892,
  "summary_gm_median": 1538.445245563984,
  "summary_gm_n": 206197.0,
  "summary_gm_p05": 1278.4114549160004,
  "summary_gm_p95": 1840.6209868490696,
  "summary_gm_stdv": 172.41663391370722,
  "summary_wm_k": 0.16491718808475886,
  "summary_wm_mad": 118.22609242499873,
  "summary_wm_mean": 990.3351483144838,
  "summary_wm_median": 996.6201659440994,
  "summary_wm_n": 242036.0,
  "summary_wm_p05": 779.4676584005356,
  "summary_wm_p95": 1179.1296664476395,
  "summary_wm_stdv": 121.3871457538654,
  "tpm_overlap_csf": 0.1683306097984314,
  "tpm_overlap_gm": 0.43724197149276733,
  "tpm_overlap_wm": 0.4838882386684418,
  "wm2max": 0.19617463617463618
}