{
  "aor": 0.0032617307692307694,
  "aqi": 0.0040745833653846155,
  "bids_meta": {
    "BandwidthPerPixelPhaseEncode": 31.25,
    "EchoTime": 0.025,
    "EffectiveEchoSpacing": 0.0005,
    "FlipAngle": 75,
    "ImageType": [
      "ORIGINAL",
      "PRIMARY",
      "M",
      "ND",
      "MOSAIC"
    ],
    "MagneticFieldStrength": 3,
    "Manufacturer": "Siemens",
    "ManufacturersModelName": "TrioTim",
    "Modality": "MR",
    "PhaseEncodingDirection": "j-",
    "PixelBandwidth": 3005,
    "RepetitionTime": 3,
    "ScanningSequence": "EP",
    "SequenceVariant": "SK",
    "SliceThickness": 3,
    "SliceTiming": [
      0,
      1.5225,
      0.055,
      1.58,
      0.1125,
      1.6375,
      0.17,
      1.6925,
      0.225,
      1.75,
      0.2825,
      1.805,
      0.3375,
      1.8625,
      0.395,
      1.92,
      0.45,
      1.975,
      0.5075,
      2.0325,
      0.565,
      2.0875,
      0.62,
      2.145,
      0.6775,
      2.2,
      0.7325,
      2.2575,
      0.79,
      2.315,
      0.8475,
      2.37,
      0.9025,
      2.4275,
      0.96,
      2.4825,
      1.015,
      2.54,
      1.0725,
      2.595,
      1.1275,
      2.6525,
      1.185,
      2.71,
      1.2425,
      2.765,
      1.2975,
      2.8225,
      1.355,
      2.8775,
      1.41,
      2.935,
      1.4675
    ],
    "SpacingBetweenSlices": 3,
    "TaskName": "intertemporal choice task",
    "TotalReadoutTime": 0.0315,
    "dataset": "ds002843",
    "modality": "bold",
    "run_id": 2,
    "session_id": "scan1",
    "subject_id": "dmp0952",
    "task_id": "itc"
  },
  "dummy_trs": 0,
  "dvars_nstd": 23.179111943300974,
  "dvars_std": 1.1693030383495142,
  "dvars_vstd": 0.9554560039805825,
  "efc": 0.5489298342937107,
  "fber": 390.308837890625,
  "fd_mean": 0.057782686219374046,
  "fd_num": 1,
  "fd_perc": 0.9615384615384616,
  "fwhm_avg": 2.888422222222222,
  "fwhm_x": 2.8262066666666663,
  "fwhm_y": 2.676156666666667,
  "fwhm_z": 3.162903333333333,
  "gcor": 0.0334988,
  "gsr_x": -0.01911414973437786,
  "gsr_y": 0.05043519660830498,
  "provenance": {
    "md5sum": "3792f39e6a1a6de96b786174a9ecbfd4",
    "settings": {
      "fd_thres": 0.2,
      "testing": false
    },
    "software": "mriqc",
    "version": "21.0.0rc2",
    "webapi_port": null,
    "webapi_url": "https://mriqc.nimh.nih.gov/api/v1"
  },
  "size_t": 104,
  "size_x": 64,
  "size_y": 64,
  "size_z": 53,
  "snr": 2.2350940543259044,
  "spacing_tr": 3.0,
  "spacing_x": 3.0,
  "spacing_y": 3.0,
  "spacing_z": 3.0,
  "summary_bg_k": 59.3901850379293,
  "summary_bg_mad": 12.302746820431784,
  "summary_bg_mean": 68.36571502685547,
  "summary_bg_median": 34.43269348144531,
  "summary_bg_n": 130295.0,
  "summary_bg_p05": 24.81730842590332,
  "summary_bg_p95": 230.08558654785122,
  "summary_bg_stdv": 97.97422790527344,
  "summary_fg_k": 7.472875393464008,
  "summary_fg_mad": 215.04853798860793,
  "summary_fg_mean": 765.7733764648438,
  "summary_fg_median": 691.3557739257812,
  "summary_fg_n": 43625.0,
  "summary_fg_p05": 434.1365661621094,
  "summary_fg_p95": 1365.623095703125,
  "summary_fg_stdv": 309.31488037109375,
  "tsnr": 68.28155726380646
}