{
  "aor": 0.0027272815533980577,
  "aqi": 0.005715238640776699,
  "bids_meta": {
    "BandwidthPerPixelPhaseEncode": 31.25,
    "EchoTime": 0.025,
    "EffectiveEchoSpacing": 0.0005,
    "FlipAngle": 75,
    "ImageType": [
      "ORIGINAL",
      "PRIMARY",
      "M",
      "ND",
      "MOSAIC"
    ],
    "MagneticFieldStrength": 3,
    "Manufacturer": "Siemens",
    "ManufacturersModelName": "TrioTim",
    "Modality": "MR",
    "PhaseEncodingDirection": "j-",
    "PixelBandwidth": 3005,
    "RepetitionTime": 3,
    "ScanningSequence": "EP",
    "SequenceVariant": "SK",
    "SliceThickness": 3,
    "SliceTiming": [
      0,
      1.5225,
      0.055,
      1.58,
      0.1125,
      1.6375,
      0.17,
      1.6925,
      0.225,
      1.75,
      0.2825,
      1.805,
      0.3375,
      1.8625,
      0.395,
      1.92,
      0.45,
      1.975,
      0.5075,
      2.0325,
      0.565,
      2.0875,
      0.62,
      2.145,
      0.6775,
      2.2,
      0.7325,
      2.2575,
      0.79,
      2.315,
      0.8475,
      2.37,
      0.9025,
      2.4275,
      0.96,
      2.4825,
      1.015,
      2.54,
      1.0725,
      2.595,
      1.1275,
      2.6525,
      1.185,
      2.71,
      1.2425,
      2.765,
      1.2975,
      2.8225,
      1.355,
      2.8775,
      1.41,
      2.935,
      1.4675
    ],
    "SpacingBetweenSlices": 3,
    "TaskName": "intertemporal choice task",
    "TotalReadoutTime": 0.0315,
    "dataset": "ds002843",
    "modality": "bold",
    "run_id": 3,
    "session_id": "scan1",
    "subject_id": "dmp0952",
    "task_id": "itc"
  },
  "dummy_trs": 1,
  "dvars_nstd": 22.80840045352942,
  "dvars_std": 1.0963770849019612,
  "dvars_vstd": 0.9291419511764709,
  "efc": 0.5493185599490052,
  "fber": 389.8857421875,
  "fd_mean": 0.07662837436906093,
  "fd_num": 4,
  "fd_perc": 3.883495145631068,
  "fwhm_avg": 2.8659544444444442,
  "fwhm_x": 2.7914100000000004,
  "fwhm_y": 2.6573466666666667,
  "fwhm_z": 3.1491066666666665,
  "gcor": 0.0171537,
  "gsr_x": -0.019222183153033257,
  "gsr_y": 0.05072776973247528,
  "provenance": {
    "md5sum": "523f5667f3a3fed1bab7c31551c290e2",
    "settings": {
      "fd_thres": 0.2,
      "testing": false
    },
    "software": "mriqc",
    "version": "21.0.0rc2",
    "webapi_port": null,
    "webapi_url": "https://mriqc.nimh.nih.gov/api/v1"
  },
  "size_t": 103,
  "size_x": 64,
  "size_y": 64,
  "size_z": 53,
  "snr": 2.259466112031386,
  "spacing_tr": 3.0,
  "spacing_x": 3.0,
  "spacing_y": 3.0,
  "spacing_z": 3.0,
  "summary_bg_k": 57.28136069493073,
  "summary_bg_mad": 12.494163263628355,
  "summary_bg_mean": 68.47509765625,
  "summary_bg_median": 34.640777587890625,
  "summary_bg_n": 130525.0,
  "summary_bg_p05": 24.912622451782227,
  "summary_bg_p95": 230.0485382080078,
  "summary_bg_stdv": 96.66185760498047,
  "summary_fg_k": 7.549196077208094,
  "summary_fg_mad": 212.97656881153745,
  "summary_fg_mean": 764.2069702148438,
  "summary_fg_median": 691.0679931640625,
  "summary_fg_n": 43603.0,
  "summary_fg_p05": 434.42039184570314,
  "summary_fg_p95": 1356.2029418945315,
  "summary_fg_stdv": 305.8510437011719,
  "tsnr": 59.80618523899466
}