{
  "bids_meta": {
    "EchoTime": 0.00311,
    "FlipAngle": 15,
    "ImageType": [
      "ORIGINAL",
      "PRIMARY",
      "M",
      "ND",
      "NORM"
    ],
    "InversionTime": 1.1,
    "MagneticFieldStrength": 3,
    "Manufacturer": "Siemens",
    "ManufacturersModelName": "TrioTim",
    "Modality": "MR",
    "RepetitionTime": 1.63,
    "ScanningSequence": "GR_IR",
    "SequenceVariant": "SP_MP",
    "SliceThickness": 1,
    "dataset": "ds002843",
    "modality": "T1w",
    "session_id": "scan1",
    "subject_id": "dmp0301"
  },
  "cjv": 0.4474650901535129,
  "cnr": 2.8149669592823305,
  "efc": 0.5849461888545948,
  "fber": 9619.8740234375,
  "fwhm_avg": 3.4639404444444444,
  "fwhm_x": 3.343637333333333,
  "fwhm_y": 3.9082239999999997,
  "fwhm_z": 3.13996,
  "icvs_csf": 0.18463185285411518,
  "icvs_gm": 0.40686672191517387,
  "icvs_wm": 0.408501425230711,
  "inu_med": 1.0861701965332031,
  "inu_range": 0.2172109425067903,
  "provenance": {
    "md5sum": "e8b49fd33d1c60d2313a9c017f8e5d58",
    "settings": {
      "testing": false
    },
    "software": "mriqc",
    "version": "21.0.0rc2",
    "warnings": {
      "large_rot_frame": true,
      "small_air_mask": false
    },
    "webapi_port": null,
    "webapi_url": "https://mriqc.nimh.nih.gov/api/v1"
  },
  "qi_1": 0.0,
  "qi_2": 0.0033329237175892114,
  "rpve_csf": 18.28708961272362,
  "rpve_gm": 8.723813665610534,
  "rpve_wm": 10.457305948360535,
  "size_x": 192,
  "size_y": 256,
  "size_z": 160,
  "snr_csf": 1.803114139267193,
  "snr_gm": 13.59324815220397,
  "snr_total": 14.211651107187569,
  "snr_wm": 27.23859103009154,
  "snrd_csf": 34.579492015706336,
  "snrd_gm": 73.43828246682575,
  "snrd_total": 66.50330996254168,
  "snrd_wm": 91.49215540509293,
  "spacing_x": 0.9375,
  "spacing_y": 0.9375,
  "spacing_z": 1.0,
  "summary_bg_k": 28.204728824046835,
  "summary_bg_mad": 7.160776662675015,
  "summary_bg_mean": 8.808541297912598,
  "summary_bg_median": 7.2643141746521,
  "summary_bg_n": 2018857.0,
  "summary_bg_p05": 0.0,
  "summary_bg_p95": 24.284819030761717,
  "summary_bg_stdv": 8.9142427444458,
  "summary_csf_k": 51.93522883064147,
  "summary_csf_mad": 84.26522276463282,
  "summary_csf_mean": 421.6494140625,
  "summary_csf_median": 377.9610290527344,
  "summary_csf_n": 28813.0,
  "summary_csf_p05": 265.47978515625,
  "summary_csf_p95": 634.1476806640622,
  "summary_csf_stdv": 209.612060546875,
  "summary_gm_k": 0.40244033819454295,
  "summary_gm_mad": 55.396150543911645,
  "summary_gm_mean": 806.5853881835938,
  "summary_gm_median": 802.6956787109375,
  "summary_gm_n": 17574.0,
  "summary_gm_p05": 715.6180267333984,
  "summary_gm_p95": 912.6602050781249,
  "summary_gm_stdv": 59.04937744140625,
  "summary_wm_k": 1.4648379898204782,
  "summary_wm_mad": 32.90329040946066,
  "summary_wm_mean": 1003.1808471679688,
  "summary_wm_median": 1000.0282592773438,
  "summary_wm_n": 222559.0,
  "summary_wm_p05": 949.5914794921875,
  "summary_wm_p95": 1067.5617309570312,
  "summary_wm_stdv": 36.71357345581055,
  "tpm_overlap_csf": 0.16575445234775543,
  "tpm_overlap_gm": 0.4273589551448822,
  "tpm_overlap_wm": 0.4803650975227356,
  "wm2max": 0.4797957088164893
}