{
  "bids_meta": {
    "EchoTime": 0.09,
    "FlipAngle": 180,
    "ImageType": [
      "ORIGINAL",
      "PRIMARY",
      "M",
      "ND",
      "NORM"
    ],
    "ImagingFrequency": 123.204,
    "MagneticFieldStrength": 3,
    "Manufacturer": "Siemens",
    "ManufacturersModelName": "TrioTim",
    "Modality": "MR",
    "PhaseEncodingDirection": "i",
    "RepetitionTime": 7,
    "ScanningSequence": "SE",
    "SequenceVariant": "SK_SP_OSP",
    "SliceThickness": 3,
    "SpacingBetweenSlices": 3,
    "dataset": "ds002843",
    "modality": "T2w",
    "session_id": "scan1",
    "subject_id": "dmp0301"
  },
  "cjv": 0.5111480145733928,
  "cnr": 2.6562122960310437,
  "efc": 0.571174866331206,
  "fber": 1919.6137679998167,
  "fwhm_avg": 2.7491700427169303,
  "fwhm_x": 3.222493333333333,
  "fwhm_y": 3.412506666666667,
  "fwhm_z": 1.6125101281507912,
  "icvs_csf": 0.18335006180992652,
  "icvs_gm": 0.3947890239596123,
  "icvs_wm": 0.4218609142304612,
  "inu_med": 1.3762412071228027,
  "inu_range": 0.2607444465160371,
  "provenance": {
    "md5sum": "d8171041eec754345b743f41bf0fb57d",
    "settings": {
      "testing": false
    },
    "software": "mriqc",
    "version": "21.0.0rc2",
    "warnings": {
      "large_rot_frame": false,
      "small_air_mask": false
    },
    "webapi_port": null,
    "webapi_url": "https://mriqc.nimh.nih.gov/api/v1"
  },
  "qi_1": 0.0,
  "qi_2": 0.00339684844799066,
  "rpve_csf": 13.103392934278126,
  "rpve_gm": 6.118395417663183,
  "rpve_wm": 6.808932062649246,
  "size_x": 256,
  "size_y": 256,
  "size_z": 44,
  "snr_csf": 3.03253855934967,
  "snr_gm": 8.566214738974788,
  "snr_total": 6.813905850830399,
  "snr_wm": 8.84296425416674,
  "snrd_csf": 135.9689654383881,
  "snrd_gm": 64.53125068892204,
  "snrd_total": 80.44266736342446,
  "snrd_wm": 40.827785962963276,
  "spacing_x": 0.75,
  "spacing_y": 0.75,
  "spacing_z": 2.999999761581421,
  "summary_bg_k": 499.4816884247902,
  "summary_bg_mad": 15.980144466654664,
  "summary_bg_mean": 26.743615145108883,
  "summary_bg_median": 21.556887298822403,
  "summary_bg_n": 771864.0,
  "summary_bg_p05": 3.592814549803734,
  "summary_bg_p95": 60.678645730018616,
  "summary_bg_stdv": 30.54612471061121,
  "summary_csf_k": 0.6981809340186844,
  "summary_csf_mad": 911.6573775359408,
  "summary_csf_mean": 3190.3908961377224,
  "summary_csf_median": 3316.567031085491,
  "summary_csf_n": 111031.0,
  "summary_csf_p05": 621.091181896627,
  "summary_csf_p95": 4675.050132527947,
  "summary_csf_stdv": 1093.6553751333317,
  "summary_gm_k": 0.09035329403944159,
  "summary_gm_mad": 185.6458758410128,
  "summary_gm_mean": 1579.6551989345423,
  "summary_gm_median": 1574.0519744306803,
  "summary_gm_n": 207447.0,
  "summary_gm_p05": 1291.5902172133328,
  "summary_gm_p95": 1888.7559155523777,
  "summary_gm_stdv": 183.75072637382098,
  "summary_wm_k": 0.21967064853954188,
  "summary_wm_mad": 109.88815392502035,
  "summary_wm_mean": 987.9882698412667,
  "summary_wm_median": 995.8749663233757,
  "summary_wm_n": 263618.0,
  "summary_wm_p05": 788.6893272846937,
  "summary_wm_p95": 1158.0838898867369,
  "summary_wm_stdv": 112.61756226057152,
  "tpm_overlap_csf": 0.14692237973213196,
  "tpm_overlap_gm": 0.40125933289527893,
  "tpm_overlap_wm": 0.45956695079803467,
  "wm2max": 0.19246887846514774
}