{
  "aor": 0.0020303125,
  "aqi": 0.007922901375,
  "bids_meta": {
    "BandwidthPerPixelPhaseEncode": 31.25,
    "EchoTime": 0.025,
    "EffectiveEchoSpacing": 0.0005,
    "FlipAngle": 75,
    "ImageType": [
      "ORIGINAL",
      "PRIMARY",
      "M",
      "ND",
      "MOSAIC"
    ],
    "MagneticFieldStrength": 3,
    "Manufacturer": "Siemens",
    "ManufacturersModelName": "TrioTim",
    "Modality": "MR",
    "PhaseEncodingDirection": "j-",
    "PixelBandwidth": 3005,
    "RepetitionTime": 3,
    "ScanningSequence": "EP",
    "SequenceVariant": "SK",
    "SliceThickness": 3,
    "SliceTiming": [
      0,
      1.5225,
      0.055,
      1.58,
      0.1125,
      1.635,
      0.1675,
      1.6925,
      0.225,
      1.75,
      0.2825,
      1.805,
      0.3375,
      1.8625,
      0.395,
      1.9175,
      0.45,
      1.975,
      0.5075,
      2.03,
      0.5625,
      2.0875,
      0.62,
      2.145,
      0.6775,
      2.2,
      0.7325,
      2.2575,
      0.79,
      2.3125,
      0.845,
      2.37,
      0.9025,
      2.425,
      0.9575,
      2.4825,
      1.015,
      2.54,
      1.0725,
      2.595,
      1.1275,
      2.6525,
      1.185,
      2.7075,
      1.24,
      2.765,
      1.2975,
      2.8225,
      1.355,
      2.8775,
      1.41,
      2.935,
      1.4675
    ],
    "SpacingBetweenSlices": 3,
    "TaskName": "rest",
    "TotalReadoutTime": 0.0315,
    "dataset": "ds002843",
    "modality": "bold",
    "session_id": "scan2",
    "subject_id": "dmp1114",
    "task_id": "rest"
  },
  "dummy_trs": 0,
  "dvars_nstd": 23.98694157735849,
  "dvars_std": 1.1036445120754719,
  "dvars_vstd": 0.9636283035849056,
  "efc": 0.5997844118768324,
  "fber": 275.1598205566406,
  "fd_mean": 0.14028737292429022,
  "fd_num": 33,
  "fd_perc": 20.625,
  "fwhm_avg": 2.67921,
  "fwhm_x": 2.5281933333333333,
  "fwhm_y": 2.5580700000000003,
  "fwhm_z": 2.951366666666667,
  "gcor": 0.035814,
  "gsr_x": -0.007673612330108881,
  "gsr_y": 0.11516088992357254,
  "provenance": {
    "md5sum": "41ba4c3127c2c1a763c3f57157296133",
    "settings": {
      "fd_thres": 0.2,
      "testing": false
    },
    "software": "mriqc",
    "version": "21.0.0rc2",
    "webapi_port": null,
    "webapi_url": "https://mriqc.nimh.nih.gov/api/v1"
  },
  "size_t": 160,
  "size_x": 64,
  "size_y": 64,
  "size_z": 53,
  "snr": 2.8863395425723244,
  "spacing_tr": 3.0,
  "spacing_x": 3.0,
  "spacing_y": 3.0,
  "spacing_z": 3.0,
  "summary_bg_k": 14.910980751471946,
  "summary_bg_mad": 14.529503438058487,
  "summary_bg_mean": 78.86516571044922,
  "summary_bg_median": 35.618751525878906,
  "summary_bg_n": 128204.0,
  "summary_bg_p05": 23.6875,
  "summary_bg_p95": 303.8990600585937,
  "summary_bg_stdv": 104.30126953125,
  "summary_fg_k": 3.4310915821246173,
  "summary_fg_mad": 174.64129317426585,
  "summary_fg_mean": 641.7044067382812,
  "summary_fg_median": 603.5750122070312,
  "summary_fg_n": 44517.0,
  "summary_fg_p05": 377.31500854492185,
  "summary_fg_p95": 1032.4962646484375,
  "summary_fg_stdv": 209.11199951171875,
  "tsnr": 56.249071895261295
}