{
  "bids_meta": {
    "EchoTime": 0.09,
    "FlipAngle": 180,
    "ImageType": [
      "ORIGINAL",
      "PRIMARY",
      "M",
      "ND",
      "NORM"
    ],
    "ImagingFrequency": 123.204,
    "MagneticFieldStrength": 3,
    "Manufacturer": "Siemens",
    "ManufacturersModelName": "TrioTim",
    "Modality": "MR",
    "PhaseEncodingDirection": "i",
    "RepetitionTime": 7,
    "ScanningSequence": "SE",
    "SequenceVariant": "SK_SP_OSP",
    "SliceThickness": 3,
    "SpacingBetweenSlices": 3,
    "dataset": "ds002843",
    "modality": "T2w",
    "session_id": "scan1",
    "subject_id": "dmp0095"
  },
  "cjv": 0.5047883158146234,
  "cnr": 2.3907179202605606,
  "efc": 0.5799474511720213,
  "fber": 1143.8807288529895,
  "fwhm_avg": 2.9011645803282318,
  "fwhm_x": 3.3723733333333334,
  "fwhm_y": 3.621306666666667,
  "fwhm_z": 1.7098137409846959,
  "icvs_csf": 0.19053049598777153,
  "icvs_gm": 0.39849299685426753,
  "icvs_wm": 0.41097650715796097,
  "inu_med": 1.1653635501861572,
  "inu_range": 0.2585222125053406,
  "provenance": {
    "md5sum": "a3ca6f72385f7957d03bdb291619728d",
    "settings": {
      "testing": false
    },
    "software": "mriqc",
    "version": "21.0.0rc2",
    "warnings": {
      "large_rot_frame": false,
      "small_air_mask": false
    },
    "webapi_port": null,
    "webapi_url": "https://mriqc.nimh.nih.gov/api/v1"
  },
  "qi_1": 5.812026690805126e-05,
  "qi_2": 0.0014849331565145374,
  "rpve_csf": 12.475779947398133,
  "rpve_gm": 6.0131412667368735,
  "rpve_wm": 6.800355981376478,
  "size_x": 256,
  "size_y": 256,
  "size_z": 44,
  "snr_csf": 3.4002096551703436,
  "snr_gm": 9.522430128865102,
  "snr_total": 6.97247451837145,
  "snr_wm": 7.994783771078906,
  "snrd_csf": 86.00398375532073,
  "snrd_gm": 40.778981626455725,
  "snrd_total": 50.93548717783105,
  "snrd_wm": 26.023496151716678,
  "spacing_x": 0.75,
  "spacing_y": 0.75,
  "spacing_z": 2.9999992847442627,
  "summary_bg_k": 417.0741537595202,
  "summary_bg_mad": 25.230828285334113,
  "summary_bg_mean": 44.38998394182077,
  "summary_bg_median": 25.395995408296585,
  "summary_bg_n": 808621.0,
  "summary_bg_p05": 2.749051049351692,
  "summary_bg_p95": 120.82733897864819,
  "summary_bg_stdv": 116.55376797621143,
  "summary_csf_k": 1.2927176672975218,
  "summary_csf_mad": 803.5048392406402,
  "summary_csf_mean": 3223.6235947663113,
  "summary_csf_median": 3312.2137928903103,
  "summary_csf_n": 118983.0,
  "summary_csf_p05": 878.1254494786263,
  "summary_csf_p95": 4569.433382074534,
  "summary_csf_stdv": 974.1163663162549,
  "summary_gm_k": 0.23135967014924752,
  "summary_gm_mad": 165.35896691618973,
  "summary_gm_mean": 1576.244523027194,
  "summary_gm_median": 1570.4935923367739,
  "summary_gm_n": 208792.0,
  "summary_gm_p05": 1320.3299468457699,
  "summary_gm_p95": 1853.835665849594,
  "summary_gm_stdv": 164.92531950085626,
  "summary_wm_k": 0.2149247413292814,
  "summary_wm_mad": 121.49614235860888,
  "summary_wm_mean": 990.9938247880598,
  "summary_wm_median": 1002.2254682779312,
  "summary_wm_n": 259307.0,
  "summary_wm_p05": 766.0688924193382,
  "summary_wm_p95": 1177.6411066651344,
  "summary_wm_stdv": 125.35968006965511,
  "tpm_overlap_csf": 0.14914552867412567,
  "tpm_overlap_gm": 0.40829384326934814,
  "tpm_overlap_wm": 0.45198380947113037,
  "wm2max": 0.19458532034466064
}