{
  "aor": 0.0021420192307692308,
  "aqi": 0.004677094038461538,
  "bids_meta": {
    "BandwidthPerPixelPhaseEncode": 31.25,
    "EchoTime": 0.025,
    "EffectiveEchoSpacing": 0.0005,
    "FlipAngle": 75,
    "ImageType": [
      "ORIGINAL",
      "PRIMARY",
      "M",
      "ND",
      "MOSAIC"
    ],
    "MagneticFieldStrength": 3,
    "Manufacturer": "Siemens",
    "ManufacturersModelName": "TrioTim",
    "Modality": "MR",
    "PhaseEncodingDirection": "j-",
    "PixelBandwidth": 3005,
    "RepetitionTime": 3,
    "ScanningSequence": "EP",
    "SequenceVariant": "SK",
    "SliceThickness": 3,
    "SliceTiming": [
      0,
      1.5225,
      0.055,
      1.58,
      0.1125,
      1.6375,
      0.17,
      1.6925,
      0.225,
      1.75,
      0.2825,
      1.805,
      0.3375,
      1.8625,
      0.395,
      1.92,
      0.45,
      1.975,
      0.5075,
      2.0325,
      0.565,
      2.0875,
      0.62,
      2.145,
      0.6775,
      2.2,
      0.7325,
      2.2575,
      0.79,
      2.315,
      0.8475,
      2.37,
      0.9025,
      2.4275,
      0.96,
      2.4825,
      1.015,
      2.54,
      1.0725,
      2.595,
      1.1275,
      2.6525,
      1.185,
      2.71,
      1.2425,
      2.765,
      1.2975,
      2.8225,
      1.355,
      2.8775,
      1.41,
      2.935,
      1.4675
    ],
    "SpacingBetweenSlices": 3,
    "TaskName": "intertemporal choice task",
    "TotalReadoutTime": 0.0315,
    "dataset": "ds002843",
    "modality": "bold",
    "run_id": 3,
    "session_id": "scan2",
    "subject_id": "dmp0330",
    "task_id": "itc"
  },
  "dummy_trs": 0,
  "dvars_nstd": 21.27508425475728,
  "dvars_std": 1.0786216585436894,
  "dvars_vstd": 0.9549162969902911,
  "efc": 0.5449980593572495,
  "fber": 456.9931335449219,
  "fd_mean": 0.13581782325167263,
  "fd_num": 18,
  "fd_perc": 17.307692307692307,
  "fwhm_avg": 2.510222222222222,
  "fwhm_x": 2.2969733333333333,
  "fwhm_y": 2.4152833333333334,
  "fwhm_z": 2.81841,
  "gcor": 0.0129059,
  "gsr_x": 0.005525420885533094,
  "gsr_y": 0.04475267603993416,
  "provenance": {
    "md5sum": "1a509c6e89f2a264d1c7f82d35de2a00",
    "settings": {
      "fd_thres": 0.2,
      "testing": false
    },
    "software": "mriqc",
    "version": "21.0.0rc2",
    "webapi_port": null,
    "webapi_url": "https://mriqc.nimh.nih.gov/api/v1"
  },
  "size_t": 104,
  "size_x": 64,
  "size_y": 64,
  "size_z": 53,
  "snr": 3.0863136830739983,
  "spacing_tr": 3.0,
  "spacing_x": 3.0,
  "spacing_y": 3.0,
  "spacing_z": 3.0,
  "summary_bg_k": 32.83810676023255,
  "summary_bg_mad": 8.339640306933326,
  "summary_bg_mean": 58.171226501464844,
  "summary_bg_median": 31.663463592529297,
  "summary_bg_n": 135276.0,
  "summary_bg_p05": 25.31730842590332,
  "summary_bg_p95": 194.13702392578125,
  "summary_bg_stdv": 74.5604019165039,
  "summary_fg_k": 1.941096664232692,
  "summary_fg_mad": 190.00831495425206,
  "summary_fg_mean": 729.8392944335938,
  "summary_fg_median": 686.485595703125,
  "summary_fg_n": 39516.0,
  "summary_fg_p05": 447.3269348144531,
  "summary_fg_p95": 1159.5913696289062,
  "summary_fg_stdv": 222.42616271972656,
  "tsnr": 62.24548214231618
}