{
  "aor": 0.0024480769230769235,
  "aqi": 0.0059915124038461545,
  "bids_meta": {
    "BandwidthPerPixelPhaseEncode": 31.25,
    "EchoTime": 0.025,
    "EffectiveEchoSpacing": 0.0005,
    "FlipAngle": 75,
    "ImageType": [
      "ORIGINAL",
      "PRIMARY",
      "M",
      "ND",
      "MOSAIC"
    ],
    "MagneticFieldStrength": 3,
    "Manufacturer": "Siemens",
    "ManufacturersModelName": "TrioTim",
    "Modality": "MR",
    "PhaseEncodingDirection": "j-",
    "PixelBandwidth": 3005,
    "RepetitionTime": 3,
    "ScanningSequence": "EP",
    "SequenceVariant": "SK",
    "SliceThickness": 3,
    "SliceTiming": [
      0,
      1.5225,
      0.055,
      1.58,
      0.1125,
      1.6375,
      0.17,
      1.6925,
      0.225,
      1.75,
      0.2825,
      1.805,
      0.3375,
      1.8625,
      0.395,
      1.92,
      0.45,
      1.975,
      0.5075,
      2.0325,
      0.565,
      2.0875,
      0.62,
      2.145,
      0.6775,
      2.2,
      0.7325,
      2.2575,
      0.79,
      2.315,
      0.8475,
      2.37,
      0.9025,
      2.4275,
      0.96,
      2.4825,
      1.015,
      2.54,
      1.0725,
      2.595,
      1.1275,
      2.6525,
      1.185,
      2.71,
      1.2425,
      2.765,
      1.2975,
      2.8225,
      1.355,
      2.8775,
      1.41,
      2.935,
      1.4675
    ],
    "SpacingBetweenSlices": 3,
    "TaskName": "intertemporal choice task",
    "TotalReadoutTime": 0.0315,
    "dataset": "ds002843",
    "modality": "bold",
    "run_id": 2,
    "session_id": "scan2",
    "subject_id": "dmp0330",
    "task_id": "itc"
  },
  "dummy_trs": 0,
  "dvars_nstd": 21.560965824563112,
  "dvars_std": 1.0333512352427183,
  "dvars_vstd": 0.9267897916504853,
  "efc": 0.5439388714950445,
  "fber": 451.0582275390625,
  "fd_mean": 0.12740632568737573,
  "fd_num": 18,
  "fd_perc": 17.307692307692307,
  "fwhm_avg": 2.56643,
  "fwhm_x": 2.3897766666666667,
  "fwhm_y": 2.4420733333333335,
  "fwhm_z": 2.86744,
  "gcor": 0.0146881,
  "gsr_x": 0.007562777027487755,
  "gsr_y": 0.04067927598953247,
  "provenance": {
    "md5sum": "084961ab2b5dfeb0b7e8b03fa7a2edbb",
    "settings": {
      "fd_thres": 0.2,
      "testing": false
    },
    "software": "mriqc",
    "version": "21.0.0rc2",
    "webapi_port": null,
    "webapi_url": "https://mriqc.nimh.nih.gov/api/v1"
  },
  "size_t": 104,
  "size_x": 64,
  "size_y": 64,
  "size_z": 53,
  "snr": 2.924552763901935,
  "spacing_tr": 3.0,
  "spacing_x": 3.0,
  "spacing_y": 3.0,
  "spacing_z": 3.0,
  "summary_bg_k": 34.124080817170785,
  "summary_bg_mad": 9.508609694910215,
  "summary_bg_mean": 62.13656997680664,
  "summary_bg_median": 32.346153259277344,
  "summary_bg_n": 135595.0,
  "summary_bg_p05": 24.576923370361328,
  "summary_bg_p95": 211.47116088867188,
  "summary_bg_stdv": 85.58488464355469,
  "summary_fg_k": 2.3754047278724144,
  "summary_fg_mad": 197.58525023616133,
  "summary_fg_mean": 741.983642578125,
  "summary_fg_median": 693.8557739257812,
  "summary_fg_n": 39629.0,
  "summary_fg_p05": 445.99232177734376,
  "summary_fg_p95": 1201.9231445312498,
  "summary_fg_stdv": 237.24893188476562,
  "tsnr": 56.77513030450791
}