{
  "bids_meta": {
    "EchoTime": 0.00311,
    "FlipAngle": 15,
    "ImageType": [
      "ORIGINAL",
      "PRIMARY",
      "M",
      "ND",
      "NORM"
    ],
    "InversionTime": 1.1,
    "MagneticFieldStrength": 3,
    "Manufacturer": "Siemens",
    "ManufacturersModelName": "TrioTim",
    "Modality": "MR",
    "RepetitionTime": 1.63,
    "ScanningSequence": "GR_IR",
    "SequenceVariant": "SP_MP",
    "SliceThickness": 1,
    "dataset": "ds002843",
    "modality": "T1w",
    "session_id": "scan2",
    "subject_id": "dmp0498"
  },
  "cjv": 0.49935159298659826,
  "cnr": 2.5898376318778737,
  "efc": 0.6166801684202597,
  "fber": 9928.3828125,
  "fwhm_avg": 3.2936017777777775,
  "fwhm_x": 3.219125333333333,
  "fwhm_y": 3.5612799999999996,
  "fwhm_z": 3.1004,
  "icvs_csf": 0.17406977955420588,
  "icvs_gm": 0.44319628626087604,
  "icvs_wm": 0.3827339341849181,
  "inu_med": 1.1079347133636475,
  "inu_range": 0.22158091664314283,
  "provenance": {
    "md5sum": "f2580c3c9ff6f4b06553b439d3276a46",
    "settings": {
      "testing": false
    },
    "software": "mriqc",
    "version": "21.0.0rc2",
    "warnings": {
      "large_rot_frame": true,
      "small_air_mask": false
    },
    "webapi_port": null,
    "webapi_url": "https://mriqc.nimh.nih.gov/api/v1"
  },
  "qi_1": 0.0014649100839827223,
  "qi_2": 0.008077976712771114,
  "rpve_csf": 17.983213152315006,
  "rpve_gm": 7.629408363272184,
  "rpve_wm": 9.920216943602338,
  "size_x": 192,
  "size_y": 256,
  "size_z": 160,
  "snr_csf": 2.582688903268308,
  "snr_gm": 13.748494848891736,
  "snr_total": 13.010757649922732,
  "snr_wm": 22.701089197608155,
  "snrd_csf": 33.501120085760256,
  "snrd_gm": 69.7833538277977,
  "snrd_total": 63.23201110250776,
  "snrd_wm": 86.41155939396533,
  "spacing_x": 0.9375,
  "spacing_y": 0.9375,
  "spacing_z": 1.0,
  "summary_bg_k": 129.89084452447273,
  "summary_bg_mad": 7.582013904578124,
  "summary_bg_mean": 10.234349250793457,
  "summary_bg_median": 7.69378662109375,
  "summary_bg_n": 2225580.0,
  "summary_bg_p05": 0.0,
  "summary_bg_p95": 29.603867053985496,
  "summary_bg_stdv": 11.411935806274414,
  "summary_csf_k": 16.96643771527634,
  "summary_csf_mad": 79.5863024576229,
  "summary_csf_mean": 421.0498046875,
  "summary_csf_median": 387.7146301269531,
  "summary_csf_n": 27461.0,
  "summary_csf_p05": 276.4088439941406,
  "summary_csf_p95": 651.3956298828125,
  "summary_csf_stdv": 150.1177978515625,
  "summary_gm_k": 0.7787661209288164,
  "summary_gm_mad": 53.268755716277525,
  "summary_gm_mean": 812.6563720703125,
  "summary_gm_median": 807.6156005859375,
  "summary_gm_n": 28972.0,
  "summary_gm_p05": 726.2616638183594,
  "summary_gm_p95": 922.2174530029296,
  "summary_gm_stdv": 58.74109649658203,
  "summary_wm_k": 0.5324138461664818,
  "summary_wm_mad": 42.82710609523608,
  "summary_wm_mean": 1002.3312377929688,
  "summary_wm_median": 1000.056884765625,
  "summary_wm_n": 194840.0,
  "summary_wm_p05": 934.8382446289063,
  "summary_wm_p95": 1077.9211975097655,
  "summary_wm_stdv": 44.05314254760742,
  "tpm_overlap_csf": 0.18253426253795624,
  "tpm_overlap_gm": 0.46491384506225586,
  "tpm_overlap_wm": 0.4861096441745758,
  "wm2max": 0.551666217369046
}