{
  "bids_meta": {
    "EchoTime": 0.09,
    "FlipAngle": 180,
    "ImageType": [
      "ORIGINAL",
      "PRIMARY",
      "M",
      "ND",
      "NORM"
    ],
    "ImagingFrequency": 123.204,
    "MagneticFieldStrength": 3,
    "Manufacturer": "Siemens",
    "ManufacturersModelName": "TrioTim",
    "Modality": "MR",
    "PhaseEncodingDirection": "i",
    "RepetitionTime": 7,
    "ScanningSequence": "SE",
    "SequenceVariant": "SK_SP_OSP",
    "SliceThickness": 3,
    "SpacingBetweenSlices": 3,
    "dataset": "ds002843",
    "modality": "T2w",
    "session_id": "scan2",
    "subject_id": "dmp0498"
  },
  "cjv": 0.5647261044021973,
  "cnr": 2.234430841796139,
  "efc": 0.6057316491856253,
  "fber": 3036.8339811337232,
  "fwhm_avg": 2.6627722656754247,
  "fwhm_x": 3.074146666666667,
  "fwhm_y": 3.2738666666666667,
  "fwhm_z": 1.6403034636929403,
  "icvs_csf": 0.1915591524328009,
  "icvs_gm": 0.41388534808237654,
  "icvs_wm": 0.3945554994848226,
  "inu_med": 1.354864239692688,
  "inu_range": 0.388267230987549,
  "provenance": {
    "md5sum": "4578359a18d8dbd4d26ae369c12f4e41",
    "settings": {
      "testing": false
    },
    "software": "mriqc",
    "version": "21.0.0rc2",
    "warnings": {
      "large_rot_frame": false,
      "small_air_mask": false
    },
    "webapi_port": null,
    "webapi_url": "https://mriqc.nimh.nih.gov/api/v1"
  },
  "qi_1": 0.00021540962097698054,
  "qi_2": 0.0005317686068284373,
  "rpve_csf": 11.997278125683888,
  "rpve_gm": 5.483507324514988,
  "rpve_wm": 6.5342098565478945,
  "size_x": 256,
  "size_y": 256,
  "size_z": 44,
  "snr_csf": 2.984525077460797,
  "snr_gm": 9.50875607365173,
  "snr_total": 6.988889247986893,
  "snr_wm": 8.473386592848149,
  "snrd_csf": 131.30948271076883,
  "snrd_gm": 73.48811776183945,
  "snrd_total": 84.85655634146396,
  "snrd_wm": 49.772068551783576,
  "spacing_x": 0.75,
  "spacing_y": 0.75,
  "spacing_z": 2.999999761581421,
  "summary_bg_k": 245.13546552261954,
  "summary_bg_mad": 13.138872098017183,
  "summary_bg_mean": 30.104169382640812,
  "summary_bg_median": 17.925478994846344,
  "summary_bg_n": 816872.0,
  "summary_bg_p05": 3.021148145198822,
  "summary_bg_p95": 55.589125871658325,
  "summary_bg_stdv": 86.08137137217733,
  "summary_csf_k": 0.5481282033486354,
  "summary_csf_mad": 674.8602486708826,
  "summary_csf_mean": 2551.4077815959863,
  "summary_csf_median": 2633.43413323164,
  "summary_csf_n": 128960.0,
  "summary_csf_p05": 593.0513809025288,
  "summary_csf_p95": 3851.9689203754056,
  "summary_csf_stdv": 882.3594557219521,
  "summary_gm_k": 0.013515264346688038,
  "summary_gm_mad": 154.5310525164521,
  "summary_gm_mean": 1478.766155010253,
  "summary_gm_median": 1473.8167701661587,
  "summary_gm_n": 239094.0,
  "summary_gm_p05": 1232.4270333647728,
  "summary_gm_p95": 1742.094725459814,
  "summary_gm_stdv": 154.99542491791502,
  "summary_wm_k": 0.1768224082058536,
  "summary_wm_mad": 114.06929866914918,
  "summary_wm_mean": 991.6829452521818,
  "summary_wm_median": 998.1873471736908,
  "summary_wm_n": 261282.0,
  "summary_wm_p05": 785.0956979990005,
  "summary_wm_p95": 1174.5216939151287,
  "summary_wm_stdv": 117.80241891027795,
  "tpm_overlap_csf": 0.15765218436717987,
  "tpm_overlap_gm": 0.4266617000102997,
  "tpm_overlap_wm": 0.4627031087875366,
  "wm2max": 0.22646057216227608
}