{
  "bids_meta": {
    "EchoTime": 0.00311,
    "FlipAngle": 15,
    "ImageType": [
      "ORIGINAL",
      "PRIMARY",
      "M",
      "ND",
      "NORM"
    ],
    "InversionTime": 1.1,
    "MagneticFieldStrength": 3,
    "Manufacturer": "Siemens",
    "ManufacturersModelName": "TrioTim",
    "Modality": "MR",
    "RepetitionTime": 1.63,
    "ScanningSequence": "GR_IR",
    "SequenceVariant": "SP_MP",
    "SliceThickness": 1,
    "dataset": "ds002843",
    "modality": "T1w",
    "session_id": "scan2",
    "subject_id": "dmp0724"
  },
  "cjv": 0.41693900609866896,
  "cnr": 3.140758887757716,
  "efc": 0.598575362676496,
  "fber": 13508.7197265625,
  "fwhm_avg": 3.581992888888889,
  "fwhm_x": 3.4115626666666667,
  "fwhm_y": 4.011296,
  "fwhm_z": 3.32312,
  "icvs_csf": 0.1871708836646616,
  "icvs_gm": 0.4118130954963382,
  "icvs_wm": 0.4010160208390002,
  "inu_med": 1.0330597162246704,
  "inu_range": 0.23033854961395261,
  "provenance": {
    "md5sum": "7709aaefeb80b2c8b5c55974dd85a2f4",
    "settings": {
      "testing": false
    },
    "software": "mriqc",
    "version": "21.0.0rc2",
    "warnings": {
      "large_rot_frame": true,
      "small_air_mask": false
    },
    "webapi_port": null,
    "webapi_url": "https://mriqc.nimh.nih.gov/api/v1"
  },
  "qi_1": 0.0026963076027592355,
  "qi_2": 0.009942716779589895,
  "rpve_csf": 15.892957668745515,
  "rpve_gm": 7.62939436570707,
  "rpve_wm": 9.277404120837746,
  "size_x": 192,
  "size_y": 256,
  "size_z": 160,
  "snr_csf": 2.6526680840437007,
  "snr_gm": 14.849060236368246,
  "snr_total": 15.037589317990461,
  "snr_wm": 27.61103963355944,
  "snrd_csf": 49.74464825951292,
  "snrd_gm": 90.2024345667696,
  "snrd_total": 84.46450342453018,
  "snrd_wm": 113.446427447308,
  "spacing_x": 0.9375,
  "spacing_y": 0.9375,
  "spacing_z": 1.0,
  "summary_bg_k": 17.382871484681033,
  "summary_bg_mad": 5.774912352758081,
  "summary_bg_mean": 8.024250030517578,
  "summary_bg_median": 4.599697589874268,
  "summary_bg_n": 2347977.0,
  "summary_bg_p05": 0.0,
  "summary_bg_p95": 24.972230911254876,
  "summary_bg_stdv": 8.770942687988281,
  "summary_csf_k": 35.88741559082177,
  "summary_csf_mad": 142.41485176040257,
  "summary_csf_mean": 464.3121643066406,
  "summary_csf_median": 438.4903564453125,
  "summary_csf_n": 42126.0,
  "summary_csf_p05": 283.84314727783203,
  "summary_csf_p95": 675.1291656494141,
  "summary_csf_stdv": 165.29966735839844,
  "summary_gm_k": 0.382778326049515,
  "summary_gm_mad": 51.35618618568517,
  "summary_gm_mean": 797.0221557617188,
  "summary_gm_median": 795.11865234375,
  "summary_gm_n": 23989.0,
  "summary_gm_p05": 713.0937377929688,
  "summary_gm_p95": 889.4597045898437,
  "summary_gm_stdv": 53.545616149902344,
  "summary_wm_k": 1.067499593538633,
  "summary_wm_mad": 34.071165423622844,
  "summary_wm_mean": 1001.5811767578125,
  "summary_wm_median": 1000.0103759765625,
  "summary_wm_n": 263987.0,
  "summary_wm_p05": 945.8615905761719,
  "summary_wm_p95": 1062.5951049804687,
  "summary_wm_stdv": 36.21770477294922,
  "tpm_overlap_csf": 0.1594238430261612,
  "tpm_overlap_gm": 0.41475412249565125,
  "tpm_overlap_wm": 0.4557376503944397,
  "wm2max": 0.5296159137781233
}