{
  "bids_meta": {
    "EchoTime": 0.09,
    "FlipAngle": 180,
    "ImageType": [
      "ORIGINAL",
      "PRIMARY",
      "M",
      "ND",
      "NORM"
    ],
    "ImagingFrequency": 123.204,
    "MagneticFieldStrength": 3,
    "Manufacturer": "Siemens",
    "ManufacturersModelName": "TrioTim",
    "Modality": "MR",
    "PhaseEncodingDirection": "i",
    "RepetitionTime": 7,
    "ScanningSequence": "SE",
    "SequenceVariant": "SK_SP_OSP",
    "SliceThickness": 3,
    "SpacingBetweenSlices": 3,
    "dataset": "ds002843",
    "modality": "T2w",
    "session_id": "scan1",
    "subject_id": "dmp0273"
  },
  "cjv": 0.584243028083636,
  "cnr": 2.3540969271259793,
  "efc": 0.5868513710343729,
  "fber": 2819.5619459061036,
  "fwhm_avg": 2.663193376336101,
  "fwhm_x": 3.1664133333333333,
  "fwhm_y": 3.199866666666667,
  "fwhm_z": 1.6233001290083036,
  "icvs_csf": 0.18639215932481995,
  "icvs_gm": 0.3995303391079212,
  "icvs_wm": 0.41407750156725887,
  "inu_med": 1.3164258003234863,
  "inu_range": 0.35374917387962324,
  "provenance": {
    "md5sum": "7bfc22d8b2cd591e68d87ded6a94bf50",
    "settings": {
      "testing": false
    },
    "software": "mriqc",
    "version": "21.0.0rc2",
    "warnings": {
      "large_rot_frame": false,
      "small_air_mask": false
    },
    "webapi_port": null,
    "webapi_url": "https://mriqc.nimh.nih.gov/api/v1"
  },
  "qi_1": 0.0,
  "qi_2": 0.0034280567382205486,
  "rpve_csf": 13.148438256156409,
  "rpve_gm": 6.1608353087603405,
  "rpve_wm": 6.933347458353643,
  "size_x": 256,
  "size_y": 256,
  "size_z": 44,
  "snr_csf": 3.1350920767827595,
  "snr_gm": 9.3153016017559,
  "snr_total": 6.983270901128954,
  "snr_wm": 8.499419024848201,
  "snrd_csf": 159.22868459269978,
  "snrd_gm": 77.42109488098409,
  "snrd_total": 96.51725644753107,
  "snrd_wm": 52.901989868909354,
  "spacing_x": 0.75,
  "spacing_y": 0.75,
  "spacing_z": 2.999999761581421,
  "summary_bg_k": 13.810829977358754,
  "summary_bg_mad": 12.301263331508913,
  "summary_bg_mean": 21.852065589774092,
  "summary_bg_median": 19.326116122305393,
  "summary_bg_n": 717632.0,
  "summary_bg_p05": 2.8331479132175446,
  "summary_bg_p95": 50.18719160556793,
  "summary_bg_stdv": 15.335537203088297,
  "summary_csf_k": 0.6842346706044613,
  "summary_csf_mad": 807.3829176851337,
  "summary_csf_mean": 2882.666300112403,
  "summary_csf_median": 2989.7805192768574,
  "summary_csf_n": 113364.0,
  "summary_csf_p05": 666.9179595787078,
  "summary_csf_p95": 4189.719844378531,
  "summary_csf_stdv": 953.6457811713974,
  "summary_gm_k": 0.05225511857861731,
  "summary_gm_mad": 155.26594570867957,
  "summary_gm_mean": 1459.0755631792267,
  "summary_gm_median": 1453.7084310427308,
  "summary_gm_n": 207147.0,
  "summary_gm_p05": 1212.789674565196,
  "summary_gm_p95": 1724.6787921711802,
  "summary_gm_stdv": 156.05559372154633,
  "summary_wm_k": 0.10489762807844683,
  "summary_wm_mad": 113.71167811321654,
  "summary_wm_mean": 987.8253873194678,
  "summary_wm_median": 993.3218951448798,
  "summary_wm_n": 254257.0,
  "summary_wm_p05": 783.3653980046511,
  "summary_wm_p95": 1171.1019266992807,
  "summary_wm_stdv": 116.86915762799346,
  "tpm_overlap_csf": 0.17309391498565674,
  "tpm_overlap_gm": 0.41460683941841125,
  "tpm_overlap_wm": 0.47165948152542114,
  "wm2max": 0.21055679478380232
}