{
  "bids_meta": {
    "EchoTime": 0.00311,
    "FlipAngle": 15,
    "ImageType": [
      "ORIGINAL",
      "PRIMARY",
      "M",
      "ND",
      "NORM"
    ],
    "InversionTime": 1.1,
    "MagneticFieldStrength": 3,
    "Manufacturer": "Siemens",
    "ManufacturersModelName": "TrioTim",
    "Modality": "MR",
    "RepetitionTime": 1.63,
    "ScanningSequence": "GR_IR",
    "SequenceVariant": "SP_MP",
    "SliceThickness": 1,
    "dataset": "ds002843",
    "modality": "T1w",
    "session_id": "scan1",
    "subject_id": "dmp0273"
  },
  "cjv": 0.5986974348893707,
  "cnr": 2.3164982097287052,
  "efc": 0.6788274864787949,
  "fber": 6384.208984375,
  "fwhm_avg": 3.986992414378712,
  "fwhm_x": 3.9063425764694695,
  "fwhm_y": 4.21312,
  "fwhm_z": 3.841514666666667,
  "icvs_csf": 0.19585742150439317,
  "icvs_gm": 0.41949334814428235,
  "icvs_wm": 0.3846492303513245,
  "inu_med": 0.9152331948280334,
  "inu_range": 0.19657027125358595,
  "provenance": {
    "md5sum": "32b0b44b7c8a8bbbe46c72cd2c5ebc3a",
    "settings": {
      "testing": false
    },
    "software": "mriqc",
    "version": "21.0.0rc2",
    "warnings": {
      "large_rot_frame": true,
      "small_air_mask": false
    },
    "webapi_port": null,
    "webapi_url": "https://mriqc.nimh.nih.gov/api/v1"
  },
  "qi_1": 0.008996191393424682,
  "qi_2": 0.005700796087709365,
  "rpve_csf": 19.160312729981918,
  "rpve_gm": 9.423450826162043,
  "rpve_wm": 12.18312147719601,
  "size_x": 130,
  "size_y": 256,
  "size_z": 256,
  "snr_csf": 3.3271169053888032,
  "snr_gm": 15.255047819487602,
  "snr_total": 14.898775049398282,
  "snr_wm": 26.11416042331844,
  "snrd_csf": 74.8926339885849,
  "snrd_gm": 158.15355059424297,
  "snrd_total": 140.25362977220252,
  "snrd_wm": 187.7147047337797,
  "spacing_x": 1.006726861000061,
  "spacing_y": 0.9375,
  "spacing_z": 0.9375,
  "summary_bg_k": 34.391304039500746,
  "summary_bg_mad": 3.4902203771761426,
  "summary_bg_mean": 8.734179496765137,
  "summary_bg_median": 7.035437107086182,
  "summary_bg_n": 1121977.0,
  "summary_bg_p05": 2.3433650493621827,
  "summary_bg_p95": 21.380393981933594,
  "summary_bg_stdv": 10.246969223022461,
  "summary_csf_k": 45.412326306618496,
  "summary_csf_mad": 73.2455175422844,
  "summary_csf_mean": 429.2080383300781,
  "summary_csf_median": 398.9883728027344,
  "summary_csf_n": 30173.0,
  "summary_csf_p05": 313.2978149414063,
  "summary_csf_p95": 632.8857299804688,
  "summary_csf_stdv": 119.91816711425781,
  "summary_gm_k": -0.29316132452662735,
  "summary_gm_mad": 58.386963893754704,
  "summary_gm_mean": 842.094482421875,
  "summary_gm_median": 842.5585327148438,
  "summary_gm_n": 26199.0,
  "summary_gm_p05": 747.8166809082031,
  "summary_gm_p95": 928.4874450683593,
  "summary_gm_stdv": 55.230403900146484,
  "summary_wm_k": 0.8127324635876434,
  "summary_wm_mad": 35.89962370164557,
  "summary_wm_mean": 1002.936767578125,
  "summary_wm_median": 1000.0447387695312,
  "summary_wm_n": 191235.0,
  "summary_wm_p05": 945.4394714355469,
  "summary_wm_p95": 1070.2687255859375,
  "summary_wm_stdv": 38.295013427734375,
  "tpm_overlap_csf": 0.1863480806350708,
  "tpm_overlap_gm": 0.4514911472797394,
  "tpm_overlap_wm": 0.4871295988559723,
  "wm2max": 0.4691882836295562
}