{
  "bids_meta": {
    "EchoTime": 0.09,
    "FlipAngle": 180,
    "ImageType": [
      "ORIGINAL",
      "PRIMARY",
      "M",
      "ND",
      "NORM"
    ],
    "ImagingFrequency": 123.204,
    "MagneticFieldStrength": 3,
    "Manufacturer": "Siemens",
    "ManufacturersModelName": "TrioTim",
    "Modality": "MR",
    "PhaseEncodingDirection": "i",
    "RepetitionTime": 7,
    "ScanningSequence": "SE",
    "SequenceVariant": "SK_SP_OSP",
    "SliceThickness": 3,
    "SpacingBetweenSlices": 3,
    "dataset": "ds002843",
    "modality": "T2w",
    "session_id": "scan1",
    "subject_id": "dmp0596"
  },
  "cjv": 0.5881236817026368,
  "cnr": 2.3403914672242796,
  "efc": 0.5744774819621388,
  "fber": 3464.077028270874,
  "fwhm_avg": 2.6125443118694407,
  "fwhm_x": 3.05372,
  "fwhm_y": 3.1157333333333335,
  "fwhm_z": 1.6681796022749897,
  "icvs_csf": 0.1540373645025158,
  "icvs_gm": 0.42168508428951273,
  "icvs_wm": 0.42427755120797145,
  "inu_med": 1.2981469631195068,
  "inu_range": 0.4475639641284941,
  "provenance": {
    "md5sum": "89f287fd5d1f82c06e068eeaeb854489",
    "settings": {
      "testing": false
    },
    "software": "mriqc",
    "version": "21.0.0rc2",
    "warnings": {
      "large_rot_frame": false,
      "small_air_mask": false
    },
    "webapi_port": null,
    "webapi_url": "https://mriqc.nimh.nih.gov/api/v1"
  },
  "qi_1": 0.0,
  "qi_2": 0.003194737423761074,
  "rpve_csf": 14.539467111802034,
  "rpve_gm": 5.585188168179677,
  "rpve_wm": 6.383481133971044,
  "size_x": 256,
  "size_y": 256,
  "size_z": 44,
  "snr_csf": 2.825901218077699,
  "snr_gm": 9.06480805080321,
  "snr_total": 6.797555243254547,
  "snr_wm": 8.501956460882736,
  "snrd_csf": 160.28998972024948,
  "snrd_gm": 85.41474548144575,
  "snrd_total": 101.25086859503597,
  "snrd_wm": 58.04787058341263,
  "spacing_x": 0.75,
  "spacing_y": 0.75,
  "spacing_z": 3.0000007152557373,
  "summary_bg_k": 1581.4605745254867,
  "summary_bg_mad": 11.043036067595036,
  "summary_bg_mean": 19.018005505343655,
  "summary_bg_median": 14.997483529150486,
  "summary_bg_n": 829991.0,
  "summary_bg_p05": 2.51635629683733,
  "summary_bg_p95": 43.78459956496954,
  "summary_bg_stdv": 19.44487944281008,
  "summary_csf_k": 0.37180048847053815,
  "summary_csf_mad": 751.9710641163701,
  "summary_csf_mean": 2621.4882936007953,
  "summary_csf_median": 2701.862083040178,
  "summary_csf_n": 94199.0,
  "summary_csf_p05": 550.4579726457597,
  "summary_csf_p95": 4013.5983588807276,
  "summary_csf_stdv": 956.1012693833402,
  "summary_gm_k": 0.12673287522763887,
  "summary_gm_mad": 156.09480711762714,
  "summary_gm_mean": 1445.637107512327,
  "summary_gm_median": 1439.7584187984467,
  "summary_gm_n": 244342.0,
  "summary_gm_p05": 1195.7725122570992,
  "summary_gm_p95": 1717.9667709767818,
  "summary_gm_stdv": 158.8291185573128,
  "summary_wm_k": -0.014345957016680622,
  "summary_wm_mad": 115.20572762409957,
  "summary_wm_mean": 973.948031729193,
  "summary_wm_median": 978.4599824622273,
  "summary_wm_n": 280654.0,
  "summary_wm_p05": 776.0442819446325,
  "summary_wm_p95": 1155.108194500208,
  "summary_wm_stdv": 115.08624441728578,
  "tpm_overlap_csf": 0.16040673851966858,
  "tpm_overlap_gm": 0.4426106810569763,
  "tpm_overlap_wm": 0.4920240640640259,
  "wm2max": 0.2107012341248763
}