{
  "aor": 0.006663365384615385,
  "aqi": 0.0039926254807692305,
  "bids_meta": {
    "BandwidthPerPixelPhaseEncode": 31.25,
    "EchoTime": 0.025,
    "EffectiveEchoSpacing": 0.0005,
    "FlipAngle": 75,
    "ImageType": [
      "ORIGINAL",
      "PRIMARY",
      "M",
      "ND",
      "MOSAIC"
    ],
    "MagneticFieldStrength": 3,
    "Manufacturer": "Siemens",
    "ManufacturersModelName": "TrioTim",
    "Modality": "MR",
    "PhaseEncodingDirection": "j-",
    "PixelBandwidth": 3005,
    "RepetitionTime": 3,
    "ScanningSequence": "EP",
    "SequenceVariant": "SK",
    "SliceThickness": 3,
    "SliceTiming": [
      0,
      1.5225,
      0.055,
      1.58,
      0.1125,
      1.6375,
      0.17,
      1.6925,
      0.225,
      1.75,
      0.2825,
      1.805,
      0.3375,
      1.8625,
      0.395,
      1.92,
      0.45,
      1.975,
      0.5075,
      2.0325,
      0.565,
      2.0875,
      0.62,
      2.145,
      0.6775,
      2.2,
      0.7325,
      2.2575,
      0.79,
      2.315,
      0.8475,
      2.37,
      0.9025,
      2.4275,
      0.96,
      2.4825,
      1.015,
      2.54,
      1.0725,
      2.595,
      1.1275,
      2.6525,
      1.185,
      2.71,
      1.2425,
      2.765,
      1.2975,
      2.8225,
      1.355,
      2.8775,
      1.41,
      2.935,
      1.4675
    ],
    "SpacingBetweenSlices": 3,
    "TaskName": "risk choice task",
    "TotalReadoutTime": 0.0315,
    "dataset": "ds002843",
    "modality": "bold",
    "run_id": 2,
    "session_id": "scan1",
    "subject_id": "dmp0975",
    "task_id": "risk"
  },
  "dummy_trs": 0,
  "dvars_nstd": 28.102319421165046,
  "dvars_std": 1.21114253592233,
  "dvars_vstd": 1.036568348932039,
  "efc": 0.5864689377820612,
  "fber": 275.6846923828125,
  "fd_mean": 0.29670708673589974,
  "fd_num": 79,
  "fd_perc": 75.96153846153847,
  "fwhm_avg": 2.5059766666666667,
  "fwhm_x": 2.34254,
  "fwhm_y": 2.4562233333333334,
  "fwhm_z": 2.7191666666666667,
  "gcor": 0.0183918,
  "gsr_x": -0.0021776999346911907,
  "gsr_y": 0.08270352333784103,
  "provenance": {
    "md5sum": "fab6cb7fca6459e5f6d8f8a3f90eeacd",
    "settings": {
      "fd_thres": 0.2,
      "testing": false
    },
    "software": "mriqc",
    "version": "21.0.0rc2",
    "webapi_port": null,
    "webapi_url": "https://mriqc.nimh.nih.gov/api/v1"
  },
  "size_t": 104,
  "size_x": 64,
  "size_y": 64,
  "size_z": 53,
  "snr": 2.899967131577527,
  "spacing_tr": 3.0,
  "spacing_x": 3.0,
  "spacing_y": 3.0,
  "spacing_z": 3.0,
  "summary_bg_k": 39.770774696220364,
  "summary_bg_mad": 16.009252366695787,
  "summary_bg_mean": 73.99085998535156,
  "summary_bg_median": 37.028846740722656,
  "summary_bg_n": 130293.0,
  "summary_bg_p05": 24.25,
  "summary_bg_p95": 253.1673187255856,
  "summary_bg_stdv": 93.06301879882812,
  "summary_fg_k": 2.8280428760229954,
  "summary_fg_mad": 171.52564768572478,
  "summary_fg_mean": 670.8822021484375,
  "summary_fg_median": 620.548095703125,
  "summary_fg_n": 43558.0,
  "summary_fg_p05": 417.1437713623047,
  "summary_fg_p95": 1095.1116027832031,
  "summary_fg_stdv": 213.98207092285156,
  "tsnr": 66.37915571476333
}