{
  "aor": 0.0018049375000000003,
  "aqi": 0.0040601981875,
  "bids_meta": {
    "BandwidthPerPixelPhaseEncode": 31.25,
    "EchoTime": 0.025,
    "EffectiveEchoSpacing": 0.0005,
    "FlipAngle": 75,
    "ImageType": [
      "ORIGINAL",
      "PRIMARY",
      "M",
      "ND",
      "MOSAIC"
    ],
    "MagneticFieldStrength": 3,
    "Manufacturer": "Siemens",
    "ManufacturersModelName": "TrioTim",
    "Modality": "MR",
    "PhaseEncodingDirection": "j-",
    "PixelBandwidth": 3005,
    "RepetitionTime": 3,
    "ScanningSequence": "EP",
    "SequenceVariant": "SK",
    "SliceThickness": 3,
    "SliceTiming": [
      0,
      1.5225,
      0.055,
      1.58,
      0.1125,
      1.635,
      0.1675,
      1.6925,
      0.225,
      1.75,
      0.2825,
      1.805,
      0.3375,
      1.8625,
      0.395,
      1.9175,
      0.45,
      1.975,
      0.5075,
      2.03,
      0.5625,
      2.0875,
      0.62,
      2.145,
      0.6775,
      2.2,
      0.7325,
      2.2575,
      0.79,
      2.3125,
      0.845,
      2.37,
      0.9025,
      2.425,
      0.9575,
      2.4825,
      1.015,
      2.54,
      1.0725,
      2.595,
      1.1275,
      2.6525,
      1.185,
      2.7075,
      1.24,
      2.765,
      1.2975,
      2.8225,
      1.355,
      2.8775,
      1.41,
      2.935,
      1.4675
    ],
    "SpacingBetweenSlices": 3,
    "TaskName": "rest",
    "TotalReadoutTime": 0.0315,
    "dataset": "ds002843",
    "modality": "bold",
    "session_id": "scan1",
    "subject_id": "dmp0154",
    "task_id": "rest"
  },
  "dummy_trs": 0,
  "dvars_nstd": 16.865153816855354,
  "dvars_std": 1.108097255283018,
  "dvars_vstd": 0.9959564299371069,
  "efc": 0.5505476766984798,
  "fber": 373.3133239746094,
  "fd_mean": 0.05205414716780924,
  "fd_num": 1,
  "fd_perc": 0.625,
  "fwhm_avg": 2.41134764586282,
  "fwhm_x": 2.25442,
  "fwhm_y": 2.2177031570861216,
  "fwhm_z": 2.7619197805023368,
  "gcor": 0.058648,
  "gsr_x": -0.015808256343007088,
  "gsr_y": 0.04327394440770149,
  "provenance": {
    "md5sum": "c9f4fdd637301d2371ddd51a34c89ef2",
    "settings": {
      "fd_thres": 0.2,
      "testing": false
    },
    "software": "mriqc",
    "version": "21.0.0rc2",
    "webapi_port": null,
    "webapi_url": "https://mriqc.nimh.nih.gov/api/v1"
  },
  "size_t": 160,
  "size_x": 64,
  "size_y": 64,
  "size_z": 53,
  "snr": 3.4896852122529065,
  "spacing_tr": 3.0,
  "spacing_x": 3.0,
  "spacing_y": 3.000000238418579,
  "spacing_z": 3.000000238418579,
  "summary_bg_k": 42.64364911890785,
  "summary_bg_mad": 10.331884210210914,
  "summary_bg_mean": 59.98086929321289,
  "summary_bg_median": 31.787500381469727,
  "summary_bg_n": 141815.0,
  "summary_bg_p05": 24.443750381469727,
  "summary_bg_p95": 197.40625,
  "summary_bg_stdv": 70.61424255371094,
  "summary_fg_k": 2.0159673486178624,
  "summary_fg_mad": 147.99146400211282,
  "summary_fg_mean": 658.6346435546875,
  "summary_fg_median": 623.7937622070312,
  "summary_fg_n": 34799.0,
  "summary_fg_p05": 428.7774993896484,
  "summary_fg_p95": 1000.3037597656248,
  "summary_fg_stdv": 178.7510223388672,
  "tsnr": 85.03541491366923
}