{
  "aor": 0.01688798076923077,
  "aqi": 0.005001706730769231,
  "bids_meta": {
    "BandwidthPerPixelPhaseEncode": 31.25,
    "EchoTime": 0.025,
    "EffectiveEchoSpacing": 0.0005,
    "FlipAngle": 75,
    "ImageType": [
      "ORIGINAL",
      "PRIMARY",
      "M",
      "ND",
      "MOSAIC"
    ],
    "MagneticFieldStrength": 3,
    "Manufacturer": "Siemens",
    "ManufacturersModelName": "TrioTim",
    "Modality": "MR",
    "PhaseEncodingDirection": "j-",
    "PixelBandwidth": 3005,
    "RepetitionTime": 3,
    "ScanningSequence": "EP",
    "SequenceVariant": "SK",
    "SliceThickness": 3,
    "SliceTiming": [
      0,
      1.5225,
      0.055,
      1.58,
      0.1125,
      1.6375,
      0.17,
      1.6925,
      0.225,
      1.75,
      0.2825,
      1.805,
      0.3375,
      1.8625,
      0.395,
      1.92,
      0.45,
      1.975,
      0.5075,
      2.0325,
      0.565,
      2.0875,
      0.62,
      2.145,
      0.6775,
      2.2,
      0.7325,
      2.2575,
      0.79,
      2.315,
      0.8475,
      2.37,
      0.9025,
      2.4275,
      0.96,
      2.4825,
      1.015,
      2.54,
      1.0725,
      2.595,
      1.1275,
      2.6525,
      1.185,
      2.71,
      1.2425,
      2.765,
      1.2975,
      2.8225,
      1.355,
      2.8775,
      1.41,
      2.935,
      1.4675
    ],
    "SpacingBetweenSlices": 3,
    "TaskName": "risk choice task",
    "TotalReadoutTime": 0.0315,
    "dataset": "ds002843",
    "modality": "bold",
    "run_id": 2,
    "session_id": "scan1",
    "subject_id": "dmp0154",
    "task_id": "risk"
  },
  "dummy_trs": 0,
  "dvars_nstd": 19.2645737461165,
  "dvars_std": 1.155489665631068,
  "dvars_vstd": 1.0405865,
  "efc": 0.5568179886755299,
  "fber": 360.0106201171875,
  "fd_mean": 0.07748600978232699,
  "fd_num": 9,
  "fd_perc": 8.653846153846153,
  "fwhm_avg": 2.355909870539075,
  "fwhm_x": 2.1807433333333335,
  "fwhm_y": 2.2120264908705956,
  "fwhm_z": 2.6749597874132958,
  "gcor": 0.0323502,
  "gsr_x": -0.014245848171412945,
  "gsr_y": 0.04708471521735191,
  "provenance": {
    "md5sum": "2211d2a46710472cb304ee0c89a9502a",
    "settings": {
      "fd_thres": 0.2,
      "testing": false
    },
    "software": "mriqc",
    "version": "21.0.0rc2",
    "webapi_port": null,
    "webapi_url": "https://mriqc.nimh.nih.gov/api/v1"
  },
  "size_t": 104,
  "size_x": 64,
  "size_y": 64,
  "size_z": 53,
  "snr": 3.6499175965600634,
  "spacing_tr": 3.0,
  "spacing_x": 3.0,
  "spacing_y": 3.000000238418579,
  "spacing_z": 3.000000238418579,
  "summary_bg_k": 24.049256492649494,
  "summary_bg_mad": 10.178635114241763,
  "summary_bg_mean": 60.3055419921875,
  "summary_bg_median": 31.846155166625977,
  "summary_bg_n": 141682.0,
  "summary_bg_p05": 24.557693481445312,
  "summary_bg_p95": 201.81684036254865,
  "summary_bg_stdv": 67.77637481689453,
  "summary_fg_k": 1.8478014565496848,
  "summary_fg_mad": 140.54782175413047,
  "summary_fg_mean": 645.5275268554688,
  "summary_fg_median": 613.22119140625,
  "summary_fg_n": 34828.0,
  "summary_fg_p05": 429.4755081176758,
  "summary_fg_p95": 965.1538696289062,
  "summary_fg_stdv": 168.00718688964844,
  "tsnr": 66.4816222190857
}