{
  "aor": 0.002978846153846154,
  "aqi": 0.004478419615384616,
  "bids_meta": {
    "BandwidthPerPixelPhaseEncode": 31.25,
    "EchoTime": 0.025,
    "EffectiveEchoSpacing": 0.0005,
    "FlipAngle": 75,
    "ImageType": [
      "ORIGINAL",
      "PRIMARY",
      "M",
      "ND",
      "MOSAIC"
    ],
    "MagneticFieldStrength": 3,
    "Manufacturer": "Siemens",
    "ManufacturersModelName": "TrioTim",
    "Modality": "MR",
    "PhaseEncodingDirection": "j-",
    "PixelBandwidth": 3005,
    "RepetitionTime": 3,
    "ScanningSequence": "EP",
    "SequenceVariant": "SK",
    "SliceThickness": 3,
    "SliceTiming": [
      0,
      1.5225,
      0.055,
      1.58,
      0.1125,
      1.6375,
      0.17,
      1.6925,
      0.225,
      1.75,
      0.2825,
      1.805,
      0.3375,
      1.8625,
      0.395,
      1.92,
      0.45,
      1.975,
      0.5075,
      2.0325,
      0.565,
      2.0875,
      0.62,
      2.145,
      0.6775,
      2.2,
      0.7325,
      2.2575,
      0.79,
      2.315,
      0.8475,
      2.37,
      0.9025,
      2.4275,
      0.96,
      2.4825,
      1.015,
      2.54,
      1.0725,
      2.595,
      1.1275,
      2.6525,
      1.185,
      2.71,
      1.2425,
      2.765,
      1.2975,
      2.8225,
      1.355,
      2.8775,
      1.41,
      2.935,
      1.4675
    ],
    "SpacingBetweenSlices": 3,
    "TaskName": "risk choice task",
    "TotalReadoutTime": 0.0315,
    "dataset": "ds002843",
    "modality": "bold",
    "run_id": 3,
    "session_id": "scan1",
    "subject_id": "dmp0574",
    "task_id": "risk"
  },
  "dummy_trs": 0,
  "dvars_nstd": 27.272373199708742,
  "dvars_std": 1.1285897866019419,
  "dvars_vstd": 0.9518168831067964,
  "efc": 0.5646067442527756,
  "fber": 312.4696350097656,
  "fd_mean": 0.13573730832784592,
  "fd_num": 19,
  "fd_perc": 18.26923076923077,
  "fwhm_avg": 3.1268822222222226,
  "fwhm_x": 3.02356,
  "fwhm_y": 2.9424200000000003,
  "fwhm_z": 3.4146666666666667,
  "gcor": 0.0292121,
  "gsr_x": -0.014546583406627178,
  "gsr_y": 0.09629309922456741,
  "provenance": {
    "md5sum": "027fb65c54aa1d990592ef48d15f1636",
    "settings": {
      "fd_thres": 0.2,
      "testing": false
    },
    "software": "mriqc",
    "version": "21.0.0rc2",
    "webapi_port": null,
    "webapi_url": "https://mriqc.nimh.nih.gov/api/v1"
  },
  "size_t": 104,
  "size_x": 64,
  "size_y": 64,
  "size_z": 53,
  "snr": 1.835789249373267,
  "spacing_tr": 3.0,
  "spacing_x": 3.0,
  "spacing_y": 3.0,
  "spacing_z": 3.0,
  "summary_bg_k": 15.542175652703644,
  "summary_bg_mad": 17.377807825648755,
  "summary_bg_mean": 96.54332733154297,
  "summary_bg_median": 41.79807662963867,
  "summary_bg_n": 124069.0,
  "summary_bg_p05": 28.826923370361328,
  "summary_bg_p95": 362.1615600585935,
  "summary_bg_stdv": 132.6566619873047,
  "summary_fg_k": 3.6390030083574683,
  "summary_fg_mad": 289.8345266531293,
  "summary_fg_mean": 884.77197265625,
  "summary_fg_median": 764.144287109375,
  "summary_fg_n": 46499.0,
  "summary_fg_p05": 448.2490661621094,
  "summary_fg_p95": 1747.1250854492187,
  "summary_fg_stdv": 416.243896484375,
  "tsnr": 59.25317762698978
}