{
  "aor": 0.008179230769230768,
  "aqi": 0.0029662143269230767,
  "bids_meta": {
    "BandwidthPerPixelPhaseEncode": 31.25,
    "EchoTime": 0.025,
    "EffectiveEchoSpacing": 0.0005,
    "FlipAngle": 75,
    "ImageType": [
      "ORIGINAL",
      "PRIMARY",
      "M",
      "ND",
      "MOSAIC"
    ],
    "MagneticFieldStrength": 3,
    "Manufacturer": "Siemens",
    "ManufacturersModelName": "TrioTim",
    "Modality": "MR",
    "PhaseEncodingDirection": "j-",
    "PixelBandwidth": 3005,
    "RepetitionTime": 3,
    "ScanningSequence": "EP",
    "SequenceVariant": "SK",
    "SliceThickness": 3,
    "SliceTiming": [
      0,
      1.5225,
      0.055,
      1.58,
      0.1125,
      1.6375,
      0.17,
      1.6925,
      0.225,
      1.75,
      0.2825,
      1.805,
      0.3375,
      1.8625,
      0.395,
      1.92,
      0.45,
      1.975,
      0.5075,
      2.0325,
      0.565,
      2.0875,
      0.62,
      2.145,
      0.6775,
      2.2,
      0.7325,
      2.2575,
      0.79,
      2.315,
      0.8475,
      2.37,
      0.9025,
      2.4275,
      0.96,
      2.4825,
      1.015,
      2.54,
      1.0725,
      2.595,
      1.1275,
      2.6525,
      1.185,
      2.71,
      1.2425,
      2.765,
      1.2975,
      2.8225,
      1.355,
      2.8775,
      1.41,
      2.935,
      1.4675
    ],
    "SpacingBetweenSlices": 3,
    "TaskName": "intertemporal choice task",
    "TotalReadoutTime": 0.0315,
    "dataset": "ds002843",
    "modality": "bold",
    "run_id": 4,
    "session_id": "scan1",
    "subject_id": "dmp0574",
    "task_id": "itc"
  },
  "dummy_trs": 0,
  "dvars_nstd": 28.52267659728155,
  "dvars_std": 1.2888462033009715,
  "dvars_vstd": 1.0527320102912616,
  "efc": 0.5653705927239572,
  "fber": 305.37640380859375,
  "fd_mean": 0.16119484718510949,
  "fd_num": 21,
  "fd_perc": 20.192307692307693,
  "fwhm_avg": 3.178341111111111,
  "fwhm_x": 3.068303333333333,
  "fwhm_y": 2.99492,
  "fwhm_z": 3.4718,
  "gcor": 0.0295191,
  "gsr_x": -0.01578379049897194,
  "gsr_y": 0.09669533371925354,
  "provenance": {
    "md5sum": "ddb24de010b5c62e1bf43929a2f21fb3",
    "settings": {
      "fd_thres": 0.2,
      "testing": false
    },
    "software": "mriqc",
    "version": "21.0.0rc2",
    "webapi_port": null,
    "webapi_url": "https://mriqc.nimh.nih.gov/api/v1"
  },
  "size_t": 104,
  "size_x": 64,
  "size_y": 64,
  "size_z": 53,
  "snr": 1.8621624204376157,
  "spacing_tr": 3.0,
  "spacing_x": 3.0,
  "spacing_y": 3.0,
  "spacing_z": 3.0,
  "summary_bg_k": 15.820302218913575,
  "summary_bg_mad": 18.532530559159337,
  "summary_bg_mean": 96.33134460449219,
  "summary_bg_median": 41.84615707397461,
  "summary_bg_n": 124033.0,
  "summary_bg_p05": 26.557693481445312,
  "summary_bg_p95": 361.3846435546875,
  "summary_bg_stdv": 133.73477172851562,
  "summary_fg_k": 3.609839815009572,
  "summary_fg_mad": 285.9854075145579,
  "summary_fg_mean": 877.37060546875,
  "summary_fg_median": 759.956787109375,
  "summary_fg_n": 46462.0,
  "summary_fg_p05": 446.7692565917969,
  "summary_fg_p95": 1715.4337280273432,
  "summary_fg_stdv": 408.1000671386719,
  "tsnr": 69.69223309820518
}