{
  "bids_meta": {
    "EchoTime": 0.00311,
    "FlipAngle": 15,
    "ImageType": [
      "ORIGINAL",
      "PRIMARY",
      "M",
      "ND",
      "NORM"
    ],
    "InversionTime": 1.1,
    "MagneticFieldStrength": 3,
    "Manufacturer": "Siemens",
    "ManufacturersModelName": "TrioTim",
    "Modality": "MR",
    "RepetitionTime": 1.63,
    "ScanningSequence": "GR_IR",
    "SequenceVariant": "SP_MP",
    "SliceThickness": 1,
    "dataset": "ds002843",
    "modality": "T1w",
    "session_id": "scan2",
    "subject_id": "dmp1090"
  },
  "cjv": 0.6631610731154902,
  "cnr": 2.0123504226830664,
  "efc": 0.5636631209837314,
  "fber": 14822.134765625,
  "fwhm_avg": 3.300662222222222,
  "fwhm_x": 3.1679359999999996,
  "fwhm_y": 3.598730666666667,
  "fwhm_z": 3.13532,
  "icvs_csf": 0.18589721868206904,
  "icvs_gm": 0.4146013791477705,
  "icvs_wm": 0.39950140217016045,
  "inu_med": 1.1028724908828735,
  "inu_range": 0.317050290107727,
  "provenance": {
    "md5sum": "eb7cfce5a98f47fa3c419d6a35a1d4a9",
    "settings": {
      "testing": false
    },
    "software": "mriqc",
    "version": "21.0.0rc2",
    "warnings": {
      "large_rot_frame": true,
      "small_air_mask": false
    },
    "webapi_port": null,
    "webapi_url": "https://mriqc.nimh.nih.gov/api/v1"
  },
  "qi_1": 6.196339881045027e-05,
  "qi_2": 0.01229885773957729,
  "rpve_csf": 17.453805432807698,
  "rpve_gm": 8.165442423713907,
  "rpve_wm": 9.990016285491752,
  "size_x": 192,
  "size_y": 256,
  "size_z": 160,
  "snr_csf": 1.9997610874505112,
  "snr_gm": 10.685544154520858,
  "snr_total": 13.490927689425035,
  "snr_wm": 27.78747782630374,
  "snrd_csf": 43.17569404369063,
  "snrd_gm": 91.56963868606239,
  "snrd_total": 81.80893036543131,
  "snrd_wm": 110.68145836654092,
  "spacing_x": 0.9375,
  "spacing_y": 0.9375,
  "spacing_z": 1.0,
  "summary_bg_k": 15.66581249292993,
  "summary_bg_mad": 5.919182351943956,
  "summary_bg_mean": 7.7951860427856445,
  "summary_bg_median": 6.004932403564453,
  "summary_bg_n": 2494313.0,
  "summary_bg_p05": 0.0,
  "summary_bg_p95": 23.959896850585935,
  "summary_bg_stdv": 8.570846557617188,
  "summary_csf_k": 60.89889245180631,
  "summary_csf_mad": 83.12297928601701,
  "summary_csf_mean": 432.4820251464844,
  "summary_csf_median": 390.09405517578125,
  "summary_csf_n": 24384.0,
  "summary_csf_p05": 283.1080978393555,
  "summary_csf_p95": 661.4961975097656,
  "summary_csf_stdv": 195.0663299560547,
  "summary_gm_k": -0.35951173096685807,
  "summary_gm_mad": 81.89657930940253,
  "summary_gm_mean": 832.46240234375,
  "summary_gm_median": 827.335205078125,
  "summary_gm_n": 21887.0,
  "summary_gm_p05": 712.1993347167969,
  "summary_gm_p95": 963.7118774414063,
  "summary_gm_stdv": 77.42388153076172,
  "summary_wm_k": 1.832597851831566,
  "summary_wm_mad": 32.61543898996198,
  "summary_wm_mean": 1002.3009033203125,
  "summary_wm_median": 1000.01123046875,
  "summary_wm_n": 208567.0,
  "summary_wm_p05": 949.2978759765625,
  "summary_wm_p95": 1063.5933959960937,
  "summary_wm_stdv": 35.98775100708008,
  "tpm_overlap_csf": 0.16295871138572693,
  "tpm_overlap_gm": 0.433598130941391,
  "tpm_overlap_wm": 0.46835076808929443,
  "wm2max": 0.5094736779048706
}