{
  "aor": 0.003906125,
  "aqi": 0.004557848625,
  "bids_meta": {
    "BandwidthPerPixelPhaseEncode": 31.25,
    "EchoTime": 0.025,
    "EffectiveEchoSpacing": 0.0005,
    "FlipAngle": 75,
    "ImageType": [
      "ORIGINAL",
      "PRIMARY",
      "M",
      "ND",
      "MOSAIC"
    ],
    "MagneticFieldStrength": 3,
    "Manufacturer": "Siemens",
    "ManufacturersModelName": "TrioTim",
    "Modality": "MR",
    "PhaseEncodingDirection": "j-",
    "PixelBandwidth": 3005,
    "RepetitionTime": 3,
    "ScanningSequence": "EP",
    "SequenceVariant": "SK",
    "SliceThickness": 3,
    "SliceTiming": [
      0,
      1.5225,
      0.055,
      1.58,
      0.1125,
      1.635,
      0.1675,
      1.6925,
      0.225,
      1.75,
      0.2825,
      1.805,
      0.3375,
      1.8625,
      0.395,
      1.9175,
      0.45,
      1.975,
      0.5075,
      2.03,
      0.5625,
      2.0875,
      0.62,
      2.145,
      0.6775,
      2.2,
      0.7325,
      2.2575,
      0.79,
      2.3125,
      0.845,
      2.37,
      0.9025,
      2.425,
      0.9575,
      2.4825,
      1.015,
      2.54,
      1.0725,
      2.595,
      1.1275,
      2.6525,
      1.185,
      2.7075,
      1.24,
      2.765,
      1.2975,
      2.8225,
      1.355,
      2.8775,
      1.41,
      2.935,
      1.4675
    ],
    "SpacingBetweenSlices": 3,
    "TaskName": "rest",
    "TotalReadoutTime": 0.0315,
    "dataset": "ds002843",
    "modality": "bold",
    "session_id": "scan1",
    "subject_id": "dmp0290",
    "task_id": "rest"
  },
  "dummy_trs": 0,
  "dvars_nstd": 22.962526849559755,
  "dvars_std": 1.0977675433333334,
  "dvars_vstd": 0.9882221350314471,
  "efc": 0.6126518451137515,
  "fber": 206.50045776367188,
  "fd_mean": 0.10142480275228188,
  "fd_num": 13,
  "fd_perc": 8.125,
  "fwhm_avg": 2.73569,
  "fwhm_x": 2.5391133333333333,
  "fwhm_y": 2.597303333333333,
  "fwhm_z": 3.070653333333333,
  "gcor": 0.0527605,
  "gsr_x": 0.025037959218025208,
  "gsr_y": 0.10618080198764801,
  "provenance": {
    "md5sum": "6ad91611cc789d1e1114e692608152a4",
    "settings": {
      "fd_thres": 0.2,
      "testing": false
    },
    "software": "mriqc",
    "version": "21.0.0rc2",
    "webapi_port": null,
    "webapi_url": "https://mriqc.nimh.nih.gov/api/v1"
  },
  "size_t": 160,
  "size_x": 64,
  "size_y": 64,
  "size_z": 53,
  "snr": 2.468094266026173,
  "spacing_tr": 3.0,
  "spacing_x": 3.0,
  "spacing_y": 3.0,
  "spacing_z": 3.0,
  "summary_bg_k": 31.102941502834803,
  "summary_bg_mad": 19.940998142196758,
  "summary_bg_mean": 94.74779510498047,
  "summary_bg_median": 42.33124923706055,
  "summary_bg_n": 122439.0,
  "summary_bg_p05": 27.850000381469727,
  "summary_bg_p95": 372.69562988281234,
  "summary_bg_stdv": 137.93592834472656,
  "summary_fg_k": 4.801004618840212,
  "summary_fg_mad": 204.78443143108626,
  "summary_fg_mean": 682.1111450195312,
  "summary_fg_median": 627.7937622070312,
  "summary_fg_n": 47350.0,
  "summary_fg_p05": 387.0396957397461,
  "summary_fg_p95": 1168.0159667968744,
  "summary_fg_stdv": 254.361083984375,
  "tsnr": 64.20578423235565
}