{
  "bids_meta": {
    "EchoTime": 0.00311,
    "FlipAngle": 15,
    "ImageType": [
      "ORIGINAL",
      "PRIMARY",
      "M",
      "ND",
      "NORM"
    ],
    "InversionTime": 1.1,
    "MagneticFieldStrength": 3,
    "Manufacturer": "Siemens",
    "ManufacturersModelName": "TrioTim",
    "Modality": "MR",
    "RepetitionTime": 1.63,
    "ScanningSequence": "GR_IR",
    "SequenceVariant": "SP_MP",
    "SliceThickness": 1,
    "dataset": "ds002843",
    "modality": "T1w",
    "session_id": "scan1",
    "subject_id": "dmp0889"
  },
  "cjv": 0.384550453679744,
  "cnr": 3.359737010619549,
  "efc": 0.5703338274278047,
  "fber": 10971.96484375,
  "fwhm_avg": 3.01572,
  "fwhm_x": 2.9248320000000003,
  "fwhm_y": 3.272608,
  "fwhm_z": 2.84972,
  "icvs_csf": 0.15074146009272732,
  "icvs_gm": 0.46364891400234803,
  "icvs_wm": 0.3856096259049246,
  "inu_med": 1.0444151163101196,
  "inu_range": 0.1876879036426543,
  "provenance": {
    "md5sum": "3bb39b8d8b6dd383f06cc88d90bd5981",
    "settings": {
      "testing": false
    },
    "software": "mriqc",
    "version": "21.0.0rc2",
    "warnings": {
      "large_rot_frame": true,
      "small_air_mask": false
    },
    "webapi_port": null,
    "webapi_url": "https://mriqc.nimh.nih.gov/api/v1"
  },
  "qi_1": 0.004496007055019353,
  "qi_2": 0.003854315647286092,
  "rpve_csf": 22.33824237629212,
  "rpve_gm": 8.530230779786462,
  "rpve_wm": 11.622406000433298,
  "size_x": 192,
  "size_y": 256,
  "size_z": 160,
  "snr_csf": 0.6267667169210244,
  "snr_gm": 13.44196384248936,
  "snr_total": 14.021720678541262,
  "snr_wm": 27.996431476213402,
  "snrd_csf": 50.817060076411366,
  "snrd_gm": 101.68144957853659,
  "snrd_total": 94.80820188102426,
  "snrd_wm": 131.9260959881248,
  "spacing_x": 0.9375,
  "spacing_y": 0.9375,
  "spacing_z": 1.0,
  "summary_bg_k": 51.13553004643523,
  "summary_bg_mad": 4.966038962646242,
  "summary_bg_mean": 9.837621688842773,
  "summary_bg_median": 6.678267002105713,
  "summary_bg_n": 2318457.0,
  "summary_bg_p05": 0.0,
  "summary_bg_p95": 26.71386795043945,
  "summary_bg_stdv": 9.626983642578125,
  "summary_csf_k": 18.217460762975517,
  "summary_csf_mad": 107.89713657495291,
  "summary_csf_mean": 569.278076171875,
  "summary_csf_median": 385.20147705078125,
  "summary_csf_n": 16238.0,
  "summary_csf_p05": 265.84754943847656,
  "summary_csf_p95": 1701.3892944335912,
  "summary_csf_stdv": 614.566162109375,
  "summary_gm_k": 0.24788049178496108,
  "summary_gm_mad": 55.66101728546229,
  "summary_gm_mean": 773.3043823242188,
  "summary_gm_median": 770.76171875,
  "summary_gm_n": 30621.0,
  "summary_gm_p05": 683.5934448242188,
  "summary_gm_p95": 872.1552734375,
  "summary_gm_stdv": 57.339027404785156,
  "summary_wm_k": 1.009501141156699,
  "summary_wm_mad": 32.50074182736702,
  "summary_wm_mean": 1000.6575317382812,
  "summary_wm_median": 1000.02099609375,
  "summary_wm_n": 182452.0,
  "summary_wm_p05": 943.9636077880859,
  "summary_wm_p95": 1059.7749694824217,
  "summary_wm_stdv": 35.71949005126953,
  "tpm_overlap_csf": 0.1618821620941162,
  "tpm_overlap_gm": 0.445235937833786,
  "tpm_overlap_wm": 0.4828281104564667,
  "wm2max": 0.4517306363880123
}