{
  "aor": 0.0021760625,
  "aqi": 0.0035175463125,
  "bids_meta": {
    "BandwidthPerPixelPhaseEncode": 31.25,
    "EchoTime": 0.025,
    "EffectiveEchoSpacing": 0.0005,
    "FlipAngle": 75,
    "ImageType": [
      "ORIGINAL",
      "PRIMARY",
      "M",
      "ND",
      "MOSAIC"
    ],
    "MagneticFieldStrength": 3,
    "Manufacturer": "Siemens",
    "ManufacturersModelName": "TrioTim",
    "Modality": "MR",
    "PhaseEncodingDirection": "j-",
    "PixelBandwidth": 3005,
    "RepetitionTime": 3,
    "ScanningSequence": "EP",
    "SequenceVariant": "SK",
    "SliceThickness": 3,
    "SliceTiming": [
      0,
      1.5225,
      0.055,
      1.58,
      0.1125,
      1.635,
      0.1675,
      1.6925,
      0.225,
      1.75,
      0.2825,
      1.805,
      0.3375,
      1.8625,
      0.395,
      1.9175,
      0.45,
      1.975,
      0.5075,
      2.03,
      0.5625,
      2.0875,
      0.62,
      2.145,
      0.6775,
      2.2,
      0.7325,
      2.2575,
      0.79,
      2.3125,
      0.845,
      2.37,
      0.9025,
      2.425,
      0.9575,
      2.4825,
      1.015,
      2.54,
      1.0725,
      2.595,
      1.1275,
      2.6525,
      1.185,
      2.7075,
      1.24,
      2.765,
      1.2975,
      2.8225,
      1.355,
      2.8775,
      1.41,
      2.935,
      1.4675
    ],
    "SpacingBetweenSlices": 3,
    "TaskName": "rest",
    "TotalReadoutTime": 0.0315,
    "dataset": "ds002843",
    "modality": "bold",
    "session_id": "scan1",
    "subject_id": "dmp1252",
    "task_id": "rest"
  },
  "dummy_trs": 0,
  "dvars_nstd": 22.724733328679246,
  "dvars_std": 1.2177594340251574,
  "dvars_vstd": 1.0084974007547176,
  "efc": 0.5956405776288553,
  "fber": 312.4918518066406,
  "fd_mean": 0.06093157673875622,
  "fd_num": 3,
  "fd_perc": 1.875,
  "fwhm_avg": 2.6862577777777776,
  "fwhm_x": 2.497196666666667,
  "fwhm_y": 2.53173,
  "fwhm_z": 3.0298466666666664,
  "gcor": 0.0314161,
  "gsr_x": -0.02111981250345707,
  "gsr_y": 0.04826392978429794,
  "provenance": {
    "md5sum": "5533b5760b2459f64ff8b7de5743427c",
    "settings": {
      "fd_thres": 0.2,
      "testing": false
    },
    "software": "mriqc",
    "version": "21.0.0rc2",
    "webapi_port": null,
    "webapi_url": "https://mriqc.nimh.nih.gov/api/v1"
  },
  "size_t": 160,
  "size_x": 64,
  "size_y": 64,
  "size_z": 53,
  "snr": 3.0077489511717337,
  "spacing_tr": 3.0,
  "spacing_x": 3.0,
  "spacing_y": 3.0,
  "spacing_z": 3.0,
  "summary_bg_k": 57.197138362757,
  "summary_bg_mad": 13.788199500966373,
  "summary_bg_mean": 70.3401107788086,
  "summary_bg_median": 35.0625,
  "summary_bg_n": 124060.0,
  "summary_bg_p05": 24.712499618530273,
  "summary_bg_p95": 224.43344650268503,
  "summary_bg_stdv": 92.05043029785156,
  "summary_fg_k": 2.5563751883316934,
  "summary_fg_mad": 184.06510162381372,
  "summary_fg_mean": 677.9315185546875,
  "summary_fg_median": 638.9187622070312,
  "summary_fg_n": 47842.0,
  "summary_fg_p05": 408.0096939086914,
  "summary_fg_p95": 1076.498126220703,
  "summary_fg_stdv": 212.42201232910156,
  "tsnr": 75.45528169674799
}