{
  "aor": 0.0046807692307692305,
  "aqi": 0.0029053412500000004,
  "bids_meta": {
    "BandwidthPerPixelPhaseEncode": 31.25,
    "EchoTime": 0.025,
    "EffectiveEchoSpacing": 0.0005,
    "FlipAngle": 75,
    "ImageType": [
      "ORIGINAL",
      "PRIMARY",
      "M",
      "ND",
      "MOSAIC"
    ],
    "MagneticFieldStrength": 3,
    "Manufacturer": "Siemens",
    "ManufacturersModelName": "TrioTim",
    "Modality": "MR",
    "PhaseEncodingDirection": "j-",
    "PixelBandwidth": 3005,
    "RepetitionTime": 3,
    "ScanningSequence": "EP",
    "SequenceVariant": "SK",
    "SliceThickness": 3,
    "SliceTiming": [
      0,
      1.5225,
      0.055,
      1.58,
      0.1125,
      1.6375,
      0.17,
      1.6925,
      0.225,
      1.75,
      0.2825,
      1.805,
      0.3375,
      1.8625,
      0.395,
      1.92,
      0.45,
      1.975,
      0.5075,
      2.0325,
      0.565,
      2.0875,
      0.62,
      2.145,
      0.6775,
      2.2,
      0.7325,
      2.2575,
      0.79,
      2.315,
      0.8475,
      2.37,
      0.9025,
      2.4275,
      0.96,
      2.4825,
      1.015,
      2.54,
      1.0725,
      2.595,
      1.1275,
      2.6525,
      1.185,
      2.71,
      1.2425,
      2.765,
      1.2975,
      2.8225,
      1.355,
      2.8775,
      1.41,
      2.935,
      1.4675
    ],
    "SpacingBetweenSlices": 3,
    "TaskName": "intertemporal choice task",
    "TotalReadoutTime": 0.0315,
    "dataset": "ds002843",
    "modality": "bold",
    "run_id": 3,
    "session_id": "scan1",
    "subject_id": "dmp0389",
    "task_id": "itc"
  },
  "dummy_trs": 0,
  "dvars_nstd": 23.761188932718444,
  "dvars_std": 1.2283304184466028,
  "dvars_vstd": 1.0302086666990296,
  "efc": 0.5901669059208062,
  "fber": 324.163330078125,
  "fd_mean": 0.11524767427162323,
  "fd_num": 8,
  "fd_perc": 7.6923076923076925,
  "fwhm_avg": 2.7157211111111113,
  "fwhm_x": 2.53851,
  "fwhm_y": 2.69689,
  "fwhm_z": 2.9117633333333335,
  "gcor": 0.0348744,
  "gsr_x": -0.0054494887590408325,
  "gsr_y": 0.07214179635047913,
  "provenance": {
    "md5sum": "e58a114cf7bd3fe304b4b811249333c6",
    "settings": {
      "fd_thres": 0.2,
      "testing": false
    },
    "software": "mriqc",
    "version": "21.0.0rc2",
    "webapi_port": null,
    "webapi_url": "https://mriqc.nimh.nih.gov/api/v1"
  },
  "size_t": 104,
  "size_x": 64,
  "size_y": 64,
  "size_z": 53,
  "snr": 2.777934023657867,
  "spacing_tr": 3.0,
  "spacing_x": 3.0,
  "spacing_y": 3.0,
  "spacing_z": 3.0,
  "summary_bg_k": 23.576688492360724,
  "summary_bg_mad": 14.441116492445369,
  "summary_bg_mean": 76.08879852294922,
  "summary_bg_median": 37.58654022216797,
  "summary_bg_n": 124780.0,
  "summary_bg_p05": 27.13461685180664,
  "summary_bg_p95": 259.83702850341786,
  "summary_bg_stdv": 95.7003402709961,
  "summary_fg_k": 2.2951101884489526,
  "summary_fg_mad": 214.33583199050307,
  "summary_fg_mean": 746.2634887695312,
  "summary_fg_median": 698.9615478515625,
  "summary_fg_n": 47027.0,
  "summary_fg_p05": 430.1529083251953,
  "summary_fg_p95": 1228.2923461914063,
  "summary_fg_stdv": 251.6093292236328,
  "tsnr": 78.27906321058981
}