{
  "aor": 0.0038928846153846153,
  "aqi": 0.002340118557692308,
  "bids_meta": {
    "BandwidthPerPixelPhaseEncode": 31.25,
    "EchoTime": 0.025,
    "EffectiveEchoSpacing": 0.0005,
    "FlipAngle": 75,
    "ImageType": [
      "ORIGINAL",
      "PRIMARY",
      "M",
      "ND",
      "MOSAIC"
    ],
    "MagneticFieldStrength": 3,
    "Manufacturer": "Siemens",
    "ManufacturersModelName": "TrioTim",
    "Modality": "MR",
    "PhaseEncodingDirection": "j-",
    "PixelBandwidth": 3005,
    "RepetitionTime": 3,
    "ScanningSequence": "EP",
    "SequenceVariant": "SK",
    "SliceThickness": 3,
    "SliceTiming": [
      0,
      1.5225,
      0.055,
      1.58,
      0.1125,
      1.6375,
      0.17,
      1.6925,
      0.225,
      1.75,
      0.2825,
      1.805,
      0.3375,
      1.8625,
      0.395,
      1.92,
      0.45,
      1.975,
      0.5075,
      2.0325,
      0.565,
      2.0875,
      0.62,
      2.145,
      0.6775,
      2.2,
      0.7325,
      2.2575,
      0.79,
      2.315,
      0.8475,
      2.37,
      0.9025,
      2.4275,
      0.96,
      2.4825,
      1.015,
      2.54,
      1.0725,
      2.595,
      1.1275,
      2.6525,
      1.185,
      2.71,
      1.2425,
      2.765,
      1.2975,
      2.8225,
      1.355,
      2.8775,
      1.41,
      2.935,
      1.4675
    ],
    "SpacingBetweenSlices": 3,
    "TaskName": "intertemporal choice task",
    "TotalReadoutTime": 0.0315,
    "dataset": "ds002843",
    "modality": "bold",
    "run_id": 1,
    "session_id": "scan2",
    "subject_id": "dmp0760",
    "task_id": "itc"
  },
  "dummy_trs": 0,
  "dvars_nstd": 24.751782389320393,
  "dvars_std": 1.1930099583495144,
  "dvars_vstd": 1.014152028446602,
  "efc": 0.5916980568756836,
  "fber": 255.74778747558594,
  "fd_mean": 0.11275298752016538,
  "fd_num": 13,
  "fd_perc": 12.5,
  "fwhm_avg": 2.7212277777777776,
  "fwhm_x": 2.4892333333333334,
  "fwhm_y": 2.6190433333333334,
  "fwhm_z": 3.0554066666666664,
  "gcor": 0.0277119,
  "gsr_x": -0.013410475105047226,
  "gsr_y": 0.07423365861177444,
  "provenance": {
    "md5sum": "1bbc1badd1a49082eeeb06f6a0d1faed",
    "settings": {
      "fd_thres": 0.2,
      "testing": false
    },
    "software": "mriqc",
    "version": "21.0.0rc2",
    "webapi_port": null,
    "webapi_url": "https://mriqc.nimh.nih.gov/api/v1"
  },
  "size_t": 104,
  "size_x": 64,
  "size_y": 64,
  "size_z": 53,
  "snr": 2.710341588489077,
  "spacing_tr": 3.0,
  "spacing_x": 3.0,
  "spacing_y": 3.0,
  "spacing_z": 3.0,
  "summary_bg_k": 24.29949253764656,
  "summary_bg_mad": 18.418483799606705,
  "summary_bg_mean": 81.53132629394531,
  "summary_bg_median": 40.26923370361328,
  "summary_bg_n": 126891.0,
  "summary_bg_p05": 27.153846740722656,
  "summary_bg_p95": 280.3653869628906,
  "summary_bg_stdv": 102.3938217163086,
  "summary_fg_k": 2.493433798116693,
  "summary_fg_mad": 204.86994529195587,
  "summary_fg_mean": 726.9378051757812,
  "summary_fg_median": 676.1827392578125,
  "summary_fg_n": 44008.0,
  "summary_fg_p05": 419.3269348144531,
  "summary_fg_p95": 1216.2101867675783,
  "summary_fg_stdv": 249.47964477539062,
  "tsnr": 79.04503429774195
}