{
  "aor": 0.0020167307692307694,
  "aqi": 0.0021923885576923077,
  "bids_meta": {
    "BandwidthPerPixelPhaseEncode": 31.25,
    "EchoTime": 0.025,
    "EffectiveEchoSpacing": 0.0005,
    "FlipAngle": 75,
    "ImageType": [
      "ORIGINAL",
      "PRIMARY",
      "M",
      "ND",
      "MOSAIC"
    ],
    "MagneticFieldStrength": 3,
    "Manufacturer": "Siemens",
    "ManufacturersModelName": "TrioTim",
    "Modality": "MR",
    "PhaseEncodingDirection": "j-",
    "PixelBandwidth": 3005,
    "RepetitionTime": 3,
    "ScanningSequence": "EP",
    "SequenceVariant": "SK",
    "SliceThickness": 3,
    "SliceTiming": [
      0,
      1.5225,
      0.055,
      1.58,
      0.1125,
      1.6375,
      0.17,
      1.6925,
      0.225,
      1.75,
      0.2825,
      1.805,
      0.3375,
      1.8625,
      0.395,
      1.92,
      0.45,
      1.975,
      0.5075,
      2.0325,
      0.565,
      2.0875,
      0.62,
      2.145,
      0.6775,
      2.2,
      0.7325,
      2.2575,
      0.79,
      2.315,
      0.8475,
      2.37,
      0.9025,
      2.4275,
      0.96,
      2.4825,
      1.015,
      2.54,
      1.0725,
      2.595,
      1.1275,
      2.6525,
      1.185,
      2.71,
      1.2425,
      2.765,
      1.2975,
      2.8225,
      1.355,
      2.8775,
      1.41,
      2.935,
      1.4675
    ],
    "SpacingBetweenSlices": 3,
    "TaskName": "intertemporal choice task",
    "TotalReadoutTime": 0.0315,
    "dataset": "ds002843",
    "modality": "bold",
    "run_id": 3,
    "session_id": "scan1",
    "subject_id": "dmp0140",
    "task_id": "itc"
  },
  "dummy_trs": 0,
  "dvars_nstd": 19.87876672640777,
  "dvars_std": 1.1636144266019415,
  "dvars_vstd": 1.001673907669903,
  "efc": 0.5653379288525272,
  "fber": 358.9652099609375,
  "fd_mean": 0.10057611343490047,
  "fd_num": 7,
  "fd_perc": 6.730769230769231,
  "fwhm_avg": 2.6311844444444445,
  "fwhm_x": 2.5222433333333334,
  "fwhm_y": 2.5324033333333333,
  "fwhm_z": 2.8389066666666665,
  "gcor": 0.0199262,
  "gsr_x": 0.0010738432174548507,
  "gsr_y": 0.078616663813591,
  "provenance": {
    "md5sum": "0f00c66483c89859e0bdcb029e81fa3c",
    "settings": {
      "fd_thres": 0.2,
      "testing": false
    },
    "software": "mriqc",
    "version": "21.0.0rc2",
    "webapi_port": null,
    "webapi_url": "https://mriqc.nimh.nih.gov/api/v1"
  },
  "size_t": 104,
  "size_x": 64,
  "size_y": 64,
  "size_z": 53,
  "snr": 2.776163433278161,
  "spacing_tr": 3.0,
  "spacing_x": 3.0,
  "spacing_y": 3.0,
  "spacing_z": 3.0,
  "summary_bg_k": 28.400511267637,
  "summary_bg_mad": 10.905678257671,
  "summary_bg_mean": 71.86568450927734,
  "summary_bg_median": 34.29807662963867,
  "summary_bg_n": 133492.0,
  "summary_bg_p05": 26.307693481445312,
  "summary_bg_p95": 262.19136047363276,
  "summary_bg_stdv": 96.39763641357422,
  "summary_fg_k": 3.323878996547146,
  "summary_fg_mad": 188.86070989229597,
  "summary_fg_mean": 717.392822265625,
  "summary_fg_median": 669.4952392578125,
  "summary_fg_n": 39822.0,
  "summary_fg_p05": 424.14473724365234,
  "summary_fg_p95": 1197.399603271484,
  "summary_fg_stdv": 241.15541076660156,
  "tsnr": 83.71418363344856
}