{
  "aor": 0.007138125,
  "aqi": 0.0095791903125,
  "bids_meta": {
    "BandwidthPerPixelPhaseEncode": 31.25,
    "EchoTime": 0.025,
    "EffectiveEchoSpacing": 0.0005,
    "FlipAngle": 75,
    "ImageType": [
      "ORIGINAL",
      "PRIMARY",
      "M",
      "ND",
      "MOSAIC"
    ],
    "MagneticFieldStrength": 3,
    "Manufacturer": "Siemens",
    "ManufacturersModelName": "TrioTim",
    "Modality": "MR",
    "PhaseEncodingDirection": "j-",
    "PixelBandwidth": 3005,
    "RepetitionTime": 3,
    "ScanningSequence": "EP",
    "SequenceVariant": "SK",
    "SliceThickness": 3,
    "SliceTiming": [
      0,
      1.5225,
      0.055,
      1.58,
      0.1125,
      1.635,
      0.1675,
      1.6925,
      0.225,
      1.75,
      0.2825,
      1.805,
      0.3375,
      1.8625,
      0.395,
      1.9175,
      0.45,
      1.975,
      0.5075,
      2.03,
      0.5625,
      2.0875,
      0.62,
      2.145,
      0.6775,
      2.2,
      0.7325,
      2.2575,
      0.79,
      2.3125,
      0.845,
      2.37,
      0.9025,
      2.425,
      0.9575,
      2.4825,
      1.015,
      2.54,
      1.0725,
      2.595,
      1.1275,
      2.6525,
      1.185,
      2.7075,
      1.24,
      2.765,
      1.2975,
      2.8225,
      1.355,
      2.8775,
      1.41,
      2.935,
      1.4675
    ],
    "SpacingBetweenSlices": 3,
    "TaskName": "rest",
    "TotalReadoutTime": 0.0315,
    "dataset": "ds002843",
    "modality": "bold",
    "session_id": "scan1",
    "subject_id": "dmp0777",
    "task_id": "rest"
  },
  "dummy_trs": 0,
  "dvars_nstd": 34.51264544584907,
  "dvars_std": 1.0572662192452833,
  "dvars_vstd": 0.9475044372327046,
  "efc": 0.5590961018181864,
  "fber": 335.49066162109375,
  "fd_mean": 0.3698865819106291,
  "fd_num": 81,
  "fd_perc": 50.625,
  "fwhm_avg": 2.3991577777777775,
  "fwhm_x": 2.30561,
  "fwhm_y": 2.3157666666666668,
  "fwhm_z": 2.576096666666667,
  "gcor": 0.0315804,
  "gsr_x": -0.013426407240331173,
  "gsr_y": 0.06492485105991364,
  "provenance": {
    "md5sum": "3996e526f4430b31e449454ede250a53",
    "settings": {
      "fd_thres": 0.2,
      "testing": false
    },
    "software": "mriqc",
    "version": "21.0.0rc2",
    "webapi_port": null,
    "webapi_url": "https://mriqc.nimh.nih.gov/api/v1"
  },
  "size_t": 160,
  "size_x": 64,
  "size_y": 64,
  "size_z": 53,
  "snr": 3.4402985793508147,
  "spacing_tr": 3.0,
  "spacing_x": 3.0,
  "spacing_y": 3.0,
  "spacing_z": 3.0,
  "summary_bg_k": 19.490135261138438,
  "summary_bg_mad": 13.361953625417463,
  "summary_bg_mean": 69.09903717041016,
  "summary_bg_median": 34.45000076293945,
  "summary_bg_n": 143113.0,
  "summary_bg_p05": 24.524999618530273,
  "summary_bg_p95": 237.50125427246084,
  "summary_bg_stdv": 82.72069549560547,
  "summary_fg_k": 2.2191918448407373,
  "summary_fg_mad": 159.2870758506956,
  "summary_fg_mean": 662.0537719726562,
  "summary_fg_median": 631.4312744140625,
  "summary_fg_n": 34177.0,
  "summary_fg_p05": 424.07501220703125,
  "summary_fg_p95": 1011.9162475585936,
  "summary_fg_stdv": 183.5369873046875,
  "tsnr": 39.42372842604527
}