{
  "aor": 0.005493846153846154,
  "aqi": 0.005705819711538462,
  "bids_meta": {
    "BandwidthPerPixelPhaseEncode": 31.25,
    "EchoTime": 0.025,
    "EffectiveEchoSpacing": 0.0005,
    "FlipAngle": 75,
    "ImageType": [
      "ORIGINAL",
      "PRIMARY",
      "M",
      "ND",
      "MOSAIC"
    ],
    "MagneticFieldStrength": 3,
    "Manufacturer": "Siemens",
    "ManufacturersModelName": "TrioTim",
    "Modality": "MR",
    "PhaseEncodingDirection": "j-",
    "PixelBandwidth": 3005,
    "RepetitionTime": 3,
    "ScanningSequence": "EP",
    "SequenceVariant": "SK",
    "SliceThickness": 3,
    "SliceTiming": [
      0,
      1.5225,
      0.055,
      1.58,
      0.1125,
      1.6375,
      0.17,
      1.6925,
      0.225,
      1.75,
      0.2825,
      1.805,
      0.3375,
      1.8625,
      0.395,
      1.92,
      0.45,
      1.975,
      0.5075,
      2.0325,
      0.565,
      2.0875,
      0.62,
      2.145,
      0.6775,
      2.2,
      0.7325,
      2.2575,
      0.79,
      2.315,
      0.8475,
      2.37,
      0.9025,
      2.4275,
      0.96,
      2.4825,
      1.015,
      2.54,
      1.0725,
      2.595,
      1.1275,
      2.6525,
      1.185,
      2.71,
      1.2425,
      2.765,
      1.2975,
      2.8225,
      1.355,
      2.8775,
      1.41,
      2.935,
      1.4675
    ],
    "SpacingBetweenSlices": 3,
    "TaskName": "intertemporal choice task",
    "TotalReadoutTime": 0.0315,
    "dataset": "ds002843",
    "modality": "bold",
    "run_id": 3,
    "session_id": "scan1",
    "subject_id": "dmp0777",
    "task_id": "itc"
  },
  "dummy_trs": 0,
  "dvars_nstd": 28.37555159436894,
  "dvars_std": 1.131898529417476,
  "dvars_vstd": 0.9916224685436895,
  "efc": 0.5607512134444043,
  "fber": 337.7408142089844,
  "fd_mean": 0.23213478949808708,
  "fd_num": 41,
  "fd_perc": 39.42307692307692,
  "fwhm_avg": 2.352821111111111,
  "fwhm_x": 2.2616366666666665,
  "fwhm_y": 2.280553333333333,
  "fwhm_z": 2.5162733333333334,
  "gcor": 0.0187569,
  "gsr_x": -0.01387482974678278,
  "gsr_y": 0.06631135195493698,
  "provenance": {
    "md5sum": "96fdd50af839a008e7d128f26016df98",
    "settings": {
      "fd_thres": 0.2,
      "testing": false
    },
    "software": "mriqc",
    "version": "21.0.0rc2",
    "webapi_port": null,
    "webapi_url": "https://mriqc.nimh.nih.gov/api/v1"
  },
  "size_t": 104,
  "size_x": 64,
  "size_y": 64,
  "size_z": 53,
  "snr": 3.4840885898386746,
  "spacing_tr": 3.0,
  "spacing_x": 3.0,
  "spacing_y": 3.0,
  "spacing_z": 3.0,
  "summary_bg_k": 20.940829235531094,
  "summary_bg_mad": 12.488069269905669,
  "summary_bg_mean": 69.77111053466797,
  "summary_bg_median": 34.096153259277344,
  "summary_bg_n": 143342.0,
  "summary_bg_p05": 25.163461685180664,
  "summary_bg_p95": 241.84471893310496,
  "summary_bg_stdv": 85.40708923339844,
  "summary_fg_k": 2.090579109072279,
  "summary_fg_mad": 156.36467358954826,
  "summary_fg_mean": 657.0883178710938,
  "summary_fg_median": 628.0865478515625,
  "summary_fg_n": 34166.0,
  "summary_fg_p05": 422.2548370361328,
  "summary_fg_p95": 998.6466522216797,
  "summary_fg_stdv": 180.27020263671875,
  "tsnr": 57.54001006716862
}