{
  "bids_meta": {
    "EchoTime": 0.00311,
    "FlipAngle": 15,
    "ImageType": [
      "ORIGINAL",
      "PRIMARY",
      "M",
      "ND",
      "NORM"
    ],
    "InversionTime": 1.1,
    "MagneticFieldStrength": 3,
    "Manufacturer": "Siemens",
    "ManufacturersModelName": "TrioTim",
    "Modality": "MR",
    "RepetitionTime": 1.63,
    "ScanningSequence": "GR_IR",
    "SequenceVariant": "SP_MP",
    "SliceThickness": 1,
    "dataset": "ds002843",
    "modality": "T1w",
    "session_id": "scan2",
    "subject_id": "dmp1225"
  },
  "cjv": 0.907134435167466,
  "cnr": 1.597626614808775,
  "efc": 0.6320624538081084,
  "fber": 12366.71484375,
  "fwhm_avg": 3.7066444444444446,
  "fwhm_x": 3.63872,
  "fwhm_y": 3.963093333333333,
  "fwhm_z": 3.51812,
  "icvs_csf": 0.20528736022420094,
  "icvs_gm": 0.44618367326098596,
  "icvs_wm": 0.34852896651481313,
  "inu_med": 1.1191892623901367,
  "inu_range": 0.3354561984539032,
  "provenance": {
    "md5sum": "3b4640f5be74b5da7d01fb1841eb2b28",
    "settings": {
      "testing": false
    },
    "software": "mriqc",
    "version": "21.0.0rc2",
    "warnings": {
      "large_rot_frame": true,
      "small_air_mask": false
    },
    "webapi_port": null,
    "webapi_url": "https://mriqc.nimh.nih.gov/api/v1"
  },
  "qi_1": 0.006994276760042835,
  "qi_2": 0.00920075976851555,
  "rpve_csf": 13.607639369722637,
  "rpve_gm": 6.5312026024385474,
  "rpve_wm": 9.33833716016748,
  "size_x": 192,
  "size_y": 256,
  "size_z": 160,
  "snr_csf": 3.1276747866840795,
  "snr_gm": 10.069574031507651,
  "snr_total": 11.514191944362643,
  "snr_wm": 21.345327014896203,
  "snrd_csf": 76.67267438167254,
  "snrd_gm": 158.7689211338656,
  "snrd_total": 141.04585875835303,
  "snrd_wm": 187.69598075952098,
  "spacing_x": 0.9375,
  "spacing_y": 0.9375,
  "spacing_z": 1.0,
  "summary_bg_k": 47.67452537330963,
  "summary_bg_mad": 3.4905218955430484,
  "summary_bg_mean": 7.193375587463379,
  "summary_bg_median": 4.625569820404053,
  "summary_bg_n": 1882354.0,
  "summary_bg_p05": 0.0,
  "summary_bg_p95": 18.284317779541013,
  "summary_bg_stdv": 7.375486373901367,
  "summary_csf_k": 67.90895517102382,
  "summary_csf_mad": 78.95169007002647,
  "summary_csf_mean": 431.5133972167969,
  "summary_csf_median": 408.50677490234375,
  "summary_csf_n": 53168.0,
  "summary_csf_p05": 300.49532928466795,
  "summary_csf_p95": 641.7782562255859,
  "summary_csf_stdv": 130.60914611816406,
  "summary_gm_k": -0.7545024021132241,
  "summary_gm_mad": 95.13358202687076,
  "summary_gm_mean": 855.463623046875,
  "summary_gm_median": 845.9099731445312,
  "summary_gm_n": 45163.0,
  "summary_gm_p05": 730.5210388183593,
  "summary_gm_p95": 997.4955993652344,
  "summary_gm_stdv": 84.00559997558594,
  "summary_wm_k": 0.5813001945762633,
  "summary_wm_mad": 44.67524613488752,
  "summary_wm_mean": 1003.7794189453125,
  "summary_wm_median": 1000.0313720703125,
  "summary_wm_n": 206034.0,
  "summary_wm_p05": 933.3502960205078,
  "summary_wm_p95": 1086.158184814453,
  "summary_wm_stdv": 46.85001754760742,
  "tpm_overlap_csf": 0.1689123660326004,
  "tpm_overlap_gm": 0.45905667543411255,
  "tpm_overlap_wm": 0.4576166272163391,
  "wm2max": 0.48084072254812327
}