{
  "bids_meta": {
    "EchoTime": 0.09,
    "FlipAngle": 180,
    "ImageType": [
      "ORIGINAL",
      "PRIMARY",
      "M",
      "ND",
      "NORM"
    ],
    "ImagingFrequency": 123.204,
    "MagneticFieldStrength": 3,
    "Manufacturer": "Siemens",
    "ManufacturersModelName": "TrioTim",
    "Modality": "MR",
    "PhaseEncodingDirection": "i",
    "RepetitionTime": 7,
    "ScanningSequence": "SE",
    "SequenceVariant": "SK_SP_OSP",
    "SliceThickness": 3,
    "SpacingBetweenSlices": 3,
    "dataset": "ds002843",
    "modality": "T2w",
    "session_id": "scan1",
    "subject_id": "dmp0229"
  },
  "cjv": 0.497979754906202,
  "cnr": 2.7035102384817846,
  "efc": 0.6528442774093374,
  "fber": 2570.168833561966,
  "fwhm_avg": 2.5950520464427944,
  "fwhm_x": 2.9726933333333334,
  "fwhm_y": 3.1536000000000004,
  "fwhm_z": 1.6588628059950492,
  "icvs_csf": 0.15631116864151617,
  "icvs_gm": 0.4093537367047785,
  "icvs_wm": 0.43433509465370534,
  "inu_med": 1.3300070762634277,
  "inu_range": 0.33707065582275386,
  "provenance": {
    "md5sum": "de44f057129d4b1b3db27622222ddf5d",
    "settings": {
      "testing": false
    },
    "software": "mriqc",
    "version": "21.0.0rc2",
    "warnings": {
      "large_rot_frame": false,
      "small_air_mask": false
    },
    "webapi_port": null,
    "webapi_url": "https://mriqc.nimh.nih.gov/api/v1"
  },
  "qi_1": 0.0,
  "qi_2": 0.0029866098320669625,
  "rpve_csf": 12.110031522659304,
  "rpve_gm": 4.652922520773537,
  "rpve_wm": 5.179715489116934,
  "size_x": 256,
  "size_y": 256,
  "size_z": 44,
  "snr_csf": 2.8526111187317547,
  "snr_gm": 9.316866325555818,
  "snr_total": 7.132557588344409,
  "snr_wm": 9.228195320745657,
  "snrd_csf": 141.0658143388573,
  "snrd_gm": 78.1238219252077,
  "snrd_total": 89.93191154530844,
  "snrd_wm": 50.606098371860355,
  "spacing_x": 0.75,
  "spacing_y": 0.75,
  "spacing_z": 3.0000009536743164,
  "summary_bg_k": 720.3926649257967,
  "summary_bg_mad": 12.798128197575773,
  "summary_bg_mean": 22.377868850218274,
  "summary_bg_median": 17.469941303133965,
  "summary_bg_n": 642244.0,
  "summary_bg_p05": 2.8774020969867706,
  "summary_bg_p95": 49.12136436998844,
  "summary_bg_stdv": 35.04467106019199,
  "summary_csf_k": 0.4071943982683055,
  "summary_csf_mad": 717.3046137403182,
  "summary_csf_mean": 2637.731904642116,
  "summary_csf_median": 2755.729094028473,
  "summary_csf_n": 115370.0,
  "summary_csf_p05": 542.0820022001863,
  "summary_csf_p95": 3988.9014213085175,
  "summary_csf_stdv": 966.0332363221802,
  "summary_gm_k": 0.029859424806701007,
  "summary_gm_mad": 163.63321052614737,
  "summary_gm_mean": 1531.3304507307157,
  "summary_gm_median": 1526.1535193696618,
  "summary_gm_n": 283816.0,
  "summary_gm_p05": 1273.558720998466,
  "summary_gm_p95": 1810.5025051683187,
  "summary_gm_stdv": 163.8051655360976,
  "summary_wm_k": 0.1349510412773256,
  "summary_wm_mad": 104.06097093981252,
  "summary_wm_mean": 980.9883930445652,
  "summary_wm_median": 988.593149036169,
  "summary_wm_n": 343422.0,
  "summary_wm_p05": 790.3658356439322,
  "summary_wm_p95": 1144.486684076488,
  "summary_wm_stdv": 107.12730662360862,
  "tpm_overlap_csf": 0.15596085786819458,
  "tpm_overlap_gm": 0.43467622995376587,
  "tpm_overlap_wm": 0.48876386880874634,
  "wm2max": 0.2163878553013503
}