{
  "aor": 0.001956796116504854,
  "aqi": 0.0023547449514563106,
  "bids_meta": {
    "BandwidthPerPixelPhaseEncode": 31.25,
    "EchoTime": 0.025,
    "EffectiveEchoSpacing": 0.0005,
    "FlipAngle": 75,
    "ImageType": [
      "ORIGINAL",
      "PRIMARY",
      "M",
      "ND",
      "MOSAIC"
    ],
    "MagneticFieldStrength": 3,
    "Manufacturer": "Siemens",
    "ManufacturersModelName": "TrioTim",
    "Modality": "MR",
    "PhaseEncodingDirection": "j-",
    "PixelBandwidth": 3005,
    "RepetitionTime": 3,
    "ScanningSequence": "EP",
    "SequenceVariant": "SK",
    "SliceThickness": 3,
    "SliceTiming": [
      0,
      1.5225,
      0.055,
      1.58,
      0.1125,
      1.6375,
      0.17,
      1.6925,
      0.225,
      1.75,
      0.2825,
      1.805,
      0.3375,
      1.8625,
      0.395,
      1.92,
      0.45,
      1.975,
      0.5075,
      2.0325,
      0.565,
      2.0875,
      0.62,
      2.145,
      0.6775,
      2.2,
      0.7325,
      2.2575,
      0.79,
      2.315,
      0.8475,
      2.37,
      0.9025,
      2.4275,
      0.96,
      2.4825,
      1.015,
      2.54,
      1.0725,
      2.595,
      1.1275,
      2.6525,
      1.185,
      2.71,
      1.2425,
      2.765,
      1.2975,
      2.8225,
      1.355,
      2.8775,
      1.41,
      2.935,
      1.4675
    ],
    "SpacingBetweenSlices": 3,
    "TaskName": "risk choice task",
    "TotalReadoutTime": 0.0315,
    "dataset": "ds002843",
    "modality": "bold",
    "run_id": 3,
    "session_id": "scan1",
    "subject_id": "dmp0098",
    "task_id": "risk"
  },
  "dummy_trs": 1,
  "dvars_nstd": 23.815768821862736,
  "dvars_std": 1.1947460264705885,
  "dvars_vstd": 1.0085861295098038,
  "efc": 0.5990265333038234,
  "fber": 218.81198120117188,
  "fd_mean": 0.1195343378757336,
  "fd_num": 8,
  "fd_perc": 7.766990291262136,
  "fwhm_avg": 2.876615555555556,
  "fwhm_x": 2.7183566666666668,
  "fwhm_y": 2.751516666666667,
  "fwhm_z": 3.1599733333333333,
  "gcor": 0.0258454,
  "gsr_x": -0.0027460274286568165,
  "gsr_y": 0.05274001508951187,
  "provenance": {
    "md5sum": "f76e14512388ea42c2e96c1da17ff2ec",
    "settings": {
      "fd_thres": 0.2,
      "testing": false
    },
    "software": "mriqc",
    "version": "21.0.0rc2",
    "webapi_port": null,
    "webapi_url": "https://mriqc.nimh.nih.gov/api/v1"
  },
  "size_t": 103,
  "size_x": 64,
  "size_y": 64,
  "size_z": 53,
  "snr": 2.3919308257042067,
  "spacing_tr": 3.0,
  "spacing_x": 3.0,
  "spacing_y": 3.0,
  "spacing_z": 3.0,
  "summary_bg_k": 14.252526263889298,
  "summary_bg_mad": 24.39816211800515,
  "summary_bg_mean": 93.25804138183594,
  "summary_bg_median": 46.5436897277832,
  "summary_bg_n": 125673.0,
  "summary_bg_p05": 28.893203735351562,
  "summary_bg_p95": 320.3301086425781,
  "summary_bg_stdv": 110.4806900024414,
  "summary_fg_k": 8.36513958059794,
  "summary_fg_mad": 230.71015275701848,
  "summary_fg_mean": 773.1482543945312,
  "summary_fg_median": 712.2621459960938,
  "summary_fg_n": 47397.0,
  "summary_fg_p05": 438.05437622070315,
  "summary_fg_p95": 1327.1379150390621,
  "summary_fg_stdv": 297.77392578125,
  "tsnr": 77.44416640512645
}