{
  "aor": 0.001898543689320388,
  "aqi": 0.002084668932038835,
  "bids_meta": {
    "BandwidthPerPixelPhaseEncode": 31.25,
    "EchoTime": 0.025,
    "EffectiveEchoSpacing": 0.0005,
    "FlipAngle": 75,
    "ImageType": [
      "ORIGINAL",
      "PRIMARY",
      "M",
      "ND",
      "MOSAIC"
    ],
    "MagneticFieldStrength": 3,
    "Manufacturer": "Siemens",
    "ManufacturersModelName": "TrioTim",
    "Modality": "MR",
    "PhaseEncodingDirection": "j-",
    "PixelBandwidth": 3005,
    "RepetitionTime": 3,
    "ScanningSequence": "EP",
    "SequenceVariant": "SK",
    "SliceThickness": 3,
    "SliceTiming": [
      0,
      1.5225,
      0.055,
      1.58,
      0.1125,
      1.6375,
      0.17,
      1.6925,
      0.225,
      1.75,
      0.2825,
      1.805,
      0.3375,
      1.8625,
      0.395,
      1.92,
      0.45,
      1.975,
      0.5075,
      2.0325,
      0.565,
      2.0875,
      0.62,
      2.145,
      0.6775,
      2.2,
      0.7325,
      2.2575,
      0.79,
      2.315,
      0.8475,
      2.37,
      0.9025,
      2.4275,
      0.96,
      2.4825,
      1.015,
      2.54,
      1.0725,
      2.595,
      1.1275,
      2.6525,
      1.185,
      2.71,
      1.2425,
      2.765,
      1.2975,
      2.8225,
      1.355,
      2.8775,
      1.41,
      2.935,
      1.4675
    ],
    "SpacingBetweenSlices": 3,
    "TaskName": "intertemporal choice task",
    "TotalReadoutTime": 0.0315,
    "dataset": "ds002843",
    "modality": "bold",
    "run_id": 1,
    "session_id": "scan1",
    "subject_id": "dmp0098",
    "task_id": "itc"
  },
  "dummy_trs": 1,
  "dvars_nstd": 22.19002568470588,
  "dvars_std": 1.2080748940196078,
  "dvars_vstd": 1.0201984548039218,
  "efc": 0.5988882022347387,
  "fber": 221.24571228027344,
  "fd_mean": 0.10325715420142735,
  "fd_num": 8,
  "fd_perc": 7.766990291262136,
  "fwhm_avg": 2.8819266666666667,
  "fwhm_x": 2.7152100000000003,
  "fwhm_y": 2.7840633333333336,
  "fwhm_z": 3.146506666666667,
  "gcor": 0.023163,
  "gsr_x": -0.0006760164978913963,
  "gsr_y": 0.05187573656439781,
  "provenance": {
    "md5sum": "7b237103e8b857e9fb85c86496705ca5",
    "settings": {
      "fd_thres": 0.2,
      "testing": false
    },
    "software": "mriqc",
    "version": "21.0.0rc2",
    "webapi_port": null,
    "webapi_url": "https://mriqc.nimh.nih.gov/api/v1"
  },
  "size_t": 103,
  "size_x": 64,
  "size_y": 64,
  "size_z": 53,
  "snr": 2.410374155778515,
  "spacing_tr": 3.0,
  "spacing_x": 3.0,
  "spacing_y": 3.0,
  "spacing_z": 3.0,
  "summary_bg_k": 14.973036462585608,
  "summary_bg_mad": 23.649661329857704,
  "summary_bg_mean": 91.47908782958984,
  "summary_bg_median": 45.92232894897461,
  "summary_bg_n": 125197.0,
  "summary_bg_p05": 28.970874786376953,
  "summary_bg_p95": 312.3805786132812,
  "summary_bg_stdv": 107.84707641601562,
  "summary_fg_k": 8.275154302566905,
  "summary_fg_mad": 229.12678896805963,
  "summary_fg_mean": 769.0939331054688,
  "summary_fg_median": 708.7718505859375,
  "summary_fg_n": 47474.0,
  "summary_fg_p05": 437.06456604003904,
  "summary_fg_p95": 1315.257275390625,
  "summary_fg_stdv": 294.0474548339844,
  "tsnr": 81.517125162296
}