{
  "aor": 0.0040481875,
  "aqi": 0.003474031375,
  "bids_meta": {
    "BandwidthPerPixelPhaseEncode": 31.25,
    "EchoTime": 0.025,
    "EffectiveEchoSpacing": 0.0005,
    "FlipAngle": 75,
    "ImageType": [
      "ORIGINAL",
      "PRIMARY",
      "M",
      "ND",
      "MOSAIC"
    ],
    "MagneticFieldStrength": 3,
    "Manufacturer": "Siemens",
    "ManufacturersModelName": "TrioTim",
    "Modality": "MR",
    "PhaseEncodingDirection": "j-",
    "PixelBandwidth": 3005,
    "RepetitionTime": 3,
    "ScanningSequence": "EP",
    "SequenceVariant": "SK",
    "SliceThickness": 3,
    "SliceTiming": [
      0,
      1.5225,
      0.055,
      1.58,
      0.1125,
      1.635,
      0.1675,
      1.6925,
      0.225,
      1.75,
      0.2825,
      1.805,
      0.3375,
      1.8625,
      0.395,
      1.9175,
      0.45,
      1.975,
      0.5075,
      2.03,
      0.5625,
      2.0875,
      0.62,
      2.145,
      0.6775,
      2.2,
      0.7325,
      2.2575,
      0.79,
      2.3125,
      0.845,
      2.37,
      0.9025,
      2.425,
      0.9575,
      2.4825,
      1.015,
      2.54,
      1.0725,
      2.595,
      1.1275,
      2.6525,
      1.185,
      2.7075,
      1.24,
      2.765,
      1.2975,
      2.8225,
      1.355,
      2.8775,
      1.41,
      2.935,
      1.4675
    ],
    "SpacingBetweenSlices": 3,
    "TaskName": "rest",
    "TotalReadoutTime": 0.0315,
    "dataset": "ds002843",
    "modality": "bold",
    "session_id": "scan1",
    "subject_id": "dmp0701",
    "task_id": "rest"
  },
  "dummy_trs": 0,
  "dvars_nstd": 27.204937101132078,
  "dvars_std": 1.2044966741509433,
  "dvars_vstd": 1.0063652574842765,
  "efc": 0.5930919001725915,
  "fber": 219.03103637695312,
  "fd_mean": 0.10824468878627916,
  "fd_num": 17,
  "fd_perc": 10.625,
  "fwhm_avg": 3.103556666666666,
  "fwhm_x": 2.8200299999999996,
  "fwhm_y": 3.094773333333333,
  "fwhm_z": 3.3958666666666666,
  "gcor": 0.0260847,
  "gsr_x": -0.007681168615818024,
  "gsr_y": 0.0750289335846901,
  "provenance": {
    "md5sum": "535f1f096906f8527dab3c292fa34aa5",
    "settings": {
      "fd_thres": 0.2,
      "testing": false
    },
    "software": "mriqc",
    "version": "21.0.0rc2",
    "webapi_port": null,
    "webapi_url": "https://mriqc.nimh.nih.gov/api/v1"
  },
  "size_t": 160,
  "size_x": 64,
  "size_y": 64,
  "size_z": 53,
  "snr": 2.031387600981665,
  "spacing_tr": 3.0,
  "spacing_x": 3.0,
  "spacing_y": 3.0,
  "spacing_z": 3.0,
  "summary_bg_k": 18.013011410100813,
  "summary_bg_mad": 21.368005039779852,
  "summary_bg_mean": 84.78638458251953,
  "summary_bg_median": 40.212501525878906,
  "summary_bg_n": 120327.0,
  "summary_bg_p05": 23.875,
  "summary_bg_p95": 300.66062927246094,
  "summary_bg_stdv": 108.96439361572266,
  "summary_fg_k": 2.9948187476044694,
  "summary_fg_mad": 240.9506864460147,
  "summary_fg_mean": 696.7642211914062,
  "summary_fg_median": 621.3500366210938,
  "summary_fg_n": 50325.0,
  "summary_fg_p05": 354.58375854492186,
  "summary_fg_p95": 1308.402490234374,
  "summary_fg_stdv": 305.87164306640625,
  "tsnr": 59.91378411091864
}