{
  "aor": 0.0021745192307692307,
  "aqi": 0.0051856942307692295,
  "bids_meta": {
    "BandwidthPerPixelPhaseEncode": 31.25,
    "EchoTime": 0.025,
    "EffectiveEchoSpacing": 0.0005,
    "FlipAngle": 75,
    "ImageType": [
      "ORIGINAL",
      "PRIMARY",
      "M",
      "ND",
      "MOSAIC"
    ],
    "MagneticFieldStrength": 3,
    "Manufacturer": "Siemens",
    "ManufacturersModelName": "TrioTim",
    "Modality": "MR",
    "PhaseEncodingDirection": "j-",
    "PixelBandwidth": 3005,
    "RepetitionTime": 3,
    "ScanningSequence": "EP",
    "SequenceVariant": "SK",
    "SliceThickness": 3,
    "SliceTiming": [
      0,
      1.5225,
      0.055,
      1.58,
      0.1125,
      1.6375,
      0.17,
      1.6925,
      0.225,
      1.75,
      0.2825,
      1.805,
      0.3375,
      1.8625,
      0.395,
      1.92,
      0.45,
      1.975,
      0.5075,
      2.0325,
      0.565,
      2.0875,
      0.62,
      2.145,
      0.6775,
      2.2,
      0.7325,
      2.2575,
      0.79,
      2.315,
      0.8475,
      2.37,
      0.9025,
      2.4275,
      0.96,
      2.4825,
      1.015,
      2.54,
      1.0725,
      2.595,
      1.1275,
      2.6525,
      1.185,
      2.71,
      1.2425,
      2.765,
      1.2975,
      2.8225,
      1.355,
      2.8775,
      1.41,
      2.935,
      1.4675
    ],
    "SpacingBetweenSlices": 3,
    "TaskName": "risk choice task",
    "TotalReadoutTime": 0.0315,
    "dataset": "ds002843",
    "modality": "bold",
    "run_id": 1,
    "session_id": "scan2",
    "subject_id": "dmp1062",
    "task_id": "risk"
  },
  "dummy_trs": 0,
  "dvars_nstd": 22.575767831844672,
  "dvars_std": 1.0831471452427186,
  "dvars_vstd": 0.9484133697087382,
  "efc": 0.5398699594691332,
  "fber": 499.14605712890625,
  "fd_mean": 0.19734841865970892,
  "fd_num": 25,
  "fd_perc": 24.03846153846154,
  "fwhm_avg": 2.508442222222222,
  "fwhm_x": 2.408376666666667,
  "fwhm_y": 2.416463333333333,
  "fwhm_z": 2.7004866666666665,
  "gcor": 0.0182801,
  "gsr_x": -0.00706389918923378,
  "gsr_y": 0.056348688900470734,
  "provenance": {
    "md5sum": "e71c458fc047f387ad7b989a78e0c1b0",
    "settings": {
      "fd_thres": 0.2,
      "testing": false
    },
    "software": "mriqc",
    "version": "21.0.0rc2",
    "webapi_port": null,
    "webapi_url": "https://mriqc.nimh.nih.gov/api/v1"
  },
  "size_t": 104,
  "size_x": 64,
  "size_y": 64,
  "size_z": 53,
  "snr": 3.6218186389879516,
  "spacing_tr": 3.0,
  "spacing_x": 3.0,
  "spacing_y": 3.0,
  "spacing_z": 3.0,
  "summary_bg_k": 48.47597013386346,
  "summary_bg_mad": 6.928313778348976,
  "summary_bg_mean": 56.23587417602539,
  "summary_bg_median": 28.778846740722656,
  "summary_bg_n": 139838.0,
  "summary_bg_p05": 23.057693481445312,
  "summary_bg_p95": 196.1471252441405,
  "summary_bg_stdv": 79.6021728515625,
  "summary_fg_k": 1.8072186965241839,
  "summary_fg_mad": 161.89588204322536,
  "summary_fg_mean": 678.5574340820312,
  "summary_fg_median": 649.8269653320312,
  "summary_fg_n": 36536.0,
  "summary_fg_p05": 436.82933807373047,
  "summary_fg_p95": 1011.7860870361328,
  "summary_fg_stdv": 179.41761779785156,
  "tsnr": 67.21982910996303
}