{
  "aor": 0.002004,
  "aqi": 0.0074535983749999994,
  "bids_meta": {
    "BandwidthPerPixelPhaseEncode": 31.25,
    "EchoTime": 0.025,
    "EffectiveEchoSpacing": 0.0005,
    "FlipAngle": 75,
    "ImageType": [
      "ORIGINAL",
      "PRIMARY",
      "M",
      "ND",
      "MOSAIC"
    ],
    "MagneticFieldStrength": 3,
    "Manufacturer": "Siemens",
    "ManufacturersModelName": "TrioTim",
    "Modality": "MR",
    "PhaseEncodingDirection": "j-",
    "PixelBandwidth": 3005,
    "RepetitionTime": 3,
    "ScanningSequence": "EP",
    "SequenceVariant": "SK",
    "SliceThickness": 3,
    "SliceTiming": [
      0,
      1.5225,
      0.055,
      1.58,
      0.1125,
      1.635,
      0.1675,
      1.6925,
      0.225,
      1.75,
      0.2825,
      1.805,
      0.3375,
      1.8625,
      0.395,
      1.9175,
      0.45,
      1.975,
      0.5075,
      2.03,
      0.5625,
      2.0875,
      0.62,
      2.145,
      0.6775,
      2.2,
      0.7325,
      2.2575,
      0.79,
      2.3125,
      0.845,
      2.37,
      0.9025,
      2.425,
      0.9575,
      2.4825,
      1.015,
      2.54,
      1.0725,
      2.595,
      1.1275,
      2.6525,
      1.185,
      2.7075,
      1.24,
      2.765,
      1.2975,
      2.8225,
      1.355,
      2.8775,
      1.41,
      2.935,
      1.4675
    ],
    "SpacingBetweenSlices": 3,
    "TaskName": "rest",
    "TotalReadoutTime": 0.0315,
    "dataset": "ds002843",
    "modality": "bold",
    "session_id": "scan2",
    "subject_id": "dmp1062",
    "task_id": "rest"
  },
  "dummy_trs": 0,
  "dvars_nstd": 27.12544955855347,
  "dvars_std": 1.1400834218867923,
  "dvars_vstd": 0.9644789403773593,
  "efc": 0.5383963327473617,
  "fber": 504.0280456542969,
  "fd_mean": 0.2684452960858958,
  "fd_num": 81,
  "fd_perc": 50.625,
  "fwhm_avg": 2.5514111111111113,
  "fwhm_x": 2.462833333333333,
  "fwhm_y": 2.4478,
  "fwhm_z": 2.7436000000000003,
  "gcor": 0.0636026,
  "gsr_x": -0.007865926250815392,
  "gsr_y": 0.054259493947029114,
  "provenance": {
    "md5sum": "86a61cb6fbfc72ddac22dff102c99c32",
    "settings": {
      "fd_thres": 0.2,
      "testing": false
    },
    "software": "mriqc",
    "version": "21.0.0rc2",
    "webapi_port": null,
    "webapi_url": "https://mriqc.nimh.nih.gov/api/v1"
  },
  "size_t": 160,
  "size_x": 64,
  "size_y": 64,
  "size_z": 53,
  "snr": 3.605292793946719,
  "spacing_tr": 3.0,
  "spacing_x": 3.0,
  "spacing_y": 3.0,
  "spacing_z": 3.0,
  "summary_bg_k": 46.90572273004959,
  "summary_bg_mad": 6.421522555605977,
  "summary_bg_mean": 55.84639358520508,
  "summary_bg_median": 28.543750762939453,
  "summary_bg_n": 140146.0,
  "summary_bg_p05": 23.399999618530273,
  "summary_bg_p95": 191.5546875,
  "summary_bg_stdv": 80.44807434082031,
  "summary_fg_k": 1.947417789693466,
  "summary_fg_mad": 161.89085980060284,
  "summary_fg_mean": 675.71435546875,
  "summary_fg_median": 647.1749877929688,
  "summary_fg_n": 36491.0,
  "summary_fg_p05": 433.6437530517578,
  "summary_fg_p95": 1009.9937744140625,
  "summary_fg_stdv": 179.50445556640625,
  "tsnr": 56.082059282343835
}