{
  "bids_meta": {
    "EchoTime": 0.09,
    "FlipAngle": 180,
    "ImageType": [
      "ORIGINAL",
      "PRIMARY",
      "M",
      "ND",
      "NORM"
    ],
    "ImagingFrequency": 123.204,
    "MagneticFieldStrength": 3,
    "Manufacturer": "Siemens",
    "ManufacturersModelName": "TrioTim",
    "Modality": "MR",
    "PhaseEncodingDirection": "i",
    "RepetitionTime": 7,
    "ScanningSequence": "SE",
    "SequenceVariant": "SK_SP_OSP",
    "SliceThickness": 3,
    "SpacingBetweenSlices": 3,
    "dataset": "ds002843",
    "modality": "T2w",
    "session_id": "scan2",
    "subject_id": "dmp0730"
  },
  "cjv": 0.5616420037291915,
  "cnr": 2.4706009107321627,
  "efc": 0.5382050757548823,
  "fber": 3411.7208441032362,
  "fwhm_avg": 2.5808300856963045,
  "fwhm_x": 3.0235466666666664,
  "fwhm_y": 3.10148,
  "fwhm_z": 1.6174635904222472,
  "icvs_csf": 0.15810090795922152,
  "icvs_gm": 0.41570751863172933,
  "icvs_wm": 0.4261915734090492,
  "inu_med": 1.3714052438735962,
  "inu_range": 0.37504141330719,
  "provenance": {
    "md5sum": "5a490a00b7274876d2a766c0490b4b22",
    "settings": {
      "testing": false
    },
    "software": "mriqc",
    "version": "21.0.0rc2",
    "warnings": {
      "large_rot_frame": true,
      "small_air_mask": false
    },
    "webapi_port": null,
    "webapi_url": "https://mriqc.nimh.nih.gov/api/v1"
  },
  "qi_1": 0.0,
  "qi_2": 0.003996412953930112,
  "rpve_csf": 18.225369984250563,
  "rpve_gm": 7.206376676540088,
  "rpve_wm": 8.197984285483274,
  "size_x": 256,
  "size_y": 256,
  "size_z": 44,
  "snr_csf": 2.8651091648861087,
  "snr_gm": 9.359420284915906,
  "snr_total": 6.901267310893984,
  "snr_wm": 8.479272482879937,
  "snrd_csf": 180.3734464542406,
  "snrd_gm": 93.92722212745859,
  "snrd_total": 112.34675660870995,
  "snrd_wm": 62.7396012444307,
  "spacing_x": 0.75,
  "spacing_y": 0.75,
  "spacing_z": 2.999999523162842,
  "summary_bg_k": 1979.6973253900358,
  "summary_bg_mad": 10.336145841381553,
  "summary_bg_mean": 20.530350813881014,
  "summary_bg_median": 16.26712366193533,
  "summary_bg_n": 957613.0,
  "summary_bg_p05": 3.3023484125733376,
  "summary_bg_p95": 48.43444338440895,
  "summary_bg_stdv": 31.128523421087273,
  "summary_csf_k": 0.4660822640950575,
  "summary_csf_mad": 779.7443354024681,
  "summary_csf_mean": 2772.9414438675376,
  "summary_csf_median": 2845.768167234957,
  "summary_csf_n": 74145.0,
  "summary_csf_p05": 602.739739894867,
  "summary_csf_p95": 4216.487376853824,
  "summary_csf_stdv": 993.2427746512077,
  "summary_gm_k": 0.030785957553958188,
  "summary_gm_mad": 158.3062336758964,
  "summary_gm_mean": 1488.8887338189872,
  "summary_gm_median": 1481.8982728421688,
  "summary_gm_n": 182926.0,
  "summary_gm_p05": 1241.683003127575,
  "summary_gm_p95": 1760.885559104383,
  "summary_gm_stdv": 158.33183863797817,
  "summary_wm_k": -0.09430040354208602,
  "summary_wm_mad": 118.04966566209458,
  "summary_wm_mean": 982.5952857998224,
  "summary_wm_median": 989.8483593687415,
  "summary_wm_n": 216818.0,
  "summary_wm_p05": 778.6203701645136,
  "summary_wm_p95": 1162.1820228248835,
  "summary_wm_stdv": 116.73714681224952,
  "tpm_overlap_csf": 0.1669911891222,
  "tpm_overlap_gm": 0.4339922368526459,
  "tpm_overlap_wm": 0.4899054169654846,
  "wm2max": 0.20598007261783713
}