{
  "bids_meta": {
    "EchoTime": 0.00311,
    "FlipAngle": 15,
    "ImageType": [
      "ORIGINAL",
      "PRIMARY",
      "M",
      "ND",
      "NORM"
    ],
    "InversionTime": 1.1,
    "MagneticFieldStrength": 3,
    "Manufacturer": "Siemens",
    "ManufacturersModelName": "TrioTim",
    "Modality": "MR",
    "RepetitionTime": 1.63,
    "ScanningSequence": "GR_IR",
    "SequenceVariant": "SP_MP",
    "SliceThickness": 1,
    "dataset": "ds002843",
    "modality": "T1w",
    "session_id": "scan2",
    "subject_id": "dmp0559"
  },
  "cjv": 0.4277035437545834,
  "cnr": 3.1248648825838394,
  "efc": 0.5960445483831697,
  "fber": 6785.97021484375,
  "fwhm_avg": 3.330743555555556,
  "fwhm_x": 3.203936,
  "fwhm_y": 3.7330346666666667,
  "fwhm_z": 3.05526,
  "icvs_csf": 0.18452230568613343,
  "icvs_gm": 0.430027331704435,
  "icvs_wm": 0.38545036260943155,
  "inu_med": 1.1036094427108765,
  "inu_range": 0.21343808174133283,
  "provenance": {
    "md5sum": "d8118402e34b9b61c810c1bcc38a5e5b",
    "settings": {
      "testing": false
    },
    "software": "mriqc",
    "version": "21.0.0rc2",
    "warnings": {
      "large_rot_frame": true,
      "small_air_mask": false
    },
    "webapi_port": null,
    "webapi_url": "https://mriqc.nimh.nih.gov/api/v1"
  },
  "qi_1": 0.006539944807653803,
  "qi_2": 0.007920830046681116,
  "rpve_csf": 16.8914726746471,
  "rpve_gm": 7.7724701308898405,
  "rpve_wm": 10.009381002101138,
  "size_x": 192,
  "size_y": 256,
  "size_z": 160,
  "snr_csf": 1.8434711734826656,
  "snr_gm": 13.674110744423583,
  "snr_total": 13.878556371105432,
  "snr_wm": 26.11808719541005,
  "snrd_csf": 33.83877516395818,
  "snrd_gm": 59.797950119023135,
  "snrd_total": 56.7195597547395,
  "snrd_wm": 76.52195398123717,
  "spacing_x": 0.9375,
  "spacing_y": 0.9375,
  "spacing_z": 1.0,
  "summary_bg_k": 123.07011969800023,
  "summary_bg_mad": 8.561557824975786,
  "summary_bg_mean": 11.070984840393066,
  "summary_bg_median": 8.74039077758789,
  "summary_bg_n": 2504026.0,
  "summary_bg_p05": 0.0,
  "summary_bg_p95": 35.1312894821167,
  "summary_bg_stdv": 12.642963409423828,
  "summary_csf_k": 36.18455714727772,
  "summary_csf_mad": 146.66124838858548,
  "summary_csf_mean": 478.3478088378906,
  "summary_csf_median": 442.21728515625,
  "summary_csf_n": 36330.0,
  "summary_csf_p05": 271.8014541625977,
  "summary_csf_p95": 679.6545989990233,
  "summary_csf_stdv": 239.879638671875,
  "summary_gm_k": 0.23357827619650218,
  "summary_gm_mad": 56.995576460176686,
  "summary_gm_mean": 783.9204711914062,
  "summary_gm_median": 781.4611206054688,
  "summary_gm_n": 25453.0,
  "summary_gm_p05": 695.4462646484375,
  "summary_gm_p95": 881.3534790039062,
  "summary_gm_stdv": 57.147830963134766,
  "summary_wm_k": 0.6976246176169898,
  "summary_wm_mad": 36.481298937275085,
  "summary_wm_mean": 1001.6563110351562,
  "summary_wm_median": 1000.0164184570312,
  "summary_wm_n": 221150.0,
  "summary_wm_p05": 942.0607177734375,
  "summary_wm_p95": 1066.6140075683593,
  "summary_wm_stdv": 38.288185119628906,
  "tpm_overlap_csf": 0.16342821717262268,
  "tpm_overlap_gm": 0.44614237546920776,
  "tpm_overlap_wm": 0.4916059374809265,
  "wm2max": 0.4959416971727643
}