{
  "bids_meta": {
    "EchoTime": 0.00311,
    "FlipAngle": 15,
    "ImageType": [
      "ORIGINAL",
      "PRIMARY",
      "M",
      "ND",
      "NORM"
    ],
    "InversionTime": 1.1,
    "MagneticFieldStrength": 3,
    "Manufacturer": "Siemens",
    "ManufacturersModelName": "TrioTim",
    "Modality": "MR",
    "RepetitionTime": 1.63,
    "ScanningSequence": "GR_IR",
    "SequenceVariant": "SP_MP",
    "SliceThickness": 1,
    "dataset": "ds002843",
    "modality": "T1w",
    "session_id": "scan1",
    "subject_id": "dmp0939"
  },
  "cjv": 0.4817863376100074,
  "cnr": 2.703164326921055,
  "efc": 0.5710445005515996,
  "fber": 5480.08837890625,
  "fwhm_avg": 3.4903915555555556,
  "fwhm_x": 3.3473813333333333,
  "fwhm_y": 3.8866133333333335,
  "fwhm_z": 3.23718,
  "icvs_csf": 0.19150664289128036,
  "icvs_gm": 0.42358072740954067,
  "icvs_wm": 0.38491262969917894,
  "inu_med": 1.139838457107544,
  "inu_range": 0.20171521902084355,
  "provenance": {
    "md5sum": "812caec1c6d6d451500ab0a21854cacf",
    "settings": {
      "testing": false
    },
    "software": "mriqc",
    "version": "21.0.0rc2",
    "warnings": {
      "large_rot_frame": true,
      "small_air_mask": false
    },
    "webapi_port": null,
    "webapi_url": "https://mriqc.nimh.nih.gov/api/v1"
  },
  "qi_1": 0.00241711953758166,
  "qi_2": 0.00704746412912627,
  "rpve_csf": 20.321878177883235,
  "rpve_gm": 9.701939307645285,
  "rpve_wm": 12.422803853183186,
  "size_x": 192,
  "size_y": 256,
  "size_z": 160,
  "snr_csf": 3.486053468903754,
  "snr_gm": 14.490476393862581,
  "snr_total": 13.525298863530649,
  "snr_wm": 22.59936672782561,
  "snrd_csf": 33.91011246232886,
  "snrd_gm": 70.1045897016152,
  "snrd_total": 63.77772200400656,
  "snrd_wm": 87.31846384807562,
  "spacing_x": 0.9375,
  "spacing_y": 0.9375,
  "spacing_z": 1.0,
  "summary_bg_k": 170.353739036264,
  "summary_bg_mad": 7.503140340638757,
  "summary_bg_mean": 12.025603294372559,
  "summary_bg_median": 7.5918049812316895,
  "summary_bg_n": 2473924.0,
  "summary_bg_p05": 0.0,
  "summary_bg_p95": 40.58018627166749,
  "summary_bg_stdv": 17.059152603149414,
  "summary_csf_k": 39.29623391577689,
  "summary_csf_mad": 68.72382510115908,
  "summary_csf_mean": 412.1142272949219,
  "summary_csf_median": 388.3654479980469,
  "summary_csf_n": 26979.0,
  "summary_csf_p05": 289.0482604980469,
  "summary_csf_p95": 620.872900390625,
  "summary_csf_stdv": 111.40341186523438,
  "summary_gm_k": 0.5384154382153712,
  "summary_gm_mad": 52.216528018719956,
  "summary_gm_mean": 806.7449340820312,
  "summary_gm_median": 802.8932495117188,
  "summary_gm_n": 19264.0,
  "summary_gm_p05": 723.5162994384766,
  "summary_gm_p95": 905.3704284667969,
  "summary_gm_stdv": 55.40690231323242,
  "summary_wm_k": 1.1612931230897505,
  "summary_wm_mad": 42.7661605023306,
  "summary_wm_mean": 1002.2410278320312,
  "summary_wm_median": 1000.0401611328125,
  "summary_wm_n": 176182.0,
  "summary_wm_p05": 935.0352661132813,
  "summary_wm_p95": 1077.0323608398437,
  "summary_wm_stdv": 44.25067901611328,
  "tpm_overlap_csf": 0.15252694487571716,
  "tpm_overlap_gm": 0.43685802817344666,
  "tpm_overlap_wm": 0.4636014401912689,
  "wm2max": 0.45824728775251045
}