{
  "bids_meta": {
    "EchoTime": 0.09,
    "FlipAngle": 180,
    "ImageType": [
      "ORIGINAL",
      "PRIMARY",
      "M",
      "ND",
      "NORM"
    ],
    "ImagingFrequency": 123.204,
    "MagneticFieldStrength": 3,
    "Manufacturer": "Siemens",
    "ManufacturersModelName": "TrioTim",
    "Modality": "MR",
    "PhaseEncodingDirection": "i",
    "RepetitionTime": 7,
    "ScanningSequence": "SE",
    "SequenceVariant": "SK_SP_OSP",
    "SliceThickness": 3,
    "SpacingBetweenSlices": 3,
    "dataset": "ds002843",
    "modality": "T2w",
    "session_id": "scan1",
    "subject_id": "dmp0011"
  },
  "cjv": 0.5089031279657498,
  "cnr": 2.605568846530025,
  "efc": 0.6038551178799821,
  "fber": 3765.966359413558,
  "fwhm_avg": 2.837698794530778,
  "fwhm_x": 3.3007333333333335,
  "fwhm_y": 3.4314133333333334,
  "fwhm_z": 1.780949716925666,
  "icvs_csf": 0.21444632457880072,
  "icvs_gm": 0.41807198161819714,
  "icvs_wm": 0.3674816938030021,
  "inu_med": 1.3307416439056396,
  "inu_range": 0.2837684273719787,
  "provenance": {
    "md5sum": "7477d4d57244ce663e89518e89e124b1",
    "settings": {
      "testing": false
    },
    "software": "mriqc",
    "version": "21.0.0rc2",
    "warnings": {
      "large_rot_frame": false,
      "small_air_mask": false
    },
    "webapi_port": null,
    "webapi_url": "https://mriqc.nimh.nih.gov/api/v1"
  },
  "qi_1": 0.0,
  "qi_2": 0.00249141706328479,
  "rpve_csf": 10.193881078795956,
  "rpve_gm": 5.3720031799256605,
  "rpve_wm": 6.875134958345289,
  "size_x": 256,
  "size_y": 256,
  "size_z": 44,
  "snr_csf": 3.884918584405873,
  "snr_gm": 9.517522613689488,
  "snr_total": 7.140256096542285,
  "snr_wm": 8.018327091531493,
  "snrd_csf": 200.72881259101717,
  "snrd_gm": 87.95605298202469,
  "snrd_total": 115.00593060548397,
  "snrd_wm": 56.33292624341002,
  "spacing_x": 0.75,
  "spacing_y": 0.75,
  "spacing_z": 3.000000476837158,
  "summary_bg_k": 1051.4006133103378,
  "summary_bg_mad": 11.640032602907844,
  "summary_bg_mean": 21.29342387128382,
  "summary_bg_median": 15.828795731067657,
  "summary_bg_n": 649880.0,
  "summary_bg_p05": 2.6592376828193665,
  "summary_bg_p95": 44.32062804698944,
  "summary_bg_stdv": 62.912793875300885,
  "summary_csf_k": 2.019912602013399,
  "summary_csf_mad": 748.5291933515092,
  "summary_csf_mean": 3423.2828731175973,
  "summary_csf_median": 3566.417623758316,
  "summary_csf_n": 148872.0,
  "summary_csf_p05": 1405.86298468709,
  "summary_csf_p95": 4611.555016770957,
  "summary_csf_stdv": 918.0129694144675,
  "summary_gm_k": 0.015407796450339184,
  "summary_gm_mad": 167.46627551280318,
  "summary_gm_mean": 1567.0713450481724,
  "summary_gm_median": 1562.7453449368477,
  "summary_gm_n": 241924.0,
  "summary_gm_p05": 1306.5721148252487,
  "summary_gm_p95": 1838.2740264683932,
  "summary_gm_stdv": 164.1963122691954,
  "summary_wm_k": 0.5128591975471939,
  "summary_wm_mad": 118.46549310378789,
  "summary_wm_mean": 991.9985115417342,
  "summary_wm_median": 1000.8864116668701,
  "summary_wm_n": 250656.0,
  "summary_wm_p05": 771.5588191151619,
  "summary_wm_p95": 1178.5488149523735,
  "summary_wm_stdv": 124.82459292388289,
  "tpm_overlap_csf": 0.16495531797409058,
  "tpm_overlap_gm": 0.43201932311058044,
  "tpm_overlap_wm": 0.468362957239151,
  "wm2max": 0.19584716784776252
}