{
  "aor": 0.0069595625000000005,
  "aqi": 0.005539682999999999,
  "bids_meta": {
    "BandwidthPerPixelPhaseEncode": 31.25,
    "EchoTime": 0.025,
    "EffectiveEchoSpacing": 0.0005,
    "FlipAngle": 75,
    "ImageType": [
      "ORIGINAL",
      "PRIMARY",
      "M",
      "ND",
      "MOSAIC"
    ],
    "MagneticFieldStrength": 3,
    "Manufacturer": "Siemens",
    "ManufacturersModelName": "TrioTim",
    "Modality": "MR",
    "PhaseEncodingDirection": "j-",
    "PixelBandwidth": 3005,
    "RepetitionTime": 3,
    "ScanningSequence": "EP",
    "SequenceVariant": "SK",
    "SliceThickness": 3,
    "SliceTiming": [
      0,
      1.5225,
      0.055,
      1.58,
      0.1125,
      1.635,
      0.1675,
      1.6925,
      0.225,
      1.75,
      0.2825,
      1.805,
      0.3375,
      1.8625,
      0.395,
      1.9175,
      0.45,
      1.975,
      0.5075,
      2.03,
      0.5625,
      2.0875,
      0.62,
      2.145,
      0.6775,
      2.2,
      0.7325,
      2.2575,
      0.79,
      2.3125,
      0.845,
      2.37,
      0.9025,
      2.425,
      0.9575,
      2.4825,
      1.015,
      2.54,
      1.0725,
      2.595,
      1.1275,
      2.6525,
      1.185,
      2.7075,
      1.24,
      2.765,
      1.2975,
      2.8225,
      1.355,
      2.8775,
      1.41,
      2.935,
      1.4675
    ],
    "SpacingBetweenSlices": 3,
    "TaskName": "rest",
    "TotalReadoutTime": 0.0315,
    "dataset": "ds002843",
    "modality": "bold",
    "session_id": "scan2",
    "subject_id": "dmp0305",
    "task_id": "rest"
  },
  "dummy_trs": 0,
  "dvars_nstd": 24.160486641194968,
  "dvars_std": 1.0725944735849058,
  "dvars_vstd": 0.9854840013207551,
  "efc": 0.6267274151722815,
  "fber": 187.68960571289062,
  "fd_mean": 0.11056757520231947,
  "fd_num": 11,
  "fd_perc": 6.875,
  "fwhm_avg": 2.4058356900837796,
  "fwhm_x": 2.1392366666666667,
  "fwhm_y": 2.410010191530402,
  "fwhm_z": 2.6682602120542693,
  "gcor": 0.010062,
  "gsr_x": 0.00025532912695780396,
  "gsr_y": 0.08013783395290375,
  "provenance": {
    "md5sum": "8ef76fca808ac99c860ab8248b5e01aa",
    "settings": {
      "fd_thres": 0.2,
      "testing": false
    },
    "software": "mriqc",
    "version": "21.0.0rc2",
    "webapi_port": null,
    "webapi_url": "https://mriqc.nimh.nih.gov/api/v1"
  },
  "size_t": 160,
  "size_x": 64,
  "size_y": 64,
  "size_z": 53,
  "snr": 2.9015183695683535,
  "spacing_tr": 3.0,
  "spacing_x": 3.0,
  "spacing_y": 2.999999761581421,
  "spacing_z": 2.999999761581421,
  "summary_bg_k": 13.840571221258365,
  "summary_bg_mad": 19.53328309767558,
  "summary_bg_mean": 100.1556167602539,
  "summary_bg_median": 41.75,
  "summary_bg_n": 121194.0,
  "summary_bg_p05": 27.15625,
  "summary_bg_p95": 391.7296874999997,
  "summary_bg_stdv": 142.06944274902344,
  "summary_fg_k": 1.8313390319055927,
  "summary_fg_mad": 181.25735127983228,
  "summary_fg_mean": 654.114990234375,
  "summary_fg_median": 616.5250244140625,
  "summary_fg_n": 44009.0,
  "summary_fg_p05": 382.6675109863281,
  "summary_fg_p95": 1053.7725341796875,
  "summary_fg_stdv": 212.48117065429688,
  "tsnr": 56.73450893070549
}