{
  "bids_meta": {
    "EchoTime": 0.09,
    "FlipAngle": 180,
    "ImageType": [
      "ORIGINAL",
      "PRIMARY",
      "M",
      "ND",
      "NORM"
    ],
    "ImagingFrequency": 123.204,
    "MagneticFieldStrength": 3,
    "Manufacturer": "Siemens",
    "ManufacturersModelName": "TrioTim",
    "Modality": "MR",
    "PhaseEncodingDirection": "i",
    "RepetitionTime": 7,
    "ScanningSequence": "SE",
    "SequenceVariant": "SK_SP_OSP",
    "SliceThickness": 3,
    "SpacingBetweenSlices": 3,
    "dataset": "ds002843",
    "modality": "T2w",
    "session_id": "scan1",
    "subject_id": "dmp0678"
  },
  "cjv": 0.613159706651273,
  "cnr": 2.211264769299722,
  "efc": 0.6003130010712652,
  "fber": 3028.844015178963,
  "fwhm_avg": 2.4531244850088076,
  "fwhm_x": 2.874333333333333,
  "fwhm_y": 2.9537866666666663,
  "fwhm_z": 1.5312534550264243,
  "icvs_csf": 0.15924341358549915,
  "icvs_gm": 0.39322694161113375,
  "icvs_wm": 0.4475296448033671,
  "inu_med": 1.3658355474472046,
  "inu_range": 0.38942169547080985,
  "provenance": {
    "md5sum": "3bb17202c5bcaf34ff0bc3f3a0e40318",
    "settings": {
      "testing": false
    },
    "software": "mriqc",
    "version": "21.0.0rc2",
    "warnings": {
      "large_rot_frame": false,
      "small_air_mask": false
    },
    "webapi_port": null,
    "webapi_url": "https://mriqc.nimh.nih.gov/api/v1"
  },
  "qi_1": 0.0,
  "qi_2": 0.002692555321890324,
  "rpve_csf": 14.673086417848271,
  "rpve_gm": 5.880342886204063,
  "rpve_wm": 6.181834390724131,
  "size_x": 256,
  "size_y": 256,
  "size_z": 44,
  "snr_csf": 2.6300211337729276,
  "snr_gm": 9.065698062612357,
  "snr_total": 6.937008314969025,
  "snr_wm": 9.115305748521791,
  "snrd_csf": 155.6673692217152,
  "snrd_gm": 90.18374156199448,
  "snrd_total": 102.96623934521244,
  "snrd_wm": 63.047607251927666,
  "spacing_x": 0.75,
  "spacing_y": 0.75,
  "spacing_z": 2.999999761581421,
  "summary_bg_k": 582.9679961385299,
  "summary_bg_mad": 10.172675045221611,
  "summary_bg_mean": 21.831484558895642,
  "summary_bg_median": 16.80154775083065,
  "summary_bg_n": 919793.0,
  "summary_bg_p05": 3.342716306447983,
  "summary_bg_p95": 52.86769737303257,
  "summary_bg_stdv": 30.260374569552425,
  "summary_csf_k": 0.14758420407301198,
  "summary_csf_mad": 702.8275104961443,
  "summary_csf_mean": 2341.8607312101212,
  "summary_csf_median": 2417.1357544362545,
  "summary_csf_n": 95129.0,
  "summary_csf_p05": 517.2765518009663,
  "summary_csf_p95": 3699.999899876117,
  "summary_csf_stdv": 919.0508086981115,
  "summary_gm_k": 0.12180891171661479,
  "summary_gm_mad": 151.9380311241433,
  "summary_gm_mean": 1406.2257736423583,
  "summary_gm_median": 1400.3342337459326,
  "summary_gm_n": 216597.0,
  "summary_gm_p05": 1164.567174679041,
  "summary_gm_p95": 1672.8711721837506,
  "summary_gm_stdv": 154.46477386417016,
  "summary_wm_k": -0.027707238416052604,
  "summary_wm_mad": 106.42183124231839,
  "summary_wm_mean": 974.6934671574562,
  "summary_wm_median": 978.9760466963053,
  "summary_wm_n": 287627.0,
  "summary_wm_p05": 788.9690145403147,
  "summary_wm_p95": 1145.232199832797,
  "summary_wm_stdv": 107.39895861839904,
  "tpm_overlap_csf": 0.16266749799251556,
  "tpm_overlap_gm": 0.4209734797477722,
  "tpm_overlap_wm": 0.48352107405662537,
  "wm2max": 0.22511384314913246
}