{
  "bids_meta": {
    "EchoTime": 0.00311,
    "FlipAngle": 15,
    "ImageType": [
      "ORIGINAL",
      "PRIMARY",
      "M",
      "ND",
      "NORM"
    ],
    "InversionTime": 1.1,
    "MagneticFieldStrength": 3,
    "Manufacturer": "Siemens",
    "ManufacturersModelName": "TrioTim",
    "Modality": "MR",
    "RepetitionTime": 1.63,
    "ScanningSequence": "GR_IR",
    "SequenceVariant": "SP_MP",
    "SliceThickness": 1,
    "dataset": "ds002843",
    "modality": "T1w",
    "session_id": "scan1",
    "subject_id": "dmp0678"
  },
  "cjv": 0.5007477738236781,
  "cnr": 2.6296523106713456,
  "efc": 0.589278997102493,
  "fber": 6990.53564453125,
  "fwhm_avg": 3.158935777777778,
  "fwhm_x": 3.0511893333333333,
  "fwhm_y": 3.4154880000000003,
  "fwhm_z": 3.01013,
  "icvs_csf": 0.16438481984837072,
  "icvs_gm": 0.41483031685546856,
  "icvs_wm": 0.4207848632961607,
  "inu_med": 1.0720858573913574,
  "inu_range": 0.18019229173660267,
  "provenance": {
    "md5sum": "0a10fe5aecfc43b3b74afd5ecdbbf7a5",
    "settings": {
      "testing": false
    },
    "software": "mriqc",
    "version": "21.0.0rc2",
    "warnings": {
      "large_rot_frame": true,
      "small_air_mask": false
    },
    "webapi_port": null,
    "webapi_url": "https://mriqc.nimh.nih.gov/api/v1"
  },
  "qi_1": 0.0010620360435325289,
  "qi_2": 0.009910524726159255,
  "rpve_csf": 19.69087258132636,
  "rpve_gm": 8.506027147319823,
  "rpve_wm": 10.019152977525264,
  "size_x": 192,
  "size_y": 256,
  "size_z": 160,
  "snr_csf": 2.017182066839433,
  "snr_gm": 14.038509747390282,
  "snr_total": 13.608426863474385,
  "snr_wm": 24.76958877619344,
  "snrd_csf": 55.865059051914365,
  "snrd_gm": 109.60160822826923,
  "snrd_total": 100.17335114383725,
  "snrd_wm": 135.05338615132817,
  "spacing_x": 0.9375,
  "spacing_y": 0.9375,
  "spacing_z": 1.0,
  "summary_bg_k": 12.155804747619548,
  "summary_bg_mad": 4.851091182792035,
  "summary_bg_mean": 11.242207527160645,
  "summary_bg_median": 6.328690528869629,
  "summary_bg_n": 2427125.0,
  "summary_bg_p05": 0.0,
  "summary_bg_p95": 36.32110443115234,
  "summary_bg_stdv": 12.827607154846191,
  "summary_csf_k": 39.67331174691377,
  "summary_csf_mad": 107.51121568802836,
  "summary_csf_mean": 457.25347900390625,
  "summary_csf_median": 413.66424560546875,
  "summary_csf_n": 14708.0,
  "summary_csf_p05": 279.80626525878904,
  "summary_csf_p95": 699.9971069335937,
  "summary_csf_stdv": 205.06338500976562,
  "summary_gm_k": 0.2485421949965998,
  "summary_gm_mad": 56.60918049624731,
  "summary_gm_mean": 814.3544311523438,
  "summary_gm_median": 811.5675048828125,
  "summary_gm_n": 17024.0,
  "summary_gm_p05": 725.6244689941407,
  "summary_gm_p95": 914.7389373779297,
  "summary_gm_stdv": 57.80839157104492,
  "summary_wm_k": 0.6629636300918027,
  "summary_wm_mad": 37.76319243259676,
  "summary_wm_mean": 1002.99560546875,
  "summary_wm_median": 1000.0303955078125,
  "summary_wm_n": 228755.0,
  "summary_wm_p05": 942.0828491210938,
  "summary_wm_p95": 1074.4120971679688,
  "summary_wm_stdv": 40.373226165771484,
  "tpm_overlap_csf": 0.1762174516916275,
  "tpm_overlap_gm": 0.4458363950252533,
  "tpm_overlap_wm": 0.5089655518531799,
  "wm2max": 0.5089705544320728
}