{
  "aor": 0.004252125,
  "aqi": 0.0043855435625,
  "bids_meta": {
    "BandwidthPerPixelPhaseEncode": 31.25,
    "EchoTime": 0.025,
    "EffectiveEchoSpacing": 0.0005,
    "FlipAngle": 75,
    "ImageType": [
      "ORIGINAL",
      "PRIMARY",
      "M",
      "ND",
      "MOSAIC"
    ],
    "MagneticFieldStrength": 3,
    "Manufacturer": "Siemens",
    "ManufacturersModelName": "TrioTim",
    "Modality": "MR",
    "PhaseEncodingDirection": "j-",
    "PixelBandwidth": 3005,
    "RepetitionTime": 3,
    "ScanningSequence": "EP",
    "SequenceVariant": "SK",
    "SliceThickness": 3,
    "SliceTiming": [
      0,
      1.5225,
      0.055,
      1.58,
      0.1125,
      1.635,
      0.1675,
      1.6925,
      0.225,
      1.75,
      0.2825,
      1.805,
      0.3375,
      1.8625,
      0.395,
      1.9175,
      0.45,
      1.975,
      0.5075,
      2.03,
      0.5625,
      2.0875,
      0.62,
      2.145,
      0.6775,
      2.2,
      0.7325,
      2.2575,
      0.79,
      2.3125,
      0.845,
      2.37,
      0.9025,
      2.425,
      0.9575,
      2.4825,
      1.015,
      2.54,
      1.0725,
      2.595,
      1.1275,
      2.6525,
      1.185,
      2.7075,
      1.24,
      2.765,
      1.2975,
      2.8225,
      1.355,
      2.8775,
      1.41,
      2.935,
      1.4675
    ],
    "SpacingBetweenSlices": 3,
    "TaskName": "rest",
    "TotalReadoutTime": 0.0315,
    "dataset": "ds002843",
    "modality": "bold",
    "session_id": "scan1",
    "subject_id": "dmp0730",
    "task_id": "rest"
  },
  "dummy_trs": 0,
  "dvars_nstd": 21.289920734654082,
  "dvars_std": 1.1571183883647795,
  "dvars_vstd": 0.9966426688679254,
  "efc": 0.5133746985366276,
  "fber": 522.6619262695312,
  "fd_mean": 0.14933508903508816,
  "fd_num": 25,
  "fd_perc": 15.625,
  "fwhm_avg": 2.316733333333333,
  "fwhm_x": 2.1980866666666667,
  "fwhm_y": 2.27024,
  "fwhm_z": 2.481873333333333,
  "gcor": 0.0133884,
  "gsr_x": -0.006347554735839367,
  "gsr_y": 0.03648354858160019,
  "provenance": {
    "md5sum": "ad9835052ce69d82249ce62122fef473",
    "settings": {
      "fd_thres": 0.2,
      "testing": false
    },
    "software": "mriqc",
    "version": "21.0.0rc2",
    "webapi_port": null,
    "webapi_url": "https://mriqc.nimh.nih.gov/api/v1"
  },
  "size_t": 160,
  "size_x": 64,
  "size_y": 64,
  "size_z": 53,
  "snr": 3.6871567997456847,
  "spacing_tr": 3.0,
  "spacing_x": 3.0,
  "spacing_y": 3.0,
  "spacing_z": 3.0,
  "summary_bg_k": 29.558148910809592,
  "summary_bg_mad": 8.979010534176346,
  "summary_bg_mean": 52.37771224975586,
  "summary_bg_median": 29.981250762939453,
  "summary_bg_n": 146198.0,
  "summary_bg_p05": 20.606250762939453,
  "summary_bg_p95": 172.9375,
  "summary_bg_stdv": 62.19313430786133,
  "summary_fg_k": 1.5115606423555112,
  "summary_fg_mad": 173.71005175393864,
  "summary_fg_mean": 720.59423828125,
  "summary_fg_median": 690.9656372070312,
  "summary_fg_n": 31940.0,
  "summary_fg_p05": 472.85501251220705,
  "summary_fg_p95": 1065.2193786621094,
  "summary_fg_stdv": 187.39501953125,
  "tsnr": 70.03661956917495
}