{
  "aor": 0.0029147115384615388,
  "aqi": 0.004385796346153846,
  "bids_meta": {
    "BandwidthPerPixelPhaseEncode": 31.25,
    "EchoTime": 0.025,
    "EffectiveEchoSpacing": 0.0005,
    "FlipAngle": 75,
    "ImageType": [
      "ORIGINAL",
      "PRIMARY",
      "M",
      "ND",
      "MOSAIC"
    ],
    "MagneticFieldStrength": 3,
    "Manufacturer": "Siemens",
    "ManufacturersModelName": "TrioTim",
    "Modality": "MR",
    "PhaseEncodingDirection": "j-",
    "PixelBandwidth": 3005,
    "RepetitionTime": 3,
    "ScanningSequence": "EP",
    "SequenceVariant": "SK",
    "SliceThickness": 3,
    "SliceTiming": [
      0,
      1.5225,
      0.055,
      1.58,
      0.1125,
      1.6375,
      0.17,
      1.6925,
      0.225,
      1.75,
      0.2825,
      1.805,
      0.3375,
      1.8625,
      0.395,
      1.92,
      0.45,
      1.975,
      0.5075,
      2.0325,
      0.565,
      2.0875,
      0.62,
      2.145,
      0.6775,
      2.2,
      0.7325,
      2.2575,
      0.79,
      2.315,
      0.8475,
      2.37,
      0.9025,
      2.4275,
      0.96,
      2.4825,
      1.015,
      2.54,
      1.0725,
      2.595,
      1.1275,
      2.6525,
      1.185,
      2.71,
      1.2425,
      2.765,
      1.2975,
      2.8225,
      1.355,
      2.8775,
      1.41,
      2.935,
      1.4675
    ],
    "SpacingBetweenSlices": 3,
    "TaskName": "risk choice task",
    "TotalReadoutTime": 0.0315,
    "dataset": "ds002843",
    "modality": "bold",
    "run_id": 2,
    "session_id": "scan1",
    "subject_id": "dmp0730",
    "task_id": "risk"
  },
  "dummy_trs": 0,
  "dvars_nstd": 23.692495475436885,
  "dvars_std": 1.1586790913592235,
  "dvars_vstd": 0.9703631997087382,
  "efc": 0.5145897007411371,
  "fber": 554.91748046875,
  "fd_mean": 0.15403261897941137,
  "fd_num": 18,
  "fd_perc": 17.307692307692307,
  "fwhm_avg": 2.274771111111111,
  "fwhm_x": 2.18742,
  "fwhm_y": 2.1936466666666665,
  "fwhm_z": 2.4432466666666666,
  "gcor": 0.0303572,
  "gsr_x": -0.006496090907603502,
  "gsr_y": 0.03345482423901558,
  "provenance": {
    "md5sum": "cfc9af0dd5fdeffc5e625b0a3b6fea8e",
    "settings": {
      "fd_thres": 0.2,
      "testing": false
    },
    "software": "mriqc",
    "version": "21.0.0rc2",
    "webapi_port": null,
    "webapi_url": "https://mriqc.nimh.nih.gov/api/v1"
  },
  "size_t": 104,
  "size_x": 64,
  "size_y": 64,
  "size_z": 53,
  "snr": 3.781459665820504,
  "spacing_tr": 3.0,
  "spacing_x": 3.0,
  "spacing_y": 3.0,
  "spacing_z": 3.0,
  "summary_bg_k": 31.93628313252841,
  "summary_bg_mad": 6.57192118954614,
  "summary_bg_mean": 53.263160705566406,
  "summary_bg_median": 29.346155166625977,
  "summary_bg_n": 146508.0,
  "summary_bg_p05": 24.278846740722656,
  "summary_bg_p95": 176.6052932739256,
  "summary_bg_stdv": 64.5634765625,
  "summary_fg_k": 1.3574070269610523,
  "summary_fg_mad": 172.59488766459822,
  "summary_fg_mean": 724.3905639648438,
  "summary_fg_median": 696.5529174804688,
  "summary_fg_n": 31658.0,
  "summary_fg_p05": 480.44087982177734,
  "summary_fg_p95": 1065.5826904296873,
  "summary_fg_stdv": 184.19921875,
  "tsnr": 69.91735470481217
}