{
  "aor": 0.0029245192307692305,
  "aqi": 0.0029647132692307695,
  "bids_meta": {
    "BandwidthPerPixelPhaseEncode": 31.25,
    "EchoTime": 0.025,
    "EffectiveEchoSpacing": 0.0005,
    "FlipAngle": 75,
    "ImageType": [
      "ORIGINAL",
      "PRIMARY",
      "M",
      "ND",
      "MOSAIC"
    ],
    "MagneticFieldStrength": 3,
    "Manufacturer": "Siemens",
    "ManufacturersModelName": "TrioTim",
    "Modality": "MR",
    "PhaseEncodingDirection": "j-",
    "PixelBandwidth": 3005,
    "RepetitionTime": 3,
    "ScanningSequence": "EP",
    "SequenceVariant": "SK",
    "SliceThickness": 3,
    "SliceTiming": [
      0,
      1.5225,
      0.055,
      1.58,
      0.1125,
      1.6375,
      0.17,
      1.6925,
      0.225,
      1.75,
      0.2825,
      1.805,
      0.3375,
      1.8625,
      0.395,
      1.92,
      0.45,
      1.975,
      0.5075,
      2.0325,
      0.565,
      2.0875,
      0.62,
      2.145,
      0.6775,
      2.2,
      0.7325,
      2.2575,
      0.79,
      2.315,
      0.8475,
      2.37,
      0.9025,
      2.4275,
      0.96,
      2.4825,
      1.015,
      2.54,
      1.0725,
      2.595,
      1.1275,
      2.6525,
      1.185,
      2.71,
      1.2425,
      2.765,
      1.2975,
      2.8225,
      1.355,
      2.8775,
      1.41,
      2.935,
      1.4675
    ],
    "SpacingBetweenSlices": 3,
    "TaskName": "risk choice task",
    "TotalReadoutTime": 0.0315,
    "dataset": "ds002843",
    "modality": "bold",
    "run_id": 1,
    "session_id": "scan1",
    "subject_id": "dmp0730",
    "task_id": "risk"
  },
  "dummy_trs": 0,
  "dvars_nstd": 20.572455286019416,
  "dvars_std": 1.2006634860194176,
  "dvars_vstd": 1.0129113522330098,
  "efc": 0.5139977426951959,
  "fber": 555.7239990234375,
  "fd_mean": 0.11977891269235735,
  "fd_num": 8,
  "fd_perc": 7.6923076923076925,
  "fwhm_avg": 2.2784566666666666,
  "fwhm_x": 2.1834966666666666,
  "fwhm_y": 2.1871266666666664,
  "fwhm_z": 2.4647466666666666,
  "gcor": 0.0215704,
  "gsr_x": -0.006893150508403778,
  "gsr_y": 0.03347780555486679,
  "provenance": {
    "md5sum": "53c957f88bba1a40cb203790ab05d25b",
    "settings": {
      "fd_thres": 0.2,
      "testing": false
    },
    "software": "mriqc",
    "version": "21.0.0rc2",
    "webapi_port": null,
    "webapi_url": "https://mriqc.nimh.nih.gov/api/v1"
  },
  "size_t": 104,
  "size_x": 64,
  "size_y": 64,
  "size_z": 53,
  "snr": 3.762665590168174,
  "spacing_tr": 3.0,
  "spacing_x": 3.0,
  "spacing_y": 3.0,
  "spacing_z": 3.0,
  "summary_bg_k": 30.963283383265882,
  "summary_bg_mad": 6.571918361706826,
  "summary_bg_mean": 53.01884078979492,
  "summary_bg_median": 29.31730842590332,
  "summary_bg_n": 146486.0,
  "summary_bg_p05": 24.25961685180664,
  "summary_bg_p95": 176.03606033325195,
  "summary_bg_stdv": 63.79375076293945,
  "summary_fg_k": 1.3391679122423783,
  "summary_fg_mad": 173.07245316802613,
  "summary_fg_mean": 725.2264404296875,
  "summary_fg_median": 696.6154174804688,
  "summary_fg_n": 31624.0,
  "summary_fg_p05": 480.8134765625,
  "summary_fg_p95": 1069.7789001464841,
  "summary_fg_stdv": 185.13587951660156,
  "tsnr": 83.3693145205034
}