{
  "bids_meta": {
    "EchoTime": 0.09,
    "FlipAngle": 180,
    "ImageType": [
      "ORIGINAL",
      "PRIMARY",
      "M",
      "ND",
      "NORM"
    ],
    "ImagingFrequency": 123.204,
    "MagneticFieldStrength": 3,
    "Manufacturer": "Siemens",
    "ManufacturersModelName": "TrioTim",
    "Modality": "MR",
    "PhaseEncodingDirection": "i",
    "RepetitionTime": 7,
    "ScanningSequence": "SE",
    "SequenceVariant": "SK_SP_OSP",
    "SliceThickness": 3,
    "SpacingBetweenSlices": 3,
    "dataset": "ds002843",
    "modality": "T2w",
    "session_id": "scan2",
    "subject_id": "dmp0574"
  },
  "cjv": 0.5104786280165565,
  "cnr": 2.5063163367922696,
  "efc": 0.6219115964074374,
  "fber": 806.1111870732902,
  "fwhm_avg": 2.817451111111111,
  "fwhm_x": 3.2771733333333333,
  "fwhm_y": 3.5229733333333333,
  "fwhm_z": 1.6522066666666666,
  "icvs_csf": 0.17440507521287188,
  "icvs_gm": 0.3908604273365863,
  "icvs_wm": 0.43473449745054177,
  "inu_med": 1.2032270431518555,
  "inu_range": 0.31104716658592224,
  "provenance": {
    "md5sum": "33f8bbf095d2f201f5ccd72585c444f3",
    "settings": {
      "testing": false
    },
    "software": "mriqc",
    "version": "21.0.0rc2",
    "warnings": {
      "large_rot_frame": false,
      "small_air_mask": false
    },
    "webapi_port": null,
    "webapi_url": "https://mriqc.nimh.nih.gov/api/v1"
  },
  "qi_1": 4.859604671160001e-05,
  "qi_2": 0.0011619002803747802,
  "rpve_csf": 12.066220480779414,
  "rpve_gm": 5.232434503928074,
  "rpve_wm": 5.5957337182590186,
  "size_x": 256,
  "size_y": 256,
  "size_z": 44,
  "snr_csf": 3.0118304021718187,
  "snr_gm": 8.335294113691546,
  "snr_total": 6.2090549019646915,
  "snr_wm": 7.280040190030708,
  "snrd_csf": 73.23368886503033,
  "snrd_gm": 37.8891620681171,
  "snrd_total": 44.70533079856741,
  "snrd_wm": 22.993141462554778,
  "spacing_x": 0.75,
  "spacing_y": 0.75,
  "spacing_z": 3.0,
  "summary_bg_k": 301.77797088260263,
  "summary_bg_mad": 28.66746605621982,
  "summary_bg_mean": 49.702202040177234,
  "summary_bg_median": 34.53793939948082,
  "summary_bg_n": 740765.0,
  "summary_bg_p05": 3.2004268169403076,
  "summary_bg_p95": 119.08254781365395,
  "summary_bg_stdv": 94.72276036742996,
  "summary_csf_k": 0.82961038627514,
  "summary_csf_mad": 805.4569428485486,
  "summary_csf_mean": 3080.9218974728633,
  "summary_csf_median": 3204.5607015788555,
  "summary_csf_n": 122445.0,
  "summary_csf_p05": 573.2764535844326,
  "summary_csf_p95": 4588.878651022911,
  "summary_csf_stdv": 1063.9867415929311,
  "summary_gm_k": 0.12385744907652274,
  "summary_gm_mad": 197.31124913177504,
  "summary_gm_mean": 1666.6462644062806,
  "summary_gm_median": 1657.9544422924519,
  "summary_gm_n": 238248.0,
  "summary_gm_p05": 1357.914428204298,
  "summary_gm_p95": 2008.1344765126705,
  "summary_gm_stdv": 198.90731391152144,
  "summary_wm_k": 0.08672008653347252,
  "summary_wm_mad": 135.42906378283158,
  "summary_wm_mean": 995.3504437988465,
  "summary_wm_median": 1006.1341805756092,
  "summary_wm_n": 313520.0,
  "summary_wm_p05": 747.5663639903069,
  "summary_wm_p95": 1203.8938876390457,
  "summary_wm_stdv": 138.20426120377465,
  "tpm_overlap_csf": 0.1522177904844284,
  "tpm_overlap_gm": 0.41322189569473267,
  "tpm_overlap_wm": 0.46791860461235046,
  "wm2max": 0.19210489859343644
}