{
  "aor": 0.0017926249999999997,
  "aqi": 0.0047137761875,
  "bids_meta": {
    "BandwidthPerPixelPhaseEncode": 31.25,
    "EchoTime": 0.025,
    "EffectiveEchoSpacing": 0.0005,
    "FlipAngle": 75,
    "ImageType": [
      "ORIGINAL",
      "PRIMARY",
      "M",
      "ND",
      "MOSAIC"
    ],
    "MagneticFieldStrength": 3,
    "Manufacturer": "Siemens",
    "ManufacturersModelName": "TrioTim",
    "Modality": "MR",
    "PhaseEncodingDirection": "j-",
    "PixelBandwidth": 3005,
    "RepetitionTime": 3,
    "ScanningSequence": "EP",
    "SequenceVariant": "SK",
    "SliceThickness": 3,
    "SliceTiming": [
      0,
      1.5225,
      0.055,
      1.58,
      0.1125,
      1.635,
      0.1675,
      1.6925,
      0.225,
      1.75,
      0.2825,
      1.805,
      0.3375,
      1.8625,
      0.395,
      1.9175,
      0.45,
      1.975,
      0.5075,
      2.03,
      0.5625,
      2.0875,
      0.62,
      2.145,
      0.6775,
      2.2,
      0.7325,
      2.2575,
      0.79,
      2.3125,
      0.845,
      2.37,
      0.9025,
      2.425,
      0.9575,
      2.4825,
      1.015,
      2.54,
      1.0725,
      2.595,
      1.1275,
      2.6525,
      1.185,
      2.7075,
      1.24,
      2.765,
      1.2975,
      2.8225,
      1.355,
      2.8775,
      1.41,
      2.935,
      1.4675
    ],
    "SpacingBetweenSlices": 3,
    "TaskName": "rest",
    "TotalReadoutTime": 0.0315,
    "dataset": "ds002843",
    "modality": "bold",
    "session_id": "scan1",
    "subject_id": "dmp0939",
    "task_id": "rest"
  },
  "dummy_trs": 0,
  "dvars_nstd": 25.58540522949686,
  "dvars_std": 1.1744728702515719,
  "dvars_vstd": 0.9716502495597484,
  "efc": 0.536474878378387,
  "fber": 338.0387268066406,
  "fd_mean": 0.11015484672456573,
  "fd_num": 20,
  "fd_perc": 12.5,
  "fwhm_avg": 2.622801111111111,
  "fwhm_x": 2.4543500000000003,
  "fwhm_y": 2.535623333333333,
  "fwhm_z": 2.87843,
  "gcor": 0.018318,
  "gsr_x": -0.002623024396598339,
  "gsr_y": 0.032735344022512436,
  "provenance": {
    "md5sum": "016ef5ff5e802d2fc5074fd6f18f6b4c",
    "settings": {
      "fd_thres": 0.2,
      "testing": false
    },
    "software": "mriqc",
    "version": "21.0.0rc2",
    "webapi_port": null,
    "webapi_url": "https://mriqc.nimh.nih.gov/api/v1"
  },
  "size_t": 160,
  "size_x": 64,
  "size_y": 64,
  "size_z": 53,
  "snr": 2.6309652114671764,
  "spacing_tr": 3.0,
  "spacing_x": 3.0,
  "spacing_y": 3.0,
  "spacing_z": 3.0,
  "summary_bg_k": 77.54708911925334,
  "summary_bg_mad": 12.518720220235226,
  "summary_bg_mean": 66.90096282958984,
  "summary_bg_median": 34.92499923706055,
  "summary_bg_n": 141673.0,
  "summary_bg_p05": 25.9375,
  "summary_bg_p95": 219.25,
  "summary_bg_stdv": 93.86121368408203,
  "summary_fg_k": 5.25971285323763,
  "summary_fg_mad": 184.9267555742904,
  "summary_fg_mean": 708.5303344726562,
  "summary_fg_median": 651.4562377929688,
  "summary_fg_n": 34639.0,
  "summary_fg_p05": 427.10939331054686,
  "summary_fg_p95": 1191.880029296875,
  "summary_fg_stdv": 247.6075439453125,
  "tsnr": 69.01189693738706
}