{
  "aor": 0.0018119230769230769,
  "aqi": 0.002663694326923077,
  "bids_meta": {
    "BandwidthPerPixelPhaseEncode": 31.25,
    "EchoTime": 0.025,
    "EffectiveEchoSpacing": 0.0005,
    "FlipAngle": 75,
    "ImageType": [
      "ORIGINAL",
      "PRIMARY",
      "M",
      "ND",
      "MOSAIC"
    ],
    "MagneticFieldStrength": 3,
    "Manufacturer": "Siemens",
    "ManufacturersModelName": "TrioTim",
    "Modality": "MR",
    "PhaseEncodingDirection": "j-",
    "PixelBandwidth": 3005,
    "RepetitionTime": 3,
    "ScanningSequence": "EP",
    "SequenceVariant": "SK",
    "SliceThickness": 3,
    "SliceTiming": [
      0,
      1.5225,
      0.055,
      1.58,
      0.1125,
      1.6375,
      0.17,
      1.6925,
      0.225,
      1.75,
      0.2825,
      1.805,
      0.3375,
      1.8625,
      0.395,
      1.92,
      0.45,
      1.975,
      0.5075,
      2.0325,
      0.565,
      2.0875,
      0.62,
      2.145,
      0.6775,
      2.2,
      0.7325,
      2.2575,
      0.79,
      2.315,
      0.8475,
      2.37,
      0.9025,
      2.4275,
      0.96,
      2.4825,
      1.015,
      2.54,
      1.0725,
      2.595,
      1.1275,
      2.6525,
      1.185,
      2.71,
      1.2425,
      2.765,
      1.2975,
      2.8225,
      1.355,
      2.8775,
      1.41,
      2.935,
      1.4675
    ],
    "SpacingBetweenSlices": 3,
    "TaskName": "risk choice task",
    "TotalReadoutTime": 0.0315,
    "dataset": "ds002843",
    "modality": "bold",
    "run_id": 2,
    "session_id": "scan1",
    "subject_id": "dmp0939",
    "task_id": "risk"
  },
  "dummy_trs": 0,
  "dvars_nstd": 24.396733107961158,
  "dvars_std": 1.2071584379611646,
  "dvars_vstd": 0.9994004358252424,
  "efc": 0.5390863250497225,
  "fber": 335.0696105957031,
  "fd_mean": 0.07295588534791114,
  "fd_num": 5,
  "fd_perc": 4.8076923076923075,
  "fwhm_avg": 2.582573333333333,
  "fwhm_x": 2.409656666666667,
  "fwhm_y": 2.50854,
  "fwhm_z": 2.829523333333333,
  "gcor": 0.0298472,
  "gsr_x": -0.003323437413200736,
  "gsr_y": 0.03500186651945114,
  "provenance": {
    "md5sum": "fb7a86ab810bf0b93f103afac3719948",
    "settings": {
      "fd_thres": 0.2,
      "testing": false
    },
    "software": "mriqc",
    "version": "21.0.0rc2",
    "webapi_port": null,
    "webapi_url": "https://mriqc.nimh.nih.gov/api/v1"
  },
  "size_t": 104,
  "size_x": 64,
  "size_y": 64,
  "size_z": 53,
  "snr": 2.598402819747822,
  "spacing_tr": 3.0,
  "spacing_x": 3.0,
  "spacing_y": 3.0,
  "spacing_z": 3.0,
  "summary_bg_k": 30.633703862010357,
  "summary_bg_mad": 12.858725480210698,
  "summary_bg_mean": 67.55220031738281,
  "summary_bg_median": 35.2884635925293,
  "summary_bg_n": 141135.0,
  "summary_bg_p05": 25.990385055541992,
  "summary_bg_p95": 228.97404479980457,
  "summary_bg_stdv": 86.33465576171875,
  "summary_fg_k": 5.706626844126934,
  "summary_fg_mad": 186.03802855673413,
  "summary_fg_mean": 715.9140014648438,
  "summary_fg_median": 656.2403564453125,
  "summary_fg_n": 34634.0,
  "summary_fg_p05": 431.6533889770508,
  "summary_fg_p95": 1210.8548950195309,
  "summary_fg_stdv": 252.5516357421875,
  "tsnr": 84.89302476367448
}