{
  "aor": 0.002261125,
  "aqi": 0.004260286125,
  "bids_meta": {
    "BandwidthPerPixelPhaseEncode": 31.25,
    "EchoTime": 0.025,
    "EffectiveEchoSpacing": 0.0005,
    "FlipAngle": 75,
    "ImageType": [
      "ORIGINAL",
      "PRIMARY",
      "M",
      "ND",
      "MOSAIC"
    ],
    "MagneticFieldStrength": 3,
    "Manufacturer": "Siemens",
    "ManufacturersModelName": "TrioTim",
    "Modality": "MR",
    "PhaseEncodingDirection": "j-",
    "PixelBandwidth": 3005,
    "RepetitionTime": 3,
    "ScanningSequence": "EP",
    "SequenceVariant": "SK",
    "SliceThickness": 3,
    "SliceTiming": [
      0,
      1.5225,
      0.055,
      1.58,
      0.1125,
      1.635,
      0.1675,
      1.6925,
      0.225,
      1.75,
      0.2825,
      1.805,
      0.3375,
      1.8625,
      0.395,
      1.9175,
      0.45,
      1.975,
      0.5075,
      2.03,
      0.5625,
      2.0875,
      0.62,
      2.145,
      0.6775,
      2.2,
      0.7325,
      2.2575,
      0.79,
      2.3125,
      0.845,
      2.37,
      0.9025,
      2.425,
      0.9575,
      2.4825,
      1.015,
      2.54,
      1.0725,
      2.595,
      1.1275,
      2.6525,
      1.185,
      2.7075,
      1.24,
      2.765,
      1.2975,
      2.8225,
      1.355,
      2.8775,
      1.41,
      2.935,
      1.4675
    ],
    "SpacingBetweenSlices": 3,
    "TaskName": "rest",
    "TotalReadoutTime": 0.0315,
    "dataset": "ds002843",
    "modality": "bold",
    "session_id": "scan2",
    "subject_id": "dmp0492",
    "task_id": "rest"
  },
  "dummy_trs": 0,
  "dvars_nstd": 19.56854210867925,
  "dvars_std": 1.0427352944025157,
  "dvars_vstd": 0.9342288344654088,
  "efc": 0.5147722090566987,
  "fber": 507.1866149902344,
  "fd_mean": 0.12631186261842245,
  "fd_num": 27,
  "fd_perc": 16.875,
  "fwhm_avg": 2.839586666666666,
  "fwhm_x": 2.74959,
  "fwhm_y": 2.823593333333333,
  "fwhm_z": 2.9455766666666663,
  "gcor": 0.0417737,
  "gsr_x": 0.00314469076693058,
  "gsr_y": 0.04868035763502121,
  "provenance": {
    "md5sum": "1c68001559b233bca8f2b6438d638bfe",
    "settings": {
      "fd_thres": 0.2,
      "testing": false
    },
    "software": "mriqc",
    "version": "21.0.0rc2",
    "webapi_port": null,
    "webapi_url": "https://mriqc.nimh.nih.gov/api/v1"
  },
  "size_t": 160,
  "size_x": 64,
  "size_y": 64,
  "size_z": 53,
  "snr": 2.5763901017250728,
  "spacing_tr": 3.0,
  "spacing_x": 3.0,
  "spacing_y": 3.0,
  "spacing_z": 3.0,
  "summary_bg_k": 20.453087669728983,
  "summary_bg_mad": 12.036876195924492,
  "summary_bg_mean": 69.2844467163086,
  "summary_bg_median": 35.25,
  "summary_bg_n": 142941.0,
  "summary_bg_p05": 26.287500381469727,
  "summary_bg_p95": 242.1687469482422,
  "summary_bg_stdv": 87.86492919921875,
  "summary_fg_k": 1.442743561638827,
  "summary_fg_mad": 255.74888269221634,
  "summary_fg_mean": 874.2604370117188,
  "summary_fg_median": 799.5687866210938,
  "summary_fg_n": 34069.0,
  "summary_fg_p05": 497.88751831054685,
  "summary_fg_p95": 1498.2862548828125,
  "summary_fg_stdv": 310.3400573730469,
  "tsnr": 65.43958489922807
}