{
  "aor": 0.003925192307692308,
  "aqi": 0.0032498665384615385,
  "bids_meta": {
    "BandwidthPerPixelPhaseEncode": 31.25,
    "EchoTime": 0.025,
    "EffectiveEchoSpacing": 0.0005,
    "FlipAngle": 75,
    "ImageType": [
      "ORIGINAL",
      "PRIMARY",
      "M",
      "ND",
      "MOSAIC"
    ],
    "MagneticFieldStrength": 3,
    "Manufacturer": "Siemens",
    "ManufacturersModelName": "TrioTim",
    "Modality": "MR",
    "PhaseEncodingDirection": "j-",
    "PixelBandwidth": 3005,
    "RepetitionTime": 3,
    "ScanningSequence": "EP",
    "SequenceVariant": "SK",
    "SliceThickness": 3,
    "SliceTiming": [
      0,
      1.5225,
      0.055,
      1.58,
      0.1125,
      1.6375,
      0.17,
      1.6925,
      0.225,
      1.75,
      0.2825,
      1.805,
      0.3375,
      1.8625,
      0.395,
      1.92,
      0.45,
      1.975,
      0.5075,
      2.0325,
      0.565,
      2.0875,
      0.62,
      2.145,
      0.6775,
      2.2,
      0.7325,
      2.2575,
      0.79,
      2.315,
      0.8475,
      2.37,
      0.9025,
      2.4275,
      0.96,
      2.4825,
      1.015,
      2.54,
      1.0725,
      2.595,
      1.1275,
      2.6525,
      1.185,
      2.71,
      1.2425,
      2.765,
      1.2975,
      2.8225,
      1.355,
      2.8775,
      1.41,
      2.935,
      1.4675
    ],
    "SpacingBetweenSlices": 3,
    "TaskName": "intertemporal choice task",
    "TotalReadoutTime": 0.0315,
    "dataset": "ds002843",
    "modality": "bold",
    "run_id": 4,
    "session_id": "scan1",
    "subject_id": "dmp1205",
    "task_id": "itc"
  },
  "dummy_trs": 0,
  "dvars_nstd": 24.203417065436884,
  "dvars_std": 1.2007161711650485,
  "dvars_vstd": 1.0059820423300971,
  "efc": 0.5422585583701123,
  "fber": 426.39324951171875,
  "fd_mean": 0.17898872410752478,
  "fd_num": 32,
  "fd_perc": 30.76923076923077,
  "fwhm_avg": 2.573174444444444,
  "fwhm_x": 2.48576,
  "fwhm_y": 2.5130666666666666,
  "fwhm_z": 2.7206966666666665,
  "gcor": 0.029767,
  "gsr_x": -0.008669999428093433,
  "gsr_y": 0.044662848114967346,
  "provenance": {
    "md5sum": "95b7a392ffbcdbfcb0c30dc40afb7e97",
    "settings": {
      "fd_thres": 0.2,
      "testing": false
    },
    "software": "mriqc",
    "version": "21.0.0rc2",
    "webapi_port": null,
    "webapi_url": "https://mriqc.nimh.nih.gov/api/v1"
  },
  "size_t": 104,
  "size_x": 64,
  "size_y": 64,
  "size_z": 53,
  "snr": 2.961213866286073,
  "spacing_tr": 3.0,
  "spacing_x": 3.0,
  "spacing_y": 3.0,
  "spacing_z": 3.0,
  "summary_bg_k": 19.375847253595627,
  "summary_bg_mad": 11.247818536328898,
  "summary_bg_mean": 64.83656311035156,
  "summary_bg_median": 33.25,
  "summary_bg_n": 138890.0,
  "summary_bg_p05": 24.56730842590332,
  "summary_bg_p95": 225.52452850341786,
  "summary_bg_stdv": 78.94503784179688,
  "summary_fg_k": 3.2290001040537044,
  "summary_fg_mad": 186.78652368920297,
  "summary_fg_mean": 739.1119384765625,
  "summary_fg_median": 691.28369140625,
  "summary_fg_n": 37392.0,
  "summary_fg_p05": 458.5572280883789,
  "summary_fg_p95": 1193.5788818359365,
  "summary_fg_stdv": 233.44293212890625,
  "tsnr": 77.71032179077156
}