{
  "bids_meta": {
    "EchoTime": 0.00311,
    "FlipAngle": 15,
    "ImageType": [
      "ORIGINAL",
      "PRIMARY",
      "M",
      "ND",
      "NORM"
    ],
    "InversionTime": 1.1,
    "MagneticFieldStrength": 3,
    "Manufacturer": "Siemens",
    "ManufacturersModelName": "TrioTim",
    "Modality": "MR",
    "RepetitionTime": 1.63,
    "ScanningSequence": "GR_IR",
    "SequenceVariant": "SP_MP",
    "SliceThickness": 1,
    "dataset": "ds002843",
    "modality": "T1w",
    "session_id": "scan1",
    "subject_id": "dmp1227"
  },
  "cjv": 0.7074813323551303,
  "cnr": 1.9221180496761645,
  "efc": 0.6084180510873504,
  "fber": 5244.55908203125,
  "fwhm_avg": 3.423038666666667,
  "fwhm_x": 3.2771199999999996,
  "fwhm_y": 3.782496,
  "fwhm_z": 3.2095,
  "icvs_csf": 0.16296151832725442,
  "icvs_gm": 0.41761386322053506,
  "icvs_wm": 0.4194246184522105,
  "inu_med": 1.153390645980835,
  "inu_range": 0.263662189245224,
  "provenance": {
    "md5sum": "71912c301b7b51b6937cab8aee892c84",
    "settings": {
      "testing": false
    },
    "software": "mriqc",
    "version": "21.0.0rc2",
    "warnings": {
      "large_rot_frame": true,
      "small_air_mask": false
    },
    "webapi_port": null,
    "webapi_url": "https://mriqc.nimh.nih.gov/api/v1"
  },
  "qi_1": 0.0015431822921321537,
  "qi_2": 0.004520510230485797,
  "rpve_csf": 19.084582317716123,
  "rpve_gm": 8.050276571974738,
  "rpve_wm": 9.534822130503144,
  "size_x": 192,
  "size_y": 256,
  "size_z": 160,
  "snr_csf": 1.8059255143561481,
  "snr_gm": 10.971809459872235,
  "snr_total": 10.920571785543325,
  "snr_wm": 19.983980382401597,
  "snrd_csf": 28.24398404663498,
  "snrd_gm": 59.839038326870124,
  "snrd_total": 53.573283940095756,
  "snrd_wm": 72.63682944678216,
  "spacing_x": 0.9375,
  "spacing_y": 0.9375,
  "spacing_z": 1.0,
  "summary_bg_k": 74.29271487937667,
  "summary_bg_mad": 9.019925127297775,
  "summary_bg_mean": 14.150468826293945,
  "summary_bg_median": 10.894062995910645,
  "summary_bg_n": 2298114.0,
  "summary_bg_p05": 0.0,
  "summary_bg_p95": 42.41988620758059,
  "summary_bg_stdv": 16.15049934387207,
  "summary_csf_k": 13.538984463210841,
  "summary_csf_mad": 113.33246996451217,
  "summary_csf_mean": 452.0452880859375,
  "summary_csf_median": 388.8634948730469,
  "summary_csf_n": 25025.0,
  "summary_csf_p05": 266.5755126953125,
  "summary_csf_p95": 774.2150146484374,
  "summary_csf_stdv": 215.32212829589844,
  "summary_gm_k": -0.1152041576942171,
  "summary_gm_mad": 77.10128775892346,
  "summary_gm_mean": 831.2171630859375,
  "summary_gm_median": 823.8645629882812,
  "summary_gm_n": 27549.0,
  "summary_gm_p05": 721.8266845703125,
  "summary_gm_p95": 965.3666381835938,
  "summary_gm_stdv": 75.08785247802734,
  "summary_wm_k": 0.7236004179897186,
  "summary_wm_mad": 47.557018000764565,
  "summary_wm_mean": 1005.5049438476562,
  "summary_wm_median": 1000.064697265625,
  "summary_wm_n": 255103.0,
  "summary_wm_p05": 933.3867004394531,
  "summary_wm_p95": 1096.24072265625,
  "summary_wm_stdv": 50.04322052001953,
  "tpm_overlap_csf": 0.1832851767539978,
  "tpm_overlap_gm": 0.4456295967102051,
  "tpm_overlap_wm": 0.49521929025650024,
  "wm2max": 0.6687028197225756
}