{
  "bids_meta": {
    "EchoTime": 0.09,
    "FlipAngle": 180,
    "ImageType": [
      "ORIGINAL",
      "PRIMARY",
      "M",
      "ND",
      "NORM"
    ],
    "ImagingFrequency": 123.204,
    "MagneticFieldStrength": 3,
    "Manufacturer": "Siemens",
    "ManufacturersModelName": "TrioTim",
    "Modality": "MR",
    "PhaseEncodingDirection": "i",
    "RepetitionTime": 7,
    "ScanningSequence": "SE",
    "SequenceVariant": "SK_SP_OSP",
    "SliceThickness": 3,
    "SpacingBetweenSlices": 3,
    "dataset": "ds002843",
    "modality": "T2w",
    "session_id": "scan1",
    "subject_id": "dmp1227"
  },
  "cjv": 0.5091282105190792,
  "cnr": 2.4744861399312494,
  "efc": 0.6376737377557231,
  "fber": 251.86790114708793,
  "fwhm_avg": 3.1392843005074735,
  "fwhm_x": 3.3039199999999997,
  "fwhm_y": 4.302786666666667,
  "fwhm_z": 1.8111462348557548,
  "icvs_csf": 0.12093076349310669,
  "icvs_gm": 0.39931576604288677,
  "icvs_wm": 0.4797534704640065,
  "inu_med": 1.1789183616638184,
  "inu_range": 0.24637823104858403,
  "provenance": {
    "md5sum": "8290fda71b57d0ee5d6c6408875196ee",
    "settings": {
      "testing": false
    },
    "software": "mriqc",
    "version": "21.0.0rc2",
    "warnings": {
      "large_rot_frame": false,
      "small_air_mask": false
    },
    "webapi_port": null,
    "webapi_url": "https://mriqc.nimh.nih.gov/api/v1"
  },
  "qi_1": 0.0,
  "qi_2": 0.0006496498861415424,
  "rpve_csf": 19.83098962849908,
  "rpve_gm": 6.0209524639327405,
  "rpve_wm": 5.846607909693553,
  "size_x": 256,
  "size_y": 256,
  "size_z": 44,
  "snr_csf": 2.479944754291847,
  "snr_gm": 8.699777893288937,
  "snr_total": 6.088355330412672,
  "snr_wm": 7.085343343657236,
  "snrd_csf": 35.337197444961,
  "snrd_gm": 19.490945646560576,
  "snrd_total": 22.22987303705948,
  "snrd_wm": 11.861476019656878,
  "spacing_x": 0.75,
  "spacing_y": 0.75,
  "spacing_z": 3.0000007152557373,
  "summary_bg_k": 66.5995877348898,
  "summary_bg_mad": 56.435180638064836,
  "summary_bg_mean": 83.7954297225021,
  "summary_bg_median": 53.09819731861353,
  "summary_bg_n": 822696.0,
  "summary_bg_p05": 3.7583116069436073,
  "summary_bg_p95": 244.7720892727375,
  "summary_bg_stdv": 111.80475448704527,
  "summary_csf_k": 0.04449351531894985,
  "summary_csf_mad": 908.9635929604266,
  "summary_csf_mean": 3012.7597417105867,
  "summary_csf_median": 3044.0396676957607,
  "summary_csf_n": 66697.0,
  "summary_csf_p05": 494.20833961665636,
  "summary_csf_p95": 5049.4554677680135,
  "summary_csf_stdv": 1227.4534916262692,
  "summary_gm_k": 0.06272845080034539,
  "summary_gm_mad": 190.59374929412277,
  "summary_gm_mean": 1691.389073541107,
  "summary_gm_median": 1679.0016186609864,
  "summary_gm_n": 214037.0,
  "summary_gm_p05": 1392.8881017118692,
  "summary_gm_p95": 2027.1754606068134,
  "summary_gm_stdv": 192.99316798981243,
  "summary_wm_k": -0.09580180956174988,
  "summary_wm_mad": 144.01686603334014,
  "summary_wm_mean": 1010.5275600795567,
  "summary_wm_median": 1021.7789222672582,
  "summary_wm_n": 296652.0,
  "summary_wm_p05": 754.456963352859,
  "summary_wm_p95": 1229.835198149085,
  "summary_wm_stdv": 144.20997692314342,
  "tpm_overlap_csf": 0.17342820763587952,
  "tpm_overlap_gm": 0.4256698489189148,
  "tpm_overlap_wm": 0.48974737524986267,
  "wm2max": 0.19391711474450418
}