{
  "aor": 0.015178269230769233,
  "aqi": 0.005655091442307692,
  "bids_meta": {
    "BandwidthPerPixelPhaseEncode": 31.25,
    "EchoTime": 0.025,
    "EffectiveEchoSpacing": 0.0005,
    "FlipAngle": 75,
    "ImageType": [
      "ORIGINAL",
      "PRIMARY",
      "M",
      "ND",
      "MOSAIC"
    ],
    "MagneticFieldStrength": 3,
    "Manufacturer": "Siemens",
    "ManufacturersModelName": "TrioTim",
    "Modality": "MR",
    "PhaseEncodingDirection": "j-",
    "PixelBandwidth": 3005,
    "RepetitionTime": 3,
    "ScanningSequence": "EP",
    "SequenceVariant": "SK",
    "SliceThickness": 3,
    "SliceTiming": [
      0,
      1.5225,
      0.055,
      1.58,
      0.1125,
      1.6375,
      0.17,
      1.6925,
      0.225,
      1.75,
      0.2825,
      1.805,
      0.3375,
      1.8625,
      0.395,
      1.92,
      0.45,
      1.975,
      0.5075,
      2.0325,
      0.565,
      2.0875,
      0.62,
      2.145,
      0.6775,
      2.2,
      0.7325,
      2.2575,
      0.79,
      2.315,
      0.8475,
      2.37,
      0.9025,
      2.4275,
      0.96,
      2.4825,
      1.015,
      2.54,
      1.0725,
      2.595,
      1.1275,
      2.6525,
      1.185,
      2.71,
      1.2425,
      2.765,
      1.2975,
      2.8225,
      1.355,
      2.8775,
      1.41,
      2.935,
      1.4675
    ],
    "SpacingBetweenSlices": 3,
    "TaskName": "intertemporal choice task",
    "TotalReadoutTime": 0.0315,
    "dataset": "ds002843",
    "modality": "bold",
    "run_id": 2,
    "session_id": "scan2",
    "subject_id": "dmp0110",
    "task_id": "itc"
  },
  "dummy_trs": 0,
  "dvars_nstd": 21.178856988737873,
  "dvars_std": 1.1681907975728156,
  "dvars_vstd": 1.0015568138834952,
  "efc": 0.5841551758188884,
  "fber": 377.1586608886719,
  "fd_mean": 0.10533671010484219,
  "fd_num": 8,
  "fd_perc": 7.6923076923076925,
  "fwhm_avg": 2.5523977777777778,
  "fwhm_x": 2.30658,
  "fwhm_y": 2.5409633333333335,
  "fwhm_z": 2.80965,
  "gcor": 0.0114248,
  "gsr_x": -0.003815911477431655,
  "gsr_y": 0.07777541130781174,
  "provenance": {
    "md5sum": "41e711233997a4a479be676efb094c7d",
    "settings": {
      "fd_thres": 0.2,
      "testing": false
    },
    "software": "mriqc",
    "version": "21.0.0rc2",
    "webapi_port": null,
    "webapi_url": "https://mriqc.nimh.nih.gov/api/v1"
  },
  "size_t": 104,
  "size_x": 64,
  "size_y": 64,
  "size_z": 53,
  "snr": 3.299978577359298,
  "spacing_tr": 3.0,
  "spacing_x": 3.0,
  "spacing_y": 3.0,
  "spacing_z": 3.0,
  "summary_bg_k": 16.577904531112736,
  "summary_bg_mad": 10.06458835468913,
  "summary_bg_mean": 73.86860656738281,
  "summary_bg_median": 32.980770111083984,
  "summary_bg_n": 129772.0,
  "summary_bg_p05": 24.50961685180664,
  "summary_bg_p95": 295.48942565917963,
  "summary_bg_stdv": 101.63414001464844,
  "summary_fg_k": 2.0505830147117337,
  "summary_fg_mad": 172.52353562301545,
  "summary_fg_mean": 693.1624145507812,
  "summary_fg_median": 660.0577392578125,
  "summary_fg_n": 41545.0,
  "summary_fg_p05": 425.3634704589844,
  "summary_fg_p95": 1062.0077392578114,
  "summary_fg_stdv": 200.01638793945312,
  "tsnr": 60.23822468647268
}