{
  "aor": 0.0127440625,
  "aqi": 0.012526355875,
  "bids_meta": {
    "BandwidthPerPixelPhaseEncode": 31.25,
    "EchoTime": 0.025,
    "EffectiveEchoSpacing": 0.0005,
    "FlipAngle": 75,
    "ImageType": [
      "ORIGINAL",
      "PRIMARY",
      "M",
      "ND",
      "MOSAIC"
    ],
    "MagneticFieldStrength": 3,
    "Manufacturer": "Siemens",
    "ManufacturersModelName": "TrioTim",
    "Modality": "MR",
    "PhaseEncodingDirection": "j-",
    "PixelBandwidth": 3005,
    "RepetitionTime": 3,
    "ScanningSequence": "EP",
    "SequenceVariant": "SK",
    "SliceThickness": 3,
    "SliceTiming": [
      0,
      1.5225,
      0.055,
      1.58,
      0.1125,
      1.635,
      0.1675,
      1.6925,
      0.225,
      1.75,
      0.2825,
      1.805,
      0.3375,
      1.8625,
      0.395,
      1.9175,
      0.45,
      1.975,
      0.5075,
      2.03,
      0.5625,
      2.0875,
      0.62,
      2.145,
      0.6775,
      2.2,
      0.7325,
      2.2575,
      0.79,
      2.3125,
      0.845,
      2.37,
      0.9025,
      2.425,
      0.9575,
      2.4825,
      1.015,
      2.54,
      1.0725,
      2.595,
      1.1275,
      2.6525,
      1.185,
      2.7075,
      1.24,
      2.765,
      1.2975,
      2.8225,
      1.355,
      2.8775,
      1.41,
      2.935,
      1.4675
    ],
    "SpacingBetweenSlices": 3,
    "TaskName": "rest",
    "TotalReadoutTime": 0.0315,
    "dataset": "ds002843",
    "modality": "bold",
    "session_id": "scan2",
    "subject_id": "dmp0110",
    "task_id": "rest"
  },
  "dummy_trs": 0,
  "dvars_nstd": 23.21498512113207,
  "dvars_std": 1.0998836825786162,
  "dvars_vstd": 0.9646994471698115,
  "efc": 0.5780981597751187,
  "fber": 388.1915283203125,
  "fd_mean": 0.13891136160413597,
  "fd_num": 30,
  "fd_perc": 18.75,
  "fwhm_avg": 2.563082222222222,
  "fwhm_x": 2.2994566666666665,
  "fwhm_y": 2.59057,
  "fwhm_z": 2.79922,
  "gcor": 0.0072334,
  "gsr_x": -0.0007706996402703226,
  "gsr_y": 0.0765657052397728,
  "provenance": {
    "md5sum": "c4ddc0fb5a415ad5aa837dcf19ce66e9",
    "settings": {
      "fd_thres": 0.2,
      "testing": false
    },
    "software": "mriqc",
    "version": "21.0.0rc2",
    "webapi_port": null,
    "webapi_url": "https://mriqc.nimh.nih.gov/api/v1"
  },
  "size_t": 160,
  "size_x": 64,
  "size_y": 64,
  "size_z": 53,
  "snr": 3.3501508811598337,
  "spacing_tr": 3.0,
  "spacing_x": 3.0,
  "spacing_y": 3.0,
  "spacing_z": 3.0,
  "summary_bg_k": 21.725814868935306,
  "summary_bg_mad": 10.563540806852414,
  "summary_bg_mean": 69.85926055908203,
  "summary_bg_median": 32.53125,
  "summary_bg_n": 129995.0,
  "summary_bg_p05": 21.86250114440918,
  "summary_bg_p95": 269.72688293457026,
  "summary_bg_stdv": 95.50820922851562,
  "summary_fg_k": 1.935367639017315,
  "summary_fg_mad": 169.4243142252128,
  "summary_fg_mean": 687.6192626953125,
  "summary_fg_median": 654.6000366210938,
  "summary_fg_n": 41575.0,
  "summary_fg_p05": 427.0943817138672,
  "summary_fg_p95": 1048.5968994140624,
  "summary_fg_stdv": 195.391845703125,
  "tsnr": 39.0042331260629
}