{
  "aor": 0.009037326732673268,
  "aqi": 0.005929448514851485,
  "bids_meta": {
    "BandwidthPerPixelPhaseEncode": 31.25,
    "EchoTime": 0.025,
    "EffectiveEchoSpacing": 0.0005,
    "FlipAngle": 75,
    "ImageType": [
      "ORIGINAL",
      "PRIMARY",
      "M",
      "ND",
      "MOSAIC"
    ],
    "MagneticFieldStrength": 3,
    "Manufacturer": "Siemens",
    "ManufacturersModelName": "TrioTim",
    "Modality": "MR",
    "PhaseEncodingDirection": "j-",
    "PixelBandwidth": 3005,
    "RepetitionTime": 3,
    "ScanningSequence": "EP",
    "SequenceVariant": "SK",
    "SliceThickness": 3,
    "SliceTiming": [
      0,
      1.5225,
      0.055,
      1.58,
      0.1125,
      1.6375,
      0.17,
      1.6925,
      0.225,
      1.75,
      0.2825,
      1.805,
      0.3375,
      1.8625,
      0.395,
      1.92,
      0.45,
      1.975,
      0.5075,
      2.0325,
      0.565,
      2.0875,
      0.62,
      2.145,
      0.6775,
      2.2,
      0.7325,
      2.2575,
      0.79,
      2.315,
      0.8475,
      2.37,
      0.9025,
      2.4275,
      0.96,
      2.4825,
      1.015,
      2.54,
      1.0725,
      2.595,
      1.1275,
      2.6525,
      1.185,
      2.71,
      1.2425,
      2.765,
      1.2975,
      2.8225,
      1.355,
      2.8775,
      1.41,
      2.935,
      1.4675
    ],
    "SpacingBetweenSlices": 3,
    "TaskName": "intertemporal choice task",
    "TotalReadoutTime": 0.0315,
    "dataset": "ds002843",
    "modality": "bold",
    "run_id": 4,
    "session_id": "scan2",
    "subject_id": "dmp0110",
    "task_id": "itc"
  },
  "dummy_trs": 3,
  "dvars_nstd": 20.471291742299996,
  "dvars_std": 1.1025183084000003,
  "dvars_vstd": 1.0058757783000003,
  "efc": 0.5864484695597552,
  "fber": 364.8553161621094,
  "fd_mean": 0.1242939960291576,
  "fd_num": 17,
  "fd_perc": 16.831683168316832,
  "fwhm_avg": 2.6085555555555557,
  "fwhm_x": 2.35416,
  "fwhm_y": 2.5955266666666668,
  "fwhm_z": 2.87598,
  "gcor": 0.0148004,
  "gsr_x": -0.009518252685666084,
  "gsr_y": 0.07058357447385788,
  "provenance": {
    "md5sum": "fc95bf775ab9da3f77423ce56aec85d9",
    "settings": {
      "fd_thres": 0.2,
      "testing": false
    },
    "software": "mriqc",
    "version": "21.0.0rc2",
    "webapi_port": null,
    "webapi_url": "https://mriqc.nimh.nih.gov/api/v1"
  },
  "size_t": 101,
  "size_x": 64,
  "size_y": 64,
  "size_z": 53,
  "snr": 3.226689794935357,
  "spacing_tr": 3.0,
  "spacing_x": 3.0,
  "spacing_y": 3.0,
  "spacing_z": 3.0,
  "summary_bg_k": 16.419233719236278,
  "summary_bg_mad": 10.686478293209746,
  "summary_bg_mean": 76.9041976928711,
  "summary_bg_median": 33.87128829956055,
  "summary_bg_n": 129413.0,
  "summary_bg_p05": 25.25742530822754,
  "summary_bg_p95": 305.6217834472655,
  "summary_bg_stdv": 105.5805435180664,
  "summary_fg_k": 2.21863388739936,
  "summary_fg_mad": 176.31229735925882,
  "summary_fg_mean": 705.93896484375,
  "summary_fg_median": 670.9306640625,
  "summary_fg_n": 41508.0,
  "summary_fg_p05": 431.0747467041015,
  "summary_fg_p95": 1092.4871643066408,
  "summary_fg_stdv": 207.92906188964844,
  "tsnr": 55.64690623746719
}