{
  "bids_meta": {
    "EchoTime": 0.00311,
    "FlipAngle": 15,
    "ImageType": [
      "ORIGINAL",
      "PRIMARY",
      "M",
      "ND",
      "NORM"
    ],
    "InversionTime": 1.1,
    "MagneticFieldStrength": 3,
    "Manufacturer": "Siemens",
    "ManufacturersModelName": "TrioTim",
    "Modality": "MR",
    "RepetitionTime": 1.63,
    "ScanningSequence": "GR_IR",
    "SequenceVariant": "SP_MP",
    "SliceThickness": 1,
    "dataset": "ds002843",
    "modality": "T1w",
    "session_id": "scan2",
    "subject_id": "dmp0660"
  },
  "cjv": 0.5553583331402976,
  "cnr": 2.398008217030508,
  "efc": 0.6475120774397358,
  "fber": 3963.9599609375,
  "fwhm_avg": 3.466346444444444,
  "fwhm_x": 3.2188586666666668,
  "fwhm_y": 3.9424106666666665,
  "fwhm_z": 3.23777,
  "icvs_csf": 0.20533051747688713,
  "icvs_gm": 0.4179114750464817,
  "icvs_wm": 0.3767580074766312,
  "inu_med": 1.2081645727157593,
  "inu_range": 0.26636624336242676,
  "provenance": {
    "md5sum": "287d287e493ed8702f36a088a3d23bbc",
    "settings": {
      "testing": false
    },
    "software": "mriqc",
    "version": "21.0.0rc2",
    "warnings": {
      "large_rot_frame": true,
      "small_air_mask": false
    },
    "webapi_port": null,
    "webapi_url": "https://mriqc.nimh.nih.gov/api/v1"
  },
  "qi_1": 0.003814057154704724,
  "qi_2": 0.007525927552085238,
  "rpve_csf": 15.241584397104738,
  "rpve_gm": 7.551773933079938,
  "rpve_wm": 9.601371983308361,
  "size_x": 192,
  "size_y": 256,
  "size_z": 160,
  "snr_csf": 3.9756017958499132,
  "snr_gm": 13.727295087998568,
  "snr_total": 12.45707543113023,
  "snr_wm": 19.66832940954221,
  "snrd_csf": 28.16056845200072,
  "snrd_gm": 57.86098156015415,
  "snrd_total": 52.504512210779545,
  "snrd_wm": 71.49198662018375,
  "spacing_x": 0.9375,
  "spacing_y": 0.9375,
  "spacing_z": 1.0,
  "summary_bg_k": 150.00863202958476,
  "summary_bg_mad": 9.16413432793839,
  "summary_bg_mean": 14.268901824951172,
  "summary_bg_median": 9.264927864074707,
  "summary_bg_n": 2083614.0,
  "summary_bg_p05": 0.0,
  "summary_bg_p95": 44.81865062713597,
  "summary_bg_stdv": 16.152599334716797,
  "summary_csf_k": 3.9996334370985105,
  "summary_csf_mad": 80.3908566766618,
  "summary_csf_mean": 410.4832458496094,
  "summary_csf_median": 393.91375732421875,
  "summary_csf_n": 40145.0,
  "summary_csf_p05": 279.5211669921875,
  "summary_csf_p95": 605.0767333984375,
  "summary_csf_stdv": 99.0815658569336,
  "summary_gm_k": 0.26474695940354165,
  "summary_gm_mad": 57.6077923604025,
  "summary_gm_mean": 812.018798828125,
  "summary_gm_median": 809.3670654296875,
  "summary_gm_n": 20126.0,
  "summary_gm_p05": 720.4983215332031,
  "summary_gm_p95": 914.0882568359375,
  "summary_gm_stdv": 58.958953857421875,
  "summary_wm_k": 0.7752558920292576,
  "summary_wm_mad": 48.283659591011144,
  "summary_wm_mean": 1004.6373291015625,
  "summary_wm_median": 1000.0393676757812,
  "summary_wm_n": 203295.0,
  "summary_wm_p05": 929.5415588378906,
  "summary_wm_p95": 1094.1575439453125,
  "summary_wm_stdv": 50.845035552978516,
  "tpm_overlap_csf": 0.1655040979385376,
  "tpm_overlap_gm": 0.4328569173812866,
  "tpm_overlap_wm": 0.47294148802757263,
  "wm2max": 0.5178286009265387
}