{
  "aor": 0.0008849681528662421,
  "aqi": 0.002534676178343949,
  "bids_meta": {
    "BandwidthPerPixelPhaseEncode": 31.25,
    "EchoTime": 0.025,
    "EffectiveEchoSpacing": 0.0005,
    "FlipAngle": 75,
    "ImageType": [
      "ORIGINAL",
      "PRIMARY",
      "M",
      "ND",
      "MOSAIC"
    ],
    "MagneticFieldStrength": 3,
    "Manufacturer": "Siemens",
    "ManufacturersModelName": "TrioTim",
    "Modality": "MR",
    "PhaseEncodingDirection": "j-",
    "PixelBandwidth": 3005,
    "RepetitionTime": 3,
    "ScanningSequence": "EP",
    "SequenceVariant": "SK",
    "SliceThickness": 3,
    "SliceTiming": [
      0,
      1.5225,
      0.055,
      1.58,
      0.1125,
      1.635,
      0.1675,
      1.6925,
      0.225,
      1.75,
      0.2825,
      1.805,
      0.3375,
      1.8625,
      0.395,
      1.9175,
      0.45,
      1.975,
      0.5075,
      2.03,
      0.5625,
      2.0875,
      0.62,
      2.145,
      0.6775,
      2.2,
      0.7325,
      2.2575,
      0.79,
      2.3125,
      0.845,
      2.37,
      0.9025,
      2.425,
      0.9575,
      2.4825,
      1.015,
      2.54,
      1.0725,
      2.595,
      1.1275,
      2.6525,
      1.185,
      2.7075,
      1.24,
      2.765,
      1.2975,
      2.8225,
      1.355,
      2.8775,
      1.41,
      2.935,
      1.4675
    ],
    "SpacingBetweenSlices": 3,
    "TaskName": "rest",
    "TotalReadoutTime": 0.0315,
    "dataset": "ds002843",
    "modality": "bold",
    "session_id": "scan2",
    "subject_id": "dmp0183",
    "task_id": "rest"
  },
  "dummy_trs": 3,
  "dvars_nstd": 22.245920731153856,
  "dvars_std": 1.1343380317948724,
  "dvars_vstd": 0.9961807051923068,
  "efc": 0.5995552104291351,
  "fber": 263.02001953125,
  "fd_mean": 0.11791415146169691,
  "fd_num": 15,
  "fd_perc": 9.554140127388536,
  "fwhm_avg": 2.5038355555555554,
  "fwhm_x": 2.28251,
  "fwhm_y": 2.447086666666667,
  "fwhm_z": 2.78191,
  "gcor": 0.0127492,
  "gsr_x": -0.014889134094119072,
  "gsr_y": 0.07848630100488663,
  "provenance": {
    "md5sum": "dff990ba487a70cfc41ea7c1194a46e3",
    "settings": {
      "fd_thres": 0.2,
      "testing": false
    },
    "software": "mriqc",
    "version": "21.0.0rc2",
    "webapi_port": null,
    "webapi_url": "https://mriqc.nimh.nih.gov/api/v1"
  },
  "size_t": 157,
  "size_x": 64,
  "size_y": 64,
  "size_z": 53,
  "snr": 3.012603084955744,
  "spacing_tr": 3.0,
  "spacing_x": 3.0,
  "spacing_y": 3.0,
  "spacing_z": 3.0,
  "summary_bg_k": 21.03612411690524,
  "summary_bg_mad": 13.0884478347611,
  "summary_bg_mean": 75.84501647949219,
  "summary_bg_median": 35.43312072753906,
  "summary_bg_n": 128685.0,
  "summary_bg_p05": 25.859872817993164,
  "summary_bg_p95": 270.6611450195312,
  "summary_bg_stdv": 97.94840240478516,
  "summary_fg_k": 2.1744402132622147,
  "summary_fg_mad": 172.25102240395847,
  "summary_fg_mean": 629.9013671875,
  "summary_fg_median": 593.353515625,
  "summary_fg_n": 43494.0,
  "summary_fg_p05": 375.87642669677734,
  "summary_fg_p95": 997.7579620361327,
  "summary_fg_stdv": 196.95481872558594,
  "tsnr": 74.11201555002481
}