{
  "bids_meta": {
    "EchoTime": 0.00311,
    "FlipAngle": 15,
    "ImageType": [
      "ORIGINAL",
      "PRIMARY",
      "M",
      "ND",
      "NORM"
    ],
    "InversionTime": 1.1,
    "MagneticFieldStrength": 3,
    "Manufacturer": "Siemens",
    "ManufacturersModelName": "TrioTim",
    "Modality": "MR",
    "RepetitionTime": 1.63,
    "ScanningSequence": "GR_IR",
    "SequenceVariant": "SP_MP",
    "SliceThickness": 1,
    "dataset": "ds002843",
    "modality": "T1w",
    "session_id": "scan2",
    "subject_id": "dmp1114"
  },
  "cjv": 0.43662866198919037,
  "cnr": 3.1056643503423134,
  "efc": 0.621793060032514,
  "fber": 13939.177734375,
  "fwhm_avg": 3.423430888888889,
  "fwhm_x": 3.22032,
  "fwhm_y": 3.859242666666667,
  "fwhm_z": 3.19073,
  "icvs_csf": 0.1563954844349902,
  "icvs_gm": 0.45273445612086716,
  "icvs_wm": 0.39087005944414266,
  "inu_med": 1.0775513648986816,
  "inu_range": 0.22200126051902758,
  "provenance": {
    "md5sum": "99383c547501d284a8cbcea2ae016247",
    "settings": {
      "testing": false
    },
    "software": "mriqc",
    "version": "21.0.0rc2",
    "warnings": {
      "large_rot_frame": true,
      "small_air_mask": false
    },
    "webapi_port": null,
    "webapi_url": "https://mriqc.nimh.nih.gov/api/v1"
  },
  "qi_1": 0.00756882370782708,
  "qi_2": 0.002992710347861883,
  "rpve_csf": 18.200901971147214,
  "rpve_gm": 7.111195102090727,
  "rpve_wm": 9.239305152038195,
  "size_x": 192,
  "size_y": 256,
  "size_z": 160,
  "snr_csf": 1.3732979332981714,
  "snr_gm": 15.13352820605407,
  "snr_total": 13.377381795604842,
  "snr_wm": 23.625319247462283,
  "snrd_csf": 70.45533541035206,
  "snrd_gm": 113.94519528448039,
  "snrd_total": 109.57190376435109,
  "snrd_wm": 144.31518059822082,
  "spacing_x": 0.9375,
  "spacing_y": 0.9375,
  "spacing_z": 1.0,
  "summary_bg_k": 16.18863162914005,
  "summary_bg_mad": 4.539720977194814,
  "summary_bg_mean": 8.685494422912598,
  "summary_bg_median": 6.100816249847412,
  "summary_bg_n": 2008714.0,
  "summary_bg_p05": 0.0,
  "summary_bg_p95": 24.310192203521726,
  "summary_bg_stdv": 8.830496788024902,
  "summary_csf_k": 32.044239307300344,
  "summary_csf_mad": 171.3033568928928,
  "summary_csf_mean": 540.802978515625,
  "summary_csf_median": 488.2152404785156,
  "summary_csf_n": 26877.0,
  "summary_csf_p05": 287.31806640625,
  "summary_csf_p95": 750.9220336914061,
  "summary_csf_stdv": 355.49908447265625,
  "summary_gm_k": 0.4426966309907945,
  "summary_gm_mad": 50.59153843505209,
  "summary_gm_mean": 792.1923217773438,
  "summary_gm_median": 789.5751342773438,
  "summary_gm_n": 43579.0,
  "summary_gm_p05": 711.9101989746093,
  "summary_gm_p95": 882.3871765136719,
  "summary_gm_stdv": 52.17329788208008,
  "summary_wm_k": 0.3396908389352564,
  "summary_wm_mad": 41.29550307708932,
  "summary_wm_mean": 1002.8263549804688,
  "summary_wm_median": 1000.0217895507812,
  "summary_wm_n": 239529.0,
  "summary_wm_p05": 938.73955078125,
  "summary_wm_p95": 1076.5484130859375,
  "summary_wm_stdv": 42.328304290771484,
  "tpm_overlap_csf": 0.16113300621509552,
  "tpm_overlap_gm": 0.45864662528038025,
  "tpm_overlap_wm": 0.49294984340667725,
  "wm2max": 0.5514823946527936
}