{
  "aor": 0.00633403846153846,
  "aqi": 0.0035001378846153844,
  "bids_meta": {
    "BandwidthPerPixelPhaseEncode": 31.25,
    "EchoTime": 0.025,
    "EffectiveEchoSpacing": 0.0005,
    "FlipAngle": 75,
    "ImageType": [
      "ORIGINAL",
      "PRIMARY",
      "M",
      "ND",
      "MOSAIC"
    ],
    "MagneticFieldStrength": 3,
    "Manufacturer": "Siemens",
    "ManufacturersModelName": "TrioTim",
    "Modality": "MR",
    "PhaseEncodingDirection": "j-",
    "PixelBandwidth": 3005,
    "RepetitionTime": 3,
    "ScanningSequence": "EP",
    "SequenceVariant": "SK",
    "SliceThickness": 3,
    "SliceTiming": [
      0,
      1.5225,
      0.055,
      1.58,
      0.1125,
      1.6375,
      0.17,
      1.6925,
      0.225,
      1.75,
      0.2825,
      1.805,
      0.3375,
      1.8625,
      0.395,
      1.92,
      0.45,
      1.975,
      0.5075,
      2.0325,
      0.565,
      2.0875,
      0.62,
      2.145,
      0.6775,
      2.2,
      0.7325,
      2.2575,
      0.79,
      2.315,
      0.8475,
      2.37,
      0.9025,
      2.4275,
      0.96,
      2.4825,
      1.015,
      2.54,
      1.0725,
      2.595,
      1.1275,
      2.6525,
      1.185,
      2.71,
      1.2425,
      2.765,
      1.2975,
      2.8225,
      1.355,
      2.8775,
      1.41,
      2.935,
      1.4675
    ],
    "SpacingBetweenSlices": 3,
    "TaskName": "intertemporal choice task",
    "TotalReadoutTime": 0.0315,
    "dataset": "ds002843",
    "modality": "bold",
    "run_id": 3,
    "session_id": "scan1",
    "subject_id": "dmp0559",
    "task_id": "itc"
  },
  "dummy_trs": 0,
  "dvars_nstd": 24.490990481262124,
  "dvars_std": 1.192509012135922,
  "dvars_vstd": 1.0107533353398057,
  "efc": 0.573439336525497,
  "fber": 251.5729522705078,
  "fd_mean": 0.15538367215901958,
  "fd_num": 22,
  "fd_perc": 21.153846153846153,
  "fwhm_avg": 3.072072222222222,
  "fwhm_x": 2.93676,
  "fwhm_y": 2.9418233333333332,
  "fwhm_z": 3.3376333333333332,
  "gcor": 0.0829083,
  "gsr_x": -0.01930628903210163,
  "gsr_y": 0.08475393801927567,
  "provenance": {
    "md5sum": "cf4c7138ca08e52a600138117dc62448",
    "settings": {
      "fd_thres": 0.2,
      "testing": false
    },
    "software": "mriqc",
    "version": "21.0.0rc2",
    "webapi_port": null,
    "webapi_url": "https://mriqc.nimh.nih.gov/api/v1"
  },
  "size_t": 104,
  "size_x": 64,
  "size_y": 64,
  "size_z": 53,
  "snr": 2.137243546875662,
  "spacing_tr": 3.0,
  "spacing_x": 3.0,
  "spacing_y": 3.0,
  "spacing_z": 3.0,
  "summary_bg_k": 13.05261635791907,
  "summary_bg_mad": 22.98033438683683,
  "summary_bg_mean": 97.4509506225586,
  "summary_bg_median": 45.71154022216797,
  "summary_bg_n": 130415.0,
  "summary_bg_p05": 28.76923179626465,
  "summary_bg_p95": 351.10865783691395,
  "summary_bg_stdv": 121.67796325683594,
  "summary_fg_k": 2.964031577642209,
  "summary_fg_mad": 258.2437156490156,
  "summary_fg_mean": 836.8198852539062,
  "summary_fg_median": 747.4423217773438,
  "summary_fg_n": 42313.0,
  "summary_fg_p05": 449.50579833984375,
  "summary_fg_p95": 1568.4558105468752,
  "summary_fg_stdv": 349.71844482421875,
  "tsnr": 64.7675111173885
}