{
  "aor": 0.0038913125000000007,
  "aqi": 0.006097453124999999,
  "bids_meta": {
    "BandwidthPerPixelPhaseEncode": 31.25,
    "EchoTime": 0.025,
    "EffectiveEchoSpacing": 0.0005,
    "FlipAngle": 75,
    "ImageType": [
      "ORIGINAL",
      "PRIMARY",
      "M",
      "ND",
      "MOSAIC"
    ],
    "MagneticFieldStrength": 3,
    "Manufacturer": "Siemens",
    "ManufacturersModelName": "TrioTim",
    "Modality": "MR",
    "PhaseEncodingDirection": "j-",
    "PixelBandwidth": 3005,
    "RepetitionTime": 3,
    "ScanningSequence": "EP",
    "SequenceVariant": "SK",
    "SliceThickness": 3,
    "SliceTiming": [
      0,
      1.5225,
      0.055,
      1.58,
      0.1125,
      1.635,
      0.1675,
      1.6925,
      0.225,
      1.75,
      0.2825,
      1.805,
      0.3375,
      1.8625,
      0.395,
      1.9175,
      0.45,
      1.975,
      0.5075,
      2.03,
      0.5625,
      2.0875,
      0.62,
      2.145,
      0.6775,
      2.2,
      0.7325,
      2.2575,
      0.79,
      2.3125,
      0.845,
      2.37,
      0.9025,
      2.425,
      0.9575,
      2.4825,
      1.015,
      2.54,
      1.0725,
      2.595,
      1.1275,
      2.6525,
      1.185,
      2.7075,
      1.24,
      2.765,
      1.2975,
      2.8225,
      1.355,
      2.8775,
      1.41,
      2.935,
      1.4675
    ],
    "SpacingBetweenSlices": 3,
    "TaskName": "rest",
    "TotalReadoutTime": 0.0315,
    "dataset": "ds002843",
    "modality": "bold",
    "session_id": "scan1",
    "subject_id": "dmp0295",
    "task_id": "rest"
  },
  "dummy_trs": 0,
  "dvars_nstd": 26.923991083836462,
  "dvars_std": 1.2401480344654086,
  "dvars_vstd": 1.0078238494339629,
  "efc": 0.574308041993867,
  "fber": 328.3454284667969,
  "fd_mean": 0.10989563771611997,
  "fd_num": 10,
  "fd_perc": 6.25,
  "fwhm_avg": 2.9202355555555557,
  "fwhm_x": 2.765586666666667,
  "fwhm_y": 2.7815999999999996,
  "fwhm_z": 3.2135200000000004,
  "gcor": 0.0390094,
  "gsr_x": -0.015438482165336609,
  "gsr_y": 0.0901046171784401,
  "provenance": {
    "md5sum": "1ce0fdfc2636bf7c2f6d6bef8a206e53",
    "settings": {
      "fd_thres": 0.2,
      "testing": false
    },
    "software": "mriqc",
    "version": "21.0.0rc2",
    "webapi_port": null,
    "webapi_url": "https://mriqc.nimh.nih.gov/api/v1"
  },
  "size_t": 160,
  "size_x": 64,
  "size_y": 64,
  "size_z": 53,
  "snr": 2.5020810128077344,
  "spacing_tr": 3.0,
  "spacing_x": 3.0,
  "spacing_y": 3.0,
  "spacing_z": 3.0,
  "summary_bg_k": 24.119333746891375,
  "summary_bg_mad": 13.009833901818794,
  "summary_bg_mean": 86.89107513427734,
  "summary_bg_median": 36.6875,
  "summary_bg_n": 132201.0,
  "summary_bg_p05": 26.975000381469727,
  "summary_bg_p95": 325.875,
  "summary_bg_stdv": 124.14857482910156,
  "summary_fg_k": 3.212370623463312,
  "summary_fg_mad": 206.02614698542794,
  "summary_fg_mean": 742.4745483398438,
  "summary_fg_median": 677.4000244140625,
  "summary_fg_n": 41857.0,
  "summary_fg_p05": 432.4262451171875,
  "summary_fg_p95": 1283.6775390625,
  "summary_fg_stdv": 270.7314147949219,
  "tsnr": 68.54119731811807
}