{
  "aor": 0.0016384615384615385,
  "aqi": 0.0029760903846153845,
  "bids_meta": {
    "BandwidthPerPixelPhaseEncode": 31.25,
    "EchoTime": 0.025,
    "EffectiveEchoSpacing": 0.0005,
    "FlipAngle": 75,
    "ImageType": [
      "ORIGINAL",
      "PRIMARY",
      "M",
      "ND",
      "MOSAIC"
    ],
    "MagneticFieldStrength": 3,
    "Manufacturer": "Siemens",
    "ManufacturersModelName": "TrioTim",
    "Modality": "MR",
    "PhaseEncodingDirection": "j-",
    "PixelBandwidth": 3005,
    "RepetitionTime": 3,
    "ScanningSequence": "EP",
    "SequenceVariant": "SK",
    "SliceThickness": 3,
    "SliceTiming": [
      0,
      1.5225,
      0.055,
      1.58,
      0.1125,
      1.6375,
      0.17,
      1.6925,
      0.225,
      1.75,
      0.2825,
      1.805,
      0.3375,
      1.8625,
      0.395,
      1.92,
      0.45,
      1.975,
      0.5075,
      2.0325,
      0.565,
      2.0875,
      0.62,
      2.145,
      0.6775,
      2.2,
      0.7325,
      2.2575,
      0.79,
      2.315,
      0.8475,
      2.37,
      0.9025,
      2.4275,
      0.96,
      2.4825,
      1.015,
      2.54,
      1.0725,
      2.595,
      1.1275,
      2.6525,
      1.185,
      2.71,
      1.2425,
      2.765,
      1.2975,
      2.8225,
      1.355,
      2.8775,
      1.41,
      2.935,
      1.4675
    ],
    "SpacingBetweenSlices": 3,
    "TaskName": "risk choice task",
    "TotalReadoutTime": 0.0315,
    "dataset": "ds002843",
    "modality": "bold",
    "run_id": 2,
    "session_id": "scan1",
    "subject_id": "dmp0295",
    "task_id": "risk"
  },
  "dummy_trs": 0,
  "dvars_nstd": 24.453914068058253,
  "dvars_std": 1.2380113363106786,
  "dvars_vstd": 1.0088088565048547,
  "efc": 0.5756897322837807,
  "fber": 328.6600341796875,
  "fd_mean": 0.0665181448161166,
  "fd_num": 1,
  "fd_perc": 0.9615384615384616,
  "fwhm_avg": 2.8959333333333337,
  "fwhm_x": 2.7490566666666667,
  "fwhm_y": 2.7465100000000002,
  "fwhm_z": 3.1922333333333337,
  "gcor": 0.0474591,
  "gsr_x": -0.01458639744669199,
  "gsr_y": 0.0916927307844162,
  "provenance": {
    "md5sum": "efe9d124259004ecdf2ab609475e8f56",
    "settings": {
      "fd_thres": 0.2,
      "testing": false
    },
    "software": "mriqc",
    "version": "21.0.0rc2",
    "webapi_port": null,
    "webapi_url": "https://mriqc.nimh.nih.gov/api/v1"
  },
  "size_t": 104,
  "size_x": 64,
  "size_y": 64,
  "size_z": 53,
  "snr": 2.507383251266819,
  "spacing_tr": 3.0,
  "spacing_x": 3.0,
  "spacing_y": 3.0,
  "spacing_z": 3.0,
  "summary_bg_k": 23.057515925426333,
  "summary_bg_mad": 12.71616561685025,
  "summary_bg_mean": 88.74195861816406,
  "summary_bg_median": 36.730770111083984,
  "summary_bg_n": 132421.0,
  "summary_bg_p05": 27.596155166625977,
  "summary_bg_p95": 339.1442565917969,
  "summary_bg_stdv": 126.93159484863281,
  "summary_fg_k": 3.21021044803602,
  "summary_fg_mad": 205.39746174903465,
  "summary_fg_mean": 743.0626220703125,
  "summary_fg_median": 677.956787109375,
  "summary_fg_n": 41750.0,
  "summary_fg_p05": 434.3504867553711,
  "summary_fg_p95": 1286.1932861328107,
  "summary_fg_stdv": 270.3809509277344,
  "tsnr": 84.36329962033778
}