{
  "aor": 0.0038212500000000004,
  "aqi": 0.002696755384615384,
  "bids_meta": {
    "BandwidthPerPixelPhaseEncode": 31.25,
    "EchoTime": 0.025,
    "EffectiveEchoSpacing": 0.0005,
    "FlipAngle": 75,
    "ImageType": [
      "ORIGINAL",
      "PRIMARY",
      "M",
      "ND",
      "MOSAIC"
    ],
    "MagneticFieldStrength": 3,
    "Manufacturer": "Siemens",
    "ManufacturersModelName": "TrioTim",
    "Modality": "MR",
    "PhaseEncodingDirection": "j-",
    "PixelBandwidth": 3005,
    "RepetitionTime": 3,
    "ScanningSequence": "EP",
    "SequenceVariant": "SK",
    "SliceThickness": 3,
    "SliceTiming": [
      0,
      1.5225,
      0.055,
      1.58,
      0.1125,
      1.6375,
      0.17,
      1.6925,
      0.225,
      1.75,
      0.2825,
      1.805,
      0.3375,
      1.8625,
      0.395,
      1.92,
      0.45,
      1.975,
      0.5075,
      2.0325,
      0.565,
      2.0875,
      0.62,
      2.145,
      0.6775,
      2.2,
      0.7325,
      2.2575,
      0.79,
      2.315,
      0.8475,
      2.37,
      0.9025,
      2.4275,
      0.96,
      2.4825,
      1.015,
      2.54,
      1.0725,
      2.595,
      1.1275,
      2.6525,
      1.185,
      2.71,
      1.2425,
      2.765,
      1.2975,
      2.8225,
      1.355,
      2.8775,
      1.41,
      2.935,
      1.4675
    ],
    "SpacingBetweenSlices": 3,
    "TaskName": "risk choice task",
    "TotalReadoutTime": 0.0315,
    "dataset": "ds002843",
    "modality": "bold",
    "run_id": 1,
    "session_id": "scan1",
    "subject_id": "dmp0295",
    "task_id": "risk"
  },
  "dummy_trs": 0,
  "dvars_nstd": 22.668502020194186,
  "dvars_std": 1.2080012410679617,
  "dvars_vstd": 1.0239862440776697,
  "efc": 0.5750827215660188,
  "fber": 330.1221008300781,
  "fd_mean": 0.07164277282759479,
  "fd_num": 4,
  "fd_perc": 3.8461538461538463,
  "fwhm_avg": 2.89075,
  "fwhm_x": 2.7479933333333335,
  "fwhm_y": 2.738096666666667,
  "fwhm_z": 3.1861599999999997,
  "gcor": 0.0216397,
  "gsr_x": -0.014384191483259201,
  "gsr_y": 0.09087756276130676,
  "provenance": {
    "md5sum": "83f6f62d8647588cc149ae81b6829d99",
    "settings": {
      "fd_thres": 0.2,
      "testing": false
    },
    "software": "mriqc",
    "version": "21.0.0rc2",
    "webapi_port": null,
    "webapi_url": "https://mriqc.nimh.nih.gov/api/v1"
  },
  "size_t": 104,
  "size_x": 64,
  "size_y": 64,
  "size_z": 53,
  "snr": 2.515123156147218,
  "spacing_tr": 3.0,
  "spacing_x": 3.0,
  "spacing_y": 3.0,
  "spacing_z": 3.0,
  "summary_bg_k": 24.361656509967496,
  "summary_bg_mad": 12.773188996626565,
  "summary_bg_mean": 87.57381439208984,
  "summary_bg_median": 36.63461685180664,
  "summary_bg_n": 132234.0,
  "summary_bg_p05": 27.403846740722656,
  "summary_bg_p95": 331.16059875488264,
  "summary_bg_stdv": 124.96583557128906,
  "summary_fg_k": 3.2214322766230437,
  "summary_fg_mad": 205.1337261432098,
  "summary_fg_mean": 742.9575805664062,
  "summary_fg_median": 678.1154174804688,
  "summary_fg_n": 41802.0,
  "summary_fg_p05": 435.10962066650393,
  "summary_fg_p95": 1282.6048706054687,
  "summary_fg_stdv": 269.6119689941406,
  "tsnr": 83.58238290110603
}