{
  "aor": 0.0033007692307692304,
  "aqi": 0.0023918529807692305,
  "bids_meta": {
    "BandwidthPerPixelPhaseEncode": 31.25,
    "EchoTime": 0.025,
    "EffectiveEchoSpacing": 0.0005,
    "FlipAngle": 75,
    "ImageType": [
      "ORIGINAL",
      "PRIMARY",
      "M",
      "ND",
      "MOSAIC"
    ],
    "MagneticFieldStrength": 3,
    "Manufacturer": "Siemens",
    "ManufacturersModelName": "TrioTim",
    "Modality": "MR",
    "PhaseEncodingDirection": "j-",
    "PixelBandwidth": 3005,
    "RepetitionTime": 3,
    "ScanningSequence": "EP",
    "SequenceVariant": "SK",
    "SliceThickness": 3,
    "SliceTiming": [
      0,
      1.5225,
      0.055,
      1.58,
      0.1125,
      1.6375,
      0.17,
      1.6925,
      0.225,
      1.75,
      0.2825,
      1.805,
      0.3375,
      1.8625,
      0.395,
      1.92,
      0.45,
      1.975,
      0.5075,
      2.0325,
      0.565,
      2.0875,
      0.62,
      2.145,
      0.6775,
      2.2,
      0.7325,
      2.2575,
      0.79,
      2.315,
      0.8475,
      2.37,
      0.9025,
      2.4275,
      0.96,
      2.4825,
      1.015,
      2.54,
      1.0725,
      2.595,
      1.1275,
      2.6525,
      1.185,
      2.71,
      1.2425,
      2.765,
      1.2975,
      2.8225,
      1.355,
      2.8775,
      1.41,
      2.935,
      1.4675
    ],
    "SpacingBetweenSlices": 3,
    "TaskName": "risk choice task",
    "TotalReadoutTime": 0.0315,
    "dataset": "ds002843",
    "modality": "bold",
    "run_id": 1,
    "session_id": "scan2",
    "subject_id": "dmp1100",
    "task_id": "risk"
  },
  "dummy_trs": 0,
  "dvars_nstd": 20.052858509902908,
  "dvars_std": 1.1886371550485433,
  "dvars_vstd": 1.0237206492233006,
  "efc": 0.5776808212507255,
  "fber": 312.1806335449219,
  "fd_mean": 0.05425061964894959,
  "fd_num": 3,
  "fd_perc": 2.8846153846153846,
  "fwhm_avg": 2.316578888888889,
  "fwhm_x": 2.1661266666666665,
  "fwhm_y": 2.2478766666666665,
  "fwhm_z": 2.5357333333333334,
  "gcor": 0.0261172,
  "gsr_x": 0.0018776649376377463,
  "gsr_y": 0.04257096350193024,
  "provenance": {
    "md5sum": "bd4e40190356c0b77dd84fa8c5c7a3dc",
    "settings": {
      "fd_thres": 0.2,
      "testing": false
    },
    "software": "mriqc",
    "version": "21.0.0rc2",
    "webapi_port": null,
    "webapi_url": "https://mriqc.nimh.nih.gov/api/v1"
  },
  "size_t": 104,
  "size_x": 64,
  "size_y": 64,
  "size_z": 53,
  "snr": 3.2865871406425353,
  "spacing_tr": 3.0,
  "spacing_x": 3.0,
  "spacing_y": 3.0,
  "spacing_z": 3.0,
  "summary_bg_k": 51.44545939782666,
  "summary_bg_mad": 10.42098377133128,
  "summary_bg_mean": 62.88752365112305,
  "summary_bg_median": 31.548078536987305,
  "summary_bg_n": 132295.0,
  "summary_bg_p05": 24.096155166625977,
  "summary_bg_p95": 205.45770263671852,
  "summary_bg_stdv": 87.1849365234375,
  "summary_fg_k": 1.3443791201890383,
  "summary_fg_mad": 151.04010101025818,
  "summary_fg_mean": 598.4102172851562,
  "summary_fg_median": 565.0432739257812,
  "summary_fg_n": 42172.0,
  "summary_fg_p05": 372.26155242919924,
  "summary_fg_p95": 921.5514770507812,
  "summary_fg_stdv": 171.92198181152344,
  "tsnr": 90.0194321940653
}