{
  "bids_meta": {
    "EchoTime": 0.00311,
    "FlipAngle": 15,
    "ImageType": [
      "ORIGINAL",
      "PRIMARY",
      "M",
      "ND",
      "NORM"
    ],
    "InversionTime": 1.1,
    "MagneticFieldStrength": 3,
    "Manufacturer": "Siemens",
    "ManufacturersModelName": "TrioTim",
    "Modality": "MR",
    "RepetitionTime": 1.63,
    "ScanningSequence": "GR_IR",
    "SequenceVariant": "SP_MP",
    "SliceThickness": 1,
    "dataset": "ds002843",
    "modality": "T1w",
    "session_id": "scan2",
    "subject_id": "dmp0815"
  },
  "cjv": 0.40430126096927294,
  "cnr": 3.1245104212768324,
  "efc": 0.5931297472714508,
  "fber": 8972.9814453125,
  "fwhm_avg": 3.3554399999999998,
  "fwhm_x": 3.287370666666667,
  "fwhm_y": 3.7407893333333333,
  "fwhm_z": 3.03816,
  "icvs_csf": 0.20384552540854542,
  "icvs_gm": 0.42223630998397144,
  "icvs_wm": 0.3739181646074831,
  "inu_med": 1.0694115161895752,
  "inu_range": 0.18886429071426392,
  "provenance": {
    "md5sum": "2a35f5ef4a543a0373b25120ad1520d8",
    "settings": {
      "testing": false
    },
    "software": "mriqc",
    "version": "21.0.0rc2",
    "warnings": {
      "large_rot_frame": true,
      "small_air_mask": false
    },
    "webapi_port": null,
    "webapi_url": "https://mriqc.nimh.nih.gov/api/v1"
  },
  "qi_1": 0.0015060407232497892,
  "qi_2": 0.003722913703481451,
  "rpve_csf": 15.790098247865679,
  "rpve_gm": 7.970085319327531,
  "rpve_wm": 10.509111299905843,
  "size_x": 192,
  "size_y": 256,
  "size_z": 160,
  "snr_csf": 2.6314713891569768,
  "snr_gm": 15.231031925714634,
  "snr_total": 14.893936686825073,
  "snr_wm": 26.81930674560361,
  "snrd_csf": 63.56851284231539,
  "snrd_gm": 133.4971653650487,
  "snrd_total": 121.54110191469651,
  "snrd_wm": 167.55762753672548,
  "spacing_x": 0.9375,
  "spacing_y": 0.9375,
  "spacing_z": 1.0,
  "summary_bg_k": 14.281970335626646,
  "summary_bg_mad": 3.9099945657139266,
  "summary_bg_mean": 9.093320846557617,
  "summary_bg_median": 5.223574638366699,
  "summary_bg_n": 2400334.0,
  "summary_bg_p05": 0.0,
  "summary_bg_p95": 28.178360939025886,
  "summary_bg_stdv": 10.306349754333496,
  "summary_csf_k": 45.78478839260199,
  "summary_csf_mad": 87.13281018850847,
  "summary_csf_mean": 412.25592041015625,
  "summary_csf_median": 379.3905334472656,
  "summary_csf_n": 30954.0,
  "summary_csf_p05": 268.3662933349609,
  "summary_csf_p95": 629.5700897216796,
  "summary_csf_stdv": 144.17196655273438,
  "summary_gm_k": 0.6560969714013738,
  "summary_gm_mad": 47.72107792643293,
  "summary_gm_mean": 799.9014282226562,
  "summary_gm_median": 796.73974609375,
  "summary_gm_n": 19341.0,
  "summary_gm_p05": 718.2532348632812,
  "summary_gm_p95": 892.2053833007812,
  "summary_gm_stdv": 52.30894088745117,
  "summary_wm_k": 1.0823732724423412,
  "summary_wm_mad": 34.46534360134565,
  "summary_wm_mean": 1002.338134765625,
  "summary_wm_median": 1000.0198974609375,
  "summary_wm_n": 199481.0,
  "summary_wm_p05": 945.5352783203125,
  "summary_wm_p95": 1066.03857421875,
  "summary_wm_stdv": 37.2872200012207,
  "tpm_overlap_csf": 0.17529983818531036,
  "tpm_overlap_gm": 0.44567975401878357,
  "tpm_overlap_wm": 0.49269700050354004,
  "wm2max": 0.48300417987561073
}