{
  "aor": 0.002478932038834951,
  "aqi": 0.0036447294174757287,
  "bids_meta": {
    "BandwidthPerPixelPhaseEncode": 31.25,
    "EchoTime": 0.025,
    "EffectiveEchoSpacing": 0.0005,
    "FlipAngle": 75,
    "ImageType": [
      "ORIGINAL",
      "PRIMARY",
      "M",
      "ND",
      "MOSAIC"
    ],
    "MagneticFieldStrength": 3,
    "Manufacturer": "Siemens",
    "ManufacturersModelName": "TrioTim",
    "Modality": "MR",
    "PhaseEncodingDirection": "j-",
    "PixelBandwidth": 3005,
    "RepetitionTime": 3,
    "ScanningSequence": "EP",
    "SequenceVariant": "SK",
    "SliceThickness": 3,
    "SliceTiming": [
      0,
      1.5225,
      0.055,
      1.58,
      0.1125,
      1.6375,
      0.17,
      1.6925,
      0.225,
      1.75,
      0.2825,
      1.805,
      0.3375,
      1.8625,
      0.395,
      1.92,
      0.45,
      1.975,
      0.5075,
      2.0325,
      0.565,
      2.0875,
      0.62,
      2.145,
      0.6775,
      2.2,
      0.7325,
      2.2575,
      0.79,
      2.315,
      0.8475,
      2.37,
      0.9025,
      2.4275,
      0.96,
      2.4825,
      1.015,
      2.54,
      1.0725,
      2.595,
      1.1275,
      2.6525,
      1.185,
      2.71,
      1.2425,
      2.765,
      1.2975,
      2.8225,
      1.355,
      2.8775,
      1.41,
      2.935,
      1.4675
    ],
    "SpacingBetweenSlices": 3,
    "TaskName": "risk choice task",
    "TotalReadoutTime": 0.0315,
    "dataset": "ds002843",
    "modality": "bold",
    "run_id": 4,
    "session_id": "scan2",
    "subject_id": "dmp0614",
    "task_id": "risk"
  },
  "dummy_trs": 1,
  "dvars_nstd": 23.831332636666662,
  "dvars_std": 1.1365147433333331,
  "dvars_vstd": 0.9845806519607843,
  "efc": 0.601814731603197,
  "fber": 251.37669372558594,
  "fd_mean": 0.14834879343876153,
  "fd_num": 20,
  "fd_perc": 19.41747572815534,
  "fwhm_avg": 2.9904987248131216,
  "fwhm_x": 2.777843333333333,
  "fwhm_y": 2.8052197770611627,
  "fwhm_z": 3.388433064044868,
  "gcor": 0.0224942,
  "gsr_x": -0.0036335536278784275,
  "gsr_y": 0.0405598022043705,
  "provenance": {
    "md5sum": "9ab131e53851161b573b52d582671f9c",
    "settings": {
      "fd_thres": 0.2,
      "testing": false
    },
    "software": "mriqc",
    "version": "21.0.0rc2",
    "webapi_port": null,
    "webapi_url": "https://mriqc.nimh.nih.gov/api/v1"
  },
  "size_t": 103,
  "size_x": 64,
  "size_y": 64,
  "size_z": 53,
  "snr": 2.2666560931260387,
  "spacing_tr": 3.0,
  "spacing_x": 3.0,
  "spacing_y": 3.000000238418579,
  "spacing_z": 3.000000238418579,
  "summary_bg_k": 24.803568186164835,
  "summary_bg_mad": 20.32460868440138,
  "summary_bg_mean": 95.3204574584961,
  "summary_bg_median": 43.495147705078125,
  "summary_bg_n": 119108.0,
  "summary_bg_p05": 28.456310272216797,
  "summary_bg_p95": 353.49466247558576,
  "summary_bg_stdv": 135.77613830566406,
  "summary_fg_k": 3.8946659626479105,
  "summary_fg_mad": 246.63731294841517,
  "summary_fg_mean": 782.3458862304688,
  "summary_fg_median": 713.58740234375,
  "summary_fg_n": 50860.0,
  "summary_fg_p05": 420.7645706176758,
  "summary_fg_p95": 1417.3650756835932,
  "summary_fg_stdv": 314.81634521484375,
  "tsnr": 63.26398093253374
}