{
  "aor": 0.0014408737864077669,
  "aqi": 0.0015439904368932038,
  "bids_meta": {
    "BandwidthPerPixelPhaseEncode": 31.25,
    "EchoTime": 0.025,
    "EffectiveEchoSpacing": 0.0005,
    "FlipAngle": 75,
    "ImageType": [
      "ORIGINAL",
      "PRIMARY",
      "M",
      "ND",
      "MOSAIC"
    ],
    "MagneticFieldStrength": 3,
    "Manufacturer": "Siemens",
    "ManufacturersModelName": "TrioTim",
    "Modality": "MR",
    "PhaseEncodingDirection": "j-",
    "PixelBandwidth": 3005,
    "RepetitionTime": 3,
    "ScanningSequence": "EP",
    "SequenceVariant": "SK",
    "SliceThickness": 3,
    "SliceTiming": [
      0,
      1.5225,
      0.055,
      1.58,
      0.1125,
      1.6375,
      0.17,
      1.6925,
      0.225,
      1.75,
      0.2825,
      1.805,
      0.3375,
      1.8625,
      0.395,
      1.92,
      0.45,
      1.975,
      0.5075,
      2.0325,
      0.565,
      2.0875,
      0.62,
      2.145,
      0.6775,
      2.2,
      0.7325,
      2.2575,
      0.79,
      2.315,
      0.8475,
      2.37,
      0.9025,
      2.4275,
      0.96,
      2.4825,
      1.015,
      2.54,
      1.0725,
      2.595,
      1.1275,
      2.6525,
      1.185,
      2.71,
      1.2425,
      2.765,
      1.2975,
      2.8225,
      1.355,
      2.8775,
      1.41,
      2.935,
      1.4675
    ],
    "SpacingBetweenSlices": 3,
    "TaskName": "risk choice task",
    "TotalReadoutTime": 0.0315,
    "dataset": "ds002843",
    "modality": "bold",
    "run_id": 2,
    "session_id": "scan2",
    "subject_id": "dmp0106",
    "task_id": "risk"
  },
  "dummy_trs": 1,
  "dvars_nstd": 19.760986309607848,
  "dvars_std": 1.2122456762745097,
  "dvars_vstd": 1.0152945371568627,
  "efc": 0.5553644463968961,
  "fber": 373.7349853515625,
  "fd_mean": 0.04346211634488793,
  "fd_num": 0,
  "fd_perc": 0.0,
  "fwhm_avg": 2.7266766666666666,
  "fwhm_x": 2.6857466666666667,
  "fwhm_y": 2.57821,
  "fwhm_z": 2.9160733333333333,
  "gcor": 0.0307111,
  "gsr_x": 0.002313928445801139,
  "gsr_y": 0.060427889227867126,
  "provenance": {
    "md5sum": "de95a3fe5ac318bb28dab728360dcdfa",
    "settings": {
      "fd_thres": 0.2,
      "testing": false
    },
    "software": "mriqc",
    "version": "21.0.0rc2",
    "webapi_port": null,
    "webapi_url": "https://mriqc.nimh.nih.gov/api/v1"
  },
  "size_t": 103,
  "size_x": 64,
  "size_y": 64,
  "size_z": 53,
  "snr": 2.5507213238112607,
  "spacing_tr": 3.0,
  "spacing_x": 3.0,
  "spacing_y": 3.0,
  "spacing_z": 3.0,
  "summary_bg_k": 14.229086186080039,
  "summary_bg_mad": 12.03354782905136,
  "summary_bg_mean": 75.09664154052734,
  "summary_bg_median": 34.912620544433594,
  "summary_bg_n": 135363.0,
  "summary_bg_p05": 26.22330093383789,
  "summary_bg_p95": 278.19903259277316,
  "summary_bg_stdv": 96.74555969238281,
  "summary_fg_k": 2.659809673714964,
  "summary_fg_mad": 208.55744775802665,
  "summary_fg_mean": 742.6961059570312,
  "summary_fg_median": 681.330078125,
  "summary_fg_n": 39717.0,
  "summary_fg_p05": 431.08543090820314,
  "summary_fg_p95": 1283.6174804687496,
  "summary_fg_stdv": 267.1093444824219,
  "tsnr": 95.79340824857354
}