{
  "aor": 0.005371153846153846,
  "aqi": 0.003834488076923077,
  "bids_meta": {
    "BandwidthPerPixelPhaseEncode": 31.25,
    "EchoTime": 0.025,
    "EffectiveEchoSpacing": 0.0005,
    "FlipAngle": 75,
    "ImageType": [
      "ORIGINAL",
      "PRIMARY",
      "M",
      "ND",
      "MOSAIC"
    ],
    "MagneticFieldStrength": 3,
    "Manufacturer": "Siemens",
    "ManufacturersModelName": "TrioTim",
    "Modality": "MR",
    "PhaseEncodingDirection": "j-",
    "PixelBandwidth": 3005,
    "RepetitionTime": 3,
    "ScanningSequence": "EP",
    "SequenceVariant": "SK",
    "SliceThickness": 3,
    "SliceTiming": [
      0,
      1.5225,
      0.055,
      1.58,
      0.1125,
      1.6375,
      0.17,
      1.6925,
      0.225,
      1.75,
      0.2825,
      1.805,
      0.3375,
      1.8625,
      0.395,
      1.92,
      0.45,
      1.975,
      0.5075,
      2.0325,
      0.565,
      2.0875,
      0.62,
      2.145,
      0.6775,
      2.2,
      0.7325,
      2.2575,
      0.79,
      2.315,
      0.8475,
      2.37,
      0.9025,
      2.4275,
      0.96,
      2.4825,
      1.015,
      2.54,
      1.0725,
      2.595,
      1.1275,
      2.6525,
      1.185,
      2.71,
      1.2425,
      2.765,
      1.2975,
      2.8225,
      1.355,
      2.8775,
      1.41,
      2.935,
      1.4675
    ],
    "SpacingBetweenSlices": 3,
    "TaskName": "intertemporal choice task",
    "TotalReadoutTime": 0.0315,
    "dataset": "ds002843",
    "modality": "bold",
    "run_id": 2,
    "session_id": "scan1",
    "subject_id": "dmp0793",
    "task_id": "itc"
  },
  "dummy_trs": 0,
  "dvars_nstd": 24.78327855766991,
  "dvars_std": 1.1699792632038835,
  "dvars_vstd": 0.9915380271844655,
  "efc": 0.5691712857534004,
  "fber": 270.63671875,
  "fd_mean": 0.1112174545970614,
  "fd_num": 10,
  "fd_perc": 9.615384615384615,
  "fwhm_avg": 3.0452255555555556,
  "fwhm_x": 2.9225833333333333,
  "fwhm_y": 2.9659099999999996,
  "fwhm_z": 3.2471833333333335,
  "gcor": 0.0455998,
  "gsr_x": 0.0002258794120280072,
  "gsr_y": 0.07976289838552475,
  "provenance": {
    "md5sum": "2ff724a3afe9a7a3cc1b1e178d6b19b3",
    "settings": {
      "fd_thres": 0.2,
      "testing": false
    },
    "software": "mriqc",
    "version": "21.0.0rc2",
    "webapi_port": null,
    "webapi_url": "https://mriqc.nimh.nih.gov/api/v1"
  },
  "size_t": 104,
  "size_x": 64,
  "size_y": 64,
  "size_z": 53,
  "snr": 2.1784554172845847,
  "spacing_tr": 3.0,
  "spacing_x": 3.0,
  "spacing_y": 3.0,
  "spacing_z": 3.0,
  "summary_bg_k": 17.986569370542917,
  "summary_bg_mad": 21.070061061767827,
  "summary_bg_mean": 87.04306030273438,
  "summary_bg_median": 43.1634635925293,
  "summary_bg_n": 130127.0,
  "summary_bg_p05": 27.750001907348633,
  "summary_bg_p95": 297.5903930664062,
  "summary_bg_stdv": 106.7079849243164,
  "summary_fg_k": 4.403683966703941,
  "summary_fg_mad": 246.12617533664582,
  "summary_fg_mean": 807.5045166015625,
  "summary_fg_median": 728.4327392578125,
  "summary_fg_n": 43095.0,
  "summary_fg_p05": 439.92694091796875,
  "summary_fg_p95": 1487.691357421874,
  "summary_fg_stdv": 334.3764953613281,
  "tsnr": 67.01514368294738
}