{
  "aor": 0.0011875624999999998,
  "aqi": 0.0057535365625,
  "bids_meta": {
    "BandwidthPerPixelPhaseEncode": 31.25,
    "EchoTime": 0.025,
    "EffectiveEchoSpacing": 0.0005,
    "FlipAngle": 75,
    "ImageType": [
      "ORIGINAL",
      "PRIMARY",
      "M",
      "ND",
      "MOSAIC"
    ],
    "MagneticFieldStrength": 3,
    "Manufacturer": "Siemens",
    "ManufacturersModelName": "TrioTim",
    "Modality": "MR",
    "PhaseEncodingDirection": "j-",
    "PixelBandwidth": 3005,
    "RepetitionTime": 3,
    "ScanningSequence": "EP",
    "SequenceVariant": "SK",
    "SliceThickness": 3,
    "SliceTiming": [
      0,
      1.5225,
      0.055,
      1.58,
      0.1125,
      1.635,
      0.1675,
      1.6925,
      0.225,
      1.75,
      0.2825,
      1.805,
      0.3375,
      1.8625,
      0.395,
      1.9175,
      0.45,
      1.975,
      0.5075,
      2.03,
      0.5625,
      2.0875,
      0.62,
      2.145,
      0.6775,
      2.2,
      0.7325,
      2.2575,
      0.79,
      2.3125,
      0.845,
      2.37,
      0.9025,
      2.425,
      0.9575,
      2.4825,
      1.015,
      2.54,
      1.0725,
      2.595,
      1.1275,
      2.6525,
      1.185,
      2.7075,
      1.24,
      2.765,
      1.2975,
      2.8225,
      1.355,
      2.8775,
      1.41,
      2.935,
      1.4675
    ],
    "SpacingBetweenSlices": 3,
    "TaskName": "rest",
    "TotalReadoutTime": 0.0315,
    "dataset": "ds002843",
    "modality": "bold",
    "session_id": "scan1",
    "subject_id": "dmp0793",
    "task_id": "rest"
  },
  "dummy_trs": 0,
  "dvars_nstd": 23.136361361761008,
  "dvars_std": 1.0913549428301887,
  "dvars_vstd": 0.929130379937107,
  "efc": 0.5660554679707416,
  "fber": 267.2216796875,
  "fd_mean": 0.09178843003391482,
  "fd_num": 10,
  "fd_perc": 6.25,
  "fwhm_avg": 3.0833455555555553,
  "fwhm_x": 2.9950566666666667,
  "fwhm_y": 2.9673233333333333,
  "fwhm_z": 3.287656666666667,
  "gcor": 0.0179501,
  "gsr_x": -0.0013630333123728633,
  "gsr_y": 0.07655234634876251,
  "provenance": {
    "md5sum": "0a968d6aab7bd1ea5c0033a39eda4d89",
    "settings": {
      "fd_thres": 0.2,
      "testing": false
    },
    "software": "mriqc",
    "version": "21.0.0rc2",
    "webapi_port": null,
    "webapi_url": "https://mriqc.nimh.nih.gov/api/v1"
  },
  "size_t": 160,
  "size_x": 64,
  "size_y": 64,
  "size_z": 53,
  "snr": 2.1187774501969114,
  "spacing_tr": 3.0,
  "spacing_x": 3.0,
  "spacing_y": 3.0,
  "spacing_z": 3.0,
  "summary_bg_k": 21.05332529690748,
  "summary_bg_mad": 22.137106637333222,
  "summary_bg_mean": 87.70478057861328,
  "summary_bg_median": 43.91875076293945,
  "summary_bg_n": 130053.0,
  "summary_bg_p05": 27.55000114440918,
  "summary_bg_p95": 296.30000610351544,
  "summary_bg_stdv": 107.74468231201172,
  "summary_fg_k": 4.1938499954544675,
  "summary_fg_mad": 253.44625231794305,
  "summary_fg_mean": 818.4432983398438,
  "summary_fg_median": 734.1218872070312,
  "summary_fg_n": 43186.0,
  "summary_fg_p05": 440.7312469482422,
  "summary_fg_p95": 1532.573486328125,
  "summary_fg_stdv": 346.4797058105469,
  "tsnr": 55.539733218960464
}