{
  "bids_meta": {
    "EchoTime": 0.00311,
    "FlipAngle": 15,
    "ImageType": [
      "ORIGINAL",
      "PRIMARY",
      "M",
      "ND",
      "NORM"
    ],
    "InversionTime": 1.1,
    "MagneticFieldStrength": 3,
    "Manufacturer": "Siemens",
    "ManufacturersModelName": "TrioTim",
    "Modality": "MR",
    "RepetitionTime": 1.63,
    "ScanningSequence": "GR_IR",
    "SequenceVariant": "SP_MP",
    "SliceThickness": 1,
    "dataset": "ds002843",
    "modality": "T1w",
    "session_id": "scan1",
    "subject_id": "dmp0217"
  },
  "cjv": 0.7674990212694867,
  "cnr": 1.774655957197403,
  "efc": 0.6584171692535413,
  "fber": 3585.312255859375,
  "fwhm_avg": 3.949734888888889,
  "fwhm_x": 3.80192,
  "fwhm_y": 4.366314666666667,
  "fwhm_z": 3.68097,
  "icvs_csf": 0.22643020655067375,
  "icvs_gm": 0.3838678715246957,
  "icvs_wm": 0.3897019219246306,
  "inu_med": 1.2397699356079102,
  "inu_range": 0.41352277994155884,
  "provenance": {
    "md5sum": "41bbacfd2c54be4666462ba3da3cae84",
    "settings": {
      "testing": false
    },
    "software": "mriqc",
    "version": "21.0.0rc2",
    "warnings": {
      "large_rot_frame": true,
      "small_air_mask": false
    },
    "webapi_port": null,
    "webapi_url": "https://mriqc.nimh.nih.gov/api/v1"
  },
  "qi_1": 0.00035724617223796426,
  "qi_2": 0.00483703784436504,
  "rpve_csf": 12.382123442682083,
  "rpve_gm": 6.861778434385714,
  "rpve_wm": 8.152685389386994,
  "size_x": 192,
  "size_y": 256,
  "size_z": 160,
  "snr_csf": 3.910449514884103,
  "snr_gm": 11.03322671093786,
  "snr_total": 10.754090548862402,
  "snr_wm": 17.31859542076525,
  "snrd_csf": 25.359048572551746,
  "snrd_gm": 48.94500038681035,
  "snrd_total": 44.47947536253568,
  "snrd_wm": 59.13437712824494,
  "spacing_x": 0.9375,
  "spacing_y": 0.9375,
  "spacing_z": 1.0,
  "summary_bg_k": 19.51200757512679,
  "summary_bg_mad": 11.07956139015802,
  "summary_bg_mean": 16.592042922973633,
  "summary_bg_median": 9.979576110839844,
  "summary_bg_n": 2069177.0,
  "summary_bg_p05": 0.0,
  "summary_bg_p95": 56.753756713867176,
  "summary_bg_stdv": 21.58424949645996,
  "summary_csf_k": -0.05957333264590803,
  "summary_csf_mad": 107.86820212308724,
  "summary_csf_mean": 441.63482666015625,
  "summary_csf_median": 428.8681640625,
  "summary_csf_n": 72998.0,
  "summary_csf_p05": 281.5939117431641,
  "summary_csf_p95": 640.5957183837891,
  "summary_csf_stdv": 109.67159271240234,
  "summary_gm_k": -0.25464432274439197,
  "summary_gm_mad": 77.77001520000968,
  "summary_gm_mean": 827.1466674804688,
  "summary_gm_median": 827.75,
  "summary_gm_n": 19516.0,
  "summary_gm_p05": 703.4571838378906,
  "summary_gm_p95": 951.1319274902344,
  "summary_gm_stdv": 75.0214614868164,
  "summary_wm_k": 0.8779901385511182,
  "summary_wm_mad": 54.48626496608731,
  "summary_wm_mean": 1005.4282836914062,
  "summary_wm_median": 1000.0711059570312,
  "summary_wm_n": 254977.0,
  "summary_wm_p05": 920.6575073242187,
  "summary_wm_p95": 1108.2403076171875,
  "summary_wm_stdv": 57.74539566040039,
  "tpm_overlap_csf": 0.1622326672077179,
  "tpm_overlap_gm": 0.4173906743526459,
  "tpm_overlap_wm": 0.4664745032787323,
  "wm2max": 0.5760722279735002
}