{
  "bids_meta": {
    "EchoTime": 0.09,
    "FlipAngle": 180,
    "ImageType": [
      "ORIGINAL",
      "PRIMARY",
      "M",
      "ND",
      "NORM"
    ],
    "ImagingFrequency": 123.204,
    "MagneticFieldStrength": 3,
    "Manufacturer": "Siemens",
    "ManufacturersModelName": "TrioTim",
    "Modality": "MR",
    "PhaseEncodingDirection": "i",
    "RepetitionTime": 7,
    "ScanningSequence": "SE",
    "SequenceVariant": "SK_SP_OSP",
    "SliceThickness": 3,
    "SpacingBetweenSlices": 3,
    "dataset": "ds002843",
    "modality": "T2w",
    "session_id": "scan1",
    "subject_id": "dmp0556"
  },
  "cjv": 0.5829686541113124,
  "cnr": 2.324495887259267,
  "efc": 0.6408414486653911,
  "fber": 2892.820441669557,
  "fwhm_avg": 2.797831754084182,
  "fwhm_x": 3.1844933333333336,
  "fwhm_y": 3.4418399999999996,
  "fwhm_z": 1.7671619289192129,
  "icvs_csf": 0.16201048049181122,
  "icvs_gm": 0.40429286889573585,
  "icvs_wm": 0.43369665061245294,
  "inu_med": 1.24342942237854,
  "inu_range": 0.2984843313693999,
  "provenance": {
    "md5sum": "a8be6769f791ece2c5f437a342868553",
    "settings": {
      "testing": false
    },
    "software": "mriqc",
    "version": "21.0.0rc2",
    "warnings": {
      "large_rot_frame": false,
      "small_air_mask": false
    },
    "webapi_port": null,
    "webapi_url": "https://mriqc.nimh.nih.gov/api/v1"
  },
  "qi_1": 0.0,
  "qi_2": 0.0017664615437841345,
  "rpve_csf": 11.774299587932,
  "rpve_gm": 4.937029102674918,
  "rpve_wm": 5.479311048885777,
  "size_x": 256,
  "size_y": 256,
  "size_z": 44,
  "snr_csf": 2.7749859476754524,
  "snr_gm": 8.865351196982166,
  "snr_total": 6.986431837266198,
  "snr_wm": 9.318958367140974,
  "snrd_csf": 166.3464491812982,
  "snrd_gm": 78.68715384371939,
  "snrd_total": 99.61147716582506,
  "snrd_wm": 53.800828472457596,
  "spacing_x": 0.75,
  "spacing_y": 0.75,
  "spacing_z": 3.000002384185791,
  "summary_bg_k": 242.6397405880469,
  "summary_bg_mad": 12.059360357360102,
  "summary_bg_mean": 23.506843546268268,
  "summary_bg_median": 18.861252069473267,
  "summary_bg_n": 645707.0,
  "summary_bg_p05": 2.711304984986782,
  "summary_bg_p95": 54.46186535060406,
  "summary_bg_stdv": 29.167401021204775,
  "summary_csf_k": 0.1868692102259315,
  "summary_csf_mad": 991.1396027041905,
  "summary_csf_mean": 2985.585010849175,
  "summary_csf_median": 3062.0063906535506,
  "summary_csf_n": 108908.0,
  "summary_csf_p05": 560.4149521142244,
  "summary_csf_p95": 4435.81283826381,
  "summary_csf_stdv": 1103.4262481293292,
  "summary_gm_k": 0.06958788608651023,
  "summary_gm_mad": 162.36443147808023,
  "summary_gm_mean": 1454.6094773361192,
  "summary_gm_median": 1448.4262761101127,
  "summary_gm_n": 253630.0,
  "summary_gm_p05": 1196.7994910795242,
  "summary_gm_p95": 1732.641768231988,
  "summary_gm_stdv": 163.38026419168773,
  "summary_wm_k": 0.08157702164484881,
  "summary_wm_mad": 104.68922976896668,
  "summary_wm_mean": 983.1251213695137,
  "summary_wm_median": 990.3336164727807,
  "summary_wm_n": 323292.0,
  "summary_wm_p05": 795.9448373317719,
  "summary_wm_p95": 1145.1137662678957,
  "summary_wm_stdv": 106.27068453530318,
  "tpm_overlap_csf": 0.18215948343276978,
  "tpm_overlap_gm": 0.4333023726940155,
  "tpm_overlap_wm": 0.485785573720932,
  "wm2max": 0.21007642408265917
}