{
  "bids_meta": {
    "EchoTime": 0.00311,
    "FlipAngle": 15,
    "ImageType": [
      "ORIGINAL",
      "PRIMARY",
      "M",
      "ND",
      "NORM"
    ],
    "InversionTime": 1.1,
    "MagneticFieldStrength": 3,
    "Manufacturer": "Siemens",
    "ManufacturersModelName": "TrioTim",
    "Modality": "MR",
    "RepetitionTime": 1.63,
    "ScanningSequence": "GR_IR",
    "SequenceVariant": "SP_MP",
    "SliceThickness": 1,
    "dataset": "ds002843",
    "modality": "T1w",
    "session_id": "scan1",
    "subject_id": "dmp0154"
  },
  "cjv": 0.5466004648947549,
  "cnr": 2.414887218456132,
  "efc": 0.5590596493998012,
  "fber": 11932.1923828125,
  "fwhm_avg": 3.278077111111111,
  "fwhm_x": 3.1752106666666666,
  "fwhm_y": 3.5982506666666665,
  "fwhm_z": 3.06077,
  "icvs_csf": 0.16948431231915723,
  "icvs_gm": 0.4512209730636566,
  "icvs_wm": 0.37929471461718617,
  "inu_med": 1.107750415802002,
  "inu_range": 0.24416158497333518,
  "provenance": {
    "md5sum": "5019beb94b85de2c72c51e9a0e7c3de1",
    "settings": {
      "testing": false
    },
    "software": "mriqc",
    "version": "21.0.0rc2",
    "warnings": {
      "large_rot_frame": true,
      "small_air_mask": false
    },
    "webapi_port": null,
    "webapi_url": "https://mriqc.nimh.nih.gov/api/v1"
  },
  "qi_1": 5.435009988297133e-05,
  "qi_2": 0.009945235508139213,
  "rpve_csf": 20.974947152993767,
  "rpve_gm": 8.9415913821791,
  "rpve_wm": 12.211512897175727,
  "size_x": 192,
  "size_y": 256,
  "size_z": 160,
  "snr_csf": 2.840129682333683,
  "snr_gm": 11.505972782372993,
  "snr_total": 14.309489686929453,
  "snr_wm": 28.582366596081684,
  "snrd_csf": 41.06982546610503,
  "snrd_gm": 78.5216144861731,
  "snrd_total": 72.20797098790793,
  "snrd_wm": 97.03247301144563,
  "spacing_x": 0.9375,
  "spacing_y": 0.9375,
  "spacing_z": 1.0,
  "summary_bg_k": 14.011857316303306,
  "summary_bg_mad": 6.751867209523388,
  "summary_bg_mean": 8.519759178161621,
  "summary_bg_median": 6.844613552093506,
  "summary_bg_n": 2357382.0,
  "summary_bg_p05": 0.0,
  "summary_bg_p95": 22.818548011779782,
  "summary_bg_stdv": 8.379525184631348,
  "summary_csf_k": 13.290966185051456,
  "summary_csf_mad": 138.2907082814629,
  "summary_csf_mean": 452.1077575683594,
  "summary_csf_median": 423.2676086425781,
  "summary_csf_n": 16713.0,
  "summary_csf_p05": 272.8714111328125,
  "summary_csf_p95": 681.2829345703125,
  "summary_csf_stdv": 149.02662658691406,
  "summary_gm_k": -0.3204158026911754,
  "summary_gm_mad": 72.27350999039976,
  "summary_gm_mean": 818.7799072265625,
  "summary_gm_median": 809.24755859375,
  "summary_gm_n": 27452.0,
  "summary_gm_p05": 718.3548614501954,
  "summary_gm_p95": 945.9336181640624,
  "summary_gm_stdv": 70.33154296875,
  "summary_wm_k": 1.1809463611342679,
  "summary_wm_mad": 32.003539807739386,
  "summary_wm_mean": 1001.3887939453125,
  "summary_wm_median": 1000.0213623046875,
  "summary_wm_n": 177880.0,
  "summary_wm_p05": 947.7670837402344,
  "summary_wm_p95": 1061.0316589355468,
  "summary_wm_stdv": 34.98725509643555,
  "tpm_overlap_csf": 0.18332552909851074,
  "tpm_overlap_gm": 0.45823243260383606,
  "tpm_overlap_wm": 0.49303489923477173,
  "wm2max": 0.5176947648654298
}