{
  "aor": 0.0029876923076923075,
  "aqi": 0.0036260227884615387,
  "bids_meta": {
    "BandwidthPerPixelPhaseEncode": 31.25,
    "EchoTime": 0.025,
    "EffectiveEchoSpacing": 0.0005,
    "FlipAngle": 75,
    "ImageType": [
      "ORIGINAL",
      "PRIMARY",
      "M",
      "ND",
      "MOSAIC"
    ],
    "MagneticFieldStrength": 3,
    "Manufacturer": "Siemens",
    "ManufacturersModelName": "TrioTim",
    "Modality": "MR",
    "PhaseEncodingDirection": "j-",
    "PixelBandwidth": 3005,
    "RepetitionTime": 3,
    "ScanningSequence": "EP",
    "SequenceVariant": "SK",
    "SliceThickness": 3,
    "SliceTiming": [
      0,
      1.5225,
      0.055,
      1.58,
      0.1125,
      1.6375,
      0.17,
      1.6925,
      0.225,
      1.75,
      0.2825,
      1.805,
      0.3375,
      1.8625,
      0.395,
      1.92,
      0.45,
      1.975,
      0.5075,
      2.0325,
      0.565,
      2.0875,
      0.62,
      2.145,
      0.6775,
      2.2,
      0.7325,
      2.2575,
      0.79,
      2.315,
      0.8475,
      2.37,
      0.9025,
      2.4275,
      0.96,
      2.4825,
      1.015,
      2.54,
      1.0725,
      2.595,
      1.1275,
      2.6525,
      1.185,
      2.71,
      1.2425,
      2.765,
      1.2975,
      2.8225,
      1.355,
      2.8775,
      1.41,
      2.935,
      1.4675
    ],
    "SpacingBetweenSlices": 3,
    "TaskName": "intertemporal choice task",
    "TotalReadoutTime": 0.0315,
    "dataset": "ds002843",
    "modality": "bold",
    "run_id": 1,
    "session_id": "scan1",
    "subject_id": "dmp0118",
    "task_id": "itc"
  },
  "dummy_trs": 0,
  "dvars_nstd": 22.598616766310684,
  "dvars_std": 1.1759864598058256,
  "dvars_vstd": 1.002215709417476,
  "efc": 0.5573766005759642,
  "fber": 303.6202697753906,
  "fd_mean": 0.08474605640938543,
  "fd_num": 4,
  "fd_perc": 3.8461538461538463,
  "fwhm_avg": 2.5889466666666667,
  "fwhm_x": 2.2854733333333335,
  "fwhm_y": 2.50027,
  "fwhm_z": 2.9810966666666663,
  "gcor": 0.0264209,
  "gsr_x": -0.014291245490312576,
  "gsr_y": 0.04094419255852699,
  "provenance": {
    "md5sum": "19aadb9d1cfb479f9aa3b1038f0915f4",
    "settings": {
      "fd_thres": 0.2,
      "testing": false
    },
    "software": "mriqc",
    "version": "21.0.0rc2",
    "webapi_port": null,
    "webapi_url": "https://mriqc.nimh.nih.gov/api/v1"
  },
  "size_t": 104,
  "size_x": 64,
  "size_y": 64,
  "size_z": 53,
  "snr": 3.124665391440067,
  "spacing_tr": 3.0,
  "spacing_x": 3.0,
  "spacing_y": 3.0,
  "spacing_z": 3.0,
  "summary_bg_k": 35.87385157953043,
  "summary_bg_mad": 11.547190573194731,
  "summary_bg_mean": 62.556488037109375,
  "summary_bg_median": 32.83654022216797,
  "summary_bg_n": 141088.0,
  "summary_bg_p05": 24.423078536987305,
  "summary_bg_p95": 200.9067382812499,
  "summary_bg_stdv": 78.76185607910156,
  "summary_fg_k": 2.3599734785221864,
  "summary_fg_mad": 141.68117450594158,
  "summary_fg_mean": 623.8534545898438,
  "summary_fg_median": 582.1490478515625,
  "summary_fg_n": 34932.0,
  "summary_fg_p05": 396.9557800292969,
  "summary_fg_p95": 996.0553192138668,
  "summary_fg_stdv": 186.3049774169922,
  "tsnr": 74.81266270321794
}