{
  "aor": 0.0017060576923076923,
  "aqi": 0.00334222375,
  "bids_meta": {
    "BandwidthPerPixelPhaseEncode": 31.25,
    "EchoTime": 0.025,
    "EffectiveEchoSpacing": 0.0005,
    "FlipAngle": 75,
    "ImageType": [
      "ORIGINAL",
      "PRIMARY",
      "M",
      "ND",
      "MOSAIC"
    ],
    "MagneticFieldStrength": 3,
    "Manufacturer": "Siemens",
    "ManufacturersModelName": "TrioTim",
    "Modality": "MR",
    "PhaseEncodingDirection": "j-",
    "PixelBandwidth": 3005,
    "RepetitionTime": 3,
    "ScanningSequence": "EP",
    "SequenceVariant": "SK",
    "SliceThickness": 3,
    "SliceTiming": [
      0,
      1.5225,
      0.055,
      1.58,
      0.1125,
      1.6375,
      0.17,
      1.6925,
      0.225,
      1.75,
      0.2825,
      1.805,
      0.3375,
      1.8625,
      0.395,
      1.92,
      0.45,
      1.975,
      0.5075,
      2.0325,
      0.565,
      2.0875,
      0.62,
      2.145,
      0.6775,
      2.2,
      0.7325,
      2.2575,
      0.79,
      2.315,
      0.8475,
      2.37,
      0.9025,
      2.4275,
      0.96,
      2.4825,
      1.015,
      2.54,
      1.0725,
      2.595,
      1.1275,
      2.6525,
      1.185,
      2.71,
      1.2425,
      2.765,
      1.2975,
      2.8225,
      1.355,
      2.8775,
      1.41,
      2.935,
      1.4675
    ],
    "SpacingBetweenSlices": 3,
    "TaskName": "intertemporal choice task",
    "TotalReadoutTime": 0.0315,
    "dataset": "ds002843",
    "modality": "bold",
    "run_id": 2,
    "session_id": "scan1",
    "subject_id": "dmp0118",
    "task_id": "itc"
  },
  "dummy_trs": 0,
  "dvars_nstd": 22.421729189805827,
  "dvars_std": 1.1771783947572807,
  "dvars_vstd": 0.9974407966019413,
  "efc": 0.5587495492292681,
  "fber": 300.574951171875,
  "fd_mean": 0.06956192595073583,
  "fd_num": 3,
  "fd_perc": 2.8846153846153846,
  "fwhm_avg": 2.5923933333333333,
  "fwhm_x": 2.3105866666666666,
  "fwhm_y": 2.4893899999999998,
  "fwhm_z": 2.977203333333333,
  "gcor": 0.025993,
  "gsr_x": -0.014606812968850136,
  "gsr_y": 0.04175465926527977,
  "provenance": {
    "md5sum": "7a49c0eadb77bec496cc4d10d2520942",
    "settings": {
      "fd_thres": 0.2,
      "testing": false
    },
    "software": "mriqc",
    "version": "21.0.0rc2",
    "webapi_port": null,
    "webapi_url": "https://mriqc.nimh.nih.gov/api/v1"
  },
  "size_t": 104,
  "size_x": 64,
  "size_y": 64,
  "size_z": 53,
  "snr": 3.1281965592696994,
  "spacing_tr": 3.0,
  "spacing_x": 3.0,
  "spacing_y": 3.0,
  "spacing_z": 3.0,
  "summary_bg_k": 34.998436344320154,
  "summary_bg_mad": 11.575703677002547,
  "summary_bg_mean": 63.20583724975586,
  "summary_bg_median": 32.990386962890625,
  "summary_bg_n": 141023.0,
  "summary_bg_p05": 24.596155166625977,
  "summary_bg_p95": 205.1519317626952,
  "summary_bg_stdv": 79.2934341430664,
  "summary_fg_k": 2.429726378816534,
  "summary_fg_mad": 140.8400619802452,
  "summary_fg_mean": 624.02880859375,
  "summary_fg_median": 582.735595703125,
  "summary_fg_n": 34826.0,
  "summary_fg_p05": 397.1226043701172,
  "summary_fg_p95": 997.8606262207031,
  "summary_fg_stdv": 186.28216552734375,
  "tsnr": 80.15487939701416
}