{
  "aor": 0.0017630769230769232,
  "aqi": 0.0029485334615384612,
  "bids_meta": {
    "BandwidthPerPixelPhaseEncode": 31.25,
    "EchoTime": 0.025,
    "EffectiveEchoSpacing": 0.0005,
    "FlipAngle": 75,
    "ImageType": [
      "ORIGINAL",
      "PRIMARY",
      "M",
      "ND",
      "MOSAIC"
    ],
    "MagneticFieldStrength": 3,
    "Manufacturer": "Siemens",
    "ManufacturersModelName": "TrioTim",
    "Modality": "MR",
    "PhaseEncodingDirection": "j-",
    "PixelBandwidth": 3005,
    "RepetitionTime": 3,
    "ScanningSequence": "EP",
    "SequenceVariant": "SK",
    "SliceThickness": 3,
    "SliceTiming": [
      0,
      1.5225,
      0.055,
      1.58,
      0.1125,
      1.6375,
      0.17,
      1.6925,
      0.225,
      1.75,
      0.2825,
      1.805,
      0.3375,
      1.8625,
      0.395,
      1.92,
      0.45,
      1.975,
      0.5075,
      2.0325,
      0.565,
      2.0875,
      0.62,
      2.145,
      0.6775,
      2.2,
      0.7325,
      2.2575,
      0.79,
      2.315,
      0.8475,
      2.37,
      0.9025,
      2.4275,
      0.96,
      2.4825,
      1.015,
      2.54,
      1.0725,
      2.595,
      1.1275,
      2.6525,
      1.185,
      2.71,
      1.2425,
      2.765,
      1.2975,
      2.8225,
      1.355,
      2.8775,
      1.41,
      2.935,
      1.4675
    ],
    "SpacingBetweenSlices": 3,
    "TaskName": "intertemporal choice task",
    "TotalReadoutTime": 0.0315,
    "dataset": "ds002843",
    "modality": "bold",
    "run_id": 4,
    "session_id": "scan2",
    "subject_id": "dmp0498",
    "task_id": "itc"
  },
  "dummy_trs": 0,
  "dvars_nstd": 23.29279931087378,
  "dvars_std": 1.2252501051456306,
  "dvars_vstd": 0.9986067410679611,
  "efc": 0.5943410160809443,
  "fber": 339.15850830078125,
  "fd_mean": 0.0668937408026983,
  "fd_num": 0,
  "fd_perc": 0.0,
  "fwhm_avg": 2.336793333333333,
  "fwhm_x": 2.14609,
  "fwhm_y": 2.2911366666666666,
  "fwhm_z": 2.5731533333333334,
  "gcor": 0.0523213,
  "gsr_x": -0.0013055424205958843,
  "gsr_y": 0.048730719834566116,
  "provenance": {
    "md5sum": "67575b5902d0280a708c1cb88eead5e5",
    "settings": {
      "fd_thres": 0.2,
      "testing": false
    },
    "software": "mriqc",
    "version": "21.0.0rc2",
    "webapi_port": null,
    "webapi_url": "https://mriqc.nimh.nih.gov/api/v1"
  },
  "size_t": 104,
  "size_x": 64,
  "size_y": 64,
  "size_z": 53,
  "snr": 3.5870465476818962,
  "spacing_tr": 3.0,
  "spacing_x": 3.0,
  "spacing_y": 3.0,
  "spacing_z": 3.0,
  "summary_bg_k": 46.0272588052522,
  "summary_bg_mad": 13.500234967895116,
  "summary_bg_mean": 86.40557098388672,
  "summary_bg_median": 36.69231033325195,
  "summary_bg_n": 128625.0,
  "summary_bg_p05": 26.846155166625977,
  "summary_bg_p95": 329.32308959960915,
  "summary_bg_stdv": 129.5394287109375,
  "summary_fg_k": 1.656153881064924,
  "summary_fg_mad": 177.16386157906146,
  "summary_fg_mean": 718.5520629882812,
  "summary_fg_median": 689.22119140625,
  "summary_fg_n": 43452.0,
  "summary_fg_p05": 455.41444396972656,
  "summary_fg_p95": 1070.0177978515621,
  "summary_fg_stdv": 192.1394805908203,
  "tsnr": 82.97512401640415
}