{
  "aor": 0.00144252427184466,
  "aqi": 0.002692987281553399,
  "bids_meta": {
    "BandwidthPerPixelPhaseEncode": 31.25,
    "EchoTime": 0.025,
    "EffectiveEchoSpacing": 0.0005,
    "FlipAngle": 75,
    "ImageType": [
      "ORIGINAL",
      "PRIMARY",
      "M",
      "ND",
      "MOSAIC"
    ],
    "MagneticFieldStrength": 3,
    "Manufacturer": "Siemens",
    "ManufacturersModelName": "TrioTim",
    "Modality": "MR",
    "PhaseEncodingDirection": "j-",
    "PixelBandwidth": 3005,
    "RepetitionTime": 3,
    "ScanningSequence": "EP",
    "SequenceVariant": "SK",
    "SliceThickness": 3,
    "SliceTiming": [
      0,
      1.5225,
      0.055,
      1.58,
      0.1125,
      1.6375,
      0.17,
      1.6925,
      0.225,
      1.75,
      0.2825,
      1.805,
      0.3375,
      1.8625,
      0.395,
      1.92,
      0.45,
      1.975,
      0.5075,
      2.0325,
      0.565,
      2.0875,
      0.62,
      2.145,
      0.6775,
      2.2,
      0.7325,
      2.2575,
      0.79,
      2.315,
      0.8475,
      2.37,
      0.9025,
      2.4275,
      0.96,
      2.4825,
      1.015,
      2.54,
      1.0725,
      2.595,
      1.1275,
      2.6525,
      1.185,
      2.71,
      1.2425,
      2.765,
      1.2975,
      2.8225,
      1.355,
      2.8775,
      1.41,
      2.935,
      1.4675
    ],
    "SpacingBetweenSlices": 3,
    "TaskName": "risk choice task",
    "TotalReadoutTime": 0.0315,
    "dataset": "ds002843",
    "modality": "bold",
    "run_id": 3,
    "session_id": "scan2",
    "subject_id": "dmp0498",
    "task_id": "risk"
  },
  "dummy_trs": 1,
  "dvars_nstd": 20.965431540392157,
  "dvars_std": 1.2164948782352942,
  "dvars_vstd": 1.0057525396078428,
  "efc": 0.5929350197770421,
  "fber": 341.7690734863281,
  "fd_mean": 0.056450395043561793,
  "fd_num": 0,
  "fd_perc": 0.0,
  "fwhm_avg": 2.3509788888888887,
  "fwhm_x": 2.1642966666666665,
  "fwhm_y": 2.3062633333333333,
  "fwhm_z": 2.5823766666666668,
  "gcor": 0.0421134,
  "gsr_x": -0.0007085400866344571,
  "gsr_y": 0.04944665729999542,
  "provenance": {
    "md5sum": "442c37bb5ffe316ceec750d9d7ee08be",
    "settings": {
      "fd_thres": 0.2,
      "testing": false
    },
    "software": "mriqc",
    "version": "21.0.0rc2",
    "webapi_port": null,
    "webapi_url": "https://mriqc.nimh.nih.gov/api/v1"
  },
  "size_t": 103,
  "size_x": 64,
  "size_y": 64,
  "size_z": 53,
  "snr": 3.597483256923501,
  "spacing_tr": 3.0,
  "spacing_x": 3.0,
  "spacing_y": 3.0,
  "spacing_z": 3.0,
  "summary_bg_k": 50.75168530717191,
  "summary_bg_mad": 13.300236032379123,
  "summary_bg_mean": 85.27608489990234,
  "summary_bg_median": 36.4563102722168,
  "summary_bg_n": 128751.0,
  "summary_bg_p05": 26.757282257080078,
  "summary_bg_p95": 324.29127502441406,
  "summary_bg_stdv": 128.4444122314453,
  "summary_fg_k": 1.6150451370631425,
  "summary_fg_mad": 176.80393419111556,
  "summary_fg_mean": 718.0195922851562,
  "summary_fg_median": 688.5922241210938,
  "summary_fg_n": 43410.0,
  "summary_fg_p05": 455.73689727783204,
  "summary_fg_p95": 1067.0344787597655,
  "summary_fg_stdv": 191.4072265625,
  "tsnr": 84.57940471544862
}