{
  "aor": 0.0045571249999999995,
  "aqi": 0.004748842562499999,
  "bids_meta": {
    "BandwidthPerPixelPhaseEncode": 31.25,
    "EchoTime": 0.025,
    "EffectiveEchoSpacing": 0.0005,
    "FlipAngle": 75,
    "ImageType": [
      "ORIGINAL",
      "PRIMARY",
      "M",
      "ND",
      "MOSAIC"
    ],
    "MagneticFieldStrength": 3,
    "Manufacturer": "Siemens",
    "ManufacturersModelName": "TrioTim",
    "Modality": "MR",
    "PhaseEncodingDirection": "j-",
    "PixelBandwidth": 3005,
    "RepetitionTime": 3,
    "ScanningSequence": "EP",
    "SequenceVariant": "SK",
    "SliceThickness": 3,
    "SliceTiming": [
      0,
      1.5225,
      0.055,
      1.58,
      0.1125,
      1.635,
      0.1675,
      1.6925,
      0.225,
      1.75,
      0.2825,
      1.805,
      0.3375,
      1.8625,
      0.395,
      1.9175,
      0.45,
      1.975,
      0.5075,
      2.03,
      0.5625,
      2.0875,
      0.62,
      2.145,
      0.6775,
      2.2,
      0.7325,
      2.2575,
      0.79,
      2.3125,
      0.845,
      2.37,
      0.9025,
      2.425,
      0.9575,
      2.4825,
      1.015,
      2.54,
      1.0725,
      2.595,
      1.1275,
      2.6525,
      1.185,
      2.7075,
      1.24,
      2.765,
      1.2975,
      2.8225,
      1.355,
      2.8775,
      1.41,
      2.935,
      1.4675
    ],
    "SpacingBetweenSlices": 3,
    "TaskName": "rest",
    "TotalReadoutTime": 0.0315,
    "dataset": "ds002843",
    "modality": "bold",
    "session_id": "scan2",
    "subject_id": "dmp0036",
    "task_id": "rest"
  },
  "dummy_trs": 0,
  "dvars_nstd": 23.17088059968553,
  "dvars_std": 1.183766648742138,
  "dvars_vstd": 1.0044892206289309,
  "efc": 0.5842507368317795,
  "fber": 342.8176574707031,
  "fd_mean": 0.13189903764773567,
  "fd_num": 27,
  "fd_perc": 16.875,
  "fwhm_avg": 2.388858888888889,
  "fwhm_x": 2.100346666666667,
  "fwhm_y": 2.4055933333333335,
  "fwhm_z": 2.6606366666666665,
  "gcor": 0.0175239,
  "gsr_x": -0.005944906733930111,
  "gsr_y": 0.05860055238008499,
  "provenance": {
    "md5sum": "ee59e0199c8c133abe9357871b3143f1",
    "settings": {
      "fd_thres": 0.2,
      "testing": false
    },
    "software": "mriqc",
    "version": "21.0.0rc2",
    "webapi_port": null,
    "webapi_url": "https://mriqc.nimh.nih.gov/api/v1"
  },
  "size_t": 160,
  "size_x": 64,
  "size_y": 64,
  "size_z": 53,
  "snr": 3.5456083495978428,
  "spacing_tr": 3.0,
  "spacing_x": 3.0,
  "spacing_y": 3.0,
  "spacing_z": 3.0,
  "summary_bg_k": 20.773543171699984,
  "summary_bg_mad": 10.832261893388692,
  "summary_bg_mean": 67.14301300048828,
  "summary_bg_median": 32.84375,
  "summary_bg_n": 130454.0,
  "summary_bg_p05": 24.306249618530273,
  "summary_bg_p95": 236.27094268798822,
  "summary_bg_stdv": 84.50645446777344,
  "summary_fg_k": 1.5362835984041272,
  "summary_fg_mad": 162.90091875830302,
  "summary_fg_mean": 660.760009765625,
  "summary_fg_median": 639.21875,
  "summary_fg_n": 39219.0,
  "summary_fg_p05": 408.1593872070313,
  "summary_fg_p95": 986.0425354003905,
  "summary_fg_stdv": 180.2823486328125,
  "tsnr": 60.826879592612386
}