{
  "aor": 0.012699923664122136,
  "aqi": 0.0037927560305343515,
  "bids_meta": {
    "BandwidthPerPixelPhaseEncode": 31.25,
    "EchoTime": 0.025,
    "EffectiveEchoSpacing": 0.0005,
    "FlipAngle": 75,
    "ImageType": [
      "ORIGINAL",
      "PRIMARY",
      "M",
      "ND",
      "MOSAIC"
    ],
    "MagneticFieldStrength": 3,
    "Manufacturer": "Siemens",
    "ManufacturersModelName": "TrioTim",
    "Modality": "MR",
    "PhaseEncodingDirection": "j-",
    "PixelBandwidth": 3005,
    "RepetitionTime": 3,
    "ScanningSequence": "EP",
    "SequenceVariant": "SK",
    "SliceThickness": 3,
    "SliceTiming": [
      0,
      1.5225,
      0.055,
      1.58,
      0.1125,
      1.6375,
      0.17,
      1.6925,
      0.225,
      1.75,
      0.2825,
      1.805,
      0.3375,
      1.8625,
      0.395,
      1.92,
      0.45,
      1.975,
      0.5075,
      2.0325,
      0.565,
      2.0875,
      0.62,
      2.145,
      0.6775,
      2.2,
      0.7325,
      2.2575,
      0.79,
      2.315,
      0.8475,
      2.37,
      0.9025,
      2.4275,
      0.96,
      2.4825,
      1.015,
      2.54,
      1.0725,
      2.595,
      1.1275,
      2.6525,
      1.185,
      2.71,
      1.2425,
      2.765,
      1.2975,
      2.8225,
      1.355,
      2.8775,
      1.41,
      2.935,
      1.4675
    ],
    "SpacingBetweenSlices": 3,
    "TaskName": "risk choice task",
    "TotalReadoutTime": 0.0315,
    "dataset": "ds002843",
    "modality": "bold",
    "run_id": 2,
    "session_id": "scan2",
    "subject_id": "dmp0036",
    "task_id": "risk"
  },
  "dummy_trs": 0,
  "dvars_nstd": 24.072146701846165,
  "dvars_std": 1.2565953904615397,
  "dvars_vstd": 1.0978689848461534,
  "efc": 0.584560446620547,
  "fber": 343.56268310546875,
  "fd_mean": 0.17752472219332358,
  "fd_num": 26,
  "fd_perc": 19.84732824427481,
  "fwhm_avg": 2.3910122222222223,
  "fwhm_x": 2.088296666666667,
  "fwhm_y": 2.4160633333333332,
  "fwhm_z": 2.668676666666667,
  "gcor": 0.0541209,
  "gsr_x": -0.006430892739444971,
  "gsr_y": 0.06130843609571457,
  "provenance": {
    "md5sum": "17645b08ffef003fd678efce4e358881",
    "settings": {
      "fd_thres": 0.2,
      "testing": false
    },
    "software": "mriqc",
    "version": "21.0.0rc2",
    "webapi_port": null,
    "webapi_url": "https://mriqc.nimh.nih.gov/api/v1"
  },
  "size_t": 131,
  "size_x": 64,
  "size_y": 64,
  "size_z": 53,
  "snr": 3.580374650772044,
  "spacing_tr": 3.0,
  "spacing_x": 3.0,
  "spacing_y": 3.0,
  "spacing_z": 3.0,
  "summary_bg_k": 20.43029018063063,
  "summary_bg_mad": 10.480074301646475,
  "summary_bg_mean": 66.5368881225586,
  "summary_bg_median": 32.67938995361328,
  "summary_bg_n": 130565.0,
  "summary_bg_p05": 24.35877799987793,
  "summary_bg_p95": 234.51144409179688,
  "summary_bg_stdv": 83.59630584716797,
  "summary_fg_k": 1.3076938918747718,
  "summary_fg_mad": 161.21887468862639,
  "summary_fg_mean": 656.4278564453125,
  "summary_fg_median": 635.68701171875,
  "summary_fg_n": 39290.0,
  "summary_fg_p05": 403.63549652099607,
  "summary_fg_p95": 975.39697265625,
  "summary_fg_stdv": 177.5453643798828,
  "tsnr": 63.40371157974005
}