{
  "aor": 0.009654562500000002,
  "aqi": 0.0036811206875,
  "bids_meta": {
    "BandwidthPerPixelPhaseEncode": 31.25,
    "EchoTime": 0.025,
    "EffectiveEchoSpacing": 0.0005,
    "FlipAngle": 75,
    "ImageType": [
      "ORIGINAL",
      "PRIMARY",
      "M",
      "ND",
      "MOSAIC"
    ],
    "MagneticFieldStrength": 3,
    "Manufacturer": "Siemens",
    "ManufacturersModelName": "TrioTim",
    "Modality": "MR",
    "PhaseEncodingDirection": "j-",
    "PixelBandwidth": 3005,
    "RepetitionTime": 3,
    "ScanningSequence": "EP",
    "SequenceVariant": "SK",
    "SliceThickness": 3,
    "SliceTiming": [
      0,
      1.5225,
      0.055,
      1.58,
      0.1125,
      1.635,
      0.1675,
      1.6925,
      0.225,
      1.75,
      0.2825,
      1.805,
      0.3375,
      1.8625,
      0.395,
      1.9175,
      0.45,
      1.975,
      0.5075,
      2.03,
      0.5625,
      2.0875,
      0.62,
      2.145,
      0.6775,
      2.2,
      0.7325,
      2.2575,
      0.79,
      2.3125,
      0.845,
      2.37,
      0.9025,
      2.425,
      0.9575,
      2.4825,
      1.015,
      2.54,
      1.0725,
      2.595,
      1.1275,
      2.6525,
      1.185,
      2.7075,
      1.24,
      2.765,
      1.2975,
      2.8225,
      1.355,
      2.8775,
      1.41,
      2.935,
      1.4675
    ],
    "SpacingBetweenSlices": 3,
    "TaskName": "rest",
    "TotalReadoutTime": 0.0315,
    "dataset": "ds002843",
    "modality": "bold",
    "session_id": "scan2",
    "subject_id": "dmp0574",
    "task_id": "rest"
  },
  "dummy_trs": 0,
  "dvars_nstd": 27.151921997672932,
  "dvars_std": 1.2982099916981125,
  "dvars_vstd": 1.0623322653459124,
  "efc": 0.5735015087507513,
  "fber": 351.8787536621094,
  "fd_mean": 0.14763269702184445,
  "fd_num": 22,
  "fd_perc": 13.75,
  "fwhm_avg": 2.9304144444444447,
  "fwhm_x": 2.7880333333333334,
  "fwhm_y": 2.761293333333333,
  "fwhm_z": 3.2419166666666666,
  "gcor": 0.0621996,
  "gsr_x": -0.00498192198574543,
  "gsr_y": 0.08265428245067596,
  "provenance": {
    "md5sum": "9c3838e30890690e0ddaa1e60aa135ba",
    "settings": {
      "fd_thres": 0.2,
      "testing": false
    },
    "software": "mriqc",
    "version": "21.0.0rc2",
    "webapi_port": null,
    "webapi_url": "https://mriqc.nimh.nih.gov/api/v1"
  },
  "size_t": 160,
  "size_x": 64,
  "size_y": 64,
  "size_z": 53,
  "snr": 2.1679000036219076,
  "spacing_tr": 3.0,
  "spacing_x": 3.0,
  "spacing_y": 3.0,
  "spacing_z": 3.0,
  "summary_bg_k": 13.947499422749583,
  "summary_bg_mad": 12.92644092043503,
  "summary_bg_mean": 82.47103881835938,
  "summary_bg_median": 36.931251525878906,
  "summary_bg_n": 123929.0,
  "summary_bg_p05": 27.537500381469727,
  "summary_bg_p95": 311.76125488281207,
  "summary_bg_stdv": 108.9228744506836,
  "summary_fg_k": 3.4832416001127804,
  "summary_fg_mad": 246.54741028092948,
  "summary_fg_mean": 801.5984497070312,
  "summary_fg_median": 717.4249877929688,
  "summary_fg_n": 46723.0,
  "summary_fg_p05": 433.2250061035156,
  "summary_fg_p95": 1483.7724975585938,
  "summary_fg_stdv": 330.92730712890625,
  "tsnr": 64.97565328143537
}