{
  "aor": 0.0023281553398058256,
  "aqi": 0.002122166310679612,
  "bids_meta": {
    "BandwidthPerPixelPhaseEncode": 31.25,
    "EchoTime": 0.025,
    "EffectiveEchoSpacing": 0.0005,
    "FlipAngle": 75,
    "ImageType": [
      "ORIGINAL",
      "PRIMARY",
      "M",
      "ND",
      "MOSAIC"
    ],
    "MagneticFieldStrength": 3,
    "Manufacturer": "Siemens",
    "ManufacturersModelName": "TrioTim",
    "Modality": "MR",
    "PhaseEncodingDirection": "j-",
    "PixelBandwidth": 3005,
    "RepetitionTime": 3,
    "ScanningSequence": "EP",
    "SequenceVariant": "SK",
    "SliceThickness": 3,
    "SliceTiming": [
      0,
      1.5225,
      0.055,
      1.58,
      0.1125,
      1.6375,
      0.17,
      1.6925,
      0.225,
      1.75,
      0.2825,
      1.805,
      0.3375,
      1.8625,
      0.395,
      1.92,
      0.45,
      1.975,
      0.5075,
      2.0325,
      0.565,
      2.0875,
      0.62,
      2.145,
      0.6775,
      2.2,
      0.7325,
      2.2575,
      0.79,
      2.315,
      0.8475,
      2.37,
      0.9025,
      2.4275,
      0.96,
      2.4825,
      1.015,
      2.54,
      1.0725,
      2.595,
      1.1275,
      2.6525,
      1.185,
      2.71,
      1.2425,
      2.765,
      1.2975,
      2.8225,
      1.355,
      2.8775,
      1.41,
      2.935,
      1.4675
    ],
    "SpacingBetweenSlices": 3,
    "TaskName": "intertemporal choice task",
    "TotalReadoutTime": 0.0315,
    "dataset": "ds002843",
    "modality": "bold",
    "run_id": 4,
    "session_id": "scan2",
    "subject_id": "dmp0574",
    "task_id": "itc"
  },
  "dummy_trs": 1,
  "dvars_nstd": 23.219449650980405,
  "dvars_std": 1.2166743721568625,
  "dvars_vstd": 1.0121915125490193,
  "efc": 0.5774087644625752,
  "fber": 347.6319274902344,
  "fd_mean": 0.09569718926645701,
  "fd_num": 8,
  "fd_perc": 7.766990291262136,
  "fwhm_avg": 2.9024,
  "fwhm_x": 2.7602499999999996,
  "fwhm_y": 2.7425433333333333,
  "fwhm_z": 3.204406666666667,
  "gcor": 0.0371347,
  "gsr_x": -0.005013102665543556,
  "gsr_y": 0.08281707018613815,
  "provenance": {
    "md5sum": "6bb24557f7ce8713ec1bdf1ca908a46f",
    "settings": {
      "fd_thres": 0.2,
      "testing": false
    },
    "software": "mriqc",
    "version": "21.0.0rc2",
    "webapi_port": null,
    "webapi_url": "https://mriqc.nimh.nih.gov/api/v1"
  },
  "size_t": 103,
  "size_x": 64,
  "size_y": 64,
  "size_z": 53,
  "snr": 2.1952416451495815,
  "spacing_tr": 3.0,
  "spacing_x": 3.0,
  "spacing_y": 3.0,
  "spacing_z": 3.0,
  "summary_bg_k": 13.670659272174461,
  "summary_bg_mad": 12.681289874584873,
  "summary_bg_mean": 83.25433349609375,
  "summary_bg_median": 36.844661712646484,
  "summary_bg_n": 123195.0,
  "summary_bg_p05": 27.495145797729492,
  "summary_bg_p95": 319.426214599609,
  "summary_bg_stdv": 111.43865966796875,
  "summary_fg_k": 3.421802437541011,
  "summary_fg_mad": 242.1679242232503,
  "summary_fg_mean": 793.82177734375,
  "summary_fg_median": 713.126220703125,
  "summary_fg_n": 47001.0,
  "summary_fg_p05": 427.873779296875,
  "summary_fg_p95": 1455.631103515625,
  "summary_fg_stdv": 324.8474426269531,
  "tsnr": 83.35978804342449
}