{
  "aor": 0.007073076923076923,
  "aqi": 0.003813524134615385,
  "bids_meta": {
    "BandwidthPerPixelPhaseEncode": 31.25,
    "EchoTime": 0.025,
    "EffectiveEchoSpacing": 0.0005,
    "FlipAngle": 75,
    "ImageType": [
      "ORIGINAL",
      "PRIMARY",
      "M",
      "ND",
      "MOSAIC"
    ],
    "MagneticFieldStrength": 3,
    "Manufacturer": "Siemens",
    "ManufacturersModelName": "TrioTim",
    "Modality": "MR",
    "PhaseEncodingDirection": "j-",
    "PixelBandwidth": 3005,
    "RepetitionTime": 3,
    "ScanningSequence": "EP",
    "SequenceVariant": "SK",
    "SliceThickness": 3,
    "SliceTiming": [
      0,
      1.5225,
      0.055,
      1.58,
      0.1125,
      1.6375,
      0.17,
      1.6925,
      0.225,
      1.75,
      0.2825,
      1.805,
      0.3375,
      1.8625,
      0.395,
      1.92,
      0.45,
      1.975,
      0.5075,
      2.0325,
      0.565,
      2.0875,
      0.62,
      2.145,
      0.6775,
      2.2,
      0.7325,
      2.2575,
      0.79,
      2.315,
      0.8475,
      2.37,
      0.9025,
      2.4275,
      0.96,
      2.4825,
      1.015,
      2.54,
      1.0725,
      2.595,
      1.1275,
      2.6525,
      1.185,
      2.71,
      1.2425,
      2.765,
      1.2975,
      2.8225,
      1.355,
      2.8775,
      1.41,
      2.935,
      1.4675
    ],
    "SpacingBetweenSlices": 3,
    "TaskName": "risk choice task",
    "TotalReadoutTime": 0.0315,
    "dataset": "ds002843",
    "modality": "bold",
    "run_id": 1,
    "session_id": "scan2",
    "subject_id": "dmp0574",
    "task_id": "risk"
  },
  "dummy_trs": 0,
  "dvars_nstd": 27.34467539718446,
  "dvars_std": 1.2184435975728154,
  "dvars_vstd": 1.0075336324271844,
  "efc": 0.5749741973456672,
  "fber": 351.1905212402344,
  "fd_mean": 0.12418307430938084,
  "fd_num": 14,
  "fd_perc": 13.461538461538462,
  "fwhm_avg": 2.9286266666666667,
  "fwhm_x": 2.7911266666666665,
  "fwhm_y": 2.7353533333333337,
  "fwhm_z": 3.2594,
  "gcor": 0.0791071,
  "gsr_x": -0.005488699302077293,
  "gsr_y": 0.08214864879846573,
  "provenance": {
    "md5sum": "6ec1d7121ace8d309428b91f01d83ea8",
    "settings": {
      "fd_thres": 0.2,
      "testing": false
    },
    "software": "mriqc",
    "version": "21.0.0rc2",
    "webapi_port": null,
    "webapi_url": "https://mriqc.nimh.nih.gov/api/v1"
  },
  "size_t": 104,
  "size_x": 64,
  "size_y": 64,
  "size_z": 53,
  "snr": 2.1754626455074617,
  "spacing_tr": 3.0,
  "spacing_x": 3.0,
  "spacing_y": 3.0,
  "spacing_z": 3.0,
  "summary_bg_k": 14.838599518297421,
  "summary_bg_mad": 12.502327235729235,
  "summary_bg_mean": 82.3825454711914,
  "summary_bg_median": 36.82692337036133,
  "summary_bg_n": 123350.0,
  "summary_bg_p05": 27.740385055541992,
  "summary_bg_p95": 312.77020416259745,
  "summary_bg_stdv": 110.02123260498047,
  "summary_fg_k": 3.445785434968025,
  "summary_fg_mad": 246.16906800336773,
  "summary_fg_mean": 800.5352172851562,
  "summary_fg_median": 717.519287109375,
  "summary_fg_n": 46895.0,
  "summary_fg_p05": 432.3461608886719,
  "summary_fg_p95": 1477.6962158203116,
  "summary_fg_stdv": 329.82025146484375,
  "tsnr": 60.21949139237404
}