{
  "aor": 0.001075673076923077,
  "aqi": 0.0020538265384615383,
  "bids_meta": {
    "BandwidthPerPixelPhaseEncode": 31.25,
    "EchoTime": 0.025,
    "EffectiveEchoSpacing": 0.0005,
    "FlipAngle": 75,
    "ImageType": [
      "ORIGINAL",
      "PRIMARY",
      "M",
      "ND",
      "MOSAIC"
    ],
    "MagneticFieldStrength": 3,
    "Manufacturer": "Siemens",
    "ManufacturersModelName": "TrioTim",
    "Modality": "MR",
    "PhaseEncodingDirection": "j-",
    "PixelBandwidth": 3005,
    "RepetitionTime": 3,
    "ScanningSequence": "EP",
    "SequenceVariant": "SK",
    "SliceThickness": 3,
    "SliceTiming": [
      0,
      1.5225,
      0.055,
      1.58,
      0.1125,
      1.6375,
      0.17,
      1.6925,
      0.225,
      1.75,
      0.2825,
      1.805,
      0.3375,
      1.8625,
      0.395,
      1.92,
      0.45,
      1.975,
      0.5075,
      2.0325,
      0.565,
      2.0875,
      0.62,
      2.145,
      0.6775,
      2.2,
      0.7325,
      2.2575,
      0.79,
      2.315,
      0.8475,
      2.37,
      0.9025,
      2.4275,
      0.96,
      2.4825,
      1.015,
      2.54,
      1.0725,
      2.595,
      1.1275,
      2.6525,
      1.185,
      2.71,
      1.2425,
      2.765,
      1.2975,
      2.8225,
      1.355,
      2.8775,
      1.41,
      2.935,
      1.4675
    ],
    "SpacingBetweenSlices": 3,
    "TaskName": "risk choice task",
    "TotalReadoutTime": 0.0315,
    "dataset": "ds002843",
    "modality": "bold",
    "run_id": 3,
    "session_id": "scan2",
    "subject_id": "dmp0909",
    "task_id": "risk"
  },
  "dummy_trs": 0,
  "dvars_nstd": 19.666340179805818,
  "dvars_std": 1.1896333919417477,
  "dvars_vstd": 0.9766627782524271,
  "efc": 0.5701791324913212,
  "fber": 329.8962097167969,
  "fd_mean": 0.04528706547218231,
  "fd_num": 0,
  "fd_perc": 0.0,
  "fwhm_avg": 3.109521280006051,
  "fwhm_x": 2.9529933333333336,
  "fwhm_y": 3.1011769131260647,
  "fwhm_z": 3.2743935935587563,
  "gcor": 0.0679905,
  "gsr_x": -0.004837039392441511,
  "gsr_y": 0.10593972355127335,
  "provenance": {
    "md5sum": "c2ca9f5f2618a962698ff2d42a151149",
    "settings": {
      "fd_thres": 0.2,
      "testing": false
    },
    "software": "mriqc",
    "version": "21.0.0rc2",
    "webapi_port": null,
    "webapi_url": "https://mriqc.nimh.nih.gov/api/v1"
  },
  "size_t": 104,
  "size_x": 64,
  "size_y": 64,
  "size_z": 53,
  "snr": 1.9991397821333556,
  "spacing_tr": 3.0,
  "spacing_x": 3.0,
  "spacing_y": 2.999999761581421,
  "spacing_z": 2.999999761581421,
  "summary_bg_k": 16.95170867633978,
  "summary_bg_mad": 16.607996440427456,
  "summary_bg_mean": 88.95797729492188,
  "summary_bg_median": 40.653846740722656,
  "summary_bg_n": 124586.0,
  "summary_bg_p05": 28.76923179626465,
  "summary_bg_p95": 330.5769348144531,
  "summary_bg_stdv": 116.84127044677734,
  "summary_fg_k": 3.4159431309722272,
  "summary_fg_mad": 282.2218927277141,
  "summary_fg_mean": 861.1715698242188,
  "summary_fg_median": 759.269287109375,
  "summary_fg_n": 47940.0,
  "summary_fg_p05": 445.1827087402344,
  "summary_fg_p95": 1624.1241333007804,
  "summary_fg_stdv": 379.7940368652344,
  "tsnr": 82.8448890033178
}