{
  "aor": 0.0010370440251572328,
  "aqi": 0.001891601754716981,
  "bids_meta": {
    "BandwidthPerPixelPhaseEncode": 31.25,
    "EchoTime": 0.025,
    "EffectiveEchoSpacing": 0.0005,
    "FlipAngle": 75,
    "ImageType": [
      "ORIGINAL",
      "PRIMARY",
      "M",
      "ND",
      "MOSAIC"
    ],
    "MagneticFieldStrength": 3,
    "Manufacturer": "Siemens",
    "ManufacturersModelName": "TrioTim",
    "Modality": "MR",
    "PhaseEncodingDirection": "j-",
    "PixelBandwidth": 3005,
    "RepetitionTime": 3,
    "ScanningSequence": "EP",
    "SequenceVariant": "SK",
    "SliceThickness": 3,
    "SliceTiming": [
      0,
      1.5225,
      0.055,
      1.58,
      0.1125,
      1.635,
      0.1675,
      1.6925,
      0.225,
      1.75,
      0.2825,
      1.805,
      0.3375,
      1.8625,
      0.395,
      1.9175,
      0.45,
      1.975,
      0.5075,
      2.03,
      0.5625,
      2.0875,
      0.62,
      2.145,
      0.6775,
      2.2,
      0.7325,
      2.2575,
      0.79,
      2.3125,
      0.845,
      2.37,
      0.9025,
      2.425,
      0.9575,
      2.4825,
      1.015,
      2.54,
      1.0725,
      2.595,
      1.1275,
      2.6525,
      1.185,
      2.7075,
      1.24,
      2.765,
      1.2975,
      2.8225,
      1.355,
      2.8775,
      1.41,
      2.935,
      1.4675
    ],
    "SpacingBetweenSlices": 3,
    "TaskName": "rest",
    "TotalReadoutTime": 0.0315,
    "dataset": "ds002843",
    "modality": "bold",
    "session_id": "scan2",
    "subject_id": "dmp0909",
    "task_id": "rest"
  },
  "dummy_trs": 1,
  "dvars_nstd": 20.190760268101265,
  "dvars_std": 1.2295595039240508,
  "dvars_vstd": 0.9937891692405055,
  "efc": 0.5647635820061953,
  "fber": 333.5356140136719,
  "fd_mean": 0.040264520491270175,
  "fd_num": 0,
  "fd_perc": 0.0,
  "fwhm_avg": 3.1640612833516824,
  "fwhm_x": 2.99032,
  "fwhm_y": 3.155463584107048,
  "fwhm_z": 3.3464002659479988,
  "gcor": 0.0349369,
  "gsr_x": -0.009180478751659393,
  "gsr_y": 0.10427755117416382,
  "provenance": {
    "md5sum": "084898764c3ed9abc0d2c1ffe9e0635c",
    "settings": {
      "fd_thres": 0.2,
      "testing": false
    },
    "software": "mriqc",
    "version": "21.0.0rc2",
    "webapi_port": null,
    "webapi_url": "https://mriqc.nimh.nih.gov/api/v1"
  },
  "size_t": 159,
  "size_x": 64,
  "size_y": 64,
  "size_z": 53,
  "snr": 1.9053395420506565,
  "spacing_tr": 3.0,
  "spacing_x": 3.0,
  "spacing_y": 2.999999761581421,
  "spacing_z": 2.999999761581421,
  "summary_bg_k": 23.261255376941104,
  "summary_bg_mad": 16.355249818178628,
  "summary_bg_mean": 88.5508041381836,
  "summary_bg_median": 40.42767333984375,
  "summary_bg_n": 124356.0,
  "summary_bg_p05": 28.855344772338867,
  "summary_bg_p95": 327.72955322265625,
  "summary_bg_stdv": 119.79942321777344,
  "summary_fg_k": 3.898501144564274,
  "summary_fg_mad": 285.3217475615232,
  "summary_fg_mean": 873.0132446289062,
  "summary_fg_median": 761.2767333984375,
  "summary_fg_n": 48313.0,
  "summary_fg_p05": 447.476708984375,
  "summary_fg_p95": 1685.0640869140627,
  "summary_fg_stdv": 399.54498291015625,
  "tsnr": 83.29217388993129
}