{
  "aor": 0.016182038216560512,
  "aqi": 0.01492916458598726,
  "bids_meta": {
    "BandwidthPerPixelPhaseEncode": 31.25,
    "EchoTime": 0.025,
    "EffectiveEchoSpacing": 0.0005,
    "FlipAngle": 75,
    "ImageType": [
      "ORIGINAL",
      "PRIMARY",
      "M",
      "ND",
      "MOSAIC"
    ],
    "MagneticFieldStrength": 3,
    "Manufacturer": "Siemens",
    "ManufacturersModelName": "TrioTim",
    "Modality": "MR",
    "PhaseEncodingDirection": "j-",
    "PixelBandwidth": 3005,
    "RepetitionTime": 3,
    "ScanningSequence": "EP",
    "SequenceVariant": "SK",
    "SliceThickness": 3,
    "SliceTiming": [
      0,
      1.5225,
      0.055,
      1.58,
      0.1125,
      1.635,
      0.1675,
      1.6925,
      0.225,
      1.75,
      0.2825,
      1.805,
      0.3375,
      1.8625,
      0.395,
      1.9175,
      0.45,
      1.975,
      0.5075,
      2.03,
      0.5625,
      2.0875,
      0.62,
      2.145,
      0.6775,
      2.2,
      0.7325,
      2.2575,
      0.79,
      2.3125,
      0.845,
      2.37,
      0.9025,
      2.425,
      0.9575,
      2.4825,
      1.015,
      2.54,
      1.0725,
      2.595,
      1.1275,
      2.6525,
      1.185,
      2.7075,
      1.24,
      2.765,
      1.2975,
      2.8225,
      1.355,
      2.8775,
      1.41,
      2.935,
      1.4675
    ],
    "SpacingBetweenSlices": 3,
    "TaskName": "rest",
    "TotalReadoutTime": 0.0315,
    "dataset": "ds002843",
    "modality": "bold",
    "session_id": "scan2",
    "subject_id": "dmp0978",
    "task_id": "rest"
  },
  "dummy_trs": 3,
  "dvars_nstd": 39.74613371858974,
  "dvars_std": 0.9374214321794871,
  "dvars_vstd": 0.894648036153846,
  "efc": 0.5773762285175346,
  "fber": 317.7283630371094,
  "fd_mean": 0.5732779600871825,
  "fd_num": 44,
  "fd_perc": 28.02547770700637,
  "fwhm_avg": 2.33463,
  "fwhm_x": 2.1741433333333333,
  "fwhm_y": 2.236153333333333,
  "fwhm_z": 2.593593333333333,
  "gcor": 0.0311792,
  "gsr_x": -0.0078831622377038,
  "gsr_y": 0.07151064276695251,
  "provenance": {
    "md5sum": "49dbcfb2fb08f92a3a4bd0c9a6ccefe5",
    "settings": {
      "fd_thres": 0.2,
      "testing": false
    },
    "software": "mriqc",
    "version": "21.0.0rc2",
    "webapi_port": null,
    "webapi_url": "https://mriqc.nimh.nih.gov/api/v1"
  },
  "size_t": 157,
  "size_x": 64,
  "size_y": 64,
  "size_z": 53,
  "snr": 3.3091238264112395,
  "spacing_tr": 3.0,
  "spacing_x": 3.0,
  "spacing_y": 3.0,
  "spacing_z": 3.0,
  "summary_bg_k": 15.125419943443315,
  "summary_bg_mad": 15.014890745030252,
  "summary_bg_mean": 65.35653686523438,
  "summary_bg_median": 33.401275634765625,
  "summary_bg_n": 134422.0,
  "summary_bg_p05": 21.388534545898438,
  "summary_bg_p95": 216.34108200073226,
  "summary_bg_stdv": 73.987548828125,
  "summary_fg_k": 2.047811162317588,
  "summary_fg_mad": 162.59992354167068,
  "summary_fg_mean": 634.0803833007812,
  "summary_fg_median": 599.8726196289062,
  "summary_fg_n": 40362.0,
  "summary_fg_p05": 405.1038391113281,
  "summary_fg_p95": 976.3484100341792,
  "summary_fg_stdv": 181.27613830566406,
  "tsnr": 27.287853031419218
}