{
  "bids_meta": {
    "EchoTime": 0.00311,
    "FlipAngle": 15,
    "ImageType": [
      "ORIGINAL",
      "PRIMARY",
      "M",
      "ND",
      "NORM"
    ],
    "InversionTime": 1.1,
    "MagneticFieldStrength": 3,
    "Manufacturer": "Siemens",
    "ManufacturersModelName": "TrioTim",
    "Modality": "MR",
    "RepetitionTime": 1.63,
    "ScanningSequence": "GR_IR",
    "SequenceVariant": "SP_MP",
    "SliceThickness": 1,
    "dataset": "ds002843",
    "modality": "T1w",
    "session_id": "scan1",
    "subject_id": "dmp1037"
  },
  "cjv": 0.8138337366163809,
  "cnr": 1.619458196243236,
  "efc": 0.6919426008929149,
  "fber": 1075.9483642578125,
  "fwhm_avg": 3.823314,
  "fwhm_x": 3.6627840000000003,
  "fwhm_y": 4.239808,
  "fwhm_z": 3.56735,
  "icvs_csf": 0.19585230905350168,
  "icvs_gm": 0.38940080660067206,
  "icvs_wm": 0.41474688434582624,
  "inu_med": 1.0658918619155884,
  "inu_range": 0.32474558353424055,
  "provenance": {
    "md5sum": "b0912947f756d4b3c0707678ca2160be",
    "settings": {
      "testing": false
    },
    "software": "mriqc",
    "version": "21.0.0rc2",
    "warnings": {
      "large_rot_frame": true,
      "small_air_mask": false
    },
    "webapi_port": null,
    "webapi_url": "https://mriqc.nimh.nih.gov/api/v1"
  },
  "qi_1": 0.0,
  "qi_2": 0.005861278026237259,
  "rpve_csf": 13.139788177923771,
  "rpve_gm": 6.591180874068148,
  "rpve_wm": 7.46104421778225,
  "size_x": 192,
  "size_y": 256,
  "size_z": 160,
  "snr_csf": 2.403772520958171,
  "snr_gm": 11.128492556216173,
  "snr_total": 11.31255871251897,
  "snr_wm": 20.405411060382562,
  "snrd_csf": 20.064166060744817,
  "snrd_gm": 38.75788551286416,
  "snrd_total": 34.893060612812526,
  "snrd_wm": 45.85713026482859,
  "spacing_x": 0.9375,
  "spacing_y": 0.9375,
  "spacing_z": 1.0,
  "summary_bg_k": 4.85176425774246,
  "summary_bg_mad": 14.287077368867736,
  "summary_bg_mean": 25.638439178466797,
  "summary_bg_median": 12.042827606201172,
  "summary_bg_n": 1593156.0,
  "summary_bg_p05": 0.0,
  "summary_bg_p95": 89.74817848205566,
  "summary_bg_stdv": 31.1284122467041,
  "summary_csf_k": 66.66931383484565,
  "summary_csf_mad": 104.05767733547972,
  "summary_csf_mean": 466.15423583984375,
  "summary_csf_median": 437.5551452636719,
  "summary_csf_n": 53334.0,
  "summary_csf_p05": 295.02015533447263,
  "summary_csf_p95": 683.6723510742188,
  "summary_csf_stdv": 182.0268096923828,
  "summary_gm_k": -0.4404131620425358,
  "summary_gm_mad": 80.48600781391514,
  "summary_gm_mean": 851.0327758789062,
  "summary_gm_median": 845.223876953125,
  "summary_gm_n": 25202.0,
  "summary_gm_p05": 735.3408813476562,
  "summary_gm_p95": 982.6591247558594,
  "summary_gm_stdv": 75.9498291015625,
  "summary_wm_k": 1.0126632038577306,
  "summary_wm_mad": 45.51079347281303,
  "summary_wm_mean": 1005.4682006835938,
  "summary_wm_median": 1000.042724609375,
  "summary_wm_n": 315400.0,
  "summary_wm_p05": 934.8461242675781,
  "summary_wm_p95": 1093.854998779297,
  "summary_wm_stdv": 49.00862503051758,
  "tpm_overlap_csf": 0.18258962035179138,
  "tpm_overlap_gm": 0.4297318756580353,
  "tpm_overlap_wm": 0.4822608530521393,
  "wm2max": 0.4825889509936956
}