{
  "bids_meta": {
    "EchoTime": 0.00311,
    "FlipAngle": 15,
    "ImageType": [
      "ORIGINAL",
      "PRIMARY",
      "M",
      "ND",
      "NORM"
    ],
    "InversionTime": 1.1,
    "MagneticFieldStrength": 3,
    "Manufacturer": "Siemens",
    "ManufacturersModelName": "TrioTim",
    "Modality": "MR",
    "RepetitionTime": 1.63,
    "ScanningSequence": "GR_IR",
    "SequenceVariant": "SP_MP",
    "SliceThickness": 1,
    "dataset": "ds002843",
    "modality": "T1w",
    "session_id": "scan2",
    "subject_id": "dmp1083"
  },
  "cjv": 0.4636765368853494,
  "cnr": 2.7817930923712995,
  "efc": 0.5458838526175096,
  "fber": 25046.515625,
  "fwhm_avg": 3.215923333333334,
  "fwhm_x": 3.1118506666666668,
  "fwhm_y": 3.5254293333333333,
  "fwhm_z": 3.01049,
  "icvs_csf": 0.16245814343366863,
  "icvs_gm": 0.43509099195100825,
  "icvs_wm": 0.4024508646153231,
  "inu_med": 1.0035862922668457,
  "inu_range": 0.18874185085296624,
  "provenance": {
    "md5sum": "0efc75373dd4e1bcb1e76d93924e9514",
    "settings": {
      "testing": false
    },
    "software": "mriqc",
    "version": "21.0.0rc2",
    "warnings": {
      "large_rot_frame": true,
      "small_air_mask": false
    },
    "webapi_port": null,
    "webapi_url": "https://mriqc.nimh.nih.gov/api/v1"
  },
  "qi_1": 0.0011759346134943532,
  "qi_2": 0.004679087060539244,
  "rpve_csf": 21.214390384075873,
  "rpve_gm": 8.845731207906825,
  "rpve_wm": 11.149010525711992,
  "size_x": 192,
  "size_y": 256,
  "size_z": 160,
  "snr_csf": 2.956736523171852,
  "snr_gm": 13.959487985348781,
  "snr_total": 14.259652655546324,
  "snr_wm": 25.862733458118335,
  "snrd_csf": 76.33467059099087,
  "snrd_gm": 147.0573868351585,
  "snrd_total": 135.2939952342755,
  "snrd_wm": 182.4899282766772,
  "spacing_x": 0.9375,
  "spacing_y": 0.9375,
  "spacing_z": 1.0,
  "summary_bg_k": 743.6580897592045,
  "summary_bg_mad": 3.590065374211586,
  "summary_bg_mean": 6.254430294036865,
  "summary_bg_median": 4.835783958435059,
  "summary_bg_n": 2516475.0,
  "summary_bg_p05": 0.0,
  "summary_bg_p95": 16.93138961791992,
  "summary_bg_stdv": 6.660948753356934,
  "summary_csf_k": 4.418825678362781,
  "summary_csf_mad": 131.7704573718708,
  "summary_csf_mean": 455.2088623046875,
  "summary_csf_median": 418.304443359375,
  "summary_csf_n": 14230.0,
  "summary_csf_p05": 278.7348663330078,
  "summary_csf_p95": 689.9200714111328,
  "summary_csf_stdv": 141.47007751464844,
  "summary_gm_k": 0.40439080696109686,
  "summary_gm_mad": 55.24946486299138,
  "summary_gm_mean": 809.6430053710938,
  "summary_gm_median": 805.8560791015625,
  "summary_gm_n": 25860.0,
  "summary_gm_p05": 721.7539306640625,
  "summary_gm_p95": 911.2351623535156,
  "summary_gm_stdv": 57.727081298828125,
  "summary_wm_k": 1.1620344482461427,
  "summary_wm_mad": 34.7807042416955,
  "summary_wm_mean": 1002.2427978515625,
  "summary_wm_median": 1000.02197265625,
  "summary_wm_n": 188055.0,
  "summary_wm_p05": 944.1277282714843,
  "summary_wm_p95": 1068.9979736328125,
  "summary_wm_stdv": 38.666419982910156,
  "tpm_overlap_csf": 0.1745113730430603,
  "tpm_overlap_gm": 0.461381733417511,
  "tpm_overlap_wm": 0.490245521068573,
  "wm2max": 0.45786644854984704
}