{
  "bids_meta": {
    "EchoTime": 0.09,
    "FlipAngle": 180,
    "ImageType": [
      "ORIGINAL",
      "PRIMARY",
      "M",
      "ND",
      "NORM"
    ],
    "ImagingFrequency": 123.204,
    "MagneticFieldStrength": 3,
    "Manufacturer": "Siemens",
    "ManufacturersModelName": "TrioTim",
    "Modality": "MR",
    "PhaseEncodingDirection": "i",
    "RepetitionTime": 7,
    "ScanningSequence": "SE",
    "SequenceVariant": "SK_SP_OSP",
    "SliceThickness": 3,
    "SpacingBetweenSlices": 3,
    "dataset": "ds002843",
    "modality": "T2w",
    "session_id": "scan2",
    "subject_id": "dmp1083"
  },
  "cjv": 0.5774969149186135,
  "cnr": 2.3419183819255567,
  "efc": 0.5496659700631995,
  "fber": 4628.1984834628865,
  "fwhm_avg": 2.5370632910773523,
  "fwhm_x": 2.919173333333333,
  "fwhm_y": 3.096906666666667,
  "fwhm_z": 1.5951098732320568,
  "icvs_csf": 0.1421910010097656,
  "icvs_gm": 0.440325252178963,
  "icvs_wm": 0.41748374681127143,
  "inu_med": 1.371315598487854,
  "inu_range": 0.41807994842529284,
  "provenance": {
    "md5sum": "c5607f4d9faf8def8bac4da8ee4dce47",
    "settings": {
      "testing": false
    },
    "software": "mriqc",
    "version": "21.0.0rc2",
    "warnings": {
      "large_rot_frame": false,
      "small_air_mask": false
    },
    "webapi_port": null,
    "webapi_url": "https://mriqc.nimh.nih.gov/api/v1"
  },
  "qi_1": 0.0,
  "qi_2": 0.003879074646624834,
  "rpve_csf": 17.95126077613291,
  "rpve_gm": 6.262172961065254,
  "rpve_wm": 7.4847226624405705,
  "size_x": 256,
  "size_y": 256,
  "size_z": 44,
  "snr_csf": 2.6521983297669203,
  "snr_gm": 9.319864627141044,
  "snr_total": 6.984807659956981,
  "snr_wm": 8.982360022962977,
  "snrd_csf": 198.4174158174533,
  "snrd_gm": 108.79153837928997,
  "snrd_total": 127.27428958241802,
  "snrd_wm": 74.61391455051074,
  "spacing_x": 0.75,
  "spacing_y": 0.75,
  "spacing_z": 3.000000238418579,
  "summary_bg_k": 3719.2082941247854,
  "summary_bg_mad": 8.65270828760522,
  "summary_bg_mean": 17.4551152338554,
  "summary_bg_median": 14.325127489864826,
  "summary_bg_n": 893912.0,
  "summary_bg_p05": 2.8650254979729652,
  "summary_bg_p95": 39.89813286066055,
  "summary_bg_stdv": 36.695030916752415,
  "summary_csf_k": 0.20721909217906997,
  "summary_csf_mad": 757.5839410720533,
  "summary_csf_mean": 2568.4189988122985,
  "summary_csf_median": 2620.596378173679,
  "summary_csf_n": 72312.0,
  "summary_csf_p05": 543.824284337461,
  "summary_csf_p95": 4103.931496132537,
  "summary_csf_stdv": 988.0777876350068,
  "summary_gm_k": 0.11186516750365794,
  "summary_gm_mad": 152.28766586185188,
  "summary_gm_mean": 1443.4918767415475,
  "summary_gm_median": 1436.8633432611823,
  "summary_gm_n": 223356.0,
  "summary_gm_p05": 1201.9312524273992,
  "summary_gm_p95": 1708.828541457653,
  "summary_gm_stdv": 154.17178083696857,
  "summary_wm_k": 0.0325183946956864,
  "summary_wm_mad": 108.39483654836357,
  "summary_wm_mean": 980.7068303466067,
  "summary_wm_median": 985.4626592472196,
  "summary_wm_n": 235264.0,
  "summary_wm_p05": 789.8981409966946,
  "summary_wm_p95": 1153.4380430728197,
  "summary_wm_stdv": 109.71065091462374,
  "tpm_overlap_csf": 0.17758898437023163,
  "tpm_overlap_gm": 0.4565593898296356,
  "tpm_overlap_wm": 0.5017421841621399,
  "wm2max": 0.21151805668861395
}