{
  "aor": 0.0026429807692307694,
  "aqi": 0.0053379105769230765,
  "bids_meta": {
    "BandwidthPerPixelPhaseEncode": 31.25,
    "EchoTime": 0.025,
    "EffectiveEchoSpacing": 0.0005,
    "FlipAngle": 75,
    "ImageType": [
      "ORIGINAL",
      "PRIMARY",
      "M",
      "ND",
      "MOSAIC"
    ],
    "MagneticFieldStrength": 3,
    "Manufacturer": "Siemens",
    "ManufacturersModelName": "TrioTim",
    "Modality": "MR",
    "PhaseEncodingDirection": "j-",
    "PixelBandwidth": 3005,
    "RepetitionTime": 3,
    "ScanningSequence": "EP",
    "SequenceVariant": "SK",
    "SliceThickness": 3,
    "SliceTiming": [
      0,
      1.5225,
      0.055,
      1.58,
      0.1125,
      1.6375,
      0.17,
      1.6925,
      0.225,
      1.75,
      0.2825,
      1.805,
      0.3375,
      1.8625,
      0.395,
      1.92,
      0.45,
      1.975,
      0.5075,
      2.0325,
      0.565,
      2.0875,
      0.62,
      2.145,
      0.6775,
      2.2,
      0.7325,
      2.2575,
      0.79,
      2.315,
      0.8475,
      2.37,
      0.9025,
      2.4275,
      0.96,
      2.4825,
      1.015,
      2.54,
      1.0725,
      2.595,
      1.1275,
      2.6525,
      1.185,
      2.71,
      1.2425,
      2.765,
      1.2975,
      2.8225,
      1.355,
      2.8775,
      1.41,
      2.935,
      1.4675
    ],
    "SpacingBetweenSlices": 3,
    "TaskName": "risk choice task",
    "TotalReadoutTime": 0.0315,
    "dataset": "ds002843",
    "modality": "bold",
    "run_id": 4,
    "session_id": "scan2",
    "subject_id": "dmp1000",
    "task_id": "risk"
  },
  "dummy_trs": 0,
  "dvars_nstd": 26.834184221067957,
  "dvars_std": 1.0800928989320393,
  "dvars_vstd": 0.9579969363106792,
  "efc": 0.6055154714803792,
  "fber": 238.45697021484375,
  "fd_mean": 0.20577314093757,
  "fd_num": 33,
  "fd_perc": 31.73076923076923,
  "fwhm_avg": 2.681878888888889,
  "fwhm_x": 2.5287633333333335,
  "fwhm_y": 2.5145566666666666,
  "fwhm_z": 3.0023166666666667,
  "gcor": 0.0132246,
  "gsr_x": -0.010618052445352077,
  "gsr_y": 0.07351488620042801,
  "provenance": {
    "md5sum": "0e7c3071d52a916fb4ed37ec3fc8b199",
    "settings": {
      "fd_thres": 0.2,
      "testing": false
    },
    "software": "mriqc",
    "version": "21.0.0rc2",
    "webapi_port": null,
    "webapi_url": "https://mriqc.nimh.nih.gov/api/v1"
  },
  "size_t": 104,
  "size_x": 64,
  "size_y": 64,
  "size_z": 53,
  "snr": 2.568821096137596,
  "spacing_tr": 3.0,
  "spacing_x": 3.0,
  "spacing_y": 3.0,
  "spacing_z": 3.0,
  "summary_bg_k": 37.81458219181964,
  "summary_bg_mad": 19.231063426620075,
  "summary_bg_mean": 82.88460540771484,
  "summary_bg_median": 40.2884635925293,
  "summary_bg_n": 121832.0,
  "summary_bg_p05": 25.701923370361328,
  "summary_bg_p95": 279.6774215698242,
  "summary_bg_stdv": 106.71038055419922,
  "summary_fg_k": 4.1494481306494455,
  "summary_fg_mad": 198.12701900338502,
  "summary_fg_mean": 699.3587036132812,
  "summary_fg_median": 644.0865478515625,
  "summary_fg_n": 49130.0,
  "summary_fg_p05": 406.0663604736328,
  "summary_fg_p95": 1173.4067565917967,
  "summary_fg_stdv": 250.72979736328125,
  "tsnr": 55.127077205106616
}