{
  "aor": 0.003096153846153846,
  "aqi": 0.0045603561538461535,
  "bids_meta": {
    "BandwidthPerPixelPhaseEncode": 31.25,
    "EchoTime": 0.025,
    "EffectiveEchoSpacing": 0.0005,
    "FlipAngle": 75,
    "ImageType": [
      "ORIGINAL",
      "PRIMARY",
      "M",
      "ND",
      "MOSAIC"
    ],
    "MagneticFieldStrength": 3,
    "Manufacturer": "Siemens",
    "ManufacturersModelName": "TrioTim",
    "Modality": "MR",
    "PhaseEncodingDirection": "j-",
    "PixelBandwidth": 3005,
    "RepetitionTime": 3,
    "ScanningSequence": "EP",
    "SequenceVariant": "SK",
    "SliceThickness": 3,
    "SliceTiming": [
      0,
      1.5225,
      0.055,
      1.58,
      0.1125,
      1.6375,
      0.17,
      1.6925,
      0.225,
      1.75,
      0.2825,
      1.805,
      0.3375,
      1.8625,
      0.395,
      1.92,
      0.45,
      1.975,
      0.5075,
      2.0325,
      0.565,
      2.0875,
      0.62,
      2.145,
      0.6775,
      2.2,
      0.7325,
      2.2575,
      0.79,
      2.315,
      0.8475,
      2.37,
      0.9025,
      2.4275,
      0.96,
      2.4825,
      1.015,
      2.54,
      1.0725,
      2.595,
      1.1275,
      2.6525,
      1.185,
      2.71,
      1.2425,
      2.765,
      1.2975,
      2.8225,
      1.355,
      2.8775,
      1.41,
      2.935,
      1.4675
    ],
    "SpacingBetweenSlices": 3,
    "TaskName": "intertemporal choice task",
    "TotalReadoutTime": 0.0315,
    "dataset": "ds002843",
    "modality": "bold",
    "run_id": 2,
    "session_id": "scan2",
    "subject_id": "dmp1000",
    "task_id": "itc"
  },
  "dummy_trs": 0,
  "dvars_nstd": 21.5370771354369,
  "dvars_std": 1.098579535436894,
  "dvars_vstd": 0.9784856178640778,
  "efc": 0.603566043874253,
  "fber": 233.04566955566406,
  "fd_mean": 0.10369875492952965,
  "fd_num": 10,
  "fd_perc": 9.615384615384615,
  "fwhm_avg": 2.783988888888889,
  "fwhm_x": 2.63749,
  "fwhm_y": 2.6357833333333334,
  "fwhm_z": 3.0786933333333333,
  "gcor": 0.017085,
  "gsr_x": -0.015109202824532986,
  "gsr_y": 0.0767819881439209,
  "provenance": {
    "md5sum": "01837c0979421dafb8c0a3bb033393f0",
    "settings": {
      "fd_thres": 0.2,
      "testing": false
    },
    "software": "mriqc",
    "version": "21.0.0rc2",
    "webapi_port": null,
    "webapi_url": "https://mriqc.nimh.nih.gov/api/v1"
  },
  "size_t": 104,
  "size_x": 64,
  "size_y": 64,
  "size_z": 53,
  "snr": 2.436433678803152,
  "spacing_tr": 3.0,
  "spacing_x": 3.0,
  "spacing_y": 3.0,
  "spacing_z": 3.0,
  "summary_bg_k": 31.728516883869972,
  "summary_bg_mad": 19.91534115609656,
  "summary_bg_mean": 86.04220581054688,
  "summary_bg_median": 41.14423370361328,
  "summary_bg_n": 122092.0,
  "summary_bg_p05": 26.326923370361328,
  "summary_bg_p95": 294.6153869628906,
  "summary_bg_stdv": 112.45117950439453,
  "summary_fg_k": 4.422641492127174,
  "summary_fg_mad": 204.24266266386257,
  "summary_fg_mean": 708.8380737304688,
  "summary_fg_median": 648.0385131835938,
  "summary_fg_n": 49367.0,
  "summary_fg_p05": 404.5509796142578,
  "summary_fg_p95": 1220.4471801757807,
  "summary_fg_stdv": 265.9756164550781,
  "tsnr": 62.31251377472654
}