{
  "bids_meta": {
    "EchoTime": 0.00311,
    "FlipAngle": 15,
    "ImageType": [
      "ORIGINAL",
      "PRIMARY",
      "M",
      "ND",
      "NORM"
    ],
    "InversionTime": 1.1,
    "MagneticFieldStrength": 3,
    "Manufacturer": "Siemens",
    "ManufacturersModelName": "TrioTim",
    "Modality": "MR",
    "RepetitionTime": 1.63,
    "ScanningSequence": "GR_IR",
    "SequenceVariant": "SP_MP",
    "SliceThickness": 1,
    "dataset": "ds002843",
    "modality": "T1w",
    "session_id": "scan1",
    "subject_id": "dmp0188"
  },
  "cjv": 0.3837395803640368,
  "cnr": 3.316303280216896,
  "efc": 0.6205216890108863,
  "fber": 8357.3896484375,
  "fwhm_avg": 3.3794737777777777,
  "fwhm_x": 3.2582293333333334,
  "fwhm_y": 3.760992,
  "fwhm_z": 3.1192,
  "icvs_csf": 0.19096109397320402,
  "icvs_gm": 0.4363101989166776,
  "icvs_wm": 0.37272870711011835,
  "inu_med": 1.144328236579895,
  "inu_range": 0.22289492487907414,
  "provenance": {
    "md5sum": "9037dbaf04f2e2f5882aa119a00bc306",
    "settings": {
      "testing": false
    },
    "software": "mriqc",
    "version": "21.0.0rc2",
    "warnings": {
      "large_rot_frame": true,
      "small_air_mask": false
    },
    "webapi_port": null,
    "webapi_url": "https://mriqc.nimh.nih.gov/api/v1"
  },
  "qi_1": 0.0007667446074610746,
  "qi_2": 0.00405920812364978,
  "rpve_csf": 15.328137020131686,
  "rpve_gm": 7.277649637321923,
  "rpve_wm": 9.7499340563272,
  "size_x": 192,
  "size_y": 256,
  "size_z": 160,
  "snr_csf": 1.9267907572156389,
  "snr_gm": 15.474487242798089,
  "snr_total": 14.48850243791589,
  "snr_wm": 26.064229313733946,
  "snrd_csf": 34.544627185505014,
  "snrd_gm": 64.74148795102933,
  "snrd_total": 60.594276695438566,
  "snrd_wm": 82.49671494978134,
  "spacing_x": 0.9375,
  "spacing_y": 0.9375,
  "spacing_z": 1.0,
  "summary_bg_k": 1868.9565697894482,
  "summary_bg_mad": 7.941570668833895,
  "summary_bg_mean": 10.265670776367188,
  "summary_bg_median": 8.057820320129395,
  "summary_bg_n": 2222118.0,
  "summary_bg_p05": 0.0,
  "summary_bg_p95": 31.288835525512646,
  "summary_bg_stdv": 12.961113929748535,
  "summary_csf_k": 55.26741742242986,
  "summary_csf_mad": 141.2460039695162,
  "summary_csf_mean": 472.623779296875,
  "summary_csf_median": 418.7503662109375,
  "summary_csf_n": 32145.0,
  "summary_csf_p05": 283.28020629882815,
  "summary_csf_p95": 718.702392578125,
  "summary_csf_stdv": 217.3271026611328,
  "summary_gm_k": 0.7441529036061021,
  "summary_gm_mad": 47.519554785526445,
  "summary_gm_mean": 786.9899291992188,
  "summary_gm_median": 784.7970581054688,
  "summary_gm_n": 29427.0,
  "summary_gm_p05": 708.7191101074219,
  "summary_gm_p95": 873.7174682617188,
  "summary_gm_stdv": 50.714683532714844,
  "summary_wm_k": 1.3819285543229363,
  "summary_wm_mad": 35.07235627723283,
  "summary_wm_mean": 1002.4446411132812,
  "summary_wm_median": 1000.026123046875,
  "summary_wm_n": 235431.0,
  "summary_wm_p05": 944.3618469238281,
  "summary_wm_p95": 1067.3130493164062,
  "summary_wm_stdv": 38.367679595947266,
  "tpm_overlap_csf": 0.1774541288614273,
  "tpm_overlap_gm": 0.4613678455352783,
  "tpm_overlap_wm": 0.5011947154998779,
  "wm2max": 0.47576244951115626
}