{
  "aor": 0.0016781730769230769,
  "aqi": 0.0024129032692307697,
  "bids_meta": {
    "BandwidthPerPixelPhaseEncode": 31.25,
    "EchoTime": 0.025,
    "EffectiveEchoSpacing": 0.0005,
    "FlipAngle": 75,
    "ImageType": [
      "ORIGINAL",
      "PRIMARY",
      "M",
      "ND",
      "MOSAIC"
    ],
    "MagneticFieldStrength": 3,
    "Manufacturer": "Siemens",
    "ManufacturersModelName": "TrioTim",
    "Modality": "MR",
    "PhaseEncodingDirection": "j-",
    "PixelBandwidth": 3005,
    "RepetitionTime": 3,
    "ScanningSequence": "EP",
    "SequenceVariant": "SK",
    "SliceThickness": 3,
    "SliceTiming": [
      0,
      1.5225,
      0.055,
      1.58,
      0.1125,
      1.6375,
      0.17,
      1.6925,
      0.225,
      1.75,
      0.2825,
      1.805,
      0.3375,
      1.8625,
      0.395,
      1.92,
      0.45,
      1.975,
      0.5075,
      2.0325,
      0.565,
      2.0875,
      0.62,
      2.145,
      0.6775,
      2.2,
      0.7325,
      2.2575,
      0.79,
      2.315,
      0.8475,
      2.37,
      0.9025,
      2.4275,
      0.96,
      2.4825,
      1.015,
      2.54,
      1.0725,
      2.595,
      1.1275,
      2.6525,
      1.185,
      2.71,
      1.2425,
      2.765,
      1.2975,
      2.8225,
      1.355,
      2.8775,
      1.41,
      2.935,
      1.4675
    ],
    "SpacingBetweenSlices": 3,
    "TaskName": "intertemporal choice task",
    "TotalReadoutTime": 0.0315,
    "dataset": "ds002843",
    "modality": "bold",
    "run_id": 3,
    "session_id": "scan2",
    "subject_id": "dmp0063",
    "task_id": "itc"
  },
  "dummy_trs": 0,
  "dvars_nstd": 21.267902911456318,
  "dvars_std": 1.1820351371844662,
  "dvars_vstd": 0.991263557961165,
  "efc": 0.5367544828235128,
  "fber": 507.4587707519531,
  "fd_mean": 0.04952947065441771,
  "fd_num": 1,
  "fd_perc": 0.9615384615384616,
  "fwhm_avg": 2.4065055555555555,
  "fwhm_x": 2.3068566666666666,
  "fwhm_y": 2.357423333333333,
  "fwhm_z": 2.5552366666666666,
  "gcor": 0.0261433,
  "gsr_x": -0.008536353707313538,
  "gsr_y": 0.05380412936210632,
  "provenance": {
    "md5sum": "fbc380e3c9bd5c61cfff024b473f1938",
    "settings": {
      "fd_thres": 0.2,
      "testing": false
    },
    "software": "mriqc",
    "version": "21.0.0rc2",
    "webapi_port": null,
    "webapi_url": "https://mriqc.nimh.nih.gov/api/v1"
  },
  "size_t": 104,
  "size_x": 64,
  "size_y": 64,
  "size_z": 53,
  "snr": 3.3677239356476787,
  "spacing_tr": 3.0,
  "spacing_x": 3.0,
  "spacing_y": 3.0,
  "spacing_z": 3.0,
  "summary_bg_k": 27.894265091333764,
  "summary_bg_mad": 5.916153736038157,
  "summary_bg_mean": 56.724178314208984,
  "summary_bg_median": 29.50961685180664,
  "summary_bg_n": 139689.0,
  "summary_bg_p05": 25.173078536987305,
  "summary_bg_p95": 196.60000610351585,
  "summary_bg_stdv": 73.42915344238281,
  "summary_fg_k": 1.4646877036228494,
  "summary_fg_mad": 181.30517569831864,
  "summary_fg_mean": 704.447509765625,
  "summary_fg_median": 670.5,
  "summary_fg_n": 36578.0,
  "summary_fg_p05": 440.59327697753906,
  "summary_fg_p95": 1074.8312438964845,
  "summary_fg_stdv": 199.09317016601562,
  "tsnr": 84.4417595397681
}