{
  "aor": 0.0042104375,
  "aqi": 0.0038446449375,
  "bids_meta": {
    "BandwidthPerPixelPhaseEncode": 31.25,
    "EchoTime": 0.025,
    "EffectiveEchoSpacing": 0.0005,
    "FlipAngle": 75,
    "ImageType": [
      "ORIGINAL",
      "PRIMARY",
      "M",
      "ND",
      "MOSAIC"
    ],
    "MagneticFieldStrength": 3,
    "Manufacturer": "Siemens",
    "ManufacturersModelName": "TrioTim",
    "Modality": "MR",
    "PhaseEncodingDirection": "j-",
    "PixelBandwidth": 3005,
    "RepetitionTime": 3,
    "ScanningSequence": "EP",
    "SequenceVariant": "SK",
    "SliceThickness": 3,
    "SliceTiming": [
      0,
      1.5225,
      0.055,
      1.58,
      0.1125,
      1.635,
      0.1675,
      1.6925,
      0.225,
      1.75,
      0.2825,
      1.805,
      0.3375,
      1.8625,
      0.395,
      1.9175,
      0.45,
      1.975,
      0.5075,
      2.03,
      0.5625,
      2.0875,
      0.62,
      2.145,
      0.6775,
      2.2,
      0.7325,
      2.2575,
      0.79,
      2.3125,
      0.845,
      2.37,
      0.9025,
      2.425,
      0.9575,
      2.4825,
      1.015,
      2.54,
      1.0725,
      2.595,
      1.1275,
      2.6525,
      1.185,
      2.7075,
      1.24,
      2.765,
      1.2975,
      2.8225,
      1.355,
      2.8775,
      1.41,
      2.935,
      1.4675
    ],
    "SpacingBetweenSlices": 3,
    "TaskName": "rest",
    "TotalReadoutTime": 0.0315,
    "dataset": "ds002843",
    "modality": "bold",
    "session_id": "scan2",
    "subject_id": "dmp0063",
    "task_id": "rest"
  },
  "dummy_trs": 0,
  "dvars_nstd": 20.389432415597472,
  "dvars_std": 1.1452397574842763,
  "dvars_vstd": 0.9870996340880503,
  "efc": 0.5336421190533681,
  "fber": 494.8402404785156,
  "fd_mean": 0.07141127634849309,
  "fd_num": 6,
  "fd_perc": 3.75,
  "fwhm_avg": 2.391938888888889,
  "fwhm_x": 2.26245,
  "fwhm_y": 2.3517966666666665,
  "fwhm_z": 2.56157,
  "gcor": 0.0163817,
  "gsr_x": -0.007311495486646891,
  "gsr_y": 0.050648342818021774,
  "provenance": {
    "md5sum": "f7644557642fe8306ac3ac5e06bb9a6e",
    "settings": {
      "fd_thres": 0.2,
      "testing": false
    },
    "software": "mriqc",
    "version": "21.0.0rc2",
    "webapi_port": null,
    "webapi_url": "https://mriqc.nimh.nih.gov/api/v1"
  },
  "size_t": 160,
  "size_x": 64,
  "size_y": 64,
  "size_z": 53,
  "snr": 3.3743569463035077,
  "spacing_tr": 3.0,
  "spacing_x": 3.0,
  "spacing_y": 3.0,
  "spacing_z": 3.0,
  "summary_bg_k": 29.45577836799471,
  "summary_bg_mad": 7.524204562212341,
  "summary_bg_mean": 54.30931854248047,
  "summary_bg_median": 29.649999618530273,
  "summary_bg_n": 139608.0,
  "summary_bg_p05": 22.575000762939453,
  "summary_bg_p95": 183.22468872070303,
  "summary_bg_stdv": 69.37602233886719,
  "summary_fg_k": 1.3089758250046506,
  "summary_fg_mad": 179.70529732776325,
  "summary_fg_mean": 701.0899047851562,
  "summary_fg_median": 667.6437377929688,
  "summary_fg_n": 36592.0,
  "summary_fg_p05": 436.68344421386723,
  "summary_fg_p95": 1073.3813232421871,
  "summary_fg_stdv": 197.85536193847656,
  "tsnr": 66.17646401654929
}