{
  "bids_meta": {
    "EchoTime": 0.00311,
    "FlipAngle": 15,
    "ImageType": [
      "ORIGINAL",
      "PRIMARY",
      "M",
      "ND",
      "NORM"
    ],
    "InversionTime": 1.1,
    "MagneticFieldStrength": 3,
    "Manufacturer": "Siemens",
    "ManufacturersModelName": "TrioTim",
    "Modality": "MR",
    "RepetitionTime": 1.63,
    "ScanningSequence": "GR_IR",
    "SequenceVariant": "SP_MP",
    "SliceThickness": 1,
    "dataset": "ds002843",
    "modality": "T1w",
    "session_id": "scan1",
    "subject_id": "dmp0063"
  },
  "cjv": 0.4799760465641578,
  "cnr": 2.520412805757667,
  "efc": 0.55206069735877,
  "fber": 12687.294921875,
  "fwhm_avg": 3.387203555555556,
  "fwhm_x": 3.2245013333333334,
  "fwhm_y": 3.7924693333333335,
  "fwhm_z": 3.14464,
  "icvs_csf": 0.18442885768256112,
  "icvs_gm": 0.429015360475002,
  "icvs_wm": 0.3865557818424369,
  "inu_med": 0.9449256062507629,
  "inu_range": 0.20425760746002197,
  "provenance": {
    "md5sum": "c0317b40194d6cf0e2b7874b8269f3ae",
    "settings": {
      "testing": false
    },
    "software": "mriqc",
    "version": "21.0.0rc2",
    "warnings": {
      "large_rot_frame": true,
      "small_air_mask": false
    },
    "webapi_port": null,
    "webapi_url": "https://mriqc.nimh.nih.gov/api/v1"
  },
  "qi_1": 0.00021190779005348417,
  "qi_2": 0.003374065242439964,
  "rpve_csf": 18.80395569123082,
  "rpve_gm": 8.793580722517168,
  "rpve_wm": 11.655978517336688,
  "size_x": 192,
  "size_y": 256,
  "size_z": 160,
  "snr_csf": 3.087228709161369,
  "snr_gm": 11.75710207558168,
  "snr_total": 15.490107958238399,
  "snr_wm": 31.62599308997215,
  "snrd_csf": 76.49475701771001,
  "snrd_gm": 161.63585944262022,
  "snrd_total": 146.04941516612772,
  "snrd_wm": 200.0176290380529,
  "spacing_x": 0.9375,
  "spacing_y": 0.9375,
  "spacing_z": 1.0,
  "summary_bg_k": 15.24290089987418,
  "summary_bg_mad": 3.2754385581638363,
  "summary_bg_mean": 7.057290077209473,
  "summary_bg_median": 4.341019630432129,
  "summary_bg_n": 2449944.0,
  "summary_bg_p05": 0.0,
  "summary_bg_p95": 21.65380792617798,
  "summary_bg_stdv": 8.525306701660156,
  "summary_csf_k": 8.644017257736882,
  "summary_csf_mad": 85.88206817107502,
  "summary_csf_mean": 412.1960144042969,
  "summary_csf_median": 382.44537353515625,
  "summary_csf_n": 21923.0,
  "summary_csf_p05": 270.49706115722654,
  "summary_csf_p95": 645.9841979980467,
  "summary_csf_stdv": 123.87700653076172,
  "summary_gm_k": -0.008000405070148542,
  "summary_gm_mad": 62.430593131732735,
  "summary_gm_mean": 816.2930908203125,
  "summary_gm_median": 808.1192626953125,
  "summary_gm_n": 21196.0,
  "summary_gm_p05": 714.7414245605469,
  "summary_gm_p95": 947.4905700683594,
  "summary_gm_stdv": 68.73294067382812,
  "summary_wm_k": 1.0347509721799524,
  "summary_wm_mad": 29.674214630337495,
  "summary_wm_mean": 1001.387451171875,
  "summary_wm_median": 1000.0138549804688,
  "summary_wm_n": 198355.0,
  "summary_wm_p05": 952.6323425292969,
  "summary_wm_p95": 1054.7533081054687,
  "summary_wm_stdv": 31.619918823242188,
  "tpm_overlap_csf": 0.1773495227098465,
  "tpm_overlap_gm": 0.44866645336151123,
  "tpm_overlap_wm": 0.5029256343841553,
  "wm2max": 0.499518079536378
}