{
  "bids_meta": {
    "EchoTime": 0.09,
    "FlipAngle": 180,
    "ImageType": [
      "ORIGINAL",
      "PRIMARY",
      "M",
      "ND",
      "NORM"
    ],
    "ImagingFrequency": 123.204,
    "MagneticFieldStrength": 3,
    "Manufacturer": "Siemens",
    "ManufacturersModelName": "TrioTim",
    "Modality": "MR",
    "PhaseEncodingDirection": "i",
    "RepetitionTime": 7,
    "ScanningSequence": "SE",
    "SequenceVariant": "SK_SP_OSP",
    "SliceThickness": 3,
    "SpacingBetweenSlices": 3,
    "dataset": "ds002843",
    "modality": "T2w",
    "session_id": "scan1",
    "subject_id": "dmp0063"
  },
  "cjv": 0.5428651548289625,
  "cnr": 2.548134872583066,
  "efc": 0.5535435657568856,
  "fber": 3751.5625,
  "fwhm_avg": 2.596269057355157,
  "fwhm_x": 3.03232,
  "fwhm_y": 3.1666399999999997,
  "fwhm_z": 1.5898471720654717,
  "icvs_csf": 0.15899979821786966,
  "icvs_gm": 0.4046784547681292,
  "icvs_wm": 0.43632174701400117,
  "inu_med": 1.3790662288665771,
  "inu_range": 0.3516562819480895,
  "provenance": {
    "md5sum": "6124f32efcfdf77f0953a4ef103cca22",
    "settings": {
      "testing": false
    },
    "software": "mriqc",
    "version": "21.0.0rc2",
    "warnings": {
      "large_rot_frame": false,
      "small_air_mask": false
    },
    "webapi_port": null,
    "webapi_url": "https://mriqc.nimh.nih.gov/api/v1"
  },
  "qi_1": 0.0,
  "qi_2": 0.004177384731771886,
  "rpve_csf": 16.053708713184225,
  "rpve_gm": 6.446238126835361,
  "rpve_wm": 7.072652890065921,
  "size_x": 256,
  "size_y": 256,
  "size_z": 44,
  "snr_csf": 2.6886659829015995,
  "snr_gm": 8.932369488113821,
  "snr_total": 6.912198327611795,
  "snr_wm": 9.115559511819965,
  "snrd_csf": 166.73096190710865,
  "snrd_gm": 88.21698555058637,
  "snrd_total": 104.35388972996175,
  "snrd_wm": 58.11372173219022,
  "spacing_x": 0.75,
  "spacing_y": 0.75,
  "spacing_z": 2.9999990463256836,
  "summary_bg_k": 759.4158964836331,
  "summary_bg_mad": 11.129951100752479,
  "summary_bg_mean": 17.774882015986854,
  "summary_bg_median": 13.658638469874859,
  "summary_bg_n": 896790.0,
  "summary_bg_p05": 2.7108748108148575,
  "summary_bg_p95": 40.45459333062172,
  "summary_bg_stdv": 20.00542785979377,
  "summary_csf_k": 0.2599220287887496,
  "summary_csf_mad": 786.361961798998,
  "summary_csf_mean": 2754.290623536993,
  "summary_csf_median": 2832.5513840541244,
  "summary_csf_n": 84183.0,
  "summary_csf_p05": 513.5022478178144,
  "summary_csf_p95": 4354.175841806084,
  "summary_csf_stdv": 1053.5092786699322,
  "summary_gm_k": -0.04036959125410178,
  "summary_gm_mad": 170.04091959482952,
  "summary_gm_mean": 1506.40969189741,
  "summary_gm_median": 1498.696712717414,
  "summary_gm_n": 204734.0,
  "summary_gm_p05": 1246.5853553116322,
  "summary_gm_p95": 1793.9735382646322,
  "summary_gm_stdv": 167.78225023048884,
  "summary_wm_k": 0.05600482716350186,
  "summary_wm_mad": 107.58952730727395,
  "summary_wm_mean": 980.8578547798714,
  "summary_wm_median": 987.279753215611,
  "summary_wm_n": 254330.0,
  "summary_wm_p05": 791.5754447579384,
  "summary_wm_p95": 1147.846953548491,
  "summary_wm_stdv": 108.30688022947307,
  "tpm_overlap_csf": 0.17377951741218567,
  "tpm_overlap_gm": 0.43800386786460876,
  "tpm_overlap_wm": 0.5055724382400513,
  "wm2max": 0.20430921337457275
}