{
  "aor": 0.001036,
  "aqi": 0.002919437875,
  "bids_meta": {
    "BandwidthPerPixelPhaseEncode": 31.25,
    "EchoTime": 0.025,
    "EffectiveEchoSpacing": 0.0005,
    "FlipAngle": 75,
    "ImageType": [
      "ORIGINAL",
      "PRIMARY",
      "M",
      "ND",
      "MOSAIC"
    ],
    "MagneticFieldStrength": 3,
    "Manufacturer": "Siemens",
    "ManufacturersModelName": "TrioTim",
    "Modality": "MR",
    "PhaseEncodingDirection": "j-",
    "PixelBandwidth": 3005,
    "RepetitionTime": 3,
    "ScanningSequence": "EP",
    "SequenceVariant": "SK",
    "SliceThickness": 3,
    "SliceTiming": [
      0,
      1.5225,
      0.055,
      1.58,
      0.1125,
      1.635,
      0.1675,
      1.6925,
      0.225,
      1.75,
      0.2825,
      1.805,
      0.3375,
      1.8625,
      0.395,
      1.9175,
      0.45,
      1.975,
      0.5075,
      2.03,
      0.5625,
      2.0875,
      0.62,
      2.145,
      0.6775,
      2.2,
      0.7325,
      2.2575,
      0.79,
      2.3125,
      0.845,
      2.37,
      0.9025,
      2.425,
      0.9575,
      2.4825,
      1.015,
      2.54,
      1.0725,
      2.595,
      1.1275,
      2.6525,
      1.185,
      2.7075,
      1.24,
      2.765,
      1.2975,
      2.8225,
      1.355,
      2.8775,
      1.41,
      2.935,
      1.4675
    ],
    "SpacingBetweenSlices": 3,
    "TaskName": "rest",
    "TotalReadoutTime": 0.0315,
    "dataset": "ds002843",
    "modality": "bold",
    "session_id": "scan2",
    "subject_id": "dmp0558",
    "task_id": "rest"
  },
  "dummy_trs": 0,
  "dvars_nstd": 21.42943378647799,
  "dvars_std": 1.149576493647798,
  "dvars_vstd": 0.9883296015094339,
  "efc": 0.5450459464690196,
  "fber": 453.00067138671875,
  "fd_mean": 0.08178078427594918,
  "fd_num": 3,
  "fd_perc": 1.875,
  "fwhm_avg": 2.4752568002556092,
  "fwhm_x": 2.3829566666666664,
  "fwhm_y": 2.339306852578072,
  "fwhm_z": 2.7035068815220895,
  "gcor": 0.0190013,
  "gsr_x": -0.006336494814604521,
  "gsr_y": 0.05480286851525307,
  "provenance": {
    "md5sum": "206d5f8ee1fb4f7dacde099ee47eb4f4",
    "settings": {
      "fd_thres": 0.2,
      "testing": false
    },
    "software": "mriqc",
    "version": "21.0.0rc2",
    "webapi_port": null,
    "webapi_url": "https://mriqc.nimh.nih.gov/api/v1"
  },
  "size_t": 160,
  "size_x": 64,
  "size_y": 64,
  "size_z": 53,
  "snr": 3.021205069688875,
  "spacing_tr": 3.0,
  "spacing_x": 3.0,
  "spacing_y": 2.999999761581421,
  "spacing_z": 2.999999761581421,
  "summary_bg_k": 24.360117006678397,
  "summary_bg_mad": 7.348148942171978,
  "summary_bg_mean": 57.87360763549805,
  "summary_bg_median": 30.23750114440918,
  "summary_bg_n": 137132.0,
  "summary_bg_p05": 24.606250762939453,
  "summary_bg_p95": 200.24312667846675,
  "summary_bg_stdv": 72.10334014892578,
  "summary_fg_k": 3.732866228265931,
  "summary_fg_mad": 175.91074417660388,
  "summary_fg_mean": 693.667236328125,
  "summary_fg_median": 649.890625,
  "summary_fg_n": 38802.0,
  "summary_fg_p05": 432.2631362915039,
  "summary_fg_p95": 1102.6465393066396,
  "summary_fg_stdv": 215.10696411132812,
  "tsnr": 79.79122417420149
}