{
  "aor": 0.0015115625,
  "aqi": 0.005792494125,
  "bids_meta": {
    "BandwidthPerPixelPhaseEncode": 31.25,
    "EchoTime": 0.025,
    "EffectiveEchoSpacing": 0.0005,
    "FlipAngle": 75,
    "ImageType": [
      "ORIGINAL",
      "PRIMARY",
      "M",
      "ND",
      "MOSAIC"
    ],
    "MagneticFieldStrength": 3,
    "Manufacturer": "Siemens",
    "ManufacturersModelName": "TrioTim",
    "Modality": "MR",
    "PhaseEncodingDirection": "j-",
    "PixelBandwidth": 3005,
    "RepetitionTime": 3,
    "ScanningSequence": "EP",
    "SequenceVariant": "SK",
    "SliceThickness": 3,
    "SliceTiming": [
      0,
      1.5225,
      0.055,
      1.58,
      0.1125,
      1.635,
      0.1675,
      1.6925,
      0.225,
      1.75,
      0.2825,
      1.805,
      0.3375,
      1.8625,
      0.395,
      1.9175,
      0.45,
      1.975,
      0.5075,
      2.03,
      0.5625,
      2.0875,
      0.62,
      2.145,
      0.6775,
      2.2,
      0.7325,
      2.2575,
      0.79,
      2.3125,
      0.845,
      2.37,
      0.9025,
      2.425,
      0.9575,
      2.4825,
      1.015,
      2.54,
      1.0725,
      2.595,
      1.1275,
      2.6525,
      1.185,
      2.7075,
      1.24,
      2.765,
      1.2975,
      2.8225,
      1.355,
      2.8775,
      1.41,
      2.935,
      1.4675
    ],
    "SpacingBetweenSlices": 3,
    "TaskName": "rest",
    "TotalReadoutTime": 0.0315,
    "dataset": "ds002843",
    "modality": "bold",
    "session_id": "scan2",
    "subject_id": "dmp0259",
    "task_id": "rest"
  },
  "dummy_trs": 0,
  "dvars_nstd": 28.229230328679243,
  "dvars_std": 1.156999451698114,
  "dvars_vstd": 0.9789296686792457,
  "efc": 0.61815174173163,
  "fber": 207.11837768554688,
  "fd_mean": 0.12429017081528596,
  "fd_num": 28,
  "fd_perc": 17.5,
  "fwhm_avg": 2.513931111111111,
  "fwhm_x": 2.2774766666666664,
  "fwhm_y": 2.47715,
  "fwhm_z": 2.7871666666666663,
  "gcor": 0.0680473,
  "gsr_x": -0.016797609627246857,
  "gsr_y": 0.09327976405620575,
  "provenance": {
    "md5sum": "ed1f1e5574acfebd79b8198bcb597336",
    "settings": {
      "fd_thres": 0.2,
      "testing": false
    },
    "software": "mriqc",
    "version": "21.0.0rc2",
    "webapi_port": null,
    "webapi_url": "https://mriqc.nimh.nih.gov/api/v1"
  },
  "size_t": 160,
  "size_x": 64,
  "size_y": 64,
  "size_z": 53,
  "snr": 3.010106746993829,
  "spacing_tr": 3.0,
  "spacing_x": 3.0,
  "spacing_y": 3.0,
  "spacing_z": 3.0,
  "summary_bg_k": 18.20676322402995,
  "summary_bg_mad": 21.826686232265747,
  "summary_bg_mean": 102.43772888183594,
  "summary_bg_median": 43.540626525878906,
  "summary_bg_n": 128722.0,
  "summary_bg_p05": 27.78125,
  "summary_bg_p95": 371.21875,
  "summary_bg_stdv": 136.83645629882812,
  "summary_fg_k": 1.4946543385341524,
  "summary_fg_mad": 187.50284932163035,
  "summary_fg_mean": 698.9072265625,
  "summary_fg_median": 657.40625,
  "summary_fg_n": 42791.0,
  "summary_fg_p05": 417.6781311035156,
  "summary_fg_p95": 1123.1531982421875,
  "summary_fg_stdv": 218.3970947265625,
  "tsnr": 61.92604889161885
}