{
  "aor": 0.004683942307692307,
  "aqi": 0.004151643461538461,
  "bids_meta": {
    "BandwidthPerPixelPhaseEncode": 31.25,
    "EchoTime": 0.025,
    "EffectiveEchoSpacing": 0.0005,
    "FlipAngle": 75,
    "ImageType": [
      "ORIGINAL",
      "PRIMARY",
      "M",
      "ND",
      "MOSAIC"
    ],
    "MagneticFieldStrength": 3,
    "Manufacturer": "Siemens",
    "ManufacturersModelName": "TrioTim",
    "Modality": "MR",
    "PhaseEncodingDirection": "j-",
    "PixelBandwidth": 3005,
    "RepetitionTime": 3,
    "ScanningSequence": "EP",
    "SequenceVariant": "SK",
    "SliceThickness": 3,
    "SliceTiming": [
      0,
      1.5225,
      0.055,
      1.58,
      0.1125,
      1.6375,
      0.17,
      1.6925,
      0.225,
      1.75,
      0.2825,
      1.805,
      0.3375,
      1.8625,
      0.395,
      1.92,
      0.45,
      1.975,
      0.5075,
      2.0325,
      0.565,
      2.0875,
      0.62,
      2.145,
      0.6775,
      2.2,
      0.7325,
      2.2575,
      0.79,
      2.315,
      0.8475,
      2.37,
      0.9025,
      2.4275,
      0.96,
      2.4825,
      1.015,
      2.54,
      1.0725,
      2.595,
      1.1275,
      2.6525,
      1.185,
      2.71,
      1.2425,
      2.765,
      1.2975,
      2.8225,
      1.355,
      2.8775,
      1.41,
      2.935,
      1.4675
    ],
    "SpacingBetweenSlices": 3,
    "TaskName": "intertemporal choice task",
    "TotalReadoutTime": 0.0315,
    "dataset": "ds002843",
    "modality": "bold",
    "run_id": 1,
    "session_id": "scan1",
    "subject_id": "dmp0775",
    "task_id": "itc"
  },
  "dummy_trs": 0,
  "dvars_nstd": 18.9770897053398,
  "dvars_std": 1.1779774729126211,
  "dvars_vstd": 1.018658891067961,
  "efc": 0.535850256461016,
  "fber": 452.3507385253906,
  "fd_mean": 0.0750619316017698,
  "fd_num": 6,
  "fd_perc": 5.769230769230769,
  "fwhm_avg": 2.0997433333333335,
  "fwhm_x": 1.9698933333333333,
  "fwhm_y": 2.0784533333333335,
  "fwhm_z": 2.2508833333333333,
  "gcor": 0.0235129,
  "gsr_x": -0.010219070129096508,
  "gsr_y": 0.0449843592941761,
  "provenance": {
    "md5sum": "9bb47774c7654d88aa7c8c530d3eb4c0",
    "settings": {
      "fd_thres": 0.2,
      "testing": false
    },
    "software": "mriqc",
    "version": "21.0.0rc2",
    "webapi_port": null,
    "webapi_url": "https://mriqc.nimh.nih.gov/api/v1"
  },
  "size_t": 104,
  "size_x": 64,
  "size_y": 64,
  "size_z": 53,
  "snr": 4.626226471923209,
  "spacing_tr": 3.0,
  "spacing_x": 3.0,
  "spacing_y": 3.0,
  "spacing_z": 3.0,
  "summary_bg_k": 30.748884181739783,
  "summary_bg_mad": 8.125799097972996,
  "summary_bg_mean": 54.56990432739258,
  "summary_bg_median": 28.923078536987305,
  "summary_bg_n": 147078.0,
  "summary_bg_p05": 22.00961685180664,
  "summary_bg_p95": 182.25962829589844,
  "summary_bg_stdv": 69.30928802490234,
  "summary_fg_k": 1.376258539170946,
  "summary_fg_mad": 122.75664037749227,
  "summary_fg_mean": 631.9224853515625,
  "summary_fg_median": 616.97119140625,
  "summary_fg_n": 31737.0,
  "summary_fg_p05": 439.52886962890625,
  "summary_fg_p95": 867.0538696289061,
  "summary_fg_stdv": 133.36170959472656,
  "tsnr": 80.9266734845005
}