{
  "aor": 0.0020803846153846155,
  "aqi": 0.002023968009615384,
  "bids_meta": {
    "BandwidthPerPixelPhaseEncode": 31.25,
    "EchoTime": 0.025,
    "EffectiveEchoSpacing": 0.0005,
    "FlipAngle": 75,
    "ImageType": [
      "ORIGINAL",
      "PRIMARY",
      "M",
      "ND",
      "MOSAIC"
    ],
    "MagneticFieldStrength": 3,
    "Manufacturer": "Siemens",
    "ManufacturersModelName": "TrioTim",
    "Modality": "MR",
    "PhaseEncodingDirection": "j-",
    "PixelBandwidth": 3005,
    "RepetitionTime": 3,
    "ScanningSequence": "EP",
    "SequenceVariant": "SK",
    "SliceThickness": 3,
    "SliceTiming": [
      0,
      1.5225,
      0.055,
      1.58,
      0.1125,
      1.6375,
      0.17,
      1.6925,
      0.225,
      1.75,
      0.2825,
      1.805,
      0.3375,
      1.8625,
      0.395,
      1.92,
      0.45,
      1.975,
      0.5075,
      2.0325,
      0.565,
      2.0875,
      0.62,
      2.145,
      0.6775,
      2.2,
      0.7325,
      2.2575,
      0.79,
      2.315,
      0.8475,
      2.37,
      0.9025,
      2.4275,
      0.96,
      2.4825,
      1.015,
      2.54,
      1.0725,
      2.595,
      1.1275,
      2.6525,
      1.185,
      2.71,
      1.2425,
      2.765,
      1.2975,
      2.8225,
      1.355,
      2.8775,
      1.41,
      2.935,
      1.4675
    ],
    "SpacingBetweenSlices": 3,
    "TaskName": "risk choice task",
    "TotalReadoutTime": 0.0315,
    "dataset": "ds002843",
    "modality": "bold",
    "run_id": 3,
    "session_id": "scan1",
    "subject_id": "dmp1114",
    "task_id": "risk"
  },
  "dummy_trs": 0,
  "dvars_nstd": 20.956581152912626,
  "dvars_std": 1.1998583462135926,
  "dvars_vstd": 1.0116391562135925,
  "efc": 0.5891159906317831,
  "fber": 295.00408935546875,
  "fd_mean": 0.06385714962674392,
  "fd_num": 0,
  "fd_perc": 0.0,
  "fwhm_avg": 2.8925411111111115,
  "fwhm_x": 2.7924900000000004,
  "fwhm_y": 2.7999833333333335,
  "fwhm_z": 3.08515,
  "gcor": 0.029528,
  "gsr_x": -0.011132103390991688,
  "gsr_y": 0.12860243022441864,
  "provenance": {
    "md5sum": "ba01258446a24f8255dab118e7b0db34",
    "settings": {
      "fd_thres": 0.2,
      "testing": false
    },
    "software": "mriqc",
    "version": "21.0.0rc2",
    "webapi_port": null,
    "webapi_url": "https://mriqc.nimh.nih.gov/api/v1"
  },
  "size_t": 104,
  "size_x": 64,
  "size_y": 64,
  "size_z": 53,
  "snr": 2.454606650217871,
  "spacing_tr": 3.0,
  "spacing_x": 3.0,
  "spacing_y": 3.0,
  "spacing_z": 3.0,
  "summary_bg_k": 12.690305612277099,
  "summary_bg_mad": 15.253693291619422,
  "summary_bg_mean": 93.6249771118164,
  "summary_bg_median": 38.54807662963867,
  "summary_bg_n": 128559.0,
  "summary_bg_p05": 27.365385055541992,
  "summary_bg_p95": 393.0894317626951,
  "summary_bg_stdv": 133.59820556640625,
  "summary_fg_k": 3.2452173820238963,
  "summary_fg_mad": 222.53294636814772,
  "summary_fg_mean": 738.9423828125,
  "summary_fg_median": 681.5096435546875,
  "summary_fg_n": 43979.0,
  "summary_fg_p05": 406.3615417480469,
  "summary_fg_p95": 1291.179833984375,
  "summary_fg_stdv": 277.6419982910156,
  "tsnr": 91.23710242449306
}