{
  "aor": 0.004579417475728156,
  "aqi": 0.003240071553398059,
  "bids_meta": {
    "BandwidthPerPixelPhaseEncode": 31.25,
    "EchoTime": 0.025,
    "EffectiveEchoSpacing": 0.0005,
    "FlipAngle": 75,
    "ImageType": [
      "ORIGINAL",
      "PRIMARY",
      "M",
      "ND",
      "MOSAIC"
    ],
    "MagneticFieldStrength": 3,
    "Manufacturer": "Siemens",
    "ManufacturersModelName": "TrioTim",
    "Modality": "MR",
    "PhaseEncodingDirection": "j-",
    "PixelBandwidth": 3005,
    "RepetitionTime": 3,
    "ScanningSequence": "EP",
    "SequenceVariant": "SK",
    "SliceThickness": 3,
    "SliceTiming": [
      0,
      1.5225,
      0.055,
      1.58,
      0.1125,
      1.6375,
      0.17,
      1.6925,
      0.225,
      1.75,
      0.2825,
      1.805,
      0.3375,
      1.8625,
      0.395,
      1.92,
      0.45,
      1.975,
      0.5075,
      2.0325,
      0.565,
      2.0875,
      0.62,
      2.145,
      0.6775,
      2.2,
      0.7325,
      2.2575,
      0.79,
      2.315,
      0.8475,
      2.37,
      0.9025,
      2.4275,
      0.96,
      2.4825,
      1.015,
      2.54,
      1.0725,
      2.595,
      1.1275,
      2.6525,
      1.185,
      2.71,
      1.2425,
      2.765,
      1.2975,
      2.8225,
      1.355,
      2.8775,
      1.41,
      2.935,
      1.4675
    ],
    "SpacingBetweenSlices": 3,
    "TaskName": "risk choice task",
    "TotalReadoutTime": 0.0315,
    "dataset": "ds002843",
    "modality": "bold",
    "run_id": 2,
    "session_id": "scan2",
    "subject_id": "dmp0414",
    "task_id": "risk"
  },
  "dummy_trs": 1,
  "dvars_nstd": 21.02568200088236,
  "dvars_std": 1.1279469846078432,
  "dvars_vstd": 0.9978808948039217,
  "efc": 0.5924546561847984,
  "fber": 291.1813659667969,
  "fd_mean": 0.0905598676398404,
  "fd_num": 4,
  "fd_perc": 3.883495145631068,
  "fwhm_avg": 2.751338888888889,
  "fwhm_x": 2.4478633333333333,
  "fwhm_y": 2.6487766666666666,
  "fwhm_z": 3.1573766666666665,
  "gcor": 0.0244702,
  "gsr_x": 0.004019313026219606,
  "gsr_y": 0.061828237026929855,
  "provenance": {
    "md5sum": "68d878e98213446d157d9a947225a1e0",
    "settings": {
      "fd_thres": 0.2,
      "testing": false
    },
    "software": "mriqc",
    "version": "21.0.0rc2",
    "webapi_port": null,
    "webapi_url": "https://mriqc.nimh.nih.gov/api/v1"
  },
  "size_t": 103,
  "size_x": 64,
  "size_y": 64,
  "size_z": 53,
  "snr": 2.698660414865422,
  "spacing_tr": 3.0,
  "spacing_x": 3.0,
  "spacing_y": 3.0,
  "spacing_z": 3.0,
  "summary_bg_k": 39.12909483381335,
  "summary_bg_mad": 16.26544329722964,
  "summary_bg_mean": 78.45758056640625,
  "summary_bg_median": 38.864078521728516,
  "summary_bg_n": 123273.0,
  "summary_bg_p05": 26.669902801513672,
  "summary_bg_p95": 265.1495117187499,
  "summary_bg_stdv": 105.87626647949219,
  "summary_fg_k": 2.9740447289435012,
  "summary_fg_mad": 214.9413515672322,
  "summary_fg_mean": 739.1991577148438,
  "summary_fg_median": 690.8155517578125,
  "summary_fg_n": 46904.0,
  "summary_fg_p05": 419.37038269042966,
  "summary_fg_p95": 1227.243273925781,
  "summary_fg_stdv": 255.9818878173828,
  "tsnr": 72.57705098076258
}