{
  "aor": 0.0024208653846153846,
  "aqi": 0.0025931379807692303,
  "bids_meta": {
    "BandwidthPerPixelPhaseEncode": 31.25,
    "EchoTime": 0.025,
    "EffectiveEchoSpacing": 0.0005,
    "FlipAngle": 75,
    "ImageType": [
      "ORIGINAL",
      "PRIMARY",
      "M",
      "ND",
      "MOSAIC"
    ],
    "MagneticFieldStrength": 3,
    "Manufacturer": "Siemens",
    "ManufacturersModelName": "TrioTim",
    "Modality": "MR",
    "PhaseEncodingDirection": "j-",
    "PixelBandwidth": 3005,
    "RepetitionTime": 3,
    "ScanningSequence": "EP",
    "SequenceVariant": "SK",
    "SliceThickness": 3,
    "SliceTiming": [
      0,
      1.5225,
      0.055,
      1.58,
      0.1125,
      1.6375,
      0.17,
      1.6925,
      0.225,
      1.75,
      0.2825,
      1.805,
      0.3375,
      1.8625,
      0.395,
      1.92,
      0.45,
      1.975,
      0.5075,
      2.0325,
      0.565,
      2.0875,
      0.62,
      2.145,
      0.6775,
      2.2,
      0.7325,
      2.2575,
      0.79,
      2.315,
      0.8475,
      2.37,
      0.9025,
      2.4275,
      0.96,
      2.4825,
      1.015,
      2.54,
      1.0725,
      2.595,
      1.1275,
      2.6525,
      1.185,
      2.71,
      1.2425,
      2.765,
      1.2975,
      2.8225,
      1.355,
      2.8775,
      1.41,
      2.935,
      1.4675
    ],
    "SpacingBetweenSlices": 3,
    "TaskName": "risk choice task",
    "TotalReadoutTime": 0.0315,
    "dataset": "ds002843",
    "modality": "bold",
    "run_id": 4,
    "session_id": "scan2",
    "subject_id": "dmp0290",
    "task_id": "risk"
  },
  "dummy_trs": 0,
  "dvars_nstd": 23.607446281747567,
  "dvars_std": 1.1742318100970879,
  "dvars_vstd": 0.9929722276699023,
  "efc": 0.606282134332128,
  "fber": 182.3431854248047,
  "fd_mean": 0.07614543804946877,
  "fd_num": 8,
  "fd_perc": 7.6923076923076925,
  "fwhm_avg": 3.0563066666666665,
  "fwhm_x": 2.9410900000000004,
  "fwhm_y": 2.8070633333333332,
  "fwhm_z": 3.4207666666666667,
  "gcor": 0.0531613,
  "gsr_x": 0.011818242259323597,
  "gsr_y": 0.12005289644002914,
  "provenance": {
    "md5sum": "e5d082013ecfb4d732a5aebe0518c717",
    "settings": {
      "fd_thres": 0.2,
      "testing": false
    },
    "software": "mriqc",
    "version": "21.0.0rc2",
    "webapi_port": null,
    "webapi_url": "https://mriqc.nimh.nih.gov/api/v1"
  },
  "size_t": 104,
  "size_x": 64,
  "size_y": 64,
  "size_z": 53,
  "snr": 2.025048329677309,
  "spacing_tr": 3.0,
  "spacing_x": 3.0,
  "spacing_y": 3.0,
  "spacing_z": 3.0,
  "summary_bg_k": 21.944317200390927,
  "summary_bg_mad": 32.17531973473628,
  "summary_bg_mean": 132.9533233642578,
  "summary_bg_median": 55.70192337036133,
  "summary_bg_n": 122425.0,
  "summary_bg_p05": 32.240386962890625,
  "summary_bg_p95": 533.5634765624998,
  "summary_bg_stdv": 193.5897674560547,
  "summary_fg_k": 5.754445656146425,
  "summary_fg_mad": 274.3527172196901,
  "summary_fg_mean": 866.2325439453125,
  "summary_fg_median": 775.6346435546875,
  "summary_fg_n": 47329.0,
  "summary_fg_p05": 458.70770263671875,
  "summary_fg_p95": 1649.286645507812,
  "summary_fg_stdv": 383.0162658691406,
  "tsnr": 75.90663470909931
}