{
  "bids_meta": {
    "EchoTime": 0.00311,
    "FlipAngle": 15,
    "ImageType": [
      "ORIGINAL",
      "PRIMARY",
      "M",
      "ND",
      "NORM"
    ],
    "InversionTime": 1.1,
    "MagneticFieldStrength": 3,
    "Manufacturer": "Siemens",
    "ManufacturersModelName": "TrioTim",
    "Modality": "MR",
    "RepetitionTime": 1.63,
    "ScanningSequence": "GR_IR",
    "SequenceVariant": "SP_MP",
    "SliceThickness": 1,
    "dataset": "ds002843",
    "modality": "T1w",
    "session_id": "scan2",
    "subject_id": "dmp0909"
  },
  "cjv": 1.5948598100323845,
  "cnr": 0.894969109431604,
  "efc": 0.6322122840899328,
  "fber": 11081.7822265625,
  "fwhm_avg": 3.8359362222222226,
  "fwhm_x": 3.71632,
  "fwhm_y": 4.238058666666666,
  "fwhm_z": 3.55343,
  "icvs_csf": 0.2039822300283088,
  "icvs_gm": 0.4383973074898791,
  "icvs_wm": 0.3576204624818121,
  "inu_med": 1.1368234157562256,
  "inu_range": 0.47098812460899353,
  "provenance": {
    "md5sum": "0cbf6e80b29b2cf02b3f90cd6e2fcb0f",
    "settings": {
      "testing": false
    },
    "software": "mriqc",
    "version": "21.0.0rc2",
    "warnings": {
      "large_rot_frame": true,
      "small_air_mask": false
    },
    "webapi_port": null,
    "webapi_url": "https://mriqc.nimh.nih.gov/api/v1"
  },
  "qi_1": 0.0004495744369250471,
  "qi_2": 0.010173246816077546,
  "rpve_csf": 13.625839689361037,
  "rpve_gm": 6.627232663957225,
  "rpve_wm": 9.198582285099734,
  "size_x": 192,
  "size_y": 256,
  "size_z": 160,
  "snr_csf": 3.2859090673929847,
  "snr_gm": 9.672775987103943,
  "snr_total": 11.922982583176184,
  "snr_wm": 22.810262695031625,
  "snrd_csf": 49.19718780203921,
  "snrd_gm": 112.01117328718826,
  "snrd_total": 94.89815395449806,
  "snrd_wm": 123.48610077426669,
  "spacing_x": 0.9375,
  "spacing_y": 0.9375,
  "spacing_z": 1.0,
  "summary_bg_k": 13.499197169001317,
  "summary_bg_mad": 5.305457445963962,
  "summary_bg_mean": 7.767339706420898,
  "summary_bg_median": 5.367063999176025,
  "summary_bg_n": 1858415.0,
  "summary_bg_p05": 0.0,
  "summary_bg_p95": 22.133829498290986,
  "summary_bg_stdv": 8.063677787780762,
  "summary_csf_k": 1.3298342930199896,
  "summary_csf_mad": 92.62304890619752,
  "summary_csf_mean": 430.5571594238281,
  "summary_csf_median": 398.41107177734375,
  "summary_csf_n": 43305.0,
  "summary_csf_p05": 286.4953125,
  "summary_csf_p95": 675.9537109374999,
  "summary_csf_stdv": 121.24695587158203,
  "summary_gm_k": -0.8384406431117255,
  "summary_gm_mad": 108.00278465174156,
  "summary_gm_mean": 894.79150390625,
  "summary_gm_median": 907.0943603515625,
  "summary_gm_n": 46736.0,
  "summary_gm_p05": 737.14990234375,
  "summary_gm_p95": 1030.6500244140625,
  "summary_gm_stdv": 93.7770767211914,
  "summary_wm_k": 1.4731947324374248,
  "summary_wm_mad": 40.202464002545305,
  "summary_wm_mean": 1002.336181640625,
  "summary_wm_median": 1000.0211791992188,
  "summary_wm_n": 218213.0,
  "summary_wm_p05": 937.1081787109375,
  "summary_wm_p95": 1076.1476318359375,
  "summary_wm_stdv": 43.84074401855469,
  "tpm_overlap_csf": 0.1687491089105606,
  "tpm_overlap_gm": 0.4324365258216858,
  "tpm_overlap_wm": 0.43949729204177856,
  "wm2max": 0.48385327288732477
}