{
  "aor": 0.011890377358490566,
  "aqi": 0.005416263144654088,
  "bids_meta": {
    "BandwidthPerPixelPhaseEncode": 31.25,
    "EchoTime": 0.025,
    "EffectiveEchoSpacing": 0.0005,
    "FlipAngle": 75,
    "ImageType": [
      "ORIGINAL",
      "PRIMARY",
      "M",
      "ND",
      "MOSAIC"
    ],
    "MagneticFieldStrength": 3,
    "Manufacturer": "Siemens",
    "ManufacturersModelName": "TrioTim",
    "Modality": "MR",
    "PhaseEncodingDirection": "j-",
    "PixelBandwidth": 3005,
    "RepetitionTime": 3,
    "ScanningSequence": "EP",
    "SequenceVariant": "SK",
    "SliceThickness": 3,
    "SliceTiming": [
      0,
      1.5225,
      0.055,
      1.58,
      0.1125,
      1.635,
      0.1675,
      1.6925,
      0.225,
      1.75,
      0.2825,
      1.805,
      0.3375,
      1.8625,
      0.395,
      1.9175,
      0.45,
      1.975,
      0.5075,
      2.03,
      0.5625,
      2.0875,
      0.62,
      2.145,
      0.6775,
      2.2,
      0.7325,
      2.2575,
      0.79,
      2.3125,
      0.845,
      2.37,
      0.9025,
      2.425,
      0.9575,
      2.4825,
      1.015,
      2.54,
      1.0725,
      2.595,
      1.1275,
      2.6525,
      1.185,
      2.7075,
      1.24,
      2.765,
      1.2975,
      2.8225,
      1.355,
      2.8775,
      1.41,
      2.935,
      1.4675
    ],
    "SpacingBetweenSlices": 3,
    "TaskName": "rest",
    "TotalReadoutTime": 0.0315,
    "dataset": "ds002843",
    "modality": "bold",
    "session_id": "scan2",
    "subject_id": "dmp0095",
    "task_id": "rest"
  },
  "dummy_trs": 1,
  "dvars_nstd": 22.682664267848093,
  "dvars_std": 1.1427571623417718,
  "dvars_vstd": 1.025315332025317,
  "efc": 0.5464182128482467,
  "fber": 428.28460693359375,
  "fd_mean": 0.17639748062596988,
  "fd_num": 30,
  "fd_perc": 18.867924528301888,
  "fwhm_avg": 2.526056666666667,
  "fwhm_x": 2.39228,
  "fwhm_y": 2.3649733333333334,
  "fwhm_z": 2.8209166666666667,
  "gcor": 0.030212,
  "gsr_x": -0.006870018783956766,
  "gsr_y": 0.017998408526182175,
  "provenance": {
    "md5sum": "b19296a3786067d1d7563b4bd9a4585f",
    "settings": {
      "fd_thres": 0.2,
      "testing": false
    },
    "software": "mriqc",
    "version": "21.0.0rc2",
    "webapi_port": null,
    "webapi_url": "https://mriqc.nimh.nih.gov/api/v1"
  },
  "size_t": 159,
  "size_x": 64,
  "size_y": 64,
  "size_z": 53,
  "snr": 2.786303772350967,
  "spacing_tr": 3.0,
  "spacing_x": 3.0,
  "spacing_y": 3.0,
  "spacing_z": 3.0,
  "summary_bg_k": 47.12311857890607,
  "summary_bg_mad": 8.485333416254209,
  "summary_bg_mean": 55.17023468017578,
  "summary_bg_median": 31.389936447143555,
  "summary_bg_n": 132312.0,
  "summary_bg_p05": 24.880502700805664,
  "summary_bg_p95": 170.57168960571286,
  "summary_bg_stdv": 66.30591583251953,
  "summary_fg_k": 4.790188764810911,
  "summary_fg_mad": 192.28140006336773,
  "summary_fg_mean": 707.4522094726562,
  "summary_fg_median": 658.1760864257812,
  "summary_fg_n": 41853.0,
  "summary_fg_p05": 430.94590454101564,
  "summary_fg_p95": 1151.3081542968753,
  "summary_fg_stdv": 236.2155303955078,
  "tsnr": 57.01678328542039
}