{
  "aor": 0.00138075,
  "aqi": 0.0031709781874999995,
  "bids_meta": {
    "BandwidthPerPixelPhaseEncode": 31.25,
    "EchoTime": 0.025,
    "EffectiveEchoSpacing": 0.0005,
    "FlipAngle": 75,
    "ImageType": [
      "ORIGINAL",
      "PRIMARY",
      "M",
      "ND",
      "MOSAIC"
    ],
    "MagneticFieldStrength": 3,
    "Manufacturer": "Siemens",
    "ManufacturersModelName": "TrioTim",
    "Modality": "MR",
    "PhaseEncodingDirection": "j-",
    "PixelBandwidth": 3005,
    "RepetitionTime": 3,
    "ScanningSequence": "EP",
    "SequenceVariant": "SK",
    "SliceThickness": 3,
    "SliceTiming": [
      0,
      1.5225,
      0.055,
      1.58,
      0.1125,
      1.635,
      0.1675,
      1.6925,
      0.225,
      1.75,
      0.2825,
      1.805,
      0.3375,
      1.8625,
      0.395,
      1.9175,
      0.45,
      1.975,
      0.5075,
      2.03,
      0.5625,
      2.0875,
      0.62,
      2.145,
      0.6775,
      2.2,
      0.7325,
      2.2575,
      0.79,
      2.3125,
      0.845,
      2.37,
      0.9025,
      2.425,
      0.9575,
      2.4825,
      1.015,
      2.54,
      1.0725,
      2.595,
      1.1275,
      2.6525,
      1.185,
      2.7075,
      1.24,
      2.765,
      1.2975,
      2.8225,
      1.355,
      2.8775,
      1.41,
      2.935,
      1.4675
    ],
    "SpacingBetweenSlices": 3,
    "TaskName": "rest",
    "TotalReadoutTime": 0.0315,
    "dataset": "ds002843",
    "modality": "bold",
    "session_id": "scan2",
    "subject_id": "dmp1231",
    "task_id": "rest"
  },
  "dummy_trs": 0,
  "dvars_nstd": 17.244192063396227,
  "dvars_std": 1.1019019273584905,
  "dvars_vstd": 0.9743045811320751,
  "efc": 0.5700332964073911,
  "fber": 355.85198974609375,
  "fd_mean": 0.05314141319895648,
  "fd_num": 0,
  "fd_perc": 0.0,
  "fwhm_avg": 2.3823755555555555,
  "fwhm_x": 2.23824,
  "fwhm_y": 2.33398,
  "fwhm_z": 2.5749066666666667,
  "gcor": 0.0589647,
  "gsr_x": 0.004912068136036396,
  "gsr_y": 0.043173886835575104,
  "provenance": {
    "md5sum": "2002fd9a4c86a30d558df0706f5831b6",
    "settings": {
      "fd_thres": 0.2,
      "testing": false
    },
    "software": "mriqc",
    "version": "21.0.0rc2",
    "webapi_port": null,
    "webapi_url": "https://mriqc.nimh.nih.gov/api/v1"
  },
  "size_t": 160,
  "size_x": 64,
  "size_y": 64,
  "size_z": 53,
  "snr": 3.49843027733346,
  "spacing_tr": 3.0,
  "spacing_x": 3.0,
  "spacing_y": 3.0,
  "spacing_z": 3.0,
  "summary_bg_k": 39.903960762254584,
  "summary_bg_mad": 13.019100731252317,
  "summary_bg_mean": 64.30563354492188,
  "summary_bg_median": 33.63750076293945,
  "summary_bg_n": 133304.0,
  "summary_bg_p05": 24.024999618530273,
  "summary_bg_p95": 208.68468704223616,
  "summary_bg_stdv": 86.22870635986328,
  "summary_fg_k": 1.378529058048617,
  "summary_fg_mad": 168.32168311971412,
  "summary_fg_mean": 680.7219848632812,
  "summary_fg_median": 648.3812866210938,
  "summary_fg_n": 40447.0,
  "summary_fg_p05": 438.07875671386716,
  "summary_fg_p95": 1031.3831176757808,
  "summary_fg_stdv": 185.33262634277344,
  "tsnr": 80.03957433952019
}