{
  "aor": 0.015430865384615383,
  "aqi": 0.003622046442307692,
  "bids_meta": {
    "BandwidthPerPixelPhaseEncode": 31.25,
    "EchoTime": 0.025,
    "EffectiveEchoSpacing": 0.0005,
    "FlipAngle": 75,
    "ImageType": [
      "ORIGINAL",
      "PRIMARY",
      "M",
      "ND",
      "MOSAIC"
    ],
    "MagneticFieldStrength": 3,
    "Manufacturer": "Siemens",
    "ManufacturersModelName": "TrioTim",
    "Modality": "MR",
    "PhaseEncodingDirection": "j-",
    "PixelBandwidth": 3005,
    "RepetitionTime": 3,
    "ScanningSequence": "EP",
    "SequenceVariant": "SK",
    "SliceThickness": 3,
    "SliceTiming": [
      0,
      1.5225,
      0.055,
      1.58,
      0.1125,
      1.6375,
      0.17,
      1.6925,
      0.225,
      1.75,
      0.2825,
      1.805,
      0.3375,
      1.8625,
      0.395,
      1.92,
      0.45,
      1.975,
      0.5075,
      2.0325,
      0.565,
      2.0875,
      0.62,
      2.145,
      0.6775,
      2.2,
      0.7325,
      2.2575,
      0.79,
      2.315,
      0.8475,
      2.37,
      0.9025,
      2.4275,
      0.96,
      2.4825,
      1.015,
      2.54,
      1.0725,
      2.595,
      1.1275,
      2.6525,
      1.185,
      2.71,
      1.2425,
      2.765,
      1.2975,
      2.8225,
      1.355,
      2.8775,
      1.41,
      2.935,
      1.4675
    ],
    "SpacingBetweenSlices": 3,
    "TaskName": "risk choice task",
    "TotalReadoutTime": 0.0315,
    "dataset": "ds002843",
    "modality": "bold",
    "run_id": 3,
    "session_id": "scan2",
    "subject_id": "dmp1231",
    "task_id": "risk"
  },
  "dummy_trs": 0,
  "dvars_nstd": 20.590444380388355,
  "dvars_std": 1.234284822621359,
  "dvars_vstd": 1.0960454346601944,
  "efc": 0.572748960443968,
  "fber": 330.3404541015625,
  "fd_mean": 0.09775940876076862,
  "fd_num": 7,
  "fd_perc": 6.730769230769231,
  "fwhm_avg": 2.4175866666666668,
  "fwhm_x": 2.2796333333333334,
  "fwhm_y": 2.3984799999999997,
  "fwhm_z": 2.5746466666666667,
  "gcor": 0.0597866,
  "gsr_x": 0.0049508111551404,
  "gsr_y": 0.0458657443523407,
  "provenance": {
    "md5sum": "9d9cfa593d8deec857575f229f158da3",
    "settings": {
      "fd_thres": 0.2,
      "testing": false
    },
    "software": "mriqc",
    "version": "21.0.0rc2",
    "webapi_port": null,
    "webapi_url": "https://mriqc.nimh.nih.gov/api/v1"
  },
  "size_t": 104,
  "size_x": 64,
  "size_y": 64,
  "size_z": 53,
  "snr": 3.394704710982358,
  "spacing_tr": 3.0,
  "spacing_x": 3.0,
  "spacing_y": 3.0,
  "spacing_z": 3.0,
  "summary_bg_k": 38.10503853923402,
  "summary_bg_mad": 15.239440981474486,
  "summary_bg_mean": 66.71023559570312,
  "summary_bg_median": 35.13461685180664,
  "summary_bg_n": 133046.0,
  "summary_bg_p05": 22.798078536987305,
  "summary_bg_p95": 219.28125762939453,
  "summary_bg_stdv": 87.01500701904297,
  "summary_fg_k": 1.402450972530354,
  "summary_fg_mad": 173.2078274916885,
  "summary_fg_mean": 686.75390625,
  "summary_fg_median": 652.7115478515625,
  "summary_fg_n": 40629.0,
  "summary_fg_p05": 436.90386962890625,
  "summary_fg_p95": 1053.0577148437499,
  "summary_fg_stdv": 192.2710723876953,
  "tsnr": 72.79716012172867
}