{
  "aor": 0.0027529999999999994,
  "aqi": 0.004152102999999999,
  "bids_meta": {
    "BandwidthPerPixelPhaseEncode": 31.25,
    "EchoTime": 0.025,
    "EffectiveEchoSpacing": 0.0005,
    "FlipAngle": 75,
    "ImageType": [
      "ORIGINAL",
      "PRIMARY",
      "M",
      "ND",
      "MOSAIC"
    ],
    "MagneticFieldStrength": 3,
    "Manufacturer": "Siemens",
    "ManufacturersModelName": "TrioTim",
    "Modality": "MR",
    "PhaseEncodingDirection": "j-",
    "PixelBandwidth": 3005,
    "RepetitionTime": 3,
    "ScanningSequence": "EP",
    "SequenceVariant": "SK",
    "SliceThickness": 3,
    "SliceTiming": [
      0,
      1.5225,
      0.055,
      1.58,
      0.1125,
      1.6375,
      0.17,
      1.6925,
      0.225,
      1.75,
      0.2825,
      1.805,
      0.3375,
      1.8625,
      0.395,
      1.92,
      0.45,
      1.975,
      0.5075,
      2.0325,
      0.565,
      2.0875,
      0.62,
      2.145,
      0.6775,
      2.2,
      0.7325,
      2.2575,
      0.79,
      2.315,
      0.8475,
      2.37,
      0.9025,
      2.4275,
      0.96,
      2.4825,
      1.015,
      2.54,
      1.0725,
      2.595,
      1.1275,
      2.6525,
      1.185,
      2.71,
      1.2425,
      2.765,
      1.2975,
      2.8225,
      1.355,
      2.8775,
      1.41,
      2.935,
      1.4675
    ],
    "SpacingBetweenSlices": 3,
    "TaskName": "intertemporal choice task",
    "TotalReadoutTime": 0.0315,
    "dataset": "ds002843",
    "modality": "bold",
    "run_id": 3,
    "session_id": "scan2",
    "subject_id": "dmp0018",
    "task_id": "itc"
  },
  "dummy_trs": 1,
  "dvars_nstd": 27.066585925038773,
  "dvars_std": 1.2235813163565896,
  "dvars_vstd": 1.0190955189147286,
  "efc": 0.6069397186158376,
  "fber": 249.57826232910156,
  "fd_mean": 0.19642813178623425,
  "fd_num": 51,
  "fd_perc": 39.23076923076923,
  "fwhm_avg": 2.588781111111111,
  "fwhm_x": 2.4200466666666665,
  "fwhm_y": 2.576233333333333,
  "fwhm_z": 2.7700633333333333,
  "gcor": 0.0742485,
  "gsr_x": -0.004104045685380697,
  "gsr_y": 0.11028362065553665,
  "provenance": {
    "md5sum": "a8bb2069f494e38f022d0a27072bbf27",
    "settings": {
      "fd_thres": 0.2,
      "testing": false
    },
    "software": "mriqc",
    "version": "21.0.0rc2",
    "webapi_port": null,
    "webapi_url": "https://mriqc.nimh.nih.gov/api/v1"
  },
  "size_t": 130,
  "size_x": 64,
  "size_y": 64,
  "size_z": 53,
  "snr": 2.6858052742317504,
  "spacing_tr": 3.0,
  "spacing_x": 3.0,
  "spacing_y": 3.0,
  "spacing_z": 3.0,
  "summary_bg_k": 18.459451176751102,
  "summary_bg_mad": 18.920283885959662,
  "summary_bg_mean": 88.79574584960938,
  "summary_bg_median": 40.984615325927734,
  "summary_bg_n": 122947.0,
  "summary_bg_p05": 26.592308044433594,
  "summary_bg_p95": 321.6161560058593,
  "summary_bg_stdv": 114.19056701660156,
  "summary_fg_k": 2.3287682987424105,
  "summary_fg_mad": 205.996104020551,
  "summary_fg_mean": 719.8659057617188,
  "summary_fg_median": 665.826904296875,
  "summary_fg_n": 48828.0,
  "summary_fg_p05": 420.77960815429685,
  "summary_fg_p95": 1212.2769348144534,
  "summary_fg_stdv": 247.90333557128906,
  "tsnr": 65.7651232361095
}