{
  "aor": 0.00145825,
  "aqi": 0.005470042374999999,
  "bids_meta": {
    "BandwidthPerPixelPhaseEncode": 31.25,
    "EchoTime": 0.025,
    "EffectiveEchoSpacing": 0.0005,
    "FlipAngle": 75,
    "ImageType": [
      "ORIGINAL",
      "PRIMARY",
      "M",
      "ND",
      "MOSAIC"
    ],
    "MagneticFieldStrength": 3,
    "Manufacturer": "Siemens",
    "ManufacturersModelName": "TrioTim",
    "Modality": "MR",
    "PhaseEncodingDirection": "j-",
    "PixelBandwidth": 3005,
    "RepetitionTime": 3,
    "ScanningSequence": "EP",
    "SequenceVariant": "SK",
    "SliceThickness": 3,
    "SliceTiming": [
      0,
      1.5225,
      0.055,
      1.58,
      0.1125,
      1.635,
      0.1675,
      1.6925,
      0.225,
      1.75,
      0.2825,
      1.805,
      0.3375,
      1.8625,
      0.395,
      1.9175,
      0.45,
      1.975,
      0.5075,
      2.03,
      0.5625,
      2.0875,
      0.62,
      2.145,
      0.6775,
      2.2,
      0.7325,
      2.2575,
      0.79,
      2.3125,
      0.845,
      2.37,
      0.9025,
      2.425,
      0.9575,
      2.4825,
      1.015,
      2.54,
      1.0725,
      2.595,
      1.1275,
      2.6525,
      1.185,
      2.7075,
      1.24,
      2.765,
      1.2975,
      2.8225,
      1.355,
      2.8775,
      1.41,
      2.935,
      1.4675
    ],
    "SpacingBetweenSlices": 3,
    "TaskName": "rest",
    "TotalReadoutTime": 0.0315,
    "dataset": "ds002843",
    "modality": "bold",
    "session_id": "scan2",
    "subject_id": "dmp0018",
    "task_id": "rest"
  },
  "dummy_trs": 0,
  "dvars_nstd": 24.088412134654085,
  "dvars_std": 1.1792690718238992,
  "dvars_vstd": 0.9810154700000002,
  "efc": 0.6035020806795469,
  "fber": 273.3103942871094,
  "fd_mean": 0.147324808903472,
  "fd_num": 36,
  "fd_perc": 22.5,
  "fwhm_avg": 2.5468933333333332,
  "fwhm_x": 2.3763866666666664,
  "fwhm_y": 2.5333133333333335,
  "fwhm_z": 2.73098,
  "gcor": 0.060072,
  "gsr_x": -0.0040914579294621944,
  "gsr_y": 0.10971067100763321,
  "provenance": {
    "md5sum": "df5bc6223a9199ca37e4a0d53ab49744",
    "settings": {
      "fd_thres": 0.2,
      "testing": false
    },
    "software": "mriqc",
    "version": "21.0.0rc2",
    "webapi_port": null,
    "webapi_url": "https://mriqc.nimh.nih.gov/api/v1"
  },
  "size_t": 160,
  "size_x": 64,
  "size_y": 64,
  "size_z": 53,
  "snr": 2.7905604933353394,
  "spacing_tr": 3.0,
  "spacing_x": 3.0,
  "spacing_y": 3.0,
  "spacing_z": 3.0,
  "summary_bg_k": 24.286546289229157,
  "summary_bg_mad": 17.031391853947376,
  "summary_bg_mean": 85.29046630859375,
  "summary_bg_median": 39.125,
  "summary_bg_n": 123845.0,
  "summary_bg_p05": 26.58125114440918,
  "summary_bg_p95": 306.1287536621092,
  "summary_bg_stdv": 113.16887664794922,
  "summary_fg_k": 2.177229105677977,
  "summary_fg_mad": 199.1227351600822,
  "summary_fg_mean": 711.2801513671875,
  "summary_fg_median": 660.2281494140625,
  "summary_fg_n": 48762.0,
  "summary_fg_p05": 422.96311950683594,
  "summary_fg_p95": 1177.5296875,
  "summary_fg_stdv": 236.59095764160156,
  "tsnr": 70.39375744760036
}