{
  "aor": 0.004766793893129771,
  "aqi": 0.008421924732824427,
  "bids_meta": {
    "BandwidthPerPixelPhaseEncode": 31.25,
    "EchoTime": 0.025,
    "EffectiveEchoSpacing": 0.0005,
    "FlipAngle": 75,
    "ImageType": [
      "ORIGINAL",
      "PRIMARY",
      "M",
      "ND",
      "MOSAIC"
    ],
    "MagneticFieldStrength": 3,
    "Manufacturer": "Siemens",
    "ManufacturersModelName": "TrioTim",
    "Modality": "MR",
    "PhaseEncodingDirection": "j-",
    "PixelBandwidth": 3005,
    "RepetitionTime": 3,
    "ScanningSequence": "EP",
    "SequenceVariant": "SK",
    "SliceThickness": 3,
    "SliceTiming": [
      0,
      1.5225,
      0.055,
      1.58,
      0.1125,
      1.6375,
      0.17,
      1.6925,
      0.225,
      1.75,
      0.2825,
      1.805,
      0.3375,
      1.8625,
      0.395,
      1.92,
      0.45,
      1.975,
      0.5075,
      2.0325,
      0.565,
      2.0875,
      0.62,
      2.145,
      0.6775,
      2.2,
      0.7325,
      2.2575,
      0.79,
      2.315,
      0.8475,
      2.37,
      0.9025,
      2.4275,
      0.96,
      2.4825,
      1.015,
      2.54,
      1.0725,
      2.595,
      1.1275,
      2.6525,
      1.185,
      2.71,
      1.2425,
      2.765,
      1.2975,
      2.8225,
      1.355,
      2.8775,
      1.41,
      2.935,
      1.4675
    ],
    "SpacingBetweenSlices": 3,
    "TaskName": "risk choice task",
    "TotalReadoutTime": 0.0315,
    "dataset": "ds002843",
    "modality": "bold",
    "run_id": 2,
    "session_id": "scan2",
    "subject_id": "dmp0018",
    "task_id": "risk"
  },
  "dummy_trs": 0,
  "dvars_nstd": 29.782756746461544,
  "dvars_std": 1.1153700207692305,
  "dvars_vstd": 0.9642555169999998,
  "efc": 0.6053451161718117,
  "fber": 253.6764373779297,
  "fd_mean": 0.2988882802004705,
  "fd_num": 52,
  "fd_perc": 39.69465648854962,
  "fwhm_avg": 2.6119566666666665,
  "fwhm_x": 2.45567,
  "fwhm_y": 2.5670733333333335,
  "fwhm_z": 2.8131266666666668,
  "gcor": 0.0376173,
  "gsr_x": -0.003840666264295578,
  "gsr_y": 0.11124060302972794,
  "provenance": {
    "md5sum": "0e766d12b3c9d04ab19ab640d4f597ba",
    "settings": {
      "fd_thres": 0.2,
      "testing": false
    },
    "software": "mriqc",
    "version": "21.0.0rc2",
    "webapi_port": null,
    "webapi_url": "https://mriqc.nimh.nih.gov/api/v1"
  },
  "size_t": 131,
  "size_x": 64,
  "size_y": 64,
  "size_z": 53,
  "snr": 2.690267337367877,
  "spacing_tr": 3.0,
  "spacing_x": 3.0,
  "spacing_y": 3.0,
  "spacing_z": 3.0,
  "summary_bg_k": 19.81879831359598,
  "summary_bg_mad": 19.364370599743573,
  "summary_bg_mean": 87.7336654663086,
  "summary_bg_median": 40.97710037231445,
  "summary_bg_n": 123148.0,
  "summary_bg_p05": 26.290077209472656,
  "summary_bg_p95": 313.1500091552734,
  "summary_bg_stdv": 112.29647064208984,
  "summary_fg_k": 2.309098518310986,
  "summary_fg_mad": 206.74944041392618,
  "summary_fg_mean": 724.0769653320312,
  "summary_fg_median": 669.2442626953125,
  "summary_fg_n": 48867.0,
  "summary_fg_p05": 424.1877838134766,
  "summary_fg_p95": 1221.7565063476557,
  "summary_fg_stdv": 248.76242065429688,
  "tsnr": 45.617168823606335
}