{
  "aor": 0.00547326923076923,
  "aqi": 0.0024280577884615386,
  "bids_meta": {
    "BandwidthPerPixelPhaseEncode": 31.25,
    "EchoTime": 0.025,
    "EffectiveEchoSpacing": 0.0005,
    "FlipAngle": 75,
    "ImageType": [
      "ORIGINAL",
      "PRIMARY",
      "M",
      "ND",
      "MOSAIC"
    ],
    "MagneticFieldStrength": 3,
    "Manufacturer": "Siemens",
    "ManufacturersModelName": "TrioTim",
    "Modality": "MR",
    "PhaseEncodingDirection": "j-",
    "PixelBandwidth": 3005,
    "RepetitionTime": 3,
    "ScanningSequence": "EP",
    "SequenceVariant": "SK",
    "SliceThickness": 3,
    "SliceTiming": [
      0,
      1.5225,
      0.055,
      1.58,
      0.1125,
      1.6375,
      0.17,
      1.6925,
      0.225,
      1.75,
      0.2825,
      1.805,
      0.3375,
      1.8625,
      0.395,
      1.92,
      0.45,
      1.975,
      0.5075,
      2.0325,
      0.565,
      2.0875,
      0.62,
      2.145,
      0.6775,
      2.2,
      0.7325,
      2.2575,
      0.79,
      2.315,
      0.8475,
      2.37,
      0.9025,
      2.4275,
      0.96,
      2.4825,
      1.015,
      2.54,
      1.0725,
      2.595,
      1.1275,
      2.6525,
      1.185,
      2.71,
      1.2425,
      2.765,
      1.2975,
      2.8225,
      1.355,
      2.8775,
      1.41,
      2.935,
      1.4675
    ],
    "SpacingBetweenSlices": 3,
    "TaskName": "intertemporal choice task",
    "TotalReadoutTime": 0.0315,
    "dataset": "ds002843",
    "modality": "bold",
    "run_id": 1,
    "session_id": "scan1",
    "subject_id": "dmp0183",
    "task_id": "itc"
  },
  "dummy_trs": 0,
  "dvars_nstd": 21.387660267087373,
  "dvars_std": 1.1922219864077672,
  "dvars_vstd": 1.0401588182524275,
  "efc": 0.5937551132174353,
  "fber": 309.19854736328125,
  "fd_mean": 0.10191666607023925,
  "fd_num": 8,
  "fd_perc": 7.6923076923076925,
  "fwhm_avg": 2.4761599999999997,
  "fwhm_x": 2.218053333333333,
  "fwhm_y": 2.4665033333333333,
  "fwhm_z": 2.743923333333333,
  "gcor": 0.0201026,
  "gsr_x": -0.009542477317154408,
  "gsr_y": 0.09230057150125504,
  "provenance": {
    "md5sum": "354c10804b55e4847abcc5b8bc70d508",
    "settings": {
      "fd_thres": 0.2,
      "testing": false
    },
    "software": "mriqc",
    "version": "21.0.0rc2",
    "webapi_port": null,
    "webapi_url": "https://mriqc.nimh.nih.gov/api/v1"
  },
  "size_t": 104,
  "size_x": 64,
  "size_y": 64,
  "size_z": 53,
  "snr": 3.146038941655597,
  "spacing_tr": 3.0,
  "spacing_x": 3.0,
  "spacing_y": 3.0,
  "spacing_z": 3.0,
  "summary_bg_k": 24.34384890051906,
  "summary_bg_mad": 10.178632286402449,
  "summary_bg_mean": 68.95622253417969,
  "summary_bg_median": 32.33654022216797,
  "summary_bg_n": 128320.0,
  "summary_bg_p05": 25.038461685180664,
  "summary_bg_p95": 250.72212219238259,
  "summary_bg_stdv": 89.8399658203125,
  "summary_fg_k": 1.4973145964593826,
  "summary_fg_mad": 162.1525367394068,
  "summary_fg_mean": 620.16259765625,
  "summary_fg_median": 586.72119140625,
  "summary_fg_n": 43636.0,
  "summary_fg_p05": 369.7764663696289,
  "summary_fg_p95": 968.6009826660156,
  "summary_fg_stdv": 186.49307250976562,
  "tsnr": 86.34934105002321
}