{
  "aor": 0.0011134375,
  "aqi": 0.0031575221875,
  "bids_meta": {
    "BandwidthPerPixelPhaseEncode": 31.25,
    "EchoTime": 0.025,
    "EffectiveEchoSpacing": 0.0005,
    "FlipAngle": 75,
    "ImageType": [
      "ORIGINAL",
      "PRIMARY",
      "M",
      "ND",
      "MOSAIC"
    ],
    "MagneticFieldStrength": 3,
    "Manufacturer": "Siemens",
    "ManufacturersModelName": "TrioTim",
    "Modality": "MR",
    "PhaseEncodingDirection": "j-",
    "PixelBandwidth": 3005,
    "RepetitionTime": 3,
    "ScanningSequence": "EP",
    "SequenceVariant": "SK",
    "SliceThickness": 3,
    "SliceTiming": [
      0,
      1.5225,
      0.055,
      1.58,
      0.1125,
      1.635,
      0.1675,
      1.6925,
      0.225,
      1.75,
      0.2825,
      1.805,
      0.3375,
      1.8625,
      0.395,
      1.9175,
      0.45,
      1.975,
      0.5075,
      2.03,
      0.5625,
      2.0875,
      0.62,
      2.145,
      0.6775,
      2.2,
      0.7325,
      2.2575,
      0.79,
      2.3125,
      0.845,
      2.37,
      0.9025,
      2.425,
      0.9575,
      2.4825,
      1.015,
      2.54,
      1.0725,
      2.595,
      1.1275,
      2.6525,
      1.185,
      2.7075,
      1.24,
      2.765,
      1.2975,
      2.8225,
      1.355,
      2.8775,
      1.41,
      2.935,
      1.4675
    ],
    "SpacingBetweenSlices": 3,
    "TaskName": "rest",
    "TotalReadoutTime": 0.0315,
    "dataset": "ds002843",
    "modality": "bold",
    "session_id": "scan1",
    "subject_id": "dmp0183",
    "task_id": "rest"
  },
  "dummy_trs": 0,
  "dvars_nstd": 23.95445781704402,
  "dvars_std": 1.1733793574842761,
  "dvars_vstd": 0.9942739975471696,
  "efc": 0.5927450917308944,
  "fber": 309.2280578613281,
  "fd_mean": 0.13352007012312372,
  "fd_num": 20,
  "fd_perc": 12.5,
  "fwhm_avg": 2.4759588888888886,
  "fwhm_x": 2.2218266666666664,
  "fwhm_y": 2.4740733333333336,
  "fwhm_z": 2.7319766666666667,
  "gcor": 0.0307656,
  "gsr_x": -0.01004047878086567,
  "gsr_y": 0.08966093510389328,
  "provenance": {
    "md5sum": "947a9f99446ff76f00dbe781ffc66006",
    "settings": {
      "fd_thres": 0.2,
      "testing": false
    },
    "software": "mriqc",
    "version": "21.0.0rc2",
    "webapi_port": null,
    "webapi_url": "https://mriqc.nimh.nih.gov/api/v1"
  },
  "size_t": 160,
  "size_x": 64,
  "size_y": 64,
  "size_z": 53,
  "snr": 3.17104117086579,
  "spacing_tr": 3.0,
  "spacing_x": 3.0,
  "spacing_y": 3.0,
  "spacing_z": 3.0,
  "summary_bg_k": 33.78086753040308,
  "summary_bg_mad": 10.359681870672167,
  "summary_bg_mean": 69.34017944335938,
  "summary_bg_median": 32.3125,
  "summary_bg_n": 128679.0,
  "summary_bg_p05": 24.75,
  "summary_bg_p95": 248.58875885009755,
  "summary_bg_stdv": 94.56993865966797,
  "summary_fg_k": 1.4857047078339543,
  "summary_fg_mad": 160.31564018886968,
  "summary_fg_mean": 616.9393310546875,
  "summary_fg_median": 583.5562744140625,
  "summary_fg_n": 43547.0,
  "summary_fg_p05": 370.0018768310547,
  "summary_fg_p95": 960.6531494140622,
  "summary_fg_stdv": 184.02459716796875,
  "tsnr": 75.45228936104104
}