{
  "bids_meta": {
    "EchoTime": 0.00311,
    "FlipAngle": 15,
    "ImageType": [
      "ORIGINAL",
      "PRIMARY",
      "M",
      "ND",
      "NORM"
    ],
    "InversionTime": 1.1,
    "MagneticFieldStrength": 3,
    "Manufacturer": "Siemens",
    "ManufacturersModelName": "TrioTim",
    "Modality": "MR",
    "RepetitionTime": 1.63,
    "ScanningSequence": "GR_IR",
    "SequenceVariant": "SP_MP",
    "SliceThickness": 1,
    "dataset": "ds002843",
    "modality": "T1w",
    "session_id": "scan1",
    "subject_id": "dmp1241"
  },
  "cjv": 1.0845547437562348,
  "cnr": 1.3524261513818434,
  "efc": 0.580407013494847,
  "fber": 16229.3876953125,
  "fwhm_avg": 3.4637857777777783,
  "fwhm_x": 3.352650666666667,
  "fwhm_y": 3.810506666666667,
  "fwhm_z": 3.2282,
  "icvs_csf": 0.1949006054863831,
  "icvs_gm": 0.4282016160062911,
  "icvs_wm": 0.3768977785073258,
  "inu_med": 1.1120522022247314,
  "inu_range": 0.35586398541927333,
  "provenance": {
    "md5sum": "14676a02db2e84952b52db5ea83807b9",
    "settings": {
      "testing": false
    },
    "software": "mriqc",
    "version": "21.0.0rc2",
    "warnings": {
      "large_rot_frame": true,
      "small_air_mask": false
    },
    "webapi_port": null,
    "webapi_url": "https://mriqc.nimh.nih.gov/api/v1"
  },
  "qi_1": 0.004056311626566368,
  "qi_2": 0.007140435559882632,
  "rpve_csf": 18.137708361993187,
  "rpve_gm": 8.771464840876352,
  "rpve_wm": 11.728838475033678,
  "size_x": 192,
  "size_y": 256,
  "size_z": 160,
  "snr_csf": 3.1416586850563193,
  "snr_gm": 10.082132858060039,
  "snr_total": 13.043006133748841,
  "snr_wm": 25.90522685813017,
  "snrd_csf": 44.28284853075461,
  "snrd_gm": 97.13870122012673,
  "snrd_total": 84.30287352967203,
  "snrd_wm": 111.48707083813474,
  "spacing_x": 0.9375,
  "spacing_y": 0.9375,
  "spacing_z": 1.0,
  "summary_bg_k": 179.3355392719233,
  "summary_bg_mad": 5.876451579022807,
  "summary_bg_mean": 7.905048847198486,
  "summary_bg_median": 4.108558177947998,
  "summary_bg_n": 2247635.0,
  "summary_bg_p05": 0.0,
  "summary_bg_p95": 26.323864746093744,
  "summary_bg_stdv": 9.877359390258789,
  "summary_csf_k": 1.8780266424430678,
  "summary_csf_mad": 88.73709998839442,
  "summary_csf_mean": 433.5262145996094,
  "summary_csf_median": 397.20892333984375,
  "summary_csf_n": 20454.0,
  "summary_csf_p05": 287.39307861328126,
  "summary_csf_p95": 696.0729064941406,
  "summary_csf_stdv": 126.42977905273438,
  "summary_gm_k": -0.8501692693226839,
  "summary_gm_mad": 103.52271800532526,
  "summary_gm_mean": 877.6669921875,
  "summary_gm_median": 871.3161010742188,
  "summary_gm_n": 25446.0,
  "summary_gm_p05": 746.6842193603516,
  "summary_gm_p95": 1015.3752593994141,
  "summary_gm_stdv": 86.42010498046875,
  "summary_wm_k": 1.6920241021591584,
  "summary_wm_mad": 36.061873810152676,
  "summary_wm_mean": 1003.1470336914062,
  "summary_wm_median": 1000.018310546875,
  "summary_wm_n": 180225.0,
  "summary_wm_p05": 947.1298095703125,
  "summary_wm_p95": 1068.8325439453124,
  "summary_wm_stdv": 38.602848052978516,
  "tpm_overlap_csf": 0.16712939739227295,
  "tpm_overlap_gm": 0.43229007720947266,
  "tpm_overlap_wm": 0.46186012029647827,
  "wm2max": 0.4768861562270964
}