{
  "aor": 0.02925388349514563,
  "aqi": 0.006902305631067961,
  "bids_meta": {
    "BandwidthPerPixelPhaseEncode": 31.25,
    "EchoTime": 0.025,
    "EffectiveEchoSpacing": 0.0005,
    "FlipAngle": 75,
    "ImageType": [
      "ORIGINAL",
      "PRIMARY",
      "M",
      "ND",
      "MOSAIC"
    ],
    "MagneticFieldStrength": 3,
    "Manufacturer": "Siemens",
    "ManufacturersModelName": "TrioTim",
    "Modality": "MR",
    "PhaseEncodingDirection": "j-",
    "PixelBandwidth": 3005,
    "RepetitionTime": 3,
    "ScanningSequence": "EP",
    "SequenceVariant": "SK",
    "SliceThickness": 3,
    "SliceTiming": [
      0,
      1.5225,
      0.055,
      1.58,
      0.1125,
      1.6375,
      0.17,
      1.6925,
      0.225,
      1.75,
      0.2825,
      1.805,
      0.3375,
      1.8625,
      0.395,
      1.92,
      0.45,
      1.975,
      0.5075,
      2.0325,
      0.565,
      2.0875,
      0.62,
      2.145,
      0.6775,
      2.2,
      0.7325,
      2.2575,
      0.79,
      2.315,
      0.8475,
      2.37,
      0.9025,
      2.4275,
      0.96,
      2.4825,
      1.015,
      2.54,
      1.0725,
      2.595,
      1.1275,
      2.6525,
      1.185,
      2.71,
      1.2425,
      2.765,
      1.2975,
      2.8225,
      1.355,
      2.8775,
      1.41,
      2.935,
      1.4675
    ],
    "SpacingBetweenSlices": 3,
    "TaskName": "intertemporal choice task",
    "TotalReadoutTime": 0.0315,
    "dataset": "ds002843",
    "modality": "bold",
    "run_id": 3,
    "session_id": "scan2",
    "subject_id": "dmp0109",
    "task_id": "itc"
  },
  "dummy_trs": 1,
  "dvars_nstd": 29.524184788235285,
  "dvars_std": 1.3385206144117645,
  "dvars_vstd": 1.1682579459803923,
  "efc": 0.5693251811998635,
  "fber": 368.4114990234375,
  "fd_mean": 0.29056454293718853,
  "fd_num": 30,
  "fd_perc": 29.12621359223301,
  "fwhm_avg": 2.3325288888888887,
  "fwhm_x": 2.2252366666666665,
  "fwhm_y": 2.2910133333333333,
  "fwhm_z": 2.4813366666666665,
  "gcor": 0.0184379,
  "gsr_x": 0.010823373682796955,
  "gsr_y": 0.052880994975566864,
  "provenance": {
    "md5sum": "11caa6560e5c04a4014088834bb16398",
    "settings": {
      "fd_thres": 0.2,
      "testing": false
    },
    "software": "mriqc",
    "version": "21.0.0rc2",
    "webapi_port": null,
    "webapi_url": "https://mriqc.nimh.nih.gov/api/v1"
  },
  "size_t": 103,
  "size_x": 64,
  "size_y": 64,
  "size_z": 53,
  "snr": 3.6340094737452535,
  "spacing_tr": 3.0,
  "spacing_x": 3.0,
  "spacing_y": 3.0,
  "spacing_z": 3.0,
  "summary_bg_k": 22.857650299944016,
  "summary_bg_mad": 11.889607980105449,
  "summary_bg_mean": 66.58734130859375,
  "summary_bg_median": 33.75728225708008,
  "summary_bg_n": 136141.0,
  "summary_bg_p05": 25.184465408325195,
  "summary_bg_p95": 225.33981323242188,
  "summary_bg_stdv": 80.78902435302734,
  "summary_fg_k": 0.9085981394565952,
  "summary_fg_mad": 180.38090207406225,
  "summary_fg_mean": 685.8578491210938,
  "summary_fg_median": 662.0,
  "summary_fg_n": 38324.0,
  "summary_fg_p05": 433.9320373535156,
  "summary_fg_p95": 1012.3781677246093,
  "summary_fg_stdv": 182.16555786132812,
  "tsnr": 48.00184416398406
}