{
  "bids_meta": {
    "EchoTime": 0.00311,
    "FlipAngle": 15,
    "ImageType": [
      "ORIGINAL",
      "PRIMARY",
      "M",
      "ND",
      "NORM"
    ],
    "InversionTime": 1.1,
    "MagneticFieldStrength": 3,
    "Manufacturer": "Siemens",
    "ManufacturersModelName": "TrioTim",
    "Modality": "MR",
    "RepetitionTime": 1.63,
    "ScanningSequence": "GR_IR",
    "SequenceVariant": "SP_MP",
    "SliceThickness": 1,
    "dataset": "ds002843",
    "modality": "T1w",
    "session_id": "scan1",
    "subject_id": "dmp0442"
  },
  "cjv": 0.8179965062039793,
  "cnr": 1.7735876155333177,
  "efc": 0.6412019108060019,
  "fber": 5911.05322265625,
  "fwhm_avg": 3.6972075555555555,
  "fwhm_x": 3.6172373333333336,
  "fwhm_y": 4.102485333333333,
  "fwhm_z": 3.3719,
  "icvs_csf": 0.18897528079959952,
  "icvs_gm": 0.4453957403070535,
  "icvs_wm": 0.365628978893347,
  "inu_med": 1.108884572982788,
  "inu_range": 0.2889773726463317,
  "provenance": {
    "md5sum": "e8ab55af9c188f2fc9690e866f8c8a4d",
    "settings": {
      "testing": false
    },
    "software": "mriqc",
    "version": "21.0.0rc2",
    "warnings": {
      "large_rot_frame": true,
      "small_air_mask": false
    },
    "webapi_port": null,
    "webapi_url": "https://mriqc.nimh.nih.gov/api/v1"
  },
  "qi_1": 0.0006599643040821027,
  "qi_2": 0.002807748335248324,
  "rpve_csf": 15.868635375461768,
  "rpve_gm": 7.3026518355930525,
  "rpve_wm": 10.294079387916117,
  "size_x": 192,
  "size_y": 256,
  "size_z": 160,
  "snr_csf": 3.5462808586765626,
  "snr_gm": 11.882667572495707,
  "snr_total": 12.79520663608565,
  "snr_wm": 22.95667147708468,
  "snrd_csf": 38.11084128815271,
  "snrd_gm": 73.8489428745135,
  "snrd_total": 66.26530174391472,
  "snrd_wm": 86.83612106907795,
  "spacing_x": 0.9375,
  "spacing_y": 0.9375,
  "spacing_z": 1.0,
  "summary_bg_k": 60.77275363518977,
  "summary_bg_mad": 7.544868644522927,
  "summary_bg_mean": 9.690210342407227,
  "summary_bg_median": 7.674779891967773,
  "summary_bg_n": 1711828.0,
  "summary_bg_p05": 0.0,
  "summary_bg_p95": 25.49885864257812,
  "summary_bg_stdv": 9.555984497070312,
  "summary_csf_k": 0.9581761853287474,
  "summary_csf_mad": 103.51407612838024,
  "summary_csf_mean": 470.6338195800781,
  "summary_csf_median": 438.9029541015625,
  "summary_csf_n": 28379.0,
  "summary_csf_p05": 316.1656799316406,
  "summary_csf_p95": 713.1023376464843,
  "summary_csf_stdv": 123.76211547851562,
  "summary_gm_k": -0.5227849428159548,
  "summary_gm_mad": 79.17579068001972,
  "summary_gm_mean": 853.6835327148438,
  "summary_gm_median": 850.4802856445312,
  "summary_gm_n": 32431.0,
  "summary_gm_p05": 741.6676635742188,
  "summary_gm_p95": 971.7355041503906,
  "summary_gm_stdv": 71.57207489013672,
  "summary_wm_k": 0.27955490078628387,
  "summary_wm_mad": 43.16920678414358,
  "summary_wm_mean": 1003.3504028320312,
  "summary_wm_median": 1000.0469360351562,
  "summary_wm_n": 211487.0,
  "summary_wm_p05": 938.2999816894531,
  "summary_wm_p95": 1080.2383056640624,
  "summary_wm_stdv": 43.56226348876953,
  "tpm_overlap_csf": 0.1568726748228073,
  "tpm_overlap_gm": 0.45302727818489075,
  "tpm_overlap_wm": 0.4679296910762787,
  "wm2max": 0.49375937202402287
}