{
  "aor": 0.007279519230769231,
  "aqi": 0.007505933653846154,
  "bids_meta": {
    "BandwidthPerPixelPhaseEncode": 31.25,
    "EchoTime": 0.025,
    "EffectiveEchoSpacing": 0.0005,
    "FlipAngle": 75,
    "ImageType": [
      "ORIGINAL",
      "PRIMARY",
      "M",
      "ND",
      "MOSAIC"
    ],
    "MagneticFieldStrength": 3,
    "Manufacturer": "Siemens",
    "ManufacturersModelName": "TrioTim",
    "Modality": "MR",
    "PhaseEncodingDirection": "j-",
    "PixelBandwidth": 3005,
    "RepetitionTime": 3,
    "ScanningSequence": "EP",
    "SequenceVariant": "SK",
    "SliceThickness": 3,
    "SliceTiming": [
      0,
      1.5225,
      0.055,
      1.58,
      0.1125,
      1.6375,
      0.17,
      1.6925,
      0.225,
      1.75,
      0.2825,
      1.805,
      0.3375,
      1.8625,
      0.395,
      1.92,
      0.45,
      1.975,
      0.5075,
      2.0325,
      0.565,
      2.0875,
      0.62,
      2.145,
      0.6775,
      2.2,
      0.7325,
      2.2575,
      0.79,
      2.315,
      0.8475,
      2.37,
      0.9025,
      2.4275,
      0.96,
      2.4825,
      1.015,
      2.54,
      1.0725,
      2.595,
      1.1275,
      2.6525,
      1.185,
      2.71,
      1.2425,
      2.765,
      1.2975,
      2.8225,
      1.355,
      2.8775,
      1.41,
      2.935,
      1.4675
    ],
    "SpacingBetweenSlices": 3,
    "TaskName": "intertemporal choice task",
    "TotalReadoutTime": 0.0315,
    "dataset": "ds002843",
    "modality": "bold",
    "run_id": 3,
    "session_id": "scan1",
    "subject_id": "dmp0442",
    "task_id": "itc"
  },
  "dummy_trs": 0,
  "dvars_nstd": 32.19018386165049,
  "dvars_std": 1.1745573765048543,
  "dvars_vstd": 0.9951480814563108,
  "efc": 0.600274156737633,
  "fber": 250.02647399902344,
  "fd_mean": 0.25878876103078985,
  "fd_num": 48,
  "fd_perc": 46.15384615384615,
  "fwhm_avg": 2.45209,
  "fwhm_x": 2.1045599999999998,
  "fwhm_y": 2.48867,
  "fwhm_z": 2.76304,
  "gcor": 0.0368585,
  "gsr_x": 0.009585397318005562,
  "gsr_y": 0.06006758287549019,
  "provenance": {
    "md5sum": "b6e49673a52a2e6f8a71fceb81545b34",
    "settings": {
      "fd_thres": 0.2,
      "testing": false
    },
    "software": "mriqc",
    "version": "21.0.0rc2",
    "webapi_port": null,
    "webapi_url": "https://mriqc.nimh.nih.gov/api/v1"
  },
  "size_t": 104,
  "size_x": 64,
  "size_y": 64,
  "size_z": 53,
  "snr": 3.202656689263183,
  "spacing_tr": 3.0,
  "spacing_x": 3.0,
  "spacing_y": 3.0,
  "spacing_z": 3.0,
  "summary_bg_k": 15.171151775215069,
  "summary_bg_mad": 17.335042411696005,
  "summary_bg_mean": 75.8003158569336,
  "summary_bg_median": 38.7884635925293,
  "summary_bg_n": 128329.0,
  "summary_bg_p05": 25.990385055541992,
  "summary_bg_p95": 252.8038574218749,
  "summary_bg_stdv": 86.58536529541016,
  "summary_fg_k": 1.2853151178181248,
  "summary_fg_mad": 173.47866662987133,
  "summary_fg_mean": 666.772705078125,
  "summary_fg_median": 634.375,
  "summary_fg_n": 42761.0,
  "summary_fg_p05": 391.3846435546875,
  "summary_fg_p95": 1034.0673828125,
  "summary_fg_stdv": 198.07542419433594,
  "tsnr": 48.19040245283395
}