{
  "aor": 0.0101075625,
  "aqi": 0.008538356625000002,
  "bids_meta": {
    "BandwidthPerPixelPhaseEncode": 31.25,
    "EchoTime": 0.025,
    "EffectiveEchoSpacing": 0.0005,
    "FlipAngle": 75,
    "ImageType": [
      "ORIGINAL",
      "PRIMARY",
      "M",
      "ND",
      "MOSAIC"
    ],
    "MagneticFieldStrength": 3,
    "Manufacturer": "Siemens",
    "ManufacturersModelName": "TrioTim",
    "Modality": "MR",
    "PhaseEncodingDirection": "j-",
    "PixelBandwidth": 3005,
    "RepetitionTime": 3,
    "ScanningSequence": "EP",
    "SequenceVariant": "SK",
    "SliceThickness": 3,
    "SliceTiming": [
      0,
      1.5225,
      0.055,
      1.58,
      0.1125,
      1.635,
      0.1675,
      1.6925,
      0.225,
      1.75,
      0.2825,
      1.805,
      0.3375,
      1.8625,
      0.395,
      1.9175,
      0.45,
      1.975,
      0.5075,
      2.03,
      0.5625,
      2.0875,
      0.62,
      2.145,
      0.6775,
      2.2,
      0.7325,
      2.2575,
      0.79,
      2.3125,
      0.845,
      2.37,
      0.9025,
      2.425,
      0.9575,
      2.4825,
      1.015,
      2.54,
      1.0725,
      2.595,
      1.1275,
      2.6525,
      1.185,
      2.7075,
      1.24,
      2.765,
      1.2975,
      2.8225,
      1.355,
      2.8775,
      1.41,
      2.935,
      1.4675
    ],
    "SpacingBetweenSlices": 3,
    "TaskName": "rest",
    "TotalReadoutTime": 0.0315,
    "dataset": "ds002843",
    "modality": "bold",
    "session_id": "scan1",
    "subject_id": "dmp0442",
    "task_id": "rest"
  },
  "dummy_trs": 0,
  "dvars_nstd": 38.5336900634591,
  "dvars_std": 1.1926860341509442,
  "dvars_vstd": 1.0254075099371074,
  "efc": 0.5972144986399262,
  "fber": 261.8325500488281,
  "fd_mean": 0.38013767761966283,
  "fd_num": 92,
  "fd_perc": 57.5,
  "fwhm_avg": 2.49344,
  "fwhm_x": 2.1385066666666668,
  "fwhm_y": 2.5252433333333335,
  "fwhm_z": 2.81657,
  "gcor": 0.0588489,
  "gsr_x": 0.009260734543204308,
  "gsr_y": 0.06199400871992111,
  "provenance": {
    "md5sum": "6e380cd5e6769005a6a3aa291fc596ac",
    "settings": {
      "fd_thres": 0.2,
      "testing": false
    },
    "software": "mriqc",
    "version": "21.0.0rc2",
    "webapi_port": null,
    "webapi_url": "https://mriqc.nimh.nih.gov/api/v1"
  },
  "size_t": 160,
  "size_x": 64,
  "size_y": 64,
  "size_z": 53,
  "snr": 3.182645199202518,
  "spacing_tr": 3.0,
  "spacing_x": 3.0,
  "spacing_y": 3.0,
  "spacing_z": 3.0,
  "summary_bg_k": 19.56323430485983,
  "summary_bg_mad": 16.38275621119049,
  "summary_bg_mean": 74.35228729248047,
  "summary_bg_median": 38.00625228881836,
  "summary_bg_n": 128358.0,
  "summary_bg_p05": 25.993749618530273,
  "summary_bg_p95": 246.97594223022458,
  "summary_bg_stdv": 87.0177001953125,
  "summary_fg_k": 1.248191956445437,
  "summary_fg_mad": 175.75785987190628,
  "summary_fg_mean": 668.5845947265625,
  "summary_fg_median": 635.3656005859375,
  "summary_fg_n": 42802.0,
  "summary_fg_p05": 392.91907501220703,
  "summary_fg_p95": 1042.2524780273436,
  "summary_fg_stdv": 199.63211059570312,
  "tsnr": 40.95466801483417
}