{
  "aor": 0.0018663106796116505,
  "aqi": 0.00300750495145631,
  "bids_meta": {
    "BandwidthPerPixelPhaseEncode": 31.25,
    "EchoTime": 0.025,
    "EffectiveEchoSpacing": 0.0005,
    "FlipAngle": 75,
    "ImageType": [
      "ORIGINAL",
      "PRIMARY",
      "M",
      "ND",
      "MOSAIC"
    ],
    "MagneticFieldStrength": 3,
    "Manufacturer": "Siemens",
    "ManufacturersModelName": "TrioTim",
    "Modality": "MR",
    "PhaseEncodingDirection": "j-",
    "PixelBandwidth": 3005,
    "RepetitionTime": 3,
    "ScanningSequence": "EP",
    "SequenceVariant": "SK",
    "SliceThickness": 3,
    "SliceTiming": [
      0,
      1.5225,
      0.055,
      1.58,
      0.1125,
      1.6375,
      0.17,
      1.6925,
      0.225,
      1.75,
      0.2825,
      1.805,
      0.3375,
      1.8625,
      0.395,
      1.92,
      0.45,
      1.975,
      0.5075,
      2.0325,
      0.565,
      2.0875,
      0.62,
      2.145,
      0.6775,
      2.2,
      0.7325,
      2.2575,
      0.79,
      2.315,
      0.8475,
      2.37,
      0.9025,
      2.4275,
      0.96,
      2.4825,
      1.015,
      2.54,
      1.0725,
      2.595,
      1.1275,
      2.6525,
      1.185,
      2.71,
      1.2425,
      2.765,
      1.2975,
      2.8225,
      1.355,
      2.8775,
      1.41,
      2.935,
      1.4675
    ],
    "SpacingBetweenSlices": 3,
    "TaskName": "intertemporal choice task",
    "TotalReadoutTime": 0.0315,
    "dataset": "ds002843",
    "modality": "bold",
    "run_id": 3,
    "session_id": "scan2",
    "subject_id": "dmp0356",
    "task_id": "itc"
  },
  "dummy_trs": 1,
  "dvars_nstd": 21.992405984411757,
  "dvars_std": 1.1590126038235293,
  "dvars_vstd": 0.9803841653921569,
  "efc": 0.5935707286481622,
  "fber": 308.3091735839844,
  "fd_mean": 0.05437383707036694,
  "fd_num": 1,
  "fd_perc": 0.970873786407767,
  "fwhm_avg": 2.5965722222222225,
  "fwhm_x": 2.4345,
  "fwhm_y": 2.4573833333333335,
  "fwhm_z": 2.8978333333333333,
  "gcor": 0.0220997,
  "gsr_x": 0.011160491965711117,
  "gsr_y": 0.05531022325158119,
  "provenance": {
    "md5sum": "a1cc9b2419411f598f112201aaabdfc7",
    "settings": {
      "fd_thres": 0.2,
      "testing": false
    },
    "software": "mriqc",
    "version": "21.0.0rc2",
    "webapi_port": null,
    "webapi_url": "https://mriqc.nimh.nih.gov/api/v1"
  },
  "size_t": 103,
  "size_x": 64,
  "size_y": 64,
  "size_z": 53,
  "snr": 2.6211792698550793,
  "spacing_tr": 3.0,
  "spacing_x": 3.0,
  "spacing_y": 3.0,
  "spacing_z": 3.0,
  "summary_bg_k": 33.58664990772896,
  "summary_bg_mad": 15.200272579129742,
  "summary_bg_mean": 78.18943786621094,
  "summary_bg_median": 37.514564514160156,
  "summary_bg_n": 122345.0,
  "summary_bg_p05": 25.834951400756836,
  "summary_bg_p95": 265.87766113281214,
  "summary_bg_stdv": 106.4195556640625,
  "summary_fg_k": 4.268229478484567,
  "summary_fg_mad": 213.9121537930517,
  "summary_fg_mean": 738.0885009765625,
  "summary_fg_median": 683.8349609375,
  "summary_fg_n": 48419.0,
  "summary_fg_p05": 427.5,
  "summary_fg_p95": 1226.1766967773435,
  "summary_fg_stdv": 260.8855895996094,
  "tsnr": 77.10708387417253
}