{
  "aor": 0.002514125,
  "aqi": 0.0034892749375000005,
  "bids_meta": {
    "BandwidthPerPixelPhaseEncode": 31.25,
    "EchoTime": 0.025,
    "EffectiveEchoSpacing": 0.0005,
    "FlipAngle": 75,
    "ImageType": [
      "ORIGINAL",
      "PRIMARY",
      "M",
      "ND",
      "MOSAIC"
    ],
    "MagneticFieldStrength": 3,
    "Manufacturer": "Siemens",
    "ManufacturersModelName": "TrioTim",
    "Modality": "MR",
    "PhaseEncodingDirection": "j-",
    "PixelBandwidth": 3005,
    "RepetitionTime": 3,
    "ScanningSequence": "EP",
    "SequenceVariant": "SK",
    "SliceThickness": 3,
    "SliceTiming": [
      0,
      1.5225,
      0.055,
      1.58,
      0.1125,
      1.635,
      0.1675,
      1.6925,
      0.225,
      1.75,
      0.2825,
      1.805,
      0.3375,
      1.8625,
      0.395,
      1.9175,
      0.45,
      1.975,
      0.5075,
      2.03,
      0.5625,
      2.0875,
      0.62,
      2.145,
      0.6775,
      2.2,
      0.7325,
      2.2575,
      0.79,
      2.3125,
      0.845,
      2.37,
      0.9025,
      2.425,
      0.9575,
      2.4825,
      1.015,
      2.54,
      1.0725,
      2.595,
      1.1275,
      2.6525,
      1.185,
      2.7075,
      1.24,
      2.765,
      1.2975,
      2.8225,
      1.355,
      2.8775,
      1.41,
      2.935,
      1.4675
    ],
    "SpacingBetweenSlices": 3,
    "TaskName": "rest",
    "TotalReadoutTime": 0.0315,
    "dataset": "ds002843",
    "modality": "bold",
    "session_id": "scan2",
    "subject_id": "dmp0356",
    "task_id": "rest"
  },
  "dummy_trs": 0,
  "dvars_nstd": 25.627922610125786,
  "dvars_std": 1.2156356494968559,
  "dvars_vstd": 1.001721787798742,
  "efc": 0.5915823261353951,
  "fber": 316.6102294921875,
  "fd_mean": 0.10066927812452163,
  "fd_num": 10,
  "fd_perc": 6.25,
  "fwhm_avg": 2.6569133333333332,
  "fwhm_x": 2.5157666666666665,
  "fwhm_y": 2.47064,
  "fwhm_z": 2.9843333333333333,
  "gcor": 0.0554697,
  "gsr_x": 0.008718956261873245,
  "gsr_y": 0.05077924206852913,
  "provenance": {
    "md5sum": "6addac48a225142c84efed7e8176c971",
    "settings": {
      "fd_thres": 0.2,
      "testing": false
    },
    "software": "mriqc",
    "version": "21.0.0rc2",
    "webapi_port": null,
    "webapi_url": "https://mriqc.nimh.nih.gov/api/v1"
  },
  "size_t": 160,
  "size_x": 64,
  "size_y": 64,
  "size_z": 53,
  "snr": 2.60899798236175,
  "spacing_tr": 3.0,
  "spacing_x": 3.0,
  "spacing_y": 3.0,
  "spacing_z": 3.0,
  "summary_bg_k": 35.35340792607253,
  "summary_bg_mad": 14.297844013577674,
  "summary_bg_mean": 77.95502471923828,
  "summary_bg_median": 37.01874923706055,
  "summary_bg_n": 122774.0,
  "summary_bg_p05": 26.5,
  "summary_bg_p95": 261.09375,
  "summary_bg_stdv": 109.73664855957031,
  "summary_fg_k": 4.342624370741156,
  "summary_fg_mad": 215.04211313768545,
  "summary_fg_mean": 736.6774291992188,
  "summary_fg_median": 682.8187866210938,
  "summary_fg_n": 48503.0,
  "summary_fg_p05": 425.73438720703126,
  "summary_fg_p95": 1226.8125732421881,
  "summary_fg_stdv": 261.71417236328125,
  "tsnr": 69.82925230253022
}