{
  "aor": 0.010559090909090909,
  "aqi": 0.002945731818181818,
  "bids_meta": {
    "BandwidthPerPixelPhaseEncode": 31.25,
    "EchoTime": 0.025,
    "EffectiveEchoSpacing": 0.0005,
    "FlipAngle": 75,
    "ImageType": [
      "ORIGINAL",
      "PRIMARY",
      "M",
      "ND",
      "MOSAIC"
    ],
    "MagneticFieldStrength": 3,
    "Manufacturer": "Siemens",
    "ManufacturersModelName": "TrioTim",
    "Modality": "MR",
    "PhaseEncodingDirection": "j-",
    "PixelBandwidth": 3005,
    "RepetitionTime": 3,
    "ScanningSequence": "EP",
    "SequenceVariant": "SK",
    "SliceThickness": 3,
    "SliceTiming": [
      0,
      1.5225,
      0.055,
      1.58,
      0.1125,
      1.6375,
      0.17,
      1.6925,
      0.225,
      1.75,
      0.2825,
      1.805,
      0.3375,
      1.8625,
      0.395,
      1.92,
      0.45,
      1.975,
      0.5075,
      2.0325,
      0.565,
      2.0875,
      0.62,
      2.145,
      0.6775,
      2.2,
      0.7325,
      2.2575,
      0.79,
      2.315,
      0.8475,
      2.37,
      0.9025,
      2.4275,
      0.96,
      2.4825,
      1.015,
      2.54,
      1.0725,
      2.595,
      1.1275,
      2.6525,
      1.185,
      2.71,
      1.2425,
      2.765,
      1.2975,
      2.8225,
      1.355,
      2.8775,
      1.41,
      2.935,
      1.4675
    ],
    "SpacingBetweenSlices": 3,
    "TaskName": "risk choice task",
    "TotalReadoutTime": 0.0315,
    "dataset": "ds002843",
    "modality": "bold",
    "run_id": 4,
    "session_id": "scan1",
    "subject_id": "dmp0032",
    "task_id": "risk"
  },
  "dummy_trs": 1,
  "dvars_nstd": 21.593547366666673,
  "dvars_std": 1.3226403290476192,
  "dvars_vstd": 1.189882404285714,
  "efc": 0.6098476986578311,
  "fber": 323.2168884277344,
  "fd_mean": 0.09137921318839748,
  "fd_num": 1,
  "fd_perc": 4.545454545454546,
  "fwhm_avg": 2.4953544444444447,
  "fwhm_x": 2.263063333333333,
  "fwhm_y": 2.4676066666666667,
  "fwhm_z": 2.7553933333333336,
  "gcor": 0.0144152,
  "gsr_x": 0.016189750283956528,
  "gsr_y": 0.0840001031756401,
  "provenance": {
    "md5sum": "535693b2ce3d885b5118426addff3974",
    "settings": {
      "fd_thres": 0.2,
      "testing": false
    },
    "software": "mriqc",
    "version": "21.0.0rc2",
    "webapi_port": null,
    "webapi_url": "https://mriqc.nimh.nih.gov/api/v1"
  },
  "size_t": 22,
  "size_x": 64,
  "size_y": 64,
  "size_z": 53,
  "snr": 3.1130847950391147,
  "spacing_tr": 3.0,
  "spacing_x": 3.0,
  "spacing_y": 3.0,
  "spacing_z": 3.0,
  "summary_bg_k": 19.549572632614233,
  "summary_bg_mad": 12.46733837989128,
  "summary_bg_mean": 75.825927734375,
  "summary_bg_median": 35.04545593261719,
  "summary_bg_n": 121202.0,
  "summary_bg_p05": 25.81818199157715,
  "summary_bg_p95": 279.0909118652344,
  "summary_bg_stdv": 100.15966033935547,
  "summary_fg_k": 0.8840927707412329,
  "summary_fg_mad": 192.06440298573244,
  "summary_fg_mean": 682.733642578125,
  "summary_fg_median": 644.3636474609375,
  "summary_fg_n": 50742.0,
  "summary_fg_p05": 411.4545593261719,
  "summary_fg_p95": 1078.038714599609,
  "summary_fg_stdv": 206.98353576660156,
  "tsnr": 93.99267182126641
}