{
  "bids_meta": {
    "EchoTime": 0.09,
    "FlipAngle": 180,
    "ImageType": [
      "ORIGINAL",
      "PRIMARY",
      "M",
      "ND",
      "NORM"
    ],
    "ImagingFrequency": 123.204,
    "MagneticFieldStrength": 3,
    "Manufacturer": "Siemens",
    "ManufacturersModelName": "TrioTim",
    "Modality": "MR",
    "PhaseEncodingDirection": "i",
    "RepetitionTime": 7,
    "ScanningSequence": "SE",
    "SequenceVariant": "SK_SP_OSP",
    "SliceThickness": 3,
    "SpacingBetweenSlices": 3,
    "dataset": "ds002843",
    "modality": "T2w",
    "session_id": "scan2",
    "subject_id": "dmp0305"
  },
  "cjv": 0.4876682009912105,
  "cnr": 2.4419225789051304,
  "efc": 0.6057383263036435,
  "fber": 1838.8298130193905,
  "fwhm_avg": 2.77763076469726,
  "fwhm_x": 3.1957066666666667,
  "fwhm_y": 3.5025999999999997,
  "fwhm_z": 1.6345856274251127,
  "icvs_csf": 0.17403158592636836,
  "icvs_gm": 0.3869771880897604,
  "icvs_wm": 0.4389912259838712,
  "inu_med": 1.3138360977172852,
  "inu_range": 0.25785550475120544,
  "provenance": {
    "md5sum": "a6615c554ec0409936fb580a567a54d0",
    "settings": {
      "testing": false
    },
    "software": "mriqc",
    "version": "21.0.0rc2",
    "warnings": {
      "large_rot_frame": false,
      "small_air_mask": false
    },
    "webapi_port": null,
    "webapi_url": "https://mriqc.nimh.nih.gov/api/v1"
  },
  "qi_1": 0.0,
  "qi_2": 0.0004921988499972288,
  "rpve_csf": 13.761550211385881,
  "rpve_gm": 6.129945005626415,
  "rpve_wm": 6.5429663749956655,
  "size_x": 256,
  "size_y": 256,
  "size_z": 44,
  "snr_csf": 2.8674526081225924,
  "snr_gm": 8.110283273955021,
  "snr_total": 6.324181333576408,
  "snr_wm": 7.9948081186516085,
  "snrd_csf": 104.37672777893404,
  "snrd_gm": 51.99755087443799,
  "snrd_total": 62.46749448504858,
  "snrd_wm": 31.028204801773718,
  "spacing_x": 0.75,
  "spacing_y": 0.75,
  "spacing_z": 3.000001907348633,
  "summary_bg_k": 283.68720544107214,
  "summary_bg_mad": 21.2158503176254,
  "summary_bg_mean": 46.400242759853505,
  "summary_bg_median": 25.36750316619873,
  "summary_bg_n": 830556.0,
  "summary_bg_p05": 3.6425132751464844,
  "summary_bg_p95": 113.04800128936768,
  "summary_bg_stdv": 135.7549538697802,
  "summary_csf_k": 0.4900920577564922,
  "summary_csf_mad": 952.0130651618089,
  "summary_csf_mean": 3277.1064596446886,
  "summary_csf_median": 3380.122229576111,
  "summary_csf_n": 103385.0,
  "summary_csf_p05": 590.8676891326904,
  "summary_csf_p95": 4949.525092124939,
  "summary_csf_stdv": 1178.7835212011134,
  "summary_gm_k": 0.18618379995601986,
  "summary_gm_mad": 205.7937480809664,
  "summary_gm_mean": 1691.7800932522173,
  "summary_gm_median": 1683.881851196289,
  "summary_gm_n": 203653.0,
  "summary_gm_p05": 1368.2840938568115,
  "summary_gm_p95": 2045.5313835144043,
  "summary_gm_stdv": 207.62255276645598,
  "summary_wm_k": 0.09875479635132445,
  "summary_wm_mad": 125.36638824051373,
  "summary_wm_mean": 996.2676544928163,
  "summary_wm_median": 1004.813304901123,
  "summary_wm_n": 276558.0,
  "summary_wm_p05": 774.6845197677612,
  "summary_wm_p95": 1186.288519859314,
  "summary_wm_stdv": 125.68300243680736,
  "tpm_overlap_csf": 0.17527972161769867,
  "tpm_overlap_gm": 0.4096154570579529,
  "tpm_overlap_wm": 0.4752005636692047,
  "wm2max": 0.18620479680576246
}