{
  "bids_meta": {
    "EchoTime": 0.00311,
    "FlipAngle": 15,
    "ImageType": [
      "ORIGINAL",
      "PRIMARY",
      "M",
      "ND",
      "NORM"
    ],
    "InversionTime": 1.1,
    "MagneticFieldStrength": 3,
    "Manufacturer": "Siemens",
    "ManufacturersModelName": "TrioTim",
    "Modality": "MR",
    "RepetitionTime": 1.63,
    "ScanningSequence": "GR_IR",
    "SequenceVariant": "SP_MP",
    "SliceThickness": 1,
    "dataset": "ds002843",
    "modality": "T1w",
    "session_id": "scan2",
    "subject_id": "dmp0305"
  },
  "cjv": 0.5970379113362997,
  "cnr": 2.1569903323940274,
  "efc": 0.6188791548918896,
  "fber": 9423.7177734375,
  "fwhm_avg": 3.5204800000000005,
  "fwhm_x": 3.340896,
  "fwhm_y": 3.954464,
  "fwhm_z": 3.26608,
  "icvs_csf": 0.1838982470006095,
  "icvs_gm": 0.41381704491399096,
  "icvs_wm": 0.4022847080853995,
  "inu_med": 1.1331934928894043,
  "inu_range": 0.2230784296989441,
  "provenance": {
    "md5sum": "02939726a2b119c1b317dd1041a1adbb",
    "settings": {
      "testing": false
    },
    "software": "mriqc",
    "version": "21.0.0rc2",
    "warnings": {
      "large_rot_frame": true,
      "small_air_mask": false
    },
    "webapi_port": null,
    "webapi_url": "https://mriqc.nimh.nih.gov/api/v1"
  },
  "qi_1": 0.0018473313992253882,
  "qi_2": 0.00884960736847811,
  "rpve_csf": 18.224949787210136,
  "rpve_gm": 8.601623522127712,
  "rpve_wm": 10.519440287501116,
  "size_x": 192,
  "size_y": 256,
  "size_z": 160,
  "snr_csf": 3.2253051115674616,
  "snr_gm": 12.402143045841967,
  "snr_total": 12.977844954201137,
  "snr_wm": 23.30608670519398,
  "snrd_csf": 32.65242728819319,
  "snrd_gm": 70.68627236091851,
  "snrd_total": 62.95373338460675,
  "snrd_wm": 85.52250050470856,
  "spacing_x": 0.9375,
  "spacing_y": 0.9375,
  "spacing_z": 1.0,
  "summary_bg_k": 1473.9394492080232,
  "summary_bg_mad": 7.660815358614971,
  "summary_bg_mean": 10.308568000793457,
  "summary_bg_median": 7.819580078125,
  "summary_bg_n": 2247264.0,
  "summary_bg_p05": 0.0,
  "summary_bg_p95": 34.260615158081066,
  "summary_bg_stdv": 13.643765449523926,
  "summary_csf_k": 3.3872067900703673,
  "summary_csf_mad": 88.10646919855277,
  "summary_csf_mean": 412.5154724121094,
  "summary_csf_median": 381.820068359375,
  "summary_csf_n": 28871.0,
  "summary_csf_p05": 275.2252960205078,
  "summary_csf_p95": 652.9931640625,
  "summary_csf_stdv": 118.38056945800781,
  "summary_gm_k": -0.01015565109621086,
  "summary_gm_mad": 66.31667778582293,
  "summary_gm_mean": 829.8568115234375,
  "summary_gm_median": 826.5675659179688,
  "summary_gm_n": 20215.0,
  "summary_gm_p05": 726.0167358398437,
  "summary_gm_p95": 946.1917846679687,
  "summary_gm_stdv": 66.6455078125,
  "summary_wm_k": 1.9920352583713337,
  "summary_wm_mad": 37.26160160635307,
  "summary_wm_mean": 1005.9231567382812,
  "summary_wm_median": 1000.0545043945312,
  "summary_wm_n": 223148.0,
  "summary_wm_p05": 947.5875122070313,
  "summary_wm_p95": 1085.0408874511718,
  "summary_wm_stdv": 42.909488677978516,
  "tpm_overlap_csf": 0.18181683123111725,
  "tpm_overlap_gm": 0.4409553110599518,
  "tpm_overlap_wm": 0.5032771229743958,
  "wm2max": 0.5266030980093162
}