{
  "aor": 0.0026905769230769227,
  "aqi": 0.003399432692307692,
  "bids_meta": {
    "BandwidthPerPixelPhaseEncode": 31.25,
    "EchoTime": 0.025,
    "EffectiveEchoSpacing": 0.0005,
    "FlipAngle": 75,
    "ImageType": [
      "ORIGINAL",
      "PRIMARY",
      "M",
      "ND",
      "MOSAIC"
    ],
    "MagneticFieldStrength": 3,
    "Manufacturer": "Siemens",
    "ManufacturersModelName": "TrioTim",
    "Modality": "MR",
    "PhaseEncodingDirection": "j-",
    "PixelBandwidth": 3005,
    "RepetitionTime": 3,
    "ScanningSequence": "EP",
    "SequenceVariant": "SK",
    "SliceThickness": 3,
    "SliceTiming": [
      0,
      1.5225,
      0.055,
      1.58,
      0.1125,
      1.6375,
      0.17,
      1.6925,
      0.225,
      1.75,
      0.2825,
      1.805,
      0.3375,
      1.8625,
      0.395,
      1.92,
      0.45,
      1.975,
      0.5075,
      2.0325,
      0.565,
      2.0875,
      0.62,
      2.145,
      0.6775,
      2.2,
      0.7325,
      2.2575,
      0.79,
      2.315,
      0.8475,
      2.37,
      0.9025,
      2.4275,
      0.96,
      2.4825,
      1.015,
      2.54,
      1.0725,
      2.595,
      1.1275,
      2.6525,
      1.185,
      2.71,
      1.2425,
      2.765,
      1.2975,
      2.8225,
      1.355,
      2.8775,
      1.41,
      2.935,
      1.4675
    ],
    "SpacingBetweenSlices": 3,
    "TaskName": "intertemporal choice task",
    "TotalReadoutTime": 0.0315,
    "dataset": "ds002843",
    "modality": "bold",
    "run_id": 2,
    "session_id": "scan1",
    "subject_id": "dmp0897",
    "task_id": "itc"
  },
  "dummy_trs": 0,
  "dvars_nstd": 24.897551805242728,
  "dvars_std": 1.2554278080582526,
  "dvars_vstd": 1.0099086359223306,
  "efc": 0.5761615248079338,
  "fber": 359.5262756347656,
  "fd_mean": 0.11454295319154412,
  "fd_num": 15,
  "fd_perc": 14.423076923076923,
  "fwhm_avg": 2.770007777777778,
  "fwhm_x": 2.6364266666666665,
  "fwhm_y": 2.5546933333333333,
  "fwhm_z": 3.1189033333333334,
  "gcor": 0.0427175,
  "gsr_x": -0.012130379676818848,
  "gsr_y": 0.06729662418365479,
  "provenance": {
    "md5sum": "2a60c0eb83ac6f1126d41e728986abcb",
    "settings": {
      "fd_thres": 0.2,
      "testing": false
    },
    "software": "mriqc",
    "version": "21.0.0rc2",
    "webapi_port": null,
    "webapi_url": "https://mriqc.nimh.nih.gov/api/v1"
  },
  "size_t": 104,
  "size_x": 64,
  "size_y": 64,
  "size_z": 53,
  "snr": 2.769785130493211,
  "spacing_tr": 3.0,
  "spacing_x": 3.0,
  "spacing_y": 3.0,
  "spacing_z": 3.0,
  "summary_bg_k": 21.102701880151187,
  "summary_bg_mad": 14.769001633119018,
  "summary_bg_mean": 78.52466583251953,
  "summary_bg_median": 37.34615707397461,
  "summary_bg_n": 129087.0,
  "summary_bg_p05": 26.31730842590332,
  "summary_bg_p95": 278.7596130371094,
  "summary_bg_stdv": 100.80976104736328,
  "summary_fg_k": 4.104545973733191,
  "summary_fg_mad": 205.05527056926908,
  "summary_fg_mean": 780.6729736328125,
  "summary_fg_median": 726.1057739257812,
  "summary_fg_n": 43692.0,
  "summary_fg_p05": 467.6976089477539,
  "summary_fg_p95": 1288.513018798828,
  "summary_fg_stdv": 262.1493835449219,
  "tsnr": 81.71985405380838
}