{
  "aor": 0.0027945624999999997,
  "aqi": 0.007034573375,
  "bids_meta": {
    "BandwidthPerPixelPhaseEncode": 31.25,
    "EchoTime": 0.025,
    "EffectiveEchoSpacing": 0.0005,
    "FlipAngle": 75,
    "ImageType": [
      "ORIGINAL",
      "PRIMARY",
      "M",
      "ND",
      "MOSAIC"
    ],
    "MagneticFieldStrength": 3,
    "Manufacturer": "Siemens",
    "ManufacturersModelName": "TrioTim",
    "Modality": "MR",
    "PhaseEncodingDirection": "j-",
    "PixelBandwidth": 3005,
    "RepetitionTime": 3,
    "ScanningSequence": "EP",
    "SequenceVariant": "SK",
    "SliceThickness": 3,
    "SliceTiming": [
      0,
      1.5225,
      0.055,
      1.58,
      0.1125,
      1.635,
      0.1675,
      1.6925,
      0.225,
      1.75,
      0.2825,
      1.805,
      0.3375,
      1.8625,
      0.395,
      1.9175,
      0.45,
      1.975,
      0.5075,
      2.03,
      0.5625,
      2.0875,
      0.62,
      2.145,
      0.6775,
      2.2,
      0.7325,
      2.2575,
      0.79,
      2.3125,
      0.845,
      2.37,
      0.9025,
      2.425,
      0.9575,
      2.4825,
      1.015,
      2.54,
      1.0725,
      2.595,
      1.1275,
      2.6525,
      1.185,
      2.7075,
      1.24,
      2.765,
      1.2975,
      2.8225,
      1.355,
      2.8775,
      1.41,
      2.935,
      1.4675
    ],
    "SpacingBetweenSlices": 3,
    "TaskName": "rest",
    "TotalReadoutTime": 0.0315,
    "dataset": "ds002843",
    "modality": "bold",
    "session_id": "scan1",
    "subject_id": "dmp0897",
    "task_id": "rest"
  },
  "dummy_trs": 0,
  "dvars_nstd": 26.20543124855346,
  "dvars_std": 1.1207111078616352,
  "dvars_vstd": 0.9458421850314466,
  "efc": 0.570085362447882,
  "fber": 355.276123046875,
  "fd_mean": 0.18721707307491747,
  "fd_num": 55,
  "fd_perc": 34.375,
  "fwhm_avg": 2.8912666666666667,
  "fwhm_x": 2.7819766666666665,
  "fwhm_y": 2.67769,
  "fwhm_z": 3.2141333333333333,
  "gcor": 0.020412,
  "gsr_x": -0.011357166804373264,
  "gsr_y": 0.06617728620767593,
  "provenance": {
    "md5sum": "c55f555f3e67408e3f9ebf48b0280d7a",
    "settings": {
      "fd_thres": 0.2,
      "testing": false
    },
    "software": "mriqc",
    "version": "21.0.0rc2",
    "webapi_port": null,
    "webapi_url": "https://mriqc.nimh.nih.gov/api/v1"
  },
  "size_t": 160,
  "size_x": 64,
  "size_y": 64,
  "size_z": 53,
  "snr": 2.6219220867182456,
  "spacing_tr": 3.0,
  "spacing_x": 3.0,
  "spacing_y": 3.0,
  "spacing_z": 3.0,
  "summary_bg_k": 19.48329476969401,
  "summary_bg_mad": 16.836802575039968,
  "summary_bg_mean": 81.47881317138672,
  "summary_bg_median": 38.54375076293945,
  "summary_bg_n": 130554.0,
  "summary_bg_p05": 25.287500381469727,
  "summary_bg_p95": 284.8193710327145,
  "summary_bg_stdv": 106.15159606933594,
  "summary_fg_k": 4.35474458366082,
  "summary_fg_mad": 214.29624224010047,
  "summary_fg_mean": 793.9207153320312,
  "summary_fg_median": 733.8406372070312,
  "summary_fg_n": 43530.0,
  "summary_fg_p05": 466.5521942138672,
  "summary_fg_p95": 1344.0756225585926,
  "summary_fg_stdv": 279.88330078125,
  "tsnr": 56.35643912991509
}