{
  "aor": 0.011072019230769233,
  "aqi": 0.005754240192307692,
  "bids_meta": {
    "BandwidthPerPixelPhaseEncode": 31.25,
    "EchoTime": 0.025,
    "EffectiveEchoSpacing": 0.0005,
    "FlipAngle": 75,
    "ImageType": [
      "ORIGINAL",
      "PRIMARY",
      "M",
      "ND",
      "MOSAIC"
    ],
    "MagneticFieldStrength": 3,
    "Manufacturer": "Siemens",
    "ManufacturersModelName": "TrioTim",
    "Modality": "MR",
    "PhaseEncodingDirection": "j-",
    "PixelBandwidth": 3005,
    "RepetitionTime": 3,
    "ScanningSequence": "EP",
    "SequenceVariant": "SK",
    "SliceThickness": 3,
    "SliceTiming": [
      0,
      1.5225,
      0.055,
      1.58,
      0.1125,
      1.6375,
      0.17,
      1.6925,
      0.225,
      1.75,
      0.2825,
      1.805,
      0.3375,
      1.8625,
      0.395,
      1.92,
      0.45,
      1.975,
      0.5075,
      2.0325,
      0.565,
      2.0875,
      0.62,
      2.145,
      0.6775,
      2.2,
      0.7325,
      2.2575,
      0.79,
      2.315,
      0.8475,
      2.37,
      0.9025,
      2.4275,
      0.96,
      2.4825,
      1.015,
      2.54,
      1.0725,
      2.595,
      1.1275,
      2.6525,
      1.185,
      2.71,
      1.2425,
      2.765,
      1.2975,
      2.8225,
      1.355,
      2.8775,
      1.41,
      2.935,
      1.4675
    ],
    "SpacingBetweenSlices": 3,
    "TaskName": "risk choice task",
    "TotalReadoutTime": 0.0315,
    "dataset": "ds002843",
    "modality": "bold",
    "run_id": 1,
    "session_id": "scan1",
    "subject_id": "dmp0897",
    "task_id": "risk"
  },
  "dummy_trs": 0,
  "dvars_nstd": 22.63275171504854,
  "dvars_std": 1.1716041022330097,
  "dvars_vstd": 1.0217773873786409,
  "efc": 0.5720788820162256,
  "fber": 343.1665954589844,
  "fd_mean": 0.11667608952884918,
  "fd_num": 8,
  "fd_perc": 7.6923076923076925,
  "fwhm_avg": 2.895418888888889,
  "fwhm_x": 2.7701733333333336,
  "fwhm_y": 2.679346666666667,
  "fwhm_z": 3.236736666666667,
  "gcor": 0.0091654,
  "gsr_x": -0.010771041736006737,
  "gsr_y": 0.06626074761152267,
  "provenance": {
    "md5sum": "ef6e96316c91ea7de7622639d16dfa81",
    "settings": {
      "fd_thres": 0.2,
      "testing": false
    },
    "software": "mriqc",
    "version": "21.0.0rc2",
    "webapi_port": null,
    "webapi_url": "https://mriqc.nimh.nih.gov/api/v1"
  },
  "size_t": 104,
  "size_x": 64,
  "size_y": 64,
  "size_z": 53,
  "snr": 2.593647748966817,
  "spacing_tr": 3.0,
  "spacing_x": 3.0,
  "spacing_y": 3.0,
  "spacing_z": 3.0,
  "summary_bg_k": 17.64098685360638,
  "summary_bg_mad": 16.893116167148353,
  "summary_bg_mean": 84.0140609741211,
  "summary_bg_median": 39.278846740722656,
  "summary_bg_n": 130479.0,
  "summary_bg_p05": 26.721155166625977,
  "summary_bg_p95": 296.49423522949184,
  "summary_bg_stdv": 108.86939239501953,
  "summary_fg_k": 4.381572430492002,
  "summary_fg_mad": 216.50263558682366,
  "summary_fg_mean": 802.5255126953125,
  "summary_fg_median": 739.6923217773438,
  "summary_fg_n": 43567.0,
  "summary_fg_p05": 469.6750183105469,
  "summary_fg_p95": 1364.5807983398438,
  "summary_fg_stdv": 285.1905517578125,
  "tsnr": 60.086466079810634
}