{
  "aor": 0.026080288461538464,
  "aqi": 0.0071860373076923076,
  "bids_meta": {
    "BandwidthPerPixelPhaseEncode": 31.25,
    "EchoTime": 0.025,
    "EffectiveEchoSpacing": 0.0005,
    "FlipAngle": 75,
    "ImageType": [
      "ORIGINAL",
      "PRIMARY",
      "M",
      "ND",
      "MOSAIC"
    ],
    "MagneticFieldStrength": 3,
    "Manufacturer": "Siemens",
    "ManufacturersModelName": "TrioTim",
    "Modality": "MR",
    "PhaseEncodingDirection": "j-",
    "PixelBandwidth": 3005,
    "RepetitionTime": 3,
    "ScanningSequence": "EP",
    "SequenceVariant": "SK",
    "SliceThickness": 3,
    "SliceTiming": [
      0,
      1.5225,
      0.055,
      1.58,
      0.1125,
      1.6375,
      0.17,
      1.6925,
      0.225,
      1.75,
      0.2825,
      1.805,
      0.3375,
      1.8625,
      0.395,
      1.92,
      0.45,
      1.975,
      0.5075,
      2.0325,
      0.565,
      2.0875,
      0.62,
      2.145,
      0.6775,
      2.2,
      0.7325,
      2.2575,
      0.79,
      2.315,
      0.8475,
      2.37,
      0.9025,
      2.4275,
      0.96,
      2.4825,
      1.015,
      2.54,
      1.0725,
      2.595,
      1.1275,
      2.6525,
      1.185,
      2.71,
      1.2425,
      2.765,
      1.2975,
      2.8225,
      1.355,
      2.8775,
      1.41,
      2.935,
      1.4675
    ],
    "SpacingBetweenSlices": 3,
    "TaskName": "intertemporal choice task",
    "TotalReadoutTime": 0.0315,
    "dataset": "ds002843",
    "modality": "bold",
    "run_id": 3,
    "session_id": "scan1",
    "subject_id": "dmp0870",
    "task_id": "itc"
  },
  "dummy_trs": 0,
  "dvars_nstd": 30.756225196990286,
  "dvars_std": 1.3046536497087378,
  "dvars_vstd": 1.1672818469902917,
  "efc": 0.6044026824610104,
  "fber": 200.89199829101562,
  "fd_mean": 0.22028887629700578,
  "fd_num": 15,
  "fd_perc": 14.423076923076923,
  "fwhm_avg": 2.6574911111111112,
  "fwhm_x": 2.4877266666666666,
  "fwhm_y": 2.5204633333333333,
  "fwhm_z": 2.964283333333333,
  "gcor": 0.042454,
  "gsr_x": 0.014918255619704723,
  "gsr_y": 0.0629587173461914,
  "provenance": {
    "md5sum": "3ac9dfd1c23ab69f6ebcfa22dbc91ba4",
    "settings": {
      "fd_thres": 0.2,
      "testing": false
    },
    "software": "mriqc",
    "version": "21.0.0rc2",
    "webapi_port": null,
    "webapi_url": "https://mriqc.nimh.nih.gov/api/v1"
  },
  "size_t": 104,
  "size_x": 64,
  "size_y": 64,
  "size_z": 53,
  "snr": 2.6296947268299977,
  "spacing_tr": 3.0,
  "spacing_x": 3.0,
  "spacing_y": 3.0,
  "spacing_z": 3.0,
  "summary_bg_k": 30.237425458752377,
  "summary_bg_mad": 22.010942586318077,
  "summary_bg_mean": 87.00348663330078,
  "summary_bg_median": 42.97115707397461,
  "summary_bg_n": 127991.0,
  "summary_bg_p05": 27.298078536987305,
  "summary_bg_p95": 283.15867614746094,
  "summary_bg_stdv": 106.4215087890625,
  "summary_fg_k": 5.779292689814577,
  "summary_fg_mad": 186.9575514109422,
  "summary_fg_mean": 683.7902221679688,
  "summary_fg_median": 629.3702392578125,
  "summary_fg_n": 44952.0,
  "summary_fg_p05": 408.2019348144531,
  "summary_fg_p95": 1120.0928100585927,
  "summary_fg_stdv": 239.3293914794922,
  "tsnr": 47.71390569396317
}