{
  "aor": 0.012105534591194967,
  "aqi": 0.008596309748427672,
  "bids_meta": {
    "BandwidthPerPixelPhaseEncode": 31.25,
    "EchoTime": 0.025,
    "EffectiveEchoSpacing": 0.0005,
    "FlipAngle": 75,
    "ImageType": [
      "ORIGINAL",
      "PRIMARY",
      "M",
      "ND",
      "MOSAIC"
    ],
    "MagneticFieldStrength": 3,
    "Manufacturer": "Siemens",
    "ManufacturersModelName": "TrioTim",
    "Modality": "MR",
    "PhaseEncodingDirection": "j-",
    "PixelBandwidth": 3005,
    "RepetitionTime": 3,
    "ScanningSequence": "EP",
    "SequenceVariant": "SK",
    "SliceThickness": 3,
    "SliceTiming": [
      0,
      1.5225,
      0.055,
      1.58,
      0.1125,
      1.635,
      0.1675,
      1.6925,
      0.225,
      1.75,
      0.2825,
      1.805,
      0.3375,
      1.8625,
      0.395,
      1.9175,
      0.45,
      1.975,
      0.5075,
      2.03,
      0.5625,
      2.0875,
      0.62,
      2.145,
      0.6775,
      2.2,
      0.7325,
      2.2575,
      0.79,
      2.3125,
      0.845,
      2.37,
      0.9025,
      2.425,
      0.9575,
      2.4825,
      1.015,
      2.54,
      1.0725,
      2.595,
      1.1275,
      2.6525,
      1.185,
      2.7075,
      1.24,
      2.765,
      1.2975,
      2.8225,
      1.355,
      2.8775,
      1.41,
      2.935,
      1.4675
    ],
    "SpacingBetweenSlices": 3,
    "TaskName": "rest",
    "TotalReadoutTime": 0.0315,
    "dataset": "ds002843",
    "modality": "bold",
    "session_id": "scan1",
    "subject_id": "dmp0870",
    "task_id": "rest"
  },
  "dummy_trs": 1,
  "dvars_nstd": 29.436268045822775,
  "dvars_std": 1.0543987101898742,
  "dvars_vstd": 0.9724176960759484,
  "efc": 0.5997150757737708,
  "fber": 194.8417205810547,
  "fd_mean": 0.20739506283274423,
  "fd_num": 33,
  "fd_perc": 20.754716981132077,
  "fwhm_avg": 2.692561111111111,
  "fwhm_x": 2.5375533333333333,
  "fwhm_y": 2.5531533333333334,
  "fwhm_z": 2.9869766666666666,
  "gcor": 0.0151527,
  "gsr_x": 0.01272024866193533,
  "gsr_y": 0.05267663300037384,
  "provenance": {
    "md5sum": "a501163952519d0298a864aa9d55732a",
    "settings": {
      "fd_thres": 0.2,
      "testing": false
    },
    "software": "mriqc",
    "version": "21.0.0rc2",
    "webapi_port": null,
    "webapi_url": "https://mriqc.nimh.nih.gov/api/v1"
  },
  "size_t": 159,
  "size_x": 64,
  "size_y": 64,
  "size_z": 53,
  "snr": 2.556345972638497,
  "spacing_tr": 3.0,
  "spacing_x": 3.0,
  "spacing_y": 3.0,
  "spacing_z": 3.0,
  "summary_bg_k": 34.818569171827306,
  "summary_bg_mad": 24.337052510419422,
  "summary_bg_mean": 85.80691528320312,
  "summary_bg_median": 44.201255798339844,
  "summary_bg_n": 127682.0,
  "summary_bg_p05": 25.65408706665039,
  "summary_bg_p95": 271.7603576660156,
  "summary_bg_stdv": 104.66646575927734,
  "summary_fg_k": 6.308261609021519,
  "summary_fg_mad": 192.31868229688973,
  "summary_fg_mean": 694.2030639648438,
  "summary_fg_median": 636.9119262695312,
  "summary_fg_n": 44978.0,
  "summary_fg_p05": 411.7147750854492,
  "summary_fg_p95": 1147.7499328613285,
  "summary_fg_stdv": 249.14657592773438,
  "tsnr": 44.4855579987634
}