{
  "bids_meta": {
    "EchoTime": 0.09,
    "FlipAngle": 180,
    "ImageType": [
      "ORIGINAL",
      "PRIMARY",
      "M",
      "ND",
      "NORM"
    ],
    "ImagingFrequency": 123.204,
    "MagneticFieldStrength": 3,
    "Manufacturer": "Siemens",
    "ManufacturersModelName": "TrioTim",
    "Modality": "MR",
    "PhaseEncodingDirection": "i",
    "RepetitionTime": 7,
    "ScanningSequence": "SE",
    "SequenceVariant": "SK_SP_OSP",
    "SliceThickness": 3,
    "SpacingBetweenSlices": 3,
    "dataset": "ds002843",
    "modality": "T2w",
    "session_id": "scan2",
    "subject_id": "dmp0969"
  },
  "cjv": 0.5385329462059623,
  "cnr": 2.5631826065052077,
  "efc": 0.6537018140060519,
  "fber": 3465.625708884688,
  "fwhm_avg": 2.8085909743446877,
  "fwhm_x": 3.2630133333333333,
  "fwhm_y": 3.4935463890245444,
  "fwhm_z": 1.6692132006761868,
  "icvs_csf": 0.18327483339786255,
  "icvs_gm": 0.4059438092977249,
  "icvs_wm": 0.41078135730441256,
  "inu_med": 1.3051106929779053,
  "inu_range": 0.39837182760238643,
  "provenance": {
    "md5sum": "7324d9a33b754696080c5ad4ce85d67a",
    "settings": {
      "testing": false
    },
    "software": "mriqc",
    "version": "21.0.0rc2",
    "warnings": {
      "large_rot_frame": false,
      "small_air_mask": false
    },
    "webapi_port": null,
    "webapi_url": "https://mriqc.nimh.nih.gov/api/v1"
  },
  "qi_1": 0.0,
  "qi_2": 0.0019386870661418669,
  "rpve_csf": 12.039583764448517,
  "rpve_gm": 5.284744495245894,
  "rpve_wm": 5.941494643764481,
  "size_x": 256,
  "size_y": 256,
  "size_z": 44,
  "snr_csf": 3.0092721492311796,
  "snr_gm": 10.672555275470696,
  "snr_total": 7.648972965341254,
  "snr_wm": 9.265091471321883,
  "snrd_csf": 135.65801089537786,
  "snrd_gm": 78.19625509015704,
  "snrd_total": 89.2244405021814,
  "snrd_wm": 53.81905552100933,
  "spacing_x": 0.75,
  "spacing_y": 0.7500000596046448,
  "spacing_z": 3.000000238418579,
  "summary_bg_k": 260.46268131212344,
  "summary_bg_mad": 12.183203779599065,
  "summary_bg_mean": 21.29440581428811,
  "summary_bg_median": 16.54024402052164,
  "summary_bg_n": 714202.0,
  "summary_bg_p05": 2.7391486912965775,
  "summary_bg_p95": 46.98693524301052,
  "summary_bg_stdv": 32.345999298852334,
  "summary_csf_k": 0.31941225582310384,
  "summary_csf_mad": 596.5084004396005,
  "summary_csf_mean": 2370.63567579271,
  "summary_csf_median": 2522.755944684148,
  "summary_csf_n": 129173.0,
  "summary_csf_p05": 556.321099202335,
  "summary_csf_p95": 3531.184070572257,
  "summary_csf_stdv": 838.3243703237968,
  "summary_gm_k": 0.04681855045478045,
  "summary_gm_mad": 136.2019704591075,
  "summary_gm_mean": 1459.16881550182,
  "summary_gm_median": 1454.171899460256,
  "summary_gm_n": 244479.0,
  "summary_gm_p05": 1244.8377283215523,
  "summary_gm_p95": 1689.949390657246,
  "summary_gm_stdv": 136.2531172621149,
  "summary_wm_k": 0.010843345591592612,
  "summary_wm_mad": 107.93068989362762,
  "summary_wm_mean": 994.4341042950275,
  "summary_wm_median": 1000.8427910506725,
  "summary_wm_n": 285000.0,
  "summary_wm_p05": 805.2043633684516,
  "summary_wm_p95": 1160.1348226368427,
  "summary_wm_stdv": 108.02279052316717,
  "tpm_overlap_csf": 0.1703566014766693,
  "tpm_overlap_gm": 0.43860509991645813,
  "tpm_overlap_wm": 0.4750095009803772,
  "wm2max": 0.25112067889708717
}