{
  "bids_meta": {
    "EchoTime": 0.00311,
    "FlipAngle": 15,
    "ImageType": [
      "ORIGINAL",
      "PRIMARY",
      "M",
      "ND",
      "NORM"
    ],
    "InversionTime": 1.1,
    "MagneticFieldStrength": 3,
    "Manufacturer": "Siemens",
    "ManufacturersModelName": "TrioTim",
    "Modality": "MR",
    "RepetitionTime": 1.63,
    "ScanningSequence": "GR_IR",
    "SequenceVariant": "SP_MP",
    "SliceThickness": 1,
    "dataset": "ds002843",
    "modality": "T1w",
    "session_id": "scan1",
    "subject_id": "dmp1057"
  },
  "cjv": 0.43607522851827746,
  "cnr": 2.8282316476569083,
  "efc": 0.625864293768175,
  "fber": 7063.15380859375,
  "fwhm_avg": 3.5020786666666663,
  "fwhm_x": 3.4177493333333335,
  "fwhm_y": 3.8253866666666667,
  "fwhm_z": 3.2631,
  "icvs_csf": 0.2023224187086715,
  "icvs_gm": 0.4021409633899064,
  "icvs_wm": 0.39553661790142214,
  "inu_med": 0.9978936314582825,
  "inu_range": 0.2473022252321242,
  "provenance": {
    "md5sum": "4e50655a463e5ed5d238f803adcd4874",
    "settings": {
      "testing": false
    },
    "software": "mriqc",
    "version": "21.0.0rc2",
    "warnings": {
      "large_rot_frame": true,
      "small_air_mask": false
    },
    "webapi_port": null,
    "webapi_url": "https://mriqc.nimh.nih.gov/api/v1"
  },
  "qi_1": 9.904573932241909e-05,
  "qi_2": 0.00420282842451529,
  "rpve_csf": 14.603451774360824,
  "rpve_gm": 7.493009453314426,
  "rpve_wm": 9.054278360443332,
  "size_x": 192,
  "size_y": 256,
  "size_z": 160,
  "snr_csf": 3.211603204330257,
  "snr_gm": 12.596621056931703,
  "snr_total": 14.523843095226468,
  "snr_wm": 27.76330502441744,
  "snrd_csf": 38.043627664063656,
  "snrd_gm": 79.07708668196526,
  "snrd_total": 72.27147947281325,
  "snrd_wm": 99.69372407241084,
  "spacing_x": 0.9375,
  "spacing_y": 0.9375,
  "spacing_z": 1.0,
  "summary_bg_k": 10.903895607144083,
  "summary_bg_mad": 6.571612601580949,
  "summary_bg_mean": 9.285911560058594,
  "summary_bg_median": 6.658052921295166,
  "summary_bg_n": 2005197.0,
  "summary_bg_p05": 0.0,
  "summary_bg_p95": 26.61427955627441,
  "summary_bg_stdv": 9.176602363586426,
  "summary_csf_k": 24.73768285750061,
  "summary_csf_mad": 75.07402106573615,
  "summary_csf_mean": 410.8634338378906,
  "summary_csf_median": 381.61212158203125,
  "summary_csf_n": 49333.0,
  "summary_csf_p05": 283.16306762695314,
  "summary_csf_p95": 620.7034667968749,
  "summary_csf_stdv": 118.82173156738281,
  "summary_gm_k": 0.4629289947437698,
  "summary_gm_mad": 58.342804355019915,
  "summary_gm_mean": 797.2901611328125,
  "summary_gm_median": 793.2149658203125,
  "summary_gm_n": 22242.0,
  "summary_gm_p05": 701.5259613037109,
  "summary_gm_p95": 911.284490966797,
  "summary_gm_stdv": 62.96903991699219,
  "summary_wm_k": 1.9056928286054777,
  "summary_wm_mad": 31.839117918638767,
  "summary_wm_mean": 1002.9265747070312,
  "summary_wm_median": 1000.0185546875,
  "summary_wm_n": 252309.0,
  "summary_wm_p05": 950.5144653320312,
  "summary_wm_p95": 1065.0253417968747,
  "summary_wm_stdv": 36.01936340332031,
  "tpm_overlap_csf": 0.17492587864398956,
  "tpm_overlap_gm": 0.44077396392822266,
  "tpm_overlap_wm": 0.4908740520477295,
  "wm2max": 0.4990426325412163
}