{
  "bids_meta": {
    "EchoTime": 0.09,
    "FlipAngle": 180,
    "ImageType": [
      "ORIGINAL",
      "PRIMARY",
      "M",
      "ND",
      "NORM"
    ],
    "ImagingFrequency": 123.204,
    "MagneticFieldStrength": 3,
    "Manufacturer": "Siemens",
    "ManufacturersModelName": "TrioTim",
    "Modality": "MR",
    "PhaseEncodingDirection": "i",
    "RepetitionTime": 7,
    "ScanningSequence": "SE",
    "SequenceVariant": "SK_SP_OSP",
    "SliceThickness": 3,
    "SpacingBetweenSlices": 3,
    "dataset": "ds002843",
    "modality": "T2w",
    "session_id": "scan1",
    "subject_id": "dmp1003"
  },
  "cjv": 0.5089961203656078,
  "cnr": 2.620749154815267,
  "efc": 0.6682593206209474,
  "fber": 1870.1934908968071,
  "fwhm_avg": 2.7346943573483853,
  "fwhm_x": 3.0976266666666668,
  "fwhm_y": 3.4625733333333333,
  "fwhm_z": 1.643883072045156,
  "icvs_csf": 0.16190616342387995,
  "icvs_gm": 0.37408805116328364,
  "icvs_wm": 0.46400578541283644,
  "inu_med": 1.1938037872314453,
  "inu_range": 0.32973170876503,
  "provenance": {
    "md5sum": "1800dc2c6db92cc4100b0cada6a7254b",
    "settings": {
      "testing": false
    },
    "software": "mriqc",
    "version": "21.0.0rc2",
    "warnings": {
      "large_rot_frame": false,
      "small_air_mask": false
    },
    "webapi_port": null,
    "webapi_url": "https://mriqc.nimh.nih.gov/api/v1"
  },
  "qi_1": 0.0,
  "qi_2": 0.0022129310081481705,
  "rpve_csf": 11.463618162921666,
  "rpve_gm": 4.532206804342027,
  "rpve_wm": 4.532862998046038,
  "size_x": 256,
  "size_y": 256,
  "size_z": 44,
  "snr_csf": 2.8246656828917263,
  "snr_gm": 9.174274783382394,
  "snr_total": 7.184372477931922,
  "snr_wm": 9.554176967521645,
  "snrd_csf": 83.47165556396376,
  "snrd_gm": 51.700284282603285,
  "snrd_total": 56.351626505097975,
  "snrd_wm": 33.88293966872688,
  "spacing_x": 0.75,
  "spacing_y": 0.75,
  "spacing_z": 3.000000476837158,
  "summary_bg_k": 655.0477314400064,
  "summary_bg_mad": 19.37680279762474,
  "summary_bg_mean": 30.186027188782266,
  "summary_bg_median": 24.085138276219368,
  "summary_bg_n": 693972.0,
  "summary_bg_p05": 2.707244224846363,
  "summary_bg_p95": 71.04182258993387,
  "summary_bg_stdv": 40.62390938768292,
  "summary_csf_k": 0.08216694653029144,
  "summary_csf_mad": 591.2692967960921,
  "summary_csf_mean": 2316.8148512072466,
  "summary_csf_median": 2468.820026561618,
  "summary_csf_n": 128726.0,
  "summary_csf_p05": 522.2180756479502,
  "summary_csf_p95": 3567.3777240421623,
  "summary_csf_stdv": 874.0186323846428,
  "summary_gm_k": 0.17450706261225113,
  "summary_gm_mad": 162.90354923431659,
  "summary_gm_mean": 1537.1961400596995,
  "summary_gm_median": 1529.126220792532,
  "summary_gm_n": 266287.0,
  "summary_gm_p05": 1279.686339110136,
  "summary_gm_p95": 1826.1762595325708,
  "summary_gm_stdv": 166.67511990812,
  "summary_wm_k": 0.019830720433986926,
  "summary_wm_mad": 105.32676377851735,
  "summary_wm_mean": 996.6292219343903,
  "summary_wm_median": 1002.1471294388175,
  "summary_wm_n": 388324.0,
  "summary_wm_p05": 814.3203921839595,
  "summary_wm_p95": 1158.1404087394476,
  "summary_wm_stdv": 104.89086003906608,
  "tpm_overlap_csf": 0.1422826200723648,
  "tpm_overlap_gm": 0.3940119743347168,
  "tpm_overlap_wm": 0.458512544631958,
  "wm2max": 0.24376559278064083
}