{
  "aor": 0.004553076923076924,
  "aqi": 0.002647554326923077,
  "bids_meta": {
    "BandwidthPerPixelPhaseEncode": 31.25,
    "EchoTime": 0.025,
    "EffectiveEchoSpacing": 0.0005,
    "FlipAngle": 75,
    "ImageType": [
      "ORIGINAL",
      "PRIMARY",
      "M",
      "ND",
      "MOSAIC"
    ],
    "MagneticFieldStrength": 3,
    "Manufacturer": "Siemens",
    "ManufacturersModelName": "TrioTim",
    "Modality": "MR",
    "PhaseEncodingDirection": "j-",
    "PixelBandwidth": 3005,
    "RepetitionTime": 3,
    "ScanningSequence": "EP",
    "SequenceVariant": "SK",
    "SliceThickness": 3,
    "SliceTiming": [
      0,
      1.5225,
      0.055,
      1.58,
      0.1125,
      1.6375,
      0.17,
      1.6925,
      0.225,
      1.75,
      0.2825,
      1.805,
      0.3375,
      1.8625,
      0.395,
      1.92,
      0.45,
      1.975,
      0.5075,
      2.0325,
      0.565,
      2.0875,
      0.62,
      2.145,
      0.6775,
      2.2,
      0.7325,
      2.2575,
      0.79,
      2.315,
      0.8475,
      2.37,
      0.9025,
      2.4275,
      0.96,
      2.4825,
      1.015,
      2.54,
      1.0725,
      2.595,
      1.1275,
      2.6525,
      1.185,
      2.71,
      1.2425,
      2.765,
      1.2975,
      2.8225,
      1.355,
      2.8775,
      1.41,
      2.935,
      1.4675
    ],
    "SpacingBetweenSlices": 3,
    "TaskName": "risk choice task",
    "TotalReadoutTime": 0.0315,
    "dataset": "ds002843",
    "modality": "bold",
    "run_id": 4,
    "session_id": "scan2",
    "subject_id": "dmp0574",
    "task_id": "risk"
  },
  "dummy_trs": 0,
  "dvars_nstd": 24.13248604708737,
  "dvars_std": 1.2369081296116506,
  "dvars_vstd": 1.0256539998058254,
  "efc": 0.5774600203025997,
  "fber": 344.0439147949219,
  "fd_mean": 0.10487474076209986,
  "fd_num": 9,
  "fd_perc": 8.653846153846153,
  "fwhm_avg": 2.9064022222222223,
  "fwhm_x": 2.7664299999999997,
  "fwhm_y": 2.73879,
  "fwhm_z": 3.2139866666666665,
  "gcor": 0.0577473,
  "gsr_x": -0.004362661857157946,
  "gsr_y": 0.08193569630384445,
  "provenance": {
    "md5sum": "67bb356e193644d39953e2b471ff21bd",
    "settings": {
      "fd_thres": 0.2,
      "testing": false
    },
    "software": "mriqc",
    "version": "21.0.0rc2",
    "webapi_port": null,
    "webapi_url": "https://mriqc.nimh.nih.gov/api/v1"
  },
  "size_t": 104,
  "size_x": 64,
  "size_y": 64,
  "size_z": 53,
  "snr": 2.19041125447244,
  "spacing_tr": 3.0,
  "spacing_x": 3.0,
  "spacing_y": 3.0,
  "spacing_z": 3.0,
  "summary_bg_k": 13.397031800408708,
  "summary_bg_mad": 12.602118857297617,
  "summary_bg_mean": 83.52102661132812,
  "summary_bg_median": 37.01923370361328,
  "summary_bg_n": 123325.0,
  "summary_bg_p05": 27.96154022216797,
  "summary_bg_p95": 319.7269287109367,
  "summary_bg_stdv": 111.33123016357422,
  "summary_fg_k": 3.4159876448131046,
  "summary_fg_mad": 242.7048064841386,
  "summary_fg_mean": 794.2205810546875,
  "summary_fg_median": 713.3557739257812,
  "summary_fg_n": 47017.0,
  "summary_fg_p05": 427.7538696289063,
  "summary_fg_p95": 1461.8712158203123,
  "summary_fg_stdv": 325.6686096191406,
  "tsnr": 79.28411821834743
}