{
  "bids_meta": {
    "EchoTime": 0.09,
    "FlipAngle": 180,
    "ImageType": [
      "ORIGINAL",
      "PRIMARY",
      "M",
      "ND",
      "NORM"
    ],
    "ImagingFrequency": 123.204,
    "MagneticFieldStrength": 3,
    "Manufacturer": "Siemens",
    "ManufacturersModelName": "TrioTim",
    "Modality": "MR",
    "PhaseEncodingDirection": "i",
    "RepetitionTime": 7,
    "ScanningSequence": "SE",
    "SequenceVariant": "SK_SP_OSP",
    "SliceThickness": 3,
    "SpacingBetweenSlices": 3,
    "dataset": "ds002843",
    "modality": "T2w",
    "session_id": "scan1",
    "subject_id": "dmp0952"
  },
  "cjv": 0.5631111443855824,
  "cnr": 2.3788472524388347,
  "efc": 0.5876582662529175,
  "fber": 2247.9810749540866,
  "fwhm_avg": 2.8674498604274135,
  "fwhm_x": 3.290786666666667,
  "fwhm_y": 3.5553333333333335,
  "fwhm_z": 1.7562295812822388,
  "icvs_csf": 0.1791163049527784,
  "icvs_gm": 0.39643627097168543,
  "icvs_wm": 0.4244474240755362,
  "inu_med": 1.275064468383789,
  "inu_range": 0.3620266020298004,
  "provenance": {
    "md5sum": "80a7ea4476251eb92fbfa597838fcaf1",
    "settings": {
      "testing": false
    },
    "software": "mriqc",
    "version": "21.0.0rc2",
    "warnings": {
      "large_rot_frame": false,
      "small_air_mask": false
    },
    "webapi_port": null,
    "webapi_url": "https://mriqc.nimh.nih.gov/api/v1"
  },
  "qi_1": 0.0001797490800004858,
  "qi_2": 0.0009395824087678425,
  "rpve_csf": 12.534813145746318,
  "rpve_gm": 5.663851817296771,
  "rpve_wm": 6.221898176208056,
  "size_x": 256,
  "size_y": 256,
  "size_z": 44,
  "snr_csf": 3.1055920766043745,
  "snr_gm": 9.595198485502557,
  "snr_total": 7.373891621578902,
  "snr_wm": 9.420884302629773,
  "snrd_csf": 130.5968165571711,
  "snrd_gm": 63.16877880967965,
  "snrd_total": 79.09156078180673,
  "snrd_wm": 43.50908697856943,
  "spacing_x": 0.75,
  "spacing_y": 0.75,
  "spacing_z": 3.0000007152557373,
  "summary_bg_k": 146.7645420789778,
  "summary_bg_mad": 15.015101816724084,
  "summary_bg_mean": 27.953927171755904,
  "summary_bg_median": 17.62940803170204,
  "summary_bg_n": 823222.0,
  "summary_bg_p05": 2.53188306838274,
  "summary_bg_p95": 76.05026549845934,
  "summary_bg_stdv": 43.6672554534378,
  "summary_csf_k": 0.6279975023872395,
  "summary_csf_mad": 824.162255273522,
  "summary_csf_mean": 2886.6194202849074,
  "summary_csf_median": 2993.1546540632844,
  "summary_csf_n": 117233.0,
  "summary_csf_p05": 653.750962945819,
  "summary_csf_p95": 4186.871879392861,
  "summary_csf_stdv": 963.7910628211328,
  "summary_gm_k": 0.1414552891269194,
  "summary_gm_mad": 150.15101816724084,
  "summary_gm_mean": 1451.8817735807563,
  "summary_gm_median": 1447.7682478800416,
  "summary_gm_n": 217923.0,
  "summary_gm_p05": 1213.5221773311496,
  "summary_gm_p95": 1704.8950394913554,
  "summary_gm_stdv": 150.88431243199562,
  "summary_wm_k": 0.13814928160502848,
  "summary_wm_mad": 103.57639679129113,
  "summary_wm_mean": 990.5046118745743,
  "summary_wm_median": 997.186835154891,
  "summary_wm_n": 278795.0,
  "summary_wm_p05": 803.9197609350085,
  "summary_wm_p95": 1152.194343008101,
  "summary_wm_stdv": 105.84834870413398,
  "tpm_overlap_csf": 0.16198410093784332,
  "tpm_overlap_gm": 0.4151797890663147,
  "tpm_overlap_wm": 0.47186771035194397,
  "wm2max": 0.22122730036839128
}