{
  "bids_meta": {
    "EchoTime": 0.00311,
    "FlipAngle": 15,
    "ImageType": [
      "ORIGINAL",
      "PRIMARY",
      "M",
      "ND",
      "NORM"
    ],
    "InversionTime": 1.1,
    "MagneticFieldStrength": 3,
    "Manufacturer": "Siemens",
    "ManufacturersModelName": "TrioTim",
    "Modality": "MR",
    "RepetitionTime": 1.63,
    "ScanningSequence": "GR_IR",
    "SequenceVariant": "SP_MP",
    "SliceThickness": 1,
    "dataset": "ds002843",
    "modality": "T1w",
    "session_id": "scan1",
    "subject_id": "dmp0097"
  },
  "cjv": 0.4911553306879612,
  "cnr": 2.685574942095195,
  "efc": 0.570193685499581,
  "fber": 8435.060546875,
  "fwhm_avg": 3.347656,
  "fwhm_x": 3.2319359999999997,
  "fwhm_y": 3.7067520000000003,
  "fwhm_z": 3.10428,
  "icvs_csf": 0.18891662798204067,
  "icvs_gm": 0.4246292169264581,
  "icvs_wm": 0.3864541550915012,
  "inu_med": 1.0318326950073242,
  "inu_range": 0.19926694631576536,
  "provenance": {
    "md5sum": "de6c3647f33e1715d7425bf646e53576",
    "settings": {
      "testing": false
    },
    "software": "mriqc",
    "version": "21.0.0rc2",
    "warnings": {
      "large_rot_frame": true,
      "small_air_mask": false
    },
    "webapi_port": null,
    "webapi_url": "https://mriqc.nimh.nih.gov/api/v1"
  },
  "qi_1": 0.001594405568788847,
  "qi_2": 0.012172197167712824,
  "rpve_csf": 19.323419963606845,
  "rpve_gm": 9.1817068475811,
  "rpve_wm": 12.049271810464813,
  "size_x": 192,
  "size_y": 256,
  "size_z": 160,
  "snr_csf": 3.634072567358672,
  "snr_gm": 13.76341569322876,
  "snr_total": 14.841711707137842,
  "snr_wm": 27.127646860826093,
  "snrd_csf": 38.89397193879026,
  "snrd_gm": 68.43204136724736,
  "snrd_total": 63.86639315394556,
  "snrd_wm": 84.27316615579906,
  "spacing_x": 0.9375,
  "spacing_y": 0.9375,
  "spacing_z": 1.0,
  "summary_bg_k": 13.241681322040243,
  "summary_bg_mad": 7.774220905603047,
  "summary_bg_mean": 8.659621238708496,
  "summary_bg_median": 7.920052528381348,
  "summary_bg_n": 1987874.0,
  "summary_bg_p05": 0.0,
  "summary_bg_p95": 21.311056137084954,
  "summary_bg_stdv": 7.71994161605835,
  "summary_csf_k": 6.275586202774829,
  "summary_csf_mad": 136.98745894363833,
  "summary_csf_mean": 471.39605712890625,
  "summary_csf_median": 461.5379943847656,
  "summary_csf_n": 21032.0,
  "summary_csf_p05": 291.3907135009766,
  "summary_csf_p95": 665.2860504150391,
  "summary_csf_stdv": 126.99994659423828,
  "summary_gm_k": 0.17860144233949748,
  "summary_gm_mad": 56.7898907397993,
  "summary_gm_mean": 813.3455200195312,
  "summary_gm_median": 812.0535278320312,
  "summary_gm_n": 18171.0,
  "summary_gm_p05": 719.3232421875,
  "summary_gm_p95": 915.0298156738281,
  "summary_gm_stdv": 58.99924850463867,
  "summary_wm_k": 0.3459496541208371,
  "summary_wm_mad": 35.53738879681903,
  "summary_wm_mean": 1001.9710083007812,
  "summary_wm_median": 1000.0333251953125,
  "summary_wm_n": 185748.0,
  "summary_wm_p05": 944.5846801757813,
  "summary_wm_p95": 1065.6770935058594,
  "summary_wm_stdv": 36.8638916015625,
  "tpm_overlap_csf": 0.1712314337491989,
  "tpm_overlap_gm": 0.45981958508491516,
  "tpm_overlap_wm": 0.5014402866363525,
  "wm2max": 0.4749864311517814
}