{
  "aor": 0.004403461538461538,
  "aqi": 0.003550341057692308,
  "bids_meta": {
    "BandwidthPerPixelPhaseEncode": 31.25,
    "EchoTime": 0.025,
    "EffectiveEchoSpacing": 0.0005,
    "FlipAngle": 75,
    "ImageType": [
      "ORIGINAL",
      "PRIMARY",
      "M",
      "ND",
      "MOSAIC"
    ],
    "MagneticFieldStrength": 3,
    "Manufacturer": "Siemens",
    "ManufacturersModelName": "TrioTim",
    "Modality": "MR",
    "PhaseEncodingDirection": "j-",
    "PixelBandwidth": 3005,
    "RepetitionTime": 3,
    "ScanningSequence": "EP",
    "SequenceVariant": "SK",
    "SliceThickness": 3,
    "SliceTiming": [
      0,
      1.5225,
      0.055,
      1.58,
      0.1125,
      1.6375,
      0.17,
      1.6925,
      0.225,
      1.75,
      0.2825,
      1.805,
      0.3375,
      1.8625,
      0.395,
      1.92,
      0.45,
      1.975,
      0.5075,
      2.0325,
      0.565,
      2.0875,
      0.62,
      2.145,
      0.6775,
      2.2,
      0.7325,
      2.2575,
      0.79,
      2.315,
      0.8475,
      2.37,
      0.9025,
      2.4275,
      0.96,
      2.4825,
      1.015,
      2.54,
      1.0725,
      2.595,
      1.1275,
      2.6525,
      1.185,
      2.71,
      1.2425,
      2.765,
      1.2975,
      2.8225,
      1.355,
      2.8775,
      1.41,
      2.935,
      1.4675
    ],
    "SpacingBetweenSlices": 3,
    "TaskName": "risk choice task",
    "TotalReadoutTime": 0.0315,
    "dataset": "ds002843",
    "modality": "bold",
    "run_id": 1,
    "session_id": "scan1",
    "subject_id": "dmp1225",
    "task_id": "risk"
  },
  "dummy_trs": 0,
  "dvars_nstd": 23.76941906854369,
  "dvars_std": 1.2268743107766986,
  "dvars_vstd": 1.008159736893204,
  "efc": 0.6142134425493089,
  "fber": 306.9331970214844,
  "fd_mean": 0.08306782621598598,
  "fd_num": 6,
  "fd_perc": 5.769230769230769,
  "fwhm_avg": 2.488737777777778,
  "fwhm_x": 2.35283,
  "fwhm_y": 2.40754,
  "fwhm_z": 2.7058433333333336,
  "gcor": 0.033213,
  "gsr_x": -0.004292991477996111,
  "gsr_y": 0.052008651196956635,
  "provenance": {
    "md5sum": "b3f0acb271ed8ea5a86cdde991a9a3b4",
    "settings": {
      "fd_thres": 0.2,
      "testing": false
    },
    "software": "mriqc",
    "version": "21.0.0rc2",
    "webapi_port": null,
    "webapi_url": "https://mriqc.nimh.nih.gov/api/v1"
  },
  "size_t": 104,
  "size_x": 64,
  "size_y": 64,
  "size_z": 53,
  "snr": 3.190653708728054,
  "spacing_tr": 3.0,
  "spacing_x": 3.0,
  "spacing_y": 3.0,
  "spacing_z": 3.0,
  "summary_bg_k": 16.396196328251342,
  "summary_bg_mad": 15.823929917221902,
  "summary_bg_mean": 82.47630310058594,
  "summary_bg_median": 37.69231033325195,
  "summary_bg_n": 119990.0,
  "summary_bg_p05": 25.89423179626465,
  "summary_bg_p95": 299.9163528442376,
  "summary_bg_stdv": 105.48847198486328,
  "summary_fg_k": 1.1820122451265327,
  "summary_fg_mad": 200.62176146932626,
  "summary_fg_mean": 712.6331176757812,
  "summary_fg_median": 678.1346435546875,
  "summary_fg_n": 50909.0,
  "summary_fg_p05": 430.7115478515625,
  "summary_fg_p95": 1104.6923828125,
  "summary_fg_stdv": 212.53575134277344,
  "tsnr": 73.15492758527398
}