{
  "aor": 0.0048395192307692314,
  "aqi": 0.010986512596153849,
  "bids_meta": {
    "BandwidthPerPixelPhaseEncode": 31.25,
    "EchoTime": 0.025,
    "EffectiveEchoSpacing": 0.0005,
    "FlipAngle": 75,
    "ImageType": [
      "ORIGINAL",
      "PRIMARY",
      "M",
      "ND",
      "MOSAIC"
    ],
    "MagneticFieldStrength": 3,
    "Manufacturer": "Siemens",
    "ManufacturersModelName": "TrioTim",
    "Modality": "MR",
    "PhaseEncodingDirection": "j-",
    "PixelBandwidth": 3005,
    "RepetitionTime": 3,
    "ScanningSequence": "EP",
    "SequenceVariant": "SK",
    "SliceThickness": 3,
    "SliceTiming": [
      0,
      1.5225,
      0.055,
      1.58,
      0.1125,
      1.6375,
      0.17,
      1.6925,
      0.225,
      1.75,
      0.2825,
      1.805,
      0.3375,
      1.8625,
      0.395,
      1.92,
      0.45,
      1.975,
      0.5075,
      2.0325,
      0.565,
      2.0875,
      0.62,
      2.145,
      0.6775,
      2.2,
      0.7325,
      2.2575,
      0.79,
      2.315,
      0.8475,
      2.37,
      0.9025,
      2.4275,
      0.96,
      2.4825,
      1.015,
      2.54,
      1.0725,
      2.595,
      1.1275,
      2.6525,
      1.185,
      2.71,
      1.2425,
      2.765,
      1.2975,
      2.8225,
      1.355,
      2.8775,
      1.41,
      2.935,
      1.4675
    ],
    "SpacingBetweenSlices": 3,
    "TaskName": "intertemporal choice task",
    "TotalReadoutTime": 0.0315,
    "dataset": "ds002843",
    "modality": "bold",
    "run_id": 4,
    "session_id": "scan1",
    "subject_id": "dmp0870",
    "task_id": "itc"
  },
  "dummy_trs": 0,
  "dvars_nstd": 39.03986210466019,
  "dvars_std": 1.1237302789320385,
  "dvars_vstd": 0.9546701474757285,
  "efc": 0.6052278503148503,
  "fber": 195.47723388671875,
  "fd_mean": 0.4051961115995798,
  "fd_num": 62,
  "fd_perc": 59.61538461538461,
  "fwhm_avg": 2.6380466666666664,
  "fwhm_x": 2.45456,
  "fwhm_y": 2.5179266666666664,
  "fwhm_z": 2.9416533333333335,
  "gcor": 0.0435962,
  "gsr_x": 0.01660800352692604,
  "gsr_y": 0.06686095893383026,
  "provenance": {
    "md5sum": "58b8e9a7ab7b14bceddb62a741856791",
    "settings": {
      "fd_thres": 0.2,
      "testing": false
    },
    "software": "mriqc",
    "version": "21.0.0rc2",
    "webapi_port": null,
    "webapi_url": "https://mriqc.nimh.nih.gov/api/v1"
  },
  "size_t": 104,
  "size_x": 64,
  "size_y": 64,
  "size_z": 53,
  "snr": 2.6631084250190966,
  "spacing_tr": 3.0,
  "spacing_x": 3.0,
  "spacing_y": 3.0,
  "spacing_z": 3.0,
  "summary_bg_k": 29.801250952650754,
  "summary_bg_mad": 23.130021819189405,
  "summary_bg_mean": 86.61741638183594,
  "summary_bg_median": 43.615386962890625,
  "summary_bg_n": 127946.0,
  "summary_bg_p05": 26.39423179626465,
  "summary_bg_p95": 277.5360794067383,
  "summary_bg_stdv": 104.69393920898438,
  "summary_fg_k": 5.836941128115578,
  "summary_fg_mad": 185.0543929295884,
  "summary_fg_mean": 680.3095703125,
  "summary_fg_median": 627.3173217773438,
  "summary_fg_n": 45021.0,
  "summary_fg_p05": 407.423095703125,
  "summary_fg_p95": 1107.048095703125,
  "summary_fg_stdv": 235.55569458007812,
  "tsnr": 38.60081447171979
}