{
  "aor": 0.0028039375,
  "aqi": 0.0061193936249999996,
  "bids_meta": {
    "BandwidthPerPixelPhaseEncode": 31.25,
    "EchoTime": 0.025,
    "EffectiveEchoSpacing": 0.0005,
    "FlipAngle": 75,
    "ImageType": [
      "ORIGINAL",
      "PRIMARY",
      "M",
      "ND",
      "MOSAIC"
    ],
    "MagneticFieldStrength": 3,
    "Manufacturer": "Siemens",
    "ManufacturersModelName": "TrioTim",
    "Modality": "MR",
    "PhaseEncodingDirection": "j-",
    "PixelBandwidth": 3005,
    "RepetitionTime": 3,
    "ScanningSequence": "EP",
    "SequenceVariant": "SK",
    "SliceThickness": 3,
    "SliceTiming": [
      0,
      1.5225,
      0.055,
      1.58,
      0.1125,
      1.635,
      0.1675,
      1.6925,
      0.225,
      1.75,
      0.2825,
      1.805,
      0.3375,
      1.8625,
      0.395,
      1.9175,
      0.45,
      1.975,
      0.5075,
      2.03,
      0.5625,
      2.0875,
      0.62,
      2.145,
      0.6775,
      2.2,
      0.7325,
      2.2575,
      0.79,
      2.3125,
      0.845,
      2.37,
      0.9025,
      2.425,
      0.9575,
      2.4825,
      1.015,
      2.54,
      1.0725,
      2.595,
      1.1275,
      2.6525,
      1.185,
      2.7075,
      1.24,
      2.765,
      1.2975,
      2.8225,
      1.355,
      2.8775,
      1.41,
      2.935,
      1.4675
    ],
    "SpacingBetweenSlices": 3,
    "TaskName": "rest",
    "TotalReadoutTime": 0.0315,
    "dataset": "ds002843",
    "modality": "bold",
    "session_id": "scan2",
    "subject_id": "dmp0808",
    "task_id": "rest"
  },
  "dummy_trs": 0,
  "dvars_nstd": 21.587656189119503,
  "dvars_std": 1.1442189282389943,
  "dvars_vstd": 0.9915646853459125,
  "efc": 0.6034060506032279,
  "fber": 225.48739624023438,
  "fd_mean": 0.053016780974651005,
  "fd_num": 2,
  "fd_perc": 1.25,
  "fwhm_avg": 2.9182066666666664,
  "fwhm_x": 2.67836,
  "fwhm_y": 2.763646666666667,
  "fwhm_z": 3.312613333333333,
  "gcor": 0.0541994,
  "gsr_x": -0.01642019674181938,
  "gsr_y": 0.09994295984506607,
  "provenance": {
    "md5sum": "53b3fed87342660d82c5140eb65de9bc",
    "settings": {
      "fd_thres": 0.2,
      "testing": false
    },
    "software": "mriqc",
    "version": "21.0.0rc2",
    "webapi_port": null,
    "webapi_url": "https://mriqc.nimh.nih.gov/api/v1"
  },
  "size_t": 160,
  "size_x": 64,
  "size_y": 64,
  "size_z": 53,
  "snr": 2.41343697077776,
  "spacing_tr": 3.0,
  "spacing_x": 3.0,
  "spacing_y": 3.0,
  "spacing_z": 3.0,
  "summary_bg_k": 23.101390493766715,
  "summary_bg_mad": 21.859115893524105,
  "summary_bg_mean": 106.11763763427734,
  "summary_bg_median": 45.0,
  "summary_bg_n": 126530.0,
  "summary_bg_p05": 27.918750762939453,
  "summary_bg_p95": 390.9643844604488,
  "summary_bg_stdv": 150.8128662109375,
  "summary_fg_k": 2.8969101144023375,
  "summary_fg_mad": 229.233477689716,
  "summary_fg_mean": 771.4539794921875,
  "summary_fg_median": 706.2718505859375,
  "summary_fg_n": 43528.0,
  "summary_fg_p05": 435.6750183105469,
  "summary_fg_p95": 1372.7878540039067,
  "summary_fg_stdv": 292.6381530761719,
  "tsnr": 58.13256714551244
}