{
  "aor": 0.011818173076923077,
  "aqi": 0.005170319326923077,
  "bids_meta": {
    "BandwidthPerPixelPhaseEncode": 31.25,
    "EchoTime": 0.025,
    "EffectiveEchoSpacing": 0.0005,
    "FlipAngle": 75,
    "ImageType": [
      "ORIGINAL",
      "PRIMARY",
      "M",
      "ND",
      "MOSAIC"
    ],
    "MagneticFieldStrength": 3,
    "Manufacturer": "Siemens",
    "ManufacturersModelName": "TrioTim",
    "Modality": "MR",
    "PhaseEncodingDirection": "j-",
    "PixelBandwidth": 3005,
    "RepetitionTime": 3,
    "ScanningSequence": "EP",
    "SequenceVariant": "SK",
    "SliceThickness": 3,
    "SliceTiming": [
      0,
      1.5225,
      0.055,
      1.58,
      0.1125,
      1.6375,
      0.17,
      1.6925,
      0.225,
      1.75,
      0.2825,
      1.805,
      0.3375,
      1.8625,
      0.395,
      1.92,
      0.45,
      1.975,
      0.5075,
      2.0325,
      0.565,
      2.0875,
      0.62,
      2.145,
      0.6775,
      2.2,
      0.7325,
      2.2575,
      0.79,
      2.315,
      0.8475,
      2.37,
      0.9025,
      2.4275,
      0.96,
      2.4825,
      1.015,
      2.54,
      1.0725,
      2.595,
      1.1275,
      2.6525,
      1.185,
      2.71,
      1.2425,
      2.765,
      1.2975,
      2.8225,
      1.355,
      2.8775,
      1.41,
      2.935,
      1.4675
    ],
    "SpacingBetweenSlices": 3,
    "TaskName": "risk choice task",
    "TotalReadoutTime": 0.0315,
    "dataset": "ds002843",
    "modality": "bold",
    "run_id": 1,
    "session_id": "scan2",
    "subject_id": "dmp0808",
    "task_id": "risk"
  },
  "dummy_trs": 0,
  "dvars_nstd": 25.249862615242705,
  "dvars_std": 1.2213403748543692,
  "dvars_vstd": 1.0579310042718446,
  "efc": 0.6072328406161113,
  "fber": 223.677978515625,
  "fd_mean": 0.11792517946177285,
  "fd_num": 11,
  "fd_perc": 10.576923076923077,
  "fwhm_avg": 2.857647777777778,
  "fwhm_x": 2.63971,
  "fwhm_y": 2.6849866666666666,
  "fwhm_z": 3.2482466666666667,
  "gcor": 0.0344488,
  "gsr_x": -0.015481044538319111,
  "gsr_y": 0.08650743961334229,
  "provenance": {
    "md5sum": "5c5b3b5dfec94343b7ef301394ffe1e6",
    "settings": {
      "fd_thres": 0.2,
      "testing": false
    },
    "software": "mriqc",
    "version": "21.0.0rc2",
    "webapi_port": null,
    "webapi_url": "https://mriqc.nimh.nih.gov/api/v1"
  },
  "size_t": 104,
  "size_x": 64,
  "size_y": 64,
  "size_z": 53,
  "snr": 2.439137239104838,
  "spacing_tr": 3.0,
  "spacing_x": 3.0,
  "spacing_y": 3.0,
  "spacing_z": 3.0,
  "summary_bg_k": 19.694847118135545,
  "summary_bg_mad": 20.457061850051907,
  "summary_bg_mean": 102.33329772949219,
  "summary_bg_median": 44.69231033325195,
  "summary_bg_n": 124619.0,
  "summary_bg_p05": 29.605770111083984,
  "summary_bg_p95": 371.929824829101,
  "summary_bg_stdv": 138.27857971191406,
  "summary_fg_k": 2.789446987037305,
  "summary_fg_mad": 226.53879567288442,
  "summary_fg_mean": 769.28955078125,
  "summary_fg_median": 705.3846435546875,
  "summary_fg_n": 43634.0,
  "summary_fg_p05": 433.1553009033203,
  "summary_fg_p95": 1362.6342346191404,
  "summary_fg_stdv": 289.1910095214844,
  "tsnr": 61.12840778846294
}