{
  "aor": 0.004835471698113207,
  "aqi": 0.0034185247798742143,
  "bids_meta": {
    "BandwidthPerPixelPhaseEncode": 31.25,
    "EchoTime": 0.025,
    "EffectiveEchoSpacing": 0.0005,
    "FlipAngle": 75,
    "ImageType": [
      "ORIGINAL",
      "PRIMARY",
      "M",
      "ND",
      "MOSAIC"
    ],
    "MagneticFieldStrength": 3,
    "Manufacturer": "Siemens",
    "ManufacturersModelName": "TrioTim",
    "Modality": "MR",
    "PhaseEncodingDirection": "j-",
    "PixelBandwidth": 3005,
    "RepetitionTime": 3,
    "ScanningSequence": "EP",
    "SequenceVariant": "SK",
    "SliceThickness": 3,
    "SliceTiming": [
      0,
      1.5225,
      0.055,
      1.58,
      0.1125,
      1.635,
      0.1675,
      1.6925,
      0.225,
      1.75,
      0.2825,
      1.805,
      0.3375,
      1.8625,
      0.395,
      1.9175,
      0.45,
      1.975,
      0.5075,
      2.03,
      0.5625,
      2.0875,
      0.62,
      2.145,
      0.6775,
      2.2,
      0.7325,
      2.2575,
      0.79,
      2.3125,
      0.845,
      2.37,
      0.9025,
      2.425,
      0.9575,
      2.4825,
      1.015,
      2.54,
      1.0725,
      2.595,
      1.1275,
      2.6525,
      1.185,
      2.7075,
      1.24,
      2.765,
      1.2975,
      2.8225,
      1.355,
      2.8775,
      1.41,
      2.935,
      1.4675
    ],
    "SpacingBetweenSlices": 3,
    "TaskName": "rest",
    "TotalReadoutTime": 0.0315,
    "dataset": "ds002843",
    "modality": "bold",
    "session_id": "scan1",
    "subject_id": "dmp0110",
    "task_id": "rest"
  },
  "dummy_trs": 1,
  "dvars_nstd": 21.844992003924048,
  "dvars_std": 1.1726169696835442,
  "dvars_vstd": 1.0086511767088602,
  "efc": 0.5780337701591144,
  "fber": 393.0845031738281,
  "fd_mean": 0.1033556536728612,
  "fd_num": 16,
  "fd_perc": 10.062893081761006,
  "fwhm_avg": 2.643885555555556,
  "fwhm_x": 2.351226666666667,
  "fwhm_y": 2.7043433333333335,
  "fwhm_z": 2.8760866666666662,
  "gcor": 0.0137871,
  "gsr_x": -4.1667262848932296e-05,
  "gsr_y": 0.09899329394102097,
  "provenance": {
    "md5sum": "d1b4d6005da888dc0e48c8d60b7d9db5",
    "settings": {
      "fd_thres": 0.2,
      "testing": false
    },
    "software": "mriqc",
    "version": "21.0.0rc2",
    "webapi_port": null,
    "webapi_url": "https://mriqc.nimh.nih.gov/api/v1"
  },
  "size_t": 159,
  "size_x": 64,
  "size_y": 64,
  "size_z": 53,
  "snr": 3.012694346713108,
  "spacing_tr": 3.0,
  "spacing_x": 3.0,
  "spacing_y": 3.0,
  "spacing_z": 3.0,
  "summary_bg_k": 19.097329524317452,
  "summary_bg_mad": 7.739369199971844,
  "summary_bg_mean": 72.30821990966797,
  "summary_bg_median": 31.660375595092773,
  "summary_bg_n": 130334.0,
  "summary_bg_p05": 25.867923736572266,
  "summary_bg_p95": 291.6817443847654,
  "summary_bg_stdv": 103.08232879638672,
  "summary_fg_k": 2.441291027418335,
  "summary_fg_mad": 172.8024284475659,
  "summary_fg_mean": 687.2906494140625,
  "summary_fg_median": 645.7955322265625,
  "summary_fg_n": 41432.0,
  "summary_fg_p05": 416.34716033935547,
  "summary_fg_p95": 1103.9380432128899,
  "summary_fg_stdv": 214.3555450439453,
  "tsnr": 71.29286495200358
}