{
  "aor": 0.0019946153846153846,
  "aqi": 0.0021727465384615385,
  "bids_meta": {
    "BandwidthPerPixelPhaseEncode": 31.25,
    "EchoTime": 0.025,
    "EffectiveEchoSpacing": 0.0005,
    "FlipAngle": 75,
    "ImageType": [
      "ORIGINAL",
      "PRIMARY",
      "M",
      "ND",
      "MOSAIC"
    ],
    "MagneticFieldStrength": 3,
    "Manufacturer": "Siemens",
    "ManufacturersModelName": "TrioTim",
    "Modality": "MR",
    "PhaseEncodingDirection": "j-",
    "PixelBandwidth": 3005,
    "RepetitionTime": 3,
    "ScanningSequence": "EP",
    "SequenceVariant": "SK",
    "SliceThickness": 3,
    "SliceTiming": [
      0,
      1.5225,
      0.055,
      1.58,
      0.1125,
      1.6375,
      0.17,
      1.6925,
      0.225,
      1.75,
      0.2825,
      1.805,
      0.3375,
      1.8625,
      0.395,
      1.92,
      0.45,
      1.975,
      0.5075,
      2.0325,
      0.565,
      2.0875,
      0.62,
      2.145,
      0.6775,
      2.2,
      0.7325,
      2.2575,
      0.79,
      2.315,
      0.8475,
      2.37,
      0.9025,
      2.4275,
      0.96,
      2.4825,
      1.015,
      2.54,
      1.0725,
      2.595,
      1.1275,
      2.6525,
      1.185,
      2.71,
      1.2425,
      2.765,
      1.2975,
      2.8225,
      1.355,
      2.8775,
      1.41,
      2.935,
      1.4675
    ],
    "SpacingBetweenSlices": 3,
    "TaskName": "intertemporal choice task",
    "TotalReadoutTime": 0.0315,
    "dataset": "ds002843",
    "modality": "bold",
    "run_id": 3,
    "session_id": "scan1",
    "subject_id": "dmp0110",
    "task_id": "itc"
  },
  "dummy_trs": 0,
  "dvars_nstd": 19.684617903398053,
  "dvars_std": 1.179964020194175,
  "dvars_vstd": 1.0023875999029126,
  "efc": 0.5817851262443742,
  "fber": 386.1296081542969,
  "fd_mean": 0.058668762729502395,
  "fd_num": 2,
  "fd_perc": 1.9230769230769231,
  "fwhm_avg": 2.5648999999999997,
  "fwhm_x": 2.27941,
  "fwhm_y": 2.601573333333333,
  "fwhm_z": 2.8137166666666666,
  "gcor": 0.0184328,
  "gsr_x": -0.0033107358030974865,
  "gsr_y": 0.09215249866247177,
  "provenance": {
    "md5sum": "4acb0243dad0cf1adef9edf02d63dec3",
    "settings": {
      "fd_thres": 0.2,
      "testing": false
    },
    "software": "mriqc",
    "version": "21.0.0rc2",
    "webapi_port": null,
    "webapi_url": "https://mriqc.nimh.nih.gov/api/v1"
  },
  "size_t": 104,
  "size_x": 64,
  "size_y": 64,
  "size_z": 53,
  "snr": 3.137311587601335,
  "spacing_tr": 3.0,
  "spacing_x": 3.0,
  "spacing_y": 3.0,
  "spacing_z": 3.0,
  "summary_bg_k": 22.936277622765026,
  "summary_bg_mad": 7.58408123185696,
  "summary_bg_mean": 72.57508850097656,
  "summary_bg_median": 31.63461685180664,
  "summary_bg_n": 130116.0,
  "summary_bg_p05": 26.01923179626465,
  "summary_bg_p95": 294.7932891845703,
  "summary_bg_stdv": 104.26617431640625,
  "summary_fg_k": 2.0612826643454536,
  "summary_fg_mad": 169.80785972711323,
  "summary_fg_mean": 676.9869384765625,
  "summary_fg_median": 640.8846435546875,
  "summary_fg_n": 41588.0,
  "summary_fg_p05": 407.58800048828124,
  "summary_fg_p95": 1061.733728027344,
  "summary_fg_stdv": 204.2758331298828,
  "tsnr": 87.20745911239646
}