{
  "bids_meta": {
    "EchoTime": 0.00311,
    "FlipAngle": 15,
    "ImageType": [
      "ORIGINAL",
      "PRIMARY",
      "M",
      "ND",
      "NORM"
    ],
    "InversionTime": 1.1,
    "MagneticFieldStrength": 3,
    "Manufacturer": "Siemens",
    "ManufacturersModelName": "TrioTim",
    "Modality": "MR",
    "RepetitionTime": 1.63,
    "ScanningSequence": "GR_IR",
    "SequenceVariant": "SP_MP",
    "SliceThickness": 1,
    "dataset": "ds002843",
    "modality": "T1w",
    "session_id": "scan1",
    "subject_id": "dmp0982"
  },
  "cjv": 0.5257584802105033,
  "cnr": 2.552907601047763,
  "efc": 0.6136314917825836,
  "fber": 8932.208984375,
  "fwhm_avg": 3.203144,
  "fwhm_x": 3.1400319999999997,
  "fwhm_y": 3.54832,
  "fwhm_z": 2.92108,
  "icvs_csf": 0.15962278726635895,
  "icvs_gm": 0.4594615964915712,
  "icvs_wm": 0.3809156162420699,
  "inu_med": 1.2188972234725952,
  "inu_range": 0.26774436235427834,
  "provenance": {
    "md5sum": "73dac05f2a62f15efd0d9e2229dbc76f",
    "settings": {
      "testing": false
    },
    "software": "mriqc",
    "version": "21.0.0rc2",
    "warnings": {
      "large_rot_frame": true,
      "small_air_mask": false
    },
    "webapi_port": null,
    "webapi_url": "https://mriqc.nimh.nih.gov/api/v1"
  },
  "qi_1": 0.0,
  "qi_2": 0.0062809347250704075,
  "rpve_csf": 19.414322665289824,
  "rpve_gm": 7.610279463854133,
  "rpve_wm": 10.311807645046661,
  "size_x": 192,
  "size_y": 256,
  "size_z": 160,
  "snr_csf": 2.0410107696717055,
  "snr_gm": 13.55660743179125,
  "snr_total": 12.079924702459314,
  "snr_wm": 20.642155905914983,
  "snrd_csf": 69.81036085398739,
  "snrd_gm": 125.75820311676392,
  "snrd_total": 117.39776340012241,
  "snrd_wm": 156.62472622961593,
  "spacing_x": 0.9375,
  "spacing_y": 0.9375,
  "spacing_z": 1.0,
  "summary_bg_k": 10.030016659373361,
  "summary_bg_mad": 4.183012377348586,
  "summary_bg_mean": 8.947005271911621,
  "summary_bg_median": 5.606163024902344,
  "summary_bg_n": 2163139.0,
  "summary_bg_p05": 0.0,
  "summary_bg_p95": 29.38971824645973,
  "summary_bg_stdv": 10.22128963470459,
  "summary_csf_k": 23.451240263746485,
  "summary_csf_mad": 145.52147078585188,
  "summary_csf_mean": 499.6308898925781,
  "summary_csf_median": 445.735595703125,
  "summary_csf_n": 15691.0,
  "summary_csf_p05": 288.03968811035156,
  "summary_csf_p95": 809.7646789550781,
  "summary_csf_stdv": 218.38267517089844,
  "summary_gm_k": 0.5448984430306476,
  "summary_gm_mad": 56.79984473418624,
  "summary_gm_mean": 807.1757202148438,
  "summary_gm_median": 802.959716796875,
  "summary_gm_n": 35932.0,
  "summary_gm_p05": 717.6655578613281,
  "summary_gm_p95": 910.585824584961,
  "summary_gm_stdv": 59.229312896728516,
  "summary_wm_k": 0.3670487536406619,
  "summary_wm_mad": 46.81725523609883,
  "summary_wm_mean": 1004.8169555664062,
  "summary_wm_median": 1000.0408935546875,
  "summary_wm_n": 198274.0,
  "summary_wm_p05": 933.768212890625,
  "summary_wm_p95": 1091.936437988281,
  "summary_wm_stdv": 48.4464111328125,
  "tpm_overlap_csf": 0.17945373058319092,
  "tpm_overlap_gm": 0.4784257411956787,
  "tpm_overlap_wm": 0.49946755170822144,
  "wm2max": 0.5391412168243417
}