{
  "aor": 0.005601761006289308,
  "aqi": 0.0033916856603773585,
  "bids_meta": {
    "BandwidthPerPixelPhaseEncode": 31.25,
    "EchoTime": 0.025,
    "EffectiveEchoSpacing": 0.0005,
    "FlipAngle": 75,
    "ImageType": [
      "ORIGINAL",
      "PRIMARY",
      "M",
      "ND",
      "MOSAIC"
    ],
    "MagneticFieldStrength": 3,
    "Manufacturer": "Siemens",
    "ManufacturersModelName": "TrioTim",
    "Modality": "MR",
    "PhaseEncodingDirection": "j-",
    "PixelBandwidth": 3005,
    "RepetitionTime": 3,
    "ScanningSequence": "EP",
    "SequenceVariant": "SK",
    "SliceThickness": 3,
    "SliceTiming": [
      0,
      1.5225,
      0.055,
      1.58,
      0.1125,
      1.635,
      0.1675,
      1.6925,
      0.225,
      1.75,
      0.2825,
      1.805,
      0.3375,
      1.8625,
      0.395,
      1.9175,
      0.45,
      1.975,
      0.5075,
      2.03,
      0.5625,
      2.0875,
      0.62,
      2.145,
      0.6775,
      2.2,
      0.7325,
      2.2575,
      0.79,
      2.3125,
      0.845,
      2.37,
      0.9025,
      2.425,
      0.9575,
      2.4825,
      1.015,
      2.54,
      1.0725,
      2.595,
      1.1275,
      2.6525,
      1.185,
      2.7075,
      1.24,
      2.765,
      1.2975,
      2.8225,
      1.355,
      2.8775,
      1.41,
      2.935,
      1.4675
    ],
    "SpacingBetweenSlices": 3,
    "TaskName": "rest",
    "TotalReadoutTime": 0.0315,
    "dataset": "ds002843",
    "modality": "bold",
    "session_id": "scan1",
    "subject_id": "dmp0060",
    "task_id": "rest"
  },
  "dummy_trs": 1,
  "dvars_nstd": 22.033498462341775,
  "dvars_std": 1.160451837341773,
  "dvars_vstd": 0.9945611826582277,
  "efc": 0.5831046443090336,
  "fber": 347.44305419921875,
  "fd_mean": 0.08003600218227484,
  "fd_num": 11,
  "fd_perc": 6.918238993710692,
  "fwhm_avg": 2.702906666666667,
  "fwhm_x": 2.587893333333333,
  "fwhm_y": 2.57696,
  "fwhm_z": 2.9438666666666666,
  "gcor": 0.0167407,
  "gsr_x": 0.009325914084911346,
  "gsr_y": 0.0922866240143776,
  "provenance": {
    "md5sum": "dc83ec4b322b080172d6848611d59f5b",
    "settings": {
      "fd_thres": 0.2,
      "testing": false
    },
    "software": "mriqc",
    "version": "21.0.0rc2",
    "webapi_port": null,
    "webapi_url": "https://mriqc.nimh.nih.gov/api/v1"
  },
  "size_t": 159,
  "size_x": 64,
  "size_y": 64,
  "size_z": 53,
  "snr": 2.825433715066037,
  "spacing_tr": 3.0,
  "spacing_x": 3.0,
  "spacing_y": 3.0,
  "spacing_z": 3.0,
  "summary_bg_k": 12.734379507922098,
  "summary_bg_mad": 14.19195557044729,
  "summary_bg_mean": 85.68862915039062,
  "summary_bg_median": 37.06289291381836,
  "summary_bg_n": 130503.0,
  "summary_bg_p05": 26.981130599975586,
  "summary_bg_p95": 325.710693359375,
  "summary_bg_stdv": 112.34486389160156,
  "summary_fg_k": 2.9873098563353775,
  "summary_fg_mad": 203.09786281850648,
  "summary_fg_mean": 761.5183715820312,
  "summary_fg_median": 708.782958984375,
  "summary_fg_n": 42584.0,
  "summary_fg_p05": 455.93204803466796,
  "summary_fg_p95": 1248.9232421875,
  "summary_fg_stdv": 250.85516357421875,
  "tsnr": 70.68318812293
}