{
  "aor": 0.002842980769230769,
  "aqi": 0.0021870741346153846,
  "bids_meta": {
    "BandwidthPerPixelPhaseEncode": 31.25,
    "EchoTime": 0.025,
    "EffectiveEchoSpacing": 0.0005,
    "FlipAngle": 75,
    "ImageType": [
      "ORIGINAL",
      "PRIMARY",
      "M",
      "ND",
      "MOSAIC"
    ],
    "MagneticFieldStrength": 3,
    "Manufacturer": "Siemens",
    "ManufacturersModelName": "TrioTim",
    "Modality": "MR",
    "PhaseEncodingDirection": "j-",
    "PixelBandwidth": 3005,
    "RepetitionTime": 3,
    "ScanningSequence": "EP",
    "SequenceVariant": "SK",
    "SliceThickness": 3,
    "SliceTiming": [
      0,
      1.5225,
      0.055,
      1.58,
      0.1125,
      1.6375,
      0.17,
      1.6925,
      0.225,
      1.75,
      0.2825,
      1.805,
      0.3375,
      1.8625,
      0.395,
      1.92,
      0.45,
      1.975,
      0.5075,
      2.0325,
      0.565,
      2.0875,
      0.62,
      2.145,
      0.6775,
      2.2,
      0.7325,
      2.2575,
      0.79,
      2.315,
      0.8475,
      2.37,
      0.9025,
      2.4275,
      0.96,
      2.4825,
      1.015,
      2.54,
      1.0725,
      2.595,
      1.1275,
      2.6525,
      1.185,
      2.71,
      1.2425,
      2.765,
      1.2975,
      2.8225,
      1.355,
      2.8775,
      1.41,
      2.935,
      1.4675
    ],
    "SpacingBetweenSlices": 3,
    "TaskName": "intertemporal choice task",
    "TotalReadoutTime": 0.0315,
    "dataset": "ds002843",
    "modality": "bold",
    "run_id": 1,
    "session_id": "scan1",
    "subject_id": "dmp0060",
    "task_id": "itc"
  },
  "dummy_trs": 0,
  "dvars_nstd": 21.21211381601942,
  "dvars_std": 1.1988798546601942,
  "dvars_vstd": 0.9997826608737863,
  "efc": 0.5839788079700186,
  "fber": 347.4056396484375,
  "fd_mean": 0.05579890864795918,
  "fd_num": 2,
  "fd_perc": 1.9230769230769231,
  "fwhm_avg": 2.662076666666667,
  "fwhm_x": 2.5468966666666666,
  "fwhm_y": 2.546206666666667,
  "fwhm_z": 2.893126666666667,
  "gcor": 0.0348223,
  "gsr_x": 0.008620984852313995,
  "gsr_y": 0.09524624794721603,
  "provenance": {
    "md5sum": "c193d94a40e77230d46105912b49cae0",
    "settings": {
      "fd_thres": 0.2,
      "testing": false
    },
    "software": "mriqc",
    "version": "21.0.0rc2",
    "webapi_port": null,
    "webapi_url": "https://mriqc.nimh.nih.gov/api/v1"
  },
  "size_t": 104,
  "size_x": 64,
  "size_y": 64,
  "size_z": 53,
  "snr": 2.848491264052365,
  "spacing_tr": 3.0,
  "spacing_x": 3.0,
  "spacing_y": 3.0,
  "spacing_z": 3.0,
  "summary_bg_k": 12.36467125365124,
  "summary_bg_mad": 13.92790607445852,
  "summary_bg_mean": 85.88404846191406,
  "summary_bg_median": 36.88461685180664,
  "summary_bg_n": 130485.0,
  "summary_bg_p05": 26.980770111083984,
  "summary_bg_p95": 327.6384826660153,
  "summary_bg_stdv": 112.95808410644531,
  "summary_fg_k": 2.8437247433530413,
  "summary_fg_mad": 201.53418079117634,
  "summary_fg_mean": 757.7522583007812,
  "summary_fg_median": 705.894287109375,
  "summary_fg_n": 42611.0,
  "summary_fg_p05": 453.9134826660156,
  "summary_fg_p95": 1240.2596435546875,
  "summary_fg_stdv": 247.81048583984375,
  "tsnr": 84.91135376389138
}