{
  "aor": 0.007547692307692307,
  "aqi": 0.0026703821153846153,
  "bids_meta": {
    "BandwidthPerPixelPhaseEncode": 31.25,
    "EchoTime": 0.025,
    "EffectiveEchoSpacing": 0.0005,
    "FlipAngle": 75,
    "ImageType": [
      "ORIGINAL",
      "PRIMARY",
      "M",
      "ND",
      "MOSAIC"
    ],
    "MagneticFieldStrength": 3,
    "Manufacturer": "Siemens",
    "ManufacturersModelName": "TrioTim",
    "Modality": "MR",
    "PhaseEncodingDirection": "j-",
    "PixelBandwidth": 3005,
    "RepetitionTime": 3,
    "ScanningSequence": "EP",
    "SequenceVariant": "SK",
    "SliceThickness": 3,
    "SliceTiming": [
      0,
      1.5225,
      0.055,
      1.58,
      0.1125,
      1.6375,
      0.17,
      1.6925,
      0.225,
      1.75,
      0.2825,
      1.805,
      0.3375,
      1.8625,
      0.395,
      1.92,
      0.45,
      1.975,
      0.5075,
      2.0325,
      0.565,
      2.0875,
      0.62,
      2.145,
      0.6775,
      2.2,
      0.7325,
      2.2575,
      0.79,
      2.315,
      0.8475,
      2.37,
      0.9025,
      2.4275,
      0.96,
      2.4825,
      1.015,
      2.54,
      1.0725,
      2.595,
      1.1275,
      2.6525,
      1.185,
      2.71,
      1.2425,
      2.765,
      1.2975,
      2.8225,
      1.355,
      2.8775,
      1.41,
      2.935,
      1.4675
    ],
    "SpacingBetweenSlices": 3,
    "TaskName": "risk choice task",
    "TotalReadoutTime": 0.0315,
    "dataset": "ds002843",
    "modality": "bold",
    "run_id": 2,
    "session_id": "scan1",
    "subject_id": "dmp0060",
    "task_id": "risk"
  },
  "dummy_trs": 0,
  "dvars_nstd": 22.138027571359235,
  "dvars_std": 1.221875169029126,
  "dvars_vstd": 1.0360080133009708,
  "efc": 0.5845066322527341,
  "fber": 351.9169616699219,
  "fd_mean": 0.0886323622608731,
  "fd_num": 9,
  "fd_perc": 8.653846153846153,
  "fwhm_avg": 2.6537188888888887,
  "fwhm_x": 2.5262166666666666,
  "fwhm_y": 2.5518233333333336,
  "fwhm_z": 2.8831166666666665,
  "gcor": 0.0155459,
  "gsr_x": 0.011573790572583675,
  "gsr_y": 0.09191102534532547,
  "provenance": {
    "md5sum": "6f4556b3f7f986c80ff6f3a0b6768b89",
    "settings": {
      "fd_thres": 0.2,
      "testing": false
    },
    "software": "mriqc",
    "version": "21.0.0rc2",
    "webapi_port": null,
    "webapi_url": "https://mriqc.nimh.nih.gov/api/v1"
  },
  "size_t": 104,
  "size_x": 64,
  "size_y": 64,
  "size_z": 53,
  "snr": 2.9320206387048344,
  "spacing_tr": 3.0,
  "spacing_x": 3.0,
  "spacing_y": 3.0,
  "spacing_z": 3.0,
  "summary_bg_k": 12.402850593668635,
  "summary_bg_mad": 14.098976213787468,
  "summary_bg_mean": 86.26011657714844,
  "summary_bg_median": 36.730770111083984,
  "summary_bg_n": 130848.0,
  "summary_bg_p05": 26.413461685180664,
  "summary_bg_p95": 334.375,
  "summary_bg_stdv": 115.00999450683594,
  "summary_fg_k": 2.4611130008971758,
  "summary_fg_mad": 198.64019265946078,
  "summary_fg_mean": 754.90478515625,
  "summary_fg_median": 705.923095703125,
  "summary_fg_n": 42517.0,
  "summary_fg_p05": 455.3230895996094,
  "summary_fg_p95": 1220.3750732421872,
  "summary_fg_stdv": 240.76051330566406,
  "tsnr": 77.81625188654289
}