{
  "bids_meta": {
    "EchoTime": 0.09,
    "FlipAngle": 180,
    "ImageType": [
      "ORIGINAL",
      "PRIMARY",
      "M",
      "ND",
      "NORM"
    ],
    "ImagingFrequency": 123.204,
    "MagneticFieldStrength": 3,
    "Manufacturer": "Siemens",
    "ManufacturersModelName": "TrioTim",
    "Modality": "MR",
    "PhaseEncodingDirection": "i",
    "RepetitionTime": 7,
    "ScanningSequence": "SE",
    "SequenceVariant": "SK_SP_OSP",
    "SliceThickness": 3,
    "SpacingBetweenSlices": 3,
    "dataset": "ds002843",
    "modality": "T2w",
    "session_id": "scan2",
    "subject_id": "dmp0063"
  },
  "cjv": 0.5300462008648783,
  "cnr": 2.564725862014479,
  "efc": 0.5520619368496616,
  "fber": 2861.39177557265,
  "fwhm_avg": 2.6455644444444446,
  "fwhm_x": 3.1261733333333335,
  "fwhm_y": 3.2710666666666666,
  "fwhm_z": 1.5394533333333333,
  "icvs_csf": 0.16768694867687395,
  "icvs_gm": 0.39163269808081486,
  "icvs_wm": 0.4406803532423112,
  "inu_med": 1.362074851989746,
  "inu_range": 0.35939195156097403,
  "provenance": {
    "md5sum": "e776001a80f213f021c3882bcf623e5e",
    "settings": {
      "testing": false
    },
    "software": "mriqc",
    "version": "21.0.0rc2",
    "warnings": {
      "large_rot_frame": false,
      "small_air_mask": false
    },
    "webapi_port": null,
    "webapi_url": "https://mriqc.nimh.nih.gov/api/v1"
  },
  "qi_1": 0.0,
  "qi_2": 0.0025747514821507196,
  "rpve_csf": 14.977856490424996,
  "rpve_gm": 6.320130460070697,
  "rpve_wm": 6.736244645406949,
  "size_x": 256,
  "size_y": 256,
  "size_z": 44,
  "snr_csf": 2.6883117029794334,
  "snr_gm": 8.622304992076375,
  "snr_total": 6.6047477963197645,
  "snr_wm": 8.503626693903486,
  "snrd_csf": 149.63255354868835,
  "snrd_gm": 80.00533071082816,
  "snrd_total": 93.681193342563,
  "snrd_wm": 51.4056957681725,
  "spacing_x": 0.75,
  "spacing_y": 0.75,
  "spacing_z": 3.0,
  "summary_bg_k": 340.389729868467,
  "summary_bg_mad": 12.614908997777013,
  "summary_bg_mean": 21.900440216970775,
  "summary_bg_median": 17.13542900979519,
  "summary_bg_n": 956113.0,
  "summary_bg_p05": 2.836208939552307,
  "summary_bg_p95": 53.5334437340498,
  "summary_bg_stdv": 25.1590727533353,
  "summary_csf_k": 0.23849823301758466,
  "summary_csf_mad": 802.7987920529761,
  "summary_csf_mean": 2793.0451473151497,
  "summary_csf_median": 2881.2337564677,
  "summary_csf_n": 93445.0,
  "summary_csf_p05": 495.41479651629925,
  "summary_csf_p95": 4405.436075657606,
  "summary_csf_stdv": 1071.7575408005735,
  "summary_gm_k": 0.086451498866289,
  "summary_gm_mad": 177.83517545477318,
  "summary_gm_mean": 1549.5017934012437,
  "summary_gm_median": 1540.5341556668282,
  "summary_gm_n": 201727.0,
  "summary_gm_p05": 1274.0486907213926,
  "summary_gm_p95": 1857.9532061517239,
  "summary_gm_stdv": 178.66804047339744,
  "summary_wm_k": 0.08666715622450294,
  "summary_wm_mad": 114.05980218823383,
  "summary_wm_mean": 982.0006959871489,
  "summary_wm_median": 989.8369199037552,
  "summary_wm_n": 265211.0,
  "summary_wm_p05": 775.1122681051493,
  "summary_wm_p95": 1160.0094562768936,
  "summary_wm_stdv": 116.40151777601814,
  "tpm_overlap_csf": 0.157462015748024,
  "tpm_overlap_gm": 0.41148841381073,
  "tpm_overlap_wm": 0.48287367820739746,
  "wm2max": 0.20269971775588816
}