{
  "bids_meta": {
    "EchoTime": 0.00311,
    "FlipAngle": 15,
    "ImageType": [
      "ORIGINAL",
      "PRIMARY",
      "M",
      "ND",
      "NORM"
    ],
    "InversionTime": 1.1,
    "MagneticFieldStrength": 3,
    "Manufacturer": "Siemens",
    "ManufacturersModelName": "TrioTim",
    "Modality": "MR",
    "RepetitionTime": 1.63,
    "ScanningSequence": "GR_IR",
    "SequenceVariant": "SP_MP",
    "SliceThickness": 1,
    "dataset": "ds002843",
    "modality": "T1w",
    "session_id": "scan2",
    "subject_id": "dmp1192"
  },
  "cjv": 0.4752701882102018,
  "cnr": 2.661209953236806,
  "efc": 0.6034959261059346,
  "fber": 15539.7265625,
  "fwhm_avg": 3.449823777777778,
  "fwhm_x": 3.2865919999999997,
  "fwhm_y": 3.8572693333333334,
  "fwhm_z": 3.20561,
  "icvs_csf": 0.1757435782095736,
  "icvs_gm": 0.44703006531244194,
  "icvs_wm": 0.37722635647798447,
  "inu_med": 1.0306427478790283,
  "inu_range": 0.26921680569648754,
  "provenance": {
    "md5sum": "505525c88b66b9a665d2d80463269bcb",
    "settings": {
      "testing": false
    },
    "software": "mriqc",
    "version": "21.0.0rc2",
    "warnings": {
      "large_rot_frame": true,
      "small_air_mask": false
    },
    "webapi_port": null,
    "webapi_url": "https://mriqc.nimh.nih.gov/api/v1"
  },
  "qi_1": 0.00044448126878257014,
  "qi_2": 0.004177836342942551,
  "rpve_csf": 15.783009721564476,
  "rpve_gm": 6.853191582725566,
  "rpve_wm": 9.327529233098232,
  "size_x": 192,
  "size_y": 256,
  "size_z": 160,
  "snr_csf": 3.400627803156836,
  "snr_gm": 12.563411246884598,
  "snr_total": 14.308074375943258,
  "snr_wm": 26.960184077788345,
  "snrd_csf": 51.8719476919936,
  "snrd_gm": 88.57589952417695,
  "snrd_total": 83.61078512531545,
  "snrd_wm": 110.38450815977578,
  "spacing_x": 0.9375,
  "spacing_y": 0.9375,
  "spacing_z": 1.0,
  "summary_bg_k": 21.93630885580838,
  "summary_bg_mad": 5.935125003039118,
  "summary_bg_mean": 7.373106479644775,
  "summary_bg_median": 6.021265029907227,
  "summary_bg_n": 2105769.0,
  "summary_bg_p05": 0.0,
  "summary_bg_p95": 20.617563247680643,
  "summary_bg_stdv": 7.519443035125732,
  "summary_csf_k": 0.10535511171806267,
  "summary_csf_mad": 157.397129034619,
  "summary_csf_mean": 490.0303649902344,
  "summary_csf_median": 469.9273376464844,
  "summary_csf_n": 27541.0,
  "summary_csf_p05": 298.2442932128906,
  "summary_csf_p95": 715.4262084960938,
  "summary_csf_stdv": 138.18589782714844,
  "summary_gm_k": 0.08545327779923095,
  "summary_gm_mad": 59.76332984489424,
  "summary_gm_mean": 809.6708984375,
  "summary_gm_median": 802.442138671875,
  "summary_gm_n": 34985.0,
  "summary_gm_p05": 714.4517700195313,
  "summary_gm_p95": 928.8546875,
  "summary_gm_stdv": 63.870445251464844,
  "summary_wm_k": 1.193019509070485,
  "summary_wm_mad": 34.13690703200568,
  "summary_wm_mean": 1003.0055541992188,
  "summary_wm_median": 1000.0144653320312,
  "summary_wm_n": 227196.0,
  "summary_wm_p05": 948.9105377197266,
  "summary_wm_p95": 1067.9156494140625,
  "summary_wm_stdv": 37.09218978881836,
  "tpm_overlap_csf": 0.1670444756746292,
  "tpm_overlap_gm": 0.4514572024345398,
  "tpm_overlap_wm": 0.4745774567127228,
  "wm2max": 0.5124334468445801
}