{
  "aor": 0.0009347115384615386,
  "aqi": 0.004427941826923077,
  "bids_meta": {
    "BandwidthPerPixelPhaseEncode": 31.25,
    "EchoTime": 0.025,
    "EffectiveEchoSpacing": 0.0005,
    "FlipAngle": 75,
    "ImageType": [
      "ORIGINAL",
      "PRIMARY",
      "M",
      "ND",
      "MOSAIC"
    ],
    "MagneticFieldStrength": 3,
    "Manufacturer": "Siemens",
    "ManufacturersModelName": "TrioTim",
    "Modality": "MR",
    "PhaseEncodingDirection": "j-",
    "PixelBandwidth": 3005,
    "RepetitionTime": 3,
    "ScanningSequence": "EP",
    "SequenceVariant": "SK",
    "SliceThickness": 3,
    "SliceTiming": [
      0,
      1.5225,
      0.055,
      1.58,
      0.1125,
      1.6375,
      0.17,
      1.6925,
      0.225,
      1.75,
      0.2825,
      1.805,
      0.3375,
      1.8625,
      0.395,
      1.92,
      0.45,
      1.975,
      0.5075,
      2.0325,
      0.565,
      2.0875,
      0.62,
      2.145,
      0.6775,
      2.2,
      0.7325,
      2.2575,
      0.79,
      2.315,
      0.8475,
      2.37,
      0.9025,
      2.4275,
      0.96,
      2.4825,
      1.015,
      2.54,
      1.0725,
      2.595,
      1.1275,
      2.6525,
      1.185,
      2.71,
      1.2425,
      2.765,
      1.2975,
      2.8225,
      1.355,
      2.8775,
      1.41,
      2.935,
      1.4675
    ],
    "SpacingBetweenSlices": 3,
    "TaskName": "risk choice task",
    "TotalReadoutTime": 0.0315,
    "dataset": "ds002843",
    "modality": "bold",
    "run_id": 4,
    "session_id": "scan2",
    "subject_id": "dmp0919",
    "task_id": "risk"
  },
  "dummy_trs": 0,
  "dvars_nstd": 20.27224433330097,
  "dvars_std": 1.0510696875728158,
  "dvars_vstd": 0.9355908616504856,
  "efc": 0.5449966948090958,
  "fber": 434.6563720703125,
  "fd_mean": 0.08163801569689443,
  "fd_num": 9,
  "fd_perc": 8.653846153846153,
  "fwhm_avg": 2.3602600000000002,
  "fwhm_x": 2.2454633333333334,
  "fwhm_y": 2.2673133333333335,
  "fwhm_z": 2.5680033333333334,
  "gcor": 0.00726847,
  "gsr_x": -0.00463056517764926,
  "gsr_y": 0.04692835733294487,
  "provenance": {
    "md5sum": "68b8798378c18f62eb482e11cc3333ea",
    "settings": {
      "fd_thres": 0.2,
      "testing": false
    },
    "software": "mriqc",
    "version": "21.0.0rc2",
    "webapi_port": null,
    "webapi_url": "https://mriqc.nimh.nih.gov/api/v1"
  },
  "size_t": 104,
  "size_x": 64,
  "size_y": 64,
  "size_z": 53,
  "snr": 3.7496157990798427,
  "spacing_tr": 3.0,
  "spacing_x": 3.0,
  "spacing_y": 3.0,
  "spacing_z": 3.0,
  "summary_bg_k": 36.79048382154164,
  "summary_bg_mad": 7.997500028275426,
  "summary_bg_mean": 53.23748779296875,
  "summary_bg_median": 29.58654022216797,
  "summary_bg_n": 139124.0,
  "summary_bg_p05": 23.44230842590332,
  "summary_bg_p95": 168.3500038146975,
  "summary_bg_stdv": 63.52130126953125,
  "summary_fg_k": 1.3832224012519738,
  "summary_fg_mad": 146.44968076243396,
  "summary_fg_mean": 646.575439453125,
  "summary_fg_median": 617.8942260742188,
  "summary_fg_n": 37571.0,
  "summary_fg_p05": 430.5769348144531,
  "summary_fg_p95": 960.423095703125,
  "summary_fg_stdv": 164.78648376464844,
  "tsnr": 68.23390841460787
}