{
  "aor": 0.003130769230769231,
  "aqi": 0.004222736538461539,
  "bids_meta": {
    "BandwidthPerPixelPhaseEncode": 31.25,
    "EchoTime": 0.025,
    "EffectiveEchoSpacing": 0.0005,
    "FlipAngle": 75,
    "ImageType": [
      "ORIGINAL",
      "PRIMARY",
      "M",
      "ND",
      "MOSAIC"
    ],
    "MagneticFieldStrength": 3,
    "Manufacturer": "Siemens",
    "ManufacturersModelName": "TrioTim",
    "Modality": "MR",
    "PhaseEncodingDirection": "j-",
    "PixelBandwidth": 3005,
    "RepetitionTime": 3,
    "ScanningSequence": "EP",
    "SequenceVariant": "SK",
    "SliceThickness": 3,
    "SliceTiming": [
      0,
      1.5225,
      0.055,
      1.58,
      0.1125,
      1.6375,
      0.17,
      1.6925,
      0.225,
      1.75,
      0.2825,
      1.805,
      0.3375,
      1.8625,
      0.395,
      1.92,
      0.45,
      1.975,
      0.5075,
      2.0325,
      0.565,
      2.0875,
      0.62,
      2.145,
      0.6775,
      2.2,
      0.7325,
      2.2575,
      0.79,
      2.315,
      0.8475,
      2.37,
      0.9025,
      2.4275,
      0.96,
      2.4825,
      1.015,
      2.54,
      1.0725,
      2.595,
      1.1275,
      2.6525,
      1.185,
      2.71,
      1.2425,
      2.765,
      1.2975,
      2.8225,
      1.355,
      2.8775,
      1.41,
      2.935,
      1.4675
    ],
    "SpacingBetweenSlices": 3,
    "TaskName": "risk choice task",
    "TotalReadoutTime": 0.0315,
    "dataset": "ds002843",
    "modality": "bold",
    "run_id": 4,
    "session_id": "scan1",
    "subject_id": "dmp0755",
    "task_id": "risk"
  },
  "dummy_trs": 0,
  "dvars_nstd": 24.686849594368944,
  "dvars_std": 1.2153451835922335,
  "dvars_vstd": 1.0003387939805828,
  "efc": 0.5899361267143062,
  "fber": 310.358642578125,
  "fd_mean": 0.12308218935668741,
  "fd_num": 13,
  "fd_perc": 12.5,
  "fwhm_avg": 2.6437166666666667,
  "fwhm_x": 2.52221,
  "fwhm_y": 2.6143733333333334,
  "fwhm_z": 2.7945666666666664,
  "gcor": 0.0666146,
  "gsr_x": 0.013002779334783554,
  "gsr_y": 0.0386824905872345,
  "provenance": {
    "md5sum": "4e82fa7038e1de03a406e762dfdb1d12",
    "settings": {
      "fd_thres": 0.2,
      "testing": false
    },
    "software": "mriqc",
    "version": "21.0.0rc2",
    "webapi_port": null,
    "webapi_url": "https://mriqc.nimh.nih.gov/api/v1"
  },
  "size_t": 104,
  "size_x": 64,
  "size_y": 64,
  "size_z": 53,
  "snr": 2.973944576606218,
  "spacing_tr": 3.0,
  "spacing_x": 3.0,
  "spacing_y": 3.0,
  "spacing_z": 3.0,
  "summary_bg_k": 29.142946825571464,
  "summary_bg_mad": 18.97445397586768,
  "summary_bg_mean": 83.1756820678711,
  "summary_bg_median": 42.04807662963867,
  "summary_bg_n": 126133.0,
  "summary_bg_p05": 28.105770111083984,
  "summary_bg_p95": 274.125,
  "summary_bg_stdv": 105.3075180053711,
  "summary_fg_k": 1.64764214140415,
  "summary_fg_mad": 222.226408586459,
  "summary_fg_mean": 801.2941284179688,
  "summary_fg_median": 754.9327392578125,
  "summary_fg_n": 46870.0,
  "summary_fg_p05": 475.09329071044925,
  "summary_fg_p95": 1284.030297851562,
  "summary_fg_stdv": 253.84625244140625,
  "tsnr": 69.97418366372585
}