{
  "bids_meta": {
    "EchoTime": 0.09,
    "FlipAngle": 180,
    "ImageType": [
      "ORIGINAL",
      "PRIMARY",
      "M",
      "ND",
      "NORM"
    ],
    "ImagingFrequency": 123.204,
    "MagneticFieldStrength": 3,
    "Manufacturer": "Siemens",
    "ManufacturersModelName": "TrioTim",
    "Modality": "MR",
    "PhaseEncodingDirection": "i",
    "RepetitionTime": 7,
    "ScanningSequence": "SE",
    "SequenceVariant": "SK_SP_OSP",
    "SliceThickness": 3,
    "SpacingBetweenSlices": 3,
    "dataset": "ds002843",
    "modality": "T2w",
    "session_id": "scan1",
    "subject_id": "dmp1183"
  },
  "cjv": 0.598174923673289,
  "cnr": 2.3044792172832307,
  "efc": 0.6020642225768323,
  "fber": 5065.349775647874,
  "fwhm_avg": 2.809985654514168,
  "fwhm_x": 3.2390666666666665,
  "fwhm_y": 3.40559972934725,
  "fwhm_z": 1.7852905675285873,
  "icvs_csf": 0.1769530336856069,
  "icvs_gm": 0.4198354628501132,
  "icvs_wm": 0.4032115034642799,
  "inu_med": 1.372925043106079,
  "inu_range": 0.4173887073993683,
  "provenance": {
    "md5sum": "fd24e0c8a75705e15ba84bd6da000b0c",
    "settings": {
      "testing": false
    },
    "software": "mriqc",
    "version": "21.0.0rc2",
    "warnings": {
      "large_rot_frame": true,
      "small_air_mask": false
    },
    "webapi_port": null,
    "webapi_url": "https://mriqc.nimh.nih.gov/api/v1"
  },
  "qi_1": 0.0,
  "qi_2": 0.006136501530324538,
  "rpve_csf": 12.149576831244138,
  "rpve_gm": 5.261541798702279,
  "rpve_wm": 6.253921735912442,
  "size_x": 256,
  "size_y": 256,
  "size_z": 44,
  "snr_csf": 3.2119454960696996,
  "snr_gm": 9.205433912128296,
  "snr_total": 6.88756469486481,
  "snr_wm": 8.245314676396436,
  "snrd_csf": 231.8508194968475,
  "snrd_gm": 113.39001679635548,
  "snrd_total": 140.8833350365928,
  "snrd_wm": 77.4091688165754,
  "spacing_x": 0.75,
  "spacing_y": 0.7500000596046448,
  "spacing_z": 2.9999990463256836,
  "summary_bg_k": 2791.363227278117,
  "summary_bg_mad": 8.42309173401167,
  "summary_bg_mean": 16.059226566183643,
  "summary_bg_median": 14.063518770039082,
  "summary_bg_n": 793037.0,
  "summary_bg_p05": 2.7940765768289566,
  "summary_bg_p95": 33.90146246552467,
  "summary_bg_stdv": 25.438047936358554,
  "summary_csf_k": 0.9547700953699056,
  "summary_csf_mad": 716.37704780414,
  "summary_csf_mean": 2869.833959036233,
  "summary_csf_median": 2980.9071639329195,
  "summary_csf_n": 120305.0,
  "summary_csf_p05": 705.5043356493115,
  "summary_csf_p95": 4196.237338967621,
  "summary_csf_stdv": 928.0651799966203,
  "summary_gm_k": 0.08318917455544472,
  "summary_gm_mad": 156.44857269893805,
  "summary_gm_mean": 1462.3722151353923,
  "summary_gm_median": 1457.8560219034553,
  "summary_gm_n": 248090.0,
  "summary_gm_p05": 1210.5802448540926,
  "summary_gm_p95": 1731.3029828891158,
  "summary_gm_stdv": 158.36875237572107,
  "summary_wm_k": 0.04109162602165117,
  "summary_wm_mad": 120.27070328400269,
  "summary_wm_mean": 990.5671891891825,
  "summary_wm_median": 995.2500766664743,
  "summary_wm_n": 275201.0,
  "summary_wm_p05": 782.9933927133679,
  "summary_wm_p95": 1179.9385383948684,
  "summary_wm_stdv": 120.70470412608343,
  "tpm_overlap_csf": 0.15539750456809998,
  "tpm_overlap_gm": 0.42152702808380127,
  "tpm_overlap_wm": 0.4664818048477173,
  "wm2max": 0.2081166324091868
}