{
  "aor": 0.0027258653846153847,
  "aqi": 0.003863293365384615,
  "bids_meta": {
    "BandwidthPerPixelPhaseEncode": 31.25,
    "EchoTime": 0.025,
    "EffectiveEchoSpacing": 0.0005,
    "FlipAngle": 75,
    "ImageType": [
      "ORIGINAL",
      "PRIMARY",
      "M",
      "ND",
      "MOSAIC"
    ],
    "MagneticFieldStrength": 3,
    "Manufacturer": "Siemens",
    "ManufacturersModelName": "TrioTim",
    "Modality": "MR",
    "PhaseEncodingDirection": "j-",
    "PixelBandwidth": 3005,
    "RepetitionTime": 3,
    "ScanningSequence": "EP",
    "SequenceVariant": "SK",
    "SliceThickness": 3,
    "SliceTiming": [
      0,
      1.5225,
      0.055,
      1.58,
      0.1125,
      1.6375,
      0.17,
      1.6925,
      0.225,
      1.75,
      0.2825,
      1.805,
      0.3375,
      1.8625,
      0.395,
      1.92,
      0.45,
      1.975,
      0.5075,
      2.0325,
      0.565,
      2.0875,
      0.62,
      2.145,
      0.6775,
      2.2,
      0.7325,
      2.2575,
      0.79,
      2.315,
      0.8475,
      2.37,
      0.9025,
      2.4275,
      0.96,
      2.4825,
      1.015,
      2.54,
      1.0725,
      2.595,
      1.1275,
      2.6525,
      1.185,
      2.71,
      1.2425,
      2.765,
      1.2975,
      2.8225,
      1.355,
      2.8775,
      1.41,
      2.935,
      1.4675
    ],
    "SpacingBetweenSlices": 3,
    "TaskName": "intertemporal choice task",
    "TotalReadoutTime": 0.0315,
    "dataset": "ds002843",
    "modality": "bold",
    "run_id": 4,
    "session_id": "scan2",
    "subject_id": "dmp0523",
    "task_id": "itc"
  },
  "dummy_trs": 0,
  "dvars_nstd": 24.699109975825237,
  "dvars_std": 1.2213217162135919,
  "dvars_vstd": 1.0127608419417475,
  "efc": 0.5571520471204156,
  "fber": 370.06097412109375,
  "fd_mean": 0.1509637233645626,
  "fd_num": 23,
  "fd_perc": 22.115384615384617,
  "fwhm_avg": 2.600444444444444,
  "fwhm_x": 2.49685,
  "fwhm_y": 2.5014566666666664,
  "fwhm_z": 2.8030266666666663,
  "gcor": 0.0467955,
  "gsr_x": -0.008988682180643082,
  "gsr_y": 0.0379737988114357,
  "provenance": {
    "md5sum": "55bc1a306562641684ec775980557410",
    "settings": {
      "fd_thres": 0.2,
      "testing": false
    },
    "software": "mriqc",
    "version": "21.0.0rc2",
    "webapi_port": null,
    "webapi_url": "https://mriqc.nimh.nih.gov/api/v1"
  },
  "size_t": 104,
  "size_x": 64,
  "size_y": 64,
  "size_z": 53,
  "snr": 3.073624832317664,
  "spacing_tr": 3.0,
  "spacing_x": 3.0,
  "spacing_y": 3.0,
  "spacing_z": 3.0,
  "summary_bg_k": 50.48235747774723,
  "summary_bg_mad": 13.029789963861019,
  "summary_bg_mean": 69.10255432128906,
  "summary_bg_median": 35.56731033325195,
  "summary_bg_n": 135867.0,
  "summary_bg_p05": 25.663461685180664,
  "summary_bg_p95": 225.7153930664062,
  "summary_bg_stdv": 92.62834930419922,
  "summary_fg_k": 2.6644872423927435,
  "summary_fg_mad": 183.9638423536411,
  "summary_fg_mean": 739.1671752929688,
  "summary_fg_median": 694.8654174804688,
  "summary_fg_n": 39162.0,
  "summary_fg_p05": 453.5961608886719,
  "summary_fg_p95": 1181.987591552734,
  "summary_fg_stdv": 226.07070922851562,
  "tsnr": 76.79786325269379
}