{
  "aor": 0.002743207547169811,
  "aqi": 0.002460127924528302,
  "bids_meta": {
    "BandwidthPerPixelPhaseEncode": 31.25,
    "EchoTime": 0.025,
    "EffectiveEchoSpacing": 0.0005,
    "FlipAngle": 75,
    "ImageType": [
      "ORIGINAL",
      "PRIMARY",
      "M",
      "ND",
      "MOSAIC"
    ],
    "MagneticFieldStrength": 3,
    "Manufacturer": "Siemens",
    "ManufacturersModelName": "TrioTim",
    "Modality": "MR",
    "PhaseEncodingDirection": "j-",
    "PixelBandwidth": 3005,
    "RepetitionTime": 3,
    "ScanningSequence": "EP",
    "SequenceVariant": "SK",
    "SliceThickness": 3,
    "SliceTiming": [
      0,
      1.5225,
      0.055,
      1.58,
      0.1125,
      1.635,
      0.1675,
      1.6925,
      0.225,
      1.75,
      0.2825,
      1.805,
      0.3375,
      1.8625,
      0.395,
      1.9175,
      0.45,
      1.975,
      0.5075,
      2.03,
      0.5625,
      2.0875,
      0.62,
      2.145,
      0.6775,
      2.2,
      0.7325,
      2.2575,
      0.79,
      2.3125,
      0.845,
      2.37,
      0.9025,
      2.425,
      0.9575,
      2.4825,
      1.015,
      2.54,
      1.0725,
      2.595,
      1.1275,
      2.6525,
      1.185,
      2.7075,
      1.24,
      2.765,
      1.2975,
      2.8225,
      1.355,
      2.8775,
      1.41,
      2.935,
      1.4675
    ],
    "SpacingBetweenSlices": 3,
    "TaskName": "rest",
    "TotalReadoutTime": 0.0315,
    "dataset": "ds002843",
    "modality": "bold",
    "session_id": "scan1",
    "subject_id": "dmp0019",
    "task_id": "rest"
  },
  "dummy_trs": 1,
  "dvars_nstd": 16.714793911645575,
  "dvars_std": 1.0457376739873423,
  "dvars_vstd": 0.985273577341772,
  "efc": 0.5850305334595078,
  "fber": 316.7039794921875,
  "fd_mean": 0.06272162297200105,
  "fd_num": 4,
  "fd_perc": 2.5157232704402515,
  "fwhm_avg": 2.460418888888889,
  "fwhm_x": 2.316003333333333,
  "fwhm_y": 2.38089,
  "fwhm_z": 2.684363333333333,
  "gcor": 0.0106954,
  "gsr_x": 0.004276422318071127,
  "gsr_y": 0.05888460949063301,
  "provenance": {
    "md5sum": "c8b2195365a09c9fb3ed3ad0eccc2a0c",
    "settings": {
      "fd_thres": 0.2,
      "testing": false
    },
    "software": "mriqc",
    "version": "21.0.0rc2",
    "webapi_port": null,
    "webapi_url": "https://mriqc.nimh.nih.gov/api/v1"
  },
  "size_t": 159,
  "size_x": 64,
  "size_y": 64,
  "size_z": 53,
  "snr": 2.9064521928835805,
  "spacing_tr": 3.0,
  "spacing_x": 3.0,
  "spacing_y": 3.0,
  "spacing_z": 3.0,
  "summary_bg_k": 20.897907246535954,
  "summary_bg_mad": 16.495114750672382,
  "summary_bg_mean": 79.46366119384766,
  "summary_bg_median": 38.76100540161133,
  "summary_bg_n": 127758.0,
  "summary_bg_p05": 26.697168922424318,
  "summary_bg_p95": 271.00722961425777,
  "summary_bg_stdv": 98.4029769897461,
  "summary_fg_k": 2.6380506873559444,
  "summary_fg_mad": 211.415330037375,
  "summary_fg_mean": 754.16650390625,
  "summary_fg_median": 706.4024658203125,
  "summary_fg_n": 44583.0,
  "summary_fg_p05": 451.7930511474609,
  "summary_fg_p95": 1211.5955322265625,
  "summary_fg_stdv": 243.0435791015625,
  "tsnr": 77.99190784548409
}