{
  "aor": 0.010986699029126213,
  "aqi": 0.0034925707766990293,
  "bids_meta": {
    "BandwidthPerPixelPhaseEncode": 31.25,
    "EchoTime": 0.025,
    "EffectiveEchoSpacing": 0.0005,
    "FlipAngle": 75,
    "ImageType": [
      "ORIGINAL",
      "PRIMARY",
      "M",
      "ND",
      "MOSAIC"
    ],
    "MagneticFieldStrength": 3,
    "Manufacturer": "Siemens",
    "ManufacturersModelName": "TrioTim",
    "Modality": "MR",
    "PhaseEncodingDirection": "j-",
    "PixelBandwidth": 3005,
    "RepetitionTime": 3,
    "ScanningSequence": "EP",
    "SequenceVariant": "SK",
    "SliceThickness": 3,
    "SliceTiming": [
      0,
      1.5225,
      0.055,
      1.58,
      0.1125,
      1.6375,
      0.17,
      1.6925,
      0.225,
      1.75,
      0.2825,
      1.805,
      0.3375,
      1.8625,
      0.395,
      1.92,
      0.45,
      1.975,
      0.5075,
      2.0325,
      0.565,
      2.0875,
      0.62,
      2.145,
      0.6775,
      2.2,
      0.7325,
      2.2575,
      0.79,
      2.315,
      0.8475,
      2.37,
      0.9025,
      2.4275,
      0.96,
      2.4825,
      1.015,
      2.54,
      1.0725,
      2.595,
      1.1275,
      2.6525,
      1.185,
      2.71,
      1.2425,
      2.765,
      1.2975,
      2.8225,
      1.355,
      2.8775,
      1.41,
      2.935,
      1.4675
    ],
    "SpacingBetweenSlices": 3,
    "TaskName": "intertemporal choice task",
    "TotalReadoutTime": 0.0315,
    "dataset": "ds002843",
    "modality": "bold",
    "run_id": 1,
    "session_id": "scan1",
    "subject_id": "dmp0019",
    "task_id": "itc"
  },
  "dummy_trs": 1,
  "dvars_nstd": 25.73608994882353,
  "dvars_std": 1.1852082610784314,
  "dvars_vstd": 1.0478578473529412,
  "efc": 0.5862154303203756,
  "fber": 311.13641357421875,
  "fd_mean": 0.14495841358745737,
  "fd_num": 17,
  "fd_perc": 16.50485436893204,
  "fwhm_avg": 2.4792366666666665,
  "fwhm_x": 2.3250766666666665,
  "fwhm_y": 2.3996766666666667,
  "fwhm_z": 2.712956666666667,
  "gcor": 0.0241409,
  "gsr_x": 0.0034637930803000927,
  "gsr_y": 0.0578455850481987,
  "provenance": {
    "md5sum": "159a3332adfed2ea7a1671d5cfa2352b",
    "settings": {
      "fd_thres": 0.2,
      "testing": false
    },
    "software": "mriqc",
    "version": "21.0.0rc2",
    "webapi_port": null,
    "webapi_url": "https://mriqc.nimh.nih.gov/api/v1"
  },
  "size_t": 103,
  "size_x": 64,
  "size_y": 64,
  "size_z": 53,
  "snr": 2.8878505636317655,
  "spacing_tr": 3.0,
  "spacing_x": 3.0,
  "spacing_y": 3.0,
  "spacing_z": 3.0,
  "summary_bg_k": 20.7686071387981,
  "summary_bg_mad": 17.10030347020173,
  "summary_bg_mean": 81.16270446777344,
  "summary_bg_median": 39.36893081665039,
  "summary_bg_n": 127633.0,
  "summary_bg_p05": 26.8543701171875,
  "summary_bg_p95": 276.43883056640607,
  "summary_bg_stdv": 100.61907196044922,
  "summary_fg_k": 2.5962348451034023,
  "summary_fg_mad": 213.62421188269496,
  "summary_fg_mean": 759.922607421875,
  "summary_fg_median": 711.291259765625,
  "summary_fg_n": 44608.0,
  "summary_fg_p05": 454.3791275024414,
  "summary_fg_p95": 1224.8339904785157,
  "summary_fg_stdv": 246.30197143554688,
  "tsnr": 66.4988508168608
}