{
  "aor": 0.0009910000000000001,
  "aqi": 0.00272354275,
  "bids_meta": {
    "BandwidthPerPixelPhaseEncode": 31.25,
    "EchoTime": 0.025,
    "EffectiveEchoSpacing": 0.0005,
    "FlipAngle": 75,
    "ImageType": [
      "ORIGINAL",
      "PRIMARY",
      "M",
      "ND",
      "MOSAIC"
    ],
    "MagneticFieldStrength": 3,
    "Manufacturer": "Siemens",
    "ManufacturersModelName": "TrioTim",
    "Modality": "MR",
    "PhaseEncodingDirection": "j-",
    "PixelBandwidth": 3005,
    "RepetitionTime": 3,
    "ScanningSequence": "EP",
    "SequenceVariant": "SK",
    "SliceThickness": 3,
    "SliceTiming": [
      0,
      1.5225,
      0.055,
      1.58,
      0.1125,
      1.635,
      0.1675,
      1.6925,
      0.225,
      1.75,
      0.2825,
      1.805,
      0.3375,
      1.8625,
      0.395,
      1.9175,
      0.45,
      1.975,
      0.5075,
      2.03,
      0.5625,
      2.0875,
      0.62,
      2.145,
      0.6775,
      2.2,
      0.7325,
      2.2575,
      0.79,
      2.3125,
      0.845,
      2.37,
      0.9025,
      2.425,
      0.9575,
      2.4825,
      1.015,
      2.54,
      1.0725,
      2.595,
      1.1275,
      2.6525,
      1.185,
      2.7075,
      1.24,
      2.765,
      1.2975,
      2.8225,
      1.355,
      2.8775,
      1.41,
      2.935,
      1.4675
    ],
    "SpacingBetweenSlices": 3,
    "TaskName": "rest",
    "TotalReadoutTime": 0.0315,
    "dataset": "ds002843",
    "modality": "bold",
    "session_id": "scan1",
    "subject_id": "dmp0097",
    "task_id": "rest"
  },
  "dummy_trs": 0,
  "dvars_nstd": 20.459530020628925,
  "dvars_std": 1.1853917796226416,
  "dvars_vstd": 0.9967206594968553,
  "efc": 0.5408370829730912,
  "fber": 460.5692138671875,
  "fd_mean": 0.07285221882270229,
  "fd_num": 1,
  "fd_perc": 0.625,
  "fwhm_avg": 2.2484888888888888,
  "fwhm_x": 2.1024166666666666,
  "fwhm_y": 2.2326,
  "fwhm_z": 2.41045,
  "gcor": 0.0343671,
  "gsr_x": 0.001718437997624278,
  "gsr_y": 0.037535686045885086,
  "provenance": {
    "md5sum": "4b343bd952779cdd3d6db0430d3a5b83",
    "settings": {
      "fd_thres": 0.2,
      "testing": false
    },
    "software": "mriqc",
    "version": "21.0.0rc2",
    "webapi_port": null,
    "webapi_url": "https://mriqc.nimh.nih.gov/api/v1"
  },
  "size_t": 160,
  "size_x": 64,
  "size_y": 64,
  "size_z": 53,
  "snr": 4.195886525401834,
  "spacing_tr": 3.0,
  "spacing_x": 3.0,
  "spacing_y": 3.0,
  "spacing_z": 3.0,
  "summary_bg_k": 24.35654879438595,
  "summary_bg_mad": 5.4022307025440615,
  "summary_bg_mean": 51.528568267822266,
  "summary_bg_median": 28.212499618530273,
  "summary_bg_n": 141639.0,
  "summary_bg_p05": 24.21875,
  "summary_bg_p95": 172.3131256103516,
  "summary_bg_stdv": 62.366817474365234,
  "summary_fg_k": 0.722822025473489,
  "summary_fg_mad": 140.1707915940106,
  "summary_fg_mean": 632.7659301757812,
  "summary_fg_median": 615.3062744140625,
  "summary_fg_n": 34459.0,
  "summary_fg_p05": 420.90562438964844,
  "summary_fg_p95": 892.0962707519529,
  "summary_fg_stdv": 146.6429901123047,
  "tsnr": 84.88868432026356
}