{
  "bids_meta": {
    "EchoTime": 0.00311,
    "FlipAngle": 15,
    "ImageType": [
      "ORIGINAL",
      "PRIMARY",
      "M",
      "ND",
      "NORM"
    ],
    "InversionTime": 1.1,
    "MagneticFieldStrength": 3,
    "Manufacturer": "Siemens",
    "ManufacturersModelName": "TrioTim",
    "Modality": "MR",
    "RepetitionTime": 1.63,
    "ScanningSequence": "GR_IR",
    "SequenceVariant": "SP_MP",
    "SliceThickness": 1,
    "dataset": "ds002843",
    "modality": "T1w",
    "session_id": "scan1",
    "subject_id": "dmp1271"
  },
  "cjv": 0.5000962106438671,
  "cnr": 2.6123129611470497,
  "efc": 0.5818881868156002,
  "fber": 8280.7353515625,
  "fwhm_avg": 3.4531322222222216,
  "fwhm_x": 3.3230933333333335,
  "fwhm_y": 3.8384533333333333,
  "fwhm_z": 3.19785,
  "icvs_csf": 0.2004187110832272,
  "icvs_gm": 0.4220149505803614,
  "icvs_wm": 0.37756633833641134,
  "inu_med": 1.1703592538833618,
  "inu_range": 0.20910894870758057,
  "provenance": {
    "md5sum": "67e76b1d7aca66803b5c2ad3b0a77dcc",
    "settings": {
      "testing": false
    },
    "software": "mriqc",
    "version": "21.0.0rc2",
    "warnings": {
      "large_rot_frame": true,
      "small_air_mask": false
    },
    "webapi_port": null,
    "webapi_url": "https://mriqc.nimh.nih.gov/api/v1"
  },
  "qi_1": 0.003908410364778032,
  "qi_2": 0.0030938900181317584,
  "rpve_csf": 18.22174175593977,
  "rpve_gm": 9.018724095972118,
  "rpve_wm": 11.896714336619914,
  "size_x": 192,
  "size_y": 256,
  "size_z": 160,
  "snr_csf": 2.9012732710415663,
  "snr_gm": 13.61083032689361,
  "snr_total": 13.803989380422111,
  "snr_wm": 24.899864543331155,
  "snrd_csf": 32.19686561060685,
  "snrd_gm": 66.50675706429008,
  "snrd_total": 60.240424571312964,
  "snrd_wm": 82.01765103904195,
  "spacing_x": 0.9375,
  "spacing_y": 0.9375,
  "spacing_z": 1.0,
  "summary_bg_k": 16.571704288685876,
  "summary_bg_mad": 7.988013334335203,
  "summary_bg_mean": 9.077908515930176,
  "summary_bg_median": 8.119346618652344,
  "summary_bg_n": 2181998.0,
  "summary_bg_p05": 0.0,
  "summary_bg_p95": 24.455290412902833,
  "summary_bg_stdv": 8.883930206298828,
  "summary_csf_k": 60.96011929708863,
  "summary_csf_mad": 87.54990517603576,
  "summary_csf_mean": 420.0732116699219,
  "summary_csf_median": 392.5732116699219,
  "summary_csf_n": 23755.0,
  "summary_csf_p05": 278.4597686767578,
  "summary_csf_p95": 640.2500671386719,
  "summary_csf_stdv": 135.3078155517578,
  "summary_gm_k": 0.5803213742133764,
  "summary_gm_mad": 54.882162470113315,
  "summary_gm_mean": 813.80078125,
  "summary_gm_median": 810.9103393554688,
  "summary_gm_n": 16727.0,
  "summary_gm_p05": 721.564501953125,
  "summary_gm_p95": 921.3719970703124,
  "summary_gm_stdv": 59.576534271240234,
  "summary_wm_k": 0.45048485381615944,
  "summary_wm_mad": 39.69743452369522,
  "summary_wm_mean": 1002.9769897460938,
  "summary_wm_median": 1000.0331420898438,
  "summary_wm_n": 177389.0,
  "summary_wm_p05": 942.7017822265625,
  "summary_wm_p95": 1072.704150390625,
  "summary_wm_stdv": 40.162078857421875,
  "tpm_overlap_csf": 0.16617432236671448,
  "tpm_overlap_gm": 0.4545263648033142,
  "tpm_overlap_wm": 0.49338603019714355,
  "wm2max": 0.5556598388011146
}