{
  "aor": 0.011966057692307694,
  "aqi": 0.007514278173076923,
  "bids_meta": {
    "BandwidthPerPixelPhaseEncode": 31.25,
    "EchoTime": 0.025,
    "EffectiveEchoSpacing": 0.0005,
    "FlipAngle": 75,
    "ImageType": [
      "ORIGINAL",
      "PRIMARY",
      "M",
      "ND",
      "MOSAIC"
    ],
    "MagneticFieldStrength": 3,
    "Manufacturer": "Siemens",
    "ManufacturersModelName": "TrioTim",
    "Modality": "MR",
    "PhaseEncodingDirection": "j-",
    "PixelBandwidth": 3005,
    "RepetitionTime": 3,
    "ScanningSequence": "EP",
    "SequenceVariant": "SK",
    "SliceThickness": 3,
    "SliceTiming": [
      0,
      1.5225,
      0.055,
      1.58,
      0.1125,
      1.6375,
      0.17,
      1.6925,
      0.225,
      1.75,
      0.2825,
      1.805,
      0.3375,
      1.8625,
      0.395,
      1.92,
      0.45,
      1.975,
      0.5075,
      2.0325,
      0.565,
      2.0875,
      0.62,
      2.145,
      0.6775,
      2.2,
      0.7325,
      2.2575,
      0.79,
      2.315,
      0.8475,
      2.37,
      0.9025,
      2.4275,
      0.96,
      2.4825,
      1.015,
      2.54,
      1.0725,
      2.595,
      1.1275,
      2.6525,
      1.185,
      2.71,
      1.2425,
      2.765,
      1.2975,
      2.8225,
      1.355,
      2.8775,
      1.41,
      2.935,
      1.4675
    ],
    "SpacingBetweenSlices": 3,
    "TaskName": "risk choice task",
    "TotalReadoutTime": 0.0315,
    "dataset": "ds002843",
    "modality": "bold",
    "run_id": 3,
    "session_id": "scan1",
    "subject_id": "dmp0877",
    "task_id": "risk"
  },
  "dummy_trs": 0,
  "dvars_nstd": 28.884229956116506,
  "dvars_std": 1.242842973009709,
  "dvars_vstd": 1.046581407766991,
  "efc": 0.6092444404474918,
  "fber": 193.34515380859375,
  "fd_mean": 0.20553576343949445,
  "fd_num": 33,
  "fd_perc": 31.73076923076923,
  "fwhm_avg": 2.9258255555555555,
  "fwhm_x": 2.5830233333333332,
  "fwhm_y": 2.9326633333333336,
  "fwhm_z": 3.26179,
  "gcor": 0.0375459,
  "gsr_x": -0.023963479325175285,
  "gsr_y": 0.0867508128285408,
  "provenance": {
    "md5sum": "6cf44e949e08ed49fc218b38d9deef84",
    "settings": {
      "fd_thres": 0.2,
      "testing": false
    },
    "software": "mriqc",
    "version": "21.0.0rc2",
    "webapi_port": null,
    "webapi_url": "https://mriqc.nimh.nih.gov/api/v1"
  },
  "size_t": 104,
  "size_x": 64,
  "size_y": 64,
  "size_z": 53,
  "snr": 2.557818743785615,
  "spacing_tr": 3.0,
  "spacing_x": 3.0,
  "spacing_y": 3.0,
  "spacing_z": 3.0,
  "summary_bg_k": 14.833227423221516,
  "summary_bg_mad": 25.674677062950703,
  "summary_bg_mean": 105.39844512939453,
  "summary_bg_median": 48.980770111083984,
  "summary_bg_n": 124740.0,
  "summary_bg_p05": 30.173078536987305,
  "summary_bg_p95": 381.58943328857356,
  "summary_bg_stdv": 136.01417541503906,
  "summary_fg_k": 1.9848362878142867,
  "summary_fg_mad": 220.83651425203905,
  "summary_fg_mean": 786.8843994140625,
  "summary_fg_median": 726.0385131835938,
  "summary_fg_n": 44249.0,
  "summary_fg_p05": 443.47694091796876,
  "summary_fg_p95": 1361.0307861328124,
  "summary_fg_stdv": 283.8474426269531,
  "tsnr": 48.709847203455865
}