{
  "aor": 0.0037662499999999996,
  "aqi": 0.0028704119230769233,
  "bids_meta": {
    "BandwidthPerPixelPhaseEncode": 31.25,
    "EchoTime": 0.025,
    "EffectiveEchoSpacing": 0.0005,
    "FlipAngle": 75,
    "ImageType": [
      "ORIGINAL",
      "PRIMARY",
      "M",
      "ND",
      "MOSAIC"
    ],
    "MagneticFieldStrength": 3,
    "Manufacturer": "Siemens",
    "ManufacturersModelName": "TrioTim",
    "Modality": "MR",
    "PhaseEncodingDirection": "j-",
    "PixelBandwidth": 3005,
    "RepetitionTime": 3,
    "ScanningSequence": "EP",
    "SequenceVariant": "SK",
    "SliceThickness": 3,
    "SliceTiming": [
      0,
      1.5225,
      0.055,
      1.58,
      0.1125,
      1.6375,
      0.17,
      1.6925,
      0.225,
      1.75,
      0.2825,
      1.805,
      0.3375,
      1.8625,
      0.395,
      1.92,
      0.45,
      1.975,
      0.5075,
      2.0325,
      0.565,
      2.0875,
      0.62,
      2.145,
      0.6775,
      2.2,
      0.7325,
      2.2575,
      0.79,
      2.315,
      0.8475,
      2.37,
      0.9025,
      2.4275,
      0.96,
      2.4825,
      1.015,
      2.54,
      1.0725,
      2.595,
      1.1275,
      2.6525,
      1.185,
      2.71,
      1.2425,
      2.765,
      1.2975,
      2.8225,
      1.355,
      2.8775,
      1.41,
      2.935,
      1.4675
    ],
    "SpacingBetweenSlices": 3,
    "TaskName": "intertemporal choice task",
    "TotalReadoutTime": 0.0315,
    "dataset": "ds002843",
    "modality": "bold",
    "run_id": 1,
    "session_id": "scan1",
    "subject_id": "dmp0877",
    "task_id": "itc"
  },
  "dummy_trs": 0,
  "dvars_nstd": 25.206687408543697,
  "dvars_std": 1.2746750952427188,
  "dvars_vstd": 1.0217561949514558,
  "efc": 0.6077986590364824,
  "fber": 198.2294464111328,
  "fd_mean": 0.12609174140427312,
  "fd_num": 13,
  "fd_perc": 12.5,
  "fwhm_avg": 2.8855866666666667,
  "fwhm_x": 2.58255,
  "fwhm_y": 2.87367,
  "fwhm_z": 3.20054,
  "gcor": 0.0322563,
  "gsr_x": -0.023763330653309822,
  "gsr_y": 0.0874958336353302,
  "provenance": {
    "md5sum": "7c3741c663cee864393635f4f4342bdd",
    "settings": {
      "fd_thres": 0.2,
      "testing": false
    },
    "software": "mriqc",
    "version": "21.0.0rc2",
    "webapi_port": null,
    "webapi_url": "https://mriqc.nimh.nih.gov/api/v1"
  },
  "size_t": 104,
  "size_x": 64,
  "size_y": 64,
  "size_z": 53,
  "snr": 2.552565727638407,
  "spacing_tr": 3.0,
  "spacing_x": 3.0,
  "spacing_y": 3.0,
  "spacing_z": 3.0,
  "summary_bg_k": 14.567300887978913,
  "summary_bg_mad": 25.475099475492566,
  "summary_bg_mean": 104.33399200439453,
  "summary_bg_median": 48.44231033325195,
  "summary_bg_n": 125023.0,
  "summary_bg_p05": 29.673078536987305,
  "summary_bg_p95": 380.1413696289055,
  "summary_bg_stdv": 134.56825256347656,
  "summary_fg_k": 2.098039516475172,
  "summary_fg_mad": 219.22555075137097,
  "summary_fg_mean": 783.320556640625,
  "summary_fg_median": 722.3654174804688,
  "summary_fg_n": 44220.0,
  "summary_fg_p05": 441.7389450073242,
  "summary_fg_p95": 1352.7682739257796,
  "summary_fg_stdv": 282.99261474609375,
  "tsnr": 73.15291117597371
}