{
  "aor": 0.007872330097087378,
  "aqi": 0.002401460388349515,
  "bids_meta": {
    "BandwidthPerPixelPhaseEncode": 31.25,
    "EchoTime": 0.025,
    "EffectiveEchoSpacing": 0.0005,
    "FlipAngle": 75,
    "ImageType": [
      "ORIGINAL",
      "PRIMARY",
      "M",
      "ND",
      "MOSAIC"
    ],
    "MagneticFieldStrength": 3,
    "Manufacturer": "Siemens",
    "ManufacturersModelName": "TrioTim",
    "Modality": "MR",
    "PhaseEncodingDirection": "j-",
    "PixelBandwidth": 3005,
    "RepetitionTime": 3,
    "ScanningSequence": "EP",
    "SequenceVariant": "SK",
    "SliceThickness": 3,
    "SliceTiming": [
      0,
      1.5225,
      0.055,
      1.58,
      0.1125,
      1.6375,
      0.17,
      1.6925,
      0.225,
      1.75,
      0.2825,
      1.805,
      0.3375,
      1.8625,
      0.395,
      1.92,
      0.45,
      1.975,
      0.5075,
      2.0325,
      0.565,
      2.0875,
      0.62,
      2.145,
      0.6775,
      2.2,
      0.7325,
      2.2575,
      0.79,
      2.315,
      0.8475,
      2.37,
      0.9025,
      2.4275,
      0.96,
      2.4825,
      1.015,
      2.54,
      1.0725,
      2.595,
      1.1275,
      2.6525,
      1.185,
      2.71,
      1.2425,
      2.765,
      1.2975,
      2.8225,
      1.355,
      2.8775,
      1.41,
      2.935,
      1.4675
    ],
    "SpacingBetweenSlices": 3,
    "TaskName": "risk choice task",
    "TotalReadoutTime": 0.0315,
    "dataset": "ds002843",
    "modality": "bold",
    "run_id": 1,
    "session_id": "scan2",
    "subject_id": "dmp1241",
    "task_id": "risk"
  },
  "dummy_trs": 1,
  "dvars_nstd": 22.882566807352937,
  "dvars_std": 1.2667960479411766,
  "dvars_vstd": 1.0568562271568633,
  "efc": 0.5414712993696682,
  "fber": 393.9066162109375,
  "fd_mean": 0.12470961028958072,
  "fd_num": 13,
  "fd_perc": 12.62135922330097,
  "fwhm_avg": 2.7504255555555552,
  "fwhm_x": 2.7246433333333333,
  "fwhm_y": 2.7058199999999997,
  "fwhm_z": 2.8208133333333336,
  "gcor": 0.0490921,
  "gsr_x": -0.00984953809529543,
  "gsr_y": 0.07838436961174011,
  "provenance": {
    "md5sum": "c54910e63b060c6aea495e03ed7eb85a",
    "settings": {
      "fd_thres": 0.2,
      "testing": false
    },
    "software": "mriqc",
    "version": "21.0.0rc2",
    "webapi_port": null,
    "webapi_url": "https://mriqc.nimh.nih.gov/api/v1"
  },
  "size_t": 103,
  "size_x": 64,
  "size_y": 64,
  "size_z": 53,
  "snr": 2.7187450605657597,
  "spacing_tr": 3.0,
  "spacing_x": 3.0,
  "spacing_y": 3.0,
  "spacing_z": 3.0,
  "summary_bg_k": 15.677658994439025,
  "summary_bg_mad": 13.228264693986512,
  "summary_bg_mean": 71.47620391845703,
  "summary_bg_median": 35.485435485839844,
  "summary_bg_n": 140325.0,
  "summary_bg_p05": 25.98058319091797,
  "summary_bg_p95": 248.83301696777332,
  "summary_bg_stdv": 86.45603942871094,
  "summary_fg_k": 2.807412566930072,
  "summary_fg_mad": 214.84054475134994,
  "summary_fg_mean": 765.8119506835938,
  "summary_fg_median": 711.121337890625,
  "summary_fg_n": 35720.0,
  "summary_fg_p05": 443.9004959106445,
  "summary_fg_p95": 1270.2548156738271,
  "summary_fg_stdv": 261.5586853027344,
  "tsnr": 77.41972281399649
}