{
  "bids_meta": {
    "EchoTime": 0.00311,
    "FlipAngle": 15,
    "ImageType": [
      "ORIGINAL",
      "PRIMARY",
      "M",
      "ND",
      "NORM"
    ],
    "InversionTime": 1.1,
    "MagneticFieldStrength": 3,
    "Manufacturer": "Siemens",
    "ManufacturersModelName": "TrioTim",
    "Modality": "MR",
    "RepetitionTime": 1.63,
    "ScanningSequence": "GR_IR",
    "SequenceVariant": "SP_MP",
    "SliceThickness": 1,
    "dataset": "ds002843",
    "modality": "T1w",
    "session_id": "scan2",
    "subject_id": "dmp0700"
  },
  "cjv": 0.6325717045918898,
  "cnr": 2.1429478144337364,
  "efc": 0.660012784622739,
  "fber": 5670.8251953125,
  "fwhm_avg": 3.579626888888889,
  "fwhm_x": 3.4556693333333333,
  "fwhm_y": 3.988181333333333,
  "fwhm_z": 3.29503,
  "icvs_csf": 0.20138368501144427,
  "icvs_gm": 0.40425327417763696,
  "icvs_wm": 0.3943630408109187,
  "inu_med": 1.2036831378936768,
  "inu_range": 0.34043781757354696,
  "provenance": {
    "md5sum": "f65786f71bffce55945bb32e1a8c0b8f",
    "settings": {
      "testing": false
    },
    "software": "mriqc",
    "version": "21.0.0rc2",
    "warnings": {
      "large_rot_frame": true,
      "small_air_mask": false
    },
    "webapi_port": null,
    "webapi_url": "https://mriqc.nimh.nih.gov/api/v1"
  },
  "qi_1": 0.0031443243827240985,
  "qi_2": 0.007486962961241055,
  "rpve_csf": 16.7248520900736,
  "rpve_gm": 8.377507788569355,
  "rpve_wm": 10.052561876910291,
  "size_x": 192,
  "size_y": 256,
  "size_z": 160,
  "snr_csf": 3.94060735626713,
  "snr_gm": 13.184830705067041,
  "snr_total": 12.390056026184505,
  "snr_wm": 20.044730017219344,
  "snrd_csf": 26.83861652210661,
  "snrd_gm": 52.435004094516394,
  "snrd_total": 47.63500912042863,
  "snrd_wm": 63.631406744662875,
  "spacing_x": 0.9375,
  "spacing_y": 0.9375,
  "spacing_z": 1.0,
  "summary_bg_k": 712.0610975229972,
  "summary_bg_mad": 10.296261564886603,
  "summary_bg_mean": 14.469461441040039,
  "summary_bg_median": 10.432167053222656,
  "summary_bg_n": 1662438.0,
  "summary_bg_p05": 0.0,
  "summary_bg_p95": 41.93014545440671,
  "summary_bg_stdv": 18.63482666015625,
  "summary_csf_k": 0.45299056522457537,
  "summary_csf_mad": 96.5550124253257,
  "summary_csf_mean": 441.47393798828125,
  "summary_csf_median": 421.8013610839844,
  "summary_csf_n": 40019.0,
  "summary_csf_p05": 297.0039337158203,
  "summary_csf_p95": 643.7746154785157,
  "summary_csf_stdv": 107.03834533691406,
  "summary_gm_k": 0.20952503941494305,
  "summary_gm_mad": 60.632992236309526,
  "summary_gm_mean": 826.2075805664062,
  "summary_gm_median": 824.07958984375,
  "summary_gm_n": 19406.0,
  "summary_gm_p05": 728.4291687011719,
  "summary_gm_p95": 934.5744323730469,
  "summary_gm_stdv": 62.50048828125,
  "summary_wm_k": 0.16985275823214607,
  "summary_wm_mad": 50.67750475021202,
  "summary_wm_mean": 1003.2136840820312,
  "summary_wm_median": 1000.0446166992188,
  "summary_wm_n": 213381.0,
  "summary_wm_p05": 927.9288940429688,
  "summary_wm_p95": 1089.8516845703125,
  "summary_wm_stdv": 49.890533447265625,
  "tpm_overlap_csf": 0.16493423283100128,
  "tpm_overlap_gm": 0.4416109025478363,
  "tpm_overlap_wm": 0.49004045128822327,
  "wm2max": 0.4342999164407994
}