{
  "bids_meta": {
    "EchoTime": 0.00311,
    "FlipAngle": 15,
    "ImageType": [
      "ORIGINAL",
      "PRIMARY",
      "M",
      "ND",
      "NORM"
    ],
    "InversionTime": 1.1,
    "MagneticFieldStrength": 3,
    "Manufacturer": "Siemens",
    "ManufacturersModelName": "TrioTim",
    "Modality": "MR",
    "RepetitionTime": 1.63,
    "ScanningSequence": "GR_IR",
    "SequenceVariant": "SP_MP",
    "SliceThickness": 1,
    "dataset": "ds002843",
    "modality": "T1w",
    "session_id": "scan1",
    "subject_id": "dmp0510"
  },
  "cjv": 0.4196723558166251,
  "cnr": 3.0802821769299453,
  "efc": 0.580924166285684,
  "fber": 8921.068359375,
  "fwhm_avg": 3.3646917777777774,
  "fwhm_x": 3.2341333333333333,
  "fwhm_y": 3.7405120000000003,
  "fwhm_z": 3.11943,
  "icvs_csf": 0.19770723009297297,
  "icvs_gm": 0.42890123871632363,
  "icvs_wm": 0.3733915311907034,
  "inu_med": 1.1545517444610596,
  "inu_range": 0.21649256348609924,
  "provenance": {
    "md5sum": "4e9ea0098d008c886108b2e0fbdbf557",
    "settings": {
      "testing": false
    },
    "software": "mriqc",
    "version": "21.0.0rc2",
    "warnings": {
      "large_rot_frame": true,
      "small_air_mask": false
    },
    "webapi_port": null,
    "webapi_url": "https://mriqc.nimh.nih.gov/api/v1"
  },
  "qi_1": 1.80656134267164e-05,
  "qi_2": 0.004036648859015475,
  "rpve_csf": 17.78446827165455,
  "rpve_gm": 8.595445501662494,
  "rpve_wm": 11.264982606174808,
  "size_x": 192,
  "size_y": 256,
  "size_z": 160,
  "snr_csf": 1.2955926160099824,
  "snr_gm": 13.840353806171322,
  "snr_total": 14.09036273827609,
  "snr_wm": 27.135141792646966,
  "snrd_csf": 61.59243303416128,
  "snrd_gm": 134.16632937204727,
  "snrd_total": 121.92229304731786,
  "snrd_wm": 170.00811673574503,
  "spacing_x": 0.9375,
  "spacing_y": 0.9375,
  "spacing_z": 1.0,
  "summary_bg_k": 33.107652240225136,
  "summary_bg_mad": 3.853606212603666,
  "summary_bg_mean": 8.27820873260498,
  "summary_bg_median": 5.170099258422852,
  "summary_bg_n": 2064611.0,
  "summary_bg_p05": 0.0,
  "summary_bg_p95": 23.13164710998535,
  "summary_bg_stdv": 8.672796249389648,
  "summary_csf_k": 112.15321392672205,
  "summary_csf_mad": 62.194683464762264,
  "summary_csf_mean": 411.4454040527344,
  "summary_csf_median": 362.2955322265625,
  "summary_csf_n": 39950.0,
  "summary_csf_p05": 275.5818298339844,
  "summary_csf_p95": 612.3298400878903,
  "summary_csf_stdv": 279.6334228515625,
  "summary_gm_k": 0.5135006190705318,
  "summary_gm_mad": 54.06892112870036,
  "summary_gm_mean": 791.387939453125,
  "summary_gm_median": 789.1856079101562,
  "summary_gm_n": 23399.0,
  "summary_gm_p05": 700.8943481445312,
  "summary_gm_p95": 887.5543334960937,
  "summary_gm_stdv": 57.019405364990234,
  "summary_wm_k": 0.8568387670464985,
  "summary_wm_mad": 34.40914877848847,
  "summary_wm_mean": 1001.6072387695312,
  "summary_wm_median": 1000.0121459960938,
  "summary_wm_n": 177410.0,
  "summary_wm_p05": 944.3184539794922,
  "summary_wm_p95": 1063.9629028320312,
  "summary_wm_stdv": 36.85292434692383,
  "tpm_overlap_csf": 0.1726892590522766,
  "tpm_overlap_gm": 0.4574798047542572,
  "tpm_overlap_wm": 0.4823560118675232,
  "wm2max": 0.4712242430960567
}