{
  "aor": 0.001471635220125786,
  "aqi": 0.004190248238993711,
  "bids_meta": {
    "BandwidthPerPixelPhaseEncode": 31.25,
    "EchoTime": 0.025,
    "EffectiveEchoSpacing": 0.0005,
    "FlipAngle": 75,
    "ImageType": [
      "ORIGINAL",
      "PRIMARY",
      "M",
      "ND",
      "MOSAIC"
    ],
    "MagneticFieldStrength": 3,
    "Manufacturer": "Siemens",
    "ManufacturersModelName": "TrioTim",
    "Modality": "MR",
    "PhaseEncodingDirection": "j-",
    "PixelBandwidth": 3005,
    "RepetitionTime": 3,
    "ScanningSequence": "EP",
    "SequenceVariant": "SK",
    "SliceThickness": 3,
    "SliceTiming": [
      0,
      1.5225,
      0.055,
      1.58,
      0.1125,
      1.635,
      0.1675,
      1.6925,
      0.225,
      1.75,
      0.2825,
      1.805,
      0.3375,
      1.8625,
      0.395,
      1.9175,
      0.45,
      1.975,
      0.5075,
      2.03,
      0.5625,
      2.0875,
      0.62,
      2.145,
      0.6775,
      2.2,
      0.7325,
      2.2575,
      0.79,
      2.3125,
      0.845,
      2.37,
      0.9025,
      2.425,
      0.9575,
      2.4825,
      1.015,
      2.54,
      1.0725,
      2.595,
      1.1275,
      2.6525,
      1.185,
      2.7075,
      1.24,
      2.765,
      1.2975,
      2.8225,
      1.355,
      2.8775,
      1.41,
      2.935,
      1.4675
    ],
    "SpacingBetweenSlices": 3,
    "TaskName": "rest",
    "TotalReadoutTime": 0.0315,
    "dataset": "ds002843",
    "modality": "bold",
    "session_id": "scan2",
    "subject_id": "dmp0939",
    "task_id": "rest"
  },
  "dummy_trs": 1,
  "dvars_nstd": 29.39473820936709,
  "dvars_std": 1.2381168576582273,
  "dvars_vstd": 1.002445049873418,
  "efc": 0.5426988810024698,
  "fber": 332.57867431640625,
  "fd_mean": 0.1349335086551385,
  "fd_num": 25,
  "fd_perc": 15.723270440251572,
  "fwhm_avg": 2.4826222222222225,
  "fwhm_x": 2.2629033333333335,
  "fwhm_y": 2.41764,
  "fwhm_z": 2.7673233333333336,
  "gcor": 0.0379328,
  "gsr_x": 9.048062202055007e-05,
  "gsr_y": 0.030936961993575096,
  "provenance": {
    "md5sum": "d0dad03779662b024d86d06363437f51",
    "settings": {
      "fd_thres": 0.2,
      "testing": false
    },
    "software": "mriqc",
    "version": "21.0.0rc2",
    "webapi_port": null,
    "webapi_url": "https://mriqc.nimh.nih.gov/api/v1"
  },
  "size_t": 159,
  "size_x": 64,
  "size_y": 64,
  "size_z": 53,
  "snr": 2.9175754629884216,
  "spacing_tr": 3.0,
  "spacing_x": 3.0,
  "spacing_y": 3.0,
  "spacing_z": 3.0,
  "summary_bg_k": 43.47818471916222,
  "summary_bg_mad": 10.82579179703718,
  "summary_bg_mean": 59.27716827392578,
  "summary_bg_median": 32.24528121948242,
  "summary_bg_n": 141748.0,
  "summary_bg_p05": 24.371068954467773,
  "summary_bg_p95": 193.20093383789052,
  "summary_bg_stdv": 71.86034393310547,
  "summary_fg_k": 4.156701296151966,
  "summary_fg_mad": 163.11420571075772,
  "summary_fg_mean": 640.030517578125,
  "summary_fg_median": 597.89306640625,
  "summary_fg_n": 34606.0,
  "summary_fg_p05": 393.98268127441406,
  "summary_fg_p95": 1034.5266723632812,
  "summary_fg_stdv": 204.9250946044922,
  "tsnr": 72.00326885678805
}