{
  "aor": 0.0009735625000000001,
  "aqi": 0.003671308875,
  "bids_meta": {
    "BandwidthPerPixelPhaseEncode": 31.25,
    "EchoTime": 0.025,
    "EffectiveEchoSpacing": 0.0005,
    "FlipAngle": 75,
    "ImageType": [
      "ORIGINAL",
      "PRIMARY",
      "M",
      "ND",
      "MOSAIC"
    ],
    "MagneticFieldStrength": 3,
    "Manufacturer": "Siemens",
    "ManufacturersModelName": "TrioTim",
    "Modality": "MR",
    "PhaseEncodingDirection": "j-",
    "PixelBandwidth": 3005,
    "RepetitionTime": 3,
    "ScanningSequence": "EP",
    "SequenceVariant": "SK",
    "SliceThickness": 3,
    "SliceTiming": [
      0,
      1.5225,
      0.055,
      1.58,
      0.1125,
      1.635,
      0.1675,
      1.6925,
      0.225,
      1.75,
      0.2825,
      1.805,
      0.3375,
      1.8625,
      0.395,
      1.9175,
      0.45,
      1.975,
      0.5075,
      2.03,
      0.5625,
      2.0875,
      0.62,
      2.145,
      0.6775,
      2.2,
      0.7325,
      2.2575,
      0.79,
      2.3125,
      0.845,
      2.37,
      0.9025,
      2.425,
      0.9575,
      2.4825,
      1.015,
      2.54,
      1.0725,
      2.595,
      1.1275,
      2.6525,
      1.185,
      2.7075,
      1.24,
      2.765,
      1.2975,
      2.8225,
      1.355,
      2.8775,
      1.41,
      2.935,
      1.4675
    ],
    "SpacingBetweenSlices": 3,
    "TaskName": "rest",
    "TotalReadoutTime": 0.0315,
    "dataset": "ds002843",
    "modality": "bold",
    "session_id": "scan2",
    "subject_id": "dmp0724",
    "task_id": "rest"
  },
  "dummy_trs": 0,
  "dvars_nstd": 39.837746662327014,
  "dvars_std": 1.3056844950314463,
  "dvars_vstd": 0.9808906928301885,
  "efc": 0.5887137900634705,
  "fber": 332.4901123046875,
  "fd_mean": 0.17431587836438492,
  "fd_num": 60,
  "fd_perc": 37.5,
  "fwhm_avg": 2.799231111111111,
  "fwhm_x": 2.7080233333333332,
  "fwhm_y": 2.5831866666666667,
  "fwhm_z": 3.1064833333333333,
  "gcor": 0.0222613,
  "gsr_x": -0.022281847894191742,
  "gsr_y": 0.06950090080499649,
  "provenance": {
    "md5sum": "0c4da3753b03c893613a1ca48f46c5fc",
    "settings": {
      "fd_thres": 0.2,
      "testing": false
    },
    "software": "mriqc",
    "version": "21.0.0rc2",
    "webapi_port": null,
    "webapi_url": "https://mriqc.nimh.nih.gov/api/v1"
  },
  "size_t": 160,
  "size_x": 64,
  "size_y": 64,
  "size_z": 53,
  "snr": 2.736918595725446,
  "spacing_tr": 3.0,
  "spacing_x": 3.0,
  "spacing_y": 3.0,
  "spacing_z": 3.0,
  "summary_bg_k": 21.636793432616834,
  "summary_bg_mad": 15.91944301790749,
  "summary_bg_mean": 86.96135711669922,
  "summary_bg_median": 38.78750228881836,
  "summary_bg_n": 127152.0,
  "summary_bg_p05": 27.42500114440918,
  "summary_bg_p95": 323.8931289672851,
  "summary_bg_stdv": 113.37699890136719,
  "summary_fg_k": 4.073700393798355,
  "summary_fg_mad": 223.65982902360733,
  "summary_fg_mean": 785.7628784179688,
  "summary_fg_median": 731.1124877929688,
  "summary_fg_n": 45621.0,
  "summary_fg_p05": 464.3062438964844,
  "summary_fg_p95": 1291.8687744140625,
  "summary_fg_stdv": 267.1268615722656,
  "tsnr": 68.40184428263456
}