{
  "aor": 0.003778173076923077,
  "aqi": 0.0038625153846153846,
  "bids_meta": {
    "BandwidthPerPixelPhaseEncode": 31.25,
    "EchoTime": 0.025,
    "EffectiveEchoSpacing": 0.0005,
    "FlipAngle": 75,
    "ImageType": [
      "ORIGINAL",
      "PRIMARY",
      "M",
      "ND",
      "MOSAIC"
    ],
    "MagneticFieldStrength": 3,
    "Manufacturer": "Siemens",
    "ManufacturersModelName": "TrioTim",
    "Modality": "MR",
    "PhaseEncodingDirection": "j-",
    "PixelBandwidth": 3005,
    "RepetitionTime": 3,
    "ScanningSequence": "EP",
    "SequenceVariant": "SK",
    "SliceThickness": 3,
    "SliceTiming": [
      0,
      1.5225,
      0.055,
      1.58,
      0.1125,
      1.6375,
      0.17,
      1.6925,
      0.225,
      1.75,
      0.2825,
      1.805,
      0.3375,
      1.8625,
      0.395,
      1.92,
      0.45,
      1.975,
      0.5075,
      2.0325,
      0.565,
      2.0875,
      0.62,
      2.145,
      0.6775,
      2.2,
      0.7325,
      2.2575,
      0.79,
      2.315,
      0.8475,
      2.37,
      0.9025,
      2.4275,
      0.96,
      2.4825,
      1.015,
      2.54,
      1.0725,
      2.595,
      1.1275,
      2.6525,
      1.185,
      2.71,
      1.2425,
      2.765,
      1.2975,
      2.8225,
      1.355,
      2.8775,
      1.41,
      2.935,
      1.4675
    ],
    "SpacingBetweenSlices": 3,
    "TaskName": "intertemporal choice task",
    "TotalReadoutTime": 0.0315,
    "dataset": "ds002843",
    "modality": "bold",
    "run_id": 2,
    "session_id": "scan2",
    "subject_id": "dmp0724",
    "task_id": "itc"
  },
  "dummy_trs": 0,
  "dvars_nstd": 28.472905686699047,
  "dvars_std": 1.2790929981553396,
  "dvars_vstd": 1.0133366976699032,
  "efc": 0.5934418214897643,
  "fber": 314.66143798828125,
  "fd_mean": 0.1152938624462601,
  "fd_num": 10,
  "fd_perc": 9.615384615384615,
  "fwhm_avg": 2.766707777777778,
  "fwhm_x": 2.6425666666666667,
  "fwhm_y": 2.595936666666667,
  "fwhm_z": 3.06162,
  "gcor": 0.0388926,
  "gsr_x": -0.022067401558160782,
  "gsr_y": 0.07370104640722275,
  "provenance": {
    "md5sum": "c9f518a6eaa69392793f8de39b2ec4ff",
    "settings": {
      "fd_thres": 0.2,
      "testing": false
    },
    "software": "mriqc",
    "version": "21.0.0rc2",
    "webapi_port": null,
    "webapi_url": "https://mriqc.nimh.nih.gov/api/v1"
  },
  "size_t": 104,
  "size_x": 64,
  "size_y": 64,
  "size_z": 53,
  "snr": 2.7345576889852268,
  "spacing_tr": 3.0,
  "spacing_x": 3.0,
  "spacing_y": 3.0,
  "spacing_z": 3.0,
  "summary_bg_k": 18.577437377104275,
  "summary_bg_mad": 17.16397510020637,
  "summary_bg_mean": 90.40361022949219,
  "summary_bg_median": 39.740386962890625,
  "summary_bg_n": 126754.0,
  "summary_bg_p05": 27.25961685180664,
  "summary_bg_p95": 340.2019348144531,
  "summary_bg_stdv": 118.49256134033203,
  "summary_fg_k": 4.173225220104104,
  "summary_fg_mad": 223.1887336165309,
  "summary_fg_mean": 785.122314453125,
  "summary_fg_median": 730.9135131835938,
  "summary_fg_n": 45669.0,
  "summary_fg_p05": 464.76348876953125,
  "summary_fg_p95": 1292.72509765625,
  "summary_fg_stdv": 267.28472900390625,
  "tsnr": 71.19927869085222
}