{
  "aor": 0.011284903846153847,
  "aqi": 0.007863609134615384,
  "bids_meta": {
    "BandwidthPerPixelPhaseEncode": 31.25,
    "EchoTime": 0.025,
    "EffectiveEchoSpacing": 0.0005,
    "FlipAngle": 75,
    "ImageType": [
      "ORIGINAL",
      "PRIMARY",
      "M",
      "ND",
      "MOSAIC"
    ],
    "MagneticFieldStrength": 3,
    "Manufacturer": "Siemens",
    "ManufacturersModelName": "TrioTim",
    "Modality": "MR",
    "PhaseEncodingDirection": "j-",
    "PixelBandwidth": 3005,
    "RepetitionTime": 3,
    "ScanningSequence": "EP",
    "SequenceVariant": "SK",
    "SliceThickness": 3,
    "SliceTiming": [
      0,
      1.5225,
      0.055,
      1.58,
      0.1125,
      1.6375,
      0.17,
      1.6925,
      0.225,
      1.75,
      0.2825,
      1.805,
      0.3375,
      1.8625,
      0.395,
      1.92,
      0.45,
      1.975,
      0.5075,
      2.0325,
      0.565,
      2.0875,
      0.62,
      2.145,
      0.6775,
      2.2,
      0.7325,
      2.2575,
      0.79,
      2.315,
      0.8475,
      2.37,
      0.9025,
      2.4275,
      0.96,
      2.4825,
      1.015,
      2.54,
      1.0725,
      2.595,
      1.1275,
      2.6525,
      1.185,
      2.71,
      1.2425,
      2.765,
      1.2975,
      2.8225,
      1.355,
      2.8775,
      1.41,
      2.935,
      1.4675
    ],
    "SpacingBetweenSlices": 3,
    "TaskName": "intertemporal choice task",
    "TotalReadoutTime": 0.0315,
    "dataset": "ds002843",
    "modality": "bold",
    "run_id": 3,
    "session_id": "scan2",
    "subject_id": "dmp0724",
    "task_id": "itc"
  },
  "dummy_trs": 0,
  "dvars_nstd": 30.11626165796115,
  "dvars_std": 1.0883707047572815,
  "dvars_vstd": 0.9302377594174752,
  "efc": 0.5945211790793667,
  "fber": 305.8093566894531,
  "fd_mean": 0.1613884561170604,
  "fd_num": 15,
  "fd_perc": 14.423076923076923,
  "fwhm_avg": 2.8190577777777777,
  "fwhm_x": 2.68753,
  "fwhm_y": 2.6357666666666666,
  "fwhm_z": 3.133876666666667,
  "gcor": 0.0527537,
  "gsr_x": -0.015052573755383492,
  "gsr_y": 0.0762958973646164,
  "provenance": {
    "md5sum": "bdb65dab713e889889efc020ff88e11a",
    "settings": {
      "fd_thres": 0.2,
      "testing": false
    },
    "software": "mriqc",
    "version": "21.0.0rc2",
    "webapi_port": null,
    "webapi_url": "https://mriqc.nimh.nih.gov/api/v1"
  },
  "size_t": 104,
  "size_x": 64,
  "size_y": 64,
  "size_z": 53,
  "snr": 2.723659195963252,
  "spacing_tr": 3.0,
  "spacing_x": 3.0,
  "spacing_y": 3.0,
  "spacing_z": 3.0,
  "summary_bg_k": 19.396896558315838,
  "summary_bg_mad": 17.064183478637986,
  "summary_bg_mean": 88.86324310302734,
  "summary_bg_median": 39.84615707397461,
  "summary_bg_n": 125551.0,
  "summary_bg_p05": 27.375001907348633,
  "summary_bg_p95": 329.27886962890625,
  "summary_bg_stdv": 116.25935363769531,
  "summary_fg_k": 3.9773695641215596,
  "summary_fg_mad": 222.86079474691027,
  "summary_fg_mean": 780.7413940429688,
  "summary_fg_median": 726.8077392578125,
  "summary_fg_n": 45939.0,
  "summary_fg_p05": 458.6240661621094,
  "summary_fg_p95": 1286.3519409179685,
  "summary_fg_stdv": 266.8468322753906,
  "tsnr": 45.20513032679446
}