{
  "bids_meta": {
    "EchoTime": 0.09,
    "FlipAngle": 180,
    "ImageType": [
      "ORIGINAL",
      "PRIMARY",
      "M",
      "ND",
      "NORM"
    ],
    "ImagingFrequency": 123.204,
    "MagneticFieldStrength": 3,
    "Manufacturer": "Siemens",
    "ManufacturersModelName": "TrioTim",
    "Modality": "MR",
    "PhaseEncodingDirection": "i",
    "RepetitionTime": 7,
    "ScanningSequence": "SE",
    "SequenceVariant": "SK_SP_OSP",
    "SliceThickness": 3,
    "SpacingBetweenSlices": 3,
    "dataset": "ds002843",
    "modality": "T2w",
    "session_id": "scan1",
    "subject_id": "dmp0870"
  },
  "cjv": 0.5712252497243269,
  "cnr": 2.299008946758975,
  "efc": 0.638131746067286,
  "fber": 3394.3513391808283,
  "fwhm_avg": 2.8099447645441704,
  "fwhm_x": 3.19148,
  "fwhm_y": 3.5121599999999997,
  "fwhm_z": 1.7261942936325119,
  "icvs_csf": 0.20091161039474764,
  "icvs_gm": 0.3902356819034899,
  "icvs_wm": 0.40885270770176246,
  "inu_med": 1.3067269325256348,
  "inu_range": 0.4297635555267334,
  "provenance": {
    "md5sum": "a402bd7d3b016a3f7f00ca908871eaf3",
    "settings": {
      "testing": false
    },
    "software": "mriqc",
    "version": "21.0.0rc2",
    "warnings": {
      "large_rot_frame": false,
      "small_air_mask": false
    },
    "webapi_port": null,
    "webapi_url": "https://mriqc.nimh.nih.gov/api/v1"
  },
  "qi_1": 0.0,
  "qi_2": 0.0006339245389919938,
  "rpve_csf": 11.329663874233141,
  "rpve_gm": 5.455258766896325,
  "rpve_wm": 6.085849400960278,
  "size_x": 256,
  "size_y": 256,
  "size_z": 44,
  "snr_csf": 3.251003041923877,
  "snr_gm": 9.8180582698992,
  "snr_total": 7.221935751206459,
  "snr_wm": 8.596745941796302,
  "snrd_csf": 119.05527002979902,
  "snrd_gm": 66.04540589668069,
  "snrd_total": 76.7992257121064,
  "snrd_wm": 45.29700120983952,
  "spacing_x": 0.75,
  "spacing_y": 0.75,
  "spacing_z": 2.9999983310699463,
  "summary_bg_k": 281.7074995384442,
  "summary_bg_mad": 14.561272136062078,
  "summary_bg_mean": 27.813756432369676,
  "summary_bg_median": 16.7857146859169,
  "summary_bg_n": 753380.0,
  "summary_bg_p05": 3.303571507334709,
  "summary_bg_p95": 57.32142993807793,
  "summary_bg_stdv": 64.551540001249,
  "summary_csf_k": 0.8445393134394981,
  "summary_csf_mad": 587.4811430894864,
  "summary_csf_mean": 2501.9856159087644,
  "summary_csf_median": 2646.160777375102,
  "summary_csf_n": 140910.0,
  "summary_csf_p05": 606.8259073249997,
  "summary_csf_p95": 3575.9420495428135,
  "summary_csf_stdv": 813.9492192693624,
  "summary_gm_k": 0.14893854149945618,
  "summary_gm_mad": 146.93647337299006,
  "summary_gm_mean": 1472.9194723406504,
  "summary_gm_median": 1467.9464635699987,
  "summary_gm_n": 219270.0,
  "summary_gm_p05": 1236.696458056569,
  "summary_gm_p95": 1726.8750411719084,
  "summary_gm_stdv": 149.51460623508584,
  "summary_wm_k": 0.03120596800774944,
  "summary_wm_mad": 116.49017708849662,
  "summary_wm_mean": 998.9612927073028,
  "summary_wm_median": 1006.7857382893562,
  "summary_wm_n": 273129.0,
  "summary_wm_p05": 793.214304625988,
  "summary_wm_p95": 1178.571456670761,
  "summary_wm_stdv": 117.11220757772828,
  "tpm_overlap_csf": 0.16439850628376007,
  "tpm_overlap_gm": 0.41993260383605957,
  "tpm_overlap_wm": 0.4592491686344147,
  "wm2max": 0.2539410863886136
}