{
  "bids_meta": {
    "EchoTime": 0.00311,
    "FlipAngle": 15,
    "ImageType": [
      "ORIGINAL",
      "PRIMARY",
      "M",
      "ND",
      "NORM"
    ],
    "InversionTime": 1.1,
    "MagneticFieldStrength": 3,
    "Manufacturer": "Siemens",
    "ManufacturersModelName": "TrioTim",
    "Modality": "MR",
    "RepetitionTime": 1.63,
    "ScanningSequence": "GR_IR",
    "SequenceVariant": "SP_MP",
    "SliceThickness": 1,
    "dataset": "ds002843",
    "modality": "T1w",
    "session_id": "scan1",
    "subject_id": "dmp1028"
  },
  "cjv": 0.45246951453387496,
  "cnr": 2.8916329765925135,
  "efc": 0.6052750634088984,
  "fber": 4569.76708984375,
  "fwhm_avg": 3.4135617777777774,
  "fwhm_x": 3.3219626666666664,
  "fwhm_y": 3.8315626666666662,
  "fwhm_z": 3.08716,
  "icvs_csf": 0.17577964741366722,
  "icvs_gm": 0.41852407874570235,
  "icvs_wm": 0.40569627384063045,
  "inu_med": 1.086012363433838,
  "inu_range": 0.20045804679393764,
  "provenance": {
    "md5sum": "14c5cb284783904f3e6e3a6645d5cf18",
    "settings": {
      "testing": false
    },
    "software": "mriqc",
    "version": "21.0.0rc2",
    "warnings": {
      "large_rot_frame": true,
      "small_air_mask": false
    },
    "webapi_port": null,
    "webapi_url": "https://mriqc.nimh.nih.gov/api/v1"
  },
  "qi_1": 7.221937356915366e-06,
  "qi_2": 0.014458220799161387,
  "rpve_csf": 20.099304476240142,
  "rpve_gm": 9.247101364917784,
  "rpve_wm": 11.425481503229594,
  "size_x": 192,
  "size_y": 256,
  "size_z": 160,
  "snr_csf": 2.8769390646478343,
  "snr_gm": 13.315465546206426,
  "snr_total": 14.06017756534816,
  "snr_wm": 25.98812808519022,
  "snrd_csf": 51.20660459534424,
  "snrd_gm": 92.84966623247746,
  "snrd_total": 87.02994881132224,
  "snrd_wm": 117.03357560614504,
  "spacing_x": 0.9375,
  "spacing_y": 0.9375,
  "spacing_z": 1.0,
  "summary_bg_k": 14.360795000704613,
  "summary_bg_mad": 5.597976214251174,
  "summary_bg_mean": 9.644803047180176,
  "summary_bg_median": 7.539095878601074,
  "summary_bg_n": 1470668.0,
  "summary_bg_p05": 0.0,
  "summary_bg_p95": 26.299583244323728,
  "summary_bg_stdv": 8.737476348876953,
  "summary_csf_k": 18.489476214853866,
  "summary_csf_mad": 133.09671401035789,
  "summary_csf_mean": 465.03631591796875,
  "summary_csf_median": 437.547607421875,
  "summary_csf_n": 16431.0,
  "summary_csf_p05": 288.2170104980469,
  "summary_csf_p95": 675.1678161621094,
  "summary_csf_stdv": 152.08326721191406,
  "summary_gm_k": 0.4824910635784785,
  "summary_gm_mad": 57.70457233310097,
  "summary_gm_mean": 796.4472045898438,
  "summary_gm_median": 793.3771362304688,
  "summary_gm_n": 17691.0,
  "summary_gm_p05": 705.1181335449219,
  "summary_gm_p95": 897.9385986328125,
  "summary_gm_stdv": 59.58144760131836,
  "summary_wm_k": 1.048221386908338,
  "summary_wm_mad": 35.796192650879455,
  "summary_wm_mean": 1002.2240600585938,
  "summary_wm_median": 1000.0225830078125,
  "summary_wm_n": 208313.0,
  "summary_wm_p05": 943.7200317382812,
  "summary_wm_p95": 1068.0374267578125,
  "summary_wm_stdv": 38.47988510131836,
  "tpm_overlap_csf": 0.1790844202041626,
  "tpm_overlap_gm": 0.4541938900947571,
  "tpm_overlap_wm": 0.5142173767089844,
  "wm2max": 0.4392627435294521
}