{
  "aor": 0.0016030769230769228,
  "aqi": 0.002245637980769231,
  "bids_meta": {
    "BandwidthPerPixelPhaseEncode": 31.25,
    "EchoTime": 0.025,
    "EffectiveEchoSpacing": 0.0005,
    "FlipAngle": 75,
    "ImageType": [
      "ORIGINAL",
      "PRIMARY",
      "M",
      "ND",
      "MOSAIC"
    ],
    "MagneticFieldStrength": 3,
    "Manufacturer": "Siemens",
    "ManufacturersModelName": "TrioTim",
    "Modality": "MR",
    "PhaseEncodingDirection": "j-",
    "PixelBandwidth": 3005,
    "RepetitionTime": 3,
    "ScanningSequence": "EP",
    "SequenceVariant": "SK",
    "SliceThickness": 3,
    "SliceTiming": [
      0,
      1.5225,
      0.055,
      1.58,
      0.1125,
      1.6375,
      0.17,
      1.6925,
      0.225,
      1.75,
      0.2825,
      1.805,
      0.3375,
      1.8625,
      0.395,
      1.92,
      0.45,
      1.975,
      0.5075,
      2.0325,
      0.565,
      2.0875,
      0.62,
      2.145,
      0.6775,
      2.2,
      0.7325,
      2.2575,
      0.79,
      2.315,
      0.8475,
      2.37,
      0.9025,
      2.4275,
      0.96,
      2.4825,
      1.015,
      2.54,
      1.0725,
      2.595,
      1.1275,
      2.6525,
      1.185,
      2.71,
      1.2425,
      2.765,
      1.2975,
      2.8225,
      1.355,
      2.8775,
      1.41,
      2.935,
      1.4675
    ],
    "SpacingBetweenSlices": 3,
    "TaskName": "intertemporal choice task",
    "TotalReadoutTime": 0.0315,
    "dataset": "ds002843",
    "modality": "bold",
    "run_id": 2,
    "session_id": "scan2",
    "subject_id": "dmp0140",
    "task_id": "itc"
  },
  "dummy_trs": 0,
  "dvars_nstd": 21.78304737058253,
  "dvars_std": 1.1972302754368929,
  "dvars_vstd": 1.0088228723300974,
  "efc": 0.5647295962287413,
  "fber": 355.65155029296875,
  "fd_mean": 0.07972688261456377,
  "fd_num": 4,
  "fd_perc": 3.8461538461538463,
  "fwhm_avg": 2.5178933333333333,
  "fwhm_x": 2.4303133333333333,
  "fwhm_y": 2.43997,
  "fwhm_z": 2.683396666666667,
  "gcor": 0.0304056,
  "gsr_x": -0.0034481463953852654,
  "gsr_y": 0.08559513092041016,
  "provenance": {
    "md5sum": "360d12c0c931b6338666e8f62525d374",
    "settings": {
      "fd_thres": 0.2,
      "testing": false
    },
    "software": "mriqc",
    "version": "21.0.0rc2",
    "webapi_port": null,
    "webapi_url": "https://mriqc.nimh.nih.gov/api/v1"
  },
  "size_t": 104,
  "size_x": 64,
  "size_y": 64,
  "size_z": 53,
  "snr": 2.788323889446685,
  "spacing_tr": 3.0,
  "spacing_x": 3.0,
  "spacing_y": 3.0,
  "spacing_z": 3.0,
  "summary_bg_k": 26.830722971038956,
  "summary_bg_mad": 11.076751224839263,
  "summary_bg_mean": 74.0418472290039,
  "summary_bg_median": 34.490386962890625,
  "summary_bg_n": 134784.0,
  "summary_bg_p05": 26.56730842590332,
  "summary_bg_p95": 271.23077392578125,
  "summary_bg_stdv": 99.61795806884766,
  "summary_fg_k": 3.4396667409776063,
  "summary_fg_mad": 189.23131520149335,
  "summary_fg_mean": 709.4949340820312,
  "summary_fg_median": 662.4519653320312,
  "summary_fg_n": 39455.0,
  "summary_fg_p05": 420.6000061035156,
  "summary_fg_p95": 1172.9029296874999,
  "summary_fg_stdv": 237.57769775390625,
  "tsnr": 86.31698138639331
}