{
  "aor": 0.001112403846153846,
  "aqi": 0.002486800769230769,
  "bids_meta": {
    "BandwidthPerPixelPhaseEncode": 31.25,
    "EchoTime": 0.025,
    "EffectiveEchoSpacing": 0.0005,
    "FlipAngle": 75,
    "ImageType": [
      "ORIGINAL",
      "PRIMARY",
      "M",
      "ND",
      "MOSAIC"
    ],
    "MagneticFieldStrength": 3,
    "Manufacturer": "Siemens",
    "ManufacturersModelName": "TrioTim",
    "Modality": "MR",
    "PhaseEncodingDirection": "j-",
    "PixelBandwidth": 3005,
    "RepetitionTime": 3,
    "ScanningSequence": "EP",
    "SequenceVariant": "SK",
    "SliceThickness": 3,
    "SliceTiming": [
      0,
      1.5225,
      0.055,
      1.58,
      0.1125,
      1.6375,
      0.17,
      1.6925,
      0.225,
      1.75,
      0.2825,
      1.805,
      0.3375,
      1.8625,
      0.395,
      1.92,
      0.45,
      1.975,
      0.5075,
      2.0325,
      0.565,
      2.0875,
      0.62,
      2.145,
      0.6775,
      2.2,
      0.7325,
      2.2575,
      0.79,
      2.315,
      0.8475,
      2.37,
      0.9025,
      2.4275,
      0.96,
      2.4825,
      1.015,
      2.54,
      1.0725,
      2.595,
      1.1275,
      2.6525,
      1.185,
      2.71,
      1.2425,
      2.765,
      1.2975,
      2.8225,
      1.355,
      2.8775,
      1.41,
      2.935,
      1.4675
    ],
    "SpacingBetweenSlices": 3,
    "TaskName": "risk choice task",
    "TotalReadoutTime": 0.0315,
    "dataset": "ds002843",
    "modality": "bold",
    "run_id": 1,
    "session_id": "scan2",
    "subject_id": "dmp0759",
    "task_id": "risk"
  },
  "dummy_trs": 0,
  "dvars_nstd": 25.621351371262136,
  "dvars_std": 1.2172607897087377,
  "dvars_vstd": 0.9838893248543688,
  "efc": 0.5912753028008052,
  "fber": 294.0894470214844,
  "fd_mean": 0.08448568575066012,
  "fd_num": 5,
  "fd_perc": 4.8076923076923075,
  "fwhm_avg": 2.6798,
  "fwhm_x": 2.62664,
  "fwhm_y": 2.47321,
  "fwhm_z": 2.93955,
  "gcor": 0.0218642,
  "gsr_x": 0.010490556247532368,
  "gsr_y": 0.08775106072425842,
  "provenance": {
    "md5sum": "f95b9253772f7941044eb3dc5823d241",
    "settings": {
      "fd_thres": 0.2,
      "testing": false
    },
    "software": "mriqc",
    "version": "21.0.0rc2",
    "webapi_port": null,
    "webapi_url": "https://mriqc.nimh.nih.gov/api/v1"
  },
  "size_t": 104,
  "size_x": 64,
  "size_y": 64,
  "size_z": 53,
  "snr": 2.46376007193994,
  "spacing_tr": 3.0,
  "spacing_x": 3.0,
  "spacing_y": 3.0,
  "spacing_z": 3.0,
  "summary_bg_k": 17.662930908268276,
  "summary_bg_mad": 17.78409763915544,
  "summary_bg_mean": 89.72628784179688,
  "summary_bg_median": 41.677886962890625,
  "summary_bg_n": 122918.0,
  "summary_bg_p05": 28.740385055541992,
  "summary_bg_p95": 337.46298980712885,
  "summary_bg_stdv": 118.92573547363281,
  "summary_fg_k": 3.9114279049974803,
  "summary_fg_mad": 235.7764644273965,
  "summary_fg_mean": 797.6480102539062,
  "summary_fg_median": 732.375,
  "summary_fg_n": 49276.0,
  "summary_fg_p05": 449.73077392578125,
  "summary_fg_p95": 1374.6995544433594,
  "summary_fg_stdv": 297.25604248046875,
  "tsnr": 78.63084896467626
}