{
  "aor": 0.0027787500000000004,
  "aqi": 0.002125975673076923,
  "bids_meta": {
    "BandwidthPerPixelPhaseEncode": 31.25,
    "EchoTime": 0.025,
    "EffectiveEchoSpacing": 0.0005,
    "FlipAngle": 75,
    "ImageType": [
      "ORIGINAL",
      "PRIMARY",
      "M",
      "ND",
      "MOSAIC"
    ],
    "MagneticFieldStrength": 3,
    "Manufacturer": "Siemens",
    "ManufacturersModelName": "TrioTim",
    "Modality": "MR",
    "PhaseEncodingDirection": "j-",
    "PixelBandwidth": 3005,
    "RepetitionTime": 3,
    "ScanningSequence": "EP",
    "SequenceVariant": "SK",
    "SliceThickness": 3,
    "SliceTiming": [
      0,
      1.5225,
      0.055,
      1.58,
      0.1125,
      1.6375,
      0.17,
      1.6925,
      0.225,
      1.75,
      0.2825,
      1.805,
      0.3375,
      1.8625,
      0.395,
      1.92,
      0.45,
      1.975,
      0.5075,
      2.0325,
      0.565,
      2.0875,
      0.62,
      2.145,
      0.6775,
      2.2,
      0.7325,
      2.2575,
      0.79,
      2.315,
      0.8475,
      2.37,
      0.9025,
      2.4275,
      0.96,
      2.4825,
      1.015,
      2.54,
      1.0725,
      2.595,
      1.1275,
      2.6525,
      1.185,
      2.71,
      1.2425,
      2.765,
      1.2975,
      2.8225,
      1.355,
      2.8775,
      1.41,
      2.935,
      1.4675
    ],
    "SpacingBetweenSlices": 3,
    "TaskName": "risk choice task",
    "TotalReadoutTime": 0.0315,
    "dataset": "ds002843",
    "modality": "bold",
    "run_id": 2,
    "session_id": "scan2",
    "subject_id": "dmp0759",
    "task_id": "risk"
  },
  "dummy_trs": 0,
  "dvars_nstd": 26.477725825339796,
  "dvars_std": 1.2621866269902913,
  "dvars_vstd": 1.0139629546601943,
  "efc": 0.5928421878604584,
  "fber": 287.19091796875,
  "fd_mean": 0.09639005662268964,
  "fd_num": 10,
  "fd_perc": 9.615384615384615,
  "fwhm_avg": 2.6861099999999998,
  "fwhm_x": 2.6336233333333334,
  "fwhm_y": 2.48995,
  "fwhm_z": 2.934756666666667,
  "gcor": 0.0389805,
  "gsr_x": 0.01183316484093666,
  "gsr_y": 0.08918660134077072,
  "provenance": {
    "md5sum": "d26ae6733817157ddc850eac412a7386",
    "settings": {
      "fd_thres": 0.2,
      "testing": false
    },
    "software": "mriqc",
    "version": "21.0.0rc2",
    "webapi_port": null,
    "webapi_url": "https://mriqc.nimh.nih.gov/api/v1"
  },
  "size_t": 104,
  "size_x": 64,
  "size_y": 64,
  "size_z": 53,
  "snr": 2.456313272368818,
  "spacing_tr": 3.0,
  "spacing_x": 3.0,
  "spacing_y": 3.0,
  "spacing_z": 3.0,
  "summary_bg_k": 15.76514879712703,
  "summary_bg_mad": 18.831902596025174,
  "summary_bg_mean": 93.00463104248047,
  "summary_bg_median": 42.34615707397461,
  "summary_bg_n": 123500.0,
  "summary_bg_p05": 28.50961685180664,
  "summary_bg_p95": 357.09760284423794,
  "summary_bg_stdv": 124.0448226928711,
  "summary_fg_k": 3.826673242622882,
  "summary_fg_mad": 236.21851226903465,
  "summary_fg_mean": 798.03076171875,
  "summary_fg_median": 731.798095703125,
  "summary_fg_n": 49176.0,
  "summary_fg_p05": 448.77406311035156,
  "summary_fg_p95": 1376.4688415527344,
  "summary_fg_stdv": 297.92236328125,
  "tsnr": 82.7387118106708
}