{
  "aor": 0.0016918867924528304,
  "aqi": 0.0023686442138364776,
  "bids_meta": {
    "BandwidthPerPixelPhaseEncode": 31.25,
    "EchoTime": 0.025,
    "EffectiveEchoSpacing": 0.0005,
    "FlipAngle": 75,
    "ImageType": [
      "ORIGINAL",
      "PRIMARY",
      "M",
      "ND",
      "MOSAIC"
    ],
    "MagneticFieldStrength": 3,
    "Manufacturer": "Siemens",
    "ManufacturersModelName": "TrioTim",
    "Modality": "MR",
    "PhaseEncodingDirection": "j-",
    "PixelBandwidth": 3005,
    "RepetitionTime": 3,
    "ScanningSequence": "EP",
    "SequenceVariant": "SK",
    "SliceThickness": 3,
    "SliceTiming": [
      0,
      1.5225,
      0.055,
      1.58,
      0.1125,
      1.635,
      0.1675,
      1.6925,
      0.225,
      1.75,
      0.2825,
      1.805,
      0.3375,
      1.8625,
      0.395,
      1.9175,
      0.45,
      1.975,
      0.5075,
      2.03,
      0.5625,
      2.0875,
      0.62,
      2.145,
      0.6775,
      2.2,
      0.7325,
      2.2575,
      0.79,
      2.3125,
      0.845,
      2.37,
      0.9025,
      2.425,
      0.9575,
      2.4825,
      1.015,
      2.54,
      1.0725,
      2.595,
      1.1275,
      2.6525,
      1.185,
      2.7075,
      1.24,
      2.765,
      1.2975,
      2.8225,
      1.355,
      2.8775,
      1.41,
      2.935,
      1.4675
    ],
    "SpacingBetweenSlices": 3,
    "TaskName": "rest",
    "TotalReadoutTime": 0.0315,
    "dataset": "ds002843",
    "modality": "bold",
    "session_id": "scan2",
    "subject_id": "dmp0859",
    "task_id": "rest"
  },
  "dummy_trs": 1,
  "dvars_nstd": 21.061208181518985,
  "dvars_std": 1.2031249375949369,
  "dvars_vstd": 0.9980961536708864,
  "efc": 0.5524224805774487,
  "fber": 432.1729736328125,
  "fd_mean": 0.07957782724430924,
  "fd_num": 9,
  "fd_perc": 5.660377358490566,
  "fwhm_avg": 2.3292144444444443,
  "fwhm_x": 2.275796666666667,
  "fwhm_y": 2.2681999999999998,
  "fwhm_z": 2.4436466666666665,
  "gcor": 0.0547123,
  "gsr_x": -0.01373941171914339,
  "gsr_y": 0.04679299145936966,
  "provenance": {
    "md5sum": "9ba9f051b142baa46722284d5f87cba7",
    "settings": {
      "fd_thres": 0.2,
      "testing": false
    },
    "software": "mriqc",
    "version": "21.0.0rc2",
    "webapi_port": null,
    "webapi_url": "https://mriqc.nimh.nih.gov/api/v1"
  },
  "size_t": 159,
  "size_x": 64,
  "size_y": 64,
  "size_z": 53,
  "snr": 3.330066174724466,
  "spacing_tr": 3.0,
  "spacing_x": 3.0,
  "spacing_y": 3.0,
  "spacing_z": 3.0,
  "summary_bg_k": 17.208005085462972,
  "summary_bg_mad": 9.893337233644054,
  "summary_bg_mean": 59.40270233154297,
  "summary_bg_median": 32.6037712097168,
  "summary_bg_n": 134166.0,
  "summary_bg_p05": 25.396224975585938,
  "summary_bg_p95": 203.68553161621094,
  "summary_bg_stdv": 67.56683349609375,
  "summary_fg_k": 1.5075346701566739,
  "summary_fg_mad": 186.50012012343328,
  "summary_fg_mean": 730.6024780273438,
  "summary_fg_median": 694.5156860351562,
  "summary_fg_n": 39325.0,
  "summary_fg_p05": 458.47545166015624,
  "summary_fg_p95": 1121.4025146484373,
  "summary_fg_stdv": 208.5564727783203,
  "tsnr": 83.02909780712798
}