{
  "aor": 0.0026654807692307694,
  "aqi": 0.0024629146153846153,
  "bids_meta": {
    "BandwidthPerPixelPhaseEncode": 31.25,
    "EchoTime": 0.025,
    "EffectiveEchoSpacing": 0.0005,
    "FlipAngle": 75,
    "ImageType": [
      "ORIGINAL",
      "PRIMARY",
      "M",
      "ND",
      "MOSAIC"
    ],
    "MagneticFieldStrength": 3,
    "Manufacturer": "Siemens",
    "ManufacturersModelName": "TrioTim",
    "Modality": "MR",
    "PhaseEncodingDirection": "j-",
    "PixelBandwidth": 3005,
    "RepetitionTime": 3,
    "ScanningSequence": "EP",
    "SequenceVariant": "SK",
    "SliceThickness": 3,
    "SliceTiming": [
      0,
      1.5225,
      0.055,
      1.58,
      0.1125,
      1.6375,
      0.17,
      1.6925,
      0.225,
      1.75,
      0.2825,
      1.805,
      0.3375,
      1.8625,
      0.395,
      1.92,
      0.45,
      1.975,
      0.5075,
      2.0325,
      0.565,
      2.0875,
      0.62,
      2.145,
      0.6775,
      2.2,
      0.7325,
      2.2575,
      0.79,
      2.315,
      0.8475,
      2.37,
      0.9025,
      2.4275,
      0.96,
      2.4825,
      1.015,
      2.54,
      1.0725,
      2.595,
      1.1275,
      2.6525,
      1.185,
      2.71,
      1.2425,
      2.765,
      1.2975,
      2.8225,
      1.355,
      2.8775,
      1.41,
      2.935,
      1.4675
    ],
    "SpacingBetweenSlices": 3,
    "TaskName": "risk choice task",
    "TotalReadoutTime": 0.0315,
    "dataset": "ds002843",
    "modality": "bold",
    "run_id": 2,
    "session_id": "scan2",
    "subject_id": "dmp0859",
    "task_id": "risk"
  },
  "dummy_trs": 0,
  "dvars_nstd": 23.003368933592228,
  "dvars_std": 1.2321260890291261,
  "dvars_vstd": 1.0046819069902906,
  "efc": 0.5548891998602289,
  "fber": 418.12652587890625,
  "fd_mean": 0.10094498807033417,
  "fd_num": 12,
  "fd_perc": 11.538461538461538,
  "fwhm_avg": 2.331263333333333,
  "fwhm_x": 2.26796,
  "fwhm_y": 2.2806966666666666,
  "fwhm_z": 2.445133333333333,
  "gcor": 0.0576002,
  "gsr_x": -0.013652612455189228,
  "gsr_y": 0.04859073832631111,
  "provenance": {
    "md5sum": "931fcb8e904258c08cc3b03aff2b20e7",
    "settings": {
      "fd_thres": 0.2,
      "testing": false
    },
    "software": "mriqc",
    "version": "21.0.0rc2",
    "webapi_port": null,
    "webapi_url": "https://mriqc.nimh.nih.gov/api/v1"
  },
  "size_t": 104,
  "size_x": 64,
  "size_y": 64,
  "size_z": 53,
  "snr": 3.3117977505189216,
  "spacing_tr": 3.0,
  "spacing_x": 3.0,
  "spacing_y": 3.0,
  "spacing_z": 3.0,
  "summary_bg_k": 17.066561262771433,
  "summary_bg_mad": 10.164379976257512,
  "summary_bg_mean": 60.46867370605469,
  "summary_bg_median": 33.00961685180664,
  "summary_bg_n": 133643.0,
  "summary_bg_p05": 25.605770111083984,
  "summary_bg_p95": 209.73942565917963,
  "summary_bg_stdv": 69.15190124511719,
  "summary_fg_k": 1.4832064060764596,
  "summary_fg_mad": 187.27834150277582,
  "summary_fg_mean": 730.0879516601562,
  "summary_fg_median": 693.84619140625,
  "summary_fg_n": 39441.0,
  "summary_fg_p05": 454.9711608886719,
  "summary_fg_p95": 1121.644287109375,
  "summary_fg_stdv": 209.5047607421875,
  "tsnr": 81.49438067153096
}