{
  "aor": 0.0012157692307692308,
  "aqi": 0.002763470192307692,
  "bids_meta": {
    "BandwidthPerPixelPhaseEncode": 31.25,
    "EchoTime": 0.025,
    "EffectiveEchoSpacing": 0.0005,
    "FlipAngle": 75,
    "ImageType": [
      "ORIGINAL",
      "PRIMARY",
      "M",
      "ND",
      "MOSAIC"
    ],
    "MagneticFieldStrength": 3,
    "Manufacturer": "Siemens",
    "ManufacturersModelName": "TrioTim",
    "Modality": "MR",
    "PhaseEncodingDirection": "j-",
    "PixelBandwidth": 3005,
    "RepetitionTime": 3,
    "ScanningSequence": "EP",
    "SequenceVariant": "SK",
    "SliceThickness": 3,
    "SliceTiming": [
      0,
      1.5225,
      0.055,
      1.58,
      0.1125,
      1.6375,
      0.17,
      1.6925,
      0.225,
      1.75,
      0.2825,
      1.805,
      0.3375,
      1.8625,
      0.395,
      1.92,
      0.45,
      1.975,
      0.5075,
      2.0325,
      0.565,
      2.0875,
      0.62,
      2.145,
      0.6775,
      2.2,
      0.7325,
      2.2575,
      0.79,
      2.315,
      0.8475,
      2.37,
      0.9025,
      2.4275,
      0.96,
      2.4825,
      1.015,
      2.54,
      1.0725,
      2.595,
      1.1275,
      2.6525,
      1.185,
      2.71,
      1.2425,
      2.765,
      1.2975,
      2.8225,
      1.355,
      2.8775,
      1.41,
      2.935,
      1.4675
    ],
    "SpacingBetweenSlices": 3,
    "TaskName": "intertemporal choice task",
    "TotalReadoutTime": 0.0315,
    "dataset": "ds002843",
    "modality": "bold",
    "run_id": 3,
    "session_id": "scan1",
    "subject_id": "dmp0759",
    "task_id": "itc"
  },
  "dummy_trs": 0,
  "dvars_nstd": 25.628301935242728,
  "dvars_std": 1.197131822524271,
  "dvars_vstd": 0.9803183364077667,
  "efc": 0.6032530506414907,
  "fber": 266.4966735839844,
  "fd_mean": 0.09087662367844215,
  "fd_num": 5,
  "fd_perc": 4.8076923076923075,
  "fwhm_avg": 2.56566,
  "fwhm_x": 2.4281133333333336,
  "fwhm_y": 2.43328,
  "fwhm_z": 2.8355866666666665,
  "gcor": 0.0517638,
  "gsr_x": 0.013855201192200184,
  "gsr_y": 0.06768077611923218,
  "provenance": {
    "md5sum": "626494e56443c742c31e8677955b3ff4",
    "settings": {
      "fd_thres": 0.2,
      "testing": false
    },
    "software": "mriqc",
    "version": "21.0.0rc2",
    "webapi_port": null,
    "webapi_url": "https://mriqc.nimh.nih.gov/api/v1"
  },
  "size_t": 104,
  "size_x": 64,
  "size_y": 64,
  "size_z": 53,
  "snr": 2.9037060383172006,
  "spacing_tr": 3.0,
  "spacing_x": 3.0,
  "spacing_y": 3.0,
  "spacing_z": 3.0,
  "summary_bg_k": 20.375539618199404,
  "summary_bg_mad": 16.422671163114256,
  "summary_bg_mean": 79.7275390625,
  "summary_bg_median": 38.480770111083984,
  "summary_bg_n": 123071.0,
  "summary_bg_p05": 26.528846740722656,
  "summary_bg_p95": 281.298095703125,
  "summary_bg_stdv": 101.89915466308594,
  "summary_fg_k": 2.5042260995231223,
  "summary_fg_mad": 190.25779824993197,
  "summary_fg_mean": 686.007080078125,
  "summary_fg_median": 642.4904174804688,
  "summary_fg_n": 49342.0,
  "summary_fg_p05": 407.1456985473633,
  "summary_fg_p95": 1100.894287109375,
  "summary_fg_stdv": 221.26341247558594,
  "tsnr": 75.34920300287195
}