{
  "aor": 0.0018203750000000002,
  "aqi": 0.0031558500000000004,
  "bids_meta": {
    "BandwidthPerPixelPhaseEncode": 31.25,
    "EchoTime": 0.025,
    "EffectiveEchoSpacing": 0.0005,
    "FlipAngle": 75,
    "ImageType": [
      "ORIGINAL",
      "PRIMARY",
      "M",
      "ND",
      "MOSAIC"
    ],
    "MagneticFieldStrength": 3,
    "Manufacturer": "Siemens",
    "ManufacturersModelName": "TrioTim",
    "Modality": "MR",
    "PhaseEncodingDirection": "j-",
    "PixelBandwidth": 3005,
    "RepetitionTime": 3,
    "ScanningSequence": "EP",
    "SequenceVariant": "SK",
    "SliceThickness": 3,
    "SliceTiming": [
      0,
      1.5225,
      0.055,
      1.58,
      0.1125,
      1.635,
      0.1675,
      1.6925,
      0.225,
      1.75,
      0.2825,
      1.805,
      0.3375,
      1.8625,
      0.395,
      1.9175,
      0.45,
      1.975,
      0.5075,
      2.03,
      0.5625,
      2.0875,
      0.62,
      2.145,
      0.6775,
      2.2,
      0.7325,
      2.2575,
      0.79,
      2.3125,
      0.845,
      2.37,
      0.9025,
      2.425,
      0.9575,
      2.4825,
      1.015,
      2.54,
      1.0725,
      2.595,
      1.1275,
      2.6525,
      1.185,
      2.7075,
      1.24,
      2.765,
      1.2975,
      2.8225,
      1.355,
      2.8775,
      1.41,
      2.935,
      1.4675
    ],
    "SpacingBetweenSlices": 3,
    "TaskName": "rest",
    "TotalReadoutTime": 0.0315,
    "dataset": "ds002843",
    "modality": "bold",
    "session_id": "scan1",
    "subject_id": "dmp0759",
    "task_id": "rest"
  },
  "dummy_trs": 0,
  "dvars_nstd": 23.57472003477987,
  "dvars_std": 1.1662959666037733,
  "dvars_vstd": 0.9763571618867924,
  "efc": 0.5995420340110256,
  "fber": 279.0538330078125,
  "fd_mean": 0.0589054184156517,
  "fd_num": 1,
  "fd_perc": 0.625,
  "fwhm_avg": 2.5489288888888884,
  "fwhm_x": 2.4173666666666667,
  "fwhm_y": 2.409186666666667,
  "fwhm_z": 2.820233333333333,
  "gcor": 0.0546385,
  "gsr_x": 0.009301724843680859,
  "gsr_y": 0.06749513000249863,
  "provenance": {
    "md5sum": "4d272368948ca99ad861f75e432f088c",
    "settings": {
      "fd_thres": 0.2,
      "testing": false
    },
    "software": "mriqc",
    "version": "21.0.0rc2",
    "webapi_port": null,
    "webapi_url": "https://mriqc.nimh.nih.gov/api/v1"
  },
  "size_t": 160,
  "size_x": 64,
  "size_y": 64,
  "size_z": 53,
  "snr": 2.9188078089628613,
  "spacing_tr": 3.0,
  "spacing_x": 3.0,
  "spacing_y": 3.0,
  "spacing_z": 3.0,
  "summary_bg_k": 25.523457558870582,
  "summary_bg_mad": 15.47466065565222,
  "summary_bg_mean": 75.9925308227539,
  "summary_bg_median": 37.57500076293945,
  "summary_bg_n": 123199.0,
  "summary_bg_p05": 26.075000762939453,
  "summary_bg_p95": 263.2693908691406,
  "summary_bg_stdv": 97.07486724853516,
  "summary_fg_k": 2.5783849280934232,
  "summary_fg_mad": 188.8696232418152,
  "summary_fg_mean": 684.4305419921875,
  "summary_fg_median": 640.5562744140625,
  "summary_fg_n": 49308.0,
  "summary_fg_p05": 408.1465728759766,
  "summary_fg_p95": 1094.5728515624999,
  "summary_fg_stdv": 219.45596313476562,
  "tsnr": 68.28040017513558
}