{
  "aor": 0.005591730769230769,
  "aqi": 0.012878224326923076,
  "bids_meta": {
    "BandwidthPerPixelPhaseEncode": 31.25,
    "EchoTime": 0.025,
    "EffectiveEchoSpacing": 0.0005,
    "FlipAngle": 75,
    "ImageType": [
      "ORIGINAL",
      "PRIMARY",
      "M",
      "ND",
      "MOSAIC"
    ],
    "MagneticFieldStrength": 3,
    "Manufacturer": "Siemens",
    "ManufacturersModelName": "TrioTim",
    "Modality": "MR",
    "PhaseEncodingDirection": "j-",
    "PixelBandwidth": 3005,
    "RepetitionTime": 3,
    "ScanningSequence": "EP",
    "SequenceVariant": "SK",
    "SliceThickness": 3,
    "SliceTiming": [
      0,
      1.5225,
      0.055,
      1.58,
      0.1125,
      1.6375,
      0.17,
      1.6925,
      0.225,
      1.75,
      0.2825,
      1.805,
      0.3375,
      1.8625,
      0.395,
      1.92,
      0.45,
      1.975,
      0.5075,
      2.0325,
      0.565,
      2.0875,
      0.62,
      2.145,
      0.6775,
      2.2,
      0.7325,
      2.2575,
      0.79,
      2.315,
      0.8475,
      2.37,
      0.9025,
      2.4275,
      0.96,
      2.4825,
      1.015,
      2.54,
      1.0725,
      2.595,
      1.1275,
      2.6525,
      1.185,
      2.71,
      1.2425,
      2.765,
      1.2975,
      2.8225,
      1.355,
      2.8775,
      1.41,
      2.935,
      1.4675
    ],
    "SpacingBetweenSlices": 3,
    "TaskName": "intertemporal choice task",
    "TotalReadoutTime": 0.0315,
    "dataset": "ds002843",
    "modality": "bold",
    "run_id": 3,
    "session_id": "scan2",
    "subject_id": "dmp0801",
    "task_id": "itc"
  },
  "dummy_trs": 0,
  "dvars_nstd": 26.108829081456314,
  "dvars_std": 0.9958363835922328,
  "dvars_vstd": 0.913839970485437,
  "efc": 0.6025349571755889,
  "fber": 285.2213439941406,
  "fd_mean": 0.18135520595643959,
  "fd_num": 23,
  "fd_perc": 22.115384615384617,
  "fwhm_avg": 2.526714444444444,
  "fwhm_x": 2.3912466666666665,
  "fwhm_y": 2.4634266666666664,
  "fwhm_z": 2.72547,
  "gcor": 0.0181323,
  "gsr_x": -0.006953598465770483,
  "gsr_y": 0.11910171806812286,
  "provenance": {
    "md5sum": "b1a49373670733c7c2ea7f7b13ff2624",
    "settings": {
      "fd_thres": 0.2,
      "testing": false
    },
    "software": "mriqc",
    "version": "21.0.0rc2",
    "webapi_port": null,
    "webapi_url": "https://mriqc.nimh.nih.gov/api/v1"
  },
  "size_t": 104,
  "size_x": 64,
  "size_y": 64,
  "size_z": 53,
  "snr": 3.044021058116244,
  "spacing_tr": 3.0,
  "spacing_x": 3.0,
  "spacing_y": 3.0,
  "spacing_z": 3.0,
  "summary_bg_k": 14.624286722944422,
  "summary_bg_mad": 15.22518867132955,
  "summary_bg_mean": 95.47929382324219,
  "summary_bg_median": 37.95192337036133,
  "summary_bg_n": 129236.0,
  "summary_bg_p05": 25.923078536987305,
  "summary_bg_p95": 394.45914459228516,
  "summary_bg_stdv": 139.52857971191406,
  "summary_fg_k": 5.201025856297809,
  "summary_fg_mad": 171.33321887605365,
  "summary_fg_mean": 696.094482421875,
  "summary_fg_median": 653.423095703125,
  "summary_fg_n": 43000.0,
  "summary_fg_p05": 437.1437759399414,
  "summary_fg_p95": 1092.5620666503903,
  "summary_fg_stdv": 214.65538024902344,
  "tsnr": 48.19331349246204
}