{
  "aor": 0.003936826923076923,
  "aqi": 0.0022322052884615386,
  "bids_meta": {
    "BandwidthPerPixelPhaseEncode": 31.25,
    "EchoTime": 0.025,
    "EffectiveEchoSpacing": 0.0005,
    "FlipAngle": 75,
    "ImageType": [
      "ORIGINAL",
      "PRIMARY",
      "M",
      "ND",
      "MOSAIC"
    ],
    "MagneticFieldStrength": 3,
    "Manufacturer": "Siemens",
    "ManufacturersModelName": "TrioTim",
    "Modality": "MR",
    "PhaseEncodingDirection": "j-",
    "PixelBandwidth": 3005,
    "RepetitionTime": 3,
    "ScanningSequence": "EP",
    "SequenceVariant": "SK",
    "SliceThickness": 3,
    "SliceTiming": [
      0,
      1.5225,
      0.055,
      1.58,
      0.1125,
      1.6375,
      0.17,
      1.6925,
      0.225,
      1.75,
      0.2825,
      1.805,
      0.3375,
      1.8625,
      0.395,
      1.92,
      0.45,
      1.975,
      0.5075,
      2.0325,
      0.565,
      2.0875,
      0.62,
      2.145,
      0.6775,
      2.2,
      0.7325,
      2.2575,
      0.79,
      2.315,
      0.8475,
      2.37,
      0.9025,
      2.4275,
      0.96,
      2.4825,
      1.015,
      2.54,
      1.0725,
      2.595,
      1.1275,
      2.6525,
      1.185,
      2.71,
      1.2425,
      2.765,
      1.2975,
      2.8225,
      1.355,
      2.8775,
      1.41,
      2.935,
      1.4675
    ],
    "SpacingBetweenSlices": 3,
    "TaskName": "intertemporal choice task",
    "TotalReadoutTime": 0.0315,
    "dataset": "ds002843",
    "modality": "bold",
    "run_id": 4,
    "session_id": "scan1",
    "subject_id": "dmp0649",
    "task_id": "itc"
  },
  "dummy_trs": 0,
  "dvars_nstd": 20.942927369611645,
  "dvars_std": 1.1958488908737863,
  "dvars_vstd": 1.0199898303883494,
  "efc": 0.6060925047808889,
  "fber": 225.33224487304688,
  "fd_mean": 0.0457223810370943,
  "fd_num": 2,
  "fd_perc": 1.9230769230769231,
  "fwhm_avg": 2.4518155555555556,
  "fwhm_x": 2.2373266666666667,
  "fwhm_y": 2.3770000000000002,
  "fwhm_z": 2.74112,
  "gcor": 0.0279025,
  "gsr_x": -0.00862708780914545,
  "gsr_y": 0.0623345822095871,
  "provenance": {
    "md5sum": "b3e8517c5e8671ab5e4b04ad1824edc9",
    "settings": {
      "fd_thres": 0.2,
      "testing": false
    },
    "software": "mriqc",
    "version": "21.0.0rc2",
    "webapi_port": null,
    "webapi_url": "https://mriqc.nimh.nih.gov/api/v1"
  },
  "size_t": 104,
  "size_x": 64,
  "size_y": 64,
  "size_z": 53,
  "snr": 2.966463243415219,
  "spacing_tr": 3.0,
  "spacing_x": 3.0,
  "spacing_y": 3.0,
  "spacing_z": 3.0,
  "summary_bg_k": 26.092709554887136,
  "summary_bg_mad": 20.32875712467571,
  "summary_bg_mean": 81.98619842529297,
  "summary_bg_median": 41.68269348144531,
  "summary_bg_n": 125633.0,
  "summary_bg_p05": 27.221155166625977,
  "summary_bg_p95": 271.375012207031,
  "summary_bg_stdv": 97.10176849365234,
  "summary_fg_k": 3.162170908043765,
  "summary_fg_mad": 181.67578100751598,
  "summary_fg_mean": 689.8949584960938,
  "summary_fg_median": 648.7404174804688,
  "summary_fg_n": 44839.0,
  "summary_fg_p05": 411.9615478515625,
  "summary_fg_p95": 1095.7260009765623,
  "summary_fg_stdv": 218.68910217285156,
  "tsnr": 87.09457520395517
}