{
  "aor": 0.0012656310679611648,
  "aqi": 0.0014219671747572817,
  "bids_meta": {
    "BandwidthPerPixelPhaseEncode": 31.25,
    "EchoTime": 0.025,
    "EffectiveEchoSpacing": 0.0005,
    "FlipAngle": 75,
    "ImageType": [
      "ORIGINAL",
      "PRIMARY",
      "M",
      "ND",
      "MOSAIC"
    ],
    "MagneticFieldStrength": 3,
    "Manufacturer": "Siemens",
    "ManufacturersModelName": "TrioTim",
    "Modality": "MR",
    "PhaseEncodingDirection": "j-",
    "PixelBandwidth": 3005,
    "RepetitionTime": 3,
    "ScanningSequence": "EP",
    "SequenceVariant": "SK",
    "SliceThickness": 3,
    "SliceTiming": [
      0,
      1.5225,
      0.055,
      1.58,
      0.1125,
      1.6375,
      0.17,
      1.6925,
      0.225,
      1.75,
      0.2825,
      1.805,
      0.3375,
      1.8625,
      0.395,
      1.92,
      0.45,
      1.975,
      0.5075,
      2.0325,
      0.565,
      2.0875,
      0.62,
      2.145,
      0.6775,
      2.2,
      0.7325,
      2.2575,
      0.79,
      2.315,
      0.8475,
      2.37,
      0.9025,
      2.4275,
      0.96,
      2.4825,
      1.015,
      2.54,
      1.0725,
      2.595,
      1.1275,
      2.6525,
      1.185,
      2.71,
      1.2425,
      2.765,
      1.2975,
      2.8225,
      1.355,
      2.8775,
      1.41,
      2.935,
      1.4675
    ],
    "SpacingBetweenSlices": 3,
    "TaskName": "risk choice task",
    "TotalReadoutTime": 0.0315,
    "dataset": "ds002843",
    "modality": "bold",
    "run_id": 2,
    "session_id": "scan1",
    "subject_id": "dmp0649",
    "task_id": "risk"
  },
  "dummy_trs": 1,
  "dvars_nstd": 19.399807387745103,
  "dvars_std": 1.1912016678431374,
  "dvars_vstd": 1.0067224739215686,
  "efc": 0.6039280755562902,
  "fber": 233.39950561523438,
  "fd_mean": 0.02598950125796394,
  "fd_num": 0,
  "fd_perc": 0.0,
  "fwhm_avg": 2.4464366666666666,
  "fwhm_x": 2.223056666666667,
  "fwhm_y": 2.37548,
  "fwhm_z": 2.7407733333333333,
  "gcor": 0.0238004,
  "gsr_x": -0.008924223482608795,
  "gsr_y": 0.061422836035490036,
  "provenance": {
    "md5sum": "7079f616d1d10dca71c19e6828e8da48",
    "settings": {
      "fd_thres": 0.2,
      "testing": false
    },
    "software": "mriqc",
    "version": "21.0.0rc2",
    "webapi_port": null,
    "webapi_url": "https://mriqc.nimh.nih.gov/api/v1"
  },
  "size_t": 103,
  "size_x": 64,
  "size_y": 64,
  "size_z": 53,
  "snr": 2.9692962701684067,
  "spacing_tr": 3.0,
  "spacing_x": 3.0,
  "spacing_y": 3.0,
  "spacing_z": 3.0,
  "summary_bg_k": 26.976135590346512,
  "summary_bg_mad": 19.662472936757208,
  "summary_bg_mean": 80.29261779785156,
  "summary_bg_median": 41.07767105102539,
  "summary_bg_n": 125559.0,
  "summary_bg_p05": 27.02912712097168,
  "summary_bg_p95": 264.2436828613272,
  "summary_bg_stdv": 94.82929229736328,
  "summary_fg_k": 3.2483505452745716,
  "summary_fg_mad": 182.11538559598645,
  "summary_fg_mean": 691.9133911132812,
  "summary_fg_median": 651.0,
  "summary_fg_n": 44861.0,
  "summary_fg_p05": 414.126220703125,
  "summary_fg_p95": 1098.8641357421875,
  "summary_fg_stdv": 219.24142456054688,
  "tsnr": 93.28529667528346
}