{
  "aor": 0.0028696153846153845,
  "aqi": 0.0029361083653846156,
  "bids_meta": {
    "BandwidthPerPixelPhaseEncode": 31.25,
    "EchoTime": 0.025,
    "EffectiveEchoSpacing": 0.0005,
    "FlipAngle": 75,
    "ImageType": [
      "ORIGINAL",
      "PRIMARY",
      "M",
      "ND",
      "MOSAIC"
    ],
    "MagneticFieldStrength": 3,
    "Manufacturer": "Siemens",
    "ManufacturersModelName": "TrioTim",
    "Modality": "MR",
    "PhaseEncodingDirection": "j-",
    "PixelBandwidth": 3005,
    "RepetitionTime": 3,
    "ScanningSequence": "EP",
    "SequenceVariant": "SK",
    "SliceThickness": 3,
    "SliceTiming": [
      0,
      1.5225,
      0.055,
      1.58,
      0.1125,
      1.6375,
      0.17,
      1.6925,
      0.225,
      1.75,
      0.2825,
      1.805,
      0.3375,
      1.8625,
      0.395,
      1.92,
      0.45,
      1.975,
      0.5075,
      2.0325,
      0.565,
      2.0875,
      0.62,
      2.145,
      0.6775,
      2.2,
      0.7325,
      2.2575,
      0.79,
      2.315,
      0.8475,
      2.37,
      0.9025,
      2.4275,
      0.96,
      2.4825,
      1.015,
      2.54,
      1.0725,
      2.595,
      1.1275,
      2.6525,
      1.185,
      2.71,
      1.2425,
      2.765,
      1.2975,
      2.8225,
      1.355,
      2.8775,
      1.41,
      2.935,
      1.4675
    ],
    "SpacingBetweenSlices": 3,
    "TaskName": "intertemporal choice task",
    "TotalReadoutTime": 0.0315,
    "dataset": "ds002843",
    "modality": "bold",
    "run_id": 2,
    "session_id": "scan1",
    "subject_id": "dmp0808",
    "task_id": "itc"
  },
  "dummy_trs": 0,
  "dvars_nstd": 22.130667398932037,
  "dvars_std": 1.2067021855339808,
  "dvars_vstd": 1.0187619464077668,
  "efc": 0.6223205642676723,
  "fber": 221.85464477539062,
  "fd_mean": 0.052395307871260975,
  "fd_num": 2,
  "fd_perc": 1.9230769230769231,
  "fwhm_avg": 2.5604988888888887,
  "fwhm_x": 2.229293333333333,
  "fwhm_y": 2.5231566666666665,
  "fwhm_z": 2.929046666666667,
  "gcor": 0.027012,
  "gsr_x": -0.019737880676984787,
  "gsr_y": 0.08605433255434036,
  "provenance": {
    "md5sum": "34b1a3923f6091c3e88447be8cf74dfc",
    "settings": {
      "fd_thres": 0.2,
      "testing": false
    },
    "software": "mriqc",
    "version": "21.0.0rc2",
    "webapi_port": null,
    "webapi_url": "https://mriqc.nimh.nih.gov/api/v1"
  },
  "size_t": 104,
  "size_x": 64,
  "size_y": 64,
  "size_z": 53,
  "snr": 3.034462548114165,
  "spacing_tr": 3.0,
  "spacing_x": 3.0,
  "spacing_y": 3.0,
  "spacing_z": 3.0,
  "summary_bg_k": 18.072315306679545,
  "summary_bg_mad": 17.933783657588357,
  "summary_bg_mean": 93.82404327392578,
  "summary_bg_median": 40.38461685180664,
  "summary_bg_n": 124716.0,
  "summary_bg_p05": 27.50961685180664,
  "summary_bg_p95": 341.0216598510742,
  "summary_bg_stdv": 123.02342987060547,
  "summary_fg_k": 1.225003867905209,
  "summary_fg_mad": 184.6124808242373,
  "summary_fg_mean": 667.139892578125,
  "summary_fg_median": 633.3365478515625,
  "summary_fg_n": 44095.0,
  "summary_fg_p05": 391.1192321777344,
  "summary_fg_p95": 1065.5289306640625,
  "summary_fg_stdv": 208.7122039794922,
  "tsnr": 78.87485131714493
}