{
  "aor": 0.0194281875,
  "aqi": 0.010815283375000002,
  "bids_meta": {
    "BandwidthPerPixelPhaseEncode": 31.25,
    "EchoTime": 0.025,
    "EffectiveEchoSpacing": 0.0005,
    "FlipAngle": 75,
    "ImageType": [
      "ORIGINAL",
      "PRIMARY",
      "M",
      "ND",
      "MOSAIC"
    ],
    "MagneticFieldStrength": 3,
    "Manufacturer": "Siemens",
    "ManufacturersModelName": "TrioTim",
    "Modality": "MR",
    "PhaseEncodingDirection": "j-",
    "PixelBandwidth": 3005,
    "RepetitionTime": 3,
    "ScanningSequence": "EP",
    "SequenceVariant": "SK",
    "SliceThickness": 3,
    "SliceTiming": [
      0,
      1.5225,
      0.055,
      1.58,
      0.1125,
      1.635,
      0.1675,
      1.6925,
      0.225,
      1.75,
      0.2825,
      1.805,
      0.3375,
      1.8625,
      0.395,
      1.9175,
      0.45,
      1.975,
      0.5075,
      2.03,
      0.5625,
      2.0875,
      0.62,
      2.145,
      0.6775,
      2.2,
      0.7325,
      2.2575,
      0.79,
      2.3125,
      0.845,
      2.37,
      0.9025,
      2.425,
      0.9575,
      2.4825,
      1.015,
      2.54,
      1.0725,
      2.595,
      1.1275,
      2.6525,
      1.185,
      2.7075,
      1.24,
      2.765,
      1.2975,
      2.8225,
      1.355,
      2.8775,
      1.41,
      2.935,
      1.4675
    ],
    "SpacingBetweenSlices": 3,
    "TaskName": "rest",
    "TotalReadoutTime": 0.0315,
    "dataset": "ds002843",
    "modality": "bold",
    "session_id": "scan1",
    "subject_id": "dmp0808",
    "task_id": "rest"
  },
  "dummy_trs": 0,
  "dvars_nstd": 28.099626385031446,
  "dvars_std": 1.106624812327044,
  "dvars_vstd": 1.0136063101257862,
  "efc": 0.6191992882923986,
  "fber": 221.07041931152344,
  "fd_mean": 0.16946486912378447,
  "fd_num": 28,
  "fd_perc": 17.5,
  "fwhm_avg": 2.629461111111111,
  "fwhm_x": 2.27588,
  "fwhm_y": 2.6154533333333334,
  "fwhm_z": 2.9970499999999998,
  "gcor": 0.0374868,
  "gsr_x": -0.023516753688454628,
  "gsr_y": 0.10893947631120682,
  "provenance": {
    "md5sum": "c5d9a2aaf47dce7cf65f847c72a08ef5",
    "settings": {
      "fd_thres": 0.2,
      "testing": false
    },
    "software": "mriqc",
    "version": "21.0.0rc2",
    "webapi_port": null,
    "webapi_url": "https://mriqc.nimh.nih.gov/api/v1"
  },
  "size_t": 160,
  "size_x": 64,
  "size_y": 64,
  "size_z": 53,
  "snr": 3.0467385605105957,
  "spacing_tr": 3.0,
  "spacing_x": 3.0,
  "spacing_y": 3.0,
  "spacing_z": 3.0,
  "summary_bg_k": 19.917384460826103,
  "summary_bg_mad": 19.051439073364847,
  "summary_bg_mean": 96.73924255371094,
  "summary_bg_median": 40.681251525878906,
  "summary_bg_n": 127115.0,
  "summary_bg_p05": 26.53125,
  "summary_bg_p95": 355.5887664794919,
  "summary_bg_stdv": 131.1799774169922,
  "summary_fg_k": 1.2799821760601118,
  "summary_fg_mad": 184.09283707181004,
  "summary_fg_mean": 664.7416381835938,
  "summary_fg_median": 630.2999877929688,
  "summary_fg_n": 43751.0,
  "summary_fg_p05": 393.375,
  "summary_fg_p95": 1061.6124877929688,
  "summary_fg_stdv": 206.8745880126953,
  "tsnr": 44.994279604637995
}