{
  "aor": 0.005184134615384616,
  "aqi": 0.003351108269230769,
  "bids_meta": {
    "BandwidthPerPixelPhaseEncode": 31.25,
    "EchoTime": 0.025,
    "EffectiveEchoSpacing": 0.0005,
    "FlipAngle": 75,
    "ImageType": [
      "ORIGINAL",
      "PRIMARY",
      "M",
      "ND",
      "MOSAIC"
    ],
    "MagneticFieldStrength": 3,
    "Manufacturer": "Siemens",
    "ManufacturersModelName": "TrioTim",
    "Modality": "MR",
    "PhaseEncodingDirection": "j-",
    "PixelBandwidth": 3005,
    "RepetitionTime": 3,
    "ScanningSequence": "EP",
    "SequenceVariant": "SK",
    "SliceThickness": 3,
    "SliceTiming": [
      0,
      1.5225,
      0.055,
      1.58,
      0.1125,
      1.6375,
      0.17,
      1.6925,
      0.225,
      1.75,
      0.2825,
      1.805,
      0.3375,
      1.8625,
      0.395,
      1.92,
      0.45,
      1.975,
      0.5075,
      2.0325,
      0.565,
      2.0875,
      0.62,
      2.145,
      0.6775,
      2.2,
      0.7325,
      2.2575,
      0.79,
      2.315,
      0.8475,
      2.37,
      0.9025,
      2.4275,
      0.96,
      2.4825,
      1.015,
      2.54,
      1.0725,
      2.595,
      1.1275,
      2.6525,
      1.185,
      2.71,
      1.2425,
      2.765,
      1.2975,
      2.8225,
      1.355,
      2.8775,
      1.41,
      2.935,
      1.4675
    ],
    "SpacingBetweenSlices": 3,
    "TaskName": "intertemporal choice task",
    "TotalReadoutTime": 0.0315,
    "dataset": "ds002843",
    "modality": "bold",
    "run_id": 4,
    "session_id": "scan1",
    "subject_id": "dmp0922",
    "task_id": "itc"
  },
  "dummy_trs": 0,
  "dvars_nstd": 24.11823905116505,
  "dvars_std": 1.2223039744660191,
  "dvars_vstd": 1.0197880900970866,
  "efc": 0.5464848624971306,
  "fber": 382.9746398925781,
  "fd_mean": 0.16642370479276833,
  "fd_num": 22,
  "fd_perc": 21.153846153846153,
  "fwhm_avg": 2.350998888888889,
  "fwhm_x": 2.21247,
  "fwhm_y": 2.3009866666666667,
  "fwhm_z": 2.53954,
  "gcor": 0.0538845,
  "gsr_x": -0.01177205890417099,
  "gsr_y": 0.031167972832918167,
  "provenance": {
    "md5sum": "903ca76677e82a08e40344a9d10077f4",
    "settings": {
      "fd_thres": 0.2,
      "testing": false
    },
    "software": "mriqc",
    "version": "21.0.0rc2",
    "webapi_port": null,
    "webapi_url": "https://mriqc.nimh.nih.gov/api/v1"
  },
  "size_t": 104,
  "size_x": 64,
  "size_y": 64,
  "size_z": 53,
  "snr": 3.95391638977333,
  "spacing_tr": 3.0,
  "spacing_x": 3.0,
  "spacing_y": 3.0,
  "spacing_z": 3.0,
  "summary_bg_k": 23.391835018553447,
  "summary_bg_mad": 11.10526432864708,
  "summary_bg_mean": 63.604469299316406,
  "summary_bg_median": 33.06731033325195,
  "summary_bg_n": 143959.0,
  "summary_bg_p05": 25.125,
  "summary_bg_p95": 219.3384704589845,
  "summary_bg_stdv": 77.32020568847656,
  "summary_fg_k": 1.2991944335898005,
  "summary_fg_mad": 150.88328035323488,
  "summary_fg_mean": 689.1632080078125,
  "summary_fg_median": 666.84619140625,
  "summary_fg_n": 31059.0,
  "summary_fg_p05": 455.88079528808595,
  "summary_fg_p95": 995.3856079101562,
  "summary_fg_stdv": 168.65188598632812,
  "tsnr": 74.82619324699044
}