{
  "aor": 0.006864562499999999,
  "aqi": 0.0103269753125,
  "bids_meta": {
    "BandwidthPerPixelPhaseEncode": 31.25,
    "EchoTime": 0.025,
    "EffectiveEchoSpacing": 0.0005,
    "FlipAngle": 75,
    "ImageType": [
      "ORIGINAL",
      "PRIMARY",
      "M",
      "ND",
      "MOSAIC"
    ],
    "MagneticFieldStrength": 3,
    "Manufacturer": "Siemens",
    "ManufacturersModelName": "TrioTim",
    "Modality": "MR",
    "PhaseEncodingDirection": "j-",
    "PixelBandwidth": 3005,
    "RepetitionTime": 3,
    "ScanningSequence": "EP",
    "SequenceVariant": "SK",
    "SliceThickness": 3,
    "SliceTiming": [
      0,
      1.5225,
      0.055,
      1.58,
      0.1125,
      1.635,
      0.1675,
      1.6925,
      0.225,
      1.75,
      0.2825,
      1.805,
      0.3375,
      1.8625,
      0.395,
      1.9175,
      0.45,
      1.975,
      0.5075,
      2.03,
      0.5625,
      2.0875,
      0.62,
      2.145,
      0.6775,
      2.2,
      0.7325,
      2.2575,
      0.79,
      2.3125,
      0.845,
      2.37,
      0.9025,
      2.425,
      0.9575,
      2.4825,
      1.015,
      2.54,
      1.0725,
      2.595,
      1.1275,
      2.6525,
      1.185,
      2.7075,
      1.24,
      2.765,
      1.2975,
      2.8225,
      1.355,
      2.8775,
      1.41,
      2.935,
      1.4675
    ],
    "SpacingBetweenSlices": 3,
    "TaskName": "rest",
    "TotalReadoutTime": 0.0315,
    "dataset": "ds002843",
    "modality": "bold",
    "session_id": "scan1",
    "subject_id": "dmp0922",
    "task_id": "rest"
  },
  "dummy_trs": 0,
  "dvars_nstd": 28.24392303138366,
  "dvars_std": 1.101298776540881,
  "dvars_vstd": 0.9713239147169809,
  "efc": 0.5452309706702397,
  "fber": 379.14031982421875,
  "fd_mean": 0.31262480262410713,
  "fd_num": 75,
  "fd_perc": 46.875,
  "fwhm_avg": 2.353075555555556,
  "fwhm_x": 2.234926666666667,
  "fwhm_y": 2.2916266666666667,
  "fwhm_z": 2.5326733333333333,
  "gcor": 0.0277332,
  "gsr_x": -0.009713385254144669,
  "gsr_y": 0.03195163235068321,
  "provenance": {
    "md5sum": "ff3e84568fecbcb1ea22e3ebf2aeda5d",
    "settings": {
      "fd_thres": 0.2,
      "testing": false
    },
    "software": "mriqc",
    "version": "21.0.0rc2",
    "webapi_port": null,
    "webapi_url": "https://mriqc.nimh.nih.gov/api/v1"
  },
  "size_t": 160,
  "size_x": 64,
  "size_y": 64,
  "size_z": 53,
  "snr": 3.968305094245715,
  "spacing_tr": 3.0,
  "spacing_x": 3.0,
  "spacing_y": 3.0,
  "spacing_z": 3.0,
  "summary_bg_k": 29.196880586205204,
  "summary_bg_mad": 12.833775453939117,
  "summary_bg_mean": 63.90134811401367,
  "summary_bg_median": 33.5625,
  "summary_bg_n": 144267.0,
  "summary_bg_p05": 23.368749618530273,
  "summary_bg_p95": 215.71687774658193,
  "summary_bg_stdv": 79.8598861694336,
  "summary_fg_k": 1.508937206790236,
  "summary_fg_mad": 150.32658059443077,
  "summary_fg_mean": 688.6219482421875,
  "summary_fg_median": 665.59375,
  "summary_fg_n": 31037.0,
  "summary_fg_p05": 457.90875854492185,
  "summary_fg_p95": 992.6599975585931,
  "summary_fg_stdv": 167.72476196289062,
  "tsnr": 48.60206406656653
}