{
  "aor": 0.000950314465408805,
  "aqi": 0.002456812578616352,
  "bids_meta": {
    "BandwidthPerPixelPhaseEncode": 31.25,
    "EchoTime": 0.025,
    "EffectiveEchoSpacing": 0.0005,
    "FlipAngle": 75,
    "ImageType": [
      "ORIGINAL",
      "PRIMARY",
      "M",
      "ND",
      "MOSAIC"
    ],
    "MagneticFieldStrength": 3,
    "Manufacturer": "Siemens",
    "ManufacturersModelName": "TrioTim",
    "Modality": "MR",
    "PhaseEncodingDirection": "j-",
    "PixelBandwidth": 3005,
    "RepetitionTime": 3,
    "ScanningSequence": "EP",
    "SequenceVariant": "SK",
    "SliceThickness": 3,
    "SliceTiming": [
      0,
      1.5225,
      0.055,
      1.58,
      0.1125,
      1.635,
      0.1675,
      1.6925,
      0.225,
      1.75,
      0.2825,
      1.805,
      0.3375,
      1.8625,
      0.395,
      1.9175,
      0.45,
      1.975,
      0.5075,
      2.03,
      0.5625,
      2.0875,
      0.62,
      2.145,
      0.6775,
      2.2,
      0.7325,
      2.2575,
      0.79,
      2.3125,
      0.845,
      2.37,
      0.9025,
      2.425,
      0.9575,
      2.4825,
      1.015,
      2.54,
      1.0725,
      2.595,
      1.1275,
      2.6525,
      1.185,
      2.7075,
      1.24,
      2.765,
      1.2975,
      2.8225,
      1.355,
      2.8775,
      1.41,
      2.935,
      1.4675
    ],
    "SpacingBetweenSlices": 3,
    "TaskName": "rest",
    "TotalReadoutTime": 0.0315,
    "dataset": "ds002843",
    "modality": "bold",
    "session_id": "scan1",
    "subject_id": "dmp0098",
    "task_id": "rest"
  },
  "dummy_trs": 1,
  "dvars_nstd": 22.23827242537975,
  "dvars_std": 1.1831192644936712,
  "dvars_vstd": 0.9961395664556966,
  "efc": 0.5975327794967843,
  "fber": 223.2026824951172,
  "fd_mean": 0.10012584730297759,
  "fd_num": 10,
  "fd_perc": 6.289308176100629,
  "fwhm_avg": 2.9067655555555554,
  "fwhm_x": 2.742343333333333,
  "fwhm_y": 2.79367,
  "fwhm_z": 3.184283333333333,
  "gcor": 0.0269013,
  "gsr_x": -0.0017715379362925887,
  "gsr_y": 0.05117570608854294,
  "provenance": {
    "md5sum": "a8018a1ca73bac9d7e1f3336790ba2fc",
    "settings": {
      "fd_thres": 0.2,
      "testing": false
    },
    "software": "mriqc",
    "version": "21.0.0rc2",
    "webapi_port": null,
    "webapi_url": "https://mriqc.nimh.nih.gov/api/v1"
  },
  "size_t": 159,
  "size_x": 64,
  "size_y": 64,
  "size_z": 53,
  "snr": 2.385985000330101,
  "spacing_tr": 3.0,
  "spacing_x": 3.0,
  "spacing_y": 3.0,
  "spacing_z": 3.0,
  "summary_bg_k": 14.866659580640142,
  "summary_bg_mad": 23.427913482174112,
  "summary_bg_mean": 90.84220886230469,
  "summary_bg_median": 45.76415252685547,
  "summary_bg_n": 125234.0,
  "summary_bg_p05": 28.943395614624023,
  "summary_bg_p95": 309.90783996582024,
  "summary_bg_stdv": 107.11241149902344,
  "summary_fg_k": 8.303088846388874,
  "summary_fg_mad": 229.87324805622205,
  "summary_fg_mean": 769.8290405273438,
  "summary_fg_median": 708.8804931640625,
  "summary_fg_n": 47474.0,
  "summary_fg_p05": 436.0477783203125,
  "summary_fg_p95": 1322.2540405273437,
  "summary_fg_stdv": 297.09869384765625,
  "tsnr": 75.14076919760555
}