{
  "aor": 0.0020088349514563106,
  "aqi": 0.0021161358252427182,
  "bids_meta": {
    "BandwidthPerPixelPhaseEncode": 31.25,
    "EchoTime": 0.025,
    "EffectiveEchoSpacing": 0.0005,
    "FlipAngle": 75,
    "ImageType": [
      "ORIGINAL",
      "PRIMARY",
      "M",
      "ND",
      "MOSAIC"
    ],
    "MagneticFieldStrength": 3,
    "Manufacturer": "Siemens",
    "ManufacturersModelName": "TrioTim",
    "Modality": "MR",
    "PhaseEncodingDirection": "j-",
    "PixelBandwidth": 3005,
    "RepetitionTime": 3,
    "ScanningSequence": "EP",
    "SequenceVariant": "SK",
    "SliceThickness": 3,
    "SliceTiming": [
      0,
      1.5225,
      0.055,
      1.58,
      0.1125,
      1.6375,
      0.17,
      1.6925,
      0.225,
      1.75,
      0.2825,
      1.805,
      0.3375,
      1.8625,
      0.395,
      1.92,
      0.45,
      1.975,
      0.5075,
      2.0325,
      0.565,
      2.0875,
      0.62,
      2.145,
      0.6775,
      2.2,
      0.7325,
      2.2575,
      0.79,
      2.315,
      0.8475,
      2.37,
      0.9025,
      2.4275,
      0.96,
      2.4825,
      1.015,
      2.54,
      1.0725,
      2.595,
      1.1275,
      2.6525,
      1.185,
      2.71,
      1.2425,
      2.765,
      1.2975,
      2.8225,
      1.355,
      2.8775,
      1.41,
      2.935,
      1.4675
    ],
    "SpacingBetweenSlices": 3,
    "TaskName": "risk choice task",
    "TotalReadoutTime": 0.0315,
    "dataset": "ds002843",
    "modality": "bold",
    "run_id": 1,
    "session_id": "scan1",
    "subject_id": "dmp0098",
    "task_id": "risk"
  },
  "dummy_trs": 1,
  "dvars_nstd": 21.869645661176474,
  "dvars_std": 1.2119879700000002,
  "dvars_vstd": 1.014576681862745,
  "efc": 0.5985895793997204,
  "fber": 220.56849670410156,
  "fd_mean": 0.08589434626631548,
  "fd_num": 5,
  "fd_perc": 4.854368932038835,
  "fwhm_avg": 2.883781111111111,
  "fwhm_x": 2.7179033333333336,
  "fwhm_y": 2.79594,
  "fwhm_z": 3.1374999999999997,
  "gcor": 0.0109966,
  "gsr_x": -0.002406608546152711,
  "gsr_y": 0.05055340379476547,
  "provenance": {
    "md5sum": "248dbe06d4470ae9915f777350cbb6e6",
    "settings": {
      "fd_thres": 0.2,
      "testing": false
    },
    "software": "mriqc",
    "version": "21.0.0rc2",
    "webapi_port": null,
    "webapi_url": "https://mriqc.nimh.nih.gov/api/v1"
  },
  "size_t": 103,
  "size_x": 64,
  "size_y": 64,
  "size_z": 53,
  "snr": 2.396757776849576,
  "spacing_tr": 3.0,
  "spacing_x": 3.0,
  "spacing_y": 3.0,
  "spacing_z": 3.0,
  "summary_bg_k": 14.547998342641371,
  "summary_bg_mad": 24.225432036998605,
  "summary_bg_mean": 91.688720703125,
  "summary_bg_median": 46.20388412475586,
  "summary_bg_n": 125118.0,
  "summary_bg_p05": 28.563106536865234,
  "summary_bg_p95": 312.75341186523417,
  "summary_bg_stdv": 107.48711395263672,
  "summary_fg_k": 8.247811275266622,
  "summary_fg_mad": 230.63821252485835,
  "summary_fg_mean": 772.0548095703125,
  "summary_fg_median": 710.9028930664062,
  "summary_fg_n": 47524.0,
  "summary_fg_p05": 437.9422317504883,
  "summary_fg_p95": 1324.1616943359375,
  "summary_fg_stdv": 296.60711669921875,
  "tsnr": 81.01052275579423
}