{
  "aor": 0.0043844230769230766,
  "aqi": 0.0023904128846153846,
  "bids_meta": {
    "BandwidthPerPixelPhaseEncode": 31.25,
    "EchoTime": 0.025,
    "EffectiveEchoSpacing": 0.0005,
    "FlipAngle": 75,
    "ImageType": [
      "ORIGINAL",
      "PRIMARY",
      "M",
      "ND",
      "MOSAIC"
    ],
    "MagneticFieldStrength": 3,
    "Manufacturer": "Siemens",
    "ManufacturersModelName": "TrioTim",
    "Modality": "MR",
    "PhaseEncodingDirection": "j-",
    "PixelBandwidth": 3005,
    "RepetitionTime": 3,
    "ScanningSequence": "EP",
    "SequenceVariant": "SK",
    "SliceThickness": 3,
    "SliceTiming": [
      0,
      1.5225,
      0.055,
      1.58,
      0.1125,
      1.6375,
      0.17,
      1.6925,
      0.225,
      1.75,
      0.2825,
      1.805,
      0.3375,
      1.8625,
      0.395,
      1.92,
      0.45,
      1.975,
      0.5075,
      2.0325,
      0.565,
      2.0875,
      0.62,
      2.145,
      0.6775,
      2.2,
      0.7325,
      2.2575,
      0.79,
      2.315,
      0.8475,
      2.37,
      0.9025,
      2.4275,
      0.96,
      2.4825,
      1.015,
      2.54,
      1.0725,
      2.595,
      1.1275,
      2.6525,
      1.185,
      2.71,
      1.2425,
      2.765,
      1.2975,
      2.8225,
      1.355,
      2.8775,
      1.41,
      2.935,
      1.4675
    ],
    "SpacingBetweenSlices": 3,
    "TaskName": "risk choice task",
    "TotalReadoutTime": 0.0315,
    "dataset": "ds002843",
    "modality": "bold",
    "run_id": 4,
    "session_id": "scan1",
    "subject_id": "dmp0098",
    "task_id": "risk"
  },
  "dummy_trs": 0,
  "dvars_nstd": 23.31629511446603,
  "dvars_std": 1.1956831179611649,
  "dvars_vstd": 1.0206754894174754,
  "efc": 0.5989937841481338,
  "fber": 215.0108642578125,
  "fd_mean": 0.10947254135236746,
  "fd_num": 8,
  "fd_perc": 7.6923076923076925,
  "fwhm_avg": 2.8878955555555557,
  "fwhm_x": 2.735666666666667,
  "fwhm_y": 2.7533833333333333,
  "fwhm_z": 3.1746366666666668,
  "gcor": 0.0284645,
  "gsr_x": -0.0026184667367488146,
  "gsr_y": 0.05308227986097336,
  "provenance": {
    "md5sum": "fea5c9808b115ea82002b60de91d3911",
    "settings": {
      "fd_thres": 0.2,
      "testing": false
    },
    "software": "mriqc",
    "version": "21.0.0rc2",
    "webapi_port": null,
    "webapi_url": "https://mriqc.nimh.nih.gov/api/v1"
  },
  "size_t": 104,
  "size_x": 64,
  "size_y": 64,
  "size_z": 53,
  "snr": 2.367165892665866,
  "spacing_tr": 3.0,
  "spacing_x": 3.0,
  "spacing_y": 3.0,
  "spacing_z": 3.0,
  "summary_bg_k": 14.218814364879233,
  "summary_bg_mad": 24.534215123103,
  "summary_bg_mean": 92.54623413085938,
  "summary_bg_median": 46.95192337036133,
  "summary_bg_n": 125089.0,
  "summary_bg_p05": 29.250001907348633,
  "summary_bg_p95": 316.0615539550778,
  "summary_bg_stdv": 107.17831420898438,
  "summary_fg_k": 8.289527277019946,
  "summary_fg_mad": 232.62593471307207,
  "summary_fg_mean": 778.8800048828125,
  "summary_fg_median": 715.4807739257812,
  "summary_fg_n": 47347.0,
  "summary_fg_p05": 439.6057830810547,
  "summary_fg_p95": 1342.0029663085934,
  "summary_fg_stdv": 302.2488708496094,
  "tsnr": 75.44610009435564
}