{
  "bids_meta": {
    "EchoTime": 0.00311,
    "FlipAngle": 15,
    "ImageType": [
      "ORIGINAL",
      "PRIMARY",
      "M",
      "ND",
      "NORM"
    ],
    "InversionTime": 1.1,
    "MagneticFieldStrength": 3,
    "Manufacturer": "Siemens",
    "ManufacturersModelName": "TrioTim",
    "Modality": "MR",
    "RepetitionTime": 1.63,
    "ScanningSequence": "GR_IR",
    "SequenceVariant": "SP_MP",
    "SliceThickness": 1,
    "dataset": "ds002843",
    "modality": "T1w",
    "session_id": "scan2",
    "subject_id": "dmp0414"
  },
  "cjv": 0.5226116239416457,
  "cnr": 2.5731894979657426,
  "efc": 0.6256360716667454,
  "fber": 5528.384765625,
  "fwhm_avg": 3.4592931111111116,
  "fwhm_x": 3.275882666666667,
  "fwhm_y": 3.864586666666667,
  "fwhm_z": 3.23741,
  "icvs_csf": 0.179083589573734,
  "icvs_gm": 0.4182489448900737,
  "icvs_wm": 0.4026674655361923,
  "inu_med": 1.15771484375,
  "inu_range": 0.2719500184059145,
  "provenance": {
    "md5sum": "ce43bd6319d091e79e6f44d20281ebf3",
    "settings": {
      "testing": false
    },
    "software": "mriqc",
    "version": "21.0.0rc2",
    "warnings": {
      "large_rot_frame": true,
      "small_air_mask": false
    },
    "webapi_port": null,
    "webapi_url": "https://mriqc.nimh.nih.gov/api/v1"
  },
  "qi_1": 0.0018865187695373676,
  "qi_2": 0.011093349724240384,
  "rpve_csf": 16.125405663213993,
  "rpve_gm": 7.241393699834783,
  "rpve_wm": 8.733202055508652,
  "size_x": 192,
  "size_y": 256,
  "size_z": 160,
  "snr_csf": 2.113788235301871,
  "snr_gm": 13.238300633421593,
  "snr_total": 11.998520219305403,
  "snr_wm": 20.64347178919274,
  "snrd_csf": 37.888846742297495,
  "snrd_gm": 66.80249903124584,
  "snrd_total": 62.82447347954864,
  "snrd_wm": 83.78207466510258,
  "spacing_x": 0.9375,
  "spacing_y": 0.9375,
  "spacing_z": 1.0,
  "summary_bg_k": 4.342039753741669,
  "summary_bg_mad": 7.819926742222977,
  "summary_bg_mean": 14.283888816833496,
  "summary_bg_median": 7.867496967315674,
  "summary_bg_n": 2154070.0,
  "summary_bg_p05": 0.0,
  "summary_bg_p95": 46.507304573059045,
  "summary_bg_stdv": 15.1359281539917,
  "summary_csf_k": 38.03207171813704,
  "summary_csf_mad": 160.14262166825307,
  "summary_csf_mean": 487.4742126464844,
  "summary_csf_median": 452.2539367675781,
  "summary_csf_n": 34968.0,
  "summary_csf_p05": 269.380712890625,
  "summary_csf_p95": 722.2984680175781,
  "summary_csf_stdv": 213.951171875,
  "summary_gm_k": 0.2178129297163487,
  "summary_gm_mad": 59.70261047913391,
  "summary_gm_mean": 801.27294921875,
  "summary_gm_median": 797.376953125,
  "summary_gm_n": 24867.0,
  "summary_gm_p05": 709.7412902832032,
  "summary_gm_p95": 906.9001953124999,
  "summary_gm_stdv": 60.23136520385742,
  "summary_wm_k": 0.7496492224255134,
  "summary_wm_mad": 46.21711986542444,
  "summary_wm_mean": 1004.8302001953125,
  "summary_wm_median": 1000.0508422851562,
  "summary_wm_n": 245885.0,
  "summary_wm_p05": 934.0671264648438,
  "summary_wm_p95": 1090.9349853515625,
  "summary_wm_stdv": 48.44382858276367,
  "tpm_overlap_csf": 0.17598885297775269,
  "tpm_overlap_gm": 0.4526468515396118,
  "tpm_overlap_wm": 0.49845075607299805,
  "wm2max": 0.4711451375166049
}