{
  "aor": 0.00342275,
  "aqi": 0.0033663064374999997,
  "bids_meta": {
    "BandwidthPerPixelPhaseEncode": 31.25,
    "EchoTime": 0.025,
    "EffectiveEchoSpacing": 0.0005,
    "FlipAngle": 75,
    "ImageType": [
      "ORIGINAL",
      "PRIMARY",
      "M",
      "ND",
      "MOSAIC"
    ],
    "MagneticFieldStrength": 3,
    "Manufacturer": "Siemens",
    "ManufacturersModelName": "TrioTim",
    "Modality": "MR",
    "PhaseEncodingDirection": "j-",
    "PixelBandwidth": 3005,
    "RepetitionTime": 3,
    "ScanningSequence": "EP",
    "SequenceVariant": "SK",
    "SliceThickness": 3,
    "SliceTiming": [
      0,
      1.5225,
      0.055,
      1.58,
      0.1125,
      1.635,
      0.1675,
      1.6925,
      0.225,
      1.75,
      0.2825,
      1.805,
      0.3375,
      1.8625,
      0.395,
      1.9175,
      0.45,
      1.975,
      0.5075,
      2.03,
      0.5625,
      2.0875,
      0.62,
      2.145,
      0.6775,
      2.2,
      0.7325,
      2.2575,
      0.79,
      2.3125,
      0.845,
      2.37,
      0.9025,
      2.425,
      0.9575,
      2.4825,
      1.015,
      2.54,
      1.0725,
      2.595,
      1.1275,
      2.6525,
      1.185,
      2.7075,
      1.24,
      2.765,
      1.2975,
      2.8225,
      1.355,
      2.8775,
      1.41,
      2.935,
      1.4675
    ],
    "SpacingBetweenSlices": 3,
    "TaskName": "rest",
    "TotalReadoutTime": 0.0315,
    "dataset": "ds002843",
    "modality": "bold",
    "session_id": "scan1",
    "subject_id": "dmp0301",
    "task_id": "rest"
  },
  "dummy_trs": 0,
  "dvars_nstd": 24.538501427358494,
  "dvars_std": 1.1964237844654095,
  "dvars_vstd": 0.9996052417610054,
  "efc": 0.5464622195262046,
  "fber": 435.91485595703125,
  "fd_mean": 0.1194799589857487,
  "fd_num": 22,
  "fd_perc": 13.75,
  "fwhm_avg": 2.410947777777778,
  "fwhm_x": 2.326,
  "fwhm_y": 2.319646666666667,
  "fwhm_z": 2.587196666666667,
  "gcor": 0.0408709,
  "gsr_x": -0.002159788506105542,
  "gsr_y": 0.05359068885445595,
  "provenance": {
    "md5sum": "a1a0f2786df62eceb392ede60826c765",
    "settings": {
      "fd_thres": 0.2,
      "testing": false
    },
    "software": "mriqc",
    "version": "21.0.0rc2",
    "webapi_port": null,
    "webapi_url": "https://mriqc.nimh.nih.gov/api/v1"
  },
  "size_t": 160,
  "size_x": 64,
  "size_y": 64,
  "size_z": 53,
  "snr": 2.88930177424898,
  "spacing_tr": 3.0,
  "spacing_x": 3.0,
  "spacing_y": 3.0,
  "spacing_z": 3.0,
  "summary_bg_k": 67.0304716231924,
  "summary_bg_mad": 7.301814795004364,
  "summary_bg_mean": 59.23550033569336,
  "summary_bg_median": 29.962499618530273,
  "summary_bg_n": 135383.0,
  "summary_bg_p05": 24.587499618530273,
  "summary_bg_p95": 198.19250640869134,
  "summary_bg_stdv": 85.23101806640625,
  "summary_fg_k": 3.788216019599081,
  "summary_fg_mad": 182.59636712930626,
  "summary_fg_mean": 677.5349731445312,
  "summary_fg_median": 628.5250244140625,
  "summary_fg_n": 39808.0,
  "summary_fg_p05": 419.76251220703125,
  "summary_fg_p95": 1087.2015380859377,
  "summary_fg_stdv": 217.53253173828125,
  "tsnr": 73.40096857398748
}