{
  "bids_meta": {
    "EchoTime": 0.00311,
    "FlipAngle": 15,
    "ImageType": [
      "ORIGINAL",
      "PRIMARY",
      "M",
      "ND",
      "NORM"
    ],
    "InversionTime": 1.1,
    "MagneticFieldStrength": 3,
    "Manufacturer": "Siemens",
    "ManufacturersModelName": "TrioTim",
    "Modality": "MR",
    "RepetitionTime": 1.63,
    "ScanningSequence": "GR_IR",
    "SequenceVariant": "SP_MP",
    "SliceThickness": 1,
    "dataset": "ds002843",
    "modality": "T1w",
    "session_id": "scan2",
    "subject_id": "dmp0859"
  },
  "cjv": 0.441305334480048,
  "cnr": 2.946860740437061,
  "efc": 0.5653737370178417,
  "fber": 9467.44921875,
  "fwhm_avg": 3.327996222222222,
  "fwhm_x": 3.2035946666666666,
  "fwhm_y": 3.714944,
  "fwhm_z": 3.06545,
  "icvs_csf": 0.20140442361318853,
  "icvs_gm": 0.4015555364914324,
  "icvs_wm": 0.3970400398953791,
  "inu_med": 1.0422319173812866,
  "inu_range": 0.1982243180274964,
  "provenance": {
    "md5sum": "dbd0b05880dde923b4bc04075f4003e2",
    "settings": {
      "testing": false
    },
    "software": "mriqc",
    "version": "21.0.0rc2",
    "warnings": {
      "large_rot_frame": true,
      "small_air_mask": false
    },
    "webapi_port": null,
    "webapi_url": "https://mriqc.nimh.nih.gov/api/v1"
  },
  "qi_1": 0.000292027417870209,
  "qi_2": 0.0035892462918512068,
  "rpve_csf": 16.9768217267399,
  "rpve_gm": 8.772128392054636,
  "rpve_wm": 10.674607031894636,
  "size_x": 192,
  "size_y": 256,
  "size_z": 160,
  "snr_csf": 2.9503207984429953,
  "snr_gm": 14.988728182478617,
  "snr_total": 15.127954155110382,
  "snr_wm": 27.44481348440954,
  "snrd_csf": 64.90544680612389,
  "snrd_gm": 136.277416742626,
  "snrd_total": 123.3995575173456,
  "snrd_wm": 169.0158090032869,
  "spacing_x": 0.9375,
  "spacing_y": 0.9375,
  "spacing_z": 1.0,
  "summary_bg_k": 17.27287273751806,
  "summary_bg_mad": 3.876278414307441,
  "summary_bg_mean": 8.295244216918945,
  "summary_bg_median": 5.209285259246826,
  "summary_bg_n": 2358487.0,
  "summary_bg_p05": 0.0,
  "summary_bg_p95": 23.541050148010214,
  "summary_bg_stdv": 9.968178749084473,
  "summary_csf_k": 44.177668427608175,
  "summary_csf_mad": 86.6155870665344,
  "summary_csf_mean": 413.91107177734375,
  "summary_csf_median": 384.0293273925781,
  "summary_csf_n": 29483.0,
  "summary_csf_p05": 275.6070861816406,
  "summary_csf_p95": 617.9333251953125,
  "summary_csf_stdv": 130.16307067871094,
  "summary_gm_k": 0.29780177263910756,
  "summary_gm_mad": 52.00667971887166,
  "summary_gm_mean": 807.3265380859375,
  "summary_gm_median": 806.3194580078125,
  "summary_gm_n": 15232.0,
  "summary_gm_p05": 719.6433074951171,
  "summary_gm_p95": 896.4001495361329,
  "summary_gm_stdv": 53.79328918457031,
  "summary_wm_k": 1.1352217209209519,
  "summary_wm_mad": 33.47632376814515,
  "summary_wm_mean": 1003.152587890625,
  "summary_wm_median": 1000.0243530273438,
  "summary_wm_n": 209098.0,
  "summary_wm_p05": 949.844580078125,
  "summary_wm_p95": 1067.0664978027344,
  "summary_wm_stdv": 36.437557220458984,
  "tpm_overlap_csf": 0.17492027580738068,
  "tpm_overlap_gm": 0.4384753406047821,
  "tpm_overlap_wm": 0.49115830659866333,
  "wm2max": 0.46818855214680594
}