{
  "aor": 0.0093580625,
  "aqi": 0.004226494375000001,
  "bids_meta": {
    "BandwidthPerPixelPhaseEncode": 31.25,
    "EchoTime": 0.025,
    "EffectiveEchoSpacing": 0.0005,
    "FlipAngle": 75,
    "ImageType": [
      "ORIGINAL",
      "PRIMARY",
      "M",
      "ND",
      "MOSAIC"
    ],
    "MagneticFieldStrength": 3,
    "Manufacturer": "Siemens",
    "ManufacturersModelName": "TrioTim",
    "Modality": "MR",
    "PhaseEncodingDirection": "j-",
    "PixelBandwidth": 3005,
    "RepetitionTime": 3,
    "ScanningSequence": "EP",
    "SequenceVariant": "SK",
    "SliceThickness": 3,
    "SliceTiming": [
      0,
      1.5225,
      0.055,
      1.58,
      0.1125,
      1.635,
      0.1675,
      1.6925,
      0.225,
      1.75,
      0.2825,
      1.805,
      0.3375,
      1.8625,
      0.395,
      1.9175,
      0.45,
      1.975,
      0.5075,
      2.03,
      0.5625,
      2.0875,
      0.62,
      2.145,
      0.6775,
      2.2,
      0.7325,
      2.2575,
      0.79,
      2.3125,
      0.845,
      2.37,
      0.9025,
      2.425,
      0.9575,
      2.4825,
      1.015,
      2.54,
      1.0725,
      2.595,
      1.1275,
      2.6525,
      1.185,
      2.7075,
      1.24,
      2.765,
      1.2975,
      2.8225,
      1.355,
      2.8775,
      1.41,
      2.935,
      1.4675
    ],
    "SpacingBetweenSlices": 3,
    "TaskName": "rest",
    "TotalReadoutTime": 0.0315,
    "dataset": "ds002843",
    "modality": "bold",
    "session_id": "scan1",
    "subject_id": "dmp0062",
    "task_id": "rest"
  },
  "dummy_trs": 0,
  "dvars_nstd": 25.13212513509434,
  "dvars_std": 1.2098149072327045,
  "dvars_vstd": 1.037024765786164,
  "efc": 0.5534487913575747,
  "fber": 467.6924743652344,
  "fd_mean": 0.20386648270445762,
  "fd_num": 37,
  "fd_perc": 23.125,
  "fwhm_avg": 2.6018899999999996,
  "fwhm_x": 2.399896666666667,
  "fwhm_y": 2.4868433333333333,
  "fwhm_z": 2.91893,
  "gcor": 0.0301114,
  "gsr_x": 0.002012091688811779,
  "gsr_y": 0.034668318927288055,
  "provenance": {
    "md5sum": "743cabb2d69e7f04988acd6371da5784",
    "settings": {
      "fd_thres": 0.2,
      "testing": false
    },
    "software": "mriqc",
    "version": "21.0.0rc2",
    "webapi_port": null,
    "webapi_url": "https://mriqc.nimh.nih.gov/api/v1"
  },
  "size_t": 160,
  "size_x": 64,
  "size_y": 64,
  "size_z": 53,
  "snr": 2.9985771063885713,
  "spacing_tr": 3.0,
  "spacing_x": 3.0,
  "spacing_y": 3.0,
  "spacing_z": 3.0,
  "summary_bg_k": 30.031617524199298,
  "summary_bg_mad": 8.66395671439211,
  "summary_bg_mean": 58.800148010253906,
  "summary_bg_median": 31.200000762939453,
  "summary_bg_n": 131797.0,
  "summary_bg_p05": 24.693750381469727,
  "summary_bg_p95": 197.13500671386714,
  "summary_bg_stdv": 76.10906219482422,
  "summary_fg_k": 3.3469235730705007,
  "summary_fg_mad": 192.97926556075026,
  "summary_fg_mean": 724.4046020507812,
  "summary_fg_median": 680.9750366210938,
  "summary_fg_n": 42347.0,
  "summary_fg_p05": 442.87813110351567,
  "summary_fg_p95": 1149.5943725585937,
  "summary_fg_stdv": 227.09671020507812,
  "tsnr": 60.436132960021496
}