{
  "aor": 0.0032051923076923073,
  "aqi": 0.003063930192307692,
  "bids_meta": {
    "BandwidthPerPixelPhaseEncode": 31.25,
    "EchoTime": 0.025,
    "EffectiveEchoSpacing": 0.0005,
    "FlipAngle": 75,
    "ImageType": [
      "ORIGINAL",
      "PRIMARY",
      "M",
      "ND",
      "MOSAIC"
    ],
    "MagneticFieldStrength": 3,
    "Manufacturer": "Siemens",
    "ManufacturersModelName": "TrioTim",
    "Modality": "MR",
    "PhaseEncodingDirection": "j-",
    "PixelBandwidth": 3005,
    "RepetitionTime": 3,
    "ScanningSequence": "EP",
    "SequenceVariant": "SK",
    "SliceThickness": 3,
    "SliceTiming": [
      0,
      1.5225,
      0.055,
      1.58,
      0.1125,
      1.6375,
      0.17,
      1.6925,
      0.225,
      1.75,
      0.2825,
      1.805,
      0.3375,
      1.8625,
      0.395,
      1.92,
      0.45,
      1.975,
      0.5075,
      2.0325,
      0.565,
      2.0875,
      0.62,
      2.145,
      0.6775,
      2.2,
      0.7325,
      2.2575,
      0.79,
      2.315,
      0.8475,
      2.37,
      0.9025,
      2.4275,
      0.96,
      2.4825,
      1.015,
      2.54,
      1.0725,
      2.595,
      1.1275,
      2.6525,
      1.185,
      2.71,
      1.2425,
      2.765,
      1.2975,
      2.8225,
      1.355,
      2.8775,
      1.41,
      2.935,
      1.4675
    ],
    "SpacingBetweenSlices": 3,
    "TaskName": "intertemporal choice task",
    "TotalReadoutTime": 0.0315,
    "dataset": "ds002843",
    "modality": "bold",
    "run_id": 2,
    "session_id": "scan1",
    "subject_id": "dmp0985",
    "task_id": "itc"
  },
  "dummy_trs": 0,
  "dvars_nstd": 22.917593992718448,
  "dvars_std": 1.2140252971844663,
  "dvars_vstd": 1.0148679961165048,
  "efc": 0.5720264748386963,
  "fber": 282.7628173828125,
  "fd_mean": 0.1358427889177766,
  "fd_num": 17,
  "fd_perc": 16.346153846153847,
  "fwhm_avg": 3.14725,
  "fwhm_x": 3.0116300000000003,
  "fwhm_y": 2.9672533333333333,
  "fwhm_z": 3.4628666666666668,
  "gcor": 0.0482054,
  "gsr_x": -0.0007670539198443294,
  "gsr_y": 0.05455783009529114,
  "provenance": {
    "md5sum": "e6f6178d8c10a5bd85cbec924e0c5385",
    "settings": {
      "fd_thres": 0.2,
      "testing": false
    },
    "software": "mriqc",
    "version": "21.0.0rc2",
    "webapi_port": null,
    "webapi_url": "https://mriqc.nimh.nih.gov/api/v1"
  },
  "size_t": 104,
  "size_x": 64,
  "size_y": 64,
  "size_z": 53,
  "snr": 2.214319255442454,
  "spacing_tr": 3.0,
  "spacing_x": 3.0,
  "spacing_y": 3.0,
  "spacing_z": 3.0,
  "summary_bg_k": 29.435891485109224,
  "summary_bg_mad": 21.169849855496892,
  "summary_bg_mean": 89.46788024902344,
  "summary_bg_median": 44.0384635925293,
  "summary_bg_n": 128761.0,
  "summary_bg_p05": 28.153846740722656,
  "summary_bg_p95": 307.0961608886719,
  "summary_bg_stdv": 115.25309753417969,
  "summary_fg_k": 3.6650410999361727,
  "summary_fg_mad": 259.17744556793957,
  "summary_fg_mean": 841.2164916992188,
  "summary_fg_median": 759.72119140625,
  "summary_fg_n": 44616.0,
  "summary_fg_p05": 459.38224029541016,
  "summary_fg_p95": 1540.5505065917969,
  "summary_fg_stdv": 343.0908508300781,
  "tsnr": 77.23342837952077
}