{
  "aor": 0.00428125,
  "aqi": 0.002782765,
  "bids_meta": {
    "BandwidthPerPixelPhaseEncode": 31.25,
    "EchoTime": 0.025,
    "EffectiveEchoSpacing": 0.0005,
    "FlipAngle": 75,
    "ImageType": [
      "ORIGINAL",
      "PRIMARY",
      "M",
      "ND",
      "MOSAIC"
    ],
    "MagneticFieldStrength": 3,
    "Manufacturer": "Siemens",
    "ManufacturersModelName": "TrioTim",
    "Modality": "MR",
    "PhaseEncodingDirection": "j-",
    "PixelBandwidth": 3005,
    "RepetitionTime": 3,
    "ScanningSequence": "EP",
    "SequenceVariant": "SK",
    "SliceThickness": 3,
    "SliceTiming": [
      0,
      1.5225,
      0.055,
      1.58,
      0.1125,
      1.6375,
      0.17,
      1.6925,
      0.225,
      1.75,
      0.2825,
      1.805,
      0.3375,
      1.8625,
      0.395,
      1.92,
      0.45,
      1.975,
      0.5075,
      2.0325,
      0.565,
      2.0875,
      0.62,
      2.145,
      0.6775,
      2.2,
      0.7325,
      2.2575,
      0.79,
      2.315,
      0.8475,
      2.37,
      0.9025,
      2.4275,
      0.96,
      2.4825,
      1.015,
      2.54,
      1.0725,
      2.595,
      1.1275,
      2.6525,
      1.185,
      2.71,
      1.2425,
      2.765,
      1.2975,
      2.8225,
      1.355,
      2.8775,
      1.41,
      2.935,
      1.4675
    ],
    "SpacingBetweenSlices": 3,
    "TaskName": "intertemporal choice task",
    "TotalReadoutTime": 0.0315,
    "dataset": "ds002843",
    "modality": "bold",
    "run_id": 3,
    "session_id": "scan1",
    "subject_id": "dmp0219",
    "task_id": "itc"
  },
  "dummy_trs": 0,
  "dvars_nstd": 28.990244504368935,
  "dvars_std": 1.2174050301941755,
  "dvars_vstd": 1.0113427124271848,
  "efc": 0.5733218148157567,
  "fber": 315.021484375,
  "fd_mean": 0.209702339348177,
  "fd_num": 45,
  "fd_perc": 43.26923076923077,
  "fwhm_avg": 2.60187,
  "fwhm_x": 2.503206666666667,
  "fwhm_y": 2.4708099999999997,
  "fwhm_z": 2.8315933333333336,
  "gcor": 0.0176596,
  "gsr_x": 0.002857946092262864,
  "gsr_y": 0.026945319026708603,
  "provenance": {
    "md5sum": "6e3fb7240dee87933e73d40cd7aa5670",
    "settings": {
      "fd_thres": 0.2,
      "testing": false
    },
    "software": "mriqc",
    "version": "21.0.0rc2",
    "webapi_port": null,
    "webapi_url": "https://mriqc.nimh.nih.gov/api/v1"
  },
  "size_t": 104,
  "size_x": 64,
  "size_y": 64,
  "size_z": 53,
  "snr": 2.6289578685454087,
  "spacing_tr": 3.0,
  "spacing_x": 3.0,
  "spacing_y": 3.0,
  "spacing_z": 3.0,
  "summary_bg_k": 33.835788911921874,
  "summary_bg_mad": 16.10904398826417,
  "summary_bg_mean": 73.66474914550781,
  "summary_bg_median": 37.153846740722656,
  "summary_bg_n": 129585.0,
  "summary_bg_p05": 24.38461685180664,
  "summary_bg_p95": 226.32693481445312,
  "summary_bg_stdv": 97.20116424560547,
  "summary_fg_k": 4.584140900936796,
  "summary_fg_mad": 200.6645636451901,
  "summary_fg_mean": 725.8560180664062,
  "summary_fg_median": 668.5,
  "summary_fg_n": 44018.0,
  "summary_fg_p05": 432.2841567993164,
  "summary_fg_p95": 1217.5851501464847,
  "summary_fg_stdv": 254.28038024902344,
  "tsnr": 78.17852939106524
}