{
  "aor": 0.004826601941747573,
  "aqi": 0.004590678640776699,
  "bids_meta": {
    "BandwidthPerPixelPhaseEncode": 31.25,
    "EchoTime": 0.025,
    "EffectiveEchoSpacing": 0.0005,
    "FlipAngle": 75,
    "ImageType": [
      "ORIGINAL",
      "PRIMARY",
      "M",
      "ND",
      "MOSAIC"
    ],
    "MagneticFieldStrength": 3,
    "Manufacturer": "Siemens",
    "ManufacturersModelName": "TrioTim",
    "Modality": "MR",
    "PhaseEncodingDirection": "j-",
    "PixelBandwidth": 3005,
    "RepetitionTime": 3,
    "ScanningSequence": "EP",
    "SequenceVariant": "SK",
    "SliceThickness": 3,
    "SliceTiming": [
      0,
      1.5225,
      0.055,
      1.58,
      0.1125,
      1.6375,
      0.17,
      1.6925,
      0.225,
      1.75,
      0.2825,
      1.805,
      0.3375,
      1.8625,
      0.395,
      1.92,
      0.45,
      1.975,
      0.5075,
      2.0325,
      0.565,
      2.0875,
      0.62,
      2.145,
      0.6775,
      2.2,
      0.7325,
      2.2575,
      0.79,
      2.315,
      0.8475,
      2.37,
      0.9025,
      2.4275,
      0.96,
      2.4825,
      1.015,
      2.54,
      1.0725,
      2.595,
      1.1275,
      2.6525,
      1.185,
      2.71,
      1.2425,
      2.765,
      1.2975,
      2.8225,
      1.355,
      2.8775,
      1.41,
      2.935,
      1.4675
    ],
    "SpacingBetweenSlices": 3,
    "TaskName": "intertemporal choice task",
    "TotalReadoutTime": 0.0315,
    "dataset": "ds002843",
    "modality": "bold",
    "run_id": 4,
    "session_id": "scan1",
    "subject_id": "dmp0219",
    "task_id": "itc"
  },
  "dummy_trs": 1,
  "dvars_nstd": 30.262552504509813,
  "dvars_std": 1.2673881726470595,
  "dvars_vstd": 1.0365431894117643,
  "efc": 0.5744112785901228,
  "fber": 312.6632995605469,
  "fd_mean": 0.19688872332696455,
  "fd_num": 31,
  "fd_perc": 30.097087378640776,
  "fwhm_avg": 2.607101111111111,
  "fwhm_x": 2.5000733333333334,
  "fwhm_y": 2.467303333333333,
  "fwhm_z": 2.8539266666666667,
  "gcor": 0.012712,
  "gsr_x": 0.0025392307434231043,
  "gsr_y": 0.028368229046463966,
  "provenance": {
    "md5sum": "d2776f2839899239ec6bf1640710cdb8",
    "settings": {
      "fd_thres": 0.2,
      "testing": false
    },
    "software": "mriqc",
    "version": "21.0.0rc2",
    "webapi_port": null,
    "webapi_url": "https://mriqc.nimh.nih.gov/api/v1"
  },
  "size_t": 103,
  "size_x": 64,
  "size_y": 64,
  "size_z": 53,
  "snr": 2.6239694140365004,
  "spacing_tr": 3.0,
  "spacing_x": 3.0,
  "spacing_y": 3.0,
  "spacing_z": 3.0,
  "summary_bg_k": 33.24758158950465,
  "summary_bg_mad": 15.329821553804308,
  "summary_bg_mean": 74.18659973144531,
  "summary_bg_median": 37.18446731567383,
  "summary_bg_n": 129605.0,
  "summary_bg_p05": 26.22330093383789,
  "summary_bg_p95": 227.02718811035146,
  "summary_bg_stdv": 97.13151550292969,
  "summary_fg_k": 4.801357773836142,
  "summary_fg_mad": 200.33843459273072,
  "summary_fg_mean": 727.2840576171875,
  "summary_fg_median": 669.8446655273438,
  "summary_fg_n": 44033.0,
  "summary_fg_p05": 433.543701171875,
  "summary_fg_p95": 1221.1650390625002,
  "summary_fg_stdv": 255.2762451171875,
  "tsnr": 64.00575034751091
}