{
  "bids_meta": {
    "EchoTime": 0.00311,
    "FlipAngle": 15,
    "ImageType": [
      "ORIGINAL",
      "PRIMARY",
      "M",
      "ND",
      "NORM"
    ],
    "InversionTime": 1.1,
    "MagneticFieldStrength": 3,
    "Manufacturer": "Siemens",
    "ManufacturersModelName": "TrioTim",
    "Modality": "MR",
    "RepetitionTime": 1.63,
    "ScanningSequence": "GR_IR",
    "SequenceVariant": "SP_MP",
    "SliceThickness": 1,
    "dataset": "ds002843",
    "modality": "T1w",
    "session_id": "scan1",
    "subject_id": "dmp0498"
  },
  "cjv": 0.6515280850894537,
  "cnr": 2.028900673315199,
  "efc": 0.6121017450915187,
  "fber": 8856.955078125,
  "fwhm_avg": 3.3784906666666665,
  "fwhm_x": 3.3153066666666664,
  "fwhm_y": 3.6311253333333338,
  "fwhm_z": 3.18904,
  "icvs_csf": 0.18931650162541797,
  "icvs_gm": 0.44105489261093417,
  "icvs_wm": 0.3696286057636478,
  "inu_med": 1.1527732610702515,
  "inu_range": 0.33293972313404085,
  "provenance": {
    "md5sum": "8133815568368ae85afbf14484914026",
    "settings": {
      "testing": false
    },
    "software": "mriqc",
    "version": "21.0.0rc2",
    "warnings": {
      "large_rot_frame": true,
      "small_air_mask": false
    },
    "webapi_port": null,
    "webapi_url": "https://mriqc.nimh.nih.gov/api/v1"
  },
  "qi_1": 0.000568326233100658,
  "qi_2": 0.008370868834790561,
  "rpve_csf": 16.574605071445003,
  "rpve_gm": 7.567297450301995,
  "rpve_wm": 10.089266939404348,
  "size_x": 192,
  "size_y": 256,
  "size_z": 160,
  "snr_csf": 1.7257826469611974,
  "snr_gm": 10.833425724560957,
  "snr_total": 12.20941931445573,
  "snr_wm": 24.06904957184504,
  "snrd_csf": 42.984369961369374,
  "snrd_gm": 88.32730108904265,
  "snrd_total": 79.54748662291011,
  "snrd_wm": 107.33078881831833,
  "spacing_x": 0.9375,
  "spacing_y": 0.9375,
  "spacing_z": 1.0,
  "summary_bg_k": 91.99873320169004,
  "summary_bg_mad": 6.104062951524956,
  "summary_bg_mean": 10.304707527160645,
  "summary_bg_median": 6.149422645568848,
  "summary_bg_n": 2379633.0,
  "summary_bg_p05": 0.0,
  "summary_bg_p95": 31.6586498260498,
  "summary_bg_stdv": 10.911148071289062,
  "summary_csf_k": 24.349857788659257,
  "summary_csf_mad": 89.92707739463852,
  "summary_csf_mean": 462.28961181640625,
  "summary_csf_median": 400.4956970214844,
  "summary_csf_n": 34918.0,
  "summary_csf_p05": 287.92813873291016,
  "summary_csf_p95": 784.1413696289062,
  "summary_csf_stdv": 232.06280517578125,
  "summary_gm_k": -0.3178018057444083,
  "summary_gm_mad": 76.24633013194344,
  "summary_gm_mean": 833.6570434570312,
  "summary_gm_median": 822.9666748046875,
  "summary_gm_n": 30942.0,
  "summary_gm_p05": 723.4391723632813,
  "summary_gm_p95": 973.6787414550781,
  "summary_gm_stdv": 75.96427917480469,
  "summary_wm_k": 1.0572792881783997,
  "summary_wm_mad": 39.11327078946897,
  "summary_wm_mean": 1002.7114868164062,
  "summary_wm_median": 1000.0267333984375,
  "summary_wm_n": 183024.0,
  "summary_wm_p05": 940.3767364501953,
  "summary_wm_p95": 1073.9957641601563,
  "summary_wm_stdv": 41.54813003540039,
  "tpm_overlap_csf": 0.16672272980213165,
  "tpm_overlap_gm": 0.45129549503326416,
  "tpm_overlap_wm": 0.4605920612812042,
  "wm2max": 0.5130554572679014
}