{
  "aor": 0.0017875961538461537,
  "aqi": 0.0027060395192307694,
  "bids_meta": {
    "BandwidthPerPixelPhaseEncode": 31.25,
    "EchoTime": 0.025,
    "EffectiveEchoSpacing": 0.0005,
    "FlipAngle": 75,
    "ImageType": [
      "ORIGINAL",
      "PRIMARY",
      "M",
      "ND",
      "MOSAIC"
    ],
    "MagneticFieldStrength": 3,
    "Manufacturer": "Siemens",
    "ManufacturersModelName": "TrioTim",
    "Modality": "MR",
    "PhaseEncodingDirection": "j-",
    "PixelBandwidth": 3005,
    "RepetitionTime": 3,
    "ScanningSequence": "EP",
    "SequenceVariant": "SK",
    "SliceThickness": 3,
    "SliceTiming": [
      0,
      1.5225,
      0.055,
      1.58,
      0.1125,
      1.6375,
      0.17,
      1.6925,
      0.225,
      1.75,
      0.2825,
      1.805,
      0.3375,
      1.8625,
      0.395,
      1.92,
      0.45,
      1.975,
      0.5075,
      2.0325,
      0.565,
      2.0875,
      0.62,
      2.145,
      0.6775,
      2.2,
      0.7325,
      2.2575,
      0.79,
      2.315,
      0.8475,
      2.37,
      0.9025,
      2.4275,
      0.96,
      2.4825,
      1.015,
      2.54,
      1.0725,
      2.595,
      1.1275,
      2.6525,
      1.185,
      2.71,
      1.2425,
      2.765,
      1.2975,
      2.8225,
      1.355,
      2.8775,
      1.41,
      2.935,
      1.4675
    ],
    "SpacingBetweenSlices": 3,
    "TaskName": "intertemporal choice task",
    "TotalReadoutTime": 0.0315,
    "dataset": "ds002843",
    "modality": "bold",
    "run_id": 2,
    "session_id": "scan2",
    "subject_id": "dmp0795",
    "task_id": "itc"
  },
  "dummy_trs": 0,
  "dvars_nstd": 21.141473566699023,
  "dvars_std": 1.1749019180582527,
  "dvars_vstd": 1.002132556407767,
  "efc": 0.6136196508917863,
  "fber": 225.08126831054688,
  "fd_mean": 0.04526572118882663,
  "fd_num": 0,
  "fd_perc": 0.0,
  "fwhm_avg": 2.6445044444444448,
  "fwhm_x": 2.39064,
  "fwhm_y": 2.602986666666667,
  "fwhm_z": 2.9398866666666668,
  "gcor": 0.0476608,
  "gsr_x": -0.041210684925317764,
  "gsr_y": 0.08736240118741989,
  "provenance": {
    "md5sum": "933acfdf6d84856279a749183010161a",
    "settings": {
      "fd_thres": 0.2,
      "testing": false
    },
    "software": "mriqc",
    "version": "21.0.0rc2",
    "webapi_port": null,
    "webapi_url": "https://mriqc.nimh.nih.gov/api/v1"
  },
  "size_t": 104,
  "size_x": 64,
  "size_y": 64,
  "size_z": 53,
  "snr": 2.5748005932537326,
  "spacing_tr": 3.0,
  "spacing_x": 3.0,
  "spacing_y": 3.0,
  "spacing_z": 3.0,
  "summary_bg_k": 20.91676044460169,
  "summary_bg_mad": 20.528337539973162,
  "summary_bg_mean": 107.34034729003906,
  "summary_bg_median": 43.43269348144531,
  "summary_bg_n": 124451.0,
  "summary_bg_p05": 28.798078536987305,
  "summary_bg_p95": 411.2163543701172,
  "summary_bg_stdv": 151.29302978515625,
  "summary_fg_k": 4.345910560286294,
  "summary_fg_mad": 205.18358660600254,
  "summary_fg_mean": 727.6532592773438,
  "summary_fg_median": 677.3269653320312,
  "summary_fg_n": 45813.0,
  "summary_fg_p05": 410.25579833984375,
  "summary_fg_p95": 1229.0846435546878,
  "summary_fg_stdv": 263.0570983886719,
  "tsnr": 83.52155434177257
}