{
  "aor": 0.007822884615384615,
  "aqi": 0.004572837788461539,
  "bids_meta": {
    "BandwidthPerPixelPhaseEncode": 31.25,
    "EchoTime": 0.025,
    "EffectiveEchoSpacing": 0.0005,
    "FlipAngle": 75,
    "ImageType": [
      "ORIGINAL",
      "PRIMARY",
      "M",
      "ND",
      "MOSAIC"
    ],
    "MagneticFieldStrength": 3,
    "Manufacturer": "Siemens",
    "ManufacturersModelName": "TrioTim",
    "Modality": "MR",
    "PhaseEncodingDirection": "j-",
    "PixelBandwidth": 3005,
    "RepetitionTime": 3,
    "ScanningSequence": "EP",
    "SequenceVariant": "SK",
    "SliceThickness": 3,
    "SliceTiming": [
      0,
      1.5225,
      0.055,
      1.58,
      0.1125,
      1.6375,
      0.17,
      1.6925,
      0.225,
      1.75,
      0.2825,
      1.805,
      0.3375,
      1.8625,
      0.395,
      1.92,
      0.45,
      1.975,
      0.5075,
      2.0325,
      0.565,
      2.0875,
      0.62,
      2.145,
      0.6775,
      2.2,
      0.7325,
      2.2575,
      0.79,
      2.315,
      0.8475,
      2.37,
      0.9025,
      2.4275,
      0.96,
      2.4825,
      1.015,
      2.54,
      1.0725,
      2.595,
      1.1275,
      2.6525,
      1.185,
      2.71,
      1.2425,
      2.765,
      1.2975,
      2.8225,
      1.355,
      2.8775,
      1.41,
      2.935,
      1.4675
    ],
    "SpacingBetweenSlices": 3,
    "TaskName": "intertemporal choice task",
    "TotalReadoutTime": 0.0315,
    "dataset": "ds002843",
    "modality": "bold",
    "run_id": 4,
    "session_id": "scan1",
    "subject_id": "dmp0153",
    "task_id": "itc"
  },
  "dummy_trs": 0,
  "dvars_nstd": 24.037741911165046,
  "dvars_std": 1.1727142943689322,
  "dvars_vstd": 0.9982733322330097,
  "efc": 0.5710261757577507,
  "fber": 257.4527282714844,
  "fd_mean": 0.16487963881035494,
  "fd_num": 13,
  "fd_perc": 12.5,
  "fwhm_avg": 3.4058835163401824,
  "fwhm_x": 3.3093733333333333,
  "fwhm_y": 3.219510255863687,
  "fwhm_z": 3.6887669598235258,
  "gcor": 0.0206022,
  "gsr_x": -0.02278798073530197,
  "gsr_y": 0.06560271978378296,
  "provenance": {
    "md5sum": "2b1e31d4086099b72f7b2eebd0b96d98",
    "settings": {
      "fd_thres": 0.2,
      "testing": false
    },
    "software": "mriqc",
    "version": "21.0.0rc2",
    "webapi_port": null,
    "webapi_url": "https://mriqc.nimh.nih.gov/api/v1"
  },
  "size_t": 104,
  "size_x": 64,
  "size_y": 64,
  "size_z": 53,
  "snr": 2.0214476593071637,
  "spacing_tr": 3.0,
  "spacing_x": 3.0,
  "spacing_y": 2.999999761581421,
  "spacing_z": 2.999999761581421,
  "summary_bg_k": 30.322987364048366,
  "summary_bg_mad": 22.595425866386865,
  "summary_bg_mean": 95.14347076416016,
  "summary_bg_median": 46.153846740722656,
  "summary_bg_n": 128515.0,
  "summary_bg_p05": 29.682693481445312,
  "summary_bg_p95": 323.0605926513671,
  "summary_bg_stdv": 118.33773803710938,
  "summary_fg_k": 4.570370510518491,
  "summary_fg_mad": 269.042442195974,
  "summary_fg_mean": 859.8606567382812,
  "summary_fg_median": 765.9375,
  "summary_fg_n": 44274.0,
  "summary_fg_p05": 449.50242309570314,
  "summary_fg_p95": 1635.2514648437493,
  "summary_fg_stdv": 378.9011535644531,
  "tsnr": 67.77319633215666
}