{
  "bids_meta": {
    "EchoTime": 0.00311,
    "FlipAngle": 15,
    "ImageType": [
      "ORIGINAL",
      "PRIMARY",
      "M",
      "ND",
      "NORM"
    ],
    "InversionTime": 1.1,
    "MagneticFieldStrength": 3,
    "Manufacturer": "Siemens",
    "ManufacturersModelName": "TrioTim",
    "Modality": "MR",
    "RepetitionTime": 1.63,
    "ScanningSequence": "GR_IR",
    "SequenceVariant": "SP_MP",
    "SliceThickness": 1,
    "dataset": "ds002843",
    "modality": "T1w",
    "session_id": "scan2",
    "subject_id": "dmp0330"
  },
  "cjv": 0.6090607063117403,
  "cnr": 2.234863694021741,
  "efc": 0.5582259909884018,
  "fber": 10242.939453125,
  "fwhm_avg": 3.8170817777777777,
  "fwhm_x": 3.6759253333333333,
  "fwhm_y": 4.22896,
  "fwhm_z": 3.54636,
  "icvs_csf": 0.21421869972245866,
  "icvs_gm": 0.41047926150868297,
  "icvs_wm": 0.37530203876885837,
  "inu_med": 1.0611367225646973,
  "inu_range": 0.30159229040145874,
  "provenance": {
    "md5sum": "d0542c461d40e08996bbdc4352f099b0",
    "settings": {
      "testing": false
    },
    "software": "mriqc",
    "version": "21.0.0rc2",
    "warnings": {
      "large_rot_frame": true,
      "small_air_mask": false
    },
    "webapi_port": null,
    "webapi_url": "https://mriqc.nimh.nih.gov/api/v1"
  },
  "qi_1": 2.050682620977458e-05,
  "qi_2": 0.0074502431546470274,
  "rpve_csf": 15.934127956782103,
  "rpve_gm": 8.38069465700519,
  "rpve_wm": 10.827914101019566,
  "size_x": 192,
  "size_y": 256,
  "size_z": 160,
  "snr_csf": 3.4256172827818436,
  "snr_gm": 12.033260631403508,
  "snr_total": 13.929767000852321,
  "snr_wm": 26.33042308837161,
  "snrd_csf": 50.79600645404963,
  "snrd_gm": 102.97104081099353,
  "snrd_total": 92.92463862682189,
  "snrd_wm": 125.0068686154225,
  "spacing_x": 0.9375,
  "spacing_y": 0.9375,
  "spacing_z": 1.0,
  "summary_bg_k": 48.312825424464286,
  "summary_bg_mad": 5.240947626712519,
  "summary_bg_mean": 8.4035062789917,
  "summary_bg_median": 5.299263000488281,
  "summary_bg_n": 2704466.0,
  "summary_bg_p05": 0.0,
  "summary_bg_p95": 25.32706928253174,
  "summary_bg_stdv": 9.659671783447266,
  "summary_csf_k": -0.17990445338201866,
  "summary_csf_mad": 121.1425323195065,
  "summary_csf_mean": 430.8172912597656,
  "summary_csf_median": 406.35693359375,
  "summary_csf_n": 44082.0,
  "summary_csf_p05": 271.6034423828125,
  "summary_csf_p95": 639.7742797851561,
  "summary_csf_stdv": 118.62163543701172,
  "summary_gm_k": -0.36855243711102803,
  "summary_gm_mad": 73.0323663261168,
  "summary_gm_mean": 826.392333984375,
  "summary_gm_median": 823.7457885742188,
  "summary_gm_n": 22204.0,
  "summary_gm_p05": 717.0241546630859,
  "summary_gm_p95": 940.1033813476562,
  "summary_gm_stdv": 68.4542007446289,
  "summary_wm_k": 2.025685496071109,
  "summary_wm_mad": 34.33395087543805,
  "summary_wm_mean": 1002.6928100585938,
  "summary_wm_median": 1000.027587890625,
  "summary_wm_n": 196044.0,
  "summary_wm_p05": 947.095980834961,
  "summary_wm_p95": 1067.1455139160157,
  "summary_wm_stdv": 37.97983169555664,
  "tpm_overlap_csf": 0.1636652797460556,
  "tpm_overlap_gm": 0.42896541953086853,
  "tpm_overlap_wm": 0.46097198128700256,
  "wm2max": 0.5000501130300035
}