{
  "aor": 0.0018381250000000001,
  "aqi": 0.005807489937499999,
  "bids_meta": {
    "BandwidthPerPixelPhaseEncode": 31.25,
    "EchoTime": 0.025,
    "EffectiveEchoSpacing": 0.0005,
    "FlipAngle": 75,
    "ImageType": [
      "ORIGINAL",
      "PRIMARY",
      "M",
      "ND",
      "MOSAIC"
    ],
    "MagneticFieldStrength": 3,
    "Manufacturer": "Siemens",
    "ManufacturersModelName": "TrioTim",
    "Modality": "MR",
    "PhaseEncodingDirection": "j-",
    "PixelBandwidth": 3005,
    "RepetitionTime": 3,
    "ScanningSequence": "EP",
    "SequenceVariant": "SK",
    "SliceThickness": 3,
    "SliceTiming": [
      0,
      1.5225,
      0.055,
      1.58,
      0.1125,
      1.635,
      0.1675,
      1.6925,
      0.225,
      1.75,
      0.2825,
      1.805,
      0.3375,
      1.8625,
      0.395,
      1.9175,
      0.45,
      1.975,
      0.5075,
      2.03,
      0.5625,
      2.0875,
      0.62,
      2.145,
      0.6775,
      2.2,
      0.7325,
      2.2575,
      0.79,
      2.3125,
      0.845,
      2.37,
      0.9025,
      2.425,
      0.9575,
      2.4825,
      1.015,
      2.54,
      1.0725,
      2.595,
      1.1275,
      2.6525,
      1.185,
      2.7075,
      1.24,
      2.765,
      1.2975,
      2.8225,
      1.355,
      2.8775,
      1.41,
      2.935,
      1.4675
    ],
    "SpacingBetweenSlices": 3,
    "TaskName": "rest",
    "TotalReadoutTime": 0.0315,
    "dataset": "ds002843",
    "modality": "bold",
    "session_id": "scan2",
    "subject_id": "dmp0219",
    "task_id": "rest"
  },
  "dummy_trs": 0,
  "dvars_nstd": 28.926390185849066,
  "dvars_std": 1.155258010440252,
  "dvars_vstd": 0.972402571509434,
  "efc": 0.589036548343958,
  "fber": 282.6346130371094,
  "fd_mean": 0.15677720878253534,
  "fd_num": 39,
  "fd_perc": 24.375,
  "fwhm_avg": 2.3725311111111114,
  "fwhm_x": 2.2298066666666667,
  "fwhm_y": 2.3276,
  "fwhm_z": 2.5601866666666666,
  "gcor": 0.0327119,
  "gsr_x": -0.001828497275710106,
  "gsr_y": 0.029629681259393692,
  "provenance": {
    "md5sum": "50ce8061644952e9f71a854991a5b1d6",
    "settings": {
      "fd_thres": 0.2,
      "testing": false
    },
    "software": "mriqc",
    "version": "21.0.0rc2",
    "webapi_port": null,
    "webapi_url": "https://mriqc.nimh.nih.gov/api/v1"
  },
  "size_t": 160,
  "size_x": 64,
  "size_y": 64,
  "size_z": 53,
  "snr": 3.113956367321926,
  "spacing_tr": 3.0,
  "spacing_x": 3.0,
  "spacing_y": 3.0,
  "spacing_z": 3.0,
  "summary_bg_k": 32.06251018962393,
  "summary_bg_mad": 16.22059659354144,
  "summary_bg_mean": 72.23777770996094,
  "summary_bg_median": 37.415626525878906,
  "summary_bg_n": 127860.0,
  "summary_bg_p05": 25.95625114440918,
  "summary_bg_p95": 218.2312469482422,
  "summary_bg_stdv": 89.70306396484375,
  "summary_fg_k": 1.9571688504511142,
  "summary_fg_mad": 188.95305581294934,
  "summary_fg_mean": 690.3234252929688,
  "summary_fg_median": 651.25,
  "summary_fg_n": 44680.0,
  "summary_fg_p05": 423.8115631103516,
  "summary_fg_p95": 1083.8950500488281,
  "summary_fg_stdv": 209.13674926757812,
  "tsnr": 58.92025571456179
}