{
  "aor": 0.0017040384615384615,
  "aqi": 0.004354527403846154,
  "bids_meta": {
    "BandwidthPerPixelPhaseEncode": 31.25,
    "EchoTime": 0.025,
    "EffectiveEchoSpacing": 0.0005,
    "FlipAngle": 75,
    "ImageType": [
      "ORIGINAL",
      "PRIMARY",
      "M",
      "ND",
      "MOSAIC"
    ],
    "MagneticFieldStrength": 3,
    "Manufacturer": "Siemens",
    "ManufacturersModelName": "TrioTim",
    "Modality": "MR",
    "PhaseEncodingDirection": "j-",
    "PixelBandwidth": 3005,
    "RepetitionTime": 3,
    "ScanningSequence": "EP",
    "SequenceVariant": "SK",
    "SliceThickness": 3,
    "SliceTiming": [
      0,
      1.5225,
      0.055,
      1.58,
      0.1125,
      1.6375,
      0.17,
      1.6925,
      0.225,
      1.75,
      0.2825,
      1.805,
      0.3375,
      1.8625,
      0.395,
      1.92,
      0.45,
      1.975,
      0.5075,
      2.0325,
      0.565,
      2.0875,
      0.62,
      2.145,
      0.6775,
      2.2,
      0.7325,
      2.2575,
      0.79,
      2.315,
      0.8475,
      2.37,
      0.9025,
      2.4275,
      0.96,
      2.4825,
      1.015,
      2.54,
      1.0725,
      2.595,
      1.1275,
      2.6525,
      1.185,
      2.71,
      1.2425,
      2.765,
      1.2975,
      2.8225,
      1.355,
      2.8775,
      1.41,
      2.935,
      1.4675
    ],
    "SpacingBetweenSlices": 3,
    "TaskName": "intertemporal choice task",
    "TotalReadoutTime": 0.0315,
    "dataset": "ds002843",
    "modality": "bold",
    "run_id": 3,
    "session_id": "scan2",
    "subject_id": "dmp0219",
    "task_id": "itc"
  },
  "dummy_trs": 0,
  "dvars_nstd": 24.01963157999999,
  "dvars_std": 1.0989994147572815,
  "dvars_vstd": 0.9661444982524269,
  "efc": 0.5886808276971318,
  "fber": 275.2266540527344,
  "fd_mean": 0.12566103427212608,
  "fd_num": 12,
  "fd_perc": 11.538461538461538,
  "fwhm_avg": 2.3341877777777778,
  "fwhm_x": 2.1967933333333334,
  "fwhm_y": 2.2736366666666665,
  "fwhm_z": 2.5321333333333333,
  "gcor": 0.0153426,
  "gsr_x": -0.000954773451667279,
  "gsr_y": 0.030685216188430786,
  "provenance": {
    "md5sum": "a11e86372cae4b6421b929d361677b9c",
    "settings": {
      "fd_thres": 0.2,
      "testing": false
    },
    "software": "mriqc",
    "version": "21.0.0rc2",
    "webapi_port": null,
    "webapi_url": "https://mriqc.nimh.nih.gov/api/v1"
  },
  "size_t": 104,
  "size_x": 64,
  "size_y": 64,
  "size_z": 53,
  "snr": 3.1164285699539573,
  "spacing_tr": 3.0,
  "spacing_x": 3.0,
  "spacing_y": 3.0,
  "spacing_z": 3.0,
  "summary_bg_k": 32.744788207263795,
  "summary_bg_mad": 18.26166597042269,
  "summary_bg_mean": 73.36968994140625,
  "summary_bg_median": 38.528846740722656,
  "summary_bg_n": 128674.0,
  "summary_bg_p05": 24.625,
  "summary_bg_p95": 220.0192413330078,
  "summary_bg_stdv": 89.67986297607422,
  "summary_fg_k": 1.8778361902878897,
  "summary_fg_mad": 189.43093803438052,
  "summary_fg_mean": 694.5938110351562,
  "summary_fg_median": 654.9423217773438,
  "summary_fg_n": 44389.0,
  "summary_fg_p05": 427.8942565917969,
  "summary_fg_p95": 1087.213525390625,
  "summary_fg_stdv": 210.15560913085938,
  "tsnr": 69.11841766163707
}