{
  "aor": 0.007307692307692308,
  "aqi": 0.012379978076923075,
  "bids_meta": {
    "BandwidthPerPixelPhaseEncode": 31.25,
    "EchoTime": 0.025,
    "EffectiveEchoSpacing": 0.0005,
    "FlipAngle": 75,
    "ImageType": [
      "ORIGINAL",
      "PRIMARY",
      "M",
      "ND",
      "MOSAIC"
    ],
    "MagneticFieldStrength": 3,
    "Manufacturer": "Siemens",
    "ManufacturersModelName": "TrioTim",
    "Modality": "MR",
    "PhaseEncodingDirection": "j-",
    "PixelBandwidth": 3005,
    "RepetitionTime": 3,
    "ScanningSequence": "EP",
    "SequenceVariant": "SK",
    "SliceThickness": 3,
    "SliceTiming": [
      0,
      1.5225,
      0.055,
      1.58,
      0.1125,
      1.6375,
      0.17,
      1.6925,
      0.225,
      1.75,
      0.2825,
      1.805,
      0.3375,
      1.8625,
      0.395,
      1.92,
      0.45,
      1.975,
      0.5075,
      2.0325,
      0.565,
      2.0875,
      0.62,
      2.145,
      0.6775,
      2.2,
      0.7325,
      2.2575,
      0.79,
      2.315,
      0.8475,
      2.37,
      0.9025,
      2.4275,
      0.96,
      2.4825,
      1.015,
      2.54,
      1.0725,
      2.595,
      1.1275,
      2.6525,
      1.185,
      2.71,
      1.2425,
      2.765,
      1.2975,
      2.8225,
      1.355,
      2.8775,
      1.41,
      2.935,
      1.4675
    ],
    "SpacingBetweenSlices": 3,
    "TaskName": "risk choice task",
    "TotalReadoutTime": 0.0315,
    "dataset": "ds002843",
    "modality": "bold",
    "run_id": 4,
    "session_id": "scan1",
    "subject_id": "dmp0660",
    "task_id": "risk"
  },
  "dummy_trs": 0,
  "dvars_nstd": 50.11431355145629,
  "dvars_std": 1.1717460325242717,
  "dvars_vstd": 0.9745588946601945,
  "efc": 0.6191988192289708,
  "fber": 179.7055206298828,
  "fd_mean": 0.5293855690707152,
  "fd_num": 70,
  "fd_perc": 67.3076923076923,
  "fwhm_avg": 2.695348739547123,
  "fwhm_x": 2.448583333333333,
  "fwhm_y": 2.694093119226049,
  "fwhm_z": 2.9433697660819873,
  "gcor": 0.017359,
  "gsr_x": -0.00794435665011406,
  "gsr_y": 0.09306860715150833,
  "provenance": {
    "md5sum": "c247be0b971f9966a67daeb529ec9324",
    "settings": {
      "fd_thres": 0.2,
      "testing": false
    },
    "software": "mriqc",
    "version": "21.0.0rc2",
    "webapi_port": null,
    "webapi_url": "https://mriqc.nimh.nih.gov/api/v1"
  },
  "size_t": 104,
  "size_x": 64,
  "size_y": 64,
  "size_z": 53,
  "snr": 2.4680695873740532,
  "spacing_tr": 3.0,
  "spacing_x": 3.0,
  "spacing_y": 3.000000238418579,
  "spacing_z": 3.000000238418579,
  "summary_bg_k": 30.40681703480113,
  "summary_bg_mad": 20.913246060423127,
  "summary_bg_mean": 92.19364929199219,
  "summary_bg_median": 42.63461685180664,
  "summary_bg_n": 122035.0,
  "summary_bg_p05": 27.06730842590332,
  "summary_bg_p95": 319.5923156738279,
  "summary_bg_stdv": 121.16921997070312,
  "summary_fg_k": 5.066440479690719,
  "summary_fg_mad": 194.0070833493453,
  "summary_fg_mean": 638.5902099609375,
  "summary_fg_median": 592.2163696289062,
  "summary_fg_n": 47430.0,
  "summary_fg_p05": 353.72019958496094,
  "summary_fg_p95": 1083.0971557617186,
  "summary_fg_stdv": 239.94871520996094,
  "tsnr": 34.041495188954286
}