{
  "aor": 0.0018420588235294117,
  "aqi": 0.003173844509803921,
  "bids_meta": {
    "BandwidthPerPixelPhaseEncode": 31.25,
    "EchoTime": 0.025,
    "EffectiveEchoSpacing": 0.0005,
    "FlipAngle": 75,
    "ImageType": [
      "ORIGINAL",
      "PRIMARY",
      "M",
      "ND",
      "MOSAIC"
    ],
    "MagneticFieldStrength": 3,
    "Manufacturer": "Siemens",
    "ManufacturersModelName": "TrioTim",
    "Modality": "MR",
    "PhaseEncodingDirection": "j-",
    "PixelBandwidth": 3005,
    "RepetitionTime": 3,
    "ScanningSequence": "EP",
    "SequenceVariant": "SK",
    "SliceThickness": 3,
    "SliceTiming": [
      0,
      1.5225,
      0.055,
      1.58,
      0.1125,
      1.6375,
      0.17,
      1.6925,
      0.225,
      1.75,
      0.2825,
      1.805,
      0.3375,
      1.8625,
      0.395,
      1.92,
      0.45,
      1.975,
      0.5075,
      2.0325,
      0.565,
      2.0875,
      0.62,
      2.145,
      0.6775,
      2.2,
      0.7325,
      2.2575,
      0.79,
      2.315,
      0.8475,
      2.37,
      0.9025,
      2.4275,
      0.96,
      2.4825,
      1.015,
      2.54,
      1.0725,
      2.595,
      1.1275,
      2.6525,
      1.185,
      2.71,
      1.2425,
      2.765,
      1.2975,
      2.8225,
      1.355,
      2.8775,
      1.41,
      2.935,
      1.4675
    ],
    "SpacingBetweenSlices": 3,
    "TaskName": "risk choice task",
    "TotalReadoutTime": 0.0315,
    "dataset": "ds002843",
    "modality": "bold",
    "run_id": 2,
    "session_id": "scan2",
    "subject_id": "dmp0775",
    "task_id": "risk"
  },
  "dummy_trs": 2,
  "dvars_nstd": 21.639813583069305,
  "dvars_std": 1.2126656194059402,
  "dvars_vstd": 1.0107484517821785,
  "efc": 0.5222227699024679,
  "fber": 476.37677001953125,
  "fd_mean": 0.08691659443504818,
  "fd_num": 5,
  "fd_perc": 4.901960784313726,
  "fwhm_avg": 2.6123911111111107,
  "fwhm_x": 2.488583333333333,
  "fwhm_y": 2.5389133333333334,
  "fwhm_z": 2.8096766666666664,
  "gcor": 0.0302399,
  "gsr_x": -0.008283106610178947,
  "gsr_y": 0.047365423291921616,
  "provenance": {
    "md5sum": "d0a4ba9e52725475f17bbea5edfb0b72",
    "settings": {
      "fd_thres": 0.2,
      "testing": false
    },
    "software": "mriqc",
    "version": "21.0.0rc2",
    "webapi_port": null,
    "webapi_url": "https://mriqc.nimh.nih.gov/api/v1"
  },
  "size_t": 102,
  "size_x": 64,
  "size_y": 64,
  "size_z": 53,
  "snr": 3.3145413295947295,
  "spacing_tr": 3.0,
  "spacing_x": 3.0,
  "spacing_y": 3.0,
  "spacing_z": 3.0,
  "summary_bg_k": 34.1624106508971,
  "summary_bg_mad": 7.238589963611411,
  "summary_bg_mean": 57.20967483520508,
  "summary_bg_median": 29.50980567932129,
  "summary_bg_n": 147003.0,
  "summary_bg_p05": 24.186275482177734,
  "summary_bg_p95": 190.14608459472652,
  "summary_bg_stdv": 76.75685119628906,
  "summary_fg_k": 3.628928374843185,
  "summary_fg_mad": 154.99007221014094,
  "summary_fg_mean": 682.5299682617188,
  "summary_fg_median": 648.0147705078125,
  "summary_fg_n": 31744.0,
  "summary_fg_p05": 433.5407150268555,
  "summary_fg_p95": 1055.240704345703,
  "summary_fg_stdv": 195.5035400390625,
  "tsnr": 83.127129543107
}