{
  "aor": 0.000979245283018868,
  "aqi": 0.0030052315723270435,
  "bids_meta": {
    "BandwidthPerPixelPhaseEncode": 31.25,
    "EchoTime": 0.025,
    "EffectiveEchoSpacing": 0.0005,
    "FlipAngle": 75,
    "ImageType": [
      "ORIGINAL",
      "PRIMARY",
      "M",
      "ND",
      "MOSAIC"
    ],
    "MagneticFieldStrength": 3,
    "Manufacturer": "Siemens",
    "ManufacturersModelName": "TrioTim",
    "Modality": "MR",
    "PhaseEncodingDirection": "j-",
    "PixelBandwidth": 3005,
    "RepetitionTime": 3,
    "ScanningSequence": "EP",
    "SequenceVariant": "SK",
    "SliceThickness": 3,
    "SliceTiming": [
      0,
      1.5225,
      0.055,
      1.58,
      0.1125,
      1.635,
      0.1675,
      1.6925,
      0.225,
      1.75,
      0.2825,
      1.805,
      0.3375,
      1.8625,
      0.395,
      1.9175,
      0.45,
      1.975,
      0.5075,
      2.03,
      0.5625,
      2.0875,
      0.62,
      2.145,
      0.6775,
      2.2,
      0.7325,
      2.2575,
      0.79,
      2.3125,
      0.845,
      2.37,
      0.9025,
      2.425,
      0.9575,
      2.4825,
      1.015,
      2.54,
      1.0725,
      2.595,
      1.1275,
      2.6525,
      1.185,
      2.7075,
      1.24,
      2.765,
      1.2975,
      2.8225,
      1.355,
      2.8775,
      1.41,
      2.935,
      1.4675
    ],
    "SpacingBetweenSlices": 3,
    "TaskName": "rest",
    "TotalReadoutTime": 0.0315,
    "dataset": "ds002843",
    "modality": "bold",
    "session_id": "scan2",
    "subject_id": "dmp0775",
    "task_id": "rest"
  },
  "dummy_trs": 1,
  "dvars_nstd": 20.639604622911392,
  "dvars_std": 1.2307155313291138,
  "dvars_vstd": 1.0035105935443043,
  "efc": 0.5210091322461122,
  "fber": 482.53509521484375,
  "fd_mean": 0.04563801594647808,
  "fd_num": 1,
  "fd_perc": 0.6289308176100629,
  "fwhm_avg": 2.56851,
  "fwhm_x": 2.46934,
  "fwhm_y": 2.485723333333333,
  "fwhm_z": 2.7504666666666666,
  "gcor": 0.0345939,
  "gsr_x": -0.007892402820289135,
  "gsr_y": 0.045984502881765366,
  "provenance": {
    "md5sum": "971ce4b51668b2af8a08c2f1450cf600",
    "settings": {
      "fd_thres": 0.2,
      "testing": false
    },
    "software": "mriqc",
    "version": "21.0.0rc2",
    "webapi_port": null,
    "webapi_url": "https://mriqc.nimh.nih.gov/api/v1"
  },
  "size_t": 159,
  "size_x": 64,
  "size_y": 64,
  "size_z": 53,
  "snr": 3.3632950710661316,
  "spacing_tr": 3.0,
  "spacing_x": 3.0,
  "spacing_y": 3.0,
  "spacing_z": 3.0,
  "summary_bg_k": 35.68247140462373,
  "summary_bg_mad": 7.086652985084175,
  "summary_bg_mean": 56.21611785888672,
  "summary_bg_median": 29.264150619506836,
  "summary_bg_n": 147110.0,
  "summary_bg_p05": 24.05031394958496,
  "summary_bg_p95": 185.8880455017087,
  "summary_bg_stdv": 74.74214935302734,
  "summary_fg_k": 3.2208994780312556,
  "summary_fg_mad": 153.80830684926607,
  "summary_fg_mean": 680.8309936523438,
  "summary_fg_median": 647.20751953125,
  "summary_fg_n": 31685.0,
  "summary_fg_p05": 433.90061645507814,
  "summary_fg_p95": 1045.1798095703125,
  "summary_fg_stdv": 192.42953491210938,
  "tsnr": 91.75008925935254
}