{
  "aor": 0.0028963461538461543,
  "aqi": 0.002535205673076923,
  "bids_meta": {
    "BandwidthPerPixelPhaseEncode": 31.25,
    "EchoTime": 0.025,
    "EffectiveEchoSpacing": 0.0005,
    "FlipAngle": 75,
    "ImageType": [
      "ORIGINAL",
      "PRIMARY",
      "M",
      "ND",
      "MOSAIC"
    ],
    "MagneticFieldStrength": 3,
    "Manufacturer": "Siemens",
    "ManufacturersModelName": "TrioTim",
    "Modality": "MR",
    "PhaseEncodingDirection": "j-",
    "PixelBandwidth": 3005,
    "RepetitionTime": 3,
    "ScanningSequence": "EP",
    "SequenceVariant": "SK",
    "SliceThickness": 3,
    "SliceTiming": [
      0,
      1.5225,
      0.055,
      1.58,
      0.1125,
      1.6375,
      0.17,
      1.6925,
      0.225,
      1.75,
      0.2825,
      1.805,
      0.3375,
      1.8625,
      0.395,
      1.92,
      0.45,
      1.975,
      0.5075,
      2.0325,
      0.565,
      2.0875,
      0.62,
      2.145,
      0.6775,
      2.2,
      0.7325,
      2.2575,
      0.79,
      2.315,
      0.8475,
      2.37,
      0.9025,
      2.4275,
      0.96,
      2.4825,
      1.015,
      2.54,
      1.0725,
      2.595,
      1.1275,
      2.6525,
      1.185,
      2.71,
      1.2425,
      2.765,
      1.2975,
      2.8225,
      1.355,
      2.8775,
      1.41,
      2.935,
      1.4675
    ],
    "SpacingBetweenSlices": 3,
    "TaskName": "intertemporal choice task",
    "TotalReadoutTime": 0.0315,
    "dataset": "ds002843",
    "modality": "bold",
    "run_id": 4,
    "session_id": "scan2",
    "subject_id": "dmp0775",
    "task_id": "itc"
  },
  "dummy_trs": 0,
  "dvars_nstd": 20.061175966990287,
  "dvars_std": 1.1760298804854374,
  "dvars_vstd": 1.0078148591262133,
  "efc": 0.522782277287628,
  "fber": 474.5171813964844,
  "fd_mean": 0.06949104308737904,
  "fd_num": 3,
  "fd_perc": 2.8846153846153846,
  "fwhm_avg": 2.6054122222222222,
  "fwhm_x": 2.4929466666666666,
  "fwhm_y": 2.543343333333333,
  "fwhm_z": 2.779946666666667,
  "gcor": 0.0609121,
  "gsr_x": -0.007809286005795002,
  "gsr_y": 0.047928329557180405,
  "provenance": {
    "md5sum": "0eca27b26aade90298a77b5ab8a51c0d",
    "settings": {
      "fd_thres": 0.2,
      "testing": false
    },
    "software": "mriqc",
    "version": "21.0.0rc2",
    "webapi_port": null,
    "webapi_url": "https://mriqc.nimh.nih.gov/api/v1"
  },
  "size_t": 104,
  "size_x": 64,
  "size_y": 64,
  "size_z": 53,
  "snr": 3.296892618110385,
  "spacing_tr": 3.0,
  "spacing_x": 3.0,
  "spacing_y": 3.0,
  "spacing_z": 3.0,
  "summary_bg_k": 33.00993960641676,
  "summary_bg_mad": 7.355990540591008,
  "summary_bg_mean": 57.76052474975586,
  "summary_bg_median": 29.682693481445312,
  "summary_bg_n": 146916.0,
  "summary_bg_p05": 24.240385055541992,
  "summary_bg_p95": 193.75,
  "summary_bg_stdv": 77.05404663085938,
  "summary_fg_k": 3.688596783095819,
  "summary_fg_mad": 156.45733622820484,
  "summary_fg_mean": 685.9068603515625,
  "summary_fg_median": 650.298095703125,
  "summary_fg_n": 31802.0,
  "summary_fg_p05": 436.3413558959961,
  "summary_fg_p95": 1063.1389953613277,
  "summary_fg_stdv": 197.24266052246094,
  "tsnr": 88.8346714549698
}