{
  "aor": 0.002329230769230769,
  "aqi": 0.0018447945192307696,
  "bids_meta": {
    "BandwidthPerPixelPhaseEncode": 31.25,
    "EchoTime": 0.025,
    "EffectiveEchoSpacing": 0.0005,
    "FlipAngle": 75,
    "ImageType": [
      "ORIGINAL",
      "PRIMARY",
      "M",
      "ND",
      "MOSAIC"
    ],
    "MagneticFieldStrength": 3,
    "Manufacturer": "Siemens",
    "ManufacturersModelName": "TrioTim",
    "Modality": "MR",
    "PhaseEncodingDirection": "j-",
    "PixelBandwidth": 3005,
    "RepetitionTime": 3,
    "ScanningSequence": "EP",
    "SequenceVariant": "SK",
    "SliceThickness": 3,
    "SliceTiming": [
      0,
      1.5225,
      0.055,
      1.58,
      0.1125,
      1.6375,
      0.17,
      1.6925,
      0.225,
      1.75,
      0.2825,
      1.805,
      0.3375,
      1.8625,
      0.395,
      1.92,
      0.45,
      1.975,
      0.5075,
      2.0325,
      0.565,
      2.0875,
      0.62,
      2.145,
      0.6775,
      2.2,
      0.7325,
      2.2575,
      0.79,
      2.315,
      0.8475,
      2.37,
      0.9025,
      2.4275,
      0.96,
      2.4825,
      1.015,
      2.54,
      1.0725,
      2.595,
      1.1275,
      2.6525,
      1.185,
      2.71,
      1.2425,
      2.765,
      1.2975,
      2.8225,
      1.355,
      2.8775,
      1.41,
      2.935,
      1.4675
    ],
    "SpacingBetweenSlices": 3,
    "TaskName": "intertemporal choice task",
    "TotalReadoutTime": 0.0315,
    "dataset": "ds002843",
    "modality": "bold",
    "run_id": 2,
    "session_id": "scan1",
    "subject_id": "dmp0188",
    "task_id": "itc"
  },
  "dummy_trs": 0,
  "dvars_nstd": 18.749372778058255,
  "dvars_std": 1.1494341436893198,
  "dvars_vstd": 1.0080637078640777,
  "efc": 0.5975846749687559,
  "fber": 265.8700256347656,
  "fd_mean": 0.061889790468908266,
  "fd_num": 5,
  "fd_perc": 4.8076923076923075,
  "fwhm_avg": 2.4970555555555554,
  "fwhm_x": 2.35126,
  "fwhm_y": 2.38869,
  "fwhm_z": 2.7512166666666666,
  "gcor": 0.0479586,
  "gsr_x": -0.0006091631948947906,
  "gsr_y": 0.06791022419929504,
  "provenance": {
    "md5sum": "6b671069718777bcdf427eb6f177f1bd",
    "settings": {
      "fd_thres": 0.2,
      "testing": false
    },
    "software": "mriqc",
    "version": "21.0.0rc2",
    "webapi_port": null,
    "webapi_url": "https://mriqc.nimh.nih.gov/api/v1"
  },
  "size_t": 104,
  "size_x": 64,
  "size_y": 64,
  "size_z": 53,
  "snr": 3.025820738271871,
  "spacing_tr": 3.0,
  "spacing_x": 3.0,
  "spacing_y": 3.0,
  "spacing_z": 3.0,
  "summary_bg_k": 17.77646538164113,
  "summary_bg_mad": 18.361457591991076,
  "summary_bg_mean": 81.06758117675781,
  "summary_bg_median": 39.82692337036133,
  "summary_bg_n": 128251.0,
  "summary_bg_p05": 26.615385055541992,
  "summary_bg_p95": 276.75,
  "summary_bg_stdv": 95.80712127685547,
  "summary_fg_k": 2.2366754708377634,
  "summary_fg_mad": 201.9047408549447,
  "summary_fg_mean": 702.3143920898438,
  "summary_fg_median": 663.423095703125,
  "summary_fg_n": 44427.0,
  "summary_fg_p05": 421.48943481445315,
  "summary_fg_p95": 1103.6202148437499,
  "summary_fg_stdv": 219.25146484375,
  "tsnr": 86.76806435594335
}