{
  "aor": 0.0017330000000000002,
  "aqi": 0.0045259071875,
  "bids_meta": {
    "BandwidthPerPixelPhaseEncode": 31.25,
    "EchoTime": 0.025,
    "EffectiveEchoSpacing": 0.0005,
    "FlipAngle": 75,
    "ImageType": [
      "ORIGINAL",
      "PRIMARY",
      "M",
      "ND",
      "MOSAIC"
    ],
    "MagneticFieldStrength": 3,
    "Manufacturer": "Siemens",
    "ManufacturersModelName": "TrioTim",
    "Modality": "MR",
    "PhaseEncodingDirection": "j-",
    "PixelBandwidth": 3005,
    "RepetitionTime": 3,
    "ScanningSequence": "EP",
    "SequenceVariant": "SK",
    "SliceThickness": 3,
    "SliceTiming": [
      0,
      1.5225,
      0.055,
      1.58,
      0.1125,
      1.635,
      0.1675,
      1.6925,
      0.225,
      1.75,
      0.2825,
      1.805,
      0.3375,
      1.8625,
      0.395,
      1.9175,
      0.45,
      1.975,
      0.5075,
      2.03,
      0.5625,
      2.0875,
      0.62,
      2.145,
      0.6775,
      2.2,
      0.7325,
      2.2575,
      0.79,
      2.3125,
      0.845,
      2.37,
      0.9025,
      2.425,
      0.9575,
      2.4825,
      1.015,
      2.54,
      1.0725,
      2.595,
      1.1275,
      2.6525,
      1.185,
      2.7075,
      1.24,
      2.765,
      1.2975,
      2.8225,
      1.355,
      2.8775,
      1.41,
      2.935,
      1.4675
    ],
    "SpacingBetweenSlices": 3,
    "TaskName": "rest",
    "TotalReadoutTime": 0.0315,
    "dataset": "ds002843",
    "modality": "bold",
    "session_id": "scan2",
    "subject_id": "dmp0701",
    "task_id": "rest"
  },
  "dummy_trs": 0,
  "dvars_nstd": 24.413223638301883,
  "dvars_std": 1.114619785597484,
  "dvars_vstd": 0.9594234513207542,
  "efc": 0.6135980739741054,
  "fber": 216.34848022460938,
  "fd_mean": 0.0915194538152834,
  "fd_num": 15,
  "fd_perc": 9.375,
  "fwhm_avg": 2.729456666666666,
  "fwhm_x": 2.4213633333333333,
  "fwhm_y": 2.6961866666666663,
  "fwhm_z": 3.07082,
  "gcor": 0.0580096,
  "gsr_x": -0.0035912017337977886,
  "gsr_y": 0.06513656675815582,
  "provenance": {
    "md5sum": "b4335b15462889a3653bc4c730fd6c11",
    "settings": {
      "fd_thres": 0.2,
      "testing": false
    },
    "software": "mriqc",
    "version": "21.0.0rc2",
    "webapi_port": null,
    "webapi_url": "https://mriqc.nimh.nih.gov/api/v1"
  },
  "size_t": 160,
  "size_x": 64,
  "size_y": 64,
  "size_z": 53,
  "snr": 2.589734645467164,
  "spacing_tr": 3.0,
  "spacing_x": 3.0,
  "spacing_y": 3.0,
  "spacing_z": 3.0,
  "summary_bg_k": 17.828818771242265,
  "summary_bg_mad": 22.50775719195962,
  "summary_bg_mean": 89.5587158203125,
  "summary_bg_median": 44.525001525878906,
  "summary_bg_n": 118703.0,
  "summary_bg_p05": 28.11250114440918,
  "summary_bg_p95": 305.8937683105469,
  "summary_bg_stdv": 111.00005340576172,
  "summary_fg_k": 1.5501779529342876,
  "summary_fg_mad": 225.27676492090757,
  "summary_fg_mean": 737.7001342773438,
  "summary_fg_median": 684.0750122070312,
  "summary_fg_n": 50766.0,
  "summary_fg_p05": 406.62501525878906,
  "summary_fg_p95": 1254.7609558105469,
  "summary_fg_stdv": 264.1460876464844,
  "tsnr": 58.36595259071328
}