{
  "aor": 0.009686153846153844,
  "aqi": 0.00492182201923077,
  "bids_meta": {
    "BandwidthPerPixelPhaseEncode": 31.25,
    "EchoTime": 0.025,
    "EffectiveEchoSpacing": 0.0005,
    "FlipAngle": 75,
    "ImageType": [
      "ORIGINAL",
      "PRIMARY",
      "M",
      "ND",
      "MOSAIC"
    ],
    "MagneticFieldStrength": 3,
    "Manufacturer": "Siemens",
    "ManufacturersModelName": "TrioTim",
    "Modality": "MR",
    "PhaseEncodingDirection": "j-",
    "PixelBandwidth": 3005,
    "RepetitionTime": 3,
    "ScanningSequence": "EP",
    "SequenceVariant": "SK",
    "SliceThickness": 3,
    "SliceTiming": [
      0,
      1.5225,
      0.055,
      1.58,
      0.1125,
      1.6375,
      0.17,
      1.6925,
      0.225,
      1.75,
      0.2825,
      1.805,
      0.3375,
      1.8625,
      0.395,
      1.92,
      0.45,
      1.975,
      0.5075,
      2.0325,
      0.565,
      2.0875,
      0.62,
      2.145,
      0.6775,
      2.2,
      0.7325,
      2.2575,
      0.79,
      2.315,
      0.8475,
      2.37,
      0.9025,
      2.4275,
      0.96,
      2.4825,
      1.015,
      2.54,
      1.0725,
      2.595,
      1.1275,
      2.6525,
      1.185,
      2.71,
      1.2425,
      2.765,
      1.2975,
      2.8225,
      1.355,
      2.8775,
      1.41,
      2.935,
      1.4675
    ],
    "SpacingBetweenSlices": 3,
    "TaskName": "risk choice task",
    "TotalReadoutTime": 0.0315,
    "dataset": "ds002843",
    "modality": "bold",
    "run_id": 4,
    "session_id": "scan2",
    "subject_id": "dmp0301",
    "task_id": "risk"
  },
  "dummy_trs": 0,
  "dvars_nstd": 24.285619161844657,
  "dvars_std": 1.1560667113592231,
  "dvars_vstd": 1.0201681897087376,
  "efc": 0.5453746746476797,
  "fber": 409.4854736328125,
  "fd_mean": 0.20379729831330393,
  "fd_num": 33,
  "fd_perc": 31.73076923076923,
  "fwhm_avg": 2.4984366666666666,
  "fwhm_x": 2.39575,
  "fwhm_y": 2.4954733333333334,
  "fwhm_z": 2.604086666666667,
  "gcor": 0.0138669,
  "gsr_x": 0.002647718647494912,
  "gsr_y": 0.06416963040828705,
  "provenance": {
    "md5sum": "51acf56d31af874bddea129e8029be90",
    "settings": {
      "fd_thres": 0.2,
      "testing": false
    },
    "software": "mriqc",
    "version": "21.0.0rc2",
    "webapi_port": null,
    "webapi_url": "https://mriqc.nimh.nih.gov/api/v1"
  },
  "size_t": 104,
  "size_x": 64,
  "size_y": 64,
  "size_z": 53,
  "snr": 2.8916006557106715,
  "spacing_tr": 3.0,
  "spacing_x": 3.0,
  "spacing_y": 3.0,
  "spacing_z": 3.0,
  "summary_bg_k": 32.262928546640474,
  "summary_bg_mad": 7.527057852080643,
  "summary_bg_mean": 54.03462600708008,
  "summary_bg_median": 28.605770111083984,
  "summary_bg_n": 136184.0,
  "summary_bg_p05": 21.451923370361328,
  "summary_bg_p95": 184.82933578491168,
  "summary_bg_stdv": 72.11480712890625,
  "summary_fg_k": 3.3274552068143484,
  "summary_fg_mad": 167.655240572794,
  "summary_fg_mean": 628.857421875,
  "summary_fg_median": 585.3269653320312,
  "summary_fg_n": 39544.0,
  "summary_fg_p05": 393.34376220703126,
  "summary_fg_p95": 1023.4981079101561,
  "summary_fg_stdv": 202.4206085205078,
  "tsnr": 59.319514114642516
}