{
  "aor": 0.0025334375,
  "aqi": 0.0040809514375,
  "bids_meta": {
    "BandwidthPerPixelPhaseEncode": 31.25,
    "EchoTime": 0.025,
    "EffectiveEchoSpacing": 0.0005,
    "FlipAngle": 75,
    "ImageType": [
      "ORIGINAL",
      "PRIMARY",
      "M",
      "ND",
      "MOSAIC"
    ],
    "MagneticFieldStrength": 3,
    "Manufacturer": "Siemens",
    "ManufacturersModelName": "TrioTim",
    "Modality": "MR",
    "PhaseEncodingDirection": "j-",
    "PixelBandwidth": 3005,
    "RepetitionTime": 3,
    "ScanningSequence": "EP",
    "SequenceVariant": "SK",
    "SliceThickness": 3,
    "SliceTiming": [
      0,
      1.5225,
      0.055,
      1.58,
      0.1125,
      1.635,
      0.1675,
      1.6925,
      0.225,
      1.75,
      0.2825,
      1.805,
      0.3375,
      1.8625,
      0.395,
      1.9175,
      0.45,
      1.975,
      0.5075,
      2.03,
      0.5625,
      2.0875,
      0.62,
      2.145,
      0.6775,
      2.2,
      0.7325,
      2.2575,
      0.79,
      2.3125,
      0.845,
      2.37,
      0.9025,
      2.425,
      0.9575,
      2.4825,
      1.015,
      2.54,
      1.0725,
      2.595,
      1.1275,
      2.6525,
      1.185,
      2.7075,
      1.24,
      2.765,
      1.2975,
      2.8225,
      1.355,
      2.8775,
      1.41,
      2.935,
      1.4675
    ],
    "SpacingBetweenSlices": 3,
    "TaskName": "rest",
    "TotalReadoutTime": 0.0315,
    "dataset": "ds002843",
    "modality": "bold",
    "session_id": "scan1",
    "subject_id": "dmp0679",
    "task_id": "rest"
  },
  "dummy_trs": 0,
  "dvars_nstd": 20.96149280245284,
  "dvars_std": 1.1694204614465404,
  "dvars_vstd": 0.9798368152201256,
  "efc": 0.5952827675176687,
  "fber": 290.8117980957031,
  "fd_mean": 0.0446422517526996,
  "fd_num": 5,
  "fd_perc": 3.125,
  "fwhm_avg": 2.6545488888888884,
  "fwhm_x": 2.5315499999999997,
  "fwhm_y": 2.575083333333333,
  "fwhm_z": 2.857013333333333,
  "gcor": 0.0692847,
  "gsr_x": -0.01338230725377798,
  "gsr_y": 0.10665448755025864,
  "provenance": {
    "md5sum": "6a22bf6fb8718cfb1c57fbb71d873fbb",
    "settings": {
      "fd_thres": 0.2,
      "testing": false
    },
    "software": "mriqc",
    "version": "21.0.0rc2",
    "webapi_port": null,
    "webapi_url": "https://mriqc.nimh.nih.gov/api/v1"
  },
  "size_t": 160,
  "size_x": 64,
  "size_y": 64,
  "size_z": 53,
  "snr": 3.0028984157665968,
  "spacing_tr": 3.0,
  "spacing_x": 3.0,
  "spacing_y": 3.0,
  "spacing_z": 3.0,
  "summary_bg_k": 16.90323657379417,
  "summary_bg_mad": 16.03063648759182,
  "summary_bg_mean": 95.3502197265625,
  "summary_bg_median": 39.91875076293945,
  "summary_bg_n": 130528.0,
  "summary_bg_p05": 28.381250381469727,
  "summary_bg_p95": 356.02312927246027,
  "summary_bg_stdv": 129.03170776367188,
  "summary_fg_k": 1.9819447420828906,
  "summary_fg_mad": 206.36901684662897,
  "summary_fg_mean": 753.5595703125,
  "summary_fg_median": 715.4594116210938,
  "summary_fg_n": 40100.0,
  "summary_fg_p05": 438.8121871948242,
  "summary_fg_p95": 1202.263818359375,
  "summary_fg_stdv": 238.25331115722656,
  "tsnr": 74.84175479295664
}