{
  "aor": 0.0033940384615384614,
  "aqi": 0.0031845825961538464,
  "bids_meta": {
    "BandwidthPerPixelPhaseEncode": 31.25,
    "EchoTime": 0.025,
    "EffectiveEchoSpacing": 0.0005,
    "FlipAngle": 75,
    "ImageType": [
      "ORIGINAL",
      "PRIMARY",
      "M",
      "ND",
      "MOSAIC"
    ],
    "MagneticFieldStrength": 3,
    "Manufacturer": "Siemens",
    "ManufacturersModelName": "TrioTim",
    "Modality": "MR",
    "PhaseEncodingDirection": "j-",
    "PixelBandwidth": 3005,
    "RepetitionTime": 3,
    "ScanningSequence": "EP",
    "SequenceVariant": "SK",
    "SliceThickness": 3,
    "SliceTiming": [
      0,
      1.5225,
      0.055,
      1.58,
      0.1125,
      1.6375,
      0.17,
      1.6925,
      0.225,
      1.75,
      0.2825,
      1.805,
      0.3375,
      1.8625,
      0.395,
      1.92,
      0.45,
      1.975,
      0.5075,
      2.0325,
      0.565,
      2.0875,
      0.62,
      2.145,
      0.6775,
      2.2,
      0.7325,
      2.2575,
      0.79,
      2.315,
      0.8475,
      2.37,
      0.9025,
      2.4275,
      0.96,
      2.4825,
      1.015,
      2.54,
      1.0725,
      2.595,
      1.1275,
      2.6525,
      1.185,
      2.71,
      1.2425,
      2.765,
      1.2975,
      2.8225,
      1.355,
      2.8775,
      1.41,
      2.935,
      1.4675
    ],
    "SpacingBetweenSlices": 3,
    "TaskName": "risk choice task",
    "TotalReadoutTime": 0.0315,
    "dataset": "ds002843",
    "modality": "bold",
    "run_id": 4,
    "session_id": "scan1",
    "subject_id": "dmp0679",
    "task_id": "risk"
  },
  "dummy_trs": 0,
  "dvars_nstd": 21.801453988446596,
  "dvars_std": 1.1807549820388348,
  "dvars_vstd": 1.0016291194174753,
  "efc": 0.5993026410943052,
  "fber": 277.05645751953125,
  "fd_mean": 0.05793237072235318,
  "fd_num": 5,
  "fd_perc": 4.8076923076923075,
  "fwhm_avg": 2.6452888888888886,
  "fwhm_x": 2.527816666666667,
  "fwhm_y": 2.5832533333333334,
  "fwhm_z": 2.8247966666666664,
  "gcor": 0.0419961,
  "gsr_x": -0.013504746370017529,
  "gsr_y": 0.10897888988256454,
  "provenance": {
    "md5sum": "8ac70baeac39a6cff9e013c38e6aaff3",
    "settings": {
      "fd_thres": 0.2,
      "testing": false
    },
    "software": "mriqc",
    "version": "21.0.0rc2",
    "webapi_port": null,
    "webapi_url": "https://mriqc.nimh.nih.gov/api/v1"
  },
  "size_t": 104,
  "size_x": 64,
  "size_y": 64,
  "size_z": 53,
  "snr": 2.9984448974146947,
  "spacing_tr": 3.0,
  "spacing_x": 3.0,
  "spacing_y": 3.0,
  "spacing_z": 3.0,
  "summary_bg_k": 15.241860241075909,
  "summary_bg_mad": 16.93587875326179,
  "summary_bg_mean": 98.74146270751953,
  "summary_bg_median": 40.88461685180664,
  "summary_bg_n": 129968.0,
  "summary_bg_p05": 28.557693481445312,
  "summary_bg_p95": 375.2115478515625,
  "summary_bg_stdv": 133.8593292236328,
  "summary_fg_k": 1.8739968813226984,
  "summary_fg_mad": 206.7945048612416,
  "summary_fg_mean": 755.0499877929688,
  "summary_fg_median": 717.59619140625,
  "summary_fg_n": 40173.0,
  "summary_fg_p05": 436.59423828125,
  "summary_fg_p95": 1208.3904052734376,
  "summary_fg_stdv": 239.31980895996094,
  "tsnr": 76.44008238986135
}