{
  "aor": 0.014198173076923077,
  "aqi": 0.00730161346153846,
  "bids_meta": {
    "BandwidthPerPixelPhaseEncode": 31.25,
    "EchoTime": 0.025,
    "EffectiveEchoSpacing": 0.0005,
    "FlipAngle": 75,
    "ImageType": [
      "ORIGINAL",
      "PRIMARY",
      "M",
      "ND",
      "MOSAIC"
    ],
    "MagneticFieldStrength": 3,
    "Manufacturer": "Siemens",
    "ManufacturersModelName": "TrioTim",
    "Modality": "MR",
    "PhaseEncodingDirection": "j-",
    "PixelBandwidth": 3005,
    "RepetitionTime": 3,
    "ScanningSequence": "EP",
    "SequenceVariant": "SK",
    "SliceThickness": 3,
    "SliceTiming": [
      0,
      1.5225,
      0.055,
      1.58,
      0.1125,
      1.6375,
      0.17,
      1.6925,
      0.225,
      1.75,
      0.2825,
      1.805,
      0.3375,
      1.8625,
      0.395,
      1.92,
      0.45,
      1.975,
      0.5075,
      2.0325,
      0.565,
      2.0875,
      0.62,
      2.145,
      0.6775,
      2.2,
      0.7325,
      2.2575,
      0.79,
      2.315,
      0.8475,
      2.37,
      0.9025,
      2.4275,
      0.96,
      2.4825,
      1.015,
      2.54,
      1.0725,
      2.595,
      1.1275,
      2.6525,
      1.185,
      2.71,
      1.2425,
      2.765,
      1.2975,
      2.8225,
      1.355,
      2.8775,
      1.41,
      2.935,
      1.4675
    ],
    "SpacingBetweenSlices": 3,
    "TaskName": "intertemporal choice task",
    "TotalReadoutTime": 0.0315,
    "dataset": "ds002843",
    "modality": "bold",
    "run_id": 2,
    "session_id": "scan2",
    "subject_id": "dmp0060",
    "task_id": "itc"
  },
  "dummy_trs": 0,
  "dvars_nstd": 31.65089501689321,
  "dvars_std": 1.3478471320388348,
  "dvars_vstd": 1.0645819200000004,
  "efc": 0.5744954115122264,
  "fber": 385.9615173339844,
  "fd_mean": 0.17202761878327347,
  "fd_num": 22,
  "fd_perc": 21.153846153846153,
  "fwhm_avg": 2.729244444444445,
  "fwhm_x": 2.6408733333333334,
  "fwhm_y": 2.6393166666666668,
  "fwhm_z": 2.9075433333333334,
  "gcor": 0.0558656,
  "gsr_x": 0.009622730314731598,
  "gsr_y": 0.08920010924339294,
  "provenance": {
    "md5sum": "a0556f504c17a7112966ed0235cd8888",
    "settings": {
      "fd_thres": 0.2,
      "testing": false
    },
    "software": "mriqc",
    "version": "21.0.0rc2",
    "webapi_port": null,
    "webapi_url": "https://mriqc.nimh.nih.gov/api/v1"
  },
  "size_t": 104,
  "size_x": 64,
  "size_y": 64,
  "size_z": 53,
  "snr": 2.7721758765557705,
  "spacing_tr": 3.0,
  "spacing_x": 3.0,
  "spacing_y": 3.0,
  "spacing_z": 3.0,
  "summary_bg_k": 13.26944436442393,
  "summary_bg_mad": 12.901493722002764,
  "summary_bg_mean": 86.6314697265625,
  "summary_bg_median": 36.84615707397461,
  "summary_bg_n": 132077.0,
  "summary_bg_p05": 27.557693481445312,
  "summary_bg_p95": 341.1346130371094,
  "summary_bg_stdv": 118.75382995605469,
  "summary_fg_k": 2.7039589586248676,
  "summary_fg_mad": 224.6997499644683,
  "summary_fg_mean": 790.0479125976562,
  "summary_fg_median": 737.9615478515625,
  "summary_fg_n": 42321.0,
  "summary_fg_p05": 458.3942565917969,
  "summary_fg_p95": 1298.75,
  "summary_fg_stdv": 266.1998596191406,
  "tsnr": 56.51523664756678
}