{
  "aor": 0.011703921568627453,
  "aqi": 0.00732327774509804,
  "bids_meta": {
    "BandwidthPerPixelPhaseEncode": 31.25,
    "EchoTime": 0.025,
    "EffectiveEchoSpacing": 0.0005,
    "FlipAngle": 75,
    "ImageType": [
      "ORIGINAL",
      "PRIMARY",
      "M",
      "ND",
      "MOSAIC"
    ],
    "MagneticFieldStrength": 3,
    "Manufacturer": "Siemens",
    "ManufacturersModelName": "TrioTim",
    "Modality": "MR",
    "PhaseEncodingDirection": "j-",
    "PixelBandwidth": 3005,
    "RepetitionTime": 3,
    "ScanningSequence": "EP",
    "SequenceVariant": "SK",
    "SliceThickness": 3,
    "SliceTiming": [
      0,
      1.5225,
      0.055,
      1.58,
      0.1125,
      1.6375,
      0.17,
      1.6925,
      0.225,
      1.75,
      0.2825,
      1.805,
      0.3375,
      1.8625,
      0.395,
      1.92,
      0.45,
      1.975,
      0.5075,
      2.0325,
      0.565,
      2.0875,
      0.62,
      2.145,
      0.6775,
      2.2,
      0.7325,
      2.2575,
      0.79,
      2.315,
      0.8475,
      2.37,
      0.9025,
      2.4275,
      0.96,
      2.4825,
      1.015,
      2.54,
      1.0725,
      2.595,
      1.1275,
      2.6525,
      1.185,
      2.71,
      1.2425,
      2.765,
      1.2975,
      2.8225,
      1.355,
      2.8775,
      1.41,
      2.935,
      1.4675
    ],
    "SpacingBetweenSlices": 3,
    "TaskName": "intertemporal choice task",
    "TotalReadoutTime": 0.0315,
    "dataset": "ds002843",
    "modality": "bold",
    "run_id": 1,
    "session_id": "scan2",
    "subject_id": "dmp0060",
    "task_id": "itc"
  },
  "dummy_trs": 2,
  "dvars_nstd": 32.06341852970297,
  "dvars_std": 1.2364349318811882,
  "dvars_vstd": 1.0233604575247521,
  "efc": 0.5727131836970623,
  "fber": 389.0082702636719,
  "fd_mean": 0.22258777648240174,
  "fd_num": 23,
  "fd_perc": 22.54901960784314,
  "fwhm_avg": 2.7807444444444442,
  "fwhm_x": 2.6947466666666666,
  "fwhm_y": 2.7088433333333337,
  "fwhm_z": 2.9386433333333333,
  "gcor": 0.0387291,
  "gsr_x": 0.008542184717953205,
  "gsr_y": 0.0872134193778038,
  "provenance": {
    "md5sum": "023b9ad0b0db78ba154d0c4f5a59e3b3",
    "settings": {
      "fd_thres": 0.2,
      "testing": false
    },
    "software": "mriqc",
    "version": "21.0.0rc2",
    "webapi_port": null,
    "webapi_url": "https://mriqc.nimh.nih.gov/api/v1"
  },
  "size_t": 102,
  "size_x": 64,
  "size_y": 64,
  "size_z": 53,
  "snr": 2.7484411309958996,
  "spacing_tr": 3.0,
  "spacing_x": 3.0,
  "spacing_y": 3.0,
  "spacing_z": 3.0,
  "summary_bg_k": 13.748091008854246,
  "summary_bg_mad": 13.081785445336205,
  "summary_bg_mean": 86.57133483886719,
  "summary_bg_median": 36.87255096435547,
  "summary_bg_n": 132289.0,
  "summary_bg_p05": 27.22549057006836,
  "summary_bg_p95": 341.2509948730468,
  "summary_bg_stdv": 118.49115753173828,
  "summary_fg_k": 2.836771298790125,
  "summary_fg_mad": 226.16230845791293,
  "summary_fg_mean": 793.65478515625,
  "summary_fg_median": 740.0147705078125,
  "summary_fg_n": 42342.0,
  "summary_fg_p05": 460.6774642944336,
  "summary_fg_p95": 1310.185791015625,
  "summary_fg_stdv": 269.2457275390625,
  "tsnr": 49.05017604120076
}