{
  "aor": 0.0020875625,
  "aqi": 0.00691785575,
  "bids_meta": {
    "BandwidthPerPixelPhaseEncode": 31.25,
    "EchoTime": 0.025,
    "EffectiveEchoSpacing": 0.0005,
    "FlipAngle": 75,
    "ImageType": [
      "ORIGINAL",
      "PRIMARY",
      "M",
      "ND",
      "MOSAIC"
    ],
    "MagneticFieldStrength": 3,
    "Manufacturer": "Siemens",
    "ManufacturersModelName": "TrioTim",
    "Modality": "MR",
    "PhaseEncodingDirection": "j-",
    "PixelBandwidth": 3005,
    "RepetitionTime": 3,
    "ScanningSequence": "EP",
    "SequenceVariant": "SK",
    "SliceThickness": 3,
    "SliceTiming": [
      0,
      1.5225,
      0.055,
      1.58,
      0.1125,
      1.635,
      0.1675,
      1.6925,
      0.225,
      1.75,
      0.2825,
      1.805,
      0.3375,
      1.8625,
      0.395,
      1.9175,
      0.45,
      1.975,
      0.5075,
      2.03,
      0.5625,
      2.0875,
      0.62,
      2.145,
      0.6775,
      2.2,
      0.7325,
      2.2575,
      0.79,
      2.3125,
      0.845,
      2.37,
      0.9025,
      2.425,
      0.9575,
      2.4825,
      1.015,
      2.54,
      1.0725,
      2.595,
      1.1275,
      2.6525,
      1.185,
      2.7075,
      1.24,
      2.765,
      1.2975,
      2.8225,
      1.355,
      2.8775,
      1.41,
      2.935,
      1.4675
    ],
    "SpacingBetweenSlices": 3,
    "TaskName": "rest",
    "TotalReadoutTime": 0.0315,
    "dataset": "ds002843",
    "modality": "bold",
    "session_id": "scan2",
    "subject_id": "dmp1165",
    "task_id": "rest"
  },
  "dummy_trs": 0,
  "dvars_nstd": 26.96279486163521,
  "dvars_std": 1.1304942411320755,
  "dvars_vstd": 0.977756453584905,
  "efc": 0.6127616912401269,
  "fber": 159.44395446777344,
  "fd_mean": 0.1928089666557556,
  "fd_num": 56,
  "fd_perc": 35.0,
  "fwhm_avg": 2.6889744444444443,
  "fwhm_x": 2.53623,
  "fwhm_y": 2.53639,
  "fwhm_z": 2.9943033333333333,
  "gcor": 0.0322327,
  "gsr_x": 0.04231239855289459,
  "gsr_y": 0.06987296789884567,
  "provenance": {
    "md5sum": "708d84abe251815c63e8062f44e5d949",
    "settings": {
      "fd_thres": 0.2,
      "testing": false
    },
    "software": "mriqc",
    "version": "21.0.0rc2",
    "webapi_port": null,
    "webapi_url": "https://mriqc.nimh.nih.gov/api/v1"
  },
  "size_t": 160,
  "size_x": 64,
  "size_y": 64,
  "size_z": 53,
  "snr": 2.639655897228176,
  "spacing_tr": 3.0,
  "spacing_x": 3.0,
  "spacing_y": 3.0,
  "spacing_z": 3.0,
  "summary_bg_k": 19.369354830807517,
  "summary_bg_mad": 31.319971865930842,
  "summary_bg_mean": 98.39960479736328,
  "summary_bg_median": 49.84375,
  "summary_bg_n": 128814.0,
  "summary_bg_p05": 26.600000381469727,
  "summary_bg_p95": 322.51907043457015,
  "summary_bg_stdv": 121.21131134033203,
  "summary_fg_k": 4.276503872657522,
  "summary_fg_mad": 186.77546118180476,
  "summary_fg_mean": 691.1410522460938,
  "summary_fg_median": 635.421875,
  "summary_fg_n": 45092.0,
  "summary_fg_p05": 416.2496841430664,
  "summary_fg_p95": 1146.8800109863278,
  "summary_fg_stdv": 240.71881103515625,
  "tsnr": 56.49353158194572
}