{
  "aor": 0.008927692307692307,
  "aqi": 0.010468496730769232,
  "bids_meta": {
    "BandwidthPerPixelPhaseEncode": 31.25,
    "EchoTime": 0.025,
    "EffectiveEchoSpacing": 0.0005,
    "FlipAngle": 75,
    "ImageType": [
      "ORIGINAL",
      "PRIMARY",
      "M",
      "ND",
      "MOSAIC"
    ],
    "MagneticFieldStrength": 3,
    "Manufacturer": "Siemens",
    "ManufacturersModelName": "TrioTim",
    "Modality": "MR",
    "PhaseEncodingDirection": "j-",
    "PixelBandwidth": 3005,
    "RepetitionTime": 3,
    "ScanningSequence": "EP",
    "SequenceVariant": "SK",
    "SliceThickness": 3,
    "SliceTiming": [
      0,
      1.5225,
      0.055,
      1.58,
      0.1125,
      1.6375,
      0.17,
      1.6925,
      0.225,
      1.75,
      0.2825,
      1.805,
      0.3375,
      1.8625,
      0.395,
      1.92,
      0.45,
      1.975,
      0.5075,
      2.0325,
      0.565,
      2.0875,
      0.62,
      2.145,
      0.6775,
      2.2,
      0.7325,
      2.2575,
      0.79,
      2.315,
      0.8475,
      2.37,
      0.9025,
      2.4275,
      0.96,
      2.4825,
      1.015,
      2.54,
      1.0725,
      2.595,
      1.1275,
      2.6525,
      1.185,
      2.71,
      1.2425,
      2.765,
      1.2975,
      2.8225,
      1.355,
      2.8775,
      1.41,
      2.935,
      1.4675
    ],
    "SpacingBetweenSlices": 3,
    "TaskName": "risk choice task",
    "TotalReadoutTime": 0.0315,
    "dataset": "ds002843",
    "modality": "bold",
    "run_id": 1,
    "session_id": "scan1",
    "subject_id": "dmp0259",
    "task_id": "risk"
  },
  "dummy_trs": 0,
  "dvars_nstd": 35.876825850970874,
  "dvars_std": 1.174128758737864,
  "dvars_vstd": 1.0115590042718443,
  "efc": 0.6082114774951163,
  "fber": 230.51524353027344,
  "fd_mean": 0.2772318989558198,
  "fd_num": 44,
  "fd_perc": 42.30769230769231,
  "fwhm_avg": 2.5420322222222222,
  "fwhm_x": 2.2594333333333334,
  "fwhm_y": 2.5226566666666668,
  "fwhm_z": 2.8440066666666666,
  "gcor": 0.0351757,
  "gsr_x": -0.010032681748270988,
  "gsr_y": 0.08064176142215729,
  "provenance": {
    "md5sum": "6ec11f71efe61cd22e59b79971146562",
    "settings": {
      "fd_thres": 0.2,
      "testing": false
    },
    "software": "mriqc",
    "version": "21.0.0rc2",
    "webapi_port": null,
    "webapi_url": "https://mriqc.nimh.nih.gov/api/v1"
  },
  "size_t": 104,
  "size_x": 64,
  "size_y": 64,
  "size_z": 53,
  "snr": 2.9509972926833083,
  "spacing_tr": 3.0,
  "spacing_x": 3.0,
  "spacing_y": 3.0,
  "spacing_z": 3.0,
  "summary_bg_k": 28.031121451623637,
  "summary_bg_mad": 17.02141523684592,
  "summary_bg_mean": 84.13528442382812,
  "summary_bg_median": 37.7884635925293,
  "summary_bg_n": 128776.0,
  "summary_bg_p05": 24.26923179626465,
  "summary_bg_p95": 302.9399185180664,
  "summary_bg_stdv": 113.35000610351562,
  "summary_fg_k": 2.7659115479671286,
  "summary_fg_mad": 161.17595939918994,
  "summary_fg_mean": 638.7267456054688,
  "summary_fg_median": 595.894287109375,
  "summary_fg_n": 42900.0,
  "summary_fg_p05": 389.6899185180664,
  "summary_fg_p95": 1029.3674011230466,
  "summary_fg_stdv": 201.9274444580078,
  "tsnr": 44.462190692313015
}