{
  "aor": 0.005066412213740459,
  "aqi": 0.003708782824427481,
  "bids_meta": {
    "BandwidthPerPixelPhaseEncode": 31.25,
    "EchoTime": 0.025,
    "EffectiveEchoSpacing": 0.0005,
    "FlipAngle": 75,
    "ImageType": [
      "ORIGINAL",
      "PRIMARY",
      "M",
      "ND",
      "MOSAIC"
    ],
    "MagneticFieldStrength": 3,
    "Manufacturer": "Siemens",
    "ManufacturersModelName": "TrioTim",
    "Modality": "MR",
    "PhaseEncodingDirection": "j-",
    "PixelBandwidth": 3005,
    "RepetitionTime": 3,
    "ScanningSequence": "EP",
    "SequenceVariant": "SK",
    "SliceThickness": 3,
    "SliceTiming": [
      0,
      1.5225,
      0.055,
      1.58,
      0.1125,
      1.6375,
      0.17,
      1.6925,
      0.225,
      1.75,
      0.2825,
      1.805,
      0.3375,
      1.8625,
      0.395,
      1.92,
      0.45,
      1.975,
      0.5075,
      2.0325,
      0.565,
      2.0875,
      0.62,
      2.145,
      0.6775,
      2.2,
      0.7325,
      2.2575,
      0.79,
      2.315,
      0.8475,
      2.37,
      0.9025,
      2.4275,
      0.96,
      2.4825,
      1.015,
      2.54,
      1.0725,
      2.595,
      1.1275,
      2.6525,
      1.185,
      2.71,
      1.2425,
      2.765,
      1.2975,
      2.8225,
      1.355,
      2.8775,
      1.41,
      2.935,
      1.4675
    ],
    "SpacingBetweenSlices": 3,
    "TaskName": "intertemporal choice task",
    "TotalReadoutTime": 0.0315,
    "dataset": "ds002843",
    "modality": "bold",
    "run_id": 3,
    "session_id": "scan2",
    "subject_id": "dmp0010",
    "task_id": "itc"
  },
  "dummy_trs": 0,
  "dvars_nstd": 22.705187673000008,
  "dvars_std": 1.1870483037692314,
  "dvars_vstd": 0.997929096615385,
  "efc": 0.5465321526190834,
  "fber": 450.6278381347656,
  "fd_mean": 0.12475249276695333,
  "fd_num": 16,
  "fd_perc": 12.213740458015268,
  "fwhm_avg": 2.392442222222222,
  "fwhm_x": 2.29603,
  "fwhm_y": 2.26254,
  "fwhm_z": 2.6187566666666666,
  "gcor": 0.023094,
  "gsr_x": -0.0018490685615688562,
  "gsr_y": 0.052935950458049774,
  "provenance": {
    "md5sum": "21d45e81c3f6686005024cf5cc728816",
    "settings": {
      "fd_thres": 0.2,
      "testing": false
    },
    "software": "mriqc",
    "version": "21.0.0rc2",
    "webapi_port": null,
    "webapi_url": "https://mriqc.nimh.nih.gov/api/v1"
  },
  "size_t": 131,
  "size_x": 64,
  "size_y": 64,
  "size_z": 53,
  "snr": 2.957165362340635,
  "spacing_tr": 3.0,
  "spacing_x": 3.0,
  "spacing_y": 3.0,
  "spacing_z": 3.0,
  "summary_bg_k": 55.63341882110288,
  "summary_bg_mad": 7.786492314308196,
  "summary_bg_mean": 62.090118408203125,
  "summary_bg_median": 30.954198837280273,
  "summary_bg_n": 135675.0,
  "summary_bg_p05": 25.229007720947266,
  "summary_bg_p95": 218.95877532958966,
  "summary_bg_stdv": 86.33154296875,
  "summary_fg_k": 3.6304896713621684,
  "summary_fg_mad": 192.9193606127125,
  "summary_fg_mean": 712.5132446289062,
  "summary_fg_median": 667.5801391601562,
  "summary_fg_n": 39078.0,
  "summary_fg_p05": 438.1950485229492,
  "summary_fg_p95": 1130.154626464844,
  "summary_fg_stdv": 225.74713134765625,
  "tsnr": 74.31617120443843
}