{
  "aor": 0.002055480769230769,
  "aqi": 0.003846006346153846,
  "bids_meta": {
    "BandwidthPerPixelPhaseEncode": 31.25,
    "EchoTime": 0.025,
    "EffectiveEchoSpacing": 0.0005,
    "FlipAngle": 75,
    "ImageType": [
      "ORIGINAL",
      "PRIMARY",
      "M",
      "ND",
      "MOSAIC"
    ],
    "MagneticFieldStrength": 3,
    "Manufacturer": "Siemens",
    "ManufacturersModelName": "TrioTim",
    "Modality": "MR",
    "PhaseEncodingDirection": "j-",
    "PixelBandwidth": 3005,
    "RepetitionTime": 3,
    "ScanningSequence": "EP",
    "SequenceVariant": "SK",
    "SliceThickness": 3,
    "SliceTiming": [
      0,
      1.5225,
      0.055,
      1.58,
      0.1125,
      1.6375,
      0.17,
      1.6925,
      0.225,
      1.75,
      0.2825,
      1.805,
      0.3375,
      1.8625,
      0.395,
      1.92,
      0.45,
      1.975,
      0.5075,
      2.0325,
      0.565,
      2.0875,
      0.62,
      2.145,
      0.6775,
      2.2,
      0.7325,
      2.2575,
      0.79,
      2.315,
      0.8475,
      2.37,
      0.9025,
      2.4275,
      0.96,
      2.4825,
      1.015,
      2.54,
      1.0725,
      2.595,
      1.1275,
      2.6525,
      1.185,
      2.71,
      1.2425,
      2.765,
      1.2975,
      2.8225,
      1.355,
      2.8775,
      1.41,
      2.935,
      1.4675
    ],
    "SpacingBetweenSlices": 3,
    "TaskName": "risk choice task",
    "TotalReadoutTime": 0.0315,
    "dataset": "ds002843",
    "modality": "bold",
    "run_id": 4,
    "session_id": "scan1",
    "subject_id": "dmp0171",
    "task_id": "risk"
  },
  "dummy_trs": 0,
  "dvars_nstd": 23.955664644077665,
  "dvars_std": 1.1490492159223296,
  "dvars_vstd": 0.973849720097087,
  "efc": 0.5751155986480978,
  "fber": 369.0271911621094,
  "fd_mean": 0.15859772224731675,
  "fd_num": 27,
  "fd_perc": 25.96153846153846,
  "fwhm_avg": 2.817965555555556,
  "fwhm_x": 2.5834233333333336,
  "fwhm_y": 2.698586666666667,
  "fwhm_z": 3.171886666666667,
  "gcor": 0.013556,
  "gsr_x": -0.01584465801715851,
  "gsr_y": 0.07394610345363617,
  "provenance": {
    "md5sum": "38cedf839f58e16dd22b9f14f46c333b",
    "settings": {
      "fd_thres": 0.2,
      "testing": false
    },
    "software": "mriqc",
    "version": "21.0.0rc2",
    "webapi_port": null,
    "webapi_url": "https://mriqc.nimh.nih.gov/api/v1"
  },
  "size_t": 104,
  "size_x": 64,
  "size_y": 64,
  "size_z": 53,
  "snr": 2.582790488976193,
  "spacing_tr": 3.0,
  "spacing_x": 3.0,
  "spacing_y": 3.0,
  "spacing_z": 3.0,
  "summary_bg_k": 16.43379043350831,
  "summary_bg_mad": 10.834399739910431,
  "summary_bg_mean": 75.79380798339844,
  "summary_bg_median": 34.528846740722656,
  "summary_bg_n": 128123.0,
  "summary_bg_p05": 26.08654022216797,
  "summary_bg_p95": 283.2932861328122,
  "summary_bg_stdv": 101.3499755859375,
  "summary_fg_k": 2.476798504350758,
  "summary_fg_mad": 220.10227142971516,
  "summary_fg_mean": 743.9102783203125,
  "summary_fg_median": 690.7307739257812,
  "summary_fg_n": 42964.0,
  "summary_fg_p05": 409.923095703125,
  "summary_fg_p95": 1266.0558166503902,
  "summary_fg_stdv": 267.4327392578125,
  "tsnr": 67.7957564778626
}