{
  "aor": 0.002809807692307692,
  "aqi": 0.004719278365384615,
  "bids_meta": {
    "BandwidthPerPixelPhaseEncode": 31.25,
    "EchoTime": 0.025,
    "EffectiveEchoSpacing": 0.0005,
    "FlipAngle": 75,
    "ImageType": [
      "ORIGINAL",
      "PRIMARY",
      "M",
      "ND",
      "MOSAIC"
    ],
    "MagneticFieldStrength": 3,
    "Manufacturer": "Siemens",
    "ManufacturersModelName": "TrioTim",
    "Modality": "MR",
    "PhaseEncodingDirection": "j-",
    "PixelBandwidth": 3005,
    "RepetitionTime": 3,
    "ScanningSequence": "EP",
    "SequenceVariant": "SK",
    "SliceThickness": 3,
    "SliceTiming": [
      0,
      1.5225,
      0.055,
      1.58,
      0.1125,
      1.6375,
      0.17,
      1.6925,
      0.225,
      1.75,
      0.2825,
      1.805,
      0.3375,
      1.8625,
      0.395,
      1.92,
      0.45,
      1.975,
      0.5075,
      2.0325,
      0.565,
      2.0875,
      0.62,
      2.145,
      0.6775,
      2.2,
      0.7325,
      2.2575,
      0.79,
      2.315,
      0.8475,
      2.37,
      0.9025,
      2.4275,
      0.96,
      2.4825,
      1.015,
      2.54,
      1.0725,
      2.595,
      1.1275,
      2.6525,
      1.185,
      2.71,
      1.2425,
      2.765,
      1.2975,
      2.8225,
      1.355,
      2.8775,
      1.41,
      2.935,
      1.4675
    ],
    "SpacingBetweenSlices": 3,
    "TaskName": "intertemporal choice task",
    "TotalReadoutTime": 0.0315,
    "dataset": "ds002843",
    "modality": "bold",
    "run_id": 4,
    "session_id": "scan1",
    "subject_id": "dmp0171",
    "task_id": "itc"
  },
  "dummy_trs": 0,
  "dvars_nstd": 24.72719261067961,
  "dvars_std": 1.1177680766990288,
  "dvars_vstd": 0.9479177976699027,
  "efc": 0.5745472643420682,
  "fber": 366.55987548828125,
  "fd_mean": 0.13757024072330273,
  "fd_num": 19,
  "fd_perc": 18.26923076923077,
  "fwhm_avg": 2.79189,
  "fwhm_x": 2.5718533333333333,
  "fwhm_y": 2.6664866666666667,
  "fwhm_z": 3.13733,
  "gcor": 0.00630127,
  "gsr_x": -0.018439309671521187,
  "gsr_y": 0.07411579042673111,
  "provenance": {
    "md5sum": "1b57cf630aa307c258f8fc4c2360fa9f",
    "settings": {
      "fd_thres": 0.2,
      "testing": false
    },
    "software": "mriqc",
    "version": "21.0.0rc2",
    "webapi_port": null,
    "webapi_url": "https://mriqc.nimh.nih.gov/api/v1"
  },
  "size_t": 104,
  "size_x": 64,
  "size_y": 64,
  "size_z": 53,
  "snr": 2.580688436662032,
  "spacing_tr": 3.0,
  "spacing_x": 3.0,
  "spacing_y": 3.0,
  "spacing_z": 3.0,
  "summary_bg_k": 16.2432993427547,
  "summary_bg_mad": 11.13377460461558,
  "summary_bg_mean": 75.82649230957031,
  "summary_bg_median": 34.56731033325195,
  "summary_bg_n": 128528.0,
  "summary_bg_p05": 25.548078536987305,
  "summary_bg_p95": 284.6759796142577,
  "summary_bg_stdv": 101.45779418945312,
  "summary_fg_k": 2.648190493943911,
  "summary_fg_mad": 217.57897909805504,
  "summary_fg_mean": 740.5590209960938,
  "summary_fg_median": 688.0433349609375,
  "summary_fg_n": 43016.0,
  "summary_fg_p05": 407.8052978515625,
  "summary_fg_p95": 1256.6587219238281,
  "summary_fg_stdv": 266.6092224121094,
  "tsnr": 64.38215581630357
}