{
  "aor": 0.001639620253164557,
  "aqi": 0.004579619556962025,
  "bids_meta": {
    "BandwidthPerPixelPhaseEncode": 31.25,
    "EchoTime": 0.025,
    "EffectiveEchoSpacing": 0.0005,
    "FlipAngle": 75,
    "ImageType": [
      "ORIGINAL",
      "PRIMARY",
      "M",
      "ND",
      "MOSAIC"
    ],
    "MagneticFieldStrength": 3,
    "Manufacturer": "Siemens",
    "ManufacturersModelName": "TrioTim",
    "Modality": "MR",
    "PhaseEncodingDirection": "j-",
    "PixelBandwidth": 3005,
    "RepetitionTime": 3,
    "ScanningSequence": "EP",
    "SequenceVariant": "SK",
    "SliceThickness": 3,
    "SliceTiming": [
      0,
      1.5225,
      0.055,
      1.58,
      0.1125,
      1.635,
      0.1675,
      1.6925,
      0.225,
      1.75,
      0.2825,
      1.805,
      0.3375,
      1.8625,
      0.395,
      1.9175,
      0.45,
      1.975,
      0.5075,
      2.03,
      0.5625,
      2.0875,
      0.62,
      2.145,
      0.6775,
      2.2,
      0.7325,
      2.2575,
      0.79,
      2.3125,
      0.845,
      2.37,
      0.9025,
      2.425,
      0.9575,
      2.4825,
      1.015,
      2.54,
      1.0725,
      2.595,
      1.1275,
      2.6525,
      1.185,
      2.7075,
      1.24,
      2.765,
      1.2975,
      2.8225,
      1.355,
      2.8775,
      1.41,
      2.935,
      1.4675
    ],
    "SpacingBetweenSlices": 3,
    "TaskName": "rest",
    "TotalReadoutTime": 0.0315,
    "dataset": "ds002843",
    "modality": "bold",
    "session_id": "scan1",
    "subject_id": "dmp0171",
    "task_id": "rest"
  },
  "dummy_trs": 2,
  "dvars_nstd": 20.695017407515927,
  "dvars_std": 1.1508075124203827,
  "dvars_vstd": 0.9778910384713376,
  "efc": 0.5700050673174608,
  "fber": 374.40655517578125,
  "fd_mean": 0.08452269559720865,
  "fd_num": 8,
  "fd_perc": 5.063291139240507,
  "fwhm_avg": 2.834688888888889,
  "fwhm_x": 2.6234266666666666,
  "fwhm_y": 2.68167,
  "fwhm_z": 3.1989699999999996,
  "gcor": 0.0110864,
  "gsr_x": -0.020301032811403275,
  "gsr_y": 0.07724011689424515,
  "provenance": {
    "md5sum": "30535b8a7bb3fd399e9a5323919b858e",
    "settings": {
      "fd_thres": 0.2,
      "testing": false
    },
    "software": "mriqc",
    "version": "21.0.0rc2",
    "webapi_port": null,
    "webapi_url": "https://mriqc.nimh.nih.gov/api/v1"
  },
  "size_t": 158,
  "size_x": 64,
  "size_y": 64,
  "size_z": 53,
  "snr": 2.4992643534176464,
  "spacing_tr": 3.0,
  "spacing_x": 3.0,
  "spacing_y": 3.0,
  "spacing_z": 3.0,
  "summary_bg_k": 18.096847865857477,
  "summary_bg_mad": 10.518968403577714,
  "summary_bg_mean": 73.55377197265625,
  "summary_bg_median": 34.02531814575195,
  "summary_bg_n": 128987.0,
  "summary_bg_p05": 25.822786331176758,
  "summary_bg_p95": 273.13100891113277,
  "summary_bg_stdv": 98.51164245605469,
  "summary_fg_k": 3.069289830699528,
  "summary_fg_mad": 219.96938560464952,
  "summary_fg_mean": 739.5388793945312,
  "summary_fg_median": 683.1329345703125,
  "summary_fg_n": 42832.0,
  "summary_fg_p05": 405.8072937011719,
  "summary_fg_p95": 1272.792749023437,
  "summary_fg_stdv": 273.3304138183594,
  "tsnr": 72.2475362138357
}