{
  "aor": 0.0009714375000000001,
  "aqi": 0.002117860875,
  "bids_meta": {
    "BandwidthPerPixelPhaseEncode": 31.25,
    "EchoTime": 0.025,
    "EffectiveEchoSpacing": 0.0005,
    "FlipAngle": 75,
    "ImageType": [
      "ORIGINAL",
      "PRIMARY",
      "M",
      "ND",
      "MOSAIC"
    ],
    "MagneticFieldStrength": 3,
    "Manufacturer": "Siemens",
    "ManufacturersModelName": "TrioTim",
    "Modality": "MR",
    "PhaseEncodingDirection": "j-",
    "PixelBandwidth": 3005,
    "RepetitionTime": 3,
    "ScanningSequence": "EP",
    "SequenceVariant": "SK",
    "SliceThickness": 3,
    "SliceTiming": [
      0,
      1.5225,
      0.055,
      1.58,
      0.1125,
      1.635,
      0.1675,
      1.6925,
      0.225,
      1.75,
      0.2825,
      1.805,
      0.3375,
      1.8625,
      0.395,
      1.9175,
      0.45,
      1.975,
      0.5075,
      2.03,
      0.5625,
      2.0875,
      0.62,
      2.145,
      0.6775,
      2.2,
      0.7325,
      2.2575,
      0.79,
      2.3125,
      0.845,
      2.37,
      0.9025,
      2.425,
      0.9575,
      2.4825,
      1.015,
      2.54,
      1.0725,
      2.595,
      1.1275,
      2.6525,
      1.185,
      2.7075,
      1.24,
      2.765,
      1.2975,
      2.8225,
      1.355,
      2.8775,
      1.41,
      2.935,
      1.4675
    ],
    "SpacingBetweenSlices": 3,
    "TaskName": "rest",
    "TotalReadoutTime": 0.0315,
    "dataset": "ds002843",
    "modality": "bold",
    "session_id": "scan1",
    "subject_id": "dmp0558",
    "task_id": "rest"
  },
  "dummy_trs": 0,
  "dvars_nstd": 20.26500324037736,
  "dvars_std": 1.1715753348427673,
  "dvars_vstd": 1.0000215092452833,
  "efc": 0.5471217653478853,
  "fber": 466.7415771484375,
  "fd_mean": 0.07950182509254222,
  "fd_num": 3,
  "fd_perc": 1.875,
  "fwhm_avg": 2.3125367330843485,
  "fwhm_x": 2.184696666666667,
  "fwhm_y": 2.24573,
  "fwhm_z": 2.5071835325863785,
  "gcor": 0.0140332,
  "gsr_x": -0.00761011429131031,
  "gsr_y": 0.05308722332119942,
  "provenance": {
    "md5sum": "e9f0ace6b70e1c26fbeaaf07973d82db",
    "settings": {
      "fd_thres": 0.2,
      "testing": false
    },
    "software": "mriqc",
    "version": "21.0.0rc2",
    "webapi_port": null,
    "webapi_url": "https://mriqc.nimh.nih.gov/api/v1"
  },
  "size_t": 160,
  "size_x": 64,
  "size_y": 64,
  "size_z": 53,
  "snr": 3.3813128715929635,
  "spacing_tr": 3.0,
  "spacing_x": 3.0,
  "spacing_y": 3.0,
  "spacing_z": 2.999999761581421,
  "summary_bg_k": 26.79285066097122,
  "summary_bg_mad": 6.671709983275209,
  "summary_bg_mean": 55.08032989501953,
  "summary_bg_median": 29.3125,
  "summary_bg_n": 137308.0,
  "summary_bg_p05": 24.462499618530273,
  "summary_bg_p95": 183.97875518798813,
  "summary_bg_stdv": 68.66578674316406,
  "summary_fg_k": 2.927060468571212,
  "summary_fg_mad": 168.8127770064225,
  "summary_fg_mean": 672.6681518554688,
  "summary_fg_median": 638.9187622070312,
  "summary_fg_n": 38716.0,
  "summary_fg_p05": 429.38438415527344,
  "summary_fg_p95": 1019.4468841552734,
  "summary_fg_stdv": 188.95338439941406,
  "tsnr": 94.16956306085922
}