{
  "aor": 0.0025216346153846153,
  "aqi": 0.002829859807692308,
  "bids_meta": {
    "BandwidthPerPixelPhaseEncode": 31.25,
    "EchoTime": 0.025,
    "EffectiveEchoSpacing": 0.0005,
    "FlipAngle": 75,
    "ImageType": [
      "ORIGINAL",
      "PRIMARY",
      "M",
      "ND",
      "MOSAIC"
    ],
    "MagneticFieldStrength": 3,
    "Manufacturer": "Siemens",
    "ManufacturersModelName": "TrioTim",
    "Modality": "MR",
    "PhaseEncodingDirection": "j-",
    "PixelBandwidth": 3005,
    "RepetitionTime": 3,
    "ScanningSequence": "EP",
    "SequenceVariant": "SK",
    "SliceThickness": 3,
    "SliceTiming": [
      0,
      1.5225,
      0.055,
      1.58,
      0.1125,
      1.6375,
      0.17,
      1.6925,
      0.225,
      1.75,
      0.2825,
      1.805,
      0.3375,
      1.8625,
      0.395,
      1.92,
      0.45,
      1.975,
      0.5075,
      2.0325,
      0.565,
      2.0875,
      0.62,
      2.145,
      0.6775,
      2.2,
      0.7325,
      2.2575,
      0.79,
      2.315,
      0.8475,
      2.37,
      0.9025,
      2.4275,
      0.96,
      2.4825,
      1.015,
      2.54,
      1.0725,
      2.595,
      1.1275,
      2.6525,
      1.185,
      2.71,
      1.2425,
      2.765,
      1.2975,
      2.8225,
      1.355,
      2.8775,
      1.41,
      2.935,
      1.4675
    ],
    "SpacingBetweenSlices": 3,
    "TaskName": "intertemporal choice task",
    "TotalReadoutTime": 0.0315,
    "dataset": "ds002843",
    "modality": "bold",
    "run_id": 2,
    "session_id": "scan2",
    "subject_id": "dmp0558",
    "task_id": "itc"
  },
  "dummy_trs": 0,
  "dvars_nstd": 23.42978271893205,
  "dvars_std": 1.2026265871844661,
  "dvars_vstd": 1.0150193229126214,
  "efc": 0.5458058718642592,
  "fber": 455.1469421386719,
  "fd_mean": 0.13434633147871317,
  "fd_num": 16,
  "fd_perc": 15.384615384615385,
  "fwhm_avg": 2.494040135012037,
  "fwhm_x": 2.3855866666666667,
  "fwhm_y": 2.3703701883800976,
  "fwhm_z": 2.7261635499893466,
  "gcor": 0.0307235,
  "gsr_x": -0.006460028700530529,
  "gsr_y": 0.05586641654372215,
  "provenance": {
    "md5sum": "9bb2037f98afa343c1686f62700cede1",
    "settings": {
      "fd_thres": 0.2,
      "testing": false
    },
    "software": "mriqc",
    "version": "21.0.0rc2",
    "webapi_port": null,
    "webapi_url": "https://mriqc.nimh.nih.gov/api/v1"
  },
  "size_t": 104,
  "size_x": 64,
  "size_y": 64,
  "size_z": 53,
  "snr": 3.005057212732165,
  "spacing_tr": 3.0,
  "spacing_x": 3.0,
  "spacing_y": 2.999999761581421,
  "spacing_z": 2.999999761581421,
  "summary_bg_k": 24.22161916132696,
  "summary_bg_mad": 7.498547576112141,
  "summary_bg_mean": 59.56192398071289,
  "summary_bg_median": 30.500001907348633,
  "summary_bg_n": 137163.0,
  "summary_bg_p05": 25.03942337036133,
  "summary_bg_p95": 207.79711914062494,
  "summary_bg_stdv": 75.50387573242188,
  "summary_fg_k": 3.841378987998578,
  "summary_fg_mad": 177.86950929023743,
  "summary_fg_mean": 700.9905395507812,
  "summary_fg_median": 656.1923828125,
  "summary_fg_n": 38806.0,
  "summary_fg_p05": 435.6442565917969,
  "summary_fg_p95": 1117.9519348144531,
  "summary_fg_stdv": 218.35987854003906,
  "tsnr": 86.54149342188612
}