{
  "bids_meta": {
    "EchoTime": 0.00311,
    "FlipAngle": 15,
    "ImageType": [
      "ORIGINAL",
      "PRIMARY",
      "M",
      "ND",
      "NORM"
    ],
    "InversionTime": 1.1,
    "MagneticFieldStrength": 3,
    "Manufacturer": "Siemens",
    "ManufacturersModelName": "TrioTim",
    "Modality": "MR",
    "RepetitionTime": 1.63,
    "ScanningSequence": "GR_IR",
    "SequenceVariant": "SP_MP",
    "SliceThickness": 1,
    "dataset": "ds002843",
    "modality": "T1w",
    "session_id": "scan1",
    "subject_id": "dmp0106"
  },
  "cjv": 0.38020472184550325,
  "cnr": 3.3101502512367844,
  "efc": 0.5858603173016098,
  "fber": 11179.14453125,
  "fwhm_avg": 3.235221777777778,
  "fwhm_x": 3.0939626666666666,
  "fwhm_y": 3.5874026666666667,
  "fwhm_z": 3.0243,
  "icvs_csf": 0.16245295722668454,
  "icvs_gm": 0.43403105665927416,
  "icvs_wm": 0.4035159861140413,
  "inu_med": 1.0476921796798706,
  "inu_range": 0.20636377334594724,
  "provenance": {
    "md5sum": "476148b7f2b5b3b860fce5b76acac0fc",
    "settings": {
      "testing": false
    },
    "software": "mriqc",
    "version": "21.0.0rc2",
    "warnings": {
      "large_rot_frame": true,
      "small_air_mask": false
    },
    "webapi_port": null,
    "webapi_url": "https://mriqc.nimh.nih.gov/api/v1"
  },
  "qi_1": 9.558970518707025e-05,
  "qi_2": 0.010723310676241184,
  "rpve_csf": 19.26535604029421,
  "rpve_gm": 8.16705522768508,
  "rpve_wm": 10.345738749025212,
  "size_x": 192,
  "size_y": 256,
  "size_z": 160,
  "snr_csf": 1.2300987069081875,
  "snr_gm": 14.088123620318791,
  "snr_total": 15.28609873845317,
  "snr_wm": 30.540073888132532,
  "snrd_csf": 71.5726213689104,
  "snrd_gm": 146.23493338857747,
  "snrd_total": 134.77626566694804,
  "snrd_wm": 186.52124224335623,
  "spacing_x": 0.9375,
  "spacing_y": 0.9375,
  "spacing_z": 1.0,
  "summary_bg_k": 53.03637591371535,
  "summary_bg_mad": 3.5124602729447174,
  "summary_bg_mean": 8.274897575378418,
  "summary_bg_median": 4.680141448974609,
  "summary_bg_n": 2305773.0,
  "summary_bg_p05": 0.0,
  "summary_bg_p95": 25.636870193481435,
  "summary_bg_stdv": 9.410754203796387,
  "summary_csf_k": 34.62503658492464,
  "summary_csf_mad": 95.02164483544672,
  "summary_csf_mean": 466.0270690917969,
  "summary_csf_median": 383.73077392578125,
  "summary_csf_n": 16808.0,
  "summary_csf_p05": 272.43421783447263,
  "summary_csf_p95": 766.2537658691405,
  "summary_csf_stdv": 311.9419250488281,
  "summary_gm_k": 0.671511215657191,
  "summary_gm_mad": 51.87858990928336,
  "summary_gm_mean": 787.6854858398438,
  "summary_gm_median": 784.0266723632812,
  "summary_gm_n": 25685.0,
  "summary_gm_p05": 703.4804809570312,
  "summary_gm_p95": 886.3368896484375,
  "summary_gm_stdv": 55.65052032470703,
  "summary_wm_k": 0.9426604690561238,
  "summary_wm_mad": 30.242497218973675,
  "summary_wm_mean": 1002.1485595703125,
  "summary_wm_median": 1000.0184326171875,
  "summary_wm_n": 232244.0,
  "summary_wm_p05": 952.6514465332032,
  "summary_wm_p95": 1058.8967895507812,
  "summary_wm_stdv": 32.7443962097168,
  "tpm_overlap_csf": 0.17104268074035645,
  "tpm_overlap_gm": 0.44371336698532104,
  "tpm_overlap_wm": 0.4993589520454407,
  "wm2max": 0.4970910598679753
}