{
  "aor": 0.004210096153846154,
  "aqi": 0.0029097596153846153,
  "bids_meta": {
    "BandwidthPerPixelPhaseEncode": 31.25,
    "EchoTime": 0.025,
    "EffectiveEchoSpacing": 0.0005,
    "FlipAngle": 75,
    "ImageType": [
      "ORIGINAL",
      "PRIMARY",
      "M",
      "ND",
      "MOSAIC"
    ],
    "MagneticFieldStrength": 3,
    "Manufacturer": "Siemens",
    "ManufacturersModelName": "TrioTim",
    "Modality": "MR",
    "PhaseEncodingDirection": "j-",
    "PixelBandwidth": 3005,
    "RepetitionTime": 3,
    "ScanningSequence": "EP",
    "SequenceVariant": "SK",
    "SliceThickness": 3,
    "SliceTiming": [
      0,
      1.5225,
      0.055,
      1.58,
      0.1125,
      1.6375,
      0.17,
      1.6925,
      0.225,
      1.75,
      0.2825,
      1.805,
      0.3375,
      1.8625,
      0.395,
      1.92,
      0.45,
      1.975,
      0.5075,
      2.0325,
      0.565,
      2.0875,
      0.62,
      2.145,
      0.6775,
      2.2,
      0.7325,
      2.2575,
      0.79,
      2.315,
      0.8475,
      2.37,
      0.9025,
      2.4275,
      0.96,
      2.4825,
      1.015,
      2.54,
      1.0725,
      2.595,
      1.1275,
      2.6525,
      1.185,
      2.71,
      1.2425,
      2.765,
      1.2975,
      2.8225,
      1.355,
      2.8775,
      1.41,
      2.935,
      1.4675
    ],
    "SpacingBetweenSlices": 3,
    "TaskName": "risk choice task",
    "TotalReadoutTime": 0.0315,
    "dataset": "ds002843",
    "modality": "bold",
    "run_id": 4,
    "session_id": "scan2",
    "subject_id": "dmp0183",
    "task_id": "risk"
  },
  "dummy_trs": 0,
  "dvars_nstd": 26.46464373747573,
  "dvars_std": 1.199787727669903,
  "dvars_vstd": 1.037946847475728,
  "efc": 0.6027050139892478,
  "fber": 249.8994140625,
  "fd_mean": 0.17249801365427742,
  "fd_num": 27,
  "fd_perc": 25.96153846153846,
  "fwhm_avg": 2.500766666666667,
  "fwhm_x": 2.2957933333333336,
  "fwhm_y": 2.42922,
  "fwhm_z": 2.777286666666667,
  "gcor": 0.0200577,
  "gsr_x": -0.018661245703697205,
  "gsr_y": 0.08119125664234161,
  "provenance": {
    "md5sum": "0b109ed300d1624c8f439c4b0d50fadd",
    "settings": {
      "fd_thres": 0.2,
      "testing": false
    },
    "software": "mriqc",
    "version": "21.0.0rc2",
    "webapi_port": null,
    "webapi_url": "https://mriqc.nimh.nih.gov/api/v1"
  },
  "size_t": 104,
  "size_x": 64,
  "size_y": 64,
  "size_z": 53,
  "snr": 3.0111963956166954,
  "spacing_tr": 3.0,
  "spacing_x": 3.0,
  "spacing_y": 3.0,
  "spacing_z": 3.0,
  "summary_bg_k": 18.05347264614251,
  "summary_bg_mad": 14.070465937818968,
  "summary_bg_mean": 79.90013122558594,
  "summary_bg_median": 36.855770111083984,
  "summary_bg_n": 129152.0,
  "summary_bg_p05": 26.798078536987305,
  "summary_bg_p95": 284.7254867553711,
  "summary_bg_stdv": 101.70250701904297,
  "summary_fg_k": 2.0718655455963884,
  "summary_fg_mad": 175.34626220400634,
  "summary_fg_mean": 638.2273559570312,
  "summary_fg_median": 602.09619140625,
  "summary_fg_n": 43442.0,
  "summary_fg_p05": 375.88512420654297,
  "summary_fg_p95": 1009.1048706054687,
  "summary_fg_stdv": 199.95018005371094,
  "tsnr": 71.01445225498173
}