{
  "aor": 0.012451057692307692,
  "aqi": 0.007754083461538463,
  "bids_meta": {
    "BandwidthPerPixelPhaseEncode": 31.25,
    "EchoTime": 0.025,
    "EffectiveEchoSpacing": 0.0005,
    "FlipAngle": 75,
    "ImageType": [
      "ORIGINAL",
      "PRIMARY",
      "M",
      "ND",
      "MOSAIC"
    ],
    "MagneticFieldStrength": 3,
    "Manufacturer": "Siemens",
    "ManufacturersModelName": "TrioTim",
    "Modality": "MR",
    "PhaseEncodingDirection": "j-",
    "PixelBandwidth": 3005,
    "RepetitionTime": 3,
    "ScanningSequence": "EP",
    "SequenceVariant": "SK",
    "SliceThickness": 3,
    "SliceTiming": [
      0,
      1.5225,
      0.055,
      1.58,
      0.1125,
      1.6375,
      0.17,
      1.6925,
      0.225,
      1.75,
      0.2825,
      1.805,
      0.3375,
      1.8625,
      0.395,
      1.92,
      0.45,
      1.975,
      0.5075,
      2.0325,
      0.565,
      2.0875,
      0.62,
      2.145,
      0.6775,
      2.2,
      0.7325,
      2.2575,
      0.79,
      2.315,
      0.8475,
      2.37,
      0.9025,
      2.4275,
      0.96,
      2.4825,
      1.015,
      2.54,
      1.0725,
      2.595,
      1.1275,
      2.6525,
      1.185,
      2.71,
      1.2425,
      2.765,
      1.2975,
      2.8225,
      1.355,
      2.8775,
      1.41,
      2.935,
      1.4675
    ],
    "SpacingBetweenSlices": 3,
    "TaskName": "intertemporal choice task",
    "TotalReadoutTime": 0.0315,
    "dataset": "ds002843",
    "modality": "bold",
    "run_id": 4,
    "session_id": "scan1",
    "subject_id": "dmp0795",
    "task_id": "itc"
  },
  "dummy_trs": 0,
  "dvars_nstd": 34.23335545757283,
  "dvars_std": 1.3246823842718447,
  "dvars_vstd": 1.086812421650486,
  "efc": 0.6198959327670088,
  "fber": 232.72225952148438,
  "fd_mean": 0.18442579366411532,
  "fd_num": 29,
  "fd_perc": 27.884615384615383,
  "fwhm_avg": 2.6034377777777777,
  "fwhm_x": 2.2796499999999997,
  "fwhm_y": 2.5838266666666665,
  "fwhm_z": 2.9468366666666665,
  "gcor": 0.0393582,
  "gsr_x": -0.028341149911284447,
  "gsr_y": 0.06916243582963943,
  "provenance": {
    "md5sum": "d00f31f2564d44f451b886e3af83992b",
    "settings": {
      "fd_thres": 0.2,
      "testing": false
    },
    "software": "mriqc",
    "version": "21.0.0rc2",
    "webapi_port": null,
    "webapi_url": "https://mriqc.nimh.nih.gov/api/v1"
  },
  "size_t": 104,
  "size_x": 64,
  "size_y": 64,
  "size_z": 53,
  "snr": 2.8862250128998053,
  "spacing_tr": 3.0,
  "spacing_x": 3.0,
  "spacing_y": 3.0,
  "spacing_z": 3.0,
  "summary_bg_k": 20.958451914569125,
  "summary_bg_mad": 17.948038795572607,
  "summary_bg_mean": 96.3595199584961,
  "summary_bg_median": 40.67307662963867,
  "summary_bg_n": 121517.0,
  "summary_bg_p05": 27.64423179626465,
  "summary_bg_p95": 361.8403991699217,
  "summary_bg_stdv": 132.51644897460938,
  "summary_fg_k": 2.563489310095096,
  "summary_fg_mad": 190.5927501610525,
  "summary_fg_mean": 698.9505615234375,
  "summary_fg_median": 661.8557739257812,
  "summary_fg_n": 46534.0,
  "summary_fg_p05": 397.1557815551758,
  "summary_fg_p95": 1124.0611145019532,
  "summary_fg_stdv": 229.3129119873047,
  "tsnr": 58.37350736558437
}