{
  "aor": 0.000943,
  "aqi": 0.0047860853125,
  "bids_meta": {
    "BandwidthPerPixelPhaseEncode": 31.25,
    "EchoTime": 0.025,
    "EffectiveEchoSpacing": 0.0005,
    "FlipAngle": 75,
    "ImageType": [
      "ORIGINAL",
      "PRIMARY",
      "M",
      "ND",
      "MOSAIC"
    ],
    "MagneticFieldStrength": 3,
    "Manufacturer": "Siemens",
    "ManufacturersModelName": "TrioTim",
    "Modality": "MR",
    "PhaseEncodingDirection": "j-",
    "PixelBandwidth": 3005,
    "RepetitionTime": 3,
    "ScanningSequence": "EP",
    "SequenceVariant": "SK",
    "SliceThickness": 3,
    "SliceTiming": [
      0,
      1.5225,
      0.055,
      1.58,
      0.1125,
      1.635,
      0.1675,
      1.6925,
      0.225,
      1.75,
      0.2825,
      1.805,
      0.3375,
      1.8625,
      0.395,
      1.9175,
      0.45,
      1.975,
      0.5075,
      2.03,
      0.5625,
      2.0875,
      0.62,
      2.145,
      0.6775,
      2.2,
      0.7325,
      2.2575,
      0.79,
      2.3125,
      0.845,
      2.37,
      0.9025,
      2.425,
      0.9575,
      2.4825,
      1.015,
      2.54,
      1.0725,
      2.595,
      1.1275,
      2.6525,
      1.185,
      2.7075,
      1.24,
      2.765,
      1.2975,
      2.8225,
      1.355,
      2.8775,
      1.41,
      2.935,
      1.4675
    ],
    "SpacingBetweenSlices": 3,
    "TaskName": "rest",
    "TotalReadoutTime": 0.0315,
    "dataset": "ds002843",
    "modality": "bold",
    "session_id": "scan1",
    "subject_id": "dmp0795",
    "task_id": "rest"
  },
  "dummy_trs": 0,
  "dvars_nstd": 26.51826577817611,
  "dvars_std": 1.2280379706289306,
  "dvars_vstd": 0.9900816333962266,
  "efc": 0.611784546835665,
  "fber": 246.92840576171875,
  "fd_mean": 0.06764875065104874,
  "fd_num": 3,
  "fd_perc": 1.875,
  "fwhm_avg": 2.6102055555555554,
  "fwhm_x": 2.3625933333333333,
  "fwhm_y": 2.5208566666666665,
  "fwhm_z": 2.9471666666666665,
  "gcor": 0.0596506,
  "gsr_x": -0.03653177246451378,
  "gsr_y": 0.057404134422540665,
  "provenance": {
    "md5sum": "db14374dd5f2df11138cebc7c211a983",
    "settings": {
      "fd_thres": 0.2,
      "testing": false
    },
    "software": "mriqc",
    "version": "21.0.0rc2",
    "webapi_port": null,
    "webapi_url": "https://mriqc.nimh.nih.gov/api/v1"
  },
  "size_t": 160,
  "size_x": 64,
  "size_y": 64,
  "size_z": 53,
  "snr": 2.789798713124866,
  "spacing_tr": 3.0,
  "spacing_x": 3.0,
  "spacing_y": 3.0,
  "spacing_z": 3.0,
  "summary_bg_k": 19.048487719369422,
  "summary_bg_mad": 18.393533773335125,
  "summary_bg_mean": 98.06193542480469,
  "summary_bg_median": 40.78125,
  "summary_bg_n": 124872.0,
  "summary_bg_p05": 27.575000762939453,
  "summary_bg_p95": 366.9243789672851,
  "summary_bg_stdv": 132.93804931640625,
  "summary_fg_k": 3.1944891222630813,
  "summary_fg_mad": 194.87418937402032,
  "summary_fg_mean": 714.1240234375,
  "summary_fg_median": 670.1781005859375,
  "summary_fg_n": 45456.0,
  "summary_fg_p05": 410.47188568115234,
  "summary_fg_p95": 1168.0531921386719,
  "summary_fg_stdv": 240.22189331054688,
  "tsnr": 70.42661875043996
}