{
  "bids_meta": {
    "EchoTime": 0.09,
    "FlipAngle": 180,
    "ImageType": [
      "ORIGINAL",
      "PRIMARY",
      "M",
      "ND",
      "NORM"
    ],
    "ImagingFrequency": 123.204,
    "MagneticFieldStrength": 3,
    "Manufacturer": "Siemens",
    "ManufacturersModelName": "TrioTim",
    "Modality": "MR",
    "PhaseEncodingDirection": "i",
    "RepetitionTime": 7,
    "ScanningSequence": "SE",
    "SequenceVariant": "SK_SP_OSP",
    "SliceThickness": 3,
    "SpacingBetweenSlices": 3,
    "dataset": "ds002843",
    "modality": "T2w",
    "session_id": "scan1",
    "subject_id": "dmp0510"
  },
  "cjv": 0.565508261033199,
  "cnr": 2.434090678404432,
  "efc": 0.5558898981011977,
  "fber": 3249.590700421488,
  "fwhm_avg": 2.9174506551077353,
  "fwhm_x": 3.4559200000000003,
  "fwhm_y": 3.593986381042291,
  "fwhm_z": 1.702445584280914,
  "icvs_csf": 0.20452002232707714,
  "icvs_gm": 0.4119498698192564,
  "icvs_wm": 0.3835301078536664,
  "inu_med": 1.3855688571929932,
  "inu_range": 0.3851234853267671,
  "provenance": {
    "md5sum": "86ccdf1d3399921b75feb3bb745baaaa",
    "settings": {
      "testing": false
    },
    "software": "mriqc",
    "version": "21.0.0rc2",
    "warnings": {
      "large_rot_frame": true,
      "small_air_mask": false
    },
    "webapi_port": null,
    "webapi_url": "https://mriqc.nimh.nih.gov/api/v1"
  },
  "qi_1": 0.0,
  "qi_2": 0.004283547029678453,
  "rpve_csf": 12.508961941359162,
  "rpve_gm": 6.316022023492928,
  "rpve_wm": 7.754802915552442,
  "size_x": 256,
  "size_y": 256,
  "size_z": 44,
  "snr_csf": 3.622620168538569,
  "snr_gm": 9.07408006798891,
  "snr_total": 6.826310736754285,
  "snr_wm": 7.782231973735373,
  "snrd_csf": 158.00542374924024,
  "snrd_gm": 71.00301706353771,
  "snrd_total": 91.93676430241821,
  "snrd_wm": 46.8018520944767,
  "spacing_x": 0.75,
  "spacing_y": 0.7500000596046448,
  "spacing_z": 3.000001907348633,
  "summary_bg_k": 423.82013607914797,
  "summary_bg_mad": 13.964321508953141,
  "summary_bg_mean": 21.927773822189966,
  "summary_bg_median": 19.067310079932213,
  "summary_bg_n": 881203.0,
  "summary_bg_p05": 3.2161727845668793,
  "summary_bg_p95": 48.012865141034126,
  "summary_bg_stdv": 25.75834793429054,
  "summary_csf_k": 1.4551811534866532,
  "summary_csf_mad": 793.2415803500455,
  "summary_csf_mean": 3284.940248080455,
  "summary_csf_median": 3367.9072220101953,
  "summary_csf_n": 120125.0,
  "summary_csf_p05": 1252.2398463338614,
  "summary_csf_p95": 4615.093082539737,
  "summary_csf_stdv": 929.6843298355991,
  "summary_gm_k": 0.058700564625294493,
  "summary_gm_mad": 166.55007848483137,
  "summary_gm_mean": 1518.9408169775209,
  "summary_gm_median": 1513.4390217661858,
  "summary_gm_n": 200461.0,
  "summary_gm_p05": 1256.489788942039,
  "summary_gm_p95": 1802.0905291810632,
  "summary_gm_stdv": 166.78663131969503,
  "summary_wm_k": 0.23281873499533257,
  "summary_wm_mad": 125.1680037692751,
  "summary_wm_mean": 988.0896377493398,
  "summary_wm_median": 997.5878797844052,
  "summary_wm_n": 220995.0,
  "summary_wm_p05": 761.5437700599432,
  "summary_wm_p95": 1181.5989083871245,
  "summary_wm_stdv": 128.18759786542395,
  "tpm_overlap_csf": 0.16481563448905945,
  "tpm_overlap_gm": 0.4162304401397705,
  "tpm_overlap_wm": 0.45367705821990967,
  "wm2max": 0.20058836713805217
}