{
  "aor": 0.0011837735849056603,
  "aqi": 0.0019651970440251573,
  "bids_meta": {
    "BandwidthPerPixelPhaseEncode": 31.25,
    "EchoTime": 0.025,
    "EffectiveEchoSpacing": 0.0005,
    "FlipAngle": 75,
    "ImageType": [
      "ORIGINAL",
      "PRIMARY",
      "M",
      "ND",
      "MOSAIC"
    ],
    "MagneticFieldStrength": 3,
    "Manufacturer": "Siemens",
    "ManufacturersModelName": "TrioTim",
    "Modality": "MR",
    "PhaseEncodingDirection": "j-",
    "PixelBandwidth": 3005,
    "RepetitionTime": 3,
    "ScanningSequence": "EP",
    "SequenceVariant": "SK",
    "SliceThickness": 3,
    "SliceTiming": [
      0,
      1.5225,
      0.055,
      1.58,
      0.1125,
      1.635,
      0.1675,
      1.6925,
      0.225,
      1.75,
      0.2825,
      1.805,
      0.3375,
      1.8625,
      0.395,
      1.9175,
      0.45,
      1.975,
      0.5075,
      2.03,
      0.5625,
      2.0875,
      0.62,
      2.145,
      0.6775,
      2.2,
      0.7325,
      2.2575,
      0.79,
      2.3125,
      0.845,
      2.37,
      0.9025,
      2.425,
      0.9575,
      2.4825,
      1.015,
      2.54,
      1.0725,
      2.595,
      1.1275,
      2.6525,
      1.185,
      2.7075,
      1.24,
      2.765,
      1.2975,
      2.8225,
      1.355,
      2.8775,
      1.41,
      2.935,
      1.4675
    ],
    "SpacingBetweenSlices": 3,
    "TaskName": "rest",
    "TotalReadoutTime": 0.0315,
    "dataset": "ds002843",
    "modality": "bold",
    "session_id": "scan1",
    "subject_id": "dmp0937",
    "task_id": "rest"
  },
  "dummy_trs": 1,
  "dvars_nstd": 23.248039529050633,
  "dvars_std": 1.2086381106962027,
  "dvars_vstd": 1.0003265829113925,
  "efc": 0.5764627061707405,
  "fber": 304.4388122558594,
  "fd_mean": 0.15359347494490072,
  "fd_num": 40,
  "fd_perc": 25.157232704402517,
  "fwhm_avg": 2.7844277777777777,
  "fwhm_x": 2.67545,
  "fwhm_y": 2.5951933333333335,
  "fwhm_z": 3.08264,
  "gcor": 0.0237739,
  "gsr_x": -0.012935541570186615,
  "gsr_y": 0.06174943968653679,
  "provenance": {
    "md5sum": "bfb53ee23fdff1a793634cbfbe9e4fde",
    "settings": {
      "fd_thres": 0.2,
      "testing": false
    },
    "software": "mriqc",
    "version": "21.0.0rc2",
    "webapi_port": null,
    "webapi_url": "https://mriqc.nimh.nih.gov/api/v1"
  },
  "size_t": 159,
  "size_x": 64,
  "size_y": 64,
  "size_z": 53,
  "snr": 2.3282815840448836,
  "spacing_tr": 3.0,
  "spacing_x": 3.0,
  "spacing_y": 3.0,
  "spacing_z": 3.0,
  "summary_bg_k": 31.739486892842237,
  "summary_bg_mad": 17.380943899448507,
  "summary_bg_mean": 76.4798355102539,
  "summary_bg_median": 39.855342864990234,
  "summary_bg_n": 124443.0,
  "summary_bg_p05": 27.01886749267578,
  "summary_bg_p95": 250.65030975341776,
  "summary_bg_stdv": 98.22322082519531,
  "summary_fg_k": 5.3790260204683324,
  "summary_fg_mad": 224.1153600030969,
  "summary_fg_mean": 788.5830688476562,
  "summary_fg_median": 716.232666015625,
  "summary_fg_n": 47889.0,
  "summary_fg_p05": 448.2867736816406,
  "summary_fg_p95": 1399.8276611328124,
  "summary_fg_stdv": 307.6196594238281,
  "tsnr": 84.02249766048044
}