{
  "aor": 0.001465,
  "aqi": 0.0015889922115384615,
  "bids_meta": {
    "BandwidthPerPixelPhaseEncode": 31.25,
    "EchoTime": 0.025,
    "EffectiveEchoSpacing": 0.0005,
    "FlipAngle": 75,
    "ImageType": [
      "ORIGINAL",
      "PRIMARY",
      "M",
      "ND",
      "MOSAIC"
    ],
    "MagneticFieldStrength": 3,
    "Manufacturer": "Siemens",
    "ManufacturersModelName": "TrioTim",
    "Modality": "MR",
    "PhaseEncodingDirection": "j-",
    "PixelBandwidth": 3005,
    "RepetitionTime": 3,
    "ScanningSequence": "EP",
    "SequenceVariant": "SK",
    "SliceThickness": 3,
    "SliceTiming": [
      0,
      1.5225,
      0.055,
      1.58,
      0.1125,
      1.6375,
      0.17,
      1.6925,
      0.225,
      1.75,
      0.2825,
      1.805,
      0.3375,
      1.8625,
      0.395,
      1.92,
      0.45,
      1.975,
      0.5075,
      2.0325,
      0.565,
      2.0875,
      0.62,
      2.145,
      0.6775,
      2.2,
      0.7325,
      2.2575,
      0.79,
      2.315,
      0.8475,
      2.37,
      0.9025,
      2.4275,
      0.96,
      2.4825,
      1.015,
      2.54,
      1.0725,
      2.595,
      1.1275,
      2.6525,
      1.185,
      2.71,
      1.2425,
      2.765,
      1.2975,
      2.8225,
      1.355,
      2.8775,
      1.41,
      2.935,
      1.4675
    ],
    "SpacingBetweenSlices": 3,
    "TaskName": "intertemporal choice task",
    "TotalReadoutTime": 0.0315,
    "dataset": "ds002843",
    "modality": "bold",
    "run_id": 1,
    "session_id": "scan1",
    "subject_id": "dmp0937",
    "task_id": "itc"
  },
  "dummy_trs": 0,
  "dvars_nstd": 20.28755012961166,
  "dvars_std": 1.1676164777669902,
  "dvars_vstd": 0.9948351070873783,
  "efc": 0.5771723138528112,
  "fber": 303.100830078125,
  "fd_mean": 0.09458210554987029,
  "fd_num": 9,
  "fd_perc": 8.653846153846153,
  "fwhm_avg": 2.773187777777778,
  "fwhm_x": 2.6786433333333335,
  "fwhm_y": 2.5856533333333336,
  "fwhm_z": 3.055266666666667,
  "gcor": 0.0363257,
  "gsr_x": -0.014896822161972523,
  "gsr_y": 0.06511732190847397,
  "provenance": {
    "md5sum": "ff2c0e6a8fc3b5a0ad6da6126bb7cfd7",
    "settings": {
      "fd_thres": 0.2,
      "testing": false
    },
    "software": "mriqc",
    "version": "21.0.0rc2",
    "webapi_port": null,
    "webapi_url": "https://mriqc.nimh.nih.gov/api/v1"
  },
  "size_t": 104,
  "size_x": 64,
  "size_y": 64,
  "size_z": 53,
  "snr": 2.314957507255385,
  "spacing_tr": 3.0,
  "spacing_x": 3.0,
  "spacing_y": 3.0,
  "spacing_z": 3.0,
  "summary_bg_k": 34.61759816410873,
  "summary_bg_mad": 17.092696582445804,
  "summary_bg_mean": 76.08214569091797,
  "summary_bg_median": 40.01923370361328,
  "summary_bg_n": 123755.0,
  "summary_bg_p05": 27.798078536987305,
  "summary_bg_p95": 248.23077392578125,
  "summary_bg_stdv": 95.56382751464844,
  "summary_fg_k": 5.539615434668935,
  "summary_fg_mad": 226.41762841393793,
  "summary_fg_mean": 796.7577514648438,
  "summary_fg_median": 722.8413696289062,
  "summary_fg_n": 47904.0,
  "summary_fg_p05": 453.15531158447266,
  "summary_fg_p95": 1414.1808471679688,
  "summary_fg_stdv": 312.2449645996094,
  "tsnr": 93.11430102749728
}