{
  "aor": 0.0060325786163522,
  "aqi": 0.005888561194968553,
  "bids_meta": {
    "BandwidthPerPixelPhaseEncode": 31.25,
    "EchoTime": 0.025,
    "EffectiveEchoSpacing": 0.0005,
    "FlipAngle": 75,
    "ImageType": [
      "ORIGINAL",
      "PRIMARY",
      "M",
      "ND",
      "MOSAIC"
    ],
    "MagneticFieldStrength": 3,
    "Manufacturer": "Siemens",
    "ManufacturersModelName": "TrioTim",
    "Modality": "MR",
    "PhaseEncodingDirection": "j-",
    "PixelBandwidth": 3005,
    "RepetitionTime": 3,
    "ScanningSequence": "EP",
    "SequenceVariant": "SK",
    "SliceThickness": 3,
    "SliceTiming": [
      0,
      1.5225,
      0.055,
      1.58,
      0.1125,
      1.635,
      0.1675,
      1.6925,
      0.225,
      1.75,
      0.2825,
      1.805,
      0.3375,
      1.8625,
      0.395,
      1.9175,
      0.45,
      1.975,
      0.5075,
      2.03,
      0.5625,
      2.0875,
      0.62,
      2.145,
      0.6775,
      2.2,
      0.7325,
      2.2575,
      0.79,
      2.3125,
      0.845,
      2.37,
      0.9025,
      2.425,
      0.9575,
      2.4825,
      1.015,
      2.54,
      1.0725,
      2.595,
      1.1275,
      2.6525,
      1.185,
      2.7075,
      1.24,
      2.765,
      1.2975,
      2.8225,
      1.355,
      2.8775,
      1.41,
      2.935,
      1.4675
    ],
    "SpacingBetweenSlices": 3,
    "TaskName": "rest",
    "TotalReadoutTime": 0.0315,
    "dataset": "ds002843",
    "modality": "bold",
    "session_id": "scan1",
    "subject_id": "dmp0978",
    "task_id": "rest"
  },
  "dummy_trs": 1,
  "dvars_nstd": 28.419328641202522,
  "dvars_std": 1.1247293664556959,
  "dvars_vstd": 0.9889790600632907,
  "efc": 0.5710828045061307,
  "fber": 340.78875732421875,
  "fd_mean": 0.22181271024584964,
  "fd_num": 45,
  "fd_perc": 28.30188679245283,
  "fwhm_avg": 2.3473911111111114,
  "fwhm_x": 2.2373333333333334,
  "fwhm_y": 2.2583366666666667,
  "fwhm_z": 2.5465033333333333,
  "gcor": 0.0403037,
  "gsr_x": -0.0051773907616734505,
  "gsr_y": 0.061349574476480484,
  "provenance": {
    "md5sum": "3f8092e0bf7e1bfbf80ae51dd2d1a38d",
    "settings": {
      "fd_thres": 0.2,
      "testing": false
    },
    "software": "mriqc",
    "version": "21.0.0rc2",
    "webapi_port": null,
    "webapi_url": "https://mriqc.nimh.nih.gov/api/v1"
  },
  "size_t": 159,
  "size_x": 64,
  "size_y": 64,
  "size_z": 53,
  "snr": 3.228902766944791,
  "spacing_tr": 3.0,
  "spacing_x": 3.0,
  "spacing_y": 3.0,
  "spacing_z": 3.0,
  "summary_bg_k": 15.194921526164407,
  "summary_bg_mad": 13.930866822220771,
  "summary_bg_mean": 71.23500061035156,
  "summary_bg_median": 35.867923736572266,
  "summary_bg_n": 135201.0,
  "summary_bg_p05": 25.339622497558594,
  "summary_bg_p95": 241.57861328125,
  "summary_bg_stdv": 81.68052673339844,
  "summary_fg_k": 2.285890397641527,
  "summary_fg_mad": 180.89611177444442,
  "summary_fg_mean": 707.88720703125,
  "summary_fg_median": 668.6414794921875,
  "summary_fg_n": 39949.0,
  "summary_fg_p05": 444.28803100585935,
  "summary_fg_p95": 1100.3295166015623,
  "summary_fg_stdv": 207.07749938964844,
  "tsnr": 50.1699302601628
}