{
  "aor": 0.006805148514851486,
  "aqi": 0.003772824851485149,
  "bids_meta": {
    "BandwidthPerPixelPhaseEncode": 31.25,
    "EchoTime": 0.025,
    "EffectiveEchoSpacing": 0.0005,
    "FlipAngle": 75,
    "ImageType": [
      "ORIGINAL",
      "PRIMARY",
      "M",
      "ND",
      "MOSAIC"
    ],
    "MagneticFieldStrength": 3,
    "Manufacturer": "Siemens",
    "ManufacturersModelName": "TrioTim",
    "Modality": "MR",
    "PhaseEncodingDirection": "j-",
    "PixelBandwidth": 3005,
    "RepetitionTime": 3,
    "ScanningSequence": "EP",
    "SequenceVariant": "SK",
    "SliceThickness": 3,
    "SliceTiming": [
      0,
      1.5225,
      0.055,
      1.58,
      0.1125,
      1.6375,
      0.17,
      1.6925,
      0.225,
      1.75,
      0.2825,
      1.805,
      0.3375,
      1.8625,
      0.395,
      1.92,
      0.45,
      1.975,
      0.5075,
      2.0325,
      0.565,
      2.0875,
      0.62,
      2.145,
      0.6775,
      2.2,
      0.7325,
      2.2575,
      0.79,
      2.315,
      0.8475,
      2.37,
      0.9025,
      2.4275,
      0.96,
      2.4825,
      1.015,
      2.54,
      1.0725,
      2.595,
      1.1275,
      2.6525,
      1.185,
      2.71,
      1.2425,
      2.765,
      1.2975,
      2.8225,
      1.355,
      2.8775,
      1.41,
      2.935,
      1.4675
    ],
    "SpacingBetweenSlices": 3,
    "TaskName": "intertemporal choice task",
    "TotalReadoutTime": 0.0315,
    "dataset": "ds002843",
    "modality": "bold",
    "run_id": 3,
    "session_id": "scan1",
    "subject_id": "dmp0978",
    "task_id": "itc"
  },
  "dummy_trs": 3,
  "dvars_nstd": 25.433434600699997,
  "dvars_std": 1.1893479307000003,
  "dvars_vstd": 1.0352083384999997,
  "efc": 0.5716032090582605,
  "fber": 357.9425048828125,
  "fd_mean": 0.18039179032897013,
  "fd_num": 26,
  "fd_perc": 25.742574257425744,
  "fwhm_avg": 2.280352222222222,
  "fwhm_x": 2.16548,
  "fwhm_y": 2.21606,
  "fwhm_z": 2.4595166666666666,
  "gcor": 0.0135287,
  "gsr_x": -0.0021931189112365246,
  "gsr_y": 0.06152349337935448,
  "provenance": {
    "md5sum": "17755d12d6481b12854034a8cf18bef3",
    "settings": {
      "fd_thres": 0.2,
      "testing": false
    },
    "software": "mriqc",
    "version": "21.0.0rc2",
    "webapi_port": null,
    "webapi_url": "https://mriqc.nimh.nih.gov/api/v1"
  },
  "size_t": 101,
  "size_x": 64,
  "size_y": 64,
  "size_z": 53,
  "snr": 3.345739910190901,
  "spacing_tr": 3.0,
  "spacing_x": 3.0,
  "spacing_y": 3.0,
  "spacing_z": 3.0,
  "summary_bg_k": 17.838442297208587,
  "summary_bg_mad": 11.816782634239866,
  "summary_bg_mean": 69.50553131103516,
  "summary_bg_median": 34.3564338684082,
  "summary_bg_n": 135132.0,
  "summary_bg_p05": 25.534652709960938,
  "summary_bg_p95": 238.0287033081054,
  "summary_bg_stdv": 81.57137298583984,
  "summary_fg_k": 1.8278030632552564,
  "summary_fg_mad": 175.31400221310685,
  "summary_fg_mean": 691.5552368164062,
  "summary_fg_median": 656.0098876953125,
  "summary_fg_n": 40057.0,
  "summary_fg_p05": 438.22177734375,
  "summary_fg_p95": 1061.4692626953115,
  "summary_fg_stdv": 196.07073974609375,
  "tsnr": 66.10547086154111
}