{
  "aor": 0.0025033009708737876,
  "aqi": 0.002124745922330097,
  "bids_meta": {
    "BandwidthPerPixelPhaseEncode": 31.25,
    "EchoTime": 0.025,
    "EffectiveEchoSpacing": 0.0005,
    "FlipAngle": 75,
    "ImageType": [
      "ORIGINAL",
      "PRIMARY",
      "M",
      "ND",
      "MOSAIC"
    ],
    "MagneticFieldStrength": 3,
    "Manufacturer": "Siemens",
    "ManufacturersModelName": "TrioTim",
    "Modality": "MR",
    "PhaseEncodingDirection": "j-",
    "PixelBandwidth": 3005,
    "RepetitionTime": 3,
    "ScanningSequence": "EP",
    "SequenceVariant": "SK",
    "SliceThickness": 3,
    "SliceTiming": [
      0,
      1.5225,
      0.055,
      1.58,
      0.1125,
      1.6375,
      0.17,
      1.6925,
      0.225,
      1.75,
      0.2825,
      1.805,
      0.3375,
      1.8625,
      0.395,
      1.92,
      0.45,
      1.975,
      0.5075,
      2.0325,
      0.565,
      2.0875,
      0.62,
      2.145,
      0.6775,
      2.2,
      0.7325,
      2.2575,
      0.79,
      2.315,
      0.8475,
      2.37,
      0.9025,
      2.4275,
      0.96,
      2.4825,
      1.015,
      2.54,
      1.0725,
      2.595,
      1.1275,
      2.6525,
      1.185,
      2.71,
      1.2425,
      2.765,
      1.2975,
      2.8225,
      1.355,
      2.8775,
      1.41,
      2.935,
      1.4675
    ],
    "SpacingBetweenSlices": 3,
    "TaskName": "risk choice task",
    "TotalReadoutTime": 0.0315,
    "dataset": "ds002843",
    "modality": "bold",
    "run_id": 1,
    "session_id": "scan2",
    "subject_id": "dmp1183",
    "task_id": "risk"
  },
  "dummy_trs": 1,
  "dvars_nstd": 18.438549490588233,
  "dvars_std": 1.2015721113725486,
  "dvars_vstd": 1.0126221419607842,
  "efc": 0.5595042722846716,
  "fber": 375.99853515625,
  "fd_mean": 0.050844312552489855,
  "fd_num": 0,
  "fd_perc": 0.0,
  "fwhm_avg": 2.690683333333333,
  "fwhm_x": 2.5600166666666664,
  "fwhm_y": 2.4746133333333336,
  "fwhm_z": 3.0374199999999996,
  "gcor": 0.0282253,
  "gsr_x": 0.008710436522960663,
  "gsr_y": 0.02610688842833042,
  "provenance": {
    "md5sum": "cfb3617d512ab5d705a3ab4fe1190dee",
    "settings": {
      "fd_thres": 0.2,
      "testing": false
    },
    "software": "mriqc",
    "version": "21.0.0rc2",
    "webapi_port": null,
    "webapi_url": "https://mriqc.nimh.nih.gov/api/v1"
  },
  "size_t": 103,
  "size_x": 64,
  "size_y": 64,
  "size_z": 53,
  "snr": 2.5633560853367854,
  "spacing_tr": 3.0,
  "spacing_x": 3.0,
  "spacing_y": 3.0,
  "spacing_z": 3.0,
  "summary_bg_k": 32.85367548928354,
  "summary_bg_mad": 14.207076027261769,
  "summary_bg_mean": 65.84544372558594,
  "summary_bg_median": 35.60194396972656,
  "summary_bg_n": 127792.0,
  "summary_bg_p05": 25.0,
  "summary_bg_p95": 211.61602249145506,
  "summary_bg_stdv": 83.73695373535156,
  "summary_fg_k": 4.623079708014948,
  "summary_fg_mad": 205.82263304564407,
  "summary_fg_mean": 768.8502807617188,
  "summary_fg_median": 702.5631103515625,
  "summary_fg_n": 45387.0,
  "summary_fg_p05": 464.69224243164064,
  "summary_fg_p95": 1298.768908691406,
  "summary_fg_stdv": 274.0763854980469,
  "tsnr": 95.49252409487963
}