{
  "aor": 0.0012374757281553399,
  "aqi": 0.0022755969902912626,
  "bids_meta": {
    "BandwidthPerPixelPhaseEncode": 31.25,
    "EchoTime": 0.025,
    "EffectiveEchoSpacing": 0.0005,
    "FlipAngle": 75,
    "ImageType": [
      "ORIGINAL",
      "PRIMARY",
      "M",
      "ND",
      "MOSAIC"
    ],
    "MagneticFieldStrength": 3,
    "Manufacturer": "Siemens",
    "ManufacturersModelName": "TrioTim",
    "Modality": "MR",
    "PhaseEncodingDirection": "j-",
    "PixelBandwidth": 3005,
    "RepetitionTime": 3,
    "ScanningSequence": "EP",
    "SequenceVariant": "SK",
    "SliceThickness": 3,
    "SliceTiming": [
      0,
      1.5225,
      0.055,
      1.58,
      0.1125,
      1.6375,
      0.17,
      1.6925,
      0.225,
      1.75,
      0.2825,
      1.805,
      0.3375,
      1.8625,
      0.395,
      1.92,
      0.45,
      1.975,
      0.5075,
      2.0325,
      0.565,
      2.0875,
      0.62,
      2.145,
      0.6775,
      2.2,
      0.7325,
      2.2575,
      0.79,
      2.315,
      0.8475,
      2.37,
      0.9025,
      2.4275,
      0.96,
      2.4825,
      1.015,
      2.54,
      1.0725,
      2.595,
      1.1275,
      2.6525,
      1.185,
      2.71,
      1.2425,
      2.765,
      1.2975,
      2.8225,
      1.355,
      2.8775,
      1.41,
      2.935,
      1.4675
    ],
    "SpacingBetweenSlices": 3,
    "TaskName": "risk choice task",
    "TotalReadoutTime": 0.0315,
    "dataset": "ds002843",
    "modality": "bold",
    "run_id": 2,
    "session_id": "scan2",
    "subject_id": "dmp1183",
    "task_id": "risk"
  },
  "dummy_trs": 1,
  "dvars_nstd": 18.855388659901962,
  "dvars_std": 1.1786964517647058,
  "dvars_vstd": 0.998450353627451,
  "efc": 0.5596289152300891,
  "fber": 372.2747802734375,
  "fd_mean": 0.06203234508451757,
  "fd_num": 2,
  "fd_perc": 1.941747572815534,
  "fwhm_avg": 2.695316666666667,
  "fwhm_x": 2.58747,
  "fwhm_y": 2.46874,
  "fwhm_z": 3.02974,
  "gcor": 0.0352451,
  "gsr_x": 0.009442449547350407,
  "gsr_y": 0.023290252313017845,
  "provenance": {
    "md5sum": "1f7c859bd4c00500d7e56035d6598e3b",
    "settings": {
      "fd_thres": 0.2,
      "testing": false
    },
    "software": "mriqc",
    "version": "21.0.0rc2",
    "webapi_port": null,
    "webapi_url": "https://mriqc.nimh.nih.gov/api/v1"
  },
  "size_t": 103,
  "size_x": 64,
  "size_y": 64,
  "size_z": 53,
  "snr": 2.533984591890863,
  "spacing_tr": 3.0,
  "spacing_x": 3.0,
  "spacing_y": 3.0,
  "spacing_z": 3.0,
  "summary_bg_k": 29.667026612628455,
  "summary_bg_mad": 14.437380916710952,
  "summary_bg_mean": 68.69181823730469,
  "summary_bg_median": 36.048545837402344,
  "summary_bg_n": 128638.0,
  "summary_bg_p05": 25.533981323242188,
  "summary_bg_p95": 222.3203887939453,
  "summary_bg_stdv": 91.01294708251953,
  "summary_fg_k": 4.902233144157396,
  "summary_fg_mad": 207.57150461400028,
  "summary_fg_mean": 771.05810546875,
  "summary_fg_median": 703.5339965820312,
  "summary_fg_n": 45348.0,
  "summary_fg_p05": 465.3402984619141,
  "summary_fg_p95": 1303.4742919921875,
  "summary_fg_stdv": 277.6363525390625,
  "tsnr": 93.77322126552463
}