{
  "aor": 0.005885961538461539,
  "aqi": 0.004608968749999999,
  "bids_meta": {
    "BandwidthPerPixelPhaseEncode": 31.25,
    "EchoTime": 0.025,
    "EffectiveEchoSpacing": 0.0005,
    "FlipAngle": 75,
    "ImageType": [
      "ORIGINAL",
      "PRIMARY",
      "M",
      "ND",
      "MOSAIC"
    ],
    "MagneticFieldStrength": 3,
    "Manufacturer": "Siemens",
    "ManufacturersModelName": "TrioTim",
    "Modality": "MR",
    "PhaseEncodingDirection": "j-",
    "PixelBandwidth": 3005,
    "RepetitionTime": 3,
    "ScanningSequence": "EP",
    "SequenceVariant": "SK",
    "SliceThickness": 3,
    "SliceTiming": [
      0,
      1.5225,
      0.055,
      1.58,
      0.1125,
      1.6375,
      0.17,
      1.6925,
      0.225,
      1.75,
      0.2825,
      1.805,
      0.3375,
      1.8625,
      0.395,
      1.92,
      0.45,
      1.975,
      0.5075,
      2.0325,
      0.565,
      2.0875,
      0.62,
      2.145,
      0.6775,
      2.2,
      0.7325,
      2.2575,
      0.79,
      2.315,
      0.8475,
      2.37,
      0.9025,
      2.4275,
      0.96,
      2.4825,
      1.015,
      2.54,
      1.0725,
      2.595,
      1.1275,
      2.6525,
      1.185,
      2.71,
      1.2425,
      2.765,
      1.2975,
      2.8225,
      1.355,
      2.8775,
      1.41,
      2.935,
      1.4675
    ],
    "SpacingBetweenSlices": 3,
    "TaskName": "risk choice task",
    "TotalReadoutTime": 0.0315,
    "dataset": "ds002843",
    "modality": "bold",
    "run_id": 1,
    "session_id": "scan2",
    "subject_id": "dmp0598",
    "task_id": "risk"
  },
  "dummy_trs": 0,
  "dvars_nstd": 24.806086845728146,
  "dvars_std": 1.1409076393203885,
  "dvars_vstd": 0.9607783303883491,
  "efc": 0.5617749230546123,
  "fber": 353.6441650390625,
  "fd_mean": 0.11431037212423172,
  "fd_num": 11,
  "fd_perc": 10.576923076923077,
  "fwhm_avg": 2.5632899281198944,
  "fwhm_x": 2.4692333333333334,
  "fwhm_y": 2.5072533333333333,
  "fwhm_z": 2.7133831176930174,
  "gcor": 0.0355383,
  "gsr_x": -0.0111067621037364,
  "gsr_y": 0.05346016213297844,
  "provenance": {
    "md5sum": "4f357ff9503f451ea6cc3f20f565f6bd",
    "settings": {
      "fd_thres": 0.2,
      "testing": false
    },
    "software": "mriqc",
    "version": "21.0.0rc2",
    "webapi_port": null,
    "webapi_url": "https://mriqc.nimh.nih.gov/api/v1"
  },
  "size_t": 104,
  "size_x": 64,
  "size_y": 64,
  "size_z": 53,
  "snr": 2.8681593537190957,
  "spacing_tr": 3.0,
  "spacing_x": 3.0,
  "spacing_y": 3.0,
  "spacing_z": 3.000000238418579,
  "summary_bg_k": 18.449726209685686,
  "summary_bg_mad": 12.359773028047414,
  "summary_bg_mean": 62.25422286987305,
  "summary_bg_median": 29.58654022216797,
  "summary_bg_n": 135491.0,
  "summary_bg_p05": 19.5,
  "summary_bg_p95": 219.83173370361328,
  "summary_bg_stdv": 79.26739501953125,
  "summary_fg_k": 1.9630128015772108,
  "summary_fg_mad": 186.6083019442477,
  "summary_fg_mean": 606.0405883789062,
  "summary_fg_median": 573.2788696289062,
  "summary_fg_n": 38279.0,
  "summary_fg_p05": 346.9029083251953,
  "summary_fg_p95": 972.7615966796874,
  "summary_fg_stdv": 199.8743133544922,
  "tsnr": 53.089755543740466
}