{
  "aor": 0.025340480769230768,
  "aqi": 0.006709562211538462,
  "bids_meta": {
    "BandwidthPerPixelPhaseEncode": 31.25,
    "EchoTime": 0.025,
    "EffectiveEchoSpacing": 0.0005,
    "FlipAngle": 75,
    "ImageType": [
      "ORIGINAL",
      "PRIMARY",
      "M",
      "ND",
      "MOSAIC"
    ],
    "MagneticFieldStrength": 3,
    "Manufacturer": "Siemens",
    "ManufacturersModelName": "TrioTim",
    "Modality": "MR",
    "PhaseEncodingDirection": "j-",
    "PixelBandwidth": 3005,
    "RepetitionTime": 3,
    "ScanningSequence": "EP",
    "SequenceVariant": "SK",
    "SliceThickness": 3,
    "SliceTiming": [
      0,
      1.5225,
      0.055,
      1.58,
      0.1125,
      1.6375,
      0.17,
      1.6925,
      0.225,
      1.75,
      0.2825,
      1.805,
      0.3375,
      1.8625,
      0.395,
      1.92,
      0.45,
      1.975,
      0.5075,
      2.0325,
      0.565,
      2.0875,
      0.62,
      2.145,
      0.6775,
      2.2,
      0.7325,
      2.2575,
      0.79,
      2.315,
      0.8475,
      2.37,
      0.9025,
      2.4275,
      0.96,
      2.4825,
      1.015,
      2.54,
      1.0725,
      2.595,
      1.1275,
      2.6525,
      1.185,
      2.71,
      1.2425,
      2.765,
      1.2975,
      2.8225,
      1.355,
      2.8775,
      1.41,
      2.935,
      1.4675
    ],
    "SpacingBetweenSlices": 3,
    "TaskName": "risk choice task",
    "TotalReadoutTime": 0.0315,
    "dataset": "ds002843",
    "modality": "bold",
    "run_id": 2,
    "session_id": "scan2",
    "subject_id": "dmp0598",
    "task_id": "risk"
  },
  "dummy_trs": 0,
  "dvars_nstd": 25.984111693203882,
  "dvars_std": 1.0985683259223307,
  "dvars_vstd": 0.9897725395145636,
  "efc": 0.5635204786381449,
  "fber": 334.9549560546875,
  "fd_mean": 0.13422464791601088,
  "fd_num": 17,
  "fd_perc": 16.346153846153847,
  "fwhm_avg": 2.5879132614430733,
  "fwhm_x": 2.48128,
  "fwhm_y": 2.5686933333333335,
  "fwhm_z": 2.713766450995886,
  "gcor": 0.0827443,
  "gsr_x": -0.007291515823453665,
  "gsr_y": 0.05344553291797638,
  "provenance": {
    "md5sum": "81e366e59708940300720ab4528b608a",
    "settings": {
      "fd_thres": 0.2,
      "testing": false
    },
    "software": "mriqc",
    "version": "21.0.0rc2",
    "webapi_port": null,
    "webapi_url": "https://mriqc.nimh.nih.gov/api/v1"
  },
  "size_t": 104,
  "size_x": 64,
  "size_y": 64,
  "size_z": 53,
  "snr": 2.8707855152617667,
  "spacing_tr": 3.0,
  "spacing_x": 3.0,
  "spacing_y": 3.0,
  "spacing_z": 3.000000238418579,
  "summary_bg_k": 20.56559910500499,
  "summary_bg_mad": 12.445306683792232,
  "summary_bg_mean": 62.9173583984375,
  "summary_bg_median": 30.64423179626465,
  "summary_bg_n": 134172.0,
  "summary_bg_p05": 20.19230842590332,
  "summary_bg_p95": 217.95865554809552,
  "summary_bg_stdv": 79.32752990722656,
  "summary_fg_k": 2.012910783009162,
  "summary_fg_mad": 188.7894483415713,
  "summary_fg_mean": 615.88720703125,
  "summary_fg_median": 582.0096435546875,
  "summary_fg_n": 38297.0,
  "summary_fg_p05": 354.0384765625,
  "summary_fg_p95": 988.353894042968,
  "summary_fg_stdv": 202.73268127441406,
  "tsnr": 41.781259627081454
}