{
  "bids_meta": {
    "EchoTime": 0.00311,
    "FlipAngle": 15,
    "ImageType": [
      "ORIGINAL",
      "PRIMARY",
      "M",
      "ND",
      "NORM"
    ],
    "InversionTime": 1.1,
    "MagneticFieldStrength": 3,
    "Manufacturer": "Siemens",
    "ManufacturersModelName": "TrioTim",
    "Modality": "MR",
    "RepetitionTime": 1.63,
    "ScanningSequence": "GR_IR",
    "SequenceVariant": "SP_MP",
    "SliceThickness": 1,
    "dataset": "ds002843",
    "modality": "T1w",
    "session_id": "scan1",
    "subject_id": "dmp0148"
  },
  "cjv": 0.6722170525266176,
  "cnr": 1.9922930322536199,
  "efc": 0.6249002579602829,
  "fber": 6537.81640625,
  "fwhm_avg": 3.479087777777778,
  "fwhm_x": 3.3634773333333334,
  "fwhm_y": 3.746016,
  "fwhm_z": 3.32777,
  "icvs_csf": 0.18426290529934974,
  "icvs_gm": 0.42022122660013583,
  "icvs_wm": 0.3955158681005144,
  "inu_med": 1.1756232976913452,
  "inu_range": 0.3146580338478089,
  "provenance": {
    "md5sum": "e23d7a0725addc85e40a1dccf5272d97",
    "settings": {
      "testing": false
    },
    "software": "mriqc",
    "version": "21.0.0rc2",
    "warnings": {
      "large_rot_frame": true,
      "small_air_mask": false
    },
    "webapi_port": null,
    "webapi_url": "https://mriqc.nimh.nih.gov/api/v1"
  },
  "qi_1": 0.004078210006824023,
  "qi_2": 0.005942183357748178,
  "rpve_csf": 15.979109291089825,
  "rpve_gm": 7.440783238756637,
  "rpve_wm": 9.377330072853118,
  "size_x": 192,
  "size_y": 256,
  "size_z": 160,
  "snr_csf": 2.5686342354483833,
  "snr_gm": 11.981569835740826,
  "snr_total": 11.785139807636737,
  "snr_wm": 20.805215351721003,
  "snrd_csf": 30.33440089561009,
  "snrd_gm": 51.07440908265517,
  "snrd_total": 47.6609425826366,
  "snrd_wm": 61.57401776964452,
  "spacing_x": 0.9375,
  "spacing_y": 0.9375,
  "spacing_z": 1.0,
  "summary_bg_k": 599.2366017651909,
  "summary_bg_mad": 10.640280942768968,
  "summary_bg_mean": 13.108586311340332,
  "summary_bg_median": 9.621245384216309,
  "summary_bg_n": 2467625.0,
  "summary_bg_p05": 0.0,
  "summary_bg_p95": 42.189959716796864,
  "summary_bg_stdv": 14.928569793701172,
  "summary_csf_k": 24.76733060036285,
  "summary_csf_mad": 190.54549131042904,
  "summary_csf_mean": 511.14019775390625,
  "summary_csf_median": 492.6707763671875,
  "summary_csf_n": 32648.0,
  "summary_csf_p05": 276.8368881225586,
  "summary_csf_p95": 764.9523406982421,
  "summary_csf_stdv": 191.7996826171875,
  "summary_gm_k": -0.07369754768641057,
  "summary_gm_mad": 69.43598815411558,
  "summary_gm_mean": 833.7745971679688,
  "summary_gm_median": 829.5159301757812,
  "summary_gm_n": 26229.0,
  "summary_gm_p05": 726.6862060546875,
  "summary_gm_p95": 956.2773315429688,
  "summary_gm_stdv": 69.23133850097656,
  "summary_wm_k": 1.0649059089018884,
  "summary_wm_mad": 45.19552332332124,
  "summary_wm_mean": 1004.7106323242188,
  "summary_wm_median": 1000.04345703125,
  "summary_wm_n": 250018.0,
  "summary_wm_p05": 934.8517303466797,
  "summary_wm_p95": 1090.6585571289063,
  "summary_wm_stdv": 48.066864013671875,
  "tpm_overlap_csf": 0.16846075654029846,
  "tpm_overlap_gm": 0.44177111983299255,
  "tpm_overlap_wm": 0.4898102283477783,
  "wm2max": 0.5487495229771259
}