{
  "aor": 0.015352596153846154,
  "aqi": 0.0038361405769230766,
  "bids_meta": {
    "BandwidthPerPixelPhaseEncode": 31.25,
    "EchoTime": 0.025,
    "EffectiveEchoSpacing": 0.0005,
    "FlipAngle": 75,
    "ImageType": [
      "ORIGINAL",
      "PRIMARY",
      "M",
      "ND",
      "MOSAIC"
    ],
    "MagneticFieldStrength": 3,
    "Manufacturer": "Siemens",
    "ManufacturersModelName": "TrioTim",
    "Modality": "MR",
    "PhaseEncodingDirection": "j-",
    "PixelBandwidth": 3005,
    "RepetitionTime": 3,
    "ScanningSequence": "EP",
    "SequenceVariant": "SK",
    "SliceThickness": 3,
    "SliceTiming": [
      0,
      1.5225,
      0.055,
      1.58,
      0.1125,
      1.6375,
      0.17,
      1.6925,
      0.225,
      1.75,
      0.2825,
      1.805,
      0.3375,
      1.8625,
      0.395,
      1.92,
      0.45,
      1.975,
      0.5075,
      2.0325,
      0.565,
      2.0875,
      0.62,
      2.145,
      0.6775,
      2.2,
      0.7325,
      2.2575,
      0.79,
      2.315,
      0.8475,
      2.37,
      0.9025,
      2.4275,
      0.96,
      2.4825,
      1.015,
      2.54,
      1.0725,
      2.595,
      1.1275,
      2.6525,
      1.185,
      2.71,
      1.2425,
      2.765,
      1.2975,
      2.8225,
      1.355,
      2.8775,
      1.41,
      2.935,
      1.4675
    ],
    "SpacingBetweenSlices": 3,
    "TaskName": "intertemporal choice task",
    "TotalReadoutTime": 0.0315,
    "dataset": "ds002843",
    "modality": "bold",
    "run_id": 2,
    "session_id": "scan2",
    "subject_id": "dmp0929",
    "task_id": "itc"
  },
  "dummy_trs": 0,
  "dvars_nstd": 24.22288799281554,
  "dvars_std": 1.282516631747573,
  "dvars_vstd": 1.1094870909708734,
  "efc": 0.5638724467775483,
  "fber": 440.9454040527344,
  "fd_mean": 0.1217276320532854,
  "fd_num": 11,
  "fd_perc": 10.576923076923077,
  "fwhm_avg": 2.465331111111111,
  "fwhm_x": 2.35394,
  "fwhm_y": 2.4143166666666667,
  "fwhm_z": 2.627736666666667,
  "gcor": 0.0831999,
  "gsr_x": -0.00851939432322979,
  "gsr_y": 0.05596298351883888,
  "provenance": {
    "md5sum": "a292299760dd9213652357b17b6f17f3",
    "settings": {
      "fd_thres": 0.2,
      "testing": false
    },
    "software": "mriqc",
    "version": "21.0.0rc2",
    "webapi_port": null,
    "webapi_url": "https://mriqc.nimh.nih.gov/api/v1"
  },
  "size_t": 104,
  "size_x": 64,
  "size_y": 64,
  "size_z": 53,
  "snr": 3.4623384858024924,
  "spacing_tr": 3.0,
  "spacing_x": 3.0,
  "spacing_y": 3.0,
  "spacing_z": 3.0,
  "summary_bg_k": 40.27249769412352,
  "summary_bg_mad": 7.769406509170159,
  "summary_bg_mean": 54.33469009399414,
  "summary_bg_median": 29.50961685180664,
  "summary_bg_n": 131201.0,
  "summary_bg_p05": 23.5,
  "summary_bg_p95": 178.0865478515625,
  "summary_bg_stdv": 65.84628295898438,
  "summary_fg_k": 1.2790736365650979,
  "summary_fg_mad": 164.95374911889314,
  "summary_fg_mean": 654.8272705078125,
  "summary_fg_median": 625.9663696289062,
  "summary_fg_n": 43430.0,
  "summary_fg_p05": 410.8163604736328,
  "summary_fg_p95": 988.4433135986327,
  "summary_fg_stdv": 180.79086303710938,
  "tsnr": 67.18059131875634
}