{
  "aor": 0.0023638461538461543,
  "aqi": 0.002458068846153846,
  "bids_meta": {
    "BandwidthPerPixelPhaseEncode": 31.25,
    "EchoTime": 0.025,
    "EffectiveEchoSpacing": 0.0005,
    "FlipAngle": 75,
    "ImageType": [
      "ORIGINAL",
      "PRIMARY",
      "M",
      "ND",
      "MOSAIC"
    ],
    "MagneticFieldStrength": 3,
    "Manufacturer": "Siemens",
    "ManufacturersModelName": "TrioTim",
    "Modality": "MR",
    "PhaseEncodingDirection": "j-",
    "PixelBandwidth": 3005,
    "RepetitionTime": 3,
    "ScanningSequence": "EP",
    "SequenceVariant": "SK",
    "SliceThickness": 3,
    "SliceTiming": [
      0,
      1.5225,
      0.055,
      1.58,
      0.1125,
      1.6375,
      0.17,
      1.6925,
      0.225,
      1.75,
      0.2825,
      1.805,
      0.3375,
      1.8625,
      0.395,
      1.92,
      0.45,
      1.975,
      0.5075,
      2.0325,
      0.565,
      2.0875,
      0.62,
      2.145,
      0.6775,
      2.2,
      0.7325,
      2.2575,
      0.79,
      2.315,
      0.8475,
      2.37,
      0.9025,
      2.4275,
      0.96,
      2.4825,
      1.015,
      2.54,
      1.0725,
      2.595,
      1.1275,
      2.6525,
      1.185,
      2.71,
      1.2425,
      2.765,
      1.2975,
      2.8225,
      1.355,
      2.8775,
      1.41,
      2.935,
      1.4675
    ],
    "SpacingBetweenSlices": 3,
    "TaskName": "intertemporal choice task",
    "TotalReadoutTime": 0.0315,
    "dataset": "ds002843",
    "modality": "bold",
    "run_id": 1,
    "session_id": "scan2",
    "subject_id": "dmp0200",
    "task_id": "itc"
  },
  "dummy_trs": 0,
  "dvars_nstd": 20.936816984271832,
  "dvars_std": 1.1253429925242717,
  "dvars_vstd": 1.005394319029126,
  "efc": 0.6067708557818132,
  "fber": 203.12010192871094,
  "fd_mean": 0.06466008373214412,
  "fd_num": 0,
  "fd_perc": 0.0,
  "fwhm_avg": 2.52110985761829,
  "fwhm_x": 2.1886,
  "fwhm_y": 2.513679800230678,
  "fwhm_z": 2.8610497726241926,
  "gcor": 0.0094802,
  "gsr_x": 0.004409455694258213,
  "gsr_y": 0.08376005291938782,
  "provenance": {
    "md5sum": "1d865220ebd58d199e1777b93d0aba6e",
    "settings": {
      "fd_thres": 0.2,
      "testing": false
    },
    "software": "mriqc",
    "version": "21.0.0rc2",
    "webapi_port": null,
    "webapi_url": "https://mriqc.nimh.nih.gov/api/v1"
  },
  "size_t": 104,
  "size_x": 64,
  "size_y": 64,
  "size_z": 53,
  "snr": 2.7901049954512436,
  "spacing_tr": 3.0,
  "spacing_x": 3.0,
  "spacing_y": 3.000000238418579,
  "spacing_z": 3.000000238418579,
  "summary_bg_k": 31.883867570837893,
  "summary_bg_mad": 18.717853008633224,
  "summary_bg_mean": 82.1858901977539,
  "summary_bg_median": 40.13461685180664,
  "summary_bg_n": 126687.0,
  "summary_bg_p05": 26.846155166625977,
  "summary_bg_p95": 266.00672912597656,
  "summary_bg_stdv": 108.91219329833984,
  "summary_fg_k": 2.711871567532442,
  "summary_fg_mad": 180.0078535116972,
  "summary_fg_mean": 636.1400146484375,
  "summary_fg_median": 597.0288696289062,
  "summary_fg_n": 44373.0,
  "summary_fg_p05": 366.0269470214844,
  "summary_fg_p95": 1035.6039062500001,
  "summary_fg_stdv": 213.97837829589844,
  "tsnr": 78.15310362819582
}