{
  "aor": 0.0052679375,
  "aqi": 0.00406760525,
  "bids_meta": {
    "BandwidthPerPixelPhaseEncode": 31.25,
    "EchoTime": 0.025,
    "EffectiveEchoSpacing": 0.0005,
    "FlipAngle": 75,
    "ImageType": [
      "ORIGINAL",
      "PRIMARY",
      "M",
      "ND",
      "MOSAIC"
    ],
    "MagneticFieldStrength": 3,
    "Manufacturer": "Siemens",
    "ManufacturersModelName": "TrioTim",
    "Modality": "MR",
    "PhaseEncodingDirection": "j-",
    "PixelBandwidth": 3005,
    "RepetitionTime": 3,
    "ScanningSequence": "EP",
    "SequenceVariant": "SK",
    "SliceThickness": 3,
    "SliceTiming": [
      0,
      1.5225,
      0.055,
      1.58,
      0.1125,
      1.635,
      0.1675,
      1.6925,
      0.225,
      1.75,
      0.2825,
      1.805,
      0.3375,
      1.8625,
      0.395,
      1.9175,
      0.45,
      1.975,
      0.5075,
      2.03,
      0.5625,
      2.0875,
      0.62,
      2.145,
      0.6775,
      2.2,
      0.7325,
      2.2575,
      0.79,
      2.3125,
      0.845,
      2.37,
      0.9025,
      2.425,
      0.9575,
      2.4825,
      1.015,
      2.54,
      1.0725,
      2.595,
      1.1275,
      2.6525,
      1.185,
      2.7075,
      1.24,
      2.765,
      1.2975,
      2.8225,
      1.355,
      2.8775,
      1.41,
      2.935,
      1.4675
    ],
    "SpacingBetweenSlices": 3,
    "TaskName": "rest",
    "TotalReadoutTime": 0.0315,
    "dataset": "ds002843",
    "modality": "bold",
    "session_id": "scan2",
    "subject_id": "dmp0200",
    "task_id": "rest"
  },
  "dummy_trs": 0,
  "dvars_nstd": 25.546562590754714,
  "dvars_std": 1.1700500670440248,
  "dvars_vstd": 1.018716655157233,
  "efc": 0.606704717838487,
  "fber": 199.92083740234375,
  "fd_mean": 0.10745140468476128,
  "fd_num": 9,
  "fd_perc": 5.625,
  "fwhm_avg": 2.5153965247122563,
  "fwhm_x": 2.18759,
  "fwhm_y": 2.477746469753069,
  "fwhm_z": 2.8808531043836987,
  "gcor": 0.0204588,
  "gsr_x": 0.002429455518722534,
  "gsr_y": 0.07825598120689392,
  "provenance": {
    "md5sum": "21a14933eb505a544c09fa48e4fc13b9",
    "settings": {
      "fd_thres": 0.2,
      "testing": false
    },
    "software": "mriqc",
    "version": "21.0.0rc2",
    "webapi_port": null,
    "webapi_url": "https://mriqc.nimh.nih.gov/api/v1"
  },
  "size_t": 160,
  "size_x": 64,
  "size_y": 64,
  "size_z": 53,
  "snr": 2.7594454594309896,
  "spacing_tr": 3.0,
  "spacing_x": 3.0,
  "spacing_y": 3.000000238418579,
  "spacing_z": 3.000000238418579,
  "summary_bg_k": 35.25112623631336,
  "summary_bg_mad": 19.0329054144978,
  "summary_bg_mean": 80.46966552734375,
  "summary_bg_median": 40.125,
  "summary_bg_n": 125949.0,
  "summary_bg_p05": 26.26875114440918,
  "summary_bg_p95": 254.90750732421864,
  "summary_bg_stdv": 106.26553344726562,
  "summary_fg_k": 3.0207102039573828,
  "summary_fg_mad": 180.37248642426238,
  "summary_fg_mean": 634.200439453125,
  "summary_fg_median": 595.140625,
  "summary_fg_n": 44474.0,
  "summary_fg_p05": 362.84064331054685,
  "summary_fg_p95": 1035.2187255859371,
  "summary_fg_stdv": 215.67156982421875,
  "tsnr": 61.28644439787604
}