{
  "aor": 0.006685480769230769,
  "aqi": 0.006079470673076923,
  "bids_meta": {
    "BandwidthPerPixelPhaseEncode": 31.25,
    "EchoTime": 0.025,
    "EffectiveEchoSpacing": 0.0005,
    "FlipAngle": 75,
    "ImageType": [
      "ORIGINAL",
      "PRIMARY",
      "M",
      "ND",
      "MOSAIC"
    ],
    "MagneticFieldStrength": 3,
    "Manufacturer": "Siemens",
    "ManufacturersModelName": "TrioTim",
    "Modality": "MR",
    "PhaseEncodingDirection": "j-",
    "PixelBandwidth": 3005,
    "RepetitionTime": 3,
    "ScanningSequence": "EP",
    "SequenceVariant": "SK",
    "SliceThickness": 3,
    "SliceTiming": [
      0,
      1.5225,
      0.055,
      1.58,
      0.1125,
      1.6375,
      0.17,
      1.6925,
      0.225,
      1.75,
      0.2825,
      1.805,
      0.3375,
      1.8625,
      0.395,
      1.92,
      0.45,
      1.975,
      0.5075,
      2.0325,
      0.565,
      2.0875,
      0.62,
      2.145,
      0.6775,
      2.2,
      0.7325,
      2.2575,
      0.79,
      2.315,
      0.8475,
      2.37,
      0.9025,
      2.4275,
      0.96,
      2.4825,
      1.015,
      2.54,
      1.0725,
      2.595,
      1.1275,
      2.6525,
      1.185,
      2.71,
      1.2425,
      2.765,
      1.2975,
      2.8225,
      1.355,
      2.8775,
      1.41,
      2.935,
      1.4675
    ],
    "SpacingBetweenSlices": 3,
    "TaskName": "risk choice task",
    "TotalReadoutTime": 0.0315,
    "dataset": "ds002843",
    "modality": "bold",
    "run_id": 1,
    "session_id": "scan1",
    "subject_id": "dmp1039",
    "task_id": "risk"
  },
  "dummy_trs": 0,
  "dvars_nstd": 29.357085996310683,
  "dvars_std": 1.1052107178640778,
  "dvars_vstd": 0.9600707075728157,
  "efc": 0.5612785260215624,
  "fber": 292.8956604003906,
  "fd_mean": 0.20209500591868607,
  "fd_num": 26,
  "fd_perc": 25.0,
  "fwhm_avg": 2.8566388888888885,
  "fwhm_x": 2.6724866666666665,
  "fwhm_y": 2.58967,
  "fwhm_z": 3.30776,
  "gcor": 0.0386735,
  "gsr_x": -0.007331311237066984,
  "gsr_y": 0.03974900022149086,
  "provenance": {
    "md5sum": "d82c5698dcf22faf3c0ca377f482ef85",
    "settings": {
      "fd_thres": 0.2,
      "testing": false
    },
    "software": "mriqc",
    "version": "21.0.0rc2",
    "webapi_port": null,
    "webapi_url": "https://mriqc.nimh.nih.gov/api/v1"
  },
  "size_t": 104,
  "size_x": 64,
  "size_y": 64,
  "size_z": 53,
  "snr": 2.3421498742781592,
  "spacing_tr": 3.0,
  "spacing_x": 3.0,
  "spacing_y": 3.0,
  "spacing_z": 3.0,
  "summary_bg_k": 17.774785727013192,
  "summary_bg_mad": 17.463347137072205,
  "summary_bg_mean": 70.21202850341797,
  "summary_bg_median": 38.51923370361328,
  "summary_bg_n": 130097.0,
  "summary_bg_p05": 25.846155166625977,
  "summary_bg_p95": 222.99038696289062,
  "summary_bg_stdv": 76.54019927978516,
  "summary_fg_k": 4.187712638727452,
  "summary_fg_mad": 208.43392773677053,
  "summary_fg_mean": 755.0279541015625,
  "summary_fg_median": 679.7884521484375,
  "summary_fg_n": 42266.0,
  "summary_fg_p05": 437.12743377685547,
  "summary_fg_p95": 1341.5769958496094,
  "summary_fg_stdv": 290.23779296875,
  "tsnr": 52.828232997329906
}