{
  "aor": 0.002595769230769231,
  "aqi": 0.0033886194230769236,
  "bids_meta": {
    "BandwidthPerPixelPhaseEncode": 31.25,
    "EchoTime": 0.025,
    "EffectiveEchoSpacing": 0.0005,
    "FlipAngle": 75,
    "ImageType": [
      "ORIGINAL",
      "PRIMARY",
      "M",
      "ND",
      "MOSAIC"
    ],
    "MagneticFieldStrength": 3,
    "Manufacturer": "Siemens",
    "ManufacturersModelName": "TrioTim",
    "Modality": "MR",
    "PhaseEncodingDirection": "j-",
    "PixelBandwidth": 3005,
    "RepetitionTime": 3,
    "ScanningSequence": "EP",
    "SequenceVariant": "SK",
    "SliceThickness": 3,
    "SliceTiming": [
      0,
      1.5225,
      0.055,
      1.58,
      0.1125,
      1.6375,
      0.17,
      1.6925,
      0.225,
      1.75,
      0.2825,
      1.805,
      0.3375,
      1.8625,
      0.395,
      1.92,
      0.45,
      1.975,
      0.5075,
      2.0325,
      0.565,
      2.0875,
      0.62,
      2.145,
      0.6775,
      2.2,
      0.7325,
      2.2575,
      0.79,
      2.315,
      0.8475,
      2.37,
      0.9025,
      2.4275,
      0.96,
      2.4825,
      1.015,
      2.54,
      1.0725,
      2.595,
      1.1275,
      2.6525,
      1.185,
      2.71,
      1.2425,
      2.765,
      1.2975,
      2.8225,
      1.355,
      2.8775,
      1.41,
      2.935,
      1.4675
    ],
    "SpacingBetweenSlices": 3,
    "TaskName": "risk choice task",
    "TotalReadoutTime": 0.0315,
    "dataset": "ds002843",
    "modality": "bold",
    "run_id": 2,
    "session_id": "scan1",
    "subject_id": "dmp1039",
    "task_id": "risk"
  },
  "dummy_trs": 0,
  "dvars_nstd": 23.919833137184476,
  "dvars_std": 1.1556378600970876,
  "dvars_vstd": 0.9920113193203886,
  "efc": 0.5626873793481614,
  "fber": 297.98150634765625,
  "fd_mean": 0.14345603504975127,
  "fd_num": 22,
  "fd_perc": 21.153846153846153,
  "fwhm_avg": 2.812088888888889,
  "fwhm_x": 2.609436666666667,
  "fwhm_y": 2.59601,
  "fwhm_z": 3.23082,
  "gcor": 0.047334,
  "gsr_x": -0.006995712406933308,
  "gsr_y": 0.04034635052084923,
  "provenance": {
    "md5sum": "64101241334df826faac0d8d2b6ba7ff",
    "settings": {
      "fd_thres": 0.2,
      "testing": false
    },
    "software": "mriqc",
    "version": "21.0.0rc2",
    "webapi_port": null,
    "webapi_url": "https://mriqc.nimh.nih.gov/api/v1"
  },
  "size_t": 104,
  "size_x": 64,
  "size_y": 64,
  "size_z": 53,
  "snr": 2.3961779671416097,
  "spacing_tr": 3.0,
  "spacing_x": 3.0,
  "spacing_y": 3.0,
  "spacing_z": 3.0,
  "summary_bg_k": 17.659034825601772,
  "summary_bg_mad": 17.220998479982686,
  "summary_bg_mean": 70.93804168701172,
  "summary_bg_median": 38.31731033325195,
  "summary_bg_n": 130348.0,
  "summary_bg_p05": 26.00961685180664,
  "summary_bg_p95": 228.73365783691395,
  "summary_bg_stdv": 78.54933166503906,
  "summary_fg_k": 4.045390027301182,
  "summary_fg_mad": 207.88505543718887,
  "summary_fg_mean": 750.80810546875,
  "summary_fg_median": 679.1875,
  "summary_fg_n": 42394.0,
  "summary_fg_p05": 436.5605926513672,
  "summary_fg_p95": 1318.1740478515621,
  "summary_fg_stdv": 283.4428405761719,
  "tsnr": 73.35596397309564
}