{
  "aor": 0.006220194174757282,
  "aqi": 0.004035854368932039,
  "bids_meta": {
    "BandwidthPerPixelPhaseEncode": 31.25,
    "EchoTime": 0.025,
    "EffectiveEchoSpacing": 0.0005,
    "FlipAngle": 75,
    "ImageType": [
      "ORIGINAL",
      "PRIMARY",
      "M",
      "ND",
      "MOSAIC"
    ],
    "MagneticFieldStrength": 3,
    "Manufacturer": "Siemens",
    "ManufacturersModelName": "TrioTim",
    "Modality": "MR",
    "PhaseEncodingDirection": "j-",
    "PixelBandwidth": 3005,
    "RepetitionTime": 3,
    "ScanningSequence": "EP",
    "SequenceVariant": "SK",
    "SliceThickness": 3,
    "SliceTiming": [
      0,
      1.5225,
      0.055,
      1.58,
      0.1125,
      1.6375,
      0.17,
      1.6925,
      0.225,
      1.75,
      0.2825,
      1.805,
      0.3375,
      1.8625,
      0.395,
      1.92,
      0.45,
      1.975,
      0.5075,
      2.0325,
      0.565,
      2.0875,
      0.62,
      2.145,
      0.6775,
      2.2,
      0.7325,
      2.2575,
      0.79,
      2.315,
      0.8475,
      2.37,
      0.9025,
      2.4275,
      0.96,
      2.4825,
      1.015,
      2.54,
      1.0725,
      2.595,
      1.1275,
      2.6525,
      1.185,
      2.71,
      1.2425,
      2.765,
      1.2975,
      2.8225,
      1.355,
      2.8775,
      1.41,
      2.935,
      1.4675
    ],
    "SpacingBetweenSlices": 3,
    "TaskName": "risk choice task",
    "TotalReadoutTime": 0.0315,
    "dataset": "ds002843",
    "modality": "bold",
    "run_id": 3,
    "session_id": "scan2",
    "subject_id": "dmp1039",
    "task_id": "risk"
  },
  "dummy_trs": 1,
  "dvars_nstd": 23.598593029509804,
  "dvars_std": 1.2018355101960785,
  "dvars_vstd": 1.0378498763725494,
  "efc": 0.5739597837197565,
  "fber": 337.7263488769531,
  "fd_mean": 0.1667765618705971,
  "fd_num": 29,
  "fd_perc": 28.155339805825243,
  "fwhm_avg": 2.4597077777777776,
  "fwhm_x": 2.24748,
  "fwhm_y": 2.3776699999999997,
  "fwhm_z": 2.753973333333333,
  "gcor": 0.021223,
  "gsr_x": 0.0032718221191316843,
  "gsr_y": 0.042989376932382584,
  "provenance": {
    "md5sum": "c713f36af65d02ea77b288c0c62357c6",
    "settings": {
      "fd_thres": 0.2,
      "testing": false
    },
    "software": "mriqc",
    "version": "21.0.0rc2",
    "webapi_port": null,
    "webapi_url": "https://mriqc.nimh.nih.gov/api/v1"
  },
  "size_t": 103,
  "size_x": 64,
  "size_y": 64,
  "size_z": 53,
  "snr": 3.0922456968178476,
  "spacing_tr": 3.0,
  "spacing_x": 3.0,
  "spacing_y": 3.0,
  "spacing_z": 3.0,
  "summary_bg_k": 25.35307371903227,
  "summary_bg_mad": 12.422191925235742,
  "summary_bg_mean": 64.7988052368164,
  "summary_bg_median": 33.990291595458984,
  "summary_bg_n": 130137.0,
  "summary_bg_p05": 25.135923385620117,
  "summary_bg_p95": 209.65242614746091,
  "summary_bg_stdv": 78.20458984375,
  "summary_fg_k": 2.498925894641032,
  "summary_fg_mad": 176.52323154940387,
  "summary_fg_mean": 679.6629638671875,
  "summary_fg_median": 640.213623046875,
  "summary_fg_n": 42128.0,
  "summary_fg_p05": 421.95242767333986,
  "summary_fg_p95": 1071.2004821777343,
  "summary_fg_stdv": 207.03594970703125,
  "tsnr": 68.95130318403244
}