{
  "aor": 0.004311125000000001,
  "aqi": 0.0040475674375,
  "bids_meta": {
    "BandwidthPerPixelPhaseEncode": 31.25,
    "EchoTime": 0.025,
    "EffectiveEchoSpacing": 0.0005,
    "FlipAngle": 75,
    "ImageType": [
      "ORIGINAL",
      "PRIMARY",
      "M",
      "ND",
      "MOSAIC"
    ],
    "MagneticFieldStrength": 3,
    "Manufacturer": "Siemens",
    "ManufacturersModelName": "TrioTim",
    "Modality": "MR",
    "PhaseEncodingDirection": "j-",
    "PixelBandwidth": 3005,
    "RepetitionTime": 3,
    "ScanningSequence": "EP",
    "SequenceVariant": "SK",
    "SliceThickness": 3,
    "SliceTiming": [
      0,
      1.5225,
      0.055,
      1.58,
      0.1125,
      1.635,
      0.1675,
      1.6925,
      0.225,
      1.75,
      0.2825,
      1.805,
      0.3375,
      1.8625,
      0.395,
      1.9175,
      0.45,
      1.975,
      0.5075,
      2.03,
      0.5625,
      2.0875,
      0.62,
      2.145,
      0.6775,
      2.2,
      0.7325,
      2.2575,
      0.79,
      2.3125,
      0.845,
      2.37,
      0.9025,
      2.425,
      0.9575,
      2.4825,
      1.015,
      2.54,
      1.0725,
      2.595,
      1.1275,
      2.6525,
      1.185,
      2.7075,
      1.24,
      2.765,
      1.2975,
      2.8225,
      1.355,
      2.8775,
      1.41,
      2.935,
      1.4675
    ],
    "SpacingBetweenSlices": 3,
    "TaskName": "rest",
    "TotalReadoutTime": 0.0315,
    "dataset": "ds002843",
    "modality": "bold",
    "session_id": "scan2",
    "subject_id": "dmp1039",
    "task_id": "rest"
  },
  "dummy_trs": 0,
  "dvars_nstd": 18.631942610628922,
  "dvars_std": 1.07951949490566,
  "dvars_vstd": 0.9733370233962267,
  "efc": 0.572414518219914,
  "fber": 334.70550537109375,
  "fd_mean": 0.07625850823543485,
  "fd_num": 9,
  "fd_perc": 5.625,
  "fwhm_avg": 2.50184,
  "fwhm_x": 2.30138,
  "fwhm_y": 2.4155533333333334,
  "fwhm_z": 2.7885866666666668,
  "gcor": 0.0259038,
  "gsr_x": 0.0034962110221385956,
  "gsr_y": 0.04498074948787689,
  "provenance": {
    "md5sum": "4cb0da4a1ba92cdc093d101d47a3d4bc",
    "settings": {
      "fd_thres": 0.2,
      "testing": false
    },
    "software": "mriqc",
    "version": "21.0.0rc2",
    "webapi_port": null,
    "webapi_url": "https://mriqc.nimh.nih.gov/api/v1"
  },
  "size_t": 160,
  "size_x": 64,
  "size_y": 64,
  "size_z": 53,
  "snr": 3.006071926050625,
  "spacing_tr": 3.0,
  "spacing_x": 3.0,
  "spacing_y": 3.0,
  "spacing_z": 3.0,
  "summary_bg_k": 20.785650822862696,
  "summary_bg_mad": 13.399015287472926,
  "summary_bg_mean": 65.2254638671875,
  "summary_bg_median": 34.42499923706055,
  "summary_bg_n": 130590.0,
  "summary_bg_p05": 24.325000762939453,
  "summary_bg_p95": 212.25687332153305,
  "summary_bg_stdv": 76.99622344970703,
  "summary_fg_k": 2.7499134321958545,
  "summary_fg_mad": 178.45435170589914,
  "summary_fg_mean": 682.6204223632812,
  "summary_fg_median": 640.46875,
  "summary_fg_n": 42164.0,
  "summary_fg_p05": 421.9081268310547,
  "summary_fg_p95": 1090.9334167480467,
  "summary_fg_stdv": 213.0558319091797,
  "tsnr": 71.42279179766774
}