{
  "aor": 0.002963461538461539,
  "aqi": 0.005555339903846154,
  "bids_meta": {
    "BandwidthPerPixelPhaseEncode": 31.25,
    "EchoTime": 0.025,
    "EffectiveEchoSpacing": 0.0005,
    "FlipAngle": 75,
    "ImageType": [
      "ORIGINAL",
      "PRIMARY",
      "M",
      "ND",
      "MOSAIC"
    ],
    "MagneticFieldStrength": 3,
    "Manufacturer": "Siemens",
    "ManufacturersModelName": "TrioTim",
    "Modality": "MR",
    "PhaseEncodingDirection": "j-",
    "PixelBandwidth": 3005,
    "RepetitionTime": 3,
    "ScanningSequence": "EP",
    "SequenceVariant": "SK",
    "SliceThickness": 3,
    "SliceTiming": [
      0,
      1.5225,
      0.055,
      1.58,
      0.1125,
      1.6375,
      0.17,
      1.6925,
      0.225,
      1.75,
      0.2825,
      1.805,
      0.3375,
      1.8625,
      0.395,
      1.92,
      0.45,
      1.975,
      0.5075,
      2.0325,
      0.565,
      2.0875,
      0.62,
      2.145,
      0.6775,
      2.2,
      0.7325,
      2.2575,
      0.79,
      2.315,
      0.8475,
      2.37,
      0.9025,
      2.4275,
      0.96,
      2.4825,
      1.015,
      2.54,
      1.0725,
      2.595,
      1.1275,
      2.6525,
      1.185,
      2.71,
      1.2425,
      2.765,
      1.2975,
      2.8225,
      1.355,
      2.8775,
      1.41,
      2.935,
      1.4675
    ],
    "SpacingBetweenSlices": 3,
    "TaskName": "risk choice task",
    "TotalReadoutTime": 0.0315,
    "dataset": "ds002843",
    "modality": "bold",
    "run_id": 2,
    "session_id": "scan2",
    "subject_id": "dmp0723",
    "task_id": "risk"
  },
  "dummy_trs": 0,
  "dvars_nstd": 21.9350344276699,
  "dvars_std": 1.0978349232038838,
  "dvars_vstd": 0.9877218351456312,
  "efc": 0.5656774454900279,
  "fber": 286.8648986816406,
  "fd_mean": 0.10844001366214316,
  "fd_num": 12,
  "fd_perc": 11.538461538461538,
  "fwhm_avg": 2.422288754257637,
  "fwhm_x": 2.1847066666666666,
  "fwhm_y": 2.409389808518902,
  "fwhm_z": 2.6727697875873417,
  "gcor": 0.0148007,
  "gsr_x": -0.002006174298003316,
  "gsr_y": 0.06596909463405609,
  "provenance": {
    "md5sum": "195035d5b3d364a07e62dd33cd4d6d6f",
    "settings": {
      "fd_thres": 0.2,
      "testing": false
    },
    "software": "mriqc",
    "version": "21.0.0rc2",
    "webapi_port": null,
    "webapi_url": "https://mriqc.nimh.nih.gov/api/v1"
  },
  "size_t": 104,
  "size_x": 64,
  "size_y": 64,
  "size_z": 53,
  "snr": 3.4525494561773997,
  "spacing_tr": 3.0,
  "spacing_x": 3.0,
  "spacing_y": 3.000000238418579,
  "spacing_z": 3.000000238418579,
  "summary_bg_k": 53.09513737752505,
  "summary_bg_mad": 13.058305895508148,
  "summary_bg_mean": 68.06330108642578,
  "summary_bg_median": 34.56731033325195,
  "summary_bg_n": 140856.0,
  "summary_bg_p05": 25.115385055541992,
  "summary_bg_p95": 224.0192413330078,
  "summary_bg_stdv": 92.47454071044922,
  "summary_fg_k": 2.242218107225911,
  "summary_fg_mad": 144.5395092395803,
  "summary_fg_mean": 629.5003051757812,
  "summary_fg_median": 597.0577392578125,
  "summary_fg_n": 34095.0,
  "summary_fg_p05": 407.2250061035156,
  "summary_fg_p95": 957.7500610351562,
  "summary_fg_stdv": 172.9298858642578,
  "tsnr": 68.85668173269369
}