{
  "aor": 0.010455562500000001,
  "aqi": 0.007748316999999999,
  "bids_meta": {
    "BandwidthPerPixelPhaseEncode": 31.25,
    "EchoTime": 0.025,
    "EffectiveEchoSpacing": 0.0005,
    "FlipAngle": 75,
    "ImageType": [
      "ORIGINAL",
      "PRIMARY",
      "M",
      "ND",
      "MOSAIC"
    ],
    "MagneticFieldStrength": 3,
    "Manufacturer": "Siemens",
    "ManufacturersModelName": "TrioTim",
    "Modality": "MR",
    "PhaseEncodingDirection": "j-",
    "PixelBandwidth": 3005,
    "RepetitionTime": 3,
    "ScanningSequence": "EP",
    "SequenceVariant": "SK",
    "SliceThickness": 3,
    "SliceTiming": [
      0,
      1.5225,
      0.055,
      1.58,
      0.1125,
      1.635,
      0.1675,
      1.6925,
      0.225,
      1.75,
      0.2825,
      1.805,
      0.3375,
      1.8625,
      0.395,
      1.9175,
      0.45,
      1.975,
      0.5075,
      2.03,
      0.5625,
      2.0875,
      0.62,
      2.145,
      0.6775,
      2.2,
      0.7325,
      2.2575,
      0.79,
      2.3125,
      0.845,
      2.37,
      0.9025,
      2.425,
      0.9575,
      2.4825,
      1.015,
      2.54,
      1.0725,
      2.595,
      1.1275,
      2.6525,
      1.185,
      2.7075,
      1.24,
      2.765,
      1.2975,
      2.8225,
      1.355,
      2.8775,
      1.41,
      2.935,
      1.4675
    ],
    "SpacingBetweenSlices": 3,
    "TaskName": "rest",
    "TotalReadoutTime": 0.0315,
    "dataset": "ds002843",
    "modality": "bold",
    "session_id": "scan1",
    "subject_id": "dmp1248",
    "task_id": "rest"
  },
  "dummy_trs": 0,
  "dvars_nstd": 24.21232234276729,
  "dvars_std": 1.0751370367295598,
  "dvars_vstd": 0.9886614205660371,
  "efc": 0.5645021431083661,
  "fber": 329.7640380859375,
  "fd_mean": 0.23136287788896598,
  "fd_num": 30,
  "fd_perc": 18.75,
  "fwhm_avg": 2.8100944444444447,
  "fwhm_x": 2.72371,
  "fwhm_y": 2.5893333333333333,
  "fwhm_z": 3.1172400000000002,
  "gcor": 0.0117978,
  "gsr_x": -0.013316893950104713,
  "gsr_y": 0.032295677810907364,
  "provenance": {
    "md5sum": "69d79a0c30f65030653c44098866da32",
    "settings": {
      "fd_thres": 0.2,
      "testing": false
    },
    "software": "mriqc",
    "version": "21.0.0rc2",
    "webapi_port": null,
    "webapi_url": "https://mriqc.nimh.nih.gov/api/v1"
  },
  "size_t": 160,
  "size_x": 64,
  "size_y": 64,
  "size_z": 53,
  "snr": 2.8065151254780987,
  "spacing_tr": 3.0,
  "spacing_x": 3.0,
  "spacing_y": 3.0,
  "spacing_z": 3.0,
  "summary_bg_k": 42.18335619774894,
  "summary_bg_mad": 13.890130382976153,
  "summary_bg_mean": 63.048770904541016,
  "summary_bg_median": 34.58124923706055,
  "summary_bg_n": 132578.0,
  "summary_bg_p05": 24.325000762939453,
  "summary_bg_p95": 195.72062454223627,
  "summary_bg_stdv": 76.37027740478516,
  "summary_fg_k": 5.2690245404552805,
  "summary_fg_mad": 178.93155524589483,
  "summary_fg_mean": 686.8697509765625,
  "summary_fg_median": 638.015625,
  "summary_fg_n": 42558.0,
  "summary_fg_p05": 417.71875,
  "summary_fg_p95": 1118.7322570800782,
  "summary_fg_stdv": 227.33108520507812,
  "tsnr": 45.597559791989625
}