{
  "aor": 0.0014041346153846157,
  "aqi": 0.003364960480769231,
  "bids_meta": {
    "BandwidthPerPixelPhaseEncode": 31.25,
    "EchoTime": 0.025,
    "EffectiveEchoSpacing": 0.0005,
    "FlipAngle": 75,
    "ImageType": [
      "ORIGINAL",
      "PRIMARY",
      "M",
      "ND",
      "MOSAIC"
    ],
    "MagneticFieldStrength": 3,
    "Manufacturer": "Siemens",
    "ManufacturersModelName": "TrioTim",
    "Modality": "MR",
    "PhaseEncodingDirection": "j-",
    "PixelBandwidth": 3005,
    "RepetitionTime": 3,
    "ScanningSequence": "EP",
    "SequenceVariant": "SK",
    "SliceThickness": 3,
    "SliceTiming": [
      0,
      1.5225,
      0.055,
      1.58,
      0.1125,
      1.6375,
      0.17,
      1.6925,
      0.225,
      1.75,
      0.2825,
      1.805,
      0.3375,
      1.8625,
      0.395,
      1.92,
      0.45,
      1.975,
      0.5075,
      2.0325,
      0.565,
      2.0875,
      0.62,
      2.145,
      0.6775,
      2.2,
      0.7325,
      2.2575,
      0.79,
      2.315,
      0.8475,
      2.37,
      0.9025,
      2.4275,
      0.96,
      2.4825,
      1.015,
      2.54,
      1.0725,
      2.595,
      1.1275,
      2.6525,
      1.185,
      2.71,
      1.2425,
      2.765,
      1.2975,
      2.8225,
      1.355,
      2.8775,
      1.41,
      2.935,
      1.4675
    ],
    "SpacingBetweenSlices": 3,
    "TaskName": "risk choice task",
    "TotalReadoutTime": 0.0315,
    "dataset": "ds002843",
    "modality": "bold",
    "run_id": 3,
    "session_id": "scan1",
    "subject_id": "dmp1248",
    "task_id": "risk"
  },
  "dummy_trs": 0,
  "dvars_nstd": 20.860013646990296,
  "dvars_std": 1.121743967184466,
  "dvars_vstd": 0.9779812245631069,
  "efc": 0.565118961515983,
  "fber": 338.3992614746094,
  "fd_mean": 0.09711542467313501,
  "fd_num": 5,
  "fd_perc": 4.8076923076923075,
  "fwhm_avg": 2.76705,
  "fwhm_x": 2.6923166666666667,
  "fwhm_y": 2.52684,
  "fwhm_z": 3.081993333333333,
  "gcor": 0.0416765,
  "gsr_x": -0.014432123862206936,
  "gsr_y": 0.03400983661413193,
  "provenance": {
    "md5sum": "632ddc1b0cdcc06ce69935052d741758",
    "settings": {
      "fd_thres": 0.2,
      "testing": false
    },
    "software": "mriqc",
    "version": "21.0.0rc2",
    "webapi_port": null,
    "webapi_url": "https://mriqc.nimh.nih.gov/api/v1"
  },
  "size_t": 104,
  "size_x": 64,
  "size_y": 64,
  "size_z": 53,
  "snr": 2.8304922207214145,
  "spacing_tr": 3.0,
  "spacing_x": 3.0,
  "spacing_y": 3.0,
  "spacing_z": 3.0,
  "summary_bg_k": 40.33476948222619,
  "summary_bg_mad": 13.015534825876768,
  "summary_bg_mean": 63.42244338989258,
  "summary_bg_median": 34.20192337036133,
  "summary_bg_n": 132678.0,
  "summary_bg_p05": 24.875,
  "summary_bg_p95": 199.81202163696273,
  "summary_bg_stdv": 76.55619049072266,
  "summary_fg_k": 5.2374965293799,
  "summary_fg_mad": 176.78601700121905,
  "summary_fg_mean": 690.0325317382812,
  "summary_fg_median": 641.7596435546875,
  "summary_fg_n": 42483.0,
  "summary_fg_p05": 419.77117919921875,
  "summary_fg_p95": 1119.6625,
  "summary_fg_stdv": 226.72808837890625,
  "tsnr": 74.69458393752575
}