{
  "aor": 0.027583106796116506,
  "aqi": 0.005379271650485435,
  "bids_meta": {
    "BandwidthPerPixelPhaseEncode": 31.25,
    "EchoTime": 0.025,
    "EffectiveEchoSpacing": 0.0005,
    "FlipAngle": 75,
    "ImageType": [
      "ORIGINAL",
      "PRIMARY",
      "M",
      "ND",
      "MOSAIC"
    ],
    "MagneticFieldStrength": 3,
    "Manufacturer": "Siemens",
    "ManufacturersModelName": "TrioTim",
    "Modality": "MR",
    "PhaseEncodingDirection": "j-",
    "PixelBandwidth": 3005,
    "RepetitionTime": 3,
    "ScanningSequence": "EP",
    "SequenceVariant": "SK",
    "SliceThickness": 3,
    "SliceTiming": [
      0,
      1.5225,
      0.055,
      1.58,
      0.1125,
      1.6375,
      0.17,
      1.6925,
      0.225,
      1.75,
      0.2825,
      1.805,
      0.3375,
      1.8625,
      0.395,
      1.92,
      0.45,
      1.975,
      0.5075,
      2.0325,
      0.565,
      2.0875,
      0.62,
      2.145,
      0.6775,
      2.2,
      0.7325,
      2.2575,
      0.79,
      2.315,
      0.8475,
      2.37,
      0.9025,
      2.4275,
      0.96,
      2.4825,
      1.015,
      2.54,
      1.0725,
      2.595,
      1.1275,
      2.6525,
      1.185,
      2.71,
      1.2425,
      2.765,
      1.2975,
      2.8225,
      1.355,
      2.8775,
      1.41,
      2.935,
      1.4675
    ],
    "SpacingBetweenSlices": 3,
    "TaskName": "risk choice task",
    "TotalReadoutTime": 0.0315,
    "dataset": "ds002843",
    "modality": "bold",
    "run_id": 1,
    "session_id": "scan1",
    "subject_id": "dmp1248",
    "task_id": "risk"
  },
  "dummy_trs": 1,
  "dvars_nstd": 23.4257235245098,
  "dvars_std": 1.2903751762745097,
  "dvars_vstd": 1.1751917410784318,
  "efc": 0.5634180522423553,
  "fber": 341.78424072265625,
  "fd_mean": 0.15307725875439515,
  "fd_num": 15,
  "fd_perc": 14.563106796116505,
  "fwhm_avg": 2.73132,
  "fwhm_x": 2.67665,
  "fwhm_y": 2.51728,
  "fwhm_z": 3.00003,
  "gcor": 0.0147792,
  "gsr_x": -0.012726240791380405,
  "gsr_y": 0.03300812840461731,
  "provenance": {
    "md5sum": "3fc300d84ca628232930e1ea8a19a41b",
    "settings": {
      "fd_thres": 0.2,
      "testing": false
    },
    "software": "mriqc",
    "version": "21.0.0rc2",
    "webapi_port": null,
    "webapi_url": "https://mriqc.nimh.nih.gov/api/v1"
  },
  "size_t": 103,
  "size_x": 64,
  "size_y": 64,
  "size_z": 53,
  "snr": 2.816535128684204,
  "spacing_tr": 3.0,
  "spacing_x": 3.0,
  "spacing_y": 3.0,
  "spacing_z": 3.0,
  "summary_bg_k": 40.993377118939556,
  "summary_bg_mad": 13.86161020957005,
  "summary_bg_mean": 63.10361099243164,
  "summary_bg_median": 34.11650466918945,
  "summary_bg_n": 132580.0,
  "summary_bg_p05": 23.339805603027344,
  "summary_bg_p95": 197.42718505859375,
  "summary_bg_stdv": 76.40703582763672,
  "summary_fg_k": 5.251408361841369,
  "summary_fg_mad": 176.38649986287055,
  "summary_fg_mean": 686.157958984375,
  "summary_fg_median": 637.58251953125,
  "summary_fg_n": 42659.0,
  "summary_fg_p05": 418.2718505859375,
  "summary_fg_p95": 1115.1485473632813,
  "summary_fg_stdv": 226.3685760498047,
  "tsnr": 58.09784882911481
}