{
  "aor": 0.00233925,
  "aqi": 0.0078209458125,
  "bids_meta": {
    "BandwidthPerPixelPhaseEncode": 31.25,
    "EchoTime": 0.025,
    "EffectiveEchoSpacing": 0.0005,
    "FlipAngle": 75,
    "ImageType": [
      "ORIGINAL",
      "PRIMARY",
      "M",
      "ND",
      "MOSAIC"
    ],
    "MagneticFieldStrength": 3,
    "Manufacturer": "Siemens",
    "ManufacturersModelName": "TrioTim",
    "Modality": "MR",
    "PhaseEncodingDirection": "j-",
    "PixelBandwidth": 3005,
    "RepetitionTime": 3,
    "ScanningSequence": "EP",
    "SequenceVariant": "SK",
    "SliceThickness": 3,
    "SliceTiming": [
      0,
      1.5225,
      0.055,
      1.58,
      0.1125,
      1.635,
      0.1675,
      1.6925,
      0.225,
      1.75,
      0.2825,
      1.805,
      0.3375,
      1.8625,
      0.395,
      1.9175,
      0.45,
      1.975,
      0.5075,
      2.03,
      0.5625,
      2.0875,
      0.62,
      2.145,
      0.6775,
      2.2,
      0.7325,
      2.2575,
      0.79,
      2.3125,
      0.845,
      2.37,
      0.9025,
      2.425,
      0.9575,
      2.4825,
      1.015,
      2.54,
      1.0725,
      2.595,
      1.1275,
      2.6525,
      1.185,
      2.7075,
      1.24,
      2.765,
      1.2975,
      2.8225,
      1.355,
      2.8775,
      1.41,
      2.935,
      1.4675
    ],
    "SpacingBetweenSlices": 3,
    "TaskName": "rest",
    "TotalReadoutTime": 0.0315,
    "dataset": "ds002843",
    "modality": "bold",
    "session_id": "scan2",
    "subject_id": "dmp0109",
    "task_id": "rest"
  },
  "dummy_trs": 0,
  "dvars_nstd": 23.05302555767295,
  "dvars_std": 1.0994687379874217,
  "dvars_vstd": 0.935369554779874,
  "efc": 0.5680567910488393,
  "fber": 363.48626708984375,
  "fd_mean": 0.14256076275516227,
  "fd_num": 40,
  "fd_perc": 25.0,
  "fwhm_avg": 2.3620655555555556,
  "fwhm_x": 2.26906,
  "fwhm_y": 2.3049433333333336,
  "fwhm_z": 2.5121933333333333,
  "gcor": 0.0202732,
  "gsr_x": 0.008293540216982365,
  "gsr_y": 0.050846751779317856,
  "provenance": {
    "md5sum": "887763f96cb668f3730473f5c307547a",
    "settings": {
      "fd_thres": 0.2,
      "testing": false
    },
    "software": "mriqc",
    "version": "21.0.0rc2",
    "webapi_port": null,
    "webapi_url": "https://mriqc.nimh.nih.gov/api/v1"
  },
  "size_t": 160,
  "size_x": 64,
  "size_y": 64,
  "size_z": 53,
  "snr": 3.53734239508722,
  "spacing_tr": 3.0,
  "spacing_x": 3.0,
  "spacing_y": 3.0,
  "spacing_z": 3.0,
  "summary_bg_k": 30.157509412463696,
  "summary_bg_mad": 13.158094689237217,
  "summary_bg_mean": 67.5310287475586,
  "summary_bg_median": 34.29375076293945,
  "summary_bg_n": 135777.0,
  "summary_bg_p05": 23.912500381469727,
  "summary_bg_p95": 228.0012512207031,
  "summary_bg_stdv": 84.98116302490234,
  "summary_fg_k": 1.230366842542363,
  "summary_fg_mad": 183.4534739141653,
  "summary_fg_mean": 692.8257446289062,
  "summary_fg_median": 667.1062622070312,
  "summary_fg_n": 38595.0,
  "summary_fg_p05": 434.78626403808596,
  "summary_fg_p95": 1032.6119140624996,
  "summary_fg_stdv": 188.5872344970703,
  "tsnr": 50.214801436755806
}