{
  "aor": 0.0045445192307692305,
  "aqi": 0.002164192884615384,
  "bids_meta": {
    "BandwidthPerPixelPhaseEncode": 31.25,
    "EchoTime": 0.025,
    "EffectiveEchoSpacing": 0.0005,
    "FlipAngle": 75,
    "ImageType": [
      "ORIGINAL",
      "PRIMARY",
      "M",
      "ND",
      "MOSAIC"
    ],
    "MagneticFieldStrength": 3,
    "Manufacturer": "Siemens",
    "ManufacturersModelName": "TrioTim",
    "Modality": "MR",
    "PhaseEncodingDirection": "j-",
    "PixelBandwidth": 3005,
    "RepetitionTime": 3,
    "ScanningSequence": "EP",
    "SequenceVariant": "SK",
    "SliceThickness": 3,
    "SliceTiming": [
      0,
      1.5225,
      0.055,
      1.58,
      0.1125,
      1.6375,
      0.17,
      1.6925,
      0.225,
      1.75,
      0.2825,
      1.805,
      0.3375,
      1.8625,
      0.395,
      1.92,
      0.45,
      1.975,
      0.5075,
      2.0325,
      0.565,
      2.0875,
      0.62,
      2.145,
      0.6775,
      2.2,
      0.7325,
      2.2575,
      0.79,
      2.315,
      0.8475,
      2.37,
      0.9025,
      2.4275,
      0.96,
      2.4825,
      1.015,
      2.54,
      1.0725,
      2.595,
      1.1275,
      2.6525,
      1.185,
      2.71,
      1.2425,
      2.765,
      1.2975,
      2.8225,
      1.355,
      2.8775,
      1.41,
      2.935,
      1.4675
    ],
    "SpacingBetweenSlices": 3,
    "TaskName": "risk choice task",
    "TotalReadoutTime": 0.0315,
    "dataset": "ds002843",
    "modality": "bold",
    "run_id": 3,
    "session_id": "scan1",
    "subject_id": "dmp0202",
    "task_id": "risk"
  },
  "dummy_trs": 0,
  "dvars_nstd": 23.871178228932028,
  "dvars_std": 1.255792609126214,
  "dvars_vstd": 1.0178845971844661,
  "efc": 0.5365637445768989,
  "fber": 499.8196105957031,
  "fd_mean": 0.12660059164341922,
  "fd_num": 17,
  "fd_perc": 16.346153846153847,
  "fwhm_avg": 2.677543333333334,
  "fwhm_x": 2.5984266666666667,
  "fwhm_y": 2.6764833333333335,
  "fwhm_z": 2.7577200000000004,
  "gcor": 0.0265582,
  "gsr_x": -0.008542152121663094,
  "gsr_y": 0.04350753501057625,
  "provenance": {
    "md5sum": "f1a759e86b0c51cb0cb4d65feb1f6138",
    "settings": {
      "fd_thres": 0.2,
      "testing": false
    },
    "software": "mriqc",
    "version": "21.0.0rc2",
    "webapi_port": null,
    "webapi_url": "https://mriqc.nimh.nih.gov/api/v1"
  },
  "size_t": 104,
  "size_x": 64,
  "size_y": 64,
  "size_z": 53,
  "snr": 2.7821741125306834,
  "spacing_tr": 3.0,
  "spacing_x": 3.0,
  "spacing_y": 3.0,
  "spacing_z": 3.0,
  "summary_bg_k": 15.920986645810565,
  "summary_bg_mad": 9.194985347899445,
  "summary_bg_mean": 65.04239654541016,
  "summary_bg_median": 33.21154022216797,
  "summary_bg_n": 136071.0,
  "summary_bg_p05": 26.423078536987305,
  "summary_bg_p95": 228.38462829589844,
  "summary_bg_stdv": 78.71112823486328,
  "summary_fg_k": 2.5432692320106822,
  "summary_fg_mad": 220.17353298043986,
  "summary_fg_mean": 805.4940795898438,
  "summary_fg_median": 747.2403564453125,
  "summary_fg_n": 39664.0,
  "summary_fg_p05": 484.5605926513672,
  "summary_fg_p95": 1335.5452209472655,
  "summary_fg_stdv": 268.57806396484375,
  "tsnr": 86.08930379594676
}