{
  "aor": 0.016484937499999998,
  "aqi": 0.008336672937500001,
  "bids_meta": {
    "BandwidthPerPixelPhaseEncode": 31.25,
    "EchoTime": 0.025,
    "EffectiveEchoSpacing": 0.0005,
    "FlipAngle": 75,
    "ImageType": [
      "ORIGINAL",
      "PRIMARY",
      "M",
      "ND",
      "MOSAIC"
    ],
    "MagneticFieldStrength": 3,
    "Manufacturer": "Siemens",
    "ManufacturersModelName": "TrioTim",
    "Modality": "MR",
    "PhaseEncodingDirection": "j-",
    "PixelBandwidth": 3005,
    "RepetitionTime": 3,
    "ScanningSequence": "EP",
    "SequenceVariant": "SK",
    "SliceThickness": 3,
    "SliceTiming": [
      0,
      1.5225,
      0.055,
      1.58,
      0.1125,
      1.635,
      0.1675,
      1.6925,
      0.225,
      1.75,
      0.2825,
      1.805,
      0.3375,
      1.8625,
      0.395,
      1.9175,
      0.45,
      1.975,
      0.5075,
      2.03,
      0.5625,
      2.0875,
      0.62,
      2.145,
      0.6775,
      2.2,
      0.7325,
      2.2575,
      0.79,
      2.3125,
      0.845,
      2.37,
      0.9025,
      2.425,
      0.9575,
      2.4825,
      1.015,
      2.54,
      1.0725,
      2.595,
      1.1275,
      2.6525,
      1.185,
      2.7075,
      1.24,
      2.765,
      1.2975,
      2.8225,
      1.355,
      2.8775,
      1.41,
      2.935,
      1.4675
    ],
    "SpacingBetweenSlices": 3,
    "TaskName": "rest",
    "TotalReadoutTime": 0.0315,
    "dataset": "ds002843",
    "modality": "bold",
    "session_id": "scan1",
    "subject_id": "dmp0889",
    "task_id": "rest"
  },
  "dummy_trs": 0,
  "dvars_nstd": 25.777553690566045,
  "dvars_std": 1.14118749408805,
  "dvars_vstd": 1.0629419749056608,
  "efc": 0.5500518340131172,
  "fber": 369.151123046875,
  "fd_mean": 0.2764238342746522,
  "fd_num": 64,
  "fd_perc": 40.0,
  "fwhm_avg": 2.2838600000000002,
  "fwhm_x": 2.176066666666667,
  "fwhm_y": 2.20057,
  "fwhm_z": 2.4749433333333335,
  "gcor": 0.0279848,
  "gsr_x": 0.0036122507881373167,
  "gsr_y": 0.03501969575881958,
  "provenance": {
    "md5sum": "6740dcc7373c2972df79686d10c087f7",
    "settings": {
      "fd_thres": 0.2,
      "testing": false
    },
    "software": "mriqc",
    "version": "21.0.0rc2",
    "webapi_port": null,
    "webapi_url": "https://mriqc.nimh.nih.gov/api/v1"
  },
  "size_t": 160,
  "size_x": 64,
  "size_y": 64,
  "size_z": 53,
  "snr": 3.580822287200268,
  "spacing_tr": 3.0,
  "spacing_x": 3.0,
  "spacing_y": 3.0,
  "spacing_z": 3.0,
  "summary_bg_k": 41.38853385665831,
  "summary_bg_mad": 9.507187291735036,
  "summary_bg_mean": 57.15555953979492,
  "summary_bg_median": 30.443750381469727,
  "summary_bg_n": 141160.0,
  "summary_bg_p05": 23.168750762939453,
  "summary_bg_p95": 176.76343460082987,
  "summary_bg_stdv": 72.47589111328125,
  "summary_fg_k": 2.1855120223798465,
  "summary_fg_mad": 153.5419922539864,
  "summary_fg_mean": 620.7313842773438,
  "summary_fg_median": 592.375,
  "summary_fg_n": 35525.0,
  "summary_fg_p05": 403.4075134277344,
  "summary_fg_p95": 922.0300292968749,
  "summary_fg_stdv": 165.42755126953125,
  "tsnr": 47.61078282294329
}