{
  "aor": 0.0019461006289308175,
  "aqi": 0.004962486477987422,
  "bids_meta": {
    "BandwidthPerPixelPhaseEncode": 31.25,
    "EchoTime": 0.025,
    "EffectiveEchoSpacing": 0.0005,
    "FlipAngle": 75,
    "ImageType": [
      "ORIGINAL",
      "PRIMARY",
      "M",
      "ND",
      "MOSAIC"
    ],
    "MagneticFieldStrength": 3,
    "Manufacturer": "Siemens",
    "ManufacturersModelName": "TrioTim",
    "Modality": "MR",
    "PhaseEncodingDirection": "j-",
    "PixelBandwidth": 3005,
    "RepetitionTime": 3,
    "ScanningSequence": "EP",
    "SequenceVariant": "SK",
    "SliceThickness": 3,
    "SliceTiming": [
      0,
      1.5225,
      0.055,
      1.58,
      0.1125,
      1.635,
      0.1675,
      1.6925,
      0.225,
      1.75,
      0.2825,
      1.805,
      0.3375,
      1.8625,
      0.395,
      1.9175,
      0.45,
      1.975,
      0.5075,
      2.03,
      0.5625,
      2.0875,
      0.62,
      2.145,
      0.6775,
      2.2,
      0.7325,
      2.2575,
      0.79,
      2.3125,
      0.845,
      2.37,
      0.9025,
      2.425,
      0.9575,
      2.4825,
      1.015,
      2.54,
      1.0725,
      2.595,
      1.1275,
      2.6525,
      1.185,
      2.7075,
      1.24,
      2.765,
      1.2975,
      2.8225,
      1.355,
      2.8775,
      1.41,
      2.935,
      1.4675
    ],
    "SpacingBetweenSlices": 3,
    "TaskName": "rest",
    "TotalReadoutTime": 0.0315,
    "dataset": "ds002843",
    "modality": "bold",
    "session_id": "scan2",
    "subject_id": "dmp0848",
    "task_id": "rest"
  },
  "dummy_trs": 1,
  "dvars_nstd": 22.687042622594948,
  "dvars_std": 1.1767616322151897,
  "dvars_vstd": 0.9739301769620252,
  "efc": 0.5847691798459382,
  "fber": 302.49853515625,
  "fd_mean": 0.08377182972782468,
  "fd_num": 2,
  "fd_perc": 1.2578616352201257,
  "fwhm_avg": 2.8112866666666663,
  "fwhm_x": 2.6663466666666666,
  "fwhm_y": 2.6551233333333335,
  "fwhm_z": 3.11239,
  "gcor": 0.00932148,
  "gsr_x": -0.016352441161870956,
  "gsr_y": 0.08555412292480469,
  "provenance": {
    "md5sum": "a9854a29bbee507d717848c72248badb",
    "settings": {
      "fd_thres": 0.2,
      "testing": false
    },
    "software": "mriqc",
    "version": "21.0.0rc2",
    "webapi_port": null,
    "webapi_url": "https://mriqc.nimh.nih.gov/api/v1"
  },
  "size_t": 159,
  "size_x": 64,
  "size_y": 64,
  "size_z": 53,
  "snr": 2.594268364983345,
  "spacing_tr": 3.0,
  "spacing_x": 3.0,
  "spacing_y": 3.0,
  "spacing_z": 3.0,
  "summary_bg_k": 15.643359832797028,
  "summary_bg_mad": 16.78417365755834,
  "summary_bg_mean": 90.26636505126953,
  "summary_bg_median": 39.17609786987305,
  "summary_bg_n": 130601.0,
  "summary_bg_p05": 26.17609977722168,
  "summary_bg_p95": 342.3962097167969,
  "summary_bg_stdv": 121.2939224243164,
  "summary_fg_k": 4.571734076826188,
  "summary_fg_mad": 208.04454557452507,
  "summary_fg_mean": 759.5562744140625,
  "summary_fg_median": 701.1446533203125,
  "summary_fg_n": 42554.0,
  "summary_fg_p05": 449.08740386962893,
  "summary_fg_p95": 1287.1427062988282,
  "summary_fg_stdv": 270.2636413574219,
  "tsnr": 70.06273280084133
}