{
  "aor": 0.005176923076923077,
  "aqi": 0.001882108269230769,
  "bids_meta": {
    "BandwidthPerPixelPhaseEncode": 31.25,
    "EchoTime": 0.025,
    "EffectiveEchoSpacing": 0.0005,
    "FlipAngle": 75,
    "ImageType": [
      "ORIGINAL",
      "PRIMARY",
      "M",
      "ND",
      "MOSAIC"
    ],
    "MagneticFieldStrength": 3,
    "Manufacturer": "Siemens",
    "ManufacturersModelName": "TrioTim",
    "Modality": "MR",
    "PhaseEncodingDirection": "j-",
    "PixelBandwidth": 3005,
    "RepetitionTime": 3,
    "ScanningSequence": "EP",
    "SequenceVariant": "SK",
    "SliceThickness": 3,
    "SliceTiming": [
      0,
      1.5225,
      0.055,
      1.58,
      0.1125,
      1.6375,
      0.17,
      1.6925,
      0.225,
      1.75,
      0.2825,
      1.805,
      0.3375,
      1.8625,
      0.395,
      1.92,
      0.45,
      1.975,
      0.5075,
      2.0325,
      0.565,
      2.0875,
      0.62,
      2.145,
      0.6775,
      2.2,
      0.7325,
      2.2575,
      0.79,
      2.315,
      0.8475,
      2.37,
      0.9025,
      2.4275,
      0.96,
      2.4825,
      1.015,
      2.54,
      1.0725,
      2.595,
      1.1275,
      2.6525,
      1.185,
      2.71,
      1.2425,
      2.765,
      1.2975,
      2.8225,
      1.355,
      2.8775,
      1.41,
      2.935,
      1.4675
    ],
    "SpacingBetweenSlices": 3,
    "TaskName": "intertemporal choice task",
    "TotalReadoutTime": 0.0315,
    "dataset": "ds002843",
    "modality": "bold",
    "run_id": 1,
    "session_id": "scan2",
    "subject_id": "dmp0019",
    "task_id": "itc"
  },
  "dummy_trs": 0,
  "dvars_nstd": 22.795325122233002,
  "dvars_std": 1.2577057970873786,
  "dvars_vstd": 1.0295733662135929,
  "efc": 0.5686234623118066,
  "fber": 341.6273498535156,
  "fd_mean": 0.0795867038308039,
  "fd_num": 3,
  "fd_perc": 2.8846153846153846,
  "fwhm_avg": 2.7497544444444446,
  "fwhm_x": 2.65433,
  "fwhm_y": 2.5684666666666667,
  "fwhm_z": 3.0264666666666664,
  "gcor": 0.0200511,
  "gsr_x": 0.0024194878060370684,
  "gsr_y": 0.04622749239206314,
  "provenance": {
    "md5sum": "3b851d58dab9c36cad3b738421428a77",
    "settings": {
      "fd_thres": 0.2,
      "testing": false
    },
    "software": "mriqc",
    "version": "21.0.0rc2",
    "webapi_port": null,
    "webapi_url": "https://mriqc.nimh.nih.gov/api/v1"
  },
  "size_t": 104,
  "size_x": 64,
  "size_y": 64,
  "size_z": 53,
  "snr": 2.3527243335223718,
  "spacing_tr": 3.0,
  "spacing_x": 3.0,
  "spacing_y": 3.0,
  "spacing_z": 3.0,
  "summary_bg_k": 21.28472997422821,
  "summary_bg_mad": 17.862502311988475,
  "summary_bg_mean": 87.40048217773438,
  "summary_bg_median": 41.04807662963867,
  "summary_bg_n": 128771.0,
  "summary_bg_p05": 28.13461685180664,
  "summary_bg_p95": 308.78367614746094,
  "summary_bg_stdv": 112.39392852783203,
  "summary_fg_k": 3.112240842530462,
  "summary_fg_mad": 254.52997083410656,
  "summary_fg_mean": 861.0330200195312,
  "summary_fg_median": 779.78369140625,
  "summary_fg_n": 44332.0,
  "summary_fg_p05": 483.26060485839844,
  "summary_fg_p95": 1529.8298461914053,
  "summary_fg_stdv": 331.43487548828125,
  "tsnr": 87.70564675331116
}