{
  "aor": 0.009899807692307692,
  "aqi": 0.005349377403846153,
  "bids_meta": {
    "BandwidthPerPixelPhaseEncode": 31.25,
    "EchoTime": 0.025,
    "EffectiveEchoSpacing": 0.0005,
    "FlipAngle": 75,
    "ImageType": [
      "ORIGINAL",
      "PRIMARY",
      "M",
      "ND",
      "MOSAIC"
    ],
    "MagneticFieldStrength": 3,
    "Manufacturer": "Siemens",
    "ManufacturersModelName": "TrioTim",
    "Modality": "MR",
    "PhaseEncodingDirection": "j-",
    "PixelBandwidth": 3005,
    "RepetitionTime": 3,
    "ScanningSequence": "EP",
    "SequenceVariant": "SK",
    "SliceThickness": 3,
    "SliceTiming": [
      0,
      1.5225,
      0.055,
      1.58,
      0.1125,
      1.6375,
      0.17,
      1.6925,
      0.225,
      1.75,
      0.2825,
      1.805,
      0.3375,
      1.8625,
      0.395,
      1.92,
      0.45,
      1.975,
      0.5075,
      2.0325,
      0.565,
      2.0875,
      0.62,
      2.145,
      0.6775,
      2.2,
      0.7325,
      2.2575,
      0.79,
      2.315,
      0.8475,
      2.37,
      0.9025,
      2.4275,
      0.96,
      2.4825,
      1.015,
      2.54,
      1.0725,
      2.595,
      1.1275,
      2.6525,
      1.185,
      2.71,
      1.2425,
      2.765,
      1.2975,
      2.8225,
      1.355,
      2.8775,
      1.41,
      2.935,
      1.4675
    ],
    "SpacingBetweenSlices": 3,
    "TaskName": "risk choice task",
    "TotalReadoutTime": 0.0315,
    "dataset": "ds002843",
    "modality": "bold",
    "run_id": 3,
    "session_id": "scan2",
    "subject_id": "dmp0273",
    "task_id": "risk"
  },
  "dummy_trs": 0,
  "dvars_nstd": 20.577638209708734,
  "dvars_std": 1.0923882540776697,
  "dvars_vstd": 0.9930455226213595,
  "efc": 0.5620462549265561,
  "fber": 359.9906311035156,
  "fd_mean": 0.12684539153928168,
  "fd_num": 17,
  "fd_perc": 16.346153846153847,
  "fwhm_avg": 2.2179366666666667,
  "fwhm_x": 2.0366733333333333,
  "fwhm_y": 2.1991433333333332,
  "fwhm_z": 2.4179933333333334,
  "gcor": 0.0428383,
  "gsr_x": 0.014193578623235226,
  "gsr_y": 0.038212183862924576,
  "provenance": {
    "md5sum": "8a1ba84f8cf59a4f043bbbec4c67fa09",
    "settings": {
      "fd_thres": 0.2,
      "testing": false
    },
    "software": "mriqc",
    "version": "21.0.0rc2",
    "webapi_port": null,
    "webapi_url": "https://mriqc.nimh.nih.gov/api/v1"
  },
  "size_t": 104,
  "size_x": 64,
  "size_y": 64,
  "size_z": 53,
  "snr": 3.7431555775761676,
  "spacing_tr": 3.0,
  "spacing_x": 3.0,
  "spacing_y": 3.0,
  "spacing_z": 3.0,
  "summary_bg_k": 44.78668101240955,
  "summary_bg_mad": 12.131676681102833,
  "summary_bg_mean": 60.7834358215332,
  "summary_bg_median": 33.480770111083984,
  "summary_bg_n": 136543.0,
  "summary_bg_p05": 24.653846740722656,
  "summary_bg_p95": 192.53654479980457,
  "summary_bg_stdv": 72.89988708496094,
  "summary_fg_k": 0.9747034176642604,
  "summary_fg_mad": 159.90720970100193,
  "summary_fg_mean": 664.6686401367188,
  "summary_fg_median": 637.298095703125,
  "summary_fg_n": 38281.0,
  "summary_fg_p05": 435.0384826660156,
  "summary_fg_p95": 980.1154174804688,
  "summary_fg_stdv": 170.2546844482422,
  "tsnr": 68.87197421584278
}