{
  "aor": 0.0018219230769230773,
  "aqi": 0.0028214591346153845,
  "bids_meta": {
    "BandwidthPerPixelPhaseEncode": 31.25,
    "EchoTime": 0.025,
    "EffectiveEchoSpacing": 0.0005,
    "FlipAngle": 75,
    "ImageType": [
      "ORIGINAL",
      "PRIMARY",
      "M",
      "ND",
      "MOSAIC"
    ],
    "MagneticFieldStrength": 3,
    "Manufacturer": "Siemens",
    "ManufacturersModelName": "TrioTim",
    "Modality": "MR",
    "PhaseEncodingDirection": "j-",
    "PixelBandwidth": 3005,
    "RepetitionTime": 3,
    "ScanningSequence": "EP",
    "SequenceVariant": "SK",
    "SliceThickness": 3,
    "SliceTiming": [
      0,
      1.5225,
      0.055,
      1.58,
      0.1125,
      1.6375,
      0.17,
      1.6925,
      0.225,
      1.75,
      0.2825,
      1.805,
      0.3375,
      1.8625,
      0.395,
      1.92,
      0.45,
      1.975,
      0.5075,
      2.0325,
      0.565,
      2.0875,
      0.62,
      2.145,
      0.6775,
      2.2,
      0.7325,
      2.2575,
      0.79,
      2.315,
      0.8475,
      2.37,
      0.9025,
      2.4275,
      0.96,
      2.4825,
      1.015,
      2.54,
      1.0725,
      2.595,
      1.1275,
      2.6525,
      1.185,
      2.71,
      1.2425,
      2.765,
      1.2975,
      2.8225,
      1.355,
      2.8775,
      1.41,
      2.935,
      1.4675
    ],
    "SpacingBetweenSlices": 3,
    "TaskName": "risk choice task",
    "TotalReadoutTime": 0.0315,
    "dataset": "ds002843",
    "modality": "bold",
    "run_id": 2,
    "session_id": "scan1",
    "subject_id": "dmp1052",
    "task_id": "risk"
  },
  "dummy_trs": 0,
  "dvars_nstd": 24.974844053009704,
  "dvars_std": 1.1886225471844658,
  "dvars_vstd": 0.9813573949514562,
  "efc": 0.5408959717543507,
  "fber": 423.2120666503906,
  "fd_mean": 0.13247803444516226,
  "fd_num": 17,
  "fd_perc": 16.346153846153847,
  "fwhm_avg": 2.841588888888889,
  "fwhm_x": 2.7710966666666668,
  "fwhm_y": 2.705023333333333,
  "fwhm_z": 3.0486466666666665,
  "gcor": 0.0563593,
  "gsr_x": -0.008973242715001106,
  "gsr_y": 0.06793860346078873,
  "provenance": {
    "md5sum": "407612d7597d226d9496c36466d2c897",
    "settings": {
      "fd_thres": 0.2,
      "testing": false
    },
    "software": "mriqc",
    "version": "21.0.0rc2",
    "webapi_port": null,
    "webapi_url": "https://mriqc.nimh.nih.gov/api/v1"
  },
  "size_t": 104,
  "size_x": 64,
  "size_y": 64,
  "size_z": 53,
  "snr": 2.2402452780747715,
  "spacing_tr": 3.0,
  "spacing_x": 3.0,
  "spacing_y": 3.0,
  "spacing_z": 3.0,
  "summary_bg_k": 29.191894932187154,
  "summary_bg_mad": 11.012598862151163,
  "summary_bg_mean": 64.54922485351562,
  "summary_bg_median": 33.716346740722656,
  "summary_bg_n": 131786.0,
  "summary_bg_p05": 25.365385055541992,
  "summary_bg_p95": 221.27645111083984,
  "summary_bg_stdv": 81.96715545654297,
  "summary_fg_k": 4.203285738896505,
  "summary_fg_mad": 227.3086014024271,
  "summary_fg_mean": 775.20849609375,
  "summary_fg_median": 697.6538696289062,
  "summary_fg_n": 43213.0,
  "summary_fg_p05": 431.92694091796875,
  "summary_fg_p95": 1403.9289062500002,
  "summary_fg_stdv": 311.4149169921875,
  "tsnr": 69.63388363271952
}