{
  "aor": 0.0006889308176100629,
  "aqi": 0.0021195250943396226,
  "bids_meta": {
    "BandwidthPerPixelPhaseEncode": 31.25,
    "EchoTime": 0.025,
    "EffectiveEchoSpacing": 0.0005,
    "FlipAngle": 75,
    "ImageType": [
      "ORIGINAL",
      "PRIMARY",
      "M",
      "ND",
      "MOSAIC"
    ],
    "MagneticFieldStrength": 3,
    "Manufacturer": "Siemens",
    "ManufacturersModelName": "TrioTim",
    "Modality": "MR",
    "PhaseEncodingDirection": "j-",
    "PixelBandwidth": 3005,
    "RepetitionTime": 3,
    "ScanningSequence": "EP",
    "SequenceVariant": "SK",
    "SliceThickness": 3,
    "SliceTiming": [
      0,
      1.5225,
      0.055,
      1.58,
      0.1125,
      1.635,
      0.1675,
      1.6925,
      0.225,
      1.75,
      0.2825,
      1.805,
      0.3375,
      1.8625,
      0.395,
      1.9175,
      0.45,
      1.975,
      0.5075,
      2.03,
      0.5625,
      2.0875,
      0.62,
      2.145,
      0.6775,
      2.2,
      0.7325,
      2.2575,
      0.79,
      2.3125,
      0.845,
      2.37,
      0.9025,
      2.425,
      0.9575,
      2.4825,
      1.015,
      2.54,
      1.0725,
      2.595,
      1.1275,
      2.6525,
      1.185,
      2.7075,
      1.24,
      2.765,
      1.2975,
      2.8225,
      1.355,
      2.8775,
      1.41,
      2.935,
      1.4675
    ],
    "SpacingBetweenSlices": 3,
    "TaskName": "rest",
    "TotalReadoutTime": 0.0315,
    "dataset": "ds002843",
    "modality": "bold",
    "session_id": "scan1",
    "subject_id": "dmp1032",
    "task_id": "rest"
  },
  "dummy_trs": 1,
  "dvars_nstd": 15.551992048291137,
  "dvars_std": 1.056039786329114,
  "dvars_vstd": 0.9757130272784805,
  "efc": 0.5487660032310031,
  "fber": 385.23272705078125,
  "fd_mean": 0.03994735657412305,
  "fd_num": 0,
  "fd_perc": 0.0,
  "fwhm_avg": 2.4040700000000004,
  "fwhm_x": 2.3273266666666665,
  "fwhm_y": 2.3335766666666666,
  "fwhm_z": 2.5513066666666666,
  "gcor": 0.0359266,
  "gsr_x": 0.0004866346134804189,
  "gsr_y": 0.05659157782793045,
  "provenance": {
    "md5sum": "1ff8151d0b4d28459cd3ae77ad6e6f3d",
    "settings": {
      "fd_thres": 0.2,
      "testing": false
    },
    "software": "mriqc",
    "version": "21.0.0rc2",
    "webapi_port": null,
    "webapi_url": "https://mriqc.nimh.nih.gov/api/v1"
  },
  "size_t": 159,
  "size_x": 64,
  "size_y": 64,
  "size_z": 53,
  "snr": 3.2840082318166024,
  "spacing_tr": 3.0,
  "spacing_x": 3.0,
  "spacing_y": 3.0,
  "spacing_z": 3.0,
  "summary_bg_k": 61.67762340327347,
  "summary_bg_mad": 9.63225131325685,
  "summary_bg_mean": 58.630191802978516,
  "summary_bg_median": 30.886791229248047,
  "summary_bg_n": 139305.0,
  "summary_bg_p05": 23.823898315429688,
  "summary_bg_p95": 184.41257019042953,
  "summary_bg_stdv": 79.46752166748047,
  "summary_fg_k": 2.4273626987108123,
  "summary_fg_mad": 168.58763575156152,
  "summary_fg_mean": 644.0322265625,
  "summary_fg_median": 611.26416015625,
  "summary_fg_n": 37117.0,
  "summary_fg_p05": 408.2553283691406,
  "summary_fg_p95": 987.7886474609375,
  "summary_fg_stdv": 186.1310577392578,
  "tsnr": 87.4018055619672
}