{
  "aor": 0.0019527884615384618,
  "aqi": 0.002592608365384615,
  "bids_meta": {
    "BandwidthPerPixelPhaseEncode": 31.25,
    "EchoTime": 0.025,
    "EffectiveEchoSpacing": 0.0005,
    "FlipAngle": 75,
    "ImageType": [
      "ORIGINAL",
      "PRIMARY",
      "M",
      "ND",
      "MOSAIC"
    ],
    "MagneticFieldStrength": 3,
    "Manufacturer": "Siemens",
    "ManufacturersModelName": "TrioTim",
    "Modality": "MR",
    "PhaseEncodingDirection": "j-",
    "PixelBandwidth": 3005,
    "RepetitionTime": 3,
    "ScanningSequence": "EP",
    "SequenceVariant": "SK",
    "SliceThickness": 3,
    "SliceTiming": [
      0,
      1.5225,
      0.055,
      1.58,
      0.1125,
      1.6375,
      0.17,
      1.6925,
      0.225,
      1.75,
      0.2825,
      1.805,
      0.3375,
      1.8625,
      0.395,
      1.92,
      0.45,
      1.975,
      0.5075,
      2.0325,
      0.565,
      2.0875,
      0.62,
      2.145,
      0.6775,
      2.2,
      0.7325,
      2.2575,
      0.79,
      2.315,
      0.8475,
      2.37,
      0.9025,
      2.4275,
      0.96,
      2.4825,
      1.015,
      2.54,
      1.0725,
      2.595,
      1.1275,
      2.6525,
      1.185,
      2.71,
      1.2425,
      2.765,
      1.2975,
      2.8225,
      1.355,
      2.8775,
      1.41,
      2.935,
      1.4675
    ],
    "SpacingBetweenSlices": 3,
    "TaskName": "risk choice task",
    "TotalReadoutTime": 0.0315,
    "dataset": "ds002843",
    "modality": "bold",
    "run_id": 4,
    "session_id": "scan1",
    "subject_id": "dmp1226",
    "task_id": "risk"
  },
  "dummy_trs": 0,
  "dvars_nstd": 21.427193021553407,
  "dvars_std": 1.170205072135922,
  "dvars_vstd": 1.0076125910679612,
  "efc": 0.6124944956547741,
  "fber": 255.6261444091797,
  "fd_mean": 0.04154340551198774,
  "fd_num": 1,
  "fd_perc": 0.9615384615384616,
  "fwhm_avg": 2.709224444444444,
  "fwhm_x": 2.4545966666666668,
  "fwhm_y": 2.6597,
  "fwhm_z": 3.0133766666666664,
  "gcor": 0.0315344,
  "gsr_x": -0.02019207365810871,
  "gsr_y": 0.09480425715446472,
  "provenance": {
    "md5sum": "659499c038a46b547843021990bafbea",
    "settings": {
      "fd_thres": 0.2,
      "testing": false
    },
    "software": "mriqc",
    "version": "21.0.0rc2",
    "webapi_port": null,
    "webapi_url": "https://mriqc.nimh.nih.gov/api/v1"
  },
  "size_t": 104,
  "size_x": 64,
  "size_y": 64,
  "size_z": 53,
  "snr": 2.8930087761747534,
  "spacing_tr": 3.0,
  "spacing_x": 3.0,
  "spacing_y": 3.0,
  "spacing_z": 3.0,
  "summary_bg_k": 13.540066292174824,
  "summary_bg_mad": 17.30652930788819,
  "summary_bg_mean": 100.61566162109375,
  "summary_bg_median": 40.75,
  "summary_bg_n": 124161.0,
  "summary_bg_p05": 28.038461685180664,
  "summary_bg_p95": 398.3942565917969,
  "summary_bg_stdv": 143.71339416503906,
  "summary_fg_k": 1.4355201841369185,
  "summary_fg_mad": 208.4624323570604,
  "summary_fg_mean": 732.4523315429688,
  "summary_fg_median": 691.9807739257812,
  "summary_fg_n": 44469.0,
  "summary_fg_p05": 421.67694091796875,
  "summary_fg_p95": 1191.1077392578125,
  "summary_fg_stdv": 239.18800354003906,
  "tsnr": 83.11575635103509
}