{
  "aor": 0.0053538461538461535,
  "aqi": 0.004375877115384615,
  "bids_meta": {
    "BandwidthPerPixelPhaseEncode": 31.25,
    "EchoTime": 0.025,
    "EffectiveEchoSpacing": 0.0005,
    "FlipAngle": 75,
    "ImageType": [
      "ORIGINAL",
      "PRIMARY",
      "M",
      "ND",
      "MOSAIC"
    ],
    "MagneticFieldStrength": 3,
    "Manufacturer": "Siemens",
    "ManufacturersModelName": "TrioTim",
    "Modality": "MR",
    "PhaseEncodingDirection": "j-",
    "PixelBandwidth": 3005,
    "RepetitionTime": 3,
    "ScanningSequence": "EP",
    "SequenceVariant": "SK",
    "SliceThickness": 3,
    "SliceTiming": [
      0,
      1.5225,
      0.055,
      1.58,
      0.1125,
      1.6375,
      0.17,
      1.6925,
      0.225,
      1.75,
      0.2825,
      1.805,
      0.3375,
      1.8625,
      0.395,
      1.92,
      0.45,
      1.975,
      0.5075,
      2.0325,
      0.565,
      2.0875,
      0.62,
      2.145,
      0.6775,
      2.2,
      0.7325,
      2.2575,
      0.79,
      2.315,
      0.8475,
      2.37,
      0.9025,
      2.4275,
      0.96,
      2.4825,
      1.015,
      2.54,
      1.0725,
      2.595,
      1.1275,
      2.6525,
      1.185,
      2.71,
      1.2425,
      2.765,
      1.2975,
      2.8225,
      1.355,
      2.8775,
      1.41,
      2.935,
      1.4675
    ],
    "SpacingBetweenSlices": 3,
    "TaskName": "risk choice task",
    "TotalReadoutTime": 0.0315,
    "dataset": "ds002843",
    "modality": "bold",
    "run_id": 2,
    "session_id": "scan1",
    "subject_id": "dmp1226",
    "task_id": "risk"
  },
  "dummy_trs": 0,
  "dvars_nstd": 22.24107157087378,
  "dvars_std": 1.1786090866990289,
  "dvars_vstd": 1.02152500223301,
  "efc": 0.6095615699668453,
  "fber": 264.5679626464844,
  "fd_mean": 0.050633621181335575,
  "fd_num": 0,
  "fd_perc": 0.0,
  "fwhm_avg": 2.7288055555555553,
  "fwhm_x": 2.4705366666666664,
  "fwhm_y": 2.7017466666666667,
  "fwhm_z": 3.0141333333333336,
  "gcor": 0.0186439,
  "gsr_x": -0.018502403050661087,
  "gsr_y": 0.09795016050338745,
  "provenance": {
    "md5sum": "c2f8f8bfed7df4d3ba42d9f2543e1585",
    "settings": {
      "fd_thres": 0.2,
      "testing": false
    },
    "software": "mriqc",
    "version": "21.0.0rc2",
    "webapi_port": null,
    "webapi_url": "https://mriqc.nimh.nih.gov/api/v1"
  },
  "size_t": 104,
  "size_x": 64,
  "size_y": 64,
  "size_z": 53,
  "snr": 2.918768408213341,
  "spacing_tr": 3.0,
  "spacing_x": 3.0,
  "spacing_y": 3.0,
  "spacing_z": 3.0,
  "summary_bg_k": 14.669689352720635,
  "summary_bg_mad": 16.69353292401159,
  "summary_bg_mean": 97.37146759033203,
  "summary_bg_median": 39.94231033325195,
  "summary_bg_n": 123974.0,
  "summary_bg_p05": 27.173078536987305,
  "summary_bg_p95": 386.484629821777,
  "summary_bg_stdv": 140.08602905273438,
  "summary_fg_k": 1.4217242277237796,
  "summary_fg_mad": 207.37898531347108,
  "summary_fg_mean": 730.4619750976562,
  "summary_fg_median": 690.1827392578125,
  "summary_fg_n": 44229.0,
  "summary_fg_p05": 424.90771484375,
  "summary_fg_p95": 1184.3231689453125,
  "summary_fg_stdv": 236.4610137939453,
  "tsnr": 70.49104907899164
}