{
  "aor": 0.0008051875,
  "aqi": 0.0033879364999999995,
  "bids_meta": {
    "BandwidthPerPixelPhaseEncode": 31.25,
    "EchoTime": 0.025,
    "EffectiveEchoSpacing": 0.0005,
    "FlipAngle": 75,
    "ImageType": [
      "ORIGINAL",
      "PRIMARY",
      "M",
      "ND",
      "MOSAIC"
    ],
    "MagneticFieldStrength": 3,
    "Manufacturer": "Siemens",
    "ManufacturersModelName": "TrioTim",
    "Modality": "MR",
    "PhaseEncodingDirection": "j-",
    "PixelBandwidth": 3005,
    "RepetitionTime": 3,
    "ScanningSequence": "EP",
    "SequenceVariant": "SK",
    "SliceThickness": 3,
    "SliceTiming": [
      0,
      1.5225,
      0.055,
      1.58,
      0.1125,
      1.635,
      0.1675,
      1.6925,
      0.225,
      1.75,
      0.2825,
      1.805,
      0.3375,
      1.8625,
      0.395,
      1.9175,
      0.45,
      1.975,
      0.5075,
      2.03,
      0.5625,
      2.0875,
      0.62,
      2.145,
      0.6775,
      2.2,
      0.7325,
      2.2575,
      0.79,
      2.3125,
      0.845,
      2.37,
      0.9025,
      2.425,
      0.9575,
      2.4825,
      1.015,
      2.54,
      1.0725,
      2.595,
      1.1275,
      2.6525,
      1.185,
      2.7075,
      1.24,
      2.765,
      1.2975,
      2.8225,
      1.355,
      2.8775,
      1.41,
      2.935,
      1.4675
    ],
    "SpacingBetweenSlices": 3,
    "TaskName": "rest",
    "TotalReadoutTime": 0.0315,
    "dataset": "ds002843",
    "modality": "bold",
    "session_id": "scan1",
    "subject_id": "dmp0800",
    "task_id": "rest"
  },
  "dummy_trs": 0,
  "dvars_nstd": 22.09212173597484,
  "dvars_std": 1.273339445283019,
  "dvars_vstd": 0.9921016694339622,
  "efc": 0.5215001990129366,
  "fber": 558.46240234375,
  "fd_mean": 0.04794758860272969,
  "fd_num": 0,
  "fd_perc": 0.0,
  "fwhm_avg": 2.3407911111111113,
  "fwhm_x": 2.28957,
  "fwhm_y": 2.22113,
  "fwhm_z": 2.5116733333333334,
  "gcor": 0.041559,
  "gsr_x": -0.007955707609653473,
  "gsr_y": 0.034115903079509735,
  "provenance": {
    "md5sum": "9e8d3e9187e376fe901147ef82a91eb4",
    "settings": {
      "fd_thres": 0.2,
      "testing": false
    },
    "software": "mriqc",
    "version": "21.0.0rc2",
    "webapi_port": null,
    "webapi_url": "https://mriqc.nimh.nih.gov/api/v1"
  },
  "size_t": 160,
  "size_x": 64,
  "size_y": 64,
  "size_z": 53,
  "snr": 3.805017419788478,
  "spacing_tr": 3.0,
  "spacing_x": 3.0,
  "spacing_y": 3.0,
  "spacing_z": 3.0,
  "summary_bg_k": 44.43811512500575,
  "summary_bg_mad": 6.208396789992208,
  "summary_bg_mean": 52.50551986694336,
  "summary_bg_median": 28.89375114440918,
  "summary_bg_n": 144238.0,
  "summary_bg_p05": 24.39375114440918,
  "summary_bg_p95": 175.03500137329087,
  "summary_bg_stdv": 63.83797073364258,
  "summary_fg_k": 1.18076892837081,
  "summary_fg_mad": 166.98730492671586,
  "summary_fg_mean": 714.2073364257812,
  "summary_fg_median": 686.6968994140625,
  "summary_fg_n": 33596.0,
  "summary_fg_p05": 464.69689178466797,
  "summary_fg_p95": 1040.9796752929688,
  "summary_fg_stdv": 180.46873474121094,
  "tsnr": 83.91462785680778
}