{
  "aor": 0.002509,
  "aqi": 0.0022770830625,
  "bids_meta": {
    "BandwidthPerPixelPhaseEncode": 31.25,
    "EchoTime": 0.025,
    "EffectiveEchoSpacing": 0.0005,
    "FlipAngle": 75,
    "ImageType": [
      "ORIGINAL",
      "PRIMARY",
      "M",
      "ND",
      "MOSAIC"
    ],
    "MagneticFieldStrength": 3,
    "Manufacturer": "Siemens",
    "ManufacturersModelName": "TrioTim",
    "Modality": "MR",
    "PhaseEncodingDirection": "j-",
    "PixelBandwidth": 3005,
    "RepetitionTime": 3,
    "ScanningSequence": "EP",
    "SequenceVariant": "SK",
    "SliceThickness": 3,
    "SliceTiming": [
      0,
      1.5225,
      0.055,
      1.58,
      0.1125,
      1.635,
      0.1675,
      1.6925,
      0.225,
      1.75,
      0.2825,
      1.805,
      0.3375,
      1.8625,
      0.395,
      1.9175,
      0.45,
      1.975,
      0.5075,
      2.03,
      0.5625,
      2.0875,
      0.62,
      2.145,
      0.6775,
      2.2,
      0.7325,
      2.2575,
      0.79,
      2.3125,
      0.845,
      2.37,
      0.9025,
      2.425,
      0.9575,
      2.4825,
      1.015,
      2.54,
      1.0725,
      2.595,
      1.1275,
      2.6525,
      1.185,
      2.7075,
      1.24,
      2.765,
      1.2975,
      2.8225,
      1.355,
      2.8775,
      1.41,
      2.935,
      1.4675
    ],
    "SpacingBetweenSlices": 3,
    "TaskName": "rest",
    "TotalReadoutTime": 0.0315,
    "dataset": "ds002843",
    "modality": "bold",
    "session_id": "scan1",
    "subject_id": "dmp0200",
    "task_id": "rest"
  },
  "dummy_trs": 0,
  "dvars_nstd": 23.799112571698124,
  "dvars_std": 1.1903270653459115,
  "dvars_vstd": 1.0213717195597487,
  "efc": 0.6143046967070898,
  "fber": 164.52926635742188,
  "fd_mean": 0.08641754344064483,
  "fd_num": 7,
  "fd_perc": 4.375,
  "fwhm_avg": 2.372602222222222,
  "fwhm_x": 2.05322,
  "fwhm_y": 2.3923433333333333,
  "fwhm_z": 2.6722433333333337,
  "gcor": 0.0262542,
  "gsr_x": 0.0003383808070793748,
  "gsr_y": 0.059022191911935806,
  "provenance": {
    "md5sum": "978491a1c426b485a763c0b5dd011913",
    "settings": {
      "fd_thres": 0.2,
      "testing": false
    },
    "software": "mriqc",
    "version": "21.0.0rc2",
    "webapi_port": null,
    "webapi_url": "https://mriqc.nimh.nih.gov/api/v1"
  },
  "size_t": 160,
  "size_x": 64,
  "size_y": 64,
  "size_z": 53,
  "snr": 3.111705968364301,
  "spacing_tr": 3.0,
  "spacing_x": 3.0,
  "spacing_y": 3.0,
  "spacing_z": 3.0,
  "summary_bg_k": 38.092439788140084,
  "summary_bg_mad": 23.545577048209953,
  "summary_bg_mean": 78.85553741455078,
  "summary_bg_median": 42.53125,
  "summary_bg_n": 127419.0,
  "summary_bg_p05": 25.78125,
  "summary_bg_p95": 244.77062835693343,
  "summary_bg_stdv": 100.43359375,
  "summary_fg_k": 1.2682962260740513,
  "summary_fg_mad": 167.93252718461383,
  "summary_fg_mean": 596.503173828125,
  "summary_fg_median": 567.1031494140625,
  "summary_fg_n": 44188.0,
  "summary_fg_p05": 355.2584457397461,
  "summary_fg_p95": 932.5165588378907,
  "summary_fg_stdv": 182.24624633789062,
  "tsnr": 79.2148060190957
}