{
  "aor": 0.003322692307692308,
  "aqi": 0.002506438557692308,
  "bids_meta": {
    "BandwidthPerPixelPhaseEncode": 31.25,
    "EchoTime": 0.025,
    "EffectiveEchoSpacing": 0.0005,
    "FlipAngle": 75,
    "ImageType": [
      "ORIGINAL",
      "PRIMARY",
      "M",
      "ND",
      "MOSAIC"
    ],
    "MagneticFieldStrength": 3,
    "Manufacturer": "Siemens",
    "ManufacturersModelName": "TrioTim",
    "Modality": "MR",
    "PhaseEncodingDirection": "j-",
    "PixelBandwidth": 3005,
    "RepetitionTime": 3,
    "ScanningSequence": "EP",
    "SequenceVariant": "SK",
    "SliceThickness": 3,
    "SliceTiming": [
      0,
      1.5225,
      0.055,
      1.58,
      0.1125,
      1.6375,
      0.17,
      1.6925,
      0.225,
      1.75,
      0.2825,
      1.805,
      0.3375,
      1.8625,
      0.395,
      1.92,
      0.45,
      1.975,
      0.5075,
      2.0325,
      0.565,
      2.0875,
      0.62,
      2.145,
      0.6775,
      2.2,
      0.7325,
      2.2575,
      0.79,
      2.315,
      0.8475,
      2.37,
      0.9025,
      2.4275,
      0.96,
      2.4825,
      1.015,
      2.54,
      1.0725,
      2.595,
      1.1275,
      2.6525,
      1.185,
      2.71,
      1.2425,
      2.765,
      1.2975,
      2.8225,
      1.355,
      2.8775,
      1.41,
      2.935,
      1.4675
    ],
    "SpacingBetweenSlices": 3,
    "TaskName": "risk choice task",
    "TotalReadoutTime": 0.0315,
    "dataset": "ds002843",
    "modality": "bold",
    "run_id": 2,
    "session_id": "scan1",
    "subject_id": "dmp0200",
    "task_id": "risk"
  },
  "dummy_trs": 0,
  "dvars_nstd": 24.284014766796115,
  "dvars_std": 1.198433309902912,
  "dvars_vstd": 1.0242723042718447,
  "efc": 0.6158227565281172,
  "fber": 161.25108337402344,
  "fd_mean": 0.11274298833403286,
  "fd_num": 10,
  "fd_perc": 9.615384615384615,
  "fwhm_avg": 2.3797333333333333,
  "fwhm_x": 2.06329,
  "fwhm_y": 2.39423,
  "fwhm_z": 2.68168,
  "gcor": 0.0366886,
  "gsr_x": -0.000447304017143324,
  "gsr_y": 0.059299618005752563,
  "provenance": {
    "md5sum": "26ffa20ebaa34d84b2808b7a2df9a07e",
    "settings": {
      "fd_thres": 0.2,
      "testing": false
    },
    "software": "mriqc",
    "version": "21.0.0rc2",
    "webapi_port": null,
    "webapi_url": "https://mriqc.nimh.nih.gov/api/v1"
  },
  "size_t": 104,
  "size_x": 64,
  "size_y": 64,
  "size_z": 53,
  "snr": 3.0854540906893106,
  "spacing_tr": 3.0,
  "spacing_x": 3.0,
  "spacing_y": 3.0,
  "spacing_z": 3.0,
  "summary_bg_k": 33.06847637664407,
  "summary_bg_mad": 24.021007532955466,
  "summary_bg_mean": 80.10247039794922,
  "summary_bg_median": 43.05769348144531,
  "summary_bg_n": 127086.0,
  "summary_bg_p05": 25.846155166625977,
  "summary_bg_p95": 249.0649185180664,
  "summary_bg_stdv": 101.68190002441406,
  "summary_fg_k": 1.3178183531836334,
  "summary_fg_mad": 169.971806539209,
  "summary_fg_mean": 599.3502807617188,
  "summary_fg_median": 569.5913696289062,
  "summary_fg_n": 44476.0,
  "summary_fg_p05": 353.8966522216797,
  "summary_fg_p95": 938.8413543701172,
  "summary_fg_stdv": 184.60328674316406,
  "tsnr": 78.305137490388
}