{
  "aor": 0.0027423076923076923,
  "aqi": 0.0022988699038461536,
  "bids_meta": {
    "BandwidthPerPixelPhaseEncode": 31.25,
    "EchoTime": 0.025,
    "EffectiveEchoSpacing": 0.0005,
    "FlipAngle": 75,
    "ImageType": [
      "ORIGINAL",
      "PRIMARY",
      "M",
      "ND",
      "MOSAIC"
    ],
    "MagneticFieldStrength": 3,
    "Manufacturer": "Siemens",
    "ManufacturersModelName": "TrioTim",
    "Modality": "MR",
    "PhaseEncodingDirection": "j-",
    "PixelBandwidth": 3005,
    "RepetitionTime": 3,
    "ScanningSequence": "EP",
    "SequenceVariant": "SK",
    "SliceThickness": 3,
    "SliceTiming": [
      0,
      1.5225,
      0.055,
      1.58,
      0.1125,
      1.6375,
      0.17,
      1.6925,
      0.225,
      1.75,
      0.2825,
      1.805,
      0.3375,
      1.8625,
      0.395,
      1.92,
      0.45,
      1.975,
      0.5075,
      2.0325,
      0.565,
      2.0875,
      0.62,
      2.145,
      0.6775,
      2.2,
      0.7325,
      2.2575,
      0.79,
      2.315,
      0.8475,
      2.37,
      0.9025,
      2.4275,
      0.96,
      2.4825,
      1.015,
      2.54,
      1.0725,
      2.595,
      1.1275,
      2.6525,
      1.185,
      2.71,
      1.2425,
      2.765,
      1.2975,
      2.8225,
      1.355,
      2.8775,
      1.41,
      2.935,
      1.4675
    ],
    "SpacingBetweenSlices": 3,
    "TaskName": "intertemporal choice task",
    "TotalReadoutTime": 0.0315,
    "dataset": "ds002843",
    "modality": "bold",
    "run_id": 2,
    "session_id": "scan1",
    "subject_id": "dmp0200",
    "task_id": "itc"
  },
  "dummy_trs": 0,
  "dvars_nstd": 23.320886130679614,
  "dvars_std": 1.193408545533981,
  "dvars_vstd": 1.020052686990292,
  "efc": 0.6157659998533479,
  "fber": 161.50453186035156,
  "fd_mean": 0.0824493226496384,
  "fd_num": 2,
  "fd_perc": 1.9230769230769231,
  "fwhm_avg": 2.3757211111111114,
  "fwhm_x": 2.0543766666666667,
  "fwhm_y": 2.3861733333333333,
  "fwhm_z": 2.6866133333333333,
  "gcor": 0.0324187,
  "gsr_x": -0.0005829217843711376,
  "gsr_y": 0.05932696536183357,
  "provenance": {
    "md5sum": "5933f85ba55d099fd5435c0685e82368",
    "settings": {
      "fd_thres": 0.2,
      "testing": false
    },
    "software": "mriqc",
    "version": "21.0.0rc2",
    "webapi_port": null,
    "webapi_url": "https://mriqc.nimh.nih.gov/api/v1"
  },
  "size_t": 104,
  "size_x": 64,
  "size_y": 64,
  "size_z": 53,
  "snr": 3.0845252239109513,
  "spacing_tr": 3.0,
  "spacing_x": 3.0,
  "spacing_y": 3.0,
  "spacing_z": 3.0,
  "summary_bg_k": 34.044110301183,
  "summary_bg_mad": 24.00675522281053,
  "summary_bg_mean": 79.97064971923828,
  "summary_bg_median": 43.01923370361328,
  "summary_bg_n": 127020.0,
  "summary_bg_p05": 25.951923370361328,
  "summary_bg_p95": 248.7601089477538,
  "summary_bg_stdv": 101.61306762695312,
  "summary_fg_k": 1.3413605412502507,
  "summary_fg_mad": 169.7864586391813,
  "summary_fg_mean": 599.5986328125,
  "summary_fg_median": 569.6538696289062,
  "summary_fg_n": 44438.0,
  "summary_fg_p05": 354.65386962890625,
  "summary_fg_p95": 939.2404174804688,
  "summary_fg_stdv": 184.67913818359375,
  "tsnr": 82.36641151923686
}