{
  "bids_meta": {
    "EchoTime": 0.00311,
    "FlipAngle": 15,
    "ImageType": [
      "ORIGINAL",
      "PRIMARY",
      "M",
      "ND",
      "NORM"
    ],
    "InversionTime": 1.1,
    "MagneticFieldStrength": 3,
    "Manufacturer": "Siemens",
    "ManufacturersModelName": "TrioTim",
    "Modality": "MR",
    "RepetitionTime": 1.63,
    "ScanningSequence": "GR_IR",
    "SequenceVariant": "SP_MP",
    "SliceThickness": 1,
    "dataset": "ds002843",
    "modality": "T1w",
    "session_id": "scan1",
    "subject_id": "dmp0937"
  },
  "cjv": 0.44855341531189574,
  "cnr": 2.8734836202398437,
  "efc": 0.5967715819691225,
  "fber": 12274.5322265625,
  "fwhm_avg": 3.479728222222222,
  "fwhm_x": 3.322848,
  "fwhm_y": 3.8689066666666667,
  "fwhm_z": 3.24743,
  "icvs_csf": 0.17584322137452613,
  "icvs_gm": 0.40545052409857335,
  "icvs_wm": 0.4187062545269005,
  "inu_med": 0.9743016958236694,
  "inu_range": 0.2198827862739562,
  "provenance": {
    "md5sum": "29180d53696681bdace908e86d9e56d8",
    "settings": {
      "testing": false
    },
    "software": "mriqc",
    "version": "21.0.0rc2",
    "warnings": {
      "large_rot_frame": true,
      "small_air_mask": false
    },
    "webapi_port": null,
    "webapi_url": "https://mriqc.nimh.nih.gov/api/v1"
  },
  "qi_1": 0.0009538226865980833,
  "qi_2": 0.010194624370045056,
  "rpve_csf": 15.728076338969323,
  "rpve_gm": 7.342904879467112,
  "rpve_wm": 8.644977627975,
  "size_x": 192,
  "size_y": 256,
  "size_z": 160,
  "snr_csf": 1.9306312760719377,
  "snr_gm": 13.267845340577363,
  "snr_total": 15.06032372360616,
  "snr_wm": 29.98249455416918,
  "snrd_csf": 39.42973219293277,
  "snrd_gm": 81.36529301809732,
  "snrd_total": 74.16445167110236,
  "snrd_wm": 101.69832980227699,
  "spacing_x": 0.9375,
  "spacing_y": 0.9375,
  "spacing_z": 1.0,
  "summary_bg_k": 16.15132892643871,
  "summary_bg_mad": 6.442040650711953,
  "summary_bg_mean": 8.269726753234863,
  "summary_bg_median": 4.521809101104736,
  "summary_bg_n": 2454336.0,
  "summary_bg_p05": 0.0,
  "summary_bg_p95": 26.692485332489014,
  "summary_bg_stdv": 9.633676528930664,
  "summary_csf_k": 36.77560625073859,
  "summary_csf_mad": 94.51937532776755,
  "summary_csf_mean": 441.47125244140625,
  "summary_csf_median": 387.7176513671875,
  "summary_csf_n": 23711.0,
  "summary_csf_p05": 286.78550720214844,
  "summary_csf_p95": 674.887451171875,
  "summary_csf_stdv": 200.82005310058594,
  "summary_gm_k": 0.06005401280911471,
  "summary_gm_mad": 59.450683930286274,
  "summary_gm_mean": 800.9711303710938,
  "summary_gm_median": 800.075439453125,
  "summary_gm_n": 23070.0,
  "summary_gm_p05": 703.7114501953125,
  "summary_gm_p95": 903.2143676757812,
  "summary_gm_stdv": 60.30052947998047,
  "summary_wm_k": 1.3888740948365417,
  "summary_wm_mad": 30.231909788580296,
  "summary_wm_mean": 1002.211181640625,
  "summary_wm_median": 1000.0128173828125,
  "summary_wm_n": 287490.0,
  "summary_wm_p05": 952.2619537353515,
  "summary_wm_p95": 1059.2290283203124,
  "summary_wm_stdv": 33.35316467285156,
  "tpm_overlap_csf": 0.15844853222370148,
  "tpm_overlap_gm": 0.42505785822868347,
  "tpm_overlap_wm": 0.4852874279022217,
  "wm2max": 0.49642539757639687
}