{
  "aor": 0.0013373786407766995,
  "aqi": 0.0023932900970873787,
  "bids_meta": {
    "BandwidthPerPixelPhaseEncode": 31.25,
    "EchoTime": 0.025,
    "EffectiveEchoSpacing": 0.0005,
    "FlipAngle": 75,
    "ImageType": [
      "ORIGINAL",
      "PRIMARY",
      "M",
      "ND",
      "MOSAIC"
    ],
    "MagneticFieldStrength": 3,
    "Manufacturer": "Siemens",
    "ManufacturersModelName": "TrioTim",
    "Modality": "MR",
    "PhaseEncodingDirection": "j-",
    "PixelBandwidth": 3005,
    "RepetitionTime": 3,
    "ScanningSequence": "EP",
    "SequenceVariant": "SK",
    "SliceThickness": 3,
    "SliceTiming": [
      0,
      1.5225,
      0.055,
      1.58,
      0.1125,
      1.6375,
      0.17,
      1.6925,
      0.225,
      1.75,
      0.2825,
      1.805,
      0.3375,
      1.8625,
      0.395,
      1.92,
      0.45,
      1.975,
      0.5075,
      2.0325,
      0.565,
      2.0875,
      0.62,
      2.145,
      0.6775,
      2.2,
      0.7325,
      2.2575,
      0.79,
      2.315,
      0.8475,
      2.37,
      0.9025,
      2.4275,
      0.96,
      2.4825,
      1.015,
      2.54,
      1.0725,
      2.595,
      1.1275,
      2.6525,
      1.185,
      2.71,
      1.2425,
      2.765,
      1.2975,
      2.8225,
      1.355,
      2.8775,
      1.41,
      2.935,
      1.4675
    ],
    "SpacingBetweenSlices": 3,
    "TaskName": "risk choice task",
    "TotalReadoutTime": 0.0315,
    "dataset": "ds002843",
    "modality": "bold",
    "run_id": 1,
    "session_id": "scan1",
    "subject_id": "dmp0217",
    "task_id": "risk"
  },
  "dummy_trs": 1,
  "dvars_nstd": 22.15459161627452,
  "dvars_std": 1.1858466095098041,
  "dvars_vstd": 1.004573476666667,
  "efc": 0.6091079856321187,
  "fber": 181.58729553222656,
  "fd_mean": 0.05940810230636763,
  "fd_num": 2,
  "fd_perc": 1.941747572815534,
  "fwhm_avg": 2.900283174634257,
  "fwhm_x": 2.71016,
  "fwhm_y": 2.68074645362008,
  "fwhm_z": 3.309943070282692,
  "gcor": 0.0104215,
  "gsr_x": -0.001913227722980082,
  "gsr_y": 0.053057122975587845,
  "provenance": {
    "md5sum": "9e698465938a40fed1a37fd08c09166c",
    "settings": {
      "fd_thres": 0.2,
      "testing": false
    },
    "software": "mriqc",
    "version": "21.0.0rc2",
    "webapi_port": null,
    "webapi_url": "https://mriqc.nimh.nih.gov/api/v1"
  },
  "size_t": 103,
  "size_x": 64,
  "size_y": 64,
  "size_z": 53,
  "snr": 2.012889783162253,
  "spacing_tr": 3.0,
  "spacing_x": 3.0,
  "spacing_y": 3.000000238418579,
  "spacing_z": 3.000000238418579,
  "summary_bg_k": 33.39370382297463,
  "summary_bg_mad": 26.398960235209014,
  "summary_bg_mean": 102.08075714111328,
  "summary_bg_median": 47.93204116821289,
  "summary_bg_n": 118382.0,
  "summary_bg_p05": 28.82524299621582,
  "summary_bg_p95": 351.2330017089844,
  "summary_bg_stdv": 134.4021453857422,
  "summary_fg_k": 6.54011548853792,
  "summary_fg_mad": 245.17638329041569,
  "summary_fg_mean": 753.9037475585938,
  "summary_fg_median": 669.7864379882812,
  "summary_fg_n": 51889.0,
  "summary_fg_p05": 404.0563171386719,
  "summary_fg_p95": 1389.6485839843747,
  "summary_fg_stdv": 332.7454833984375,
  "tsnr": 85.23473149398342
}