{
  "aor": 0.005798557692307693,
  "aqi": 0.004511414326923077,
  "bids_meta": {
    "BandwidthPerPixelPhaseEncode": 31.25,
    "EchoTime": 0.025,
    "EffectiveEchoSpacing": 0.0005,
    "FlipAngle": 75,
    "ImageType": [
      "ORIGINAL",
      "PRIMARY",
      "M",
      "ND",
      "MOSAIC"
    ],
    "MagneticFieldStrength": 3,
    "Manufacturer": "Siemens",
    "ManufacturersModelName": "TrioTim",
    "Modality": "MR",
    "PhaseEncodingDirection": "j-",
    "PixelBandwidth": 3005,
    "RepetitionTime": 3,
    "ScanningSequence": "EP",
    "SequenceVariant": "SK",
    "SliceThickness": 3,
    "SliceTiming": [
      0,
      1.5225,
      0.055,
      1.58,
      0.1125,
      1.6375,
      0.17,
      1.6925,
      0.225,
      1.75,
      0.2825,
      1.805,
      0.3375,
      1.8625,
      0.395,
      1.92,
      0.45,
      1.975,
      0.5075,
      2.0325,
      0.565,
      2.0875,
      0.62,
      2.145,
      0.6775,
      2.2,
      0.7325,
      2.2575,
      0.79,
      2.315,
      0.8475,
      2.37,
      0.9025,
      2.4275,
      0.96,
      2.4825,
      1.015,
      2.54,
      1.0725,
      2.595,
      1.1275,
      2.6525,
      1.185,
      2.71,
      1.2425,
      2.765,
      1.2975,
      2.8225,
      1.355,
      2.8775,
      1.41,
      2.935,
      1.4675
    ],
    "SpacingBetweenSlices": 3,
    "TaskName": "intertemporal choice task",
    "TotalReadoutTime": 0.0315,
    "dataset": "ds002843",
    "modality": "bold",
    "run_id": 2,
    "session_id": "scan1",
    "subject_id": "dmp1006",
    "task_id": "itc"
  },
  "dummy_trs": 0,
  "dvars_nstd": 25.930013221456306,
  "dvars_std": 1.2099008813592234,
  "dvars_vstd": 1.0132016088349514,
  "efc": 0.6121471755075194,
  "fber": 245.0631561279297,
  "fd_mean": 0.19892486005681728,
  "fd_num": 27,
  "fd_perc": 25.96153846153846,
  "fwhm_avg": 2.4744322222222226,
  "fwhm_x": 2.3202633333333336,
  "fwhm_y": 2.3823166666666666,
  "fwhm_z": 2.7207166666666667,
  "gcor": 0.0324833,
  "gsr_x": -0.0030643546488136053,
  "gsr_y": 0.06549327820539474,
  "provenance": {
    "md5sum": "cf7a04df1ad5f0ff7d81f313237c0e02",
    "settings": {
      "fd_thres": 0.2,
      "testing": false
    },
    "software": "mriqc",
    "version": "21.0.0rc2",
    "webapi_port": null,
    "webapi_url": "https://mriqc.nimh.nih.gov/api/v1"
  },
  "size_t": 104,
  "size_x": 64,
  "size_y": 64,
  "size_z": 53,
  "snr": 3.180158248751499,
  "spacing_tr": 3.0,
  "spacing_x": 3.0,
  "spacing_y": 3.0,
  "spacing_z": 3.0,
  "summary_bg_k": 27.6572339651309,
  "summary_bg_mad": 21.868385550796944,
  "summary_bg_mean": 90.63557434082031,
  "summary_bg_median": 43.2884635925293,
  "summary_bg_n": 123183.0,
  "summary_bg_p05": 27.057693481445312,
  "summary_bg_p95": 326.61827087402304,
  "summary_bg_stdv": 117.58074188232422,
  "summary_fg_k": 2.1677512187149937,
  "summary_fg_mad": 197.28590647768866,
  "summary_fg_mean": 732.758544921875,
  "summary_fg_median": 695.8269653320312,
  "summary_fg_n": 48223.0,
  "summary_fg_p05": 445.67694091796875,
  "summary_fg_p95": 1131.6615356445313,
  "summary_fg_stdv": 218.80035400390625,
  "tsnr": 68.67410545609891
}