{
  "bids_meta": {
    "EchoTime": 0.00311,
    "FlipAngle": 15,
    "ImageType": [
      "ORIGINAL",
      "PRIMARY",
      "M",
      "ND",
      "NORM"
    ],
    "InversionTime": 1.1,
    "MagneticFieldStrength": 3,
    "Manufacturer": "Siemens",
    "ManufacturersModelName": "TrioTim",
    "Modality": "MR",
    "RepetitionTime": 1.63,
    "ScanningSequence": "GR_IR",
    "SequenceVariant": "SP_MP",
    "SliceThickness": 1,
    "dataset": "ds002843",
    "modality": "T1w",
    "session_id": "scan1",
    "subject_id": "dmp1260"
  },
  "cjv": 0.6372927689470393,
  "cnr": 2.0435810002514736,
  "efc": 0.5440861268755316,
  "fber": 7499.20458984375,
  "fwhm_avg": 3.5755677777777777,
  "fwhm_x": 3.555296,
  "fwhm_y": 3.8837973333333333,
  "fwhm_z": 3.28761,
  "icvs_csf": 0.20019197818240375,
  "icvs_gm": 0.38868922972541137,
  "icvs_wm": 0.4111187920921848,
  "inu_med": 1.2348082065582275,
  "inu_range": 0.29754495024681105,
  "provenance": {
    "md5sum": "843b260e4bf3e874c0db6410f384f9dd",
    "settings": {
      "testing": false
    },
    "software": "mriqc",
    "version": "21.0.0rc2",
    "warnings": {
      "large_rot_frame": true,
      "small_air_mask": false
    },
    "webapi_port": null,
    "webapi_url": "https://mriqc.nimh.nih.gov/api/v1"
  },
  "qi_1": 0.0,
  "qi_2": 0.0073351623756184965,
  "rpve_csf": 20.272608608514815,
  "rpve_gm": 10.465578667245968,
  "rpve_wm": 12.19296957750716,
  "size_x": 192,
  "size_y": 256,
  "size_z": 160,
  "snr_csf": 3.4370301941829196,
  "snr_gm": 13.059394023451901,
  "snr_total": 12.963573065483397,
  "snr_wm": 22.394294978815374,
  "snrd_csf": 39.26819782270473,
  "snrd_gm": 81.614980543367,
  "snrd_total": 72.77573103838954,
  "snrd_wm": 97.4440147490969,
  "spacing_x": 0.9375,
  "spacing_y": 0.9375,
  "spacing_z": 1.0,
  "summary_bg_k": 101.64210116719748,
  "summary_bg_mad": 6.723535440911612,
  "summary_bg_mean": 11.109124183654785,
  "summary_bg_median": 6.793063163757324,
  "summary_bg_n": 2561213.0,
  "summary_bg_p05": 0.0,
  "summary_bg_p95": 35.85639724731445,
  "summary_bg_stdv": 14.548568725585938,
  "summary_csf_k": 6.1976797447440735,
  "summary_csf_mad": 104.92166142555155,
  "summary_csf_mean": 417.6709289550781,
  "summary_csf_median": 403.00177001953125,
  "summary_csf_n": 21430.0,
  "summary_csf_p05": 259.89022674560545,
  "summary_csf_p95": 623.5655792236328,
  "summary_csf_stdv": 117.25016784667969,
  "summary_gm_k": 0.6300509641450787,
  "summary_gm_mad": 60.51594231140493,
  "summary_gm_mean": 842.8483276367188,
  "summary_gm_median": 837.5984497070312,
  "summary_gm_n": 11705.0,
  "summary_gm_p05": 748.7844970703125,
  "summary_gm_p95": 955.4050537109375,
  "summary_gm_stdv": 64.13488006591797,
  "summary_wm_k": 0.7749730182174424,
  "summary_wm_mad": 43.01243137254929,
  "summary_wm_mean": 1003.1386108398438,
  "summary_wm_median": 1000.0487060546875,
  "summary_wm_n": 179382.0,
  "summary_wm_p05": 936.4669006347656,
  "summary_wm_p95": 1080.438391113281,
  "summary_wm_stdv": 44.656280517578125,
  "tpm_overlap_csf": 0.18143557012081146,
  "tpm_overlap_gm": 0.43077850341796875,
  "tpm_overlap_wm": 0.48876258730888367,
  "wm2max": 0.4748348994798572
}