{
  "aor": 0.0006118238993710691,
  "aqi": 0.003681221132075472,
  "bids_meta": {
    "BandwidthPerPixelPhaseEncode": 31.25,
    "EchoTime": 0.025,
    "EffectiveEchoSpacing": 0.0005,
    "FlipAngle": 75,
    "ImageType": [
      "ORIGINAL",
      "PRIMARY",
      "M",
      "ND",
      "MOSAIC"
    ],
    "MagneticFieldStrength": 3,
    "Manufacturer": "Siemens",
    "ManufacturersModelName": "TrioTim",
    "Modality": "MR",
    "PhaseEncodingDirection": "j-",
    "PixelBandwidth": 3005,
    "RepetitionTime": 3,
    "ScanningSequence": "EP",
    "SequenceVariant": "SK",
    "SliceThickness": 3,
    "SliceTiming": [
      0,
      1.5225,
      0.055,
      1.58,
      0.1125,
      1.635,
      0.1675,
      1.6925,
      0.225,
      1.75,
      0.2825,
      1.805,
      0.3375,
      1.8625,
      0.395,
      1.9175,
      0.45,
      1.975,
      0.5075,
      2.03,
      0.5625,
      2.0875,
      0.62,
      2.145,
      0.6775,
      2.2,
      0.7325,
      2.2575,
      0.79,
      2.3125,
      0.845,
      2.37,
      0.9025,
      2.425,
      0.9575,
      2.4825,
      1.015,
      2.54,
      1.0725,
      2.595,
      1.1275,
      2.6525,
      1.185,
      2.7075,
      1.24,
      2.765,
      1.2975,
      2.8225,
      1.355,
      2.8775,
      1.41,
      2.935,
      1.4675
    ],
    "SpacingBetweenSlices": 3,
    "TaskName": "rest",
    "TotalReadoutTime": 0.0315,
    "dataset": "ds002843",
    "modality": "bold",
    "session_id": "scan1",
    "subject_id": "dmp0954",
    "task_id": "rest"
  },
  "dummy_trs": 1,
  "dvars_nstd": 19.974218893417728,
  "dvars_std": 1.1556927958227852,
  "dvars_vstd": 0.9750195912025326,
  "efc": 0.5517536814136006,
  "fber": 404.0814208984375,
  "fd_mean": 0.0452169940824254,
  "fd_num": 1,
  "fd_perc": 0.6289308176100629,
  "fwhm_avg": 2.5905222222222224,
  "fwhm_x": 2.5143866666666668,
  "fwhm_y": 2.4674333333333336,
  "fwhm_z": 2.7897466666666664,
  "gcor": 0.0144903,
  "gsr_x": -0.008106821216642857,
  "gsr_y": 0.04831136018037796,
  "provenance": {
    "md5sum": "663ef191826058b7f39963a0df474a89",
    "settings": {
      "fd_thres": 0.2,
      "testing": false
    },
    "software": "mriqc",
    "version": "21.0.0rc2",
    "webapi_port": null,
    "webapi_url": "https://mriqc.nimh.nih.gov/api/v1"
  },
  "size_t": 159,
  "size_x": 64,
  "size_y": 64,
  "size_z": 53,
  "snr": 2.947705833212054,
  "spacing_tr": 3.0,
  "spacing_x": 3.0,
  "spacing_y": 3.0,
  "spacing_z": 3.0,
  "summary_bg_k": 19.50800107195128,
  "summary_bg_mad": 10.117129609152009,
  "summary_bg_mean": 63.83623123168945,
  "summary_bg_median": 32.38364791870117,
  "summary_bg_n": 135735.0,
  "summary_bg_p05": 25.01886749267578,
  "summary_bg_p95": 232.1691757202146,
  "summary_bg_stdv": 79.83065032958984,
  "summary_fg_k": 2.570129158354143,
  "summary_fg_mad": 180.75630339873697,
  "summary_fg_mean": 709.0366821289062,
  "summary_fg_median": 659.5660400390625,
  "summary_fg_n": 39453.0,
  "summary_fg_p05": 441.7458984375,
  "summary_fg_p95": 1151.6301025390626,
  "summary_fg_stdv": 223.7528839111328,
  "tsnr": 78.85062291962095
}