{
  "aor": 0.014346504854368931,
  "aqi": 0.005836688640776699,
  "bids_meta": {
    "BandwidthPerPixelPhaseEncode": 31.25,
    "EchoTime": 0.025,
    "EffectiveEchoSpacing": 0.0005,
    "FlipAngle": 75,
    "ImageType": [
      "ORIGINAL",
      "PRIMARY",
      "M",
      "ND",
      "MOSAIC"
    ],
    "MagneticFieldStrength": 3,
    "Manufacturer": "Siemens",
    "ManufacturersModelName": "TrioTim",
    "Modality": "MR",
    "PhaseEncodingDirection": "j-",
    "PixelBandwidth": 3005,
    "RepetitionTime": 3,
    "ScanningSequence": "EP",
    "SequenceVariant": "SK",
    "SliceThickness": 3,
    "SliceTiming": [
      0,
      1.5225,
      0.055,
      1.58,
      0.1125,
      1.6375,
      0.17,
      1.6925,
      0.225,
      1.75,
      0.2825,
      1.805,
      0.3375,
      1.8625,
      0.395,
      1.92,
      0.45,
      1.975,
      0.5075,
      2.0325,
      0.565,
      2.0875,
      0.62,
      2.145,
      0.6775,
      2.2,
      0.7325,
      2.2575,
      0.79,
      2.315,
      0.8475,
      2.37,
      0.9025,
      2.4275,
      0.96,
      2.4825,
      1.015,
      2.54,
      1.0725,
      2.595,
      1.1275,
      2.6525,
      1.185,
      2.71,
      1.2425,
      2.765,
      1.2975,
      2.8225,
      1.355,
      2.8775,
      1.41,
      2.935,
      1.4675
    ],
    "SpacingBetweenSlices": 3,
    "TaskName": "risk choice task",
    "TotalReadoutTime": 0.0315,
    "dataset": "ds002843",
    "modality": "bold",
    "run_id": 4,
    "session_id": "scan1",
    "subject_id": "dmp0305",
    "task_id": "risk"
  },
  "dummy_trs": 1,
  "dvars_nstd": 25.286319171666666,
  "dvars_std": 1.1598569776470589,
  "dvars_vstd": 1.0209336162745095,
  "efc": 0.6031126727501754,
  "fber": 202.7430419921875,
  "fd_mean": 0.13136528074493045,
  "fd_num": 17,
  "fd_perc": 16.50485436893204,
  "fwhm_avg": 2.7214111111111112,
  "fwhm_x": 2.49884,
  "fwhm_y": 2.6903366666666666,
  "fwhm_z": 2.9750566666666667,
  "gcor": 0.0177198,
  "gsr_x": -0.01704072579741478,
  "gsr_y": 0.09056329727172852,
  "provenance": {
    "md5sum": "bae248270cd76c891eb6d866325134c4",
    "settings": {
      "fd_thres": 0.2,
      "testing": false
    },
    "software": "mriqc",
    "version": "21.0.0rc2",
    "webapi_port": null,
    "webapi_url": "https://mriqc.nimh.nih.gov/api/v1"
  },
  "size_t": 103,
  "size_x": 64,
  "size_y": 64,
  "size_z": 53,
  "snr": 2.338788500602651,
  "spacing_tr": 3.0,
  "spacing_x": 3.0,
  "spacing_y": 3.0,
  "spacing_z": 3.0,
  "summary_bg_k": 19.210670881363164,
  "summary_bg_mad": 20.511732467518584,
  "summary_bg_mean": 105.87788391113281,
  "summary_bg_median": 44.067962646484375,
  "summary_bg_n": 123969.0,
  "summary_bg_p05": 28.0,
  "summary_bg_p95": 408.96893310546807,
  "summary_bg_stdv": 156.94549560546875,
  "summary_fg_k": 4.704756922519009,
  "summary_fg_mad": 216.04248957357288,
  "summary_fg_mean": 736.779296875,
  "summary_fg_median": 670.1844482421875,
  "summary_fg_n": 42721.0,
  "summary_fg_p05": 413.9805908203125,
  "summary_fg_p95": 1296.213623046875,
  "summary_fg_stdv": 286.5486145019531,
  "tsnr": 54.23482206463814
}