{
  "aor": 0.007176346153846154,
  "aqi": 0.004337006634615385,
  "bids_meta": {
    "BandwidthPerPixelPhaseEncode": 31.25,
    "EchoTime": 0.025,
    "EffectiveEchoSpacing": 0.0005,
    "FlipAngle": 75,
    "ImageType": [
      "ORIGINAL",
      "PRIMARY",
      "M",
      "ND",
      "MOSAIC"
    ],
    "MagneticFieldStrength": 3,
    "Manufacturer": "Siemens",
    "ManufacturersModelName": "TrioTim",
    "Modality": "MR",
    "PhaseEncodingDirection": "j-",
    "PixelBandwidth": 3005,
    "RepetitionTime": 3,
    "ScanningSequence": "EP",
    "SequenceVariant": "SK",
    "SliceThickness": 3,
    "SliceTiming": [
      0,
      1.5225,
      0.055,
      1.58,
      0.1125,
      1.6375,
      0.17,
      1.6925,
      0.225,
      1.75,
      0.2825,
      1.805,
      0.3375,
      1.8625,
      0.395,
      1.92,
      0.45,
      1.975,
      0.5075,
      2.0325,
      0.565,
      2.0875,
      0.62,
      2.145,
      0.6775,
      2.2,
      0.7325,
      2.2575,
      0.79,
      2.315,
      0.8475,
      2.37,
      0.9025,
      2.4275,
      0.96,
      2.4825,
      1.015,
      2.54,
      1.0725,
      2.595,
      1.1275,
      2.6525,
      1.185,
      2.71,
      1.2425,
      2.765,
      1.2975,
      2.8225,
      1.355,
      2.8775,
      1.41,
      2.935,
      1.4675
    ],
    "SpacingBetweenSlices": 3,
    "TaskName": "risk choice task",
    "TotalReadoutTime": 0.0315,
    "dataset": "ds002843",
    "modality": "bold",
    "run_id": 2,
    "session_id": "scan2",
    "subject_id": "dmp1291",
    "task_id": "risk"
  },
  "dummy_trs": 0,
  "dvars_nstd": 20.3069241069903,
  "dvars_std": 1.231714222524272,
  "dvars_vstd": 1.0458277626213588,
  "efc": 0.5753995952325933,
  "fber": 319.9993896484375,
  "fd_mean": 0.06708707321707418,
  "fd_num": 0,
  "fd_perc": 0.0,
  "fwhm_avg": 2.9641,
  "fwhm_x": 2.7838233333333338,
  "fwhm_y": 2.840396666666667,
  "fwhm_z": 3.26808,
  "gcor": 0.0170346,
  "gsr_x": -0.013020147569477558,
  "gsr_y": 0.10627242922782898,
  "provenance": {
    "md5sum": "9113fa986e59361f555f9d2b8126a0a4",
    "settings": {
      "fd_thres": 0.2,
      "testing": false
    },
    "software": "mriqc",
    "version": "21.0.0rc2",
    "webapi_port": null,
    "webapi_url": "https://mriqc.nimh.nih.gov/api/v1"
  },
  "size_t": 104,
  "size_x": 64,
  "size_y": 64,
  "size_z": 53,
  "snr": 2.041394675303193,
  "spacing_tr": 3.0,
  "spacing_x": 3.0,
  "spacing_y": 3.0,
  "spacing_z": 3.0,
  "summary_bg_k": 12.316694789151724,
  "summary_bg_mad": 15.2394438093138,
  "summary_bg_mean": 100.72051239013672,
  "summary_bg_median": 38.09615707397461,
  "summary_bg_n": 129039.0,
  "summary_bg_p05": 26.64423179626465,
  "summary_bg_p95": 432.95385742187483,
  "summary_bg_stdv": 148.1268768310547,
  "summary_fg_k": 6.996414672512019,
  "summary_fg_mad": 222.89644814498712,
  "summary_fg_mean": 785.6121215820312,
  "summary_fg_median": 693.8413696289062,
  "summary_fg_n": 43908.0,
  "summary_fg_p05": 441.64762115478516,
  "summary_fg_p95": 1476.6342041015625,
  "summary_fg_stdv": 339.882080078125,
  "tsnr": 79.62443964206614
}