{
  "aor": 0.0031257281553398056,
  "aqi": 0.002430781553398058,
  "bids_meta": {
    "BandwidthPerPixelPhaseEncode": 31.25,
    "EchoTime": 0.025,
    "EffectiveEchoSpacing": 0.0005,
    "FlipAngle": 75,
    "ImageType": [
      "ORIGINAL",
      "PRIMARY",
      "M",
      "ND",
      "MOSAIC"
    ],
    "MagneticFieldStrength": 3,
    "Manufacturer": "Siemens",
    "ManufacturersModelName": "TrioTim",
    "Modality": "MR",
    "PhaseEncodingDirection": "j-",
    "PixelBandwidth": 3005,
    "RepetitionTime": 3,
    "ScanningSequence": "EP",
    "SequenceVariant": "SK",
    "SliceThickness": 3,
    "SliceTiming": [
      0,
      1.5225,
      0.055,
      1.58,
      0.1125,
      1.6375,
      0.17,
      1.6925,
      0.225,
      1.75,
      0.2825,
      1.805,
      0.3375,
      1.8625,
      0.395,
      1.92,
      0.45,
      1.975,
      0.5075,
      2.0325,
      0.565,
      2.0875,
      0.62,
      2.145,
      0.6775,
      2.2,
      0.7325,
      2.2575,
      0.79,
      2.315,
      0.8475,
      2.37,
      0.9025,
      2.4275,
      0.96,
      2.4825,
      1.015,
      2.54,
      1.0725,
      2.595,
      1.1275,
      2.6525,
      1.185,
      2.71,
      1.2425,
      2.765,
      1.2975,
      2.8225,
      1.355,
      2.8775,
      1.41,
      2.935,
      1.4675
    ],
    "SpacingBetweenSlices": 3,
    "TaskName": "risk choice task",
    "TotalReadoutTime": 0.0315,
    "dataset": "ds002843",
    "modality": "bold",
    "run_id": 2,
    "session_id": "scan2",
    "subject_id": "dmp0389",
    "task_id": "risk"
  },
  "dummy_trs": 1,
  "dvars_nstd": 22.81802300823529,
  "dvars_std": 1.2440244300980392,
  "dvars_vstd": 1.0170171790196076,
  "efc": 0.5843905603754073,
  "fber": 313.8804016113281,
  "fd_mean": 0.08785197516233406,
  "fd_num": 6,
  "fd_perc": 5.825242718446602,
  "fwhm_avg": 2.895832222222222,
  "fwhm_x": 2.755463333333333,
  "fwhm_y": 2.8579899999999996,
  "fwhm_z": 3.0740433333333335,
  "gcor": 0.0292351,
  "gsr_x": -0.015197951346635818,
  "gsr_y": 0.06493443995714188,
  "provenance": {
    "md5sum": "1e562c62c1fb17426bd88f2022a3c405",
    "settings": {
      "fd_thres": 0.2,
      "testing": false
    },
    "software": "mriqc",
    "version": "21.0.0rc2",
    "webapi_port": null,
    "webapi_url": "https://mriqc.nimh.nih.gov/api/v1"
  },
  "size_t": 103,
  "size_x": 64,
  "size_y": 64,
  "size_z": 53,
  "snr": 2.4726974531370973,
  "spacing_tr": 3.0,
  "spacing_x": 3.0,
  "spacing_y": 3.0,
  "spacing_z": 3.0,
  "summary_bg_k": 19.19088575529704,
  "summary_bg_mad": 17.4169762279935,
  "summary_bg_mean": 84.65498352050781,
  "summary_bg_median": 40.88349533081055,
  "summary_bg_n": 125633.0,
  "summary_bg_p05": 27.82524299621582,
  "summary_bg_p95": 287.4330078124998,
  "summary_bg_stdv": 105.6475830078125,
  "summary_fg_k": 2.2098578422403747,
  "summary_fg_mad": 243.10359969562262,
  "summary_fg_mean": 809.2322387695312,
  "summary_fg_median": 743.126220703125,
  "summary_fg_n": 46636.0,
  "summary_fg_p05": 447.95874786376953,
  "summary_fg_p95": 1413.1845092773438,
  "summary_fg_stdv": 300.5293884277344,
  "tsnr": 79.01905772835016
}