{
  "aor": 0.0015230625,
  "aqi": 0.0038516943125,
  "bids_meta": {
    "BandwidthPerPixelPhaseEncode": 31.25,
    "EchoTime": 0.025,
    "EffectiveEchoSpacing": 0.0005,
    "FlipAngle": 75,
    "ImageType": [
      "ORIGINAL",
      "PRIMARY",
      "M",
      "ND",
      "MOSAIC"
    ],
    "MagneticFieldStrength": 3,
    "Manufacturer": "Siemens",
    "ManufacturersModelName": "TrioTim",
    "Modality": "MR",
    "PhaseEncodingDirection": "j-",
    "PixelBandwidth": 3005,
    "RepetitionTime": 3,
    "ScanningSequence": "EP",
    "SequenceVariant": "SK",
    "SliceThickness": 3,
    "SliceTiming": [
      0,
      1.5225,
      0.055,
      1.58,
      0.1125,
      1.635,
      0.1675,
      1.6925,
      0.225,
      1.75,
      0.2825,
      1.805,
      0.3375,
      1.8625,
      0.395,
      1.9175,
      0.45,
      1.975,
      0.5075,
      2.03,
      0.5625,
      2.0875,
      0.62,
      2.145,
      0.6775,
      2.2,
      0.7325,
      2.2575,
      0.79,
      2.3125,
      0.845,
      2.37,
      0.9025,
      2.425,
      0.9575,
      2.4825,
      1.015,
      2.54,
      1.0725,
      2.595,
      1.1275,
      2.6525,
      1.185,
      2.7075,
      1.24,
      2.765,
      1.2975,
      2.8225,
      1.355,
      2.8775,
      1.41,
      2.935,
      1.4675
    ],
    "SpacingBetweenSlices": 3,
    "TaskName": "rest",
    "TotalReadoutTime": 0.0315,
    "dataset": "ds002843",
    "modality": "bold",
    "session_id": "scan2",
    "subject_id": "dmp0389",
    "task_id": "rest"
  },
  "dummy_trs": 0,
  "dvars_nstd": 23.009084341635226,
  "dvars_std": 1.21991968062893,
  "dvars_vstd": 0.9933605386792447,
  "efc": 0.5844064658898243,
  "fber": 331.78924560546875,
  "fd_mean": 0.08223744376138824,
  "fd_num": 5,
  "fd_perc": 3.125,
  "fwhm_avg": 2.9058588888888894,
  "fwhm_x": 2.7257700000000002,
  "fwhm_y": 2.867566666666667,
  "fwhm_z": 3.12424,
  "gcor": 0.0397375,
  "gsr_x": -0.011916005052626133,
  "gsr_y": 0.0665409043431282,
  "provenance": {
    "md5sum": "a92fee07c0e0b66c956a7b39e480c596",
    "settings": {
      "fd_thres": 0.2,
      "testing": false
    },
    "software": "mriqc",
    "version": "21.0.0rc2",
    "webapi_port": null,
    "webapi_url": "https://mriqc.nimh.nih.gov/api/v1"
  },
  "size_t": 160,
  "size_x": 64,
  "size_y": 64,
  "size_z": 53,
  "snr": 2.5769136006404576,
  "spacing_tr": 3.0,
  "spacing_x": 3.0,
  "spacing_y": 3.0,
  "spacing_z": 3.0,
  "summary_bg_k": 22.360590825341497,
  "summary_bg_mad": 14.900151164845573,
  "summary_bg_mean": 79.1999282836914,
  "summary_bg_median": 38.58124923706055,
  "summary_bg_n": 125319.0,
  "summary_bg_p05": 27.58125114440918,
  "summary_bg_p95": 269.7687683105469,
  "summary_bg_stdv": 100.71465301513672,
  "summary_fg_k": 2.3323152329731567,
  "summary_fg_mad": 231.49905205761246,
  "summary_fg_mean": 783.59326171875,
  "summary_fg_median": 724.4500122070312,
  "summary_fg_n": 47010.0,
  "summary_fg_p05": 441.0543838500977,
  "summary_fg_p95": 1340.6809997558587,
  "summary_fg_stdv": 281.1278991699219,
  "tsnr": 74.61946696508676
}