{
  "bids_meta": {
    "EchoTime": 0.00311,
    "FlipAngle": 15,
    "ImageType": [
      "ORIGINAL",
      "PRIMARY",
      "M",
      "ND",
      "NORM"
    ],
    "InversionTime": 1.1,
    "MagneticFieldStrength": 3,
    "Manufacturer": "Siemens",
    "ManufacturersModelName": "TrioTim",
    "Modality": "MR",
    "RepetitionTime": 1.63,
    "ScanningSequence": "GR_IR",
    "SequenceVariant": "SP_MP",
    "SliceThickness": 1,
    "dataset": "ds002843",
    "modality": "T1w",
    "session_id": "scan2",
    "subject_id": "dmp0018"
  },
  "cjv": 0.467880539358051,
  "cnr": 2.7712071443216417,
  "efc": 0.6090106259408672,
  "fber": 12351.564453125,
  "fwhm_avg": 3.688710222222222,
  "fwhm_x": 3.441728,
  "fwhm_y": 4.098602666666666,
  "fwhm_z": 3.5258,
  "icvs_csf": 0.18888205260080726,
  "icvs_gm": 0.42095303505103915,
  "icvs_wm": 0.3901649123481536,
  "inu_med": 0.9761292338371277,
  "inu_range": 0.2136259377002716,
  "provenance": {
    "md5sum": "3a5de1cb542e6f9cdad399fc5a5e9cb4",
    "settings": {
      "testing": false
    },
    "software": "mriqc",
    "version": "21.0.0rc2",
    "warnings": {
      "large_rot_frame": true,
      "small_air_mask": false
    },
    "webapi_port": null,
    "webapi_url": "https://mriqc.nimh.nih.gov/api/v1"
  },
  "qi_1": 0.004618491288073741,
  "qi_2": 0.007514437206654381,
  "rpve_csf": 15.674196902467628,
  "rpve_gm": 7.381747885358905,
  "rpve_wm": 9.266071501049309,
  "size_x": 192,
  "size_y": 256,
  "size_z": 160,
  "snr_csf": 3.749179359280147,
  "snr_gm": 12.068939622596254,
  "snr_total": 14.617848952624223,
  "snr_wm": 28.035427875996273,
  "snrd_csf": 40.155214352334994,
  "snrd_gm": 79.33362506880174,
  "snrd_total": 73.24324601736583,
  "snrd_wm": 100.24089863096079,
  "spacing_x": 0.9375,
  "spacing_y": 0.9375,
  "spacing_z": 1.0,
  "summary_bg_k": 17.762915575313762,
  "summary_bg_mad": 6.535746408595679,
  "summary_bg_mean": 8.771145820617676,
  "summary_bg_median": 6.626204490661621,
  "summary_bg_n": 2540359.0,
  "summary_bg_p05": 0.0,
  "summary_bg_p95": 27.38865184783936,
  "summary_bg_stdv": 9.604491233825684,
  "summary_csf_k": 2.195046832836005,
  "summary_csf_mad": 88.50718534077063,
  "summary_csf_mean": 429.5088806152344,
  "summary_csf_median": 400.59490966796875,
  "summary_csf_n": 62676.0,
  "summary_csf_p05": 302.7238006591797,
  "summary_csf_p95": 636.6245880126953,
  "summary_csf_stdv": 106.84783935546875,
  "summary_gm_k": -0.08819523361744164,
  "summary_gm_mad": 65.18599451432468,
  "summary_gm_mean": 797.4263305664062,
  "summary_gm_median": 791.445068359375,
  "summary_gm_n": 31864.0,
  "summary_gm_p05": 700.4543243408203,
  "summary_gm_p95": 915.9886474609375,
  "summary_gm_stdv": 65.57598876953125,
  "summary_wm_k": 1.9344200459886167,
  "summary_wm_mad": 32.4018805649331,
  "summary_wm_mean": 1001.9656372070312,
  "summary_wm_median": 1000.0194091796875,
  "summary_wm_n": 256273.0,
  "summary_wm_p05": 947.9015502929688,
  "summary_wm_p95": 1061.268896484375,
  "summary_wm_stdv": 35.669776916503906,
  "tpm_overlap_csf": 0.16393059492111206,
  "tpm_overlap_gm": 0.4242652654647827,
  "tpm_overlap_wm": 0.4818362593650818,
  "wm2max": 0.5257749299386948
}