{
  "aor": 0.005002658227848101,
  "aqi": 0.006695707278481013,
  "bids_meta": {
    "BandwidthPerPixelPhaseEncode": 31.25,
    "EchoTime": 0.025,
    "EffectiveEchoSpacing": 0.0005,
    "FlipAngle": 75,
    "ImageType": [
      "ORIGINAL",
      "PRIMARY",
      "M",
      "ND",
      "MOSAIC"
    ],
    "MagneticFieldStrength": 3,
    "Manufacturer": "Siemens",
    "ManufacturersModelName": "TrioTim",
    "Modality": "MR",
    "PhaseEncodingDirection": "j-",
    "PixelBandwidth": 3005,
    "RepetitionTime": 3,
    "ScanningSequence": "EP",
    "SequenceVariant": "SK",
    "SliceThickness": 3,
    "SliceTiming": [
      0,
      1.5225,
      0.055,
      1.58,
      0.1125,
      1.635,
      0.1675,
      1.6925,
      0.225,
      1.75,
      0.2825,
      1.805,
      0.3375,
      1.8625,
      0.395,
      1.9175,
      0.45,
      1.975,
      0.5075,
      2.03,
      0.5625,
      2.0875,
      0.62,
      2.145,
      0.6775,
      2.2,
      0.7325,
      2.2575,
      0.79,
      2.3125,
      0.845,
      2.37,
      0.9025,
      2.425,
      0.9575,
      2.4825,
      1.015,
      2.54,
      1.0725,
      2.595,
      1.1275,
      2.6525,
      1.185,
      2.7075,
      1.24,
      2.765,
      1.2975,
      2.8225,
      1.355,
      2.8775,
      1.41,
      2.935,
      1.4675
    ],
    "SpacingBetweenSlices": 3,
    "TaskName": "rest",
    "TotalReadoutTime": 0.0315,
    "dataset": "ds002843",
    "modality": "bold",
    "session_id": "scan1",
    "subject_id": "dmp1064",
    "task_id": "rest"
  },
  "dummy_trs": 2,
  "dvars_nstd": 23.766285914586007,
  "dvars_std": 1.0682589457324843,
  "dvars_vstd": 0.9516536657961782,
  "efc": 0.5897533625459656,
  "fber": 281.60345458984375,
  "fd_mean": 0.14023851950852756,
  "fd_num": 25,
  "fd_perc": 15.822784810126583,
  "fwhm_avg": 2.917151268439394,
  "fwhm_x": 2.81251,
  "fwhm_y": 2.7426168846302734,
  "fwhm_z": 3.1963269206879072,
  "gcor": 0.0297891,
  "gsr_x": -0.0066685923375189304,
  "gsr_y": 0.07919471710920334,
  "provenance": {
    "md5sum": "27acae8abb8fca6b7c6961c11880857b",
    "settings": {
      "fd_thres": 0.2,
      "testing": false
    },
    "software": "mriqc",
    "version": "21.0.0rc2",
    "webapi_port": null,
    "webapi_url": "https://mriqc.nimh.nih.gov/api/v1"
  },
  "size_t": 158,
  "size_x": 64,
  "size_y": 64,
  "size_z": 53,
  "snr": 2.5432296679030384,
  "spacing_tr": 3.0,
  "spacing_x": 3.0,
  "spacing_y": 2.999999761581421,
  "spacing_z": 2.999999761581421,
  "summary_bg_k": 14.17729611668286,
  "summary_bg_mad": 16.749651395207273,
  "summary_bg_mean": 82.47615051269531,
  "summary_bg_median": 38.05063247680664,
  "summary_bg_n": 127251.0,
  "summary_bg_p05": 25.30379867553711,
  "summary_bg_p95": 294.5158233642578,
  "summary_bg_stdv": 104.25675964355469,
  "summary_fg_k": 4.372076256790717,
  "summary_fg_mad": 197.20487191429316,
  "summary_fg_mean": 710.4207153320312,
  "summary_fg_median": 654.930419921875,
  "summary_fg_n": 45122.0,
  "summary_fg_p05": 413.69051361083984,
  "summary_fg_p95": 1221.757940673828,
  "summary_fg_stdv": 257.5163269042969,
  "tsnr": 54.42269623465836
}