{
  "aor": 0.03244326923076924,
  "aqi": 0.007039225961538461,
  "bids_meta": {
    "BandwidthPerPixelPhaseEncode": 31.25,
    "EchoTime": 0.025,
    "EffectiveEchoSpacing": 0.0005,
    "FlipAngle": 75,
    "ImageType": [
      "ORIGINAL",
      "PRIMARY",
      "M",
      "ND",
      "MOSAIC"
    ],
    "MagneticFieldStrength": 3,
    "Manufacturer": "Siemens",
    "ManufacturersModelName": "TrioTim",
    "Modality": "MR",
    "PhaseEncodingDirection": "j-",
    "PixelBandwidth": 3005,
    "RepetitionTime": 3,
    "ScanningSequence": "EP",
    "SequenceVariant": "SK",
    "SliceThickness": 3,
    "SliceTiming": [
      0,
      1.5225,
      0.055,
      1.58,
      0.1125,
      1.6375,
      0.17,
      1.6925,
      0.225,
      1.75,
      0.2825,
      1.805,
      0.3375,
      1.8625,
      0.395,
      1.92,
      0.45,
      1.975,
      0.5075,
      2.0325,
      0.565,
      2.0875,
      0.62,
      2.145,
      0.6775,
      2.2,
      0.7325,
      2.2575,
      0.79,
      2.315,
      0.8475,
      2.37,
      0.9025,
      2.4275,
      0.96,
      2.4825,
      1.015,
      2.54,
      1.0725,
      2.595,
      1.1275,
      2.6525,
      1.185,
      2.71,
      1.2425,
      2.765,
      1.2975,
      2.8225,
      1.355,
      2.8775,
      1.41,
      2.935,
      1.4675
    ],
    "SpacingBetweenSlices": 3,
    "TaskName": "intertemporal choice task",
    "TotalReadoutTime": 0.0315,
    "dataset": "ds002843",
    "modality": "bold",
    "run_id": 2,
    "session_id": "scan1",
    "subject_id": "dmp1064",
    "task_id": "itc"
  },
  "dummy_trs": 0,
  "dvars_nstd": 27.26758863398058,
  "dvars_std": 1.087066368640777,
  "dvars_vstd": 1.0251956573786405,
  "efc": 0.591266859659104,
  "fber": 279.4186706542969,
  "fd_mean": 0.17373504201383866,
  "fd_num": 15,
  "fd_perc": 14.423076923076923,
  "fwhm_avg": 2.9079701572432466,
  "fwhm_x": 2.7881766666666667,
  "fwhm_y": 2.765263553096736,
  "fwhm_z": 3.1704702519663375,
  "gcor": 0.0321155,
  "gsr_x": -0.00761177996173501,
  "gsr_y": 0.07720723748207092,
  "provenance": {
    "md5sum": "453463157df19cf7b78921b9447609c5",
    "settings": {
      "fd_thres": 0.2,
      "testing": false
    },
    "software": "mriqc",
    "version": "21.0.0rc2",
    "webapi_port": null,
    "webapi_url": "https://mriqc.nimh.nih.gov/api/v1"
  },
  "size_t": 104,
  "size_x": 64,
  "size_y": 64,
  "size_z": 53,
  "snr": 2.581763786759034,
  "spacing_tr": 3.0,
  "spacing_x": 3.0,
  "spacing_y": 2.999999761581421,
  "spacing_z": 2.999999761581421,
  "summary_bg_k": 13.130842478068953,
  "summary_bg_mad": 17.049922684975108,
  "summary_bg_mean": 84.52690124511719,
  "summary_bg_median": 38.42307662963867,
  "summary_bg_n": 127882.0,
  "summary_bg_p05": 25.71154022216797,
  "summary_bg_p95": 305.14137115478496,
  "summary_bg_stdv": 107.00993347167969,
  "summary_fg_k": 4.273022906409408,
  "summary_fg_mad": 196.25946867467906,
  "summary_fg_mean": 710.9187622070312,
  "summary_fg_median": 656.9952392578125,
  "summary_fg_n": 44968.0,
  "summary_fg_p05": 414.47164154052734,
  "summary_fg_p95": 1210.6759887695314,
  "summary_fg_stdv": 254.47251892089844,
  "tsnr": 46.54615626204759
}