{
  "bids_meta": {
    "EchoTime": 0.09,
    "FlipAngle": 180,
    "ImageType": [
      "ORIGINAL",
      "PRIMARY",
      "M",
      "ND",
      "NORM"
    ],
    "ImagingFrequency": 123.204,
    "MagneticFieldStrength": 3,
    "Manufacturer": "Siemens",
    "ManufacturersModelName": "TrioTim",
    "Modality": "MR",
    "PhaseEncodingDirection": "i",
    "RepetitionTime": 7,
    "ScanningSequence": "SE",
    "SequenceVariant": "SK_SP_OSP",
    "SliceThickness": 3,
    "SpacingBetweenSlices": 3,
    "dataset": "ds002843",
    "modality": "T2w",
    "session_id": "scan2",
    "subject_id": "dmp0313"
  },
  "cjv": 0.5814934987741025,
  "cnr": 2.356463775494678,
  "efc": 0.5724188815882382,
  "fber": 4502.9009889946465,
  "fwhm_avg": 2.4649634153307938,
  "fwhm_x": 2.876493333333333,
  "fwhm_y": 2.970746666666667,
  "fwhm_z": 1.5476502459923818,
  "icvs_csf": 0.175506551453567,
  "icvs_gm": 0.39068732349501445,
  "icvs_wm": 0.4338061250514186,
  "inu_med": 1.361623764038086,
  "inu_range": 0.3612645506858825,
  "provenance": {
    "md5sum": "792d3e293151e418ea75b517b8f74bd2",
    "settings": {
      "testing": false
    },
    "software": "mriqc",
    "version": "21.0.0rc2",
    "warnings": {
      "large_rot_frame": false,
      "small_air_mask": false
    },
    "webapi_port": null,
    "webapi_url": "https://mriqc.nimh.nih.gov/api/v1"
  },
  "qi_1": 0.0,
  "qi_2": 0.004341209384332203,
  "rpve_csf": 13.322268171304408,
  "rpve_gm": 5.905137628432793,
  "rpve_wm": 6.349479507211403,
  "size_x": 256,
  "size_y": 256,
  "size_z": 44,
  "snr_csf": 2.7603518290223907,
  "snr_gm": 9.250147713874625,
  "snr_total": 7.164082943909583,
  "snr_wm": 9.481749288831733,
  "snrd_csf": 172.42525680676164,
  "snrd_gm": 90.96286819857727,
  "snrd_total": 108.7724767695327,
  "snrd_wm": 62.9293053032592,
  "spacing_x": 0.75,
  "spacing_y": 0.75,
  "spacing_z": 2.999999523162842,
  "summary_bg_k": 570.1562680186495,
  "summary_bg_mad": 10.325374126444096,
  "summary_bg_mean": 15.543015283440257,
  "summary_bg_median": 12.187628276646137,
  "summary_bg_n": 863703.0,
  "summary_bg_p05": 2.4580090641975403,
  "summary_bg_p95": 36.25563369691372,
  "summary_bg_stdv": 13.892284137769279,
  "summary_csf_k": 0.1816368671045594,
  "summary_csf_mad": 785.7913397698264,
  "summary_csf_mean": 2626.2943804742413,
  "summary_csf_median": 2717.533854559064,
  "summary_csf_n": 107465.0,
  "summary_csf_p05": 561.2044361740353,
  "summary_csf_p95": 4067.083247847855,
  "summary_csf_stdv": 984.4836379727559,
  "summary_gm_k": 0.14657483845113495,
  "summary_gm_mad": 152.29926836505044,
  "summary_gm_mean": 1438.5039565809786,
  "summary_gm_median": 1433.6337866932154,
  "summary_gm_n": 210049.0,
  "summary_gm_p05": 1193.773068845272,
  "summary_gm_p95": 1701.9664428681135,
  "summary_gm_stdv": 154.9845925077823,
  "summary_wm_k": 0.006634339916461673,
  "summary_wm_mad": 104.62033489882327,
  "summary_wm_mean": 986.1302738544648,
  "summary_wm_median": 991.8066574037075,
  "summary_wm_n": 276671.0,
  "summary_wm_p05": 805.2028026133776,
  "summary_wm_p95": 1147.8902329802513,
  "summary_wm_stdv": 104.6014648559321,
  "tpm_overlap_csf": 0.1822163611650467,
  "tpm_overlap_gm": 0.425360769033432,
  "tpm_overlap_wm": 0.4988938570022583,
  "wm2max": 0.2144498211666961
}