{
  "bids_meta": {
    "EchoTime": 0.00311,
    "FlipAngle": 15,
    "ImageType": [
      "ORIGINAL",
      "PRIMARY",
      "M",
      "ND",
      "NORM"
    ],
    "InversionTime": 1.1,
    "MagneticFieldStrength": 3,
    "Manufacturer": "Siemens",
    "ManufacturersModelName": "TrioTim",
    "Modality": "MR",
    "RepetitionTime": 1.63,
    "ScanningSequence": "GR_IR",
    "SequenceVariant": "SP_MP",
    "SliceThickness": 1,
    "dataset": "ds002843",
    "modality": "T1w",
    "session_id": "scan1",
    "subject_id": "dmp0912"
  },
  "cjv": 0.6467504292855708,
  "cnr": 1.455826825080785,
  "efc": 0.6418813176046682,
  "fber": 781.8495483398438,
  "fwhm_avg": 5.962349777777778,
  "fwhm_x": 5.739466666666667,
  "fwhm_y": 6.578922666666667,
  "fwhm_z": 5.56866,
  "icvs_csf": 0.18858895123626643,
  "icvs_gm": 0.3966334783875527,
  "icvs_wm": 0.41477757037618085,
  "inu_med": 1.1696699857711792,
  "inu_range": 1.088302227854728,
  "provenance": {
    "md5sum": "8f89ad0248e913a55ff8134616930f73",
    "settings": {
      "testing": false
    },
    "software": "mriqc",
    "version": "21.0.0rc2",
    "warnings": {
      "large_rot_frame": true,
      "small_air_mask": false
    },
    "webapi_port": null,
    "webapi_url": "https://mriqc.nimh.nih.gov/api/v1"
  },
  "qi_1": 4.805395223162554e-06,
  "qi_2": 0.0013071189459478412,
  "rpve_csf": 15.447607502769486,
  "rpve_gm": 7.020628073139333,
  "rpve_wm": 7.985249323484694,
  "size_x": 192,
  "size_y": 256,
  "size_z": 160,
  "snr_csf": 3.1112964671120755,
  "snr_gm": 14.310220815859909,
  "snr_total": 8.536741330511669,
  "snr_wm": 8.188706708563021,
  "snrd_csf": 13.975843087288716,
  "snrd_gm": 29.107355720588664,
  "snrd_total": 26.46757155175716,
  "snrd_wm": 36.3195158473941,
  "spacing_x": 0.9375,
  "spacing_y": 0.9375,
  "spacing_z": 1.0,
  "summary_bg_k": 32.678242486638815,
  "summary_bg_mad": 18.038239800105963,
  "summary_bg_mean": 29.944477081298828,
  "summary_bg_median": 24.951026916503906,
  "summary_bg_n": 1262106.0,
  "summary_bg_p05": 5.054108500480652,
  "summary_bg_p95": 75.17109680175781,
  "summary_bg_stdv": 23.57349395751953,
  "summary_csf_k": 3.3988207761948797,
  "summary_csf_mad": 95.8416729912144,
  "summary_csf_mean": 415.0019226074219,
  "summary_csf_median": 384.8047790527344,
  "summary_csf_n": 34869.0,
  "summary_csf_p05": 267.2661926269531,
  "summary_csf_p95": 653.8938964843749,
  "summary_csf_stdv": 123.67810821533203,
  "summary_gm_k": 0.333891128262354,
  "summary_gm_mad": 54.183482555008226,
  "summary_gm_mean": 801.73876953125,
  "summary_gm_median": 801.4292602539062,
  "summary_gm_n": 27064.0,
  "summary_gm_p05": 710.5660675048828,
  "summary_gm_p95": 893.252783203125,
  "summary_gm_stdv": 56.0029411315918,
  "summary_wm_k": 6.765056141371517,
  "summary_wm_mad": 74.24593922360084,
  "summary_wm_mean": 1026.4234619140625,
  "summary_wm_median": 1000.0057373046875,
  "summary_wm_n": 183433.0,
  "summary_wm_p05": 898.9510986328125,
  "summary_wm_p95": 1281.0178710937498,
  "summary_wm_stdv": 122.1197738647461,
  "tpm_overlap_csf": 0.1798250824213028,
  "tpm_overlap_gm": 0.4108753502368927,
  "tpm_overlap_wm": 0.4231758415699005,
  "wm2max": 0.2560101669994165
}