{
  "bids_meta": {
    "EchoTime": 0.09,
    "FlipAngle": 180,
    "ImageType": [
      "ORIGINAL",
      "PRIMARY",
      "M",
      "ND",
      "NORM"
    ],
    "ImagingFrequency": 123.204,
    "MagneticFieldStrength": 3,
    "Manufacturer": "Siemens",
    "ManufacturersModelName": "TrioTim",
    "Modality": "MR",
    "PhaseEncodingDirection": "i",
    "RepetitionTime": 7,
    "ScanningSequence": "SE",
    "SequenceVariant": "SK_SP_OSP",
    "SliceThickness": 3,
    "SpacingBetweenSlices": 3,
    "dataset": "ds002843",
    "modality": "T2w",
    "session_id": "scan1",
    "subject_id": "dmp0157"
  },
  "cjv": 0.5784200696764935,
  "cnr": 2.3774652211488223,
  "efc": 0.5600794342369572,
  "fber": 4935.919244497323,
  "fwhm_avg": 2.5038247003545924,
  "fwhm_x": 2.9174933333333333,
  "fwhm_y": 2.9839333333333333,
  "fwhm_z": 1.6100474343971098,
  "icvs_csf": 0.14877495723575757,
  "icvs_gm": 0.42878859266038166,
  "icvs_wm": 0.42243645010386077,
  "inu_med": 1.359196424484253,
  "inu_range": 0.38448462486267077,
  "provenance": {
    "md5sum": "83eb7e2158f5e9c132148543e5f35764",
    "settings": {
      "testing": false
    },
    "software": "mriqc",
    "version": "21.0.0rc2",
    "warnings": {
      "large_rot_frame": true,
      "small_air_mask": false
    },
    "webapi_port": null,
    "webapi_url": "https://mriqc.nimh.nih.gov/api/v1"
  },
  "qi_1": 0.0,
  "qi_2": 0.004504522207510758,
  "rpve_csf": 16.654878952497096,
  "rpve_gm": 6.207106867324911,
  "rpve_wm": 7.306838483808679,
  "size_x": 256,
  "size_y": 256,
  "size_z": 44,
  "snr_csf": 2.7834208019349433,
  "snr_gm": 8.977975905650048,
  "snr_total": 6.8072244259105945,
  "snr_wm": 8.660276570146793,
  "snrd_csf": 237.52551678344457,
  "snrd_gm": 128.59690456478683,
  "snrd_total": 151.00667369827175,
  "snrd_wm": 86.89759974658385,
  "spacing_x": 0.75,
  "spacing_y": 0.75,
  "spacing_z": 2.9999985694885254,
  "summary_bg_k": 906.3871047063124,
  "summary_bg_mad": 7.385879299855335,
  "summary_bg_mean": 14.690645619908244,
  "summary_bg_median": 12.09841400384903,
  "summary_bg_n": 872465.0,
  "summary_bg_p05": 2.440016269683838,
  "summary_bg_p95": 33.65189105272293,
  "summary_bg_stdv": 15.059321090561085,
  "summary_csf_k": 0.40449772788800153,
  "summary_csf_mad": 742.6577002119844,
  "summary_csf_mean": 2638.2520814122286,
  "summary_csf_median": 2677.816188633442,
  "summary_csf_n": 76207.0,
  "summary_csf_p05": 592.3749498724937,
  "summary_csf_p95": 4127.562022000551,
  "summary_csf_stdv": 962.0531029141921,
  "summary_gm_k": 0.17624150930665516,
  "summary_gm_mad": 159.6254322152408,
  "summary_gm_mean": 1455.7223802303743,
  "summary_gm_median": 1449.7763335704803,
  "summary_gm_n": 218895.0,
  "summary_gm_p05": 1202.928020954132,
  "summary_gm_p95": 1732.1065494418144,
  "summary_gm_stdv": 161.48105510897503,
  "summary_wm_k": -0.03799467547208746,
  "summary_wm_mad": 112.29551180392295,
  "summary_wm_mean": 977.3695984898545,
  "summary_wm_median": 979.6665322780609,
  "summary_wm_n": 244752.0,
  "summary_wm_p05": 785.5835714936256,
  "summary_wm_p95": 1160.5327382683754,
  "summary_wm_stdv": 113.12162180914115,
  "tpm_overlap_csf": 0.1752123236656189,
  "tpm_overlap_gm": 0.45488837361335754,
  "tpm_overlap_wm": 0.5108398199081421,
  "wm2max": 0.21296595806788884
}