{
  "aor": 0.0016478640776699035,
  "aqi": 0.0025826667961165047,
  "bids_meta": {
    "BandwidthPerPixelPhaseEncode": 31.25,
    "EchoTime": 0.025,
    "EffectiveEchoSpacing": 0.0005,
    "FlipAngle": 75,
    "ImageType": [
      "ORIGINAL",
      "PRIMARY",
      "M",
      "ND",
      "MOSAIC"
    ],
    "MagneticFieldStrength": 3,
    "Manufacturer": "Siemens",
    "ManufacturersModelName": "TrioTim",
    "Modality": "MR",
    "PhaseEncodingDirection": "j-",
    "PixelBandwidth": 3005,
    "RepetitionTime": 3,
    "ScanningSequence": "EP",
    "SequenceVariant": "SK",
    "SliceThickness": 3,
    "SliceTiming": [
      0,
      1.5225,
      0.055,
      1.58,
      0.1125,
      1.6375,
      0.17,
      1.6925,
      0.225,
      1.75,
      0.2825,
      1.805,
      0.3375,
      1.8625,
      0.395,
      1.92,
      0.45,
      1.975,
      0.5075,
      2.0325,
      0.565,
      2.0875,
      0.62,
      2.145,
      0.6775,
      2.2,
      0.7325,
      2.2575,
      0.79,
      2.315,
      0.8475,
      2.37,
      0.9025,
      2.4275,
      0.96,
      2.4825,
      1.015,
      2.54,
      1.0725,
      2.595,
      1.1275,
      2.6525,
      1.185,
      2.71,
      1.2425,
      2.765,
      1.2975,
      2.8225,
      1.355,
      2.8775,
      1.41,
      2.935,
      1.4675
    ],
    "SpacingBetweenSlices": 3,
    "TaskName": "risk choice task",
    "TotalReadoutTime": 0.0315,
    "dataset": "ds002843",
    "modality": "bold",
    "run_id": 3,
    "session_id": "scan1",
    "subject_id": "dmp0498",
    "task_id": "risk"
  },
  "dummy_trs": 1,
  "dvars_nstd": 22.58421262117648,
  "dvars_std": 1.233389499607843,
  "dvars_vstd": 1.0090709332352945,
  "efc": 0.5723274856329837,
  "fber": 348.7492370605469,
  "fd_mean": 0.06556119527924592,
  "fd_num": 4,
  "fd_perc": 3.883495145631068,
  "fwhm_avg": 2.8024944444444446,
  "fwhm_x": 2.6979166666666665,
  "fwhm_y": 2.6472666666666664,
  "fwhm_z": 3.0623,
  "gcor": 0.0509422,
  "gsr_x": -0.0010209259344264865,
  "gsr_y": 0.052665382623672485,
  "provenance": {
    "md5sum": "2285efd902620094361288d466fb331d",
    "settings": {
      "fd_thres": 0.2,
      "testing": false
    },
    "software": "mriqc",
    "version": "21.0.0rc2",
    "webapi_port": null,
    "webapi_url": "https://mriqc.nimh.nih.gov/api/v1"
  },
  "size_t": 103,
  "size_x": 64,
  "size_y": 64,
  "size_z": 53,
  "snr": 2.434497541500706,
  "spacing_tr": 3.0,
  "spacing_x": 3.0,
  "spacing_y": 3.0,
  "spacing_z": 3.0,
  "summary_bg_k": 44.80476665818064,
  "summary_bg_mad": 16.596509757132072,
  "summary_bg_mean": 103.8132553100586,
  "summary_bg_median": 40.82524490356445,
  "summary_bg_n": 129885.0,
  "summary_bg_p05": 28.69902992248535,
  "summary_bg_p95": 405.2932006835933,
  "summary_bg_stdv": 167.35671997070312,
  "summary_fg_k": 3.458309101372792,
  "summary_fg_mad": 246.78847792680955,
  "summary_fg_mean": 853.2074584960938,
  "summary_fg_median": 775.4320068359375,
  "summary_fg_n": 43308.0,
  "summary_fg_p05": 488.7475891113281,
  "summary_fg_p95": 1485.322839355469,
  "summary_fg_stdv": 318.5146179199219,
  "tsnr": 87.55497654620558
}