{
  "aor": 0.0040768269230769235,
  "aqi": 0.002660615961538461,
  "bids_meta": {
    "BandwidthPerPixelPhaseEncode": 31.25,
    "EchoTime": 0.025,
    "EffectiveEchoSpacing": 0.0005,
    "FlipAngle": 75,
    "ImageType": [
      "ORIGINAL",
      "PRIMARY",
      "M",
      "ND",
      "MOSAIC"
    ],
    "MagneticFieldStrength": 3,
    "Manufacturer": "Siemens",
    "ManufacturersModelName": "TrioTim",
    "Modality": "MR",
    "PhaseEncodingDirection": "j-",
    "PixelBandwidth": 3005,
    "RepetitionTime": 3,
    "ScanningSequence": "EP",
    "SequenceVariant": "SK",
    "SliceThickness": 3,
    "SliceTiming": [
      0,
      1.5225,
      0.055,
      1.58,
      0.1125,
      1.6375,
      0.17,
      1.6925,
      0.225,
      1.75,
      0.2825,
      1.805,
      0.3375,
      1.8625,
      0.395,
      1.92,
      0.45,
      1.975,
      0.5075,
      2.0325,
      0.565,
      2.0875,
      0.62,
      2.145,
      0.6775,
      2.2,
      0.7325,
      2.2575,
      0.79,
      2.315,
      0.8475,
      2.37,
      0.9025,
      2.4275,
      0.96,
      2.4825,
      1.015,
      2.54,
      1.0725,
      2.595,
      1.1275,
      2.6525,
      1.185,
      2.71,
      1.2425,
      2.765,
      1.2975,
      2.8225,
      1.355,
      2.8775,
      1.41,
      2.935,
      1.4675
    ],
    "SpacingBetweenSlices": 3,
    "TaskName": "risk choice task",
    "TotalReadoutTime": 0.0315,
    "dataset": "ds002843",
    "modality": "bold",
    "run_id": 2,
    "session_id": "scan2",
    "subject_id": "dmp1037",
    "task_id": "risk"
  },
  "dummy_trs": 0,
  "dvars_nstd": 24.393077776116503,
  "dvars_std": 1.2235569700970874,
  "dvars_vstd": 1.0149669991262136,
  "efc": 0.6449720209775028,
  "fber": 168.6973876953125,
  "fd_mean": 0.10476721863844048,
  "fd_num": 13,
  "fd_perc": 12.5,
  "fwhm_avg": 2.5371977777777777,
  "fwhm_x": 2.3107866666666665,
  "fwhm_y": 2.4537733333333334,
  "fwhm_z": 2.8470333333333335,
  "gcor": 0.0713899,
  "gsr_x": 0.00017581874271854758,
  "gsr_y": 0.07409768551588058,
  "provenance": {
    "md5sum": "b73c00841916d59dccb96615fbb31821",
    "settings": {
      "fd_thres": 0.2,
      "testing": false
    },
    "software": "mriqc",
    "version": "21.0.0rc2",
    "webapi_port": null,
    "webapi_url": "https://mriqc.nimh.nih.gov/api/v1"
  },
  "size_t": 104,
  "size_x": 64,
  "size_y": 64,
  "size_z": 53,
  "snr": 2.862609942653051,
  "spacing_tr": 3.0,
  "spacing_x": 3.0,
  "spacing_y": 3.0,
  "spacing_z": 3.0,
  "summary_bg_k": 15.27719746815675,
  "summary_bg_mad": 27.4423990081772,
  "summary_bg_mean": 95.88326263427734,
  "summary_bg_median": 47.56731033325195,
  "summary_bg_n": 112041.0,
  "summary_bg_p05": 27.50961685180664,
  "summary_bg_p95": 333.8653869628906,
  "summary_bg_stdv": 115.12710571289062,
  "summary_fg_k": 1.6281115194680273,
  "summary_fg_mad": 196.6016146090156,
  "summary_fg_mean": 684.7945556640625,
  "summary_fg_median": 641.798095703125,
  "summary_fg_n": 55711.0,
  "summary_fg_p05": 392.00962829589844,
  "summary_fg_p95": 1110.5385131835938,
  "summary_fg_stdv": 224.1983184814453,
  "tsnr": 72.81450267042965
}