{
  "aor": 0.0034406730769230773,
  "aqi": 0.002404108846153846,
  "bids_meta": {
    "BandwidthPerPixelPhaseEncode": 31.25,
    "EchoTime": 0.025,
    "EffectiveEchoSpacing": 0.0005,
    "FlipAngle": 75,
    "ImageType": [
      "ORIGINAL",
      "PRIMARY",
      "M",
      "ND",
      "MOSAIC"
    ],
    "MagneticFieldStrength": 3,
    "Manufacturer": "Siemens",
    "ManufacturersModelName": "TrioTim",
    "Modality": "MR",
    "PhaseEncodingDirection": "j-",
    "PixelBandwidth": 3005,
    "RepetitionTime": 3,
    "ScanningSequence": "EP",
    "SequenceVariant": "SK",
    "SliceThickness": 3,
    "SliceTiming": [
      0,
      1.5225,
      0.055,
      1.58,
      0.1125,
      1.6375,
      0.17,
      1.6925,
      0.225,
      1.75,
      0.2825,
      1.805,
      0.3375,
      1.8625,
      0.395,
      1.92,
      0.45,
      1.975,
      0.5075,
      2.0325,
      0.565,
      2.0875,
      0.62,
      2.145,
      0.6775,
      2.2,
      0.7325,
      2.2575,
      0.79,
      2.315,
      0.8475,
      2.37,
      0.9025,
      2.4275,
      0.96,
      2.4825,
      1.015,
      2.54,
      1.0725,
      2.595,
      1.1275,
      2.6525,
      1.185,
      2.71,
      1.2425,
      2.765,
      1.2975,
      2.8225,
      1.355,
      2.8775,
      1.41,
      2.935,
      1.4675
    ],
    "SpacingBetweenSlices": 3,
    "TaskName": "intertemporal choice task",
    "TotalReadoutTime": 0.0315,
    "dataset": "ds002843",
    "modality": "bold",
    "run_id": 1,
    "session_id": "scan2",
    "subject_id": "dmp1037",
    "task_id": "itc"
  },
  "dummy_trs": 0,
  "dvars_nstd": 24.153254130000008,
  "dvars_std": 1.2406772375728152,
  "dvars_vstd": 1.0179204072815535,
  "efc": 0.6447677225336111,
  "fber": 169.68325805664062,
  "fd_mean": 0.09128015756593628,
  "fd_num": 12,
  "fd_perc": 11.538461538461538,
  "fwhm_avg": 2.546133333333333,
  "fwhm_x": 2.3225666666666664,
  "fwhm_y": 2.4684233333333334,
  "fwhm_z": 2.84741,
  "gcor": 0.0626841,
  "gsr_x": 0.0014307535020634532,
  "gsr_y": 0.07389720529317856,
  "provenance": {
    "md5sum": "bb3d6346ca4d7af45d250dc329f6e9cf",
    "settings": {
      "fd_thres": 0.2,
      "testing": false
    },
    "software": "mriqc",
    "version": "21.0.0rc2",
    "webapi_port": null,
    "webapi_url": "https://mriqc.nimh.nih.gov/api/v1"
  },
  "size_t": 104,
  "size_x": 64,
  "size_y": 64,
  "size_z": 53,
  "snr": 2.8648590108609553,
  "spacing_tr": 3.0,
  "spacing_x": 3.0,
  "spacing_y": 3.0,
  "spacing_z": 3.0,
  "summary_bg_k": 14.649278578447188,
  "summary_bg_mad": 27.028980211758736,
  "summary_bg_mean": 95.4891586303711,
  "summary_bg_median": 47.2884635925293,
  "summary_bg_n": 111995.0,
  "summary_bg_p05": 27.673078536987305,
  "summary_bg_p95": 331.4259796142577,
  "summary_bg_stdv": 114.3553237915039,
  "summary_fg_k": 1.641386971654149,
  "summary_fg_mad": 196.4590462621372,
  "summary_fg_mean": 683.99658203125,
  "summary_fg_median": 641.3365478515625,
  "summary_fg_n": 55725.0,
  "summary_fg_p05": 391.9750122070313,
  "summary_fg_p95": 1110.1884521484371,
  "summary_fg_stdv": 223.8612060546875,
  "tsnr": 77.41130517423153
}