{
  "aor": 0.0020278125,
  "aqi": 0.0023458268125,
  "bids_meta": {
    "BandwidthPerPixelPhaseEncode": 31.25,
    "EchoTime": 0.025,
    "EffectiveEchoSpacing": 0.0005,
    "FlipAngle": 75,
    "ImageType": [
      "ORIGINAL",
      "PRIMARY",
      "M",
      "ND",
      "MOSAIC"
    ],
    "MagneticFieldStrength": 3,
    "Manufacturer": "Siemens",
    "ManufacturersModelName": "TrioTim",
    "Modality": "MR",
    "PhaseEncodingDirection": "j-",
    "PixelBandwidth": 3005,
    "RepetitionTime": 3,
    "ScanningSequence": "EP",
    "SequenceVariant": "SK",
    "SliceThickness": 3,
    "SliceTiming": [
      0,
      1.5225,
      0.055,
      1.58,
      0.1125,
      1.635,
      0.1675,
      1.6925,
      0.225,
      1.75,
      0.2825,
      1.805,
      0.3375,
      1.8625,
      0.395,
      1.9175,
      0.45,
      1.975,
      0.5075,
      2.03,
      0.5625,
      2.0875,
      0.62,
      2.145,
      0.6775,
      2.2,
      0.7325,
      2.2575,
      0.79,
      2.3125,
      0.845,
      2.37,
      0.9025,
      2.425,
      0.9575,
      2.4825,
      1.015,
      2.54,
      1.0725,
      2.595,
      1.1275,
      2.6525,
      1.185,
      2.7075,
      1.24,
      2.765,
      1.2975,
      2.8225,
      1.355,
      2.8775,
      1.41,
      2.935,
      1.4675
    ],
    "SpacingBetweenSlices": 3,
    "TaskName": "rest",
    "TotalReadoutTime": 0.0315,
    "dataset": "ds002843",
    "modality": "bold",
    "session_id": "scan1",
    "subject_id": "dmp0063",
    "task_id": "rest"
  },
  "dummy_trs": 0,
  "dvars_nstd": 20.836693961446535,
  "dvars_std": 1.214070374779874,
  "dvars_vstd": 1.0142323515094342,
  "efc": 0.5348236045438515,
  "fber": 503.383544921875,
  "fd_mean": 0.060848953047302416,
  "fd_num": 5,
  "fd_perc": 3.125,
  "fwhm_avg": 2.4242966666666668,
  "fwhm_x": 2.3085133333333334,
  "fwhm_y": 2.3214466666666667,
  "fwhm_z": 2.6429300000000002,
  "gcor": 0.026469,
  "gsr_x": -0.010712646879255772,
  "gsr_y": 0.04532669857144356,
  "provenance": {
    "md5sum": "9f67e9645d79b03ada2bf9e00fd801b4",
    "settings": {
      "fd_thres": 0.2,
      "testing": false
    },
    "software": "mriqc",
    "version": "21.0.0rc2",
    "webapi_port": null,
    "webapi_url": "https://mriqc.nimh.nih.gov/api/v1"
  },
  "size_t": 160,
  "size_x": 64,
  "size_y": 64,
  "size_z": 53,
  "snr": 3.4064064853193976,
  "spacing_tr": 3.0,
  "spacing_x": 3.0,
  "spacing_y": 3.0,
  "spacing_z": 3.0,
  "summary_bg_k": 29.327708973658446,
  "summary_bg_mad": 5.4670956807394075,
  "summary_bg_mean": 53.348087310791016,
  "summary_bg_median": 28.431249618530273,
  "summary_bg_n": 140298.0,
  "summary_bg_p05": 24.51875114440918,
  "summary_bg_p95": 177.7937469482422,
  "summary_bg_stdv": 66.10735321044922,
  "summary_fg_k": 2.216975648155996,
  "summary_fg_mad": 162.28006098113218,
  "summary_fg_mean": 676.9140014648438,
  "summary_fg_median": 642.8250122070312,
  "summary_fg_n": 36185.0,
  "summary_fg_p05": 430.5762634277344,
  "summary_fg_p95": 1034.4750732421874,
  "summary_fg_stdv": 188.70799255371094,
  "tsnr": 89.00951631716453
}