{
  "aor": 0.001750943396226415,
  "aqi": 0.002548564088050314,
  "bids_meta": {
    "BandwidthPerPixelPhaseEncode": 31.25,
    "EchoTime": 0.025,
    "EffectiveEchoSpacing": 0.0005,
    "FlipAngle": 75,
    "ImageType": [
      "ORIGINAL",
      "PRIMARY",
      "M",
      "ND",
      "MOSAIC"
    ],
    "MagneticFieldStrength": 3,
    "Manufacturer": "Siemens",
    "ManufacturersModelName": "TrioTim",
    "Modality": "MR",
    "PhaseEncodingDirection": "j-",
    "PixelBandwidth": 3005,
    "RepetitionTime": 3,
    "ScanningSequence": "EP",
    "SequenceVariant": "SK",
    "SliceThickness": 3,
    "SliceTiming": [
      0,
      1.5225,
      0.055,
      1.58,
      0.1125,
      1.635,
      0.1675,
      1.6925,
      0.225,
      1.75,
      0.2825,
      1.805,
      0.3375,
      1.8625,
      0.395,
      1.9175,
      0.45,
      1.975,
      0.5075,
      2.03,
      0.5625,
      2.0875,
      0.62,
      2.145,
      0.6775,
      2.2,
      0.7325,
      2.2575,
      0.79,
      2.3125,
      0.845,
      2.37,
      0.9025,
      2.425,
      0.9575,
      2.4825,
      1.015,
      2.54,
      1.0725,
      2.595,
      1.1275,
      2.6525,
      1.185,
      2.7075,
      1.24,
      2.765,
      1.2975,
      2.8225,
      1.355,
      2.8775,
      1.41,
      2.935,
      1.4675
    ],
    "SpacingBetweenSlices": 3,
    "TaskName": "rest",
    "TotalReadoutTime": 0.0315,
    "dataset": "ds002843",
    "modality": "bold",
    "session_id": "scan2",
    "subject_id": "dmp0062",
    "task_id": "rest"
  },
  "dummy_trs": 1,
  "dvars_nstd": 23.858270379556966,
  "dvars_std": 1.2560753327848102,
  "dvars_vstd": 1.0063370601265822,
  "efc": 0.5581053972164467,
  "fber": 483.10369873046875,
  "fd_mean": 0.11730792655379767,
  "fd_num": 26,
  "fd_perc": 16.352201257861637,
  "fwhm_avg": 2.4250222222222217,
  "fwhm_x": 2.2858,
  "fwhm_y": 2.33363,
  "fwhm_z": 2.6556366666666666,
  "gcor": 0.0469058,
  "gsr_x": 0.0034782872535288334,
  "gsr_y": 0.04444818198680878,
  "provenance": {
    "md5sum": "87ec619a1d87c492a30177d3e195d9b3",
    "settings": {
      "fd_thres": 0.2,
      "testing": false
    },
    "software": "mriqc",
    "version": "21.0.0rc2",
    "webapi_port": null,
    "webapi_url": "https://mriqc.nimh.nih.gov/api/v1"
  },
  "size_t": 159,
  "size_x": 64,
  "size_y": 64,
  "size_z": 53,
  "snr": 3.2050868280040694,
  "spacing_tr": 3.0,
  "spacing_x": 3.0,
  "spacing_y": 3.0,
  "spacing_z": 3.0,
  "summary_bg_k": 21.455622089511376,
  "summary_bg_mad": 9.156699231420816,
  "summary_bg_mean": 62.114376068115234,
  "summary_bg_median": 32.201255798339844,
  "summary_bg_n": 130959.0,
  "summary_bg_p05": 25.402515411376953,
  "summary_bg_p95": 219.13520965576146,
  "summary_bg_stdv": 79.4567642211914,
  "summary_fg_k": 2.2758829079578353,
  "summary_fg_mad": 205.90923279681044,
  "summary_fg_mean": 756.5538330078125,
  "summary_fg_median": 718.8804931640625,
  "summary_fg_n": 42734.0,
  "summary_fg_p05": 465.48582458496094,
  "summary_fg_p95": 1164.595861816406,
  "summary_fg_stdv": 224.29098510742188,
  "tsnr": 78.99229955114424
}