{
  "aor": 0.008040865384615386,
  "aqi": 0.004684698557692308,
  "bids_meta": {
    "BandwidthPerPixelPhaseEncode": 31.25,
    "EchoTime": 0.025,
    "EffectiveEchoSpacing": 0.0005,
    "FlipAngle": 75,
    "ImageType": [
      "ORIGINAL",
      "PRIMARY",
      "M",
      "ND",
      "MOSAIC"
    ],
    "MagneticFieldStrength": 3,
    "Manufacturer": "Siemens",
    "ManufacturersModelName": "TrioTim",
    "Modality": "MR",
    "PhaseEncodingDirection": "j-",
    "PixelBandwidth": 3005,
    "RepetitionTime": 3,
    "ScanningSequence": "EP",
    "SequenceVariant": "SK",
    "SliceThickness": 3,
    "SliceTiming": [
      0,
      1.5225,
      0.055,
      1.58,
      0.1125,
      1.6375,
      0.17,
      1.6925,
      0.225,
      1.75,
      0.2825,
      1.805,
      0.3375,
      1.8625,
      0.395,
      1.92,
      0.45,
      1.975,
      0.5075,
      2.0325,
      0.565,
      2.0875,
      0.62,
      2.145,
      0.6775,
      2.2,
      0.7325,
      2.2575,
      0.79,
      2.315,
      0.8475,
      2.37,
      0.9025,
      2.4275,
      0.96,
      2.4825,
      1.015,
      2.54,
      1.0725,
      2.595,
      1.1275,
      2.6525,
      1.185,
      2.71,
      1.2425,
      2.765,
      1.2975,
      2.8225,
      1.355,
      2.8775,
      1.41,
      2.935,
      1.4675
    ],
    "SpacingBetweenSlices": 3,
    "TaskName": "intertemporal choice task",
    "TotalReadoutTime": 0.0315,
    "dataset": "ds002843",
    "modality": "bold",
    "run_id": 2,
    "session_id": "scan2",
    "subject_id": "dmp1266",
    "task_id": "itc"
  },
  "dummy_trs": 0,
  "dvars_nstd": 31.60803837495147,
  "dvars_std": 1.3381384444660192,
  "dvars_vstd": 1.0515208646601943,
  "efc": 0.5760605056024277,
  "fber": 325.01953125,
  "fd_mean": 0.1884483224608708,
  "fd_num": 30,
  "fd_perc": 28.846153846153847,
  "fwhm_avg": 2.727626666666666,
  "fwhm_x": 2.6551633333333333,
  "fwhm_y": 2.64207,
  "fwhm_z": 2.8856466666666667,
  "gcor": 0.0374544,
  "gsr_x": -0.00828012079000473,
  "gsr_y": 0.08900430053472519,
  "provenance": {
    "md5sum": "81ac3f523039dd09b51ac7a2b68f5698",
    "settings": {
      "fd_thres": 0.2,
      "testing": false
    },
    "software": "mriqc",
    "version": "21.0.0rc2",
    "webapi_port": null,
    "webapi_url": "https://mriqc.nimh.nih.gov/api/v1"
  },
  "size_t": 104,
  "size_x": 64,
  "size_y": 64,
  "size_z": 53,
  "snr": 2.701452691201465,
  "spacing_tr": 3.0,
  "spacing_x": 3.0,
  "spacing_y": 3.0,
  "spacing_z": 3.0,
  "summary_bg_k": 28.836610537144985,
  "summary_bg_mad": 14.027697696026902,
  "summary_bg_mean": 79.85254669189453,
  "summary_bg_median": 36.32692337036133,
  "summary_bg_n": 131972.0,
  "summary_bg_p05": 25.990385055541992,
  "summary_bg_p95": 297.4605865478515,
  "summary_bg_stdv": 108.2476806640625,
  "summary_fg_k": 3.0480568424837067,
  "summary_fg_mad": 200.41508034951016,
  "summary_fg_mean": 726.4042358398438,
  "summary_fg_median": 675.25,
  "summary_fg_n": 41476.0,
  "summary_fg_p05": 421.0817413330078,
  "summary_fg_p95": 1213.4327087402344,
  "summary_fg_stdv": 249.95509338378906,
  "tsnr": 65.17821570276283
}