{
  "bids_meta": {
    "EchoTime": 0.00311,
    "FlipAngle": 15,
    "ImageType": [
      "ORIGINAL",
      "PRIMARY",
      "M",
      "ND",
      "NORM"
    ],
    "InversionTime": 1.1,
    "MagneticFieldStrength": 3,
    "Manufacturer": "Siemens",
    "ManufacturersModelName": "TrioTim",
    "Modality": "MR",
    "RepetitionTime": 1.63,
    "ScanningSequence": "GR_IR",
    "SequenceVariant": "SP_MP",
    "SliceThickness": 1,
    "dataset": "ds002843",
    "modality": "T1w",
    "session_id": "scan1",
    "subject_id": "dmp0330"
  },
  "cjv": 0.6073811381102396,
  "cnr": 2.239094904382868,
  "efc": 0.5582261731666509,
  "fber": 10207.3984375,
  "fwhm_avg": 3.811472,
  "fwhm_x": 3.6720746666666666,
  "fwhm_y": 4.221621333333333,
  "fwhm_z": 3.54072,
  "icvs_csf": 0.21491687908439708,
  "icvs_gm": 0.4101713050790343,
  "icvs_wm": 0.3749118158365686,
  "inu_med": 1.0612232685089111,
  "inu_range": 0.30139565467834484,
  "provenance": {
    "md5sum": "f44b94c87d4634d4afe6eed2aadaa3ea",
    "settings": {
      "testing": false
    },
    "software": "mriqc",
    "version": "21.0.0rc2",
    "warnings": {
      "large_rot_frame": true,
      "small_air_mask": false
    },
    "webapi_port": null,
    "webapi_url": "https://mriqc.nimh.nih.gov/api/v1"
  },
  "qi_1": 2.0545264470629005e-05,
  "qi_2": 0.007901420392838972,
  "rpve_csf": 15.864382069013363,
  "rpve_gm": 8.367920435730893,
  "rpve_wm": 10.817088442727654,
  "size_x": 192,
  "size_y": 256,
  "size_z": 160,
  "snr_csf": 3.437861564127092,
  "snr_gm": 12.029605897389347,
  "snr_total": 13.932225530232609,
  "snr_wm": 26.329209129181386,
  "snrd_csf": 50.85519854820638,
  "snrd_gm": 102.94667205320317,
  "snrd_total": 92.94229020167381,
  "snrd_wm": 125.0250000036119,
  "spacing_x": 0.9375,
  "spacing_y": 0.9375,
  "spacing_z": 1.0,
  "summary_bg_k": 47.771769441707214,
  "summary_bg_mad": 5.240184375207547,
  "summary_bg_mean": 8.380276679992676,
  "summary_bg_median": 5.298773288726807,
  "summary_bg_n": 2698890.0,
  "summary_bg_p05": 0.0,
  "summary_bg_p95": 25.172746849060044,
  "summary_bg_stdv": 9.619874000549316,
  "summary_csf_k": -0.21761870734221178,
  "summary_csf_mad": 121.25851897682885,
  "summary_csf_mean": 430.6822204589844,
  "summary_csf_median": 406.7712097167969,
  "summary_csf_n": 44111.0,
  "summary_csf_p05": 271.31748962402344,
  "summary_csf_p95": 638.7315368652344,
  "summary_csf_stdv": 118.31965637207031,
  "summary_gm_k": -0.3637865775986926,
  "summary_gm_mad": 72.92151502498952,
  "summary_gm_mean": 826.134033203125,
  "summary_gm_median": 823.430908203125,
  "summary_gm_n": 22189.0,
  "summary_gm_p05": 716.7869995117187,
  "summary_gm_p95": 939.9463500976562,
  "summary_gm_stdv": 68.44882202148438,
  "summary_wm_k": 2.0160817696390234,
  "summary_wm_mad": 34.33960655406699,
  "summary_wm_mean": 1002.6875,
  "summary_wm_median": 1000.0269775390625,
  "summary_wm_n": 196258.0,
  "summary_wm_p05": 947.0826110839844,
  "summary_wm_p95": 1067.1499938964844,
  "summary_wm_stdv": 37.98155975341797,
  "tpm_overlap_csf": 0.16319523751735687,
  "tpm_overlap_gm": 0.4284459054470062,
  "tpm_overlap_wm": 0.46025481820106506,
  "wm2max": 0.5000427930961996
}