{
  "bids_meta": {
    "EchoTime": 0.09,
    "FlipAngle": 180,
    "ImageType": [
      "ORIGINAL",
      "PRIMARY",
      "M",
      "ND",
      "NORM"
    ],
    "ImagingFrequency": 123.204,
    "MagneticFieldStrength": 3,
    "Manufacturer": "Siemens",
    "ManufacturersModelName": "TrioTim",
    "Modality": "MR",
    "PhaseEncodingDirection": "i",
    "RepetitionTime": 7,
    "ScanningSequence": "SE",
    "SequenceVariant": "SK_SP_OSP",
    "SliceThickness": 3,
    "SpacingBetweenSlices": 3,
    "dataset": "ds002843",
    "modality": "T2w",
    "session_id": "scan2",
    "subject_id": "dmp0800"
  },
  "cjv": 0.6255008633172096,
  "cnr": 2.2295090481813156,
  "efc": 0.5699519052396147,
  "fber": 2053.11246196006,
  "fwhm_avg": 2.821335600638393,
  "fwhm_x": 3.2362533333333334,
  "fwhm_y": 3.525933333333333,
  "fwhm_z": 1.7018201352485127,
  "icvs_csf": 0.17076082774581494,
  "icvs_gm": 0.4205722518374029,
  "icvs_wm": 0.4086669204167822,
  "inu_med": 1.278588056564331,
  "inu_range": 0.39492085576057434,
  "provenance": {
    "md5sum": "54c1282c0befd6ef6df43fb17e292703",
    "settings": {
      "testing": false
    },
    "software": "mriqc",
    "version": "21.0.0rc2",
    "warnings": {
      "large_rot_frame": false,
      "small_air_mask": false
    },
    "webapi_port": null,
    "webapi_url": "https://mriqc.nimh.nih.gov/api/v1"
  },
  "qi_1": 0.0,
  "qi_2": 0.0024623906695202887,
  "rpve_csf": 15.851307008095233,
  "rpve_gm": 6.633692885295078,
  "rpve_wm": 7.7838895563504,
  "size_x": 256,
  "size_y": 256,
  "size_z": 44,
  "snr_csf": 2.9857891528690796,
  "snr_gm": 10.10581151090882,
  "snr_total": 7.079111482675441,
  "snr_wm": 8.145733784248423,
  "snrd_csf": 128.31595868956435,
  "snrd_gm": 67.87513606670693,
  "snrd_total": 81.33880234712063,
  "snrd_wm": 47.82531228509061,
  "spacing_x": 0.75,
  "spacing_y": 0.75,
  "spacing_z": 2.999999761581421,
  "summary_bg_k": 27.930157939316096,
  "summary_bg_mad": 13.782491231153928,
  "summary_bg_mean": 26.35433221000859,
  "summary_bg_median": 18.285831682384014,
  "summary_bg_n": 859715.0,
  "summary_bg_p05": 2.9625090435147285,
  "summary_bg_p95": 72.32608285546303,
  "summary_bg_stdv": 23.907812762631107,
  "summary_csf_k": 0.4769573802382099,
  "summary_csf_mad": 721.3846783954523,
  "summary_csf_mean": 2641.850195094062,
  "summary_csf_median": 2699.4586715474725,
  "summary_csf_n": 86759.0,
  "summary_csf_p05": 620.1859449371696,
  "summary_csf_p95": 3960.9869622118763,
  "summary_csf_stdv": 904.0970330015158,
  "summary_gm_k": 0.0956728868454837,
  "summary_gm_mad": 141.00548721103635,
  "summary_gm_mean": 1434.4919053821693,
  "summary_gm_median": 1427.9293589740992,
  "summary_gm_n": 188512.0,
  "summary_gm_p05": 1215.9567291364074,
  "summary_gm_p95": 1677.4952070191503,
  "summary_gm_stdv": 141.29746730955367,
  "summary_wm_k": -0.05559406829722402,
  "summary_wm_mad": 122.83077349962457,
  "summary_wm_mean": 999.6890578642978,
  "summary_wm_median": 1006.1293644681573,
  "summary_wm_n": 214565.0,
  "summary_wm_p05": 782.3066984564066,
  "summary_wm_p95": 1192.665278725326,
  "summary_wm_stdv": 123.51582393124353,
  "tpm_overlap_csf": 0.15749605000019073,
  "tpm_overlap_gm": 0.4403049349784851,
  "tpm_overlap_wm": 0.4704580008983612,
  "wm2max": 0.22644394138129811
}