{
  "bids_meta": {
    "EchoTime": 0.09,
    "FlipAngle": 180,
    "ImageType": [
      "ORIGINAL",
      "PRIMARY",
      "M",
      "ND",
      "NORM"
    ],
    "ImagingFrequency": 123.204,
    "MagneticFieldStrength": 3,
    "Manufacturer": "Siemens",
    "ManufacturersModelName": "TrioTim",
    "Modality": "MR",
    "PhaseEncodingDirection": "i",
    "RepetitionTime": 7,
    "ScanningSequence": "SE",
    "SequenceVariant": "SK_SP_OSP",
    "SliceThickness": 3,
    "SpacingBetweenSlices": 3,
    "dataset": "ds002843",
    "modality": "T2w",
    "session_id": "scan2",
    "subject_id": "dmp0897"
  },
  "cjv": 0.5602199222597504,
  "cnr": 2.431025702179836,
  "efc": 0.6041696347485678,
  "fber": 2476.976331360947,
  "fwhm_avg": 2.5814062437848517,
  "fwhm_x": 2.91124,
  "fwhm_y": 3.2366533333333334,
  "fwhm_z": 1.5963253980212226,
  "icvs_csf": 0.17298566262227108,
  "icvs_gm": 0.3978809873945648,
  "icvs_wm": 0.42913334998316416,
  "inu_med": 1.3132435083389282,
  "inu_range": 0.338606059551239,
  "provenance": {
    "md5sum": "c2edb1c013780c9ffd7e8b535a0c978b",
    "settings": {
      "testing": false
    },
    "software": "mriqc",
    "version": "21.0.0rc2",
    "warnings": {
      "large_rot_frame": false,
      "small_air_mask": false
    },
    "webapi_port": null,
    "webapi_url": "https://mriqc.nimh.nih.gov/api/v1"
  },
  "qi_1": 0.0,
  "qi_2": 0.002918197277871573,
  "rpve_csf": 12.494308738076965,
  "rpve_gm": 5.408380669430281,
  "rpve_wm": 5.901921894025935,
  "size_x": 256,
  "size_y": 256,
  "size_z": 44,
  "snr_csf": 2.72879753352189,
  "snr_gm": 9.519112309772124,
  "snr_total": 7.2277634401566315,
  "snr_wm": 9.435380477175881,
  "snrd_csf": 113.03718375696522,
  "snrd_gm": 59.67649148393386,
  "snrd_total": 71.22644419871268,
  "snrd_wm": 40.96565735523897,
  "spacing_x": 0.75,
  "spacing_y": 0.75,
  "spacing_z": 3.000002384185791,
  "summary_bg_k": 236.587153349078,
  "summary_bg_mad": 15.833615587215139,
  "summary_bg_mean": 24.147123406081807,
  "summary_bg_median": 19.417475312948227,
  "summary_bg_n": 794621.0,
  "summary_bg_p05": 2.8047464340925217,
  "summary_bg_p95": 57.28155217319727,
  "summary_bg_stdv": 25.195852828356532,
  "summary_csf_k": 0.08705609632249889,
  "summary_csf_mad": 802.396458596549,
  "summary_csf_mean": 2603.550389174895,
  "summary_csf_median": 2731.930901668966,
  "summary_csf_n": 114562.0,
  "summary_csf_p05": 513.0582414563745,
  "summary_csf_p95": 3996.116419404745,
  "summary_csf_stdv": 1001.1438901969714,
  "summary_gm_k": 0.07451278973476105,
  "summary_gm_mad": 150.65925134501677,
  "summary_gm_mean": 1447.1736893632724,
  "summary_gm_median": 1442.2869163006544,
  "summary_gm_n": 235243.0,
  "summary_gm_p05": 1207.5512147396803,
  "summary_gm_p95": 1704.5307078883052,
  "summary_gm_stdv": 151.5145324308334,
  "summary_wm_k": 0.09969589490929787,
  "summary_wm_mad": 102.67859805042545,
  "summary_wm_mean": 983.358598838217,
  "summary_wm_median": 990.0754912346601,
  "summary_wm_n": 296415.0,
  "summary_wm_p05": 796.5479872822762,
  "summary_wm_p95": 1144.0129205211997,
  "summary_wm_stdv": 104.93205054580669,
  "tpm_overlap_csf": 0.1718149185180664,
  "tpm_overlap_gm": 0.4311269223690033,
  "tpm_overlap_wm": 0.4835129678249359,
  "wm2max": 0.21924090738169014
}