{
  "bids_meta": {
    "EchoTime": 0.09,
    "FlipAngle": 180,
    "ImageType": [
      "ORIGINAL",
      "PRIMARY",
      "M",
      "ND",
      "NORM"
    ],
    "ImagingFrequency": 123.204,
    "MagneticFieldStrength": 3,
    "Manufacturer": "Siemens",
    "ManufacturersModelName": "TrioTim",
    "Modality": "MR",
    "PhaseEncodingDirection": "i",
    "RepetitionTime": 7,
    "ScanningSequence": "SE",
    "SequenceVariant": "SK_SP_OSP",
    "SliceThickness": 3,
    "SpacingBetweenSlices": 3,
    "dataset": "ds002843",
    "modality": "T2w",
    "session_id": "scan1",
    "subject_id": "dmp0730"
  },
  "cjv": 0.5489292434486045,
  "cnr": 2.5192346617174595,
  "efc": 0.5321604236617684,
  "fber": 2334.9604591836733,
  "fwhm_avg": 2.6221422654257918,
  "fwhm_x": 3.10584,
  "fwhm_y": 3.129706666666667,
  "fwhm_z": 1.6308801296107078,
  "icvs_csf": 0.16857805870629602,
  "icvs_gm": 0.4101573029492633,
  "icvs_wm": 0.4212646383444407,
  "inu_med": 1.3550419807434082,
  "inu_range": 0.3757265686988831,
  "provenance": {
    "md5sum": "d952b67515e03733e7a7f936f2d9c2bc",
    "settings": {
      "testing": false
    },
    "software": "mriqc",
    "version": "21.0.0rc2",
    "warnings": {
      "large_rot_frame": true,
      "small_air_mask": false
    },
    "webapi_port": null,
    "webapi_url": "https://mriqc.nimh.nih.gov/api/v1"
  },
  "qi_1": 0.0,
  "qi_2": 0.0029548532119904112,
  "rpve_csf": 17.223378408522287,
  "rpve_gm": 7.300380664574201,
  "rpve_wm": 8.38041066465239,
  "size_x": 256,
  "size_y": 256,
  "size_z": 44,
  "snr_csf": 2.984519661158112,
  "snr_gm": 9.12133269756849,
  "snr_total": 6.778768560008355,
  "snr_wm": 8.23045332129846,
  "snrd_csf": 123.98710710307574,
  "snrd_gm": 63.615523254521506,
  "snrd_total": 76.44745236840377,
  "snrd_wm": 41.73972674761406,
  "spacing_x": 0.75,
  "spacing_y": 0.75,
  "spacing_z": 2.999999761581421,
  "summary_bg_k": 341.8815661281971,
  "summary_bg_mad": 15.512208993272202,
  "summary_bg_mean": 23.89946840227494,
  "summary_bg_median": 17.479073971509933,
  "summary_bg_n": 936570.0,
  "summary_bg_p05": 3.4465779662132263,
  "summary_bg_p95": 61.91531132161617,
  "summary_bg_stdv": 24.18232251316363,
  "summary_csf_k": 0.6229154988193955,
  "summary_csf_mad": 771.413028406607,
  "summary_csf_mean": 2869.0400825882466,
  "summary_csf_median": 2935.7458747923374,
  "summary_csf_n": 78763.0,
  "summary_csf_p05": 632.3362739369273,
  "summary_csf_p95": 4306.462241162358,
  "summary_csf_stdv": 983.6514988861462,
  "summary_gm_k": 0.10240082338534107,
  "summary_gm_mad": 164.06442217590248,
  "summary_gm_mean": 1513.1500242951638,
  "summary_gm_median": 1506.2776633054018,
  "summary_gm_n": 176319.0,
  "summary_gm_p05": 1256.154576614499,
  "summary_gm_p95": 1797.0211331695318,
  "summary_gm_stdv": 165.1374247367367,
  "summary_wm_k": -0.02335450422976626,
  "summary_wm_mad": 120.26524384195743,
  "summary_wm_mean": 981.0936071757379,
  "summary_wm_median": 988.3062318116426,
  "summary_wm_n": 212890.0,
  "summary_wm_p05": 770.3101754486561,
  "summary_wm_p95": 1166.4204574227333,
  "summary_wm_stdv": 120.0789157123358,
  "tpm_overlap_csf": 0.16212151944637299,
  "tpm_overlap_gm": 0.42738935351371765,
  "tpm_overlap_wm": 0.4853941798210144,
  "wm2max": 0.20339970613568426
}