{
  "aor": 0.01320596153846154,
  "aqi": 0.004688195480769231,
  "bids_meta": {
    "BandwidthPerPixelPhaseEncode": 31.25,
    "EchoTime": 0.025,
    "EffectiveEchoSpacing": 0.0005,
    "FlipAngle": 75,
    "ImageType": [
      "ORIGINAL",
      "PRIMARY",
      "M",
      "ND",
      "MOSAIC"
    ],
    "MagneticFieldStrength": 3,
    "Manufacturer": "Siemens",
    "ManufacturersModelName": "TrioTim",
    "Modality": "MR",
    "PhaseEncodingDirection": "j-",
    "PixelBandwidth": 3005,
    "RepetitionTime": 3,
    "ScanningSequence": "EP",
    "SequenceVariant": "SK",
    "SliceThickness": 3,
    "SliceTiming": [
      0,
      1.5225,
      0.055,
      1.58,
      0.1125,
      1.6375,
      0.17,
      1.6925,
      0.225,
      1.75,
      0.2825,
      1.805,
      0.3375,
      1.8625,
      0.395,
      1.92,
      0.45,
      1.975,
      0.5075,
      2.0325,
      0.565,
      2.0875,
      0.62,
      2.145,
      0.6775,
      2.2,
      0.7325,
      2.2575,
      0.79,
      2.315,
      0.8475,
      2.37,
      0.9025,
      2.4275,
      0.96,
      2.4825,
      1.015,
      2.54,
      1.0725,
      2.595,
      1.1275,
      2.6525,
      1.185,
      2.71,
      1.2425,
      2.765,
      1.2975,
      2.8225,
      1.355,
      2.8775,
      1.41,
      2.935,
      1.4675
    ],
    "SpacingBetweenSlices": 3,
    "TaskName": "risk choice task",
    "TotalReadoutTime": 0.0315,
    "dataset": "ds002843",
    "modality": "bold",
    "run_id": 2,
    "session_id": "scan2",
    "subject_id": "dmp0523",
    "task_id": "risk"
  },
  "dummy_trs": 0,
  "dvars_nstd": 25.1873784292233,
  "dvars_std": 1.2312005955339806,
  "dvars_vstd": 1.0443668461165054,
  "efc": 0.5546888244922793,
  "fber": 387.4755859375,
  "fd_mean": 0.20211540971277187,
  "fd_num": 28,
  "fd_perc": 26.923076923076923,
  "fwhm_avg": 2.5583355555555554,
  "fwhm_x": 2.45411,
  "fwhm_y": 2.4539133333333334,
  "fwhm_z": 2.7669833333333336,
  "gcor": 0.048529,
  "gsr_x": -0.010257010348141193,
  "gsr_y": 0.03730325400829315,
  "provenance": {
    "md5sum": "c4baa76da6580911d0226c0bb1a246e6",
    "settings": {
      "fd_thres": 0.2,
      "testing": false
    },
    "software": "mriqc",
    "version": "21.0.0rc2",
    "webapi_port": null,
    "webapi_url": "https://mriqc.nimh.nih.gov/api/v1"
  },
  "size_t": 104,
  "size_x": 64,
  "size_y": 64,
  "size_z": 53,
  "snr": 3.1619496898109456,
  "spacing_tr": 3.0,
  "spacing_x": 3.0,
  "spacing_y": 3.0,
  "spacing_z": 3.0,
  "summary_bg_k": 55.10302245283424,
  "summary_bg_mad": 11.84655978222125,
  "summary_bg_mean": 67.50369262695312,
  "summary_bg_median": 34.75,
  "summary_bg_n": 136691.0,
  "summary_bg_p05": 26.163461685180664,
  "summary_bg_p95": 219.63462829589844,
  "summary_bg_stdv": 91.7367172241211,
  "summary_fg_k": 2.2068097156384434,
  "summary_fg_mad": 178.7818833666585,
  "summary_fg_mean": 733.1769409179688,
  "summary_fg_median": 690.9038696289062,
  "summary_fg_n": 39078.0,
  "summary_fg_p05": 454.5740509033203,
  "summary_fg_p95": 1163.2269592285156,
  "summary_fg_stdv": 218.5028533935547,
  "tsnr": 65.13862411677837
}