{
  "aor": 0.0015859375,
  "aqi": 0.0028611051875,
  "bids_meta": {
    "BandwidthPerPixelPhaseEncode": 31.25,
    "EchoTime": 0.025,
    "EffectiveEchoSpacing": 0.0005,
    "FlipAngle": 75,
    "ImageType": [
      "ORIGINAL",
      "PRIMARY",
      "M",
      "ND",
      "MOSAIC"
    ],
    "MagneticFieldStrength": 3,
    "Manufacturer": "Siemens",
    "ManufacturersModelName": "TrioTim",
    "Modality": "MR",
    "PhaseEncodingDirection": "j-",
    "PixelBandwidth": 3005,
    "RepetitionTime": 3,
    "ScanningSequence": "EP",
    "SequenceVariant": "SK",
    "SliceThickness": 3,
    "SliceTiming": [
      0,
      1.5225,
      0.055,
      1.58,
      0.1125,
      1.635,
      0.1675,
      1.6925,
      0.225,
      1.75,
      0.2825,
      1.805,
      0.3375,
      1.8625,
      0.395,
      1.9175,
      0.45,
      1.975,
      0.5075,
      2.03,
      0.5625,
      2.0875,
      0.62,
      2.145,
      0.6775,
      2.2,
      0.7325,
      2.2575,
      0.79,
      2.3125,
      0.845,
      2.37,
      0.9025,
      2.425,
      0.9575,
      2.4825,
      1.015,
      2.54,
      1.0725,
      2.595,
      1.1275,
      2.6525,
      1.185,
      2.7075,
      1.24,
      2.765,
      1.2975,
      2.8225,
      1.355,
      2.8775,
      1.41,
      2.935,
      1.4675
    ],
    "SpacingBetweenSlices": 3,
    "TaskName": "rest",
    "TotalReadoutTime": 0.0315,
    "dataset": "ds002843",
    "modality": "bold",
    "session_id": "scan1",
    "subject_id": "dmp0649",
    "task_id": "rest"
  },
  "dummy_trs": 0,
  "dvars_nstd": 19.674792379685538,
  "dvars_std": 1.1677665052201265,
  "dvars_vstd": 0.9953958472327045,
  "efc": 0.6024464747562454,
  "fber": 235.189697265625,
  "fd_mean": 0.03372770292491704,
  "fd_num": 0,
  "fd_perc": 0.0,
  "fwhm_avg": 2.451808888888889,
  "fwhm_x": 2.249076666666667,
  "fwhm_y": 2.3619166666666667,
  "fwhm_z": 2.7444333333333333,
  "gcor": 0.0464735,
  "gsr_x": -0.011549384333193302,
  "gsr_y": 0.061912212520837784,
  "provenance": {
    "md5sum": "47209e9edaf4983f46087c3d30f45013",
    "settings": {
      "fd_thres": 0.2,
      "testing": false
    },
    "software": "mriqc",
    "version": "21.0.0rc2",
    "webapi_port": null,
    "webapi_url": "https://mriqc.nimh.nih.gov/api/v1"
  },
  "size_t": 160,
  "size_x": 64,
  "size_y": 64,
  "size_z": 53,
  "snr": 2.9672522633904435,
  "spacing_tr": 3.0,
  "spacing_x": 3.0,
  "spacing_y": 3.0,
  "spacing_z": 3.0,
  "summary_bg_k": 27.202046373139293,
  "summary_bg_mad": 19.764942522156396,
  "summary_bg_mean": 80.16969299316406,
  "summary_bg_median": 41.10000228881836,
  "summary_bg_n": 126140.0,
  "summary_bg_p05": 27.01875114440918,
  "summary_bg_p95": 263.38876190185516,
  "summary_bg_stdv": 94.63533020019531,
  "summary_fg_k": 3.4379159017474725,
  "summary_fg_mad": 181.74387537820843,
  "summary_fg_mean": 693.2255249023438,
  "summary_fg_median": 651.3187866210938,
  "summary_fg_n": 44752.0,
  "summary_fg_p05": 416.14095306396484,
  "summary_fg_p95": 1099.2381469726558,
  "summary_fg_stdv": 219.4998779296875,
  "tsnr": 81.73198725911789
}