{
  "aor": 0.0013722115384615385,
  "aqi": 0.0014649911634615385,
  "bids_meta": {
    "BandwidthPerPixelPhaseEncode": 31.25,
    "EchoTime": 0.025,
    "EffectiveEchoSpacing": 0.0005,
    "FlipAngle": 75,
    "ImageType": [
      "ORIGINAL",
      "PRIMARY",
      "M",
      "ND",
      "MOSAIC"
    ],
    "MagneticFieldStrength": 3,
    "Manufacturer": "Siemens",
    "ManufacturersModelName": "TrioTim",
    "Modality": "MR",
    "PhaseEncodingDirection": "j-",
    "PixelBandwidth": 3005,
    "RepetitionTime": 3,
    "ScanningSequence": "EP",
    "SequenceVariant": "SK",
    "SliceThickness": 3,
    "SliceTiming": [
      0,
      1.5225,
      0.055,
      1.58,
      0.1125,
      1.6375,
      0.17,
      1.6925,
      0.225,
      1.75,
      0.2825,
      1.805,
      0.3375,
      1.8625,
      0.395,
      1.92,
      0.45,
      1.975,
      0.5075,
      2.0325,
      0.565,
      2.0875,
      0.62,
      2.145,
      0.6775,
      2.2,
      0.7325,
      2.2575,
      0.79,
      2.315,
      0.8475,
      2.37,
      0.9025,
      2.4275,
      0.96,
      2.4825,
      1.015,
      2.54,
      1.0725,
      2.595,
      1.1275,
      2.6525,
      1.185,
      2.71,
      1.2425,
      2.765,
      1.2975,
      2.8225,
      1.355,
      2.8775,
      1.41,
      2.935,
      1.4675
    ],
    "SpacingBetweenSlices": 3,
    "TaskName": "intertemporal choice task",
    "TotalReadoutTime": 0.0315,
    "dataset": "ds002843",
    "modality": "bold",
    "run_id": 2,
    "session_id": "scan1",
    "subject_id": "dmp0649",
    "task_id": "itc"
  },
  "dummy_trs": 0,
  "dvars_nstd": 19.602515822330094,
  "dvars_std": 1.18251139815534,
  "dvars_vstd": 1.006173277961165,
  "efc": 0.6042527100904892,
  "fber": 233.29872131347656,
  "fd_mean": 0.029665117395490288,
  "fd_num": 0,
  "fd_perc": 0.0,
  "fwhm_avg": 2.435178888888889,
  "fwhm_x": 2.19908,
  "fwhm_y": 2.3709166666666666,
  "fwhm_z": 2.73554,
  "gcor": 0.0211367,
  "gsr_x": -0.009016813710331917,
  "gsr_y": 0.06310346722602844,
  "provenance": {
    "md5sum": "464a35cc0f072a5896212279d6d4b2ec",
    "settings": {
      "fd_thres": 0.2,
      "testing": false
    },
    "software": "mriqc",
    "version": "21.0.0rc2",
    "webapi_port": null,
    "webapi_url": "https://mriqc.nimh.nih.gov/api/v1"
  },
  "size_t": 104,
  "size_x": 64,
  "size_y": 64,
  "size_z": 53,
  "snr": 3.004277416605659,
  "spacing_tr": 3.0,
  "spacing_x": 3.0,
  "spacing_y": 3.0,
  "spacing_z": 3.0,
  "summary_bg_k": 28.182437559369273,
  "summary_bg_mad": 19.47341208370959,
  "summary_bg_mean": 79.65859985351562,
  "summary_bg_median": 40.84615707397461,
  "summary_bg_n": 125462.0,
  "summary_bg_p05": 26.89423179626465,
  "summary_bg_p95": 263.36442565917963,
  "summary_bg_stdv": 94.23953247070312,
  "summary_fg_k": 3.2588951597890796,
  "summary_fg_mad": 180.749199866379,
  "summary_fg_mean": 687.8907470703125,
  "summary_fg_median": 648.1058349609375,
  "summary_fg_n": 45008.0,
  "summary_fg_p05": 412.0038558959961,
  "summary_fg_p95": 1083.9390075683593,
  "summary_fg_stdv": 215.7252960205078,
  "tsnr": 93.81765868747607
}