{
  "aor": 0.005214271844660195,
  "aqi": 0.009090040485436893,
  "bids_meta": {
    "BandwidthPerPixelPhaseEncode": 31.25,
    "EchoTime": 0.025,
    "EffectiveEchoSpacing": 0.0005,
    "FlipAngle": 75,
    "ImageType": [
      "ORIGINAL",
      "PRIMARY",
      "M",
      "ND",
      "MOSAIC"
    ],
    "MagneticFieldStrength": 3,
    "Manufacturer": "Siemens",
    "ManufacturersModelName": "TrioTim",
    "Modality": "MR",
    "PhaseEncodingDirection": "j-",
    "PixelBandwidth": 3005,
    "RepetitionTime": 3,
    "ScanningSequence": "EP",
    "SequenceVariant": "SK",
    "SliceThickness": 3,
    "SliceTiming": [
      0,
      1.5225,
      0.055,
      1.58,
      0.1125,
      1.6375,
      0.17,
      1.6925,
      0.225,
      1.75,
      0.2825,
      1.805,
      0.3375,
      1.8625,
      0.395,
      1.92,
      0.45,
      1.975,
      0.5075,
      2.0325,
      0.565,
      2.0875,
      0.62,
      2.145,
      0.6775,
      2.2,
      0.7325,
      2.2575,
      0.79,
      2.315,
      0.8475,
      2.37,
      0.9025,
      2.4275,
      0.96,
      2.4825,
      1.015,
      2.54,
      1.0725,
      2.595,
      1.1275,
      2.6525,
      1.185,
      2.71,
      1.2425,
      2.765,
      1.2975,
      2.8225,
      1.355,
      2.8775,
      1.41,
      2.935,
      1.4675
    ],
    "SpacingBetweenSlices": 3,
    "TaskName": "intertemporal choice task",
    "TotalReadoutTime": 0.0315,
    "dataset": "ds002843",
    "modality": "bold",
    "run_id": 2,
    "session_id": "scan2",
    "subject_id": "dmp0217",
    "task_id": "itc"
  },
  "dummy_trs": 1,
  "dvars_nstd": 26.52085491205883,
  "dvars_std": 0.9780425565686272,
  "dvars_vstd": 0.8991922236274509,
  "efc": 0.6108301733285185,
  "fber": 195.0618133544922,
  "fd_mean": 0.17750708450622416,
  "fd_num": 16,
  "fd_perc": 15.533980582524272,
  "fwhm_avg": 2.912103333333333,
  "fwhm_x": 2.7717433333333332,
  "fwhm_y": 2.7349866666666665,
  "fwhm_z": 3.22958,
  "gcor": 0.0209452,
  "gsr_x": -0.0012452229857444763,
  "gsr_y": 0.08430026471614838,
  "provenance": {
    "md5sum": "0ad6ae40a2d8f90b0187519b2bc1eeab",
    "settings": {
      "fd_thres": 0.2,
      "testing": false
    },
    "software": "mriqc",
    "version": "21.0.0rc2",
    "webapi_port": null,
    "webapi_url": "https://mriqc.nimh.nih.gov/api/v1"
  },
  "size_t": 103,
  "size_x": 64,
  "size_y": 64,
  "size_z": 53,
  "snr": 2.039750854773409,
  "spacing_tr": 3.0,
  "spacing_x": 3.0,
  "spacing_y": 3.0,
  "spacing_z": 3.0,
  "summary_bg_k": 20.334618063863612,
  "summary_bg_mad": 29.8535618553399,
  "summary_bg_mean": 115.37088012695312,
  "summary_bg_median": 51.90291213989258,
  "summary_bg_n": 118697.0,
  "summary_bg_p05": 29.80582618713379,
  "summary_bg_p95": 417.4640747070309,
  "summary_bg_stdv": 149.9275665283203,
  "summary_fg_k": 5.549957055478616,
  "summary_fg_mad": 276.64928470647317,
  "summary_fg_mean": 833.8519897460938,
  "summary_fg_median": 743.3155517578125,
  "summary_fg_n": 52096.0,
  "summary_fg_p05": 440.9830093383789,
  "summary_fg_p95": 1529.5631103515625,
  "summary_fg_stdv": 364.411376953125,
  "tsnr": 51.696617194334976
}