{
  "aor": 0.0022782692307692304,
  "aqi": 0.006010835576923076,
  "bids_meta": {
    "BandwidthPerPixelPhaseEncode": 31.25,
    "EchoTime": 0.025,
    "EffectiveEchoSpacing": 0.0005,
    "FlipAngle": 75,
    "ImageType": [
      "ORIGINAL",
      "PRIMARY",
      "M",
      "ND",
      "MOSAIC"
    ],
    "MagneticFieldStrength": 3,
    "Manufacturer": "Siemens",
    "ManufacturersModelName": "TrioTim",
    "Modality": "MR",
    "PhaseEncodingDirection": "j-",
    "PixelBandwidth": 3005,
    "RepetitionTime": 3,
    "ScanningSequence": "EP",
    "SequenceVariant": "SK",
    "SliceThickness": 3,
    "SliceTiming": [
      0,
      1.5225,
      0.055,
      1.58,
      0.1125,
      1.6375,
      0.17,
      1.6925,
      0.225,
      1.75,
      0.2825,
      1.805,
      0.3375,
      1.8625,
      0.395,
      1.92,
      0.45,
      1.975,
      0.5075,
      2.0325,
      0.565,
      2.0875,
      0.62,
      2.145,
      0.6775,
      2.2,
      0.7325,
      2.2575,
      0.79,
      2.315,
      0.8475,
      2.37,
      0.9025,
      2.4275,
      0.96,
      2.4825,
      1.015,
      2.54,
      1.0725,
      2.595,
      1.1275,
      2.6525,
      1.185,
      2.71,
      1.2425,
      2.765,
      1.2975,
      2.8225,
      1.355,
      2.8775,
      1.41,
      2.935,
      1.4675
    ],
    "SpacingBetweenSlices": 3,
    "TaskName": "risk choice task",
    "TotalReadoutTime": 0.0315,
    "dataset": "ds002843",
    "modality": "bold",
    "run_id": 2,
    "session_id": "scan2",
    "subject_id": "dmp0217",
    "task_id": "risk"
  },
  "dummy_trs": 0,
  "dvars_nstd": 23.869305416310677,
  "dvars_std": 1.1057272961165048,
  "dvars_vstd": 0.9579257299029127,
  "efc": 0.6124917239163369,
  "fber": 204.2174530029297,
  "fd_mean": 0.12902582404863183,
  "fd_num": 15,
  "fd_perc": 14.423076923076923,
  "fwhm_avg": 2.8736055555555553,
  "fwhm_x": 2.713416666666667,
  "fwhm_y": 2.7166200000000003,
  "fwhm_z": 3.19078,
  "gcor": 0.0123134,
  "gsr_x": 0.0021080621518194675,
  "gsr_y": 0.08350256085395813,
  "provenance": {
    "md5sum": "5d967fd8c3cf4bca64a14198bf0d3dd6",
    "settings": {
      "fd_thres": 0.2,
      "testing": false
    },
    "software": "mriqc",
    "version": "21.0.0rc2",
    "webapi_port": null,
    "webapi_url": "https://mriqc.nimh.nih.gov/api/v1"
  },
  "size_t": 104,
  "size_x": 64,
  "size_y": 64,
  "size_z": 53,
  "snr": 2.0915827239813862,
  "spacing_tr": 3.0,
  "spacing_x": 3.0,
  "spacing_y": 3.0,
  "spacing_z": 3.0,
  "summary_bg_k": 20.678163071872074,
  "summary_bg_mad": 27.314094282801,
  "summary_bg_mean": 111.33638763427734,
  "summary_bg_median": 49.125,
  "summary_bg_n": 118288.0,
  "summary_bg_p05": 28.153846740722656,
  "summary_bg_p95": 411.6505050659179,
  "summary_bg_stdv": 147.97091674804688,
  "summary_fg_k": 5.408820633549899,
  "summary_fg_mad": 266.64036236868935,
  "summary_fg_mean": 810.406982421875,
  "summary_fg_median": 725.375,
  "summary_fg_n": 52381.0,
  "summary_fg_p05": 432.4134826660156,
  "summary_fg_p95": 1475.8077392578125,
  "summary_fg_stdv": 346.8034362792969,
  "tsnr": 61.28187117469497
}