{
  "aor": 0.00240625,
  "aqi": 0.0081995033125,
  "bids_meta": {
    "BandwidthPerPixelPhaseEncode": 31.25,
    "EchoTime": 0.025,
    "EffectiveEchoSpacing": 0.0005,
    "FlipAngle": 75,
    "ImageType": [
      "ORIGINAL",
      "PRIMARY",
      "M",
      "ND",
      "MOSAIC"
    ],
    "MagneticFieldStrength": 3,
    "Manufacturer": "Siemens",
    "ManufacturersModelName": "TrioTim",
    "Modality": "MR",
    "PhaseEncodingDirection": "j-",
    "PixelBandwidth": 3005,
    "RepetitionTime": 3,
    "ScanningSequence": "EP",
    "SequenceVariant": "SK",
    "SliceThickness": 3,
    "SliceTiming": [
      0,
      1.5225,
      0.055,
      1.58,
      0.1125,
      1.635,
      0.1675,
      1.6925,
      0.225,
      1.75,
      0.2825,
      1.805,
      0.3375,
      1.8625,
      0.395,
      1.9175,
      0.45,
      1.975,
      0.5075,
      2.03,
      0.5625,
      2.0875,
      0.62,
      2.145,
      0.6775,
      2.2,
      0.7325,
      2.2575,
      0.79,
      2.3125,
      0.845,
      2.37,
      0.9025,
      2.425,
      0.9575,
      2.4825,
      1.015,
      2.54,
      1.0725,
      2.595,
      1.1275,
      2.6525,
      1.185,
      2.7075,
      1.24,
      2.765,
      1.2975,
      2.8225,
      1.355,
      2.8775,
      1.41,
      2.935,
      1.4675
    ],
    "SpacingBetweenSlices": 3,
    "TaskName": "rest",
    "TotalReadoutTime": 0.0315,
    "dataset": "ds002843",
    "modality": "bold",
    "session_id": "scan2",
    "subject_id": "dmp0217",
    "task_id": "rest"
  },
  "dummy_trs": 0,
  "dvars_nstd": 42.05375112377361,
  "dvars_std": 1.269353222264151,
  "dvars_vstd": 0.9805041523899375,
  "efc": 0.6056761470254812,
  "fber": 202.7073516845703,
  "fd_mean": 0.26314376373764914,
  "fd_num": 86,
  "fd_perc": 53.75,
  "fwhm_avg": 2.978271111111111,
  "fwhm_x": 2.83305,
  "fwhm_y": 2.7727466666666665,
  "fwhm_z": 3.3290166666666665,
  "gcor": 0.0335735,
  "gsr_x": -0.007055035792291164,
  "gsr_y": 0.08004354685544968,
  "provenance": {
    "md5sum": "0d922ac7be8410f6ff87d6f5d0fb623e",
    "settings": {
      "fd_thres": 0.2,
      "testing": false
    },
    "software": "mriqc",
    "version": "21.0.0rc2",
    "webapi_port": null,
    "webapi_url": "https://mriqc.nimh.nih.gov/api/v1"
  },
  "size_t": 160,
  "size_x": 64,
  "size_y": 64,
  "size_z": 53,
  "snr": 1.9915127743785623,
  "spacing_tr": 3.0,
  "spacing_x": 3.0,
  "spacing_y": 3.0,
  "spacing_z": 3.0,
  "summary_bg_k": 20.003702280793647,
  "summary_bg_mad": 29.197998006262562,
  "summary_bg_mean": 114.25125885009766,
  "summary_bg_median": 51.431251525878906,
  "summary_bg_n": 119161.0,
  "summary_bg_p05": 29.381250381469727,
  "summary_bg_p95": 412.9125061035156,
  "summary_bg_stdv": 150.30648803710938,
  "summary_fg_k": 5.593922044773869,
  "summary_fg_mad": 284.3353067177775,
  "summary_fg_mean": 844.5025024414062,
  "summary_fg_median": 750.8125,
  "summary_fg_n": 52137.0,
  "summary_fg_p05": 440.6725158691406,
  "summary_fg_p95": 1573.5225097656246,
  "summary_fg_stdv": 377.00250244140625,
  "tsnr": 48.40261043154169
}