{
  "aor": 0.0017262420382165608,
  "aqi": 0.001827882993630573,
  "bids_meta": {
    "BandwidthPerPixelPhaseEncode": 31.25,
    "EchoTime": 0.025,
    "EffectiveEchoSpacing": 0.0005,
    "FlipAngle": 75,
    "ImageType": [
      "ORIGINAL",
      "PRIMARY",
      "M",
      "ND",
      "MOSAIC"
    ],
    "MagneticFieldStrength": 3,
    "Manufacturer": "Siemens",
    "ManufacturersModelName": "TrioTim",
    "Modality": "MR",
    "PhaseEncodingDirection": "j-",
    "PixelBandwidth": 3005,
    "RepetitionTime": 3,
    "ScanningSequence": "EP",
    "SequenceVariant": "SK",
    "SliceThickness": 3,
    "SliceTiming": [
      0,
      1.5225,
      0.055,
      1.58,
      0.1125,
      1.635,
      0.1675,
      1.6925,
      0.225,
      1.75,
      0.2825,
      1.805,
      0.3375,
      1.8625,
      0.395,
      1.9175,
      0.45,
      1.975,
      0.5075,
      2.03,
      0.5625,
      2.0875,
      0.62,
      2.145,
      0.6775,
      2.2,
      0.7325,
      2.2575,
      0.79,
      2.3125,
      0.845,
      2.37,
      0.9025,
      2.425,
      0.9575,
      2.4825,
      1.015,
      2.54,
      1.0725,
      2.595,
      1.1275,
      2.6525,
      1.185,
      2.7075,
      1.24,
      2.765,
      1.2975,
      2.8225,
      1.355,
      2.8775,
      1.41,
      2.935,
      1.4675
    ],
    "SpacingBetweenSlices": 3,
    "TaskName": "rest",
    "TotalReadoutTime": 0.0315,
    "dataset": "ds002843",
    "modality": "bold",
    "session_id": "scan1",
    "subject_id": "dmp0011",
    "task_id": "rest"
  },
  "dummy_trs": 3,
  "dvars_nstd": 18.820634463076924,
  "dvars_std": 1.1866433845512823,
  "dvars_vstd": 0.9945296726923079,
  "efc": 0.5684887131816255,
  "fber": 270.07647705078125,
  "fd_mean": 0.05226464643684746,
  "fd_num": 3,
  "fd_perc": 1.910828025477707,
  "fwhm_avg": 2.94041,
  "fwhm_x": 2.8164433333333334,
  "fwhm_y": 2.7957566666666662,
  "fwhm_z": 3.2090300000000003,
  "gcor": 0.0153977,
  "gsr_x": -0.020373839884996414,
  "gsr_y": 0.06332507729530334,
  "provenance": {
    "md5sum": "f45852985b761767c9df9b4d717a2954",
    "settings": {
      "fd_thres": 0.2,
      "testing": false
    },
    "software": "mriqc",
    "version": "21.0.0rc2",
    "webapi_port": null,
    "webapi_url": "https://mriqc.nimh.nih.gov/api/v1"
  },
  "size_t": 157,
  "size_x": 64,
  "size_y": 64,
  "size_z": 53,
  "snr": 2.0317587127415373,
  "spacing_tr": 3.0,
  "spacing_x": 3.0,
  "spacing_y": 3.0,
  "spacing_z": 3.0,
  "summary_bg_k": 19.632345684594323,
  "summary_bg_mad": 22.663981174887596,
  "summary_bg_mean": 89.38433837890625,
  "summary_bg_median": 44.649681091308594,
  "summary_bg_n": 126950.0,
  "summary_bg_p05": 28.385031795501714,
  "summary_bg_p95": 296.9015930175781,
  "summary_bg_stdv": 106.70269012451172,
  "summary_fg_k": 3.1916341559000054,
  "summary_fg_mad": 283.70585230909063,
  "summary_fg_mean": 850.1695556640625,
  "summary_fg_median": 754.7515869140625,
  "summary_fg_n": 45893.0,
  "summary_fg_p05": 437.66115112304686,
  "summary_fg_p95": 1603.4929931640627,
  "summary_fg_stdv": 371.4729309082031,
  "tsnr": 86.4331931937486
}