{
  "bids_meta": {
    "EchoTime": 0.09,
    "FlipAngle": 180,
    "ImageType": [
      "ORIGINAL",
      "PRIMARY",
      "M",
      "ND",
      "NORM"
    ],
    "ImagingFrequency": 123.204,
    "MagneticFieldStrength": 3,
    "Manufacturer": "Siemens",
    "ManufacturersModelName": "TrioTim",
    "Modality": "MR",
    "PhaseEncodingDirection": "i",
    "RepetitionTime": 7,
    "ScanningSequence": "SE",
    "SequenceVariant": "SK_SP_OSP",
    "SliceThickness": 3,
    "SpacingBetweenSlices": 3,
    "dataset": "ds002843",
    "modality": "T2w",
    "session_id": "scan1",
    "subject_id": "dmp0445"
  },
  "cjv": 0.5678051049595922,
  "cnr": 2.398443102829912,
  "efc": 0.6162377017465787,
  "fber": 2811.7610948350693,
  "fwhm_avg": 2.4754123036142763,
  "fwhm_x": 2.857946666666667,
  "fwhm_y": 3.0320666666666667,
  "fwhm_z": 1.536223577509495,
  "icvs_csf": 0.1697073945566539,
  "icvs_gm": 0.38681395920061407,
  "icvs_wm": 0.44347864624273203,
  "inu_med": 1.3502047061920166,
  "inu_range": 0.35575395822525,
  "provenance": {
    "md5sum": "8b0226881d40a6cfba050d3a63fa03d3",
    "settings": {
      "testing": false
    },
    "software": "mriqc",
    "version": "21.0.0rc2",
    "warnings": {
      "large_rot_frame": false,
      "small_air_mask": false
    },
    "webapi_port": null,
    "webapi_url": "https://mriqc.nimh.nih.gov/api/v1"
  },
  "qi_1": 0.0,
  "qi_2": 0.002883604311219072,
  "rpve_csf": 12.861135802691958,
  "rpve_gm": 5.526027854083709,
  "rpve_wm": 5.719150079597652,
  "size_x": 256,
  "size_y": 256,
  "size_z": 44,
  "snr_csf": 2.5537503875539933,
  "snr_gm": 9.84735772577098,
  "snr_total": 7.392196194046588,
  "snr_wm": 9.775480468814791,
  "snrd_csf": 149.8729440001649,
  "snrd_gm": 83.68388376837412,
  "snrd_total": 97.36150401937543,
  "snrd_wm": 58.527684289587256,
  "spacing_x": 0.75,
  "spacing_y": 0.75,
  "spacing_z": 2.999999523162842,
  "summary_bg_k": 242.54603890802218,
  "summary_bg_mad": 11.125001122679958,
  "summary_bg_mean": 20.6937113753434,
  "summary_bg_median": 17.54386016726494,
  "summary_bg_n": 743103.0,
  "summary_bg_p05": 2.5364617109298706,
  "summary_bg_p95": 45.76199670135975,
  "summary_bg_stdv": 23.68813780493922,
  "summary_csf_k": -0.19223775579263158,
  "summary_csf_mad": 783.4507832873211,
  "summary_csf_mean": 2405.676261145344,
  "summary_csf_median": 2545.022269204259,
  "summary_csf_n": 113184.0,
  "summary_csf_p05": 480.23675060272217,
  "summary_csf_p95": 3833.122074738145,
  "summary_csf_stdv": 996.577832637561,
  "summary_gm_k": 0.2373776889776158,
  "summary_gm_mad": 140.5510705217454,
  "summary_gm_mean": 1428.3709900439947,
  "summary_gm_median": 1421.05267354846,
  "summary_gm_n": 229630.0,
  "summary_gm_p05": 1203.7624536454678,
  "summary_gm_p95": 1676.9182486385107,
  "summary_gm_stdv": 144.30770353792832,
  "summary_wm_k": -0.06250171604493282,
  "summary_wm_mad": 102.0052919840092,
  "summary_wm_mean": 986.886843459789,
  "summary_wm_median": 993.870247066021,
  "summary_wm_n": 308512.0,
  "summary_wm_p05": 806.7005099803209,
  "summary_wm_p95": 1142.0418853461742,
  "summary_wm_stdv": 101.66954345489034,
  "tpm_overlap_csf": 0.1875969022512436,
  "tpm_overlap_gm": 0.43163639307022095,
  "tpm_overlap_wm": 0.4977368116378784,
  "wm2max": 0.22419835498867566
}