{
  "bids_meta": {
    "EchoTime": 0.00311,
    "FlipAngle": 15,
    "ImageType": [
      "ORIGINAL",
      "PRIMARY",
      "M",
      "ND",
      "NORM"
    ],
    "InversionTime": 1.1,
    "MagneticFieldStrength": 3,
    "Manufacturer": "Siemens",
    "ManufacturersModelName": "TrioTim",
    "Modality": "MR",
    "RepetitionTime": 1.63,
    "ScanningSequence": "GR_IR",
    "SequenceVariant": "SP_MP",
    "SliceThickness": 1,
    "dataset": "ds002843",
    "modality": "T1w",
    "session_id": "scan1",
    "subject_id": "dmp0445"
  },
  "cjv": 0.8094881106612977,
  "cnr": 1.7512504590818165,
  "efc": 0.6120020874519418,
  "fber": 13834.1689453125,
  "fwhm_avg": 3.624211111111111,
  "fwhm_x": 3.498965333333333,
  "fwhm_y": 4.005408,
  "fwhm_z": 3.36826,
  "icvs_csf": 0.1814803853868666,
  "icvs_gm": 0.4319001602051161,
  "icvs_wm": 0.38661945440801726,
  "inu_med": 1.1363270282745361,
  "inu_range": 0.29279106855392456,
  "provenance": {
    "md5sum": "eeed43da3feb6d1931d8213a5251f193",
    "settings": {
      "testing": false
    },
    "software": "mriqc",
    "version": "21.0.0rc2",
    "warnings": {
      "large_rot_frame": true,
      "small_air_mask": false
    },
    "webapi_port": null,
    "webapi_url": "https://mriqc.nimh.nih.gov/api/v1"
  },
  "qi_1": 0.00019108815683991037,
  "qi_2": 0.010008341553548359,
  "rpve_csf": 16.218938584556827,
  "rpve_gm": 7.332568833673961,
  "rpve_wm": 9.493887262661618,
  "size_x": 192,
  "size_y": 256,
  "size_z": 160,
  "snr_csf": 2.972614058331372,
  "snr_gm": 11.278405176872408,
  "snr_total": 12.131346898701707,
  "snr_wm": 22.143021460901345,
  "snrd_csf": 44.387810141630865,
  "snrd_gm": 85.12606257336498,
  "snrd_total": 76.71784691769703,
  "snrd_wm": 100.63966803809525,
  "spacing_x": 0.9375,
  "spacing_y": 0.9375,
  "spacing_z": 1.0,
  "summary_bg_k": 36.91716922502919,
  "summary_bg_mad": 6.509909501219097,
  "summary_bg_mean": 8.498995780944824,
  "summary_bg_median": 6.608095169067383,
  "summary_bg_n": 2228690.0,
  "summary_bg_p05": 0.0,
  "summary_bg_p95": 24.33619890213012,
  "summary_bg_stdv": 9.17107105255127,
  "summary_csf_k": 4.079831109051508,
  "summary_csf_mad": 142.91931567138977,
  "summary_csf_mean": 477.04443359375,
  "summary_csf_median": 441.0694274902344,
  "summary_csf_n": 29057.0,
  "summary_csf_p05": 290.02153930664065,
  "summary_csf_p95": 731.2932128906248,
  "summary_csf_stdv": 148.3750762939453,
  "summary_gm_k": -0.5719555205835709,
  "summary_gm_mad": 81.87440904917706,
  "summary_gm_mean": 852.374267578125,
  "summary_gm_median": 845.8742065429688,
  "summary_gm_n": 30311.0,
  "summary_gm_p05": 739.0999755859375,
  "summary_gm_p95": 982.0106201171875,
  "summary_gm_stdv": 74.99821472167969,
  "summary_wm_k": 0.7806184839613666,
  "summary_wm_mad": 42.9117602929541,
  "summary_wm_mean": 1004.318115234375,
  "summary_wm_median": 1000.0286254882812,
  "summary_wm_n": 233737.0,
  "summary_wm_p05": 938.8156616210938,
  "summary_wm_p95": 1085.0413818359375,
  "summary_wm_stdv": 45.16215133666992,
  "tpm_overlap_csf": 0.1874450147151947,
  "tpm_overlap_gm": 0.4629358947277069,
  "tpm_overlap_wm": 0.5003294944763184,
  "wm2max": 0.628862133592215
}