{
  "bids_meta": {
    "EchoTime": 0.09,
    "FlipAngle": 180,
    "ImageType": [
      "ORIGINAL",
      "PRIMARY",
      "M",
      "ND",
      "NORM"
    ],
    "ImagingFrequency": 123.204,
    "MagneticFieldStrength": 3,
    "Manufacturer": "Siemens",
    "ManufacturersModelName": "TrioTim",
    "Modality": "MR",
    "PhaseEncodingDirection": "i",
    "RepetitionTime": 7,
    "ScanningSequence": "SE",
    "SequenceVariant": "SK_SP_OSP",
    "SliceThickness": 3,
    "SpacingBetweenSlices": 3,
    "dataset": "ds002843",
    "modality": "T2w",
    "session_id": "scan2",
    "subject_id": "dmp0919"
  },
  "cjv": 0.5866611210737789,
  "cnr": 2.2290606476450368,
  "efc": 0.5888733737828774,
  "fber": 2511.750865128171,
  "fwhm_avg": 2.566118726205171,
  "fwhm_x": 3.0077599999999998,
  "fwhm_y": 3.15532,
  "fwhm_z": 1.5352761786155134,
  "icvs_csf": 0.17014734643822613,
  "icvs_gm": 0.41517112385937427,
  "icvs_wm": 0.41468152970239963,
  "inu_med": 1.3370163440704346,
  "inu_range": 0.3675479948520659,
  "provenance": {
    "md5sum": "31854a0dd94b19f17965c7bd74b86d01",
    "settings": {
      "testing": false
    },
    "software": "mriqc",
    "version": "21.0.0rc2",
    "warnings": {
      "large_rot_frame": false,
      "small_air_mask": false
    },
    "webapi_port": null,
    "webapi_url": "https://mriqc.nimh.nih.gov/api/v1"
  },
  "qi_1": 0.0,
  "qi_2": 0.0012621036778647998,
  "rpve_csf": 14.460217999533691,
  "rpve_gm": 6.045299224632175,
  "rpve_wm": 6.976845868500368,
  "size_x": 256,
  "size_y": 256,
  "size_z": 44,
  "snr_csf": 2.761098929194613,
  "snr_gm": 9.435069386864987,
  "snr_total": 6.741942317468041,
  "snr_wm": 8.029658636344523,
  "snrd_csf": 125.16936488707287,
  "snrd_gm": 64.62656931691247,
  "snrd_total": 77.88628970272025,
  "snrd_wm": 43.8629349041754,
  "spacing_x": 0.75,
  "spacing_y": 0.75,
  "spacing_z": 3.0000009536743164,
  "summary_bg_k": 912.7261384044382,
  "summary_bg_mad": 14.639410373409703,
  "summary_bg_mean": 28.916479963575753,
  "summary_bg_median": 19.63975754380226,
  "summary_bg_n": 817974.0,
  "summary_bg_p05": 3.255208432674408,
  "summary_bg_p95": 64.45312696695328,
  "summary_bg_stdv": 70.7041579580248,
  "summary_csf_k": 0.24666494925212668,
  "summary_csf_mad": 807.4197875180582,
  "summary_csf_mean": 2709.210888511894,
  "summary_csf_median": 2796.983592301607,
  "summary_csf_n": 96697.0,
  "summary_csf_p05": 522.6779673397541,
  "summary_csf_p95": 4174.175474607944,
  "summary_csf_stdv": 1012.9912767963817,
  "summary_gm_k": 0.16478403386642393,
  "summary_gm_mad": 150.41591977074805,
  "summary_gm_mean": 1450.080106536465,
  "summary_gm_median": 1444.1189676821232,
  "summary_gm_n": 213980.0,
  "summary_gm_p05": 1210.6120161116123,
  "summary_gm_p95": 1712.7821703255177,
  "summary_gm_stdv": 153.0582907279409,
  "summary_wm_k": -0.0952153702743006,
  "summary_wm_mad": 121.7805895897928,
  "summary_wm_mean": 971.3025879958517,
  "summary_wm_median": 980.1432590782642,
  "summary_wm_n": 246782.0,
  "summary_wm_p05": 754.7743285894394,
  "summary_wm_p95": 1157.877639502287,
  "summary_wm_stdv": 122.06512351490208,
  "tpm_overlap_csf": 0.1651105284690857,
  "tpm_overlap_gm": 0.4277571439743042,
  "tpm_overlap_wm": 0.4668729603290558,
  "wm2max": 0.21140106070534773
}