{
  "bids_meta": {
    "EchoTime": 0.00311,
    "FlipAngle": 15,
    "ImageType": [
      "ORIGINAL",
      "PRIMARY",
      "M",
      "ND",
      "NORM"
    ],
    "InversionTime": 1.1,
    "MagneticFieldStrength": 3,
    "Manufacturer": "Siemens",
    "ManufacturersModelName": "TrioTim",
    "Modality": "MR",
    "RepetitionTime": 1.63,
    "ScanningSequence": "GR_IR",
    "SequenceVariant": "SP_MP",
    "SliceThickness": 1,
    "dataset": "ds002843",
    "modality": "T1w",
    "session_id": "scan2",
    "subject_id": "dmp0793"
  },
  "cjv": 0.4235600442244536,
  "cnr": 2.9962251307104877,
  "efc": 0.6091106915738606,
  "fber": 8025.32763671875,
  "fwhm_avg": 3.533127777777778,
  "fwhm_x": 3.4134613333333332,
  "fwhm_y": 3.9609919999999996,
  "fwhm_z": 3.22493,
  "icvs_csf": 0.18483773141491705,
  "icvs_gm": 0.41545472358095237,
  "icvs_wm": 0.3997075450041306,
  "inu_med": 0.9986547231674194,
  "inu_range": 0.2212621986865997,
  "provenance": {
    "md5sum": "7d7dbbb8344edb3a22c397144124a164",
    "settings": {
      "testing": false
    },
    "software": "mriqc",
    "version": "21.0.0rc2",
    "warnings": {
      "large_rot_frame": true,
      "small_air_mask": false
    },
    "webapi_port": null,
    "webapi_url": "https://mriqc.nimh.nih.gov/api/v1"
  },
  "qi_1": 0.0004556462740600576,
  "qi_2": 0.01373505952108516,
  "rpve_csf": 16.032229242584943,
  "rpve_gm": 7.604495824986612,
  "rpve_wm": 9.432428983746012,
  "size_x": 192,
  "size_y": 256,
  "size_z": 160,
  "snr_csf": 3.034020605616366,
  "snr_gm": 13.285403599245477,
  "snr_total": 15.159315725676533,
  "snr_wm": 29.15852297216776,
  "snrd_csf": 41.000823178286815,
  "snrd_gm": 84.52856576244646,
  "snrd_total": 77.41770344648597,
  "snrd_wm": 106.72372139872463,
  "spacing_x": 0.9375,
  "spacing_y": 0.9375,
  "spacing_z": 1.0,
  "summary_bg_k": 46.0644206448993,
  "summary_bg_mad": 6.138725722141961,
  "summary_bg_mean": 9.099949836730957,
  "summary_bg_median": 6.21317720413208,
  "summary_bg_n": 2107536.0,
  "summary_bg_p05": 0.0,
  "summary_bg_p95": 26.838844299316406,
  "summary_bg_stdv": 9.360424995422363,
  "summary_csf_k": 5.6780700464283225,
  "summary_csf_mad": 102.02038877976192,
  "summary_csf_mean": 416.35516357421875,
  "summary_csf_median": 384.183837890625,
  "summary_csf_n": 34537.0,
  "summary_csf_p05": 263.11717529296874,
  "summary_csf_p95": 641.7690917968748,
  "summary_csf_stdv": 126.62348937988281,
  "summary_gm_k": 0.18940275281050978,
  "summary_gm_mad": 57.265148726346624,
  "summary_gm_mean": 794.7625732421875,
  "summary_gm_median": 792.0452880859375,
  "summary_gm_n": 22139.0,
  "summary_gm_p05": 701.6472900390625,
  "summary_gm_p95": 899.609130859375,
  "summary_gm_stdv": 59.61635971069336,
  "summary_wm_k": 1.739168265606681,
  "summary_wm_mad": 30.823448527738687,
  "summary_wm_mean": 1002.25537109375,
  "summary_wm_median": 1000.0172119140625,
  "summary_wm_n": 246579.0,
  "summary_wm_p05": 951.4445983886719,
  "summary_wm_p95": 1060.715002441406,
  "summary_wm_stdv": 34.29581069946289,
  "tpm_overlap_csf": 0.18074855208396912,
  "tpm_overlap_gm": 0.44811826944351196,
  "tpm_overlap_wm": 0.4955919086933136,
  "wm2max": 0.49821026558636583
}