{
  "bids_meta": {
    "EchoTime": 0.09,
    "FlipAngle": 180,
    "ImageType": [
      "ORIGINAL",
      "PRIMARY",
      "M",
      "ND",
      "NORM"
    ],
    "ImagingFrequency": 123.204,
    "MagneticFieldStrength": 3,
    "Manufacturer": "Siemens",
    "ManufacturersModelName": "TrioTim",
    "Modality": "MR",
    "PhaseEncodingDirection": "i",
    "RepetitionTime": 7,
    "ScanningSequence": "SE",
    "SequenceVariant": "SK_SP_OSP",
    "SliceThickness": 3,
    "SpacingBetweenSlices": 3,
    "dataset": "ds002843",
    "modality": "T2w",
    "session_id": "scan2",
    "subject_id": "dmp0793"
  },
  "cjv": 0.49106263566643965,
  "cnr": 2.486090486090756,
  "efc": 0.6137087338071525,
  "fber": 849.9608500454888,
  "fwhm_avg": 2.9952789786669203,
  "fwhm_x": 3.3513866666666665,
  "fwhm_y": 3.9399466666666663,
  "fwhm_z": 1.6945036026674276,
  "icvs_csf": 0.15160339590784888,
  "icvs_gm": 0.413989431704517,
  "icvs_wm": 0.4344071723876341,
  "inu_med": 1.1441580057144165,
  "inu_range": 0.28103587627410886,
  "provenance": {
    "md5sum": "aa80bd045fed8748ac75a22eaa5c4246",
    "settings": {
      "testing": false
    },
    "software": "mriqc",
    "version": "21.0.0rc2",
    "warnings": {
      "large_rot_frame": false,
      "small_air_mask": false
    },
    "webapi_port": null,
    "webapi_url": "https://mriqc.nimh.nih.gov/api/v1"
  },
  "qi_1": 3.404899271729878e-05,
  "qi_2": 0.0012670608989450902,
  "rpve_csf": 14.084242382285167,
  "rpve_gm": 5.367461638366444,
  "rpve_wm": 6.07087463180753,
  "size_x": 256,
  "size_y": 256,
  "size_z": 44,
  "snr_csf": 2.8360295319108735,
  "snr_gm": 8.324476936877742,
  "snr_total": 6.2735122372425165,
  "snr_wm": 7.660030242938933,
  "snrd_csf": 67.23654478888942,
  "snrd_gm": 34.022158876809215,
  "snrd_total": 40.51342617409145,
  "snrd_wm": 20.281574856575716,
  "spacing_x": 0.75,
  "spacing_y": 0.75,
  "spacing_z": 2.999999523162842,
  "summary_bg_k": 313.71019556787036,
  "summary_bg_mad": 32.55049065678434,
  "summary_bg_mean": 51.46302832709818,
  "summary_bg_median": 31.4641322940588,
  "summary_bg_n": 792948.0,
  "summary_bg_p05": 3.2163335233926773,
  "summary_bg_p95": 127.81429740786552,
  "summary_bg_stdv": 129.88315345728793,
  "summary_csf_k": 0.6639090844412454,
  "summary_csf_mad": 877.8266079033433,
  "summary_csf_mean": 3339.5935325526307,
  "summary_csf_median": 3340.651806101203,
  "summary_csf_n": 90373.0,
  "summary_csf_p05": 646.7627193778753,
  "summary_csf_p95": 5240.805715486407,
  "summary_csf_stdv": 1177.9261414187454,
  "summary_gm_k": 0.030231832584453944,
  "summary_gm_mad": 204.8400303751779,
  "summary_gm_mean": 1700.9964249508537,
  "summary_gm_median": 1690.3930274248123,
  "summary_gm_n": 239150.0,
  "summary_gm_p05": 1388.3373574018478,
  "summary_gm_p95": 2051.1817443966866,
  "summary_gm_stdv": 203.06254748134873,
  "summary_wm_k": 0.07667202227978853,
  "summary_wm_mad": 130.40929059310415,
  "summary_wm_mean": 999.4567747169486,
  "summary_wm_median": 1007.6912769377232,
  "summary_wm_n": 292056.0,
  "summary_wm_p05": 768.5638715028763,
  "summary_wm_p95": 1201.125770252198,
  "summary_wm_stdv": 131.5516414177651,
  "tpm_overlap_csf": 0.1665489226579666,
  "tpm_overlap_gm": 0.42938172817230225,
  "tpm_overlap_wm": 0.47525233030319214,
  "wm2max": 0.17525508814636498
}