{
  "bids_meta": {
    "EchoTime": 0.09,
    "FlipAngle": 180,
    "ImageType": [
      "ORIGINAL",
      "PRIMARY",
      "M",
      "ND",
      "NORM"
    ],
    "ImagingFrequency": 123.204,
    "MagneticFieldStrength": 3,
    "Manufacturer": "Siemens",
    "ManufacturersModelName": "TrioTim",
    "Modality": "MR",
    "PhaseEncodingDirection": "i",
    "RepetitionTime": 7,
    "ScanningSequence": "SE",
    "SequenceVariant": "SK_SP_OSP",
    "SliceThickness": 3,
    "SpacingBetweenSlices": 3,
    "dataset": "ds002843",
    "modality": "T2w",
    "session_id": "scan1",
    "subject_id": "dmp0502"
  },
  "cjv": 0.5652751687604816,
  "cnr": 2.37015999541443,
  "efc": 0.6110453597991837,
  "fber": 1470.4275147928993,
  "fwhm_avg": 2.6014822639505986,
  "fwhm_x": 3.0331333333333332,
  "fwhm_y": 3.19612,
  "fwhm_z": 1.575193458518462,
  "icvs_csf": 0.1862044924404285,
  "icvs_gm": 0.3928621345994977,
  "icvs_wm": 0.42093337296007377,
  "inu_med": 1.324724555015564,
  "inu_range": 0.28088706135749786,
  "provenance": {
    "md5sum": "ef785f9bf2e0d19e8cae355066a2af9e",
    "settings": {
      "testing": false
    },
    "software": "mriqc",
    "version": "21.0.0rc2",
    "warnings": {
      "large_rot_frame": false,
      "small_air_mask": false
    },
    "webapi_port": null,
    "webapi_url": "https://mriqc.nimh.nih.gov/api/v1"
  },
  "qi_1": 9.17718656302564e-06,
  "qi_2": 0.0016861287210649314,
  "rpve_csf": 13.282353557703505,
  "rpve_gm": 6.067693276717744,
  "rpve_wm": 6.6834526669585905,
  "size_x": 256,
  "size_y": 256,
  "size_z": 44,
  "snr_csf": 2.992537339213918,
  "snr_gm": 9.13516286601739,
  "snr_total": 6.712750123308193,
  "snr_wm": 8.01055016469327,
  "snrd_csf": 124.00222554124132,
  "snrd_gm": 64.67269993593048,
  "snrd_total": 77.29040696984102,
  "snrd_wm": 43.19629543235125,
  "spacing_x": 0.75,
  "spacing_y": 0.75,
  "spacing_z": 2.999999761581421,
  "summary_bg_k": 150.64066947588435,
  "summary_bg_mad": 15.466788680053055,
  "summary_bg_mean": 31.927954474601382,
  "summary_bg_median": 23.738555781543255,
  "summary_bg_n": 762754.0,
  "summary_bg_p05": 3.4064295291900635,
  "summary_bg_p95": 78.77368286252022,
  "summary_bg_stdv": 40.25219528789515,
  "summary_csf_k": 0.5115715180191476,
  "summary_csf_mad": 769.2360002712101,
  "summary_csf_mean": 2832.2146412662514,
  "summary_csf_median": 2927.506827570498,
  "summary_csf_n": 109749.0,
  "summary_csf_p05": 607.9838004067541,
  "summary_csf_p95": 4234.085453860462,
  "summary_csf_stdv": 978.2646491644588,
  "summary_gm_k": 0.23921388722592019,
  "summary_gm_mad": 161.6121592691258,
  "summary_gm_mean": 1531.9849488062043,
  "summary_gm_median": 1526.8255855366588,
  "summary_gm_n": 191151.0,
  "summary_gm_p05": 1267.936941318214,
  "summary_gm_p95": 1816.90435013175,
  "summary_gm_stdv": 167.1367674727442,
  "summary_wm_k": 0.07548637740945763,
  "summary_wm_mad": 124.99690443471448,
  "summary_wm_mean": 1008.120928311707,
  "summary_wm_median": 1019.7998403012753,
  "summary_wm_n": 248046.0,
  "summary_wm_p05": 778.5820492655039,
  "summary_wm_p95": 1197.5728813558817,
  "summary_wm_stdv": 127.30683457014217,
  "tpm_overlap_csf": 0.1701338291168213,
  "tpm_overlap_gm": 0.41576990485191345,
  "tpm_overlap_wm": 0.46504050493240356,
  "wm2max": 0.21791836236761705
}