{
  "bids_meta": {
    "EchoTime": 0.00311,
    "FlipAngle": 15,
    "ImageType": [
      "ORIGINAL",
      "PRIMARY",
      "M",
      "ND",
      "NORM"
    ],
    "InversionTime": 1.1,
    "MagneticFieldStrength": 3,
    "Manufacturer": "Siemens",
    "ManufacturersModelName": "TrioTim",
    "Modality": "MR",
    "RepetitionTime": 1.63,
    "ScanningSequence": "GR_IR",
    "SequenceVariant": "SP_MP",
    "SliceThickness": 1,
    "dataset": "ds002843",
    "modality": "T1w",
    "session_id": "scan1",
    "subject_id": "dmp0171"
  },
  "cjv": 0.8459022185538901,
  "cnr": 1.66714766165371,
  "efc": 0.6252418049249677,
  "fber": 10957.3212890625,
  "fwhm_avg": 3.446749333333333,
  "fwhm_x": 3.2467626666666667,
  "fwhm_y": 3.9335253333333333,
  "fwhm_z": 3.15996,
  "icvs_csf": 0.1869863765869198,
  "icvs_gm": 0.436004136727967,
  "icvs_wm": 0.3770094866851132,
  "inu_med": 1.211543321609497,
  "inu_range": 0.3255368351936341,
  "provenance": {
    "md5sum": "b384a730feef8fa9860641e733c05b09",
    "settings": {
      "testing": false
    },
    "software": "mriqc",
    "version": "21.0.0rc2",
    "warnings": {
      "large_rot_frame": true,
      "small_air_mask": false
    },
    "webapi_port": null,
    "webapi_url": "https://mriqc.nimh.nih.gov/api/v1"
  },
  "qi_1": 0.00010304200805240205,
  "qi_2": 0.01083950940363049,
  "rpve_csf": 17.027715589403538,
  "rpve_gm": 7.828720543320026,
  "rpve_wm": 10.294086246112427,
  "size_x": 192,
  "size_y": 256,
  "size_z": 160,
  "snr_csf": 3.127059599158428,
  "snr_gm": 12.363941809878805,
  "snr_total": 12.420352122648664,
  "snr_wm": 21.77005495890876,
  "snrd_csf": 36.5249120410729,
  "snrd_gm": 77.03753053611116,
  "snrd_total": 67.71000739434731,
  "snrd_wm": 89.56757960585786,
  "spacing_x": 0.9375,
  "spacing_y": 0.9375,
  "spacing_z": 1.0,
  "summary_bg_k": 11.120592470146098,
  "summary_bg_mad": 7.314741908950555,
  "summary_bg_mean": 9.637371063232422,
  "summary_bg_median": 7.41514253616333,
  "summary_bg_n": 1919747.0,
  "summary_bg_p05": 0.0,
  "summary_bg_p95": 27.04799766540527,
  "summary_bg_stdv": 9.59975814819336,
  "summary_csf_k": 27.825248953031764,
  "summary_csf_mad": 87.71432706513639,
  "summary_csf_mean": 434.3873596191406,
  "summary_csf_median": 407.8086853027344,
  "summary_csf_n": 26203.0,
  "summary_csf_p05": 289.9673797607422,
  "summary_csf_p95": 658.6625671386719,
  "summary_csf_stdv": 130.41033935546875,
  "summary_gm_k": -0.22394774773778137,
  "summary_gm_mad": 72.45752315027104,
  "summary_gm_mean": 863.8422241210938,
  "summary_gm_median": 860.1409912109375,
  "summary_gm_n": 30900.0,
  "summary_gm_p05": 755.1951202392578,
  "summary_gm_p95": 981.3391540527343,
  "summary_gm_stdv": 69.5673828125,
  "summary_wm_k": 0.1739640589856859,
  "summary_wm_mad": 45.88483743461679,
  "summary_wm_mean": 1003.81982421875,
  "summary_wm_median": 1000.041748046875,
  "summary_wm_n": 205185.0,
  "summary_wm_p05": 935.5646240234375,
  "summary_wm_p95": 1084.8736083984375,
  "summary_wm_stdv": 45.93646240234375,
  "tpm_overlap_csf": 0.17764601111412048,
  "tpm_overlap_gm": 0.4507949948310852,
  "tpm_overlap_wm": 0.48234131932258606,
  "wm2max": 0.4886501167379713
}