{
  "aor": 0.011522574257425743,
  "aqi": 0.003521070693069306,
  "bids_meta": {
    "BandwidthPerPixelPhaseEncode": 31.25,
    "EchoTime": 0.025,
    "EffectiveEchoSpacing": 0.0005,
    "FlipAngle": 75,
    "ImageType": [
      "ORIGINAL",
      "PRIMARY",
      "M",
      "ND",
      "MOSAIC"
    ],
    "MagneticFieldStrength": 3,
    "Manufacturer": "Siemens",
    "ManufacturersModelName": "TrioTim",
    "Modality": "MR",
    "PhaseEncodingDirection": "j-",
    "PixelBandwidth": 3005,
    "RepetitionTime": 3,
    "ScanningSequence": "EP",
    "SequenceVariant": "SK",
    "SliceThickness": 3,
    "SliceTiming": [
      0,
      1.5225,
      0.055,
      1.58,
      0.1125,
      1.6375,
      0.17,
      1.6925,
      0.225,
      1.75,
      0.2825,
      1.805,
      0.3375,
      1.8625,
      0.395,
      1.92,
      0.45,
      1.975,
      0.5075,
      2.0325,
      0.565,
      2.0875,
      0.62,
      2.145,
      0.6775,
      2.2,
      0.7325,
      2.2575,
      0.79,
      2.315,
      0.8475,
      2.37,
      0.9025,
      2.4275,
      0.96,
      2.4825,
      1.015,
      2.54,
      1.0725,
      2.595,
      1.1275,
      2.6525,
      1.185,
      2.71,
      1.2425,
      2.765,
      1.2975,
      2.8225,
      1.355,
      2.8775,
      1.41,
      2.935,
      1.4675
    ],
    "SpacingBetweenSlices": 3,
    "TaskName": "risk choice task",
    "TotalReadoutTime": 0.0315,
    "dataset": "ds002843",
    "modality": "bold",
    "run_id": 1,
    "session_id": "scan2",
    "subject_id": "dmp0521",
    "task_id": "risk"
  },
  "dummy_trs": 3,
  "dvars_nstd": 26.039528846499998,
  "dvars_std": 1.1629059637999999,
  "dvars_vstd": 0.9890452573,
  "efc": 0.5576136055334155,
  "fber": 274.1982727050781,
  "fd_mean": 0.092407008694294,
  "fd_num": 5,
  "fd_perc": 4.9504950495049505,
  "fwhm_avg": 2.748458888888889,
  "fwhm_x": 2.59181,
  "fwhm_y": 2.5661533333333333,
  "fwhm_z": 3.0874133333333336,
  "gcor": 0.0185118,
  "gsr_x": -0.006295755505561829,
  "gsr_y": 0.029088079929351807,
  "provenance": {
    "md5sum": "95f2204b9e0bfc8665d718fb0f47b5d5",
    "settings": {
      "fd_thres": 0.2,
      "testing": false
    },
    "software": "mriqc",
    "version": "21.0.0rc2",
    "webapi_port": null,
    "webapi_url": "https://mriqc.nimh.nih.gov/api/v1"
  },
  "size_t": 101,
  "size_x": 64,
  "size_y": 64,
  "size_z": 53,
  "snr": 2.4480895358185792,
  "spacing_tr": 3.0,
  "spacing_x": 3.0,
  "spacing_y": 3.0,
  "spacing_z": 3.0,
  "summary_bg_k": 16.540103842999343,
  "summary_bg_mad": 20.829824800646218,
  "summary_bg_mean": 75.37178039550781,
  "summary_bg_median": 42.316829681396484,
  "summary_bg_n": 134293.0,
  "summary_bg_p05": 27.42574119567871,
  "summary_bg_p95": 234.1663330078124,
  "summary_bg_stdv": 79.27828216552734,
  "summary_fg_k": 4.891402354150176,
  "summary_fg_mad": 218.4269236835352,
  "summary_fg_mean": 783.2489624023438,
  "summary_fg_median": 712.554443359375,
  "summary_fg_n": 39800.0,
  "summary_fg_p05": 464.26683807373047,
  "summary_fg_p95": 1362.321722412109,
  "summary_fg_stdv": 291.0618591308594,
  "tsnr": 64.55125802010298
}