{
  "aor": 0.010740769230769229,
  "aqi": 0.003983458846153846,
  "bids_meta": {
    "BandwidthPerPixelPhaseEncode": 31.25,
    "EchoTime": 0.025,
    "EffectiveEchoSpacing": 0.0005,
    "FlipAngle": 75,
    "ImageType": [
      "ORIGINAL",
      "PRIMARY",
      "M",
      "ND",
      "MOSAIC"
    ],
    "MagneticFieldStrength": 3,
    "Manufacturer": "Siemens",
    "ManufacturersModelName": "TrioTim",
    "Modality": "MR",
    "PhaseEncodingDirection": "j-",
    "PixelBandwidth": 3005,
    "RepetitionTime": 3,
    "ScanningSequence": "EP",
    "SequenceVariant": "SK",
    "SliceThickness": 3,
    "SliceTiming": [
      0,
      1.5225,
      0.055,
      1.58,
      0.1125,
      1.6375,
      0.17,
      1.6925,
      0.225,
      1.75,
      0.2825,
      1.805,
      0.3375,
      1.8625,
      0.395,
      1.92,
      0.45,
      1.975,
      0.5075,
      2.0325,
      0.565,
      2.0875,
      0.62,
      2.145,
      0.6775,
      2.2,
      0.7325,
      2.2575,
      0.79,
      2.315,
      0.8475,
      2.37,
      0.9025,
      2.4275,
      0.96,
      2.4825,
      1.015,
      2.54,
      1.0725,
      2.595,
      1.1275,
      2.6525,
      1.185,
      2.71,
      1.2425,
      2.765,
      1.2975,
      2.8225,
      1.355,
      2.8775,
      1.41,
      2.935,
      1.4675
    ],
    "SpacingBetweenSlices": 3,
    "TaskName": "intertemporal choice task",
    "TotalReadoutTime": 0.0315,
    "dataset": "ds002843",
    "modality": "bold",
    "run_id": 3,
    "session_id": "scan2",
    "subject_id": "dmp1064",
    "task_id": "itc"
  },
  "dummy_trs": 0,
  "dvars_nstd": 25.695259612621356,
  "dvars_std": 1.30592008776699,
  "dvars_vstd": 1.0806001890291266,
  "efc": 0.5814081698169056,
  "fber": 277.4606018066406,
  "fd_mean": 0.16283008899391643,
  "fd_num": 24,
  "fd_perc": 23.076923076923077,
  "fwhm_avg": 3.0438333333333336,
  "fwhm_x": 2.9683433333333333,
  "fwhm_y": 2.9020433333333333,
  "fwhm_z": 3.2611133333333338,
  "gcor": 0.0482937,
  "gsr_x": -0.012521539814770222,
  "gsr_y": 0.07428628951311111,
  "provenance": {
    "md5sum": "9221e405a19679233826d4ab6d3cad75",
    "settings": {
      "fd_thres": 0.2,
      "testing": false
    },
    "software": "mriqc",
    "version": "21.0.0rc2",
    "webapi_port": null,
    "webapi_url": "https://mriqc.nimh.nih.gov/api/v1"
  },
  "size_t": 104,
  "size_x": 64,
  "size_y": 64,
  "size_z": 53,
  "snr": 2.2919065754061254,
  "spacing_tr": 3.0,
  "spacing_x": 3.0,
  "spacing_y": 3.0,
  "spacing_z": 3.0,
  "summary_bg_k": 11.52459274205504,
  "summary_bg_mad": 19.558944325534753,
  "summary_bg_mean": 89.57289123535156,
  "summary_bg_median": 41.58654022216797,
  "summary_bg_n": 127886.0,
  "summary_bg_p05": 27.298078536987305,
  "summary_bg_p95": 334.4086685180664,
  "summary_bg_stdv": 112.39083099365234,
  "summary_fg_k": 3.8632315201225245,
  "summary_fg_mad": 232.78284586095347,
  "summary_fg_mean": 781.50244140625,
  "summary_fg_median": 708.375,
  "summary_fg_n": 45039.0,
  "summary_fg_p05": 432.5346374511719,
  "summary_fg_p95": 1411.4846801757812,
  "summary_fg_stdv": 309.07330322265625,
  "tsnr": 67.66743694385514
}