{
  "aor": 0.003278076923076923,
  "aqi": 0.0027740028846153847,
  "bids_meta": {
    "BandwidthPerPixelPhaseEncode": 31.25,
    "EchoTime": 0.025,
    "EffectiveEchoSpacing": 0.0005,
    "FlipAngle": 75,
    "ImageType": [
      "ORIGINAL",
      "PRIMARY",
      "M",
      "ND",
      "MOSAIC"
    ],
    "MagneticFieldStrength": 3,
    "Manufacturer": "Siemens",
    "ManufacturersModelName": "TrioTim",
    "Modality": "MR",
    "PhaseEncodingDirection": "j-",
    "PixelBandwidth": 3005,
    "RepetitionTime": 3,
    "ScanningSequence": "EP",
    "SequenceVariant": "SK",
    "SliceThickness": 3,
    "SliceTiming": [
      0,
      1.5225,
      0.055,
      1.58,
      0.1125,
      1.6375,
      0.17,
      1.6925,
      0.225,
      1.75,
      0.2825,
      1.805,
      0.3375,
      1.8625,
      0.395,
      1.92,
      0.45,
      1.975,
      0.5075,
      2.0325,
      0.565,
      2.0875,
      0.62,
      2.145,
      0.6775,
      2.2,
      0.7325,
      2.2575,
      0.79,
      2.315,
      0.8475,
      2.37,
      0.9025,
      2.4275,
      0.96,
      2.4825,
      1.015,
      2.54,
      1.0725,
      2.595,
      1.1275,
      2.6525,
      1.185,
      2.71,
      1.2425,
      2.765,
      1.2975,
      2.8225,
      1.355,
      2.8775,
      1.41,
      2.935,
      1.4675
    ],
    "SpacingBetweenSlices": 3,
    "TaskName": "risk choice task",
    "TotalReadoutTime": 0.0315,
    "dataset": "ds002843",
    "modality": "bold",
    "run_id": 1,
    "session_id": "scan2",
    "subject_id": "dmp1064",
    "task_id": "risk"
  },
  "dummy_trs": 0,
  "dvars_nstd": 22.620523878834955,
  "dvars_std": 1.2380839440776703,
  "dvars_vstd": 1.010551121067961,
  "efc": 0.5794027104522168,
  "fber": 288.7459716796875,
  "fd_mean": 0.09227961703899747,
  "fd_num": 10,
  "fd_perc": 9.615384615384615,
  "fwhm_avg": 3.055954444444444,
  "fwhm_x": 2.9661299999999997,
  "fwhm_y": 2.9072999999999998,
  "fwhm_z": 3.2944333333333335,
  "gcor": 0.0322081,
  "gsr_x": -0.012820510193705559,
  "gsr_y": 0.07524517923593521,
  "provenance": {
    "md5sum": "b64320710b9c32bd5c00a4c9d67dc416",
    "settings": {
      "fd_thres": 0.2,
      "testing": false
    },
    "software": "mriqc",
    "version": "21.0.0rc2",
    "webapi_port": null,
    "webapi_url": "https://mriqc.nimh.nih.gov/api/v1"
  },
  "size_t": 104,
  "size_x": 64,
  "size_y": 64,
  "size_z": 53,
  "snr": 2.3128719463196177,
  "spacing_tr": 3.0,
  "spacing_x": 3.0,
  "spacing_y": 3.0,
  "spacing_z": 3.0,
  "summary_bg_k": 12.864464123453523,
  "summary_bg_mad": 18.190387452662126,
  "summary_bg_mean": 87.1954116821289,
  "summary_bg_median": 40.57692337036133,
  "summary_bg_n": 127997.0,
  "summary_bg_p05": 27.423078536987305,
  "summary_bg_p95": 324.4615478515624,
  "summary_bg_stdv": 110.22132110595703,
  "summary_fg_k": 3.7526937425531903,
  "summary_fg_mad": 231.8063137661657,
  "summary_fg_mean": 778.4559936523438,
  "summary_fg_median": 706.8702392578125,
  "summary_fg_n": 44990.0,
  "summary_fg_p05": 432.3846435546875,
  "summary_fg_p95": 1400.3986328124984,
  "summary_fg_stdv": 305.6210632324219,
  "tsnr": 82.63662404962815
}