{
  "bids_meta": {
    "EchoTime": 0.00311,
    "FlipAngle": 15,
    "ImageType": [
      "ORIGINAL",
      "PRIMARY",
      "M",
      "ND",
      "NORM"
    ],
    "InversionTime": 1.1,
    "MagneticFieldStrength": 3,
    "Manufacturer": "Siemens",
    "ManufacturersModelName": "TrioTim",
    "Modality": "MR",
    "RepetitionTime": 1.63,
    "ScanningSequence": "GR_IR",
    "SequenceVariant": "SP_MP",
    "SliceThickness": 1,
    "dataset": "ds002843",
    "modality": "T1w",
    "session_id": "scan1",
    "subject_id": "dmp0759"
  },
  "cjv": 0.37285743074933264,
  "cnr": 3.501399128934622,
  "efc": 0.6219966386633631,
  "fber": 15124.7734375,
  "fwhm_avg": 3.773925333333333,
  "fwhm_x": 3.5588586666666666,
  "fwhm_y": 4.273557333333333,
  "fwhm_z": 3.48936,
  "icvs_csf": 0.19753284321568304,
  "icvs_gm": 0.41091958547461777,
  "icvs_wm": 0.3915475713096992,
  "inu_med": 1.0298728942871094,
  "inu_range": 0.22788166999816895,
  "provenance": {
    "md5sum": "f1cd1fdb800a9ef6a918be47c4b6db8e",
    "settings": {
      "testing": false
    },
    "software": "mriqc",
    "version": "21.0.0rc2",
    "warnings": {
      "large_rot_frame": true,
      "small_air_mask": false
    },
    "webapi_port": null,
    "webapi_url": "https://mriqc.nimh.nih.gov/api/v1"
  },
  "qi_1": 0.0005096252611049425,
  "qi_2": 0.004200190445159341,
  "rpve_csf": 15.030967921390312,
  "rpve_gm": 7.40241763222481,
  "rpve_wm": 8.927478605526886,
  "size_x": 192,
  "size_y": 256,
  "size_z": 160,
  "snr_csf": 3.854447506693181,
  "snr_gm": 17.067399099070947,
  "snr_total": 16.337072349718397,
  "snr_wm": 28.089370443391065,
  "snrd_csf": 60.06260208601235,
  "snrd_gm": 118.4786116745787,
  "snrd_total": 109.39137628179868,
  "snrd_wm": 149.63291508480503,
  "spacing_x": 0.9375,
  "spacing_y": 0.9375,
  "spacing_z": 1.0,
  "summary_bg_k": 18.76299740574422,
  "summary_bg_mad": 4.378362698511502,
  "summary_bg_mean": 9.070403099060059,
  "summary_bg_median": 5.875211715698242,
  "summary_bg_n": 2175035.0,
  "summary_bg_p05": 0.0,
  "summary_bg_p95": 28.947534179687487,
  "summary_bg_stdv": 10.784524917602539,
  "summary_csf_k": 1.9718560133873604,
  "summary_csf_mad": 93.50004105711592,
  "summary_csf_mean": 427.9735412597656,
  "summary_csf_median": 401.4062805175781,
  "summary_csf_n": 66207.0,
  "summary_csf_p05": 296.0331237792969,
  "summary_csf_p95": 623.7996765136718,
  "summary_csf_stdv": 104.1402816772461,
  "summary_gm_k": 0.2025507983671404,
  "summary_gm_mad": 44.67253140914563,
  "summary_gm_mean": 793.0454711914062,
  "summary_gm_median": 791.8081665039062,
  "summary_gm_n": 37885.0,
  "summary_gm_p05": 718.4886962890625,
  "summary_gm_p95": 871.6164916992187,
  "summary_gm_stdv": 46.39240646362305,
  "summary_wm_k": 1.26909701869854,
  "summary_wm_mad": 32.95948523231783,
  "summary_wm_mean": 1002.0377197265625,
  "summary_wm_median": 1000.0164794921875,
  "summary_wm_n": 274058.0,
  "summary_wm_p05": 948.1425689697265,
  "summary_wm_p95": 1062.8161071777342,
  "summary_wm_stdv": 35.60117721557617,
  "tpm_overlap_csf": 0.15676335990428925,
  "tpm_overlap_gm": 0.4395405054092407,
  "tpm_overlap_wm": 0.4932797849178314,
  "wm2max": 0.5097618365281177
}