{
  "bids_meta": {
    "EchoTime": 0.09,
    "FlipAngle": 180,
    "ImageType": [
      "ORIGINAL",
      "PRIMARY",
      "M",
      "ND",
      "NORM"
    ],
    "ImagingFrequency": 123.204,
    "MagneticFieldStrength": 3,
    "Manufacturer": "Siemens",
    "ManufacturersModelName": "TrioTim",
    "Modality": "MR",
    "PhaseEncodingDirection": "i",
    "RepetitionTime": 7,
    "ScanningSequence": "SE",
    "SequenceVariant": "SK_SP_OSP",
    "SliceThickness": 3,
    "SpacingBetweenSlices": 3,
    "dataset": "ds002843",
    "modality": "T2w",
    "session_id": "scan2",
    "subject_id": "dmp0848"
  },
  "cjv": 0.5151797744527601,
  "cnr": 2.6523079940006826,
  "efc": 0.6021890833993279,
  "fber": 1981.1869529085873,
  "fwhm_avg": 2.5790843169615307,
  "fwhm_x": 2.949946666666667,
  "fwhm_y": 3.1832,
  "fwhm_z": 1.6041062842179254,
  "icvs_csf": 0.1546207982254175,
  "icvs_gm": 0.40821232059985624,
  "icvs_wm": 0.43716688117472624,
  "inu_med": 1.3693698644638062,
  "inu_range": 0.31455810070037815,
  "provenance": {
    "md5sum": "b82fa627cc08e791cd11bdab1d4b9501",
    "settings": {
      "testing": false
    },
    "software": "mriqc",
    "version": "21.0.0rc2",
    "warnings": {
      "large_rot_frame": false,
      "small_air_mask": false
    },
    "webapi_port": null,
    "webapi_url": "https://mriqc.nimh.nih.gov/api/v1"
  },
  "qi_1": 0.0,
  "qi_2": 0.0025648108898811135,
  "rpve_csf": 14.52185961374942,
  "rpve_gm": 5.597142739820967,
  "rpve_wm": 6.156964802030501,
  "size_x": 256,
  "size_y": 256,
  "size_z": 44,
  "snr_csf": 2.7177714174202787,
  "snr_gm": 9.380759666298358,
  "snr_total": 7.092965648049717,
  "snr_wm": 9.180365860430516,
  "snrd_csf": 145.7522704601703,
  "snrd_gm": 78.4549052221182,
  "snrd_total": 91.83336642826015,
  "snrd_wm": 51.29292360249196,
  "spacing_x": 0.75,
  "spacing_y": 0.75,
  "spacing_z": 3.0000007152557373,
  "summary_bg_k": 495.4517788739976,
  "summary_bg_mad": 12.702348793959743,
  "summary_bg_mean": 25.55899849718499,
  "summary_bg_median": 19.94645321369171,
  "summary_bg_n": 734490.0,
  "summary_bg_p05": 5.622490167617798,
  "summary_bg_p95": 53.6813942193985,
  "summary_bg_stdv": 37.3589916930337,
  "summary_csf_k": 0.2606357931733627,
  "summary_csf_mad": 784.7669864268253,
  "summary_csf_mean": 2747.5108844645697,
  "summary_csf_median": 2825.970653295517,
  "summary_csf_n": 93593.0,
  "summary_csf_p05": 564.3373702526093,
  "summary_csf_p95": 4394.565088772773,
  "summary_csf_stdv": 1039.806194890173,
  "summary_gm_k": 0.019845177053355645,
  "summary_gm_mad": 162.94731812251482,
  "summary_gm_mean": 1526.5299702578807,
  "summary_gm_median": 1521.1513279676437,
  "summary_gm_n": 229182.0,
  "summary_gm_p05": 1269.7456961870193,
  "summary_gm_p95": 1801.0710170269012,
  "summary_gm_stdv": 162.15616468412213,
  "summary_wm_k": 0.022212533684657476,
  "summary_wm_mad": 108.36691314846905,
  "summary_wm_mean": 987.7413909442431,
  "summary_wm_median": 994.5114156007767,
  "summary_wm_n": 284078.0,
  "summary_wm_p05": 797.9919973611832,
  "summary_wm_p95": 1153.6814348697662,
  "summary_wm_stdv": 108.3300687901961,
  "tpm_overlap_csf": 0.17497330904006958,
  "tpm_overlap_gm": 0.43619483709335327,
  "tpm_overlap_wm": 0.48867306113243103,
  "wm2max": 0.2032780605264598
}