{
  "aor": 0.007258616352201257,
  "aqi": 0.003418497421383648,
  "bids_meta": {
    "BandwidthPerPixelPhaseEncode": 31.25,
    "EchoTime": 0.025,
    "EffectiveEchoSpacing": 0.0005,
    "FlipAngle": 75,
    "ImageType": [
      "ORIGINAL",
      "PRIMARY",
      "M",
      "ND",
      "MOSAIC"
    ],
    "MagneticFieldStrength": 3,
    "Manufacturer": "Siemens",
    "ManufacturersModelName": "TrioTim",
    "Modality": "MR",
    "PhaseEncodingDirection": "j-",
    "PixelBandwidth": 3005,
    "RepetitionTime": 3,
    "ScanningSequence": "EP",
    "SequenceVariant": "SK",
    "SliceThickness": 3,
    "SliceTiming": [
      0,
      1.5225,
      0.055,
      1.58,
      0.1125,
      1.635,
      0.1675,
      1.6925,
      0.225,
      1.75,
      0.2825,
      1.805,
      0.3375,
      1.8625,
      0.395,
      1.9175,
      0.45,
      1.975,
      0.5075,
      2.03,
      0.5625,
      2.0875,
      0.62,
      2.145,
      0.6775,
      2.2,
      0.7325,
      2.2575,
      0.79,
      2.3125,
      0.845,
      2.37,
      0.9025,
      2.425,
      0.9575,
      2.4825,
      1.015,
      2.54,
      1.0725,
      2.595,
      1.1275,
      2.6525,
      1.185,
      2.7075,
      1.24,
      2.765,
      1.2975,
      2.8225,
      1.355,
      2.8775,
      1.41,
      2.935,
      1.4675
    ],
    "SpacingBetweenSlices": 3,
    "TaskName": "rest",
    "TotalReadoutTime": 0.0315,
    "dataset": "ds002843",
    "modality": "bold",
    "session_id": "scan2",
    "subject_id": "dmp0596",
    "task_id": "rest"
  },
  "dummy_trs": 1,
  "dvars_nstd": 23.398886415000007,
  "dvars_std": 1.2089848408227846,
  "dvars_vstd": 1.047148212911393,
  "efc": 0.5650815217260149,
  "fber": 405.7336120605469,
  "fd_mean": 0.1364862774094236,
  "fd_num": 25,
  "fd_perc": 15.723270440251572,
  "fwhm_avg": 2.371858888888889,
  "fwhm_x": 2.280676666666667,
  "fwhm_y": 2.2415433333333334,
  "fwhm_z": 2.5933566666666668,
  "gcor": 0.0440268,
  "gsr_x": 0.0017933764029294252,
  "gsr_y": 0.03926800936460495,
  "provenance": {
    "md5sum": "afcf8e3d02502c5335d93e90abe659af",
    "settings": {
      "fd_thres": 0.2,
      "testing": false
    },
    "software": "mriqc",
    "version": "21.0.0rc2",
    "webapi_port": null,
    "webapi_url": "https://mriqc.nimh.nih.gov/api/v1"
  },
  "size_t": 159,
  "size_x": 64,
  "size_y": 64,
  "size_z": 53,
  "snr": 3.388370053670983,
  "spacing_tr": 3.0,
  "spacing_x": 3.0,
  "spacing_y": 3.0,
  "spacing_z": 3.0,
  "summary_bg_k": 15.796440334831185,
  "summary_bg_mad": 11.049581344705821,
  "summary_bg_mean": 62.52109146118164,
  "summary_bg_median": 33.584903717041016,
  "summary_bg_n": 132378.0,
  "summary_bg_p05": 25.06289291381836,
  "summary_bg_p95": 211.31571502685517,
  "summary_bg_stdv": 72.44664001464844,
  "summary_fg_k": 1.5823523458085829,
  "summary_fg_mad": 179.00322400548077,
  "summary_fg_mean": 719.5100708007812,
  "summary_fg_median": 680.8773193359375,
  "summary_fg_n": 42306.0,
  "summary_fg_p05": 462.1320495605469,
  "summary_fg_p95": 1100.3852233886719,
  "summary_fg_stdv": 200.94300842285156,
  "tsnr": 69.42453879117966
}