{
  "aor": 0.003139326923076923,
  "aqi": 0.002683805576923077,
  "bids_meta": {
    "BandwidthPerPixelPhaseEncode": 31.25,
    "EchoTime": 0.025,
    "EffectiveEchoSpacing": 0.0005,
    "FlipAngle": 75,
    "ImageType": [
      "ORIGINAL",
      "PRIMARY",
      "M",
      "ND",
      "MOSAIC"
    ],
    "MagneticFieldStrength": 3,
    "Manufacturer": "Siemens",
    "ManufacturersModelName": "TrioTim",
    "Modality": "MR",
    "PhaseEncodingDirection": "j-",
    "PixelBandwidth": 3005,
    "RepetitionTime": 3,
    "ScanningSequence": "EP",
    "SequenceVariant": "SK",
    "SliceThickness": 3,
    "SliceTiming": [
      0,
      1.5225,
      0.055,
      1.58,
      0.1125,
      1.6375,
      0.17,
      1.6925,
      0.225,
      1.75,
      0.2825,
      1.805,
      0.3375,
      1.8625,
      0.395,
      1.92,
      0.45,
      1.975,
      0.5075,
      2.0325,
      0.565,
      2.0875,
      0.62,
      2.145,
      0.6775,
      2.2,
      0.7325,
      2.2575,
      0.79,
      2.315,
      0.8475,
      2.37,
      0.9025,
      2.4275,
      0.96,
      2.4825,
      1.015,
      2.54,
      1.0725,
      2.595,
      1.1275,
      2.6525,
      1.185,
      2.71,
      1.2425,
      2.765,
      1.2975,
      2.8225,
      1.355,
      2.8775,
      1.41,
      2.935,
      1.4675
    ],
    "SpacingBetweenSlices": 3,
    "TaskName": "intertemporal choice task",
    "TotalReadoutTime": 0.0315,
    "dataset": "ds002843",
    "modality": "bold",
    "run_id": 3,
    "session_id": "scan1",
    "subject_id": "dmp1037",
    "task_id": "itc"
  },
  "dummy_trs": 0,
  "dvars_nstd": 21.553673632912616,
  "dvars_std": 1.1724331123300973,
  "dvars_vstd": 0.9996080554368932,
  "efc": 0.637036533831601,
  "fber": 175.70265197753906,
  "fd_mean": 0.08995855488876195,
  "fd_num": 9,
  "fd_perc": 8.653846153846153,
  "fwhm_avg": 2.7554488888888886,
  "fwhm_x": 2.587423333333333,
  "fwhm_y": 2.612373333333333,
  "fwhm_z": 3.06655,
  "gcor": 0.0397625,
  "gsr_x": -0.0023233655374497175,
  "gsr_y": 0.08161710202693939,
  "provenance": {
    "md5sum": "f00436d45c983c49a1231a9255042219",
    "settings": {
      "fd_thres": 0.2,
      "testing": false
    },
    "software": "mriqc",
    "version": "21.0.0rc2",
    "webapi_port": null,
    "webapi_url": "https://mriqc.nimh.nih.gov/api/v1"
  },
  "size_t": 104,
  "size_x": 64,
  "size_y": 64,
  "size_z": 53,
  "snr": 2.451373130178576,
  "spacing_tr": 3.0,
  "spacing_x": 3.0,
  "spacing_y": 3.0,
  "spacing_z": 3.0,
  "summary_bg_k": 12.843700932391126,
  "summary_bg_mad": 28.56860581004065,
  "summary_bg_mean": 107.6081314086914,
  "summary_bg_median": 50.615386962890625,
  "summary_bg_n": 110325.0,
  "summary_bg_p05": 29.50961685180664,
  "summary_bg_p95": 399.07885742187455,
  "summary_bg_stdv": 137.63246154785156,
  "summary_fg_k": 2.6436552748666777,
  "summary_fg_mad": 237.55850089523284,
  "summary_fg_mean": 758.210205078125,
  "summary_fg_median": 700.2788696289062,
  "summary_fg_n": 56281.0,
  "summary_fg_p05": 403.548095703125,
  "summary_fg_p95": 1311.644287109375,
  "summary_fg_stdv": 285.66546630859375,
  "tsnr": 74.44432106881868
}