{
  "aor": 0.0026324038461538464,
  "aqi": 0.0038565140384615383,
  "bids_meta": {
    "BandwidthPerPixelPhaseEncode": 31.25,
    "EchoTime": 0.025,
    "EffectiveEchoSpacing": 0.0005,
    "FlipAngle": 75,
    "ImageType": [
      "ORIGINAL",
      "PRIMARY",
      "M",
      "ND",
      "MOSAIC"
    ],
    "MagneticFieldStrength": 3,
    "Manufacturer": "Siemens",
    "ManufacturersModelName": "TrioTim",
    "Modality": "MR",
    "PhaseEncodingDirection": "j-",
    "PixelBandwidth": 3005,
    "RepetitionTime": 3,
    "ScanningSequence": "EP",
    "SequenceVariant": "SK",
    "SliceThickness": 3,
    "SliceTiming": [
      0,
      1.5225,
      0.055,
      1.58,
      0.1125,
      1.6375,
      0.17,
      1.6925,
      0.225,
      1.75,
      0.2825,
      1.805,
      0.3375,
      1.8625,
      0.395,
      1.92,
      0.45,
      1.975,
      0.5075,
      2.0325,
      0.565,
      2.0875,
      0.62,
      2.145,
      0.6775,
      2.2,
      0.7325,
      2.2575,
      0.79,
      2.315,
      0.8475,
      2.37,
      0.9025,
      2.4275,
      0.96,
      2.4825,
      1.015,
      2.54,
      1.0725,
      2.595,
      1.1275,
      2.6525,
      1.185,
      2.71,
      1.2425,
      2.765,
      1.2975,
      2.8225,
      1.355,
      2.8775,
      1.41,
      2.935,
      1.4675
    ],
    "SpacingBetweenSlices": 3,
    "TaskName": "risk choice task",
    "TotalReadoutTime": 0.0315,
    "dataset": "ds002843",
    "modality": "bold",
    "run_id": 2,
    "session_id": "scan2",
    "subject_id": "dmp0528",
    "task_id": "risk"
  },
  "dummy_trs": 0,
  "dvars_nstd": 26.564474124660194,
  "dvars_std": 1.2318449643689322,
  "dvars_vstd": 1.0076168242718446,
  "efc": 0.5559883433980605,
  "fber": 417.4305114746094,
  "fd_mean": 0.2411167421569591,
  "fd_num": 52,
  "fd_perc": 50.0,
  "fwhm_avg": 2.5263344444444447,
  "fwhm_x": 2.4137633333333333,
  "fwhm_y": 2.418696666666667,
  "fwhm_z": 2.7465433333333333,
  "gcor": 0.0217903,
  "gsr_x": 0.006736601237207651,
  "gsr_y": 0.04275035485625267,
  "provenance": {
    "md5sum": "3bc1e7aa6ddf890d5f1484beca12a65a",
    "settings": {
      "fd_thres": 0.2,
      "testing": false
    },
    "software": "mriqc",
    "version": "21.0.0rc2",
    "webapi_port": null,
    "webapi_url": "https://mriqc.nimh.nih.gov/api/v1"
  },
  "size_t": 104,
  "size_x": 64,
  "size_y": 64,
  "size_z": 53,
  "snr": 3.2499177191945416,
  "spacing_tr": 3.0,
  "spacing_x": 3.0,
  "spacing_y": 3.0,
  "spacing_z": 3.0,
  "summary_bg_k": 25.113808822345096,
  "summary_bg_mad": 9.009660070586245,
  "summary_bg_mean": 60.4436149597168,
  "summary_bg_median": 32.1634635925293,
  "summary_bg_n": 135048.0,
  "summary_bg_p05": 25.71154022216797,
  "summary_bg_p95": 194.31683578491194,
  "summary_bg_stdv": 75.2930679321289,
  "summary_fg_k": 3.127429568180415,
  "summary_fg_mad": 173.57847804631493,
  "summary_fg_mean": 704.450927734375,
  "summary_fg_median": 665.625,
  "summary_fg_n": 40249.0,
  "summary_fg_p05": 448.5077209472656,
  "summary_fg_p95": 1083.7076904296873,
  "summary_fg_stdv": 204.81033325195312,
  "tsnr": 71.76200333796442
}