{
  "aor": 0.002484174757281554,
  "aqi": 0.006570258737864078,
  "bids_meta": {
    "BandwidthPerPixelPhaseEncode": 31.25,
    "EchoTime": 0.028,
    "EffectiveEchoSpacing": 0.000689998,
    "FlipAngle": 75,
    "ImageType": [
      "ORIGINAL",
      "PRIMARY",
      "M",
      "ND",
      "MOSAIC"
    ],
    "MagneticFieldStrength": 3,
    "Manufacturer": "Siemens",
    "ManufacturersModelName": "TrioTim",
    "Modality": "MR",
    "PhaseEncodingDirection": "i",
    "PixelBandwidth": 3005,
    "RepetitionTime": 3.44,
    "ScanningSequence": "EP",
    "SequenceVariant": "SK",
    "SliceThickness": 3,
    "SliceTiming": [
      0,
      1.7475,
      0.065,
      1.8125,
      0.13,
      1.8775,
      0.1925,
      1.9425,
      0.2575,
      2.0075,
      0.3225,
      2.0725,
      0.3875,
      2.1375,
      0.4525,
      2.2025,
      0.5175,
      2.2675,
      0.5825,
      2.3325,
      0.6475,
      2.395,
      0.7125,
      2.46,
      0.7775,
      2.525,
      0.8425,
      2.59,
      0.905,
      2.655,
      0.97,
      2.72,
      1.035,
      2.785,
      1.1,
      2.85,
      1.165,
      2.915,
      1.23,
      2.98,
      1.295,
      3.045,
      1.36,
      3.1075,
      1.425,
      3.1725,
      1.49,
      3.2375,
      1.555,
      3.3025,
      1.6175,
      3.3675,
      1.6825
    ],
    "SpacingBetweenSlices": 3,
    "TaskName": "risk choice task",
    "TotalReadoutTime": 0.0434699,
    "dataset": "ds002843",
    "modality": "bold",
    "run_id": 1,
    "session_id": "scan2",
    "subject_id": "dmp1271",
    "task_id": "risk"
  },
  "dummy_trs": 1,
  "dvars_nstd": 30.766717424019618,
  "dvars_std": 1.1054054913725495,
  "dvars_vstd": 0.9762805299999995,
  "efc": 0.5676777451570103,
  "fber": 285.9408874511719,
  "fd_mean": 0.13581464553129208,
  "fd_num": 18,
  "fd_perc": 17.475728155339805,
  "fwhm_avg": 2.172093333333333,
  "fwhm_x": 2.0666866666666666,
  "fwhm_y": 2.1049466666666667,
  "fwhm_z": 2.3446466666666668,
  "gcor": 0.0111775,
  "gsr_x": 0.030318520963191986,
  "gsr_y": 0.045029282569885254,
  "provenance": {
    "md5sum": "b66b971a015e221f6835efd88df8335a",
    "settings": {
      "fd_thres": 0.2,
      "testing": false
    },
    "software": "mriqc",
    "version": "21.0.0rc2",
    "webapi_port": null,
    "webapi_url": "https://mriqc.nimh.nih.gov/api/v1"
  },
  "size_t": 103,
  "size_x": 64,
  "size_y": 64,
  "size_z": 53,
  "snr": 3.322153878930252,
  "spacing_tr": 3.440000057220459,
  "spacing_x": 3.0,
  "spacing_y": 3.0,
  "spacing_z": 3.0,
  "summary_bg_k": 19.5021881249426,
  "summary_bg_mad": 12.278249248450518,
  "summary_bg_mean": 63.42168045043945,
  "summary_bg_median": 32.89320373535156,
  "summary_bg_n": 139995.0,
  "summary_bg_p05": 23.310680389404297,
  "summary_bg_p95": 217.3621337890624,
  "summary_bg_stdv": 71.91161346435547,
  "summary_fg_k": 1.6085808017647638,
  "summary_fg_mad": 152.20422065381078,
  "summary_fg_mean": 584.784423828125,
  "summary_fg_median": 556.5922241210938,
  "summary_fg_n": 35397.0,
  "summary_fg_p05": 367.62330322265626,
  "summary_fg_p95": 897.2485717773433,
  "summary_fg_stdv": 167.53720092773438,
  "tsnr": 49.14103901630733
}