{
  "aor": 0.001880673076923077,
  "aqi": 0.0029040908653846158,
  "bids_meta": {
    "BandwidthPerPixelPhaseEncode": 31.25,
    "EchoTime": 0.025,
    "EffectiveEchoSpacing": 0.0005,
    "FlipAngle": 75,
    "ImageType": [
      "ORIGINAL",
      "PRIMARY",
      "M",
      "ND",
      "MOSAIC"
    ],
    "MagneticFieldStrength": 3,
    "Manufacturer": "Siemens",
    "ManufacturersModelName": "TrioTim",
    "Modality": "MR",
    "PhaseEncodingDirection": "j-",
    "PixelBandwidth": 3005,
    "RepetitionTime": 3,
    "ScanningSequence": "EP",
    "SequenceVariant": "SK",
    "SliceThickness": 3,
    "SliceTiming": [
      0,
      1.5225,
      0.055,
      1.58,
      0.1125,
      1.6375,
      0.17,
      1.6925,
      0.225,
      1.75,
      0.2825,
      1.805,
      0.3375,
      1.8625,
      0.395,
      1.92,
      0.45,
      1.975,
      0.5075,
      2.0325,
      0.565,
      2.0875,
      0.62,
      2.145,
      0.6775,
      2.2,
      0.7325,
      2.2575,
      0.79,
      2.315,
      0.8475,
      2.37,
      0.9025,
      2.4275,
      0.96,
      2.4825,
      1.015,
      2.54,
      1.0725,
      2.595,
      1.1275,
      2.6525,
      1.185,
      2.71,
      1.2425,
      2.765,
      1.2975,
      2.8225,
      1.355,
      2.8775,
      1.41,
      2.935,
      1.4675
    ],
    "SpacingBetweenSlices": 3,
    "TaskName": "intertemporal choice task",
    "TotalReadoutTime": 0.0315,
    "dataset": "ds002843",
    "modality": "bold",
    "run_id": 3,
    "session_id": "scan2",
    "subject_id": "dmp1271",
    "task_id": "itc"
  },
  "dummy_trs": 0,
  "dvars_nstd": 24.794179212621355,
  "dvars_std": 1.1862466579611655,
  "dvars_vstd": 1.0053077172815532,
  "efc": 0.566827162593807,
  "fber": 351.33056640625,
  "fd_mean": 0.12015983368361541,
  "fd_num": 9,
  "fd_perc": 8.653846153846153,
  "fwhm_avg": 2.224255555555556,
  "fwhm_x": 2.04319,
  "fwhm_y": 2.1775966666666666,
  "fwhm_z": 2.4519800000000003,
  "gcor": 0.0292957,
  "gsr_x": -0.005656418390572071,
  "gsr_y": 0.07994434982538223,
  "provenance": {
    "md5sum": "4a4c3839c96c784ac0645ea30c869ab5",
    "settings": {
      "fd_thres": 0.2,
      "testing": false
    },
    "software": "mriqc",
    "version": "21.0.0rc2",
    "webapi_port": null,
    "webapi_url": "https://mriqc.nimh.nih.gov/api/v1"
  },
  "size_t": 104,
  "size_x": 64,
  "size_y": 64,
  "size_z": 53,
  "snr": 3.532276314032561,
  "spacing_tr": 3.0,
  "spacing_x": 3.0,
  "spacing_y": 3.0,
  "spacing_z": 3.0,
  "summary_bg_k": 19.598300052397313,
  "summary_bg_mad": 8.482197342454459,
  "summary_bg_mean": 59.972171783447266,
  "summary_bg_median": 29.423078536987305,
  "summary_bg_n": 138046.0,
  "summary_bg_p05": 22.96154022216797,
  "summary_bg_p95": 215.27645111083984,
  "summary_bg_stdv": 73.7703857421875,
  "summary_fg_k": 1.5365329148760214,
  "summary_fg_mad": 144.4396752004222,
  "summary_fg_mean": 591.2777709960938,
  "summary_fg_median": 565.6634521484375,
  "summary_fg_n": 36272.0,
  "summary_fg_p05": 382.12693939208987,
  "summary_fg_p95": 889.2201995849609,
  "summary_fg_stdv": 160.13912963867188,
  "tsnr": 76.85121429897845
}