{
  "aor": 0.0014976923076923077,
  "aqi": 0.0030503141346153845,
  "bids_meta": {
    "BandwidthPerPixelPhaseEncode": 31.25,
    "EchoTime": 0.025,
    "EffectiveEchoSpacing": 0.0005,
    "FlipAngle": 75,
    "ImageType": [
      "ORIGINAL",
      "PRIMARY",
      "M",
      "ND",
      "MOSAIC"
    ],
    "MagneticFieldStrength": 3,
    "Manufacturer": "Siemens",
    "ManufacturersModelName": "TrioTim",
    "Modality": "MR",
    "PhaseEncodingDirection": "j-",
    "PixelBandwidth": 3005,
    "RepetitionTime": 3,
    "ScanningSequence": "EP",
    "SequenceVariant": "SK",
    "SliceThickness": 3,
    "SliceTiming": [
      0,
      1.5225,
      0.055,
      1.58,
      0.1125,
      1.6375,
      0.17,
      1.6925,
      0.225,
      1.75,
      0.2825,
      1.805,
      0.3375,
      1.8625,
      0.395,
      1.92,
      0.45,
      1.975,
      0.5075,
      2.0325,
      0.565,
      2.0875,
      0.62,
      2.145,
      0.6775,
      2.2,
      0.7325,
      2.2575,
      0.79,
      2.315,
      0.8475,
      2.37,
      0.9025,
      2.4275,
      0.96,
      2.4825,
      1.015,
      2.54,
      1.0725,
      2.595,
      1.1275,
      2.6525,
      1.185,
      2.71,
      1.2425,
      2.765,
      1.2975,
      2.8225,
      1.355,
      2.8775,
      1.41,
      2.935,
      1.4675
    ],
    "SpacingBetweenSlices": 3,
    "TaskName": "intertemporal choice task",
    "TotalReadoutTime": 0.0315,
    "dataset": "ds002843",
    "modality": "bold",
    "run_id": 2,
    "session_id": "scan2",
    "subject_id": "dmp1271",
    "task_id": "itc"
  },
  "dummy_trs": 0,
  "dvars_nstd": 23.548404823398062,
  "dvars_std": 1.1551229710679614,
  "dvars_vstd": 0.9897472142718449,
  "efc": 0.5663043700824083,
  "fber": 356.4146728515625,
  "fd_mean": 0.10030020998131801,
  "fd_num": 7,
  "fd_perc": 6.730769230769231,
  "fwhm_avg": 2.2327044444444444,
  "fwhm_x": 2.0628933333333332,
  "fwhm_y": 2.194383333333333,
  "fwhm_z": 2.4408366666666668,
  "gcor": 0.0284768,
  "gsr_x": -0.005996426101773977,
  "gsr_y": 0.08053576201200485,
  "provenance": {
    "md5sum": "5bc234da6efd5fd582b6a072dc96f37e",
    "settings": {
      "fd_thres": 0.2,
      "testing": false
    },
    "software": "mriqc",
    "version": "21.0.0rc2",
    "webapi_port": null,
    "webapi_url": "https://mriqc.nimh.nih.gov/api/v1"
  },
  "size_t": 104,
  "size_x": 64,
  "size_y": 64,
  "size_z": 53,
  "snr": 3.541580598410795,
  "spacing_tr": 3.0,
  "spacing_x": 3.0,
  "spacing_y": 3.0,
  "spacing_z": 3.0,
  "summary_bg_k": 20.264359606462012,
  "summary_bg_mad": 7.698125163570278,
  "summary_bg_mean": 59.28731155395508,
  "summary_bg_median": 29.115385055541992,
  "summary_bg_n": 138012.0,
  "summary_bg_p05": 23.548078536987305,
  "summary_bg_p95": 211.6100997924803,
  "summary_bg_stdv": 72.67078399658203,
  "summary_fg_k": 1.5426030778672857,
  "summary_fg_mad": 143.55582836700552,
  "summary_fg_mean": 589.6420288085938,
  "summary_fg_median": 564.0769653320312,
  "summary_fg_n": 36219.0,
  "summary_fg_p05": 381.0154083251953,
  "summary_fg_p95": 884.1173400878906,
  "summary_fg_stdv": 159.2704620361328,
  "tsnr": 76.34989941725507
}