{
  "aor": 0.004315480769230769,
  "aqi": 0.005021487211538462,
  "bids_meta": {
    "BandwidthPerPixelPhaseEncode": 31.25,
    "EchoTime": 0.025,
    "EffectiveEchoSpacing": 0.0005,
    "FlipAngle": 75,
    "ImageType": [
      "ORIGINAL",
      "PRIMARY",
      "M",
      "ND",
      "MOSAIC"
    ],
    "MagneticFieldStrength": 3,
    "Manufacturer": "Siemens",
    "ManufacturersModelName": "TrioTim",
    "Modality": "MR",
    "PhaseEncodingDirection": "j-",
    "PixelBandwidth": 3005,
    "RepetitionTime": 3,
    "ScanningSequence": "EP",
    "SequenceVariant": "SK",
    "SliceThickness": 3,
    "SliceTiming": [
      0,
      1.5225,
      0.055,
      1.58,
      0.1125,
      1.6375,
      0.17,
      1.6925,
      0.225,
      1.75,
      0.2825,
      1.805,
      0.3375,
      1.8625,
      0.395,
      1.92,
      0.45,
      1.975,
      0.5075,
      2.0325,
      0.565,
      2.0875,
      0.62,
      2.145,
      0.6775,
      2.2,
      0.7325,
      2.2575,
      0.79,
      2.315,
      0.8475,
      2.37,
      0.9025,
      2.4275,
      0.96,
      2.4825,
      1.015,
      2.54,
      1.0725,
      2.595,
      1.1275,
      2.6525,
      1.185,
      2.71,
      1.2425,
      2.765,
      1.2975,
      2.8225,
      1.355,
      2.8775,
      1.41,
      2.935,
      1.4675
    ],
    "SpacingBetweenSlices": 3,
    "TaskName": "intertemporal choice task",
    "TotalReadoutTime": 0.0315,
    "dataset": "ds002843",
    "modality": "bold",
    "run_id": 4,
    "session_id": "scan1",
    "subject_id": "dmp0772",
    "task_id": "itc"
  },
  "dummy_trs": 0,
  "dvars_nstd": 27.71100664611651,
  "dvars_std": 1.203986182038835,
  "dvars_vstd": 1.009632973883495,
  "efc": 0.5255569153897239,
  "fber": 455.0243225097656,
  "fd_mean": 0.24266907876347918,
  "fd_num": 34,
  "fd_perc": 32.69230769230769,
  "fwhm_avg": 2.085521111111111,
  "fwhm_x": 1.9804266666666666,
  "fwhm_y": 2.0621766666666668,
  "fwhm_z": 2.2139599999999997,
  "gcor": 0.0227545,
  "gsr_x": 0.014559626579284668,
  "gsr_y": 0.02882559224963188,
  "provenance": {
    "md5sum": "d8389712f1162b9c7ecf72d6c3388cb2",
    "settings": {
      "fd_thres": 0.2,
      "testing": false
    },
    "software": "mriqc",
    "version": "21.0.0rc2",
    "webapi_port": null,
    "webapi_url": "https://mriqc.nimh.nih.gov/api/v1"
  },
  "size_t": 104,
  "size_x": 64,
  "size_y": 64,
  "size_z": 53,
  "snr": 4.321560139773578,
  "spacing_tr": 3.0,
  "spacing_x": 3.0,
  "spacing_y": 3.0,
  "spacing_z": 3.0,
  "summary_bg_k": 43.459671753185496,
  "summary_bg_mad": 7.470034472304326,
  "summary_bg_mean": 49.67914581298828,
  "summary_bg_median": 29.355770111083984,
  "summary_bg_n": 145995.0,
  "summary_bg_p05": 23.788461685180664,
  "summary_bg_p95": 142.6442413330078,
  "summary_bg_stdv": 56.96874237060547,
  "summary_fg_k": 0.7929432214291281,
  "summary_fg_mad": 142.34411053211176,
  "summary_fg_mean": 643.4176635742188,
  "summary_fg_median": 627.6635131835938,
  "summary_fg_n": 31848.0,
  "summary_fg_p05": 438.9428024291992,
  "summary_fg_p95": 900.1269531249999,
  "summary_fg_stdv": 145.2377471923828,
  "tsnr": 66.24409242719412
}