{
  "aor": 0.007007596153846153,
  "aqi": 0.00840917,
  "bids_meta": {
    "BandwidthPerPixelPhaseEncode": 31.25,
    "EchoTime": 0.025,
    "EffectiveEchoSpacing": 0.0005,
    "FlipAngle": 75,
    "ImageType": [
      "ORIGINAL",
      "PRIMARY",
      "M",
      "ND",
      "MOSAIC"
    ],
    "MagneticFieldStrength": 3,
    "Manufacturer": "Siemens",
    "ManufacturersModelName": "TrioTim",
    "Modality": "MR",
    "PhaseEncodingDirection": "j-",
    "PixelBandwidth": 3005,
    "RepetitionTime": 3,
    "ScanningSequence": "EP",
    "SequenceVariant": "SK",
    "SliceThickness": 3,
    "SliceTiming": [
      0,
      1.5225,
      0.055,
      1.58,
      0.1125,
      1.6375,
      0.17,
      1.6925,
      0.225,
      1.75,
      0.2825,
      1.805,
      0.3375,
      1.8625,
      0.395,
      1.92,
      0.45,
      1.975,
      0.5075,
      2.0325,
      0.565,
      2.0875,
      0.62,
      2.145,
      0.6775,
      2.2,
      0.7325,
      2.2575,
      0.79,
      2.315,
      0.8475,
      2.37,
      0.9025,
      2.4275,
      0.96,
      2.4825,
      1.015,
      2.54,
      1.0725,
      2.595,
      1.1275,
      2.6525,
      1.185,
      2.71,
      1.2425,
      2.765,
      1.2975,
      2.8225,
      1.355,
      2.8775,
      1.41,
      2.935,
      1.4675
    ],
    "SpacingBetweenSlices": 3,
    "TaskName": "risk choice task",
    "TotalReadoutTime": 0.0315,
    "dataset": "ds002843",
    "modality": "bold",
    "run_id": 2,
    "session_id": "scan1",
    "subject_id": "dmp0715",
    "task_id": "risk"
  },
  "dummy_trs": 0,
  "dvars_nstd": 34.159499751941745,
  "dvars_std": 1.1303206161165051,
  "dvars_vstd": 0.9645230536893202,
  "efc": 0.5402014167441008,
  "fber": 422.0832824707031,
  "fd_mean": 0.37447107561835696,
  "fd_num": 58,
  "fd_perc": 55.76923076923077,
  "fwhm_avg": 2.443972222222222,
  "fwhm_x": 2.3141133333333332,
  "fwhm_y": 2.3820799999999998,
  "fwhm_z": 2.6357233333333334,
  "gcor": 0.0587586,
  "gsr_x": -0.0017019495135173202,
  "gsr_y": 0.05261766538023949,
  "provenance": {
    "md5sum": "74016704b174adf8fbf32ac1b851d924",
    "settings": {
      "fd_thres": 0.2,
      "testing": false
    },
    "software": "mriqc",
    "version": "21.0.0rc2",
    "webapi_port": null,
    "webapi_url": "https://mriqc.nimh.nih.gov/api/v1"
  },
  "size_t": 104,
  "size_x": 64,
  "size_y": 64,
  "size_z": 53,
  "snr": 3.745619953892695,
  "spacing_tr": 3.0,
  "spacing_x": 3.0,
  "spacing_y": 3.0,
  "spacing_z": 3.0,
  "summary_bg_k": 19.252552820626885,
  "summary_bg_mad": 10.40672863334703,
  "summary_bg_mean": 61.92617416381836,
  "summary_bg_median": 32.115386962890625,
  "summary_bg_n": 143905.0,
  "summary_bg_p05": 22.721155166625977,
  "summary_bg_p95": 219.04615783691395,
  "summary_bg_stdv": 77.12364196777344,
  "summary_fg_k": 1.9401308900727292,
  "summary_fg_mad": 154.75375533430918,
  "summary_fg_mean": 697.19580078125,
  "summary_fg_median": 667.923095703125,
  "summary_fg_n": 33380.0,
  "summary_fg_p05": 453.859619140625,
  "summary_fg_p95": 1029.9880432128905,
  "summary_fg_stdv": 178.3184356689453,
  "tsnr": 41.16808313434012
}