{
  "aor": 0.007295384615384616,
  "aqi": 0.006626034807692308,
  "bids_meta": {
    "BandwidthPerPixelPhaseEncode": 31.25,
    "EchoTime": 0.025,
    "EffectiveEchoSpacing": 0.0005,
    "FlipAngle": 75,
    "ImageType": [
      "ORIGINAL",
      "PRIMARY",
      "M",
      "ND",
      "MOSAIC"
    ],
    "MagneticFieldStrength": 3,
    "Manufacturer": "Siemens",
    "ManufacturersModelName": "TrioTim",
    "Modality": "MR",
    "PhaseEncodingDirection": "j-",
    "PixelBandwidth": 3005,
    "RepetitionTime": 3,
    "ScanningSequence": "EP",
    "SequenceVariant": "SK",
    "SliceThickness": 3,
    "SliceTiming": [
      0,
      1.5225,
      0.055,
      1.58,
      0.1125,
      1.6375,
      0.17,
      1.6925,
      0.225,
      1.75,
      0.2825,
      1.805,
      0.3375,
      1.8625,
      0.395,
      1.92,
      0.45,
      1.975,
      0.5075,
      2.0325,
      0.565,
      2.0875,
      0.62,
      2.145,
      0.6775,
      2.2,
      0.7325,
      2.2575,
      0.79,
      2.315,
      0.8475,
      2.37,
      0.9025,
      2.4275,
      0.96,
      2.4825,
      1.015,
      2.54,
      1.0725,
      2.595,
      1.1275,
      2.6525,
      1.185,
      2.71,
      1.2425,
      2.765,
      1.2975,
      2.8225,
      1.355,
      2.8775,
      1.41,
      2.935,
      1.4675
    ],
    "SpacingBetweenSlices": 3,
    "TaskName": "intertemporal choice task",
    "TotalReadoutTime": 0.0315,
    "dataset": "ds002843",
    "modality": "bold",
    "run_id": 1,
    "session_id": "scan1",
    "subject_id": "dmp0773",
    "task_id": "itc"
  },
  "dummy_trs": 0,
  "dvars_nstd": 28.09687342213592,
  "dvars_std": 1.2103842848543687,
  "dvars_vstd": 1.019288129029126,
  "efc": 0.5921721094327161,
  "fber": 259.7591247558594,
  "fd_mean": 0.19321455259132353,
  "fd_num": 27,
  "fd_perc": 25.96153846153846,
  "fwhm_avg": 2.91722,
  "fwhm_x": 2.73844,
  "fwhm_y": 2.6899466666666663,
  "fwhm_z": 3.3232733333333333,
  "gcor": 0.0327688,
  "gsr_x": -0.006864236667752266,
  "gsr_y": 0.055360279977321625,
  "provenance": {
    "md5sum": "9b4659c0a55188f3a0004c979a0aece3",
    "settings": {
      "fd_thres": 0.2,
      "testing": false
    },
    "software": "mriqc",
    "version": "21.0.0rc2",
    "webapi_port": null,
    "webapi_url": "https://mriqc.nimh.nih.gov/api/v1"
  },
  "size_t": 104,
  "size_x": 64,
  "size_y": 64,
  "size_z": 53,
  "snr": 2.6294313772394577,
  "spacing_tr": 3.0,
  "spacing_x": 3.0,
  "spacing_y": 3.0,
  "spacing_z": 3.0,
  "summary_bg_k": 23.06119592807517,
  "summary_bg_mad": 18.019317313333175,
  "summary_bg_mean": 89.69752502441406,
  "summary_bg_median": 39.54807662963867,
  "summary_bg_n": 130756.0,
  "summary_bg_p05": 26.56730842590332,
  "summary_bg_p95": 306.71395111083984,
  "summary_bg_stdv": 119.14318084716797,
  "summary_fg_k": 3.9646038533575982,
  "summary_fg_mad": 184.227623204895,
  "summary_fg_mean": 707.7325439453125,
  "summary_fg_median": 649.673095703125,
  "summary_fg_n": 43488.0,
  "summary_fg_p05": 424.7062713623047,
  "summary_fg_p95": 1202.6634521484375,
  "summary_fg_stdv": 247.07456970214844,
  "tsnr": 58.69435815594625
}