{
  "aor": 0.0014178616352201257,
  "aqi": 0.00197446,
  "bids_meta": {
    "BandwidthPerPixelPhaseEncode": 31.25,
    "EchoTime": 0.025,
    "EffectiveEchoSpacing": 0.0005,
    "FlipAngle": 75,
    "ImageType": [
      "ORIGINAL",
      "PRIMARY",
      "M",
      "ND",
      "MOSAIC"
    ],
    "MagneticFieldStrength": 3,
    "Manufacturer": "Siemens",
    "ManufacturersModelName": "TrioTim",
    "Modality": "MR",
    "PhaseEncodingDirection": "j-",
    "PixelBandwidth": 3005,
    "RepetitionTime": 3,
    "ScanningSequence": "EP",
    "SequenceVariant": "SK",
    "SliceThickness": 3,
    "SliceTiming": [
      0,
      1.5225,
      0.055,
      1.58,
      0.1125,
      1.635,
      0.1675,
      1.6925,
      0.225,
      1.75,
      0.2825,
      1.805,
      0.3375,
      1.8625,
      0.395,
      1.9175,
      0.45,
      1.975,
      0.5075,
      2.03,
      0.5625,
      2.0875,
      0.62,
      2.145,
      0.6775,
      2.2,
      0.7325,
      2.2575,
      0.79,
      2.3125,
      0.845,
      2.37,
      0.9025,
      2.425,
      0.9575,
      2.4825,
      1.015,
      2.54,
      1.0725,
      2.595,
      1.1275,
      2.6525,
      1.185,
      2.7075,
      1.24,
      2.765,
      1.2975,
      2.8225,
      1.355,
      2.8775,
      1.41,
      2.935,
      1.4675
    ],
    "SpacingBetweenSlices": 3,
    "TaskName": "rest",
    "TotalReadoutTime": 0.0315,
    "dataset": "ds002843",
    "modality": "bold",
    "session_id": "scan1",
    "subject_id": "dmp0106",
    "task_id": "rest"
  },
  "dummy_trs": 1,
  "dvars_nstd": 20.5284200079114,
  "dvars_std": 1.1915998854430372,
  "dvars_vstd": 0.9975325658860758,
  "efc": 0.5561041594226085,
  "fber": 382.2385559082031,
  "fd_mean": 0.05845451425094841,
  "fd_num": 1,
  "fd_perc": 0.6289308176100629,
  "fwhm_avg": 2.6994366666666667,
  "fwhm_x": 2.6246066666666668,
  "fwhm_y": 2.539493333333333,
  "fwhm_z": 2.93421,
  "gcor": 0.0219242,
  "gsr_x": -0.0015670944703742862,
  "gsr_y": 0.05631260946393013,
  "provenance": {
    "md5sum": "8995c9b92ab73e90582201c30ac9cade",
    "settings": {
      "fd_thres": 0.2,
      "testing": false
    },
    "software": "mriqc",
    "version": "21.0.0rc2",
    "webapi_port": null,
    "webapi_url": "https://mriqc.nimh.nih.gov/api/v1"
  },
  "size_t": 159,
  "size_x": 64,
  "size_y": 64,
  "size_z": 53,
  "snr": 2.7074304523890533,
  "spacing_tr": 3.0,
  "spacing_x": 3.0,
  "spacing_y": 3.0,
  "spacing_z": 3.0,
  "summary_bg_k": 18.828930076706527,
  "summary_bg_mad": 10.91904262627119,
  "summary_bg_mean": 67.41285705566406,
  "summary_bg_median": 32.74842834472656,
  "summary_bg_n": 135411.0,
  "summary_bg_p05": 24.3018856048584,
  "summary_bg_p95": 239.66351318359375,
  "summary_bg_stdv": 85.02455139160156,
  "summary_fg_k": 2.6889344898301264,
  "summary_fg_mad": 186.63069843161833,
  "summary_fg_mean": 698.3886108398438,
  "summary_fg_median": 645.4842529296875,
  "summary_fg_n": 39625.0,
  "summary_fg_p05": 416.81256713867185,
  "summary_fg_p95": 1182.8439697265624,
  "summary_fg_stdv": 238.40911865234375,
  "tsnr": 83.89134706696495
}