{
  "aor": 0.0017251923076923074,
  "aqi": 0.0017992475961538463,
  "bids_meta": {
    "BandwidthPerPixelPhaseEncode": 31.25,
    "EchoTime": 0.025,
    "EffectiveEchoSpacing": 0.0005,
    "FlipAngle": 75,
    "ImageType": [
      "ORIGINAL",
      "PRIMARY",
      "M",
      "ND",
      "MOSAIC"
    ],
    "MagneticFieldStrength": 3,
    "Manufacturer": "Siemens",
    "ManufacturersModelName": "TrioTim",
    "Modality": "MR",
    "PhaseEncodingDirection": "j-",
    "PixelBandwidth": 3005,
    "RepetitionTime": 3,
    "ScanningSequence": "EP",
    "SequenceVariant": "SK",
    "SliceThickness": 3,
    "SliceTiming": [
      0,
      1.5225,
      0.055,
      1.58,
      0.1125,
      1.6375,
      0.17,
      1.6925,
      0.225,
      1.75,
      0.2825,
      1.805,
      0.3375,
      1.8625,
      0.395,
      1.92,
      0.45,
      1.975,
      0.5075,
      2.0325,
      0.565,
      2.0875,
      0.62,
      2.145,
      0.6775,
      2.2,
      0.7325,
      2.2575,
      0.79,
      2.315,
      0.8475,
      2.37,
      0.9025,
      2.4275,
      0.96,
      2.4825,
      1.015,
      2.54,
      1.0725,
      2.595,
      1.1275,
      2.6525,
      1.185,
      2.71,
      1.2425,
      2.765,
      1.2975,
      2.8225,
      1.355,
      2.8775,
      1.41,
      2.935,
      1.4675
    ],
    "SpacingBetweenSlices": 3,
    "TaskName": "intertemporal choice task",
    "TotalReadoutTime": 0.0315,
    "dataset": "ds002843",
    "modality": "bold",
    "run_id": 1,
    "session_id": "scan1",
    "subject_id": "dmp0106",
    "task_id": "itc"
  },
  "dummy_trs": 0,
  "dvars_nstd": 20.46382709621359,
  "dvars_std": 1.1885969104854366,
  "dvars_vstd": 0.9903780368932036,
  "efc": 0.5585264882482626,
  "fber": 378.8386535644531,
  "fd_mean": 0.04320793881205922,
  "fd_num": 0,
  "fd_perc": 0.0,
  "fwhm_avg": 2.674411111111111,
  "fwhm_x": 2.5961433333333335,
  "fwhm_y": 2.5188433333333333,
  "fwhm_z": 2.908246666666667,
  "gcor": 0.027751,
  "gsr_x": -0.0020414465107023716,
  "gsr_y": 0.057258591055870056,
  "provenance": {
    "md5sum": "43b25c8bd53a6d9e6175ef1552921aae",
    "settings": {
      "fd_thres": 0.2,
      "testing": false
    },
    "software": "mriqc",
    "version": "21.0.0rc2",
    "webapi_port": null,
    "webapi_url": "https://mriqc.nimh.nih.gov/api/v1"
  },
  "size_t": 104,
  "size_x": 64,
  "size_y": 64,
  "size_z": 53,
  "snr": 2.755236251165036,
  "spacing_tr": 3.0,
  "spacing_x": 3.0,
  "spacing_y": 3.0,
  "spacing_z": 3.0,
  "summary_bg_k": 19.383591803323387,
  "summary_bg_mad": 10.620561358789416,
  "summary_bg_mean": 68.83721923828125,
  "summary_bg_median": 32.92307662963867,
  "summary_bg_n": 135430.0,
  "summary_bg_p05": 25.230770111083984,
  "summary_bg_p95": 245.45722198486317,
  "summary_bg_stdv": 87.4571762084961,
  "summary_fg_k": 2.5890139051217833,
  "summary_fg_mad": 186.4942382176592,
  "summary_fg_mean": 699.342041015625,
  "summary_fg_median": 647.7788696289062,
  "summary_fg_n": 39597.0,
  "summary_fg_p05": 419.12310180664065,
  "summary_fg_p95": 1174.9077392578124,
  "summary_fg_stdv": 235.10531616210938,
  "tsnr": 88.09414926590398
}