{
  "aor": 0.002053557692307692,
  "aqi": 0.0016090363942307694,
  "bids_meta": {
    "BandwidthPerPixelPhaseEncode": 31.25,
    "EchoTime": 0.025,
    "EffectiveEchoSpacing": 0.0005,
    "FlipAngle": 75,
    "ImageType": [
      "ORIGINAL",
      "PRIMARY",
      "M",
      "ND",
      "MOSAIC"
    ],
    "MagneticFieldStrength": 3,
    "Manufacturer": "Siemens",
    "ManufacturersModelName": "TrioTim",
    "Modality": "MR",
    "PhaseEncodingDirection": "j-",
    "PixelBandwidth": 3005,
    "RepetitionTime": 3,
    "ScanningSequence": "EP",
    "SequenceVariant": "SK",
    "SliceThickness": 3,
    "SliceTiming": [
      0,
      1.5225,
      0.055,
      1.58,
      0.1125,
      1.6375,
      0.17,
      1.6925,
      0.225,
      1.75,
      0.2825,
      1.805,
      0.3375,
      1.8625,
      0.395,
      1.92,
      0.45,
      1.975,
      0.5075,
      2.0325,
      0.565,
      2.0875,
      0.62,
      2.145,
      0.6775,
      2.2,
      0.7325,
      2.2575,
      0.79,
      2.315,
      0.8475,
      2.37,
      0.9025,
      2.4275,
      0.96,
      2.4825,
      1.015,
      2.54,
      1.0725,
      2.595,
      1.1275,
      2.6525,
      1.185,
      2.71,
      1.2425,
      2.765,
      1.2975,
      2.8225,
      1.355,
      2.8775,
      1.41,
      2.935,
      1.4675
    ],
    "SpacingBetweenSlices": 3,
    "TaskName": "risk choice task",
    "TotalReadoutTime": 0.0315,
    "dataset": "ds002843",
    "modality": "bold",
    "run_id": 2,
    "session_id": "scan1",
    "subject_id": "dmp0106",
    "task_id": "risk"
  },
  "dummy_trs": 0,
  "dvars_nstd": 20.8422967854369,
  "dvars_std": 1.2192036255339802,
  "dvars_vstd": 1.0146756627184468,
  "efc": 0.5591950315593319,
  "fber": 374.9483337402344,
  "fd_mean": 0.046698173205561494,
  "fd_num": 0,
  "fd_perc": 0.0,
  "fwhm_avg": 2.6891666666666665,
  "fwhm_x": 2.6187466666666666,
  "fwhm_y": 2.5372166666666667,
  "fwhm_z": 2.9115366666666667,
  "gcor": 0.0293871,
  "gsr_x": -0.0020966720767319202,
  "gsr_y": 0.05701698735356331,
  "provenance": {
    "md5sum": "293198ed9cee1ba45de2bd5f73d76e8f",
    "settings": {
      "fd_thres": 0.2,
      "testing": false
    },
    "software": "mriqc",
    "version": "21.0.0rc2",
    "webapi_port": null,
    "webapi_url": "https://mriqc.nimh.nih.gov/api/v1"
  },
  "size_t": 104,
  "size_x": 64,
  "size_y": 64,
  "size_z": 53,
  "snr": 2.7434865053935917,
  "spacing_tr": 3.0,
  "spacing_x": 3.0,
  "spacing_y": 3.0,
  "spacing_z": 3.0,
  "summary_bg_k": 18.385128007036403,
  "summary_bg_mad": 10.748866084165615,
  "summary_bg_mean": 69.54187774658203,
  "summary_bg_median": 33.08654022216797,
  "summary_bg_n": 135321.0,
  "summary_bg_p05": 25.346155166625977,
  "summary_bg_p95": 249.2115478515625,
  "summary_bg_stdv": 88.50237274169922,
  "summary_fg_k": 2.5987352621528057,
  "summary_fg_mad": 187.00035358680603,
  "summary_fg_mean": 700.7117309570312,
  "summary_fg_median": 648.7788696289062,
  "summary_fg_n": 39594.0,
  "summary_fg_p05": 418.8745391845703,
  "summary_fg_p95": 1178.383673095703,
  "summary_fg_stdv": 236.47671508789062,
  "tsnr": 93.5789313367568
}