{
  "aor": 0.009150673076923077,
  "aqi": 0.005325344903846154,
  "bids_meta": {
    "BandwidthPerPixelPhaseEncode": 31.25,
    "EchoTime": 0.025,
    "EffectiveEchoSpacing": 0.0005,
    "FlipAngle": 75,
    "ImageType": [
      "ORIGINAL",
      "PRIMARY",
      "M",
      "ND",
      "MOSAIC"
    ],
    "MagneticFieldStrength": 3,
    "Manufacturer": "Siemens",
    "ManufacturersModelName": "TrioTim",
    "Modality": "MR",
    "PhaseEncodingDirection": "j-",
    "PixelBandwidth": 3005,
    "RepetitionTime": 3,
    "ScanningSequence": "EP",
    "SequenceVariant": "SK",
    "SliceThickness": 3,
    "SliceTiming": [
      0,
      1.5225,
      0.055,
      1.58,
      0.1125,
      1.6375,
      0.17,
      1.6925,
      0.225,
      1.75,
      0.2825,
      1.805,
      0.3375,
      1.8625,
      0.395,
      1.92,
      0.45,
      1.975,
      0.5075,
      2.0325,
      0.565,
      2.0875,
      0.62,
      2.145,
      0.6775,
      2.2,
      0.7325,
      2.2575,
      0.79,
      2.315,
      0.8475,
      2.37,
      0.9025,
      2.4275,
      0.96,
      2.4825,
      1.015,
      2.54,
      1.0725,
      2.595,
      1.1275,
      2.6525,
      1.185,
      2.71,
      1.2425,
      2.765,
      1.2975,
      2.8225,
      1.355,
      2.8775,
      1.41,
      2.935,
      1.4675
    ],
    "SpacingBetweenSlices": 3,
    "TaskName": "risk choice task",
    "TotalReadoutTime": 0.0315,
    "dataset": "ds002843",
    "modality": "bold",
    "run_id": 4,
    "session_id": "scan2",
    "subject_id": "dmp1039",
    "task_id": "risk"
  },
  "dummy_trs": 0,
  "dvars_nstd": 25.68274740553397,
  "dvars_std": 1.1258848591262134,
  "dvars_vstd": 1.0119979338834955,
  "efc": 0.5746455544512667,
  "fber": 333.4801330566406,
  "fd_mean": 0.1726758681744857,
  "fd_num": 21,
  "fd_perc": 20.192307692307693,
  "fwhm_avg": 2.4381266666666668,
  "fwhm_x": 2.22388,
  "fwhm_y": 2.3606000000000003,
  "fwhm_z": 2.7299,
  "gcor": 0.0346251,
  "gsr_x": 0.0039629205130040646,
  "gsr_y": 0.043513767421245575,
  "provenance": {
    "md5sum": "cc6627a9ba66136b2aa118f8a3b7434a",
    "settings": {
      "fd_thres": 0.2,
      "testing": false
    },
    "software": "mriqc",
    "version": "21.0.0rc2",
    "webapi_port": null,
    "webapi_url": "https://mriqc.nimh.nih.gov/api/v1"
  },
  "size_t": 104,
  "size_x": 64,
  "size_y": 64,
  "size_z": 53,
  "snr": 3.1422586464063325,
  "spacing_tr": 3.0,
  "spacing_x": 3.0,
  "spacing_y": 3.0,
  "spacing_z": 3.0,
  "summary_bg_k": 25.146343124556545,
  "summary_bg_mad": 13.322038673493699,
  "summary_bg_mean": 64.82902526855469,
  "summary_bg_median": 34.22595977783203,
  "summary_bg_n": 130378.0,
  "summary_bg_p05": 23.903846740722656,
  "summary_bg_p95": 209.43317642211875,
  "summary_bg_stdv": 78.15238952636719,
  "summary_fg_k": 2.317831043525435,
  "summary_fg_mad": 174.73323188605795,
  "summary_fg_mean": 675.65576171875,
  "summary_fg_median": 637.8654174804688,
  "summary_fg_n": 42090.0,
  "summary_fg_p05": 420.51829528808594,
  "summary_fg_p95": 1057.2024291992184,
  "summary_fg_stdv": 202.99342346191406,
  "tsnr": 59.57118542608805
}