{
  "bids_meta": {
    "EchoTime": 0.00311,
    "FlipAngle": 15,
    "ImageType": [
      "ORIGINAL",
      "PRIMARY",
      "M",
      "ND",
      "NORM"
    ],
    "InversionTime": 1.1,
    "MagneticFieldStrength": 3,
    "Manufacturer": "Siemens",
    "ManufacturersModelName": "TrioTim",
    "Modality": "MR",
    "RepetitionTime": 1.63,
    "ScanningSequence": "GR_IR",
    "SequenceVariant": "SP_MP",
    "SliceThickness": 1,
    "dataset": "ds002843",
    "modality": "T1w",
    "session_id": "scan2",
    "subject_id": "dmp0183"
  },
  "cjv": 0.5773557605371049,
  "cnr": 2.2100618471583178,
  "efc": 0.6341928294817712,
  "fber": 8242.4365234375,
  "fwhm_avg": 3.665226666666667,
  "fwhm_x": 3.5065173333333335,
  "fwhm_y": 4.080202666666667,
  "fwhm_z": 3.40896,
  "icvs_csf": 0.19600597680286844,
  "icvs_gm": 0.4272297940279209,
  "icvs_wm": 0.37676422916921065,
  "inu_med": 1.0845298767089844,
  "inu_range": 0.23405110836029053,
  "provenance": {
    "md5sum": "90159ef3570dc25aae0dd6eb9b136c8b",
    "settings": {
      "testing": false
    },
    "software": "mriqc",
    "version": "21.0.0rc2",
    "warnings": {
      "large_rot_frame": true,
      "small_air_mask": false
    },
    "webapi_port": null,
    "webapi_url": "https://mriqc.nimh.nih.gov/api/v1"
  },
  "qi_1": 0.0001495909779272069,
  "qi_2": 0.008657915314281624,
  "rpve_csf": 15.894573749608949,
  "rpve_gm": 7.778184280744692,
  "rpve_wm": 10.302813510900316,
  "size_x": 192,
  "size_y": 256,
  "size_z": 160,
  "snr_csf": 2.029217700806925,
  "snr_gm": 11.322900616927765,
  "snr_total": 12.882136688566504,
  "snr_wm": 25.29429174796482,
  "snrd_csf": 30.7694744270317,
  "snrd_gm": 66.64142243594665,
  "snrd_total": 59.66562001838458,
  "snrd_wm": 81.5859631921754,
  "spacing_x": 0.9375,
  "spacing_y": 0.9375,
  "spacing_z": 1.0,
  "summary_bg_k": 35.209042013401145,
  "summary_bg_mad": 8.030217775663946,
  "summary_bg_mean": 9.80422592163086,
  "summary_bg_median": 8.139703750610352,
  "summary_bg_n": 1586620.0,
  "summary_bg_p05": 0.0,
  "summary_bg_p95": 27.134727478027344,
  "summary_bg_stdv": 10.13290786743164,
  "summary_csf_k": 48.804933799647536,
  "summary_csf_mad": 103.3942209868757,
  "summary_csf_mean": 436.8473815917969,
  "summary_csf_median": 377.1513671875,
  "summary_csf_n": 45068.0,
  "summary_csf_p05": 273.7297668457031,
  "summary_csf_p95": 693.0279357910157,
  "summary_csf_stdv": 185.85841369628906,
  "summary_gm_k": -0.0635303385705317,
  "summary_gm_mad": 68.4514476183892,
  "summary_gm_mean": 826.3751220703125,
  "summary_gm_median": 816.8453979492188,
  "summary_gm_n": 25496.0,
  "summary_gm_p05": 722.3295593261719,
  "summary_gm_p95": 961.303955078125,
  "summary_gm_stdv": 72.13958740234375,
  "summary_wm_k": 0.7179907896339839,
  "summary_wm_mad": 37.308611607116845,
  "summary_wm_mean": 1002.6395874023438,
  "summary_wm_median": 1000.0254516601562,
  "summary_wm_n": 225318.0,
  "summary_wm_p05": 943.1216857910156,
  "summary_wm_p95": 1071.4078979492188,
  "summary_wm_stdv": 39.53553009033203,
  "tpm_overlap_csf": 0.1851092427968979,
  "tpm_overlap_gm": 0.4515867233276367,
  "tpm_overlap_wm": 0.4886484146118164,
  "wm2max": 0.4750742848538551
}