{
  "bids_meta": {
    "EchoTime": 0.09,
    "FlipAngle": 180,
    "ImageType": [
      "ORIGINAL",
      "PRIMARY",
      "M",
      "ND",
      "NORM"
    ],
    "ImagingFrequency": 123.204,
    "MagneticFieldStrength": 3,
    "Manufacturer": "Siemens",
    "ManufacturersModelName": "TrioTim",
    "Modality": "MR",
    "PhaseEncodingDirection": "i",
    "RepetitionTime": 7,
    "ScanningSequence": "SE",
    "SequenceVariant": "SK_SP_OSP",
    "SliceThickness": 3,
    "SpacingBetweenSlices": 3,
    "dataset": "ds002843",
    "modality": "T2w",
    "session_id": "scan2",
    "subject_id": "dmp0660"
  },
  "cjv": 0.5413965362962022,
  "cnr": 2.2375075656613017,
  "efc": 0.6335639230574611,
  "fber": 390.79978837157495,
  "fwhm_avg": 2.9596444918106255,
  "fwhm_x": 3.336133333333333,
  "fwhm_y": 3.7547866666666665,
  "fwhm_z": 1.7880134754318775,
  "icvs_csf": 0.20209425804433906,
  "icvs_gm": 0.4176502455133517,
  "icvs_wm": 0.3802554964423092,
  "inu_med": 1.2032880783081055,
  "inu_range": 0.233979421854019,
  "provenance": {
    "md5sum": "42ab07674def468cebbc71052aa52734",
    "settings": {
      "testing": false
    },
    "software": "mriqc",
    "version": "21.0.0rc2",
    "warnings": {
      "large_rot_frame": false,
      "small_air_mask": false
    },
    "webapi_port": null,
    "webapi_url": "https://mriqc.nimh.nih.gov/api/v1"
  },
  "qi_1": 0.0,
  "qi_2": 0.0008787851046069239,
  "rpve_csf": 10.88120922847359,
  "rpve_gm": 5.287613413129014,
  "rpve_wm": 6.577722982560962,
  "size_x": 256,
  "size_y": 256,
  "size_z": 44,
  "snr_csf": 3.89477934286095,
  "snr_gm": 7.443651576298177,
  "snr_total": 5.805912093504587,
  "snr_wm": 6.079305361354633,
  "snrd_csf": 52.06706444879181,
  "snrd_gm": 22.74910316478861,
  "snrd_total": 29.443132293099282,
  "snrd_wm": 13.513229265717428,
  "spacing_x": 0.75,
  "spacing_y": 0.75,
  "spacing_z": 2.999999761581421,
  "summary_bg_k": 188.84064832823356,
  "summary_bg_mad": 49.926576748047985,
  "summary_bg_mean": 81.13419038083728,
  "summary_bg_median": 50.5789977312088,
  "summary_bg_n": 754296.0,
  "summary_bg_p05": 4.259284019470215,
  "summary_bg_p95": 231.99787643551826,
  "summary_bg_stdv": 126.54266304201252,
  "summary_csf_k": 1.5482235237667092,
  "summary_csf_mad": 942.6848107724317,
  "summary_csf_mean": 3912.6387488770633,
  "summary_csf_median": 3967.9223720133305,
  "summary_csf_n": 131534.0,
  "summary_csf_p05": 2326.101485133171,
  "summary_csf_p95": 5421.449629576503,
  "summary_csf_stdv": 1018.7758893197122,
  "summary_gm_k": 0.3809417957571477,
  "summary_gm_mad": 224.57092624220792,
  "summary_gm_mean": 1746.3325843502846,
  "summary_gm_median": 1733.6616985499859,
  "summary_gm_n": 218998.0,
  "summary_gm_p05": 1387.4617693424225,
  "summary_gm_p95": 2146.279837936163,
  "summary_gm_stdv": 232.90420334796997,
  "summary_wm_k": 0.6356254696362313,
  "summary_wm_mad": 156.48923067668795,
  "summary_wm_mean": 1014.1412884463949,
  "summary_wm_median": 1029.8150143325329,
  "summary_wm_n": 240727.0,
  "summary_wm_p05": 709.1707892417908,
  "summary_wm_p95": 1264.4350124925352,
  "summary_wm_stdv": 169.3964711672564,
  "tpm_overlap_csf": 0.16947084665298462,
  "tpm_overlap_gm": 0.4163696765899658,
  "tpm_overlap_wm": 0.4379822611808777,
  "wm2max": 0.17392688913415125
}