{
  "aor": 0.0015366037735849059,
  "aqi": 0.0019435303333333338,
  "bids_meta": {
    "BandwidthPerPixelPhaseEncode": 31.25,
    "EchoTime": 0.025,
    "EffectiveEchoSpacing": 0.0005,
    "FlipAngle": 75,
    "ImageType": [
      "ORIGINAL",
      "PRIMARY",
      "M",
      "ND",
      "MOSAIC"
    ],
    "MagneticFieldStrength": 3,
    "Manufacturer": "Siemens",
    "ManufacturersModelName": "TrioTim",
    "Modality": "MR",
    "PhaseEncodingDirection": "j-",
    "PixelBandwidth": 3005,
    "RepetitionTime": 3,
    "ScanningSequence": "EP",
    "SequenceVariant": "SK",
    "SliceThickness": 3,
    "SliceTiming": [
      0,
      1.5225,
      0.055,
      1.58,
      0.1125,
      1.635,
      0.1675,
      1.6925,
      0.225,
      1.75,
      0.2825,
      1.805,
      0.3375,
      1.8625,
      0.395,
      1.9175,
      0.45,
      1.975,
      0.5075,
      2.03,
      0.5625,
      2.0875,
      0.62,
      2.145,
      0.6775,
      2.2,
      0.7325,
      2.2575,
      0.79,
      2.3125,
      0.845,
      2.37,
      0.9025,
      2.425,
      0.9575,
      2.4825,
      1.015,
      2.54,
      1.0725,
      2.595,
      1.1275,
      2.6525,
      1.185,
      2.7075,
      1.24,
      2.765,
      1.2975,
      2.8225,
      1.355,
      2.8775,
      1.41,
      2.935,
      1.4675
    ],
    "SpacingBetweenSlices": 3,
    "TaskName": "rest",
    "TotalReadoutTime": 0.0315,
    "dataset": "ds002843",
    "modality": "bold",
    "session_id": "scan1",
    "subject_id": "dmp1241",
    "task_id": "rest"
  },
  "dummy_trs": 1,
  "dvars_nstd": 19.654222687594938,
  "dvars_std": 1.1934500253797469,
  "dvars_vstd": 1.005899927721519,
  "efc": 0.5151819572819868,
  "fber": 441.6157531738281,
  "fd_mean": 0.07728394971745252,
  "fd_num": 4,
  "fd_perc": 2.5157232704402515,
  "fwhm_avg": 3.142501111111111,
  "fwhm_x": 3.1499566666666667,
  "fwhm_y": 2.9462533333333334,
  "fwhm_z": 3.3312933333333334,
  "gcor": 0.0312692,
  "gsr_x": -0.007545978296548128,
  "gsr_y": 0.07016195356845856,
  "provenance": {
    "md5sum": "197ef01f65b8ca0d68318b35f9b18361",
    "settings": {
      "fd_thres": 0.2,
      "testing": false
    },
    "software": "mriqc",
    "version": "21.0.0rc2",
    "webapi_port": null,
    "webapi_url": "https://mriqc.nimh.nih.gov/api/v1"
  },
  "size_t": 159,
  "size_x": 64,
  "size_y": 64,
  "size_z": 53,
  "snr": 2.1274773451888613,
  "spacing_tr": 3.0,
  "spacing_x": 3.0,
  "spacing_y": 3.0,
  "spacing_z": 3.0,
  "summary_bg_k": 18.759500165677874,
  "summary_bg_mad": 13.268824393273976,
  "summary_bg_mean": 72.660400390625,
  "summary_bg_median": 35.8301887512207,
  "summary_bg_n": 141802.0,
  "summary_bg_p05": 26.3018856048584,
  "summary_bg_p95": 255.05030822753906,
  "summary_bg_stdv": 91.5084457397461,
  "summary_fg_k": 3.351469986810047,
  "summary_fg_mad": 255.40854657504107,
  "summary_fg_mean": 852.96923828125,
  "summary_fg_median": 754.6980590820312,
  "summary_fg_n": 35183.0,
  "summary_fg_p05": 464.5427490234375,
  "summary_fg_p95": 1566.4848632812505,
  "summary_fg_stdv": 354.7334289550781,
  "tsnr": 85.88016450405121
}