{
  "aor": 0.0010570625,
  "aqi": 0.0033551966249999996,
  "bids_meta": {
    "BandwidthPerPixelPhaseEncode": 31.25,
    "EchoTime": 0.025,
    "EffectiveEchoSpacing": 0.0005,
    "FlipAngle": 75,
    "ImageType": [
      "ORIGINAL",
      "PRIMARY",
      "M",
      "ND",
      "MOSAIC"
    ],
    "MagneticFieldStrength": 3,
    "Manufacturer": "Siemens",
    "ManufacturersModelName": "TrioTim",
    "Modality": "MR",
    "PhaseEncodingDirection": "j-",
    "PixelBandwidth": 3005,
    "RepetitionTime": 3,
    "ScanningSequence": "EP",
    "SequenceVariant": "SK",
    "SliceThickness": 3,
    "SliceTiming": [
      0,
      1.5225,
      0.055,
      1.58,
      0.1125,
      1.635,
      0.1675,
      1.6925,
      0.225,
      1.75,
      0.2825,
      1.805,
      0.3375,
      1.8625,
      0.395,
      1.9175,
      0.45,
      1.975,
      0.5075,
      2.03,
      0.5625,
      2.0875,
      0.62,
      2.145,
      0.6775,
      2.2,
      0.7325,
      2.2575,
      0.79,
      2.3125,
      0.845,
      2.37,
      0.9025,
      2.425,
      0.9575,
      2.4825,
      1.015,
      2.54,
      1.0725,
      2.595,
      1.1275,
      2.6525,
      1.185,
      2.7075,
      1.24,
      2.765,
      1.2975,
      2.8225,
      1.355,
      2.8775,
      1.41,
      2.935,
      1.4675
    ],
    "SpacingBetweenSlices": 3,
    "TaskName": "rest",
    "TotalReadoutTime": 0.0315,
    "dataset": "ds002843",
    "modality": "bold",
    "session_id": "scan2",
    "subject_id": "dmp1291",
    "task_id": "rest"
  },
  "dummy_trs": 0,
  "dvars_nstd": 18.469542137672956,
  "dvars_std": 1.1302571322641513,
  "dvars_vstd": 0.9820927197484266,
  "efc": 0.573268426869242,
  "fber": 330.2020263671875,
  "fd_mean": 0.03593362094617844,
  "fd_num": 0,
  "fd_perc": 0.0,
  "fwhm_avg": 2.977391111111111,
  "fwhm_x": 2.7488200000000003,
  "fwhm_y": 2.847053333333333,
  "fwhm_z": 3.3363,
  "gcor": 0.0252612,
  "gsr_x": -0.014231634326279163,
  "gsr_y": 0.10687802731990814,
  "provenance": {
    "md5sum": "0669fe67f23da0dfae633ef84aa9bf30",
    "settings": {
      "fd_thres": 0.2,
      "testing": false
    },
    "software": "mriqc",
    "version": "21.0.0rc2",
    "webapi_port": null,
    "webapi_url": "https://mriqc.nimh.nih.gov/api/v1"
  },
  "size_t": 160,
  "size_x": 64,
  "size_y": 64,
  "size_z": 53,
  "snr": 2.0443304230920387,
  "spacing_tr": 3.0,
  "spacing_x": 3.0,
  "spacing_y": 3.0,
  "spacing_z": 3.0,
  "summary_bg_k": 12.656970004480481,
  "summary_bg_mad": 14.00132526658014,
  "summary_bg_mean": 96.56562042236328,
  "summary_bg_median": 37.13750076293945,
  "summary_bg_n": 128962.0,
  "summary_bg_p05": 27.0,
  "summary_bg_p95": 414.01219940185547,
  "summary_bg_stdv": 141.50897216796875,
  "summary_fg_k": 6.958569166893547,
  "summary_fg_mad": 219.81894455311965,
  "summary_fg_mean": 779.1809692382812,
  "summary_fg_median": 688.2281494140625,
  "summary_fg_n": 44012.0,
  "summary_fg_p05": 438.25406646728516,
  "summary_fg_p95": 1464.4475463867182,
  "summary_fg_stdv": 336.6482849121094,
  "tsnr": 79.29471848905087
}