{
  "aor": 0.002442211538461539,
  "aqi": 0.0037403587499999997,
  "bids_meta": {
    "BandwidthPerPixelPhaseEncode": 31.25,
    "EchoTime": 0.025,
    "EffectiveEchoSpacing": 0.0005,
    "FlipAngle": 75,
    "ImageType": [
      "ORIGINAL",
      "PRIMARY",
      "M",
      "ND",
      "MOSAIC"
    ],
    "MagneticFieldStrength": 3,
    "Manufacturer": "Siemens",
    "ManufacturersModelName": "TrioTim",
    "Modality": "MR",
    "PhaseEncodingDirection": "j-",
    "PixelBandwidth": 3005,
    "RepetitionTime": 3,
    "ScanningSequence": "EP",
    "SequenceVariant": "SK",
    "SliceThickness": 3,
    "SliceTiming": [
      0,
      1.5225,
      0.055,
      1.58,
      0.1125,
      1.6375,
      0.17,
      1.6925,
      0.225,
      1.75,
      0.2825,
      1.805,
      0.3375,
      1.8625,
      0.395,
      1.92,
      0.45,
      1.975,
      0.5075,
      2.0325,
      0.565,
      2.0875,
      0.62,
      2.145,
      0.6775,
      2.2,
      0.7325,
      2.2575,
      0.79,
      2.315,
      0.8475,
      2.37,
      0.9025,
      2.4275,
      0.96,
      2.4825,
      1.015,
      2.54,
      1.0725,
      2.595,
      1.1275,
      2.6525,
      1.185,
      2.71,
      1.2425,
      2.765,
      1.2975,
      2.8225,
      1.355,
      2.8775,
      1.41,
      2.935,
      1.4675
    ],
    "SpacingBetweenSlices": 3,
    "TaskName": "risk choice task",
    "TotalReadoutTime": 0.0315,
    "dataset": "ds002843",
    "modality": "bold",
    "run_id": 2,
    "session_id": "scan2",
    "subject_id": "dmp1135",
    "task_id": "risk"
  },
  "dummy_trs": 0,
  "dvars_nstd": 25.380458276213595,
  "dvars_std": 1.1405304025242717,
  "dvars_vstd": 0.9953247153398059,
  "efc": 0.634531905695425,
  "fber": 178.04188537597656,
  "fd_mean": 0.13317942413669517,
  "fd_num": 18,
  "fd_perc": 17.307692307692307,
  "fwhm_avg": 2.5090245842124026,
  "fwhm_x": 2.25101,
  "fwhm_y": 2.4422568607598034,
  "fwhm_z": 2.833806891877404,
  "gcor": 0.029298,
  "gsr_x": 0.0052041467279195786,
  "gsr_y": 0.0924416109919548,
  "provenance": {
    "md5sum": "3a2892d77b61e19657038be670faa99a",
    "settings": {
      "fd_thres": 0.2,
      "testing": false
    },
    "software": "mriqc",
    "version": "21.0.0rc2",
    "webapi_port": null,
    "webapi_url": "https://mriqc.nimh.nih.gov/api/v1"
  },
  "size_t": 104,
  "size_x": 64,
  "size_y": 64,
  "size_z": 53,
  "snr": 2.7134983585440877,
  "spacing_tr": 3.0,
  "spacing_x": 3.0,
  "spacing_y": 2.999999761581421,
  "spacing_z": 2.999999761581421,
  "summary_bg_k": 16.194109429050865,
  "summary_bg_mad": 22.452871658705046,
  "summary_bg_mean": 80.69519805908203,
  "summary_bg_median": 42.68269348144531,
  "summary_bg_n": 114679.0,
  "summary_bg_p05": 26.548078536987305,
  "summary_bg_p95": 264.2528869628904,
  "summary_bg_stdv": 92.42379760742188,
  "summary_fg_k": 2.096414948157454,
  "summary_fg_mad": 190.01546373203902,
  "summary_fg_mean": 631.9987182617188,
  "summary_fg_median": 591.3077392578125,
  "summary_fg_n": 54235.0,
  "summary_fg_p05": 351.59327697753906,
  "summary_fg_p95": 1039.3028808593747,
  "summary_fg_stdv": 217.9114227294922,
  "tsnr": 65.3155501068104
}