{
  "aor": 0.0028666346153846155,
  "aqi": 0.0028000362499999995,
  "bids_meta": {
    "BandwidthPerPixelPhaseEncode": 31.25,
    "EchoTime": 0.025,
    "EffectiveEchoSpacing": 0.0005,
    "FlipAngle": 75,
    "ImageType": [
      "ORIGINAL",
      "PRIMARY",
      "M",
      "ND",
      "MOSAIC"
    ],
    "MagneticFieldStrength": 3,
    "Manufacturer": "Siemens",
    "ManufacturersModelName": "TrioTim",
    "Modality": "MR",
    "PhaseEncodingDirection": "j-",
    "PixelBandwidth": 3005,
    "RepetitionTime": 3,
    "ScanningSequence": "EP",
    "SequenceVariant": "SK",
    "SliceThickness": 3,
    "SliceTiming": [
      0,
      1.5225,
      0.055,
      1.58,
      0.1125,
      1.6375,
      0.17,
      1.6925,
      0.225,
      1.75,
      0.2825,
      1.805,
      0.3375,
      1.8625,
      0.395,
      1.92,
      0.45,
      1.975,
      0.5075,
      2.0325,
      0.565,
      2.0875,
      0.62,
      2.145,
      0.6775,
      2.2,
      0.7325,
      2.2575,
      0.79,
      2.315,
      0.8475,
      2.37,
      0.9025,
      2.4275,
      0.96,
      2.4825,
      1.015,
      2.54,
      1.0725,
      2.595,
      1.1275,
      2.6525,
      1.185,
      2.71,
      1.2425,
      2.765,
      1.2975,
      2.8225,
      1.355,
      2.8775,
      1.41,
      2.935,
      1.4675
    ],
    "SpacingBetweenSlices": 3,
    "TaskName": "intertemporal choice task",
    "TotalReadoutTime": 0.0315,
    "dataset": "ds002843",
    "modality": "bold",
    "run_id": 3,
    "session_id": "scan2",
    "subject_id": "dmp0795",
    "task_id": "itc"
  },
  "dummy_trs": 0,
  "dvars_nstd": 23.657122917669916,
  "dvars_std": 1.2039040553398062,
  "dvars_vstd": 1.0184914063106794,
  "efc": 0.6146998613239848,
  "fber": 224.90101623535156,
  "fd_mean": 0.06259149076069344,
  "fd_num": 3,
  "fd_perc": 2.8846153846153846,
  "fwhm_avg": 2.618238888888889,
  "fwhm_x": 2.353876666666667,
  "fwhm_y": 2.58815,
  "fwhm_z": 2.91269,
  "gcor": 0.0258806,
  "gsr_x": -0.028583647683262825,
  "gsr_y": 0.0884322002530098,
  "provenance": {
    "md5sum": "a0af298e9b051cc8dd902c0cd08ac40a",
    "settings": {
      "fd_thres": 0.2,
      "testing": false
    },
    "software": "mriqc",
    "version": "21.0.0rc2",
    "webapi_port": null,
    "webapi_url": "https://mriqc.nimh.nih.gov/api/v1"
  },
  "size_t": 104,
  "size_x": 64,
  "size_y": 64,
  "size_z": 53,
  "snr": 2.60503348052889,
  "spacing_tr": 3.0,
  "spacing_x": 3.0,
  "spacing_y": 3.0,
  "spacing_z": 3.0,
  "summary_bg_k": 23.45070700097293,
  "summary_bg_mad": 19.202550322812257,
  "summary_bg_mean": 102.57022857666016,
  "summary_bg_median": 42.46154022216797,
  "summary_bg_n": 122288.0,
  "summary_bg_p05": 28.63461685180664,
  "summary_bg_p95": 382.0255050659179,
  "summary_bg_stdv": 146.6415557861328,
  "summary_fg_k": 4.285927616439077,
  "summary_fg_mad": 201.75511422113738,
  "summary_fg_mean": 720.8275146484375,
  "summary_fg_median": 670.9952392578125,
  "summary_fg_n": 46046.0,
  "summary_fg_p05": 408.1779022216797,
  "summary_fg_p95": 1213.110595703125,
  "summary_fg_stdv": 257.5736389160156,
  "tsnr": 78.40970179997385
}