{
  "aor": 0.0024595,
  "aqi": 0.0037623455,
  "bids_meta": {
    "BandwidthPerPixelPhaseEncode": 31.25,
    "EchoTime": 0.025,
    "EffectiveEchoSpacing": 0.0005,
    "FlipAngle": 75,
    "ImageType": [
      "ORIGINAL",
      "PRIMARY",
      "M",
      "ND",
      "MOSAIC"
    ],
    "MagneticFieldStrength": 3,
    "Manufacturer": "Siemens",
    "ManufacturersModelName": "TrioTim",
    "Modality": "MR",
    "PhaseEncodingDirection": "j-",
    "PixelBandwidth": 3005,
    "RepetitionTime": 3,
    "ScanningSequence": "EP",
    "SequenceVariant": "SK",
    "SliceThickness": 3,
    "SliceTiming": [
      0,
      1.5225,
      0.055,
      1.58,
      0.1125,
      1.635,
      0.1675,
      1.6925,
      0.225,
      1.75,
      0.2825,
      1.805,
      0.3375,
      1.8625,
      0.395,
      1.9175,
      0.45,
      1.975,
      0.5075,
      2.03,
      0.5625,
      2.0875,
      0.62,
      2.145,
      0.6775,
      2.2,
      0.7325,
      2.2575,
      0.79,
      2.3125,
      0.845,
      2.37,
      0.9025,
      2.425,
      0.9575,
      2.4825,
      1.015,
      2.54,
      1.0725,
      2.595,
      1.1275,
      2.6525,
      1.185,
      2.7075,
      1.24,
      2.765,
      1.2975,
      2.8225,
      1.355,
      2.8775,
      1.41,
      2.935,
      1.4675
    ],
    "SpacingBetweenSlices": 3,
    "TaskName": "rest",
    "TotalReadoutTime": 0.0315,
    "dataset": "ds002843",
    "modality": "bold",
    "session_id": "scan2",
    "subject_id": "dmp0795",
    "task_id": "rest"
  },
  "dummy_trs": 0,
  "dvars_nstd": 21.910294352578617,
  "dvars_std": 1.1509891450943397,
  "dvars_vstd": 1.007707091446541,
  "efc": 0.6105666876084587,
  "fber": 231.88099670410156,
  "fd_mean": 0.05423936026139216,
  "fd_num": 3,
  "fd_perc": 1.875,
  "fwhm_avg": 2.667111111111111,
  "fwhm_x": 2.4088866666666666,
  "fwhm_y": 2.611946666666667,
  "fwhm_z": 2.9804999999999997,
  "gcor": 0.0352608,
  "gsr_x": -0.038385920226573944,
  "gsr_y": 0.08489035815000534,
  "provenance": {
    "md5sum": "213ae7158f61591cd9651e51552fb734",
    "settings": {
      "fd_thres": 0.2,
      "testing": false
    },
    "software": "mriqc",
    "version": "21.0.0rc2",
    "webapi_port": null,
    "webapi_url": "https://mriqc.nimh.nih.gov/api/v1"
  },
  "size_t": 160,
  "size_x": 64,
  "size_y": 64,
  "size_z": 53,
  "snr": 2.5945842133120016,
  "spacing_tr": 3.0,
  "spacing_x": 3.0,
  "spacing_y": 3.0,
  "spacing_z": 3.0,
  "summary_bg_k": 21.2937618440906,
  "summary_bg_mad": 19.375761136502263,
  "summary_bg_mean": 103.11046600341797,
  "summary_bg_median": 42.38125228881836,
  "summary_bg_n": 124596.0,
  "summary_bg_p05": 28.58125114440918,
  "summary_bg_p95": 391.39219665527344,
  "summary_bg_stdv": 145.98277282714844,
  "summary_fg_k": 4.285544794740081,
  "summary_fg_mad": 202.59292383051445,
  "summary_fg_mean": 723.7665405273438,
  "summary_fg_median": 673.375,
  "summary_fg_n": 45546.0,
  "summary_fg_p05": 410.8000183105469,
  "summary_fg_p95": 1219.5203552246094,
  "summary_fg_stdv": 259.52813720703125,
  "tsnr": 71.84249353408813
}