{
  "aor": 0.0020593269230769233,
  "aqi": 0.0029859423076923075,
  "bids_meta": {
    "BandwidthPerPixelPhaseEncode": 31.25,
    "EchoTime": 0.025,
    "EffectiveEchoSpacing": 0.0005,
    "FlipAngle": 75,
    "ImageType": [
      "ORIGINAL",
      "PRIMARY",
      "M",
      "ND",
      "MOSAIC"
    ],
    "MagneticFieldStrength": 3,
    "Manufacturer": "Siemens",
    "ManufacturersModelName": "TrioTim",
    "Modality": "MR",
    "PhaseEncodingDirection": "j-",
    "PixelBandwidth": 3005,
    "RepetitionTime": 3,
    "ScanningSequence": "EP",
    "SequenceVariant": "SK",
    "SliceThickness": 3,
    "SliceTiming": [
      0,
      1.5225,
      0.055,
      1.58,
      0.1125,
      1.6375,
      0.17,
      1.6925,
      0.225,
      1.75,
      0.2825,
      1.805,
      0.3375,
      1.8625,
      0.395,
      1.92,
      0.45,
      1.975,
      0.5075,
      2.0325,
      0.565,
      2.0875,
      0.62,
      2.145,
      0.6775,
      2.2,
      0.7325,
      2.2575,
      0.79,
      2.315,
      0.8475,
      2.37,
      0.9025,
      2.4275,
      0.96,
      2.4825,
      1.015,
      2.54,
      1.0725,
      2.595,
      1.1275,
      2.6525,
      1.185,
      2.71,
      1.2425,
      2.765,
      1.2975,
      2.8225,
      1.355,
      2.8775,
      1.41,
      2.935,
      1.4675
    ],
    "SpacingBetweenSlices": 3,
    "TaskName": "intertemporal choice task",
    "TotalReadoutTime": 0.0315,
    "dataset": "ds002843",
    "modality": "bold",
    "run_id": 4,
    "session_id": "scan2",
    "subject_id": "dmp0795",
    "task_id": "itc"
  },
  "dummy_trs": 0,
  "dvars_nstd": 21.92512307572815,
  "dvars_std": 1.1928720034951457,
  "dvars_vstd": 1.0110740472815531,
  "efc": 0.6150570318032242,
  "fber": 227.70809936523438,
  "fd_mean": 0.05383408022234836,
  "fd_num": 0,
  "fd_perc": 0.0,
  "fwhm_avg": 2.6495044444444447,
  "fwhm_x": 2.3672133333333334,
  "fwhm_y": 2.62203,
  "fwhm_z": 2.95927,
  "gcor": 0.0410354,
  "gsr_x": -0.02997688762843609,
  "gsr_y": 0.08787884563207626,
  "provenance": {
    "md5sum": "c8117761389a7f7011abfc0b85abe5a8",
    "settings": {
      "fd_thres": 0.2,
      "testing": false
    },
    "software": "mriqc",
    "version": "21.0.0rc2",
    "webapi_port": null,
    "webapi_url": "https://mriqc.nimh.nih.gov/api/v1"
  },
  "size_t": 104,
  "size_x": 64,
  "size_y": 64,
  "size_z": 53,
  "snr": 2.613683412181676,
  "spacing_tr": 3.0,
  "spacing_x": 3.0,
  "spacing_y": 3.0,
  "spacing_z": 3.0,
  "summary_bg_k": 22.593778971248405,
  "summary_bg_mad": 18.518275421175087,
  "summary_bg_mean": 102.51324462890625,
  "summary_bg_median": 42.01923370361328,
  "summary_bg_n": 121710.0,
  "summary_bg_p05": 28.71154022216797,
  "summary_bg_p95": 390.7360610961913,
  "summary_bg_stdv": 148.1697540283203,
  "summary_fg_k": 4.22716777692272,
  "summary_fg_mad": 201.6980597351286,
  "summary_fg_mean": 718.4430541992188,
  "summary_fg_median": 669.84619140625,
  "summary_fg_n": 46120.0,
  "summary_fg_p05": 405.1716537475586,
  "summary_fg_p95": 1206.1500305175769,
  "summary_fg_stdv": 256.2815856933594,
  "tsnr": 81.97460659593344
}