{
  "aor": 0.002191730769230769,
  "aqi": 0.005982291634615384,
  "bids_meta": {
    "BandwidthPerPixelPhaseEncode": 31.25,
    "EchoTime": 0.025,
    "EffectiveEchoSpacing": 0.0005,
    "FlipAngle": 75,
    "ImageType": [
      "ORIGINAL",
      "PRIMARY",
      "M",
      "ND",
      "MOSAIC"
    ],
    "MagneticFieldStrength": 3,
    "Manufacturer": "Siemens",
    "ManufacturersModelName": "TrioTim",
    "Modality": "MR",
    "PhaseEncodingDirection": "j-",
    "PixelBandwidth": 3005,
    "RepetitionTime": 3,
    "ScanningSequence": "EP",
    "SequenceVariant": "SK",
    "SliceThickness": 3,
    "SliceTiming": [
      0,
      1.5225,
      0.055,
      1.58,
      0.1125,
      1.6375,
      0.17,
      1.6925,
      0.225,
      1.75,
      0.2825,
      1.805,
      0.3375,
      1.8625,
      0.395,
      1.92,
      0.45,
      1.975,
      0.5075,
      2.0325,
      0.565,
      2.0875,
      0.62,
      2.145,
      0.6775,
      2.2,
      0.7325,
      2.2575,
      0.79,
      2.315,
      0.8475,
      2.37,
      0.9025,
      2.4275,
      0.96,
      2.4825,
      1.015,
      2.54,
      1.0725,
      2.595,
      1.1275,
      2.6525,
      1.185,
      2.71,
      1.2425,
      2.765,
      1.2975,
      2.8225,
      1.355,
      2.8775,
      1.41,
      2.935,
      1.4675
    ],
    "SpacingBetweenSlices": 3,
    "TaskName": "risk choice task",
    "TotalReadoutTime": 0.0315,
    "dataset": "ds002843",
    "modality": "bold",
    "run_id": 3,
    "session_id": "scan2",
    "subject_id": "dmp0815",
    "task_id": "risk"
  },
  "dummy_trs": 0,
  "dvars_nstd": 27.148539052427186,
  "dvars_std": 1.1243782057281557,
  "dvars_vstd": 0.9417529440776702,
  "efc": 0.5648141129300132,
  "fber": 377.6462097167969,
  "fd_mean": 0.09995189897857067,
  "fd_num": 11,
  "fd_perc": 10.576923076923077,
  "fwhm_avg": 2.590921251800601,
  "fwhm_x": 2.4619133333333334,
  "fwhm_y": 2.4884135310946727,
  "fwhm_z": 2.8224368909737976,
  "gcor": 0.0126178,
  "gsr_x": 0.004710192792117596,
  "gsr_y": 0.06337414681911469,
  "provenance": {
    "md5sum": "3289b0c4a7ab0ada1a4f1ed53755dcef",
    "settings": {
      "fd_thres": 0.2,
      "testing": false
    },
    "software": "mriqc",
    "version": "21.0.0rc2",
    "webapi_port": null,
    "webapi_url": "https://mriqc.nimh.nih.gov/api/v1"
  },
  "size_t": 104,
  "size_x": 64,
  "size_y": 64,
  "size_z": 53,
  "snr": 2.771372477526098,
  "spacing_tr": 3.0,
  "spacing_x": 3.0,
  "spacing_y": 2.999999761581421,
  "spacing_z": 2.999999761581421,
  "summary_bg_k": 20.441785729350453,
  "summary_bg_mad": 11.718263540362996,
  "summary_bg_mean": 68.4683609008789,
  "summary_bg_median": 34.31731033325195,
  "summary_bg_n": 132666.0,
  "summary_bg_p05": 25.69230842590332,
  "summary_bg_p95": 235.82452774047852,
  "summary_bg_stdv": 84.00816345214844,
  "summary_fg_k": 4.097329082043403,
  "summary_fg_mad": 198.1555236236749,
  "summary_fg_mean": 731.5631103515625,
  "summary_fg_median": 678.826904296875,
  "summary_fg_n": 41650.0,
  "summary_fg_p05": 440.44376373291016,
  "summary_fg_p95": 1193.186584472656,
  "summary_fg_stdv": 244.93955993652344,
  "tsnr": 61.9362733453745
}