{
  "aor": 0.005765961538461539,
  "aqi": 0.005522515096153847,
  "bids_meta": {
    "BandwidthPerPixelPhaseEncode": 31.25,
    "EchoTime": 0.025,
    "EffectiveEchoSpacing": 0.0005,
    "FlipAngle": 75,
    "ImageType": [
      "ORIGINAL",
      "PRIMARY",
      "M",
      "ND",
      "MOSAIC"
    ],
    "MagneticFieldStrength": 3,
    "Manufacturer": "Siemens",
    "ManufacturersModelName": "TrioTim",
    "Modality": "MR",
    "PhaseEncodingDirection": "j-",
    "PixelBandwidth": 3005,
    "RepetitionTime": 3,
    "ScanningSequence": "EP",
    "SequenceVariant": "SK",
    "SliceThickness": 3,
    "SliceTiming": [
      0,
      1.5225,
      0.055,
      1.58,
      0.1125,
      1.6375,
      0.17,
      1.6925,
      0.225,
      1.75,
      0.2825,
      1.805,
      0.3375,
      1.8625,
      0.395,
      1.92,
      0.45,
      1.975,
      0.5075,
      2.0325,
      0.565,
      2.0875,
      0.62,
      2.145,
      0.6775,
      2.2,
      0.7325,
      2.2575,
      0.79,
      2.315,
      0.8475,
      2.37,
      0.9025,
      2.4275,
      0.96,
      2.4825,
      1.015,
      2.54,
      1.0725,
      2.595,
      1.1275,
      2.6525,
      1.185,
      2.71,
      1.2425,
      2.765,
      1.2975,
      2.8225,
      1.355,
      2.8775,
      1.41,
      2.935,
      1.4675
    ],
    "SpacingBetweenSlices": 3,
    "TaskName": "intertemporal choice task",
    "TotalReadoutTime": 0.0315,
    "dataset": "ds002843",
    "modality": "bold",
    "run_id": 3,
    "session_id": "scan2",
    "subject_id": "dmp0815",
    "task_id": "itc"
  },
  "dummy_trs": 0,
  "dvars_nstd": 28.205635904174756,
  "dvars_std": 1.2331112055339806,
  "dvars_vstd": 1.005731485436893,
  "efc": 0.564919737485538,
  "fber": 379.6521301269531,
  "fd_mean": 0.13569563225587483,
  "fd_num": 18,
  "fd_perc": 17.307692307692307,
  "fwhm_avg": 2.579996806436214,
  "fwhm_x": 2.4638666666666666,
  "fwhm_y": 2.4697701962797,
  "fwhm_z": 2.806353556362276,
  "gcor": 0.0200726,
  "gsr_x": 0.004624573513865471,
  "gsr_y": 0.06346877664327621,
  "provenance": {
    "md5sum": "6956f394def2de64b99ffda7d3b6a823",
    "settings": {
      "fd_thres": 0.2,
      "testing": false
    },
    "software": "mriqc",
    "version": "21.0.0rc2",
    "webapi_port": null,
    "webapi_url": "https://mriqc.nimh.nih.gov/api/v1"
  },
  "size_t": 104,
  "size_x": 64,
  "size_y": 64,
  "size_z": 53,
  "snr": 2.7855384614467678,
  "spacing_tr": 3.0,
  "spacing_x": 3.0,
  "spacing_y": 2.999999761581421,
  "spacing_z": 2.999999761581421,
  "summary_bg_k": 21.213257801667798,
  "summary_bg_mad": 11.376123261705096,
  "summary_bg_mean": 68.14212799072266,
  "summary_bg_median": 34.1634635925293,
  "summary_bg_n": 132526.0,
  "summary_bg_p05": 26.038461685180664,
  "summary_bg_p95": 233.79808044433594,
  "summary_bg_stdv": 83.79671478271484,
  "summary_fg_k": 4.102564903818561,
  "summary_fg_mad": 197.6922104303919,
  "summary_fg_mean": 730.7020263671875,
  "summary_fg_median": 678.9471435546875,
  "summary_fg_n": 41682.0,
  "summary_fg_p05": 440.4327087402344,
  "summary_fg_p95": 1190.305334472656,
  "summary_fg_stdv": 243.73707580566406,
  "tsnr": 62.67525525414385
}