{
  "aor": 0.004525339805825242,
  "aqi": 0.002943231359223301,
  "bids_meta": {
    "BandwidthPerPixelPhaseEncode": 31.25,
    "EchoTime": 0.025,
    "EffectiveEchoSpacing": 0.0005,
    "FlipAngle": 75,
    "ImageType": [
      "ORIGINAL",
      "PRIMARY",
      "M",
      "ND",
      "MOSAIC"
    ],
    "MagneticFieldStrength": 3,
    "Manufacturer": "Siemens",
    "ManufacturersModelName": "TrioTim",
    "Modality": "MR",
    "PhaseEncodingDirection": "j-",
    "PixelBandwidth": 3005,
    "RepetitionTime": 3,
    "ScanningSequence": "EP",
    "SequenceVariant": "SK",
    "SliceThickness": 3,
    "SliceTiming": [
      0,
      1.5225,
      0.055,
      1.58,
      0.1125,
      1.6375,
      0.17,
      1.6925,
      0.225,
      1.75,
      0.2825,
      1.805,
      0.3375,
      1.8625,
      0.395,
      1.92,
      0.45,
      1.975,
      0.5075,
      2.0325,
      0.565,
      2.0875,
      0.62,
      2.145,
      0.6775,
      2.2,
      0.7325,
      2.2575,
      0.79,
      2.315,
      0.8475,
      2.37,
      0.9025,
      2.4275,
      0.96,
      2.4825,
      1.015,
      2.54,
      1.0725,
      2.595,
      1.1275,
      2.6525,
      1.185,
      2.71,
      1.2425,
      2.765,
      1.2975,
      2.8225,
      1.355,
      2.8775,
      1.41,
      2.935,
      1.4675
    ],
    "SpacingBetweenSlices": 3,
    "TaskName": "intertemporal choice task",
    "TotalReadoutTime": 0.0315,
    "dataset": "ds002843",
    "modality": "bold",
    "run_id": 4,
    "session_id": "scan1",
    "subject_id": "dmp0919",
    "task_id": "itc"
  },
  "dummy_trs": 1,
  "dvars_nstd": 22.878012339313738,
  "dvars_std": 1.2391977644117655,
  "dvars_vstd": 1.0275976839215692,
  "efc": 0.5445047325575454,
  "fber": 452.6685791015625,
  "fd_mean": 0.10572148891014765,
  "fd_num": 12,
  "fd_perc": 11.650485436893204,
  "fwhm_avg": 2.6477944444444446,
  "fwhm_x": 2.58714,
  "fwhm_y": 2.452636666666667,
  "fwhm_z": 2.9036066666666667,
  "gcor": 0.0134459,
  "gsr_x": -0.014631561934947968,
  "gsr_y": 0.05399199202656746,
  "provenance": {
    "md5sum": "d2682dcae020b8fd8ef3f32cff34bfee",
    "settings": {
      "fd_thres": 0.2,
      "testing": false
    },
    "software": "mriqc",
    "version": "21.0.0rc2",
    "webapi_port": null,
    "webapi_url": "https://mriqc.nimh.nih.gov/api/v1"
  },
  "size_t": 103,
  "size_x": 64,
  "size_y": 64,
  "size_z": 53,
  "snr": 3.0558862533412556,
  "spacing_tr": 3.0,
  "spacing_x": 3.0,
  "spacing_y": 3.0,
  "spacing_z": 3.0,
  "summary_bg_k": 25.913032855842584,
  "summary_bg_mad": 11.184293953968611,
  "summary_bg_mean": 67.67369842529297,
  "summary_bg_median": 33.82524490356445,
  "summary_bg_n": 138541.0,
  "summary_bg_p05": 25.485437393188477,
  "summary_bg_p95": 230.1747589111328,
  "summary_bg_stdv": 84.67719268798828,
  "summary_fg_k": 3.1028951046773052,
  "summary_fg_mad": 189.22615722258377,
  "summary_fg_mean": 773.8477783203125,
  "summary_fg_median": 724.961181640625,
  "summary_fg_n": 37883.0,
  "summary_fg_p05": 491.8971008300781,
  "summary_fg_p95": 1242.9718994140628,
  "summary_fg_stdv": 237.23121643066406,
  "tsnr": 79.87400674447417
}