{
  "aor": 0.0073342500000000005,
  "aqi": 0.004217446625,
  "bids_meta": {
    "BandwidthPerPixelPhaseEncode": 31.25,
    "EchoTime": 0.025,
    "EffectiveEchoSpacing": 0.0005,
    "FlipAngle": 75,
    "ImageType": [
      "ORIGINAL",
      "PRIMARY",
      "M",
      "ND",
      "MOSAIC"
    ],
    "MagneticFieldStrength": 3,
    "Manufacturer": "Siemens",
    "ManufacturersModelName": "TrioTim",
    "Modality": "MR",
    "PhaseEncodingDirection": "j-",
    "PixelBandwidth": 3005,
    "RepetitionTime": 3,
    "ScanningSequence": "EP",
    "SequenceVariant": "SK",
    "SliceThickness": 3,
    "SliceTiming": [
      0,
      1.5225,
      0.055,
      1.58,
      0.1125,
      1.635,
      0.1675,
      1.6925,
      0.225,
      1.75,
      0.2825,
      1.805,
      0.3375,
      1.8625,
      0.395,
      1.9175,
      0.45,
      1.975,
      0.5075,
      2.03,
      0.5625,
      2.0875,
      0.62,
      2.145,
      0.6775,
      2.2,
      0.7325,
      2.2575,
      0.79,
      2.3125,
      0.845,
      2.37,
      0.9025,
      2.425,
      0.9575,
      2.4825,
      1.015,
      2.54,
      1.0725,
      2.595,
      1.1275,
      2.6525,
      1.185,
      2.7075,
      1.24,
      2.765,
      1.2975,
      2.8225,
      1.355,
      2.8775,
      1.41,
      2.935,
      1.4675
    ],
    "SpacingBetweenSlices": 3,
    "TaskName": "rest",
    "TotalReadoutTime": 0.0315,
    "dataset": "ds002843",
    "modality": "bold",
    "session_id": "scan1",
    "subject_id": "dmp0678",
    "task_id": "rest"
  },
  "dummy_trs": 0,
  "dvars_nstd": 27.256659243899364,
  "dvars_std": 1.2423572174842774,
  "dvars_vstd": 1.1193662896226415,
  "efc": 0.577422068807074,
  "fber": 344.903564453125,
  "fd_mean": 0.1344931144295188,
  "fd_num": 19,
  "fd_perc": 11.875,
  "fwhm_avg": 2.453762222222222,
  "fwhm_x": 2.2764333333333333,
  "fwhm_y": 2.47683,
  "fwhm_z": 2.608023333333333,
  "gcor": 0.0322654,
  "gsr_x": 0.0087879728525877,
  "gsr_y": 0.049901075661182404,
  "provenance": {
    "md5sum": "ab33ccc1e8ff0d2bda3489d674881bfe",
    "settings": {
      "fd_thres": 0.2,
      "testing": false
    },
    "software": "mriqc",
    "version": "21.0.0rc2",
    "webapi_port": null,
    "webapi_url": "https://mriqc.nimh.nih.gov/api/v1"
  },
  "size_t": 160,
  "size_x": 64,
  "size_y": 64,
  "size_z": 53,
  "snr": 3.57075526126311,
  "spacing_tr": 3.0,
  "spacing_x": 3.0,
  "spacing_y": 3.0,
  "spacing_z": 3.0,
  "summary_bg_k": 20.503837666926604,
  "summary_bg_mad": 10.822997891794483,
  "summary_bg_mean": 59.723365783691406,
  "summary_bg_median": 29.55000114440918,
  "summary_bg_n": 133825.0,
  "summary_bg_p05": 20.162500381469727,
  "summary_bg_p95": 208.6850006103514,
  "summary_bg_stdv": 75.32147216796875,
  "summary_fg_k": 0.45598711318341945,
  "summary_fg_mad": 148.47332782129877,
  "summary_fg_mean": 580.2882080078125,
  "summary_fg_median": 560.9375,
  "summary_fg_n": 39929.0,
  "summary_fg_p05": 359.91375122070315,
  "summary_fg_p95": 869.6724975585937,
  "summary_fg_stdv": 157.09014892578125,
  "tsnr": 56.7017612142954
}