{
  "aor": 0.002053269230769231,
  "aqi": 0.005768397692307693,
  "bids_meta": {
    "BandwidthPerPixelPhaseEncode": 31.25,
    "EchoTime": 0.028,
    "EffectiveEchoSpacing": 0.000689998,
    "FlipAngle": 75,
    "ImageType": [
      "ORIGINAL",
      "PRIMARY",
      "M",
      "ND",
      "MOSAIC"
    ],
    "MagneticFieldStrength": 3,
    "Manufacturer": "Siemens",
    "ManufacturersModelName": "TrioTim",
    "Modality": "MR",
    "PhaseEncodingDirection": "i",
    "PixelBandwidth": 3005,
    "RepetitionTime": 3.44,
    "ScanningSequence": "EP",
    "SequenceVariant": "SK",
    "SliceThickness": 3,
    "SliceTiming": [
      0,
      1.7475,
      0.065,
      1.8125,
      0.13,
      1.8775,
      0.1925,
      1.9425,
      0.2575,
      2.0075,
      0.3225,
      2.0725,
      0.3875,
      2.1375,
      0.4525,
      2.2025,
      0.5175,
      2.2675,
      0.5825,
      2.3325,
      0.6475,
      2.395,
      0.7125,
      2.46,
      0.7775,
      2.525,
      0.8425,
      2.59,
      0.905,
      2.655,
      0.97,
      2.72,
      1.035,
      2.785,
      1.1,
      2.85,
      1.165,
      2.915,
      1.23,
      2.98,
      1.295,
      3.045,
      1.36,
      3.1075,
      1.425,
      3.1725,
      1.49,
      3.2375,
      1.555,
      3.3025,
      1.6175,
      3.3675,
      1.6825
    ],
    "SpacingBetweenSlices": 3,
    "TaskName": "risk choice task",
    "TotalReadoutTime": 0.0434699,
    "dataset": "ds002843",
    "modality": "bold",
    "run_id": 4,
    "session_id": "scan1",
    "subject_id": "dmp0678",
    "task_id": "risk"
  },
  "dummy_trs": 0,
  "dvars_nstd": 25.71755855504854,
  "dvars_std": 1.1898960786407764,
  "dvars_vstd": 0.9932650727184471,
  "efc": 0.5783642466650966,
  "fber": 330.5404968261719,
  "fd_mean": 0.09842446985788171,
  "fd_num": 7,
  "fd_perc": 6.730769230769231,
  "fwhm_avg": 2.3456844444444447,
  "fwhm_x": 2.245816666666667,
  "fwhm_y": 2.2712933333333334,
  "fwhm_z": 2.5199433333333334,
  "gcor": 0.0253244,
  "gsr_x": 0.0491408072412014,
  "gsr_y": 0.020024525001645088,
  "provenance": {
    "md5sum": "60b37b83104c5e34ab446c1d110d52b7",
    "settings": {
      "fd_thres": 0.2,
      "testing": false
    },
    "software": "mriqc",
    "version": "21.0.0rc2",
    "webapi_port": null,
    "webapi_url": "https://mriqc.nimh.nih.gov/api/v1"
  },
  "size_t": 104,
  "size_x": 64,
  "size_y": 64,
  "size_z": 53,
  "snr": 3.6162171303205946,
  "spacing_tr": 3.440000057220459,
  "spacing_x": 3.0,
  "spacing_y": 3.0,
  "spacing_z": 3.0,
  "summary_bg_k": 20.799443912363966,
  "summary_bg_mad": 12.381154321104132,
  "summary_bg_mean": 66.95731353759766,
  "summary_bg_median": 33.98558044433594,
  "summary_bg_n": 133550.0,
  "summary_bg_p05": 25.028846740722656,
  "summary_bg_p95": 228.4038543701172,
  "summary_bg_stdv": 79.38784790039062,
  "summary_fg_k": 1.5443122597937249,
  "summary_fg_mad": 153.58474918442118,
  "summary_fg_mean": 653.9893188476562,
  "summary_fg_median": 629.3173217773438,
  "summary_fg_n": 39200.0,
  "summary_fg_p05": 414.7687728881836,
  "summary_fg_p95": 965.5423583984372,
  "summary_fg_stdv": 174.02420043945312,
  "tsnr": 71.18792851944454
}