{
  "bids_meta": {
    "EchoTime": 0.09,
    "FlipAngle": 180,
    "ImageType": [
      "ORIGINAL",
      "PRIMARY",
      "M",
      "ND",
      "NORM"
    ],
    "ImagingFrequency": 123.204,
    "MagneticFieldStrength": 3,
    "Manufacturer": "Siemens",
    "ManufacturersModelName": "TrioTim",
    "Modality": "MR",
    "PhaseEncodingDirection": "i",
    "RepetitionTime": 7,
    "ScanningSequence": "SE",
    "SequenceVariant": "SK_SP_OSP",
    "SliceThickness": 3,
    "SpacingBetweenSlices": 3,
    "dataset": "ds002843",
    "modality": "T2w",
    "session_id": "scan2",
    "subject_id": "dmp0445"
  },
  "cjv": 0.552739071610351,
  "cnr": 2.4603923748016365,
  "efc": 0.6186598164830831,
  "fber": 1921.1254552549428,
  "fwhm_avg": 2.4847377723153623,
  "fwhm_x": 2.8802802289041067,
  "fwhm_y": 3.0306933333333332,
  "fwhm_z": 1.543239754708647,
  "icvs_csf": 0.1698921587970728,
  "icvs_gm": 0.38521389654686855,
  "icvs_wm": 0.44489394465605864,
  "inu_med": 1.324552059173584,
  "inu_range": 0.3458319902420044,
  "provenance": {
    "md5sum": "2b2e7aa2a97f0965159a9979147d73e5",
    "settings": {
      "testing": false
    },
    "software": "mriqc",
    "version": "21.0.0rc2",
    "warnings": {
      "large_rot_frame": false,
      "small_air_mask": false
    },
    "webapi_port": null,
    "webapi_url": "https://mriqc.nimh.nih.gov/api/v1"
  },
  "qi_1": 0.0,
  "qi_2": 0.002884765291057292,
  "rpve_csf": 12.941584106718004,
  "rpve_gm": 5.53755652967312,
  "rpve_wm": 5.734701117062907,
  "size_x": 256,
  "size_y": 256,
  "size_z": 44,
  "snr_csf": 2.6671926041884477,
  "snr_gm": 9.770456328721368,
  "snr_total": 7.4068608913144045,
  "snr_wm": 9.782933741033395,
  "snrd_csf": 133.35916838098044,
  "snrd_gm": 76.10904690686857,
  "snrd_total": 87.36127605628741,
  "snrd_wm": 52.615612881013234,
  "spacing_x": 0.7499999403953552,
  "spacing_y": 0.75,
  "spacing_z": 3.000000476837158,
  "summary_bg_k": 174.2939090757282,
  "summary_bg_mad": 12.399301979904752,
  "summary_bg_mean": 24.4288328690255,
  "summary_bg_median": 19.315014362335205,
  "summary_bg_n": 772016.0,
  "summary_bg_p05": 2.787734031677246,
  "summary_bg_p95": 56.84986186027527,
  "summary_bg_stdv": 23.724712631629032,
  "summary_csf_k": -0.0801227859884941,
  "summary_csf_mad": 725.359165824428,
  "summary_csf_mean": 2398.9726783918313,
  "summary_csf_median": 2523.994479894638,
  "summary_csf_n": 112452.0,
  "summary_csf_p05": 521.9036355018616,
  "summary_csf_p95": 3756.914658272266,
  "summary_csf_stdv": 946.3070845969663,
  "summary_gm_k": 0.11936491505108116,
  "summary_gm_mad": 144.8061338367448,
  "summary_gm_mean": 1446.266189940363,
  "summary_gm_median": 1440.4619989395142,
  "summary_gm_n": 227200.0,
  "summary_gm_p05": 1214.4564185142517,
  "summary_gm_p95": 1698.7256445884705,
  "summary_gm_stdv": 147.43004629894574,
  "summary_wm_k": 0.017524621026752563,
  "summary_wm_mad": 100.96574469351013,
  "summary_wm_mean": 988.5927341623715,
  "summary_wm_median": 995.8184208869934,
  "summary_wm_n": 309362.0,
  "summary_wm_p05": 808.2437453269958,
  "summary_wm_p95": 1143.8670103549957,
  "summary_wm_stdv": 101.79122518613352,
  "tpm_overlap_csf": 0.1861204355955124,
  "tpm_overlap_gm": 0.4285978376865387,
  "tpm_overlap_wm": 0.4965311586856842,
  "wm2max": 0.23249425964420373
}