{
  "aor": 0.0023165048543689316,
  "aqi": 0.0046641511650485435,
  "bids_meta": {
    "BandwidthPerPixelPhaseEncode": 31.25,
    "EchoTime": 0.025,
    "EffectiveEchoSpacing": 0.0005,
    "FlipAngle": 75,
    "ImageType": [
      "ORIGINAL",
      "PRIMARY",
      "M",
      "ND",
      "MOSAIC"
    ],
    "MagneticFieldStrength": 3,
    "Manufacturer": "Siemens",
    "ManufacturersModelName": "TrioTim",
    "Modality": "MR",
    "PhaseEncodingDirection": "j-",
    "PixelBandwidth": 3005,
    "RepetitionTime": 3,
    "ScanningSequence": "EP",
    "SequenceVariant": "SK",
    "SliceThickness": 3,
    "SliceTiming": [
      0,
      1.5225,
      0.055,
      1.58,
      0.1125,
      1.6375,
      0.17,
      1.6925,
      0.225,
      1.75,
      0.2825,
      1.805,
      0.3375,
      1.8625,
      0.395,
      1.92,
      0.45,
      1.975,
      0.5075,
      2.0325,
      0.565,
      2.0875,
      0.62,
      2.145,
      0.6775,
      2.2,
      0.7325,
      2.2575,
      0.79,
      2.315,
      0.8475,
      2.37,
      0.9025,
      2.4275,
      0.96,
      2.4825,
      1.015,
      2.54,
      1.0725,
      2.595,
      1.1275,
      2.6525,
      1.185,
      2.71,
      1.2425,
      2.765,
      1.2975,
      2.8225,
      1.355,
      2.8775,
      1.41,
      2.935,
      1.4675
    ],
    "SpacingBetweenSlices": 3,
    "TaskName": "risk choice task",
    "TotalReadoutTime": 0.0315,
    "dataset": "ds002843",
    "modality": "bold",
    "run_id": 1,
    "session_id": "scan1",
    "subject_id": "dmp1266",
    "task_id": "risk"
  },
  "dummy_trs": 1,
  "dvars_nstd": 24.204852347745096,
  "dvars_std": 1.1686939654901962,
  "dvars_vstd": 0.954695244705882,
  "efc": 0.5739653698387609,
  "fber": 326.87701416015625,
  "fd_mean": 0.1159094706753149,
  "fd_num": 10,
  "fd_perc": 9.70873786407767,
  "fwhm_avg": 2.787498888888889,
  "fwhm_x": 2.7013033333333336,
  "fwhm_y": 2.70543,
  "fwhm_z": 2.9557633333333335,
  "gcor": 0.0141012,
  "gsr_x": -0.01367664709687233,
  "gsr_y": 0.07791081070899963,
  "provenance": {
    "md5sum": "b4327363dfb64c4a2eb1dee7553a5524",
    "settings": {
      "fd_thres": 0.2,
      "testing": false
    },
    "software": "mriqc",
    "version": "21.0.0rc2",
    "webapi_port": null,
    "webapi_url": "https://mriqc.nimh.nih.gov/api/v1"
  },
  "size_t": 103,
  "size_x": 64,
  "size_y": 64,
  "size_z": 53,
  "snr": 2.6770921124792846,
  "spacing_tr": 3.0,
  "spacing_x": 3.0,
  "spacing_y": 3.0,
  "spacing_z": 3.0,
  "summary_bg_k": 30.59360363787249,
  "summary_bg_mad": 14.408593512489633,
  "summary_bg_mean": 79.47441101074219,
  "summary_bg_median": 37.17475891113281,
  "summary_bg_n": 130540.0,
  "summary_bg_p05": 26.34951400756836,
  "summary_bg_p95": 292.8941894531248,
  "summary_bg_stdv": 106.15850830078125,
  "summary_fg_k": 2.5587510609682065,
  "summary_fg_mad": 212.60229862258853,
  "summary_fg_mean": 746.8485717773438,
  "summary_fg_median": 696.6602172851562,
  "summary_fg_n": 41714.0,
  "summary_fg_p05": 420.076220703125,
  "summary_fg_p95": 1253.431591796875,
  "summary_fg_stdv": 260.2270812988281,
  "tsnr": 66.60802456084639
}