{
  "aor": 0.011267475728155339,
  "aqi": 0.014176007281553396,
  "bids_meta": {
    "BandwidthPerPixelPhaseEncode": 31.25,
    "EchoTime": 0.028,
    "EffectiveEchoSpacing": 0.000689998,
    "FlipAngle": 75,
    "ImageType": [
      "ORIGINAL",
      "PRIMARY",
      "M",
      "ND",
      "MOSAIC"
    ],
    "MagneticFieldStrength": 3,
    "Manufacturer": "Siemens",
    "ManufacturersModelName": "TrioTim",
    "Modality": "MR",
    "PhaseEncodingDirection": "j-",
    "PixelBandwidth": 3005,
    "RepetitionTime": 3.44,
    "ScanningSequence": "EP",
    "SequenceVariant": "SK",
    "SliceThickness": 3,
    "SliceTiming": [
      0,
      1.7475,
      0.065,
      1.8125,
      0.13,
      1.8775,
      0.1925,
      1.9425,
      0.2575,
      2.0075,
      0.3225,
      2.0725,
      0.3875,
      2.1375,
      0.4525,
      2.2025,
      0.5175,
      2.2675,
      0.5825,
      2.3325,
      0.6475,
      2.395,
      0.7125,
      2.46,
      0.7775,
      2.525,
      0.8425,
      2.59,
      0.905,
      2.655,
      0.97,
      2.72,
      1.035,
      2.785,
      1.1,
      2.85,
      1.165,
      2.915,
      1.23,
      2.98,
      1.295,
      3.045,
      1.36,
      3.1075,
      1.425,
      3.1725,
      1.49,
      3.2375,
      1.555,
      3.3025,
      1.6175,
      3.3675,
      1.6825
    ],
    "SpacingBetweenSlices": 3,
    "TaskName": "intertemporal choice task",
    "TotalReadoutTime": 0.0434699,
    "dataset": "ds002843",
    "modality": "bold",
    "run_id": 3,
    "session_id": "scan2",
    "subject_id": "dmp1248",
    "task_id": "itc"
  },
  "dummy_trs": 1,
  "dvars_nstd": 37.74740838088235,
  "dvars_std": 1.0189425289215688,
  "dvars_vstd": 0.9631510685294119,
  "efc": 0.5631378081652826,
  "fber": 275.42822265625,
  "fd_mean": 0.4679116803459651,
  "fd_num": 54,
  "fd_perc": 52.42718446601942,
  "fwhm_avg": 2.5748955555555555,
  "fwhm_x": 2.5194433333333333,
  "fwhm_y": 2.4914366666666665,
  "fwhm_z": 2.7138066666666667,
  "gcor": 0.0155998,
  "gsr_x": 0.04718857258558273,
  "gsr_y": 0.017612693831324577,
  "provenance": {
    "md5sum": "637d6cc2ee35a9ceb56c99f1db7c952a",
    "settings": {
      "fd_thres": 0.2,
      "testing": false
    },
    "software": "mriqc",
    "version": "21.0.0rc2",
    "webapi_port": null,
    "webapi_url": "https://mriqc.nimh.nih.gov/api/v1"
  },
  "size_t": 103,
  "size_x": 64,
  "size_y": 64,
  "size_z": 53,
  "snr": 2.877815283348448,
  "spacing_tr": 3.440000057220459,
  "spacing_x": 3.0,
  "spacing_y": 3.0,
  "spacing_z": 3.0,
  "summary_bg_k": 61.54232858871161,
  "summary_bg_mad": 15.862402671095285,
  "summary_bg_mean": 61.208229064941406,
  "summary_bg_median": 36.90291213989258,
  "summary_bg_n": 133263.0,
  "summary_bg_p05": 24.184465408325195,
  "summary_bg_p95": 176.51360015869136,
  "summary_bg_stdv": 71.63417053222656,
  "summary_fg_k": 4.219272918030742,
  "summary_fg_mad": 168.25374710802328,
  "summary_fg_mean": 650.2188110351562,
  "summary_fg_median": 605.1019287109375,
  "summary_fg_n": 41826.0,
  "summary_fg_p05": 396.92718505859375,
  "summary_fg_p95": 1048.4005126953125,
  "summary_fg_stdv": 210.26182556152344,
  "tsnr": 31.541963149094954
}