{
  "aor": 0.008301562499999998,
  "aqi": 0.0091722670625,
  "bids_meta": {
    "BandwidthPerPixelPhaseEncode": 31.25,
    "EchoTime": 0.025,
    "EffectiveEchoSpacing": 0.0005,
    "FlipAngle": 75,
    "ImageType": [
      "ORIGINAL",
      "PRIMARY",
      "M",
      "ND",
      "MOSAIC"
    ],
    "MagneticFieldStrength": 3,
    "Manufacturer": "Siemens",
    "ManufacturersModelName": "TrioTim",
    "Modality": "MR",
    "PhaseEncodingDirection": "j-",
    "PixelBandwidth": 3005,
    "RepetitionTime": 3,
    "ScanningSequence": "EP",
    "SequenceVariant": "SK",
    "SliceThickness": 3,
    "SliceTiming": [
      0,
      1.5225,
      0.055,
      1.58,
      0.1125,
      1.635,
      0.1675,
      1.6925,
      0.225,
      1.75,
      0.2825,
      1.805,
      0.3375,
      1.8625,
      0.395,
      1.9175,
      0.45,
      1.975,
      0.5075,
      2.03,
      0.5625,
      2.0875,
      0.62,
      2.145,
      0.6775,
      2.2,
      0.7325,
      2.2575,
      0.79,
      2.3125,
      0.845,
      2.37,
      0.9025,
      2.425,
      0.9575,
      2.4825,
      1.015,
      2.54,
      1.0725,
      2.595,
      1.1275,
      2.6525,
      1.185,
      2.7075,
      1.24,
      2.765,
      1.2975,
      2.8225,
      1.355,
      2.8775,
      1.41,
      2.935,
      1.4675
    ],
    "SpacingBetweenSlices": 3,
    "TaskName": "rest",
    "TotalReadoutTime": 0.0315,
    "dataset": "ds002843",
    "modality": "bold",
    "session_id": "scan2",
    "subject_id": "dmp0060",
    "task_id": "rest"
  },
  "dummy_trs": 0,
  "dvars_nstd": 35.88899268163524,
  "dvars_std": 1.286747433773585,
  "dvars_vstd": 1.0029295051572331,
  "efc": 0.5711252334252858,
  "fber": 385.350830078125,
  "fd_mean": 0.2725648426259879,
  "fd_num": 70,
  "fd_perc": 43.75,
  "fwhm_avg": 2.8269622222222224,
  "fwhm_x": 2.7402266666666666,
  "fwhm_y": 2.7552800000000004,
  "fwhm_z": 2.9853799999999997,
  "gcor": 0.0522259,
  "gsr_x": 0.007909969426691532,
  "gsr_y": 0.0853315219283104,
  "provenance": {
    "md5sum": "73bd02741afff1fb26419b0d819e6f5f",
    "settings": {
      "fd_thres": 0.2,
      "testing": false
    },
    "software": "mriqc",
    "version": "21.0.0rc2",
    "webapi_port": null,
    "webapi_url": "https://mriqc.nimh.nih.gov/api/v1"
  },
  "size_t": 160,
  "size_x": 64,
  "size_y": 64,
  "size_z": 53,
  "snr": 2.7076577408596942,
  "spacing_tr": 3.0,
  "spacing_x": 3.0,
  "spacing_y": 3.0,
  "spacing_z": 3.0,
  "summary_bg_k": 15.268524099445298,
  "summary_bg_mad": 14.038392584314233,
  "summary_bg_mean": 86.1197509765625,
  "summary_bg_median": 37.28750228881836,
  "summary_bg_n": 132315.0,
  "summary_bg_p05": 26.462499618530273,
  "summary_bg_p95": 335.21875,
  "summary_bg_stdv": 117.54857635498047,
  "summary_fg_k": 2.806618133539354,
  "summary_fg_mad": 229.13615477186917,
  "summary_fg_mean": 797.2223510742188,
  "summary_fg_median": 742.7750244140625,
  "summary_fg_n": 42381.0,
  "summary_fg_p05": 459.5375061035156,
  "summary_fg_p95": 1324.4312744140625,
  "summary_fg_stdv": 274.3205871582031,
  "tsnr": 48.51326445164159
}