{
  "aor": 0.011439423076923074,
  "aqi": 0.0028536641346153845,
  "bids_meta": {
    "BandwidthPerPixelPhaseEncode": 31.25,
    "EchoTime": 0.025,
    "EffectiveEchoSpacing": 0.0005,
    "FlipAngle": 75,
    "ImageType": [
      "ORIGINAL",
      "PRIMARY",
      "M",
      "ND",
      "MOSAIC"
    ],
    "MagneticFieldStrength": 3,
    "Manufacturer": "Siemens",
    "ManufacturersModelName": "TrioTim",
    "Modality": "MR",
    "PhaseEncodingDirection": "j-",
    "PixelBandwidth": 3005,
    "RepetitionTime": 3,
    "ScanningSequence": "EP",
    "SequenceVariant": "SK",
    "SliceThickness": 3,
    "SliceTiming": [
      0,
      1.5225,
      0.055,
      1.58,
      0.1125,
      1.6375,
      0.17,
      1.6925,
      0.225,
      1.75,
      0.2825,
      1.805,
      0.3375,
      1.8625,
      0.395,
      1.92,
      0.45,
      1.975,
      0.5075,
      2.0325,
      0.565,
      2.0875,
      0.62,
      2.145,
      0.6775,
      2.2,
      0.7325,
      2.2575,
      0.79,
      2.315,
      0.8475,
      2.37,
      0.9025,
      2.4275,
      0.96,
      2.4825,
      1.015,
      2.54,
      1.0725,
      2.595,
      1.1275,
      2.6525,
      1.185,
      2.71,
      1.2425,
      2.765,
      1.2975,
      2.8225,
      1.355,
      2.8775,
      1.41,
      2.935,
      1.4675
    ],
    "SpacingBetweenSlices": 3,
    "TaskName": "intertemporal choice task",
    "TotalReadoutTime": 0.0315,
    "dataset": "ds002843",
    "modality": "bold",
    "run_id": 1,
    "session_id": "scan1",
    "subject_id": "dmp0414",
    "task_id": "itc"
  },
  "dummy_trs": 0,
  "dvars_nstd": 24.56541411349513,
  "dvars_std": 1.2915846878640784,
  "dvars_vstd": 1.0577564686407772,
  "efc": 0.5895420281506563,
  "fber": 263.7955627441406,
  "fd_mean": 0.12636607530699923,
  "fd_num": 14,
  "fd_perc": 13.461538461538462,
  "fwhm_avg": 2.928967777777778,
  "fwhm_x": 2.716763333333333,
  "fwhm_y": 2.8282566666666664,
  "fwhm_z": 3.2418833333333335,
  "gcor": 0.0224764,
  "gsr_x": -0.002472076565027237,
  "gsr_y": 0.058644842356443405,
  "provenance": {
    "md5sum": "cfef58029cf85c1ea440e8287e9a722d",
    "settings": {
      "fd_thres": 0.2,
      "testing": false
    },
    "software": "mriqc",
    "version": "21.0.0rc2",
    "webapi_port": null,
    "webapi_url": "https://mriqc.nimh.nih.gov/api/v1"
  },
  "size_t": 104,
  "size_x": 64,
  "size_y": 64,
  "size_z": 53,
  "snr": 2.4242746053634034,
  "spacing_tr": 3.0,
  "spacing_x": 3.0,
  "spacing_y": 3.0,
  "spacing_z": 3.0,
  "summary_bg_k": 29.196363851383936,
  "summary_bg_mad": 22.296056657360346,
  "summary_bg_mean": 90.93543243408203,
  "summary_bg_median": 44.980770111083984,
  "summary_bg_n": 122723.0,
  "summary_bg_p05": 28.375001907348633,
  "summary_bg_p95": 307.3057861328124,
  "summary_bg_stdv": 116.89239501953125,
  "summary_fg_k": 2.9557429511774087,
  "summary_fg_mad": 259.3556673128948,
  "summary_fg_mean": 832.3380737304688,
  "summary_fg_median": 764.5673217773438,
  "summary_fg_n": 46809.0,
  "summary_fg_p05": 453.21923828125,
  "summary_fg_p95": 1445.059643554687,
  "summary_fg_stdv": 315.37646484375,
  "tsnr": 75.44048219779506
}