{
  "aor": 0.0012725,
  "aqi": 0.0039063738125,
  "bids_meta": {
    "BandwidthPerPixelPhaseEncode": 31.25,
    "EchoTime": 0.025,
    "EffectiveEchoSpacing": 0.0005,
    "FlipAngle": 75,
    "ImageType": [
      "ORIGINAL",
      "PRIMARY",
      "M",
      "ND",
      "MOSAIC"
    ],
    "MagneticFieldStrength": 3,
    "Manufacturer": "Siemens",
    "ManufacturersModelName": "TrioTim",
    "Modality": "MR",
    "PhaseEncodingDirection": "j-",
    "PixelBandwidth": 3005,
    "RepetitionTime": 3,
    "ScanningSequence": "EP",
    "SequenceVariant": "SK",
    "SliceThickness": 3,
    "SliceTiming": [
      0,
      1.5225,
      0.055,
      1.58,
      0.1125,
      1.635,
      0.1675,
      1.6925,
      0.225,
      1.75,
      0.2825,
      1.805,
      0.3375,
      1.8625,
      0.395,
      1.9175,
      0.45,
      1.975,
      0.5075,
      2.03,
      0.5625,
      2.0875,
      0.62,
      2.145,
      0.6775,
      2.2,
      0.7325,
      2.2575,
      0.79,
      2.3125,
      0.845,
      2.37,
      0.9025,
      2.425,
      0.9575,
      2.4825,
      1.015,
      2.54,
      1.0725,
      2.595,
      1.1275,
      2.6525,
      1.185,
      2.7075,
      1.24,
      2.765,
      1.2975,
      2.8225,
      1.355,
      2.8775,
      1.41,
      2.935,
      1.4675
    ],
    "SpacingBetweenSlices": 3,
    "TaskName": "rest",
    "TotalReadoutTime": 0.0315,
    "dataset": "ds002843",
    "modality": "bold",
    "session_id": "scan1",
    "subject_id": "dmp0801",
    "task_id": "rest"
  },
  "dummy_trs": 0,
  "dvars_nstd": 22.05819889289308,
  "dvars_std": 1.1529937501257868,
  "dvars_vstd": 0.9972604089937097,
  "efc": 0.5989919505365522,
  "fber": 254.51693725585938,
  "fd_mean": 0.0703895812603343,
  "fd_num": 8,
  "fd_perc": 5.0,
  "fwhm_avg": 2.710415555555555,
  "fwhm_x": 2.5382333333333333,
  "fwhm_y": 2.5954566666666667,
  "fwhm_z": 2.9975566666666666,
  "gcor": 0.0379684,
  "gsr_x": -0.013839301653206348,
  "gsr_y": 0.13548272848129272,
  "provenance": {
    "md5sum": "250e507a0c5774794b795cd6d217254f",
    "settings": {
      "fd_thres": 0.2,
      "testing": false
    },
    "software": "mriqc",
    "version": "21.0.0rc2",
    "webapi_port": null,
    "webapi_url": "https://mriqc.nimh.nih.gov/api/v1"
  },
  "size_t": 160,
  "size_x": 64,
  "size_y": 64,
  "size_z": 53,
  "snr": 2.5369557311723967,
  "spacing_tr": 3.0,
  "spacing_x": 3.0,
  "spacing_y": 3.0,
  "spacing_z": 3.0,
  "summary_bg_k": 17.634445814871707,
  "summary_bg_mad": 16.10476829522069,
  "summary_bg_mean": 99.9627685546875,
  "summary_bg_median": 39.22500228881836,
  "summary_bg_n": 129959.0,
  "summary_bg_p05": 27.662500381469727,
  "summary_bg_p95": 394.91938781738276,
  "summary_bg_stdv": 144.01596069335938,
  "summary_fg_k": 6.1127115367465485,
  "summary_fg_mad": 184.1762696429442,
  "summary_fg_mean": 697.2632446289062,
  "summary_fg_median": 640.9750366210938,
  "summary_fg_n": 42754.0,
  "summary_fg_p05": 410.91844940185547,
  "summary_fg_p95": 1182.084375,
  "summary_fg_stdv": 252.65223693847656,
  "tsnr": 75.23251751076896
}