{
  "aor": 0.0019254807692307692,
  "aqi": 0.0029393350000000004,
  "bids_meta": {
    "BandwidthPerPixelPhaseEncode": 31.25,
    "EchoTime": 0.025,
    "EffectiveEchoSpacing": 0.0005,
    "FlipAngle": 75,
    "ImageType": [
      "ORIGINAL",
      "PRIMARY",
      "M",
      "ND",
      "MOSAIC"
    ],
    "MagneticFieldStrength": 3,
    "Manufacturer": "Siemens",
    "ManufacturersModelName": "TrioTim",
    "Modality": "MR",
    "PhaseEncodingDirection": "j-",
    "PixelBandwidth": 3005,
    "RepetitionTime": 3,
    "ScanningSequence": "EP",
    "SequenceVariant": "SK",
    "SliceThickness": 3,
    "SliceTiming": [
      0,
      1.5225,
      0.055,
      1.58,
      0.1125,
      1.6375,
      0.17,
      1.6925,
      0.225,
      1.75,
      0.2825,
      1.805,
      0.3375,
      1.8625,
      0.395,
      1.92,
      0.45,
      1.975,
      0.5075,
      2.0325,
      0.565,
      2.0875,
      0.62,
      2.145,
      0.6775,
      2.2,
      0.7325,
      2.2575,
      0.79,
      2.315,
      0.8475,
      2.37,
      0.9025,
      2.4275,
      0.96,
      2.4825,
      1.015,
      2.54,
      1.0725,
      2.595,
      1.1275,
      2.6525,
      1.185,
      2.71,
      1.2425,
      2.765,
      1.2975,
      2.8225,
      1.355,
      2.8775,
      1.41,
      2.935,
      1.4675
    ],
    "SpacingBetweenSlices": 3,
    "TaskName": "intertemporal choice task",
    "TotalReadoutTime": 0.0315,
    "dataset": "ds002843",
    "modality": "bold",
    "run_id": 3,
    "session_id": "scan1",
    "subject_id": "dmp0801",
    "task_id": "itc"
  },
  "dummy_trs": 0,
  "dvars_nstd": 24.468892958543705,
  "dvars_std": 1.135715894174757,
  "dvars_vstd": 0.9910096272815531,
  "efc": 0.6027587857149309,
  "fber": 246.4862060546875,
  "fd_mean": 0.12280722153863044,
  "fd_num": 16,
  "fd_perc": 15.384615384615385,
  "fwhm_avg": 2.693706666666666,
  "fwhm_x": 2.5240266666666664,
  "fwhm_y": 2.587963333333333,
  "fwhm_z": 2.96913,
  "gcor": 0.022697,
  "gsr_x": -0.011281769722700119,
  "gsr_y": 0.12457897514104843,
  "provenance": {
    "md5sum": "2ca426b6e18d2ad59d0d479d8e197f92",
    "settings": {
      "fd_thres": 0.2,
      "testing": false
    },
    "software": "mriqc",
    "version": "21.0.0rc2",
    "webapi_port": null,
    "webapi_url": "https://mriqc.nimh.nih.gov/api/v1"
  },
  "size_t": 104,
  "size_x": 64,
  "size_y": 64,
  "size_z": 53,
  "snr": 2.59158991399192,
  "spacing_tr": 3.0,
  "spacing_x": 3.0,
  "spacing_y": 3.0,
  "spacing_z": 3.0,
  "summary_bg_k": 17.703443623372547,
  "summary_bg_mad": 16.45118426692207,
  "summary_bg_mean": 98.74527740478516,
  "summary_bg_median": 39.47115707397461,
  "summary_bg_n": 128522.0,
  "summary_bg_p05": 27.500001907348633,
  "summary_bg_p95": 396.03800201416016,
  "summary_bg_stdv": 140.97030639648438,
  "summary_fg_k": 5.845173378145077,
  "summary_fg_mad": 181.23391414759394,
  "summary_fg_mean": 691.988037109375,
  "summary_fg_median": 638.4423217773438,
  "summary_fg_n": 42835.0,
  "summary_fg_p05": 408.39137268066406,
  "summary_fg_p95": 1166.316430664062,
  "summary_fg_stdv": 246.34872436523438,
  "tsnr": 74.3583154398948
}