{
  "aor": 0.012489029126213594,
  "aqi": 0.006279091456310678,
  "bids_meta": {
    "BandwidthPerPixelPhaseEncode": 31.25,
    "EchoTime": 0.025,
    "EffectiveEchoSpacing": 0.0005,
    "FlipAngle": 75,
    "ImageType": [
      "ORIGINAL",
      "PRIMARY",
      "M",
      "ND",
      "MOSAIC"
    ],
    "MagneticFieldStrength": 3,
    "Manufacturer": "Siemens",
    "ManufacturersModelName": "TrioTim",
    "Modality": "MR",
    "PhaseEncodingDirection": "j-",
    "PixelBandwidth": 3005,
    "RepetitionTime": 3,
    "ScanningSequence": "EP",
    "SequenceVariant": "SK",
    "SliceThickness": 3,
    "SliceTiming": [
      0,
      1.5225,
      0.055,
      1.58,
      0.1125,
      1.6375,
      0.17,
      1.6925,
      0.225,
      1.75,
      0.2825,
      1.805,
      0.3375,
      1.8625,
      0.395,
      1.92,
      0.45,
      1.975,
      0.5075,
      2.0325,
      0.565,
      2.0875,
      0.62,
      2.145,
      0.6775,
      2.2,
      0.7325,
      2.2575,
      0.79,
      2.315,
      0.8475,
      2.37,
      0.9025,
      2.4275,
      0.96,
      2.4825,
      1.015,
      2.54,
      1.0725,
      2.595,
      1.1275,
      2.6525,
      1.185,
      2.71,
      1.2425,
      2.765,
      1.2975,
      2.8225,
      1.355,
      2.8775,
      1.41,
      2.935,
      1.4675
    ],
    "SpacingBetweenSlices": 3,
    "TaskName": "intertemporal choice task",
    "TotalReadoutTime": 0.0315,
    "dataset": "ds002843",
    "modality": "bold",
    "run_id": 1,
    "session_id": "scan1",
    "subject_id": "dmp0912",
    "task_id": "itc"
  },
  "dummy_trs": 1,
  "dvars_nstd": 33.38783929901962,
  "dvars_std": 1.3791623909803918,
  "dvars_vstd": 1.1308521520588233,
  "efc": 0.5988116596117403,
  "fber": 200.33480834960938,
  "fd_mean": 0.23620691516242698,
  "fd_num": 40,
  "fd_perc": 38.83495145631068,
  "fwhm_avg": 2.887281111111111,
  "fwhm_x": 2.7399400000000003,
  "fwhm_y": 2.7714133333333333,
  "fwhm_z": 3.15049,
  "gcor": 0.0232368,
  "gsr_x": 0.001328935963101685,
  "gsr_y": 0.06752896308898926,
  "provenance": {
    "md5sum": "28739d45bcb218902e23bdb579b21b45",
    "settings": {
      "fd_thres": 0.2,
      "testing": false
    },
    "software": "mriqc",
    "version": "21.0.0rc2",
    "webapi_port": null,
    "webapi_url": "https://mriqc.nimh.nih.gov/api/v1"
  },
  "size_t": 103,
  "size_x": 64,
  "size_y": 64,
  "size_z": 53,
  "snr": 2.4093537575830357,
  "spacing_tr": 3.0,
  "spacing_x": 3.0,
  "spacing_y": 3.0,
  "spacing_z": 3.0,
  "summary_bg_k": 37.89680241787172,
  "summary_bg_mad": 25.607275512890276,
  "summary_bg_mean": 90.61163330078125,
  "summary_bg_median": 45.65048599243164,
  "summary_bg_n": 126106.0,
  "summary_bg_p05": 26.592233657836914,
  "summary_bg_p95": 298.2791290283203,
  "summary_bg_stdv": 117.03068542480469,
  "summary_fg_k": 5.92965579831532,
  "summary_fg_mad": 211.1916366362431,
  "summary_fg_mean": 722.9486694335938,
  "summary_fg_median": 659.5970458984375,
  "summary_fg_n": 46822.0,
  "summary_fg_p05": 422.2636016845703,
  "summary_fg_p95": 1241.0373657226562,
  "summary_fg_stdv": 273.76220703125,
  "tsnr": 56.33059769461397
}