{
  "aor": 0.0037221875000000002,
  "aqi": 0.010235332187500001,
  "bids_meta": {
    "BandwidthPerPixelPhaseEncode": 31.25,
    "EchoTime": 0.025,
    "EffectiveEchoSpacing": 0.0005,
    "FlipAngle": 75,
    "ImageType": [
      "ORIGINAL",
      "PRIMARY",
      "M",
      "ND",
      "MOSAIC"
    ],
    "MagneticFieldStrength": 3,
    "Manufacturer": "Siemens",
    "ManufacturersModelName": "TrioTim",
    "Modality": "MR",
    "PhaseEncodingDirection": "j-",
    "PixelBandwidth": 3005,
    "RepetitionTime": 3,
    "ScanningSequence": "EP",
    "SequenceVariant": "SK",
    "SliceThickness": 3,
    "SliceTiming": [
      0,
      1.5225,
      0.055,
      1.58,
      0.1125,
      1.635,
      0.1675,
      1.6925,
      0.225,
      1.75,
      0.2825,
      1.805,
      0.3375,
      1.8625,
      0.395,
      1.9175,
      0.45,
      1.975,
      0.5075,
      2.03,
      0.5625,
      2.0875,
      0.62,
      2.145,
      0.6775,
      2.2,
      0.7325,
      2.2575,
      0.79,
      2.3125,
      0.845,
      2.37,
      0.9025,
      2.425,
      0.9575,
      2.4825,
      1.015,
      2.54,
      1.0725,
      2.595,
      1.1275,
      2.6525,
      1.185,
      2.7075,
      1.24,
      2.765,
      1.2975,
      2.8225,
      1.355,
      2.8775,
      1.41,
      2.935,
      1.4675
    ],
    "SpacingBetweenSlices": 3,
    "TaskName": "rest",
    "TotalReadoutTime": 0.0315,
    "dataset": "ds002843",
    "modality": "bold",
    "session_id": "scan1",
    "subject_id": "dmp0912",
    "task_id": "rest"
  },
  "dummy_trs": 0,
  "dvars_nstd": 35.91946381113207,
  "dvars_std": 1.132395038679245,
  "dvars_vstd": 0.953518448238994,
  "efc": 0.5972779074869449,
  "fber": 202.40536499023438,
  "fd_mean": 0.31878759420556685,
  "fd_num": 101,
  "fd_perc": 63.125,
  "fwhm_avg": 2.92437,
  "fwhm_x": 2.7934666666666668,
  "fwhm_y": 2.77445,
  "fwhm_z": 3.2051933333333333,
  "gcor": 0.0557975,
  "gsr_x": 0.0034034489654004574,
  "gsr_y": 0.07015039771795273,
  "provenance": {
    "md5sum": "bc7701c0fea048b2e3beeb4ea291e825",
    "settings": {
      "fd_thres": 0.2,
      "testing": false
    },
    "software": "mriqc",
    "version": "21.0.0rc2",
    "webapi_port": null,
    "webapi_url": "https://mriqc.nimh.nih.gov/api/v1"
  },
  "size_t": 160,
  "size_x": 64,
  "size_y": 64,
  "size_z": 53,
  "snr": 2.40933230926292,
  "spacing_tr": 3.0,
  "spacing_x": 3.0,
  "spacing_y": 3.0,
  "spacing_z": 3.0,
  "summary_bg_k": 38.75136716030803,
  "summary_bg_mad": 24.472203434775956,
  "summary_bg_mean": 89.32283782958984,
  "summary_bg_median": 45.087501525878906,
  "summary_bg_n": 126297.0,
  "summary_bg_p05": 27.356250762939453,
  "summary_bg_p95": 291.0249938964844,
  "summary_bg_stdv": 117.29622650146484,
  "summary_fg_k": 6.2452998466447305,
  "summary_fg_mad": 209.60288864122947,
  "summary_fg_mean": 718.227294921875,
  "summary_fg_median": 655.5125122070312,
  "summary_fg_n": 46841.0,
  "summary_fg_p05": 420.23126220703125,
  "summary_fg_p95": 1229.425048828125,
  "summary_fg_stdv": 272.0693664550781,
  "tsnr": 38.08098251069896
}