{
  "aor": 0.00917528846153846,
  "aqi": 0.010501839615384615,
  "bids_meta": {
    "BandwidthPerPixelPhaseEncode": 31.25,
    "EchoTime": 0.025,
    "EffectiveEchoSpacing": 0.0005,
    "FlipAngle": 75,
    "ImageType": [
      "ORIGINAL",
      "PRIMARY",
      "M",
      "ND",
      "MOSAIC"
    ],
    "MagneticFieldStrength": 3,
    "Manufacturer": "Siemens",
    "ManufacturersModelName": "TrioTim",
    "Modality": "MR",
    "PhaseEncodingDirection": "j-",
    "PixelBandwidth": 3005,
    "RepetitionTime": 3,
    "ScanningSequence": "EP",
    "SequenceVariant": "SK",
    "SliceThickness": 3,
    "SliceTiming": [
      0,
      1.5225,
      0.055,
      1.58,
      0.1125,
      1.6375,
      0.17,
      1.6925,
      0.225,
      1.75,
      0.2825,
      1.805,
      0.3375,
      1.8625,
      0.395,
      1.92,
      0.45,
      1.975,
      0.5075,
      2.0325,
      0.565,
      2.0875,
      0.62,
      2.145,
      0.6775,
      2.2,
      0.7325,
      2.2575,
      0.79,
      2.315,
      0.8475,
      2.37,
      0.9025,
      2.4275,
      0.96,
      2.4825,
      1.015,
      2.54,
      1.0725,
      2.595,
      1.1275,
      2.6525,
      1.185,
      2.71,
      1.2425,
      2.765,
      1.2975,
      2.8225,
      1.355,
      2.8775,
      1.41,
      2.935,
      1.4675
    ],
    "SpacingBetweenSlices": 3,
    "TaskName": "risk choice task",
    "TotalReadoutTime": 0.0315,
    "dataset": "ds002843",
    "modality": "bold",
    "run_id": 4,
    "session_id": "scan1",
    "subject_id": "dmp0912",
    "task_id": "risk"
  },
  "dummy_trs": 0,
  "dvars_nstd": 39.58461765203883,
  "dvars_std": 1.3231695680582525,
  "dvars_vstd": 1.0733865668932039,
  "efc": 0.600120858280987,
  "fber": 199.39236450195312,
  "fd_mean": 0.3256223914655479,
  "fd_num": 64,
  "fd_perc": 61.53846153846154,
  "fwhm_avg": 2.911403333333334,
  "fwhm_x": 2.76181,
  "fwhm_y": 2.7677566666666666,
  "fwhm_z": 3.2046433333333333,
  "gcor": 0.0298839,
  "gsr_x": 0.005798464175313711,
  "gsr_y": 0.07082550972700119,
  "provenance": {
    "md5sum": "8fedcaa6979ab91cdfd422b7cc849cfe",
    "settings": {
      "fd_thres": 0.2,
      "testing": false
    },
    "software": "mriqc",
    "version": "21.0.0rc2",
    "webapi_port": null,
    "webapi_url": "https://mriqc.nimh.nih.gov/api/v1"
  },
  "size_t": 104,
  "size_x": 64,
  "size_y": 64,
  "size_z": 53,
  "snr": 2.424759183424179,
  "spacing_tr": 3.0,
  "spacing_x": 3.0,
  "spacing_y": 3.0,
  "spacing_z": 3.0,
  "summary_bg_k": 29.452944430312222,
  "summary_bg_mad": 25.11870688668973,
  "summary_bg_mean": 91.95931243896484,
  "summary_bg_median": 45.76923370361328,
  "summary_bg_n": 126751.0,
  "summary_bg_p05": 28.038461685180664,
  "summary_bg_p95": 303.85096740722656,
  "summary_bg_stdv": 116.84334564208984,
  "summary_fg_k": 6.052532668529388,
  "summary_fg_mad": 211.29932075733814,
  "summary_fg_mean": 725.0545043945312,
  "summary_fg_median": 662.2788696289062,
  "summary_fg_n": 46509.0,
  "summary_fg_p05": 422.77117919921875,
  "summary_fg_p95": 1241.1923095703123,
  "summary_fg_stdv": 273.1288757324219,
  "tsnr": 46.92536554438993
}