{
  "aor": 0.012154615384615384,
  "aqi": 0.007190984038461538,
  "bids_meta": {
    "BandwidthPerPixelPhaseEncode": 31.25,
    "EchoTime": 0.025,
    "EffectiveEchoSpacing": 0.0005,
    "FlipAngle": 75,
    "ImageType": [
      "ORIGINAL",
      "PRIMARY",
      "M",
      "ND",
      "MOSAIC"
    ],
    "MagneticFieldStrength": 3,
    "Manufacturer": "Siemens",
    "ManufacturersModelName": "TrioTim",
    "Modality": "MR",
    "PhaseEncodingDirection": "j-",
    "PixelBandwidth": 3005,
    "RepetitionTime": 3,
    "ScanningSequence": "EP",
    "SequenceVariant": "SK",
    "SliceThickness": 3,
    "SliceTiming": [
      0,
      1.5225,
      0.055,
      1.58,
      0.1125,
      1.6375,
      0.17,
      1.6925,
      0.225,
      1.75,
      0.2825,
      1.805,
      0.3375,
      1.8625,
      0.395,
      1.92,
      0.45,
      1.975,
      0.5075,
      2.0325,
      0.565,
      2.0875,
      0.62,
      2.145,
      0.6775,
      2.2,
      0.7325,
      2.2575,
      0.79,
      2.315,
      0.8475,
      2.37,
      0.9025,
      2.4275,
      0.96,
      2.4825,
      1.015,
      2.54,
      1.0725,
      2.595,
      1.1275,
      2.6525,
      1.185,
      2.71,
      1.2425,
      2.765,
      1.2975,
      2.8225,
      1.355,
      2.8775,
      1.41,
      2.935,
      1.4675
    ],
    "SpacingBetweenSlices": 3,
    "TaskName": "intertemporal choice task",
    "TotalReadoutTime": 0.0315,
    "dataset": "ds002843",
    "modality": "bold",
    "run_id": 2,
    "session_id": "scan1",
    "subject_id": "dmp0912",
    "task_id": "itc"
  },
  "dummy_trs": 0,
  "dvars_nstd": 31.64577956330097,
  "dvars_std": 1.349285484174757,
  "dvars_vstd": 1.1082113312621356,
  "efc": 0.5995427589272323,
  "fber": 203.814453125,
  "fd_mean": 0.21025708960444087,
  "fd_num": 42,
  "fd_perc": 40.38461538461539,
  "fwhm_avg": 2.8703744444444443,
  "fwhm_x": 2.72158,
  "fwhm_y": 2.7568933333333336,
  "fwhm_z": 3.13265,
  "gcor": 0.0250514,
  "gsr_x": 0.004117547068744898,
  "gsr_y": 0.07135031372308731,
  "provenance": {
    "md5sum": "db2e6bc0bb43c618169034940ad70bac",
    "settings": {
      "fd_thres": 0.2,
      "testing": false
    },
    "software": "mriqc",
    "version": "21.0.0rc2",
    "webapi_port": null,
    "webapi_url": "https://mriqc.nimh.nih.gov/api/v1"
  },
  "size_t": 104,
  "size_x": 64,
  "size_y": 64,
  "size_z": 53,
  "snr": 2.425839586983912,
  "spacing_tr": 3.0,
  "spacing_x": 3.0,
  "spacing_y": 3.0,
  "spacing_z": 3.0,
  "summary_bg_k": 35.54860309528092,
  "summary_bg_mad": 24.00675522281053,
  "summary_bg_mean": 90.21791076660156,
  "summary_bg_median": 44.84615707397461,
  "summary_bg_n": 126379.0,
  "summary_bg_p05": 27.788461685180664,
  "summary_bg_p95": 298.3269348144531,
  "summary_bg_stdv": 116.59422302246094,
  "summary_fg_k": 5.919555153502433,
  "summary_fg_mad": 208.7118704073113,
  "summary_fg_mean": 717.8533935546875,
  "summary_fg_median": 654.8509521484375,
  "summary_fg_n": 46770.0,
  "summary_fg_p05": 420.6250305175781,
  "summary_fg_p95": 1224.6504882812499,
  "summary_fg_stdv": 269.9452819824219,
  "tsnr": 60.354716812376864
}