{
  "aor": 0.003621538461538461,
  "aqi": 0.0037593147115384615,
  "bids_meta": {
    "BandwidthPerPixelPhaseEncode": 31.25,
    "EchoTime": 0.025,
    "EffectiveEchoSpacing": 0.0005,
    "FlipAngle": 75,
    "ImageType": [
      "ORIGINAL",
      "PRIMARY",
      "M",
      "ND",
      "MOSAIC"
    ],
    "MagneticFieldStrength": 3,
    "Manufacturer": "Siemens",
    "ManufacturersModelName": "TrioTim",
    "Modality": "MR",
    "PhaseEncodingDirection": "j-",
    "PixelBandwidth": 3005,
    "RepetitionTime": 3,
    "ScanningSequence": "EP",
    "SequenceVariant": "SK",
    "SliceThickness": 3,
    "SliceTiming": [
      0,
      1.5225,
      0.055,
      1.58,
      0.1125,
      1.6375,
      0.17,
      1.6925,
      0.225,
      1.75,
      0.2825,
      1.805,
      0.3375,
      1.8625,
      0.395,
      1.92,
      0.45,
      1.975,
      0.5075,
      2.0325,
      0.565,
      2.0875,
      0.62,
      2.145,
      0.6775,
      2.2,
      0.7325,
      2.2575,
      0.79,
      2.315,
      0.8475,
      2.37,
      0.9025,
      2.4275,
      0.96,
      2.4825,
      1.015,
      2.54,
      1.0725,
      2.595,
      1.1275,
      2.6525,
      1.185,
      2.71,
      1.2425,
      2.765,
      1.2975,
      2.8225,
      1.355,
      2.8775,
      1.41,
      2.935,
      1.4675
    ],
    "SpacingBetweenSlices": 3,
    "TaskName": "risk choice task",
    "TotalReadoutTime": 0.0315,
    "dataset": "ds002843",
    "modality": "bold",
    "run_id": 1,
    "session_id": "scan2",
    "subject_id": "dmp0350",
    "task_id": "risk"
  },
  "dummy_trs": 0,
  "dvars_nstd": 32.70449258708738,
  "dvars_std": 1.2379112916504857,
  "dvars_vstd": 1.014176416407767,
  "efc": 0.5804467603583414,
  "fber": 225.44850158691406,
  "fd_mean": 0.2350299436713365,
  "fd_num": 48,
  "fd_perc": 46.15384615384615,
  "fwhm_avg": 2.500434579861793,
  "fwhm_x": 2.3894699999999998,
  "fwhm_y": 2.355913520564518,
  "fwhm_z": 2.755920219020861,
  "gcor": 0.0146767,
  "gsr_x": 0.00836885441094637,
  "gsr_y": 0.027522055432200432,
  "provenance": {
    "md5sum": "4b84d37acc9dd5f08030a0747d238be6",
    "settings": {
      "fd_thres": 0.2,
      "testing": false
    },
    "software": "mriqc",
    "version": "21.0.0rc2",
    "webapi_port": null,
    "webapi_url": "https://mriqc.nimh.nih.gov/api/v1"
  },
  "size_t": 104,
  "size_x": 64,
  "size_y": 64,
  "size_z": 53,
  "snr": 3.139331717747644,
  "spacing_tr": 3.0,
  "spacing_x": 3.0,
  "spacing_y": 2.999999761581421,
  "spacing_z": 2.999999761581421,
  "summary_bg_k": 25.426266114831876,
  "summary_bg_mad": 20.556847815941662,
  "summary_bg_mean": 68.99119567871094,
  "summary_bg_median": 41.125,
  "summary_bg_n": 133150.0,
  "summary_bg_p05": 26.490385055541992,
  "summary_bg_p95": 203.15914154052723,
  "summary_bg_stdv": 75.64588165283203,
  "summary_fg_k": 2.960758015382077,
  "summary_fg_mad": 165.02510116047588,
  "summary_fg_mean": 674.644287109375,
  "summary_fg_median": 631.8557739257812,
  "summary_fg_n": 41099.0,
  "summary_fg_p05": 428.65098571777344,
  "summary_fg_p95": 1059.1837036132813,
  "summary_fg_stdv": 201.26834106445312,
  "tsnr": 68.86284074792638
}