{
  "aor": 0.0015078217821782177,
  "aqi": 0.004042417029702971,
  "bids_meta": {
    "BandwidthPerPixelPhaseEncode": 31.25,
    "EchoTime": 0.025,
    "EffectiveEchoSpacing": 0.0005,
    "FlipAngle": 75,
    "ImageType": [
      "ORIGINAL",
      "PRIMARY",
      "M",
      "ND",
      "MOSAIC"
    ],
    "MagneticFieldStrength": 3,
    "Manufacturer": "Siemens",
    "ManufacturersModelName": "TrioTim",
    "Modality": "MR",
    "PhaseEncodingDirection": "j-",
    "PixelBandwidth": 3005,
    "RepetitionTime": 3,
    "ScanningSequence": "EP",
    "SequenceVariant": "SK",
    "SliceThickness": 3,
    "SliceTiming": [
      0,
      1.5225,
      0.055,
      1.58,
      0.1125,
      1.6375,
      0.17,
      1.6925,
      0.225,
      1.75,
      0.2825,
      1.805,
      0.3375,
      1.8625,
      0.395,
      1.92,
      0.45,
      1.975,
      0.5075,
      2.0325,
      0.565,
      2.0875,
      0.62,
      2.145,
      0.6775,
      2.2,
      0.7325,
      2.2575,
      0.79,
      2.315,
      0.8475,
      2.37,
      0.9025,
      2.4275,
      0.96,
      2.4825,
      1.015,
      2.54,
      1.0725,
      2.595,
      1.1275,
      2.6525,
      1.185,
      2.71,
      1.2425,
      2.765,
      1.2975,
      2.8225,
      1.355,
      2.8775,
      1.41,
      2.935,
      1.4675
    ],
    "SpacingBetweenSlices": 3,
    "TaskName": "intertemporal choice task",
    "TotalReadoutTime": 0.0315,
    "dataset": "ds002843",
    "modality": "bold",
    "run_id": 1,
    "session_id": "scan2",
    "subject_id": "dmp0350",
    "task_id": "itc"
  },
  "dummy_trs": 3,
  "dvars_nstd": 32.79690288529999,
  "dvars_std": 1.2057184001000003,
  "dvars_vstd": 0.9949035015000001,
  "efc": 0.5813880000895082,
  "fber": 220.44578552246094,
  "fd_mean": 0.22759932666869387,
  "fd_num": 59,
  "fd_perc": 58.415841584158414,
  "fwhm_avg": 2.5029134690593016,
  "fwhm_x": 2.385256666666667,
  "fwhm_y": 2.3845501895070225,
  "fwhm_z": 2.738933551004215,
  "gcor": 0.0126774,
  "gsr_x": 0.015096692368388176,
  "gsr_y": 0.02628185600042343,
  "provenance": {
    "md5sum": "77586d9dc73c260bb2e65704aecd1de0",
    "settings": {
      "fd_thres": 0.2,
      "testing": false
    },
    "software": "mriqc",
    "version": "21.0.0rc2",
    "webapi_port": null,
    "webapi_url": "https://mriqc.nimh.nih.gov/api/v1"
  },
  "size_t": 101,
  "size_x": 64,
  "size_y": 64,
  "size_z": 53,
  "snr": 3.180139863983206,
  "spacing_tr": 3.0,
  "spacing_x": 3.0,
  "spacing_y": 2.999999761581421,
  "spacing_z": 2.999999761581421,
  "summary_bg_k": 28.3524338020814,
  "summary_bg_mad": 21.754618747336444,
  "summary_bg_mean": 71.06766510009766,
  "summary_bg_median": 41.801979064941406,
  "summary_bg_n": 134113.0,
  "summary_bg_p05": 25.069307327270508,
  "summary_bg_p95": 209.01386413574212,
  "summary_bg_stdv": 82.8773193359375,
  "summary_fg_k": 2.677027303204536,
  "summary_fg_mad": 163.0862440356162,
  "summary_fg_mean": 670.886962890625,
  "summary_fg_median": 628.9406127929688,
  "summary_fg_n": 41172.0,
  "summary_fg_p05": 426.4193054199219,
  "summary_fg_p95": 1051.5237915039063,
  "summary_fg_stdv": 197.7689666748047,
  "tsnr": 64.77461752668023
}