{
  "bids_meta": {
    "EchoTime": 0.00311,
    "FlipAngle": 15,
    "ImageType": [
      "ORIGINAL",
      "PRIMARY",
      "M",
      "ND",
      "NORM"
    ],
    "InversionTime": 1.1,
    "MagneticFieldStrength": 3,
    "Manufacturer": "Siemens",
    "ManufacturersModelName": "TrioTim",
    "Modality": "MR",
    "RepetitionTime": 1.63,
    "ScanningSequence": "GR_IR",
    "SequenceVariant": "SP_MP",
    "SliceThickness": 1,
    "dataset": "ds002843",
    "modality": "T1w",
    "session_id": "scan2",
    "subject_id": "dmp0048"
  },
  "cjv": 0.4423261883743875,
  "cnr": 2.824733721222871,
  "efc": 0.5620901218604657,
  "fber": 9662.671875,
  "fwhm_avg": 3.633640444444444,
  "fwhm_x": 3.4592,
  "fwhm_y": 4.1171413333333335,
  "fwhm_z": 3.32458,
  "icvs_csf": 0.20102260757168003,
  "icvs_gm": 0.4117427642376546,
  "icvs_wm": 0.38723462819066534,
  "inu_med": 1.0526366233825684,
  "inu_range": 0.19978449642658236,
  "provenance": {
    "md5sum": "03f71aeed51ad61b2676f72dcfd06fef",
    "settings": {
      "testing": false
    },
    "software": "mriqc",
    "version": "21.0.0rc2",
    "warnings": {
      "large_rot_frame": true,
      "small_air_mask": false
    },
    "webapi_port": null,
    "webapi_url": "https://mriqc.nimh.nih.gov/api/v1"
  },
  "qi_1": 0.0003795070588312943,
  "qi_2": 0.011173433875558452,
  "rpve_csf": 18.566486027901302,
  "rpve_gm": 9.298315895896572,
  "rpve_wm": 11.597194600896273,
  "size_x": 192,
  "size_y": 256,
  "size_z": 160,
  "snr_csf": 4.482611941117271,
  "snr_gm": 14.102742543734376,
  "snr_total": 15.111867598418149,
  "snr_wm": 26.7502483104028,
  "snrd_csf": 63.91179750622566,
  "snrd_gm": 139.0588088891297,
  "snrd_total": 125.2914732094193,
  "snrd_wm": 172.90381323290254,
  "spacing_x": 0.9375,
  "spacing_y": 0.9375,
  "spacing_z": 1.0,
  "summary_bg_k": 1534.3165914709866,
  "summary_bg_mad": 3.789103551320487,
  "summary_bg_mean": 8.822380065917969,
  "summary_bg_median": 5.082911491394043,
  "summary_bg_n": 2509614.0,
  "summary_bg_p05": 0.0,
  "summary_bg_p95": 29.990661239624036,
  "summary_bg_stdv": 12.350278854370117,
  "summary_csf_k": 3.7188460712937417,
  "summary_csf_mad": 54.35039294270559,
  "summary_csf_mean": 386.41107177734375,
  "summary_csf_median": 369.64581298828125,
  "summary_csf_n": 38120.0,
  "summary_csf_p05": 285.98936462402344,
  "summary_csf_p95": 558.2888397216794,
  "summary_csf_stdv": 82.46106719970703,
  "summary_gm_k": 0.5341537187196894,
  "summary_gm_mad": 52.72685121276673,
  "summary_gm_mean": 806.3064575195312,
  "summary_gm_median": 804.2725830078125,
  "summary_gm_n": 17446.0,
  "summary_gm_p05": 716.0143127441406,
  "summary_gm_p95": 905.8365325927734,
  "summary_gm_stdv": 57.02788162231445,
  "summary_wm_k": 1.1528081108044663,
  "summary_wm_mad": 33.85801420745525,
  "summary_wm_mean": 1003.113037109375,
  "summary_wm_median": 1000.021484375,
  "summary_wm_n": 193872.0,
  "summary_wm_p05": 947.9078063964844,
  "summary_wm_p95": 1068.9052795410155,
  "summary_wm_stdv": 37.38353729248047,
  "tpm_overlap_csf": 0.1793326884508133,
  "tpm_overlap_gm": 0.4467345178127289,
  "tpm_overlap_wm": 0.5087553262710571,
  "wm2max": 0.5024412705847018
}