{
  "aor": 0.0031553846153846155,
  "aqi": 0.0018077320096153845,
  "bids_meta": {
    "BandwidthPerPixelPhaseEncode": 31.25,
    "EchoTime": 0.025,
    "EffectiveEchoSpacing": 0.0005,
    "FlipAngle": 75,
    "ImageType": [
      "ORIGINAL",
      "PRIMARY",
      "M",
      "ND",
      "MOSAIC"
    ],
    "MagneticFieldStrength": 3,
    "Manufacturer": "Siemens",
    "ManufacturersModelName": "TrioTim",
    "Modality": "MR",
    "PhaseEncodingDirection": "j-",
    "PixelBandwidth": 3005,
    "RepetitionTime": 3,
    "ScanningSequence": "EP",
    "SequenceVariant": "SK",
    "SliceThickness": 3,
    "SliceTiming": [
      0,
      1.5225,
      0.055,
      1.58,
      0.1125,
      1.6375,
      0.17,
      1.6925,
      0.225,
      1.75,
      0.2825,
      1.805,
      0.3375,
      1.8625,
      0.395,
      1.92,
      0.45,
      1.975,
      0.5075,
      2.0325,
      0.565,
      2.0875,
      0.62,
      2.145,
      0.6775,
      2.2,
      0.7325,
      2.2575,
      0.79,
      2.315,
      0.8475,
      2.37,
      0.9025,
      2.4275,
      0.96,
      2.4825,
      1.015,
      2.54,
      1.0725,
      2.595,
      1.1275,
      2.6525,
      1.185,
      2.71,
      1.2425,
      2.765,
      1.2975,
      2.8225,
      1.355,
      2.8775,
      1.41,
      2.935,
      1.4675
    ],
    "SpacingBetweenSlices": 3,
    "TaskName": "risk choice task",
    "TotalReadoutTime": 0.0315,
    "dataset": "ds002843",
    "modality": "bold",
    "run_id": 4,
    "session_id": "scan1",
    "subject_id": "dmp1260",
    "task_id": "risk"
  },
  "dummy_trs": 0,
  "dvars_nstd": 20.191958399417473,
  "dvars_std": 1.2355222026213593,
  "dvars_vstd": 1.0191254907766991,
  "efc": 0.49863344218972516,
  "fber": 487.1296081542969,
  "fd_mean": 0.06420311016544358,
  "fd_num": 2,
  "fd_perc": 1.9230769230769231,
  "fwhm_avg": 3.04494,
  "fwhm_x": 2.9706200000000003,
  "fwhm_y": 2.9142166666666665,
  "fwhm_z": 3.2499833333333332,
  "gcor": 0.0523268,
  "gsr_x": -0.01761983148753643,
  "gsr_y": 0.030779343098402023,
  "provenance": {
    "md5sum": "1899cd7de885b5bda448d768f76aa221",
    "settings": {
      "fd_thres": 0.2,
      "testing": false
    },
    "software": "mriqc",
    "version": "21.0.0rc2",
    "webapi_port": null,
    "webapi_url": "https://mriqc.nimh.nih.gov/api/v1"
  },
  "size_t": 104,
  "size_x": 64,
  "size_y": 64,
  "size_z": 53,
  "snr": 2.350224307887914,
  "spacing_tr": 3.0,
  "spacing_x": 3.0,
  "spacing_y": 3.0,
  "spacing_z": 3.0,
  "summary_bg_k": 68.72366370824257,
  "summary_bg_mad": 10.036078078720628,
  "summary_bg_mean": 61.683937072753906,
  "summary_bg_median": 32.865386962890625,
  "summary_bg_n": 146655.0,
  "summary_bg_p05": 25.76923179626465,
  "summary_bg_p95": 191.45193481445312,
  "summary_bg_stdv": 83.99268341064453,
  "summary_fg_k": 1.7643393114717725,
  "summary_fg_mad": 262.60591795280476,
  "summary_fg_mean": 815.904052734375,
  "summary_fg_median": 739.9519653320312,
  "summary_fg_n": 31355.0,
  "summary_fg_p05": 446.5961608886719,
  "summary_fg_p95": 1443.1106201171874,
  "summary_fg_stdv": 314.8381042480469,
  "tsnr": 97.86214920692146
}