{
  "aor": 0.0056782692307692315,
  "aqi": 0.004247800865384615,
  "bids_meta": {
    "BandwidthPerPixelPhaseEncode": 31.25,
    "EchoTime": 0.025,
    "EffectiveEchoSpacing": 0.0005,
    "FlipAngle": 75,
    "ImageType": [
      "ORIGINAL",
      "PRIMARY",
      "M",
      "ND",
      "MOSAIC"
    ],
    "MagneticFieldStrength": 3,
    "Manufacturer": "Siemens",
    "ManufacturersModelName": "TrioTim",
    "Modality": "MR",
    "PhaseEncodingDirection": "j-",
    "PixelBandwidth": 3005,
    "RepetitionTime": 3,
    "ScanningSequence": "EP",
    "SequenceVariant": "SK",
    "SliceThickness": 3,
    "SliceTiming": [
      0,
      1.5225,
      0.055,
      1.58,
      0.1125,
      1.6375,
      0.17,
      1.6925,
      0.225,
      1.75,
      0.2825,
      1.805,
      0.3375,
      1.8625,
      0.395,
      1.92,
      0.45,
      1.975,
      0.5075,
      2.0325,
      0.565,
      2.0875,
      0.62,
      2.145,
      0.6775,
      2.2,
      0.7325,
      2.2575,
      0.79,
      2.315,
      0.8475,
      2.37,
      0.9025,
      2.4275,
      0.96,
      2.4825,
      1.015,
      2.54,
      1.0725,
      2.595,
      1.1275,
      2.6525,
      1.185,
      2.71,
      1.2425,
      2.765,
      1.2975,
      2.8225,
      1.355,
      2.8775,
      1.41,
      2.935,
      1.4675
    ],
    "SpacingBetweenSlices": 3,
    "TaskName": "intertemporal choice task",
    "TotalReadoutTime": 0.0315,
    "dataset": "ds002843",
    "modality": "bold",
    "run_id": 4,
    "session_id": "scan1",
    "subject_id": "dmp0760",
    "task_id": "itc"
  },
  "dummy_trs": 0,
  "dvars_nstd": 28.025760724368922,
  "dvars_std": 1.195811330970874,
  "dvars_vstd": 1.029942367184466,
  "efc": 0.5999189051542346,
  "fber": 248.42039489746094,
  "fd_mean": 0.18691351582251411,
  "fd_num": 25,
  "fd_perc": 24.03846153846154,
  "fwhm_avg": 2.4940355555555556,
  "fwhm_x": 2.2082866666666665,
  "fwhm_y": 2.46294,
  "fwhm_z": 2.8108799999999996,
  "gcor": 0.0378294,
  "gsr_x": -0.0049924831837415695,
  "gsr_y": 0.06042049452662468,
  "provenance": {
    "md5sum": "2c245fd9ed864af054e0740b73967cc6",
    "settings": {
      "fd_thres": 0.2,
      "testing": false
    },
    "software": "mriqc",
    "version": "21.0.0rc2",
    "webapi_port": null,
    "webapi_url": "https://mriqc.nimh.nih.gov/api/v1"
  },
  "size_t": 104,
  "size_x": 64,
  "size_y": 64,
  "size_z": 53,
  "snr": 3.130015235968681,
  "spacing_tr": 3.0,
  "spacing_x": 3.0,
  "spacing_y": 3.0,
  "spacing_z": 3.0,
  "summary_bg_k": 30.806343080410997,
  "summary_bg_mad": 16.921626443116853,
  "summary_bg_mean": 74.18037414550781,
  "summary_bg_median": 37.94231033325195,
  "summary_bg_n": 127018.0,
  "summary_bg_p05": 25.451923370361328,
  "summary_bg_p95": 236.5687637329101,
  "summary_bg_stdv": 89.29891967773438,
  "summary_fg_k": 1.1628950709034314,
  "summary_fg_mad": 177.3847950090225,
  "summary_fg_mean": 653.9361572265625,
  "summary_fg_median": 619.4615478515625,
  "summary_fg_n": 43929.0,
  "summary_fg_p05": 391.75193481445314,
  "summary_fg_p95": 1028.4307617187496,
  "summary_fg_stdv": 197.90782165527344,
  "tsnr": 64.32679900154471
}