{
  "aor": 0.011548269230769228,
  "aqi": 0.004867419038461538,
  "bids_meta": {
    "BandwidthPerPixelPhaseEncode": 31.25,
    "EchoTime": 0.025,
    "EffectiveEchoSpacing": 0.0005,
    "FlipAngle": 75,
    "ImageType": [
      "ORIGINAL",
      "PRIMARY",
      "M",
      "ND",
      "MOSAIC"
    ],
    "MagneticFieldStrength": 3,
    "Manufacturer": "Siemens",
    "ManufacturersModelName": "TrioTim",
    "Modality": "MR",
    "PhaseEncodingDirection": "j-",
    "PixelBandwidth": 3005,
    "RepetitionTime": 3,
    "ScanningSequence": "EP",
    "SequenceVariant": "SK",
    "SliceThickness": 3,
    "SliceTiming": [
      0,
      1.5225,
      0.055,
      1.58,
      0.1125,
      1.6375,
      0.17,
      1.6925,
      0.225,
      1.75,
      0.2825,
      1.805,
      0.3375,
      1.8625,
      0.395,
      1.92,
      0.45,
      1.975,
      0.5075,
      2.0325,
      0.565,
      2.0875,
      0.62,
      2.145,
      0.6775,
      2.2,
      0.7325,
      2.2575,
      0.79,
      2.315,
      0.8475,
      2.37,
      0.9025,
      2.4275,
      0.96,
      2.4825,
      1.015,
      2.54,
      1.0725,
      2.595,
      1.1275,
      2.6525,
      1.185,
      2.71,
      1.2425,
      2.765,
      1.2975,
      2.8225,
      1.355,
      2.8775,
      1.41,
      2.935,
      1.4675
    ],
    "SpacingBetweenSlices": 3,
    "TaskName": "risk choice task",
    "TotalReadoutTime": 0.0315,
    "dataset": "ds002843",
    "modality": "bold",
    "run_id": 4,
    "session_id": "scan1",
    "subject_id": "dmp0760",
    "task_id": "risk"
  },
  "dummy_trs": 0,
  "dvars_nstd": 27.607717847184464,
  "dvars_std": 1.1963425282524274,
  "dvars_vstd": 1.0598375547572818,
  "efc": 0.6000249987731874,
  "fber": 246.8311004638672,
  "fd_mean": 0.1725204916218689,
  "fd_num": 19,
  "fd_perc": 18.26923076923077,
  "fwhm_avg": 2.500407777777778,
  "fwhm_x": 2.205006666666667,
  "fwhm_y": 2.4836266666666664,
  "fwhm_z": 2.81259,
  "gcor": 0.0273339,
  "gsr_x": -0.007055800408124924,
  "gsr_y": 0.0608229860663414,
  "provenance": {
    "md5sum": "a20fdaeafd874452a51d2ca8466c80bc",
    "settings": {
      "fd_thres": 0.2,
      "testing": false
    },
    "software": "mriqc",
    "version": "21.0.0rc2",
    "webapi_port": null,
    "webapi_url": "https://mriqc.nimh.nih.gov/api/v1"
  },
  "size_t": 104,
  "size_x": 64,
  "size_y": 64,
  "size_z": 53,
  "snr": 3.1278487926904326,
  "spacing_tr": 3.0,
  "spacing_x": 3.0,
  "spacing_y": 3.0,
  "spacing_z": 3.0,
  "summary_bg_k": 30.628669193896407,
  "summary_bg_mad": 16.836092787372035,
  "summary_bg_mean": 74.39025115966797,
  "summary_bg_median": 38.09615707397461,
  "summary_bg_n": 127121.0,
  "summary_bg_p05": 25.81730842590332,
  "summary_bg_p95": 237.03846740722656,
  "summary_bg_stdv": 88.91606140136719,
  "summary_fg_k": 1.1843838052363784,
  "summary_fg_mad": 177.76969787379386,
  "summary_fg_mean": 654.96337890625,
  "summary_fg_median": 620.1779174804688,
  "summary_fg_n": 43934.0,
  "summary_fg_p05": 392.1432846069336,
  "summary_fg_p95": 1030.6577453613281,
  "summary_fg_stdv": 198.27392578125,
  "tsnr": 58.74157061800361
}