{
  "aor": 0.004162875000000001,
  "aqi": 0.0108684718125,
  "bids_meta": {
    "BandwidthPerPixelPhaseEncode": 31.25,
    "EchoTime": 0.025,
    "EffectiveEchoSpacing": 0.0005,
    "FlipAngle": 75,
    "ImageType": [
      "ORIGINAL",
      "PRIMARY",
      "M",
      "ND",
      "MOSAIC"
    ],
    "MagneticFieldStrength": 3,
    "Manufacturer": "Siemens",
    "ManufacturersModelName": "TrioTim",
    "Modality": "MR",
    "PhaseEncodingDirection": "j-",
    "PixelBandwidth": 3005,
    "RepetitionTime": 3,
    "ScanningSequence": "EP",
    "SequenceVariant": "SK",
    "SliceThickness": 3,
    "SliceTiming": [
      0,
      1.5225,
      0.055,
      1.58,
      0.1125,
      1.635,
      0.1675,
      1.6925,
      0.225,
      1.75,
      0.2825,
      1.805,
      0.3375,
      1.8625,
      0.395,
      1.9175,
      0.45,
      1.975,
      0.5075,
      2.03,
      0.5625,
      2.0875,
      0.62,
      2.145,
      0.6775,
      2.2,
      0.7325,
      2.2575,
      0.79,
      2.3125,
      0.845,
      2.37,
      0.9025,
      2.425,
      0.9575,
      2.4825,
      1.015,
      2.54,
      1.0725,
      2.595,
      1.1275,
      2.6525,
      1.185,
      2.7075,
      1.24,
      2.765,
      1.2975,
      2.8225,
      1.355,
      2.8775,
      1.41,
      2.935,
      1.4675
    ],
    "SpacingBetweenSlices": 3,
    "TaskName": "rest",
    "TotalReadoutTime": 0.0315,
    "dataset": "ds002843",
    "modality": "bold",
    "session_id": "scan1",
    "subject_id": "dmp0760",
    "task_id": "rest"
  },
  "dummy_trs": 0,
  "dvars_nstd": 30.207323902201267,
  "dvars_std": 0.9435198537106914,
  "dvars_vstd": 0.8829501389308182,
  "efc": 0.5982965000415764,
  "fber": 240.3643798828125,
  "fd_mean": 0.2503158727032245,
  "fd_num": 61,
  "fd_perc": 38.125,
  "fwhm_avg": 2.5507233333333335,
  "fwhm_x": 2.2551833333333335,
  "fwhm_y": 2.5363599999999997,
  "fwhm_z": 2.8606266666666667,
  "gcor": 0.032634,
  "gsr_x": -0.008066694252192974,
  "gsr_y": 0.06518947333097458,
  "provenance": {
    "md5sum": "0d1323598fb2e484b5eeaa98ef87ccbe",
    "settings": {
      "fd_thres": 0.2,
      "testing": false
    },
    "software": "mriqc",
    "version": "21.0.0rc2",
    "webapi_port": null,
    "webapi_url": "https://mriqc.nimh.nih.gov/api/v1"
  },
  "size_t": 160,
  "size_x": 64,
  "size_y": 64,
  "size_z": 53,
  "snr": 3.0438266263522036,
  "spacing_tr": 3.0,
  "spacing_x": 3.0,
  "spacing_y": 3.0,
  "spacing_z": 3.0,
  "summary_bg_k": 27.273409082266053,
  "summary_bg_mad": 18.00434955984168,
  "summary_bg_mean": 75.22758483886719,
  "summary_bg_median": 38.79999923706055,
  "summary_bg_n": 127802.0,
  "summary_bg_p05": 25.481250762939453,
  "summary_bg_p95": 241.58719635009763,
  "summary_bg_stdv": 89.30064392089844,
  "summary_fg_k": 1.5620381626861723,
  "summary_fg_mad": 179.90451295178914,
  "summary_fg_mean": 650.660400390625,
  "summary_fg_median": 614.3562622070312,
  "summary_fg_n": 44003.0,
  "summary_fg_p05": 386.1568695068359,
  "summary_fg_p95": 1032.363757324219,
  "summary_fg_stdv": 201.8345184326172,
  "tsnr": 37.494233436882496
}