{
  "aor": 0.020504854368932037,
  "aqi": 0.004121742330097088,
  "bids_meta": {
    "BandwidthPerPixelPhaseEncode": 31.25,
    "EchoTime": 0.025,
    "EffectiveEchoSpacing": 0.0005,
    "FlipAngle": 75,
    "ImageType": [
      "ORIGINAL",
      "PRIMARY",
      "M",
      "ND",
      "MOSAIC"
    ],
    "MagneticFieldStrength": 3,
    "Manufacturer": "Siemens",
    "ManufacturersModelName": "TrioTim",
    "Modality": "MR",
    "PhaseEncodingDirection": "j-",
    "PixelBandwidth": 3005,
    "RepetitionTime": 3,
    "ScanningSequence": "EP",
    "SequenceVariant": "SK",
    "SliceThickness": 3,
    "SliceTiming": [
      0,
      1.5225,
      0.055,
      1.58,
      0.1125,
      1.6375,
      0.17,
      1.6925,
      0.225,
      1.75,
      0.2825,
      1.805,
      0.3375,
      1.8625,
      0.395,
      1.92,
      0.45,
      1.975,
      0.5075,
      2.0325,
      0.565,
      2.0875,
      0.62,
      2.145,
      0.6775,
      2.2,
      0.7325,
      2.2575,
      0.79,
      2.315,
      0.8475,
      2.37,
      0.9025,
      2.4275,
      0.96,
      2.4825,
      1.015,
      2.54,
      1.0725,
      2.595,
      1.1275,
      2.6525,
      1.185,
      2.71,
      1.2425,
      2.765,
      1.2975,
      2.8225,
      1.355,
      2.8775,
      1.41,
      2.935,
      1.4675
    ],
    "SpacingBetweenSlices": 3,
    "TaskName": "intertemporal choice task",
    "TotalReadoutTime": 0.0315,
    "dataset": "ds002843",
    "modality": "bold",
    "run_id": 1,
    "session_id": "scan1",
    "subject_id": "dmp1226",
    "task_id": "itc"
  },
  "dummy_trs": 1,
  "dvars_nstd": 23.48762563627451,
  "dvars_std": 1.3132251425490193,
  "dvars_vstd": 1.1761941193137257,
  "efc": 0.6093817054633314,
  "fber": 267.8870849609375,
  "fd_mean": 0.07204760476168168,
  "fd_num": 5,
  "fd_perc": 4.854368932038835,
  "fwhm_avg": 2.6740866666666663,
  "fwhm_x": 2.40891,
  "fwhm_y": 2.6211033333333336,
  "fwhm_z": 2.9922466666666665,
  "gcor": 0.0255213,
  "gsr_x": -0.026085125282406807,
  "gsr_y": 0.09367380291223526,
  "provenance": {
    "md5sum": "fded162ad083599cdef674eb33217fd0",
    "settings": {
      "fd_thres": 0.2,
      "testing": false
    },
    "software": "mriqc",
    "version": "21.0.0rc2",
    "webapi_port": null,
    "webapi_url": "https://mriqc.nimh.nih.gov/api/v1"
  },
  "size_t": 103,
  "size_x": 64,
  "size_y": 64,
  "size_z": 53,
  "snr": 2.9310494822315265,
  "spacing_tr": 3.0,
  "spacing_x": 3.0,
  "spacing_y": 3.0,
  "spacing_z": 3.0,
  "summary_bg_k": 12.913643409895565,
  "summary_bg_mad": 16.841208348691914,
  "summary_bg_mean": 99.22820281982422,
  "summary_bg_median": 40.213592529296875,
  "summary_bg_n": 126226.0,
  "summary_bg_p05": 27.961164474487305,
  "summary_bg_p95": 388.75243377685547,
  "summary_bg_stdv": 139.11395263671875,
  "summary_fg_k": 1.4526107081839195,
  "summary_fg_mad": 205.8370210920761,
  "summary_fg_mean": 732.7481689453125,
  "summary_fg_median": 691.5291748046875,
  "summary_fg_n": 44020.0,
  "summary_fg_p05": 429.00921936035155,
  "summary_fg_p95": 1188.872869873046,
  "summary_fg_stdv": 235.92959594726562,
  "tsnr": 67.82606243377086
}