{
  "aor": 0.002006375,
  "aqi": 0.0031551888124999997,
  "bids_meta": {
    "BandwidthPerPixelPhaseEncode": 31.25,
    "EchoTime": 0.025,
    "EffectiveEchoSpacing": 0.0005,
    "FlipAngle": 75,
    "ImageType": [
      "ORIGINAL",
      "PRIMARY",
      "M",
      "ND",
      "MOSAIC"
    ],
    "MagneticFieldStrength": 3,
    "Manufacturer": "Siemens",
    "ManufacturersModelName": "TrioTim",
    "Modality": "MR",
    "PhaseEncodingDirection": "j-",
    "PixelBandwidth": 3005,
    "RepetitionTime": 3,
    "ScanningSequence": "EP",
    "SequenceVariant": "SK",
    "SliceThickness": 3,
    "SliceTiming": [
      0,
      1.5225,
      0.055,
      1.58,
      0.1125,
      1.635,
      0.1675,
      1.6925,
      0.225,
      1.75,
      0.2825,
      1.805,
      0.3375,
      1.8625,
      0.395,
      1.9175,
      0.45,
      1.975,
      0.5075,
      2.03,
      0.5625,
      2.0875,
      0.62,
      2.145,
      0.6775,
      2.2,
      0.7325,
      2.2575,
      0.79,
      2.3125,
      0.845,
      2.37,
      0.9025,
      2.425,
      0.9575,
      2.4825,
      1.015,
      2.54,
      1.0725,
      2.595,
      1.1275,
      2.6525,
      1.185,
      2.7075,
      1.24,
      2.765,
      1.2975,
      2.8225,
      1.355,
      2.8775,
      1.41,
      2.935,
      1.4675
    ],
    "SpacingBetweenSlices": 3,
    "TaskName": "rest",
    "TotalReadoutTime": 0.0315,
    "dataset": "ds002843",
    "modality": "bold",
    "session_id": "scan2",
    "subject_id": "dmp0929",
    "task_id": "rest"
  },
  "dummy_trs": 0,
  "dvars_nstd": 19.10230435666666,
  "dvars_std": 1.1371752179874215,
  "dvars_vstd": 0.9898573628301893,
  "efc": 0.5631582763875885,
  "fber": 444.8301696777344,
  "fd_mean": 0.06270977248870795,
  "fd_num": 7,
  "fd_perc": 4.375,
  "fwhm_avg": 2.4812266666666667,
  "fwhm_x": 2.3764933333333333,
  "fwhm_y": 2.41508,
  "fwhm_z": 2.6521066666666666,
  "gcor": 0.0596499,
  "gsr_x": -0.008360078558325768,
  "gsr_y": 0.05683080106973648,
  "provenance": {
    "md5sum": "43cb969ab00666e40b49a5778a7c8841",
    "settings": {
      "fd_thres": 0.2,
      "testing": false
    },
    "software": "mriqc",
    "version": "21.0.0rc2",
    "webapi_port": null,
    "webapi_url": "https://mriqc.nimh.nih.gov/api/v1"
  },
  "size_t": 160,
  "size_x": 64,
  "size_y": 64,
  "size_z": 53,
  "snr": 3.447811376462388,
  "spacing_tr": 3.0,
  "spacing_x": 3.0,
  "spacing_y": 3.0,
  "spacing_z": 3.0,
  "summary_bg_k": 43.01381880480931,
  "summary_bg_mad": 7.22768581521481,
  "summary_bg_mean": 53.71137619018555,
  "summary_bg_median": 29.3125,
  "summary_bg_n": 131122.0,
  "summary_bg_p05": 24.05000114440918,
  "summary_bg_p95": 175.05625915527344,
  "summary_bg_stdv": 65.64847564697266,
  "summary_fg_k": 1.295423219522534,
  "summary_fg_mad": 165.00437875397944,
  "summary_fg_mean": 654.044189453125,
  "summary_fg_median": 624.7875366210938,
  "summary_fg_n": 43425.0,
  "summary_fg_p05": 410.8362670898438,
  "summary_fg_p95": 990.5325073242185,
  "summary_fg_stdv": 181.21070861816406,
  "tsnr": 79.08378183469176
}