{
  "aor": 0.002970673076923077,
  "aqi": 0.0027760164423076923,
  "bids_meta": {
    "BandwidthPerPixelPhaseEncode": 31.25,
    "EchoTime": 0.025,
    "EffectiveEchoSpacing": 0.0005,
    "FlipAngle": 75,
    "ImageType": [
      "ORIGINAL",
      "PRIMARY",
      "M",
      "ND",
      "MOSAIC"
    ],
    "MagneticFieldStrength": 3,
    "Manufacturer": "Siemens",
    "ManufacturersModelName": "TrioTim",
    "Modality": "MR",
    "PhaseEncodingDirection": "j-",
    "PixelBandwidth": 3005,
    "RepetitionTime": 3,
    "ScanningSequence": "EP",
    "SequenceVariant": "SK",
    "SliceThickness": 3,
    "SliceTiming": [
      0,
      1.5225,
      0.055,
      1.58,
      0.1125,
      1.6375,
      0.17,
      1.6925,
      0.225,
      1.75,
      0.2825,
      1.805,
      0.3375,
      1.8625,
      0.395,
      1.92,
      0.45,
      1.975,
      0.5075,
      2.0325,
      0.565,
      2.0875,
      0.62,
      2.145,
      0.6775,
      2.2,
      0.7325,
      2.2575,
      0.79,
      2.315,
      0.8475,
      2.37,
      0.9025,
      2.4275,
      0.96,
      2.4825,
      1.015,
      2.54,
      1.0725,
      2.595,
      1.1275,
      2.6525,
      1.185,
      2.71,
      1.2425,
      2.765,
      1.2975,
      2.8225,
      1.355,
      2.8775,
      1.41,
      2.935,
      1.4675
    ],
    "SpacingBetweenSlices": 3,
    "TaskName": "risk choice task",
    "TotalReadoutTime": 0.0315,
    "dataset": "ds002843",
    "modality": "bold",
    "run_id": 1,
    "session_id": "scan2",
    "subject_id": "dmp0929",
    "task_id": "risk"
  },
  "dummy_trs": 0,
  "dvars_nstd": 20.16706724980582,
  "dvars_std": 1.1422386492233012,
  "dvars_vstd": 0.996120627378641,
  "efc": 0.5630980230581752,
  "fber": 438.95281982421875,
  "fd_mean": 0.09197401311515371,
  "fd_num": 9,
  "fd_perc": 8.653846153846153,
  "fwhm_avg": 2.4468933333333336,
  "fwhm_x": 2.3202233333333333,
  "fwhm_y": 2.3923900000000002,
  "fwhm_z": 2.6280666666666668,
  "gcor": 0.0652126,
  "gsr_x": -0.008686759509146214,
  "gsr_y": 0.055015310645103455,
  "provenance": {
    "md5sum": "c85dca3bad73c685837fa8d7d2bcc58f",
    "settings": {
      "fd_thres": 0.2,
      "testing": false
    },
    "software": "mriqc",
    "version": "21.0.0rc2",
    "webapi_port": null,
    "webapi_url": "https://mriqc.nimh.nih.gov/api/v1"
  },
  "size_t": 104,
  "size_x": 64,
  "size_y": 64,
  "size_z": 53,
  "snr": 3.4508456566759786,
  "spacing_tr": 3.0,
  "spacing_x": 3.0,
  "spacing_y": 3.0,
  "spacing_z": 3.0,
  "summary_bg_k": 40.59907168575619,
  "summary_bg_mad": 8.011755166259677,
  "summary_bg_mean": 53.70475769042969,
  "summary_bg_median": 29.557693481445312,
  "summary_bg_n": 131164.0,
  "summary_bg_p05": 23.288461685180664,
  "summary_bg_p95": 175.5865478515625,
  "summary_bg_stdv": 64.75927734375,
  "summary_fg_k": 1.3202567490950265,
  "summary_fg_mad": 165.28164274308475,
  "summary_fg_mean": 655.4249267578125,
  "summary_fg_median": 625.8942260742188,
  "summary_fg_n": 43435.0,
  "summary_fg_p05": 411.38367309570316,
  "summary_fg_p95": 994.2856079101558,
  "summary_fg_stdv": 181.3720703125,
  "tsnr": 80.74192713573575
}