{
  "aor": 0.0017620754716981134,
  "aqi": 0.007247394276729559,
  "bids_meta": {
    "BandwidthPerPixelPhaseEncode": 31.25,
    "EchoTime": 0.025,
    "EffectiveEchoSpacing": 0.0005,
    "FlipAngle": 75,
    "ImageType": [
      "ORIGINAL",
      "PRIMARY",
      "M",
      "ND",
      "MOSAIC"
    ],
    "MagneticFieldStrength": 3,
    "Manufacturer": "Siemens",
    "ManufacturersModelName": "TrioTim",
    "Modality": "MR",
    "PhaseEncodingDirection": "j-",
    "PixelBandwidth": 3005,
    "RepetitionTime": 3,
    "ScanningSequence": "EP",
    "SequenceVariant": "SK",
    "SliceThickness": 3,
    "SliceTiming": [
      0,
      1.5225,
      0.055,
      1.58,
      0.1125,
      1.635,
      0.1675,
      1.6925,
      0.225,
      1.75,
      0.2825,
      1.805,
      0.3375,
      1.8625,
      0.395,
      1.9175,
      0.45,
      1.975,
      0.5075,
      2.03,
      0.5625,
      2.0875,
      0.62,
      2.145,
      0.6775,
      2.2,
      0.7325,
      2.2575,
      0.79,
      2.3125,
      0.845,
      2.37,
      0.9025,
      2.425,
      0.9575,
      2.4825,
      1.015,
      2.54,
      1.0725,
      2.595,
      1.1275,
      2.6525,
      1.185,
      2.7075,
      1.24,
      2.765,
      1.2975,
      2.8225,
      1.355,
      2.8775,
      1.41,
      2.935,
      1.4675
    ],
    "SpacingBetweenSlices": 3,
    "TaskName": "rest",
    "TotalReadoutTime": 0.0315,
    "dataset": "ds002843",
    "modality": "bold",
    "session_id": "scan2",
    "subject_id": "dmp1135",
    "task_id": "rest"
  },
  "dummy_trs": 1,
  "dvars_nstd": 24.12788666284809,
  "dvars_std": 1.0276068370253164,
  "dvars_vstd": 0.9449909696202531,
  "efc": 0.6309407560918393,
  "fber": 171.3618621826172,
  "fd_mean": 0.13404811129767366,
  "fd_num": 25,
  "fd_perc": 15.723270440251572,
  "fwhm_avg": 2.5854634774270875,
  "fwhm_x": 2.3170333333333333,
  "fwhm_y": 2.5241668672694257,
  "fwhm_z": 2.9151902316785043,
  "gcor": 0.013501,
  "gsr_x": 0.003344673663377762,
  "gsr_y": 0.09016060084104538,
  "provenance": {
    "md5sum": "6146a66270c2280e5d8921f50f10ab53",
    "settings": {
      "fd_thres": 0.2,
      "testing": false
    },
    "software": "mriqc",
    "version": "21.0.0rc2",
    "webapi_port": null,
    "webapi_url": "https://mriqc.nimh.nih.gov/api/v1"
  },
  "size_t": 159,
  "size_x": 64,
  "size_y": 64,
  "size_z": 53,
  "snr": 2.6329904570937606,
  "spacing_tr": 3.0,
  "spacing_x": 3.0,
  "spacing_y": 2.999999761581421,
  "spacing_z": 2.999999761581421,
  "summary_bg_k": 17.016868982479007,
  "summary_bg_mad": 23.98272424431615,
  "summary_bg_mean": 80.66188049316406,
  "summary_bg_median": 43.786163330078125,
  "summary_bg_n": 114849.0,
  "summary_bg_p05": 25.823898315429688,
  "summary_bg_p95": 259.87420654296875,
  "summary_bg_stdv": 91.49266815185547,
  "summary_fg_k": 2.302104920132961,
  "summary_fg_mad": 194.14628091176084,
  "summary_fg_mean": 640.4623413085938,
  "summary_fg_median": 595.5031127929688,
  "summary_fg_n": 53827.0,
  "summary_fg_p05": 355.2081573486328,
  "summary_fg_p95": 1068.6093749999998,
  "summary_fg_stdv": 226.1677703857422,
  "tsnr": 51.09890022058971
}