{
  "aor": 0.0030061538461538463,
  "aqi": 0.0027167991346153846,
  "bids_meta": {
    "BandwidthPerPixelPhaseEncode": 31.25,
    "EchoTime": 0.025,
    "EffectiveEchoSpacing": 0.0005,
    "FlipAngle": 75,
    "ImageType": [
      "ORIGINAL",
      "PRIMARY",
      "M",
      "ND",
      "MOSAIC"
    ],
    "MagneticFieldStrength": 3,
    "Manufacturer": "Siemens",
    "ManufacturersModelName": "TrioTim",
    "Modality": "MR",
    "PhaseEncodingDirection": "j-",
    "PixelBandwidth": 3005,
    "RepetitionTime": 3,
    "ScanningSequence": "EP",
    "SequenceVariant": "SK",
    "SliceThickness": 3,
    "SliceTiming": [
      0,
      1.5225,
      0.055,
      1.58,
      0.1125,
      1.6375,
      0.17,
      1.6925,
      0.225,
      1.75,
      0.2825,
      1.805,
      0.3375,
      1.8625,
      0.395,
      1.92,
      0.45,
      1.975,
      0.5075,
      2.0325,
      0.565,
      2.0875,
      0.62,
      2.145,
      0.6775,
      2.2,
      0.7325,
      2.2575,
      0.79,
      2.315,
      0.8475,
      2.37,
      0.9025,
      2.4275,
      0.96,
      2.4825,
      1.015,
      2.54,
      1.0725,
      2.595,
      1.1275,
      2.6525,
      1.185,
      2.71,
      1.2425,
      2.765,
      1.2975,
      2.8225,
      1.355,
      2.8775,
      1.41,
      2.935,
      1.4675
    ],
    "SpacingBetweenSlices": 3,
    "TaskName": "risk choice task",
    "TotalReadoutTime": 0.0315,
    "dataset": "ds002843",
    "modality": "bold",
    "run_id": 1,
    "session_id": "scan1",
    "subject_id": "dmp1028",
    "task_id": "risk"
  },
  "dummy_trs": 0,
  "dvars_nstd": 21.928822971165044,
  "dvars_std": 1.1396587417475728,
  "dvars_vstd": 0.9980575562135922,
  "efc": 0.5531263315719959,
  "fber": 336.7362060546875,
  "fd_mean": 0.12793121750160252,
  "fd_num": 11,
  "fd_perc": 10.576923076923077,
  "fwhm_avg": 2.376691111111111,
  "fwhm_x": 2.2766866666666665,
  "fwhm_y": 2.32491,
  "fwhm_z": 2.5284766666666667,
  "gcor": 0.0141156,
  "gsr_x": -0.008581237867474556,
  "gsr_y": 0.027965053915977478,
  "provenance": {
    "md5sum": "44919c233377d5c5e6fb2c245a8b0802",
    "settings": {
      "fd_thres": 0.2,
      "testing": false
    },
    "software": "mriqc",
    "version": "21.0.0rc2",
    "webapi_port": null,
    "webapi_url": "https://mriqc.nimh.nih.gov/api/v1"
  },
  "size_t": 104,
  "size_x": 64,
  "size_y": 64,
  "size_z": 53,
  "snr": 3.5925699645524753,
  "spacing_tr": 3.0,
  "spacing_x": 3.0,
  "spacing_y": 3.0,
  "spacing_z": 3.0,
  "summary_bg_k": 53.66859780322121,
  "summary_bg_mad": 10.021820112897064,
  "summary_bg_mean": 56.05323028564453,
  "summary_bg_median": 30.730770111083984,
  "summary_bg_n": 141212.0,
  "summary_bg_p05": 23.365385055541992,
  "summary_bg_p95": 162.9177932739256,
  "summary_bg_stdv": 70.2978286743164,
  "summary_fg_k": 1.3136189126969855,
  "summary_fg_mad": 145.35204927684325,
  "summary_fg_mean": 599.8567504882812,
  "summary_fg_median": 574.3077392578125,
  "summary_fg_n": 35412.0,
  "summary_fg_p05": 384.9572219848633,
  "summary_fg_p95": 900.0721557617185,
  "summary_fg_stdv": 159.85760498046875,
  "tsnr": 77.56821621162817
}