{
  "bids_meta": {
    "EchoTime": 0.00311,
    "FlipAngle": 15,
    "ImageType": [
      "ORIGINAL",
      "PRIMARY",
      "M",
      "ND",
      "NORM"
    ],
    "InversionTime": 1.1,
    "MagneticFieldStrength": 3,
    "Manufacturer": "Siemens",
    "ManufacturersModelName": "TrioTim",
    "Modality": "MR",
    "RepetitionTime": 1.63,
    "ScanningSequence": "GR_IR",
    "SequenceVariant": "SP_MP",
    "SliceThickness": 1,
    "dataset": "ds002843",
    "modality": "T1w",
    "session_id": "scan1",
    "subject_id": "dmp0897"
  },
  "cjv": 0.4537200676469377,
  "cnr": 2.787989630102547,
  "efc": 0.5980898117787117,
  "fber": 12509.58203125,
  "fwhm_avg": 3.419422888888889,
  "fwhm_x": 3.221792,
  "fwhm_y": 3.8945066666666666,
  "fwhm_z": 3.14197,
  "icvs_csf": 0.1796975291571383,
  "icvs_gm": 0.43835548790705553,
  "icvs_wm": 0.3819469829358062,
  "inu_med": 0.9877647161483765,
  "inu_range": 0.21930601000785832,
  "provenance": {
    "md5sum": "486418115378cdf5469c0d225cbb5ea0",
    "settings": {
      "testing": false
    },
    "software": "mriqc",
    "version": "21.0.0rc2",
    "warnings": {
      "large_rot_frame": true,
      "small_air_mask": false
    },
    "webapi_port": null,
    "webapi_url": "https://mriqc.nimh.nih.gov/api/v1"
  },
  "qi_1": 0.0025358782579250863,
  "qi_2": 0.009852195217167844,
  "rpve_csf": 16.320941491639864,
  "rpve_gm": 7.358456056938764,
  "rpve_wm": 9.729472678510305,
  "size_x": 192,
  "size_y": 256,
  "size_z": 160,
  "snr_csf": 1.9581933638348876,
  "snr_gm": 13.156922625477536,
  "snr_total": 14.205334491291282,
  "snr_wm": 27.500887484561424,
  "snrd_csf": 41.20431688761667,
  "snrd_gm": 82.88153466258878,
  "snrd_total": 75.88362679938295,
  "snrd_wm": 103.56502884794342,
  "spacing_x": 0.9375,
  "spacing_y": 0.9375,
  "spacing_z": 1.0,
  "summary_bg_k": 9.251734557824879,
  "summary_bg_mad": 6.325932042819156,
  "summary_bg_mean": 8.95852279663086,
  "summary_bg_median": 6.414389610290527,
  "summary_bg_n": 2187683.0,
  "summary_bg_p05": 0.0,
  "summary_bg_p95": 29.953928184509277,
  "summary_bg_stdv": 10.46525764465332,
  "summary_csf_k": 38.9041297228735,
  "summary_csf_mad": 104.89130174267139,
  "summary_csf_mean": 448.7933349609375,
  "summary_csf_median": 397.86480712890625,
  "summary_csf_n": 27323.0,
  "summary_csf_p05": 280.4471466064453,
  "summary_csf_p95": 686.9765808105468,
  "summary_csf_stdv": 203.17581176757812,
  "summary_gm_k": 0.19903819219300312,
  "summary_gm_mad": 56.078451613707315,
  "summary_gm_mean": 806.4037475585938,
  "summary_gm_median": 800.2958984375,
  "summary_gm_n": 30266.0,
  "summary_gm_p05": 716.3334197998047,
  "summary_gm_p95": 920.3686676025391,
  "summary_gm_stdv": 60.82597732543945,
  "summary_wm_k": 0.7391607170113503,
  "summary_wm_mad": 34.53751006065096,
  "summary_wm_mean": 1001.7669677734375,
  "summary_wm_median": 1000.013671875,
  "summary_wm_n": 229262.0,
  "summary_wm_p05": 945.6203308105469,
  "summary_wm_p95": 1064.0250183105468,
  "summary_wm_stdv": 36.36288070678711,
  "tpm_overlap_csf": 0.18121859431266785,
  "tpm_overlap_gm": 0.46255582571029663,
  "tpm_overlap_wm": 0.49256443977355957,
  "wm2max": 0.5059584419982096
}