{
  "bids_meta": {
    "EchoTime": 0.09,
    "FlipAngle": 180,
    "ImageType": [
      "ORIGINAL",
      "PRIMARY",
      "M",
      "ND",
      "NORM"
    ],
    "ImagingFrequency": 123.204,
    "MagneticFieldStrength": 3,
    "Manufacturer": "Siemens",
    "ManufacturersModelName": "TrioTim",
    "Modality": "MR",
    "PhaseEncodingDirection": "i",
    "RepetitionTime": 7,
    "ScanningSequence": "SE",
    "SequenceVariant": "SK_SP_OSP",
    "SliceThickness": 3,
    "SpacingBetweenSlices": 3,
    "dataset": "ds002843",
    "modality": "T2w",
    "session_id": "scan1",
    "subject_id": "dmp0034"
  },
  "cjv": 0.49230598754178345,
  "cnr": 2.7388725816251536,
  "efc": 0.6081583211488986,
  "fber": 644.84315781874,
  "fwhm_avg": 2.6973263609992064,
  "fwhm_x": 2.8927600000000004,
  "fwhm_y": 3.550853333333333,
  "fwhm_z": 1.648365749664287,
  "icvs_csf": 0.11683788518092157,
  "icvs_gm": 0.45262172083387736,
  "icvs_wm": 0.43054039398520105,
  "inu_med": 1.0767221450805664,
  "inu_range": 0.2552739232778549,
  "provenance": {
    "md5sum": "04c0fc0ae22ea0fa5fff62b9b42f9188",
    "settings": {
      "testing": false
    },
    "software": "mriqc",
    "version": "21.0.0rc2",
    "warnings": {
      "large_rot_frame": false,
      "small_air_mask": false
    },
    "webapi_port": null,
    "webapi_url": "https://mriqc.nimh.nih.gov/api/v1"
  },
  "qi_1": 0.0,
  "qi_2": 0.0019303944877219657,
  "rpve_csf": 22.36815957347009,
  "rpve_gm": 5.904387279387279,
  "rpve_wm": 6.8085211977654065,
  "size_x": 256,
  "size_y": 256,
  "size_z": 44,
  "snr_csf": 2.574702054634465,
  "snr_gm": 10.77410205554465,
  "snr_total": 7.0522946831827324,
  "snr_wm": 7.808079939369083,
  "snrd_csf": 41.24290524071873,
  "snrd_gm": 25.860149939265753,
  "snrd_total": 27.908925809662453,
  "snrd_wm": 16.623722249002878,
  "spacing_x": 0.75,
  "spacing_y": 0.75,
  "spacing_z": 3.0000016689300537,
  "summary_bg_k": 30.321358650511108,
  "summary_bg_mad": 40.21803865895718,
  "summary_bg_mean": 52.176345646950104,
  "summary_bg_median": 34.68809174001217,
  "summary_bg_n": 851056.0,
  "summary_bg_p05": 2.7410208731889725,
  "summary_bg_p95": 150.85066598653793,
  "summary_bg_stdv": 63.765288909515085,
  "summary_csf_k": 0.2123785199076753,
  "summary_csf_mad": 627.093111494193,
  "summary_csf_mean": 2465.890796596246,
  "summary_csf_median": 2531.8526251763105,
  "summary_csf_n": 58826.0,
  "summary_csf_p05": 544.9433049783111,
  "summary_csf_p95": 4010.2789439074695,
  "summary_csf_stdv": 983.349160996736,
  "summary_gm_k": -0.026423244134259782,
  "summary_gm_mad": 147.83982851986,
  "summary_gm_mean": 1595.393141924778,
  "summary_gm_median": 1587.5236753821373,
  "summary_gm_n": 234598.0,
  "summary_gm_p05": 1367.6748977601528,
  "summary_gm_p95": 1851.4178228974342,
  "summary_gm_stdv": 147.34594898919315,
  "summary_wm_k": -0.051490332419168006,
  "summary_wm_mad": 131.30418893185671,
  "summary_wm_mean": 1012.9120487239683,
  "summary_wm_median": 1020.5104264765978,
  "summary_wm_n": 239938.0,
  "summary_wm_p05": 785.2552211880684,
  "summary_wm_p95": 1215.2174264341593,
  "summary_wm_stdv": 130.69900766718823,
  "tpm_overlap_csf": 0.16496381163597107,
  "tpm_overlap_gm": 0.4528471529483795,
  "tpm_overlap_wm": 0.4867851436138153,
  "wm2max": 0.22050894534760232
}