{
  "aor": 0.0011734615384615386,
  "aqi": 0.002555025865384616,
  "bids_meta": {
    "BandwidthPerPixelPhaseEncode": 31.25,
    "EchoTime": 0.025,
    "EffectiveEchoSpacing": 0.0005,
    "FlipAngle": 75,
    "ImageType": [
      "ORIGINAL",
      "PRIMARY",
      "M",
      "ND",
      "MOSAIC"
    ],
    "MagneticFieldStrength": 3,
    "Manufacturer": "Siemens",
    "ManufacturersModelName": "TrioTim",
    "Modality": "MR",
    "PhaseEncodingDirection": "j-",
    "PixelBandwidth": 3005,
    "RepetitionTime": 3,
    "ScanningSequence": "EP",
    "SequenceVariant": "SK",
    "SliceThickness": 3,
    "SliceTiming": [
      0,
      1.5225,
      0.055,
      1.58,
      0.1125,
      1.6375,
      0.17,
      1.6925,
      0.225,
      1.75,
      0.2825,
      1.805,
      0.3375,
      1.8625,
      0.395,
      1.92,
      0.45,
      1.975,
      0.5075,
      2.0325,
      0.565,
      2.0875,
      0.62,
      2.145,
      0.6775,
      2.2,
      0.7325,
      2.2575,
      0.79,
      2.315,
      0.8475,
      2.37,
      0.9025,
      2.4275,
      0.96,
      2.4825,
      1.015,
      2.54,
      1.0725,
      2.595,
      1.1275,
      2.6525,
      1.185,
      2.71,
      1.2425,
      2.765,
      1.2975,
      2.8225,
      1.355,
      2.8775,
      1.41,
      2.935,
      1.4675
    ],
    "SpacingBetweenSlices": 3,
    "TaskName": "intertemporal choice task",
    "TotalReadoutTime": 0.0315,
    "dataset": "ds002843",
    "modality": "bold",
    "run_id": 4,
    "session_id": "scan1",
    "subject_id": "dmp0509",
    "task_id": "itc"
  },
  "dummy_trs": 0,
  "dvars_nstd": 19.334518080097084,
  "dvars_std": 1.1587552518446607,
  "dvars_vstd": 0.9936900547572817,
  "efc": 0.5652188293839843,
  "fber": 328.7944641113281,
  "fd_mean": 0.048344037252759375,
  "fd_num": 1,
  "fd_perc": 0.9615384615384616,
  "fwhm_avg": 2.7211288888888885,
  "fwhm_x": 2.5469399999999998,
  "fwhm_y": 2.60697,
  "fwhm_z": 3.0094766666666666,
  "gcor": 0.0305441,
  "gsr_x": -0.01209293119609356,
  "gsr_y": 0.04616478085517883,
  "provenance": {
    "md5sum": "f84ea9dcd845426e71e144d3022407b9",
    "settings": {
      "fd_thres": 0.2,
      "testing": false
    },
    "software": "mriqc",
    "version": "21.0.0rc2",
    "webapi_port": null,
    "webapi_url": "https://mriqc.nimh.nih.gov/api/v1"
  },
  "size_t": 104,
  "size_x": 64,
  "size_y": 64,
  "size_z": 53,
  "snr": 2.6640460786584055,
  "spacing_tr": 3.0,
  "spacing_x": 3.0,
  "spacing_y": 3.0,
  "spacing_z": 3.0,
  "summary_bg_k": 30.174443187726823,
  "summary_bg_mad": 12.06040099118158,
  "summary_bg_mean": 66.67242431640625,
  "summary_bg_median": 34.33654022216797,
  "summary_bg_n": 131797.0,
  "summary_bg_p05": 25.750001907348633,
  "summary_bg_p95": 214.14616394042966,
  "summary_bg_stdv": 84.66837310791016,
  "summary_fg_k": 3.479830642023707,
  "summary_fg_mad": 184.0422979275818,
  "summary_fg_mean": 691.7405395507812,
  "summary_fg_median": 637.8846435546875,
  "summary_fg_n": 41975.0,
  "summary_fg_p05": 412.35289001464844,
  "summary_fg_p95": 1170.200061035156,
  "summary_fg_stdv": 239.43919372558594,
  "tsnr": 89.07406564126723
}