{
  "aor": 0.0015178846153846154,
  "aqi": 0.004319392980769231,
  "bids_meta": {
    "BandwidthPerPixelPhaseEncode": 31.25,
    "EchoTime": 0.025,
    "EffectiveEchoSpacing": 0.0005,
    "FlipAngle": 75,
    "ImageType": [
      "ORIGINAL",
      "PRIMARY",
      "M",
      "ND",
      "MOSAIC"
    ],
    "MagneticFieldStrength": 3,
    "Manufacturer": "Siemens",
    "ManufacturersModelName": "TrioTim",
    "Modality": "MR",
    "PhaseEncodingDirection": "j-",
    "PixelBandwidth": 3005,
    "RepetitionTime": 3,
    "ScanningSequence": "EP",
    "SequenceVariant": "SK",
    "SliceThickness": 3,
    "SliceTiming": [
      0,
      1.5225,
      0.055,
      1.58,
      0.1125,
      1.6375,
      0.17,
      1.6925,
      0.225,
      1.75,
      0.2825,
      1.805,
      0.3375,
      1.8625,
      0.395,
      1.92,
      0.45,
      1.975,
      0.5075,
      2.0325,
      0.565,
      2.0875,
      0.62,
      2.145,
      0.6775,
      2.2,
      0.7325,
      2.2575,
      0.79,
      2.315,
      0.8475,
      2.37,
      0.9025,
      2.4275,
      0.96,
      2.4825,
      1.015,
      2.54,
      1.0725,
      2.595,
      1.1275,
      2.6525,
      1.185,
      2.71,
      1.2425,
      2.765,
      1.2975,
      2.8225,
      1.355,
      2.8775,
      1.41,
      2.935,
      1.4675
    ],
    "SpacingBetweenSlices": 3,
    "TaskName": "intertemporal choice task",
    "TotalReadoutTime": 0.0315,
    "dataset": "ds002843",
    "modality": "bold",
    "run_id": 2,
    "session_id": "scan1",
    "subject_id": "dmp0509",
    "task_id": "itc"
  },
  "dummy_trs": 0,
  "dvars_nstd": 20.384359138252425,
  "dvars_std": 1.1082173740776702,
  "dvars_vstd": 0.957982531067961,
  "efc": 0.5652933678268819,
  "fber": 328.3801574707031,
  "fd_mean": 0.05591991899526778,
  "fd_num": 1,
  "fd_perc": 0.9615384615384616,
  "fwhm_avg": 2.7457911111111106,
  "fwhm_x": 2.5795066666666666,
  "fwhm_y": 2.60301,
  "fwhm_z": 3.0548566666666663,
  "gcor": 0.0269119,
  "gsr_x": -0.011972892098128796,
  "gsr_y": 0.04533255100250244,
  "provenance": {
    "md5sum": "7dc0cefaa99be5c8309693d7832b9c5b",
    "settings": {
      "fd_thres": 0.2,
      "testing": false
    },
    "software": "mriqc",
    "version": "21.0.0rc2",
    "webapi_port": null,
    "webapi_url": "https://mriqc.nimh.nih.gov/api/v1"
  },
  "size_t": 104,
  "size_x": 64,
  "size_y": 64,
  "size_z": 53,
  "snr": 2.677951856556595,
  "spacing_tr": 3.0,
  "spacing_x": 3.0,
  "spacing_y": 3.0,
  "spacing_z": 3.0,
  "summary_bg_k": 29.906525544245163,
  "summary_bg_mad": 12.046140197518701,
  "summary_bg_mean": 66.83621215820312,
  "summary_bg_median": 34.221153259277344,
  "summary_bg_n": 132116.0,
  "summary_bg_p05": 25.58654022216797,
  "summary_bg_p95": 215.31732177734375,
  "summary_bg_stdv": 85.82220458984375,
  "summary_fg_k": 3.4275317776101204,
  "summary_fg_mad": 183.6644533497394,
  "summary_fg_mean": 689.2799682617188,
  "summary_fg_median": 635.735595703125,
  "summary_fg_n": 41960.0,
  "summary_fg_p05": 411.13368072509763,
  "summary_fg_p95": 1162.4154663085928,
  "summary_fg_stdv": 237.39337158203125,
  "tsnr": 74.61089451098815
}