{
  "aor": 0.003229711538461538,
  "aqi": 0.0020794578846153847,
  "bids_meta": {
    "BandwidthPerPixelPhaseEncode": 31.25,
    "EchoTime": 0.025,
    "EffectiveEchoSpacing": 0.0005,
    "FlipAngle": 75,
    "ImageType": [
      "ORIGINAL",
      "PRIMARY",
      "M",
      "ND",
      "MOSAIC"
    ],
    "MagneticFieldStrength": 3,
    "Manufacturer": "Siemens",
    "ManufacturersModelName": "TrioTim",
    "Modality": "MR",
    "PhaseEncodingDirection": "j-",
    "PixelBandwidth": 3005,
    "RepetitionTime": 3,
    "ScanningSequence": "EP",
    "SequenceVariant": "SK",
    "SliceThickness": 3,
    "SliceTiming": [
      0,
      1.5225,
      0.055,
      1.58,
      0.1125,
      1.6375,
      0.17,
      1.6925,
      0.225,
      1.75,
      0.2825,
      1.805,
      0.3375,
      1.8625,
      0.395,
      1.92,
      0.45,
      1.975,
      0.5075,
      2.0325,
      0.565,
      2.0875,
      0.62,
      2.145,
      0.6775,
      2.2,
      0.7325,
      2.2575,
      0.79,
      2.315,
      0.8475,
      2.37,
      0.9025,
      2.4275,
      0.96,
      2.4825,
      1.015,
      2.54,
      1.0725,
      2.595,
      1.1275,
      2.6525,
      1.185,
      2.71,
      1.2425,
      2.765,
      1.2975,
      2.8225,
      1.355,
      2.8775,
      1.41,
      2.935,
      1.4675
    ],
    "SpacingBetweenSlices": 3,
    "TaskName": "risk choice task",
    "TotalReadoutTime": 0.0315,
    "dataset": "ds002843",
    "modality": "bold",
    "run_id": 2,
    "session_id": "scan1",
    "subject_id": "dmp0169",
    "task_id": "risk"
  },
  "dummy_trs": 0,
  "dvars_nstd": 17.43586456941748,
  "dvars_std": 1.1432430158252422,
  "dvars_vstd": 0.9895353188349516,
  "efc": 0.5672685512794098,
  "fber": 431.0662536621094,
  "fd_mean": 0.08160510687933649,
  "fd_num": 2,
  "fd_perc": 1.9230769230769231,
  "fwhm_avg": 2.4484155555555556,
  "fwhm_x": 2.398613333333333,
  "fwhm_y": 2.378296666666667,
  "fwhm_z": 2.5683366666666667,
  "gcor": 0.0238817,
  "gsr_x": -0.003271815599873662,
  "gsr_y": 0.050354186445474625,
  "provenance": {
    "md5sum": "d1f3a8aeb40999d879d0cb9571927c76",
    "settings": {
      "fd_thres": 0.2,
      "testing": false
    },
    "software": "mriqc",
    "version": "21.0.0rc2",
    "webapi_port": null,
    "webapi_url": "https://mriqc.nimh.nih.gov/api/v1"
  },
  "size_t": 104,
  "size_x": 64,
  "size_y": 64,
  "size_z": 53,
  "snr": 3.130061750599077,
  "spacing_tr": 3.0,
  "spacing_x": 3.0,
  "spacing_y": 3.0,
  "spacing_z": 3.0,
  "summary_bg_k": 25.80018375727161,
  "summary_bg_mad": 11.504422331402665,
  "summary_bg_mean": 63.782081604003906,
  "summary_bg_median": 33.653846740722656,
  "summary_bg_n": 128255.0,
  "summary_bg_p05": 24.221155166625977,
  "summary_bg_p95": 215.93173675537076,
  "summary_bg_stdv": 79.8735122680664,
  "summary_fg_k": 2.1833751236759555,
  "summary_fg_mad": 198.2054293318967,
  "summary_fg_mean": 749.843994140625,
  "summary_fg_median": 708.673095703125,
  "summary_fg_n": 44928.0,
  "summary_fg_p05": 461.5389633178711,
  "summary_fg_p95": 1170.8971801757814,
  "summary_fg_stdv": 226.40614318847656,
  "tsnr": 89.14546008920297
}