{
  "aor": 0.013000865384615385,
  "aqi": 0.005902218365384616,
  "bids_meta": {
    "BandwidthPerPixelPhaseEncode": 31.25,
    "EchoTime": 0.025,
    "EffectiveEchoSpacing": 0.0005,
    "FlipAngle": 75,
    "ImageType": [
      "ORIGINAL",
      "PRIMARY",
      "M",
      "ND",
      "MOSAIC"
    ],
    "MagneticFieldStrength": 3,
    "Manufacturer": "Siemens",
    "ManufacturersModelName": "TrioTim",
    "Modality": "MR",
    "PhaseEncodingDirection": "j-",
    "PixelBandwidth": 3005,
    "RepetitionTime": 3,
    "ScanningSequence": "EP",
    "SequenceVariant": "SK",
    "SliceThickness": 3,
    "SliceTiming": [
      0,
      1.5225,
      0.055,
      1.58,
      0.1125,
      1.6375,
      0.17,
      1.6925,
      0.225,
      1.75,
      0.2825,
      1.805,
      0.3375,
      1.8625,
      0.395,
      1.92,
      0.45,
      1.975,
      0.5075,
      2.0325,
      0.565,
      2.0875,
      0.62,
      2.145,
      0.6775,
      2.2,
      0.7325,
      2.2575,
      0.79,
      2.315,
      0.8475,
      2.37,
      0.9025,
      2.4275,
      0.96,
      2.4825,
      1.015,
      2.54,
      1.0725,
      2.595,
      1.1275,
      2.6525,
      1.185,
      2.71,
      1.2425,
      2.765,
      1.2975,
      2.8225,
      1.355,
      2.8775,
      1.41,
      2.935,
      1.4675
    ],
    "SpacingBetweenSlices": 3,
    "TaskName": "intertemporal choice task",
    "TotalReadoutTime": 0.0315,
    "dataset": "ds002843",
    "modality": "bold",
    "run_id": 4,
    "session_id": "scan2",
    "subject_id": "dmp1000",
    "task_id": "itc"
  },
  "dummy_trs": 0,
  "dvars_nstd": 27.595074163203883,
  "dvars_std": 1.185756229708738,
  "dvars_vstd": 1.043936691067961,
  "efc": 0.6060052163411798,
  "fber": 236.8395233154297,
  "fd_mean": 0.20073477395774372,
  "fd_num": 29,
  "fd_perc": 27.884615384615383,
  "fwhm_avg": 2.704187777777778,
  "fwhm_x": 2.5383533333333332,
  "fwhm_y": 2.5169566666666667,
  "fwhm_z": 3.0572533333333336,
  "gcor": 0.0322023,
  "gsr_x": -0.008400731720030308,
  "gsr_y": 0.07225371897220612,
  "provenance": {
    "md5sum": "d5d4c0ee35e11ad866ed7be2301990b3",
    "settings": {
      "fd_thres": 0.2,
      "testing": false
    },
    "software": "mriqc",
    "version": "21.0.0rc2",
    "webapi_port": null,
    "webapi_url": "https://mriqc.nimh.nih.gov/api/v1"
  },
  "size_t": 104,
  "size_x": 64,
  "size_y": 64,
  "size_z": 53,
  "snr": 2.5643449375782925,
  "spacing_tr": 3.0,
  "spacing_x": 3.0,
  "spacing_y": 3.0,
  "spacing_z": 3.0,
  "summary_bg_k": 32.353749190463894,
  "summary_bg_mad": 18.19039028050144,
  "summary_bg_mean": 82.09382629394531,
  "summary_bg_median": 40.00961685180664,
  "summary_bg_n": 121783.0,
  "summary_bg_p05": 26.807693481445312,
  "summary_bg_p95": 279.1817474365234,
  "summary_bg_stdv": 104.96223449707031,
  "summary_fg_k": 4.174830532206048,
  "summary_fg_mad": 198.36935352127796,
  "summary_fg_mean": 697.3374633789062,
  "summary_fg_median": 642.1827392578125,
  "summary_fg_n": 49149.0,
  "summary_fg_p05": 404.9154052734375,
  "summary_fg_p95": 1171.9519531249998,
  "summary_fg_stdv": 250.425048828125,
  "tsnr": 52.38513948675245
}