{
  "aor": 0.00388525,
  "aqi": 0.0053057018125,
  "bids_meta": {
    "BandwidthPerPixelPhaseEncode": 31.25,
    "EchoTime": 0.025,
    "EffectiveEchoSpacing": 0.0005,
    "FlipAngle": 75,
    "ImageType": [
      "ORIGINAL",
      "PRIMARY",
      "M",
      "ND",
      "MOSAIC"
    ],
    "MagneticFieldStrength": 3,
    "Manufacturer": "Siemens",
    "ManufacturersModelName": "TrioTim",
    "Modality": "MR",
    "PhaseEncodingDirection": "j-",
    "PixelBandwidth": 3005,
    "RepetitionTime": 3,
    "ScanningSequence": "EP",
    "SequenceVariant": "SK",
    "SliceThickness": 3,
    "SliceTiming": [
      0,
      1.5225,
      0.055,
      1.58,
      0.1125,
      1.635,
      0.1675,
      1.6925,
      0.225,
      1.75,
      0.2825,
      1.805,
      0.3375,
      1.8625,
      0.395,
      1.9175,
      0.45,
      1.975,
      0.5075,
      2.03,
      0.5625,
      2.0875,
      0.62,
      2.145,
      0.6775,
      2.2,
      0.7325,
      2.2575,
      0.79,
      2.3125,
      0.845,
      2.37,
      0.9025,
      2.425,
      0.9575,
      2.4825,
      1.015,
      2.54,
      1.0725,
      2.595,
      1.1275,
      2.6525,
      1.185,
      2.7075,
      1.24,
      2.765,
      1.2975,
      2.8225,
      1.355,
      2.8775,
      1.41,
      2.935,
      1.4675
    ],
    "SpacingBetweenSlices": 3,
    "TaskName": "rest",
    "TotalReadoutTime": 0.0315,
    "dataset": "ds002843",
    "modality": "bold",
    "session_id": "scan1",
    "subject_id": "dmp1003",
    "task_id": "rest"
  },
  "dummy_trs": 0,
  "dvars_nstd": 30.48366856144656,
  "dvars_std": 1.1458605845911947,
  "dvars_vstd": 0.9852434001886794,
  "efc": 0.6073084877543838,
  "fber": 251.81427001953125,
  "fd_mean": 0.21827699460321973,
  "fd_num": 57,
  "fd_perc": 35.625,
  "fwhm_avg": 2.782923333333333,
  "fwhm_x": 2.6261633333333334,
  "fwhm_y": 2.6575666666666664,
  "fwhm_z": 3.0650399999999998,
  "gcor": 0.0221095,
  "gsr_x": 0.014886869117617607,
  "gsr_y": 0.07792888581752777,
  "provenance": {
    "md5sum": "c4cc3450e5c07ed89d1475e433b0526e",
    "settings": {
      "fd_thres": 0.2,
      "testing": false
    },
    "software": "mriqc",
    "version": "21.0.0rc2",
    "webapi_port": null,
    "webapi_url": "https://mriqc.nimh.nih.gov/api/v1"
  },
  "size_t": 160,
  "size_x": 64,
  "size_y": 64,
  "size_z": 53,
  "snr": 2.37121167150448,
  "spacing_tr": 3.0,
  "spacing_x": 3.0,
  "spacing_y": 3.0,
  "spacing_z": 3.0,
  "summary_bg_k": 43.127875140666255,
  "summary_bg_mad": 15.84531121027862,
  "summary_bg_mean": 79.34829711914062,
  "summary_bg_median": 37.85625076293945,
  "summary_bg_n": 117128.0,
  "summary_bg_p05": 26.118749618530273,
  "summary_bg_p95": 273.3478164672851,
  "summary_bg_stdv": 115.27494812011719,
  "summary_fg_k": 5.145767085348085,
  "summary_fg_mad": 195.8795428071012,
  "summary_fg_mean": 673.0702514648438,
  "summary_fg_median": 611.375,
  "summary_fg_n": 53901.0,
  "summary_fg_p05": 384.29376220703125,
  "summary_fg_p95": 1156.1312255859375,
  "summary_fg_stdv": 257.8299255371094,
  "tsnr": 56.00830435194075
}