{
  "aor": 0.003328365384615384,
  "aqi": 0.0027272358653846153,
  "bids_meta": {
    "BandwidthPerPixelPhaseEncode": 31.25,
    "EchoTime": 0.025,
    "EffectiveEchoSpacing": 0.0005,
    "FlipAngle": 75,
    "ImageType": [
      "ORIGINAL",
      "PRIMARY",
      "M",
      "ND",
      "MOSAIC"
    ],
    "MagneticFieldStrength": 3,
    "Manufacturer": "Siemens",
    "ManufacturersModelName": "TrioTim",
    "Modality": "MR",
    "PhaseEncodingDirection": "j-",
    "PixelBandwidth": 3005,
    "RepetitionTime": 3,
    "ScanningSequence": "EP",
    "SequenceVariant": "SK",
    "SliceThickness": 3,
    "SliceTiming": [
      0,
      1.5225,
      0.055,
      1.58,
      0.1125,
      1.6375,
      0.17,
      1.6925,
      0.225,
      1.75,
      0.2825,
      1.805,
      0.3375,
      1.8625,
      0.395,
      1.92,
      0.45,
      1.975,
      0.5075,
      2.0325,
      0.565,
      2.0875,
      0.62,
      2.145,
      0.6775,
      2.2,
      0.7325,
      2.2575,
      0.79,
      2.315,
      0.8475,
      2.37,
      0.9025,
      2.4275,
      0.96,
      2.4825,
      1.015,
      2.54,
      1.0725,
      2.595,
      1.1275,
      2.6525,
      1.185,
      2.71,
      1.2425,
      2.765,
      1.2975,
      2.8225,
      1.355,
      2.8775,
      1.41,
      2.935,
      1.4675
    ],
    "SpacingBetweenSlices": 3,
    "TaskName": "intertemporal choice task",
    "TotalReadoutTime": 0.0315,
    "dataset": "ds002843",
    "modality": "bold",
    "run_id": 3,
    "session_id": "scan1",
    "subject_id": "dmp1003",
    "task_id": "itc"
  },
  "dummy_trs": 0,
  "dvars_nstd": 24.3133892131068,
  "dvars_std": 1.170152545242719,
  "dvars_vstd": 1.0081991220388355,
  "efc": 0.6103765037095322,
  "fber": 248.56268310546875,
  "fd_mean": 0.09117449073398912,
  "fd_num": 10,
  "fd_perc": 9.615384615384615,
  "fwhm_avg": 2.740671111111111,
  "fwhm_x": 2.5835166666666667,
  "fwhm_y": 2.62562,
  "fwhm_z": 3.0128766666666666,
  "gcor": 0.0178695,
  "gsr_x": 0.017681991681456566,
  "gsr_y": 0.08288268744945526,
  "provenance": {
    "md5sum": "353a8e45a88b8f5ce681b75292fc2d63",
    "settings": {
      "fd_thres": 0.2,
      "testing": false
    },
    "software": "mriqc",
    "version": "21.0.0rc2",
    "webapi_port": null,
    "webapi_url": "https://mriqc.nimh.nih.gov/api/v1"
  },
  "size_t": 104,
  "size_x": 64,
  "size_y": 64,
  "size_z": 53,
  "snr": 2.4048266429602063,
  "spacing_tr": 3.0,
  "spacing_x": 3.0,
  "spacing_y": 3.0,
  "spacing_z": 3.0,
  "summary_bg_k": 42.093641207143484,
  "summary_bg_mad": 15.282206395427238,
  "summary_bg_mean": 78.24296569824219,
  "summary_bg_median": 37.67307662963867,
  "summary_bg_n": 116452.0,
  "summary_bg_p05": 26.63461685180664,
  "summary_bg_p95": 270.44136047363276,
  "summary_bg_stdv": 110.22098541259766,
  "summary_fg_k": 5.2506581655997415,
  "summary_fg_mad": 193.32281410338675,
  "summary_fg_mean": 669.1140747070312,
  "summary_fg_median": 608.97119140625,
  "summary_fg_n": 53915.0,
  "summary_fg_p05": 383.0807800292969,
  "summary_fg_p95": 1142.1307861328123,
  "summary_fg_stdv": 253.22637939453125,
  "tsnr": 71.13538598269224
}