{
  "aor": 0.0014697115384615382,
  "aqi": 0.003377561057692308,
  "bids_meta": {
    "BandwidthPerPixelPhaseEncode": 31.25,
    "EchoTime": 0.025,
    "EffectiveEchoSpacing": 0.0005,
    "FlipAngle": 75,
    "ImageType": [
      "ORIGINAL",
      "PRIMARY",
      "M",
      "ND",
      "MOSAIC"
    ],
    "MagneticFieldStrength": 3,
    "Manufacturer": "Siemens",
    "ManufacturersModelName": "TrioTim",
    "Modality": "MR",
    "PhaseEncodingDirection": "j-",
    "PixelBandwidth": 3005,
    "RepetitionTime": 3,
    "ScanningSequence": "EP",
    "SequenceVariant": "SK",
    "SliceThickness": 3,
    "SliceTiming": [
      0,
      1.5225,
      0.055,
      1.58,
      0.1125,
      1.6375,
      0.17,
      1.6925,
      0.225,
      1.75,
      0.2825,
      1.805,
      0.3375,
      1.8625,
      0.395,
      1.92,
      0.45,
      1.975,
      0.5075,
      2.0325,
      0.565,
      2.0875,
      0.62,
      2.145,
      0.6775,
      2.2,
      0.7325,
      2.2575,
      0.79,
      2.315,
      0.8475,
      2.37,
      0.9025,
      2.4275,
      0.96,
      2.4825,
      1.015,
      2.54,
      1.0725,
      2.595,
      1.1275,
      2.6525,
      1.185,
      2.71,
      1.2425,
      2.765,
      1.2975,
      2.8225,
      1.355,
      2.8775,
      1.41,
      2.935,
      1.4675
    ],
    "SpacingBetweenSlices": 3,
    "TaskName": "intertemporal choice task",
    "TotalReadoutTime": 0.0315,
    "dataset": "ds002843",
    "modality": "bold",
    "run_id": 1,
    "session_id": "scan2",
    "subject_id": "dmp1057",
    "task_id": "itc"
  },
  "dummy_trs": 0,
  "dvars_nstd": 25.94991161747572,
  "dvars_std": 1.1881250680582525,
  "dvars_vstd": 0.9723378853398059,
  "efc": 0.5974832293419519,
  "fber": 246.00799560546875,
  "fd_mean": 0.06253983463025094,
  "fd_num": 0,
  "fd_perc": 0.0,
  "fwhm_avg": 2.411593333333333,
  "fwhm_x": 2.280386666666667,
  "fwhm_y": 2.3093566666666665,
  "fwhm_z": 2.6450366666666665,
  "gcor": 0.0382967,
  "gsr_x": 0.01900310069322586,
  "gsr_y": 0.035163577646017075,
  "provenance": {
    "md5sum": "d1df0071a7414674b1f08f4d9ff2bd77",
    "settings": {
      "fd_thres": 0.2,
      "testing": false
    },
    "software": "mriqc",
    "version": "21.0.0rc2",
    "webapi_port": null,
    "webapi_url": "https://mriqc.nimh.nih.gov/api/v1"
  },
  "size_t": 104,
  "size_x": 64,
  "size_y": 64,
  "size_z": 53,
  "snr": 2.9487665192122106,
  "spacing_tr": 3.0,
  "spacing_x": 3.0,
  "spacing_y": 3.0,
  "spacing_z": 3.0,
  "summary_bg_k": 34.600205150989645,
  "summary_bg_mad": 16.636506716395957,
  "summary_bg_mean": 69.44849395751953,
  "summary_bg_median": 37.653846740722656,
  "summary_bg_n": 125584.0,
  "summary_bg_p05": 25.163461685180664,
  "summary_bg_p95": 218.0658775329589,
  "summary_bg_stdv": 80.39502716064453,
  "summary_fg_k": 1.9362658302299005,
  "summary_fg_mad": 178.21880400236094,
  "summary_fg_mean": 644.2240600585938,
  "summary_fg_median": 600.4903564453125,
  "summary_fg_n": 47742.0,
  "summary_fg_p05": 391.71202850341797,
  "summary_fg_p95": 1031.132238769531,
  "summary_fg_stdv": 203.63906860351562,
  "tsnr": 68.5036744363606
}