{
  "bids_meta": {
    "EchoTime": 0.00311,
    "FlipAngle": 15,
    "ImageType": [
      "ORIGINAL",
      "PRIMARY",
      "M",
      "ND",
      "NORM"
    ],
    "InversionTime": 1.1,
    "MagneticFieldStrength": 3,
    "Manufacturer": "Siemens",
    "ManufacturersModelName": "TrioTim",
    "Modality": "MR",
    "RepetitionTime": 1.63,
    "ScanningSequence": "GR_IR",
    "SequenceVariant": "SP_MP",
    "SliceThickness": 1,
    "dataset": "ds002843",
    "modality": "T1w",
    "session_id": "scan2",
    "subject_id": "dmp0011"
  },
  "cjv": 0.44592560585002394,
  "cnr": 2.861627985155076,
  "efc": 0.5991655137458967,
  "fber": 12711.650390625,
  "fwhm_avg": 3.810189111111111,
  "fwhm_x": 3.6886613333333336,
  "fwhm_y": 4.1912959999999995,
  "fwhm_z": 3.55061,
  "icvs_csf": 0.2300893773322926,
  "icvs_gm": 0.417377791640774,
  "icvs_wm": 0.3525328310269334,
  "inu_med": 1.1056082248687744,
  "inu_range": 0.24906288981437685,
  "provenance": {
    "md5sum": "67db929c70c631f5a2019603b8bf669a",
    "settings": {
      "testing": false
    },
    "software": "mriqc",
    "version": "21.0.0rc2",
    "warnings": {
      "large_rot_frame": true,
      "small_air_mask": false
    },
    "webapi_port": null,
    "webapi_url": "https://mriqc.nimh.nih.gov/api/v1"
  },
  "qi_1": 0.00013636851421467425,
  "qi_2": 0.004209390132248074,
  "rpve_csf": 13.84255403988529,
  "rpve_gm": 7.530829395006195,
  "rpve_wm": 10.090197881614428,
  "size_x": 192,
  "size_y": 256,
  "size_z": 160,
  "snr_csf": 3.7883180519651205,
  "snr_gm": 14.259245451693822,
  "snr_total": 14.028027201103194,
  "snr_wm": 24.03651809965064,
  "snrd_csf": 38.35732245464027,
  "snrd_gm": 81.36519808881188,
  "snrd_total": 73.86978382522405,
  "snrd_wm": 101.88683093222,
  "spacing_x": 0.9375,
  "spacing_y": 0.9375,
  "spacing_z": 1.0,
  "summary_bg_k": 1579.821267593773,
  "summary_bg_mad": 6.430226998495835,
  "summary_bg_mean": 8.077024459838867,
  "summary_bg_median": 6.5335283279418945,
  "summary_bg_n": 2360196.0,
  "summary_bg_p05": 0.0,
  "summary_bg_p95": 24.343929767608643,
  "summary_bg_stdv": 9.317545890808105,
  "summary_csf_k": 1.7829817237420302,
  "summary_csf_mad": 63.29125168277075,
  "summary_csf_mean": 404.74224853515625,
  "summary_csf_median": 376.4808349609375,
  "summary_csf_n": 65266.0,
  "summary_csf_p05": 295.0812454223633,
  "summary_csf_p95": 625.1562805175781,
  "summary_csf_stdv": 99.37865447998047,
  "summary_gm_k": 0.45090435335897006,
  "summary_gm_mad": 52.05070352131935,
  "summary_gm_mean": 801.6312255859375,
  "summary_gm_median": 798.6072998046875,
  "summary_gm_n": 30666.0,
  "summary_gm_p05": 714.2157135009766,
  "summary_gm_p95": 900.7620391845703,
  "summary_gm_stdv": 56.005367279052734,
  "summary_wm_k": 1.8716262091404374,
  "summary_wm_mad": 37.76844090236442,
  "summary_wm_mean": 1002.4909057617188,
  "summary_wm_median": 1000.0291137695312,
  "summary_wm_n": 197289.0,
  "summary_wm_p05": 939.8248413085937,
  "summary_wm_p95": 1072.6366455078125,
  "summary_wm_stdv": 41.604469299316406,
  "tpm_overlap_csf": 0.1686662882566452,
  "tpm_overlap_gm": 0.44987010955810547,
  "tpm_overlap_wm": 0.47746890783309937,
  "wm2max": 0.4836640909885172
}