{
  "bids_meta": {
    "EchoTime": 0.09,
    "FlipAngle": 180,
    "ImageType": [
      "ORIGINAL",
      "PRIMARY",
      "M",
      "ND",
      "NORM"
    ],
    "ImagingFrequency": 123.204,
    "MagneticFieldStrength": 3,
    "Manufacturer": "Siemens",
    "ManufacturersModelName": "TrioTim",
    "Modality": "MR",
    "PhaseEncodingDirection": "i",
    "RepetitionTime": 7,
    "ScanningSequence": "SE",
    "SequenceVariant": "SK_SP_OSP",
    "SliceThickness": 3,
    "SpacingBetweenSlices": 3,
    "dataset": "ds002843",
    "modality": "T2w",
    "session_id": "scan1",
    "subject_id": "dmp1083"
  },
  "cjv": 0.570964079866929,
  "cnr": 2.3198137541624795,
  "efc": 0.5500739426090856,
  "fber": 3872.6686390532545,
  "fwhm_avg": 2.527498847310723,
  "fwhm_x": 2.9312400000000003,
  "fwhm_y": 3.0817333333333337,
  "fwhm_z": 1.5695232085988355,
  "icvs_csf": 0.14859961538008817,
  "icvs_gm": 0.43384430778688887,
  "icvs_wm": 0.417556076833023,
  "inu_med": 1.3453617095947266,
  "inu_range": 0.4159988880157468,
  "provenance": {
    "md5sum": "0c3f77b8366b5bcac6c539aa5627afff",
    "settings": {
      "testing": false
    },
    "software": "mriqc",
    "version": "21.0.0rc2",
    "warnings": {
      "large_rot_frame": true,
      "small_air_mask": false
    },
    "webapi_port": null,
    "webapi_url": "https://mriqc.nimh.nih.gov/api/v1"
  },
  "qi_1": 0.0,
  "qi_2": 0.004625555949216076,
  "rpve_csf": 17.346388834904285,
  "rpve_gm": 6.329246579973406,
  "rpve_wm": 7.525243480200307,
  "size_x": 256,
  "size_y": 256,
  "size_z": 44,
  "snr_csf": 2.7051465200114317,
  "snr_gm": 9.10850250056898,
  "snr_total": 6.84328964154049,
  "snr_wm": 8.716219904041058,
  "snrd_csf": 150.39164502426624,
  "snrd_gm": 81.74831275454365,
  "snrd_total": 95.78335126349619,
  "snrd_wm": 55.21009601167867,
  "spacing_x": 0.75,
  "spacing_y": 0.75,
  "spacing_z": 3.000000238418579,
  "summary_bg_k": 1637.4724406574119,
  "summary_bg_mad": 11.693763759132265,
  "summary_bg_mean": 19.16444138491427,
  "summary_bg_median": 13.859154671430588,
  "summary_bg_n": 945766.0,
  "summary_bg_p05": 2.7042253017425537,
  "summary_bg_p95": 41.239435851573944,
  "summary_bg_stdv": 57.00127642739712,
  "summary_csf_k": 0.27999737289301496,
  "summary_csf_mad": 751.0737408722666,
  "summary_csf_mean": 2627.007743568384,
  "summary_csf_median": 2684.3943161964417,
  "summary_csf_n": 75562.0,
  "summary_csf_p05": 552.3380178809166,
  "summary_csf_p95": 4172.715415234863,
  "summary_csf_stdv": 992.3220548021347,
  "summary_gm_k": 0.028416238785283987,
  "summary_gm_mad": 159.0351871241988,
  "summary_gm_mean": 1464.7971683390151,
  "summary_gm_median": 1459.1549023985863,
  "summary_gm_n": 217491.0,
  "summary_gm_p05": 1211.3802591264248,
  "summary_gm_p95": 1739.3802492916584,
  "summary_gm_stdv": 160.1966456929323,
  "summary_wm_k": 0.024220853588737157,
  "summary_wm_mad": 111.42486324773172,
  "summary_wm_mean": 982.1092318327925,
  "summary_wm_median": 985.4647703766823,
  "summary_wm_n": 234541.0,
  "summary_wm_p05": 787.267590969801,
  "summary_wm_p95": 1162.7042036950588,
  "summary_wm_stdv": 113.06078556837087,
  "tpm_overlap_csf": 0.18399684131145477,
  "tpm_overlap_gm": 0.45520392060279846,
  "tpm_overlap_wm": 0.5051235556602478,
  "wm2max": 0.20844157391739554
}