{
  "aor": 0.015095673076923076,
  "aqi": 0.007465278365384616,
  "bids_meta": {
    "BandwidthPerPixelPhaseEncode": 31.25,
    "EchoTime": 0.025,
    "EffectiveEchoSpacing": 0.0005,
    "FlipAngle": 75,
    "ImageType": [
      "ORIGINAL",
      "PRIMARY",
      "M",
      "ND",
      "MOSAIC"
    ],
    "MagneticFieldStrength": 3,
    "Manufacturer": "Siemens",
    "ManufacturersModelName": "TrioTim",
    "Modality": "MR",
    "PhaseEncodingDirection": "j-",
    "PixelBandwidth": 3005,
    "RepetitionTime": 3,
    "ScanningSequence": "EP",
    "SequenceVariant": "SK",
    "SliceThickness": 3,
    "SliceTiming": [
      0,
      1.5225,
      0.055,
      1.58,
      0.1125,
      1.6375,
      0.17,
      1.6925,
      0.225,
      1.75,
      0.2825,
      1.805,
      0.3375,
      1.8625,
      0.395,
      1.92,
      0.45,
      1.975,
      0.5075,
      2.0325,
      0.565,
      2.0875,
      0.62,
      2.145,
      0.6775,
      2.2,
      0.7325,
      2.2575,
      0.79,
      2.315,
      0.8475,
      2.37,
      0.9025,
      2.4275,
      0.96,
      2.4825,
      1.015,
      2.54,
      1.0725,
      2.595,
      1.1275,
      2.6525,
      1.185,
      2.71,
      1.2425,
      2.765,
      1.2975,
      2.8225,
      1.355,
      2.8775,
      1.41,
      2.935,
      1.4675
    ],
    "SpacingBetweenSlices": 3,
    "TaskName": "intertemporal choice task",
    "TotalReadoutTime": 0.0315,
    "dataset": "ds002843",
    "modality": "bold",
    "run_id": 2,
    "session_id": "scan1",
    "subject_id": "dmp0523",
    "task_id": "itc"
  },
  "dummy_trs": 0,
  "dvars_nstd": 36.648791322718466,
  "dvars_std": 1.2383883485436895,
  "dvars_vstd": 1.0675365593203883,
  "efc": 0.5520045450632383,
  "fber": 358.46722412109375,
  "fd_mean": 0.5246889389017513,
  "fd_num": 72,
  "fd_perc": 69.23076923076923,
  "fwhm_avg": 2.8127366666666664,
  "fwhm_x": 2.7165233333333334,
  "fwhm_y": 2.6775366666666667,
  "fwhm_z": 3.04415,
  "gcor": 0.0519795,
  "gsr_x": -0.01667203940451145,
  "gsr_y": 0.03740760684013367,
  "provenance": {
    "md5sum": "9fb06869fb52f461894ded8c9a9862d1",
    "settings": {
      "fd_thres": 0.2,
      "testing": false
    },
    "software": "mriqc",
    "version": "21.0.0rc2",
    "webapi_port": null,
    "webapi_url": "https://mriqc.nimh.nih.gov/api/v1"
  },
  "size_t": 104,
  "size_x": 64,
  "size_y": 64,
  "size_z": 53,
  "snr": 2.7269287448476867,
  "spacing_tr": 3.0,
  "spacing_x": 3.0,
  "spacing_y": 3.0,
  "spacing_z": 3.0,
  "summary_bg_k": 42.95177941587551,
  "summary_bg_mad": 14.968579220577153,
  "summary_bg_mean": 72.8126449584961,
  "summary_bg_median": 37.028846740722656,
  "summary_bg_n": 136092.0,
  "summary_bg_p05": 26.19230842590332,
  "summary_bg_p95": 240.33126068115232,
  "summary_bg_stdv": 96.40655517578125,
  "summary_fg_k": 2.6771362813512543,
  "summary_fg_mad": 201.5768924761821,
  "summary_fg_mean": 771.0048217773438,
  "summary_fg_median": 711.5,
  "summary_fg_n": 39431.0,
  "summary_fg_p05": 459.3461608886719,
  "summary_fg_p95": 1296.1057739257812,
  "summary_fg_stdv": 260.9129333496094,
  "tsnr": 47.017742264433764
}