{
  "aor": 0.001326875,
  "aqi": 0.005502059625,
  "bids_meta": {
    "BandwidthPerPixelPhaseEncode": 31.25,
    "EchoTime": 0.025,
    "EffectiveEchoSpacing": 0.0005,
    "FlipAngle": 75,
    "ImageType": [
      "ORIGINAL",
      "PRIMARY",
      "M",
      "ND",
      "MOSAIC"
    ],
    "MagneticFieldStrength": 3,
    "Manufacturer": "Siemens",
    "ManufacturersModelName": "TrioTim",
    "Modality": "MR",
    "PhaseEncodingDirection": "j-",
    "PixelBandwidth": 3005,
    "RepetitionTime": 3,
    "ScanningSequence": "EP",
    "SequenceVariant": "SK",
    "SliceThickness": 3,
    "SliceTiming": [
      0,
      1.5225,
      0.055,
      1.58,
      0.1125,
      1.635,
      0.1675,
      1.6925,
      0.225,
      1.75,
      0.2825,
      1.805,
      0.3375,
      1.8625,
      0.395,
      1.9175,
      0.45,
      1.975,
      0.5075,
      2.03,
      0.5625,
      2.0875,
      0.62,
      2.145,
      0.6775,
      2.2,
      0.7325,
      2.2575,
      0.79,
      2.3125,
      0.845,
      2.37,
      0.9025,
      2.425,
      0.9575,
      2.4825,
      1.015,
      2.54,
      1.0725,
      2.595,
      1.1275,
      2.6525,
      1.185,
      2.7075,
      1.24,
      2.765,
      1.2975,
      2.8225,
      1.355,
      2.8775,
      1.41,
      2.935,
      1.4675
    ],
    "SpacingBetweenSlices": 3,
    "TaskName": "rest",
    "TotalReadoutTime": 0.0315,
    "dataset": "ds002843",
    "modality": "bold",
    "session_id": "scan1",
    "subject_id": "dmp0523",
    "task_id": "rest"
  },
  "dummy_trs": 0,
  "dvars_nstd": 23.495379544025152,
  "dvars_std": 1.1936211300628936,
  "dvars_vstd": 0.981018776037736,
  "efc": 0.5519576813625836,
  "fber": 376.5342102050781,
  "fd_mean": 0.11343337791245381,
  "fd_num": 18,
  "fd_perc": 11.25,
  "fwhm_avg": 2.73574,
  "fwhm_x": 2.65287,
  "fwhm_y": 2.59442,
  "fwhm_z": 2.95993,
  "gcor": 0.0414439,
  "gsr_x": -0.015443830750882626,
  "gsr_y": 0.036901652812957764,
  "provenance": {
    "md5sum": "2659ece9de9d39095f96cfcacccef74c",
    "settings": {
      "fd_thres": 0.2,
      "testing": false
    },
    "software": "mriqc",
    "version": "21.0.0rc2",
    "webapi_port": null,
    "webapi_url": "https://mriqc.nimh.nih.gov/api/v1"
  },
  "size_t": 160,
  "size_x": 64,
  "size_y": 64,
  "size_z": 53,
  "snr": 2.794227256895413,
  "spacing_tr": 3.0,
  "spacing_x": 3.0,
  "spacing_y": 3.0,
  "spacing_z": 3.0,
  "summary_bg_k": 43.46009867563166,
  "summary_bg_mad": 13.38048728428451,
  "summary_bg_mean": 69.91073608398438,
  "summary_bg_median": 35.56875228881836,
  "summary_bg_n": 135666.0,
  "summary_bg_p05": 25.931249618530273,
  "summary_bg_p95": 228.89375686645508,
  "summary_bg_stdv": 92.45896911621094,
  "summary_fg_k": 2.641161941662271,
  "summary_fg_mad": 195.8795428071012,
  "summary_fg_mean": 757.7584228515625,
  "summary_fg_median": 702.2906494140625,
  "summary_fg_n": 39666.0,
  "summary_fg_p05": 451.8015670776367,
  "summary_fg_p95": 1260.7734680175781,
  "summary_fg_stdv": 251.33309936523438,
  "tsnr": 72.08783785509877
}