{
  "bids_meta": {
    "EchoTime": 0.09,
    "FlipAngle": 180,
    "ImageType": [
      "ORIGINAL",
      "PRIMARY",
      "M",
      "ND",
      "NORM"
    ],
    "ImagingFrequency": 123.204,
    "MagneticFieldStrength": 3,
    "Manufacturer": "Siemens",
    "ManufacturersModelName": "TrioTim",
    "Modality": "MR",
    "PhaseEncodingDirection": "i",
    "RepetitionTime": 7,
    "ScanningSequence": "SE",
    "SequenceVariant": "SK_SP_OSP",
    "SliceThickness": 3,
    "SpacingBetweenSlices": 3,
    "dataset": "ds002843",
    "modality": "T2w",
    "session_id": "scan1",
    "subject_id": "dmp0679"
  },
  "cjv": 0.5011955807378937,
  "cnr": 2.707265767480823,
  "efc": 0.615205790857282,
  "fber": 3203.810170629712,
  "fwhm_avg": 2.5419531252266685,
  "fwhm_x": 2.88752,
  "fwhm_y": 3.1671866666666664,
  "fwhm_z": 1.5711527090133395,
  "icvs_csf": 0.14515031374904172,
  "icvs_gm": 0.4316097418169099,
  "icvs_wm": 0.42323994443404833,
  "inu_med": 1.3550336360931396,
  "inu_range": 0.34617482423782353,
  "provenance": {
    "md5sum": "33935afe844844ad1b9f64bf8ef331c7",
    "settings": {
      "testing": false
    },
    "software": "mriqc",
    "version": "21.0.0rc2",
    "warnings": {
      "large_rot_frame": false,
      "small_air_mask": false
    },
    "webapi_port": null,
    "webapi_url": "https://mriqc.nimh.nih.gov/api/v1"
  },
  "qi_1": 0.0,
  "qi_2": 0.0007991367074209828,
  "rpve_csf": 16.324578402789687,
  "rpve_gm": 5.549322814994683,
  "rpve_wm": 6.42920660761857,
  "size_x": 256,
  "size_y": 256,
  "size_z": 44,
  "snr_csf": 2.6498424281563455,
  "snr_gm": 9.912039355937251,
  "snr_total": 7.246582569707981,
  "snr_wm": 9.177865925030346,
  "snrd_csf": 134.88180892149936,
  "snrd_gm": 82.29485197210603,
  "snrd_total": 90.37568625446899,
  "snrd_wm": 53.9503978698016,
  "spacing_x": 0.75,
  "spacing_y": 0.75,
  "spacing_z": 3.0000011920928955,
  "summary_bg_k": 236.7653433793464,
  "summary_bg_mad": 12.095080242799591,
  "summary_bg_mean": 24.102118256829048,
  "summary_bg_median": 16.423357509076595,
  "summary_bg_n": 767253.0,
  "summary_bg_p05": 2.6835551485419273,
  "summary_bg_p95": 54.100471794605255,
  "summary_bg_stdv": 45.710229753294016,
  "summary_csf_k": 0.0692191620636855,
  "summary_csf_mad": 653.4526246965147,
  "summary_csf_mean": 2372.5821046651195,
  "summary_csf_median": 2490.178164537996,
  "summary_csf_n": 86050.0,
  "summary_csf_p05": 517.1747482270002,
  "summary_csf_p95": 3785.0042579300707,
  "summary_csf_stdv": 939.7402912221129,
  "summary_gm_k": -0.04218523224109161,
  "summary_gm_mad": 153.4165441323527,
  "summary_gm_mean": 1526.166434605469,
  "summary_gm_median": 1519.3215828984976,
  "summary_gm_n": 247925.0,
  "summary_gm_p05": 1284.456836298108,
  "summary_gm_p95": 1790.0386262834072,
  "summary_gm_stdv": 153.28011363376567,
  "summary_wm_k": 0.016682282912363178,
  "summary_wm_mad": 108.85572218519631,
  "summary_wm_mean": 988.9318126298799,
  "summary_wm_median": 996.0283289328218,
  "summary_wm_n": 266855.0,
  "summary_wm_p05": 800.0214608833194,
  "summary_wm_p95": 1155.3241625502706,
  "summary_wm_stdv": 108.52484344749152,
  "tpm_overlap_csf": 0.17650961875915527,
  "tpm_overlap_gm": 0.46134963631629944,
  "tpm_overlap_wm": 0.4978548586368561,
  "wm2max": 0.22882860665844637
}