{
  "aor": 0.002465480769230769,
  "aqi": 0.0027140992307692307,
  "bids_meta": {
    "BandwidthPerPixelPhaseEncode": 31.25,
    "EchoTime": 0.025,
    "EffectiveEchoSpacing": 0.0005,
    "FlipAngle": 75,
    "ImageType": [
      "ORIGINAL",
      "PRIMARY",
      "M",
      "ND",
      "MOSAIC"
    ],
    "MagneticFieldStrength": 3,
    "Manufacturer": "Siemens",
    "ManufacturersModelName": "TrioTim",
    "Modality": "MR",
    "PhaseEncodingDirection": "j-",
    "PixelBandwidth": 3005,
    "RepetitionTime": 3,
    "ScanningSequence": "EP",
    "SequenceVariant": "SK",
    "SliceThickness": 3,
    "SliceTiming": [
      0,
      1.5225,
      0.055,
      1.58,
      0.1125,
      1.6375,
      0.17,
      1.6925,
      0.225,
      1.75,
      0.2825,
      1.805,
      0.3375,
      1.8625,
      0.395,
      1.92,
      0.45,
      1.975,
      0.5075,
      2.0325,
      0.565,
      2.0875,
      0.62,
      2.145,
      0.6775,
      2.2,
      0.7325,
      2.2575,
      0.79,
      2.315,
      0.8475,
      2.37,
      0.9025,
      2.4275,
      0.96,
      2.4825,
      1.015,
      2.54,
      1.0725,
      2.595,
      1.1275,
      2.6525,
      1.185,
      2.71,
      1.2425,
      2.765,
      1.2975,
      2.8225,
      1.355,
      2.8775,
      1.41,
      2.935,
      1.4675
    ],
    "SpacingBetweenSlices": 3,
    "TaskName": "risk choice task",
    "TotalReadoutTime": 0.0315,
    "dataset": "ds002843",
    "modality": "bold",
    "run_id": 1,
    "session_id": "scan1",
    "subject_id": "dmp1227",
    "task_id": "risk"
  },
  "dummy_trs": 0,
  "dvars_nstd": 21.98369203961165,
  "dvars_std": 1.1877272440776696,
  "dvars_vstd": 1.018497434271845,
  "efc": 0.5947482484205738,
  "fber": 223.76705932617188,
  "fd_mean": 0.06975789503915235,
  "fd_num": 6,
  "fd_perc": 5.769230769230769,
  "fwhm_avg": 2.897358725324308,
  "fwhm_x": 2.51772,
  "fwhm_y": 2.8069231102591266,
  "fwhm_z": 3.3674330657137976,
  "gcor": 0.02381,
  "gsr_x": -0.05355215072631836,
  "gsr_y": 0.11408104002475739,
  "provenance": {
    "md5sum": "9d8b2eca752aedec10ef624214eed031",
    "settings": {
      "fd_thres": 0.2,
      "testing": false
    },
    "software": "mriqc",
    "version": "21.0.0rc2",
    "webapi_port": null,
    "webapi_url": "https://mriqc.nimh.nih.gov/api/v1"
  },
  "size_t": 104,
  "size_x": 64,
  "size_y": 64,
  "size_z": 53,
  "snr": 2.360922348639357,
  "spacing_tr": 3.0,
  "spacing_x": 3.0,
  "spacing_y": 3.000000238418579,
  "spacing_z": 3.000000238418579,
  "summary_bg_k": 20.200250891607286,
  "summary_bg_mad": 15.339229775203554,
  "summary_bg_mean": 88.91105651855469,
  "summary_bg_median": 37.04807662963867,
  "summary_bg_n": 130458.0,
  "summary_bg_p05": 26.221155166625977,
  "summary_bg_p95": 323.8956985473632,
  "summary_bg_stdv": 124.78985595703125,
  "summary_fg_k": 2.638159009845765,
  "summary_fg_mad": 182.36007287618904,
  "summary_fg_mean": 646.842529296875,
  "summary_fg_median": 585.1923217773438,
  "summary_fg_n": 41955.0,
  "summary_fg_p05": 359.2442321777344,
  "summary_fg_p95": 1144.0366088867186,
  "summary_fg_stdv": 247.86302185058594,
  "tsnr": 81.39217330003157
}