{
  "aor": 0.0057481679389312975,
  "aqi": 0.009064380992366412,
  "bids_meta": {
    "BandwidthPerPixelPhaseEncode": 31.25,
    "EchoTime": 0.025,
    "EffectiveEchoSpacing": 0.0005,
    "FlipAngle": 75,
    "ImageType": [
      "ORIGINAL",
      "PRIMARY",
      "M",
      "ND",
      "MOSAIC"
    ],
    "MagneticFieldStrength": 3,
    "Manufacturer": "Siemens",
    "ManufacturersModelName": "TrioTim",
    "Modality": "MR",
    "PhaseEncodingDirection": "j-",
    "PixelBandwidth": 3005,
    "RepetitionTime": 3,
    "ScanningSequence": "EP",
    "SequenceVariant": "SK",
    "SliceThickness": 3,
    "SliceTiming": [
      0,
      1.5225,
      0.055,
      1.58,
      0.1125,
      1.6375,
      0.17,
      1.6925,
      0.225,
      1.75,
      0.2825,
      1.805,
      0.3375,
      1.8625,
      0.395,
      1.92,
      0.45,
      1.975,
      0.5075,
      2.0325,
      0.565,
      2.0875,
      0.62,
      2.145,
      0.6775,
      2.2,
      0.7325,
      2.2575,
      0.79,
      2.315,
      0.8475,
      2.37,
      0.9025,
      2.4275,
      0.96,
      2.4825,
      1.015,
      2.54,
      1.0725,
      2.595,
      1.1275,
      2.6525,
      1.185,
      2.71,
      1.2425,
      2.765,
      1.2975,
      2.8225,
      1.355,
      2.8775,
      1.41,
      2.935,
      1.4675
    ],
    "SpacingBetweenSlices": 3,
    "TaskName": "risk choice task",
    "TotalReadoutTime": 0.0315,
    "dataset": "ds002843",
    "modality": "bold",
    "run_id": 4,
    "session_id": "scan1",
    "subject_id": "dmp0036",
    "task_id": "risk"
  },
  "dummy_trs": 0,
  "dvars_nstd": 27.03568727038463,
  "dvars_std": 1.031662481384616,
  "dvars_vstd": 0.9402517954615383,
  "efc": 0.5862511217830216,
  "fber": 303.59564208984375,
  "fd_mean": 0.2823296242004743,
  "fd_num": 52,
  "fd_perc": 39.69465648854962,
  "fwhm_avg": 2.5697644444444445,
  "fwhm_x": 2.3005733333333334,
  "fwhm_y": 2.5637,
  "fwhm_z": 2.84502,
  "gcor": 0.0256096,
  "gsr_x": -0.00027831626357510686,
  "gsr_y": 0.06637268513441086,
  "provenance": {
    "md5sum": "657d17b14b5326d9959ef364e1e061dc",
    "settings": {
      "fd_thres": 0.2,
      "testing": false
    },
    "software": "mriqc",
    "version": "21.0.0rc2",
    "webapi_port": null,
    "webapi_url": "https://mriqc.nimh.nih.gov/api/v1"
  },
  "size_t": 131,
  "size_x": 64,
  "size_y": 64,
  "size_z": 53,
  "snr": 3.2147263279187546,
  "spacing_tr": 3.0,
  "spacing_x": 3.0,
  "spacing_y": 3.0,
  "spacing_z": 3.0,
  "summary_bg_k": 16.29906927021833,
  "summary_bg_mad": 15.018419888494712,
  "summary_bg_mean": 74.19337463378906,
  "summary_bg_median": 36.946563720703125,
  "summary_bg_n": 129155.0,
  "summary_bg_p05": 24.854961395263672,
  "summary_bg_p95": 261.22595214843733,
  "summary_bg_stdv": 90.51988220214844,
  "summary_fg_k": 2.1665738594749637,
  "summary_fg_mad": 188.42630852816413,
  "summary_fg_mean": 713.5534057617188,
  "summary_fg_median": 683.6641235351562,
  "summary_fg_n": 39349.0,
  "summary_fg_p05": 423.44580078125,
  "summary_fg_p95": 1096.1145019531248,
  "summary_fg_stdv": 212.6636505126953,
  "tsnr": 42.600233959034085
}