{
  "aor": 0.0012135576923076924,
  "aqi": 0.0033398991346153843,
  "bids_meta": {
    "BandwidthPerPixelPhaseEncode": 31.25,
    "EchoTime": 0.025,
    "EffectiveEchoSpacing": 0.0005,
    "FlipAngle": 75,
    "ImageType": [
      "ORIGINAL",
      "PRIMARY",
      "M",
      "ND",
      "MOSAIC"
    ],
    "MagneticFieldStrength": 3,
    "Manufacturer": "Siemens",
    "ManufacturersModelName": "TrioTim",
    "Modality": "MR",
    "PhaseEncodingDirection": "j-",
    "PixelBandwidth": 3005,
    "RepetitionTime": 3,
    "ScanningSequence": "EP",
    "SequenceVariant": "SK",
    "SliceThickness": 3,
    "SliceTiming": [
      0,
      1.5225,
      0.055,
      1.58,
      0.1125,
      1.6375,
      0.17,
      1.6925,
      0.225,
      1.75,
      0.2825,
      1.805,
      0.3375,
      1.8625,
      0.395,
      1.92,
      0.45,
      1.975,
      0.5075,
      2.0325,
      0.565,
      2.0875,
      0.62,
      2.145,
      0.6775,
      2.2,
      0.7325,
      2.2575,
      0.79,
      2.315,
      0.8475,
      2.37,
      0.9025,
      2.4275,
      0.96,
      2.4825,
      1.015,
      2.54,
      1.0725,
      2.595,
      1.1275,
      2.6525,
      1.185,
      2.71,
      1.2425,
      2.765,
      1.2975,
      2.8225,
      1.355,
      2.8775,
      1.41,
      2.935,
      1.4675
    ],
    "SpacingBetweenSlices": 3,
    "TaskName": "risk choice task",
    "TotalReadoutTime": 0.0315,
    "dataset": "ds002843",
    "modality": "bold",
    "run_id": 3,
    "session_id": "scan2",
    "subject_id": "dmp1260",
    "task_id": "risk"
  },
  "dummy_trs": 0,
  "dvars_nstd": 22.71383348504855,
  "dvars_std": 1.1361421962135922,
  "dvars_vstd": 0.9391481303883497,
  "efc": 0.5131312972597056,
  "fber": 484.02020263671875,
  "fd_mean": 0.13259947046204748,
  "fd_num": 7,
  "fd_perc": 6.730769230769231,
  "fwhm_avg": 2.71415,
  "fwhm_x": 2.6762833333333336,
  "fwhm_y": 2.6421433333333333,
  "fwhm_z": 2.8240233333333333,
  "gcor": 0.0375105,
  "gsr_x": -0.013108900748193264,
  "gsr_y": 0.04423719644546509,
  "provenance": {
    "md5sum": "b3ef6b55f1b4ff219b2143d476a5afad",
    "settings": {
      "fd_thres": 0.2,
      "testing": false
    },
    "software": "mriqc",
    "version": "21.0.0rc2",
    "webapi_port": null,
    "webapi_url": "https://mriqc.nimh.nih.gov/api/v1"
  },
  "size_t": 104,
  "size_x": 64,
  "size_y": 64,
  "size_z": 53,
  "snr": 2.7519091460628573,
  "spacing_tr": 3.0,
  "spacing_x": 3.0,
  "spacing_y": 3.0,
  "spacing_z": 3.0,
  "summary_bg_k": 47.27478632661454,
  "summary_bg_mad": 9.693937800062729,
  "summary_bg_mean": 61.07074737548828,
  "summary_bg_median": 31.471155166625977,
  "summary_bg_n": 145938.0,
  "summary_bg_p05": 24.048078536987305,
  "summary_bg_p95": 202.1072158813476,
  "summary_bg_stdv": 82.61556243896484,
  "summary_fg_k": 2.4572115951151705,
  "summary_fg_mad": 201.61250062882993,
  "summary_fg_mean": 760.1741943359375,
  "summary_fg_median": 702.25,
  "summary_fg_n": 31800.0,
  "summary_fg_p05": 452.245703125,
  "summary_fg_p95": 1268.6558532714844,
  "summary_fg_stdv": 255.18246459960938,
  "tsnr": 77.76894004549831
}