{
  "aor": 0.0043853749999999995,
  "aqi": 0.004599903625,
  "bids_meta": {
    "BandwidthPerPixelPhaseEncode": 31.25,
    "EchoTime": 0.025,
    "EffectiveEchoSpacing": 0.0005,
    "FlipAngle": 75,
    "ImageType": [
      "ORIGINAL",
      "PRIMARY",
      "M",
      "ND",
      "MOSAIC"
    ],
    "MagneticFieldStrength": 3,
    "Manufacturer": "Siemens",
    "ManufacturersModelName": "TrioTim",
    "Modality": "MR",
    "PhaseEncodingDirection": "j-",
    "PixelBandwidth": 3005,
    "RepetitionTime": 3,
    "ScanningSequence": "EP",
    "SequenceVariant": "SK",
    "SliceThickness": 3,
    "SliceTiming": [
      0,
      1.5225,
      0.055,
      1.58,
      0.1125,
      1.635,
      0.1675,
      1.6925,
      0.225,
      1.75,
      0.2825,
      1.805,
      0.3375,
      1.8625,
      0.395,
      1.9175,
      0.45,
      1.975,
      0.5075,
      2.03,
      0.5625,
      2.0875,
      0.62,
      2.145,
      0.6775,
      2.2,
      0.7325,
      2.2575,
      0.79,
      2.3125,
      0.845,
      2.37,
      0.9025,
      2.425,
      0.9575,
      2.4825,
      1.015,
      2.54,
      1.0725,
      2.595,
      1.1275,
      2.6525,
      1.185,
      2.7075,
      1.24,
      2.765,
      1.2975,
      2.8225,
      1.355,
      2.8775,
      1.41,
      2.935,
      1.4675
    ],
    "SpacingBetweenSlices": 3,
    "TaskName": "rest",
    "TotalReadoutTime": 0.0315,
    "dataset": "ds002843",
    "modality": "bold",
    "session_id": "scan2",
    "subject_id": "dmp1260",
    "task_id": "rest"
  },
  "dummy_trs": 0,
  "dvars_nstd": 17.376003133773587,
  "dvars_std": 1.063169682955974,
  "dvars_vstd": 0.9364686184276727,
  "efc": 0.5101614008452365,
  "fber": 492.9163513183594,
  "fd_mean": 0.09563700380298318,
  "fd_num": 3,
  "fd_perc": 1.875,
  "fwhm_avg": 2.790293333333333,
  "fwhm_x": 2.7247533333333336,
  "fwhm_y": 2.71564,
  "fwhm_z": 2.930486666666667,
  "gcor": 0.0323644,
  "gsr_x": -0.014691278338432312,
  "gsr_y": 0.045984119176864624,
  "provenance": {
    "md5sum": "41d2ee0e1f34ede04d97d9472ef86ff3",
    "settings": {
      "fd_thres": 0.2,
      "testing": false
    },
    "software": "mriqc",
    "version": "21.0.0rc2",
    "webapi_port": null,
    "webapi_url": "https://mriqc.nimh.nih.gov/api/v1"
  },
  "size_t": 160,
  "size_x": 64,
  "size_y": 64,
  "size_z": 53,
  "snr": 2.671278631027937,
  "spacing_tr": 3.0,
  "spacing_x": 3.0,
  "spacing_y": 3.0,
  "spacing_z": 3.0,
  "summary_bg_k": 51.91350550078824,
  "summary_bg_mad": 9.303331183394103,
  "summary_bg_mean": 60.95737075805664,
  "summary_bg_median": 31.356250762939453,
  "summary_bg_n": 146150.0,
  "summary_bg_p05": 24.48750114440918,
  "summary_bg_p95": 199.09375,
  "summary_bg_stdv": 84.35318756103516,
  "summary_fg_k": 2.3994879611509408,
  "summary_fg_mad": 210.60362704054916,
  "summary_fg_mean": 764.390380859375,
  "summary_fg_median": 705.1187744140625,
  "summary_fg_n": 31745.0,
  "summary_fg_p05": 449.0525146484375,
  "summary_fg_p95": 1295.2962646484375,
  "summary_fg_stdv": 263.9588623046875,
  "tsnr": 65.7667496817885
}