{
  "bids_meta": {
    "EchoTime": 0.00311,
    "FlipAngle": 15,
    "ImageType": [
      "ORIGINAL",
      "PRIMARY",
      "M",
      "ND",
      "NORM"
    ],
    "InversionTime": 1.1,
    "MagneticFieldStrength": 3,
    "Manufacturer": "Siemens",
    "ManufacturersModelName": "TrioTim",
    "Modality": "MR",
    "RepetitionTime": 1.63,
    "ScanningSequence": "GR_IR",
    "SequenceVariant": "SP_MP",
    "SliceThickness": 1,
    "dataset": "ds002843",
    "modality": "T1w",
    "session_id": "scan2",
    "subject_id": "dmp0118"
  },
  "cjv": 0.536911598282385,
  "cnr": 2.4836525707294106,
  "efc": 0.5940286685432578,
  "fber": 6918.08349609375,
  "fwhm_avg": 3.253357777777778,
  "fwhm_x": 3.054933333333333,
  "fwhm_y": 3.68128,
  "fwhm_z": 3.02386,
  "icvs_csf": 0.17308755950864543,
  "icvs_gm": 0.4243665606778606,
  "icvs_wm": 0.402545879813494,
  "inu_med": 1.0341583490371704,
  "inu_range": 0.19531208276748657,
  "provenance": {
    "md5sum": "1535f04546fd888c1a5b77f024de06fb",
    "settings": {
      "testing": false
    },
    "software": "mriqc",
    "version": "21.0.0rc2",
    "warnings": {
      "large_rot_frame": true,
      "small_air_mask": false
    },
    "webapi_port": null,
    "webapi_url": "https://mriqc.nimh.nih.gov/api/v1"
  },
  "qi_1": 0.0010267630655712138,
  "qi_2": 0.0027530332054836603,
  "rpve_csf": 20.611843185224018,
  "rpve_gm": 9.18996129555525,
  "rpve_wm": 11.651500249255601,
  "size_x": 192,
  "size_y": 256,
  "size_z": 160,
  "snr_csf": 3.495280293794668,
  "snr_gm": 13.239762645350085,
  "snr_total": 14.827437571584262,
  "snr_wm": 27.747269775608036,
  "snrd_csf": 65.59448972111085,
  "snrd_gm": 116.52993387414382,
  "snrd_total": 108.08651061538212,
  "snrd_wm": 142.1351082508917,
  "spacing_x": 0.9375,
  "spacing_y": 0.9375,
  "spacing_z": 1.0,
  "summary_bg_k": 324.7917858632016,
  "summary_bg_mad": 4.609335311518815,
  "summary_bg_mean": 9.018818855285645,
  "summary_bg_median": 6.197243690490723,
  "summary_bg_n": 2031809.0,
  "summary_bg_p05": 0.0,
  "summary_bg_p95": 24.758922958374022,
  "summary_bg_stdv": 11.307733535766602,
  "summary_csf_k": 4.188819215505004,
  "summary_csf_mad": 134.98543919985062,
  "summary_csf_mean": 471.62115478515625,
  "summary_csf_median": 461.50238037109375,
  "summary_csf_n": 12843.0,
  "summary_csf_p05": 286.26405639648436,
  "summary_csf_p95": 676.7097717285155,
  "summary_csf_stdv": 132.03073120117188,
  "summary_gm_k": -0.005378424417964656,
  "summary_gm_mad": 61.997051430752485,
  "summary_gm_mean": 821.0494995117188,
  "summary_gm_median": 819.8682861328125,
  "summary_gm_n": 19248.0,
  "summary_gm_p05": 721.8715179443359,
  "summary_gm_p95": 925.9903106689453,
  "summary_gm_stdv": 61.92308807373047,
  "summary_wm_k": 0.7293008125628964,
  "summary_wm_mad": 34.727586108012474,
  "summary_wm_mean": 1002.158203125,
  "summary_wm_median": 1000.018310546875,
  "summary_wm_n": 195746.0,
  "summary_wm_p05": 947.2757415771484,
  "summary_wm_p95": 1063.8724365234375,
  "summary_wm_stdv": 36.0401496887207,
  "tpm_overlap_csf": 0.16999244689941406,
  "tpm_overlap_gm": 0.44788020849227905,
  "tpm_overlap_wm": 0.5011568665504456,
  "wm2max": 0.4131041962196689
}