{
  "aor": 0.0022044375,
  "aqi": 0.0036281738125000006,
  "bids_meta": {
    "BandwidthPerPixelPhaseEncode": 31.25,
    "EchoTime": 0.025,
    "EffectiveEchoSpacing": 0.0005,
    "FlipAngle": 75,
    "ImageType": [
      "ORIGINAL",
      "PRIMARY",
      "M",
      "ND",
      "MOSAIC"
    ],
    "MagneticFieldStrength": 3,
    "Manufacturer": "Siemens",
    "ManufacturersModelName": "TrioTim",
    "Modality": "MR",
    "PhaseEncodingDirection": "j-",
    "PixelBandwidth": 3005,
    "RepetitionTime": 3,
    "ScanningSequence": "EP",
    "SequenceVariant": "SK",
    "SliceThickness": 3,
    "SliceTiming": [
      0,
      1.5225,
      0.055,
      1.58,
      0.1125,
      1.635,
      0.1675,
      1.6925,
      0.225,
      1.75,
      0.2825,
      1.805,
      0.3375,
      1.8625,
      0.395,
      1.9175,
      0.45,
      1.975,
      0.5075,
      2.03,
      0.5625,
      2.0875,
      0.62,
      2.145,
      0.6775,
      2.2,
      0.7325,
      2.2575,
      0.79,
      2.3125,
      0.845,
      2.37,
      0.9025,
      2.425,
      0.9575,
      2.4825,
      1.015,
      2.54,
      1.0725,
      2.595,
      1.1275,
      2.6525,
      1.185,
      2.7075,
      1.24,
      2.765,
      1.2975,
      2.8225,
      1.355,
      2.8775,
      1.41,
      2.935,
      1.4675
    ],
    "SpacingBetweenSlices": 3,
    "TaskName": "rest",
    "TotalReadoutTime": 0.0315,
    "dataset": "ds002843",
    "modality": "bold",
    "session_id": "scan1",
    "subject_id": "dmp0036",
    "task_id": "rest"
  },
  "dummy_trs": 0,
  "dvars_nstd": 22.07587556415095,
  "dvars_std": 1.1920711330188674,
  "dvars_vstd": 0.9954888291823902,
  "efc": 0.5804169961517381,
  "fber": 336.3634033203125,
  "fd_mean": 0.10691759600478559,
  "fd_num": 20,
  "fd_perc": 12.5,
  "fwhm_avg": 2.544431111111111,
  "fwhm_x": 2.2644866666666665,
  "fwhm_y": 2.5558466666666666,
  "fwhm_z": 2.81296,
  "gcor": 0.0593415,
  "gsr_x": 0.0008396242628805339,
  "gsr_y": 0.06504163146018982,
  "provenance": {
    "md5sum": "9a91d971269a92e14ae568d27fff5bcc",
    "settings": {
      "fd_thres": 0.2,
      "testing": false
    },
    "software": "mriqc",
    "version": "21.0.0rc2",
    "webapi_port": null,
    "webapi_url": "https://mriqc.nimh.nih.gov/api/v1"
  },
  "size_t": 160,
  "size_x": 64,
  "size_y": 64,
  "size_z": 53,
  "snr": 3.220348203269735,
  "spacing_tr": 3.0,
  "spacing_x": 3.0,
  "spacing_y": 3.0,
  "spacing_z": 3.0,
  "summary_bg_k": 23.664296094022653,
  "summary_bg_mad": 11.684756472325823,
  "summary_bg_mean": 71.75775909423828,
  "summary_bg_median": 34.86249923706055,
  "summary_bg_n": 129735.0,
  "summary_bg_p05": 26.399999618530273,
  "summary_bg_p95": 253.92687988281241,
  "summary_bg_stdv": 91.91044616699219,
  "summary_fg_k": 2.308935646034966,
  "summary_fg_mad": 185.1770532876929,
  "summary_fg_mean": 713.20361328125,
  "summary_fg_median": 680.5499877929688,
  "summary_fg_n": 38959.0,
  "summary_fg_p05": 428.65875549316405,
  "summary_fg_p95": 1097.3100219726562,
  "summary_fg_stdv": 211.3253631591797,
  "tsnr": 72.07990971719846
}