{
  "aor": 0.0015582524271844655,
  "aqi": 0.001614841087378641,
  "bids_meta": {
    "BandwidthPerPixelPhaseEncode": 31.25,
    "EchoTime": 0.025,
    "EffectiveEchoSpacing": 0.0005,
    "FlipAngle": 75,
    "ImageType": [
      "ORIGINAL",
      "PRIMARY",
      "M",
      "ND",
      "MOSAIC"
    ],
    "MagneticFieldStrength": 3,
    "Manufacturer": "Siemens",
    "ManufacturersModelName": "TrioTim",
    "Modality": "MR",
    "PhaseEncodingDirection": "j-",
    "PixelBandwidth": 3005,
    "RepetitionTime": 3,
    "ScanningSequence": "EP",
    "SequenceVariant": "SK",
    "SliceThickness": 3,
    "SliceTiming": [
      0,
      1.5225,
      0.055,
      1.58,
      0.1125,
      1.6375,
      0.17,
      1.6925,
      0.225,
      1.75,
      0.2825,
      1.805,
      0.3375,
      1.8625,
      0.395,
      1.92,
      0.45,
      1.975,
      0.5075,
      2.0325,
      0.565,
      2.0875,
      0.62,
      2.145,
      0.6775,
      2.2,
      0.7325,
      2.2575,
      0.79,
      2.315,
      0.8475,
      2.37,
      0.9025,
      2.4275,
      0.96,
      2.4825,
      1.015,
      2.54,
      1.0725,
      2.595,
      1.1275,
      2.6525,
      1.185,
      2.71,
      1.2425,
      2.765,
      1.2975,
      2.8225,
      1.355,
      2.8775,
      1.41,
      2.935,
      1.4675
    ],
    "SpacingBetweenSlices": 3,
    "TaskName": "intertemporal choice task",
    "TotalReadoutTime": 0.0315,
    "dataset": "ds002843",
    "modality": "bold",
    "run_id": 4,
    "session_id": "scan2",
    "subject_id": "dmp0011",
    "task_id": "itc"
  },
  "dummy_trs": 1,
  "dvars_nstd": 20.179621658431376,
  "dvars_std": 1.20259615754902,
  "dvars_vstd": 1.0173361401960783,
  "efc": 0.5721868945310195,
  "fber": 299.96527099609375,
  "fd_mean": 0.05970500874242359,
  "fd_num": 1,
  "fd_perc": 0.970873786407767,
  "fwhm_avg": 2.798804372815915,
  "fwhm_x": 2.6838933333333332,
  "fwhm_y": 2.703886451781078,
  "fwhm_z": 3.0086333333333335,
  "gcor": 0.0213015,
  "gsr_x": -0.015943434089422226,
  "gsr_y": 0.07946527749300003,
  "provenance": {
    "md5sum": "a7d2ed8fb0af3811e87f8952ce40cd97",
    "settings": {
      "fd_thres": 0.2,
      "testing": false
    },
    "software": "mriqc",
    "version": "21.0.0rc2",
    "webapi_port": null,
    "webapi_url": "https://mriqc.nimh.nih.gov/api/v1"
  },
  "size_t": 103,
  "size_x": 64,
  "size_y": 64,
  "size_z": 53,
  "snr": 2.1978558771701717,
  "spacing_tr": 3.0,
  "spacing_x": 3.0,
  "spacing_y": 3.000000238418579,
  "spacing_z": 3.0,
  "summary_bg_k": 21.81484614538044,
  "summary_bg_mad": 17.906381894631128,
  "summary_bg_mean": 85.84807586669922,
  "summary_bg_median": 41.42718505859375,
  "summary_bg_n": 126732.0,
  "summary_bg_p05": 28.543689727783203,
  "summary_bg_p95": 301.4854431152344,
  "summary_bg_stdv": 108.52298736572266,
  "summary_fg_k": 3.304473938770345,
  "summary_fg_mad": 266.2782179547209,
  "summary_fg_mean": 818.9284057617188,
  "summary_fg_median": 739.74755859375,
  "summary_fg_n": 46159.0,
  "summary_fg_p05": 433.29999389648435,
  "summary_fg_p95": 1491.5679687499999,
  "summary_fg_stdv": 336.5732727050781,
  "tsnr": 93.06439382582903
}