{
  "aor": 0.0010640506329113923,
  "aqi": 0.0019089757215189874,
  "bids_meta": {
    "BandwidthPerPixelPhaseEncode": 31.25,
    "EchoTime": 0.025,
    "EffectiveEchoSpacing": 0.0005,
    "FlipAngle": 75,
    "ImageType": [
      "ORIGINAL",
      "PRIMARY",
      "M",
      "ND",
      "MOSAIC"
    ],
    "MagneticFieldStrength": 3,
    "Manufacturer": "Siemens",
    "ManufacturersModelName": "TrioTim",
    "Modality": "MR",
    "PhaseEncodingDirection": "j-",
    "PixelBandwidth": 3005,
    "RepetitionTime": 3,
    "ScanningSequence": "EP",
    "SequenceVariant": "SK",
    "SliceThickness": 3,
    "SliceTiming": [
      0,
      1.5225,
      0.055,
      1.58,
      0.1125,
      1.635,
      0.1675,
      1.6925,
      0.225,
      1.75,
      0.2825,
      1.805,
      0.3375,
      1.8625,
      0.395,
      1.9175,
      0.45,
      1.975,
      0.5075,
      2.03,
      0.5625,
      2.0875,
      0.62,
      2.145,
      0.6775,
      2.2,
      0.7325,
      2.2575,
      0.79,
      2.3125,
      0.845,
      2.37,
      0.9025,
      2.425,
      0.9575,
      2.4825,
      1.015,
      2.54,
      1.0725,
      2.595,
      1.1275,
      2.6525,
      1.185,
      2.7075,
      1.24,
      2.765,
      1.2975,
      2.8225,
      1.355,
      2.8775,
      1.41,
      2.935,
      1.4675
    ],
    "SpacingBetweenSlices": 3,
    "TaskName": "rest",
    "TotalReadoutTime": 0.0315,
    "dataset": "ds002843",
    "modality": "bold",
    "session_id": "scan2",
    "subject_id": "dmp0011",
    "task_id": "rest"
  },
  "dummy_trs": 2,
  "dvars_nstd": 20.619369409426746,
  "dvars_std": 1.2211542673248408,
  "dvars_vstd": 0.9979491662420379,
  "efc": 0.5686643561142888,
  "fber": 310.726318359375,
  "fd_mean": 0.05171954807677869,
  "fd_num": 1,
  "fd_perc": 0.6329113924050633,
  "fwhm_avg": 2.799709928049252,
  "fwhm_x": 2.6772233333333335,
  "fwhm_y": 2.7160497841477564,
  "fwhm_z": 3.0058566666666664,
  "gcor": 0.00967688,
  "gsr_x": -0.015883542597293854,
  "gsr_y": 0.0735427513718605,
  "provenance": {
    "md5sum": "5af28b809d9fa07390e9dee9bc9a6d6a",
    "settings": {
      "fd_thres": 0.2,
      "testing": false
    },
    "software": "mriqc",
    "version": "21.0.0rc2",
    "webapi_port": null,
    "webapi_url": "https://mriqc.nimh.nih.gov/api/v1"
  },
  "size_t": 158,
  "size_x": 64,
  "size_y": 64,
  "size_z": 53,
  "snr": 2.206072568437295,
  "spacing_tr": 3.0,
  "spacing_x": 3.0,
  "spacing_y": 3.000000238418579,
  "spacing_z": 3.0,
  "summary_bg_k": 22.559828511748947,
  "summary_bg_mad": 17.303282948355175,
  "summary_bg_mean": 82.51561737060547,
  "summary_bg_median": 40.75316619873047,
  "summary_bg_n": 126843.0,
  "summary_bg_p05": 28.196203231811523,
  "summary_bg_p95": 287.8531646728515,
  "summary_bg_stdv": 103.1800308227539,
  "summary_fg_k": 3.1890095749816405,
  "summary_fg_mad": 266.42734688880887,
  "summary_fg_mean": 820.2973022460938,
  "summary_fg_median": 740.6962280273438,
  "summary_fg_n": 46084.0,
  "summary_fg_p05": 436.1231170654297,
  "summary_fg_p95": 1491.0041442871093,
  "summary_fg_stdv": 335.74969482421875,
  "tsnr": 85.24027348123491
}