{
  "bids_meta": {
    "EchoTime": 0.09,
    "FlipAngle": 180,
    "ImageType": [
      "ORIGINAL",
      "PRIMARY",
      "M",
      "ND",
      "NORM"
    ],
    "ImagingFrequency": 123.204,
    "MagneticFieldStrength": 3,
    "Manufacturer": "Siemens",
    "ManufacturersModelName": "TrioTim",
    "Modality": "MR",
    "PhaseEncodingDirection": "i",
    "RepetitionTime": 7,
    "ScanningSequence": "SE",
    "SequenceVariant": "SK_SP_OSP",
    "SliceThickness": 3,
    "SpacingBetweenSlices": 3,
    "dataset": "ds002843",
    "modality": "T2w",
    "session_id": "scan1",
    "subject_id": "dmp0598"
  },
  "cjv": 0.5301710464909273,
  "cnr": 2.495596125922718,
  "efc": 0.580832937893429,
  "fber": 1672.1714735838366,
  "fwhm_avg": 2.7305343597396354,
  "fwhm_x": 3.1828800000000004,
  "fwhm_y": 3.4099733333333333,
  "fwhm_z": 1.5987497458855713,
  "icvs_csf": 0.1710927590078848,
  "icvs_gm": 0.41103425793610104,
  "icvs_wm": 0.41787298305601417,
  "inu_med": 1.2629765272140503,
  "inu_range": 0.26846072673797616,
  "provenance": {
    "md5sum": "3a94140b70e9cc9d746eba03df385f3a",
    "settings": {
      "testing": false
    },
    "software": "mriqc",
    "version": "21.0.0rc2",
    "warnings": {
      "large_rot_frame": false,
      "small_air_mask": false
    },
    "webapi_port": null,
    "webapi_url": "https://mriqc.nimh.nih.gov/api/v1"
  },
  "qi_1": 0.0,
  "qi_2": 0.001344956524366219,
  "rpve_csf": 15.044322110722266,
  "rpve_gm": 6.3655015663307,
  "rpve_wm": 7.2368025915608145,
  "size_x": 256,
  "size_y": 256,
  "size_z": 44,
  "snr_csf": 3.0591778157910947,
  "snr_gm": 8.9978424829124,
  "snr_total": 6.5357191077006425,
  "snr_wm": 7.550137024398431,
  "snrd_csf": 104.38087992415272,
  "snrd_gm": 51.68171777959294,
  "snrd_total": 62.989955879759655,
  "snrd_wm": 32.907269935533314,
  "spacing_x": 0.75,
  "spacing_y": 0.75,
  "spacing_z": 3.000000476837158,
  "summary_bg_k": 1029.094673807962,
  "summary_bg_mad": 19.90182381906345,
  "summary_bg_mean": 33.99821135962155,
  "summary_bg_median": 23.688663840293884,
  "summary_bg_n": 811305.0,
  "summary_bg_p05": 3.3840948343276978,
  "summary_bg_p95": 87.3096467256546,
  "summary_bg_stdv": 65.21471790328022,
  "summary_csf_k": 0.791018452451409,
  "summary_csf_mad": 844.9076801168785,
  "summary_csf_mean": 3091.7024589782477,
  "summary_csf_median": 3170.896859765053,
  "summary_csf_n": 94693.0,
  "summary_csf_p05": 650.1748602032662,
  "summary_csf_p95": 4611.618833899498,
  "summary_csf_stdv": 1036.5138307148652,
  "summary_gm_k": 0.11237967685502204,
  "summary_gm_mad": 172.42672569289425,
  "summary_gm_mean": 1575.9847442065695,
  "summary_gm_median": 1569.9943968057632,
  "summary_gm_n": 202531.0,
  "summary_gm_p05": 1302.199692249298,
  "summary_gm_p95": 1874.2245224118233,
  "summary_gm_stdv": 174.485219523068,
  "summary_wm_k": 0.0868356497652929,
  "summary_wm_mad": 129.94720258329664,
  "summary_wm_mean": 991.2444753844874,
  "summary_wm_median": 999.6616140604019,
  "summary_wm_n": 240612.0,
  "summary_wm_p05": 757.4224656611682,
  "summary_wm_p95": 1194.8110828399658,
  "summary_wm_stdv": 132.402833683237,
  "tpm_overlap_csf": 0.16728542745113373,
  "tpm_overlap_gm": 0.42178210616111755,
  "tpm_overlap_wm": 0.47655564546585083,
  "wm2max": 0.19314255235659825
}