{
  "aor": 0.0013150943396226416,
  "aqi": 0.002032003773584906,
  "bids_meta": {
    "BandwidthPerPixelPhaseEncode": 31.25,
    "EchoTime": 0.025,
    "EffectiveEchoSpacing": 0.0005,
    "FlipAngle": 75,
    "ImageType": [
      "ORIGINAL",
      "PRIMARY",
      "M",
      "ND",
      "MOSAIC"
    ],
    "MagneticFieldStrength": 3,
    "Manufacturer": "Siemens",
    "ManufacturersModelName": "TrioTim",
    "Modality": "MR",
    "PhaseEncodingDirection": "j-",
    "PixelBandwidth": 3005,
    "RepetitionTime": 3,
    "ScanningSequence": "EP",
    "SequenceVariant": "SK",
    "SliceThickness": 3,
    "SliceTiming": [
      0,
      1.5225,
      0.055,
      1.58,
      0.1125,
      1.635,
      0.1675,
      1.6925,
      0.225,
      1.75,
      0.2825,
      1.805,
      0.3375,
      1.8625,
      0.395,
      1.9175,
      0.45,
      1.975,
      0.5075,
      2.03,
      0.5625,
      2.0875,
      0.62,
      2.145,
      0.6775,
      2.2,
      0.7325,
      2.2575,
      0.79,
      2.3125,
      0.845,
      2.37,
      0.9025,
      2.425,
      0.9575,
      2.4825,
      1.015,
      2.54,
      1.0725,
      2.595,
      1.1275,
      2.6525,
      1.185,
      2.7075,
      1.24,
      2.765,
      1.2975,
      2.8225,
      1.355,
      2.8775,
      1.41,
      2.935,
      1.4675
    ],
    "SpacingBetweenSlices": 3,
    "TaskName": "rest",
    "TotalReadoutTime": 0.0315,
    "dataset": "ds002843",
    "modality": "bold",
    "session_id": "scan1",
    "subject_id": "dmp0614",
    "task_id": "rest"
  },
  "dummy_trs": 1,
  "dvars_nstd": 21.023770248101258,
  "dvars_std": 1.2241919482278485,
  "dvars_vstd": 0.9982336308860763,
  "efc": 0.5998250924686656,
  "fber": 271.4136657714844,
  "fd_mean": 0.07618640504692561,
  "fd_num": 3,
  "fd_perc": 1.8867924528301887,
  "fwhm_avg": 3.0630255555555554,
  "fwhm_x": 2.8817733333333333,
  "fwhm_y": 2.95557,
  "fwhm_z": 3.3517333333333332,
  "gcor": 0.0473416,
  "gsr_x": -0.009596098214387894,
  "gsr_y": 0.07895170897245407,
  "provenance": {
    "md5sum": "1fb7a7a729caaf2f00ef95d9e9e74f74",
    "settings": {
      "fd_thres": 0.2,
      "testing": false
    },
    "software": "mriqc",
    "version": "21.0.0rc2",
    "webapi_port": null,
    "webapi_url": "https://mriqc.nimh.nih.gov/api/v1"
  },
  "size_t": 159,
  "size_x": 64,
  "size_y": 64,
  "size_z": 53,
  "snr": 2.259803701880671,
  "spacing_tr": 3.0,
  "spacing_x": 3.0,
  "spacing_y": 3.0,
  "spacing_z": 3.0,
  "summary_bg_k": 14.420053879968684,
  "summary_bg_mad": 22.509442584191046,
  "summary_bg_mean": 102.78510284423828,
  "summary_bg_median": 45.96226119995117,
  "summary_bg_n": 119629.0,
  "summary_bg_p05": 29.327043533325195,
  "summary_bg_p95": 395.37105102539033,
  "summary_bg_stdv": 140.791015625,
  "summary_fg_k": 2.941519185839865,
  "summary_fg_mad": 278.4448495575899,
  "summary_fg_mean": 853.2759399414062,
  "summary_fg_median": 778.7138671875,
  "summary_fg_n": 50996.0,
  "summary_fg_p05": 443.6477966308594,
  "summary_fg_p95": 1550.6509094238281,
  "summary_fg_stdv": 344.5902099609375,
  "tsnr": 84.1493821311742
}