{
  "aor": 0.0032721875,
  "aqi": 0.0037054447500000005,
  "bids_meta": {
    "BandwidthPerPixelPhaseEncode": 31.25,
    "EchoTime": 0.025,
    "EffectiveEchoSpacing": 0.0005,
    "FlipAngle": 75,
    "ImageType": [
      "ORIGINAL",
      "PRIMARY",
      "M",
      "ND",
      "MOSAIC"
    ],
    "MagneticFieldStrength": 3,
    "Manufacturer": "Siemens",
    "ManufacturersModelName": "TrioTim",
    "Modality": "MR",
    "PhaseEncodingDirection": "j-",
    "PixelBandwidth": 3005,
    "RepetitionTime": 3,
    "ScanningSequence": "EP",
    "SequenceVariant": "SK",
    "SliceThickness": 3,
    "SliceTiming": [
      0,
      1.5225,
      0.055,
      1.58,
      0.1125,
      1.635,
      0.1675,
      1.6925,
      0.225,
      1.75,
      0.2825,
      1.805,
      0.3375,
      1.8625,
      0.395,
      1.9175,
      0.45,
      1.975,
      0.5075,
      2.03,
      0.5625,
      2.0875,
      0.62,
      2.145,
      0.6775,
      2.2,
      0.7325,
      2.2575,
      0.79,
      2.3125,
      0.845,
      2.37,
      0.9025,
      2.425,
      0.9575,
      2.4825,
      1.015,
      2.54,
      1.0725,
      2.595,
      1.1275,
      2.6525,
      1.185,
      2.7075,
      1.24,
      2.765,
      1.2975,
      2.8225,
      1.355,
      2.8775,
      1.41,
      2.935,
      1.4675
    ],
    "SpacingBetweenSlices": 3,
    "TaskName": "rest",
    "TotalReadoutTime": 0.0315,
    "dataset": "ds002843",
    "modality": "bold",
    "session_id": "scan2",
    "subject_id": "dmp1100",
    "task_id": "rest"
  },
  "dummy_trs": 0,
  "dvars_nstd": 20.94418772201257,
  "dvars_std": 1.1222716655345917,
  "dvars_vstd": 1.001226181132076,
  "efc": 0.5760122773536193,
  "fber": 319.4037170410156,
  "fd_mean": 0.0983977750958653,
  "fd_num": 11,
  "fd_perc": 6.875,
  "fwhm_avg": 2.3431344444444444,
  "fwhm_x": 2.2100066666666667,
  "fwhm_y": 2.26591,
  "fwhm_z": 2.5534866666666667,
  "gcor": 0.044043,
  "gsr_x": -0.0007979574147611856,
  "gsr_y": 0.04028364270925522,
  "provenance": {
    "md5sum": "7e67a7fb6a971eeae3c6a14dab869dd8",
    "settings": {
      "fd_thres": 0.2,
      "testing": false
    },
    "software": "mriqc",
    "version": "21.0.0rc2",
    "webapi_port": null,
    "webapi_url": "https://mriqc.nimh.nih.gov/api/v1"
  },
  "size_t": 160,
  "size_x": 64,
  "size_y": 64,
  "size_z": 53,
  "snr": 3.28486305257418,
  "spacing_tr": 3.0,
  "spacing_x": 3.0,
  "spacing_y": 3.0,
  "spacing_z": 3.0,
  "summary_bg_k": 48.620847714979966,
  "summary_bg_mad": 10.128025274030668,
  "summary_bg_mean": 62.191810607910156,
  "summary_bg_median": 31.231250762939453,
  "summary_bg_n": 132099.0,
  "summary_bg_p05": 23.96875,
  "summary_bg_p95": 199.94375610351562,
  "summary_bg_stdv": 87.85689544677734,
  "summary_fg_k": 1.3565639324150451,
  "summary_fg_mad": 151.0864323295865,
  "summary_fg_mean": 599.0916748046875,
  "summary_fg_median": 565.2000122070312,
  "summary_fg_n": 42281.0,
  "summary_fg_p05": 372.3999938964844,
  "summary_fg_p95": 921.1625366210938,
  "summary_fg_stdv": 172.0599365234375,
  "tsnr": 75.72686812095344
}